{
  "aor": 0.0020529921259842526,
  "aqi": 0.01595877125984252,
  "bids_meta": {
    "AcquisitionMatrixPE": 64,
    "AcquisitionNumber": 1,
    "AcquisitionTime": "02:55:23.537490",
    "BaseResolution": 64,
    "ConversionSoftware": "dcm2niix",
    "ConversionSoftwareVersion": "v1.0.20190410  GCC6.3.0",
    "DeviceSerialNumber": "18011",
    "EchoTime": 0.03,
    "FlipAngle": 90,
    "ImageComments": "Fake_MoCo_Reference_Volume_+_DiCo_Applied",
    "ImageOrientationPatientDICOM": [
      1,
      0,
      0,
      0,
      0.987688,
      -0.156434
    ],
    "ImageType": [
      "ORIGINAL",
      "PRIMARY",
      "M",
      "ND",
      "MOSAIC"
    ],
    "ImagingFrequency": 168.255,
    "InPlanePhaseEncodingDirectionDICOM": "COL",
    "MRAcquisitionType": "2D",
    "MagneticFieldStrength": 3.95064,
    "Manufacturer": "Siemens",
    "ManufacturersModelName": "MedSpec_4T",
    "Modality": "MR",
    "PartialFourier": 1,
    "PatientPosition": "HFS",
    "PercentPhaseFOV": 100,
    "PhaseEncodingDirection": "j-",
    "PhaseEncodingSteps": 64,
    "PhaseResolution": 1,
    "PixelBandwidth": 2790,
    "ProtocolName": "Nback_dc_opt",
    "PulseSequenceDetails": "%CustomerSeq%_kt_ep2d_bold_dc",
    "ReceiveCoilName": "Head_4T",
    "ReconMatrixPE": 64,
    "RepetitionTime": 2.1,
    "SAR": 0.0427864,
    "ScanOptions": "FS",
    "ScanningSequence": "SE_EP",
    "SequenceName": "epfid2d1_64",
    "SequenceVariant": "SK",
    "SeriesDescription": "Nback_dc_opt_DiCo",
    "SeriesNumber": 7,
    "ShimSetting": [
      12,
      22,
      21,
      1703,
      940,
      -2233,
      2387,
      -100
    ],
    "SliceThickness": 3,
    "SoftwareVersions": "syngo_MR_2002B_4VA21A",
    "SpacingBetweenSlices": 3.6,
    "StationName": "wes4T",
    "TaskName": "nback",
    "TxRefAmp": 246.133,
    "dataset": "ds004169",
    "modality": "bold",
    "session_id": "01",
    "subject_id": "0883",
    "task_id": "nback"
  },
  "dummy_trs": 0,
  "dvars_nstd": 27.561693933492066,
  "dvars_std": 1.0260207131746026,
  "dvars_vstd": 0.942082212619048,
  "efc": 0.49858751522545114,
  "fber": 1835.277587890625,
  "fd_mean": 0.13156919084806357,
  "fd_num": 13,
  "fd_perc": 10.236220472440944,
  "fwhm_avg": 1.8002443914374695,
  "fwhm_x": 1.6646845217391304,
  "fwhm_y": 2.0440626086956524,
  "fwhm_z": 1.6919860438776264,
  "gcor": 0.0329151,
  "gsr_x": -0.02668146789073944,
  "gsr_y": 0.04444856569170952,
  "provenance": {
    "md5sum": "4731c612dabaff46224da1c56fd9117a",
    "settings": {
      "fd_thres": 0.2,
      "testing": false
    },
    "software": "mriqc",
    "version": "23.0.1",
    "webapi_port": null,
    "webapi_url": "https://mriqc.nimh.nih.gov/api/v1"
  },
  "size_t": 127,
  "size_x": 64,
  "size_y": 64,
  "size_z": 36,
  "snr": 5.068545680460104,
  "spacing_tr": 2.0999999046325684,
  "spacing_x": 3.59375,
  "spacing_y": 3.59375,
  "spacing_z": 3.6000001430511475,
  "summary_bg_k": 35.09663228287491,
  "summary_bg_mad": 12.035927455834488,
  "summary_bg_mean": 37.381126403808594,
  "summary_bg_median": 19.34645652770996,
  "summary_bg_n": 91535.0,
  "summary_bg_p05": 9.755905151367188,
  "summary_bg_p95": 113.76377868652344,
  "summary_bg_stdv": 47.987648010253906,
  "summary_fg_k": 4.650764135827466,
  "summary_fg_mad": 132.155880559076,
  "summary_fg_mean": 865.8900146484375,
  "summary_fg_median": 848.8504028320312,
  "summary_fg_n": 24478.0,
  "summary_fg_p05": 640.2665191650391,
  "summary_fg_p95": 1135.5523803710935,
  "summary_fg_stdv": 167.47073364257812,
  "tsnr": 40.956180454813875
}