{
  "bids_meta": {
    "AcquisitionMatrixPE": 225,
    "AcquisitionNumber": 1,
    "AcquisitionTime": "23:55:17.432510",
    "BaseResolution": 256,
    "ConversionSoftware": "dcm2niix",
    "ConversionSoftwareVersion": "v1.0.20190410  GCC6.3.0",
    "DeviceSerialNumber": "18011",
    "EchoTime": 0.00335,
    "FlipAngle": 8,
    "ImageOrientationPatientDICOM": [
      1,
      0,
      0,
      0,
      0,
      -1
    ],
    "ImageType": [
      "ORIGINAL",
      "PRIMARY",
      "M",
      "ND"
    ],
    "ImagingFrequency": 168.255,
    "InPlanePhaseEncodingDirectionDICOM": "ROW",
    "InversionTime": 0.7,
    "MRAcquisitionType": "3D",
    "MagneticFieldStrength": 3.95064,
    "Manufacturer": "Siemens",
    "ManufacturersModelName": "MedSpec_4T",
    "Modality": "MR",
    "PartialFourier": 0.875,
    "PatientPosition": "HFS",
    "PercentPhaseFOV": 100,
    "PhaseEncodingSteps": 197,
    "PhaseResolution": 0.878906,
    "PixelBandwidth": 200,
    "ProtocolName": "t1_mpr_cor",
    "PulseSequenceDetails": "%SiemensSeq%_tfl",
    "ReceiveCoilName": "Head_4T",
    "ReconMatrixPE": 256,
    "RepetitionTime": 1.5,
    "SAR": 0.00279712,
    "ScanOptions": "IR",
    "ScanningSequence": "IR_GR",
    "SequenceName": "tfl3d1_ns",
    "SequenceVariant": "SP_MP",
    "SeriesDescription": "t1_mpr_cor",
    "SeriesNumber": 8,
    "ShimSetting": [
      24,
      -7,
      55,
      1013,
      557,
      -3223,
      2355,
      219
    ],
    "SliceThickness": 0.9,
    "SoftwareVersions": "syngo_MR_2002B_4VA21A",
    "StationName": "wes4T",
    "TxRefAmp": 187.583,
    "dataset": "ds004169",
    "modality": "T1w",
    "session_id": "01",
    "subject_id": "0520"
  },
  "cjv": 0.3400963222766399,
  "cnr": 3.79529086946079,
  "efc": 0.4532586905999784,
  "fber": -1.0,
  "fwhm_avg": 4.494693524876117,
  "fwhm_x": 4.580298666666667,
  "fwhm_y": 4.914277907961685,
  "fwhm_z": 3.9895039999999997,
  "icvs_csf": 0.20648733199034358,
  "icvs_gm": 0.4335966804278493,
  "icvs_wm": 0.3599159875818071,
  "inu_med": 0.6152291893959045,
  "inu_range": 0.3848842784762383,
  "provenance": {
    "md5sum": "d3795f6c6e92a83f10b8fdad65a249d5",
    "settings": {
      "testing": false
    },
    "software": "mriqc",
    "version": "23.0.1",
    "warnings": {
      "large_rot_frame": true,
      "small_air_mask": false
    },
    "webapi_port": null,
    "webapi_url": "https://mriqc.nimh.nih.gov/api/v1"
  },
  "qi_1": 0.0,
  "qi_2": 0.04047531571585071,
  "rpve_csf": 26.859620355008214,
  "rpve_gm": 13.765511772538888,
  "rpve_wm": 19.573080412100133,
  "size_x": 256,
  "size_y": 256,
  "size_z": 256,
  "snr_csf": 2.0827079143101503,
  "snr_gm": 9.951055314017884,
  "snr_total": 10.833605634602444,
  "snr_wm": 20.4670536754793,
  "snrd_csf": 9.246430444299293,
  "snrd_gm": 21.602325568960406,
  "snrd_total": 20.970347207454925,
  "snrd_wm": 32.062285609105075,
  "spacing_x": 0.9375,
  "spacing_y": 0.8999999761581421,
  "spacing_z": 0.9375,
  "summary_bg_k": 89.7490983860696,
  "summary_bg_mad": 0.0,
  "summary_bg_mean": 11.890897226822636,
  "summary_bg_median": 0.0,
  "summary_bg_n": 3597982.0,
  "summary_bg_p05": 0.0,
  "summary_bg_p95": 51.0108674839139,
  "summary_bg_stdv": 20.433240398731492,
  "summary_csf_k": 20.757443188184567,
  "summary_csf_mad": 109.15500558697363,
  "summary_csf_mean": 296.1087628583184,
  "summary_csf_median": 288.3896179459989,
  "summary_csf_n": 35425.0,
  "summary_csf_p05": 105.06018297374249,
  "summary_csf_p95": 487.2560399331151,
  "summary_csf_stdv": 138.4666306353858,
  "summary_gm_k": 0.22650067046885836,
  "summary_gm_mad": 65.64460752661053,
  "summary_gm_mean": 673.0509503442918,
  "summary_gm_median": 673.7612373884767,
  "summary_gm_n": 45774.0,
  "summary_gm_p05": 559.4250232428312,
  "summary_gm_p95": 782.6633041389287,
  "summary_gm_stdv": 67.70677646110397,
  "summary_wm_k": 0.8375137192246012,
  "summary_wm_mad": 45.307990414275565,
  "summary_wm_mean": 1001.3428195315802,
  "summary_wm_median": 999.999984100461,
  "summary_wm_n": 297076.0,
  "summary_wm_p05": 923.5421145670116,
  "summary_wm_p95": 1082.6808288767934,
  "summary_wm_stdv": 48.85892795728228,
  "tpm_overlap_csf": 0.13082985725766047,
  "tpm_overlap_gm": 0.44551043135813395,
  "tpm_overlap_wm": 0.4866528791765922,
  "wm2max": 0.5545869924495285
}