{
  "bids_meta": {
    "AcquisitionMatrixPE": 225,
    "AcquisitionNumber": 1,
    "AcquisitionTime": "11:32:49.549980",
    "BaseResolution": 256,
    "ConversionSoftware": "dcm2niix",
    "ConversionSoftwareVersion": "v1.0.20190410  GCC6.3.0",
    "DeviceSerialNumber": "18011",
    "EchoTime": 0.00335,
    "FlipAngle": 8,
    "ImageOrientationPatientDICOM": [
      0.99863,
      0.052336,
      0,
      0,
      -2.22045e-16,
      -1
    ],
    "ImageType": [
      "ORIGINAL",
      "PRIMARY",
      "M",
      "ND"
    ],
    "ImagingFrequency": 168.217,
    "InPlanePhaseEncodingDirectionDICOM": "ROW",
    "InversionTime": 0.7,
    "MRAcquisitionType": "3D",
    "MagneticFieldStrength": 3.95064,
    "Manufacturer": "Siemens",
    "ManufacturersModelName": "MedSpec_4T",
    "Modality": "MR",
    "PartialFourier": 0.875,
    "PatientPosition": "HFS",
    "PercentPhaseFOV": 100,
    "PhaseEncodingSteps": 197,
    "PhaseResolution": 0.878906,
    "PixelBandwidth": 200,
    "ProtocolName": "t1_mpr_cor",
    "PulseSequenceDetails": "%SiemensSeq%_tfl",
    "ReceiveCoilName": "Head_4T",
    "ReconMatrixPE": 256,
    "RepetitionTime": 1.5,
    "SAR": 0.00453162,
    "ScanOptions": "IR",
    "ScanningSequence": "IR_GR",
    "SequenceName": "tfl3d1_ns",
    "SequenceVariant": "SP_MP",
    "SeriesDescription": "t1_mpr_cor",
    "SeriesNumber": 8,
    "ShimSetting": [
      8,
      -10,
      -14,
      1913,
      804,
      -3170,
      1847,
      2
    ],
    "SliceThickness": 0.9,
    "SoftwareVersions": "syngo_MR_2002B_4VA21A",
    "StationName": "wes4T",
    "TxRefAmp": 193.009,
    "dataset": "ds004169",
    "modality": "T1w",
    "session_id": "01",
    "subject_id": "0774"
  },
  "cjv": 0.37593811528110704,
  "cnr": 3.4173430764042747,
  "efc": 0.4852974675530138,
  "fber": 940.8973822304117,
  "fwhm_avg": 4.492293968739232,
  "fwhm_x": 4.649248,
  "fwhm_y": 4.848444572884363,
  "fwhm_z": 3.9791893333333332,
  "icvs_csf": 0.20955818208225546,
  "icvs_gm": 0.4358051766676524,
  "icvs_wm": 0.35463664125009214,
  "inu_med": 0.6895422339439392,
  "inu_range": 0.4878774583339691,
  "provenance": {
    "md5sum": "a6eda59b8ec906b9388755f18364ce98",
    "settings": {
      "testing": false
    },
    "software": "mriqc",
    "version": "23.0.1",
    "warnings": {
      "large_rot_frame": true,
      "small_air_mask": false
    },
    "webapi_port": null,
    "webapi_url": "https://mriqc.nimh.nih.gov/api/v1"
  },
  "qi_1": 0.0,
  "qi_2": 0.05459676024913428,
  "rpve_csf": 26.130555276728693,
  "rpve_gm": 13.53859616282216,
  "rpve_wm": 19.389782605410044,
  "size_x": 256,
  "size_y": 256,
  "size_z": 256,
  "snr_csf": 1.4629858902523987,
  "snr_gm": 9.73184776484102,
  "snr_total": 9.931123126163834,
  "snr_wm": 18.598535723398083,
  "snrd_csf": 6.481185494634718,
  "snrd_gm": 15.42306560321435,
  "snrd_total": 14.811044855988134,
  "snrd_wm": 22.528883470115332,
  "spacing_x": 0.9375,
  "spacing_y": 0.8999999761581421,
  "spacing_z": 0.9375,
  "summary_bg_k": 9.400846824604253,
  "summary_bg_mad": 29.08076306776156,
  "summary_bg_mean": 21.9696650459303,
  "summary_bg_median": 19.614676617085934,
  "summary_bg_n": 5484018.0,
  "summary_bg_p05": 0.0,
  "summary_bg_p95": 72.02610654383898,
  "summary_bg_stdv": 26.06467895019691,
  "summary_csf_k": 19.842381352558025,
  "summary_csf_mad": 115.66532903526488,
  "summary_csf_mean": 313.3183068451266,
  "summary_csf_median": 287.69248627871275,
  "summary_csf_n": 39556.0,
  "summary_csf_p05": 98.4219476133585,
  "summary_csf_p95": 527.1008635181934,
  "summary_csf_stdv": 196.6449927173456,
  "summary_gm_k": 0.1774888621970283,
  "summary_gm_mad": 68.3562362901342,
  "summary_gm_mean": 684.197427165894,
  "summary_gm_median": 684.6124205365777,
  "summary_gm_n": 57222.0,
  "summary_gm_p05": 566.6724437434226,
  "summary_gm_p95": 799.9872792810202,
  "summary_gm_stdv": 70.3470147683838,
  "summary_wm_k": 0.5791344312718136,
  "summary_wm_mad": 50.22186707501956,
  "summary_wm_mean": 1002.1909379005,
  "summary_wm_median": 1000.031630627811,
  "summary_wm_n": 299778.0,
  "summary_wm_p05": 917.3267744556069,
  "summary_wm_p95": 1093.9222393780947,
  "summary_wm_stdv": 53.76928471926161,
  "tpm_overlap_csf": 0.14136810806797026,
  "tpm_overlap_gm": 0.4586098803063168,
  "tpm_overlap_wm": 0.5089807796600835,
  "wm2max": 0.5854299111202598
}