{
  "aor": 0.008771733333333333,
  "aqi": 0.023950027399999997,
  "bids_meta": {
    "AcquisitionMatrixPE": 64,
    "AcquisitionNumber": 1,
    "AcquisitionTime": "09:37:50.810010",
    "BaseResolution": 64,
    "ConversionSoftware": "dcm2niix",
    "ConversionSoftwareVersion": "v1.0.20190410  GCC6.3.0",
    "DeviceSerialNumber": "18011",
    "EchoTime": 0.03,
    "FlipAngle": 90,
    "ImageComments": "Fake_MoCo_Reference_Volume_+_DiCo_Applied",
    "ImageOrientationPatientDICOM": [
      1,
      -1.11022e-16,
      0,
      1.11022e-16,
      0.996195,
      -0.0871557
    ],
    "ImageType": [
      "ORIGINAL",
      "PRIMARY",
      "M",
      "ND",
      "MOSAIC"
    ],
    "ImagingFrequency": 168.255,
    "InPlanePhaseEncodingDirectionDICOM": "COL",
    "MRAcquisitionType": "2D",
    "MagneticFieldStrength": 3.95064,
    "Manufacturer": "Siemens",
    "ManufacturersModelName": "MedSpec_4T",
    "Modality": "MR",
    "PartialFourier": 1,
    "PatientPosition": "HFS",
    "PercentPhaseFOV": 100,
    "PhaseEncodingDirection": "j-",
    "PhaseEncodingSteps": 64,
    "PhaseResolution": 1,
    "PixelBandwidth": 2790,
    "ProtocolName": "mz_bold_dc_REST",
    "PulseSequenceDetails": "%CustomerSeq%_mz_ep2d_bold_dc",
    "ReceiveCoilName": "Head_4T",
    "ReconMatrixPE": 64,
    "RepetitionTime": 2.1,
    "SAR": 0.0158285,
    "ScanOptions": "FS",
    "ScanningSequence": "SE_EP",
    "SequenceName": "epfid2d1_64",
    "SequenceVariant": "SK",
    "SeriesDescription": "mz_bold_dc_REST_DiCo",
    "SeriesNumber": 10,
    "ShimSetting": [
      3,
      34,
      21,
      801,
      276,
      -4198,
      2214,
      -129
    ],
    "SliceThickness": 3,
    "SoftwareVersions": "syngo_MR_2002B_4VA21A",
    "SpacingBetweenSlices": 3.6,
    "StationName": "wes4T",
    "TaskName": "rest",
    "TxRefAmp": 224.711,
    "dataset": "ds004169",
    "modality": "bold",
    "session_id": "01",
    "subject_id": "0199",
    "task_id": "rest"
  },
  "dummy_trs": 0,
  "dvars_nstd": 40.718558343422806,
  "dvars_std": 1.1826324326845636,
  "dvars_vstd": 1.030955111879195,
  "efc": 0.49811345404583907,
  "fber": 1595.29345703125,
  "fd_mean": 0.3132767427780051,
  "fd_num": 85,
  "fd_perc": 56.666666666666664,
  "fwhm_avg": 1.7199153314195155,
  "fwhm_x": 1.6206441739130435,
  "fwhm_y": 1.932224,
  "fwhm_z": 1.606877820345503,
  "gcor": 0.10572,
  "gsr_x": -0.023027313873171806,
  "gsr_y": 0.04417375475168228,
  "provenance": {
    "md5sum": "400ee570142f409a80060d05935987c8",
    "settings": {
      "fd_thres": 0.2,
      "testing": false
    },
    "software": "mriqc",
    "version": "22.0.6",
    "webapi_port": null,
    "webapi_url": "https://mriqc.nimh.nih.gov/api/v1"
  },
  "size_t": 150,
  "size_x": 64,
  "size_y": 64,
  "size_z": 36,
  "snr": 5.37372627469613,
  "spacing_tr": 2.0999999046325684,
  "spacing_x": 3.59375,
  "spacing_y": 3.59375,
  "spacing_z": 3.5999999046325684,
  "summary_bg_k": 65.0826778097032,
  "summary_bg_mad": 9.854362538292351,
  "summary_bg_mean": 30.44171714782715,
  "summary_bg_median": 16.100000381469727,
  "summary_bg_n": 93128.0,
  "summary_bg_p05": 8.553333282470703,
  "summary_bg_p95": 87.11766891479488,
  "summary_bg_stdv": 43.58081817626953,
  "summary_fg_k": 2.0197497939405578,
  "summary_fg_mad": 107.6270213636346,
  "summary_fg_mean": 654.17236328125,
  "summary_fg_median": 641.8900146484375,
  "summary_fg_n": 23820.0,
  "summary_fg_p05": 487.2176681518555,
  "summary_fg_p95": 853.7873504638671,
  "summary_fg_stdv": 119.44719696044922,
  "tsnr": 30.18796224053949
}