{
  "aor": 0.004400157480314961,
  "aqi": 0.021516884724409453,
  "bids_meta": {
    "AcquisitionMatrixPE": 64,
    "AcquisitionNumber": 1,
    "AcquisitionTime": "09:27:31.145020",
    "BaseResolution": 64,
    "ConversionSoftware": "dcm2niix",
    "ConversionSoftwareVersion": "v1.0.20190410  GCC6.3.0",
    "DeviceSerialNumber": "18011",
    "EchoTime": 0.03,
    "FlipAngle": 90,
    "ImageComments": "Fake_MoCo_Reference_Volume_+_DiCo_Applied",
    "ImageOrientationPatientDICOM": [
      1,
      -1.11022e-16,
      0,
      1.11022e-16,
      0.996195,
      -0.0871557
    ],
    "ImageType": [
      "ORIGINAL",
      "PRIMARY",
      "M",
      "ND",
      "MOSAIC"
    ],
    "ImagingFrequency": 168.255,
    "InPlanePhaseEncodingDirectionDICOM": "COL",
    "MRAcquisitionType": "2D",
    "MagneticFieldStrength": 3.95064,
    "Manufacturer": "Siemens",
    "ManufacturersModelName": "MedSpec_4T",
    "Modality": "MR",
    "PartialFourier": 1,
    "PatientPosition": "HFS",
    "PercentPhaseFOV": 100,
    "PhaseEncodingDirection": "j-",
    "PhaseEncodingSteps": 64,
    "PhaseResolution": 1,
    "PixelBandwidth": 2790,
    "ProtocolName": "Nback_dc_opt",
    "PulseSequenceDetails": "%CustomerSeq%_kt_ep2d_bold_dc",
    "ReceiveCoilName": "Head_4T",
    "ReconMatrixPE": 64,
    "RepetitionTime": 2.1,
    "SAR": 0.0244388,
    "ScanOptions": "FS",
    "ScanningSequence": "SE_EP",
    "SequenceName": "epfid2d1_64",
    "SequenceVariant": "SK",
    "SeriesDescription": "Nback_dc_opt_DiCo",
    "SeriesNumber": 7,
    "ShimSetting": [
      3,
      34,
      21,
      801,
      276,
      -4198,
      2214,
      -129
    ],
    "SliceThickness": 3,
    "SoftwareVersions": "syngo_MR_2002B_4VA21A",
    "SpacingBetweenSlices": 3.6,
    "StationName": "wes4T",
    "TaskName": "nback",
    "TxRefAmp": 224.711,
    "dataset": "ds004169",
    "modality": "bold",
    "session_id": "01",
    "subject_id": "0199",
    "task_id": "nback"
  },
  "dummy_trs": 0,
  "dvars_nstd": 26.120457437063493,
  "dvars_std": 0.9194185238888888,
  "dvars_vstd": 0.9078834775396825,
  "efc": 0.4972814697308426,
  "fber": 1572.1854248046875,
  "fd_mean": 0.15469949738977473,
  "fd_num": 14,
  "fd_perc": 11.023622047244094,
  "fwhm_avg": 1.726311388179379,
  "fwhm_x": 1.614622608695652,
  "fwhm_y": 1.9122309565217392,
  "fwhm_z": 1.6520805993207455,
  "gcor": 0.383506,
  "gsr_x": -0.02197091653943062,
  "gsr_y": 0.039888449013233185,
  "provenance": {
    "md5sum": "66463143701514a02957d254b7e57a57",
    "settings": {
      "fd_thres": 0.2,
      "testing": false
    },
    "software": "mriqc",
    "version": "22.0.6",
    "webapi_port": null,
    "webapi_url": "https://mriqc.nimh.nih.gov/api/v1"
  },
  "size_t": 127,
  "size_x": 64,
  "size_y": 64,
  "size_z": 36,
  "snr": 5.354609895087593,
  "spacing_tr": 2.0999999046325684,
  "spacing_x": 3.59375,
  "spacing_y": 3.59375,
  "spacing_z": 3.5999999046325684,
  "summary_bg_k": 50.324965544228384,
  "summary_bg_mad": 9.526010804131815,
  "summary_bg_mean": 30.213035583496094,
  "summary_bg_median": 16.322834014892578,
  "summary_bg_n": 93024.0,
  "summary_bg_p05": 9.322834968566895,
  "summary_bg_p95": 85.42283172607408,
  "summary_bg_stdv": 40.23295593261719,
  "summary_fg_k": 2.162284670511446,
  "summary_fg_mad": 111.38193951896235,
  "summary_fg_mean": 675.474853515625,
  "summary_fg_median": 662.2952880859375,
  "summary_fg_n": 23912.0,
  "summary_fg_p05": 501.32008972167966,
  "summary_fg_p95": 881.4598144531251,
  "summary_fg_stdv": 123.6843490600586,
  "tsnr": 25.48590366006829
}