{
  "aor": 0.003999399999999999,
  "aqi": 0.0117914254,
  "bids_meta": {
    "AcquisitionMatrixPE": 64,
    "AcquisitionNumber": 1,
    "AcquisitionTime": "09:56:44.094990",
    "BaseResolution": 64,
    "ConversionSoftware": "dcm2niix",
    "ConversionSoftwareVersion": "v1.0.20190410  GCC6.3.0",
    "DeviceSerialNumber": "18011",
    "EchoTime": 0.03,
    "FlipAngle": 90,
    "ImageComments": "Fake_MoCo_Reference_Volume_+_DiCo_Applied",
    "ImageOrientationPatientDICOM": [
      0.999848,
      0.00303061,
      0.0171873,
      -2.92361e-08,
      0.984808,
      -0.173648
    ],
    "ImageType": [
      "ORIGINAL",
      "PRIMARY",
      "M",
      "ND",
      "MOSAIC"
    ],
    "ImagingFrequency": 168.255,
    "InPlanePhaseEncodingDirectionDICOM": "COL",
    "MRAcquisitionType": "2D",
    "MagneticFieldStrength": 3.95064,
    "Manufacturer": "Siemens",
    "ManufacturersModelName": "MedSpec_4T",
    "Modality": "MR",
    "PartialFourier": 1,
    "PatientPosition": "HFS",
    "PercentPhaseFOV": 100,
    "PhaseEncodingDirection": "j-",
    "PhaseEncodingSteps": 64,
    "PhaseResolution": 1,
    "PixelBandwidth": 2790,
    "ProtocolName": "mz_bold_dc_REST",
    "PulseSequenceDetails": "%CustomerSeq%_mz_ep2d_bold_dc",
    "ReceiveCoilName": "Head_4T",
    "ReconMatrixPE": 64,
    "RepetitionTime": 2.1,
    "SAR": 0.0840734,
    "ScanOptions": "FS",
    "ScanningSequence": "SE_EP",
    "SequenceName": "epfid2d1_64",
    "SequenceVariant": "SK",
    "SeriesDescription": "mz_bold_dc_REST_DiCo",
    "SeriesNumber": 11,
    "ShimSetting": [
      33,
      -15,
      37,
      1762,
      1063,
      -3886,
      2821,
      -215
    ],
    "SliceThickness": 3,
    "SoftwareVersions": "syngo_MR_2002B_4VA21A",
    "SpacingBetweenSlices": 3.6,
    "StationName": "wes4T",
    "TaskName": "rest",
    "TxRefAmp": 204.418,
    "dataset": "ds004169",
    "modality": "bold",
    "session_id": "01",
    "subject_id": "0203",
    "task_id": "rest"
  },
  "dummy_trs": 0,
  "dvars_nstd": 32.568197710939586,
  "dvars_std": 1.3020456474496644,
  "dvars_vstd": 0.9997062543624161,
  "efc": 0.5081195425343723,
  "fber": 1601.955810546875,
  "fd_mean": 0.16468284809889752,
  "fd_num": 22,
  "fd_perc": 14.666666666666666,
  "fwhm_avg": 1.8372716049928364,
  "fwhm_x": 1.7060702608695653,
  "fwhm_y": 2.067302956521739,
  "fwhm_z": 1.738441597587204,
  "gcor": 0.0138439,
  "gsr_x": -0.023174500092864037,
  "gsr_y": 0.039714887738227844,
  "provenance": {
    "md5sum": "414fcb5562a72d72c855dc3ab454d8e1",
    "settings": {
      "fd_thres": 0.2,
      "testing": false
    },
    "software": "mriqc",
    "version": "22.0.6",
    "webapi_port": null,
    "webapi_url": "https://mriqc.nimh.nih.gov/api/v1"
  },
  "size_t": 150,
  "size_x": 64,
  "size_y": 64,
  "size_z": 36,
  "snr": 5.2490080895991165,
  "spacing_tr": 2.0999999046325684,
  "spacing_x": 3.59375,
  "spacing_y": 3.59375,
  "spacing_z": 3.6000001430511475,
  "summary_bg_k": 24.443320164482518,
  "summary_bg_mad": 13.926578403900375,
  "summary_bg_mean": 38.93287658691406,
  "summary_bg_median": 19.853334426879883,
  "summary_bg_n": 91591.0,
  "summary_bg_p05": 8.793334007263184,
  "summary_bg_p95": 115.1866683959961,
  "summary_bg_stdv": 51.17264175415039,
  "summary_fg_k": 3.7518147070092205,
  "summary_fg_mad": 128.96168900573616,
  "summary_fg_mean": 825.30419921875,
  "summary_fg_median": 816.4600219726562,
  "summary_fg_n": 25194.0,
  "summary_fg_p05": 601.7753509521484,
  "summary_fg_p95": 1068.2693664550782,
  "summary_fg_stdv": 155.54249572753906,
  "tsnr": 46.62636722344905
}