{
  "aor": 0.0024306,
  "aqi": 0.013266595,
  "bids_meta": {
    "AcquisitionMatrixPE": 64,
    "AcquisitionNumber": 1,
    "AcquisitionTime": "09:11:58.095000",
    "BaseResolution": 64,
    "ConversionSoftware": "dcm2niix",
    "ConversionSoftwareVersion": "v1.0.20190410  GCC6.3.0",
    "DeviceSerialNumber": "18011",
    "EchoTime": 0.03,
    "FlipAngle": 90,
    "ImageComments": "Fake_MoCo_Reference_Volume_+_DiCo_Applied",
    "ImageOrientationPatientDICOM": [
      1,
      0,
      0,
      0,
      0.992546,
      -0.121869
    ],
    "ImageType": [
      "ORIGINAL",
      "PRIMARY",
      "M",
      "ND",
      "MOSAIC"
    ],
    "ImagingFrequency": 168.255,
    "InPlanePhaseEncodingDirectionDICOM": "COL",
    "MRAcquisitionType": "2D",
    "MagneticFieldStrength": 3.95064,
    "Manufacturer": "Siemens",
    "ManufacturersModelName": "MedSpec_4T",
    "Modality": "MR",
    "PartialFourier": 1,
    "PatientPosition": "HFS",
    "PercentPhaseFOV": 100,
    "PhaseEncodingDirection": "j-",
    "PhaseEncodingSteps": 64,
    "PhaseResolution": 1,
    "PixelBandwidth": 2790,
    "ProtocolName": "mz_bold_dc_REST",
    "PulseSequenceDetails": "%CustomerSeq%_mz_ep2d_bold_dc",
    "ReceiveCoilName": "Head_4T",
    "ReconMatrixPE": 64,
    "RepetitionTime": 2.1,
    "SAR": 0.0654732,
    "ScanOptions": "FS",
    "ScanningSequence": "SE_EP",
    "SequenceName": "epfid2d1_64",
    "SequenceVariant": "SK",
    "SeriesDescription": "mz_bold_dc_REST_DiCo",
    "SeriesNumber": 10,
    "ShimSetting": [
      18,
      -19,
      32,
      2501,
      264,
      -3193,
      2663,
      142
    ],
    "SliceThickness": 3,
    "SoftwareVersions": "syngo_MR_2002B_4VA21A",
    "SpacingBetweenSlices": 3.6,
    "StationName": "wes4T",
    "TaskName": "rest",
    "TxRefAmp": 172.769,
    "dataset": "ds004169",
    "modality": "bold",
    "session_id": "01",
    "subject_id": "0415",
    "task_id": "rest"
  },
  "dummy_trs": 0,
  "dvars_nstd": 34.64133471335572,
  "dvars_std": 1.2722716161744962,
  "dvars_vstd": 0.9812010145637585,
  "efc": 0.45807740081310167,
  "fber": 2941.220703125,
  "fd_mean": 0.1928995811578355,
  "fd_num": 40,
  "fd_perc": 26.666666666666668,
  "fwhm_avg": 1.769914140288095,
  "fwhm_x": 1.6590441739130435,
  "fwhm_y": 1.9877648695652175,
  "fwhm_z": 1.6629333773860235,
  "gcor": 0.0345166,
  "gsr_x": -0.024656124413013458,
  "gsr_y": 0.03783451393246651,
  "provenance": {
    "md5sum": "64509296fa7ed2c1de7a86015caebae5",
    "settings": {
      "fd_thres": 0.2,
      "testing": false
    },
    "software": "mriqc",
    "version": "23.0.1",
    "webapi_port": null,
    "webapi_url": "https://mriqc.nimh.nih.gov/api/v1"
  },
  "size_t": 150,
  "size_x": 64,
  "size_y": 64,
  "size_z": 36,
  "snr": 5.486084430353587,
  "spacing_tr": 2.0999999046325684,
  "spacing_x": 3.59375,
  "spacing_y": 3.59375,
  "spacing_z": 3.5999999046325684,
  "summary_bg_k": 49.459433176835574,
  "summary_bg_mad": 8.421181053566109,
  "summary_bg_mean": 31.047239303588867,
  "summary_bg_median": 14.58666706085205,
  "summary_bg_n": 97611.0,
  "summary_bg_p05": 8.446666717529297,
  "summary_bg_p95": 93.80000305175781,
  "summary_bg_stdv": 46.48242950439453,
  "summary_fg_k": 3.056930089393683,
  "summary_fg_mad": 124.60781186088883,
  "summary_fg_mean": 803.1197509765625,
  "summary_fg_median": 792.4400024414062,
  "summary_fg_n": 19573.0,
  "summary_fg_p05": 594.8440063476562,
  "summary_fg_p95": 1036.2653320312497,
  "summary_fg_stdv": 144.4417724609375,
  "tsnr": 44.67422508675372
}