{
  "bids_meta": {
    "AcquisitionMatrixPE": 225,
    "AcquisitionNumber": 1,
    "AcquisitionTime": "10:49:18.662510",
    "BaseResolution": 256,
    "ConversionSoftware": "dcm2niix",
    "ConversionSoftwareVersion": "v1.0.20190410  GCC6.3.0",
    "DeviceSerialNumber": "18011",
    "EchoTime": 0.00335,
    "FlipAngle": 8,
    "ImageOrientationPatientDICOM": [
      0,
      1,
      0,
      0,
      0,
      -1
    ],
    "ImageType": [
      "ORIGINAL",
      "PRIMARY",
      "M",
      "ND"
    ],
    "ImagingFrequency": 168.255,
    "InPlanePhaseEncodingDirectionDICOM": "ROW",
    "InversionTime": 0.7,
    "MRAcquisitionType": "3D",
    "MagneticFieldStrength": 3.95064,
    "Manufacturer": "Siemens",
    "ManufacturersModelName": "MedSpec_4T",
    "Modality": "MR",
    "PartialFourier": 0.875,
    "PatientPosition": "HFS",
    "PercentPhaseFOV": 100,
    "PhaseEncodingSteps": 197,
    "PhaseResolution": 0.878906,
    "PixelBandwidth": 200,
    "ProcedureStepDescription": "Research_fMRI",
    "ProtocolName": "t1_mpr_sag",
    "PulseSequenceDetails": "%SiemensSeq%_tfl",
    "ReceiveCoilName": "Head",
    "ReconMatrixPE": 256,
    "RepetitionTime": 1.5,
    "SAR": 0.0758685,
    "ScanOptions": "IR",
    "ScanningSequence": "IR_GR",
    "SequenceName": "tfl3d1_ns",
    "SequenceVariant": "SP_MP",
    "SeriesDescription": "t1_mpr_sag",
    "SeriesNumber": 8,
    "ShimSetting": [
      9,
      12,
      -2,
      1746,
      683,
      -8642,
      1778,
      114
    ],
    "SliceThickness": 0.9,
    "SoftwareVersions": "syngo_MR_2004A_4VA25A",
    "StationName": "WES4T",
    "TxRefAmp": 180.448,
    "dataset": "ds004169",
    "modality": "T1w",
    "session_id": "01",
    "subject_id": "0561"
  },
  "cjv": 0.34366572605741447,
  "cnr": 3.802501410916033,
  "efc": 0.436806987688956,
  "fber": 5262.185838578539,
  "fwhm_avg": 4.8870689348986724,
  "fwhm_x": 5.210433471362683,
  "fwhm_y": 5.156373333333334,
  "fwhm_z": 4.2943999999999996,
  "icvs_csf": 0.23833579524916132,
  "icvs_gm": 0.4162597526078287,
  "icvs_wm": 0.34540445214300997,
  "inu_med": 0.6076519191265106,
  "inu_range": 0.37372516095638275,
  "provenance": {
    "md5sum": "f23aa39a0f6841e06871c55c6fc21bfd",
    "settings": {
      "testing": false
    },
    "software": "mriqc",
    "version": "23.0.1",
    "warnings": {
      "large_rot_frame": true,
      "small_air_mask": false
    },
    "webapi_port": null,
    "webapi_url": "https://mriqc.nimh.nih.gov/api/v1"
  },
  "qi_1": 0.0,
  "qi_2": 0.004986567985581454,
  "rpve_csf": 28.106369284758877,
  "rpve_gm": 15.929924477290406,
  "rpve_wm": 22.418201940817816,
  "size_x": 240,
  "size_y": 256,
  "size_z": 256,
  "snr_csf": 2.3627701368141234,
  "snr_gm": 10.056790569440517,
  "snr_total": 11.009483273493837,
  "snr_wm": 20.608889114226873,
  "snrd_csf": 22.191792993555108,
  "snrd_gm": 55.926247953394984,
  "snrd_total": 53.556519269961456,
  "snrd_wm": 82.55151686293426,
  "spacing_x": 0.8999999761581421,
  "spacing_y": 0.9375,
  "spacing_z": 0.9375,
  "summary_bg_k": 12.678116757327166,
  "summary_bg_mad": 7.9360913822053165,
  "summary_bg_mean": 12.495796220805452,
  "summary_bg_median": 5.352812293916941,
  "summary_bg_n": 3960408.0,
  "summary_bg_p05": 0.0,
  "summary_bg_p95": 47.021942250430584,
  "summary_bg_stdv": 17.38446365764396,
  "summary_csf_k": 4.903385409654276,
  "summary_csf_mad": 110.3599006022695,
  "summary_csf_mean": 267.0585451698814,
  "summary_csf_median": 268.8235566392541,
  "summary_csf_n": 50088.0,
  "summary_csf_p05": 81.66291838567705,
  "summary_csf_p95": 445.32736666016245,
  "summary_csf_stdv": 113.77360367172425,
  "summary_gm_k": 0.047929113627537934,
  "summary_gm_mad": 66.47024605206221,
  "summary_gm_mean": 677.1759832031426,
  "summary_gm_median": 677.4708509892225,
  "summary_gm_n": 26789.0,
  "summary_gm_p05": 565.5645431429148,
  "summary_gm_p95": 787.1354838527739,
  "summary_gm_stdv": 67.36326083575021,
  "summary_wm_k": 0.9488103714778129,
  "summary_wm_mad": 44.37195844636343,
  "summary_wm_mean": 1000.8672996681809,
  "summary_wm_median": 999.9999718591571,
  "summary_wm_n": 215851.0,
  "summary_wm_p05": 922.398980371654,
  "summary_wm_p95": 1081.1497891768813,
  "summary_wm_stdv": 48.52263748430299,
  "tpm_overlap_csf": 0.14216616220616324,
  "tpm_overlap_gm": 0.4589623153734772,
  "tpm_overlap_wm": 0.49968814145365253,
  "wm2max": 0.5852534224426338
}