{
  "aor": 0.0007675167785234899,
  "aqi": 0.009438655637583893,
  "bids_meta": {
    "AcquisitionMatrixPE": 64,
    "AcquisitionNumber": 1,
    "AcquisitionTime": "09:01:8.812500",
    "BaseResolution": 64,
    "ConversionSoftware": "dcm2niix",
    "ConversionSoftwareVersion": "v1.0.20190410  GCC6.3.0",
    "DeviceSerialNumber": "18011",
    "EchoTime": 0.03,
    "FlipAngle": 90,
    "ImageComments": "Fake_MoCo_Reference_Volume_+_DiCo_Applied",
    "ImageOrientationPatientDICOM": [
      1,
      0,
      -2.77556e-17,
      0,
      0.965473,
      -0.260505
    ],
    "ImageType": [
      "ORIGINAL",
      "PRIMARY",
      "M",
      "ND",
      "DICO",
      "MOSAIC"
    ],
    "ImagingFrequency": 168.255,
    "InPlanePhaseEncodingDirectionDICOM": "COL",
    "MRAcquisitionType": "2D",
    "MagneticFieldStrength": 3.95064,
    "Manufacturer": "Siemens",
    "ManufacturersModelName": "MedSpec_4T",
    "Modality": "MR",
    "PartialFourier": 1,
    "PatientPosition": "HFS",
    "PercentPhaseFOV": 100,
    "PhaseEncodingDirection": "j-",
    "PhaseEncodingSteps": 64,
    "PhaseResolution": 1,
    "PixelBandwidth": 2790,
    "ProcedureStepDescription": "Research_fMRI",
    "ProtocolName": "mz_bold_dc_REST",
    "PulseSequenceDetails": "%CustomerSeq%_mz_ep2d_bold_dc",
    "ReceiveCoilName": "Head",
    "ReconMatrixPE": 64,
    "RepetitionTime": 2.1,
    "SAR": 0.0667714,
    "ScanOptions": "FS",
    "ScanningSequence": "SE_EP",
    "SequenceName": "epfid2d1_64",
    "SequenceVariant": "SK",
    "SeriesDescription": "mz_bold_dc_REST_DiCo",
    "SeriesNumber": 9,
    "ShimSetting": [
      25,
      -15,
      11,
      2203,
      91,
      -3565,
      3426,
      -183
    ],
    "SliceThickness": 3,
    "SoftwareVersions": "syngo_MR_2004A_4VA25A",
    "SpacingBetweenSlices": 3.6,
    "StationName": "WES4T",
    "TaskName": "rest",
    "TxRefAmp": 171.922,
    "dataset": "ds004169",
    "modality": "bold",
    "session_id": "01",
    "subject_id": "0333",
    "task_id": "rest"
  },
  "dummy_trs": 1,
  "dvars_nstd": 30.256615987027015,
  "dvars_std": 1.2149770894594596,
  "dvars_vstd": 0.966521823918919,
  "efc": 0.45056913501728,
  "fber": 2703.199951171875,
  "fd_mean": 0.25715055253941393,
  "fd_num": 95,
  "fd_perc": 63.758389261744966,
  "fwhm_avg": 1.743245774604978,
  "fwhm_x": 1.6595005217391303,
  "fwhm_y": 1.9235728695652174,
  "fwhm_z": 1.6466639325105863,
  "gcor": 0.0317558,
  "gsr_x": -0.022115254774689674,
  "gsr_y": 0.02754886820912361,
  "provenance": {
    "md5sum": "ea0400109b7e23639155e3cdcd39e6f7",
    "settings": {
      "fd_thres": 0.2,
      "testing": false
    },
    "software": "mriqc",
    "version": "23.0.1",
    "webapi_port": null,
    "webapi_url": "https://mriqc.nimh.nih.gov/api/v1"
  },
  "size_t": 149,
  "size_x": 64,
  "size_y": 64,
  "size_z": 36,
  "snr": 5.31314994821771,
  "spacing_tr": 2.0999999046325684,
  "spacing_x": 3.59375,
  "spacing_y": 3.59375,
  "spacing_z": 3.5999999046325684,
  "summary_bg_k": 59.73510279126485,
  "summary_bg_mad": 6.945345147580209,
  "summary_bg_mean": 21.846410751342773,
  "summary_bg_median": 11.295302391052246,
  "summary_bg_n": 98612.0,
  "summary_bg_p05": 6.241611003875732,
  "summary_bg_p95": 64.7681198120117,
  "summary_bg_stdv": 30.736968994140625,
  "summary_fg_k": 3.1868755076138093,
  "summary_fg_mad": 101.0756642215833,
  "summary_fg_mean": 616.9401245117188,
  "summary_fg_median": 607.1073608398438,
  "summary_fg_n": 19249.0,
  "summary_fg_p05": 455.4738342285156,
  "summary_fg_p95": 798.3463134765625,
  "summary_fg_stdv": 114.2620849609375,
  "tsnr": 54.091900357510895
}