{
  "aor": 0.005676666666666667,
  "aqi": 0.011388095555555556,
  "bids_meta": {
    "AcquisitionMatrixPE": 64,
    "AcquisitionNumber": 1,
    "AcquisitionTime": "08:46:32.452500",
    "BaseResolution": 64,
    "ConversionSoftware": "dcm2niix",
    "ConversionSoftwareVersion": "v1.0.20190410  GCC6.3.0",
    "DeviceSerialNumber": "18011",
    "EchoTime": 0.03,
    "FlipAngle": 90,
    "ImageComments": "Fake_MoCo_Reference_Volume_+_DiCo_Applied",
    "ImageOrientationPatientDICOM": [
      1,
      0,
      0,
      0,
      1,
      0
    ],
    "ImageType": [
      "ORIGINAL",
      "PRIMARY",
      "M",
      "ND",
      "MOSAIC"
    ],
    "ImagingFrequency": 168.217,
    "InPlanePhaseEncodingDirectionDICOM": "COL",
    "MRAcquisitionType": "2D",
    "MagneticFieldStrength": 3.95064,
    "Manufacturer": "Siemens",
    "ManufacturersModelName": "MedSpec_4T",
    "Modality": "MR",
    "PartialFourier": 1,
    "PatientPosition": "HFS",
    "PercentPhaseFOV": 100,
    "PhaseEncodingDirection": "j-",
    "PhaseEncodingSteps": 64,
    "PhaseResolution": 1,
    "PixelBandwidth": 2790,
    "ProtocolName": "Nback_dc",
    "PulseSequenceDetails": "%CustomerSeq%_mz_ep2d_bold_dc",
    "ReceiveCoilName": "Head_4T",
    "ReconMatrixPE": 64,
    "RepetitionTime": 2.1,
    "SAR": 0.0348553,
    "ScanOptions": "FS",
    "ScanningSequence": "SE_EP",
    "SequenceName": "epfid2d1_64",
    "SequenceVariant": "SK",
    "SeriesDescription": "Nback_dc_DiCo",
    "SeriesNumber": 7,
    "ShimSetting": [
      22,
      -18,
      -8,
      2483,
      652,
      -3793,
      1961,
      -439
    ],
    "SliceThickness": 3,
    "SoftwareVersions": "syngo_MR_2002B_4VA21A",
    "SpacingBetweenSlices": 3.6,
    "StationName": "wes4T",
    "TaskName": "nback",
    "TxRefAmp": 194.127,
    "dataset": "ds004169",
    "modality": "bold",
    "session_id": "01",
    "subject_id": "0963",
    "task_id": "nback"
  },
  "dummy_trs": 1,
  "dvars_nstd": 26.780748779200007,
  "dvars_std": 1.1741951816799996,
  "dvars_vstd": 1.01641786144,
  "efc": 0.4644140826862196,
  "fber": 2227.07763671875,
  "fd_mean": 0.11787443589602148,
  "fd_num": 7,
  "fd_perc": 5.555555555555555,
  "fwhm_avg": 1.79525448809917,
  "fwhm_x": 1.6436424347826086,
  "fwhm_y": 2.080887652173913,
  "fwhm_z": 1.661233377340989,
  "gcor": 0.0139752,
  "gsr_x": -0.024768954142928123,
  "gsr_y": 0.03917552903294563,
  "provenance": {
    "md5sum": "06fc51d7ca74f31b626b2c040e9262be",
    "settings": {
      "fd_thres": 0.2,
      "testing": false
    },
    "software": "mriqc",
    "version": "23.0.1",
    "webapi_port": null,
    "webapi_url": "https://mriqc.nimh.nih.gov/api/v1"
  },
  "size_t": 126,
  "size_x": 64,
  "size_y": 64,
  "size_z": 36,
  "snr": 5.635100453232026,
  "spacing_tr": 2.0999999046325684,
  "spacing_x": 3.59375,
  "spacing_y": 3.59375,
  "spacing_z": 3.5999999046325684,
  "summary_bg_k": 28.43700795341584,
  "summary_bg_mad": 8.754413638383424,
  "summary_bg_mean": 34.270713806152344,
  "summary_bg_median": 16.76984214782715,
  "summary_bg_n": 98568.0,
  "summary_bg_p05": 10.166666984558105,
  "summary_bg_p95": 105.65873718261719,
  "summary_bg_stdv": 43.9731559753418,
  "summary_fg_k": 3.3921677393620815,
  "summary_fg_mad": 127.42732601641846,
  "summary_fg_mean": 816.187255859375,
  "summary_fg_median": 811.8452758789062,
  "summary_fg_n": 19182.0,
  "summary_fg_p05": 598.5179138183594,
  "summary_fg_p95": 1041.1425476074219,
  "summary_fg_stdv": 144.0655975341797,
  "tsnr": 46.92232477944344
}