{
  "bids_meta": {
    "AcquisitionMatrixPE": 225,
    "AcquisitionNumber": 1,
    "AcquisitionTime": "10:18:18.487490",
    "BaseResolution": 256,
    "ConversionSoftware": "dcm2niix",
    "ConversionSoftwareVersion": "v1.0.20190410  GCC6.3.0",
    "DeviceSerialNumber": "18011",
    "EchoTime": 0.00335,
    "FlipAngle": 8,
    "ImageOrientationPatientDICOM": [
      1,
      0,
      0,
      0,
      0,
      -1
    ],
    "ImageType": [
      "ORIGINAL",
      "PRIMARY",
      "M",
      "ND"
    ],
    "ImagingFrequency": 168.217,
    "InPlanePhaseEncodingDirectionDICOM": "ROW",
    "InversionTime": 0.7,
    "MRAcquisitionType": "3D",
    "MagneticFieldStrength": 3.95064,
    "Manufacturer": "Siemens",
    "ManufacturersModelName": "MedSpec_4T",
    "Modality": "MR",
    "PartialFourier": 0.875,
    "PatientPosition": "HFS",
    "PercentPhaseFOV": 100,
    "PhaseEncodingSteps": 197,
    "PhaseResolution": 0.878906,
    "PixelBandwidth": 200,
    "ProtocolName": "t1_mpr_cor",
    "PulseSequenceDetails": "%SiemensSeq%_tfl",
    "ReceiveCoilName": "Head_4T",
    "ReconMatrixPE": 256,
    "RepetitionTime": 1.5,
    "SAR": 0.00408804,
    "ScanOptions": "IR",
    "ScanningSequence": "IR_GR",
    "SequenceName": "tfl3d1_ns",
    "SequenceVariant": "SP_MP",
    "SeriesDescription": "t1_mpr_cor",
    "SeriesNumber": 8,
    "ShimSetting": [
      17,
      18,
      -37,
      1665,
      483,
      -3828,
      1750,
      -53
    ],
    "SliceThickness": 0.9,
    "SoftwareVersions": "syngo_MR_2002B_4VA21A",
    "StationName": "wes4T",
    "TxRefAmp": 190.69,
    "dataset": "ds004169",
    "modality": "T1w",
    "session_id": "01",
    "subject_id": "1101"
  },
  "cjv": 0.3865906304633582,
  "cnr": 3.398486465925856,
  "efc": 0.4712338612527304,
  "fber": -1.0,
  "fwhm_avg": 4.533061524723059,
  "fwhm_x": 4.617216,
  "fwhm_y": 4.896944574169175,
  "fwhm_z": 4.085024,
  "icvs_csf": 0.172050794840615,
  "icvs_gm": 0.4653748932193832,
  "icvs_wm": 0.3625743119400018,
  "inu_med": 0.7723903656005859,
  "inu_range": 0.618944889307022,
  "provenance": {
    "md5sum": "ba2b70b434118ced6451fdfe50ae454a",
    "settings": {
      "testing": false
    },
    "software": "mriqc",
    "version": "23.0.1",
    "warnings": {
      "large_rot_frame": true,
      "small_air_mask": false
    },
    "webapi_port": null,
    "webapi_url": "https://mriqc.nimh.nih.gov/api/v1"
  },
  "qi_1": 0.0,
  "qi_2": 0.029257611328472263,
  "rpve_csf": 30.64646804412119,
  "rpve_gm": 12.750566689149442,
  "rpve_wm": 18.189667500308385,
  "size_x": 256,
  "size_y": 256,
  "size_z": 256,
  "snr_csf": 1.3362202219202313,
  "snr_gm": 10.31965588934809,
  "snr_total": 9.06141034064511,
  "snr_wm": 15.528354910667009,
  "snrd_csf": 7.739355525156722,
  "snrd_gm": 16.7304280129355,
  "snrd_total": 16.41488508841726,
  "snrd_wm": 24.774871727159557,
  "spacing_x": 0.9375,
  "spacing_y": 0.8999999761581421,
  "spacing_z": 0.9375,
  "summary_bg_k": 10.301857374885866,
  "summary_bg_mad": 0.0,
  "summary_bg_mean": 17.34953542047523,
  "summary_bg_median": 0.0,
  "summary_bg_n": 5599290.0,
  "summary_bg_p05": 0.0,
  "summary_bg_p95": 67.98127974569798,
  "summary_bg_stdv": 26.44459898572721,
  "summary_csf_k": 13.548743915581515,
  "summary_csf_mad": 130.8211914142156,
  "summary_csf_mean": 343.73304011966746,
  "summary_csf_median": 312.39930077269673,
  "summary_csf_n": 24960.0,
  "summary_csf_p05": 96.17701425421983,
  "summary_csf_p95": 599.4303051391612,
  "summary_csf_stdv": 233.78859082245697,
  "summary_gm_k": 0.14483805277085127,
  "summary_gm_mad": 64.1592625718414,
  "summary_gm_mean": 675.1098122798443,
  "summary_gm_median": 675.3241915144026,
  "summary_gm_n": 71487.0,
  "summary_gm_p05": 566.2165393717587,
  "summary_gm_p95": 781.7463529221714,
  "summary_gm_stdv": 65.44011499350007,
  "summary_wm_k": 0.5445920238235171,
  "summary_wm_mad": 61.372202406929844,
  "summary_wm_mean": 1003.3455712331896,
  "summary_wm_median": 1000.0383855141699,
  "summary_wm_n": 289584.0,
  "summary_wm_p05": 904.2047304324806,
  "summary_wm_p95": 1115.13084558025,
  "summary_wm_stdv": 64.40068278866485,
  "tpm_overlap_csf": 0.12757501409099622,
  "tpm_overlap_gm": 0.44745194548696315,
  "tpm_overlap_wm": 0.4791424740732029,
  "wm2max": 0.5049493442845243
}