{
  "aor": 0.001360393700787401,
  "aqi": 0.01166499677165354,
  "bids_meta": {
    "AcquisitionMatrixPE": 64,
    "AcquisitionNumber": 1,
    "AcquisitionTime": "11:19:46.562520",
    "BaseResolution": 64,
    "ConversionSoftware": "dcm2niix",
    "ConversionSoftwareVersion": "v1.0.20190410  GCC6.3.0",
    "DeviceSerialNumber": "18011",
    "EchoTime": 0.03,
    "FlipAngle": 90,
    "ImageComments": "Fake_MoCo_Reference_Volume_+_DiCo_Applied",
    "ImageOrientationPatientDICOM": [
      0.999848,
      -1.11022e-16,
      0.0174524,
      1.11022e-16,
      1,
      1.73472e-18
    ],
    "ImageType": [
      "ORIGINAL",
      "PRIMARY",
      "M",
      "ND",
      "MOSAIC"
    ],
    "ImagingFrequency": 168.217,
    "InPlanePhaseEncodingDirectionDICOM": "COL",
    "MRAcquisitionType": "2D",
    "MagneticFieldStrength": 3.95064,
    "Manufacturer": "Siemens",
    "ManufacturersModelName": "MedSpec_4T",
    "Modality": "MR",
    "PartialFourier": 1,
    "PatientPosition": "HFS",
    "PercentPhaseFOV": 100,
    "PhaseEncodingDirection": "j-",
    "PhaseEncodingSteps": 64,
    "PhaseResolution": 1,
    "PixelBandwidth": 2790,
    "ProtocolName": "Nback_dc",
    "PulseSequenceDetails": "%CustomerSeq%_mz_ep2d_bold_dc",
    "ReceiveCoilName": "Head_4T",
    "ReconMatrixPE": 64,
    "RepetitionTime": 2.1,
    "SAR": 0.0388689,
    "ScanOptions": "FS",
    "ScanningSequence": "SE_EP",
    "SequenceName": "epfid2d1_64",
    "SequenceVariant": "SK",
    "SeriesDescription": "Nback_dc_DiCo",
    "SeriesNumber": 7,
    "ShimSetting": [
      10,
      -28,
      -5,
      2512,
      715,
      -4145,
      2795,
      -61
    ],
    "SliceThickness": 3,
    "SoftwareVersions": "syngo_MR_2002B_4VA21A",
    "SpacingBetweenSlices": 3.6,
    "StationName": "wes4T",
    "TaskName": "nback",
    "TxRefAmp": 223.473,
    "dataset": "ds004169",
    "modality": "bold",
    "session_id": "01",
    "subject_id": "0338",
    "task_id": "nback"
  },
  "dummy_trs": 0,
  "dvars_nstd": 31.525421929841276,
  "dvars_std": 1.0318002823015877,
  "dvars_vstd": 0.9702253013492057,
  "efc": 0.4808256597640461,
  "fber": 1618.4580078125,
  "fd_mean": 0.13901964700302585,
  "fd_num": 11,
  "fd_perc": 8.661417322834646,
  "fwhm_avg": 1.777324149766848,
  "fwhm_x": 1.6630233043478262,
  "fwhm_y": 1.9675464347826088,
  "fwhm_z": 1.7014027101701084,
  "gcor": 0.0156455,
  "gsr_x": -0.014689535833895206,
  "gsr_y": 0.040882959961891174,
  "provenance": {
    "md5sum": "269c041dfad1ecdff19ccdcb1c086de3",
    "settings": {
      "fd_thres": 0.2,
      "testing": false
    },
    "software": "mriqc",
    "version": "23.0.1",
    "webapi_port": null,
    "webapi_url": "https://mriqc.nimh.nih.gov/api/v1"
  },
  "size_t": 127,
  "size_x": 64,
  "size_y": 64,
  "size_z": 36,
  "snr": 5.057560971587274,
  "spacing_tr": 2.0999999046325684,
  "spacing_x": 3.59375,
  "spacing_y": 3.59375,
  "spacing_z": 3.6000001430511475,
  "summary_bg_k": 29.66562407248579,
  "summary_bg_mad": 10.786807204247877,
  "summary_bg_mean": 35.350738525390625,
  "summary_bg_median": 17.77165412902832,
  "summary_bg_n": 96654.0,
  "summary_bg_p05": 9.496063232421875,
  "summary_bg_p95": 106.48858337402324,
  "summary_bg_stdv": 47.31916809082031,
  "summary_fg_k": 3.1219622775714493,
  "summary_fg_mad": 119.48376702306658,
  "summary_fg_mean": 741.2435302734375,
  "summary_fg_median": 730.1220703125,
  "summary_fg_n": 20948.0,
  "summary_fg_p05": 535.0972381591797,
  "summary_fg_p95": 983.2995880126947,
  "summary_fg_stdv": 144.35903930664062,
  "tsnr": 40.58303377230186
}