{
  "aor": 0.0033462698412698414,
  "aqi": 0.01135282388888889,
  "bids_meta": {
    "AcquisitionMatrixPE": 64,
    "AcquisitionNumber": 1,
    "AcquisitionTime": "11:16:32.794990",
    "BaseResolution": 64,
    "ConversionSoftware": "dcm2niix",
    "ConversionSoftwareVersion": "v1.0.20190410  GCC6.3.0",
    "DeviceSerialNumber": "18011",
    "EchoTime": 0.03,
    "FlipAngle": 90,
    "ImageComments": "Fake_MoCo_Reference_Volume_+_DiCo_Applied",
    "ImageOrientationPatientDICOM": [
      1,
      0,
      0,
      0,
      1,
      0
    ],
    "ImageType": [
      "ORIGINAL",
      "PRIMARY",
      "M",
      "ND",
      "MOSAIC"
    ],
    "ImagingFrequency": 168.255,
    "InPlanePhaseEncodingDirectionDICOM": "COL",
    "MRAcquisitionType": "2D",
    "MagneticFieldStrength": 3.95064,
    "Manufacturer": "Siemens",
    "ManufacturersModelName": "MedSpec_4T",
    "Modality": "MR",
    "PartialFourier": 1,
    "PatientPosition": "HFS",
    "PercentPhaseFOV": 100,
    "PhaseEncodingDirection": "j-",
    "PhaseEncodingSteps": 64,
    "PhaseResolution": 1,
    "PixelBandwidth": 2790,
    "ProtocolName": "Nback_dc_opt",
    "PulseSequenceDetails": "%CustomerSeq%_kt_ep2d_bold_dc",
    "ReceiveCoilName": "Head_4T",
    "ReconMatrixPE": 64,
    "RepetitionTime": 2.1,
    "SAR": 0.0447443,
    "ScanOptions": "FS",
    "ScanningSequence": "SE_EP",
    "SequenceName": "epfid2d1_64",
    "SequenceVariant": "SK",
    "SeriesDescription": "Nback_dc_opt_DiCo",
    "SeriesNumber": 7,
    "ShimSetting": [
      9,
      -15,
      -12,
      2956,
      671,
      -4161,
      3664,
      -59
    ],
    "SliceThickness": 3,
    "SoftwareVersions": "syngo_MR_2002B_4VA21A",
    "SpacingBetweenSlices": 3.6,
    "StationName": "wes4T",
    "TaskName": "nback",
    "TxRefAmp": 205.643,
    "dataset": "ds004169",
    "modality": "bold",
    "session_id": "01",
    "subject_id": "0628",
    "task_id": "nback"
  },
  "dummy_trs": 1,
  "dvars_nstd": 31.36594375608002,
  "dvars_std": 1.2034501729599998,
  "dvars_vstd": 1.0204540295199998,
  "efc": 0.4510856127595034,
  "fber": 2968.551025390625,
  "fd_mean": 0.10997012170168441,
  "fd_num": 6,
  "fd_perc": 4.761904761904762,
  "fwhm_avg": 1.7830395592524464,
  "fwhm_x": 1.629824,
  "fwhm_y": 2.0241085217391306,
  "fwhm_z": 1.6951861560182082,
  "gcor": 0.0279769,
  "gsr_x": -0.020975468680262566,
  "gsr_y": 0.04263746365904808,
  "provenance": {
    "md5sum": "c0993799e668ab3608cd0f9cf697da92",
    "settings": {
      "fd_thres": 0.2,
      "testing": false
    },
    "software": "mriqc",
    "version": "23.0.1",
    "webapi_port": null,
    "webapi_url": "https://mriqc.nimh.nih.gov/api/v1"
  },
  "size_t": 126,
  "size_x": 64,
  "size_y": 64,
  "size_z": 36,
  "snr": 4.875836410577227,
  "spacing_tr": 2.0999999046325684,
  "spacing_x": 3.59375,
  "spacing_y": 3.59375,
  "spacing_z": 3.5999999046325684,
  "summary_bg_k": 44.20679342747931,
  "summary_bg_mad": 7.589510683340745,
  "summary_bg_mean": 27.653881072998047,
  "summary_bg_median": 13.642857551574707,
  "summary_bg_n": 98868.0,
  "summary_bg_p05": 8.031746864318848,
  "summary_bg_p95": 82.5634994506836,
  "summary_bg_stdv": 36.49589920043945,
  "summary_fg_k": 3.892100386361423,
  "summary_fg_mad": 124.63866924348834,
  "summary_fg_mean": 770.74072265625,
  "summary_fg_median": 754.9683227539062,
  "summary_fg_n": 19584.0,
  "summary_fg_p05": 564.4750152587891,
  "summary_fg_p95": 1027.59375,
  "summary_fg_stdv": 154.83477783203125,
  "tsnr": 44.55738987587392
}