{
  "bids_meta": {
    "AcquisitionMatrixPE": 225,
    "AcquisitionNumber": 1,
    "AcquisitionTime": "09:56:2.537510",
    "BaseResolution": 256,
    "ConversionSoftware": "dcm2niix",
    "ConversionSoftwareVersion": "v1.0.20190410  GCC6.3.0",
    "DeviceSerialNumber": "18011",
    "EchoTime": 0.00335,
    "FlipAngle": 8,
    "ImageOrientationPatientDICOM": [
      1,
      0,
      0,
      0,
      0,
      -1
    ],
    "ImageType": [
      "ORIGINAL",
      "PRIMARY",
      "M",
      "ND"
    ],
    "ImagingFrequency": 168.217,
    "InPlanePhaseEncodingDirectionDICOM": "ROW",
    "InversionTime": 0.7,
    "MRAcquisitionType": "3D",
    "MagneticFieldStrength": 3.95064,
    "Manufacturer": "Siemens",
    "ManufacturersModelName": "MedSpec_4T",
    "Modality": "MR",
    "PartialFourier": 0.875,
    "PatientPosition": "HFS",
    "PercentPhaseFOV": 100,
    "PhaseEncodingSteps": 197,
    "PhaseResolution": 0.878906,
    "PixelBandwidth": 200,
    "ProtocolName": "t1_mpr_cor",
    "PulseSequenceDetails": "%SiemensSeq%_tfl",
    "ReceiveCoilName": "Head_4T",
    "ReconMatrixPE": 256,
    "RepetitionTime": 1.5,
    "SAR": 0.00315594,
    "ScanOptions": "IR",
    "ScanningSequence": "IR_GR",
    "SequenceName": "tfl3d1_ns",
    "SequenceVariant": "SP_MP",
    "SeriesDescription": "t1_mpr_cor",
    "SeriesNumber": 9,
    "ShimSetting": [
      3,
      1,
      -42,
      1114,
      554,
      -3039,
      2572,
      -28
    ],
    "SliceThickness": 0.9,
    "SoftwareVersions": "syngo_MR_2002B_4VA21A",
    "StationName": "wes4T",
    "TxRefAmp": 190.589,
    "dataset": "ds004169",
    "modality": "T1w",
    "session_id": "01",
    "subject_id": "0141"
  },
  "cjv": 0.3823184629567174,
  "cnr": 3.4334130412192874,
  "efc": 0.4423814610867424,
  "fber": -1.0,
  "fwhm_avg": 4.8091138234581905,
  "fwhm_x": 4.983573333333334,
  "fwhm_y": 5.17313347037457,
  "fwhm_z": 4.270634666666667,
  "icvs_csf": 0.20824749819203459,
  "icvs_gm": 0.428519045383958,
  "icvs_wm": 0.3632334564240074,
  "inu_med": 0.814767986536026,
  "inu_range": 0.624115815758705,
  "provenance": {
    "md5sum": "50e2c5256d14266378ca5ca5e05d8972",
    "settings": {
      "testing": false
    },
    "software": "mriqc",
    "version": "22.0.6",
    "warnings": {
      "large_rot_frame": true,
      "small_air_mask": false
    },
    "webapi_port": null,
    "webapi_url": "https://mriqc.nimh.nih.gov/api/v1"
  },
  "qi_1": 0.0,
  "qi_2": 0.024767467114068603,
  "rpve_csf": 28.02540480929582,
  "rpve_gm": 14.429040203310677,
  "rpve_wm": 19.719359808183643,
  "size_x": 256,
  "size_y": 256,
  "size_z": 256,
  "snr_csf": 2.0098291445200784,
  "snr_gm": 9.958287390716768,
  "snr_total": 9.30517483906562,
  "snr_wm": 15.947407981960012,
  "snrd_csf": 6.813909977130421,
  "snrd_gm": 16.32186238777856,
  "snrd_total": 15.822771063316424,
  "snrd_wm": 24.332540825040294,
  "spacing_x": 0.9375,
  "spacing_y": 0.8999999761581421,
  "spacing_z": 0.9375,
  "summary_bg_k": 15.648402310080925,
  "summary_bg_mad": 0.0,
  "summary_bg_mean": 16.205112421882095,
  "summary_bg_median": 0.0,
  "summary_bg_n": 4992842.0,
  "summary_bg_p05": 0.0,
  "summary_bg_p95": 68.2299093157053,
  "summary_bg_stdv": 26.925453446942452,
  "summary_csf_k": 31.337324441465,
  "summary_csf_mad": 107.88032793672956,
  "summary_csf_mean": 291.01493365791885,
  "summary_csf_median": 280.04491260275245,
  "summary_csf_n": 46528.0,
  "summary_csf_p05": 110.8088274076581,
  "summary_csf_p95": 479.1207872517407,
  "summary_csf_stdv": 139.33617388654167,
  "summary_gm_k": 0.18071690006026886,
  "summary_gm_mad": 66.26477116588433,
  "summary_gm_mean": 669.9592387853749,
  "summary_gm_median": 670.8122856393456,
  "summary_gm_n": 52111.0,
  "summary_gm_p05": 556.764696713537,
  "summary_gm_p95": 777.0004799477756,
  "summary_gm_stdv": 67.36156759794487,
  "summary_wm_k": 0.6355270777945479,
  "summary_wm_mad": 59.60628208254909,
  "summary_wm_mean": 1002.4745348082253,
  "summary_wm_median": 1000.043189831078,
  "summary_wm_n": 292587.0,
  "summary_wm_p05": 904.2319874268026,
  "summary_wm_p95": 1108.8655768409371,
  "summary_wm_stdv": 62.70871617466942,
  "tpm_overlap_csf": 0.1265625799781357,
  "tpm_overlap_gm": 0.44346032957720805,
  "tpm_overlap_wm": 0.48583322070189344,
  "wm2max": 0.42539049273924145
}