{
  "aor": 0.02320606299212598,
  "aqi": 0.027378559133858265,
  "bids_meta": {
    "AcquisitionMatrixPE": 64,
    "AcquisitionNumber": 1,
    "AcquisitionTime": "11:15:56.062500",
    "BaseResolution": 64,
    "ConversionSoftware": "dcm2niix",
    "ConversionSoftwareVersion": "v1.0.20190410  GCC6.3.0",
    "DeviceSerialNumber": "18011",
    "EchoTime": 0.03,
    "FlipAngle": 90,
    "ImageComments": "Fake_MoCo_Reference_Volume_+_DiCo_Applied",
    "ImageOrientationPatientDICOM": [
      1,
      0,
      0,
      0,
      1,
      0
    ],
    "ImageType": [
      "ORIGINAL",
      "PRIMARY",
      "M",
      "ND",
      "MOSAIC"
    ],
    "ImagingFrequency": 168.217,
    "InPlanePhaseEncodingDirectionDICOM": "COL",
    "MRAcquisitionType": "2D",
    "MagneticFieldStrength": 3.95064,
    "Manufacturer": "Siemens",
    "ManufacturersModelName": "MedSpec_4T",
    "Modality": "MR",
    "PartialFourier": 1,
    "PatientPosition": "HFS",
    "PercentPhaseFOV": 100,
    "PhaseEncodingDirection": "j-",
    "PhaseEncodingSteps": 64,
    "PhaseResolution": 1,
    "PixelBandwidth": 2790,
    "ProtocolName": "Nback_dc",
    "PulseSequenceDetails": "%CustomerSeq%_mz_ep2d_bold_dc",
    "ReceiveCoilName": "Head_4T",
    "ReconMatrixPE": 64,
    "RepetitionTime": 2.1,
    "SAR": 0.034238,
    "ScanOptions": "FS",
    "ScanningSequence": "SE_EP",
    "SequenceName": "epfid2d1_64",
    "SequenceVariant": "SK",
    "SeriesDescription": "Nback_dc_DiCo",
    "SeriesNumber": 7,
    "ShimSetting": [
      -13,
      -8,
      -22,
      1484,
      -6,
      -3037,
      1852,
      -27
    ],
    "SliceThickness": 3,
    "SoftwareVersions": "syngo_MR_2002B_4VA21A",
    "SpacingBetweenSlices": 3.6,
    "StationName": "wes4T",
    "TaskName": "nback",
    "TxRefAmp": 187.144,
    "dataset": "ds004169",
    "modality": "bold",
    "session_id": "01",
    "subject_id": "0257",
    "task_id": "nback"
  },
  "dummy_trs": 0,
  "dvars_nstd": 39.0120711707143,
  "dvars_std": 1.1785478235714284,
  "dvars_vstd": 1.1217766604761907,
  "efc": 0.4643955454730885,
  "fber": 1951.9061279296875,
  "fd_mean": 0.47699551000964757,
  "fd_num": 106,
  "fd_perc": 83.46456692913385,
  "fwhm_avg": 1.6983969469239042,
  "fwhm_x": 1.577583304347826,
  "fwhm_y": 1.9419770434782608,
  "fwhm_z": 1.575630492945625,
  "gcor": 0.242929,
  "gsr_x": -0.017448144033551216,
  "gsr_y": 0.029883360490202904,
  "provenance": {
    "md5sum": "66ef6b2a8d63f5e8d063123e1e16f96c",
    "settings": {
      "fd_thres": 0.2,
      "testing": false
    },
    "software": "mriqc",
    "version": "23.0.1",
    "webapi_port": null,
    "webapi_url": "https://mriqc.nimh.nih.gov/api/v1"
  },
  "size_t": 127,
  "size_x": 64,
  "size_y": 64,
  "size_z": 36,
  "snr": 5.394561745676719,
  "spacing_tr": 2.0999999046325684,
  "spacing_x": 3.59375,
  "spacing_y": 3.59375,
  "spacing_z": 3.6000001430511475,
  "summary_bg_k": 54.964357985600365,
  "summary_bg_mad": 7.728209132117282,
  "summary_bg_mean": 28.535690307617188,
  "summary_bg_median": 15.086613655090332,
  "summary_bg_n": 98319.0,
  "summary_bg_p05": 9.259842872619629,
  "summary_bg_p95": 82.68582382202142,
  "summary_bg_stdv": 37.83915710449219,
  "summary_fg_k": 4.283817291231477,
  "summary_fg_mad": 103.6187288057302,
  "summary_fg_mean": 684.7686767578125,
  "summary_fg_median": 676.3858032226562,
  "summary_fg_n": 19675.0,
  "summary_fg_p05": 508.6866027832031,
  "summary_fg_p95": 872.7535583496093,
  "summary_fg_stdv": 125.37971496582031,
  "tsnr": 26.04907586495392
}