{
  "aor": 0.001108095238095238,
  "aqi": 0.012831355238095239,
  "bids_meta": {
    "AcquisitionMatrixPE": 64,
    "AcquisitionNumber": 1,
    "AcquisitionTime": "10:48:18.140010",
    "BaseResolution": 64,
    "ConversionSoftware": "dcm2niix",
    "ConversionSoftwareVersion": "v1.0.20190410  GCC6.3.0",
    "DeviceSerialNumber": "18011",
    "EchoTime": 0.03,
    "FlipAngle": 90,
    "ImageComments": "Fake_MoCo_Reference_Volume_+_DiCo_Applied",
    "ImageOrientationPatientDICOM": [
      1,
      0,
      1.38778e-17,
      0,
      0.990268,
      -0.139173
    ],
    "ImageType": [
      "ORIGINAL",
      "PRIMARY",
      "M",
      "ND",
      "MOSAIC"
    ],
    "ImagingFrequency": 168.255,
    "InPlanePhaseEncodingDirectionDICOM": "COL",
    "MRAcquisitionType": "2D",
    "MagneticFieldStrength": 3.95064,
    "Manufacturer": "Siemens",
    "ManufacturersModelName": "MedSpec_4T",
    "Modality": "MR",
    "PartialFourier": 1,
    "PatientPosition": "HFS",
    "PercentPhaseFOV": 100,
    "PhaseEncodingDirection": "j-",
    "PhaseEncodingSteps": 64,
    "PhaseResolution": 1,
    "PixelBandwidth": 2790,
    "ProtocolName": "Nback_dc_opt",
    "PulseSequenceDetails": "%CustomerSeq%_kt_ep2d_bold_dc",
    "ReceiveCoilName": "Head_4T",
    "ReconMatrixPE": 64,
    "RepetitionTime": 2.1,
    "SAR": 0.0435997,
    "ScanOptions": "FS",
    "ScanningSequence": "SE_EP",
    "SequenceName": "epfid2d1_64",
    "SequenceVariant": "SK",
    "SeriesDescription": "Nback_dc_opt_DiCo",
    "SeriesNumber": 7,
    "ShimSetting": [
      -4,
      -39,
      33,
      1250,
      505,
      -3165,
      2955,
      149
    ],
    "SliceThickness": 3,
    "SoftwareVersions": "syngo_MR_2002B_4VA21A",
    "SpacingBetweenSlices": 3.6,
    "StationName": "wes4T",
    "TaskName": "nback",
    "TxRefAmp": 181.781,
    "dataset": "ds004169",
    "modality": "bold",
    "session_id": "01",
    "subject_id": "0351",
    "task_id": "nback"
  },
  "dummy_trs": 1,
  "dvars_nstd": 27.728792129519995,
  "dvars_std": 1.1108961040800003,
  "dvars_vstd": 0.9748171784000005,
  "efc": 0.4530495423454938,
  "fber": 2556.485595703125,
  "fd_mean": 0.1852794916808092,
  "fd_num": 43,
  "fd_perc": 34.12698412698413,
  "fwhm_avg": 1.6944464569333846,
  "fwhm_x": 1.611648,
  "fwhm_y": 1.8750052173913043,
  "fwhm_z": 1.5966861534088495,
  "gcor": 0.0181371,
  "gsr_x": -0.02504485845565796,
  "gsr_y": 0.03558928519487381,
  "provenance": {
    "md5sum": "a5a7c8cf749200e57172a30288af7f7a",
    "settings": {
      "fd_thres": 0.2,
      "testing": false
    },
    "software": "mriqc",
    "version": "23.0.1",
    "webapi_port": null,
    "webapi_url": "https://mriqc.nimh.nih.gov/api/v1"
  },
  "size_t": 126,
  "size_x": 64,
  "size_y": 64,
  "size_z": 36,
  "snr": 5.781555404176489,
  "spacing_tr": 2.0999999046325684,
  "spacing_x": 3.59375,
  "spacing_y": 3.59375,
  "spacing_z": 3.5999999046325684,
  "summary_bg_k": 56.01288235398058,
  "summary_bg_mad": 7.77777974138031,
  "summary_bg_mean": 29.239877700805664,
  "summary_bg_median": 14.960318565368652,
  "summary_bg_n": 98844.0,
  "summary_bg_p05": 9.055556297302246,
  "summary_bg_p95": 84.64286041259766,
  "summary_bg_stdv": 39.99175262451172,
  "summary_fg_k": 3.31595707715496,
  "summary_fg_mad": 119.8378125052384,
  "summary_fg_mean": 782.9881591796875,
  "summary_fg_median": 774.8452758789062,
  "summary_fg_n": 19048.0,
  "summary_fg_p05": 589.1405029296875,
  "summary_fg_p95": 994.1607757568358,
  "summary_fg_stdv": 134.01669311523438,
  "tsnr": 47.17584568611346
}