{
  "bids_meta": {
    "AcquisitionMatrixPE": 225,
    "AcquisitionNumber": 1,
    "AcquisitionTime": "08:40:13.485010",
    "BaseResolution": 256,
    "ConversionSoftware": "dcm2niix",
    "ConversionSoftwareVersion": "v1.0.20190410  GCC6.3.0",
    "DeviceSerialNumber": "18011",
    "EchoTime": 0.00335,
    "FlipAngle": 8,
    "ImageOrientationPatientDICOM": [
      1,
      0,
      0,
      0,
      0,
      -1
    ],
    "ImageType": [
      "ORIGINAL",
      "PRIMARY",
      "M",
      "ND"
    ],
    "ImagingFrequency": 168.217,
    "InPlanePhaseEncodingDirectionDICOM": "ROW",
    "InversionTime": 0.7,
    "MRAcquisitionType": "3D",
    "MagneticFieldStrength": 3.95064,
    "Manufacturer": "Siemens",
    "ManufacturersModelName": "MedSpec_4T",
    "Modality": "MR",
    "PartialFourier": 0.875,
    "PatientPosition": "HFS",
    "PercentPhaseFOV": 100,
    "PhaseEncodingSteps": 197,
    "PhaseResolution": 0.878906,
    "PixelBandwidth": 200,
    "ProtocolName": "t1_mpr_cor",
    "PulseSequenceDetails": "%SiemensSeq%_tfl",
    "ReceiveCoilName": "Head_4T",
    "ReconMatrixPE": 256,
    "RepetitionTime": 1.5,
    "SAR": 0.0270956,
    "ScanOptions": "IR",
    "ScanningSequence": "IR_GR",
    "SequenceName": "tfl3d1_ns",
    "SequenceVariant": "SP_MP",
    "SeriesDescription": "t1_mpr_cor",
    "SeriesNumber": 3,
    "ShimSetting": [
      5,
      8,
      -25,
      1241,
      1026,
      -3197,
      1509,
      106
    ],
    "SliceThickness": 0.9,
    "SoftwareVersions": "syngo_MR_2002B_4VA21A",
    "StationName": "wes4T",
    "TxRefAmp": 200.64,
    "dataset": "ds004169",
    "modality": "T1w",
    "session_id": "01",
    "subject_id": "0936"
  },
  "cjv": 0.3733099626046823,
  "cnr": 3.5622960545881717,
  "efc": 0.4550567478661904,
  "fber": -1.0,
  "fwhm_avg": 4.594080636487908,
  "fwhm_x": 4.691232,
  "fwhm_y": 4.970977909463722,
  "fwhm_z": 4.120032,
  "icvs_csf": 0.22502604174122393,
  "icvs_gm": 0.4199197024378,
  "icvs_wm": 0.35505425582097605,
  "inu_med": 0.8230753540992737,
  "inu_range": 0.5970948576927184,
  "provenance": {
    "md5sum": "0516fbad95ca6aa89c8fce944c35a2d7",
    "settings": {
      "testing": false
    },
    "software": "mriqc",
    "version": "23.0.1",
    "warnings": {
      "large_rot_frame": true,
      "small_air_mask": false
    },
    "webapi_port": null,
    "webapi_url": "https://mriqc.nimh.nih.gov/api/v1"
  },
  "qi_1": 0.0,
  "qi_2": 0.045745164705893536,
  "rpve_csf": 24.724817997197217,
  "rpve_gm": 13.735011904860668,
  "rpve_wm": 19.331534250958082,
  "size_x": 256,
  "size_y": 256,
  "size_z": 256,
  "snr_csf": 1.6771498156422961,
  "snr_gm": 8.898965342618638,
  "snr_total": 9.297871178917369,
  "snr_wm": 17.317498378491173,
  "snrd_csf": 7.989541766798532,
  "snrd_gm": 19.109913536950174,
  "snrd_total": 18.73305436987989,
  "snrd_wm": 29.099707805890972,
  "spacing_x": 0.9375,
  "spacing_y": 0.8999999761581421,
  "spacing_z": 0.9375,
  "summary_bg_k": 63.1437495670793,
  "summary_bg_mad": 0.0,
  "summary_bg_mean": 12.23558274047503,
  "summary_bg_median": 0.0,
  "summary_bg_n": 4828294.0,
  "summary_bg_p05": 0.0,
  "summary_bg_p95": 53.36792767047882,
  "summary_bg_stdv": 22.51350482001817,
  "summary_csf_k": 34.94547449860156,
  "summary_csf_mad": 93.29258440236784,
  "summary_csf_mean": 291.7920145281684,
  "summary_csf_median": 274.5574617385864,
  "summary_csf_n": 52605.0,
  "summary_csf_p05": 123.1895979642868,
  "summary_csf_p95": 464.6786514520645,
  "summary_csf_stdv": 163.70323602086614,
  "summary_gm_k": 0.09641407920782763,
  "summary_gm_mad": 73.183065948204,
  "summary_gm_mean": 655.6476927682958,
  "summary_gm_median": 656.7046656608582,
  "summary_gm_n": 43849.0,
  "summary_gm_p05": 531.2161415815353,
  "summary_gm_p95": 774.4425245523453,
  "summary_gm_stdv": 73.79477861564371,
  "summary_wm_k": 0.4291909552557329,
  "summary_wm_mad": 54.97250928511132,
  "summary_wm_mean": 999.8981074777732,
  "summary_wm_median": 1000.0000182390213,
  "summary_wm_n": 296360.0,
  "summary_wm_p05": 904.8573188781738,
  "summary_wm_p95": 1094.190305352211,
  "summary_wm_stdv": 57.74496461580896,
  "tpm_overlap_csf": 0.1427098118797817,
  "tpm_overlap_gm": 0.454584362247667,
  "tpm_overlap_wm": 0.5132698490555111,
  "wm2max": 0.5170891915172334
}