{
  "aor": 0.0008114965986394558,
  "aqi": 0.011514029727891157,
  "bids_meta": {
    "AcquisitionMatrixPE": 64,
    "AcquisitionNumber": 1,
    "AcquisitionTime": "08:31:26.534980",
    "BaseResolution": 64,
    "ConversionSoftware": "dcm2niix",
    "ConversionSoftwareVersion": "v1.0.20190410  GCC6.3.0",
    "DeviceSerialNumber": "18011",
    "EchoTime": 0.03,
    "FlipAngle": 90,
    "ImageComments": "Fake_MoCo_Reference_Volume_+_DiCo_Applied",
    "ImageOrientationPatientDICOM": [
      0.99863,
      2.22045e-16,
      -0.052336,
      -2.22045e-16,
      1,
      0
    ],
    "ImageType": [
      "ORIGINAL",
      "PRIMARY",
      "M",
      "ND",
      "MOSAIC"
    ],
    "ImagingFrequency": 168.255,
    "InPlanePhaseEncodingDirectionDICOM": "COL",
    "MRAcquisitionType": "2D",
    "MagneticFieldStrength": 3.95064,
    "Manufacturer": "Siemens",
    "ManufacturersModelName": "MedSpec_4T",
    "Modality": "MR",
    "PartialFourier": 1,
    "PatientPosition": "HFS",
    "PercentPhaseFOV": 100,
    "PhaseEncodingDirection": "j-",
    "PhaseEncodingSteps": 64,
    "PhaseResolution": 1,
    "PixelBandwidth": 2790,
    "ProtocolName": "mz_bold_dc_REST",
    "PulseSequenceDetails": "%CustomerSeq%_mz_ep2d_bold_dc",
    "ReceiveCoilName": "Head_4T",
    "ReconMatrixPE": 64,
    "RepetitionTime": 2.1,
    "SAR": 0.0248576,
    "ScanOptions": "FS",
    "ScanningSequence": "SE_EP",
    "SequenceName": "epfid2d1_64",
    "SequenceVariant": "SK",
    "SeriesDescription": "mz_bold_dc_REST_DiCo",
    "SeriesNumber": 10,
    "ShimSetting": [
      14,
      -13,
      0,
      1573,
      231,
      -3158,
      1914,
      155
    ],
    "SliceThickness": 3,
    "SoftwareVersions": "syngo_MR_2002B_4VA21A",
    "SpacingBetweenSlices": 3.6,
    "StationName": "wes4T",
    "TaskName": "rest",
    "TxRefAmp": 197.761,
    "dataset": "ds004169",
    "modality": "bold",
    "session_id": "01",
    "subject_id": "0832",
    "task_id": "rest"
  },
  "dummy_trs": 3,
  "dvars_nstd": 27.78761827130138,
  "dvars_std": 1.1402436176027395,
  "dvars_vstd": 0.9642183840410958,
  "efc": 0.5049880890493034,
  "fber": 1392.1314697265625,
  "fd_mean": 0.08273695571046524,
  "fd_num": 4,
  "fd_perc": 2.7210884353741496,
  "fwhm_avg": 1.7432144941393997,
  "fwhm_x": 1.619617391304348,
  "fwhm_y": 1.9942038260869566,
  "fwhm_z": 1.6158222650268943,
  "gcor": 0.128747,
  "gsr_x": -0.01415860466659069,
  "gsr_y": 0.038223426789045334,
  "provenance": {
    "md5sum": "cfca7e69e91e8f5776e4fa9eaa5c3a54",
    "settings": {
      "fd_thres": 0.2,
      "testing": false
    },
    "software": "mriqc",
    "version": "23.0.1",
    "webapi_port": null,
    "webapi_url": "https://mriqc.nimh.nih.gov/api/v1"
  },
  "size_t": 147,
  "size_x": 64,
  "size_y": 64,
  "size_z": 36,
  "snr": 5.234457462301863,
  "spacing_tr": 2.0999999046325684,
  "spacing_x": 3.59375,
  "spacing_y": 3.59375,
  "spacing_z": 3.5999999046325684,
  "summary_bg_k": 37.24155646707975,
  "summary_bg_mad": 12.61724779763004,
  "summary_bg_mean": 35.71591567993164,
  "summary_bg_median": 18.299320220947266,
  "summary_bg_n": 92739.0,
  "summary_bg_p05": 9.14285659790039,
  "summary_bg_p95": 111.74149322509766,
  "summary_bg_stdv": 48.78117370605469,
  "summary_fg_k": 4.071674632671228,
  "summary_fg_mad": 107.7054769375753,
  "summary_fg_mean": 702.7847290039062,
  "summary_fg_median": 690.1802978515625,
  "summary_fg_n": 23942.0,
  "summary_fg_p05": 522.7493103027343,
  "summary_fg_p95": 907.125131225586,
  "summary_fg_stdv": 131.8505096435547,
  "tsnr": 45.37327560177073
}