{
  "aor": 0.0025220666666666666,
  "aqi": 0.010810921266666667,
  "bids_meta": {
    "AcquisitionMatrixPE": 64,
    "AcquisitionNumber": 1,
    "AcquisitionTime": "08:36:36.197520",
    "BaseResolution": 64,
    "ConversionSoftware": "dcm2niix",
    "ConversionSoftwareVersion": "v1.0.20190410  GCC6.3.0",
    "DeviceSerialNumber": "18011",
    "EchoTime": 0.03,
    "FlipAngle": 90,
    "ImageComments": "Fake_MoCo_Reference_Volume_+_DiCo_Applied",
    "ImageOrientationPatientDICOM": [
      1,
      0,
      0,
      0,
      0.978148,
      -0.207912
    ],
    "ImageType": [
      "ORIGINAL",
      "PRIMARY",
      "M",
      "ND",
      "MOSAIC"
    ],
    "ImagingFrequency": 168.255,
    "InPlanePhaseEncodingDirectionDICOM": "COL",
    "MRAcquisitionType": "2D",
    "MagneticFieldStrength": 3.95064,
    "Manufacturer": "Siemens",
    "ManufacturersModelName": "MedSpec_4T",
    "Modality": "MR",
    "PartialFourier": 1,
    "PatientPosition": "HFS",
    "PercentPhaseFOV": 100,
    "PhaseEncodingDirection": "j-",
    "PhaseEncodingSteps": 64,
    "PhaseResolution": 1,
    "PixelBandwidth": 2790,
    "ProtocolName": "mz_bold_dc_REST",
    "PulseSequenceDetails": "%CustomerSeq%_mz_ep2d_bold_dc",
    "ReceiveCoilName": "Head_4T",
    "ReconMatrixPE": 64,
    "RepetitionTime": 2.1,
    "SAR": 0.0240066,
    "ScanOptions": "FS",
    "ScanningSequence": "SE_EP",
    "SequenceName": "epfid2d1_64",
    "SequenceVariant": "SK",
    "SeriesDescription": "mz_bold_dc_REST_DiCo",
    "SeriesNumber": 10,
    "ShimSetting": [
      21,
      4,
      38,
      2055,
      616,
      -3196,
      2257,
      -102
    ],
    "SliceThickness": 3,
    "SoftwareVersions": "syngo_MR_2002B_4VA21A",
    "SpacingBetweenSlices": 3.6,
    "StationName": "wes4T",
    "TaskName": "rest",
    "TxRefAmp": 197.059,
    "dataset": "ds004169",
    "modality": "bold",
    "session_id": "01",
    "subject_id": "0133",
    "task_id": "rest"
  },
  "dummy_trs": 0,
  "dvars_nstd": 23.897951369395983,
  "dvars_std": 1.042904355234899,
  "dvars_vstd": 0.9562301727516778,
  "efc": 0.49600624836296786,
  "fber": 1971.247314453125,
  "fd_mean": 0.1752713270628073,
  "fd_num": 18,
  "fd_perc": 12.0,
  "fwhm_avg": 1.7860569093375576,
  "fwhm_x": 1.6671972173913043,
  "fwhm_y": 2.040576135377047,
  "fwhm_z": 1.6503973752443213,
  "gcor": 0.0135313,
  "gsr_x": -0.02348082698881626,
  "gsr_y": 0.03722762316465378,
  "provenance": {
    "md5sum": "8ea1f5084baff7eb85b7434a33eb22e9",
    "settings": {
      "fd_thres": 0.2,
      "testing": false
    },
    "software": "mriqc",
    "version": "22.0.6",
    "webapi_port": null,
    "webapi_url": "https://mriqc.nimh.nih.gov/api/v1"
  },
  "size_t": 150,
  "size_x": 64,
  "size_y": 64,
  "size_z": 36,
  "snr": 5.4241764660119385,
  "spacing_tr": 2.0999999046325684,
  "spacing_x": 3.59375,
  "spacing_y": 3.593749761581421,
  "spacing_z": 3.5999996662139893,
  "summary_bg_k": 25.953598742420258,
  "summary_bg_mad": 11.64336821611922,
  "summary_bg_mean": 36.30513381958008,
  "summary_bg_median": 17.453332901000977,
  "summary_bg_n": 92797.0,
  "summary_bg_p05": 7.933333396911621,
  "summary_bg_p95": 116.99467163085936,
  "summary_bg_stdv": 49.999481201171875,
  "summary_fg_k": 2.2948107053716367,
  "summary_fg_mad": 125.75433103254812,
  "summary_fg_mean": 773.5393676757812,
  "summary_fg_median": 769.6300048828125,
  "summary_fg_n": 23272.0,
  "summary_fg_p05": 557.6576782226563,
  "summary_fg_p95": 1000.1266967773438,
  "summary_fg_stdv": 141.88577270507812,
  "tsnr": 45.371317964745685
}