{
  "aor": 0.0010024161073825502,
  "aqi": 0.008454347114093961,
  "bids_meta": {
    "AcquisitionMatrixPE": 64,
    "AcquisitionNumber": 1,
    "AcquisitionTime": "08:44:46.690010",
    "BaseResolution": 64,
    "ConversionSoftware": "dcm2niix",
    "ConversionSoftwareVersion": "v1.0.20190410  GCC6.3.0",
    "DeviceSerialNumber": "18011",
    "EchoTime": 0.03,
    "FlipAngle": 90,
    "ImageComments": "Fake_MoCo_Reference_Volume_+_DiCo_Applied",
    "ImageOrientationPatientDICOM": [
      1,
      0,
      0,
      0,
      0.992546,
      -0.121869
    ],
    "ImageType": [
      "ORIGINAL",
      "PRIMARY",
      "M",
      "ND",
      "MOSAIC"
    ],
    "ImagingFrequency": 168.217,
    "InPlanePhaseEncodingDirectionDICOM": "COL",
    "MRAcquisitionType": "2D",
    "MagneticFieldStrength": 3.95064,
    "Manufacturer": "Siemens",
    "ManufacturersModelName": "MedSpec_4T",
    "Modality": "MR",
    "PartialFourier": 1,
    "PatientPosition": "HFS",
    "PercentPhaseFOV": 100,
    "PhaseEncodingDirection": "j-",
    "PhaseEncodingSteps": 64,
    "PhaseResolution": 1,
    "PixelBandwidth": 2790,
    "ProtocolName": "mz_bold_dc_REST",
    "PulseSequenceDetails": "%CustomerSeq%_mz_ep2d_bold_dc",
    "ReceiveCoilName": "Head_4T",
    "ReconMatrixPE": 64,
    "RepetitionTime": 2.1,
    "SAR": 0.0185752,
    "ScanOptions": "FS",
    "ScanningSequence": "SE_EP",
    "SequenceName": "epfid2d1_64",
    "SequenceVariant": "SK",
    "SeriesDescription": "mz_bold_dc_REST_DiCo",
    "SeriesNumber": 10,
    "ShimSetting": [
      11,
      3,
      20,
      1484,
      -132,
      -2660,
      2231,
      -90
    ],
    "SliceThickness": 3,
    "SoftwareVersions": "syngo_MR_2002B_4VA21A",
    "SpacingBetweenSlices": 3.6,
    "StationName": "wes4T",
    "TaskName": "rest",
    "TxRefAmp": 172.873,
    "dataset": "ds004169",
    "modality": "bold",
    "session_id": "01",
    "subject_id": "0656",
    "task_id": "rest"
  },
  "dummy_trs": 1,
  "dvars_nstd": 28.95809033121621,
  "dvars_std": 1.2527464947972975,
  "dvars_vstd": 0.9635705152027032,
  "efc": 0.46272708944856233,
  "fber": 2370.03466796875,
  "fd_mean": 0.07984690501261822,
  "fd_num": 0,
  "fd_perc": 0.0,
  "fwhm_avg": 1.76163699923075,
  "fwhm_x": 1.6307784347826089,
  "fwhm_y": 2.015593739130435,
  "fwhm_z": 1.6385388237792058,
  "gcor": 0.0149543,
  "gsr_x": -0.027942996472120285,
  "gsr_y": 0.041192181408405304,
  "provenance": {
    "md5sum": "edfcb85e44dba2e8a1f13eda8cc4bd0e",
    "settings": {
      "fd_thres": 0.2,
      "testing": false
    },
    "software": "mriqc",
    "version": "23.0.1",
    "webapi_port": null,
    "webapi_url": "https://mriqc.nimh.nih.gov/api/v1"
  },
  "size_t": 149,
  "size_x": 64,
  "size_y": 64,
  "size_z": 36,
  "snr": 4.742789872612457,
  "spacing_tr": 2.0999999046325684,
  "spacing_x": 3.59375,
  "spacing_y": 3.59375,
  "spacing_z": 3.6000001430511475,
  "summary_bg_k": 60.3009637656181,
  "summary_bg_mad": 7.651819294795808,
  "summary_bg_mean": 23.742555618286133,
  "summary_bg_median": 12.476510047912598,
  "summary_bg_n": 96405.0,
  "summary_bg_p05": 6.738255023956299,
  "summary_bg_p95": 69.34899139404297,
  "summary_bg_stdv": 31.52565574645996,
  "summary_fg_k": 3.8000154743216346,
  "summary_fg_mad": 112.17029587440796,
  "summary_fg_mean": 644.2210693359375,
  "summary_fg_median": 629.7919311523438,
  "summary_fg_n": 20909.0,
  "summary_fg_p05": 466.38524169921874,
  "summary_fg_p95": 854.671142578125,
  "summary_fg_stdv": 132.78616333007812,
  "tsnr": 55.95236877910793
}