{
  "bids_meta": {
    "AcquisitionMatrixPE": 225,
    "AcquisitionNumber": 1,
    "AcquisitionTime": "08:55:54.290010",
    "BaseResolution": 256,
    "ConversionSoftware": "dcm2niix",
    "ConversionSoftwareVersion": "v1.0.20190410  GCC6.3.0",
    "DeviceSerialNumber": "18011",
    "EchoTime": 0.00335,
    "FlipAngle": 8,
    "ImageOrientationPatientDICOM": [
      0,
      1,
      0,
      0,
      0,
      -1
    ],
    "ImageType": [
      "ORIGINAL",
      "PRIMARY",
      "M",
      "ND"
    ],
    "ImagingFrequency": 168.255,
    "InPlanePhaseEncodingDirectionDICOM": "ROW",
    "InversionTime": 0.7,
    "MRAcquisitionType": "3D",
    "MagneticFieldStrength": 3.95064,
    "Manufacturer": "Siemens",
    "ManufacturersModelName": "MedSpec_4T",
    "Modality": "MR",
    "PartialFourier": 0.875,
    "PatientPosition": "HFS",
    "PercentPhaseFOV": 100,
    "PhaseEncodingSteps": 197,
    "PhaseResolution": 0.878906,
    "PixelBandwidth": 200,
    "ProcedureStepDescription": "Research_fMRI",
    "ProtocolName": "t1_mpr_sag",
    "PulseSequenceDetails": "%SiemensSeq%_tfl",
    "ReceiveCoilName": "Head",
    "ReconMatrixPE": 256,
    "RepetitionTime": 1.5,
    "SAR": 0.0593723,
    "ScanOptions": "IR",
    "ScanningSequence": "IR_GR",
    "SequenceName": "tfl3d1_ns",
    "SequenceVariant": "SP_MP",
    "SeriesDescription": "t1_mpr_sag",
    "SeriesNumber": 2,
    "ShimSetting": [
      10,
      38,
      5,
      1441,
      270,
      -3604,
      2027,
      237
    ],
    "SliceThickness": 0.9,
    "SoftwareVersions": "syngo_MR_2004A_4VA25A",
    "StationName": "WES4T",
    "TxRefAmp": 195.761,
    "dataset": "ds004169",
    "modality": "T1w",
    "session_id": "01",
    "subject_id": "0825"
  },
  "cjv": 0.31400606575751727,
  "cnr": 4.12644637750537,
  "efc": 0.464530612943514,
  "fber": 14873.458657216888,
  "fwhm_avg": 5.224592789080746,
  "fwhm_x": 5.47432236724224,
  "fwhm_y": 5.574602666666666,
  "fwhm_z": 4.624853333333333,
  "icvs_csf": 0.2115949523802819,
  "icvs_gm": 0.4313383044872128,
  "icvs_wm": 0.3570667431325053,
  "inu_med": 0.632825642824173,
  "inu_range": 0.4270323291420935,
  "provenance": {
    "md5sum": "1a75bf9490f488a9eb193a215edf53ae",
    "settings": {
      "testing": false
    },
    "software": "mriqc",
    "version": "23.0.1",
    "warnings": {
      "large_rot_frame": true,
      "small_air_mask": false
    },
    "webapi_port": null,
    "webapi_url": "https://mriqc.nimh.nih.gov/api/v1"
  },
  "qi_1": 0.0,
  "qi_2": 0.005086832725240744,
  "rpve_csf": 24.160900928792568,
  "rpve_gm": 12.443361791114269,
  "rpve_wm": 17.667957466925127,
  "size_x": 240,
  "size_y": 256,
  "size_z": 256,
  "snr_csf": 2.161546654456526,
  "snr_gm": 10.165253621497099,
  "snr_total": 11.172393799783336,
  "snr_wm": 21.190381123396385,
  "snrd_csf": 26.818429804394615,
  "snrd_gm": 65.42237769379025,
  "snrd_total": 63.71910243288968,
  "snrd_wm": 98.91649980048415,
  "spacing_x": 0.8999999761581421,
  "spacing_y": 0.9375,
  "spacing_z": 0.9375,
  "summary_bg_k": 19.022560519185745,
  "summary_bg_mad": 6.623324012236875,
  "summary_bg_mean": 11.47018120176962,
  "summary_bg_median": 4.4673641584813595,
  "summary_bg_n": 4057417.0,
  "summary_bg_p05": 0.0,
  "summary_bg_p95": 44.943482372909784,
  "summary_bg_stdv": 16.5342692611191,
  "summary_csf_k": 13.948413554486862,
  "summary_csf_mad": 114.64129280240873,
  "summary_csf_mean": 271.6434400621774,
  "summary_csf_median": 271.1300274170935,
  "summary_csf_n": 56745.0,
  "summary_csf_p05": 79.09333322197199,
  "summary_csf_p95": 456.1508611217141,
  "summary_csf_stdv": 125.43223983913346,
  "summary_gm_k": 0.21156700001554363,
  "summary_gm_mad": 63.966196332945394,
  "summary_gm_mean": 660.6037288262619,
  "summary_gm_median": 661.4097539335489,
  "summary_gm_n": 63278.0,
  "summary_gm_p05": 552.1841993741691,
  "summary_gm_p95": 765.4783512093127,
  "summary_gm_stdv": 65.06522634045919,
  "summary_wm_k": 1.016089471441477,
  "summary_wm_mad": 42.36260257491102,
  "summary_wm_mean": 1000.9032668133995,
  "summary_wm_median": 1000.0299606844783,
  "summary_wm_n": 303368.0,
  "summary_wm_p05": 925.4339739307761,
  "summary_wm_p95": 1079.7829047217965,
  "summary_wm_stdv": 47.192559050592905,
  "tpm_overlap_csf": 0.12848900481850564,
  "tpm_overlap_gm": 0.44780525558427103,
  "tpm_overlap_wm": 0.5004234481788304,
  "wm2max": 0.6002950127649002
}