{
  "aor": 0.0024243999999999997,
  "aqi": 0.009456004733333334,
  "bids_meta": {
    "AcquisitionMatrixPE": 64,
    "AcquisitionNumber": 1,
    "AcquisitionTime": "11:34:14.582510",
    "BaseResolution": 64,
    "ConversionSoftware": "dcm2niix",
    "ConversionSoftwareVersion": "v1.0.20190410  GCC6.3.0",
    "DeviceSerialNumber": "18011",
    "EchoTime": 0.03,
    "FlipAngle": 90,
    "ImageComments": "Fake_MoCo_Reference_Volume_+_DiCo_Applied",
    "ImageOrientationPatientDICOM": [
      1,
      0,
      0,
      0,
      0.978148,
      -0.207912
    ],
    "ImageType": [
      "ORIGINAL",
      "PRIMARY",
      "M",
      "ND",
      "MOSAIC"
    ],
    "ImagingFrequency": 168.255,
    "InPlanePhaseEncodingDirectionDICOM": "COL",
    "MRAcquisitionType": "2D",
    "MagneticFieldStrength": 3.95064,
    "Manufacturer": "Siemens",
    "ManufacturersModelName": "MedSpec_4T",
    "Modality": "MR",
    "PartialFourier": 1,
    "PatientPosition": "HFS",
    "PercentPhaseFOV": 100,
    "PhaseEncodingDirection": "j-",
    "PhaseEncodingSteps": 64,
    "PhaseResolution": 1,
    "PixelBandwidth": 2790,
    "ProtocolName": "mz_bold_dc_REST",
    "PulseSequenceDetails": "%CustomerSeq%_mz_ep2d_bold_dc",
    "ReceiveCoilName": "Head_4T",
    "ReconMatrixPE": 64,
    "RepetitionTime": 2.1,
    "SAR": 0.0322886,
    "ScanOptions": "FS",
    "ScanningSequence": "SE_EP",
    "SequenceName": "epfid2d1_64",
    "SequenceVariant": "SK",
    "SeriesDescription": "mz_bold_dc_REST_DiCo",
    "SeriesNumber": 10,
    "ShimSetting": [
      17,
      -8,
      18,
      1953,
      488,
      -3047,
      2268,
      146
    ],
    "SliceThickness": 3,
    "SoftwareVersions": "syngo_MR_2002B_4VA21A",
    "SpacingBetweenSlices": 3.6,
    "StationName": "wes4T",
    "TaskName": "rest",
    "TxRefAmp": 191.382,
    "dataset": "ds004169",
    "modality": "bold",
    "session_id": "01",
    "subject_id": "1078",
    "task_id": "rest"
  },
  "dummy_trs": 0,
  "dvars_nstd": 23.563402969328877,
  "dvars_std": 1.0522024010738253,
  "dvars_vstd": 0.9533525301342278,
  "efc": 0.49017562706619267,
  "fber": 2317.666015625,
  "fd_mean": 0.13154808932451545,
  "fd_num": 6,
  "fd_perc": 4.0,
  "fwhm_avg": 1.8018713078035786,
  "fwhm_x": 1.6948619130434783,
  "fwhm_y": 2.036254743786007,
  "fwhm_z": 1.6744972665812512,
  "gcor": 0.00882583,
  "gsr_x": -0.026480190455913544,
  "gsr_y": 0.03681006655097008,
  "provenance": {
    "md5sum": "aed1df93d7123d82ac02d196b2fcae35",
    "settings": {
      "fd_thres": 0.2,
      "testing": false
    },
    "software": "mriqc",
    "version": "23.0.1",
    "webapi_port": null,
    "webapi_url": "https://mriqc.nimh.nih.gov/api/v1"
  },
  "size_t": 150,
  "size_x": 64,
  "size_y": 64,
  "size_z": 36,
  "snr": 4.7381343716942625,
  "spacing_tr": 2.0999999046325684,
  "spacing_x": 3.59375,
  "spacing_y": 3.593749761581421,
  "spacing_z": 3.5999999046325684,
  "summary_bg_k": 31.595611733208862,
  "summary_bg_mad": 8.935149332489237,
  "summary_bg_mean": 32.1011848449707,
  "summary_bg_median": 15.633334159851074,
  "summary_bg_n": 92558.0,
  "summary_bg_p05": 8.933333396911621,
  "summary_bg_p95": 95.20667266845703,
  "summary_bg_stdv": 43.96428298950195,
  "summary_fg_k": 4.248400718851345,
  "summary_fg_mad": 128.13636713477177,
  "summary_fg_mean": 773.9271240234375,
  "summary_fg_median": 758.7166748046875,
  "summary_fg_n": 24196.0,
  "summary_fg_p05": 563.0916900634766,
  "summary_fg_p95": 1025.0400695800781,
  "summary_fg_stdv": 160.12652587890625,
  "tsnr": 50.68705807439983
}