{
  "bids_meta": {
    "AcquisitionMatrixPE": 225,
    "AcquisitionNumber": 1,
    "AcquisitionTime": "12:03:57.297490",
    "BaseResolution": 256,
    "ConversionSoftware": "dcm2niix",
    "ConversionSoftwareVersion": "v1.0.20190410  GCC6.3.0",
    "DeviceSerialNumber": "18011",
    "EchoTime": 0.00335,
    "FlipAngle": 8,
    "ImageOrientationPatientDICOM": [
      1,
      0,
      0,
      0,
      0,
      -1
    ],
    "ImageType": [
      "ORIGINAL",
      "PRIMARY",
      "M",
      "ND"
    ],
    "ImagingFrequency": 168.217,
    "InPlanePhaseEncodingDirectionDICOM": "ROW",
    "InstitutionAddress": "StreetNoStreet_City_District_ZIP_Country",
    "InstitutionName": "University_of_Queensland",
    "InversionTime": 0.7,
    "MRAcquisitionType": "3D",
    "MagneticFieldStrength": 3.95064,
    "Manufacturer": "Siemens",
    "ManufacturersModelName": "MedSpec_4T",
    "Modality": "MR",
    "PartialFourier": 0.875,
    "PatientPosition": "HFS",
    "PercentPhaseFOV": 100,
    "PhaseEncodingSteps": 197,
    "PhaseResolution": 0.878906,
    "PixelBandwidth": 200,
    "ProtocolName": "t1_mpr_cor",
    "PulseSequenceDetails": "%SiemensSeq%_tfl",
    "ReceiveCoilName": "Head_4T",
    "ReconMatrixPE": 256,
    "RepetitionTime": 1.5,
    "SAR": 0.00379108,
    "ScanOptions": "IR",
    "ScanningSequence": "IR_GR",
    "SequenceName": "tfl3d1_ns",
    "SequenceVariant": "SP_MP",
    "SeriesDescription": "t1_mpr_cor",
    "SeriesNumber": 8,
    "ShimSetting": [
      27,
      10,
      -10,
      1616,
      336,
      -3343,
      1632,
      346
    ],
    "SliceThickness": 0.9,
    "SoftwareVersions": "syngo_MR_2002B_4VA21A",
    "StationName": "wes4T",
    "TxRefAmp": 203.727,
    "dataset": "ds004169",
    "modality": "T1w",
    "session_id": "01",
    "subject_id": "1081"
  },
  "cjv": 0.3853536849757011,
  "cnr": 3.3996375362072415,
  "efc": 0.4450115075218011,
  "fber": -1.0,
  "fwhm_avg": 4.452153672076871,
  "fwhm_x": 4.619168,
  "fwhm_y": 4.80698901623061,
  "fwhm_z": 3.930304,
  "icvs_csf": 0.24672276090937198,
  "icvs_gm": 0.4068220871328306,
  "icvs_wm": 0.3464551519577974,
  "inu_med": 0.8117586970329285,
  "inu_range": 0.5561547994613646,
  "provenance": {
    "md5sum": "b3f2c65e6893a64179c918f1494d2882",
    "settings": {
      "testing": false
    },
    "software": "mriqc",
    "version": "23.0.1",
    "warnings": {
      "large_rot_frame": true,
      "small_air_mask": false
    },
    "webapi_port": null,
    "webapi_url": "https://mriqc.nimh.nih.gov/api/v1"
  },
  "qi_1": 0.0,
  "qi_2": 0.030605887634343357,
  "rpve_csf": 23.40052162890993,
  "rpve_gm": 14.309509899663817,
  "rpve_wm": 20.29768008936024,
  "size_x": 256,
  "size_y": 256,
  "size_z": 256,
  "snr_csf": 1.5883476053778929,
  "snr_gm": 8.597587162958984,
  "snr_total": 8.980102568169398,
  "snr_wm": 16.754372936171315,
  "snrd_csf": 7.624974296775502,
  "snrd_gm": 19.42274262596244,
  "snrd_total": 18.815608522331868,
  "snrd_wm": 29.39910864425765,
  "spacing_x": 0.9375,
  "spacing_y": 0.8999999761581421,
  "spacing_z": 0.9375,
  "summary_bg_k": 13.210851991377456,
  "summary_bg_mad": 0.0,
  "summary_bg_mean": 12.858737890290707,
  "summary_bg_median": 0.0,
  "summary_bg_n": 4939389.0,
  "summary_bg_p05": 0.0,
  "summary_bg_p95": 60.09352169930935,
  "summary_bg_stdv": 22.285041557391683,
  "summary_csf_k": 32.34586071395448,
  "summary_csf_mad": 91.586193011766,
  "summary_csf_mean": 274.4871734144271,
  "summary_csf_median": 259.37021523714066,
  "summary_csf_n": 51512.0,
  "summary_csf_p05": 100.20823062211277,
  "summary_csf_p95": 454.8111520707607,
  "summary_csf_stdv": 163.2940401559037,
  "summary_gm_k": 0.3083934408733633,
  "summary_gm_mad": 74.33592543385502,
  "summary_gm_mean": 656.5186203113666,
  "summary_gm_median": 660.6816940382123,
  "summary_gm_n": 26484.0,
  "summary_gm_p05": 522.2528876848519,
  "summary_gm_p95": 774.3479510396719,
  "summary_gm_stdv": 76.8435618243555,
  "summary_wm_k": 0.6542109977529735,
  "summary_wm_mad": 56.435726267451315,
  "summary_wm_mean": 1000.1272906395441,
  "summary_wm_median": 1000.0365693122149,
  "summary_wm_n": 282142.0,
  "summary_wm_p05": 903.2293763011694,
  "summary_wm_p95": 1097.3551965504885,
  "summary_wm_stdv": 59.68798718390484,
  "tpm_overlap_csf": 0.14626863945438073,
  "tpm_overlap_gm": 0.43726971527016517,
  "tpm_overlap_wm": 0.4955103894101789,
  "wm2max": 0.4697554697554698
}