{
  "aor": 0.005830472440944882,
  "aqi": 0.006416098661417322,
  "bids_meta": {
    "AcquisitionMatrixPE": 64,
    "AcquisitionNumber": 1,
    "AcquisitionTime": "10:11:53.362480",
    "BaseResolution": 64,
    "ConversionSoftware": "dcm2niix",
    "ConversionSoftwareVersion": "v1.0.20190410  GCC6.3.0",
    "DeviceSerialNumber": "18011",
    "EchoTime": 0.03,
    "FlipAngle": 90,
    "ImageComments": "Fake_MoCo_Reference_Volume_+_DiCo_Applied",
    "ImageOrientationPatientDICOM": [
      1,
      -1.11022e-16,
      1.38778e-17,
      1.11022e-16,
      0.97437,
      -0.224951
    ],
    "ImageType": [
      "ORIGINAL",
      "PRIMARY",
      "M",
      "ND",
      "DICO",
      "MOSAIC"
    ],
    "ImagingFrequency": 168.255,
    "InPlanePhaseEncodingDirectionDICOM": "COL",
    "MRAcquisitionType": "2D",
    "MagneticFieldStrength": 3.95064,
    "Manufacturer": "Siemens",
    "ManufacturersModelName": "MedSpec_4T",
    "Modality": "MR",
    "PartialFourier": 1,
    "PatientPosition": "HFS",
    "PercentPhaseFOV": 100,
    "PhaseEncodingDirection": "j-",
    "PhaseEncodingSteps": 64,
    "PhaseResolution": 1,
    "PixelBandwidth": 2790,
    "ProcedureStepDescription": "Research_fMRI",
    "ProtocolName": "Nback_dc_opt",
    "PulseSequenceDetails": "%CustomerSeq%_kt_ep2d_bold_dc",
    "ReceiveCoilName": "Head",
    "ReconMatrixPE": 64,
    "RepetitionTime": 2.1,
    "SAR": 0.0827746,
    "ScanOptions": "FS",
    "ScanningSequence": "SE_EP",
    "SequenceName": "epfid2d1_64",
    "SequenceVariant": "SK",
    "SeriesDescription": "Nback_dc_opt_DiCo",
    "SeriesNumber": 7,
    "SliceThickness": 3,
    "SoftwareVersions": "syngo_MR_2004A_4VA25A",
    "SpacingBetweenSlices": 3.6,
    "StationName": "WES4T",
    "TaskName": "nback",
    "TxRefAmp": 174.013,
    "dataset": "ds004169",
    "modality": "bold",
    "session_id": "01",
    "subject_id": "0408",
    "task_id": "nback"
  },
  "dummy_trs": 0,
  "dvars_nstd": 23.170921522539675,
  "dvars_std": 1.1990260819841267,
  "dvars_vstd": 1.0484118434126977,
  "efc": 0.45994800327707475,
  "fber": 2592.087158203125,
  "fd_mean": 0.10189646587572705,
  "fd_num": 3,
  "fd_perc": 2.3622047244094486,
  "fwhm_avg": 1.7318245088133954,
  "fwhm_x": 1.6085370434782609,
  "fwhm_y": 1.9505892173913042,
  "fwhm_z": 1.6363472655706213,
  "gcor": 0.0282917,
  "gsr_x": -0.025899497792124748,
  "gsr_y": 0.030446361750364304,
  "provenance": {
    "md5sum": "a7218dfa48f064b586d0b5c9d596e88c",
    "settings": {
      "fd_thres": 0.2,
      "testing": false
    },
    "software": "mriqc",
    "version": "23.0.1",
    "webapi_port": null,
    "webapi_url": "https://mriqc.nimh.nih.gov/api/v1"
  },
  "size_t": 127,
  "size_x": 64,
  "size_y": 64,
  "size_z": 36,
  "snr": 5.0778209750215435,
  "spacing_tr": 2.0999999046325684,
  "spacing_x": 3.59375,
  "spacing_y": 3.59375,
  "spacing_z": 3.5999999046325684,
  "summary_bg_k": 40.713456527262544,
  "summary_bg_mad": 6.584154422420544,
  "summary_bg_mean": 23.42728042602539,
  "summary_bg_median": 11.157480239868164,
  "summary_bg_n": 97853.0,
  "summary_bg_p05": 6.283464431762695,
  "summary_bg_p95": 71.19055023193346,
  "summary_bg_stdv": 34.476173400878906,
  "summary_fg_k": 4.0352871140513,
  "summary_fg_mad": 104.84447272362374,
  "summary_fg_mean": 600.6194458007812,
  "summary_fg_median": 590.7677001953125,
  "summary_fg_n": 19750.0,
  "summary_fg_p05": 436.9712615966797,
  "summary_fg_p95": 779.186602783203,
  "summary_fg_stdv": 116.33981323242188,
  "tsnr": 58.802970389137045
}