{
  "bids_meta": {
    "AcquisitionMatrixPE": 225,
    "AcquisitionNumber": 1,
    "AcquisitionTime": "07:52:50.534990",
    "BaseResolution": 256,
    "ConversionSoftware": "dcm2niix",
    "ConversionSoftwareVersion": "v1.0.20190410  GCC6.3.0",
    "DeviceSerialNumber": "18011",
    "EchoTime": 0.00335,
    "FlipAngle": 8,
    "ImageOrientationPatientDICOM": [
      0.99863,
      -0.052336,
      -1.88716e-09,
      9.13449e-05,
      0.001743,
      -0.999998
    ],
    "ImageType": [
      "ORIGINAL",
      "PRIMARY",
      "M",
      "ND"
    ],
    "ImagingFrequency": 168.217,
    "InPlanePhaseEncodingDirectionDICOM": "ROW",
    "InversionTime": 0.7,
    "MRAcquisitionType": "3D",
    "MagneticFieldStrength": 3.95064,
    "Manufacturer": "Siemens",
    "ManufacturersModelName": "MedSpec_4T",
    "Modality": "MR",
    "PartialFourier": 0.875,
    "PatientPosition": "HFS",
    "PercentPhaseFOV": 100,
    "PhaseEncodingSteps": 197,
    "PhaseResolution": 0.878906,
    "PixelBandwidth": 200,
    "ProtocolName": "t1_mpr_cor",
    "PulseSequenceDetails": "%SiemensSeq%_tfl",
    "ReceiveCoilName": "Head_4T",
    "ReconMatrixPE": 256,
    "RepetitionTime": 1.5,
    "SAR": 0.00327406,
    "ScanOptions": "IR",
    "ScanningSequence": "IR_GR",
    "SequenceName": "tfl3d1_ns",
    "SequenceVariant": "SP_MP",
    "SeriesDescription": "t1_mpr_cor",
    "SeriesNumber": 8,
    "ShimSetting": [
      21,
      -18,
      -27,
      1168,
      483,
      -2346,
      1678,
      -16
    ],
    "SliceThickness": 0.9,
    "SoftwareVersions": "syngo_MR_2002B_4VA21A",
    "StationName": "wes4T",
    "TxRefAmp": 218.482,
    "dataset": "ds004169",
    "modality": "T1w",
    "session_id": "02",
    "subject_id": "1063"
  },
  "cjv": 0.40044143026160867,
  "cnr": 3.31975999964828,
  "efc": 0.48823762564902196,
  "fber": 1258.579965397924,
  "fwhm_avg": 4.416816783488212,
  "fwhm_x": 4.501152,
  "fwhm_y": 4.840989017131302,
  "fwhm_z": 3.9083093333333334,
  "icvs_csf": 0.23758556848197165,
  "icvs_gm": 0.4058854245155536,
  "icvs_wm": 0.35652900700247475,
  "inu_med": 0.7473554015159607,
  "inu_range": 0.5026988625526427,
  "provenance": {
    "md5sum": "4d38cfc78af2a0ad347eeacd2d0e0af9",
    "settings": {
      "testing": false
    },
    "software": "mriqc",
    "version": "23.0.1",
    "warnings": {
      "large_rot_frame": true,
      "small_air_mask": false
    },
    "webapi_port": null,
    "webapi_url": "https://mriqc.nimh.nih.gov/api/v1"
  },
  "qi_1": 0.0,
  "qi_2": 0.027032482905822077,
  "rpve_csf": 23.38398710702684,
  "rpve_gm": 13.663017117990151,
  "rpve_wm": 18.410583768286244,
  "size_x": 256,
  "size_y": 256,
  "size_z": 256,
  "snr_csf": 2.5090559583564307,
  "snr_gm": 9.119751718381043,
  "snr_total": 9.856824965547402,
  "snr_wm": 17.94166721990473,
  "snrd_csf": 7.975228566237085,
  "snrd_gm": 19.358378101748055,
  "snrd_total": 18.60234658660607,
  "snrd_wm": 28.47343309183307,
  "spacing_x": 0.9375,
  "spacing_y": 0.8999999761581421,
  "spacing_z": 0.9375,
  "summary_bg_k": 40.87215240926927,
  "summary_bg_mad": 23.009409311068136,
  "summary_bg_mean": 18.580140306449056,
  "summary_bg_median": 15.519610738381743,
  "summary_bg_n": 5232073.0,
  "summary_bg_p05": 0.0,
  "summary_bg_p95": 67.6680009458214,
  "summary_bg_stdv": 25.195456277274765,
  "summary_csf_k": 19.21122805545032,
  "summary_csf_mad": 84.21351214654516,
  "summary_csf_mean": 280.1707570268939,
  "summary_csf_median": 280.1024312339723,
  "summary_csf_n": 59942.0,
  "summary_csf_p05": 109.04478205023334,
  "summary_csf_p95": 449.06633816417286,
  "summary_csf_stdv": 111.6356507896371,
  "summary_gm_k": 0.0373496752624467,
  "summary_gm_mad": 74.44492992393876,
  "summary_gm_mean": 678.6020028096625,
  "summary_gm_median": 679.8963472973555,
  "summary_gm_n": 31725.0,
  "summary_gm_p05": 553.0165035303683,
  "summary_gm_p95": 799.619058707729,
  "summary_gm_stdv": 74.55089269328728,
  "summary_wm_k": 0.39698010944329054,
  "summary_wm_mad": 53.75035052344086,
  "summary_wm_mean": 1000.568297740889,
  "summary_wm_median": 1000.0312553253025,
  "summary_wm_n": 294725.0,
  "summary_wm_p05": 910.4484398599715,
  "summary_wm_p95": 1092.6180678792298,
  "summary_wm_stdv": 55.73782784604644,
  "tpm_overlap_csf": 0.14847819897562342,
  "tpm_overlap_gm": 0.44314642294280643,
  "tpm_overlap_wm": 0.48647176126459024,
  "wm2max": 0.5591016001086248
}