{
  "aor": 0.0014851181102362209,
  "aqi": 0.01021227448818898,
  "bids_meta": {
    "AcquisitionMatrixPE": 64,
    "AcquisitionNumber": 1,
    "AcquisitionTime": "08:28:56.115000",
    "BaseResolution": 64,
    "ConversionSoftware": "dcm2niix",
    "ConversionSoftwareVersion": "v1.0.20190410  GCC6.3.0",
    "DeviceSerialNumber": "18011",
    "EchoTime": 0.03,
    "FlipAngle": 90,
    "ImageComments": "Fake_MoCo_Reference_Volume_+_DiCo_Applied",
    "ImageOrientationPatientDICOM": [
      0.992546,
      0,
      -0.121869,
      0,
      1,
      0
    ],
    "ImageType": [
      "ORIGINAL",
      "PRIMARY",
      "M",
      "ND",
      "MOSAIC"
    ],
    "ImagingFrequency": 168.256,
    "InPlanePhaseEncodingDirectionDICOM": "COL",
    "MRAcquisitionType": "2D",
    "MagneticFieldStrength": 3.95064,
    "Manufacturer": "Siemens",
    "ManufacturersModelName": "MedSpec_4T",
    "Modality": "MR",
    "PartialFourier": 1,
    "PatientPosition": "HFS",
    "PercentPhaseFOV": 100,
    "PhaseEncodingDirection": "j-",
    "PhaseEncodingSteps": 64,
    "PhaseResolution": 1,
    "PixelBandwidth": 2790,
    "ProtocolName": "Nback_dc_opt",
    "PulseSequenceDetails": "%CustomerSeq%_kt_ep2d_bold_dc",
    "ReceiveCoilName": "Head_4T",
    "ReconMatrixPE": 64,
    "RepetitionTime": 2.1,
    "SAR": 0.0428656,
    "ScanOptions": "FS",
    "ScanningSequence": "SE_EP",
    "SequenceName": "epfid2d1_64",
    "SequenceVariant": "SK",
    "SeriesDescription": "Nback_dc_opt_DiCo",
    "SeriesNumber": 7,
    "ShimSetting": [
      -16,
      -14,
      4,
      1905,
      10,
      -2752,
      2954,
      -301
    ],
    "SliceThickness": 3,
    "SoftwareVersions": "syngo_MR_2002B_4VA21A",
    "SpacingBetweenSlices": 3.6,
    "StationName": "wes4T",
    "TaskName": "nback",
    "TxRefAmp": 192.536,
    "dataset": "ds004169",
    "modality": "bold",
    "session_id": "01",
    "subject_id": "0747",
    "task_id": "nback"
  },
  "dummy_trs": 0,
  "dvars_nstd": 28.070017890396834,
  "dvars_std": 1.0557231607142856,
  "dvars_vstd": 0.9646434348412697,
  "efc": 0.4574391223621207,
  "fber": 2149.2861328125,
  "fd_mean": 0.16721440087978406,
  "fd_num": 22,
  "fd_perc": 17.322834645669293,
  "fwhm_avg": 1.6807245603026646,
  "fwhm_x": 1.5707547826086956,
  "fwhm_y": 1.8396605217391304,
  "fwhm_z": 1.631758376560168,
  "gcor": 0.0262168,
  "gsr_x": -0.018299376592040062,
  "gsr_y": 0.03306999057531357,
  "provenance": {
    "md5sum": "dba7bd24ad6524066ebff7e28730cff9",
    "settings": {
      "fd_thres": 0.2,
      "testing": false
    },
    "software": "mriqc",
    "version": "23.0.1",
    "webapi_port": null,
    "webapi_url": "https://mriqc.nimh.nih.gov/api/v1"
  },
  "size_t": 127,
  "size_x": 64,
  "size_y": 64,
  "size_z": 36,
  "snr": 5.004277446178118,
  "spacing_tr": 2.0999999046325684,
  "spacing_x": 3.59375,
  "spacing_y": 3.59375,
  "spacing_z": 3.5999999046325684,
  "summary_bg_k": 75.58139286437836,
  "summary_bg_mad": 9.070723018823283,
  "summary_bg_mean": 28.225481033325195,
  "summary_bg_median": 14.236220359802246,
  "summary_bg_n": 98767.0,
  "summary_bg_p05": 7.409448623657227,
  "summary_bg_p95": 83.63858184814447,
  "summary_bg_stdv": 42.15599060058594,
  "summary_fg_k": 2.3967581999520737,
  "summary_fg_mad": 118.04193093611839,
  "summary_fg_mean": 683.3287353515625,
  "summary_fg_median": 668.8189086914062,
  "summary_fg_n": 19200.0,
  "summary_fg_p05": 499.6621948242188,
  "summary_fg_p95": 907.6232513427734,
  "summary_fg_stdv": 133.64596557617188,
  "tsnr": 46.564305764914025
}