{
  "bids_meta": {
    "AcquisitionMatrixPE": 225,
    "AcquisitionNumber": 1,
    "AcquisitionTime": "11:50:30.677520",
    "BaseResolution": 256,
    "ConversionSoftware": "dcm2niix",
    "ConversionSoftwareVersion": "v1.0.20190410  GCC6.3.0",
    "DeviceSerialNumber": "18011",
    "EchoTime": 0.00335,
    "FlipAngle": 8,
    "ImageOrientationPatientDICOM": [
      0.999848,
      -0.0174524,
      0,
      0,
      1.11022e-16,
      -1
    ],
    "ImageType": [
      "ORIGINAL",
      "PRIMARY",
      "M",
      "ND"
    ],
    "ImagingFrequency": 168.217,
    "InPlanePhaseEncodingDirectionDICOM": "ROW",
    "InversionTime": 0.7,
    "MRAcquisitionType": "3D",
    "MagneticFieldStrength": 3.95064,
    "Manufacturer": "Siemens",
    "ManufacturersModelName": "MedSpec_4T",
    "Modality": "MR",
    "PartialFourier": 0.875,
    "PatientPosition": "HFS",
    "PercentPhaseFOV": 100,
    "PhaseEncodingSteps": 197,
    "PhaseResolution": 0.878906,
    "PixelBandwidth": 200,
    "ProtocolName": "t1_mpr_cor",
    "PulseSequenceDetails": "%SiemensSeq%_tfl",
    "ReceiveCoilName": "Head_4T",
    "ReconMatrixPE": 256,
    "RepetitionTime": 1.5,
    "SAR": 0.0236081,
    "ScanOptions": "IR",
    "ScanningSequence": "IR_GR",
    "SequenceName": "tfl3d1_ns",
    "SequenceVariant": "SP_MP",
    "SeriesDescription": "t1_mpr_cor",
    "SeriesNumber": 9,
    "ShimSetting": [
      -5,
      -43,
      -48,
      1035,
      347,
      -3474,
      1907,
      404
    ],
    "SliceThickness": 0.9,
    "SoftwareVersions": "syngo_MR_2002B_4VA21A",
    "StationName": "wes4T",
    "TxRefAmp": 182.734,
    "dataset": "ds004169",
    "modality": "T1w",
    "session_id": "01",
    "subject_id": "0812"
  },
  "cjv": 0.3615655323664318,
  "cnr": 3.5305703458698403,
  "efc": 0.4486422378055074,
  "fber": 892.3913384799541,
  "fwhm_avg": 4.374048189259852,
  "fwhm_x": 4.5223466666666665,
  "fwhm_y": 4.655744567779556,
  "fwhm_z": 3.9440533333333336,
  "icvs_csf": 0.2397908526727335,
  "icvs_gm": 0.4143543369764251,
  "icvs_wm": 0.3458548103508414,
  "inu_med": 0.7096826732158661,
  "inu_range": 0.44329942762851715,
  "provenance": {
    "md5sum": "68ef8e387eb4116d8085559d9efb7734",
    "settings": {
      "testing": false
    },
    "software": "mriqc",
    "version": "23.0.1",
    "warnings": {
      "large_rot_frame": true,
      "small_air_mask": false
    },
    "webapi_port": null,
    "webapi_url": "https://mriqc.nimh.nih.gov/api/v1"
  },
  "qi_1": 0.0,
  "qi_2": 0.027986442335999534,
  "rpve_csf": 25.600180384769626,
  "rpve_gm": 15.012469555510453,
  "rpve_wm": 21.435057125676487,
  "size_x": 256,
  "size_y": 256,
  "size_z": 256,
  "snr_csf": 1.8095379670466072,
  "snr_gm": 8.726564283229699,
  "snr_total": 9.296535169200798,
  "snr_wm": 17.353503257326086,
  "snrd_csf": 6.487488938534937,
  "snrd_gm": 15.620861026091633,
  "snrd_total": 15.309580655618484,
  "snrd_wm": 23.820392002228882,
  "spacing_x": 0.9375,
  "spacing_y": 0.8999999761581421,
  "spacing_z": 0.9375,
  "summary_bg_k": 9.202411620564648,
  "summary_bg_mad": 27.503956748208978,
  "summary_bg_mean": 19.197440923054543,
  "summary_bg_median": 18.55113691650331,
  "summary_bg_n": 5745258.0,
  "summary_bg_p05": 0.0,
  "summary_bg_p95": 60.113638155162334,
  "summary_bg_stdv": 23.201324771060804,
  "summary_csf_k": 30.713061983394333,
  "summary_csf_mad": 97.80120607862366,
  "summary_csf_mean": 283.44931257946956,
  "summary_csf_median": 272.3579626623541,
  "summary_csf_n": 51311.0,
  "summary_csf_p05": 105.82386679016054,
  "summary_csf_p95": 458.678990942426,
  "summary_csf_stdv": 150.51096667619723,
  "summary_gm_k": 0.15369443851684705,
  "summary_gm_mad": 73.83527745728996,
  "summary_gm_mean": 653.5741035796354,
  "summary_gm_median": 655.7954740896821,
  "summary_gm_n": 29947.0,
  "summary_gm_p05": 524.7528565479442,
  "summary_gm_p95": 772.3011593800038,
  "summary_gm_stdv": 75.14807700325494,
  "summary_wm_k": 1.6046885122380452,
  "summary_wm_mad": 50.62749772028667,
  "summary_wm_mean": 999.61088675325,
  "summary_wm_median": 1000.0284388940781,
  "summary_wm_n": 248351.0,
  "summary_wm_p05": 906.1932088248432,
  "summary_wm_p95": 1090.056850668043,
  "summary_wm_stdv": 57.626774878036514,
  "tpm_overlap_csf": 0.14062283464047415,
  "tpm_overlap_gm": 0.4533700983661988,
  "tpm_overlap_wm": 0.48988705499147284,
  "wm2max": 0.5869827679178167
}