{
  "aor": 0.0076794,
  "aqi": 0.02439995406666667,
  "bids_meta": {
    "AcquisitionMatrixPE": 64,
    "AcquisitionNumber": 1,
    "AcquisitionTime": "08:53:30.704990",
    "BaseResolution": 64,
    "ConversionSoftware": "dcm2niix",
    "ConversionSoftwareVersion": "v1.0.20190410  GCC6.3.0",
    "DeviceSerialNumber": "18011",
    "EchoTime": 0.03,
    "FlipAngle": 90,
    "ImageComments": "Fake_MoCo_Reference_Volume_+_DiCo_Applied",
    "ImageOrientationPatientDICOM": [
      0.997564,
      0,
      -0.0697565,
      0,
      1,
      -6.93889e-18
    ],
    "ImageType": [
      "ORIGINAL",
      "PRIMARY",
      "M",
      "ND",
      "MOSAIC"
    ],
    "ImagingFrequency": 168.256,
    "InPlanePhaseEncodingDirectionDICOM": "COL",
    "MRAcquisitionType": "2D",
    "MagneticFieldStrength": 3.95064,
    "Manufacturer": "Siemens",
    "ManufacturersModelName": "MedSpec_4T",
    "Modality": "MR",
    "PartialFourier": 1,
    "PatientPosition": "HFS",
    "PercentPhaseFOV": 100,
    "PhaseEncodingDirection": "j-",
    "PhaseEncodingSteps": 64,
    "PhaseResolution": 1,
    "PixelBandwidth": 2790,
    "ProtocolName": "mz_bold_dc_REST",
    "PulseSequenceDetails": "%CustomerSeq%_mz_ep2d_bold_dc",
    "ReceiveCoilName": "Head_4T",
    "ReconMatrixPE": 64,
    "RepetitionTime": 2.1,
    "SAR": 0.0252257,
    "ScanOptions": "FS",
    "ScanningSequence": "SE_EP",
    "SequenceName": "epfid2d1_64",
    "SequenceVariant": "SK",
    "SeriesDescription": "mz_bold_dc_REST_DiCo",
    "SeriesNumber": 10,
    "ShimSetting": [
      -1,
      -8,
      -2,
      1875,
      152,
      -3343,
      2363,
      21
    ],
    "SliceThickness": 3,
    "SoftwareVersions": "syngo_MR_2002B_4VA21A",
    "SpacingBetweenSlices": 3.6,
    "StationName": "wes4T",
    "TaskName": "rest",
    "TxRefAmp": 210.57,
    "dataset": "ds004169",
    "modality": "bold",
    "session_id": "01",
    "subject_id": "1166",
    "task_id": "rest"
  },
  "dummy_trs": 0,
  "dvars_nstd": 41.71831315348992,
  "dvars_std": 1.1243187205369123,
  "dvars_vstd": 1.023509096375839,
  "efc": 0.4895417825883814,
  "fber": 2577.822509765625,
  "fd_mean": 0.3568476554531884,
  "fd_num": 77,
  "fd_perc": 51.333333333333336,
  "fwhm_avg": 1.8459239579956581,
  "fwhm_x": 1.6617794782608695,
  "fwhm_y": 2.1636591304347825,
  "fwhm_z": 1.7123332652913226,
  "gcor": 0.288136,
  "gsr_x": -0.020500080659985542,
  "gsr_y": 0.046742670238018036,
  "provenance": {
    "md5sum": "7e53764fa242d87c2a3142655f7e0cb0",
    "settings": {
      "fd_thres": 0.2,
      "testing": false
    },
    "software": "mriqc",
    "version": "23.0.1",
    "webapi_port": null,
    "webapi_url": "https://mriqc.nimh.nih.gov/api/v1"
  },
  "size_t": 150,
  "size_x": 64,
  "size_y": 64,
  "size_z": 36,
  "snr": 5.511458255818516,
  "spacing_tr": 2.0999999046325684,
  "spacing_x": 3.59375,
  "spacing_y": 3.59375,
  "spacing_z": 3.6000001430511475,
  "summary_bg_k": 70.14101275502682,
  "summary_bg_mad": 7.630459210533949,
  "summary_bg_mean": 28.929399490356445,
  "summary_bg_median": 14.066666603088379,
  "summary_bg_n": 92107.0,
  "summary_bg_p05": 8.013333320617676,
  "summary_bg_p95": 86.36000061035156,
  "summary_bg_stdv": 44.31547164916992,
  "summary_fg_k": 2.1046533658217115,
  "summary_fg_mad": 117.09100775416246,
  "summary_fg_mean": 720.33251953125,
  "summary_fg_median": 714.2766723632812,
  "summary_fg_n": 24034.0,
  "summary_fg_p05": 524.8160125732422,
  "summary_fg_p95": 927.9200439453125,
  "summary_fg_stdv": 129.59579467773438,
  "tsnr": 23.793139638961293
}