{
  "aor": 0.0023451968503937007,
  "aqi": 0.02007959889763779,
  "bids_meta": {
    "AcquisitionMatrixPE": 64,
    "AcquisitionNumber": 1,
    "AcquisitionTime": "09:36:46.437520",
    "BaseResolution": 64,
    "ConversionSoftware": "dcm2niix",
    "ConversionSoftwareVersion": "v1.0.20190410  GCC6.3.0",
    "DeviceSerialNumber": "18011",
    "EchoTime": 0.03,
    "FlipAngle": 90,
    "ImageComments": "Fake_MoCo_Reference_Volume_+_DiCo_Applied",
    "ImageOrientationPatientDICOM": [
      0.994522,
      0,
      0.104528,
      0,
      1,
      0
    ],
    "ImageType": [
      "ORIGINAL",
      "PRIMARY",
      "M",
      "ND",
      "MOSAIC"
    ],
    "ImagingFrequency": 168.217,
    "InPlanePhaseEncodingDirectionDICOM": "COL",
    "MRAcquisitionType": "2D",
    "MagneticFieldStrength": 3.95064,
    "Manufacturer": "Siemens",
    "ManufacturersModelName": "MedSpec_4T",
    "Modality": "MR",
    "PartialFourier": 1,
    "PatientPosition": "HFS",
    "PercentPhaseFOV": 100,
    "PhaseEncodingDirection": "j-",
    "PhaseEncodingSteps": 64,
    "PhaseResolution": 1,
    "PixelBandwidth": 2790,
    "ProtocolName": "Nback_dc",
    "PulseSequenceDetails": "%CustomerSeq%_mz_ep2d_bold_dc",
    "ReceiveCoilName": "Head_4T",
    "ReconMatrixPE": 64,
    "RepetitionTime": 2.1,
    "SAR": 0.201932,
    "ScanOptions": "FS",
    "ScanningSequence": "SE_EP",
    "SequenceName": "epfid2d1_64",
    "SequenceVariant": "SK",
    "SeriesDescription": "Nback_dc_DiCo",
    "SeriesNumber": 8,
    "ShimSetting": [
      16,
      -2,
      -20,
      2035,
      198,
      -2356,
      2909,
      -32
    ],
    "SliceThickness": 3,
    "SoftwareVersions": "syngo_MR_2002B_4VA21A",
    "SpacingBetweenSlices": 3.6,
    "StationName": "wes4T",
    "TaskName": "nback",
    "TxRefAmp": 187.024,
    "dataset": "ds004169",
    "modality": "bold",
    "session_id": "01",
    "subject_id": "0383",
    "task_id": "nback"
  },
  "dummy_trs": 0,
  "dvars_nstd": 25.277650621269846,
  "dvars_std": 0.9635748034920635,
  "dvars_vstd": 0.9244428376190473,
  "efc": 0.5152088245763403,
  "fber": 1487.4967041015625,
  "fd_mean": 0.14437678493546174,
  "fd_num": 8,
  "fd_perc": 6.299212598425197,
  "fwhm_avg": 1.802716853523717,
  "fwhm_x": 1.670127304347826,
  "fwhm_y": 2.0406344347826084,
  "fwhm_z": 1.697388821440717,
  "gcor": 0.0202507,
  "gsr_x": -0.021737245842814445,
  "gsr_y": 0.05029800906777382,
  "provenance": {
    "md5sum": "8f4b30cd5e598d046aaaaf1dc03b5d73",
    "settings": {
      "fd_thres": 0.2,
      "testing": false
    },
    "software": "mriqc",
    "version": "23.0.1",
    "webapi_port": null,
    "webapi_url": "https://mriqc.nimh.nih.gov/api/v1"
  },
  "size_t": 127,
  "size_x": 64,
  "size_y": 64,
  "size_z": 36,
  "snr": 5.340155110565205,
  "spacing_tr": 2.0999999046325684,
  "spacing_x": 3.59375,
  "spacing_y": 3.59375,
  "spacing_z": 3.6000001430511475,
  "summary_bg_k": 29.08622478941986,
  "summary_bg_mad": 10.074690810640078,
  "summary_bg_mean": 28.664186477661133,
  "summary_bg_median": 15.370079040527344,
  "summary_bg_n": 89781.0,
  "summary_bg_p05": 7.023622035980225,
  "summary_bg_p95": 85.88188934326172,
  "summary_bg_stdv": 33.58655548095703,
  "summary_fg_k": 3.4771445894313704,
  "summary_fg_mad": 94.88070532401346,
  "summary_fg_mean": 607.4452514648438,
  "summary_fg_median": 603.468505859375,
  "summary_fg_n": 25954.0,
  "summary_fg_p05": 439.170068359375,
  "summary_fg_p95": 787.4389495849608,
  "summary_fg_stdv": 113.00362396240234,
  "tsnr": 37.02535429614363
}