{
  "bids_meta": {
    "AcquisitionMatrixPE": 225,
    "AcquisitionNumber": 1,
    "AcquisitionTime": "08:33:14.877500",
    "BaseResolution": 256,
    "ConversionSoftware": "dcm2niix",
    "ConversionSoftwareVersion": "v1.0.20190410  GCC6.3.0",
    "DeviceSerialNumber": "18011",
    "EchoTime": 0.00335,
    "FlipAngle": 8,
    "ImageOrientationPatientDICOM": [
      1,
      0,
      0,
      0,
      0,
      -1
    ],
    "ImageType": [
      "ORIGINAL",
      "PRIMARY",
      "M",
      "ND"
    ],
    "ImagingFrequency": 168.255,
    "InPlanePhaseEncodingDirectionDICOM": "ROW",
    "InversionTime": 0.7,
    "MRAcquisitionType": "3D",
    "MagneticFieldStrength": 3.95064,
    "Manufacturer": "Siemens",
    "ManufacturersModelName": "MedSpec_4T",
    "Modality": "MR",
    "PartialFourier": 0.875,
    "PatientPosition": "HFS",
    "PercentPhaseFOV": 100,
    "PhaseEncodingSteps": 197,
    "PhaseResolution": 0.878906,
    "PixelBandwidth": 200,
    "ProtocolName": "t1_mpr_cor",
    "PulseSequenceDetails": "%SiemensSeq%_tfl",
    "ReceiveCoilName": "Head_4T",
    "ReconMatrixPE": 256,
    "RepetitionTime": 1.5,
    "SAR": 0.00452532,
    "ScanOptions": "IR",
    "ScanningSequence": "IR_GR",
    "SequenceName": "tfl3d1_ns",
    "SequenceVariant": "SP_MP",
    "SeriesDescription": "t1_mpr_cor",
    "SeriesNumber": 8,
    "ShimSetting": [
      16,
      -24,
      39,
      2031,
      418,
      -3782,
      3140,
      40
    ],
    "SliceThickness": 0.9,
    "SoftwareVersions": "syngo_MR_2002B_4VA21A",
    "StationName": "wes4T",
    "TxRefAmp": 188.763,
    "dataset": "ds004169",
    "modality": "T1w",
    "session_id": "01",
    "subject_id": "0927"
  },
  "cjv": 0.3447790741388787,
  "cnr": 3.8326660433430866,
  "efc": 0.43454328610559395,
  "fber": -1.0,
  "fwhm_avg": 4.33286567136397,
  "fwhm_x": 4.442112,
  "fwhm_y": 4.726255680758574,
  "fwhm_z": 3.8302293333333335,
  "icvs_csf": 0.21286672462476142,
  "icvs_gm": 0.44013906700551186,
  "icvs_wm": 0.3469942083697267,
  "inu_med": 0.7065970003604889,
  "inu_range": 0.4438592314720151,
  "provenance": {
    "md5sum": "6310ec4f57e3760304536770b22b7b72",
    "settings": {
      "testing": false
    },
    "software": "mriqc",
    "version": "23.0.1",
    "warnings": {
      "large_rot_frame": true,
      "small_air_mask": false
    },
    "webapi_port": null,
    "webapi_url": "https://mriqc.nimh.nih.gov/api/v1"
  },
  "qi_1": 0.0,
  "qi_2": 0.04022720320134263,
  "rpve_csf": 29.145584279149283,
  "rpve_gm": 15.026077272167086,
  "rpve_wm": 22.006718969283206,
  "size_x": 256,
  "size_y": 256,
  "size_z": 256,
  "snr_csf": 1.5506945235843703,
  "snr_gm": 9.240072788332885,
  "snr_total": 10.231272193849017,
  "snr_wm": 19.903049269629797,
  "snrd_csf": 8.19654382421086,
  "snrd_gm": 21.17764513214632,
  "snrd_total": 20.53186272221383,
  "snrd_wm": 32.22139921028431,
  "spacing_x": 0.9375,
  "spacing_y": 0.8999999761581421,
  "spacing_z": 0.9375,
  "summary_bg_k": 14.778656874413493,
  "summary_bg_mad": 0.0,
  "summary_bg_mean": 12.542623315823711,
  "summary_bg_median": 0.0,
  "summary_bg_n": 4134696.0,
  "summary_bg_p05": 0.0,
  "summary_bg_p95": 49.478065595030785,
  "summary_bg_stdv": 20.332951582926807,
  "summary_csf_k": 24.500568882720227,
  "summary_csf_mad": 118.04100538486308,
  "summary_csf_mean": 269.83527866044943,
  "summary_csf_median": 254.38966408371925,
  "summary_csf_n": 33016.0,
  "summary_csf_p05": 78.34278465481475,
  "summary_csf_p95": 478.82850522873923,
  "summary_csf_stdv": 164.0463725541401,
  "summary_gm_k": 0.11840680937828418,
  "summary_gm_mad": 69.77793421765305,
  "summary_gm_mean": 657.5370905701153,
  "summary_gm_median": 657.273864056915,
  "summary_gm_n": 43447.0,
  "summary_gm_p05": 540.3366797603667,
  "summary_gm_p95": 773.8731493689116,
  "summary_gm_stdv": 71.13215609678757,
  "summary_wm_k": 0.5140982894466566,
  "summary_wm_mad": 48.397259502243976,
  "summary_wm_mean": 1000.5248839516042,
  "summary_wm_median": 1000.0301465112716,
  "summary_wm_n": 247273.0,
  "summary_wm_p05": 919.8394767846912,
  "summary_wm_p95": 1083.539466978982,
  "summary_wm_stdv": 50.24497054919248,
  "tpm_overlap_csf": 0.1402886152298541,
  "tpm_overlap_gm": 0.46925345980580974,
  "tpm_overlap_wm": 0.5081202571965321,
  "wm2max": 0.541263879817113
}