{
  "bids_meta": {
    "AcquisitionMatrixPE": 225,
    "AcquisitionNumber": 1,
    "AcquisitionTime": "09:34:28.502520",
    "BaseResolution": 256,
    "ConversionSoftware": "dcm2niix",
    "ConversionSoftwareVersion": "v1.0.20190410  GCC6.3.0",
    "DeviceSerialNumber": "18011",
    "EchoTime": 0.00335,
    "FlipAngle": 8,
    "ImageOrientationPatientDICOM": [
      0.99863,
      -0.052336,
      0,
      0,
      -2.22045e-16,
      -1
    ],
    "ImageType": [
      "ORIGINAL",
      "PRIMARY",
      "M",
      "ND"
    ],
    "ImagingFrequency": 168.217,
    "InPlanePhaseEncodingDirectionDICOM": "ROW",
    "InversionTime": 0.7,
    "MRAcquisitionType": "3D",
    "MagneticFieldStrength": 3.95064,
    "Manufacturer": "Siemens",
    "ManufacturersModelName": "MedSpec_4T",
    "Modality": "MR",
    "PartialFourier": 0.875,
    "PatientPosition": "HFS",
    "PercentPhaseFOV": 100,
    "PhaseEncodingSteps": 197,
    "PhaseResolution": 0.878906,
    "PixelBandwidth": 200,
    "ProtocolName": "t1_mpr_cor",
    "PulseSequenceDetails": "%SiemensSeq%_tfl",
    "ReceiveCoilName": "Head_4T",
    "ReconMatrixPE": 256,
    "RepetitionTime": 1.5,
    "SAR": 0.0046694,
    "ScanOptions": "IR",
    "ScanningSequence": "IR_GR",
    "SequenceName": "tfl3d1_ns",
    "SequenceVariant": "SP_MP",
    "SeriesDescription": "t1_mpr_cor",
    "SeriesNumber": 9,
    "ShimSetting": [
      17,
      -8,
      -18,
      1075,
      520,
      -3626,
      2578,
      -2
    ],
    "SliceThickness": 0.9,
    "SoftwareVersions": "syngo_MR_2002B_4VA21A",
    "StationName": "wes4T",
    "TxRefAmp": 177.615,
    "dataset": "ds004169",
    "modality": "T1w",
    "session_id": "01",
    "subject_id": "0661"
  },
  "cjv": 0.3305319623960819,
  "cnr": 3.9072825522426635,
  "efc": 0.43663606025240387,
  "fber": 1918.9933030470913,
  "fwhm_avg": 4.806618712074516,
  "fwhm_x": 4.9712,
  "fwhm_y": 5.142266802890217,
  "fwhm_z": 4.306389333333333,
  "icvs_csf": 0.25145025716705716,
  "icvs_gm": 0.40186105682753387,
  "icvs_wm": 0.346688686005409,
  "inu_med": 0.6165724992752075,
  "inu_range": 0.3493975490331649,
  "provenance": {
    "md5sum": "7597f18f4ff36d1d2cff474e9e95abc2",
    "settings": {
      "testing": false
    },
    "software": "mriqc",
    "version": "23.0.1",
    "warnings": {
      "large_rot_frame": true,
      "small_air_mask": false
    },
    "webapi_port": null,
    "webapi_url": "https://mriqc.nimh.nih.gov/api/v1"
  },
  "qi_1": 0.0,
  "qi_2": 0.027704133140985746,
  "rpve_csf": 24.185126302003933,
  "rpve_gm": 14.939359558729363,
  "rpve_wm": 20.951535753887576,
  "size_x": 256,
  "size_y": 256,
  "size_z": 256,
  "snr_csf": 2.5165696053674997,
  "snr_gm": 9.780510304142467,
  "snr_total": 11.516271137173936,
  "snr_wm": 22.251733502011838,
  "snrd_csf": 9.768732100043767,
  "snrd_gm": 24.062268239453022,
  "snrd_total": 23.22581345676814,
  "snrd_wm": 35.84644003080764,
  "spacing_x": 0.9375,
  "spacing_y": 0.8999999761581421,
  "spacing_z": 0.9375,
  "summary_bg_k": 9.28778280063309,
  "summary_bg_mad": 18.276191316185812,
  "summary_bg_mean": 14.99862855333032,
  "summary_bg_median": 12.327103715389967,
  "summary_bg_n": 6328389.0,
  "summary_bg_p05": 0.0,
  "summary_bg_p95": 50.443458672612906,
  "summary_bg_stdv": 18.677809024340437,
  "summary_csf_k": 14.178856456273738,
  "summary_csf_mad": 99.52110174959427,
  "summary_csf_mean": 273.5903575892264,
  "summary_csf_median": 272.51610012352467,
  "summary_csf_n": 74101.0,
  "summary_csf_p05": 109.51852958276868,
  "summary_csf_p95": 439.60510765761137,
  "summary_csf_stdv": 108.28798882447704,
  "summary_gm_k": 0.18923568778204736,
  "summary_gm_mad": 67.3714418646978,
  "summary_gm_mean": 670.6428139808841,
  "summary_gm_median": 671.2596305832267,
  "summary_gm_n": 33512.0,
  "summary_gm_p05": 556.7667055075988,
  "summary_gm_p95": 781.5172584615648,
  "summary_gm_stdv": 68.63134891962552,
  "summary_wm_k": 0.8628083659534935,
  "summary_wm_mad": 41.287755542989366,
  "summary_wm_mean": 1000.1840929366119,
  "summary_wm_median": 999.9999939054251,
  "summary_wm_n": 277623.0,
  "summary_wm_p05": 926.963884119317,
  "summary_wm_p95": 1073.936219830066,
  "summary_wm_stdv": 44.94023770372239,
  "tpm_overlap_csf": 0.1305517172288517,
  "tpm_overlap_gm": 0.4377279212819784,
  "tpm_overlap_wm": 0.47163961613628985,
  "wm2max": 0.6410369217232393
}