{
  "bids_meta": {
    "AcquisitionMatrixPE": 225,
    "AcquisitionNumber": 1,
    "AcquisitionTime": "09:03:54.852520",
    "BaseResolution": 256,
    "ConversionSoftware": "dcm2niix",
    "ConversionSoftwareVersion": "v1.0.20190410  GCC6.3.0",
    "DeviceSerialNumber": "18011",
    "EchoTime": 0.00335,
    "FlipAngle": 8,
    "ImageOrientationPatientDICOM": [
      0,
      1,
      0,
      0,
      0,
      -1
    ],
    "ImageType": [
      "ORIGINAL",
      "PRIMARY",
      "M",
      "ND"
    ],
    "ImagingFrequency": 168.255,
    "InPlanePhaseEncodingDirectionDICOM": "ROW",
    "InversionTime": 0.7,
    "MRAcquisitionType": "3D",
    "MagneticFieldStrength": 3.95064,
    "Manufacturer": "Siemens",
    "ManufacturersModelName": "MedSpec_4T",
    "Modality": "MR",
    "PartialFourier": 0.875,
    "PatientPosition": "HFS",
    "PercentPhaseFOV": 100,
    "PhaseEncodingSteps": 197,
    "PhaseResolution": 0.878906,
    "PixelBandwidth": 200,
    "ProcedureStepDescription": "Research_fMRI",
    "ProtocolName": "t1_mpr_sag",
    "PulseSequenceDetails": "%SiemensSeq%_tfl",
    "ReceiveCoilName": "Head",
    "ReconMatrixPE": 256,
    "RepetitionTime": 1.5,
    "SAR": 0.0576251,
    "ScanOptions": "IR",
    "ScanningSequence": "IR_GR",
    "SequenceName": "tfl3d1_ns",
    "SequenceVariant": "SP_MP",
    "SeriesDescription": "t1_mpr_sag",
    "SeriesNumber": 8,
    "ShimSetting": [
      -1,
      -45,
      53,
      2252,
      763,
      -5391,
      3268,
      641
    ],
    "SliceThickness": 0.9,
    "SoftwareVersions": "syngo_MR_2004A_4VA25A",
    "StationName": "WES4T",
    "TxRefAmp": 190.149,
    "dataset": "ds004169",
    "modality": "T1w",
    "session_id": "01",
    "subject_id": "0984"
  },
  "cjv": 0.3329703812577422,
  "cnr": 4.011089736767429,
  "efc": 0.44298338809494003,
  "fber": 15162.361754245901,
  "fwhm_avg": 4.942720194468563,
  "fwhm_x": 5.245611250072353,
  "fwhm_y": 5.234933333333333,
  "fwhm_z": 4.347616,
  "icvs_csf": 0.24071689922350437,
  "icvs_gm": 0.4227798291667629,
  "icvs_wm": 0.33650327160973276,
  "inu_med": 0.6236109733581543,
  "inu_range": 0.38862133026123047,
  "provenance": {
    "md5sum": "27310c259f0639a2cc2ea612c2e2d3a3",
    "settings": {
      "testing": false
    },
    "software": "mriqc",
    "version": "23.0.1",
    "warnings": {
      "large_rot_frame": true,
      "small_air_mask": false
    },
    "webapi_port": null,
    "webapi_url": "https://mriqc.nimh.nih.gov/api/v1"
  },
  "qi_1": 0.0,
  "qi_2": 0.0054973388998484606,
  "rpve_csf": 25.824169268169342,
  "rpve_gm": 14.689651128035747,
  "rpve_wm": 21.33702049596523,
  "size_x": 240,
  "size_y": 256,
  "size_z": 256,
  "snr_csf": 2.4739035034207895,
  "snr_gm": 10.461715758336622,
  "snr_total": 11.433541793616504,
  "snr_wm": 21.365006119092097,
  "snrd_csf": 25.68134929132814,
  "snrd_gm": 62.788524926548455,
  "snrd_total": 60.507751039502004,
  "snrd_wm": 93.0533789006294,
  "spacing_x": 0.8999999761581421,
  "spacing_y": 0.9375,
  "spacing_z": 0.9375,
  "summary_bg_k": 4.890819588709029,
  "summary_bg_mad": 7.040644246554862,
  "summary_bg_mean": 10.77235571909936,
  "summary_bg_median": 4.748842379078269,
  "summary_bg_n": 4093736.0,
  "summary_bg_p05": 0.0,
  "summary_bg_p95": 41.32377747260034,
  "summary_bg_stdv": 14.976308834689284,
  "summary_csf_k": 6.2092282624251585,
  "summary_csf_mad": 104.5601266677806,
  "summary_csf_mean": 269.9181017325408,
  "summary_csf_median": 275.99328037910163,
  "summary_csf_n": 55294.0,
  "summary_csf_p05": 87.54387690126896,
  "summary_csf_p95": 440.75746379233897,
  "summary_csf_stdv": 111.56085283721184,
  "summary_gm_k": -0.03178680079351581,
  "summary_gm_mad": 65.13689195803396,
  "summary_gm_mean": 673.0886101854435,
  "summary_gm_median": 674.7780565600842,
  "summary_gm_n": 37620.0,
  "summary_gm_p05": 564.28635747917,
  "summary_gm_p95": 775.5670742708257,
  "summary_gm_stdv": 64.4988932738612,
  "summary_wm_k": 0.8732881095200447,
  "summary_wm_mad": 43.16221038105372,
  "summary_wm_mean": 999.8683057691192,
  "summary_wm_median": 1000.0295156538486,
  "summary_wm_n": 225846.0,
  "summary_wm_p05": 922.1308030877262,
  "summary_wm_p95": 1075.539059072733,
  "summary_wm_stdv": 46.8067875157053,
  "tpm_overlap_csf": 0.14652656557461116,
  "tpm_overlap_gm": 0.45687828382551016,
  "tpm_overlap_wm": 0.4927028594898129,
  "wm2max": 0.5851299889379399
}