{
  "bids_meta": {
    "AcquisitionMatrixPE": 225,
    "AcquisitionNumber": 1,
    "AcquisitionTime": "10:12:50.117520",
    "BaseResolution": 256,
    "ConversionSoftware": "dcm2niix",
    "ConversionSoftwareVersion": "v1.0.20190410  GCC6.3.0",
    "DeviceSerialNumber": "18011",
    "EchoTime": 0.00335,
    "FlipAngle": 8,
    "ImageOrientationPatientDICOM": [
      0,
      1,
      0,
      0,
      0,
      -1
    ],
    "ImageType": [
      "ORIGINAL",
      "PRIMARY",
      "M",
      "ND"
    ],
    "ImagingFrequency": 168.255,
    "InPlanePhaseEncodingDirectionDICOM": "ROW",
    "InversionTime": 0.7,
    "MRAcquisitionType": "3D",
    "MagneticFieldStrength": 3.95064,
    "Manufacturer": "Siemens",
    "ManufacturersModelName": "MedSpec_4T",
    "Modality": "MR",
    "PartialFourier": 0.875,
    "PatientPosition": "HFS",
    "PercentPhaseFOV": 100,
    "PhaseEncodingSteps": 197,
    "PhaseResolution": 0.878906,
    "PixelBandwidth": 200,
    "ProcedureStepDescription": "Research_fMRI",
    "ProtocolName": "t1_mpr_sag",
    "PulseSequenceDetails": "%SiemensSeq%_tfl",
    "ReceiveCoilName": "Head",
    "ReconMatrixPE": 256,
    "RepetitionTime": 1.5,
    "SAR": 0.0574555,
    "ScanOptions": "IR",
    "ScanningSequence": "IR_GR",
    "SequenceName": "tfl3d1_ns",
    "SequenceVariant": "SP_MP",
    "SeriesDescription": "t1_mpr_sag",
    "SeriesNumber": 8,
    "ShimSetting": [
      10,
      15,
      14,
      1647,
      126,
      -2778,
      1932,
      14
    ],
    "SliceThickness": 0.9,
    "SoftwareVersions": "syngo_MR_2004A_4VA25A",
    "StationName": "WES4T",
    "TxRefAmp": 167.738,
    "dataset": "ds004169",
    "modality": "T1w",
    "session_id": "01",
    "subject_id": "0119"
  },
  "cjv": 0.33200411116060075,
  "cnr": 3.8815874274660396,
  "efc": 0.4262577631882134,
  "fber": 12356.263290501387,
  "fwhm_avg": 5.254948196501007,
  "fwhm_x": 5.475777922836355,
  "fwhm_y": 5.403701333333333,
  "fwhm_z": 4.885365333333334,
  "icvs_csf": 0.2585639691300446,
  "icvs_gm": 0.40601106662661535,
  "icvs_wm": 0.33542496424334006,
  "inu_med": 0.607813835144043,
  "inu_range": 0.32578721046447756,
  "provenance": {
    "md5sum": "34fe3ddff961b585dcd4f6af84f34d19",
    "settings": {
      "testing": false
    },
    "software": "mriqc",
    "version": "22.0.6",
    "warnings": {
      "large_rot_frame": true,
      "small_air_mask": false
    },
    "webapi_port": null,
    "webapi_url": "https://mriqc.nimh.nih.gov/api/v1"
  },
  "qi_1": 0.0,
  "qi_2": 0.005627993081863876,
  "rpve_csf": 26.074791772337758,
  "rpve_gm": 16.1723778795802,
  "rpve_wm": 23.24857296987224,
  "size_x": 240,
  "size_y": 256,
  "size_z": 256,
  "snr_csf": 2.4531671635614467,
  "snr_gm": 9.990000605890273,
  "snr_total": 11.125966499907966,
  "snr_wm": 20.934731730272176,
  "snrd_csf": 23.538192755485323,
  "snrd_gm": 63.69703751318441,
  "snrd_total": 60.66773977139824,
  "snrd_wm": 94.76798904552498,
  "spacing_x": 0.8999999761581421,
  "spacing_y": 0.9375,
  "spacing_z": 0.9375,
  "summary_bg_k": 30.5686327183603,
  "summary_bg_mad": 6.9132337922231235,
  "summary_bg_mean": 12.60910778237827,
  "summary_bg_median": 4.662905333563685,
  "summary_bg_n": 4333631.0,
  "summary_bg_p05": 0.0,
  "summary_bg_p95": 46.57752951979637,
  "summary_bg_stdv": 18.063124218506275,
  "summary_csf_k": 0.18317385544441978,
  "summary_csf_mad": 101.76967646065476,
  "summary_csf_mean": 243.52808154127513,
  "summary_csf_median": 248.38343521300703,
  "summary_csf_n": 59934.0,
  "summary_csf_p05": 72.93196132220328,
  "summary_csf_p95": 405.6302568719722,
  "summary_csf_stdv": 101.24926126210418,
  "summary_gm_k": 0.25342933247288,
  "summary_gm_mad": 65.73301301887291,
  "summary_gm_mean": 668.4779237606695,
  "summary_gm_median": 672.1539395470172,
  "summary_gm_n": 29806.0,
  "summary_gm_p05": 552.0132819609717,
  "summary_gm_p95": 771.1054278686643,
  "summary_gm_stdv": 67.28154386454216,
  "summary_wm_k": 1.271487658714051,
  "summary_wm_mad": 43.12177321226468,
  "summary_wm_mean": 999.5418238326721,
  "summary_wm_median": 1000.025741647929,
  "summary_wm_n": 219163.0,
  "summary_wm_p05": 921.3231129515916,
  "summary_wm_p95": 1075.4050842225552,
  "summary_wm_stdv": 47.76863028693841,
  "tpm_overlap_csf": 0.13598555564336692,
  "tpm_overlap_gm": 0.4535942830664722,
  "tpm_overlap_wm": 0.49834297494370633,
  "wm2max": 0.6576869641828471
}