{
  "aor": 0.00121288,
  "aqi": 0.006286195359999999,
  "bids_meta": {
    "AcquisitionMatrixPE": 64,
    "AcquisitionNumber": 1,
    "AcquisitionTime": "10:36:32.940010",
    "BaseResolution": 64,
    "ConversionSoftware": "dcm2niix",
    "ConversionSoftwareVersion": "v1.0.20190410  GCC6.3.0",
    "DeviceSerialNumber": "18011",
    "EchoTime": 0.03,
    "FlipAngle": 90,
    "ImageComments": "Fake_MoCo_Reference_Volume_+_DiCo_Applied",
    "ImageOrientationPatientDICOM": [
      1,
      -1.11022e-16,
      0,
      1.11022e-16,
      0.953191,
      -0.30237
    ],
    "ImageType": [
      "ORIGINAL",
      "PRIMARY",
      "M",
      "ND",
      "DICO",
      "MOSAIC"
    ],
    "ImagingFrequency": 168.255,
    "InPlanePhaseEncodingDirectionDICOM": "COL",
    "MRAcquisitionType": "2D",
    "MagneticFieldStrength": 3.95064,
    "Manufacturer": "Siemens",
    "ManufacturersModelName": "MedSpec_4T",
    "Modality": "MR",
    "PartialFourier": 1,
    "PatientPosition": "HFS",
    "PercentPhaseFOV": 100,
    "PhaseEncodingDirection": "j-",
    "PhaseEncodingSteps": 64,
    "PhaseResolution": 1,
    "PixelBandwidth": 2790,
    "ProcedureStepDescription": "Research_fMRI",
    "ProtocolName": "Nback_dc_opt",
    "PulseSequenceDetails": "%CustomerSeq%_kt_ep2d_bold_dc",
    "ReceiveCoilName": "Head",
    "ReconMatrixPE": 64,
    "RepetitionTime": 2.1,
    "SAR": 0.0512726,
    "ScanOptions": "FS",
    "ScanningSequence": "SE_EP",
    "SequenceName": "epfid2d1_64",
    "SequenceVariant": "SK",
    "SeriesDescription": "Nback_dc_opt_DiCo",
    "SeriesNumber": 7,
    "ShimSetting": [
      -13,
      18,
      31,
      2040,
      570,
      -3895,
      2070,
      230
    ],
    "SliceThickness": 3,
    "SoftwareVersions": "syngo_MR_2004A_4VA25A",
    "SpacingBetweenSlices": 3.6,
    "StationName": "WES4T",
    "TaskName": "nback",
    "TxRefAmp": 184.359,
    "dataset": "ds004169",
    "modality": "bold",
    "session_id": "02",
    "subject_id": "0472",
    "task_id": "nback"
  },
  "dummy_trs": 2,
  "dvars_nstd": 24.427107918467744,
  "dvars_std": 1.0895829733064513,
  "dvars_vstd": 0.9950569397580646,
  "efc": 0.46928135653517583,
  "fber": 2489.20068359375,
  "fd_mean": 0.13240509027057548,
  "fd_num": 18,
  "fd_perc": 14.4,
  "fwhm_avg": 1.719720785993961,
  "fwhm_x": 1.5686873043478262,
  "fwhm_y": 1.9008695652173913,
  "fwhm_z": 1.6896054884166656,
  "gcor": 0.00816069,
  "gsr_x": -0.02110394276678562,
  "gsr_y": 0.03742511197924614,
  "provenance": {
    "md5sum": "4afd2f3a285ca20bd31057ea61fbc0bd",
    "settings": {
      "fd_thres": 0.2,
      "testing": false
    },
    "software": "mriqc",
    "version": "23.0.1",
    "webapi_port": null,
    "webapi_url": "https://mriqc.nimh.nih.gov/api/v1"
  },
  "size_t": 125,
  "size_x": 64,
  "size_y": 64,
  "size_z": 36,
  "snr": 5.686708535892058,
  "spacing_tr": 2.0999999046325684,
  "spacing_x": 3.59375,
  "spacing_y": 3.59375,
  "spacing_z": 3.6000001430511475,
  "summary_bg_k": 32.2191450047047,
  "summary_bg_mad": 4.898517582894865,
  "summary_bg_mean": 21.02556037902832,
  "summary_bg_median": 10.520000457763672,
  "summary_bg_n": 96657.0,
  "summary_bg_p05": 6.88800048828125,
  "summary_bg_p95": 60.91200256347656,
  "summary_bg_stdv": 27.67901039123535,
  "summary_fg_k": 2.0584468836782106,
  "summary_fg_mad": 88.24451300252801,
  "summary_fg_mean": 548.9339599609375,
  "summary_fg_median": 545.5400390625,
  "summary_fg_n": 20978.0,
  "summary_fg_p05": 403.11402435302733,
  "summary_fg_p95": 700.4576538085936,
  "summary_fg_stdv": 95.93019104003906,
  "tsnr": 59.668960322393104
}