{
  "aor": 0.0027593700787401578,
  "aqi": 0.016465423622047247,
  "bids_meta": {
    "AcquisitionMatrixPE": 64,
    "AcquisitionNumber": 1,
    "AcquisitionTime": "09:31:50.797480",
    "BaseResolution": 64,
    "ConversionSoftware": "dcm2niix",
    "ConversionSoftwareVersion": "v1.0.20190410  GCC6.3.0",
    "DeviceSerialNumber": "18011",
    "EchoTime": 0.03,
    "FlipAngle": 90,
    "ImageComments": "Fake_MoCo_Reference_Volume_+_DiCo_Applied",
    "ImageOrientationPatientDICOM": [
      1,
      0,
      0,
      0,
      1,
      0
    ],
    "ImageType": [
      "ORIGINAL",
      "PRIMARY",
      "M",
      "ND",
      "MOSAIC"
    ],
    "ImagingFrequency": 168.255,
    "InPlanePhaseEncodingDirectionDICOM": "COL",
    "MRAcquisitionType": "2D",
    "MagneticFieldStrength": 3.95064,
    "Manufacturer": "Siemens",
    "ManufacturersModelName": "MedSpec_4T",
    "Modality": "MR",
    "PartialFourier": 1,
    "PatientPosition": "HFS",
    "PercentPhaseFOV": 100,
    "PhaseEncodingDirection": "j-",
    "PhaseEncodingSteps": 64,
    "PhaseResolution": 1,
    "PixelBandwidth": 2790,
    "ProtocolName": "Nback_dc_opt",
    "PulseSequenceDetails": "%CustomerSeq%_kt_ep2d_bold_dc",
    "ReceiveCoilName": "Head_4T",
    "ReconMatrixPE": 64,
    "RepetitionTime": 2.1,
    "SAR": 0.040876,
    "ScanOptions": "FS",
    "ScanningSequence": "SE_EP",
    "SequenceName": "epfid2d1_64",
    "SequenceVariant": "SK",
    "SeriesDescription": "Nback_dc_opt_DiCo",
    "SeriesNumber": 7,
    "ShimSetting": [
      9,
      -13,
      34,
      2336,
      151,
      -4155,
      2960,
      23
    ],
    "SliceThickness": 3,
    "SoftwareVersions": "syngo_MR_2002B_4VA21A",
    "SpacingBetweenSlices": 3.6,
    "StationName": "wes4T",
    "TaskName": "nback",
    "TxRefAmp": 197.16,
    "dataset": "ds004169",
    "modality": "bold",
    "session_id": "01",
    "subject_id": "0168",
    "task_id": "nback"
  },
  "dummy_trs": 0,
  "dvars_nstd": 28.156461488968247,
  "dvars_std": 1.1060062013492062,
  "dvars_vstd": 0.9458817420634922,
  "efc": 0.4429998887350343,
  "fber": 3045.4580078125,
  "fd_mean": 0.1665159016564309,
  "fd_num": 24,
  "fd_perc": 18.89763779527559,
  "fwhm_avg": 1.7277470534177908,
  "fwhm_x": 1.6210559999999998,
  "fwhm_y": 2.002688,
  "fwhm_z": 1.5594971602533727,
  "gcor": 0.171471,
  "gsr_x": -0.019307835027575493,
  "gsr_y": 0.03791919723153114,
  "provenance": {
    "md5sum": "d37778e564d84dd51c7b539a21802410",
    "settings": {
      "fd_thres": 0.2,
      "testing": false
    },
    "software": "mriqc",
    "version": "22.0.6",
    "webapi_port": null,
    "webapi_url": "https://mriqc.nimh.nih.gov/api/v1"
  },
  "size_t": 127,
  "size_x": 64,
  "size_y": 64,
  "size_z": 36,
  "snr": 5.861744400740104,
  "spacing_tr": 2.0999999046325684,
  "spacing_x": 3.59375,
  "spacing_y": 3.59375,
  "spacing_z": 3.6000001430511475,
  "summary_bg_k": 48.3017830898361,
  "summary_bg_mad": 7.226225236208885,
  "summary_bg_mean": 26.86760711669922,
  "summary_bg_median": 12.976377487182617,
  "summary_bg_n": 100657.0,
  "summary_bg_p05": 7.2125983238220215,
  "summary_bg_p95": 79.80629730224605,
  "summary_bg_stdv": 40.07400131225586,
  "summary_fg_k": 3.828393873317709,
  "summary_fg_mad": 104.63439819663029,
  "summary_fg_mean": 722.12060546875,
  "summary_fg_median": 718.8936767578125,
  "summary_fg_n": 17782.0,
  "summary_fg_p05": 543.1814849853515,
  "summary_fg_p95": 912.2338439941407,
  "summary_fg_stdv": 122.63814544677734,
  "tsnr": 38.41571483260486
}