{
  "aor": 0.014437066666666665,
  "aqi": 0.0190217644,
  "bids_meta": {
    "AcquisitionMatrixPE": 64,
    "AcquisitionNumber": 1,
    "AcquisitionTime": "09:35:5.552490",
    "BaseResolution": 64,
    "ConversionSoftware": "dcm2niix",
    "ConversionSoftwareVersion": "v1.0.20190410  GCC6.3.0",
    "DeviceSerialNumber": "18011",
    "EchoTime": 0.03,
    "FlipAngle": 90,
    "ImageComments": "Fake_MoCo_Reference_Volume_+_DiCo_Applied",
    "ImageOrientationPatientDICOM": [
      0.99863,
      2.22045e-16,
      -0.052336,
      -2.22045e-16,
      1,
      0
    ],
    "ImageType": [
      "ORIGINAL",
      "PRIMARY",
      "M",
      "ND",
      "MOSAIC"
    ],
    "ImagingFrequency": 168.256,
    "InPlanePhaseEncodingDirectionDICOM": "COL",
    "MRAcquisitionType": "2D",
    "MagneticFieldStrength": 3.95064,
    "Manufacturer": "Siemens",
    "ManufacturersModelName": "MedSpec_4T",
    "Modality": "MR",
    "PartialFourier": 1,
    "PatientPosition": "HFS",
    "PercentPhaseFOV": 100,
    "PhaseEncodingDirection": "j-",
    "PhaseEncodingSteps": 64,
    "PhaseResolution": 1,
    "PixelBandwidth": 2790,
    "ProtocolName": "mz_bold_dc_REST",
    "PulseSequenceDetails": "%CustomerSeq%_mz_ep2d_bold_dc",
    "ReceiveCoilName": "Head_4T",
    "ReconMatrixPE": 64,
    "RepetitionTime": 2.1,
    "SAR": 0.0288277,
    "ScanOptions": "FS",
    "ScanningSequence": "SE_EP",
    "SequenceName": "epfid2d1_64",
    "SequenceVariant": "SK",
    "SeriesDescription": "mz_bold_dc_REST_DiCo",
    "SeriesNumber": 10,
    "ShimSetting": [
      19,
      -27,
      26,
      1810,
      716,
      -3873,
      2082,
      112
    ],
    "SliceThickness": 3,
    "SoftwareVersions": "syngo_MR_2002B_4VA21A",
    "SpacingBetweenSlices": 3.6,
    "StationName": "wes4T",
    "TaskName": "rest",
    "TxRefAmp": 198.163,
    "dataset": "ds004169",
    "modality": "bold",
    "session_id": "01",
    "subject_id": "0546",
    "task_id": "rest"
  },
  "dummy_trs": 0,
  "dvars_nstd": 25.596670124966444,
  "dvars_std": 1.1255378021476516,
  "dvars_vstd": 1.063579084966442,
  "efc": 0.4648970118121711,
  "fber": 3022.46435546875,
  "fd_mean": 0.1973862978611288,
  "fd_num": 23,
  "fd_perc": 15.333333333333334,
  "fwhm_avg": 1.7115683649402722,
  "fwhm_x": 1.563976347826087,
  "fwhm_y": 1.9973342608695652,
  "fwhm_z": 1.5733944861251643,
  "gcor": 0.387412,
  "gsr_x": -0.020497456192970276,
  "gsr_y": 0.03569651395082474,
  "provenance": {
    "md5sum": "81f071a041fe9c9f425fc0a0eb8fd3c0",
    "settings": {
      "fd_thres": 0.2,
      "testing": false
    },
    "software": "mriqc",
    "version": "23.0.1",
    "webapi_port": null,
    "webapi_url": "https://mriqc.nimh.nih.gov/api/v1"
  },
  "size_t": 150,
  "size_x": 64,
  "size_y": 64,
  "size_z": 36,
  "snr": 6.691114109907942,
  "spacing_tr": 2.0999999046325684,
  "spacing_x": 3.59375,
  "spacing_y": 3.59375,
  "spacing_z": 3.5999999046325684,
  "summary_bg_k": 33.26375048419697,
  "summary_bg_mad": 9.00433807699641,
  "summary_bg_mean": 30.97523307800293,
  "summary_bg_median": 15.640000343322754,
  "summary_bg_n": 96005.0,
  "summary_bg_p05": 8.286666870117188,
  "summary_bg_p95": 95.73867187500002,
  "summary_bg_stdv": 41.49343490600586,
  "summary_fg_k": 2.908682549214012,
  "summary_fg_mad": 112.58881609294973,
  "summary_fg_mean": 828.1063842773438,
  "summary_fg_median": 830.0133666992188,
  "summary_fg_n": 21019.0,
  "summary_fg_p05": 634.8859924316406,
  "summary_fg_p95": 1011.2066955566404,
  "summary_fg_stdv": 124.04415893554688,
  "tsnr": 28.366949369432405
}