{
  "bids_meta": {
    "AcquisitionMatrixPE": 225,
    "AcquisitionNumber": 1,
    "AcquisitionTime": "08:32:8.670020",
    "BaseResolution": 256,
    "ConversionSoftware": "dcm2niix",
    "ConversionSoftwareVersion": "v1.0.20190410  GCC6.3.0",
    "DeviceSerialNumber": "18011",
    "EchoTime": 0.00335,
    "FlipAngle": 8,
    "ImageOrientationPatientDICOM": [
      1,
      0,
      0,
      0,
      0,
      -1
    ],
    "ImageType": [
      "ORIGINAL",
      "PRIMARY",
      "M",
      "ND"
    ],
    "ImagingFrequency": 168.255,
    "InPlanePhaseEncodingDirectionDICOM": "ROW",
    "InversionTime": 0.7,
    "MRAcquisitionType": "3D",
    "MagneticFieldStrength": 3.95064,
    "Manufacturer": "Siemens",
    "ManufacturersModelName": "MedSpec_4T",
    "Modality": "MR",
    "PartialFourier": 0.875,
    "PatientPosition": "HFS",
    "PercentPhaseFOV": 100,
    "PhaseEncodingSteps": 197,
    "PhaseResolution": 0.878906,
    "PixelBandwidth": 200,
    "ProtocolName": "t1_mpr_cor",
    "PulseSequenceDetails": "%SiemensSeq%_tfl",
    "ReceiveCoilName": "Head_4T",
    "ReconMatrixPE": 256,
    "RepetitionTime": 1.5,
    "SAR": 0.00362687,
    "ScanOptions": "IR",
    "ScanningSequence": "IR_GR",
    "SequenceName": "tfl3d1_ns",
    "SequenceVariant": "SP_MP",
    "SeriesDescription": "t1_mpr_cor",
    "SeriesNumber": 8,
    "ShimSetting": [
      9,
      -8,
      12,
      1941,
      -60,
      -4999,
      3262,
      95
    ],
    "SliceThickness": 0.9,
    "SoftwareVersions": "syngo_MR_2002B_4VA21A",
    "StationName": "wes4T",
    "TxRefAmp": 202.628,
    "dataset": "ds004169",
    "modality": "T1w",
    "session_id": "01",
    "subject_id": "0714"
  },
  "cjv": 0.35257770143454875,
  "cnr": 3.731497343985771,
  "efc": 0.4267746693141149,
  "fber": -1.0,
  "fwhm_avg": 4.202817225692405,
  "fwhm_x": 4.329685333333333,
  "fwhm_y": 4.587289010410548,
  "fwhm_z": 3.6914773333333333,
  "icvs_csf": 0.2246483499746669,
  "icvs_gm": 0.43757364075309346,
  "icvs_wm": 0.3377780092722396,
  "inu_med": 0.7450793981552124,
  "inu_range": 0.4958285093307495,
  "provenance": {
    "md5sum": "470059edcf747231f67fa97d2b7f761c",
    "settings": {
      "testing": false
    },
    "software": "mriqc",
    "version": "23.0.1",
    "warnings": {
      "large_rot_frame": true,
      "small_air_mask": false
    },
    "webapi_port": null,
    "webapi_url": "https://mriqc.nimh.nih.gov/api/v1"
  },
  "qi_1": 0.0,
  "qi_2": 0.026688479815273163,
  "rpve_csf": 28.783163930153766,
  "rpve_gm": 15.556164080384045,
  "rpve_wm": 23.009049942222674,
  "size_x": 256,
  "size_y": 256,
  "size_z": 256,
  "snr_csf": 2.036115763598861,
  "snr_gm": 10.050044532791887,
  "snr_total": 10.474699156091814,
  "snr_wm": 19.337937171884697,
  "snrd_csf": 8.338360590076013,
  "snrd_gm": 20.21750969926285,
  "snrd_total": 19.521263412320057,
  "snrd_wm": 30.007919947621307,
  "spacing_x": 0.9375,
  "spacing_y": 0.8999999761581421,
  "spacing_z": 0.9375,
  "summary_bg_k": 23.68928705841296,
  "summary_bg_mad": 0.0,
  "summary_bg_mean": 12.272420887327318,
  "summary_bg_median": 0.0,
  "summary_bg_n": 3432908.0,
  "summary_bg_p05": 0.0,
  "summary_bg_p95": 54.1238077878952,
  "summary_bg_stdv": 21.832921863941078,
  "summary_csf_k": 37.19401205126086,
  "summary_csf_mad": 74.06725137119359,
  "summary_csf_mean": 289.6803971100139,
  "summary_csf_median": 277.88224747776985,
  "summary_csf_n": 45679.0,
  "summary_csf_p05": 124.83501416146756,
  "summary_csf_p95": 465.18085506856437,
  "summary_csf_stdv": 136.47515074736478,
  "summary_gm_k": 0.14484919730639323,
  "summary_gm_mad": 65.8405935620684,
  "summary_gm_mean": 672.4001248184039,
  "summary_gm_median": 673.7639818936586,
  "summary_gm_n": 33434.0,
  "summary_gm_p05": 558.8246285021305,
  "summary_gm_p95": 779.2279820144176,
  "summary_gm_stdv": 67.03989256861827,
  "summary_wm_k": 0.6229018499748462,
  "summary_wm_mad": 49.19596032034999,
  "summary_wm_mean": 1000.5353339410339,
  "summary_wm_median": 1000.0368953943253,
  "summary_wm_n": 223753.0,
  "summary_wm_p05": 916.7865152955055,
  "summary_wm_p95": 1085.4625511467457,
  "summary_wm_stdv": 51.71361618427509,
  "tpm_overlap_csf": 0.1611425814573308,
  "tpm_overlap_gm": 0.46834442213173044,
  "tpm_overlap_wm": 0.504838534597627,
  "wm2max": 0.46348070954207765
}