{
  "bids_meta": {
    "AcquisitionMatrixPE": 225,
    "AcquisitionNumber": 1,
    "AcquisitionTime": "09:17:50.045010",
    "BaseResolution": 256,
    "ConversionSoftware": "dcm2niix",
    "ConversionSoftwareVersion": "v1.0.20190410  GCC6.3.0",
    "DeviceSerialNumber": "18011",
    "EchoTime": 0.00335,
    "FlipAngle": 8,
    "ImageOrientationPatientDICOM": [
      1,
      0,
      0,
      0,
      0,
      -1
    ],
    "ImageType": [
      "ORIGINAL",
      "PRIMARY",
      "M",
      "ND"
    ],
    "ImagingFrequency": 168.255,
    "InPlanePhaseEncodingDirectionDICOM": "ROW",
    "InversionTime": 0.7,
    "MRAcquisitionType": "3D",
    "MagneticFieldStrength": 3.95064,
    "Manufacturer": "Siemens",
    "ManufacturersModelName": "MedSpec_4T",
    "Modality": "MR",
    "PartialFourier": 0.875,
    "PatientPosition": "HFS",
    "PercentPhaseFOV": 100,
    "PhaseEncodingSteps": 197,
    "PhaseResolution": 0.878906,
    "PixelBandwidth": 200,
    "ProtocolName": "t1_mpr_cor",
    "PulseSequenceDetails": "%SiemensSeq%_tfl",
    "ReceiveCoilName": "Head_4T",
    "ReconMatrixPE": 256,
    "RepetitionTime": 1.5,
    "SAR": 0.00359319,
    "ScanOptions": "IR",
    "ScanningSequence": "IR_GR",
    "SequenceName": "tfl3d1_ns",
    "SequenceVariant": "SP_MP",
    "SeriesDescription": "t1_mpr_cor",
    "SeriesNumber": 8,
    "ShimSetting": [
      15,
      -21,
      20,
      1809,
      354,
      -3775,
      3171,
      136
    ],
    "SliceThickness": 0.9,
    "SoftwareVersions": "syngo_MR_2002B_4VA21A",
    "StationName": "wes4T",
    "TxRefAmp": 221.911,
    "dataset": "ds004169",
    "modality": "T1w",
    "session_id": "01",
    "subject_id": "1184"
  },
  "cjv": 0.4230535347104843,
  "cnr": 3.0830879936865787,
  "efc": 0.4746038663282941,
  "fber": 2843.931029988661,
  "fwhm_avg": 3.9259249267447562,
  "fwhm_x": 3.983744,
  "fwhm_y": 4.287033446900936,
  "fwhm_z": 3.506997333333333,
  "icvs_csf": 0.1818495792231529,
  "icvs_gm": 0.45781515722174626,
  "icvs_wm": 0.3603352635551008,
  "inu_med": 0.7186012268066406,
  "inu_range": 0.5177519023418427,
  "provenance": {
    "md5sum": "3c9af6dad31bed7ea9556087a9a3e8a3",
    "settings": {
      "testing": false
    },
    "software": "mriqc",
    "version": "23.0.1",
    "warnings": {
      "large_rot_frame": true,
      "small_air_mask": false
    },
    "webapi_port": null,
    "webapi_url": "https://mriqc.nimh.nih.gov/api/v1"
  },
  "qi_1": 0.0,
  "qi_2": 0.01986522870245798,
  "rpve_csf": 30.341637204836104,
  "rpve_gm": 12.989406385963207,
  "rpve_wm": 17.990714659109074,
  "size_x": 256,
  "size_y": 256,
  "size_z": 256,
  "snr_csf": 1.210329123306255,
  "snr_gm": 11.654832153386634,
  "snr_total": 10.068733762622863,
  "snr_wm": 17.341040011175696,
  "snrd_csf": 11.432092538872775,
  "snrd_gm": 25.000493403540307,
  "snrd_total": 23.622317309966757,
  "snrd_wm": 34.43436598748718,
  "spacing_x": 0.9375,
  "spacing_y": 0.8999999761581421,
  "spacing_z": 0.9375,
  "summary_bg_k": 10.177761658641277,
  "summary_bg_mad": 19.026553822287564,
  "summary_bg_mean": 18.53626789107901,
  "summary_bg_median": 12.833215534687042,
  "summary_bg_n": 4875671.0,
  "summary_bg_p05": 0.0,
  "summary_bg_p95": 68.78980974107981,
  "summary_bg_stdv": 26.275324410180126,
  "summary_csf_k": 14.185647634282258,
  "summary_csf_mad": 108.70317882292233,
  "summary_csf_mean": 382.3739943088372,
  "summary_csf_median": 332.01227102056146,
  "summary_csf_n": 45643.0,
  "summary_csf_p05": 131.0214688964188,
  "summary_csf_p95": 832.9275872346028,
  "summary_csf_stdv": 274.3126869805002,
  "summary_gm_k": 0.1335546699200032,
  "summary_gm_mad": 60.78704143958784,
  "summary_gm_mean": 724.1352252863169,
  "summary_gm_median": 726.0674774385989,
  "summary_gm_n": 54556.0,
  "summary_gm_p05": 618.8252020329237,
  "summary_gm_p95": 823.5550936097279,
  "summary_gm_stdv": 62.296978070601334,
  "summary_wm_k": 0.5291339444647174,
  "summary_wm_mad": 55.12104563221544,
  "summary_wm_mean": 1002.9659383545047,
  "summary_wm_median": 1000.0471929162741,
  "summary_wm_n": 256620.0,
  "summary_wm_p05": 913.7532546333969,
  "summary_wm_p95": 1102.1467459201813,
  "summary_wm_stdv": 57.66927726201698,
  "tpm_overlap_csf": 0.13228987425244396,
  "tpm_overlap_gm": 0.4467626332129927,
  "tpm_overlap_wm": 0.47940912447439377,
  "wm2max": 0.4273904101302577
}