{
  "aor": 0.0024697333333333336,
  "aqi": 0.005117244533333333,
  "bids_meta": {
    "AcquisitionMatrixPE": 64,
    "AcquisitionNumber": 1,
    "AcquisitionTime": "10:32:23.802520",
    "BaseResolution": 64,
    "ConversionSoftware": "dcm2niix",
    "ConversionSoftwareVersion": "v1.0.20190410  GCC6.3.0",
    "DeviceSerialNumber": "18011",
    "EchoTime": 0.03,
    "FlipAngle": 90,
    "ImageComments": "Fake_MoCo_Reference_Volume_+_DiCo_Applied",
    "ImageOrientationPatientDICOM": [
      1,
      0,
      0,
      0,
      0.990983,
      -0.133986
    ],
    "ImageType": [
      "ORIGINAL",
      "PRIMARY",
      "M",
      "ND",
      "DICO",
      "MOSAIC"
    ],
    "ImagingFrequency": 168.255,
    "InPlanePhaseEncodingDirectionDICOM": "COL",
    "MRAcquisitionType": "2D",
    "MagneticFieldStrength": 3.95064,
    "Manufacturer": "Siemens",
    "ManufacturersModelName": "MedSpec_4T",
    "Modality": "MR",
    "PartialFourier": 1,
    "PatientPosition": "HFS",
    "PercentPhaseFOV": 100,
    "PhaseEncodingDirection": "j-",
    "PhaseEncodingSteps": 64,
    "PhaseResolution": 1,
    "PixelBandwidth": 2790,
    "ProcedureStepDescription": "Research_fMRI",
    "ProtocolName": "mz_bold_dc_REST",
    "PulseSequenceDetails": "%CustomerSeq%_mz_ep2d_bold_dc",
    "ReceiveCoilName": "Head",
    "ReconMatrixPE": 64,
    "RepetitionTime": 2.1,
    "SAR": 0.0978705,
    "ScanOptions": "FS",
    "ScanningSequence": "SE_EP",
    "SequenceName": "epfid2d1_64",
    "SequenceVariant": "SK",
    "SeriesDescription": "mz_bold_dc_REST_DiCo",
    "SeriesNumber": 9,
    "ShimSetting": [
      22,
      -17,
      58,
      2504,
      728,
      -4359,
      4040,
      -169
    ],
    "SliceThickness": 3,
    "SoftwareVersions": "syngo_MR_2004A_4VA25A",
    "SpacingBetweenSlices": 3.6,
    "StationName": "WES4T",
    "TaskName": "rest",
    "TxRefAmp": 187.234,
    "dataset": "ds004169",
    "modality": "bold",
    "session_id": "01",
    "subject_id": "0394",
    "task_id": "rest"
  },
  "dummy_trs": 0,
  "dvars_nstd": 30.206560070738252,
  "dvars_std": 1.2940834990604022,
  "dvars_vstd": 1.0139121242953022,
  "efc": 0.46273627792308264,
  "fber": 2390.099365234375,
  "fd_mean": 0.2321447717527758,
  "fd_num": 79,
  "fd_perc": 52.666666666666664,
  "fwhm_avg": 1.7673779963388832,
  "fwhm_x": 1.6603297391304348,
  "fwhm_y": 2.0280848695652174,
  "fwhm_z": 1.6137193803209975,
  "gcor": 0.0550761,
  "gsr_x": -0.027473103255033493,
  "gsr_y": 0.04177558049559593,
  "provenance": {
    "md5sum": "eedffc20c67d85723bc84b25ced25848",
    "settings": {
      "fd_thres": 0.2,
      "testing": false
    },
    "software": "mriqc",
    "version": "23.0.1",
    "webapi_port": null,
    "webapi_url": "https://mriqc.nimh.nih.gov/api/v1"
  },
  "size_t": 150,
  "size_x": 64,
  "size_y": 64,
  "size_z": 36,
  "snr": 5.075868005286691,
  "spacing_tr": 2.0999999046325684,
  "spacing_x": 3.59375,
  "spacing_y": 3.59375,
  "spacing_z": 3.6000001430511475,
  "summary_bg_k": 119.0384779612492,
  "summary_bg_mad": 7.4327805171754795,
  "summary_bg_mean": 24.587417602539062,
  "summary_bg_median": 12.260000228881836,
  "summary_bg_n": 96846.0,
  "summary_bg_p05": 6.3750001192092896,
  "summary_bg_p95": 69.7450008392334,
  "summary_bg_stdv": 42.15827560424805,
  "summary_fg_k": 4.179233898077698,
  "summary_fg_mad": 103.49059375071286,
  "summary_fg_mean": 622.4645385742188,
  "summary_fg_median": 614.4866943359375,
  "summary_fg_n": 20142.0,
  "summary_fg_p05": 449.64966735839846,
  "summary_fg_p95": 804.2590087890625,
  "summary_fg_stdv": 121.05741119384766,
  "tsnr": 62.7658915752545
}