{
  "bids_meta": {
    "AcquisitionMatrixPE": 225,
    "AcquisitionNumber": 1,
    "AcquisitionTime": "11:49:59.347490",
    "BaseResolution": 256,
    "ConversionSoftware": "dcm2niix",
    "ConversionSoftwareVersion": "v1.0.20190410  GCC6.3.0",
    "DeviceSerialNumber": "18011",
    "EchoTime": 0.00335,
    "FlipAngle": 8,
    "ImageOrientationPatientDICOM": [
      0.994522,
      0.104528,
      0,
      0,
      0,
      -1
    ],
    "ImageType": [
      "ORIGINAL",
      "PRIMARY",
      "M",
      "ND"
    ],
    "ImagingFrequency": 168.256,
    "InPlanePhaseEncodingDirectionDICOM": "ROW",
    "InversionTime": 0.7,
    "MRAcquisitionType": "3D",
    "MagneticFieldStrength": 3.95064,
    "Manufacturer": "Siemens",
    "ManufacturersModelName": "MedSpec_4T",
    "Modality": "MR",
    "PartialFourier": 0.875,
    "PatientPosition": "HFS",
    "PercentPhaseFOV": 100,
    "PhaseEncodingSteps": 197,
    "PhaseResolution": 0.878906,
    "PixelBandwidth": 200,
    "ProtocolName": "t1_mpr_cor",
    "PulseSequenceDetails": "%SiemensSeq%_tfl",
    "ReceiveCoilName": "Head_4T",
    "ReconMatrixPE": 256,
    "RepetitionTime": 1.5,
    "SAR": 0.00384765,
    "ScanOptions": "IR",
    "ScanningSequence": "IR_GR",
    "SequenceName": "tfl3d1_ns",
    "SequenceVariant": "SP_MP",
    "SeriesDescription": "t1_mpr_cor",
    "SeriesNumber": 8,
    "ShimSetting": [
      23,
      -28,
      31,
      1759,
      624,
      -3743,
      3964,
      -559
    ],
    "SliceThickness": 0.9,
    "SoftwareVersions": "syngo_MR_2002B_4VA21A",
    "StationName": "wes4T",
    "TxRefAmp": 193,
    "dataset": "ds004169",
    "modality": "T1w",
    "session_id": "01",
    "subject_id": "1145"
  },
  "cjv": 0.3327855339379481,
  "cnr": 3.9252345140793294,
  "efc": 0.42013598916487427,
  "fber": -1.0,
  "fwhm_avg": 4.189059447633528,
  "fwhm_x": 4.255232,
  "fwhm_y": 4.555455676233919,
  "fwhm_z": 3.7564906666666666,
  "icvs_csf": 0.16973289938426542,
  "icvs_gm": 0.48598503177474756,
  "icvs_wm": 0.34428206884098705,
  "inu_med": 0.7187758088111877,
  "inu_range": 0.5012322664260864,
  "provenance": {
    "md5sum": "777c645d80dddacab5277f23a1e4c70e",
    "settings": {
      "testing": false
    },
    "software": "mriqc",
    "version": "23.0.1",
    "warnings": {
      "large_rot_frame": true,
      "small_air_mask": false
    },
    "webapi_port": null,
    "webapi_url": "https://mriqc.nimh.nih.gov/api/v1"
  },
  "qi_1": 0.0,
  "qi_2": 0.0355112588441301,
  "rpve_csf": 39.94994916693578,
  "rpve_gm": 15.92560872475113,
  "rpve_wm": 24.136858856121925,
  "size_x": 256,
  "size_y": 256,
  "size_z": 256,
  "snr_csf": 1.18008654605621,
  "snr_gm": 10.077250947976868,
  "snr_total": 9.74274130491762,
  "snr_wm": 17.970886420719783,
  "snrd_csf": 9.2027641418154,
  "snrd_gm": 20.85176113007332,
  "snrd_total": 20.635096945429996,
  "snrd_wm": 31.85076556440127,
  "spacing_x": 0.9375,
  "spacing_y": 0.8999999761581421,
  "spacing_z": 0.9375,
  "summary_bg_k": 13.020231285591507,
  "summary_bg_mad": 0.0,
  "summary_bg_mean": 11.998503808832355,
  "summary_bg_median": 0.0,
  "summary_bg_n": 4386809.0,
  "summary_bg_p05": 0.0,
  "summary_bg_p95": 52.77728422731161,
  "summary_bg_stdv": 20.56966711309778,
  "summary_csf_k": 13.387409949907045,
  "summary_csf_mad": 117.55575220971099,
  "summary_csf_mean": 329.7075862320804,
  "summary_csf_median": 288.94409609586,
  "summary_csf_n": 17757.0,
  "summary_csf_p05": 89.25643199384213,
  "summary_csf_p95": 648.5607734650375,
  "summary_csf_stdv": 244.84302518759677,
  "summary_gm_k": 0.20392764804703667,
  "summary_gm_mad": 63.14543538569973,
  "summary_gm_mean": 654.0256986386306,
  "summary_gm_median": 654.6938701122999,
  "summary_gm_n": 66782.0,
  "summary_gm_p05": 546.1597098547966,
  "summary_gm_p95": 759.2901422157884,
  "summary_gm_stdv": 64.96702044532728,
  "summary_wm_k": 0.6079031753078747,
  "summary_wm_mad": 51.779257016273775,
  "summary_wm_mean": 1000.8760747738244,
  "summary_wm_median": 1000.035481095314,
  "summary_wm_n": 196321.0,
  "summary_wm_p05": 910.8784279823303,
  "summary_wm_p95": 1093.522614017129,
  "summary_wm_stdv": 55.64739049262541,
  "tpm_overlap_csf": 0.11891389888635563,
  "tpm_overlap_gm": 0.45817946230860973,
  "tpm_overlap_wm": 0.4800654020344534,
  "wm2max": 0.5198236259985609
}