{
  "aor": 0.00458,
  "aqi": 0.011148441023622047,
  "bids_meta": {
    "AcquisitionMatrixPE": 64,
    "AcquisitionNumber": 1,
    "AcquisitionTime": "07:00:6.967480",
    "BaseResolution": 64,
    "ConversionSoftware": "dcm2niix",
    "ConversionSoftwareVersion": "v1.0.20190410  GCC6.3.0",
    "DeviceSerialNumber": "18011",
    "EchoTime": 0.03,
    "FlipAngle": 90,
    "ImageComments": "Fake_MoCo_Reference_Volume_+_DiCo_Applied",
    "ImageOrientationPatientDICOM": [
      1,
      -1.11022e-16,
      1.38778e-17,
      1.11022e-16,
      0.97437,
      -0.224951
    ],
    "ImageType": [
      "ORIGINAL",
      "PRIMARY",
      "M",
      "ND",
      "MOSAIC"
    ],
    "ImagingFrequency": 168.255,
    "InPlanePhaseEncodingDirectionDICOM": "COL",
    "MRAcquisitionType": "2D",
    "MagneticFieldStrength": 3.95064,
    "Manufacturer": "Siemens",
    "ManufacturersModelName": "MedSpec_4T",
    "Modality": "MR",
    "PartialFourier": 1,
    "PatientPosition": "HFS",
    "PercentPhaseFOV": 100,
    "PhaseEncodingDirection": "j-",
    "PhaseEncodingSteps": 64,
    "PhaseResolution": 1,
    "PixelBandwidth": 2790,
    "ProtocolName": "Nback_dc_opt",
    "PulseSequenceDetails": "%CustomerSeq%_kt_ep2d_bold_dc",
    "ReceiveCoilName": "Head_4T",
    "ReconMatrixPE": 64,
    "RepetitionTime": 2.1,
    "SAR": 0.0357208,
    "ScanOptions": "FS",
    "ScanningSequence": "SE_EP",
    "SequenceName": "epfid2d1_64",
    "SequenceVariant": "SK",
    "SeriesDescription": "Nback_dc_opt_DiCo",
    "SeriesNumber": 7,
    "ShimSetting": [
      30,
      -3,
      -3,
      1413,
      780,
      -4026,
      3215,
      -110
    ],
    "SliceThickness": 3,
    "SoftwareVersions": "syngo_MR_2002B_4VA21A",
    "SpacingBetweenSlices": 3.6,
    "StationName": "wes4T",
    "TaskName": "nback",
    "TxRefAmp": 165.799,
    "dataset": "ds004169",
    "modality": "bold",
    "session_id": "01",
    "subject_id": "1090",
    "task_id": "nback"
  },
  "dummy_trs": 0,
  "dvars_nstd": 21.954865046825397,
  "dvars_std": 1.0486568630158737,
  "dvars_vstd": 0.9465808788095241,
  "efc": 0.4467274445046088,
  "fber": 2643.7275390625,
  "fd_mean": 0.09952285439651472,
  "fd_num": 1,
  "fd_perc": 0.7874015748031497,
  "fwhm_avg": 1.7940528389272699,
  "fwhm_x": 1.7154253913043478,
  "fwhm_y": 2.0302553043478264,
  "fwhm_z": 1.6364778211296354,
  "gcor": 0.0178014,
  "gsr_x": -0.023466896265745163,
  "gsr_y": 0.03848271816968918,
  "provenance": {
    "md5sum": "003881b10f465c8d4745e4c9fab2353d",
    "settings": {
      "fd_thres": 0.2,
      "testing": false
    },
    "software": "mriqc",
    "version": "23.0.1",
    "webapi_port": null,
    "webapi_url": "https://mriqc.nimh.nih.gov/api/v1"
  },
  "size_t": 127,
  "size_x": 64,
  "size_y": 64,
  "size_z": 36,
  "snr": 5.017149038257371,
  "spacing_tr": 2.0999999046325684,
  "spacing_x": 3.59375,
  "spacing_y": 3.59375,
  "spacing_z": 3.5999999046325684,
  "summary_bg_k": 36.804493216019715,
  "summary_bg_mad": 8.790547769143739,
  "summary_bg_mean": 28.829763412475586,
  "summary_bg_median": 13.984251976013184,
  "summary_bg_n": 100214.0,
  "summary_bg_p05": 7.2125983238220215,
  "summary_bg_p95": 91.61692962646478,
  "summary_bg_stdv": 39.59122848510742,
  "summary_fg_k": 7.312739816476844,
  "summary_fg_mad": 115.79472621240875,
  "summary_fg_mean": 738.8410034179688,
  "summary_fg_median": 727.4645385742188,
  "summary_fg_n": 17883.0,
  "summary_fg_p05": 540.6716735839843,
  "summary_fg_p95": 951.9039428710932,
  "summary_fg_stdv": 144.99154663085938,
  "tsnr": 48.39816138148308
}