{
  "bids_meta": {
    "AcquisitionMatrixPE": 225,
    "AcquisitionNumber": 1,
    "AcquisitionTime": "22:49:52.354990",
    "BaseResolution": 256,
    "ConversionSoftware": "dcm2niix",
    "ConversionSoftwareVersion": "v1.0.20190410  GCC6.3.0",
    "DeviceSerialNumber": "18011",
    "EchoTime": 0.00335,
    "FlipAngle": 8,
    "ImageOrientationPatientDICOM": [
      1,
      0,
      0,
      0,
      0,
      -1
    ],
    "ImageType": [
      "ORIGINAL",
      "PRIMARY",
      "M",
      "ND"
    ],
    "ImagingFrequency": 168.256,
    "InPlanePhaseEncodingDirectionDICOM": "ROW",
    "InversionTime": 0.7,
    "MRAcquisitionType": "3D",
    "MagneticFieldStrength": 3.95064,
    "Manufacturer": "Siemens",
    "ManufacturersModelName": "MedSpec_4T",
    "Modality": "MR",
    "PartialFourier": 0.875,
    "PatientPosition": "HFS",
    "PercentPhaseFOV": 100,
    "PhaseEncodingSteps": 197,
    "PhaseResolution": 0.878906,
    "PixelBandwidth": 200,
    "ProtocolName": "t1_mpr_cor",
    "PulseSequenceDetails": "%SiemensSeq%_tfl",
    "ReceiveCoilName": "Head_4T",
    "ReconMatrixPE": 256,
    "RepetitionTime": 1.5,
    "SAR": 0.00427093,
    "ScanOptions": "IR",
    "ScanningSequence": "IR_GR",
    "SequenceName": "tfl3d1_ns",
    "SequenceVariant": "SP_MP",
    "SeriesDescription": "t1_mpr_cor",
    "SeriesNumber": 8,
    "ShimSetting": [
      16,
      0,
      -132,
      34,
      490,
      -2969,
      1491,
      1
    ],
    "SliceThickness": 0.9,
    "SoftwareVersions": "syngo_MR_2002B_4VA21A",
    "StationName": "wes4T",
    "TxRefAmp": 180.07,
    "dataset": "ds004169",
    "modality": "T1w",
    "session_id": "01",
    "subject_id": "0178"
  },
  "cjv": 0.3725816682576432,
  "cnr": 3.555436404073241,
  "efc": 0.43249661969331465,
  "fber": -1.0,
  "fwhm_avg": 3.756175887937142,
  "fwhm_x": 3.9505386666666666,
  "fwhm_y": 4.086522330478094,
  "fwhm_z": 3.231466666666667,
  "icvs_csf": 0.19500401081500748,
  "icvs_gm": 0.45338200725771843,
  "icvs_wm": 0.3516139819272741,
  "inu_med": 0.7315450310707092,
  "inu_range": 0.511839598417282,
  "provenance": {
    "md5sum": "9ecf1883018a70ccd68f07bf9fcabb94",
    "settings": {
      "testing": false
    },
    "software": "mriqc",
    "version": "22.0.6",
    "warnings": {
      "large_rot_frame": true,
      "small_air_mask": false
    },
    "webapi_port": null,
    "webapi_url": "https://mriqc.nimh.nih.gov/api/v1"
  },
  "qi_1": 0.0,
  "qi_2": 0.03458189802908361,
  "rpve_csf": 34.250130308266264,
  "rpve_gm": 16.058140074749865,
  "rpve_wm": 23.049591674356154,
  "size_x": 256,
  "size_y": 256,
  "size_z": 256,
  "snr_csf": 1.9604304163816426,
  "snr_gm": 10.73180479442404,
  "snr_total": 9.901956142466576,
  "snr_wm": 17.01363321659404,
  "snrd_csf": 9.397057040362721,
  "snrd_gm": 21.56258306136303,
  "snrd_total": 20.839988275383963,
  "snrd_wm": 31.560324724426142,
  "spacing_x": 0.9375,
  "spacing_y": 0.8999999761581421,
  "spacing_z": 0.9375,
  "summary_bg_k": 26.29080657491721,
  "summary_bg_mad": 0.0,
  "summary_bg_mean": 11.7805440098545,
  "summary_bg_median": 0.0,
  "summary_bg_n": 4134025.0,
  "summary_bg_p05": 0.0,
  "summary_bg_p95": 51.27124473452568,
  "summary_bg_stdv": 20.758955956820156,
  "summary_csf_k": 22.486637145293667,
  "summary_csf_mad": 105.27537624935603,
  "summary_csf_mean": 310.336581281797,
  "summary_csf_median": 297.7595096603036,
  "summary_csf_n": 27906.0,
  "summary_csf_p05": 117.61658659391105,
  "summary_csf_p95": 504.18772497586906,
  "summary_csf_stdv": 151.8820418617374,
  "summary_gm_k": 0.18319154381900127,
  "summary_gm_mad": 62.68622799417639,
  "summary_gm_mean": 682.6756755464434,
  "summary_gm_median": 683.2420120239258,
  "summary_gm_n": 49489.0,
  "summary_gm_p05": 577.2229107543826,
  "summary_gm_p95": 785.8406891584395,
  "summary_gm_stdv": 63.6645114319995,
  "summary_wm_k": 0.6881485461054093,
  "summary_wm_mad": 55.3450667423667,
  "summary_wm_mean": 1002.2892560599003,
  "summary_wm_median": 1000.0350933596492,
  "summary_wm_n": 218135.0,
  "summary_wm_p05": 909.9943594560027,
  "summary_wm_p95": 1101.5591813921928,
  "summary_wm_stdv": 58.778321384211274,
  "tpm_overlap_csf": 0.1439445350488705,
  "tpm_overlap_gm": 0.44665564439717675,
  "tpm_overlap_wm": 0.47006358635837725,
  "wm2max": 0.4882971244362901
}