{
  "bids_meta": {
    "AcquisitionMatrixPE": 225,
    "AcquisitionNumber": 1,
    "AcquisitionTime": "08:31:7.617480",
    "BaseResolution": 256,
    "ConversionSoftware": "dcm2niix",
    "ConversionSoftwareVersion": "v1.0.20190410  GCC6.3.0",
    "DeviceSerialNumber": "18011",
    "EchoTime": 0.00335,
    "FlipAngle": 8,
    "ImageOrientationPatientDICOM": [
      0.997564,
      0.0697565,
      0,
      0,
      -2.22045e-16,
      -1
    ],
    "ImageType": [
      "ORIGINAL",
      "PRIMARY",
      "M",
      "ND"
    ],
    "ImagingFrequency": 168.217,
    "InPlanePhaseEncodingDirectionDICOM": "ROW",
    "InversionTime": 0.7,
    "MRAcquisitionType": "3D",
    "MagneticFieldStrength": 3.95064,
    "Manufacturer": "Siemens",
    "ManufacturersModelName": "MedSpec_4T",
    "Modality": "MR",
    "PartialFourier": 0.875,
    "PatientPosition": "HFS",
    "PercentPhaseFOV": 100,
    "PhaseEncodingSteps": 197,
    "PhaseResolution": 0.878906,
    "PixelBandwidth": 200,
    "ProtocolName": "t1_mpr_cor",
    "PulseSequenceDetails": "%SiemensSeq%_tfl",
    "ReceiveCoilName": "Head_4T",
    "ReconMatrixPE": 256,
    "RepetitionTime": 1.5,
    "SAR": 0.00447671,
    "ScanOptions": "IR",
    "ScanningSequence": "IR_GR",
    "SequenceName": "tfl3d1_ns",
    "SequenceVariant": "SP_MP",
    "SeriesDescription": "t1_mpr_cor",
    "SeriesNumber": 8,
    "ShimSetting": [
      12,
      -16,
      -26,
      1561,
      829,
      -2264,
      2164,
      6
    ],
    "SliceThickness": 0.9,
    "SoftwareVersions": "syngo_MR_2002B_4VA21A",
    "StationName": "wes4T",
    "TxRefAmp": 161.748,
    "dataset": "ds004169",
    "modality": "T1w",
    "session_id": "02",
    "subject_id": "0395"
  },
  "cjv": 0.34668277436051487,
  "cnr": 3.753819261340092,
  "efc": 0.42997218595472986,
  "fber": 1663.8889550252973,
  "fwhm_avg": 4.507327895214502,
  "fwhm_x": 4.6691840000000004,
  "fwhm_y": 4.910655685643506,
  "fwhm_z": 3.942144,
  "icvs_csf": 0.22387678296251673,
  "icvs_gm": 0.4160375890879186,
  "icvs_wm": 0.36008562794956467,
  "inu_med": 0.659579873085022,
  "inu_range": 0.41700446605682373,
  "provenance": {
    "md5sum": "b31b8fb8167d63f14c7cb75b034947ce",
    "settings": {
      "testing": false
    },
    "software": "mriqc",
    "version": "23.0.1",
    "warnings": {
      "large_rot_frame": true,
      "small_air_mask": false
    },
    "webapi_port": null,
    "webapi_url": "https://mriqc.nimh.nih.gov/api/v1"
  },
  "qi_1": 0.0,
  "qi_2": 0.017381403096400218,
  "rpve_csf": 28.916816786097584,
  "rpve_gm": 16.004240477017483,
  "rpve_wm": 21.716993017459604,
  "size_x": 256,
  "size_y": 256,
  "size_z": 256,
  "snr_csf": 1.8709872009798378,
  "snr_gm": 10.14906865404626,
  "snr_total": 10.745218526365951,
  "snr_wm": 20.215599724071758,
  "snrd_csf": 9.38632686252615,
  "snrd_gm": 21.58045059938584,
  "snrd_total": 20.927752899745684,
  "snrd_wm": 31.816481237325064,
  "spacing_x": 0.9375,
  "spacing_y": 0.8999999761581421,
  "spacing_z": 0.9375,
  "summary_bg_k": 10.67495454779459,
  "summary_bg_mad": 20.591697135583445,
  "summary_bg_mean": 16.337947534633997,
  "summary_bg_median": 13.888888657093048,
  "summary_bg_n": 5399752.0,
  "summary_bg_p05": 0.0,
  "summary_bg_p95": 54.803239826112986,
  "summary_bg_stdv": 20.786358002773106,
  "summary_csf_k": 26.42819658109376,
  "summary_csf_mad": 115.74249764959194,
  "summary_csf_mean": 304.13278098982505,
  "summary_csf_median": 295.02314322441816,
  "summary_csf_n": 49487.0,
  "summary_csf_p05": 104.26215103771538,
  "summary_csf_p95": 493.7210565749556,
  "summary_csf_stdv": 157.68155027477854,
  "summary_gm_k": 0.3483033708124168,
  "summary_gm_mad": 64.73514786999046,
  "summary_gm_mean": 678.2997880907885,
  "summary_gm_median": 678.2985997907817,
  "summary_gm_n": 36379.0,
  "summary_gm_p05": 567.5925831198692,
  "summary_gm_p95": 786.3454729875549,
  "summary_gm_stdv": 66.83266220584406,
  "summary_wm_k": 0.5513830869594698,
  "summary_wm_mad": 46.803211614419865,
  "summary_wm_mean": 1000.6684629873537,
  "summary_wm_median": 1000.0289184954017,
  "summary_wm_n": 262941.0,
  "summary_wm_p05": 920.6307716723531,
  "summary_wm_p95": 1082.5810004509985,
  "summary_wm_stdv": 49.46808556367228,
  "tpm_overlap_csf": 0.13054621958672505,
  "tpm_overlap_gm": 0.4412679801779407,
  "tpm_overlap_wm": 0.49039695802539884,
  "wm2max": 0.5777595747170632
}