{
  "aor": 0.0029478666666666667,
  "aqi": 0.007075186866666666,
  "bids_meta": {
    "AcquisitionMatrixPE": 64,
    "AcquisitionNumber": 1,
    "AcquisitionTime": "10:39:54.239990",
    "BaseResolution": 64,
    "ConversionSoftware": "dcm2niix",
    "ConversionSoftwareVersion": "v1.0.20190410  GCC6.3.0",
    "DeviceSerialNumber": "18011",
    "EchoTime": 0.03,
    "FlipAngle": 90,
    "ImageComments": "Fake_MoCo_Reference_Volume_+_DiCo_Applied",
    "ImageOrientationPatientDICOM": [
      1,
      0,
      0,
      0,
      0.981959,
      -0.189095
    ],
    "ImageType": [
      "ORIGINAL",
      "PRIMARY",
      "M",
      "ND",
      "DICO",
      "MOSAIC"
    ],
    "ImagingFrequency": 168.255,
    "InPlanePhaseEncodingDirectionDICOM": "COL",
    "MRAcquisitionType": "2D",
    "MagneticFieldStrength": 3.95064,
    "Manufacturer": "Siemens",
    "ManufacturersModelName": "MedSpec_4T",
    "Modality": "MR",
    "PartialFourier": 1,
    "PatientPosition": "HFS",
    "PercentPhaseFOV": 100,
    "PhaseEncodingDirection": "j-",
    "PhaseEncodingSteps": 64,
    "PhaseResolution": 1,
    "PixelBandwidth": 2790,
    "ProcedureStepDescription": "Research_fMRI",
    "ProtocolName": "mz_bold_dc_REST",
    "PulseSequenceDetails": "%CustomerSeq%_mz_ep2d_bold_dc",
    "ReceiveCoilName": "Head",
    "ReconMatrixPE": 64,
    "RepetitionTime": 2.1,
    "SAR": 0.105637,
    "ScanOptions": "FS",
    "ScanningSequence": "SE_EP",
    "SequenceName": "epfid2d1_64",
    "SequenceVariant": "SK",
    "SeriesDescription": "mz_bold_dc_REST_DiCo",
    "SeriesNumber": 10,
    "ShimSetting": [
      15,
      23,
      21,
      2730,
      770,
      -2956,
      1607,
      -25
    ],
    "SliceThickness": 3,
    "SoftwareVersions": "syngo_MR_2004A_4VA25A",
    "SpacingBetweenSlices": 3.6,
    "StationName": "WES4T",
    "TaskName": "rest",
    "TxRefAmp": 217.732,
    "dataset": "ds004169",
    "modality": "bold",
    "session_id": "01",
    "subject_id": "0237",
    "task_id": "rest"
  },
  "dummy_trs": 0,
  "dvars_nstd": 34.35144242691276,
  "dvars_std": 1.4115509436912743,
  "dvars_vstd": 1.0182323688590607,
  "efc": 0.4939468013790569,
  "fber": 1783.5814208984375,
  "fd_mean": 0.13947493108021236,
  "fd_num": 19,
  "fd_perc": 12.666666666666666,
  "fwhm_avg": 1.6448987708081422,
  "fwhm_x": 1.5528431304347827,
  "fwhm_y": 1.833739252089741,
  "fwhm_z": 1.5481139298999027,
  "gcor": 0.0455969,
  "gsr_x": -0.021910639479756355,
  "gsr_y": 0.03551333770155907,
  "provenance": {
    "md5sum": "86d6ce93487f755517a324ac175edf1e",
    "settings": {
      "fd_thres": 0.2,
      "testing": false
    },
    "software": "mriqc",
    "version": "23.0.1",
    "webapi_port": null,
    "webapi_url": "https://mriqc.nimh.nih.gov/api/v1"
  },
  "size_t": 150,
  "size_x": 64,
  "size_y": 64,
  "size_z": 36,
  "snr": 5.285655880952942,
  "spacing_tr": 2.0999999046325684,
  "spacing_x": 3.59375,
  "spacing_y": 3.593749761581421,
  "spacing_z": 3.5999999046325684,
  "summary_bg_k": 32.54753482579355,
  "summary_bg_mad": 8.95491734321705,
  "summary_bg_mean": 28.86421012878418,
  "summary_bg_median": 14.233333587646484,
  "summary_bg_n": 93624.0,
  "summary_bg_p05": 7.766666889190674,
  "summary_bg_p95": 92.32566757202143,
  "summary_bg_stdv": 38.93669128417969,
  "summary_fg_k": 2.657010836464445,
  "summary_fg_mad": 98.97853858597128,
  "summary_fg_mean": 617.6838989257812,
  "summary_fg_median": 611.6333618164062,
  "summary_fg_n": 23049.0,
  "summary_fg_p05": 447.2320190429688,
  "summary_fg_p95": 802.71337890625,
  "summary_fg_stdv": 115.71318817138672,
  "tsnr": 56.39368177531287
}