{
  "aor": 0.005330714285714287,
  "aqi": 0.010515515714285712,
  "bids_meta": {
    "AcquisitionMatrixPE": 64,
    "AcquisitionNumber": 1,
    "AcquisitionTime": "09:59:45.185020",
    "BaseResolution": 64,
    "ConversionSoftware": "dcm2niix",
    "ConversionSoftwareVersion": "v1.0.20190410  GCC6.3.0",
    "DeviceSerialNumber": "18011",
    "EchoTime": 0.03,
    "FlipAngle": 90,
    "ImageComments": "Fake_MoCo_Reference_Volume_+_DiCo_Applied",
    "ImageOrientationPatientDICOM": [
      1,
      2.22045e-16,
      0,
      -2.22045e-16,
      0.971549,
      -0.236838
    ],
    "ImageType": [
      "ORIGINAL",
      "PRIMARY",
      "M",
      "ND",
      "DICO",
      "MOSAIC"
    ],
    "ImagingFrequency": 168.255,
    "InPlanePhaseEncodingDirectionDICOM": "COL",
    "MRAcquisitionType": "2D",
    "MagneticFieldStrength": 3.95064,
    "Manufacturer": "Siemens",
    "ManufacturersModelName": "MedSpec_4T",
    "Modality": "MR",
    "PartialFourier": 1,
    "PatientPosition": "HFS",
    "PercentPhaseFOV": 100,
    "PhaseEncodingDirection": "j-",
    "PhaseEncodingSteps": 64,
    "PhaseResolution": 1,
    "PixelBandwidth": 2790,
    "ProcedureStepDescription": "Research_fMRI",
    "ProtocolName": "Nback_dc_opt",
    "PulseSequenceDetails": "%CustomerSeq%_kt_ep2d_bold_dc",
    "ReceiveCoilName": "Head",
    "ReconMatrixPE": 64,
    "RepetitionTime": 2.1,
    "SAR": 0.0841547,
    "ScanOptions": "FS",
    "ScanningSequence": "SE_EP",
    "SequenceName": "epfid2d1_64",
    "SequenceVariant": "SK",
    "SeriesDescription": "Nback_dc_opt_DiCo",
    "SeriesNumber": 6,
    "ShimSetting": [
      21,
      -14,
      10,
      1307,
      39,
      -2652,
      2298,
      -339
    ],
    "SliceThickness": 3,
    "SoftwareVersions": "syngo_MR_2004A_4VA25A",
    "SpacingBetweenSlices": 3.6,
    "StationName": "WES4T",
    "TaskName": "nback",
    "TxRefAmp": 181.464,
    "dataset": "ds004169",
    "modality": "bold",
    "session_id": "01",
    "subject_id": "0969",
    "task_id": "nback"
  },
  "dummy_trs": 1,
  "dvars_nstd": 23.535234527200014,
  "dvars_std": 1.12299254336,
  "dvars_vstd": 1.0029163892800002,
  "efc": 0.45781024057428715,
  "fber": 2536.505126953125,
  "fd_mean": 0.15031865080385862,
  "fd_num": 18,
  "fd_perc": 14.285714285714286,
  "fwhm_avg": 1.8196621705668619,
  "fwhm_x": 1.7253092173913043,
  "fwhm_y": 2.022160695652174,
  "fwhm_z": 1.7115165986571075,
  "gcor": 0.0349731,
  "gsr_x": -0.0185881145298481,
  "gsr_y": 0.027890613302588463,
  "provenance": {
    "md5sum": "0e87cb81a661e1ceba939f815a8d2790",
    "settings": {
      "fd_thres": 0.2,
      "testing": false
    },
    "software": "mriqc",
    "version": "23.0.1",
    "webapi_port": null,
    "webapi_url": "https://mriqc.nimh.nih.gov/api/v1"
  },
  "size_t": 126,
  "size_x": 64,
  "size_y": 64,
  "size_z": 36,
  "snr": 5.9194970125685815,
  "spacing_tr": 2.0999999046325684,
  "spacing_x": 3.59375,
  "spacing_y": 3.59375,
  "spacing_z": 3.6000001430511475,
  "summary_bg_k": 40.41776563899664,
  "summary_bg_mad": 7.177677597817868,
  "summary_bg_mean": 24.006763458251953,
  "summary_bg_median": 11.880952835083008,
  "summary_bg_n": 98396.0,
  "summary_bg_p05": 6.634921073913574,
  "summary_bg_p95": 73.8432559967041,
  "summary_bg_stdv": 34.464996337890625,
  "summary_fg_k": 3.4164219238460163,
  "summary_fg_mad": 89.73272565423352,
  "summary_fg_mean": 619.6054077148438,
  "summary_fg_median": 617.1032104492188,
  "summary_fg_n": 19105.0,
  "summary_fg_p05": 462.2349548339844,
  "summary_fg_p95": 780.9889526367188,
  "summary_fg_stdv": 104.24653625488281,
  "tsnr": 52.8740458516404
}