{
  "aor": 0.004654330708661416,
  "aqi": 0.03007026377952756,
  "bids_meta": {
    "AcquisitionMatrixPE": 64,
    "AcquisitionNumber": 1,
    "AcquisitionTime": "08:28:37.120010",
    "BaseResolution": 64,
    "ConversionSoftware": "dcm2niix",
    "ConversionSoftwareVersion": "v1.0.20190410  GCC6.3.0",
    "DeviceSerialNumber": "18011",
    "EchoTime": 0.03,
    "FlipAngle": 90,
    "ImageComments": "Fake_MoCo_Reference_Volume_+_DiCo_Applied",
    "ImageOrientationPatientDICOM": [
      1,
      0,
      0,
      0,
      0.985996,
      -0.166769
    ],
    "ImageType": [
      "ORIGINAL",
      "PRIMARY",
      "M",
      "ND",
      "DICO",
      "MOSAIC"
    ],
    "ImagingFrequency": 168.255,
    "InPlanePhaseEncodingDirectionDICOM": "COL",
    "MRAcquisitionType": "2D",
    "MagneticFieldStrength": 3.95064,
    "Manufacturer": "Siemens",
    "ManufacturersModelName": "MedSpec_4T",
    "Modality": "MR",
    "PartialFourier": 1,
    "PatientPosition": "HFS",
    "PercentPhaseFOV": 100,
    "PhaseEncodingDirection": "j-",
    "PhaseEncodingSteps": 64,
    "PhaseResolution": 1,
    "PixelBandwidth": 2790,
    "ProcedureStepDescription": "Research_fMRI",
    "ProtocolName": "Nback_dc_opt",
    "PulseSequenceDetails": "%CustomerSeq%_kt_ep2d_bold_dc",
    "ReceiveCoilName": "Head",
    "ReconMatrixPE": 64,
    "RepetitionTime": 2.1,
    "SAR": 0.0556418,
    "ScanOptions": "FS",
    "ScanningSequence": "SE_EP",
    "SequenceName": "epfid2d1_64",
    "SequenceVariant": "SK",
    "SeriesDescription": "Nback_dc_opt_DiCo",
    "SeriesNumber": 8,
    "ShimSetting": [
      20,
      2,
      60,
      1642,
      166,
      -4717,
      3196,
      -359
    ],
    "SliceThickness": 3,
    "SoftwareVersions": "syngo_MR_2004A_4VA25A",
    "SpacingBetweenSlices": 3.6,
    "StationName": "WES4T",
    "TaskName": "nback",
    "TxRefAmp": 195.005,
    "dataset": "ds004169",
    "modality": "bold",
    "session_id": "01",
    "subject_id": "1035",
    "task_id": "nback"
  },
  "dummy_trs": 0,
  "dvars_nstd": 30.480773456904778,
  "dvars_std": 1.048261167063492,
  "dvars_vstd": 0.9217122334126984,
  "efc": 0.46351639009413015,
  "fber": 1843.386962890625,
  "fd_mean": 0.28173361981600487,
  "fd_num": 67,
  "fd_perc": 52.75590551181102,
  "fwhm_avg": 1.8029521274167577,
  "fwhm_x": 1.608993391304348,
  "fwhm_y": 2.113121391304348,
  "fwhm_z": 1.6867415996415773,
  "gcor": 0.0176625,
  "gsr_x": -0.02213147282600403,
  "gsr_y": 0.03222640976309776,
  "provenance": {
    "md5sum": "955a55df5eecf5bd2b5c1fc4ba90cb13",
    "settings": {
      "fd_thres": 0.2,
      "testing": false
    },
    "software": "mriqc",
    "version": "23.0.1",
    "webapi_port": null,
    "webapi_url": "https://mriqc.nimh.nih.gov/api/v1"
  },
  "size_t": 127,
  "size_x": 64,
  "size_y": 64,
  "size_z": 36,
  "snr": 5.144117122283628,
  "spacing_tr": 2.0999999046325684,
  "spacing_x": 3.59375,
  "spacing_y": 3.59375,
  "spacing_z": 3.6000001430511475,
  "summary_bg_k": 33.112643943129754,
  "summary_bg_mad": 8.977332211543207,
  "summary_bg_mean": 25.005565643310547,
  "summary_bg_median": 13.913385391235352,
  "summary_bg_n": 97552.0,
  "summary_bg_p05": 6.047244071960449,
  "summary_bg_p95": 72.40432891845697,
  "summary_bg_stdv": 34.27404022216797,
  "summary_fg_k": 4.562127460958642,
  "summary_fg_mad": 100.9104279147601,
  "summary_fg_mean": 613.9374389648438,
  "summary_fg_median": 601.590576171875,
  "summary_fg_n": 20133.0,
  "summary_fg_p05": 454.59999389648436,
  "summary_fg_p95": 792.7984375,
  "summary_fg_stdv": 116.94438934326172,
  "tsnr": 28.387191619025543
}