{
  "bids_meta": {
    "AcquisitionMatrixPE": 225,
    "AcquisitionNumber": 1,
    "AcquisitionTime": "08:46:34.547520",
    "BaseResolution": 256,
    "ConversionSoftware": "dcm2niix",
    "ConversionSoftwareVersion": "v1.0.20190410  GCC6.3.0",
    "DeviceSerialNumber": "18011",
    "EchoTime": 0.00335,
    "FlipAngle": 8,
    "ImageOrientationPatientDICOM": [
      1,
      0,
      0,
      0,
      0,
      -1
    ],
    "ImageType": [
      "ORIGINAL",
      "PRIMARY",
      "M",
      "ND"
    ],
    "ImagingFrequency": 168.217,
    "InPlanePhaseEncodingDirectionDICOM": "ROW",
    "InversionTime": 0.7,
    "MRAcquisitionType": "3D",
    "MagneticFieldStrength": 3.95064,
    "Manufacturer": "Siemens",
    "ManufacturersModelName": "MedSpec_4T",
    "Modality": "MR",
    "PartialFourier": 0.875,
    "PatientPosition": "HFS",
    "PercentPhaseFOV": 100,
    "PhaseEncodingSteps": 197,
    "PhaseResolution": 0.878906,
    "PixelBandwidth": 200,
    "ProtocolName": "t1_mpr_cor",
    "PulseSequenceDetails": "%SiemensSeq%_tfl",
    "ReceiveCoilName": "Head_4T",
    "ReconMatrixPE": 256,
    "RepetitionTime": 1.5,
    "SAR": 0.00400346,
    "ScanOptions": "IR",
    "ScanningSequence": "IR_GR",
    "SequenceName": "tfl3d1_ns",
    "SequenceVariant": "SP_MP",
    "SeriesDescription": "t1_mpr_cor",
    "SeriesNumber": 8,
    "ShimSetting": [
      7,
      12,
      -23,
      1996,
      674,
      -3827,
      2036,
      -71
    ],
    "SliceThickness": 0.9,
    "SoftwareVersions": "syngo_MR_2002B_4VA21A",
    "StationName": "wes4T",
    "TxRefAmp": 179.507,
    "dataset": "ds004169",
    "modality": "T1w",
    "session_id": "01",
    "subject_id": "0103"
  },
  "cjv": 0.36599917366241613,
  "cnr": 3.5486959720588573,
  "efc": 0.47742440467638503,
  "fber": 877.1133241955736,
  "fwhm_avg": 4.413831449501141,
  "fwhm_x": 4.564490666666667,
  "fwhm_y": 4.766955681836755,
  "fwhm_z": 3.910048,
  "icvs_csf": 0.21030112080349497,
  "icvs_gm": 0.4132902195338714,
  "icvs_wm": 0.3764086596626336,
  "inu_med": 0.7227261662483215,
  "inu_range": 0.48063923120498653,
  "provenance": {
    "md5sum": "306e0b6fa63fe84cb3b21882e123430b",
    "settings": {
      "testing": false
    },
    "software": "mriqc",
    "version": "22.0.6",
    "warnings": {
      "large_rot_frame": true,
      "small_air_mask": false
    },
    "webapi_port": null,
    "webapi_url": "https://mriqc.nimh.nih.gov/api/v1"
  },
  "qi_1": 0.0,
  "qi_2": 0.05340737899069829,
  "rpve_csf": 24.521789016161886,
  "rpve_gm": 13.115202657175246,
  "rpve_wm": 17.51364646194085,
  "size_x": 256,
  "size_y": 256,
  "size_z": 256,
  "snr_csf": 1.394958197969004,
  "snr_gm": 8.908066008301367,
  "snr_total": 9.690030772067841,
  "snr_wm": 18.767068109933152,
  "snrd_csf": 6.632166487387986,
  "snrd_gm": 16.499103776352655,
  "snrd_total": 16.01482588254183,
  "snrd_wm": 24.91320738388486,
  "spacing_x": 0.9375,
  "spacing_y": 0.8999999761581421,
  "spacing_z": 0.9375,
  "summary_bg_k": 8.976587844984143,
  "summary_bg_mad": 0.0,
  "summary_bg_mean": 19.130134222358844,
  "summary_bg_median": 0.0,
  "summary_bg_n": 4785253.0,
  "summary_bg_p05": 0.0,
  "summary_bg_p95": 72.57989570125937,
  "summary_bg_stdv": 26.297563762316024,
  "summary_csf_k": 18.41944512937871,
  "summary_csf_mad": 113.77640547035884,
  "summary_csf_mean": 292.9442107454096,
  "summary_csf_median": 266.2190974038094,
  "summary_csf_n": 34304.0,
  "summary_csf_p05": 95.01438477532939,
  "summary_csf_p95": 515.9251857153138,
  "summary_csf_stdv": 190.84099973087345,
  "summary_gm_k": 0.23281926826448185,
  "summary_gm_mad": 72.70131129631879,
  "summary_gm_mean": 661.0694322043524,
  "summary_gm_median": 662.2838138435036,
  "summary_gm_n": 42510.0,
  "summary_gm_p05": 537.8352804022841,
  "summary_gm_p95": 780.94699327955,
  "summary_gm_stdv": 74.34565745686226,
  "summary_wm_k": 0.4732685792606399,
  "summary_wm_mad": 50.913852075024515,
  "summary_wm_mean": 1000.3907585224325,
  "summary_wm_median": 1000.0309244021773,
  "summary_wm_n": 351635.0,
  "summary_wm_p05": 914.1168705392629,
  "summary_wm_p95": 1088.7293732408434,
  "summary_wm_stdv": 53.28640022886171,
  "tpm_overlap_csf": 0.12106196213040447,
  "tpm_overlap_gm": 0.42874878076643536,
  "tpm_overlap_wm": 0.4827816438402811,
  "wm2max": 0.5272963415961548
}