{
  "bids_meta": {
    "AcquisitionMatrixPE": 225,
    "AcquisitionNumber": 1,
    "AcquisitionTime": "08:35:20.507480",
    "BaseResolution": 256,
    "ConversionSoftware": "dcm2niix",
    "ConversionSoftwareVersion": "v1.0.20190410  GCC6.3.0",
    "DeviceSerialNumber": "18011",
    "EchoTime": 0.00335,
    "FlipAngle": 8,
    "ImageOrientationPatientDICOM": [
      0.99863,
      0.052336,
      0,
      0,
      -2.22045e-16,
      -1
    ],
    "ImageType": [
      "ORIGINAL",
      "PRIMARY",
      "M",
      "ND"
    ],
    "ImagingFrequency": 168.256,
    "InPlanePhaseEncodingDirectionDICOM": "ROW",
    "InversionTime": 0.7,
    "MRAcquisitionType": "3D",
    "MagneticFieldStrength": 3.95064,
    "Manufacturer": "Siemens",
    "ManufacturersModelName": "MedSpec_4T",
    "Modality": "MR",
    "PartialFourier": 0.875,
    "PatientPosition": "HFS",
    "PercentPhaseFOV": 100,
    "PhaseEncodingSteps": 197,
    "PhaseResolution": 0.878906,
    "PixelBandwidth": 200,
    "ProtocolName": "t1_mpr_cor",
    "PulseSequenceDetails": "%SiemensSeq%_tfl",
    "ReceiveCoilName": "Head_4T",
    "ReconMatrixPE": 256,
    "RepetitionTime": 1.5,
    "SAR": 0.00354583,
    "ScanOptions": "IR",
    "ScanningSequence": "IR_GR",
    "SequenceName": "tfl3d1_ns",
    "SequenceVariant": "SP_MP",
    "SeriesDescription": "t1_mpr_cor",
    "SeriesNumber": 8,
    "ShimSetting": [
      -9,
      -47,
      -12,
      2073,
      110,
      -3914,
      2221,
      65
    ],
    "SliceThickness": 0.9,
    "SoftwareVersions": "syngo_MR_2002B_4VA21A",
    "StationName": "wes4T",
    "TxRefAmp": 193.449,
    "dataset": "ds004169",
    "modality": "T1w",
    "session_id": "01",
    "subject_id": "1240"
  },
  "cjv": 0.3665973145628519,
  "cnr": 3.598430480054359,
  "efc": 0.4366416573756599,
  "fber": -1.0,
  "fwhm_avg": 4.297570559271515,
  "fwhm_x": 4.390975999999999,
  "fwhm_y": 4.615122344481212,
  "fwhm_z": 3.8866133333333335,
  "icvs_csf": 0.18622737057843416,
  "icvs_gm": 0.4694630054091792,
  "icvs_wm": 0.3443096240123867,
  "inu_med": 0.6917955279350281,
  "inu_range": 0.5213634014129639,
  "provenance": {
    "md5sum": "df81d0960d3745361c6b255c9e16edd2",
    "settings": {
      "testing": false
    },
    "software": "mriqc",
    "version": "23.0.1",
    "warnings": {
      "large_rot_frame": true,
      "small_air_mask": false
    },
    "webapi_port": null,
    "webapi_url": "https://mriqc.nimh.nih.gov/api/v1"
  },
  "qi_1": 0.0,
  "qi_2": 0.03531422141999186,
  "rpve_csf": 32.0083996361501,
  "rpve_gm": 14.213690593043003,
  "rpve_wm": 21.398255705782194,
  "size_x": 256,
  "size_y": 256,
  "size_z": 256,
  "snr_csf": 1.529995273544316,
  "snr_gm": 10.228431803903526,
  "snr_total": 9.613921097923031,
  "snr_wm": 17.083336216321253,
  "snrd_csf": 9.737422748752289,
  "snrd_gm": 20.79978206551541,
  "snrd_total": 20.468591409680744,
  "snrd_wm": 30.86856941477454,
  "spacing_x": 0.9375,
  "spacing_y": 0.8999999761581421,
  "spacing_z": 0.9375,
  "summary_bg_k": 13.035708273660834,
  "summary_bg_mad": 0.0,
  "summary_bg_mean": 12.01199826578858,
  "summary_bg_median": 0.0,
  "summary_bg_n": 5486198.0,
  "summary_bg_p05": 0.0,
  "summary_bg_p95": 54.19934828579426,
  "summary_bg_stdv": 21.224129678631932,
  "summary_csf_k": 16.050627379742984,
  "summary_csf_mad": 126.07331636640177,
  "summary_csf_mean": 343.64141918236544,
  "summary_csf_median": 315.4584650695324,
  "summary_csf_n": 26810.0,
  "summary_csf_p05": 111.79165015891195,
  "summary_csf_p95": 579.6050580501554,
  "summary_csf_stdv": 206.17879495798476,
  "summary_gm_k": 0.10346720495490613,
  "summary_gm_mad": 64.84128617095058,
  "summary_gm_mean": 672.5731884985662,
  "summary_gm_median": 673.8402443304658,
  "summary_gm_n": 70906.0,
  "summary_gm_p05": 561.713863324374,
  "summary_gm_p95": 778.6042372584343,
  "summary_gm_stdv": 65.87867090356998,
  "summary_wm_k": 0.5432196068080195,
  "summary_wm_mad": 54.74038229507385,
  "summary_wm_mean": 1002.6287335662174,
  "summary_wm_median": 1000.033764347434,
  "summary_wm_n": 239933.0,
  "summary_wm_p05": 910.0621699690819,
  "summary_wm_p95": 1102.5831238925457,
  "summary_wm_stdv": 58.53842994697881,
  "tpm_overlap_csf": 0.13644781799750053,
  "tpm_overlap_gm": 0.4733026277186104,
  "tpm_overlap_wm": 0.5096753046840945,
  "wm2max": 0.5675422969114282
}