{
  "aor": 0.006563385826771654,
  "aqi": 0.0138322757480315,
  "bids_meta": {
    "AcquisitionMatrixPE": 64,
    "AcquisitionNumber": 1,
    "AcquisitionTime": "08:54:12.007480",
    "BaseResolution": 64,
    "ConversionSoftware": "dcm2niix",
    "ConversionSoftwareVersion": "v1.0.20190410  GCC6.3.0",
    "DeviceSerialNumber": "18011",
    "EchoTime": 0.03,
    "FlipAngle": 90,
    "ImageComments": "Fake_MoCo_Reference_Volume_+_DiCo_Applied",
    "ImageOrientationPatientDICOM": [
      0.999857,
      0.00409728,
      0.0164308,
      1.00304e-08,
      0.970287,
      -0.241957
    ],
    "ImageType": [
      "ORIGINAL",
      "PRIMARY",
      "M",
      "ND",
      "DICO",
      "MOSAIC"
    ],
    "ImagingFrequency": 168.255,
    "InPlanePhaseEncodingDirectionDICOM": "COL",
    "MRAcquisitionType": "2D",
    "MagneticFieldStrength": 3.95064,
    "Manufacturer": "Siemens",
    "ManufacturersModelName": "MedSpec_4T",
    "Modality": "MR",
    "PartialFourier": 1,
    "PatientPosition": "HFS",
    "PercentPhaseFOV": 100,
    "PhaseEncodingDirection": "j-",
    "PhaseEncodingSteps": 64,
    "PhaseResolution": 1,
    "PixelBandwidth": 2790,
    "ProcedureStepDescription": "Research_fMRI",
    "ProtocolName": "Nback_dc_opt",
    "PulseSequenceDetails": "%CustomerSeq%_kt_ep2d_bold_dc",
    "ReceiveCoilName": "Head",
    "ReconMatrixPE": 64,
    "RepetitionTime": 2.1,
    "SAR": 0.0739032,
    "ScanOptions": "FS",
    "ScanningSequence": "SE_EP",
    "SequenceName": "epfid2d1_64",
    "SequenceVariant": "SK",
    "SeriesDescription": "Nback_dc_opt_DiCo",
    "SeriesNumber": 6,
    "ShimSetting": [
      27,
      0,
      53,
      1839,
      1251,
      -4240,
      2931,
      -295
    ],
    "SliceThickness": 3,
    "SoftwareVersions": "syngo_MR_2004A_4VA25A",
    "SpacingBetweenSlices": 3.6,
    "StationName": "WES4T",
    "TaskName": "nback",
    "TxRefAmp": 208.11,
    "dataset": "ds004169",
    "modality": "bold",
    "session_id": "01",
    "subject_id": "0592",
    "task_id": "nback"
  },
  "dummy_trs": 0,
  "dvars_nstd": 37.32810264158731,
  "dvars_std": 1.3310534745238094,
  "dvars_vstd": 1.0441359283333334,
  "efc": 0.48762203246999725,
  "fber": 1408.7603759765625,
  "fd_mean": 0.22886480186467478,
  "fd_num": 59,
  "fd_perc": 46.45669291338583,
  "fwhm_avg": 1.9282870045459994,
  "fwhm_x": 1.8289391304347826,
  "fwhm_y": 2.164577391304348,
  "fwhm_z": 1.7913444918988675,
  "gcor": 0.0102651,
  "gsr_x": -0.018875468522310257,
  "gsr_y": 0.02645999938249588,
  "provenance": {
    "md5sum": "9ef19ec88cb60029c897928c5b0ac94f",
    "settings": {
      "fd_thres": 0.2,
      "testing": false
    },
    "software": "mriqc",
    "version": "23.0.1",
    "webapi_port": null,
    "webapi_url": "https://mriqc.nimh.nih.gov/api/v1"
  },
  "size_t": 127,
  "size_x": 64,
  "size_y": 64,
  "size_z": 36,
  "snr": 4.954781617069054,
  "spacing_tr": 2.0999999046325684,
  "spacing_x": 3.59375,
  "spacing_y": 3.59375,
  "spacing_z": 3.5999999046325684,
  "summary_bg_k": 40.80076644988626,
  "summary_bg_mad": 11.113679978446946,
  "summary_bg_mean": 31.423641204833984,
  "summary_bg_median": 16.929134368896484,
  "summary_bg_n": 95247.0,
  "summary_bg_p05": 8.535432815551758,
  "summary_bg_p95": 96.28110046386716,
  "summary_bg_stdv": 41.80270004272461,
  "summary_fg_k": 6.494193643878917,
  "summary_fg_mad": 92.21900722494584,
  "summary_fg_mean": 666.6771850585938,
  "summary_fg_median": 654.7874145507812,
  "summary_fg_n": 21908.0,
  "summary_fg_p05": 493.29961853027345,
  "summary_fg_p95": 858.1858154296874,
  "summary_fg_stdv": 132.1496124267578,
  "tsnr": 46.14537125697825
}