{
  "aor": 0.0020428666666666667,
  "aqi": 0.006702392533333333,
  "bids_meta": {
    "AcquisitionMatrixPE": 64,
    "AcquisitionNumber": 1,
    "AcquisitionTime": "09:15:54.547510",
    "BaseResolution": 64,
    "ConversionSoftware": "dcm2niix",
    "ConversionSoftwareVersion": "v1.0.20190410  GCC6.3.0",
    "DeviceSerialNumber": "18011",
    "EchoTime": 0.03,
    "FlipAngle": 90,
    "ImageComments": "Fake_MoCo_Reference_Volume_+_DiCo_Applied",
    "ImageOrientationPatientDICOM": [
      1,
      2.22045e-16,
      0,
      -2.22045e-16,
      0.969016,
      -0.246999
    ],
    "ImageType": [
      "ORIGINAL",
      "PRIMARY",
      "M",
      "ND",
      "DICO",
      "MOSAIC"
    ],
    "ImagingFrequency": 168.255,
    "InPlanePhaseEncodingDirectionDICOM": "COL",
    "MRAcquisitionType": "2D",
    "MagneticFieldStrength": 3.95064,
    "Manufacturer": "Siemens",
    "ManufacturersModelName": "MedSpec_4T",
    "Modality": "MR",
    "PartialFourier": 1,
    "PatientPosition": "HFS",
    "PercentPhaseFOV": 100,
    "PhaseEncodingDirection": "j-",
    "PhaseEncodingSteps": 64,
    "PhaseResolution": 1,
    "PixelBandwidth": 2790,
    "ProcedureStepDescription": "Research_fMRI",
    "ProtocolName": "mz_bold_dc_REST",
    "PulseSequenceDetails": "%CustomerSeq%_mz_ep2d_bold_dc",
    "ReceiveCoilName": "Head",
    "ReconMatrixPE": 64,
    "RepetitionTime": 2.1,
    "SAR": 0.0683381,
    "ScanOptions": "FS",
    "ScanningSequence": "SE_EP",
    "SequenceName": "epfid2d1_64",
    "SequenceVariant": "SK",
    "SeriesDescription": "mz_bold_dc_REST_DiCo",
    "SeriesNumber": 10,
    "ShimSetting": [
      11,
      17,
      43,
      1314,
      500,
      -3315,
      1551,
      5
    ],
    "SliceThickness": 3,
    "SoftwareVersions": "syngo_MR_2004A_4VA25A",
    "SpacingBetweenSlices": 3.6,
    "StationName": "WES4T",
    "TaskName": "rest",
    "TxRefAmp": 206.234,
    "dataset": "ds004169",
    "modality": "bold",
    "session_id": "01",
    "subject_id": "0624",
    "task_id": "rest"
  },
  "dummy_trs": 0,
  "dvars_nstd": 25.48524951322148,
  "dvars_std": 1.1404123489261742,
  "dvars_vstd": 1.0055146692617447,
  "efc": 0.5206341379883153,
  "fber": 1337.549560546875,
  "fd_mean": 0.15767329831383847,
  "fd_num": 24,
  "fd_perc": 16.0,
  "fwhm_avg": 1.7019030324325735,
  "fwhm_x": 1.5918942608695652,
  "fwhm_y": 1.846920347826087,
  "fwhm_z": 1.6668944886020685,
  "gcor": 0.0418408,
  "gsr_x": -0.017088375985622406,
  "gsr_y": 0.03988316282629967,
  "provenance": {
    "md5sum": "bd76765078f3c2cb06d150f074aadf4e",
    "settings": {
      "fd_thres": 0.2,
      "testing": false
    },
    "software": "mriqc",
    "version": "23.0.1",
    "webapi_port": null,
    "webapi_url": "https://mriqc.nimh.nih.gov/api/v1"
  },
  "size_t": 150,
  "size_x": 64,
  "size_y": 64,
  "size_z": 36,
  "snr": 5.637673525854843,
  "spacing_tr": 2.0999999046325684,
  "spacing_x": 3.59375,
  "spacing_y": 3.59375,
  "spacing_z": 3.5999999046325684,
  "summary_bg_k": 47.28326877526657,
  "summary_bg_mad": 10.427635556358744,
  "summary_bg_mean": 28.877761840820312,
  "summary_bg_median": 15.026666641235352,
  "summary_bg_n": 89953.0,
  "summary_bg_p05": 7.37333345413208,
  "summary_bg_p95": 86.31333923339844,
  "summary_bg_stdv": 39.2660026550293,
  "summary_fg_k": 2.8931465040031643,
  "summary_fg_mad": 84.95308902219938,
  "summary_fg_mean": 559.489501953125,
  "summary_fg_median": 552.7533569335938,
  "summary_fg_n": 26526.0,
  "summary_fg_p05": 418.57167053222656,
  "summary_fg_p95": 716.5583343505859,
  "summary_fg_stdv": 98.04450988769531,
  "tsnr": 58.26525294780731
}