{
  "bids_meta": {
    "AcquisitionMatrixPE": 225,
    "AcquisitionNumber": 1,
    "AcquisitionTime": "08:56:30.609990",
    "BaseResolution": 256,
    "ConversionSoftware": "dcm2niix",
    "ConversionSoftwareVersion": "v1.0.20190410  GCC6.3.0",
    "DeviceSerialNumber": "18011",
    "EchoTime": 0.00335,
    "FlipAngle": 8,
    "ImageOrientationPatientDICOM": [
      0,
      1,
      0,
      0,
      0,
      -1
    ],
    "ImageType": [
      "ORIGINAL",
      "PRIMARY",
      "M",
      "ND"
    ],
    "ImagingFrequency": 168.255,
    "InPlanePhaseEncodingDirectionDICOM": "ROW",
    "InversionTime": 0.7,
    "MRAcquisitionType": "3D",
    "MagneticFieldStrength": 3.95064,
    "Manufacturer": "Siemens",
    "ManufacturersModelName": "MedSpec_4T",
    "Modality": "MR",
    "PartialFourier": 0.875,
    "PatientPosition": "HFS",
    "PercentPhaseFOV": 100,
    "PhaseEncodingSteps": 197,
    "PhaseResolution": 0.878906,
    "PixelBandwidth": 200,
    "ProcedureStepDescription": "Research_fMRI",
    "ProtocolName": "t1_mpr_sag",
    "PulseSequenceDetails": "%SiemensSeq%_tfl",
    "ReceiveCoilName": "Head",
    "ReconMatrixPE": 256,
    "RepetitionTime": 1.5,
    "SAR": 0.0479445,
    "ScanOptions": "IR",
    "ScanningSequence": "IR_GR",
    "SequenceName": "tfl3d1_ns",
    "SequenceVariant": "SP_MP",
    "SeriesDescription": "t1_mpr_sag",
    "SeriesNumber": 8,
    "ShimSetting": [
      15,
      16,
      7,
      1343,
      954,
      -2728,
      1509,
      284
    ],
    "SliceThickness": 0.9,
    "SoftwareVersions": "syngo_MR_2004A_4VA25A",
    "StationName": "WES4T",
    "TxRefAmp": 203.439,
    "dataset": "ds004169",
    "modality": "T1w",
    "session_id": "01",
    "subject_id": "0021"
  },
  "cjv": 0.36290561766405777,
  "cnr": 3.622352391610785,
  "efc": 0.5108503688523748,
  "fber": 13526.128871484516,
  "fwhm_avg": 5.4632514569736506,
  "fwhm_x": 5.613189037587618,
  "fwhm_y": 5.651029333333333,
  "fwhm_z": 5.125535999999999,
  "icvs_csf": 0.2080531975732738,
  "icvs_gm": 0.4012697075980672,
  "icvs_wm": 0.39067709482865903,
  "inu_med": 0.6824416518211365,
  "inu_range": 0.5201298892498015,
  "provenance": {
    "md5sum": "4fc31eed1d00e63e639b83a04e093c3c",
    "settings": {
      "testing": false
    },
    "software": "mriqc",
    "version": "22.0.6",
    "warnings": {
      "large_rot_frame": true,
      "small_air_mask": false
    },
    "webapi_port": null,
    "webapi_url": "https://mriqc.nimh.nih.gov/api/v1"
  },
  "qi_1": 0.0,
  "qi_2": 0.004471112323266116,
  "rpve_csf": 21.149953072274123,
  "rpve_gm": 11.053603624857555,
  "rpve_wm": 13.757499155465746,
  "size_x": 240,
  "size_y": 256,
  "size_z": 256,
  "snr_csf": 1.925120051667446,
  "snr_gm": 9.91467342314626,
  "snr_total": 10.074034012715883,
  "snr_wm": 18.382308563333943,
  "snrd_csf": 25.622933792313656,
  "snrd_gm": 60.87327127958665,
  "snrd_total": 58.921883464679524,
  "snrd_wm": 90.26944532213827,
  "spacing_x": 0.8999999761581421,
  "spacing_y": 0.9375,
  "spacing_z": 0.9375,
  "summary_bg_k": 20.13628613914478,
  "summary_bg_mad": 7.2578175311658635,
  "summary_bg_mean": 14.590689109545044,
  "summary_bg_median": 4.895323533564806,
  "summary_bg_n": 4446583.0,
  "summary_bg_p05": 0.0,
  "summary_bg_p95": 59.299380108714104,
  "summary_bg_stdv": 22.285743842224136,
  "summary_csf_k": 37.146691080751204,
  "summary_csf_mad": 109.58789733228457,
  "summary_csf_mean": 290.2048554924262,
  "summary_csf_median": 283.8593277335167,
  "summary_csf_n": 78505.0,
  "summary_csf_p05": 102.03798485919833,
  "summary_csf_p95": 468.7011893838644,
  "summary_csf_stdv": 147.4492562559167,
  "summary_gm_k": 0.1414766253712374,
  "summary_gm_mad": 67.17341757568406,
  "summary_gm_mean": 673.8830094611844,
  "summary_gm_median": 674.3742150068283,
  "summary_gm_n": 52074.0,
  "summary_gm_p05": 561.6428993083537,
  "summary_gm_p95": 783.9808561094105,
  "summary_gm_stdv": 68.017140962867,
  "summary_wm_k": 0.7188404337986185,
  "summary_wm_mad": 51.01061825096008,
  "summary_wm_mean": 1002.1287722652603,
  "summary_wm_median": 1000.0347451120615,
  "summary_wm_n": 406065.0,
  "summary_wm_p05": 917.057275287807,
  "summary_wm_p95": 1094.7818225808442,
  "summary_wm_stdv": 54.40195448210821,
  "tpm_overlap_csf": 0.1089438373296619,
  "tpm_overlap_gm": 0.41125248870852493,
  "tpm_overlap_wm": 0.46844290124002413,
  "wm2max": 0.5272078338061682
}