{
  "bids_meta": {
    "AcquisitionMatrixPE": 225,
    "AcquisitionNumber": 1,
    "AcquisitionTime": "11:32:40.737520",
    "BaseResolution": 256,
    "ConversionSoftware": "dcm2niix",
    "ConversionSoftwareVersion": "v1.0.20190410  GCC6.3.0",
    "DeviceSerialNumber": "18011",
    "EchoTime": 0.00335,
    "FlipAngle": 8,
    "ImageOrientationPatientDICOM": [
      1,
      0,
      0,
      0,
      0,
      -1
    ],
    "ImageType": [
      "ORIGINAL",
      "PRIMARY",
      "M",
      "ND"
    ],
    "ImagingFrequency": 168.255,
    "InPlanePhaseEncodingDirectionDICOM": "ROW",
    "InversionTime": 0.7,
    "MRAcquisitionType": "3D",
    "MagneticFieldStrength": 3.95064,
    "Manufacturer": "Siemens",
    "ManufacturersModelName": "MedSpec_4T",
    "Modality": "MR",
    "PartialFourier": 0.875,
    "PatientPosition": "HFS",
    "PercentPhaseFOV": 100,
    "PhaseEncodingSteps": 197,
    "PhaseResolution": 0.878906,
    "PixelBandwidth": 200,
    "ProcedureStepDescription": "Research_fMRI",
    "ProtocolName": "t1_mpr_cor",
    "PulseSequenceDetails": "%SiemensSeq%_tfl",
    "ReceiveCoilName": "Head",
    "ReconMatrixPE": 256,
    "RepetitionTime": 1.5,
    "SAR": 0.0511174,
    "ScanOptions": "IR",
    "ScanningSequence": "IR_GR",
    "SequenceName": "tfl3d1_ns",
    "SequenceVariant": "SP_MP",
    "SeriesDescription": "t1_mpr_cor",
    "SeriesNumber": 2,
    "ShimSetting": [
      11,
      16,
      28,
      1903,
      265,
      -4157,
      1868,
      297
    ],
    "SliceThickness": 0.9,
    "SoftwareVersions": "syngo_MR_2004A_4VA25A",
    "StationName": "WES4T",
    "TxRefAmp": 208.271,
    "dataset": "ds004169",
    "modality": "T1w",
    "session_id": "02",
    "subject_id": "0076"
  },
  "cjv": 0.3383196651262783,
  "cnr": 3.8952747436504382,
  "efc": 0.471992083075421,
  "fber": 11551.689843893479,
  "fwhm_avg": 4.97852553011485,
  "fwhm_x": 5.036128000000001,
  "fwhm_y": 5.50754459034455,
  "fwhm_z": 4.391903999999999,
  "icvs_csf": 0.20020083295839788,
  "icvs_gm": 0.44036316929086566,
  "icvs_wm": 0.3594359977507364,
  "inu_med": 0.6399871408939362,
  "inu_range": 0.49587750434875466,
  "provenance": {
    "md5sum": "9d9c34c56eefef54b84039bb697ca3d1",
    "settings": {
      "testing": false
    },
    "software": "mriqc",
    "version": "22.0.6",
    "warnings": {
      "large_rot_frame": true,
      "small_air_mask": false
    },
    "webapi_port": null,
    "webapi_url": "https://mriqc.nimh.nih.gov/api/v1"
  },
  "qi_1": 0.0,
  "qi_2": 0.004954321606997883,
  "rpve_csf": 25.152625744769296,
  "rpve_gm": 12.335151975127726,
  "rpve_wm": 17.648169966461715,
  "size_x": 256,
  "size_y": 240,
  "size_z": 256,
  "snr_csf": 1.9247510550973916,
  "snr_gm": 11.291962628131866,
  "snr_total": 11.531487453704964,
  "snr_wm": 21.377748677885634,
  "snrd_csf": 28.803543285234095,
  "snrd_gm": 60.57701985848857,
  "snrd_total": 58.99185303607013,
  "snrd_wm": 87.59499596448774,
  "spacing_x": 0.9375,
  "spacing_y": 0.8999999761581421,
  "spacing_z": 0.9375,
  "summary_bg_k": 23.470636128409176,
  "summary_bg_mad": 7.479153525041173,
  "summary_bg_mean": 13.253267129588089,
  "summary_bg_median": 5.044612392783165,
  "summary_bg_n": 4421839.0,
  "summary_bg_p05": 0.0,
  "summary_bg_p95": 50.65202647447586,
  "summary_bg_stdv": 18.199397280766654,
  "summary_csf_k": 22.410751106944787,
  "summary_csf_mad": 118.54712730167302,
  "summary_csf_mean": 338.2543071541928,
  "summary_csf_median": 328.8263669908047,
  "summary_csf_n": 49286.0,
  "summary_csf_p05": 119.62937960028648,
  "summary_csf_p95": 531.5717412531376,
  "summary_csf_stdv": 170.8392522777022,
  "summary_gm_k": 0.153495771891063,
  "summary_gm_mad": 60.34201415441382,
  "summary_gm_mean": 690.6282834687748,
  "summary_gm_median": 691.5580199956894,
  "summary_gm_n": 62472.0,
  "summary_gm_p05": 588.1794988892973,
  "summary_gm_p95": 788.7937817938625,
  "summary_gm_stdv": 61.242895305626305,
  "summary_wm_k": 0.4664099754527453,
  "summary_wm_mad": 44.009985028303504,
  "summary_wm_mean": 1001.0640074386102,
  "summary_wm_median": 1000.0000348687172,
  "summary_wm_n": 305077.0,
  "summary_wm_p05": 925.6692155301571,
  "summary_wm_p95": 1079.4441007822752,
  "summary_wm_stdv": 46.77753541799625,
  "tpm_overlap_csf": 0.12853486704491104,
  "tpm_overlap_gm": 0.46067932382147053,
  "tpm_overlap_wm": 0.5040190170583472,
  "wm2max": 0.5765958288812378
}