{
  "aor": 0.0028308661417322826,
  "aqi": 0.015857515511811027,
  "bids_meta": {
    "AcquisitionMatrixPE": 64,
    "AcquisitionNumber": 1,
    "AcquisitionTime": "22:34:29.877510",
    "BaseResolution": 64,
    "ConversionSoftware": "dcm2niix",
    "ConversionSoftwareVersion": "v1.0.20190410  GCC6.3.0",
    "DeviceSerialNumber": "18011",
    "EchoTime": 0.03,
    "FlipAngle": 90,
    "ImageComments": "Fake_MoCo_Reference_Volume_+_DiCo_Applied",
    "ImageOrientationPatientDICOM": [
      1,
      0,
      0,
      0,
      0.992546,
      -0.121869
    ],
    "ImageType": [
      "ORIGINAL",
      "PRIMARY",
      "M",
      "ND",
      "MOSAIC"
    ],
    "ImagingFrequency": 168.255,
    "InPlanePhaseEncodingDirectionDICOM": "COL",
    "MRAcquisitionType": "2D",
    "MagneticFieldStrength": 3.95064,
    "Manufacturer": "Siemens",
    "ManufacturersModelName": "MedSpec_4T",
    "Modality": "MR",
    "PartialFourier": 1,
    "PatientPosition": "HFS",
    "PercentPhaseFOV": 100,
    "PhaseEncodingDirection": "j-",
    "PhaseEncodingSteps": 64,
    "PhaseResolution": 1,
    "PixelBandwidth": 2790,
    "ProtocolName": "Nback_dc_opt",
    "PulseSequenceDetails": "%CustomerSeq%_kt_ep2d_bold_dc",
    "ReceiveCoilName": "Head_4T",
    "ReconMatrixPE": 64,
    "RepetitionTime": 2.1,
    "SAR": 0.0394233,
    "ScanOptions": "FS",
    "ScanningSequence": "SE_EP",
    "SequenceName": "epfid2d1_64",
    "SequenceVariant": "SK",
    "SeriesDescription": "Nback_dc_opt_DiCo",
    "SeriesNumber": 7,
    "ShimSetting": [
      3,
      -40,
      8,
      2272,
      875,
      -4368,
      3423,
      -272
    ],
    "SliceThickness": 3,
    "SoftwareVersions": "syngo_MR_2002B_4VA21A",
    "SpacingBetweenSlices": 3.6,
    "StationName": "wes4T",
    "TaskName": "nback",
    "TxRefAmp": 180.373,
    "dataset": "ds004169",
    "modality": "bold",
    "session_id": "01",
    "subject_id": "0672",
    "task_id": "nback"
  },
  "dummy_trs": 0,
  "dvars_nstd": 27.313334056587298,
  "dvars_std": 1.0553070426190476,
  "dvars_vstd": 0.9236468978571427,
  "efc": 0.4620732653808057,
  "fber": 2586.154052734375,
  "fd_mean": 0.12325661526452106,
  "fd_num": 15,
  "fd_perc": 11.811023622047244,
  "fwhm_avg": 1.8952379123689571,
  "fwhm_x": 1.7644382608695652,
  "fwhm_y": 2.1683144347826087,
  "fwhm_z": 1.7529610414546977,
  "gcor": 0.0139689,
  "gsr_x": -0.024905091151595116,
  "gsr_y": 0.037444911897182465,
  "provenance": {
    "md5sum": "0fcf3d3c962a35a700162b5ce015316f",
    "settings": {
      "fd_thres": 0.2,
      "testing": false
    },
    "software": "mriqc",
    "version": "23.0.1",
    "webapi_port": null,
    "webapi_url": "https://mriqc.nimh.nih.gov/api/v1"
  },
  "size_t": 127,
  "size_x": 64,
  "size_y": 64,
  "size_z": 36,
  "snr": 4.923573671319644,
  "spacing_tr": 2.0999999046325684,
  "spacing_x": 3.59375,
  "spacing_y": 3.59375,
  "spacing_z": 3.6000001430511475,
  "summary_bg_k": 36.8352041831358,
  "summary_bg_mad": 7.623143590227411,
  "summary_bg_mean": 29.362876892089844,
  "summary_bg_median": 14.858267784118652,
  "summary_bg_n": 96709.0,
  "summary_bg_p05": 9.070865631103516,
  "summary_bg_p95": 86.96535644531244,
  "summary_bg_stdv": 38.24475860595703,
  "summary_fg_k": 4.880679732250379,
  "summary_fg_mad": 124.87711265448456,
  "summary_fg_mean": 788.3215942382812,
  "summary_fg_median": 774.3385620117188,
  "summary_fg_n": 20455.0,
  "summary_fg_p05": 578.9669311523437,
  "summary_fg_p95": 1031.6763793945313,
  "summary_fg_stdv": 157.26780700683594,
  "tsnr": 40.88347038743086
}