{
  "aor": 0.0018830201342281878,
  "aqi": 0.010514630402684563,
  "bids_meta": {
    "AcquisitionMatrixPE": 64,
    "AcquisitionNumber": 1,
    "AcquisitionTime": "13:33:53.022510",
    "BaseResolution": 64,
    "ConversionSoftware": "dcm2niix",
    "ConversionSoftwareVersion": "v1.0.20190410  GCC6.3.0",
    "DeviceSerialNumber": "18011",
    "EchoTime": 0.03,
    "FlipAngle": 90,
    "ImageComments": "Fake_MoCo_Reference_Volume_+_DiCo_Applied",
    "ImageOrientationPatientDICOM": [
      1,
      0,
      0,
      0,
      0.929776,
      -0.368125
    ],
    "ImageType": [
      "ORIGINAL",
      "PRIMARY",
      "M",
      "ND",
      "DICO",
      "MOSAIC"
    ],
    "ImagingFrequency": 168.255,
    "InPlanePhaseEncodingDirectionDICOM": "COL",
    "MRAcquisitionType": "2D",
    "MagneticFieldStrength": 3.95064,
    "Manufacturer": "Siemens",
    "ManufacturersModelName": "MedSpec_4T",
    "Modality": "MR",
    "PartialFourier": 1,
    "PatientPosition": "HFS",
    "PercentPhaseFOV": 100,
    "PhaseEncodingDirection": "j-",
    "PhaseEncodingSteps": 64,
    "PhaseResolution": 1,
    "PixelBandwidth": 2790,
    "ProcedureStepDescription": "Research_fMRI",
    "ProtocolName": "mz_bold_dc_REST",
    "PulseSequenceDetails": "%CustomerSeq%_mz_ep2d_bold_dc",
    "ReceiveCoilName": "Head",
    "ReconMatrixPE": 64,
    "RepetitionTime": 2.1,
    "SAR": 0.0874979,
    "ScanOptions": "FS",
    "ScanningSequence": "SE_EP",
    "SequenceName": "epfid2d1_64",
    "SequenceVariant": "SK",
    "SeriesDescription": "mz_bold_dc_REST_DiCo",
    "SeriesNumber": 10,
    "ShimSetting": [
      7,
      -6,
      22,
      1997,
      -143,
      -2696,
      1899,
      55
    ],
    "SliceThickness": 3,
    "SoftwareVersions": "syngo_MR_2004A_4VA25A",
    "SpacingBetweenSlices": 3.6,
    "StationName": "WES4T",
    "TaskName": "rest",
    "TxRefAmp": 178.011,
    "dataset": "ds004169",
    "modality": "bold",
    "session_id": "01",
    "subject_id": "1073",
    "task_id": "rest"
  },
  "dummy_trs": 1,
  "dvars_nstd": 20.733753011148657,
  "dvars_std": 1.0496276148648649,
  "dvars_vstd": 0.965206208986487,
  "efc": 0.4590289955609527,
  "fber": 2837.221923828125,
  "fd_mean": 0.13009879563047336,
  "fd_num": 23,
  "fd_perc": 15.436241610738255,
  "fwhm_avg": 1.7391707148318432,
  "fwhm_x": 1.6862664347826086,
  "fwhm_y": 1.906304,
  "fwhm_z": 1.6249417097129213,
  "gcor": 0.0267725,
  "gsr_x": -0.020244207233190536,
  "gsr_y": 0.03712692856788635,
  "provenance": {
    "md5sum": "0010eff38e10b9e9614b551bbce2d2e1",
    "settings": {
      "fd_thres": 0.2,
      "testing": false
    },
    "software": "mriqc",
    "version": "23.0.1",
    "webapi_port": null,
    "webapi_url": "https://mriqc.nimh.nih.gov/api/v1"
  },
  "size_t": 149,
  "size_x": 64,
  "size_y": 64,
  "size_z": 36,
  "snr": 5.076829738909975,
  "spacing_tr": 2.0999999046325684,
  "spacing_x": 3.59375,
  "spacing_y": 3.59375,
  "spacing_z": 3.5999999046325684,
  "summary_bg_k": 86.38322222744488,
  "summary_bg_mad": 6.328422308815463,
  "summary_bg_mean": 22.084693908691406,
  "summary_bg_median": 11.00671100616455,
  "summary_bg_n": 96597.0,
  "summary_bg_p05": 6.382550239562988,
  "summary_bg_p95": 66.21073760986324,
  "summary_bg_stdv": 31.185068130493164,
  "summary_fg_k": 4.176591586914766,
  "summary_fg_mad": 100.62293845869368,
  "summary_fg_mean": 616.474365234375,
  "summary_fg_median": 606.8053588867188,
  "summary_fg_n": 20740.0,
  "summary_fg_p05": 453.2812194824219,
  "summary_fg_p95": 802.3570556640625,
  "summary_fg_stdv": 119.5215835571289,
  "tsnr": 52.364559073001146
}