{
  "aor": 0.0007999328859060402,
  "aqi": 0.006277375973154362,
  "bids_meta": {
    "AcquisitionMatrixPE": 64,
    "AcquisitionNumber": 1,
    "AcquisitionTime": "09:23:54.457520",
    "BaseResolution": 64,
    "ConversionSoftware": "dcm2niix",
    "ConversionSoftwareVersion": "v1.0.20190410  GCC6.3.0",
    "DeviceSerialNumber": "18011",
    "EchoTime": 0.03,
    "FlipAngle": 90,
    "ImageComments": "Fake_MoCo_Reference_Volume_+_DiCo_Applied",
    "ImageOrientationPatientDICOM": [
      1,
      0,
      -1.38778e-17,
      0,
      0.983255,
      -0.182236
    ],
    "ImageType": [
      "ORIGINAL",
      "PRIMARY",
      "M",
      "ND",
      "DICO",
      "MOSAIC"
    ],
    "ImagingFrequency": 168.255,
    "InPlanePhaseEncodingDirectionDICOM": "COL",
    "MRAcquisitionType": "2D",
    "MagneticFieldStrength": 3.95064,
    "Manufacturer": "Siemens",
    "ManufacturersModelName": "MedSpec_4T",
    "Modality": "MR",
    "PartialFourier": 1,
    "PatientPosition": "HFS",
    "PercentPhaseFOV": 100,
    "PhaseEncodingDirection": "j-",
    "PhaseEncodingSteps": 64,
    "PhaseResolution": 1,
    "PixelBandwidth": 2790,
    "ProcedureStepDescription": "Research_fMRI",
    "ProtocolName": "mz_bold_dc_REST",
    "PulseSequenceDetails": "%CustomerSeq%_mz_ep2d_bold_dc",
    "ReceiveCoilName": "Head",
    "ReconMatrixPE": 64,
    "RepetitionTime": 2.1,
    "SAR": 0.0979151,
    "ScanOptions": "FS",
    "ScanningSequence": "SE_EP",
    "SequenceName": "epfid2d1_64",
    "SequenceVariant": "SK",
    "SeriesDescription": "mz_bold_dc_REST_DiCo",
    "SeriesNumber": 9,
    "ShimSetting": [
      27,
      3,
      48,
      2460,
      741,
      -2885,
      2704,
      -114
    ],
    "SliceThickness": 3,
    "SoftwareVersions": "syngo_MR_2004A_4VA25A",
    "SpacingBetweenSlices": 3.6,
    "StationName": "WES4T",
    "TaskName": "rest",
    "TxRefAmp": 198.932,
    "dataset": "ds004169",
    "modality": "bold",
    "session_id": "01",
    "subject_id": "1014",
    "task_id": "rest"
  },
  "dummy_trs": 1,
  "dvars_nstd": 37.27725318945945,
  "dvars_std": 1.3959038660810807,
  "dvars_vstd": 1.0016383831756754,
  "efc": 0.47959392338605245,
  "fber": 1736.3243408203125,
  "fd_mean": 0.16882635373188176,
  "fd_num": 51,
  "fd_perc": 34.22818791946309,
  "fwhm_avg": 1.7393733700358052,
  "fwhm_x": 1.6557384347826087,
  "fwhm_y": 1.9590205217391305,
  "fwhm_z": 1.6033611535856764,
  "gcor": 0.0339796,
  "gsr_x": -0.023257169872522354,
  "gsr_y": 0.037155140191316605,
  "provenance": {
    "md5sum": "220c01aba8d7ba81172aab2a785591f1",
    "settings": {
      "fd_thres": 0.2,
      "testing": false
    },
    "software": "mriqc",
    "version": "23.0.1",
    "webapi_port": null,
    "webapi_url": "https://mriqc.nimh.nih.gov/api/v1"
  },
  "size_t": 149,
  "size_x": 64,
  "size_y": 64,
  "size_z": 36,
  "snr": 4.661608401518515,
  "spacing_tr": 2.0999999046325684,
  "spacing_x": 3.59375,
  "spacing_y": 3.59375,
  "spacing_z": 3.5999999046325684,
  "summary_bg_k": 90.4169773116839,
  "summary_bg_mad": 8.567251679435474,
  "summary_bg_mean": 27.63666343688965,
  "summary_bg_median": 14.543623924255371,
  "summary_bg_n": 94681.0,
  "summary_bg_p05": 8.214765548706055,
  "summary_bg_p95": 80.2818832397461,
  "summary_bg_stdv": 41.231163024902344,
  "summary_fg_k": 4.613916426964592,
  "summary_fg_mad": 106.13546055018075,
  "summary_fg_mean": 651.2323608398438,
  "summary_fg_median": 633.8053588867188,
  "summary_fg_n": 21898.0,
  "summary_fg_p05": 474.3704574584961,
  "summary_fg_p95": 874.6047180175776,
  "summary_fg_stdv": 135.95970153808594,
  "tsnr": 60.86505350237712
}