{
  "aor": 0.0024884251968503935,
  "aqi": 0.009847337401574804,
  "bids_meta": {
    "AcquisitionMatrixPE": 64,
    "AcquisitionNumber": 1,
    "AcquisitionTime": "09:27:18.032510",
    "BaseResolution": 64,
    "ConversionSoftware": "dcm2niix",
    "ConversionSoftwareVersion": "v1.0.20190410  GCC6.3.0",
    "DeviceSerialNumber": "18011",
    "EchoTime": 0.03,
    "FlipAngle": 90,
    "ImageComments": "Fake_MoCo_Reference_Volume_+_DiCo_Applied",
    "ImageOrientationPatientDICOM": [
      0.999391,
      -2.22045e-16,
      -0.0348995,
      2.22045e-16,
      1,
      0
    ],
    "ImageType": [
      "ORIGINAL",
      "PRIMARY",
      "M",
      "ND",
      "MOSAIC"
    ],
    "ImagingFrequency": 168.217,
    "InPlanePhaseEncodingDirectionDICOM": "COL",
    "MRAcquisitionType": "2D",
    "MagneticFieldStrength": 3.95064,
    "Manufacturer": "Siemens",
    "ManufacturersModelName": "MedSpec_4T",
    "Modality": "MR",
    "PartialFourier": 1,
    "PatientPosition": "HFS",
    "PercentPhaseFOV": 100,
    "PhaseEncodingDirection": "j-",
    "PhaseEncodingSteps": 64,
    "PhaseResolution": 1,
    "PixelBandwidth": 2790,
    "ProtocolName": "Nback_dc",
    "PulseSequenceDetails": "%CustomerSeq%_mz_ep2d_bold_dc",
    "ReceiveCoilName": "Head_4T",
    "ReconMatrixPE": 64,
    "RepetitionTime": 2.1,
    "SAR": 0.0781022,
    "ScanOptions": "FS",
    "ScanningSequence": "SE_EP",
    "SequenceName": "epfid2d1_64",
    "SequenceVariant": "SK",
    "SeriesDescription": "Nback_dc_DiCo",
    "SeriesNumber": 7,
    "ShimSetting": [
      -19,
      11,
      -26,
      2211,
      -200,
      -2140,
      1065,
      -37
    ],
    "SliceThickness": 3,
    "SoftwareVersions": "syngo_MR_2002B_4VA21A",
    "SpacingBetweenSlices": 3.6,
    "StationName": "wes4T",
    "TaskName": "nback",
    "TxRefAmp": 193.706,
    "dataset": "ds004169",
    "modality": "bold",
    "session_id": "01",
    "subject_id": "0932",
    "task_id": "nback"
  },
  "dummy_trs": 0,
  "dvars_nstd": 31.699651143253977,
  "dvars_std": 1.0288877147619047,
  "dvars_vstd": 0.9802241546031747,
  "efc": 0.48578065149185334,
  "fber": 1864.37841796875,
  "fd_mean": 0.11910562220402601,
  "fd_num": 8,
  "fd_perc": 6.299212598425197,
  "fwhm_avg": 1.881829725168389,
  "fwhm_x": 1.775045565217391,
  "fwhm_y": 2.1690935652173913,
  "fwhm_z": 1.7013500450703845,
  "gcor": 0.0170427,
  "gsr_x": -0.012876316905021667,
  "gsr_y": 0.03740910813212395,
  "provenance": {
    "md5sum": "2072431d74586fef4ce23d4d9162cc9e",
    "settings": {
      "fd_thres": 0.2,
      "testing": false
    },
    "software": "mriqc",
    "version": "23.0.1",
    "webapi_port": null,
    "webapi_url": "https://mriqc.nimh.nih.gov/api/v1"
  },
  "size_t": 127,
  "size_x": 64,
  "size_y": 64,
  "size_z": 36,
  "snr": 4.590453693001523,
  "spacing_tr": 2.0999999046325684,
  "spacing_x": 3.59375,
  "spacing_y": 3.59375,
  "spacing_z": 3.5999999046325684,
  "summary_bg_k": 44.783715199969826,
  "summary_bg_mad": 8.440326939644738,
  "summary_bg_mean": 28.55695343017578,
  "summary_bg_median": 14.149606704711914,
  "summary_bg_n": 94546.0,
  "summary_bg_p05": 7.543306827545166,
  "summary_bg_p95": 88.92913055419922,
  "summary_bg_stdv": 41.24134826660156,
  "summary_fg_k": 5.303146562924738,
  "summary_fg_mad": 105.28226749493294,
  "summary_fg_mean": 627.7865600585938,
  "summary_fg_median": 614.035400390625,
  "summary_fg_n": 22562.0,
  "summary_fg_p05": 448.7878082275391,
  "summary_fg_p95": 832.2590393066406,
  "summary_fg_stdv": 133.76058959960938,
  "tsnr": 42.40404881013092
}