{
  "aor": 0.0029207086614173225,
  "aqi": 0.0071411405511811014,
  "bids_meta": {
    "AcquisitionMatrixPE": 64,
    "AcquisitionNumber": 1,
    "AcquisitionTime": "12:01:27.292510",
    "BaseResolution": 64,
    "ConversionSoftware": "dcm2niix",
    "ConversionSoftwareVersion": "v1.0.20190410  GCC6.3.0",
    "DeviceSerialNumber": "18011",
    "EchoTime": 0.03,
    "FlipAngle": 90,
    "ImageComments": "Fake_MoCo_Reference_Volume_+_DiCo_Applied",
    "ImageOrientationPatientDICOM": [
      1,
      2.22045e-16,
      0,
      -2.22045e-16,
      0.980615,
      -0.195946
    ],
    "ImageType": [
      "ORIGINAL",
      "PRIMARY",
      "M",
      "ND",
      "DICO",
      "MOSAIC"
    ],
    "ImagingFrequency": 168.255,
    "InPlanePhaseEncodingDirectionDICOM": "COL",
    "MRAcquisitionType": "2D",
    "MagneticFieldStrength": 3.95064,
    "Manufacturer": "Siemens",
    "ManufacturersModelName": "MedSpec_4T",
    "Modality": "MR",
    "PartialFourier": 1,
    "PatientPosition": "HFS",
    "PercentPhaseFOV": 100,
    "PhaseEncodingDirection": "j-",
    "PhaseEncodingSteps": 64,
    "PhaseResolution": 1,
    "PixelBandwidth": 2790,
    "ProcedureStepDescription": "Research_fMRI",
    "ProtocolName": "Nback_dc_opt",
    "PulseSequenceDetails": "%CustomerSeq%_kt_ep2d_bold_dc",
    "ReceiveCoilName": "Head",
    "ReconMatrixPE": 64,
    "RepetitionTime": 2.1,
    "SAR": 0.067507,
    "ScanOptions": "FS",
    "ScanningSequence": "SE_EP",
    "SequenceName": "epfid2d1_64",
    "SequenceVariant": "SK",
    "SeriesDescription": "Nback_dc_opt_DiCo",
    "SeriesNumber": 7,
    "ShimSetting": [
      -1,
      31,
      34,
      2286,
      251,
      -4267,
      2186,
      -342
    ],
    "SliceThickness": 3,
    "SoftwareVersions": "syngo_MR_2004A_4VA25A",
    "SpacingBetweenSlices": 3.6,
    "StationName": "WES4T",
    "TaskName": "nback",
    "TxRefAmp": 197.106,
    "dataset": "ds004169",
    "modality": "bold",
    "session_id": "01",
    "subject_id": "0971",
    "task_id": "nback"
  },
  "dummy_trs": 0,
  "dvars_nstd": 28.624535106349203,
  "dvars_std": 1.2210004969047616,
  "dvars_vstd": 1.0031585853174598,
  "efc": 0.4622241807326655,
  "fber": 2187.90185546875,
  "fd_mean": 0.18981343841510456,
  "fd_num": 45,
  "fd_perc": 35.43307086614173,
  "fwhm_avg": 1.6882411332776341,
  "fwhm_x": 1.578223304347826,
  "fwhm_y": 1.8880306086956522,
  "fwhm_z": 1.5984694867894247,
  "gcor": 0.0168191,
  "gsr_x": -0.019655460491776466,
  "gsr_y": 0.029192952439188957,
  "provenance": {
    "md5sum": "8d32ac7f297bd87496b052b91d8b4b80",
    "settings": {
      "fd_thres": 0.2,
      "testing": false
    },
    "software": "mriqc",
    "version": "23.0.1",
    "webapi_port": null,
    "webapi_url": "https://mriqc.nimh.nih.gov/api/v1"
  },
  "size_t": 127,
  "size_x": 64,
  "size_y": 64,
  "size_z": 36,
  "snr": 5.593269883394192,
  "spacing_tr": 2.0999999046325684,
  "spacing_x": 3.59375,
  "spacing_y": 3.59375,
  "spacing_z": 3.5999999046325684,
  "summary_bg_k": 28.15110332531205,
  "summary_bg_mad": 7.7515578943770445,
  "summary_bg_mean": 25.452890396118164,
  "summary_bg_median": 13.0,
  "summary_bg_n": 98354.0,
  "summary_bg_p05": 7.314960479736328,
  "summary_bg_p95": 78.30708312988281,
  "summary_bg_stdv": 32.97332000732422,
  "summary_fg_k": 3.37750859542341,
  "summary_fg_mad": 95.9780879597445,
  "summary_fg_mean": 629.1737060546875,
  "summary_fg_median": 621.1810913085938,
  "summary_fg_n": 19334.0,
  "summary_fg_p05": 470.0677124023438,
  "summary_fg_p95": 807.972442626953,
  "summary_fg_stdv": 111.05579376220703,
  "tsnr": 58.33518593478948
}