{
  "aor": 0.003992460317460317,
  "aqi": 0.014499964682539683,
  "bids_meta": {
    "AcquisitionMatrixPE": 64,
    "AcquisitionNumber": 1,
    "AcquisitionTime": "10:38:5.352510",
    "BaseResolution": 64,
    "ConversionSoftware": "dcm2niix",
    "ConversionSoftwareVersion": "v1.0.20190410  GCC6.3.0",
    "DeviceSerialNumber": "18011",
    "EchoTime": 0.03,
    "FlipAngle": 90,
    "ImageComments": "Fake_MoCo_Reference_Volume_+_DiCo_Applied",
    "ImageOrientationPatientDICOM": [
      1,
      0,
      0,
      0,
      0.994522,
      -0.104528
    ],
    "ImageType": [
      "ORIGINAL",
      "PRIMARY",
      "M",
      "ND",
      "MOSAIC"
    ],
    "ImagingFrequency": 168.217,
    "InPlanePhaseEncodingDirectionDICOM": "COL",
    "MRAcquisitionType": "2D",
    "MagneticFieldStrength": 3.95064,
    "Manufacturer": "Siemens",
    "ManufacturersModelName": "MedSpec_4T",
    "Modality": "MR",
    "PartialFourier": 1,
    "PatientPosition": "HFS",
    "PercentPhaseFOV": 100,
    "PhaseEncodingDirection": "j-",
    "PhaseEncodingSteps": 64,
    "PhaseResolution": 1,
    "PixelBandwidth": 2790,
    "ProtocolName": "Nback_dc",
    "PulseSequenceDetails": "%CustomerSeq%_mz_ep2d_bold_dc",
    "ReceiveCoilName": "Head_4T",
    "ReconMatrixPE": 64,
    "RepetitionTime": 2.1,
    "SAR": 0.0457415,
    "ScanOptions": "FS",
    "ScanningSequence": "SE_EP",
    "SequenceName": "epfid2d1_64",
    "SequenceVariant": "SK",
    "SeriesDescription": "Nback_dc_DiCo",
    "SeriesNumber": 7,
    "ShimSetting": [
      37,
      -18,
      4,
      2184,
      870,
      -4924,
      3856,
      -414
    ],
    "SliceThickness": 3,
    "SoftwareVersions": "syngo_MR_2002B_4VA21A",
    "SpacingBetweenSlices": 3.6,
    "StationName": "wes4T",
    "TaskName": "nback",
    "TxRefAmp": 172.153,
    "dataset": "ds004169",
    "modality": "bold",
    "session_id": "01",
    "subject_id": "0392",
    "task_id": "nback"
  },
  "dummy_trs": 1,
  "dvars_nstd": 28.913708725679996,
  "dvars_std": 1.1160355186400004,
  "dvars_vstd": 0.9676075879200003,
  "efc": 0.4314456224218731,
  "fber": 3342.97314453125,
  "fd_mean": 0.23950766868006382,
  "fd_num": 46,
  "fd_perc": 36.507936507936506,
  "fwhm_avg": 1.8162243925696508,
  "fwhm_x": 1.7138448695652175,
  "fwhm_y": 2.006745043478261,
  "fwhm_z": 1.7280832646654738,
  "gcor": 0.0153084,
  "gsr_x": -0.020386099815368652,
  "gsr_y": 0.042211517691612244,
  "provenance": {
    "md5sum": "c52ebff0ba818e220100650c70653c18",
    "settings": {
      "fd_thres": 0.2,
      "testing": false
    },
    "software": "mriqc",
    "version": "23.0.1",
    "webapi_port": null,
    "webapi_url": "https://mriqc.nimh.nih.gov/api/v1"
  },
  "size_t": 126,
  "size_x": 64,
  "size_y": 64,
  "size_z": 36,
  "snr": 5.561494523818023,
  "spacing_tr": 2.0999999046325684,
  "spacing_x": 3.59375,
  "spacing_y": 3.59375,
  "spacing_z": 3.6000001430511475,
  "summary_bg_k": 41.14460478905183,
  "summary_bg_mad": 7.442427690996799,
  "summary_bg_mean": 29.390531539916992,
  "summary_bg_median": 13.535715103149414,
  "summary_bg_n": 102576.0,
  "summary_bg_p05": 7.841270446777344,
  "summary_bg_p95": 92.79563903808594,
  "summary_bg_stdv": 41.555152893066406,
  "summary_fg_k": 1.7286335514766193,
  "summary_fg_mad": 129.57476456911357,
  "summary_fg_mean": 802.0445556640625,
  "summary_fg_median": 794.0714721679688,
  "summary_fg_n": 16347.0,
  "summary_fg_p05": 584.6635131835938,
  "summary_fg_p95": 1042.1477050781248,
  "summary_fg_stdv": 142.77586364746094,
  "tsnr": 39.766870646271855
}