{
  "aor": 0.0024078740157480317,
  "aqi": 0.009942109212598424,
  "bids_meta": {
    "AcquisitionMatrixPE": 64,
    "AcquisitionNumber": 1,
    "AcquisitionTime": "12:02:45.579990",
    "BaseResolution": 64,
    "ConversionSoftware": "dcm2niix",
    "ConversionSoftwareVersion": "v1.0.20190410  GCC6.3.0",
    "DeviceSerialNumber": "18011",
    "EchoTime": 0.03,
    "FlipAngle": 90,
    "ImageComments": "Fake_MoCo_Reference_Volume_+_DiCo_Applied",
    "ImageOrientationPatientDICOM": [
      0.999848,
      -1.11022e-16,
      0.0174524,
      1.11022e-16,
      1,
      1.73472e-18
    ],
    "ImageType": [
      "ORIGINAL",
      "PRIMARY",
      "M",
      "ND",
      "MOSAIC"
    ],
    "ImagingFrequency": 168.255,
    "InPlanePhaseEncodingDirectionDICOM": "COL",
    "MRAcquisitionType": "2D",
    "MagneticFieldStrength": 3.95064,
    "Manufacturer": "Siemens",
    "ManufacturersModelName": "MedSpec_4T",
    "Modality": "MR",
    "PartialFourier": 1,
    "PatientPosition": "HFS",
    "PercentPhaseFOV": 100,
    "PhaseEncodingDirection": "j-",
    "PhaseEncodingSteps": 64,
    "PhaseResolution": 1,
    "PixelBandwidth": 2790,
    "ProtocolName": "Nback_dc_opt",
    "PulseSequenceDetails": "%CustomerSeq%_kt_ep2d_bold_dc",
    "ReceiveCoilName": "Head_4T",
    "ReconMatrixPE": 64,
    "RepetitionTime": 2.1,
    "SAR": 0.0381229,
    "ScanOptions": "FS",
    "ScanningSequence": "SE_EP",
    "SequenceName": "epfid2d1_64",
    "SequenceVariant": "SK",
    "SeriesDescription": "Nback_dc_opt_DiCo",
    "SeriesNumber": 7,
    "ShimSetting": [
      14,
      -11,
      11,
      2195,
      818,
      -3783,
      2597,
      37
    ],
    "SliceThickness": 3,
    "SoftwareVersions": "syngo_MR_2002B_4VA21A",
    "SpacingBetweenSlices": 3.6,
    "StationName": "wes4T",
    "TaskName": "nback",
    "TxRefAmp": 189.348,
    "dataset": "ds004169",
    "modality": "bold",
    "session_id": "01",
    "subject_id": "0766",
    "task_id": "nback"
  },
  "dummy_trs": 0,
  "dvars_nstd": 29.382107598333327,
  "dvars_std": 1.1644686934126987,
  "dvars_vstd": 0.9818563276190478,
  "efc": 0.47576601558516163,
  "fber": 2163.3193359375,
  "fd_mean": 0.1806854806458822,
  "fd_num": 34,
  "fd_perc": 26.771653543307085,
  "fwhm_avg": 1.8066453062938859,
  "fwhm_x": 1.6817391304347826,
  "fwhm_y": 2.0589245217391303,
  "fwhm_z": 1.6792722667077453,
  "gcor": 0.0171195,
  "gsr_x": -0.020644251257181168,
  "gsr_y": 0.03913341090083122,
  "provenance": {
    "md5sum": "e6a953971dabfd2ee745b8c1b1a91747",
    "settings": {
      "fd_thres": 0.2,
      "testing": false
    },
    "software": "mriqc",
    "version": "23.0.1",
    "webapi_port": null,
    "webapi_url": "https://mriqc.nimh.nih.gov/api/v1"
  },
  "size_t": 127,
  "size_x": 64,
  "size_y": 64,
  "size_z": 36,
  "snr": 5.465219076499977,
  "spacing_tr": 2.0999999046325684,
  "spacing_x": 3.59375,
  "spacing_y": 3.59375,
  "spacing_z": 3.5999999046325684,
  "summary_bg_k": 38.299128884158996,
  "summary_bg_mad": 11.510595504626156,
  "summary_bg_mean": 34.818809509277344,
  "summary_bg_median": 17.196849822998047,
  "summary_bg_n": 96008.0,
  "summary_bg_p05": 8.590551376342773,
  "summary_bg_p95": 104.65078582763667,
  "summary_bg_stdv": 48.4095458984375,
  "summary_fg_k": 3.2932550765389745,
  "summary_fg_mad": 129.17316614102958,
  "summary_fg_mean": 827.0531616210938,
  "summary_fg_median": 819.2440795898438,
  "summary_fg_n": 21153.0,
  "summary_fg_p05": 606.9212646484375,
  "summary_fg_p95": 1059.4125732421874,
  "summary_fg_stdv": 149.8978729248047,
  "tsnr": 49.11401326581836
}