{
  "aor": 0.004558503937007874,
  "aqi": 0.019881668188976374,
  "bids_meta": {
    "AcquisitionMatrixPE": 64,
    "AcquisitionNumber": 1,
    "AcquisitionTime": "11:43:1.429990",
    "BaseResolution": 64,
    "ConversionSoftware": "dcm2niix",
    "ConversionSoftwareVersion": "v1.0.20190410  GCC6.3.0",
    "DeviceSerialNumber": "18011",
    "EchoTime": 0.03,
    "FlipAngle": 90,
    "ImageComments": "Fake_MoCo_Reference_Volume_+_DiCo_Applied",
    "ImageOrientationPatientDICOM": [
      1,
      0,
      0,
      0,
      0.981627,
      -0.190809
    ],
    "ImageType": [
      "ORIGINAL",
      "PRIMARY",
      "M",
      "ND",
      "MOSAIC"
    ],
    "ImagingFrequency": 168.255,
    "InPlanePhaseEncodingDirectionDICOM": "COL",
    "MRAcquisitionType": "2D",
    "MagneticFieldStrength": 3.95064,
    "Manufacturer": "Siemens",
    "ManufacturersModelName": "MedSpec_4T",
    "Modality": "MR",
    "PartialFourier": 1,
    "PatientPosition": "HFS",
    "PercentPhaseFOV": 100,
    "PhaseEncodingDirection": "j-",
    "PhaseEncodingSteps": 64,
    "PhaseResolution": 1,
    "PixelBandwidth": 2790,
    "ProtocolName": "Nback_dc_opt",
    "PulseSequenceDetails": "%CustomerSeq%_kt_ep2d_bold_dc",
    "ReceiveCoilName": "Head_4T",
    "ReconMatrixPE": 64,
    "RepetitionTime": 2.1,
    "SAR": 0.0322074,
    "ScanOptions": "FS",
    "ScanningSequence": "SE_EP",
    "SequenceName": "epfid2d1_64",
    "SequenceVariant": "SK",
    "SeriesDescription": "Nback_dc_opt_DiCo",
    "SeriesNumber": 7,
    "ShimSetting": [
      36,
      3,
      16,
      2166,
      955,
      -2965,
      1735,
      -519
    ],
    "SliceThickness": 3,
    "SoftwareVersions": "syngo_MR_2002B_4VA21A",
    "SpacingBetweenSlices": 3.6,
    "StationName": "wes4T",
    "TaskName": "nback",
    "TxRefAmp": 181.96,
    "dataset": "ds004169",
    "modality": "bold",
    "session_id": "01",
    "subject_id": "0344",
    "task_id": "nback"
  },
  "dummy_trs": 0,
  "dvars_nstd": 29.766652999841263,
  "dvars_std": 1.0647718994444442,
  "dvars_vstd": 0.9334312660317465,
  "efc": 0.461877796611795,
  "fber": 2654.4091796875,
  "fd_mean": 0.26351176180829594,
  "fd_num": 39,
  "fd_perc": 30.708661417322833,
  "fwhm_avg": 1.7555257550361183,
  "fwhm_x": 1.6104987826086956,
  "fwhm_y": 2.0371812173913044,
  "fwhm_z": 1.618897265108354,
  "gcor": 0.0145649,
  "gsr_x": -0.022270267829298973,
  "gsr_y": 0.03290130943059921,
  "provenance": {
    "md5sum": "50e605b2a73fc0dea4e721968cf17537",
    "settings": {
      "fd_thres": 0.2,
      "testing": false
    },
    "software": "mriqc",
    "version": "23.0.1",
    "webapi_port": null,
    "webapi_url": "https://mriqc.nimh.nih.gov/api/v1"
  },
  "size_t": 127,
  "size_x": 64,
  "size_y": 64,
  "size_z": 36,
  "snr": 5.9120548846043635,
  "spacing_tr": 2.0999999046325684,
  "spacing_x": 3.59375,
  "spacing_y": 3.59375,
  "spacing_z": 3.5999999046325684,
  "summary_bg_k": 42.28838182917979,
  "summary_bg_mad": 9.490988014222086,
  "summary_bg_mean": 31.147966384887695,
  "summary_bg_median": 15.60629940032959,
  "summary_bg_n": 97353.0,
  "summary_bg_p05": 8.43307113647461,
  "summary_bg_p95": 90.80629577636714,
  "summary_bg_stdv": 43.180477142333984,
  "summary_fg_k": 4.063027400301364,
  "summary_fg_mad": 117.49328486368191,
  "summary_fg_mean": 822.42724609375,
  "summary_fg_median": 815.5669555664062,
  "summary_fg_n": 20096.0,
  "summary_fg_p05": 622.779541015625,
  "summary_fg_p95": 1032.9173278808594,
  "summary_fg_stdv": 137.94639587402344,
  "tsnr": 38.90652685286477
}