{
  "aor": 0.0033722666666666664,
  "aqi": 0.0092450772,
  "bids_meta": {
    "AcquisitionMatrixPE": 64,
    "AcquisitionNumber": 1,
    "AcquisitionTime": "08:41:33.840000",
    "BaseResolution": 64,
    "ConversionSoftware": "dcm2niix",
    "ConversionSoftwareVersion": "v1.0.20190410  GCC6.3.0",
    "DeviceSerialNumber": "18011",
    "EchoTime": 0.03,
    "FlipAngle": 90,
    "ImageComments": "Fake_MoCo_Reference_Volume_+_DiCo_Applied",
    "ImageOrientationPatientDICOM": [
      0.999391,
      -2.22045e-16,
      0.0348995,
      2.22045e-16,
      1,
      0
    ],
    "ImageType": [
      "ORIGINAL",
      "PRIMARY",
      "M",
      "ND",
      "MOSAIC"
    ],
    "ImagingFrequency": 168.217,
    "InPlanePhaseEncodingDirectionDICOM": "COL",
    "MRAcquisitionType": "2D",
    "MagneticFieldStrength": 3.95064,
    "Manufacturer": "Siemens",
    "ManufacturersModelName": "MedSpec_4T",
    "Modality": "MR",
    "PartialFourier": 1,
    "PatientPosition": "HFS",
    "PercentPhaseFOV": 100,
    "PhaseEncodingDirection": "j-",
    "PhaseEncodingSteps": 64,
    "PhaseResolution": 1,
    "PixelBandwidth": 2790,
    "ProtocolName": "mz_bold_dc_REST",
    "PulseSequenceDetails": "%CustomerSeq%_mz_ep2d_bold_dc",
    "ReceiveCoilName": "Head_4T",
    "ReconMatrixPE": 64,
    "RepetitionTime": 2.1,
    "SAR": 0.0292881,
    "ScanOptions": "FS",
    "ScanningSequence": "SE_EP",
    "SequenceName": "epfid2d1_64",
    "SequenceVariant": "SK",
    "SeriesDescription": "mz_bold_dc_REST_DiCo",
    "SeriesNumber": 10,
    "ShimSetting": [
      19,
      -10,
      -27,
      2899,
      71,
      -3540,
      3780,
      211
    ],
    "SliceThickness": 3,
    "SoftwareVersions": "syngo_MR_2002B_4VA21A",
    "SpacingBetweenSlices": 3.6,
    "StationName": "wes4T",
    "TaskName": "rest",
    "TxRefAmp": 183.313,
    "dataset": "ds004169",
    "modality": "bold",
    "session_id": "02",
    "subject_id": "0323",
    "task_id": "rest"
  },
  "dummy_trs": 0,
  "dvars_nstd": 30.816241347181204,
  "dvars_std": 1.2197091339597321,
  "dvars_vstd": 0.9645411195973156,
  "efc": 0.4650152332895749,
  "fber": 2863.51806640625,
  "fd_mean": 0.16176714885383436,
  "fd_num": 17,
  "fd_perc": 11.333333333333334,
  "fwhm_avg": 1.776451475301469,
  "fwhm_x": 1.668736,
  "fwhm_y": 1.9897878260869566,
  "fwhm_z": 1.6708305998174509,
  "gcor": 0.0115092,
  "gsr_x": -0.024817880243062973,
  "gsr_y": 0.04232483357191086,
  "provenance": {
    "md5sum": "a7819876f3db754f713ce941d13bd459",
    "settings": {
      "fd_thres": 0.2,
      "testing": false
    },
    "software": "mriqc",
    "version": "23.0.1",
    "webapi_port": null,
    "webapi_url": "https://mriqc.nimh.nih.gov/api/v1"
  },
  "size_t": 150,
  "size_x": 64,
  "size_y": 64,
  "size_z": 36,
  "snr": 4.515184744719116,
  "spacing_tr": 2.0999999046325684,
  "spacing_x": 3.59375,
  "spacing_y": 3.59375,
  "spacing_z": 3.5999999046325684,
  "summary_bg_k": 52.04512581970925,
  "summary_bg_mad": 8.006052828282044,
  "summary_bg_mean": 27.726043701171875,
  "summary_bg_median": 14.566666603088379,
  "summary_bg_n": 95149.0,
  "summary_bg_p05": 8.106666564941406,
  "summary_bg_p95": 80.30000305175781,
  "summary_bg_stdv": 35.58041763305664,
  "summary_fg_k": 2.394325828779027,
  "summary_fg_mad": 141.07452379348666,
  "summary_fg_mean": 790.94140625,
  "summary_fg_median": 770.67333984375,
  "summary_fg_n": 22819.0,
  "summary_fg_p05": 560.9306823730469,
  "summary_fg_p95": 1099.361328125,
  "summary_fg_stdv": 170.68104553222656,
  "tsnr": 48.502809696714394
}