{
  "bids_meta": {
    "AcquisitionMatrixPE": 225,
    "AcquisitionNumber": 1,
    "AcquisitionTime": "09:46:30.010010",
    "BaseResolution": 256,
    "ConversionSoftware": "dcm2niix",
    "ConversionSoftwareVersion": "v1.0.20190410  GCC6.3.0",
    "DeviceSerialNumber": "18011",
    "EchoTime": 0.00335,
    "FlipAngle": 8,
    "ImageOrientationPatientDICOM": [
      1,
      0,
      0,
      0,
      0,
      -1
    ],
    "ImageType": [
      "ORIGINAL",
      "PRIMARY",
      "M",
      "ND"
    ],
    "ImagingFrequency": 168.217,
    "InPlanePhaseEncodingDirectionDICOM": "ROW",
    "InversionTime": 0.7,
    "MRAcquisitionType": "3D",
    "MagneticFieldStrength": 3.95064,
    "Manufacturer": "Siemens",
    "ManufacturersModelName": "MedSpec_4T",
    "Modality": "MR",
    "PartialFourier": 0.875,
    "PatientPosition": "HFS",
    "PercentPhaseFOV": 100,
    "PhaseEncodingSteps": 197,
    "PhaseResolution": 0.878906,
    "PixelBandwidth": 200,
    "ProtocolName": "t1_mpr_cor",
    "PulseSequenceDetails": "%SiemensSeq%_tfl",
    "ReceiveCoilName": "Head_4T",
    "ReconMatrixPE": 256,
    "RepetitionTime": 1.5,
    "SAR": 0.00429725,
    "ScanOptions": "IR",
    "ScanningSequence": "IR_GR",
    "SequenceName": "tfl3d1_ns",
    "SequenceVariant": "SP_MP",
    "SeriesDescription": "t1_mpr_cor",
    "SeriesNumber": 8,
    "ShimSetting": [
      8,
      12,
      -26,
      1533,
      897,
      -3132,
      1261,
      270
    ],
    "SliceThickness": 0.9,
    "SoftwareVersions": "syngo_MR_2002B_4VA21A",
    "StationName": "wes4T",
    "TxRefAmp": 173.839,
    "dataset": "ds004169",
    "modality": "T1w",
    "session_id": "01",
    "subject_id": "0273"
  },
  "cjv": 0.36659081367594243,
  "cnr": 3.6336506412792846,
  "efc": 0.4383103578157528,
  "fber": -1.0,
  "fwhm_avg": 4.865382120205323,
  "fwhm_x": 4.959552,
  "fwhm_y": 5.224189027282636,
  "fwhm_z": 4.412405333333334,
  "icvs_csf": 0.20663626492801834,
  "icvs_gm": 0.4132189444847459,
  "icvs_wm": 0.38014479058723577,
  "inu_med": 0.666719913482666,
  "inu_range": 0.49402526021003723,
  "provenance": {
    "md5sum": "61def31e8e079d6743161765e03cce49",
    "settings": {
      "testing": false
    },
    "software": "mriqc",
    "version": "23.0.1",
    "warnings": {
      "large_rot_frame": true,
      "small_air_mask": false
    },
    "webapi_port": null,
    "webapi_url": "https://mriqc.nimh.nih.gov/api/v1"
  },
  "qi_1": 0.0,
  "qi_2": 0.028035862711110207,
  "rpve_csf": 28.149510151684066,
  "rpve_gm": 14.666788560621287,
  "rpve_wm": 19.13862888306394,
  "size_x": 256,
  "size_y": 256,
  "size_z": 256,
  "snr_csf": 2.4808308876236276,
  "snr_gm": 9.71470089910205,
  "snr_total": 10.076957860722386,
  "snr_wm": 18.035341795441475,
  "snrd_csf": 9.651850606758403,
  "snrd_gm": 22.449472831489306,
  "snrd_total": 21.86044045746119,
  "snrd_wm": 33.479997934135866,
  "spacing_x": 0.9375,
  "spacing_y": 0.8999999761581421,
  "spacing_z": 0.9375,
  "summary_bg_k": 12.978191958847859,
  "summary_bg_mad": 0.0,
  "summary_bg_mean": 11.446054410819587,
  "summary_bg_median": 0.0,
  "summary_bg_n": 5532376.0,
  "summary_bg_p05": 0.0,
  "summary_bg_p95": 50.657670736312866,
  "summary_bg_stdv": 19.568653188577297,
  "summary_csf_k": 8.49186126657856,
  "summary_csf_mad": 103.48213029275459,
  "summary_csf_mean": 296.91381987020645,
  "summary_csf_median": 288.2967839241028,
  "summary_csf_n": 40012.0,
  "summary_csf_p05": 119.59527325630188,
  "summary_csf_p95": 481.7537741661072,
  "summary_csf_stdv": 116.2083166211852,
  "summary_gm_k": 0.12610883807382312,
  "summary_gm_mad": 67.92968060048665,
  "summary_gm_mean": 670.6981636320756,
  "summary_gm_median": 670.55646443367,
  "summary_gm_n": 31562.0,
  "summary_gm_p05": 556.4940745890141,
  "summary_gm_p95": 783.3389217853546,
  "summary_gm_stdv": 69.02382775022532,
  "summary_wm_k": 0.5020559296004765,
  "summary_wm_mad": 52.853641806929986,
  "summary_wm_mean": 1001.1235682072977,
  "summary_wm_median": 1000.0336850881577,
  "summary_wm_n": 305324.0,
  "summary_wm_p05": 912.0741609334946,
  "summary_wm_p95": 1093.5244063138962,
  "summary_wm_stdv": 55.4484666145764,
  "tpm_overlap_csf": 0.12715210595401713,
  "tpm_overlap_gm": 0.4188994605342928,
  "tpm_overlap_wm": 0.4679119888748265,
  "wm2max": 0.5473491840803367
}