{
  "aor": 0.004082913385826771,
  "aqi": 0.009480563700787401,
  "bids_meta": {
    "AcquisitionMatrixPE": 64,
    "AcquisitionNumber": 1,
    "AcquisitionTime": "09:24:26.594980",
    "BaseResolution": 64,
    "ConversionSoftware": "dcm2niix",
    "ConversionSoftwareVersion": "v1.0.20190410  GCC6.3.0",
    "DeviceSerialNumber": "18011",
    "EchoTime": 0.03,
    "FlipAngle": 90,
    "ImageComments": "Fake_MoCo_Reference_Volume_+_DiCo_Applied",
    "ImageOrientationPatientDICOM": [
      0.996195,
      -0.00911022,
      -0.0866783,
      -4.044e-08,
      0.994522,
      -0.104528
    ],
    "ImageType": [
      "ORIGINAL",
      "PRIMARY",
      "M",
      "ND",
      "MOSAIC"
    ],
    "ImagingFrequency": 168.216,
    "InPlanePhaseEncodingDirectionDICOM": "COL",
    "MRAcquisitionType": "2D",
    "MagneticFieldStrength": 3.95064,
    "Manufacturer": "Siemens",
    "ManufacturersModelName": "MedSpec_4T",
    "Modality": "MR",
    "PartialFourier": 1,
    "PatientPosition": "HFS",
    "PercentPhaseFOV": 100,
    "PhaseEncodingDirection": "j-",
    "PhaseEncodingSteps": 64,
    "PhaseResolution": 1,
    "PixelBandwidth": 2790,
    "ProtocolName": "Nback_dc",
    "PulseSequenceDetails": "%CustomerSeq%_mz_ep2d_bold_dc",
    "ReceiveCoilName": "Head_4T",
    "ReconMatrixPE": 64,
    "RepetitionTime": 2.1,
    "SAR": 0.0339632,
    "ScanOptions": "FS",
    "ScanningSequence": "SE_EP",
    "SequenceName": "epfid2d1_64",
    "SequenceVariant": "SK",
    "SeriesDescription": "Nback_dc_DiCo",
    "SeriesNumber": 7,
    "ShimSetting": [
      2,
      -50,
      126,
      457,
      1794,
      -4999,
      1926,
      106
    ],
    "SliceThickness": 3,
    "SoftwareVersions": "syngo_MR_2002B_4VA21A",
    "SpacingBetweenSlices": 3.6,
    "StationName": "wes4T",
    "TaskName": "nback",
    "TxRefAmp": 174.067,
    "dataset": "ds004169",
    "modality": "bold",
    "session_id": "01",
    "subject_id": "0574",
    "task_id": "nback"
  },
  "dummy_trs": 0,
  "dvars_nstd": 21.689059817460326,
  "dvars_std": 1.0134246530952378,
  "dvars_vstd": 0.9631488963492063,
  "efc": 0.4467984147860055,
  "fber": 2216.2080078125,
  "fd_mean": 0.09526534461491874,
  "fd_num": 3,
  "fd_perc": 2.3622047244094486,
  "fwhm_avg": 1.7304257869545892,
  "fwhm_x": 1.6490907826086958,
  "fwhm_y": 1.9251060869565217,
  "fwhm_z": 1.61708049129855,
  "gcor": 0.0340204,
  "gsr_x": -0.008986079134047031,
  "gsr_y": 0.023942681029438972,
  "provenance": {
    "md5sum": "feb6259371b5eacdb60c0f224265e665",
    "settings": {
      "fd_thres": 0.2,
      "testing": false
    },
    "software": "mriqc",
    "version": "23.0.1",
    "webapi_port": null,
    "webapi_url": "https://mriqc.nimh.nih.gov/api/v1"
  },
  "size_t": 127,
  "size_x": 64,
  "size_y": 64,
  "size_z": 36,
  "snr": 5.656207682578188,
  "spacing_tr": 2.0999999046325684,
  "spacing_x": 3.59375,
  "spacing_y": 3.59375,
  "spacing_z": 3.6000001430511475,
  "summary_bg_k": 36.67343887978552,
  "summary_bg_mad": 8.743850244624216,
  "summary_bg_mean": 29.594436645507812,
  "summary_bg_median": 15.157480239868164,
  "summary_bg_n": 101070.0,
  "summary_bg_p05": 8.322834968566895,
  "summary_bg_p95": 90.78385620117179,
  "summary_bg_stdv": 41.340213775634766,
  "summary_fg_k": 1.6419473754876348,
  "summary_fg_mad": 115.94647938138054,
  "summary_fg_mean": 723.8593139648438,
  "summary_fg_median": 719.5078125,
  "summary_fg_n": 17350.0,
  "summary_fg_p05": 529.6405731201172,
  "summary_fg_p95": 931.9885833740234,
  "summary_fg_stdv": 127.20308685302734,
  "tsnr": 47.49255505925976
}