{
  "aor": 0.002622266666666667,
  "aqi": 0.010127848333333335,
  "bids_meta": {
    "AcquisitionMatrixPE": 64,
    "AcquisitionNumber": 1,
    "AcquisitionTime": "11:56:1.217510",
    "BaseResolution": 64,
    "ConversionSoftware": "dcm2niix",
    "ConversionSoftwareVersion": "v1.0.20190410  GCC6.3.0",
    "DeviceSerialNumber": "18011",
    "EchoTime": 0.03,
    "FlipAngle": 90,
    "ImageComments": "Fake_MoCo_Reference_Volume_+_DiCo_Applied",
    "ImageOrientationPatientDICOM": [
      1,
      0,
      0,
      0,
      1,
      0
    ],
    "ImageType": [
      "ORIGINAL",
      "PRIMARY",
      "M",
      "ND",
      "MOSAIC"
    ],
    "ImagingFrequency": 168.255,
    "InPlanePhaseEncodingDirectionDICOM": "COL",
    "MRAcquisitionType": "2D",
    "MagneticFieldStrength": 3.95064,
    "Manufacturer": "Siemens",
    "ManufacturersModelName": "MedSpec_4T",
    "Modality": "MR",
    "PartialFourier": 1,
    "PatientPosition": "HFS",
    "PercentPhaseFOV": 100,
    "PhaseEncodingDirection": "j-",
    "PhaseEncodingSteps": 64,
    "PhaseResolution": 1,
    "PixelBandwidth": 2790,
    "ProtocolName": "mz_bold_dc_REST",
    "PulseSequenceDetails": "%CustomerSeq%_mz_ep2d_bold_dc",
    "ReceiveCoilName": "Head_4T",
    "ReconMatrixPE": 64,
    "RepetitionTime": 2.1,
    "SAR": 0.026696,
    "ScanOptions": "FS",
    "ScanningSequence": "SE_EP",
    "SequenceName": "epfid2d1_64",
    "SequenceVariant": "SK",
    "SeriesDescription": "mz_bold_dc_REST_DiCo",
    "SeriesNumber": 10,
    "ShimSetting": [
      20,
      -28,
      5,
      2314,
      537,
      -4168,
      3226,
      -70
    ],
    "SliceThickness": 3,
    "SoftwareVersions": "syngo_MR_2002B_4VA21A",
    "SpacingBetweenSlices": 3.6,
    "StationName": "wes4T",
    "TaskName": "rest",
    "TxRefAmp": 182.175,
    "dataset": "ds004169",
    "modality": "bold",
    "session_id": "01",
    "subject_id": "1006",
    "task_id": "rest"
  },
  "dummy_trs": 0,
  "dvars_nstd": 26.77112668973154,
  "dvars_std": 1.1124014140939595,
  "dvars_vstd": 0.9661437811409399,
  "efc": 0.44537695243557635,
  "fber": 2625.831298828125,
  "fd_mean": 0.16410271340821697,
  "fd_num": 11,
  "fd_perc": 7.333333333333333,
  "fwhm_avg": 1.722116694679741,
  "fwhm_x": 1.656887652173913,
  "fwhm_y": 1.9783373913043478,
  "fwhm_z": 1.531125040560962,
  "gcor": 0.0272666,
  "gsr_x": -0.019731847569346428,
  "gsr_y": 0.03282082825899124,
  "provenance": {
    "md5sum": "9ea3b071fef07b4e04f495dc25969291",
    "settings": {
      "fd_thres": 0.2,
      "testing": false
    },
    "software": "mriqc",
    "version": "23.0.1",
    "webapi_port": null,
    "webapi_url": "https://mriqc.nimh.nih.gov/api/v1"
  },
  "size_t": 150,
  "size_x": 64,
  "size_y": 64,
  "size_z": 36,
  "snr": 5.43328021259908,
  "spacing_tr": 2.0999999046325684,
  "spacing_x": 3.59375,
  "spacing_y": 3.59375,
  "spacing_z": 3.5999999046325684,
  "summary_bg_k": 36.27628759804415,
  "summary_bg_mad": 8.253152255419874,
  "summary_bg_mean": 29.277565002441406,
  "summary_bg_median": 14.733333587646484,
  "summary_bg_n": 100489.0,
  "summary_bg_p05": 7.553333282470703,
  "summary_bg_p95": 88.18933563232399,
  "summary_bg_stdv": 39.91475296020508,
  "summary_fg_k": 5.8466065233178295,
  "summary_fg_mad": 116.12234836402615,
  "summary_fg_mean": 762.4030151367188,
  "summary_fg_median": 750.7933349609375,
  "summary_fg_n": 17828.0,
  "summary_fg_p05": 575.9446807861328,
  "summary_fg_p95": 977.8790252685545,
  "summary_fg_stdv": 138.1802978515625,
  "tsnr": 49.0560541190207
}