{
  "bids_meta": {
    "AcquisitionMatrixPE": 225,
    "AcquisitionNumber": 1,
    "AcquisitionTime": "08:24:27.517500",
    "BaseResolution": 256,
    "ConversionSoftware": "dcm2niix",
    "ConversionSoftwareVersion": "v1.0.20190410  GCC6.3.0",
    "DeviceSerialNumber": "18011",
    "EchoTime": 0.00335,
    "FlipAngle": 8,
    "ImageOrientationPatientDICOM": [
      1,
      0,
      0,
      0,
      0,
      -1
    ],
    "ImageType": [
      "ORIGINAL",
      "PRIMARY",
      "M",
      "ND"
    ],
    "ImagingFrequency": 168.216,
    "InPlanePhaseEncodingDirectionDICOM": "ROW",
    "InversionTime": 0.7,
    "MRAcquisitionType": "3D",
    "MagneticFieldStrength": 3.95064,
    "Manufacturer": "Siemens",
    "ManufacturersModelName": "MedSpec_4T",
    "Modality": "MR",
    "PartialFourier": 0.875,
    "PatientPosition": "HFS",
    "PercentPhaseFOV": 100,
    "PhaseEncodingSteps": 197,
    "PhaseResolution": 0.878906,
    "PixelBandwidth": 200,
    "ProtocolName": "t1_mpr_cor",
    "PulseSequenceDetails": "%SiemensSeq%_tfl",
    "ReceiveCoilName": "Head_4T",
    "ReconMatrixPE": 256,
    "RepetitionTime": 1.5,
    "SAR": 0.00500219,
    "ScanOptions": "IR",
    "ScanningSequence": "IR_GR",
    "SequenceName": "tfl3d1_ns",
    "SequenceVariant": "SP_MP",
    "SeriesDescription": "t1_mpr_cor",
    "SeriesNumber": 8,
    "ShimSetting": [
      24,
      -38,
      119,
      -402,
      2058,
      -4083,
      3443,
      -485
    ],
    "SliceThickness": 0.9,
    "SoftwareVersions": "syngo_MR_2002B_4VA21A",
    "StationName": "wes4T",
    "TxRefAmp": 166.849,
    "dataset": "ds004169",
    "modality": "T1w",
    "session_id": "01",
    "subject_id": "0564"
  },
  "cjv": 0.32149871815966025,
  "cnr": 4.096295872983431,
  "efc": 0.407571222608701,
  "fber": -1.0,
  "fwhm_avg": 4.453501821099024,
  "fwhm_x": 4.530986666666666,
  "fwhm_y": 4.905966796630404,
  "fwhm_z": 3.923552,
  "icvs_csf": 0.22070658806045407,
  "icvs_gm": 0.4323708180331845,
  "icvs_wm": 0.34692259390636143,
  "inu_med": 0.6291723847389221,
  "inu_range": 0.3734699487686155,
  "provenance": {
    "md5sum": "12a3fb4a4631961bbd2445519b6de157",
    "settings": {
      "testing": false
    },
    "software": "mriqc",
    "version": "23.0.1",
    "warnings": {
      "large_rot_frame": true,
      "small_air_mask": false
    },
    "webapi_port": null,
    "webapi_url": "https://mriqc.nimh.nih.gov/api/v1"
  },
  "qi_1": 0.0,
  "qi_2": 0.02430888813835079,
  "rpve_csf": 31.69277925531915,
  "rpve_gm": 17.061740321697137,
  "rpve_wm": 24.730749860017834,
  "size_x": 256,
  "size_y": 256,
  "size_z": 256,
  "snr_csf": 1.6967634606598319,
  "snr_gm": 10.813776403854849,
  "snr_total": 11.497210610305478,
  "snr_wm": 21.981091966401753,
  "snrd_csf": 11.994112114375652,
  "snrd_gm": 27.954150403980798,
  "snrd_total": 27.08908251520769,
  "snrd_wm": 41.31898502726662,
  "spacing_x": 0.9375,
  "spacing_y": 0.8999999761581421,
  "spacing_z": 0.9375,
  "summary_bg_k": 34.80051122360597,
  "summary_bg_mad": 0.0,
  "summary_bg_mean": 8.14943201778115,
  "summary_bg_median": 0.0,
  "summary_bg_n": 5432628.0,
  "summary_bg_p05": 0.0,
  "summary_bg_p95": 38.79213587194681,
  "summary_bg_stdv": 15.855578667767361,
  "summary_csf_k": 22.196260327524385,
  "summary_csf_mad": 114.06875239908037,
  "summary_csf_mean": 305.56338225666116,
  "summary_csf_median": 290.28090666234493,
  "summary_csf_n": 35551.0,
  "summary_csf_p05": 106.10955340787768,
  "summary_csf_p95": 496.01124925911427,
  "summary_csf_stdv": 171.07677691410228,
  "summary_gm_k": 0.21885323483335828,
  "summary_gm_mad": 61.011581695747616,
  "summary_gm_mean": 675.640557572693,
  "summary_gm_median": 676.5449619665742,
  "summary_gm_n": 41068.0,
  "summary_gm_p05": 569.8693973075599,
  "summary_gm_p95": 775.421369113028,
  "summary_gm_stdv": 62.562485089679214,
  "summary_wm_k": 0.5260742349890526,
  "summary_wm_mad": 42.97880703755054,
  "summary_wm_mean": 999.9940888404387,
  "summary_wm_median": 1000.0000268220901,
  "summary_wm_n": 225401.0,
  "summary_wm_p05": 924.5224967077374,
  "summary_wm_p95": 1073.7359838560224,
  "summary_wm_stdv": 45.49354554720481,
  "tpm_overlap_csf": 0.13550589559505755,
  "tpm_overlap_gm": 0.46607318622815624,
  "tpm_overlap_wm": 0.50695997778093,
  "wm2max": 0.5826227844786672
}