{
  "aor": 0.0010354666666666666,
  "aqi": 0.007041793066666668,
  "bids_meta": {
    "AcquisitionMatrixPE": 64,
    "AcquisitionNumber": 1,
    "AcquisitionTime": "09:16:2.822500",
    "BaseResolution": 64,
    "ConversionSoftware": "dcm2niix",
    "ConversionSoftwareVersion": "v1.0.20190410  GCC6.3.0",
    "DeviceSerialNumber": "18011",
    "EchoTime": 0.03,
    "FlipAngle": 90,
    "ImageComments": "Fake_MoCo_Reference_Volume_+_DiCo_Applied",
    "ImageOrientationPatientDICOM": [
      1,
      0,
      0,
      0,
      0.978148,
      -0.207912
    ],
    "ImageType": [
      "ORIGINAL",
      "PRIMARY",
      "M",
      "ND",
      "DICO",
      "MOSAIC"
    ],
    "ImagingFrequency": 168.255,
    "InPlanePhaseEncodingDirectionDICOM": "COL",
    "MRAcquisitionType": "2D",
    "MagneticFieldStrength": 3.95064,
    "Manufacturer": "Siemens",
    "ManufacturersModelName": "MedSpec_4T",
    "Modality": "MR",
    "PartialFourier": 1,
    "PatientPosition": "HFS",
    "PercentPhaseFOV": 100,
    "PhaseEncodingDirection": "j-",
    "PhaseEncodingSteps": 64,
    "PhaseResolution": 1,
    "PixelBandwidth": 2790,
    "ProcedureStepDescription": "Research_fMRI",
    "ProtocolName": "mz_bold_dc_REST",
    "PulseSequenceDetails": "%CustomerSeq%_mz_ep2d_bold_dc",
    "ReceiveCoilName": "Head",
    "ReconMatrixPE": 64,
    "RepetitionTime": 2.1,
    "SAR": 0.0788284,
    "ScanOptions": "FS",
    "ScanningSequence": "SE_EP",
    "SequenceName": "epfid2d1_64",
    "SequenceVariant": "SK",
    "SeriesDescription": "mz_bold_dc_REST_DiCo",
    "SeriesNumber": 28,
    "ShimSetting": [
      17,
      37,
      43,
      2302,
      -89,
      -2907,
      2461,
      -89
    ],
    "SliceThickness": 3,
    "SoftwareVersions": "syngo_MR_2004A_4VA25A",
    "SpacingBetweenSlices": 3.6,
    "StationName": "WES4T",
    "TaskName": "rest",
    "TxRefAmp": 172.108,
    "dataset": "ds004169",
    "modality": "bold",
    "session_id": "01",
    "subject_id": "0859",
    "task_id": "rest"
  },
  "dummy_trs": 0,
  "dvars_nstd": 26.700618359597318,
  "dvars_std": 1.2236994874496652,
  "dvars_vstd": 0.9960984810738258,
  "efc": 0.4666219342179064,
  "fber": 3341.990478515625,
  "fd_mean": 0.12701765469566353,
  "fd_num": 20,
  "fd_perc": 13.333333333333334,
  "fwhm_avg": 1.7132941891553088,
  "fwhm_x": 1.5936000000000001,
  "fwhm_y": 1.9418603027410293,
  "fwhm_z": 1.6044222647248974,
  "gcor": 0.0402994,
  "gsr_x": -0.02320721745491028,
  "gsr_y": 0.036024101078510284,
  "provenance": {
    "md5sum": "a4e8088e2eca6b44245a1fec0fe47a80",
    "settings": {
      "fd_thres": 0.2,
      "testing": false
    },
    "software": "mriqc",
    "version": "23.0.1",
    "webapi_port": null,
    "webapi_url": "https://mriqc.nimh.nih.gov/api/v1"
  },
  "size_t": 150,
  "size_x": 64,
  "size_y": 64,
  "size_z": 36,
  "snr": 5.676532195121819,
  "spacing_tr": 2.0999999046325684,
  "spacing_x": 3.59375,
  "spacing_y": 3.593749761581421,
  "spacing_z": 3.5999999046325684,
  "summary_bg_k": 54.60558374538012,
  "summary_bg_mad": 5.367020568279749,
  "summary_bg_mean": 20.789358139038086,
  "summary_bg_median": 9.90000057220459,
  "summary_bg_n": 94903.0,
  "summary_bg_p05": 5.980000019073486,
  "summary_bg_p95": 63.15999984741211,
  "summary_bg_stdv": 31.734390258789062,
  "summary_fg_k": 3.194193303277938,
  "summary_fg_mad": 92.86524768780336,
  "summary_fg_mean": 597.978515625,
  "summary_fg_median": 593.82666015625,
  "summary_fg_n": 21712.0,
  "summary_fg_p05": 447.5110107421875,
  "summary_fg_p95": 761.2650207519532,
  "summary_fg_stdv": 104.60840606689453,
  "tsnr": 61.84608140855562
}