{
  "aor": 0.0016989763779527555,
  "aqi": 0.011193811417322836,
  "bids_meta": {
    "AcquisitionMatrixPE": 64,
    "AcquisitionNumber": 1,
    "AcquisitionTime": "10:05:10.729980",
    "BaseResolution": 64,
    "ConversionSoftware": "dcm2niix",
    "ConversionSoftwareVersion": "v1.0.20190410  GCC6.3.0",
    "DeviceSerialNumber": "18011",
    "EchoTime": 0.03,
    "FlipAngle": 90,
    "ImageComments": "Fake_MoCo_Reference_Volume_+_DiCo_Applied",
    "ImageOrientationPatientDICOM": [
      0.998145,
      0.00605585,
      0.0605827,
      7.59389e-08,
      0.995041,
      -0.0994656
    ],
    "ImageType": [
      "ORIGINAL",
      "PRIMARY",
      "M",
      "ND",
      "DICO",
      "MOSAIC"
    ],
    "ImagingFrequency": 168.255,
    "InPlanePhaseEncodingDirectionDICOM": "COL",
    "MRAcquisitionType": "2D",
    "MagneticFieldStrength": 3.95064,
    "Manufacturer": "Siemens",
    "ManufacturersModelName": "MedSpec_4T",
    "Modality": "MR",
    "PartialFourier": 1,
    "PatientPosition": "HFS",
    "PercentPhaseFOV": 100,
    "PhaseEncodingDirection": "j-",
    "PhaseEncodingSteps": 64,
    "PhaseResolution": 1,
    "PixelBandwidth": 2790,
    "ProcedureStepDescription": "Research_fMRI",
    "ProtocolName": "Nback_dc_opt",
    "PulseSequenceDetails": "%CustomerSeq%_kt_ep2d_bold_dc",
    "ReceiveCoilName": "Head",
    "ReconMatrixPE": 64,
    "RepetitionTime": 2.1,
    "SAR": 0.083806,
    "ScanOptions": "FS",
    "ScanningSequence": "SE_EP",
    "SequenceName": "epfid2d1_64",
    "SequenceVariant": "SK",
    "SeriesDescription": "Nback_dc_opt_DiCo",
    "SeriesNumber": 6,
    "ShimSetting": [
      8,
      9,
      -7,
      2001,
      657,
      -3095,
      1877,
      112
    ],
    "SliceThickness": 3,
    "SoftwareVersions": "syngo_MR_2004A_4VA25A",
    "SpacingBetweenSlices": 3.6,
    "StationName": "WES4T",
    "TaskName": "nback",
    "TxRefAmp": 192.784,
    "dataset": "ds004169",
    "modality": "bold",
    "session_id": "02",
    "subject_id": "1178",
    "task_id": "nback"
  },
  "dummy_trs": 0,
  "dvars_nstd": 26.303511468174605,
  "dvars_std": 1.0588325645238101,
  "dvars_vstd": 0.9486695978571427,
  "efc": 0.4725324738744629,
  "fber": 2463.412109375,
  "fd_mean": 0.2091561157397879,
  "fd_num": 40,
  "fd_perc": 31.496062992125985,
  "fwhm_avg": 1.7679373547162403,
  "fwhm_x": 1.6621746086956521,
  "fwhm_y": 1.9495485217391304,
  "fwhm_z": 1.6920889337139378,
  "gcor": 0.0266854,
  "gsr_x": -0.020978610962629318,
  "gsr_y": 0.03278321772813797,
  "provenance": {
    "md5sum": "28b6242beef474a72d4ecbb86d3a0e52",
    "settings": {
      "fd_thres": 0.2,
      "testing": false
    },
    "software": "mriqc",
    "version": "23.0.1",
    "webapi_port": null,
    "webapi_url": "https://mriqc.nimh.nih.gov/api/v1"
  },
  "size_t": 127,
  "size_x": 64,
  "size_y": 64,
  "size_z": 36,
  "snr": 5.65461275233531,
  "spacing_tr": 2.0999999046325684,
  "spacing_x": 3.59375,
  "spacing_y": 3.59375,
  "spacing_z": 3.5999999046325684,
  "summary_bg_k": 37.60713205085302,
  "summary_bg_mad": 7.109486373628875,
  "summary_bg_mean": 26.251211166381836,
  "summary_bg_median": 13.015748023986816,
  "summary_bg_n": 95909.0,
  "summary_bg_p05": 7.685039520263672,
  "summary_bg_p95": 79.73070983886699,
  "summary_bg_stdv": 36.66376876831055,
  "summary_fg_k": 2.345371411223396,
  "summary_fg_mad": 104.30745472644836,
  "summary_fg_mean": 667.2276000976562,
  "summary_fg_median": 663.8543701171875,
  "summary_fg_n": 21404.0,
  "summary_fg_p05": 489.1779418945313,
  "summary_fg_p95": 854.6858459472655,
  "summary_fg_stdv": 117.39775848388672,
  "tsnr": 47.46945992973633
}