{
  "bids_meta": {
    "AcquisitionMatrixPE": 225,
    "AcquisitionNumber": 1,
    "AcquisitionTime": "08:48:54.509990",
    "BaseResolution": 256,
    "ConversionSoftware": "dcm2niix",
    "ConversionSoftwareVersion": "v1.0.20190410  GCC6.3.0",
    "DeviceSerialNumber": "18011",
    "EchoTime": 0.00335,
    "FlipAngle": 8,
    "ImageOrientationPatientDICOM": [
      0.996195,
      -0.0871557,
      0,
      0,
      1.11022e-16,
      -1
    ],
    "ImageType": [
      "ORIGINAL",
      "PRIMARY",
      "M",
      "ND"
    ],
    "ImagingFrequency": 168.217,
    "InPlanePhaseEncodingDirectionDICOM": "ROW",
    "InversionTime": 0.7,
    "MRAcquisitionType": "3D",
    "MagneticFieldStrength": 3.95064,
    "Manufacturer": "Siemens",
    "ManufacturersModelName": "MedSpec_4T",
    "Modality": "MR",
    "PartialFourier": 0.875,
    "PatientPosition": "HFS",
    "PercentPhaseFOV": 100,
    "PhaseEncodingSteps": 197,
    "PhaseResolution": 0.878906,
    "PixelBandwidth": 200,
    "ProtocolName": "t1_mpr_cor",
    "PulseSequenceDetails": "%SiemensSeq%_tfl",
    "ReceiveCoilName": "Head_4T",
    "ReconMatrixPE": 256,
    "RepetitionTime": 1.5,
    "SAR": 0.00363168,
    "ScanOptions": "IR",
    "ScanningSequence": "IR_GR",
    "SequenceName": "tfl3d1_ns",
    "SequenceVariant": "SP_MP",
    "SeriesDescription": "t1_mpr_cor",
    "SeriesNumber": 8,
    "ShimSetting": [
      2,
      -6,
      -7,
      1833,
      179,
      -2761,
      2162,
      -24
    ],
    "SliceThickness": 0.9,
    "SoftwareVersions": "syngo_MR_2002B_4VA21A",
    "StationName": "wes4T",
    "TxRefAmp": 206.128,
    "dataset": "ds004169",
    "modality": "T1w",
    "session_id": "01",
    "subject_id": "0937"
  },
  "cjv": 0.39727794735712574,
  "cnr": 3.321083761297194,
  "efc": 0.4673823068632304,
  "fber": -1.0,
  "fwhm_avg": 4.433708190937318,
  "fwhm_x": 4.5383146666666665,
  "fwhm_y": 4.845711239478621,
  "fwhm_z": 3.917098666666667,
  "icvs_csf": 0.2504437361217667,
  "icvs_gm": 0.41865167931735625,
  "icvs_wm": 0.3309045845608771,
  "inu_med": 0.8145374655723572,
  "inu_range": 0.5650404095649719,
  "provenance": {
    "md5sum": "554655705fe5c9101c5ebb1fe1346131",
    "settings": {
      "testing": false
    },
    "software": "mriqc",
    "version": "23.0.1",
    "warnings": {
      "large_rot_frame": true,
      "small_air_mask": false
    },
    "webapi_port": null,
    "webapi_url": "https://mriqc.nimh.nih.gov/api/v1"
  },
  "qi_1": 0.0,
  "qi_2": 0.03449293629418944,
  "rpve_csf": 22.25038083071874,
  "rpve_gm": 13.362341869245203,
  "rpve_wm": 19.734940072769625,
  "size_x": 256,
  "size_y": 256,
  "size_z": 256,
  "snr_csf": 2.206027184630984,
  "snr_gm": 9.212344016750798,
  "snr_total": 9.300358174815292,
  "snr_wm": 16.482703323064097,
  "snrd_csf": 6.98300867179811,
  "snrd_gm": 18.178003772398892,
  "snrd_total": 17.375021654897562,
  "snrd_wm": 26.96405252049568,
  "spacing_x": 0.9375,
  "spacing_y": 0.8999999761581421,
  "spacing_z": 0.9375,
  "summary_bg_k": 24.5607103625306,
  "summary_bg_mad": 0.0,
  "summary_bg_mean": 14.395948727886186,
  "summary_bg_median": 0.0,
  "summary_bg_n": 5347007.0,
  "summary_bg_p05": 0.0,
  "summary_bg_p95": 64.5395438298583,
  "summary_bg_stdv": 24.296659585551172,
  "summary_csf_k": 27.1935881659646,
  "summary_csf_mad": 92.95129058107287,
  "summary_csf_mean": 267.14109339307527,
  "summary_csf_median": 258.97474874183536,
  "summary_csf_n": 57026.0,
  "summary_csf_p05": 103.06971198320389,
  "summary_csf_p95": 438.560414750129,
  "summary_csf_stdv": 117.3931490343913,
  "summary_gm_k": 0.08955870868670068,
  "summary_gm_mad": 72.54953601552141,
  "summary_gm_mean": 671.1495786355578,
  "summary_gm_median": 674.1569688431919,
  "summary_gm_n": 37168.0,
  "summary_gm_p05": 545.6026052160189,
  "summary_gm_p95": 786.2392319329083,
  "summary_gm_stdv": 73.17875868568007,
  "summary_wm_k": 0.6888804843088097,
  "summary_wm_mad": 56.90071767842811,
  "summary_wm_mean": 1000.6744461513381,
  "summary_wm_median": 1000.0000078417361,
  "summary_wm_n": 266418.0,
  "summary_wm_p05": 902.2531448341906,
  "summary_wm_p95": 1100.6199995577335,
  "summary_wm_stdv": 60.66954622004284,
  "tpm_overlap_csf": 0.13670179710518005,
  "tpm_overlap_gm": 0.4365249600670506,
  "tpm_overlap_wm": 0.4663927536882573,
  "wm2max": 0.555079908675799
}