{
  "bids_meta": {
    "AcquisitionMatrixPE": 225,
    "AcquisitionNumber": 1,
    "AcquisitionTime": "08:50:30.320010",
    "BaseResolution": 256,
    "ConversionSoftware": "dcm2niix",
    "ConversionSoftwareVersion": "v1.0.20190410  GCC6.3.0",
    "DeviceSerialNumber": "18011",
    "EchoTime": 0.00335,
    "FlipAngle": 8,
    "ImageOrientationPatientDICOM": [
      0,
      1,
      0,
      0,
      0,
      -1
    ],
    "ImageType": [
      "ORIGINAL",
      "PRIMARY",
      "M",
      "ND"
    ],
    "ImagingFrequency": 168.255,
    "InPlanePhaseEncodingDirectionDICOM": "ROW",
    "InversionTime": 0.7,
    "MRAcquisitionType": "3D",
    "MagneticFieldStrength": 3.95064,
    "Manufacturer": "Siemens",
    "ManufacturersModelName": "MedSpec_4T",
    "Modality": "MR",
    "PartialFourier": 0.875,
    "PatientPosition": "HFS",
    "PercentPhaseFOV": 100,
    "PhaseEncodingSteps": 197,
    "PhaseResolution": 0.878906,
    "PixelBandwidth": 200,
    "ProcedureStepDescription": "Research_fMRI",
    "ProtocolName": "t1_mpr_sag",
    "PulseSequenceDetails": "%SiemensSeq%_tfl",
    "ReceiveCoilName": "Head",
    "ReconMatrixPE": 256,
    "RepetitionTime": 1.5,
    "SAR": 0.0751313,
    "ScanOptions": "IR",
    "ScanningSequence": "IR_GR",
    "SequenceName": "tfl3d1_ns",
    "SequenceVariant": "SP_MP",
    "SeriesDescription": "t1_mpr_sag",
    "SeriesNumber": 8,
    "ShimSetting": [
      3,
      -17,
      36,
      2207,
      522,
      -3912,
      2662,
      57
    ],
    "SliceThickness": 0.9,
    "SoftwareVersions": "syngo_MR_2004A_4VA25A",
    "StationName": "WES4T",
    "TxRefAmp": 207.332,
    "dataset": "ds004169",
    "modality": "T1w",
    "session_id": "01",
    "subject_id": "0908"
  },
  "cjv": 0.33847720049748065,
  "cnr": 3.9032678270000227,
  "efc": 0.47168195337679863,
  "fber": 15300.891945889698,
  "fwhm_avg": 4.948169083563491,
  "fwhm_x": 5.268944584023809,
  "fwhm_y": 5.199434666666666,
  "fwhm_z": 4.376128,
  "icvs_csf": 0.20358831867744914,
  "icvs_gm": 0.43754804330555197,
  "icvs_wm": 0.35886363801699894,
  "inu_med": 0.6372565031051636,
  "inu_range": 0.46331216096878053,
  "provenance": {
    "md5sum": "787bae1201d7b5de4a90ed9406429b98",
    "settings": {
      "testing": false
    },
    "software": "mriqc",
    "version": "23.0.1",
    "warnings": {
      "large_rot_frame": true,
      "small_air_mask": false
    },
    "webapi_port": null,
    "webapi_url": "https://mriqc.nimh.nih.gov/api/v1"
  },
  "qi_1": 0.0,
  "qi_2": 0.005875835109107627,
  "rpve_csf": 26.079474843486725,
  "rpve_gm": 12.820446919338425,
  "rpve_wm": 18.05958017539904,
  "size_x": 240,
  "size_y": 256,
  "size_z": 256,
  "snr_csf": 2.2308997050839285,
  "snr_gm": 10.9270103560013,
  "snr_total": 10.981665746416203,
  "snr_wm": 19.78708717816338,
  "snrd_csf": 27.06078079865206,
  "snrd_gm": 63.57058940777183,
  "snrd_total": 61.36117547387002,
  "snrd_wm": 93.45215621518618,
  "spacing_x": 0.8999999761581421,
  "spacing_y": 0.9375,
  "spacing_z": 0.9375,
  "summary_bg_k": 4.8233969615447,
  "summary_bg_mad": 7.0106205159560675,
  "summary_bg_mean": 11.575610891395074,
  "summary_bg_median": 4.728591680526733,
  "summary_bg_n": 3635028.0,
  "summary_bg_p05": 0.0,
  "summary_bg_p95": 46.31428837776184,
  "summary_bg_stdv": 16.770014384103547,
  "summary_csf_k": 12.275974482930312,
  "summary_csf_mad": 116.92370518050016,
  "summary_csf_mean": 290.92390595264243,
  "summary_csf_median": 289.57765901088715,
  "summary_csf_n": 43157.0,
  "summary_csf_p05": 91.07397127151489,
  "summary_csf_p95": 478.69541614055623,
  "summary_csf_stdv": 129.80157888715226,
  "summary_gm_k": 0.0980458536869886,
  "summary_gm_mad": 62.231261566294954,
  "summary_gm_mean": 680.2042844353938,
  "summary_gm_median": 680.269449710846,
  "summary_gm_n": 54305.0,
  "summary_gm_p05": 577.1472859382629,
  "summary_gm_p95": 781.092092871666,
  "summary_gm_stdv": 62.25519735998888,
  "summary_wm_k": 0.9150649099054364,
  "summary_wm_mad": 46.00119489236926,
  "summary_wm_mean": 1001.6458987746809,
  "summary_wm_median": 1000.0323652029037,
  "summary_wm_n": 270062.0,
  "summary_wm_p05": 921.2656873464584,
  "summary_wm_p95": 1086.8635590076447,
  "summary_wm_stdv": 50.53955161314353,
  "tpm_overlap_csf": 0.13077405560862365,
  "tpm_overlap_gm": 0.44853854945351124,
  "tpm_overlap_wm": 0.4849451765989761,
  "wm2max": 0.5892782167258293
}