{
  "aor": 0.002560466666666667,
  "aqi": 0.010019154666666667,
  "bids_meta": {
    "AcquisitionMatrixPE": 64,
    "AcquisitionNumber": 1,
    "AcquisitionTime": "12:33:50.807490",
    "BaseResolution": 64,
    "ConversionSoftware": "dcm2niix",
    "ConversionSoftwareVersion": "v1.0.20190410  GCC6.3.0",
    "DeviceSerialNumber": "18011",
    "EchoTime": 0.03,
    "FlipAngle": 90,
    "ImageComments": "Fake_MoCo_Reference_Volume_+_DiCo_Applied",
    "ImageOrientationPatientDICOM": [
      1,
      0,
      0,
      0,
      1,
      0
    ],
    "ImageType": [
      "ORIGINAL",
      "PRIMARY",
      "M",
      "ND",
      "MOSAIC"
    ],
    "ImagingFrequency": 168.217,
    "InPlanePhaseEncodingDirectionDICOM": "COL",
    "MRAcquisitionType": "2D",
    "MagneticFieldStrength": 3.95064,
    "Manufacturer": "Siemens",
    "ManufacturersModelName": "MedSpec_4T",
    "Modality": "MR",
    "PartialFourier": 1,
    "PatientPosition": "HFS",
    "PercentPhaseFOV": 100,
    "PhaseEncodingDirection": "j-",
    "PhaseEncodingSteps": 64,
    "PhaseResolution": 1,
    "PixelBandwidth": 2790,
    "ProtocolName": "mz_bold_dc_REST",
    "PulseSequenceDetails": "%CustomerSeq%_mz_ep2d_bold_dc",
    "ReceiveCoilName": "Head_4T",
    "ReconMatrixPE": 64,
    "RepetitionTime": 2.1,
    "SAR": 0.0218419,
    "ScanOptions": "FS",
    "ScanningSequence": "SE_EP",
    "SequenceName": "epfid2d1_64",
    "SequenceVariant": "SK",
    "SeriesDescription": "mz_bold_dc_REST_DiCo",
    "SeriesNumber": 10,
    "ShimSetting": [
      16,
      -3,
      2,
      1906,
      -11,
      -2076,
      2711,
      93
    ],
    "SliceThickness": 3,
    "SoftwareVersions": "syngo_MR_2002B_4VA21A",
    "SpacingBetweenSlices": 3.6,
    "StationName": "wes4T",
    "TaskName": "rest",
    "TxRefAmp": 159.55,
    "dataset": "ds004169",
    "modality": "bold",
    "session_id": "01",
    "subject_id": "0847",
    "task_id": "rest"
  },
  "dummy_trs": 0,
  "dvars_nstd": 26.81082557791946,
  "dvars_std": 1.121500646577181,
  "dvars_vstd": 0.9638768379865774,
  "efc": 0.46279947539609156,
  "fber": 2694.69189453125,
  "fd_mean": 0.20723793972562224,
  "fd_num": 62,
  "fd_perc": 41.333333333333336,
  "fwhm_avg": 1.7668955927610612,
  "fwhm_x": 1.6603380869565219,
  "fwhm_y": 1.9800208695652175,
  "fwhm_z": 1.6603278217614443,
  "gcor": 0.0409606,
  "gsr_x": -0.028458241373300552,
  "gsr_y": 0.04596875607967377,
  "provenance": {
    "md5sum": "0de06131adfe45de9b27122dfb11deda",
    "settings": {
      "fd_thres": 0.2,
      "testing": false
    },
    "software": "mriqc",
    "version": "23.0.1",
    "webapi_port": null,
    "webapi_url": "https://mriqc.nimh.nih.gov/api/v1"
  },
  "size_t": 150,
  "size_x": 64,
  "size_y": 64,
  "size_z": 36,
  "snr": 5.019916880497236,
  "spacing_tr": 2.0999999046325684,
  "spacing_x": 3.59375,
  "spacing_y": 3.59375,
  "spacing_z": 3.5999999046325684,
  "summary_bg_k": 90.00816605190464,
  "summary_bg_mad": 5.5251639471424205,
  "summary_bg_mean": 22.40043830871582,
  "summary_bg_median": 10.960000038146973,
  "summary_bg_n": 96760.0,
  "summary_bg_p05": 6.613333702087402,
  "summary_bg_p95": 64.92033157348635,
  "summary_bg_stdv": 36.20793914794922,
  "summary_fg_k": 3.7466268276074546,
  "summary_fg_mad": 97.08076431067224,
  "summary_fg_mean": 594.4932250976562,
  "summary_fg_median": 583.2533569335938,
  "summary_fg_n": 21089.0,
  "summary_fg_p05": 432.9520202636719,
  "summary_fg_p95": 781.6306884765623,
  "summary_fg_stdv": 116.18509674072266,
  "tsnr": 50.24258330091834
}