{
  "aor": 0.0016920666666666666,
  "aqi": 0.0093395078,
  "bids_meta": {
    "AcquisitionMatrixPE": 64,
    "AcquisitionNumber": 1,
    "AcquisitionTime": "10:23:53.200020",
    "BaseResolution": 64,
    "ConversionSoftware": "dcm2niix",
    "ConversionSoftwareVersion": "v1.0.20190410  GCC6.3.0",
    "DeviceSerialNumber": "18011",
    "EchoTime": 0.03,
    "FlipAngle": 90,
    "ImageComments": "Fake_MoCo_Reference_Volume_+_DiCo_Applied",
    "ImageOrientationPatientDICOM": [
      1,
      0,
      0,
      0,
      1,
      0
    ],
    "ImageType": [
      "ORIGINAL",
      "PRIMARY",
      "M",
      "ND",
      "MOSAIC"
    ],
    "ImagingFrequency": 168.216,
    "InPlanePhaseEncodingDirectionDICOM": "COL",
    "MRAcquisitionType": "2D",
    "MagneticFieldStrength": 3.95064,
    "Manufacturer": "Siemens",
    "ManufacturersModelName": "MedSpec_4T",
    "Modality": "MR",
    "PartialFourier": 1,
    "PatientPosition": "HFS",
    "PercentPhaseFOV": 100,
    "PhaseEncodingDirection": "j-",
    "PhaseEncodingSteps": 64,
    "PhaseResolution": 1,
    "PixelBandwidth": 2790,
    "ProtocolName": "mz_bold_dc_REST",
    "PulseSequenceDetails": "%CustomerSeq%_mz_ep2d_bold_dc",
    "ReceiveCoilName": "Head_4T",
    "ReconMatrixPE": 64,
    "RepetitionTime": 2.1,
    "SAR": 0.0246956,
    "ScanOptions": "FS",
    "ScanningSequence": "SE_EP",
    "SequenceName": "epfid2d1_64",
    "SequenceVariant": "SK",
    "SeriesDescription": "mz_bold_dc_REST_DiCo",
    "SeriesNumber": 10,
    "ShimSetting": [
      26,
      -42,
      160,
      456,
      1436,
      -4489,
      2357,
      -125
    ],
    "SliceThickness": 3,
    "SoftwareVersions": "syngo_MR_2002B_4VA21A",
    "SpacingBetweenSlices": 3.6,
    "StationName": "wes4T",
    "TaskName": "rest",
    "TxRefAmp": 170.395,
    "dataset": "ds004169",
    "modality": "bold",
    "session_id": "01",
    "subject_id": "0419",
    "task_id": "rest"
  },
  "dummy_trs": 0,
  "dvars_nstd": 20.960085120134224,
  "dvars_std": 1.0060033751677848,
  "dvars_vstd": 0.9446346138926177,
  "efc": 0.4547251034113642,
  "fber": 2179.82568359375,
  "fd_mean": 0.14180592794108662,
  "fd_num": 9,
  "fd_perc": 6.0,
  "fwhm_avg": 1.7775955669340338,
  "fwhm_x": 1.6786337391304347,
  "fwhm_y": 1.960144695652174,
  "fwhm_z": 1.6940082660194926,
  "gcor": 0.0230741,
  "gsr_x": -0.01625058799982071,
  "gsr_y": 0.03215568885207176,
  "provenance": {
    "md5sum": "c3d40e912b2a2fa04380eb39a036ae82",
    "settings": {
      "fd_thres": 0.2,
      "testing": false
    },
    "software": "mriqc",
    "version": "23.0.1",
    "webapi_port": null,
    "webapi_url": "https://mriqc.nimh.nih.gov/api/v1"
  },
  "size_t": 150,
  "size_x": 64,
  "size_y": 64,
  "size_z": 36,
  "snr": 5.4031838418006295,
  "spacing_tr": 2.0999999046325684,
  "spacing_x": 3.59375,
  "spacing_y": 3.59375,
  "spacing_z": 3.6000001430511475,
  "summary_bg_k": 67.40034648846088,
  "summary_bg_mad": 10.556129040009184,
  "summary_bg_mean": 28.584815979003906,
  "summary_bg_median": 15.606667518615723,
  "summary_bg_n": 98852.0,
  "summary_bg_p05": 7.15333366394043,
  "summary_bg_p95": 83.87266998291011,
  "summary_bg_stdv": 39.56699752807617,
  "summary_fg_k": 2.3486191973472614,
  "summary_fg_mad": 118.1337339116234,
  "summary_fg_mean": 732.5413818359375,
  "summary_fg_median": 724.8533325195312,
  "summary_fg_n": 19185.0,
  "summary_fg_p05": 532.1986938476563,
  "summary_fg_p95": 952.2786987304687,
  "summary_fg_stdv": 134.14950561523438,
  "tsnr": 50.852426670491695
}