{
  "aor": 0.011630866141732287,
  "aqi": 0.016309504724409448,
  "bids_meta": {
    "AcquisitionMatrixPE": 64,
    "AcquisitionNumber": 1,
    "AcquisitionTime": "10:13:35.717510",
    "BaseResolution": 64,
    "ConversionSoftware": "dcm2niix",
    "ConversionSoftwareVersion": "v1.0.20190410  GCC6.3.0",
    "DeviceSerialNumber": "18011",
    "EchoTime": 0.03,
    "FlipAngle": 90,
    "ImageComments": "Fake_MoCo_Reference_Volume_+_DiCo_Applied",
    "ImageOrientationPatientDICOM": [
      1,
      0,
      0,
      0,
      1,
      0
    ],
    "ImageType": [
      "ORIGINAL",
      "PRIMARY",
      "M",
      "ND",
      "MOSAIC"
    ],
    "ImagingFrequency": 168.216,
    "InPlanePhaseEncodingDirectionDICOM": "COL",
    "MRAcquisitionType": "2D",
    "MagneticFieldStrength": 3.95064,
    "Manufacturer": "Siemens",
    "ManufacturersModelName": "MedSpec_4T",
    "Modality": "MR",
    "PartialFourier": 1,
    "PatientPosition": "HFS",
    "PercentPhaseFOV": 100,
    "PhaseEncodingDirection": "j-",
    "PhaseEncodingSteps": 64,
    "PhaseResolution": 1,
    "PixelBandwidth": 2790,
    "ProtocolName": "Nback_dc",
    "PulseSequenceDetails": "%CustomerSeq%_mz_ep2d_bold_dc",
    "ReceiveCoilName": "Head_4T",
    "ReconMatrixPE": 64,
    "RepetitionTime": 2.1,
    "SAR": 0.0381294,
    "ScanOptions": "FS",
    "ScanningSequence": "SE_EP",
    "SequenceName": "epfid2d1_64",
    "SequenceVariant": "SK",
    "SeriesDescription": "Nback_dc_DiCo",
    "SeriesNumber": 7,
    "ShimSetting": [
      26,
      -42,
      160,
      456,
      1436,
      -4489,
      2357,
      -125
    ],
    "SliceThickness": 3,
    "SoftwareVersions": "syngo_MR_2002B_4VA21A",
    "SpacingBetweenSlices": 3.6,
    "StationName": "wes4T",
    "TaskName": "nback",
    "TxRefAmp": 170.395,
    "dataset": "ds004169",
    "modality": "bold",
    "session_id": "01",
    "subject_id": "0419",
    "task_id": "nback"
  },
  "dummy_trs": 0,
  "dvars_nstd": 24.27283126579366,
  "dvars_std": 1.0574914055555553,
  "dvars_vstd": 1.0132209726190473,
  "efc": 0.4538692931682511,
  "fber": 2171.75,
  "fd_mean": 0.215546956858129,
  "fd_num": 31,
  "fd_perc": 24.409448818897637,
  "fwhm_avg": 1.790185117449062,
  "fwhm_x": 1.688375652173913,
  "fwhm_y": 1.9723464347826087,
  "fwhm_z": 1.7098332653906638,
  "gcor": 0.0136793,
  "gsr_x": -0.015544026158750057,
  "gsr_y": 0.030191725119948387,
  "provenance": {
    "md5sum": "d52bc49e28209660dfc5dfff732cbb01",
    "settings": {
      "fd_thres": 0.2,
      "testing": false
    },
    "software": "mriqc",
    "version": "23.0.1",
    "webapi_port": null,
    "webapi_url": "https://mriqc.nimh.nih.gov/api/v1"
  },
  "size_t": 127,
  "size_x": 64,
  "size_y": 64,
  "size_z": 36,
  "snr": 5.37772992977007,
  "spacing_tr": 2.0999999046325684,
  "spacing_x": 3.59375,
  "spacing_y": 3.59375,
  "spacing_z": 3.6000001430511475,
  "summary_bg_k": 49.16575445787222,
  "summary_bg_mad": 10.203104407829883,
  "summary_bg_mean": 27.725858688354492,
  "summary_bg_median": 15.44094467163086,
  "summary_bg_n": 98941.0,
  "summary_bg_p05": 7.582677364349365,
  "summary_bg_p95": 79.93700408935547,
  "summary_bg_stdv": 35.68233871459961,
  "summary_fg_k": 2.4794649992525475,
  "summary_fg_mad": 117.68014848558218,
  "summary_fg_mean": 729.539306640625,
  "summary_fg_median": 722.2677001953125,
  "summary_fg_n": 19148.0,
  "summary_fg_p05": 531.3031311035156,
  "summary_fg_p95": 950.7346618652343,
  "summary_fg_stdv": 134.3036651611328,
  "tsnr": 38.24960569362156
}