{
  "bids_meta": {
    "AcquisitionMatrixPE": 225,
    "AcquisitionNumber": 1,
    "AcquisitionTime": "08:03:1.687500",
    "BaseResolution": 256,
    "ConversionSoftware": "dcm2niix",
    "ConversionSoftwareVersion": "v1.0.20190410  GCC6.3.0",
    "DeviceSerialNumber": "18011",
    "EchoTime": 0.00335,
    "FlipAngle": 8,
    "ImageOrientationPatientDICOM": [
      0.999848,
      0.0174524,
      0,
      0,
      1.11022e-16,
      -1
    ],
    "ImageType": [
      "ORIGINAL",
      "PRIMARY",
      "M",
      "ND"
    ],
    "ImagingFrequency": 168.256,
    "InPlanePhaseEncodingDirectionDICOM": "ROW",
    "InversionTime": 0.7,
    "MRAcquisitionType": "3D",
    "MagneticFieldStrength": 3.95064,
    "Manufacturer": "Siemens",
    "ManufacturersModelName": "MedSpec_4T",
    "Modality": "MR",
    "PartialFourier": 0.875,
    "PatientPosition": "HFS",
    "PercentPhaseFOV": 100,
    "PhaseEncodingSteps": 197,
    "PhaseResolution": 0.878906,
    "PixelBandwidth": 200,
    "ProtocolName": "t1_mpr_cor",
    "PulseSequenceDetails": "%SiemensSeq%_tfl",
    "ReceiveCoilName": "Head_4T",
    "ReconMatrixPE": 256,
    "RepetitionTime": 1.5,
    "SAR": 0.00294742,
    "ScanOptions": "IR",
    "ScanningSequence": "IR_GR",
    "SequenceName": "tfl3d1_ns",
    "SequenceVariant": "SP_MP",
    "SeriesDescription": "t1_mpr_cor",
    "SeriesNumber": 8,
    "ShimSetting": [
      5,
      9,
      28,
      2479,
      607,
      -2546,
      2232,
      80
    ],
    "SliceThickness": 0.9,
    "SoftwareVersions": "syngo_MR_2002B_4VA21A",
    "StationName": "wes4T",
    "TxRefAmp": 215.183,
    "dataset": "ds004169",
    "modality": "T1w",
    "session_id": "01",
    "subject_id": "0800"
  },
  "cjv": 0.3623205677418679,
  "cnr": 3.6026892801192947,
  "efc": 0.47212199688777595,
  "fber": -1.0,
  "fwhm_avg": 4.409772635714077,
  "fwhm_x": 4.536224000000001,
  "fwhm_y": 4.883344573808897,
  "fwhm_z": 3.8097493333333334,
  "icvs_csf": 0.21665244516678273,
  "icvs_gm": 0.4249785913944417,
  "icvs_wm": 0.35836896343877556,
  "inu_med": 0.7168636322021484,
  "inu_range": 0.48335982561111446,
  "provenance": {
    "md5sum": "dd821758d3fcfc3d57017c0e1e8f61f4",
    "settings": {
      "testing": false
    },
    "software": "mriqc",
    "version": "23.0.1",
    "warnings": {
      "large_rot_frame": true,
      "small_air_mask": false
    },
    "webapi_port": null,
    "webapi_url": "https://mriqc.nimh.nih.gov/api/v1"
  },
  "qi_1": 0.0,
  "qi_2": 0.028993610458365328,
  "rpve_csf": 23.793309610983002,
  "rpve_gm": 12.926673267187468,
  "rpve_wm": 18.44327003153109,
  "size_x": 256,
  "size_y": 256,
  "size_z": 256,
  "snr_csf": 1.3411343810519614,
  "snr_gm": 8.961237795190991,
  "snr_total": 9.486834840212985,
  "snr_wm": 18.158132344396005,
  "snrd_csf": 7.402508705095566,
  "snrd_gm": 18.71435663662617,
  "snrd_total": 18.174516587917246,
  "snrd_wm": 28.406684422030004,
  "spacing_x": 0.9375,
  "spacing_y": 0.8999999761581421,
  "spacing_z": 0.9375,
  "summary_bg_k": 10.350135791620515,
  "summary_bg_mad": 0.0,
  "summary_bg_mean": 14.492655479673823,
  "summary_bg_median": 0.0,
  "summary_bg_n": 4279444.0,
  "summary_bg_p05": 0.0,
  "summary_bg_p95": 63.372819636017084,
  "summary_bg_stdv": 23.063474413330013,
  "summary_csf_k": 23.445631868601268,
  "summary_csf_mad": 114.8924318256229,
  "summary_csf_mean": 286.9834387780255,
  "summary_csf_median": 260.59851065278053,
  "summary_csf_n": 30114.0,
  "summary_csf_p05": 84.2160246776417,
  "summary_csf_p95": 499.4607364397495,
  "summary_csf_stdv": 194.30877877132298,
  "summary_gm_k": 0.20469724229698238,
  "summary_gm_mad": 72.14283430402146,
  "summary_gm_mean": 657.0370511088515,
  "summary_gm_median": 658.8217132352293,
  "summary_gm_n": 41082.0,
  "summary_gm_p05": 533.4476450718939,
  "summary_gm_p95": 774.9065043441951,
  "summary_gm_stdv": 73.51815785600456,
  "summary_wm_k": 0.6413029781041533,
  "summary_wm_mad": 51.48438015033947,
  "summary_wm_mean": 1000.8326870061558,
  "summary_wm_median": 1000.0311985947192,
  "summary_wm_n": 323463.0,
  "summary_wm_p05": 911.8765827901661,
  "summary_wm_p95": 1092.0511511601508,
  "summary_wm_stdv": 55.07337614939672,
  "tpm_overlap_csf": 0.14177970634254083,
  "tpm_overlap_gm": 0.4492245827644131,
  "tpm_overlap_wm": 0.5072022004614986,
  "wm2max": 0.5449058349094635
}