{
  "aor": 0.0016978,
  "aqi": 0.010873211333333334,
  "bids_meta": {
    "AcquisitionMatrixPE": 64,
    "AcquisitionNumber": 1,
    "AcquisitionTime": "08:47:49.400020",
    "BaseResolution": 64,
    "ConversionSoftware": "dcm2niix",
    "ConversionSoftwareVersion": "v1.0.20190410  GCC6.3.0",
    "DeviceSerialNumber": "18011",
    "EchoTime": 0.03,
    "FlipAngle": 90,
    "ImageComments": "Fake_MoCo_Reference_Volume_+_DiCo_Applied",
    "ImageOrientationPatientDICOM": [
      1,
      0,
      -1.38778e-17,
      0,
      0.984808,
      -0.173648
    ],
    "ImageType": [
      "ORIGINAL",
      "PRIMARY",
      "M",
      "ND",
      "MOSAIC"
    ],
    "ImagingFrequency": 168.256,
    "InPlanePhaseEncodingDirectionDICOM": "COL",
    "MRAcquisitionType": "2D",
    "MagneticFieldStrength": 3.95064,
    "Manufacturer": "Siemens",
    "ManufacturersModelName": "MedSpec_4T",
    "Modality": "MR",
    "PartialFourier": 1,
    "PatientPosition": "HFS",
    "PercentPhaseFOV": 100,
    "PhaseEncodingDirection": "j-",
    "PhaseEncodingSteps": 64,
    "PhaseResolution": 1,
    "PixelBandwidth": 2790,
    "ProtocolName": "mz_bold_dc_REST",
    "PulseSequenceDetails": "%CustomerSeq%_mz_ep2d_bold_dc",
    "ReceiveCoilName": "Head_4T",
    "ReconMatrixPE": 64,
    "RepetitionTime": 2.1,
    "SAR": 0.0185867,
    "ScanOptions": "FS",
    "ScanningSequence": "SE_EP",
    "SequenceName": "epfid2d1_64",
    "SequenceVariant": "SK",
    "SeriesDescription": "mz_bold_dc_REST_DiCo",
    "SeriesNumber": 10,
    "ShimSetting": [
      23,
      -1,
      40,
      1773,
      430,
      -2565,
      2247,
      -456
    ],
    "SliceThickness": 3,
    "SoftwareVersions": "syngo_MR_2002B_4VA21A",
    "SpacingBetweenSlices": 3.6,
    "StationName": "wes4T",
    "TaskName": "rest",
    "TxRefAmp": 184.507,
    "dataset": "ds004169",
    "modality": "bold",
    "session_id": "01",
    "subject_id": "1023",
    "task_id": "rest"
  },
  "dummy_trs": 0,
  "dvars_nstd": 27.040868195906047,
  "dvars_std": 1.1519502509395978,
  "dvars_vstd": 0.9525598899328864,
  "efc": 0.46250619211053035,
  "fber": 2428.455322265625,
  "fd_mean": 0.15213483981847115,
  "fd_num": 23,
  "fd_perc": 15.333333333333334,
  "fwhm_avg": 1.761498201649575,
  "fwhm_x": 1.6746490434782608,
  "fwhm_y": 1.9829565217391303,
  "fwhm_z": 1.626889039731334,
  "gcor": 0.0111432,
  "gsr_x": -0.025895897299051285,
  "gsr_y": 0.032568082213401794,
  "provenance": {
    "md5sum": "01c9b51173f0ef58097726308df57337",
    "settings": {
      "fd_thres": 0.2,
      "testing": false
    },
    "software": "mriqc",
    "version": "23.0.1",
    "webapi_port": null,
    "webapi_url": "https://mriqc.nimh.nih.gov/api/v1"
  },
  "size_t": 150,
  "size_x": 64,
  "size_y": 64,
  "size_z": 36,
  "snr": 5.479082266137883,
  "spacing_tr": 2.0999999046325684,
  "spacing_x": 3.59375,
  "spacing_y": 3.59375,
  "spacing_z": 3.5999996662139893,
  "summary_bg_k": 37.284948481082495,
  "summary_bg_mad": 9.617147823478257,
  "summary_bg_mean": 32.0342903137207,
  "summary_bg_median": 15.74000072479248,
  "summary_bg_n": 98161.0,
  "summary_bg_p05": 8.520000457763672,
  "summary_bg_p95": 96.87333679199219,
  "summary_bg_stdv": 43.46770477294922,
  "summary_fg_k": 3.568095087915702,
  "summary_fg_mad": 117.82240011445734,
  "summary_fg_mean": 791.131591796875,
  "summary_fg_median": 782.0900268554688,
  "summary_fg_n": 19794.0,
  "summary_fg_p05": 589.494009399414,
  "summary_fg_p95": 1019.9766967773437,
  "summary_fg_stdv": 142.73745727539062,
  "tsnr": 51.75559150800109
}