{
  "aor": 0.00884904761904762,
  "aqi": 0.027732255555555554,
  "bids_meta": {
    "AcquisitionMatrixPE": 64,
    "AcquisitionNumber": 1,
    "AcquisitionTime": "09:54:17.777500",
    "BaseResolution": 64,
    "ConversionSoftware": "dcm2niix",
    "ConversionSoftwareVersion": "v1.0.20190410  GCC6.3.0",
    "DeviceSerialNumber": "18011",
    "EchoTime": 0.03,
    "FlipAngle": 90,
    "ImageComments": "Fake_MoCo_Reference_Volume_+_DiCo_Applied",
    "ImageOrientationPatientDICOM": [
      1,
      0,
      0,
      0,
      1,
      0
    ],
    "ImageType": [
      "ORIGINAL",
      "PRIMARY",
      "M",
      "ND",
      "MOSAIC"
    ],
    "ImagingFrequency": 168.255,
    "InPlanePhaseEncodingDirectionDICOM": "COL",
    "MRAcquisitionType": "2D",
    "MagneticFieldStrength": 3.95064,
    "Manufacturer": "Siemens",
    "ManufacturersModelName": "MedSpec_4T",
    "Modality": "MR",
    "PartialFourier": 1,
    "PatientPosition": "HFS",
    "PercentPhaseFOV": 100,
    "PhaseEncodingDirection": "j-",
    "PhaseEncodingSteps": 64,
    "PhaseResolution": 1,
    "PixelBandwidth": 2790,
    "ProtocolName": "Nback_dc_opt",
    "PulseSequenceDetails": "%CustomerSeq%_kt_ep2d_bold_dc",
    "ReceiveCoilName": "Head_4T",
    "ReconMatrixPE": 64,
    "RepetitionTime": 2.1,
    "SAR": 0.0393036,
    "ScanOptions": "FS",
    "ScanningSequence": "SE_EP",
    "SequenceName": "epfid2d1_64",
    "SequenceVariant": "SK",
    "SeriesDescription": "Nback_dc_opt_DiCo",
    "SeriesNumber": 7,
    "ShimSetting": [
      31,
      -13,
      25,
      2147,
      968,
      -3993,
      2876,
      -474
    ],
    "SliceThickness": 3,
    "SoftwareVersions": "syngo_MR_2002B_4VA21A",
    "SpacingBetweenSlices": 3.6,
    "StationName": "wes4T",
    "TaskName": "nback",
    "TxRefAmp": 245.558,
    "dataset": "ds004169",
    "modality": "bold",
    "session_id": "01",
    "subject_id": "0218",
    "task_id": "nback"
  },
  "dummy_trs": 1,
  "dvars_nstd": 34.077345489520006,
  "dvars_std": 1.2806427734399999,
  "dvars_vstd": 1.01172422488,
  "efc": 0.5007653439508565,
  "fber": 1717.818603515625,
  "fd_mean": 0.1396311036526254,
  "fd_num": 19,
  "fd_perc": 15.079365079365079,
  "fwhm_avg": 1.866247970162079,
  "fwhm_x": 1.740527304347826,
  "fwhm_y": 2.1311387826086956,
  "fwhm_z": 1.7270778235297157,
  "gcor": 0.111867,
  "gsr_x": -0.021317126229405403,
  "gsr_y": 0.040022701025009155,
  "provenance": {
    "md5sum": "d5a3ce627132c842b2673eda0c920606",
    "settings": {
      "fd_thres": 0.2,
      "testing": false
    },
    "software": "mriqc",
    "version": "22.0.6",
    "webapi_port": null,
    "webapi_url": "https://mriqc.nimh.nih.gov/api/v1"
  },
  "size_t": 126,
  "size_x": 64,
  "size_y": 64,
  "size_z": 36,
  "snr": 5.414169531947511,
  "spacing_tr": 2.0999999046325684,
  "spacing_x": 3.59375,
  "spacing_y": 3.59375,
  "spacing_z": 3.5999999046325684,
  "summary_bg_k": 25.278206880651563,
  "summary_bg_mad": 11.460752008869283,
  "summary_bg_mean": 38.26433181762695,
  "summary_bg_median": 19.126985549926758,
  "summary_bg_n": 92327.0,
  "summary_bg_p05": 10.59523868560791,
  "summary_bg_p95": 117.88651275634763,
  "summary_bg_stdv": 49.42522430419922,
  "summary_fg_k": 2.4558451247328783,
  "summary_fg_mad": 133.44596347705237,
  "summary_fg_mean": 818.8423461914062,
  "summary_fg_median": 810.4841918945312,
  "summary_fg_n": 23631.0,
  "summary_fg_p05": 595.388916015625,
  "summary_fg_p95": 1065.6310424804688,
  "summary_fg_stdv": 149.69369506835938,
  "tsnr": 26.92826924379915
}