{
  "aor": 0.0032467379679144387,
  "aqi": 0.026191950802139034,
  "bids_meta": {
    "AcquisitionMatrixPE": 64,
    "AcquisitionNumber": 1,
    "AcquisitionTime": "08:30:13.362500",
    "BaseResolution": 64,
    "ConversionSoftware": "dcm2niix",
    "ConversionSoftwareVersion": "v1.0.20190410  GCC6.3.0",
    "DeviceSerialNumber": "18011",
    "EchoTime": 0.03,
    "FlipAngle": 90,
    "ImageComments": "Fake_MoCo_Reference_Volume_+_DiCo_Applied",
    "ImageOrientationPatientDICOM": [
      0.999848,
      -1.11022e-16,
      -0.0174524,
      1.11022e-16,
      1,
      -1.73472e-18
    ],
    "ImageType": [
      "ORIGINAL",
      "PRIMARY",
      "M",
      "ND",
      "MOSAIC"
    ],
    "ImagingFrequency": 168.256,
    "InPlanePhaseEncodingDirectionDICOM": "COL",
    "MRAcquisitionType": "2D",
    "MagneticFieldStrength": 3.95064,
    "Manufacturer": "Siemens",
    "ManufacturersModelName": "MedSpec_4T",
    "Modality": "MR",
    "PartialFourier": 1,
    "PatientPosition": "HFS",
    "PercentPhaseFOV": 100,
    "PhaseEncodingDirection": "j-",
    "PhaseEncodingSteps": 64,
    "PhaseResolution": 1,
    "PixelBandwidth": 2790,
    "ProtocolName": "Nback_1.5s_dcopt",
    "PulseSequenceDetails": "%CustomerSeq%_kt_ep2d_bold_dc",
    "ReceiveCoilName": "Head_4T",
    "ReconMatrixPE": 64,
    "RepetitionTime": 2.1,
    "SAR": 0.0431132,
    "ScanOptions": "FS",
    "ScanningSequence": "SE_EP",
    "SequenceName": "epfid2d1_64",
    "SequenceVariant": "SK",
    "SeriesDescription": "Nback_1.5s_dcopt_DiCo",
    "SeriesNumber": 7,
    "ShimSetting": [
      -6,
      -18,
      21,
      1527,
      594,
      -2987,
      2207,
      202
    ],
    "SliceThickness": 3,
    "SoftwareVersions": "syngo_MR_2002B_4VA21A",
    "SpacingBetweenSlices": 3.6,
    "StationName": "wes4T",
    "TaskName": "nback",
    "TxRefAmp": 203.046,
    "dataset": "ds004169",
    "modality": "bold",
    "session_id": "01",
    "subject_id": "1263",
    "task_id": "nback"
  },
  "dummy_trs": 0,
  "dvars_nstd": 33.95926224301075,
  "dvars_std": 1.0103394207526886,
  "dvars_vstd": 0.9002644682258067,
  "efc": 0.4801285643918624,
  "fber": 2764.00048828125,
  "fd_mean": 0.37235724391291464,
  "fd_num": 109,
  "fd_perc": 58.288770053475936,
  "fwhm_avg": 1.857853591050101,
  "fwhm_x": 1.7134914782608697,
  "fwhm_y": 2.163152695652174,
  "fwhm_z": 1.6969165992372592,
  "gcor": 0.350651,
  "gsr_x": -0.01750107854604721,
  "gsr_y": 0.039516981691122055,
  "provenance": {
    "md5sum": "bd00c57047d5a8177c6edaa1f2906228",
    "settings": {
      "fd_thres": 0.2,
      "testing": false
    },
    "software": "mriqc",
    "version": "23.0.1",
    "webapi_port": null,
    "webapi_url": "https://mriqc.nimh.nih.gov/api/v1"
  },
  "size_t": 187,
  "size_x": 64,
  "size_y": 64,
  "size_z": 36,
  "snr": 5.732102259984334,
  "spacing_tr": 2.0999999046325684,
  "spacing_x": 3.59375,
  "spacing_y": 3.59375,
  "spacing_z": 3.6000001430511475,
  "summary_bg_k": 74.68681042608574,
  "summary_bg_mad": 7.563650092809903,
  "summary_bg_mean": 25.84364891052246,
  "summary_bg_median": 13.92513370513916,
  "summary_bg_n": 92974.0,
  "summary_bg_p05": 8.176470756530762,
  "summary_bg_p95": 70.278076171875,
  "summary_bg_stdv": 33.94443130493164,
  "summary_fg_k": 2.301402226029391,
  "summary_fg_mad": 121.04220058062904,
  "summary_fg_mean": 741.5745239257812,
  "summary_fg_median": 740.109619140625,
  "summary_fg_n": 23738.0,
  "summary_fg_p05": 542.2069549560547,
  "summary_fg_p95": 933.2225036621094,
  "summary_fg_stdv": 129.1138916015625,
  "tsnr": 21.33511222549714
}