{
  "bids_meta": {
    "AcquisitionMatrixPE": 225,
    "AcquisitionNumber": 1,
    "AcquisitionTime": "08:32:37.557490",
    "BaseResolution": 256,
    "ConversionSoftware": "dcm2niix",
    "ConversionSoftwareVersion": "v1.0.20190410  GCC6.3.0",
    "DeviceSerialNumber": "18011",
    "EchoTime": 0.00335,
    "FlipAngle": 8,
    "ImageOrientationPatientDICOM": [
      1,
      0,
      0,
      0,
      0,
      -1
    ],
    "ImageType": [
      "ORIGINAL",
      "PRIMARY",
      "M",
      "ND"
    ],
    "ImagingFrequency": 168.255,
    "InPlanePhaseEncodingDirectionDICOM": "ROW",
    "InversionTime": 0.7,
    "MRAcquisitionType": "3D",
    "MagneticFieldStrength": 3.95064,
    "Manufacturer": "Siemens",
    "ManufacturersModelName": "MedSpec_4T",
    "Modality": "MR",
    "PartialFourier": 0.875,
    "PatientPosition": "HFS",
    "PercentPhaseFOV": 100,
    "PhaseEncodingSteps": 197,
    "PhaseResolution": 0.878906,
    "PixelBandwidth": 200,
    "ProtocolName": "t1_mpr_cor",
    "PulseSequenceDetails": "%SiemensSeq%_tfl",
    "ReceiveCoilName": "Head_4T",
    "ReconMatrixPE": 256,
    "RepetitionTime": 1.5,
    "SAR": 0.00408861,
    "ScanOptions": "IR",
    "ScanningSequence": "IR_GR",
    "SequenceName": "tfl3d1_ns",
    "SequenceVariant": "SP_MP",
    "SeriesDescription": "t1_mpr_cor",
    "SeriesNumber": 8,
    "ShimSetting": [
      -2,
      3,
      26,
      1290,
      303,
      -4333,
      1600,
      -162
    ],
    "SliceThickness": 0.9,
    "SoftwareVersions": "syngo_MR_2002B_4VA21A",
    "StationName": "wes4T",
    "TxRefAmp": 177.523,
    "dataset": "ds004169",
    "modality": "T1w",
    "session_id": "01",
    "subject_id": "0180"
  },
  "cjv": 0.35868929198962946,
  "cnr": 3.709116170821445,
  "efc": 0.4289998342326497,
  "fber": -1.0,
  "fwhm_avg": 4.276022707755608,
  "fwhm_x": 4.412384,
  "fwhm_y": 4.653166789933491,
  "fwhm_z": 3.7625173333333333,
  "icvs_csf": 0.22080639847369846,
  "icvs_gm": 0.44198650296360975,
  "icvs_wm": 0.33720709856269176,
  "inu_med": 0.7425615191459656,
  "inu_range": 0.47971104979515045,
  "provenance": {
    "md5sum": "bcb9bd031d8d7452d7093705fe6040ec",
    "settings": {
      "testing": false
    },
    "software": "mriqc",
    "version": "22.0.6",
    "warnings": {
      "large_rot_frame": true,
      "small_air_mask": false
    },
    "webapi_port": null,
    "webapi_url": "https://mriqc.nimh.nih.gov/api/v1"
  },
  "qi_1": 0.0,
  "qi_2": 0.026687475177498924,
  "rpve_csf": 29.33102275285642,
  "rpve_gm": 15.450387183134408,
  "rpve_wm": 23.134553339812797,
  "size_x": 256,
  "size_y": 256,
  "size_z": 256,
  "snr_csf": 2.2065433308682283,
  "snr_gm": 9.882856888989213,
  "snr_total": 10.373687222036724,
  "snr_wm": 19.031661446252727,
  "snrd_csf": 9.103343312342938,
  "snrd_gm": 21.277543607663407,
  "snrd_total": 20.679392264434384,
  "snrd_wm": 31.657289873296804,
  "spacing_x": 0.9375,
  "spacing_y": 0.8999999761581421,
  "spacing_z": 0.9375,
  "summary_bg_k": 21.733959307837704,
  "summary_bg_mad": 0.0,
  "summary_bg_mean": 11.721695641978286,
  "summary_bg_median": 0.0,
  "summary_bg_n": 4094769.0,
  "summary_bg_p05": 0.0,
  "summary_bg_p95": 48.534439627081156,
  "summary_bg_stdv": 20.694646706062034,
  "summary_csf_k": 20.17612011391499,
  "summary_csf_mad": 99.2396443067568,
  "summary_csf_mean": 297.2006192617697,
  "summary_csf_median": 287.5591612569988,
  "summary_csf_n": 40060.0,
  "summary_csf_p05": 115.20768133550882,
  "summary_csf_p95": 482.3590517615895,
  "summary_csf_stdv": 130.3194766701437,
  "summary_gm_k": 0.13400418893661348,
  "summary_gm_mad": 67.23157051709592,
  "summary_gm_mean": 670.6195755093067,
  "summary_gm_median": 672.1214814707637,
  "summary_gm_n": 38949.0,
  "summary_gm_p05": 556.9598043434322,
  "summary_gm_p95": 779.7581845462322,
  "summary_gm_stdv": 68.0079516216681,
  "summary_wm_k": 0.46013839870296547,
  "summary_wm_mad": 50.37495935846172,
  "summary_wm_mean": 1001.520753914321,
  "summary_wm_median": 1000.0000451803207,
  "summary_wm_n": 222443.0,
  "summary_wm_p05": 918.0139741785824,
  "summary_wm_p95": 1089.839691720903,
  "summary_wm_stdv": 52.54390428470687,
  "tpm_overlap_csf": 0.1488983990735522,
  "tpm_overlap_gm": 0.4693290346804787,
  "tpm_overlap_wm": 0.496765026884497,
  "wm2max": 0.4983134108400197
}