{
  "bids_meta": {
    "AcquisitionMatrixPE": 225,
    "AcquisitionNumber": 1,
    "AcquisitionTime": "08:31:25.195020",
    "BaseResolution": 256,
    "ConversionSoftware": "dcm2niix",
    "ConversionSoftwareVersion": "v1.0.20190410  GCC6.3.0",
    "DeviceSerialNumber": "18011",
    "EchoTime": 0.00335,
    "FlipAngle": 8,
    "ImageOrientationPatientDICOM": [
      1,
      0,
      0,
      0,
      0,
      -1
    ],
    "ImageType": [
      "ORIGINAL",
      "PRIMARY",
      "M",
      "ND"
    ],
    "ImagingFrequency": 168.255,
    "InPlanePhaseEncodingDirectionDICOM": "ROW",
    "InversionTime": 0.7,
    "MRAcquisitionType": "3D",
    "MagneticFieldStrength": 3.95064,
    "Manufacturer": "Siemens",
    "ManufacturersModelName": "MedSpec_4T",
    "Modality": "MR",
    "PartialFourier": 0.875,
    "PatientPosition": "HFS",
    "PercentPhaseFOV": 100,
    "PhaseEncodingSteps": 197,
    "PhaseResolution": 0.878906,
    "PixelBandwidth": 200,
    "ProcedureStepDescription": "Research_fMRI",
    "ProtocolName": "t1_mpr_cor",
    "PulseSequenceDetails": "%SiemensSeq%_tfl",
    "ReceiveCoilName": "Head",
    "ReconMatrixPE": 256,
    "RepetitionTime": 1.5,
    "SAR": 0.074719,
    "ScanOptions": "IR",
    "ScanningSequence": "IR_GR",
    "SequenceName": "tfl3d1_ns",
    "SequenceVariant": "SP_MP",
    "SeriesDescription": "t1_mpr_cor",
    "SeriesNumber": 2,
    "ShimSetting": [
      22,
      6,
      45,
      1702,
      64,
      -4439,
      3652,
      -370
    ],
    "SliceThickness": 0.9,
    "SoftwareVersions": "syngo_MR_2004A_4VA25A",
    "StationName": "WES4T",
    "TxRefAmp": 192.02,
    "dataset": "ds004169",
    "modality": "T1w",
    "session_id": "02",
    "subject_id": "1275"
  },
  "cjv": 0.3316685366910931,
  "cnr": 4.019321071676346,
  "efc": 0.44009763513853883,
  "fber": 16230.76,
  "fwhm_avg": 5.162551754725674,
  "fwhm_x": 5.225440000000001,
  "fwhm_y": 5.778044597510354,
  "fwhm_z": 4.4841706666666665,
  "icvs_csf": 0.2172504387424464,
  "icvs_gm": 0.4310563889639566,
  "icvs_wm": 0.35169317229359703,
  "inu_med": 0.5860082507133484,
  "inu_range": 0.39876771867275235,
  "provenance": {
    "md5sum": "fec308e8679c7ea7aaa6cdce571096b9",
    "settings": {
      "testing": false
    },
    "software": "mriqc",
    "version": "23.0.1",
    "warnings": {
      "large_rot_frame": true,
      "small_air_mask": false
    },
    "webapi_port": null,
    "webapi_url": "https://mriqc.nimh.nih.gov/api/v1"
  },
  "qi_1": 0.0,
  "qi_2": 0.004646447799933886,
  "rpve_csf": 25.68934558474045,
  "rpve_gm": 13.645118863412575,
  "rpve_wm": 19.418288602486673,
  "size_x": 256,
  "size_y": 240,
  "size_z": 256,
  "snr_csf": 2.1993249446979357,
  "snr_gm": 11.708317101769168,
  "snr_total": 12.621792099697657,
  "snr_wm": 23.957734252625865,
  "snrd_csf": 29.08009577764085,
  "snrd_gm": 68.78040846477158,
  "snrd_total": 65.36959439175492,
  "snrd_wm": 98.24827893285234,
  "spacing_x": 0.9375,
  "spacing_y": 0.8999999761581421,
  "spacing_z": 0.9375,
  "summary_bg_k": 6.374067047848563,
  "summary_bg_mad": 6.668375985577503,
  "summary_bg_mean": 10.869042825387423,
  "summary_bg_median": 4.49775125272572,
  "summary_bg_n": 4034836.0,
  "summary_bg_p05": 0.0,
  "summary_bg_p95": 43.11109874211252,
  "summary_bg_stdv": 15.851828713981897,
  "summary_csf_k": 17.534822743865735,
  "summary_csf_mad": 115.90272546360899,
  "summary_csf_mean": 302.42725653135716,
  "summary_csf_median": 295.99486815556884,
  "summary_csf_n": 47836.0,
  "summary_csf_p05": 109.81244385056198,
  "summary_csf_p95": 494.14834809070453,
  "summary_csf_stdv": 134.5830114837895,
  "summary_gm_k": 0.10110399783264867,
  "summary_gm_mad": 60.06074697214024,
  "summary_gm_mean": 698.8597754309924,
  "summary_gm_median": 700.0887511130422,
  "summary_gm_n": 50963.0,
  "summary_gm_p05": 598.6017366221174,
  "summary_gm_p95": 793.7735440431161,
  "summary_gm_stdv": 59.79355328318323,
  "summary_wm_k": 0.4808021491735306,
  "summary_wm_mad": 39.420535588209866,
  "summary_wm_mean": 1000.7128535069817,
  "summary_wm_median": 1000.0306254699826,
  "summary_wm_n": 278586.0,
  "summary_wm_p05": 932.8091322574764,
  "summary_wm_p95": 1070.2506195176393,
  "summary_wm_stdv": 41.741377548082816,
  "tpm_overlap_csf": 0.1258681293801107,
  "tpm_overlap_gm": 0.4445926549610971,
  "tpm_overlap_wm": 0.48834484239423537,
  "wm2max": 0.5660939448524318
}