{
  "aor": 0.0034275396825396817,
  "aqi": 0.008445878968253967,
  "bids_meta": {
    "AcquisitionMatrixPE": 64,
    "AcquisitionNumber": 1,
    "AcquisitionTime": "13:15:57.585020",
    "BaseResolution": 64,
    "ConversionSoftware": "dcm2niix",
    "ConversionSoftwareVersion": "v1.0.20190410  GCC6.3.0",
    "DeviceSerialNumber": "18011",
    "EchoTime": 0.03,
    "FlipAngle": 90,
    "ImageComments": "Fake_MoCo_Reference_Volume_+_DiCo_Applied",
    "ImageOrientationPatientDICOM": [
      1,
      0,
      0,
      0,
      0.987688,
      -0.156434
    ],
    "ImageType": [
      "ORIGINAL",
      "PRIMARY",
      "M",
      "ND",
      "DICO",
      "MOSAIC"
    ],
    "ImagingFrequency": 168.255,
    "InPlanePhaseEncodingDirectionDICOM": "COL",
    "MRAcquisitionType": "2D",
    "MagneticFieldStrength": 3.95064,
    "Manufacturer": "Siemens",
    "ManufacturersModelName": "MedSpec_4T",
    "Modality": "MR",
    "PartialFourier": 1,
    "PatientPosition": "HFS",
    "PercentPhaseFOV": 100,
    "PhaseEncodingDirection": "j-",
    "PhaseEncodingSteps": 64,
    "PhaseResolution": 1,
    "PixelBandwidth": 2790,
    "ProcedureStepDescription": "Research_fMRI",
    "ProtocolName": "Nback_dc_opt",
    "PulseSequenceDetails": "%CustomerSeq%_kt_ep2d_bold_dc",
    "ReceiveCoilName": "Head",
    "ReconMatrixPE": 64,
    "RepetitionTime": 2.1,
    "SAR": 0.0568369,
    "ScanOptions": "FS",
    "ScanningSequence": "SE_EP",
    "SequenceName": "epfid2d1_64",
    "SequenceVariant": "SK",
    "SeriesDescription": "Nback_dc_opt_DiCo",
    "SeriesNumber": 7,
    "ShimSetting": [
      -11,
      8,
      50,
      1994,
      675,
      -4211,
      2852,
      80
    ],
    "SliceThickness": 3,
    "SoftwareVersions": "syngo_MR_2004A_4VA25A",
    "SpacingBetweenSlices": 3.6,
    "StationName": "WES4T",
    "TaskName": "nback",
    "TxRefAmp": 177.764,
    "dataset": "ds004169",
    "modality": "bold",
    "session_id": "01",
    "subject_id": "0599",
    "task_id": "nback"
  },
  "dummy_trs": 1,
  "dvars_nstd": 23.291692077759986,
  "dvars_std": 1.1308957335200005,
  "dvars_vstd": 1.0097605886400003,
  "efc": 0.43706293221423187,
  "fber": 2908.6650390625,
  "fd_mean": 0.15371224877086692,
  "fd_num": 27,
  "fd_perc": 21.428571428571427,
  "fwhm_avg": 1.7112526571761197,
  "fwhm_x": 1.609318956521739,
  "fwhm_y": 1.9569085217391304,
  "fwhm_z": 1.56753049326749,
  "gcor": 0.0205125,
  "gsr_x": -0.023483803495764732,
  "gsr_y": 0.032143350690603256,
  "provenance": {
    "md5sum": "69adaa9edb06d6c3fcc3839b42b44e15",
    "settings": {
      "fd_thres": 0.2,
      "testing": false
    },
    "software": "mriqc",
    "version": "23.0.1",
    "webapi_port": null,
    "webapi_url": "https://mriqc.nimh.nih.gov/api/v1"
  },
  "size_t": 126,
  "size_x": 64,
  "size_y": 64,
  "size_z": 36,
  "snr": 5.606343879151196,
  "spacing_tr": 2.0999999046325684,
  "spacing_x": 3.59375,
  "spacing_y": 3.59375,
  "spacing_z": 3.6000001430511475,
  "summary_bg_k": 64.78337099374463,
  "summary_bg_mad": 5.4950425097245,
  "summary_bg_mean": 19.419157028198242,
  "summary_bg_median": 10.515873908996582,
  "summary_bg_n": 100325.0,
  "summary_bg_p05": 6.396825790405273,
  "summary_bg_p95": 56.968257904052734,
  "summary_bg_stdv": 25.443708419799805,
  "summary_fg_k": 3.3592908946170708,
  "summary_fg_mad": 92.92741490729271,
  "summary_fg_mean": 586.3291015625,
  "summary_fg_median": 578.5952758789062,
  "summary_fg_n": 17954.0,
  "summary_fg_p05": 436.3289993286133,
  "summary_fg_p95": 749.1734527587889,
  "summary_fg_stdv": 103.20079803466797,
  "tsnr": 55.63904061395442
}