{
  "aor": 0.0033303333333333327,
  "aqi": 0.005570352133333333,
  "bids_meta": {
    "AcquisitionMatrixPE": 64,
    "AcquisitionNumber": 1,
    "AcquisitionTime": "09:35:23.045010",
    "BaseResolution": 64,
    "ConversionSoftware": "dcm2niix",
    "ConversionSoftwareVersion": "v1.0.20190410  GCC6.3.0",
    "DeviceSerialNumber": "18011",
    "EchoTime": 0.03,
    "FlipAngle": 90,
    "ImageComments": "Fake_MoCo_Reference_Volume_+_DiCo_Applied",
    "ImageOrientationPatientDICOM": [
      1,
      2.22045e-16,
      -1.38778e-17,
      -2.22045e-16,
      0.969445,
      -0.245307
    ],
    "ImageType": [
      "ORIGINAL",
      "PRIMARY",
      "M",
      "ND",
      "DICO",
      "MOSAIC"
    ],
    "ImagingFrequency": 168.255,
    "InPlanePhaseEncodingDirectionDICOM": "COL",
    "MRAcquisitionType": "2D",
    "MagneticFieldStrength": 3.95064,
    "Manufacturer": "Siemens",
    "ManufacturersModelName": "MedSpec_4T",
    "Modality": "MR",
    "PartialFourier": 1,
    "PatientPosition": "HFS",
    "PercentPhaseFOV": 100,
    "PhaseEncodingDirection": "j-",
    "PhaseEncodingSteps": 64,
    "PhaseResolution": 1,
    "PixelBandwidth": 2790,
    "ProcedureStepDescription": "Research_fMRI",
    "ProtocolName": "mz_bold_dc_REST",
    "PulseSequenceDetails": "%CustomerSeq%_mz_ep2d_bold_dc",
    "ReceiveCoilName": "Head",
    "ReconMatrixPE": 64,
    "RepetitionTime": 2.1,
    "SAR": 0.0827474,
    "ScanOptions": "FS",
    "ScanningSequence": "SE_EP",
    "SequenceName": "epfid2d1_64",
    "SequenceVariant": "SK",
    "SeriesDescription": "mz_bold_dc_REST_DiCo",
    "SeriesNumber": 10,
    "ShimSetting": [
      7,
      -11,
      27,
      1833,
      -43,
      -3826,
      2370,
      -66
    ],
    "SliceThickness": 3,
    "SoftwareVersions": "syngo_MR_2004A_4VA25A",
    "SpacingBetweenSlices": 3.6,
    "StationName": "WES4T",
    "TaskName": "rest",
    "TxRefAmp": 180.731,
    "dataset": "ds004169",
    "modality": "bold",
    "session_id": "01",
    "subject_id": "0976",
    "task_id": "rest"
  },
  "dummy_trs": 0,
  "dvars_nstd": 24.296868727718117,
  "dvars_std": 1.1261231748993292,
  "dvars_vstd": 1.0133548420134235,
  "efc": 0.45537176901641313,
  "fber": 3219.55126953125,
  "fd_mean": 0.276812636755389,
  "fd_num": 85,
  "fd_perc": 56.666666666666664,
  "fwhm_avg": 1.774784299374378,
  "fwhm_x": 1.7162796521739132,
  "fwhm_y": 1.9829648695652176,
  "fwhm_z": 1.6251083763840033,
  "gcor": 0.104025,
  "gsr_x": -0.02106706239283085,
  "gsr_y": 0.03462374210357666,
  "provenance": {
    "md5sum": "d062a1c4c382108922793d206c9438d4",
    "settings": {
      "fd_thres": 0.2,
      "testing": false
    },
    "software": "mriqc",
    "version": "23.0.1",
    "webapi_port": null,
    "webapi_url": "https://mriqc.nimh.nih.gov/api/v1"
  },
  "size_t": 150,
  "size_x": 64,
  "size_y": 64,
  "size_z": 36,
  "snr": 5.29120780272125,
  "spacing_tr": 2.0999999046325684,
  "spacing_x": 3.59375,
  "spacing_y": 3.59375,
  "spacing_z": 3.5999999046325684,
  "summary_bg_k": 65.01986731160386,
  "summary_bg_mad": 7.185679676117993,
  "summary_bg_mean": 22.334928512573242,
  "summary_bg_median": 10.846667289733887,
  "summary_bg_n": 97011.0,
  "summary_bg_p05": 4.240000247955322,
  "summary_bg_p95": 68.75,
  "summary_bg_stdv": 34.780357360839844,
  "summary_fg_k": 3.442142647863923,
  "summary_fg_mad": 101.49893521017339,
  "summary_fg_mean": 619.4340209960938,
  "summary_fg_median": 612.5633544921875,
  "summary_fg_n": 20392.0,
  "summary_fg_p05": 453.603353881836,
  "summary_fg_p95": 799.6030303955079,
  "summary_fg_stdv": 115.76720428466797,
  "tsnr": 58.458891154965386
}