{
  "bids_meta": {
    "AcquisitionMatrixPE": 225,
    "AcquisitionNumber": 1,
    "AcquisitionTime": "12:48:12.532490",
    "BaseResolution": 256,
    "ConversionSoftware": "dcm2niix",
    "ConversionSoftwareVersion": "v1.0.20190410  GCC6.3.0",
    "DeviceSerialNumber": "18011",
    "EchoTime": 0.00335,
    "FlipAngle": 8,
    "ImageOrientationPatientDICOM": [
      0.999391,
      -0.0348995,
      0,
      0,
      2.22045e-16,
      -1
    ],
    "ImageType": [
      "ORIGINAL",
      "PRIMARY",
      "M",
      "ND"
    ],
    "ImagingFrequency": 168.217,
    "InPlanePhaseEncodingDirectionDICOM": "ROW",
    "InversionTime": 0.7,
    "MRAcquisitionType": "3D",
    "MagneticFieldStrength": 3.95064,
    "Manufacturer": "Siemens",
    "ManufacturersModelName": "MedSpec_4T",
    "Modality": "MR",
    "PartialFourier": 0.875,
    "PatientPosition": "HFS",
    "PercentPhaseFOV": 100,
    "PhaseEncodingSteps": 197,
    "PhaseResolution": 0.878906,
    "PixelBandwidth": 200,
    "ProtocolName": "t1_mpr_cor",
    "PulseSequenceDetails": "%SiemensSeq%_tfl",
    "ReceiveCoilName": "Head_4T",
    "ReconMatrixPE": 256,
    "RepetitionTime": 1.5,
    "SAR": 0.00572671,
    "ScanOptions": "IR",
    "ScanningSequence": "IR_GR",
    "SequenceName": "tfl3d1_ns",
    "SequenceVariant": "SP_MP",
    "SeriesDescription": "t1_mpr_cor",
    "SeriesNumber": 8,
    "ShimSetting": [
      4,
      -16,
      -37,
      1618,
      -100,
      -3762,
      2254,
      19
    ],
    "SliceThickness": 0.9,
    "SoftwareVersions": "syngo_MR_2002B_4VA21A",
    "StationName": "wes4T",
    "TxRefAmp": 178.261,
    "dataset": "ds004169",
    "modality": "T1w",
    "session_id": "01",
    "subject_id": "0281"
  },
  "cjv": 0.3409486792954684,
  "cnr": 3.8032880679985763,
  "efc": 0.44870596029053217,
  "fber": 1675.56042423512,
  "fwhm_avg": 4.474458857983394,
  "fwhm_x": 4.552672,
  "fwhm_y": 4.888677907283516,
  "fwhm_z": 3.982026666666667,
  "icvs_csf": 0.22448353941302276,
  "icvs_gm": 0.42794582594744873,
  "icvs_wm": 0.3475706346395285,
  "inu_med": 0.6548233032226562,
  "inu_range": 0.43586031198501585,
  "provenance": {
    "md5sum": "ddc56e5a3c118c8d9cee1a1d07341d37",
    "settings": {
      "testing": false
    },
    "software": "mriqc",
    "version": "23.0.1",
    "warnings": {
      "large_rot_frame": true,
      "small_air_mask": false
    },
    "webapi_port": null,
    "webapi_url": "https://mriqc.nimh.nih.gov/api/v1"
  },
  "qi_1": 0.0,
  "qi_2": 0.027402220878494605,
  "rpve_csf": 26.955155442592627,
  "rpve_gm": 14.692117322743913,
  "rpve_wm": 20.978817220393722,
  "size_x": 256,
  "size_y": 256,
  "size_z": 256,
  "snr_csf": 1.7792120490025252,
  "snr_gm": 9.904551040489492,
  "snr_total": 10.647369085144078,
  "snr_wm": 20.258344165940215,
  "snrd_csf": 9.005424511500994,
  "snrd_gm": 21.039854681761966,
  "snrd_total": 20.48337573658421,
  "snrd_wm": 31.40484801648967,
  "spacing_x": 0.9375,
  "spacing_y": 0.8999999761581421,
  "spacing_z": 0.9375,
  "summary_bg_k": 8.969824538608764,
  "summary_bg_mad": 20.860996239103347,
  "summary_bg_mean": 17.741274902612457,
  "summary_bg_median": 14.070528142154217,
  "summary_bg_n": 4986369.0,
  "summary_bg_p05": 0.0,
  "summary_bg_p95": 60.19383616000414,
  "summary_bg_stdv": 22.774248050219136,
  "summary_csf_k": 20.551605464609416,
  "summary_csf_mad": 114.64891916469868,
  "summary_csf_mean": 299.1058183507552,
  "summary_csf_median": 286.75269282236695,
  "summary_csf_n": 51234.0,
  "summary_csf_p05": 103.68986713886261,
  "summary_csf_p95": 491.39859938118605,
  "summary_csf_stdv": 161.1667898205604,
  "summary_gm_k": 0.24137862138004085,
  "summary_gm_mad": 66.4781954839476,
  "summary_gm_mean": 668.9954615979527,
  "summary_gm_median": 669.9556449428201,
  "summary_gm_n": 50602.0,
  "summary_gm_p05": 556.2543926870451,
  "summary_gm_p95": 776.944204363972,
  "summary_gm_stdv": 67.64052427192001,
  "summary_wm_k": 0.5910960229440283,
  "summary_wm_mad": 46.04999999669287,
  "summary_wm_mean": 1000.2598158501571,
  "summary_wm_median": 1000.0000249743462,
  "summary_wm_n": 269214.0,
  "summary_wm_p05": 918.7879725024104,
  "summary_wm_p95": 1080.5114702358842,
  "summary_wm_stdv": 49.36228546236795,
  "tpm_overlap_csf": 0.1284907748546659,
  "tpm_overlap_gm": 0.4671497801260544,
  "tpm_overlap_wm": 0.4978154454124867,
  "wm2max": 0.5744470343601698
}