{
  "aor": 0.003235266666666667,
  "aqi": 0.008735895733333334,
  "bids_meta": {
    "AcquisitionMatrixPE": 64,
    "AcquisitionNumber": 1,
    "AcquisitionTime": "09:36:12.075000",
    "BaseResolution": 64,
    "ConversionSoftware": "dcm2niix",
    "ConversionSoftwareVersion": "v1.0.20190410  GCC6.3.0",
    "DeviceSerialNumber": "18011",
    "EchoTime": 0.03,
    "FlipAngle": 90,
    "ImageComments": "Fake_MoCo_Reference_Volume_+_DiCo_Applied",
    "ImageOrientationPatientDICOM": [
      0.999391,
      -2.22045e-16,
      0.0348995,
      2.22045e-16,
      1,
      0
    ],
    "ImageType": [
      "ORIGINAL",
      "PRIMARY",
      "M",
      "ND",
      "MOSAIC"
    ],
    "ImagingFrequency": 168.217,
    "InPlanePhaseEncodingDirectionDICOM": "COL",
    "MRAcquisitionType": "2D",
    "MagneticFieldStrength": 3.95064,
    "Manufacturer": "Siemens",
    "ManufacturersModelName": "MedSpec_4T",
    "Modality": "MR",
    "PartialFourier": 1,
    "PatientPosition": "HFS",
    "PercentPhaseFOV": 100,
    "PhaseEncodingDirection": "j-",
    "PhaseEncodingSteps": 64,
    "PhaseResolution": 1,
    "PixelBandwidth": 2790,
    "ProtocolName": "mz_bold_dc_REST",
    "PulseSequenceDetails": "%CustomerSeq%_mz_ep2d_bold_dc",
    "ReceiveCoilName": "Head_4T",
    "ReconMatrixPE": 64,
    "RepetitionTime": 2.1,
    "SAR": 0.0272319,
    "ScanOptions": "FS",
    "ScanningSequence": "SE_EP",
    "SequenceName": "epfid2d1_64",
    "SequenceVariant": "SK",
    "SeriesDescription": "mz_bold_dc_REST_DiCo",
    "SeriesNumber": 10,
    "ShimSetting": [
      20,
      -28,
      -26,
      2188,
      683,
      -4126,
      2888,
      -79
    ],
    "SliceThickness": 3,
    "SoftwareVersions": "syngo_MR_2002B_4VA21A",
    "SpacingBetweenSlices": 3.6,
    "StationName": "wes4T",
    "TaskName": "rest",
    "TxRefAmp": 175.52,
    "dataset": "ds004169",
    "modality": "bold",
    "session_id": "01",
    "subject_id": "0727",
    "task_id": "rest"
  },
  "dummy_trs": 0,
  "dvars_nstd": 25.716770005771803,
  "dvars_std": 1.1239325595973158,
  "dvars_vstd": 0.9767395855704692,
  "efc": 0.4490703986645623,
  "fber": 3078.21923828125,
  "fd_mean": 0.16996873989471528,
  "fd_num": 15,
  "fd_perc": 10.0,
  "fwhm_avg": 1.7302098204757386,
  "fwhm_x": 1.6140744347826088,
  "fwhm_y": 2.023671652173913,
  "fwhm_z": 1.552883374470694,
  "gcor": 0.0340495,
  "gsr_x": -0.017971720546483994,
  "gsr_y": 0.03610917553305626,
  "provenance": {
    "md5sum": "a85206f1664eafdef87d3d186bf1f882",
    "settings": {
      "fd_thres": 0.2,
      "testing": false
    },
    "software": "mriqc",
    "version": "23.0.1",
    "webapi_port": null,
    "webapi_url": "https://mriqc.nimh.nih.gov/api/v1"
  },
  "size_t": 150,
  "size_x": 64,
  "size_y": 64,
  "size_z": 36,
  "snr": 5.258364437666991,
  "spacing_tr": 2.0999999046325684,
  "spacing_x": 3.59375,
  "spacing_y": 3.59375,
  "spacing_z": 3.5999999046325684,
  "summary_bg_k": 48.40383282650439,
  "summary_bg_mad": 8.223500946287983,
  "summary_bg_mean": 28.871654510498047,
  "summary_bg_median": 14.373333930969238,
  "summary_bg_n": 98237.0,
  "summary_bg_p05": 7.820000171661377,
  "summary_bg_p95": 89.5480026245117,
  "summary_bg_stdv": 39.632606506347656,
  "summary_fg_k": 2.95870932239304,
  "summary_fg_mad": 127.2467967545826,
  "summary_fg_mean": 778.37353515625,
  "summary_fg_median": 767.7000122070312,
  "summary_fg_n": 19540.0,
  "summary_fg_p05": 565.9906555175781,
  "summary_fg_p95": 1011.0427062988281,
  "summary_fg_stdv": 145.9922332763672,
  "tsnr": 50.617895141476765
}