{
  "aor": 0.006759921259842519,
  "aqi": 0.01852889220472441,
  "bids_meta": {
    "AcquisitionMatrixPE": 64,
    "AcquisitionNumber": 1,
    "AcquisitionTime": "09:45:30.535020",
    "BaseResolution": 64,
    "ConversionSoftware": "dcm2niix",
    "ConversionSoftwareVersion": "v1.0.20190410  GCC6.3.0",
    "DeviceSerialNumber": "18011",
    "EchoTime": 0.03,
    "FlipAngle": 90,
    "ImageComments": "Fake_MoCo_Reference_Volume_+_DiCo_Applied",
    "ImageOrientationPatientDICOM": [
      1,
      0,
      0,
      0,
      1,
      0
    ],
    "ImageType": [
      "ORIGINAL",
      "PRIMARY",
      "M",
      "ND",
      "MOSAIC"
    ],
    "ImagingFrequency": 168.256,
    "InPlanePhaseEncodingDirectionDICOM": "COL",
    "MRAcquisitionType": "2D",
    "MagneticFieldStrength": 3.95064,
    "Manufacturer": "Siemens",
    "ManufacturersModelName": "MedSpec_4T",
    "Modality": "MR",
    "PartialFourier": 1,
    "PatientPosition": "HFS",
    "PercentPhaseFOV": 100,
    "PhaseEncodingDirection": "j-",
    "PhaseEncodingSteps": 64,
    "PhaseResolution": 1,
    "PixelBandwidth": 2790,
    "ProtocolName": "Nback_dc_opt",
    "PulseSequenceDetails": "%CustomerSeq%_kt_ep2d_bold_dc",
    "ReceiveCoilName": "Head_4T",
    "ReconMatrixPE": 64,
    "RepetitionTime": 2.1,
    "SAR": 0.0452547,
    "ScanOptions": "FS",
    "ScanningSequence": "SE_EP",
    "SequenceName": "epfid2d1_64",
    "SequenceVariant": "SK",
    "SeriesDescription": "Nback_dc_opt_DiCo",
    "SeriesNumber": 7,
    "ShimSetting": [
      3,
      -26,
      35,
      2275,
      313,
      -2518,
      2198,
      147
    ],
    "SliceThickness": 3,
    "SoftwareVersions": "syngo_MR_2002B_4VA21A",
    "SpacingBetweenSlices": 3.6,
    "StationName": "wes4T",
    "TaskName": "nback",
    "TxRefAmp": 184.516,
    "dataset": "ds004169",
    "modality": "bold",
    "session_id": "01",
    "subject_id": "1198",
    "task_id": "nback"
  },
  "dummy_trs": 0,
  "dvars_nstd": 33.21661923428572,
  "dvars_std": 1.181255566746032,
  "dvars_vstd": 0.977402132857143,
  "efc": 0.48759703127188386,
  "fber": 2502.941650390625,
  "fd_mean": 0.23345060843300872,
  "fd_num": 27,
  "fd_perc": 21.25984251968504,
  "fwhm_avg": 1.7564650464354654,
  "fwhm_x": 1.6532897391304349,
  "fwhm_y": 2.0046859130434784,
  "fwhm_z": 1.6114194871324827,
  "gcor": 0.160208,
  "gsr_x": -0.020326931029558182,
  "gsr_y": 0.03952648118138313,
  "provenance": {
    "md5sum": "921786b222623d64e7658fdd84dd194c",
    "settings": {
      "fd_thres": 0.2,
      "testing": false
    },
    "software": "mriqc",
    "version": "23.0.1",
    "webapi_port": null,
    "webapi_url": "https://mriqc.nimh.nih.gov/api/v1"
  },
  "size_t": 127,
  "size_x": 64,
  "size_y": 64,
  "size_z": 36,
  "snr": 6.030893908027482,
  "spacing_tr": 2.0999999046325684,
  "spacing_x": 3.59375,
  "spacing_y": 3.59375,
  "spacing_z": 3.5999999046325684,
  "summary_bg_k": 48.000921828177425,
  "summary_bg_mad": 8.568740536834543,
  "summary_bg_mean": 29.015161514282227,
  "summary_bg_median": 14.228346824645996,
  "summary_bg_n": 93397.0,
  "summary_bg_p05": 7.433070659637451,
  "summary_bg_p95": 87.99685058593744,
  "summary_bg_stdv": 39.529815673828125,
  "summary_fg_k": 3.8019591454944663,
  "summary_fg_mad": 108.1249020646977,
  "summary_fg_mean": 713.134521484375,
  "summary_fg_median": 714.7952880859375,
  "summary_fg_n": 23389.0,
  "summary_fg_p05": 529.6819091796875,
  "summary_fg_p95": 887.453515625,
  "summary_fg_stdv": 118.51974487304688,
  "tsnr": 34.976918334607035
}