{
  "bids_meta": {
    "AcquisitionMatrixPE": 225,
    "AcquisitionNumber": 1,
    "AcquisitionTime": "09:15:44.232500",
    "BaseResolution": 256,
    "ConversionSoftware": "dcm2niix",
    "ConversionSoftwareVersion": "v1.0.20190410  GCC6.3.0",
    "DeviceSerialNumber": "18011",
    "EchoTime": 0.00335,
    "FlipAngle": 8,
    "ImageOrientationPatientDICOM": [
      1,
      0,
      0,
      0,
      0,
      -1
    ],
    "ImageType": [
      "ORIGINAL",
      "PRIMARY",
      "M",
      "ND"
    ],
    "ImagingFrequency": 168.255,
    "InPlanePhaseEncodingDirectionDICOM": "ROW",
    "InversionTime": 0.7,
    "MRAcquisitionType": "3D",
    "MagneticFieldStrength": 3.95064,
    "Manufacturer": "Siemens",
    "ManufacturersModelName": "MedSpec_4T",
    "Modality": "MR",
    "PartialFourier": 0.875,
    "PatientPosition": "HFS",
    "PercentPhaseFOV": 100,
    "PhaseEncodingSteps": 197,
    "PhaseResolution": 0.878906,
    "PixelBandwidth": 200,
    "ProtocolName": "t1_mpr_cor",
    "PulseSequenceDetails": "%SiemensSeq%_tfl",
    "ReceiveCoilName": "Head_4T",
    "ReconMatrixPE": 256,
    "RepetitionTime": 1.5,
    "SAR": 0.00347346,
    "ScanOptions": "IR",
    "ScanningSequence": "IR_GR",
    "SequenceName": "tfl3d1_ns",
    "SequenceVariant": "SP_MP",
    "SeriesDescription": "t1_mpr_cor",
    "SeriesNumber": 8,
    "ShimSetting": [
      15,
      6,
      37,
      1635,
      891,
      -3728,
      2942,
      -55
    ],
    "SliceThickness": 0.9,
    "SoftwareVersions": "syngo_MR_2002B_4VA21A",
    "StationName": "wes4T",
    "TxRefAmp": 196.807,
    "dataset": "ds004169",
    "modality": "T1w",
    "session_id": "01",
    "subject_id": "1072"
  },
  "cjv": 0.3743131890569578,
  "cnr": 3.449133568295974,
  "efc": 0.46911287544672214,
  "fber": -1.0,
  "fwhm_avg": 4.457545969434178,
  "fwhm_x": 4.559754666666667,
  "fwhm_y": 4.9271445749692,
  "fwhm_z": 3.8857386666666667,
  "icvs_csf": 0.19030462378791682,
  "icvs_gm": 0.447625566096478,
  "icvs_wm": 0.36206981011560513,
  "inu_med": 0.6755981743335724,
  "inu_range": 0.4636656343936919,
  "provenance": {
    "md5sum": "da61f5ec93a15088bace2c4cda6909a1",
    "settings": {
      "testing": false
    },
    "software": "mriqc",
    "version": "23.0.1",
    "warnings": {
      "large_rot_frame": true,
      "small_air_mask": false
    },
    "webapi_port": null,
    "webapi_url": "https://mriqc.nimh.nih.gov/api/v1"
  },
  "qi_1": 0.0,
  "qi_2": 0.02110581075164866,
  "rpve_csf": 28.03974610672871,
  "rpve_gm": 13.142102761579583,
  "rpve_wm": 18.467475883033266,
  "size_x": 256,
  "size_y": 256,
  "size_z": 256,
  "snr_csf": 1.5506374797706892,
  "snr_gm": 10.36918011260964,
  "snr_total": 10.197520216984563,
  "snr_wm": 18.672743058573356,
  "snrd_csf": 6.514873473182506,
  "snrd_gm": 15.575263215577573,
  "snrd_total": 14.897425400084819,
  "snrd_wm": 22.60213951149438,
  "spacing_x": 0.9375,
  "spacing_y": 0.8999999761581421,
  "spacing_z": 0.9375,
  "summary_bg_k": 13.38950233621118,
  "summary_bg_mad": 0.0,
  "summary_bg_mean": 18.89975731470198,
  "summary_bg_median": 0.0,
  "summary_bg_n": 3945326.0,
  "summary_bg_p05": 0.0,
  "summary_bg_p95": 72.55232951790094,
  "summary_bg_stdv": 28.98657084238893,
  "summary_csf_k": 28.274266543525336,
  "summary_csf_mad": 97.2551016538029,
  "summary_csf_mean": 316.5328958428098,
  "summary_csf_median": 288.25118167698383,
  "summary_csf_n": 38322.0,
  "summary_csf_p05": 122.79203242883088,
  "summary_csf_p95": 526.4331533532588,
  "summary_csf_stdv": 185.88962572034052,
  "summary_gm_k": 0.09092505325942479,
  "summary_gm_mad": 65.7210234026985,
  "summary_gm_mean": 688.4598875583675,
  "summary_gm_median": 689.1289670169353,
  "summary_gm_n": 65933.0,
  "summary_gm_p05": 577.3801486343145,
  "summary_gm_p95": 796.2187712192535,
  "summary_gm_stdv": 66.45884568828585,
  "summary_wm_k": 0.6083509520940944,
  "summary_wm_mad": 50.654741571615304,
  "summary_wm_mean": 1002.2839513737198,
  "summary_wm_median": 1000.0337611213326,
  "summary_wm_n": 302157.0,
  "summary_wm_p05": 918.3997300490737,
  "summary_wm_p95": 1093.3828495889902,
  "summary_wm_stdv": 53.55571504188111,
  "tpm_overlap_csf": 0.1413245900854995,
  "tpm_overlap_gm": 0.45348702964006654,
  "tpm_overlap_wm": 0.4901832506174724,
  "wm2max": 0.5177772339532932
}