{
  "bids_meta": {
    "AcquisitionMatrixPE": 225,
    "AcquisitionNumber": 1,
    "AcquisitionTime": "09:45:30.215000",
    "BaseResolution": 256,
    "ConversionSoftware": "dcm2niix",
    "ConversionSoftwareVersion": "v1.0.20190410  GCC6.3.0",
    "DeviceSerialNumber": "18011",
    "EchoTime": 0.00335,
    "FlipAngle": 8,
    "ImageOrientationPatientDICOM": [
      1,
      0,
      0,
      0,
      0,
      -1
    ],
    "ImageType": [
      "ORIGINAL",
      "PRIMARY",
      "M",
      "ND"
    ],
    "ImagingFrequency": 168.256,
    "InPlanePhaseEncodingDirectionDICOM": "ROW",
    "InversionTime": 0.7,
    "MRAcquisitionType": "3D",
    "MagneticFieldStrength": 3.95064,
    "Manufacturer": "Siemens",
    "ManufacturersModelName": "MedSpec_4T",
    "Modality": "MR",
    "PartialFourier": 0.875,
    "PatientPosition": "HFS",
    "PercentPhaseFOV": 100,
    "PhaseEncodingSteps": 197,
    "PhaseResolution": 0.878906,
    "PixelBandwidth": 200,
    "ProtocolName": "t1_mpr_cor",
    "PulseSequenceDetails": "%SiemensSeq%_tfl",
    "ReceiveCoilName": "Head_4T",
    "ReconMatrixPE": 256,
    "RepetitionTime": 1.5,
    "SAR": 0.00432528,
    "ScanOptions": "IR",
    "ScanningSequence": "IR_GR",
    "SequenceName": "tfl3d1_ns",
    "SequenceVariant": "SP_MP",
    "SeriesDescription": "t1_mpr_cor",
    "SeriesNumber": 8,
    "ShimSetting": [
      36,
      2,
      -56,
      923,
      2042,
      -3070,
      1590,
      -941
    ],
    "SliceThickness": 0.9,
    "SoftwareVersions": "syngo_MR_2002B_4VA21A",
    "StationName": "wes4T",
    "TxRefAmp": 191.551,
    "dataset": "ds004169",
    "modality": "T1w",
    "session_id": "01",
    "subject_id": "0816"
  },
  "cjv": 0.3189813372029798,
  "cnr": 4.091991157937651,
  "efc": 0.43594009927331295,
  "fber": 1752.35262345679,
  "fwhm_avg": 4.6449649341339665,
  "fwhm_x": 4.706197333333334,
  "fwhm_y": 5.123833469068566,
  "fwhm_z": 4.104864,
  "icvs_csf": 0.2192840695764893,
  "icvs_gm": 0.4395919560110444,
  "icvs_wm": 0.34112397441246634,
  "inu_med": 0.6524841785430908,
  "inu_range": 0.41944978237152086,
  "provenance": {
    "md5sum": "2d291fd18d230250012d04ca2f00427f",
    "settings": {
      "testing": false
    },
    "software": "mriqc",
    "version": "23.0.1",
    "warnings": {
      "large_rot_frame": true,
      "small_air_mask": false
    },
    "webapi_port": null,
    "webapi_url": "https://mriqc.nimh.nih.gov/api/v1"
  },
  "qi_1": 0.0,
  "qi_2": 0.05430056548194875,
  "rpve_csf": 30.031717593676287,
  "rpve_gm": 15.875425189188258,
  "rpve_wm": 23.44745944639731,
  "size_x": 256,
  "size_y": 256,
  "size_z": 256,
  "snr_csf": 2.097724938755031,
  "snr_gm": 10.610683508311814,
  "snr_total": 11.042292875636269,
  "snr_wm": 20.41847017984196,
  "snrd_csf": 8.293581640535027,
  "snrd_gm": 21.23119051344266,
  "snrd_total": 20.491249744144497,
  "snrd_wm": 31.94897707845581,
  "spacing_x": 0.9375,
  "spacing_y": 0.8999999761581421,
  "spacing_z": 0.9375,
  "summary_bg_k": 9.978052152737309,
  "summary_bg_mad": 20.505708783160106,
  "summary_bg_mean": 15.985830999174306,
  "summary_bg_median": 13.830890394747257,
  "summary_bg_n": 5302599.0,
  "summary_bg_p05": 0.0,
  "summary_bg_p95": 53.10232650488615,
  "summary_bg_stdv": 20.001347398339348,
  "summary_csf_k": 18.15990815264498,
  "summary_csf_mad": 109.24668833512278,
  "summary_csf_mean": 270.0399667638446,
  "summary_csf_median": 259.58833899348974,
  "summary_csf_n": 38671.0,
  "summary_csf_p05": 99.67422189190984,
  "summary_csf_p95": 459.92893444374204,
  "summary_csf_stdv": 123.74595820757757,
  "summary_gm_k": 0.19075278726742217,
  "summary_gm_mad": 61.42930746818198,
  "summary_gm_mean": 664.104005809717,
  "summary_gm_median": 664.5343012362719,
  "summary_gm_n": 42023.0,
  "summary_gm_p05": 560.793738335371,
  "summary_gm_p95": 765.4346448890865,
  "summary_gm_stdv": 62.628047842154245,
  "summary_wm_k": 0.6644174159086189,
  "summary_wm_mad": 45.57799939383338,
  "summary_wm_mean": 1000.1587296271813,
  "summary_wm_median": 1000.0000303611159,
  "summary_wm_n": 226188.0,
  "summary_wm_p05": 919.5913206785917,
  "summary_wm_p95": 1080.0829588994384,
  "summary_wm_stdv": 48.975158814558654,
  "tpm_overlap_csf": 0.1321133993902738,
  "tpm_overlap_gm": 0.4544115776110309,
  "tpm_overlap_wm": 0.47602306469394473,
  "wm2max": 0.5606848109463476
}