{
  "aor": 0.0029878000000000005,
  "aqi": 0.006940467666666666,
  "bids_meta": {
    "AcquisitionMatrixPE": 64,
    "AcquisitionNumber": 1,
    "AcquisitionTime": "09:09:21.827490",
    "BaseResolution": 64,
    "ConversionSoftware": "dcm2niix",
    "ConversionSoftwareVersion": "v1.0.20190410  GCC6.3.0",
    "DeviceSerialNumber": "18011",
    "EchoTime": 0.03,
    "FlipAngle": 90,
    "ImageComments": "Fake_MoCo_Reference_Volume_+_DiCo_Applied",
    "ImageOrientationPatientDICOM": [
      1,
      0,
      0,
      0,
      0.992546,
      -0.121869
    ],
    "ImageType": [
      "ORIGINAL",
      "PRIMARY",
      "M",
      "ND",
      "DICO",
      "MOSAIC"
    ],
    "ImagingFrequency": 168.255,
    "InPlanePhaseEncodingDirectionDICOM": "COL",
    "MRAcquisitionType": "2D",
    "MagneticFieldStrength": 3.95064,
    "Manufacturer": "Siemens",
    "ManufacturersModelName": "MedSpec_4T",
    "Modality": "MR",
    "PartialFourier": 1,
    "PatientPosition": "HFS",
    "PercentPhaseFOV": 100,
    "PhaseEncodingDirection": "j-",
    "PhaseEncodingSteps": 64,
    "PhaseResolution": 1,
    "PixelBandwidth": 2790,
    "ProcedureStepDescription": "Research_fMRI",
    "ProtocolName": "mz_bold_dc_REST",
    "PulseSequenceDetails": "%CustomerSeq%_mz_ep2d_bold_dc",
    "ReceiveCoilName": "Head",
    "ReconMatrixPE": 64,
    "RepetitionTime": 2.1,
    "SAR": 0.082674,
    "ScanOptions": "FS",
    "ScanningSequence": "SE_EP",
    "SequenceName": "epfid2d1_64",
    "SequenceVariant": "SK",
    "SeriesDescription": "mz_bold_dc_REST_DiCo",
    "SeriesNumber": 10,
    "ShimSetting": [
      -1,
      -46,
      59,
      2482,
      738,
      -5428,
      3274,
      640
    ],
    "SliceThickness": 3,
    "SoftwareVersions": "syngo_MR_2004A_4VA25A",
    "SpacingBetweenSlices": 3.6,
    "StationName": "WES4T",
    "TaskName": "rest",
    "TxRefAmp": 190.149,
    "dataset": "ds004169",
    "modality": "bold",
    "session_id": "01",
    "subject_id": "0984",
    "task_id": "rest"
  },
  "dummy_trs": 0,
  "dvars_nstd": 28.10421103912751,
  "dvars_std": 1.2333697266442956,
  "dvars_vstd": 1.0177835630872487,
  "efc": 0.4404246050652619,
  "fber": 3353.830322265625,
  "fd_mean": 0.25928249809729303,
  "fd_num": 75,
  "fd_perc": 50.0,
  "fwhm_avg": 1.854025004245327,
  "fwhm_x": 1.722632347826087,
  "fwhm_y": 2.082148173913043,
  "fwhm_z": 1.7572944909968506,
  "gcor": 0.109456,
  "gsr_x": -0.023322487249970436,
  "gsr_y": 0.037445273250341415,
  "provenance": {
    "md5sum": "cb0a5b3f8a729840e4f92d4525e16222",
    "settings": {
      "fd_thres": 0.2,
      "testing": false
    },
    "software": "mriqc",
    "version": "23.0.1",
    "webapi_port": null,
    "webapi_url": "https://mriqc.nimh.nih.gov/api/v1"
  },
  "size_t": 150,
  "size_x": 64,
  "size_y": 64,
  "size_z": 36,
  "snr": 5.089793287364451,
  "spacing_tr": 2.0999999046325684,
  "spacing_x": 3.59375,
  "spacing_y": 3.59375,
  "spacing_z": 3.5999999046325684,
  "summary_bg_k": 60.04065704458817,
  "summary_bg_mad": 6.671709983275209,
  "summary_bg_mean": 23.47852325439453,
  "summary_bg_median": 11.626667022705078,
  "summary_bg_n": 99373.0,
  "summary_bg_p05": 6.1066670417785645,
  "summary_bg_p95": 69.99333190917969,
  "summary_bg_stdv": 35.262386322021484,
  "summary_fg_k": 4.049576747438917,
  "summary_fg_mad": 109.07994258069552,
  "summary_fg_mean": 690.4571533203125,
  "summary_fg_median": 678.0533447265625,
  "summary_fg_n": 18727.0,
  "summary_fg_p05": 508.47734985351565,
  "summary_fg_p95": 906.1593505859375,
  "summary_fg_stdv": 133.21469116210938,
  "tsnr": 53.348751983838156
}