{
  "bids_meta": {
    "AcquisitionMatrixPE": 225,
    "AcquisitionNumber": 1,
    "AcquisitionTime": "09:46:34.715000",
    "BaseResolution": 256,
    "ConversionSoftware": "dcm2niix",
    "ConversionSoftwareVersion": "v1.0.20190410  GCC6.3.0",
    "DeviceSerialNumber": "18011",
    "EchoTime": 0.00335,
    "FlipAngle": 8,
    "ImageOrientationPatientDICOM": [
      1,
      0,
      0,
      0,
      0,
      -1
    ],
    "ImageType": [
      "ORIGINAL",
      "PRIMARY",
      "M",
      "ND"
    ],
    "ImagingFrequency": 168.255,
    "InPlanePhaseEncodingDirectionDICOM": "ROW",
    "InversionTime": 0.7,
    "MRAcquisitionType": "3D",
    "MagneticFieldStrength": 3.95064,
    "Manufacturer": "Siemens",
    "ManufacturersModelName": "MedSpec_4T",
    "Modality": "MR",
    "PartialFourier": 0.875,
    "PatientPosition": "HFS",
    "PercentPhaseFOV": 100,
    "PhaseEncodingSteps": 197,
    "PhaseResolution": 0.878906,
    "PixelBandwidth": 200,
    "ProtocolName": "t1_mpr_cor",
    "PulseSequenceDetails": "%SiemensSeq%_tfl",
    "ReceiveCoilName": "Head_4T",
    "ReconMatrixPE": 256,
    "RepetitionTime": 1.5,
    "SAR": 0.00470678,
    "ScanOptions": "IR",
    "ScanningSequence": "IR_GR",
    "SequenceName": "tfl3d1_ns",
    "SequenceVariant": "SP_MP",
    "SeriesDescription": "t1_mpr_cor",
    "SeriesNumber": 11,
    "ShimSetting": [
      10,
      -11,
      0,
      1766,
      481,
      -4526,
      2785,
      -177
    ],
    "SliceThickness": 0.9,
    "SoftwareVersions": "syngo_MR_2002B_4VA21A",
    "StationName": "wes4T",
    "TxRefAmp": 192.445,
    "dataset": "ds004169",
    "modality": "T1w",
    "session_id": "01",
    "subject_id": "0630"
  },
  "cjv": 0.38120273632001794,
  "cnr": 3.5359672581623984,
  "efc": 0.4259965442345704,
  "fber": -1.0,
  "fwhm_avg": 4.433779599063121,
  "fwhm_x": 4.466357333333334,
  "fwhm_y": 4.9270667971893625,
  "fwhm_z": 3.907914666666667,
  "icvs_csf": 0.22297404739152898,
  "icvs_gm": 0.4329167079652025,
  "icvs_wm": 0.34410924464326853,
  "inu_med": 0.7278681695461273,
  "inu_range": 0.45156410634517663,
  "provenance": {
    "md5sum": "ecb708eb1c529486e20565bf9b4c4244",
    "settings": {
      "testing": false
    },
    "software": "mriqc",
    "version": "23.0.1",
    "warnings": {
      "large_rot_frame": true,
      "small_air_mask": false
    },
    "webapi_port": null,
    "webapi_url": "https://mriqc.nimh.nih.gov/api/v1"
  },
  "qi_1": 0.0,
  "qi_2": 0.028804623244033285,
  "rpve_csf": 31.425610573735913,
  "rpve_gm": 16.84793760814301,
  "rpve_wm": 24.135043684224225,
  "size_x": 256,
  "size_y": 256,
  "size_z": 256,
  "snr_csf": 2.158100251894355,
  "snr_gm": 10.218318899283993,
  "snr_total": 10.401363172253907,
  "snr_wm": 18.827670365583373,
  "snrd_csf": 8.094519141181259,
  "snrd_gm": 20.57021636368361,
  "snrd_total": 19.532055526983797,
  "snrd_wm": 29.931431076086522,
  "spacing_x": 0.9375,
  "spacing_y": 0.8999999761581421,
  "spacing_z": 0.9375,
  "summary_bg_k": 51.81533272079095,
  "summary_bg_mad": 0.0,
  "summary_bg_mean": 12.678478851719863,
  "summary_bg_median": 0.0,
  "summary_bg_n": 4535782.0,
  "summary_bg_p05": 0.0,
  "summary_bg_p95": 56.21901009231806,
  "summary_bg_stdv": 21.88867212170103,
  "summary_csf_k": 25.780702774033177,
  "summary_csf_mad": 103.23028297863901,
  "summary_csf_mean": 277.6255980726423,
  "summary_csf_median": 270.44486531987786,
  "summary_csf_n": 44143.0,
  "summary_csf_p05": 107.89859700948,
  "summary_csf_p95": 466.5479464866221,
  "summary_csf_stdv": 125.31475392938636,
  "summary_gm_k": 0.026802840908732417,
  "summary_gm_mad": 67.4569000607656,
  "summary_gm_mean": 685.323360768668,
  "summary_gm_median": 687.268668718636,
  "summary_gm_n": 35863.0,
  "summary_gm_p05": 571.6251173995436,
  "summary_gm_p95": 791.9896695055068,
  "summary_gm_stdv": 67.25754926649533,
  "summary_wm_k": 0.304317916369373,
  "summary_wm_mad": 51.77045284786309,
  "summary_wm_mean": 1000.8240910330171,
  "summary_wm_median": 1000.0349254868925,
  "summary_wm_n": 219950.0,
  "summary_wm_p05": 915.1127934716642,
  "summary_wm_p95": 1088.9028638005257,
  "summary_wm_stdv": 53.11504996332612,
  "tpm_overlap_csf": 0.13193635276627988,
  "tpm_overlap_gm": 0.4527791997475424,
  "tpm_overlap_wm": 0.4871477875571633,
  "wm2max": 0.49397692345207517
}