{
  "aor": 0.001163968253968254,
  "aqi": 0.004411858809523811,
  "bids_meta": {
    "AcquisitionMatrixPE": 64,
    "AcquisitionNumber": 1,
    "AcquisitionTime": "09:52:48.564990",
    "BaseResolution": 64,
    "ConversionSoftware": "dcm2niix",
    "ConversionSoftwareVersion": "v1.0.20190410  GCC6.3.0",
    "DeviceSerialNumber": "18011",
    "EchoTime": 0.03,
    "FlipAngle": 90,
    "ImageComments": "Fake_MoCo_Reference_Volume_+_DiCo_Applied",
    "ImageOrientationPatientDICOM": [
      0.999793,
      0.00475479,
      0.0198009,
      2.23901e-08,
      0.972358,
      -0.233494
    ],
    "ImageType": [
      "ORIGINAL",
      "PRIMARY",
      "M",
      "ND",
      "DICO",
      "MOSAIC"
    ],
    "ImagingFrequency": 168.255,
    "InPlanePhaseEncodingDirectionDICOM": "COL",
    "MRAcquisitionType": "2D",
    "MagneticFieldStrength": 3.95064,
    "Manufacturer": "Siemens",
    "ManufacturersModelName": "MedSpec_4T",
    "Modality": "MR",
    "PartialFourier": 1,
    "PatientPosition": "HFS",
    "PercentPhaseFOV": 100,
    "PhaseEncodingDirection": "j-",
    "PhaseEncodingSteps": 64,
    "PhaseResolution": 1,
    "PixelBandwidth": 2790,
    "ProcedureStepDescription": "Research_fMRI",
    "ProtocolName": "Nback_dc_opt",
    "PulseSequenceDetails": "%CustomerSeq%_kt_ep2d_bold_dc",
    "ReceiveCoilName": "Head",
    "ReconMatrixPE": 64,
    "RepetitionTime": 2.1,
    "SAR": 0.0919751,
    "ScanOptions": "FS",
    "ScanningSequence": "SE_EP",
    "SequenceName": "epfid2d1_64",
    "SequenceVariant": "SK",
    "SeriesDescription": "Nback_dc_opt_DiCo",
    "SeriesNumber": 6,
    "ShimSetting": [
      13,
      10,
      23,
      1827,
      529,
      -3461,
      3308,
      -2
    ],
    "SliceThickness": 3,
    "SoftwareVersions": "syngo_MR_2004A_4VA25A",
    "SpacingBetweenSlices": 3.6,
    "StationName": "WES4T",
    "TaskName": "nback",
    "TxRefAmp": 187.588,
    "dataset": "ds004169",
    "modality": "bold",
    "session_id": "02",
    "subject_id": "1243",
    "task_id": "nback"
  },
  "dummy_trs": 1,
  "dvars_nstd": 24.000624633760008,
  "dvars_std": 1.1867968924,
  "dvars_vstd": 1.0176299865599996,
  "efc": 0.46177373179571607,
  "fber": 2629.25732421875,
  "fd_mean": 0.10337343636280819,
  "fd_num": 8,
  "fd_perc": 6.349206349206349,
  "fwhm_avg": 1.7242931152072172,
  "fwhm_x": 1.619728695652174,
  "fwhm_y": 1.9172118260869566,
  "fwhm_z": 1.6359388238825205,
  "gcor": 0.0407461,
  "gsr_x": -0.020681006833910942,
  "gsr_y": 0.03349406644701958,
  "provenance": {
    "md5sum": "ea699436d2b1cd6a4f29f12e78612ef6",
    "settings": {
      "fd_thres": 0.2,
      "testing": false
    },
    "software": "mriqc",
    "version": "23.0.1",
    "webapi_port": null,
    "webapi_url": "https://mriqc.nimh.nih.gov/api/v1"
  },
  "size_t": 126,
  "size_x": 64,
  "size_y": 64,
  "size_z": 36,
  "snr": 5.472776884394324,
  "spacing_tr": 2.0999999046325684,
  "spacing_x": 3.59375,
  "spacing_y": 3.59375,
  "spacing_z": 3.6000001430511475,
  "summary_bg_k": 40.81865581377489,
  "summary_bg_mad": 7.0600104969828825,
  "summary_bg_mean": 24.80303955078125,
  "summary_bg_median": 12.619048118591309,
  "summary_bg_n": 97049.0,
  "summary_bg_p05": 7.365079879760742,
  "summary_bg_p95": 73.69841766357422,
  "summary_bg_stdv": 32.59069061279297,
  "summary_fg_k": 3.404572083983153,
  "summary_fg_mad": 106.53561112453572,
  "summary_fg_mean": 675.515869140625,
  "summary_fg_median": 668.761962890625,
  "summary_fg_n": 20428.0,
  "summary_fg_p05": 498.24884033203125,
  "summary_fg_p95": 867.1230468749998,
  "summary_fg_stdv": 122.19493103027344,
  "tsnr": 68.43981146626174
}