{
  "aor": 0.0070731200000000004,
  "aqi": 0.056973629600000006,
  "bids_meta": {
    "AcquisitionMatrixPE": 64,
    "AcquisitionNumber": 1,
    "AcquisitionTime": "11:54:57.522500",
    "BaseResolution": 64,
    "ConversionSoftware": "dcm2niix",
    "ConversionSoftwareVersion": "v1.0.20190410  GCC6.3.0",
    "DeviceSerialNumber": "18011",
    "EchoTime": 0.03,
    "FlipAngle": 90,
    "ImageComments": "Fake_MoCo_Reference_Volume_+_DiCo_Applied",
    "ImageOrientationPatientDICOM": [
      1,
      0,
      0,
      0,
      0.987688,
      -0.156434
    ],
    "ImageType": [
      "ORIGINAL",
      "PRIMARY",
      "M",
      "ND",
      "MOSAIC"
    ],
    "ImagingFrequency": 168.217,
    "InPlanePhaseEncodingDirectionDICOM": "COL",
    "MRAcquisitionType": "2D",
    "MagneticFieldStrength": 3.95064,
    "Manufacturer": "Siemens",
    "ManufacturersModelName": "MedSpec_4T",
    "Modality": "MR",
    "PartialFourier": 1,
    "PatientPosition": "HFS",
    "PercentPhaseFOV": 100,
    "PhaseEncodingDirection": "j-",
    "PhaseEncodingSteps": 64,
    "PhaseResolution": 1,
    "PixelBandwidth": 2790,
    "ProtocolName": "Nback_dc_opt",
    "PulseSequenceDetails": "%CustomerSeq%_kt_ep2d_bold_dc",
    "ReceiveCoilName": "Head_4T",
    "ReconMatrixPE": 64,
    "RepetitionTime": 2.1,
    "SAR": 0.0449004,
    "ScanOptions": "FS",
    "ScanningSequence": "SE_EP",
    "SequenceName": "epfid2d1_64",
    "SequenceVariant": "SK",
    "SeriesDescription": "Nback_dc_opt_DiCo",
    "SeriesNumber": 7,
    "ShimSetting": [
      12,
      -17,
      -27,
      1932,
      564,
      -3082,
      1306,
      -11
    ],
    "SliceThickness": 3,
    "SoftwareVersions": "syngo_MR_2002B_4VA21A",
    "SpacingBetweenSlices": 3.6,
    "StationName": "wes4T",
    "TaskName": "nback",
    "TxRefAmp": 196.912,
    "dataset": "ds004169",
    "modality": "bold",
    "session_id": "01",
    "subject_id": "0439",
    "task_id": "nback"
  },
  "dummy_trs": 2,
  "dvars_nstd": 40.55522781758064,
  "dvars_std": 0.9287978254838708,
  "dvars_vstd": 0.889515834516129,
  "efc": 0.5056731646147018,
  "fber": 1662.022705078125,
  "fd_mean": 0.40709857465502597,
  "fd_num": 77,
  "fd_perc": 61.6,
  "fwhm_avg": 1.8217015672407169,
  "fwhm_x": 1.7063958260869565,
  "fwhm_y": 2.0706866086956524,
  "fwhm_z": 1.6880222669395413,
  "gcor": 0.0209328,
  "gsr_x": -0.014265133999288082,
  "gsr_y": 0.04206116870045662,
  "provenance": {
    "md5sum": "fc27be5778f0ba39563f99118d034846",
    "settings": {
      "fd_thres": 0.2,
      "testing": false
    },
    "software": "mriqc",
    "version": "23.0.1",
    "webapi_port": null,
    "webapi_url": "https://mriqc.nimh.nih.gov/api/v1"
  },
  "size_t": 125,
  "size_x": 64,
  "size_y": 64,
  "size_z": 36,
  "snr": 4.499444919487692,
  "spacing_tr": 2.0999999046325684,
  "spacing_x": 3.59375,
  "spacing_y": 3.59375,
  "spacing_z": 3.5999999046325684,
  "summary_bg_k": 28.819310535900627,
  "summary_bg_mad": 11.76593242768704,
  "summary_bg_mean": 37.4946403503418,
  "summary_bg_median": 18.040000915527344,
  "summary_bg_n": 91386.0,
  "summary_bg_p05": 9.37600040435791,
  "summary_bg_p95": 111.88200759887695,
  "summary_bg_stdv": 52.52479553222656,
  "summary_fg_k": 3.6074264157671196,
  "summary_fg_mad": 139.40026193760343,
  "summary_fg_mean": 757.0454711914062,
  "summary_fg_median": 732.64404296875,
  "summary_fg_n": 24756.0,
  "summary_fg_p05": 545.5000305175781,
  "summary_fg_p95": 1022.1480255126953,
  "summary_fg_stdv": 162.8265838623047,
  "tsnr": 21.089955153875053
}