{
  "bids_meta": {
    "AcquisitionMatrixPE": 225,
    "AcquisitionNumber": 1,
    "AcquisitionTime": "08:56:7.875010",
    "BaseResolution": 256,
    "ConversionSoftware": "dcm2niix",
    "ConversionSoftwareVersion": "v1.0.20190410  GCC6.3.0",
    "DeviceSerialNumber": "18011",
    "EchoTime": 0.00339,
    "FlipAngle": 8,
    "ImageOrientationPatientDICOM": [
      1,
      0,
      0,
      0,
      -0.258819,
      -0.965926
    ],
    "ImageType": [
      "ORIGINAL",
      "PRIMARY",
      "M",
      "ND"
    ],
    "ImagingFrequency": 168.216,
    "InPlanePhaseEncodingDirectionDICOM": "ROW",
    "InversionTime": 0.7,
    "MRAcquisitionType": "3D",
    "MagneticFieldStrength": 3.95064,
    "Manufacturer": "Siemens",
    "ManufacturersModelName": "MedSpec_4T",
    "Modality": "MR",
    "PartialFourier": 0.875,
    "PatientPosition": "HFS",
    "PercentPhaseFOV": 100,
    "PhaseEncodingSteps": 197,
    "PhaseResolution": 0.878906,
    "PixelBandwidth": 200,
    "ProtocolName": "t1_mpr_cor",
    "PulseSequenceDetails": "%SiemensSeq%_tfl",
    "ReceiveCoilName": "Head_4T",
    "ReconMatrixPE": 256,
    "RepetitionTime": 1.5,
    "SAR": 0.020545,
    "ScanOptions": "IR",
    "ScanningSequence": "IR_GR",
    "SequenceName": "tfl3d1_ns",
    "SequenceVariant": "SP_MP",
    "SeriesDescription": "t1_mpr_cor",
    "SeriesNumber": 8,
    "ShimSetting": [
      13,
      -8,
      143,
      525,
      2105,
      -3714,
      2354,
      74
    ],
    "SliceThickness": 0.9,
    "SoftwareVersions": "syngo_MR_2002B_4VA21A",
    "StationName": "wes4T",
    "TxRefAmp": 203.875,
    "dataset": "ds004169",
    "modality": "T1w",
    "session_id": "01",
    "subject_id": "0190"
  },
  "cjv": 0.3586337859245359,
  "cnr": 3.640870621709982,
  "efc": 0.4863396618722773,
  "fber": 2305.6234742934494,
  "fwhm_avg": 4.209708336928613,
  "fwhm_x": 4.3142613333333335,
  "fwhm_y": 4.601455677452503,
  "fwhm_z": 3.7134080000000003,
  "icvs_csf": 0.21127061644173745,
  "icvs_gm": 0.4234168815207196,
  "icvs_wm": 0.36531250203754295,
  "inu_med": 0.634583592414856,
  "inu_range": 0.40750315487384764,
  "provenance": {
    "md5sum": "da58e8eb1fc4e494e0ecfed8f9f430c7",
    "settings": {
      "testing": false
    },
    "software": "mriqc",
    "version": "22.0.6",
    "warnings": {
      "large_rot_frame": true,
      "small_air_mask": false
    },
    "webapi_port": null,
    "webapi_url": "https://mriqc.nimh.nih.gov/api/v1"
  },
  "qi_1": 0.0,
  "qi_2": 0.03314357013789506,
  "rpve_csf": 24.643889704489485,
  "rpve_gm": 12.931785319583632,
  "rpve_wm": 17.794955749378143,
  "size_x": 256,
  "size_y": 256,
  "size_z": 256,
  "snr_csf": 1.7855448580397415,
  "snr_gm": 9.373761141541204,
  "snr_total": 10.154179900946401,
  "snr_wm": 19.303233703258257,
  "snrd_csf": 8.989682067363509,
  "snrd_gm": 21.162192438769527,
  "snrd_total": 20.580849647325937,
  "snrd_wm": 31.590674435844786,
  "spacing_x": 0.9375,
  "spacing_y": 0.8999999761581421,
  "spacing_z": 0.9375,
  "summary_bg_k": 6.825497608172091,
  "summary_bg_mad": 0.0,
  "summary_bg_mean": 14.418655532228698,
  "summary_bg_median": 0.0,
  "summary_bg_n": 5166930.0,
  "summary_bg_p05": 0.0,
  "summary_bg_p95": 55.74384704232216,
  "summary_bg_stdv": 20.738901672922434,
  "summary_csf_k": 25.17376913121246,
  "summary_csf_mad": 99.04290802951175,
  "summary_csf_mean": 299.8708741353119,
  "summary_csf_median": 284.5760554075241,
  "summary_csf_n": 42391.0,
  "summary_csf_p05": 106.82007595896721,
  "summary_csf_p95": 493.56345422565937,
  "summary_csf_stdv": 159.3758328412755,
  "summary_gm_k": 0.10195131532705615,
  "summary_gm_mad": 70.21600021851901,
  "summary_gm_mean": 670.1841984090108,
  "summary_gm_median": 669.9072562158108,
  "summary_gm_n": 41202.0,
  "summary_gm_p05": 552.1182776615024,
  "summary_gm_p95": 786.9827135279774,
  "summary_gm_stdv": 71.46535062110068,
  "summary_wm_k": 0.5663942646692712,
  "summary_wm_mad": 48.177079873723336,
  "summary_wm_mean": 1000.3287086280284,
  "summary_wm_median": 1000.0297509133816,
  "summary_wm_n": 306576.0,
  "summary_wm_p05": 915.596403926611,
  "summary_wm_p95": 1085.9496004879475,
  "summary_wm_stdv": 51.80624838924089,
  "tpm_overlap_csf": 0.14912274046138263,
  "tpm_overlap_gm": 0.4432169338435561,
  "tpm_overlap_wm": 0.4911876099906102,
  "wm2max": 0.6576405724564011
}