{
  "aor": 0.002686979865771812,
  "aqi": 0.006942884295302012,
  "bids_meta": {
    "AcquisitionMatrixPE": 64,
    "AcquisitionNumber": 1,
    "AcquisitionTime": "08:55:57.619980",
    "BaseResolution": 64,
    "ConversionSoftware": "dcm2niix",
    "ConversionSoftwareVersion": "v1.0.20190410  GCC6.3.0",
    "DeviceSerialNumber": "18011",
    "EchoTime": 0.03,
    "FlipAngle": 90,
    "ImageComments": "Fake_MoCo_Reference_Volume_+_DiCo_Applied",
    "ImageOrientationPatientDICOM": [
      1,
      0,
      -1.38778e-17,
      0,
      0.978867,
      -0.204496
    ],
    "ImageType": [
      "ORIGINAL",
      "PRIMARY",
      "M",
      "ND",
      "DICO",
      "MOSAIC"
    ],
    "ImagingFrequency": 168.255,
    "InPlanePhaseEncodingDirectionDICOM": "COL",
    "MRAcquisitionType": "2D",
    "MagneticFieldStrength": 3.95064,
    "Manufacturer": "Siemens",
    "ManufacturersModelName": "MedSpec_4T",
    "Modality": "MR",
    "PartialFourier": 1,
    "PatientPosition": "HFS",
    "PercentPhaseFOV": 100,
    "PhaseEncodingDirection": "j-",
    "PhaseEncodingSteps": 64,
    "PhaseResolution": 1,
    "PixelBandwidth": 2790,
    "ProcedureStepDescription": "Research_fMRI",
    "ProtocolName": "mz_bold_dc_REST",
    "PulseSequenceDetails": "%CustomerSeq%_mz_ep2d_bold_dc",
    "ReceiveCoilName": "Head",
    "ReconMatrixPE": 64,
    "RepetitionTime": 2.1,
    "SAR": 0.10779,
    "ScanOptions": "FS",
    "ScanningSequence": "SE_EP",
    "SequenceName": "epfid2d1_64",
    "SequenceVariant": "SK",
    "SeriesDescription": "mz_bold_dc_REST_DiCo",
    "SeriesNumber": 10,
    "ShimSetting": [
      3,
      -17,
      41,
      2412,
      518,
      -3802,
      2636,
      55
    ],
    "SliceThickness": 3,
    "SoftwareVersions": "syngo_MR_2004A_4VA25A",
    "SpacingBetweenSlices": 3.6,
    "StationName": "WES4T",
    "TaskName": "rest",
    "TxRefAmp": 207.332,
    "dataset": "ds004169",
    "modality": "bold",
    "session_id": "01",
    "subject_id": "0908",
    "task_id": "rest"
  },
  "dummy_trs": 1,
  "dvars_nstd": 28.69061462277026,
  "dvars_std": 1.2640384662162165,
  "dvars_vstd": 1.0222816256756755,
  "efc": 0.48922355152607017,
  "fber": 2110.658447265625,
  "fd_mean": 0.14865332965330155,
  "fd_num": 20,
  "fd_perc": 13.422818791946309,
  "fwhm_avg": 1.817113921664226,
  "fwhm_x": 1.7133885217391305,
  "fwhm_y": 2.0322420869565216,
  "fwhm_z": 1.7057111562970255,
  "gcor": 0.0198733,
  "gsr_x": -0.027332138270139694,
  "gsr_y": 0.04657549411058426,
  "provenance": {
    "md5sum": "3e585371a0da56d28eea634d7e5036bd",
    "settings": {
      "fd_thres": 0.2,
      "testing": false
    },
    "software": "mriqc",
    "version": "23.0.1",
    "webapi_port": null,
    "webapi_url": "https://mriqc.nimh.nih.gov/api/v1"
  },
  "size_t": 149,
  "size_x": 64,
  "size_y": 64,
  "size_z": 36,
  "snr": 5.349099662182283,
  "spacing_tr": 2.0999999046325684,
  "spacing_x": 3.59375,
  "spacing_y": 3.59375,
  "spacing_z": 3.5999999046325684,
  "summary_bg_k": 28.04094691317165,
  "summary_bg_mad": 7.363259501548857,
  "summary_bg_mean": 28.913902282714844,
  "summary_bg_median": 13.449664115905762,
  "summary_bg_n": 93798.0,
  "summary_bg_p05": 8.040268898010254,
  "summary_bg_p95": 90.96644592285156,
  "summary_bg_stdv": 40.1283073425293,
  "summary_fg_k": 1.4200440919681627,
  "summary_fg_mad": 112.79721653906903,
  "summary_fg_mean": 649.180419921875,
  "summary_fg_median": 643.617431640625,
  "summary_fg_n": 22325.0,
  "summary_fg_p05": 466.8993225097656,
  "summary_fg_p95": 849.0819091796875,
  "summary_fg_stdv": 120.31987762451172,
  "tsnr": 54.71303023630753
}