{
  "aor": 0.002278333333333333,
  "aqi": 0.009217009200000001,
  "bids_meta": {
    "AcquisitionMatrixPE": 64,
    "AcquisitionNumber": 1,
    "AcquisitionTime": "10:11:11.482480",
    "BaseResolution": 64,
    "ConversionSoftware": "dcm2niix",
    "ConversionSoftwareVersion": "v1.0.20190410  GCC6.3.0",
    "DeviceSerialNumber": "18011",
    "EchoTime": 0.03,
    "FlipAngle": 90,
    "ImageComments": "Fake_MoCo_Reference_Volume_+_DiCo_Applied",
    "ImageOrientationPatientDICOM": [
      1,
      0,
      6.93889e-18,
      0,
      0.997564,
      -0.0697565
    ],
    "ImageType": [
      "ORIGINAL",
      "PRIMARY",
      "M",
      "ND",
      "MOSAIC"
    ],
    "ImagingFrequency": 168.217,
    "InPlanePhaseEncodingDirectionDICOM": "COL",
    "MRAcquisitionType": "2D",
    "MagneticFieldStrength": 3.95064,
    "Manufacturer": "Siemens",
    "ManufacturersModelName": "MedSpec_4T",
    "Modality": "MR",
    "PartialFourier": 1,
    "PatientPosition": "HFS",
    "PercentPhaseFOV": 100,
    "PhaseEncodingDirection": "j-",
    "PhaseEncodingSteps": 64,
    "PhaseResolution": 1,
    "PixelBandwidth": 2790,
    "ProtocolName": "mz_bold_dc_REST",
    "PulseSequenceDetails": "%CustomerSeq%_mz_ep2d_bold_dc",
    "ReceiveCoilName": "Head_4T",
    "ReconMatrixPE": 64,
    "RepetitionTime": 2.1,
    "SAR": 0.0234597,
    "ScanOptions": "FS",
    "ScanningSequence": "SE_EP",
    "SequenceName": "epfid2d1_64",
    "SequenceVariant": "SK",
    "SeriesDescription": "mz_bold_dc_REST_DiCo",
    "SeriesNumber": 10,
    "ShimSetting": [
      -5,
      4,
      -13,
      1737,
      331,
      -2571,
      2200,
      -5
    ],
    "SliceThickness": 3,
    "SoftwareVersions": "syngo_MR_2002B_4VA21A",
    "SpacingBetweenSlices": 3.6,
    "StationName": "wes4T",
    "TaskName": "rest",
    "TxRefAmp": 170.017,
    "dataset": "ds004169",
    "modality": "bold",
    "session_id": "01",
    "subject_id": "0598",
    "task_id": "rest"
  },
  "dummy_trs": 0,
  "dvars_nstd": 25.23266465845637,
  "dvars_std": 1.1435401123489932,
  "dvars_vstd": 0.9610367914765099,
  "efc": 0.4560102077314846,
  "fber": 2763.765869140625,
  "fd_mean": 0.13502423410276457,
  "fd_num": 12,
  "fd_perc": 8.0,
  "fwhm_avg": 1.7792346425245926,
  "fwhm_x": 1.6482782608695652,
  "fwhm_y": 2.0467589565217392,
  "fwhm_z": 1.6426667101824737,
  "gcor": 0.0185124,
  "gsr_x": -0.019638381898403168,
  "gsr_y": 0.039638034999370575,
  "provenance": {
    "md5sum": "31b2cfc2adab5d8158f48bac8381da59",
    "settings": {
      "fd_thres": 0.2,
      "testing": false
    },
    "software": "mriqc",
    "version": "23.0.1",
    "webapi_port": null,
    "webapi_url": "https://mriqc.nimh.nih.gov/api/v1"
  },
  "size_t": 150,
  "size_x": 64,
  "size_y": 64,
  "size_z": 36,
  "snr": 5.242415381065446,
  "spacing_tr": 2.0999999046325684,
  "spacing_x": 3.59375,
  "spacing_y": 3.59375,
  "spacing_z": 3.5999999046325684,
  "summary_bg_k": 72.09043232929444,
  "summary_bg_mad": 8.68804849143175,
  "summary_bg_mean": 28.591516494750977,
  "summary_bg_median": 14.826666831970215,
  "summary_bg_n": 97543.0,
  "summary_bg_p05": 8.08666706085205,
  "summary_bg_p95": 85.27999877929688,
  "summary_bg_stdv": 40.30577850341797,
  "summary_fg_k": 3.9447295734491865,
  "summary_fg_mad": 119.28034357414076,
  "summary_fg_mean": 791.322021484375,
  "summary_fg_median": 777.4666748046875,
  "summary_fg_n": 20441.0,
  "summary_fg_p05": 589.02001953125,
  "summary_fg_p95": 1030.0400390625,
  "summary_fg_stdv": 148.2995147705078,
  "tsnr": 53.40757044660859
}