{
  "bids_meta": {
    "AcquisitionMatrixPE": 256,
    "AcquisitionNumber": 1,
    "AcquisitionTime": "12:18:8.927510",
    "BaseResolution": 256,
    "ConversionSoftware": "dcm2niix",
    "ConversionSoftwareVersion": "v1.0.20190410  GCC6.3.0",
    "DeviceSerialNumber": "18011",
    "EchoTime": 0.00393,
    "FlipAngle": 15,
    "ImageOrientationPatientDICOM": [
      1,
      0,
      0,
      0,
      0,
      -1
    ],
    "ImageType": [
      "ORIGINAL",
      "PRIMARY",
      "M",
      "ND"
    ],
    "ImagingFrequency": 168.251,
    "InPlanePhaseEncodingDirectionDICOM": "ROW",
    "InstitutionAddress": "StreetNoStreet_City_District_ZIP_Country",
    "InstitutionName": "UQ",
    "InversionTime": 1.1,
    "MRAcquisitionType": "3D",
    "MagneticFieldStrength": 3.95064,
    "Manufacturer": "Siemens",
    "ManufacturersModelName": "MedSpec_4T",
    "Modality": "MR",
    "PartialFourier": 0.75,
    "PatientPosition": "HFS",
    "PercentPhaseFOV": 100,
    "PhaseEncodingSteps": 192,
    "PhaseResolution": 1,
    "PixelBandwidth": 130,
    "ProtocolName": "t1_mpr_cmr_cor",
    "PulseSequenceDetails": "%SiemensSeq%_tfl",
    "ReceiveCoilName": "Head_4T",
    "ReconMatrixPE": 256,
    "RepetitionTime": 2.5,
    "SAR": 0.00389748,
    "ScanOptions": "IR",
    "ScanningSequence": "IR_GR",
    "SequenceName": "tfl3d1_ns",
    "SequenceVariant": "SP_MP",
    "SeriesDescription": "t1_mpr_cmr_cor",
    "SeriesNumber": 8,
    "ShimSetting": [
      -11,
      -23,
      160,
      1055,
      2304,
      -1702,
      2014,
      850
    ],
    "SliceThickness": 0.9,
    "SoftwareVersions": "syngo_MR_2002B_4VA21A",
    "StationName": "wes4T",
    "TxRefAmp": 182.309,
    "dataset": "ds004169",
    "modality": "T1w",
    "session_id": "01",
    "subject_id": "0354"
  },
  "cjv": 0.4417564896852745,
  "cnr": 3.104764040534818,
  "efc": 0.4458662306640607,
  "fber": -1.0,
  "fwhm_avg": 3.9084170726392116,
  "fwhm_x": 3.9317866666666665,
  "fwhm_y": 4.0318112179176335,
  "fwhm_z": 3.7616533333333333,
  "icvs_csf": 0.1668004327638511,
  "icvs_gm": 0.4228577565828046,
  "icvs_wm": 0.4103418106533443,
  "inu_med": 0.3311956524848938,
  "inu_range": 0.0962720736861229,
  "provenance": {
    "md5sum": "c7fcdd2b38889940984d728163afe3a4",
    "settings": {
      "testing": false
    },
    "software": "mriqc",
    "version": "23.0.1",
    "warnings": {
      "large_rot_frame": true,
      "small_air_mask": false
    },
    "webapi_port": null,
    "webapi_url": "https://mriqc.nimh.nih.gov/api/v1"
  },
  "qi_1": 0.032010745673197435,
  "qi_2": 0.04007779136640741,
  "rpve_csf": 37.41429707539456,
  "rpve_gm": 15.425726963219288,
  "rpve_wm": 18.027346396344722,
  "size_x": 256,
  "size_y": 256,
  "size_z": 256,
  "snr_csf": 2.6360849429394295,
  "snr_gm": 14.983464268194869,
  "snr_total": 13.555501563132921,
  "snr_wm": 23.046955478264465,
  "snrd_csf": 25.447414891462568,
  "snrd_gm": 49.678028150284334,
  "snrd_total": 46.10502267671071,
  "snrd_wm": 63.18962498838524,
  "spacing_x": 0.9375,
  "spacing_y": 0.8999999761581421,
  "spacing_z": 0.9375,
  "summary_bg_k": 816.4544389768381,
  "summary_bg_mad": 0.0,
  "summary_bg_mean": 4.677073382423885,
  "summary_bg_median": 0.0,
  "summary_bg_n": 4085613.0,
  "summary_bg_p05": 0.0,
  "summary_bg_p95": 22.528514748439193,
  "summary_bg_stdv": 10.368236355761832,
  "summary_csf_k": 2.515468385491122,
  "summary_csf_mad": 118.11540869268177,
  "summary_csf_mean": 388.99684304716544,
  "summary_csf_median": 402.7326404666528,
  "summary_csf_n": 27442.0,
  "summary_csf_p05": 99.31738254055381,
  "summary_csf_p95": 602.2266731964423,
  "summary_csf_stdv": 152.7740233070094,
  "summary_gm_k": 0.04830129548028772,
  "summary_gm_mad": 52.784945165837115,
  "summary_gm_mean": 785.3894847657684,
  "summary_gm_median": 786.2080897204578,
  "summary_gm_n": 43022.0,
  "summary_gm_p05": 698.2312954366207,
  "summary_gm_p95": 869.734793554712,
  "summary_gm_stdv": 52.47110670237768,
  "summary_wm_k": 0.3154796020811572,
  "summary_wm_mad": 41.67828135912039,
  "summary_wm_mean": 1002.995530474621,
  "summary_wm_median": 1000.04360483028,
  "summary_wm_n": 276660.0,
  "summary_wm_p05": 936.9288694169372,
  "summary_wm_p95": 1079.2750608623028,
  "summary_wm_stdv": 43.39149257352078,
  "tpm_overlap_csf": 0.12552370850716504,
  "tpm_overlap_gm": 0.4487144664391799,
  "tpm_overlap_wm": 0.49380409315572854,
  "wm2max": 0.7669855819088081
}