{
  "aor": 0.0014781102362204724,
  "aqi": 0.011628435196850391,
  "bids_meta": {
    "AcquisitionMatrixPE": 64,
    "AcquisitionNumber": 1,
    "AcquisitionTime": "10:16:40.172510",
    "BaseResolution": 64,
    "ConversionSoftware": "dcm2niix",
    "ConversionSoftwareVersion": "v1.0.20190410  GCC6.3.0",
    "DeviceSerialNumber": "18011",
    "EchoTime": 0.03,
    "FlipAngle": 90,
    "ImageComments": "Fake_MoCo_Reference_Volume_+_DiCo_Applied",
    "ImageOrientationPatientDICOM": [
      1,
      0,
      0,
      0,
      1,
      0
    ],
    "ImageType": [
      "ORIGINAL",
      "PRIMARY",
      "M",
      "ND",
      "MOSAIC"
    ],
    "ImagingFrequency": 168.255,
    "InPlanePhaseEncodingDirectionDICOM": "COL",
    "MRAcquisitionType": "2D",
    "MagneticFieldStrength": 3.95064,
    "Manufacturer": "Siemens",
    "ManufacturersModelName": "MedSpec_4T",
    "Modality": "MR",
    "PartialFourier": 1,
    "PatientPosition": "HFS",
    "PercentPhaseFOV": 100,
    "PhaseEncodingDirection": "j-",
    "PhaseEncodingSteps": 64,
    "PhaseResolution": 1,
    "PixelBandwidth": 2790,
    "ProtocolName": "Nback_dc_opt",
    "PulseSequenceDetails": "%CustomerSeq%_kt_ep2d_bold_dc",
    "ReceiveCoilName": "Head_4T",
    "ReconMatrixPE": 64,
    "RepetitionTime": 2.1,
    "SAR": 0.0357051,
    "ScanOptions": "FS",
    "ScanningSequence": "SE_EP",
    "SequenceName": "epfid2d1_64",
    "SequenceVariant": "SK",
    "SeriesDescription": "Nback_dc_opt_DiCo",
    "SeriesNumber": 7,
    "ShimSetting": [
      8,
      -26,
      22,
      2301,
      495,
      -4597,
      2582,
      202
    ],
    "SliceThickness": 3,
    "SoftwareVersions": "syngo_MR_2002B_4VA21A",
    "SpacingBetweenSlices": 3.6,
    "StationName": "wes4T",
    "TaskName": "nback",
    "TxRefAmp": 184.974,
    "dataset": "ds004169",
    "modality": "bold",
    "session_id": "01",
    "subject_id": "0197",
    "task_id": "nback"
  },
  "dummy_trs": 0,
  "dvars_nstd": 22.801482987777785,
  "dvars_std": 1.0502838380158728,
  "dvars_vstd": 0.9366184524603172,
  "efc": 0.4551042882494177,
  "fber": 2573.980224609375,
  "fd_mean": 0.0895099790734927,
  "fd_num": 3,
  "fd_perc": 2.3622047244094486,
  "fwhm_avg": 1.7778234963455066,
  "fwhm_x": 1.7127874782608696,
  "fwhm_y": 1.9373885217391305,
  "fwhm_z": 1.68329448903652,
  "gcor": 0.0167701,
  "gsr_x": -0.016882527619600296,
  "gsr_y": 0.03443025425076485,
  "provenance": {
    "md5sum": "20ee3a1668fc1ffc5dc3d6966b8b139a",
    "settings": {
      "fd_thres": 0.2,
      "testing": false
    },
    "software": "mriqc",
    "version": "22.0.6",
    "webapi_port": null,
    "webapi_url": "https://mriqc.nimh.nih.gov/api/v1"
  },
  "size_t": 127,
  "size_x": 64,
  "size_y": 64,
  "size_z": 36,
  "snr": 6.027155769554824,
  "spacing_tr": 2.0999999046325684,
  "spacing_x": 3.59375,
  "spacing_y": 3.59375,
  "spacing_z": 3.5999999046325684,
  "summary_bg_k": 59.19090615258649,
  "summary_bg_mad": 8.101779430835874,
  "summary_bg_mean": 29.980525970458984,
  "summary_bg_median": 14.330708503723145,
  "summary_bg_n": 99752.0,
  "summary_bg_p05": 8.401575088500977,
  "summary_bg_p95": 92.28700561523435,
  "summary_bg_stdv": 42.13777160644531,
  "summary_fg_k": 2.512105662185986,
  "summary_fg_mad": 107.91478229227522,
  "summary_fg_mean": 742.06201171875,
  "summary_fg_median": 737.5432739257812,
  "summary_fg_n": 18501.0,
  "summary_fg_p05": 560.8189086914062,
  "summary_fg_p95": 937.2991943359375,
  "summary_fg_stdv": 122.36672973632812,
  "tsnr": 51.08288499712944
}