{
  "bids_meta": {
    "AcquisitionMatrixPE": 225,
    "AcquisitionNumber": 1,
    "AcquisitionTime": "09:08:43.515000",
    "BaseResolution": 256,
    "ConversionSoftware": "dcm2niix",
    "ConversionSoftwareVersion": "v1.0.20190410  GCC6.3.0",
    "DeviceSerialNumber": "18011",
    "EchoTime": 0.00335,
    "FlipAngle": 8,
    "ImageOrientationPatientDICOM": [
      1,
      0,
      0,
      0,
      0,
      -1
    ],
    "ImageType": [
      "ORIGINAL",
      "PRIMARY",
      "M",
      "ND"
    ],
    "ImagingFrequency": 168.217,
    "InPlanePhaseEncodingDirectionDICOM": "ROW",
    "InversionTime": 0.7,
    "MRAcquisitionType": "3D",
    "MagneticFieldStrength": 3.95064,
    "Manufacturer": "Siemens",
    "ManufacturersModelName": "MedSpec_4T",
    "Modality": "MR",
    "PartialFourier": 0.875,
    "PatientPosition": "HFS",
    "PercentPhaseFOV": 100,
    "PhaseEncodingSteps": 197,
    "PhaseResolution": 0.878906,
    "PixelBandwidth": 200,
    "ProtocolName": "t1_mpr_cor",
    "PulseSequenceDetails": "%SiemensSeq%_tfl",
    "ReceiveCoilName": "Head_4T",
    "ReconMatrixPE": 256,
    "RepetitionTime": 1.5,
    "SAR": 0.00342324,
    "ScanOptions": "IR",
    "ScanningSequence": "IR_GR",
    "SequenceName": "tfl3d1_ns",
    "SequenceVariant": "SP_MP",
    "SeriesDescription": "t1_mpr_cor",
    "SeriesNumber": 10,
    "ShimSetting": [
      32,
      -36,
      -21,
      1286,
      387,
      -3289,
      2278,
      -534
    ],
    "SliceThickness": 0.9,
    "SoftwareVersions": "syngo_MR_2002B_4VA21A",
    "StationName": "wes4T",
    "TxRefAmp": 185.071,
    "dataset": "ds004169",
    "modality": "T1w",
    "session_id": "01",
    "subject_id": "0423"
  },
  "cjv": 0.3742629783675382,
  "cnr": 3.555665669944392,
  "efc": 0.45483071713461637,
  "fber": -1.0,
  "fwhm_avg": 4.226860337142894,
  "fwhm_x": 4.360256000000001,
  "fwhm_y": 4.625722344762017,
  "fwhm_z": 3.694602666666667,
  "icvs_csf": 0.20696401112348606,
  "icvs_gm": 0.42600942073241654,
  "icvs_wm": 0.3670265681440974,
  "inu_med": 0.7821605801582336,
  "inu_range": 0.4939217686653137,
  "provenance": {
    "md5sum": "98fb86294392fdc07d443e22f4d9e995",
    "settings": {
      "testing": false
    },
    "software": "mriqc",
    "version": "23.0.1",
    "warnings": {
      "large_rot_frame": true,
      "small_air_mask": false
    },
    "webapi_port": null,
    "webapi_url": "https://mriqc.nimh.nih.gov/api/v1"
  },
  "qi_1": 0.0,
  "qi_2": 0.03454865391976103,
  "rpve_csf": 28.689657427115723,
  "rpve_gm": 14.81978259703574,
  "rpve_wm": 20.081756576991094,
  "size_x": 256,
  "size_y": 256,
  "size_z": 256,
  "snr_csf": 0.8924569088430003,
  "snr_gm": 8.39086979890837,
  "snr_total": 8.835450458019423,
  "snr_wm": 17.223024666306898,
  "snrd_csf": 6.2767607574004485,
  "snrd_gm": 16.299036192179173,
  "snrd_total": 15.945794418402853,
  "snrd_wm": 25.261586305628935,
  "spacing_x": 0.9375,
  "spacing_y": 0.8999999761581421,
  "spacing_z": 0.9375,
  "summary_bg_k": 129.51803851958275,
  "summary_bg_mad": 0.0,
  "summary_bg_mean": 14.381627382202584,
  "summary_bg_median": 0.0,
  "summary_bg_n": 4740947.0,
  "summary_bg_p05": 0.0,
  "summary_bg_p95": 64.37148676812649,
  "summary_bg_stdv": 25.93508201610941,
  "summary_csf_k": 17.956812076408813,
  "summary_csf_mad": 97.91620023614725,
  "summary_csf_mean": 304.885846256135,
  "summary_csf_median": 248.48001887649298,
  "summary_csf_n": 31548.0,
  "summary_csf_p05": 83.7513322532177,
  "summary_csf_p95": 605.8785693489014,
  "summary_csf_stdv": 278.418014647996,
  "summary_gm_k": 0.046421987840662204,
  "summary_gm_mad": 76.78928706666784,
  "summary_gm_mean": 645.0577824867554,
  "summary_gm_median": 645.2348555624485,
  "summary_gm_n": 46048.0,
  "summary_gm_p05": 517.6831725280732,
  "summary_gm_p95": 770.4438572749496,
  "summary_gm_stdv": 76.89642014189467,
  "summary_wm_k": 0.41489542537446233,
  "summary_wm_mad": 56.00040450790009,
  "summary_wm_mean": 1000.3024831589862,
  "summary_wm_median": 1000.038026727736,
  "summary_wm_n": 286431.0,
  "summary_wm_p05": 905.6467793062329,
  "summary_wm_p95": 1095.6072647571564,
  "summary_wm_stdv": 58.0639173672599,
  "tpm_overlap_csf": 0.14646555171375525,
  "tpm_overlap_gm": 0.4562227922911507,
  "tpm_overlap_wm": 0.5075135092112542,
  "wm2max": 0.44577884680533914
}