{
  "bids_meta": {
    "AcquisitionMatrixPE": 225,
    "AcquisitionNumber": 1,
    "AcquisitionTime": "09:17:1.580010",
    "BaseResolution": 256,
    "ConversionSoftware": "dcm2niix",
    "ConversionSoftwareVersion": "v1.0.20190410  GCC6.3.0",
    "DeviceSerialNumber": "18011",
    "EchoTime": 0.00335,
    "FlipAngle": 8,
    "ImageOrientationPatientDICOM": [
      1,
      0,
      0,
      0,
      0,
      -1
    ],
    "ImageType": [
      "ORIGINAL",
      "PRIMARY",
      "M",
      "ND"
    ],
    "ImagingFrequency": 168.217,
    "InPlanePhaseEncodingDirectionDICOM": "ROW",
    "InversionTime": 0.7,
    "MRAcquisitionType": "3D",
    "MagneticFieldStrength": 3.95064,
    "Manufacturer": "Siemens",
    "ManufacturersModelName": "MedSpec_4T",
    "Modality": "MR",
    "PartialFourier": 0.875,
    "PatientPosition": "HFS",
    "PercentPhaseFOV": 100,
    "PhaseEncodingSteps": 197,
    "PhaseResolution": 0.878906,
    "PixelBandwidth": 200,
    "ProtocolName": "t1_mpr_cor",
    "PulseSequenceDetails": "%SiemensSeq%_tfl",
    "ReceiveCoilName": "Head_4T",
    "ReconMatrixPE": 256,
    "RepetitionTime": 1.5,
    "SAR": 0.00288566,
    "ScanOptions": "IR",
    "ScanningSequence": "IR_GR",
    "SequenceName": "tfl3d1_ns",
    "SequenceVariant": "SP_MP",
    "SeriesDescription": "t1_mpr_cor",
    "SeriesNumber": 8,
    "ShimSetting": [
      2,
      -11,
      -6,
      1375,
      282,
      -3468,
      1782,
      -76
    ],
    "SliceThickness": 0.9,
    "SoftwareVersions": "syngo_MR_2002B_4VA21A",
    "StationName": "wes4T",
    "TxRefAmp": 197.078,
    "dataset": "ds004169",
    "modality": "T1w",
    "session_id": "01",
    "subject_id": "0769"
  },
  "cjv": 0.38007629439213736,
  "cnr": 3.493543127570625,
  "efc": 0.4615635934984403,
  "fber": 2304.0,
  "fwhm_avg": 4.489783747060957,
  "fwhm_x": 4.606506666666666,
  "fwhm_y": 4.910044574516205,
  "fwhm_z": 3.9528000000000003,
  "icvs_csf": 0.21924352821093254,
  "icvs_gm": 0.4257170687861174,
  "icvs_wm": 0.35503940300295,
  "inu_med": 0.7556127905845642,
  "inu_range": 0.5046798765659333,
  "provenance": {
    "md5sum": "76e81ad87612f0ede683b1b03560f6dd",
    "settings": {
      "testing": false
    },
    "software": "mriqc",
    "version": "23.0.1",
    "warnings": {
      "large_rot_frame": true,
      "small_air_mask": false
    },
    "webapi_port": null,
    "webapi_url": "https://mriqc.nimh.nih.gov/api/v1"
  },
  "qi_1": 0.0,
  "qi_2": 0.027730483782824732,
  "rpve_csf": 26.262820149056104,
  "rpve_gm": 14.191052438577191,
  "rpve_wm": 20.010936495138267,
  "size_x": 256,
  "size_y": 256,
  "size_z": 256,
  "snr_csf": 2.0214914834331155,
  "snr_gm": 9.595576830685129,
  "snr_total": 9.855475108181128,
  "snr_wm": 17.94935701042514,
  "snrd_csf": 10.524573131086283,
  "snrd_gm": 24.07514764326645,
  "snrd_total": 23.432725708881943,
  "snrd_wm": 35.69845635229309,
  "spacing_x": 0.9375,
  "spacing_y": 0.8999999761581421,
  "spacing_z": 0.9375,
  "summary_bg_k": 60.8358985503525,
  "summary_bg_mad": 18.352721380093918,
  "summary_bg_mean": 17.579362116563154,
  "summary_bg_median": 12.378722459077835,
  "summary_bg_n": 4892979.0,
  "summary_bg_p05": 0.0,
  "summary_bg_p95": 67.28839336708188,
  "summary_bg_stdv": 25.354674121814462,
  "summary_csf_k": 28.777092335602056,
  "summary_csf_mad": 107.26421617419757,
  "summary_csf_mean": 303.76434190028203,
  "summary_csf_median": 294.8310585692525,
  "summary_csf_n": 39707.0,
  "summary_csf_p05": 109.06658166646957,
  "summary_csf_p95": 498.3983130086212,
  "summary_csf_stdv": 145.846444755863,
  "summary_gm_k": 0.0625645979896694,
  "summary_gm_mad": 70.00075148015551,
  "summary_gm_mean": 673.480672335117,
  "summary_gm_median": 674.4312739782035,
  "summary_gm_n": 35221.0,
  "summary_gm_p05": 556.707950592041,
  "summary_gm_p95": 786.7598162926733,
  "summary_gm_stdv": 70.28464380336058,
  "summary_wm_k": 0.3858942353660737,
  "summary_wm_mad": 53.75611296128861,
  "summary_wm_mean": 1001.2031402449184,
  "summary_wm_median": 1000.0418586619198,
  "summary_wm_n": 273592.0,
  "summary_wm_p05": 911.885281149298,
  "summary_wm_p95": 1094.3877974040806,
  "summary_wm_stdv": 55.71453230687332,
  "tpm_overlap_csf": 0.14947869747937464,
  "tpm_overlap_gm": 0.4482516739491302,
  "tpm_overlap_wm": 0.4848790949465887,
  "wm2max": 0.4536074123924086
}