{
  "aor": 0.0024966141732283473,
  "aqi": 0.0094191205511811,
  "bids_meta": {
    "AcquisitionMatrixPE": 64,
    "AcquisitionNumber": 1,
    "AcquisitionTime": "08:04:9.825010",
    "BaseResolution": 64,
    "ConversionSoftware": "dcm2niix",
    "ConversionSoftwareVersion": "v1.0.20190410  GCC6.3.0",
    "DeviceSerialNumber": "18011",
    "EchoTime": 0.03,
    "FlipAngle": 90,
    "ImageComments": "Fake_MoCo_Reference_Volume_+_DiCo_Applied",
    "ImageOrientationPatientDICOM": [
      1,
      0,
      0,
      0,
      0.981627,
      -0.190809
    ],
    "ImageType": [
      "ORIGINAL",
      "PRIMARY",
      "M",
      "ND",
      "MOSAIC"
    ],
    "ImagingFrequency": 168.255,
    "InPlanePhaseEncodingDirectionDICOM": "COL",
    "MRAcquisitionType": "2D",
    "MagneticFieldStrength": 3.95064,
    "Manufacturer": "Siemens",
    "ManufacturersModelName": "MedSpec_4T",
    "Modality": "MR",
    "PartialFourier": 1,
    "PatientPosition": "HFS",
    "PercentPhaseFOV": 100,
    "PhaseEncodingDirection": "j-",
    "PhaseEncodingSteps": 64,
    "PhaseResolution": 1,
    "PixelBandwidth": 2790,
    "ProtocolName": "Nback_dc_opt",
    "PulseSequenceDetails": "%CustomerSeq%_kt_ep2d_bold_dc",
    "ReceiveCoilName": "Head_4T",
    "ReconMatrixPE": 64,
    "RepetitionTime": 2.1,
    "SAR": 0.0397092,
    "ScanOptions": "FS",
    "ScanningSequence": "SE_EP",
    "SequenceName": "epfid2d1_64",
    "SequenceVariant": "SK",
    "SeriesDescription": "Nback_dc_opt_DiCo",
    "SeriesNumber": 7,
    "ShimSetting": [
      21,
      18,
      27,
      1589,
      989,
      -2419,
      2707,
      -73
    ],
    "SliceThickness": 3,
    "SoftwareVersions": "syngo_MR_2002B_4VA21A",
    "SpacingBetweenSlices": 3.6,
    "StationName": "wes4T",
    "TaskName": "nback",
    "TxRefAmp": 200.447,
    "dataset": "ds004169",
    "modality": "bold",
    "session_id": "02",
    "subject_id": "0883",
    "task_id": "nback"
  },
  "dummy_trs": 0,
  "dvars_nstd": 28.67123658341269,
  "dvars_std": 1.2018271546825394,
  "dvars_vstd": 0.9883399759523809,
  "efc": 0.5011750323874629,
  "fber": 1894.3001708984375,
  "fd_mean": 0.10867461944576882,
  "fd_num": 3,
  "fd_perc": 2.3622047244094486,
  "fwhm_avg": 1.7985394918758224,
  "fwhm_x": 1.6444911304347827,
  "fwhm_y": 2.0269245217391303,
  "fwhm_z": 1.7242028234535542,
  "gcor": 0.019581,
  "gsr_x": -0.027561629191040993,
  "gsr_y": 0.044810857623815536,
  "provenance": {
    "md5sum": "0a0f9366d07aca5cca2b8a3064307521",
    "settings": {
      "fd_thres": 0.2,
      "testing": false
    },
    "software": "mriqc",
    "version": "23.0.1",
    "webapi_port": null,
    "webapi_url": "https://mriqc.nimh.nih.gov/api/v1"
  },
  "size_t": 127,
  "size_x": 64,
  "size_y": 64,
  "size_z": 36,
  "snr": 5.10573720322694,
  "spacing_tr": 2.0999999046325684,
  "spacing_x": 3.59375,
  "spacing_y": 3.59375,
  "spacing_z": 3.5999999046325684,
  "summary_bg_k": 32.56468787702318,
  "summary_bg_mad": 10.179757766449608,
  "summary_bg_mean": 35.31272888183594,
  "summary_bg_median": 17.614173889160156,
  "summary_bg_n": 91160.0,
  "summary_bg_p05": 9.968503952026367,
  "summary_bg_p95": 109.631495666504,
  "summary_bg_stdv": 45.66505813598633,
  "summary_fg_k": 4.48532656741559,
  "summary_fg_mad": 124.22340669583683,
  "summary_fg_mean": 810.7850952148438,
  "summary_fg_median": 796.8897705078125,
  "summary_fg_n": 24573.0,
  "summary_fg_p05": 595.8472534179688,
  "summary_fg_p95": 1057.8157226562498,
  "summary_fg_stdv": 156.0741424560547,
  "tsnr": 53.287172231357545
}