{
  "aor": 0.0033297637795275587,
  "aqi": 0.020937247401574797,
  "bids_meta": {
    "AcquisitionMatrixPE": 64,
    "AcquisitionNumber": 1,
    "AcquisitionTime": "04:27:59.870010",
    "BaseResolution": 64,
    "ConversionSoftware": "dcm2niix",
    "ConversionSoftwareVersion": "v1.0.20190410  GCC6.3.0",
    "DeviceSerialNumber": "18011",
    "EchoTime": 0.03,
    "FlipAngle": 90,
    "ImageComments": "Fake_MoCo_Reference_Volume_+_DiCo_Applied",
    "ImageOrientationPatientDICOM": [
      1,
      0,
      0,
      0,
      0.992546,
      -0.121869
    ],
    "ImageType": [
      "ORIGINAL",
      "PRIMARY",
      "M",
      "ND",
      "MOSAIC"
    ],
    "ImagingFrequency": 168.255,
    "InPlanePhaseEncodingDirectionDICOM": "COL",
    "MRAcquisitionType": "2D",
    "MagneticFieldStrength": 3.95064,
    "Manufacturer": "Siemens",
    "ManufacturersModelName": "MedSpec_4T",
    "Modality": "MR",
    "PartialFourier": 1,
    "PatientPosition": "HFS",
    "PercentPhaseFOV": 100,
    "PhaseEncodingDirection": "j-",
    "PhaseEncodingSteps": 64,
    "PhaseResolution": 1,
    "PixelBandwidth": 2790,
    "ProtocolName": "Nback_dc_opt",
    "PulseSequenceDetails": "%CustomerSeq%_kt_ep2d_bold_dc",
    "ReceiveCoilName": "Head_4T",
    "ReconMatrixPE": 64,
    "RepetitionTime": 2.1,
    "SAR": 0.0355773,
    "ScanOptions": "FS",
    "ScanningSequence": "SE_EP",
    "SequenceName": "epfid2d1_64",
    "SequenceVariant": "SK",
    "SeriesDescription": "Nback_dc_opt_DiCo",
    "SeriesNumber": 7,
    "ShimSetting": [
      20,
      -32,
      40,
      2372,
      486,
      -3419,
      3121,
      46
    ],
    "SliceThickness": 3,
    "SoftwareVersions": "syngo_MR_2002B_4VA21A",
    "SpacingBetweenSlices": 3.6,
    "StationName": "wes4T",
    "TaskName": "nback",
    "TxRefAmp": 206.859,
    "dataset": "ds004169",
    "modality": "bold",
    "session_id": "01",
    "subject_id": "0040",
    "task_id": "nback"
  },
  "dummy_trs": 0,
  "dvars_nstd": 25.09049444365079,
  "dvars_std": 0.9357369447619049,
  "dvars_vstd": 0.9197205033333331,
  "efc": 0.458015645716907,
  "fber": 2302.42431640625,
  "fd_mean": 0.24073388638604018,
  "fd_num": 67,
  "fd_perc": 52.75590551181102,
  "fwhm_avg": 1.870944848063923,
  "fwhm_x": 1.6959137391304349,
  "fwhm_y": 2.1575568695652176,
  "fwhm_z": 1.7593639354961166,
  "gcor": 0.0185942,
  "gsr_x": -0.026199940592050552,
  "gsr_y": 0.03903888538479805,
  "provenance": {
    "md5sum": "855a0c7499bf83bdd45da9efa74badca",
    "settings": {
      "fd_thres": 0.2,
      "testing": false
    },
    "software": "mriqc",
    "version": "22.0.6",
    "webapi_port": null,
    "webapi_url": "https://mriqc.nimh.nih.gov/api/v1"
  },
  "size_t": 127,
  "size_x": 64,
  "size_y": 64,
  "size_z": 36,
  "snr": 4.697813861718526,
  "spacing_tr": 2.0999999046325684,
  "spacing_x": 3.59375,
  "spacing_y": 3.59375,
  "spacing_z": 3.5999999046325684,
  "summary_bg_k": 40.264655562986455,
  "summary_bg_mad": 10.168083031839812,
  "summary_bg_mean": 32.806400299072266,
  "summary_bg_median": 17.0,
  "summary_bg_n": 98001.0,
  "summary_bg_p05": 9.094488143920898,
  "summary_bg_p95": 95.41732025146484,
  "summary_bg_stdv": 44.281002044677734,
  "summary_fg_k": 3.7781248660026385,
  "summary_fg_mad": 136.67372713873362,
  "summary_fg_mean": 846.066162109375,
  "summary_fg_median": 829.0826416015625,
  "summary_fg_n": 20012.0,
  "summary_fg_p05": 614.7311187744141,
  "summary_fg_p95": 1143.590936279297,
  "summary_fg_stdv": 176.47824096679688,
  "tsnr": 34.54773904464673
}