{
  "bids_meta": {
    "AcquisitionMatrixPE": 225,
    "AcquisitionNumber": 1,
    "AcquisitionTime": "09:00:9.315020",
    "BaseResolution": 256,
    "ConversionSoftware": "dcm2niix",
    "ConversionSoftwareVersion": "v1.0.20190410  GCC6.3.0",
    "DeviceSerialNumber": "18011",
    "EchoTime": 0.00335,
    "FlipAngle": 8,
    "ImageOrientationPatientDICOM": [
      0,
      1,
      0,
      0,
      0,
      -1
    ],
    "ImageType": [
      "ORIGINAL",
      "PRIMARY",
      "M",
      "ND"
    ],
    "ImagingFrequency": 168.255,
    "InPlanePhaseEncodingDirectionDICOM": "ROW",
    "InversionTime": 0.7,
    "MRAcquisitionType": "3D",
    "MagneticFieldStrength": 3.95064,
    "Manufacturer": "Siemens",
    "ManufacturersModelName": "MedSpec_4T",
    "Modality": "MR",
    "PartialFourier": 0.875,
    "PatientPosition": "HFS",
    "PercentPhaseFOV": 100,
    "PhaseEncodingSteps": 197,
    "PhaseResolution": 0.878906,
    "PixelBandwidth": 200,
    "ProcedureStepDescription": "Research_fMRI",
    "ProtocolName": "t1_mpr_sag",
    "PulseSequenceDetails": "%SiemensSeq%_tfl",
    "ReceiveCoilName": "Head",
    "ReconMatrixPE": 256,
    "RepetitionTime": 1.5,
    "SAR": 0.0786923,
    "ScanOptions": "IR",
    "ScanningSequence": "IR_GR",
    "SequenceName": "tfl3d1_ns",
    "SequenceVariant": "SP_MP",
    "SeriesDescription": "t1_mpr_sag",
    "SeriesNumber": 2,
    "ShimSetting": [
      30,
      -8,
      38,
      2282,
      659,
      -2928,
      3626,
      28
    ],
    "SliceThickness": 0.9,
    "SoftwareVersions": "syngo_MR_2004A_4VA25A",
    "StationName": "WES4T",
    "TxRefAmp": 169.895,
    "dataset": "ds004169",
    "modality": "T1w",
    "session_id": "01",
    "subject_id": "0363"
  },
  "cjv": 0.33436714551249835,
  "cnr": 3.915070174655094,
  "efc": 0.436235768574413,
  "fber": 8706.25541939322,
  "fwhm_avg": 5.028501527797186,
  "fwhm_x": 5.245077916724892,
  "fwhm_y": 5.413706666666667,
  "fwhm_z": 4.42672,
  "icvs_csf": 0.21663454748386818,
  "icvs_gm": 0.43032012814900916,
  "icvs_wm": 0.35304532436712266,
  "inu_med": 0.6006242036819458,
  "inu_range": 0.3830908685922623,
  "provenance": {
    "md5sum": "fc2dd4ecded5f155c6de32533e987d72",
    "settings": {
      "testing": false
    },
    "software": "mriqc",
    "version": "23.0.1",
    "warnings": {
      "large_rot_frame": true,
      "small_air_mask": false
    },
    "webapi_port": null,
    "webapi_url": "https://mriqc.nimh.nih.gov/api/v1"
  },
  "qi_1": 1.6113961619766215e-06,
  "qi_2": 0.005089180387858052,
  "rpve_csf": 27.690603895988797,
  "rpve_gm": 14.577223995493805,
  "rpve_wm": 20.811900708068034,
  "size_x": 240,
  "size_y": 256,
  "size_z": 256,
  "snr_csf": 2.2844610034864523,
  "snr_gm": 10.520896116061817,
  "snr_total": 11.18173208154174,
  "snr_wm": 20.739839125076955,
  "snrd_csf": 21.945269737054577,
  "snrd_gm": 53.91206299675893,
  "snrd_total": 51.80977216268266,
  "snrd_wm": 79.5719837542345,
  "spacing_x": 0.8999999761581421,
  "spacing_y": 0.9375,
  "spacing_z": 0.9375,
  "summary_bg_k": 21.57790023417994,
  "summary_bg_mad": 8.23325459488724,
  "summary_bg_mean": 12.570081154160262,
  "summary_bg_median": 5.553245835006237,
  "summary_bg_n": 4072005.0,
  "summary_bg_p05": 0.0,
  "summary_bg_p95": 47.21743784844875,
  "summary_bg_stdv": 17.679709560165755,
  "summary_csf_k": 4.383000653118335,
  "summary_csf_mad": 117.59905359863005,
  "summary_csf_mean": 275.29598603384585,
  "summary_csf_median": 275.7914121374488,
  "summary_csf_n": 32042.0,
  "summary_csf_p05": 80.68539536744356,
  "summary_csf_p95": 466.8869163405149,
  "summary_csf_stdv": 120.72305374905748,
  "summary_gm_k": 0.12072169993863291,
  "summary_gm_mad": 63.79671608551664,
  "summary_gm_mean": 676.5861094535458,
  "summary_gm_median": 677.5256883725524,
  "summary_gm_n": 40741.0,
  "summary_gm_p05": 569.3413323462009,
  "summary_gm_p95": 780.8101216033101,
  "summary_gm_stdv": 64.39730663741756,
  "summary_wm_k": 0.7768228119594807,
  "summary_wm_mad": 44.028099437899684,
  "summary_wm_mean": 1000.9595625897476,
  "summary_wm_median": 1000.0000013262033,
  "summary_wm_n": 249675.0,
  "summary_wm_p05": 923.2939371988177,
  "summary_wm_p95": 1081.3981127366424,
  "summary_wm_stdv": 48.21628522237154,
  "tpm_overlap_csf": 0.13612677520123256,
  "tpm_overlap_gm": 0.45060854974322506,
  "tpm_overlap_wm": 0.49370050687052136,
  "wm2max": 0.6389147139740062
}