{
  "aor": 0.0029174803149606297,
  "aqi": 0.012348009842519686,
  "bids_meta": {
    "AcquisitionMatrixPE": 64,
    "AcquisitionNumber": 1,
    "AcquisitionTime": "09:09:14.554990",
    "BaseResolution": 64,
    "ConversionSoftware": "dcm2niix",
    "ConversionSoftwareVersion": "v1.0.20190410  GCC6.3.0",
    "DeviceSerialNumber": "18011",
    "EchoTime": 0.03,
    "FlipAngle": 90,
    "ImageComments": "Fake_MoCo_Reference_Volume_+_DiCo_Applied",
    "ImageOrientationPatientDICOM": [
      1,
      0,
      0,
      0,
      1,
      0
    ],
    "ImageType": [
      "ORIGINAL",
      "PRIMARY",
      "M",
      "ND",
      "MOSAIC"
    ],
    "ImagingFrequency": 168.255,
    "InPlanePhaseEncodingDirectionDICOM": "COL",
    "MRAcquisitionType": "2D",
    "MagneticFieldStrength": 3.95064,
    "Manufacturer": "Siemens",
    "ManufacturersModelName": "MedSpec_4T",
    "Modality": "MR",
    "PartialFourier": 1,
    "PatientPosition": "HFS",
    "PercentPhaseFOV": 100,
    "PhaseEncodingDirection": "j-",
    "PhaseEncodingSteps": 64,
    "PhaseResolution": 1,
    "PixelBandwidth": 2790,
    "ProtocolName": "Nback_dc_opt",
    "PulseSequenceDetails": "%CustomerSeq%_kt_ep2d_bold_dc",
    "ReceiveCoilName": "Head_4T",
    "ReconMatrixPE": 64,
    "RepetitionTime": 2.1,
    "SAR": 0.0402779,
    "ScanOptions": "FS",
    "ScanningSequence": "SE_EP",
    "SequenceName": "epfid2d1_64",
    "SequenceVariant": "SK",
    "SeriesDescription": "Nback_dc_opt_DiCo",
    "SeriesNumber": 7,
    "ShimSetting": [
      18,
      -16,
      -41,
      1694,
      1318,
      -3041,
      2477,
      -105
    ],
    "SliceThickness": 3,
    "SoftwareVersions": "syngo_MR_2002B_4VA21A",
    "SpacingBetweenSlices": 3.6,
    "StationName": "wes4T",
    "TaskName": "nback",
    "TxRefAmp": 205.9,
    "dataset": "ds004169",
    "modality": "bold",
    "session_id": "01",
    "subject_id": "0654",
    "task_id": "nback"
  },
  "dummy_trs": 0,
  "dvars_nstd": 27.63428258119047,
  "dvars_std": 1.0763742680158728,
  "dvars_vstd": 1.0157344822222225,
  "efc": 0.45450276369651793,
  "fber": 2607.725341796875,
  "fd_mean": 0.15142446925412717,
  "fd_num": 15,
  "fd_perc": 11.811023622047244,
  "fwhm_avg": 1.7710688114624162,
  "fwhm_x": 1.6440431304347827,
  "fwhm_y": 2.042838260869565,
  "fwhm_z": 1.6263250430829008,
  "gcor": 0.417871,
  "gsr_x": -0.01923837698996067,
  "gsr_y": 0.039031997323036194,
  "provenance": {
    "md5sum": "aa9b791ea33a53b23d4c1d853ecce1c3",
    "settings": {
      "fd_thres": 0.2,
      "testing": false
    },
    "software": "mriqc",
    "version": "23.0.1",
    "webapi_port": null,
    "webapi_url": "https://mriqc.nimh.nih.gov/api/v1"
  },
  "size_t": 127,
  "size_x": 64,
  "size_y": 64,
  "size_z": 36,
  "snr": 5.122807383984329,
  "spacing_tr": 2.0999999046325684,
  "spacing_x": 3.59375,
  "spacing_y": 3.59375,
  "spacing_z": 3.5999999046325684,
  "summary_bg_k": 33.38682353398071,
  "summary_bg_mad": 8.18349833134547,
  "summary_bg_mean": 27.958721160888672,
  "summary_bg_median": 14.0,
  "summary_bg_n": 98731.0,
  "summary_bg_p05": 7.456692695617676,
  "summary_bg_p95": 86.67716217041016,
  "summary_bg_stdv": 36.57526397705078,
  "summary_fg_k": 2.8973281834878506,
  "summary_fg_mad": 121.88856157609308,
  "summary_fg_mean": 722.7937622070312,
  "summary_fg_median": 710.68505859375,
  "summary_fg_n": 19463.0,
  "summary_fg_p05": 525.2165222167969,
  "summary_fg_p95": 954.2275451660153,
  "summary_fg_stdv": 138.72604370117188,
  "tsnr": 26.17402818845585
}