{
  "aor": 0.0044019333333333325,
  "aqi": 0.010152697133333333,
  "bids_meta": {
    "AcquisitionMatrixPE": 64,
    "AcquisitionNumber": 1,
    "AcquisitionTime": "08:46:57.779980",
    "BaseResolution": 64,
    "ConversionSoftware": "dcm2niix",
    "ConversionSoftwareVersion": "v1.0.20190410  GCC6.3.0",
    "DeviceSerialNumber": "18011",
    "EchoTime": 0.03,
    "FlipAngle": 90,
    "ImageComments": "Fake_MoCo_Reference_Volume_+_DiCo_Applied",
    "ImageOrientationPatientDICOM": [
      1,
      0,
      0,
      0,
      1,
      0
    ],
    "ImageType": [
      "ORIGINAL",
      "PRIMARY",
      "M",
      "ND",
      "MOSAIC"
    ],
    "ImagingFrequency": 168.217,
    "InPlanePhaseEncodingDirectionDICOM": "COL",
    "MRAcquisitionType": "2D",
    "MagneticFieldStrength": 3.95064,
    "Manufacturer": "Siemens",
    "ManufacturersModelName": "MedSpec_4T",
    "Modality": "MR",
    "PartialFourier": 1,
    "PatientPosition": "HFS",
    "PercentPhaseFOV": 100,
    "PhaseEncodingDirection": "j-",
    "PhaseEncodingSteps": 64,
    "PhaseResolution": 1,
    "PixelBandwidth": 2790,
    "ProtocolName": "mz_bold_dc_REST",
    "PulseSequenceDetails": "%CustomerSeq%_mz_ep2d_bold_dc",
    "ReceiveCoilName": "Head_4T",
    "ReconMatrixPE": 64,
    "RepetitionTime": 2.1,
    "SAR": 0.0208963,
    "ScanOptions": "FS",
    "ScanningSequence": "SE_EP",
    "SequenceName": "epfid2d1_64",
    "SequenceVariant": "SK",
    "SeriesDescription": "mz_bold_dc_REST_DiCo",
    "SeriesNumber": 10,
    "ShimSetting": [
      10,
      -24,
      -15,
      1851,
      280,
      -3652,
      1990,
      -41
    ],
    "SliceThickness": 3,
    "SoftwareVersions": "syngo_MR_2002B_4VA21A",
    "SpacingBetweenSlices": 3.6,
    "StationName": "wes4T",
    "TaskName": "rest",
    "TxRefAmp": 201.075,
    "dataset": "ds004169",
    "modality": "bold",
    "session_id": "01",
    "subject_id": "0623",
    "task_id": "rest"
  },
  "dummy_trs": 0,
  "dvars_nstd": 28.227670336375827,
  "dvars_std": 1.1288119383892619,
  "dvars_vstd": 0.9838210402013421,
  "efc": 0.4806359070809289,
  "fber": 2361.244384765625,
  "fd_mean": 0.16869966095008185,
  "fd_num": 14,
  "fd_perc": 9.333333333333334,
  "fwhm_avg": 1.7645138306696129,
  "fwhm_x": 1.6597064347826087,
  "fwhm_y": 2.0346295652173914,
  "fwhm_z": 1.5992054920088385,
  "gcor": 0.0150293,
  "gsr_x": -0.017213964834809303,
  "gsr_y": 0.04676305130124092,
  "provenance": {
    "md5sum": "9b05ef1896ee7817f724e465614d5e03",
    "settings": {
      "fd_thres": 0.2,
      "testing": false
    },
    "software": "mriqc",
    "version": "23.0.1",
    "webapi_port": null,
    "webapi_url": "https://mriqc.nimh.nih.gov/api/v1"
  },
  "size_t": 150,
  "size_x": 64,
  "size_y": 64,
  "size_z": 36,
  "snr": 5.321121608982377,
  "spacing_tr": 2.0999999046325684,
  "spacing_x": 3.59375,
  "spacing_y": 3.59375,
  "spacing_z": 3.6000001430511475,
  "summary_bg_k": 69.98408585850089,
  "summary_bg_mad": 9.943320707446993,
  "summary_bg_mean": 33.508628845214844,
  "summary_bg_median": 16.773334503173828,
  "summary_bg_n": 94408.0,
  "summary_bg_p05": 9.293334007263184,
  "summary_bg_p95": 100.28433303833003,
  "summary_bg_stdv": 46.56401062011719,
  "summary_fg_k": 3.0568169219593617,
  "summary_fg_mad": 129.6535821064865,
  "summary_fg_mean": 814.3153076171875,
  "summary_fg_median": 804.77001953125,
  "summary_fg_n": 22752.0,
  "summary_fg_p05": 597.8576904296875,
  "summary_fg_p95": 1054.0333251953125,
  "summary_fg_stdv": 151.2373504638672,
  "tsnr": 48.52449906873517
}