{
  "aor": 0.0023959055118110235,
  "aqi": 0.010202368425196848,
  "bids_meta": {
    "AcquisitionMatrixPE": 64,
    "AcquisitionNumber": 1,
    "AcquisitionTime": "08:36:45.722510",
    "BaseResolution": 64,
    "ConversionSoftware": "dcm2niix",
    "ConversionSoftwareVersion": "v1.0.20190410  GCC6.3.0",
    "DeviceSerialNumber": "18011",
    "EchoTime": 0.03,
    "FlipAngle": 90,
    "ImageComments": "Fake_MoCo_Reference_Volume_+_DiCo_Applied",
    "ImageOrientationPatientDICOM": [
      1,
      0,
      0,
      0,
      1,
      0
    ],
    "ImageType": [
      "ORIGINAL",
      "PRIMARY",
      "M",
      "ND",
      "MOSAIC"
    ],
    "ImagingFrequency": 168.217,
    "InPlanePhaseEncodingDirectionDICOM": "COL",
    "MRAcquisitionType": "2D",
    "MagneticFieldStrength": 3.95064,
    "Manufacturer": "Siemens",
    "ManufacturersModelName": "MedSpec_4T",
    "Modality": "MR",
    "PartialFourier": 1,
    "PatientPosition": "HFS",
    "PercentPhaseFOV": 100,
    "PhaseEncodingDirection": "j-",
    "PhaseEncodingSteps": 64,
    "PhaseResolution": 1,
    "PixelBandwidth": 2790,
    "ProtocolName": "Nback_dc",
    "PulseSequenceDetails": "%CustomerSeq%_mz_ep2d_bold_dc",
    "ReceiveCoilName": "Head_4T",
    "ReconMatrixPE": 64,
    "RepetitionTime": 2.1,
    "SAR": 0.0322635,
    "ScanOptions": "FS",
    "ScanningSequence": "SE_EP",
    "SequenceName": "epfid2d1_64",
    "SequenceVariant": "SK",
    "SeriesDescription": "Nback_dc_DiCo",
    "SeriesNumber": 7,
    "ShimSetting": [
      10,
      -24,
      -15,
      1851,
      280,
      -3652,
      1990,
      -41
    ],
    "SliceThickness": 3,
    "SoftwareVersions": "syngo_MR_2002B_4VA21A",
    "SpacingBetweenSlices": 3.6,
    "StationName": "wes4T",
    "TaskName": "nback",
    "TxRefAmp": 201.075,
    "dataset": "ds004169",
    "modality": "bold",
    "session_id": "01",
    "subject_id": "0623",
    "task_id": "nback"
  },
  "dummy_trs": 0,
  "dvars_nstd": 26.38332633333333,
  "dvars_std": 1.1095122657142857,
  "dvars_vstd": 0.9815697812698412,
  "efc": 0.4807511369619773,
  "fber": 2354.303466796875,
  "fd_mean": 0.12877095200786412,
  "fd_num": 9,
  "fd_perc": 7.086614173228346,
  "fwhm_avg": 1.767135284315061,
  "fwhm_x": 1.6459074782608696,
  "fwhm_y": 2.0215012173913043,
  "fwhm_z": 1.6339971572930088,
  "gcor": 0.0200376,
  "gsr_x": -0.016547227278351784,
  "gsr_y": 0.04345058649778366,
  "provenance": {
    "md5sum": "92db5184e4909f0015819396c0603742",
    "settings": {
      "fd_thres": 0.2,
      "testing": false
    },
    "software": "mriqc",
    "version": "23.0.1",
    "webapi_port": null,
    "webapi_url": "https://mriqc.nimh.nih.gov/api/v1"
  },
  "size_t": 127,
  "size_x": 64,
  "size_y": 64,
  "size_z": 36,
  "snr": 5.372782693426562,
  "spacing_tr": 2.0999999046325684,
  "spacing_x": 3.59375,
  "spacing_y": 3.59375,
  "spacing_z": 3.6000001430511475,
  "summary_bg_k": 28.40347042575481,
  "summary_bg_mad": 9.350899682422485,
  "summary_bg_mean": 32.56948471069336,
  "summary_bg_median": 16.44881820678711,
  "summary_bg_n": 94408.0,
  "summary_bg_p05": 9.61417293548584,
  "summary_bg_p95": 98.99212646484375,
  "summary_bg_stdv": 40.201847076416016,
  "summary_fg_k": 2.978037837857597,
  "summary_fg_mad": 130.1246322681339,
  "summary_fg_mean": 816.2144165039062,
  "summary_fg_median": 804.9291381835938,
  "summary_fg_n": 22796.0,
  "summary_fg_p05": 602.0885772705078,
  "summary_fg_p95": 1054.6298828125,
  "summary_fg_stdv": 149.81277465820312,
  "tsnr": 49.39762111927848
}