{
  "aor": 0.005260472440944882,
  "aqi": 0.019110979055118108,
  "bids_meta": {
    "AcquisitionMatrixPE": 64,
    "AcquisitionNumber": 1,
    "AcquisitionTime": "09:26:52.105000",
    "BaseResolution": 64,
    "ConversionSoftware": "dcm2niix",
    "ConversionSoftwareVersion": "v1.0.20190410  GCC6.3.0",
    "DeviceSerialNumber": "18011",
    "EchoTime": 0.03,
    "FlipAngle": 90,
    "ImageComments": "Fake_MoCo_Reference_Volume_+_DiCo_Applied",
    "ImageOrientationPatientDICOM": [
      1,
      2.22045e-16,
      0,
      -2.22045e-16,
      0.982613,
      -0.185667
    ],
    "ImageType": [
      "ORIGINAL",
      "PRIMARY",
      "M",
      "ND",
      "DICO",
      "MOSAIC"
    ],
    "ImagingFrequency": 168.255,
    "InPlanePhaseEncodingDirectionDICOM": "COL",
    "MRAcquisitionType": "2D",
    "MagneticFieldStrength": 3.95064,
    "Manufacturer": "Siemens",
    "ManufacturersModelName": "MedSpec_4T",
    "Modality": "MR",
    "PartialFourier": 1,
    "PatientPosition": "HFS",
    "PercentPhaseFOV": 100,
    "PhaseEncodingDirection": "j-",
    "PhaseEncodingSteps": 64,
    "PhaseResolution": 1,
    "PixelBandwidth": 2790,
    "ProcedureStepDescription": "Research_fMRI",
    "ProtocolName": "Nback_dc_opt",
    "PulseSequenceDetails": "%CustomerSeq%_kt_ep2d_bold_dc",
    "ReceiveCoilName": "Head",
    "ReconMatrixPE": 64,
    "RepetitionTime": 2.1,
    "SAR": 0.0867826,
    "ScanOptions": "FS",
    "ScanningSequence": "SE_EP",
    "SequenceName": "epfid2d1_64",
    "SequenceVariant": "SK",
    "SeriesDescription": "Nback_dc_opt_DiCo",
    "SeriesNumber": 7,
    "ShimSetting": [
      3,
      -8,
      41,
      2235,
      382,
      -2912,
      2584,
      154
    ],
    "SliceThickness": 3,
    "SoftwareVersions": "syngo_MR_2004A_4VA25A",
    "SpacingBetweenSlices": 3.6,
    "StationName": "WES4T",
    "TaskName": "nback",
    "TxRefAmp": 208.484,
    "dataset": "ds004169",
    "modality": "bold",
    "session_id": "01",
    "subject_id": "0695",
    "task_id": "nback"
  },
  "dummy_trs": 0,
  "dvars_nstd": 35.50034513928574,
  "dvars_std": 1.0778928561904757,
  "dvars_vstd": 0.9767759414285713,
  "efc": 0.4609046730544574,
  "fber": 1759.3338623046875,
  "fd_mean": 0.3928318214979547,
  "fd_num": 76,
  "fd_perc": 59.84251968503937,
  "fwhm_avg": 1.6939144630998875,
  "fwhm_x": 1.5862594782608694,
  "fwhm_y": 1.9299088695652173,
  "fwhm_z": 1.5655750414735752,
  "gcor": 0.0321229,
  "gsr_x": -0.021645644679665565,
  "gsr_y": 0.02694045752286911,
  "provenance": {
    "md5sum": "92c68aba010f9b125ee48d85fc994ec3",
    "settings": {
      "fd_thres": 0.2,
      "testing": false
    },
    "software": "mriqc",
    "version": "23.0.1",
    "webapi_port": null,
    "webapi_url": "https://mriqc.nimh.nih.gov/api/v1"
  },
  "size_t": 127,
  "size_x": 64,
  "size_y": 64,
  "size_z": 36,
  "snr": 5.434745500021383,
  "spacing_tr": 2.0999999046325684,
  "spacing_x": 3.59375,
  "spacing_y": 3.59375,
  "spacing_z": 3.5999999046325684,
  "summary_bg_k": 26.140794972604343,
  "summary_bg_mad": 9.105745808733012,
  "summary_bg_mean": 27.58387565612793,
  "summary_bg_median": 14.236220359802246,
  "summary_bg_n": 99749.0,
  "summary_bg_p05": 7.299212455749512,
  "summary_bg_p95": 88.14488067626925,
  "summary_bg_stdv": 36.41032028198242,
  "summary_fg_k": 4.181433262398786,
  "summary_fg_mad": 96.05387405337234,
  "summary_fg_mean": 613.9686889648438,
  "summary_fg_median": 604.55908203125,
  "summary_fg_n": 17787.0,
  "summary_fg_p05": 458.46063232421875,
  "summary_fg_p95": 787.9433105468751,
  "summary_fg_stdv": 111.23650360107422,
  "tsnr": 35.607854191213846
}