{
  "aor": 0.0025532,
  "aqi": 0.012401044533333332,
  "bids_meta": {
    "AcquisitionMatrixPE": 64,
    "AcquisitionNumber": 1,
    "AcquisitionTime": "11:22:56.685000",
    "BaseResolution": 64,
    "ConversionSoftware": "dcm2niix",
    "ConversionSoftwareVersion": "v1.0.20190410  GCC6.3.0",
    "DeviceSerialNumber": "18011",
    "EchoTime": 0.03,
    "FlipAngle": 90,
    "ImageComments": "Fake_MoCo_Reference_Volume_+_DiCo_Applied",
    "ImageOrientationPatientDICOM": [
      1,
      0,
      0,
      0,
      1,
      0
    ],
    "ImageType": [
      "ORIGINAL",
      "PRIMARY",
      "M",
      "ND",
      "MOSAIC"
    ],
    "ImagingFrequency": 168.217,
    "InPlanePhaseEncodingDirectionDICOM": "COL",
    "MRAcquisitionType": "2D",
    "MagneticFieldStrength": 3.95064,
    "Manufacturer": "Siemens",
    "ManufacturersModelName": "MedSpec_4T",
    "Modality": "MR",
    "PartialFourier": 1,
    "PatientPosition": "HFS",
    "PercentPhaseFOV": 100,
    "PhaseEncodingDirection": "j-",
    "PhaseEncodingSteps": 64,
    "PhaseResolution": 1,
    "PixelBandwidth": 2790,
    "ProtocolName": "mz_bold_dc_REST",
    "PulseSequenceDetails": "%CustomerSeq%_mz_ep2d_bold_dc",
    "ReceiveCoilName": "Head_4T",
    "ReconMatrixPE": 64,
    "RepetitionTime": 2.1,
    "SAR": 0.0212779,
    "ScanOptions": "FS",
    "ScanningSequence": "SE_EP",
    "SequenceName": "epfid2d1_64",
    "SequenceVariant": "SK",
    "SeriesDescription": "mz_bold_dc_REST_DiCo",
    "SeriesNumber": 10,
    "ShimSetting": [
      -6,
      -12,
      -16,
      2113,
      330,
      -3023,
      2062,
      45
    ],
    "SliceThickness": 3,
    "SoftwareVersions": "syngo_MR_2002B_4VA21A",
    "SpacingBetweenSlices": 3.6,
    "StationName": "wes4T",
    "TaskName": "rest",
    "TxRefAmp": 195.351,
    "dataset": "ds004169",
    "modality": "bold",
    "session_id": "01",
    "subject_id": "0601",
    "task_id": "rest"
  },
  "dummy_trs": 0,
  "dvars_nstd": 37.136624598590586,
  "dvars_std": 1.130030963691275,
  "dvars_vstd": 1.0083490899999996,
  "efc": 0.4616114911147963,
  "fber": 2659.471435546875,
  "fd_mean": 0.31652838076363715,
  "fd_num": 72,
  "fd_perc": 48.0,
  "fwhm_avg": 1.7914732130432636,
  "fwhm_x": 1.6922518260869566,
  "fwhm_y": 1.9862344347826086,
  "fwhm_z": 1.6959333782602253,
  "gcor": 0.0203726,
  "gsr_x": -0.017732761800289154,
  "gsr_y": 0.03429066762328148,
  "provenance": {
    "md5sum": "6cd3c53c23be9ec7c959a812b11e9df8",
    "settings": {
      "fd_thres": 0.2,
      "testing": false
    },
    "software": "mriqc",
    "version": "23.0.1",
    "webapi_port": null,
    "webapi_url": "https://mriqc.nimh.nih.gov/api/v1"
  },
  "size_t": 150,
  "size_x": 64,
  "size_y": 64,
  "size_z": 36,
  "snr": 5.576801231843724,
  "spacing_tr": 2.0999999046325684,
  "spacing_x": 3.59375,
  "spacing_y": 3.59375,
  "spacing_z": 3.5999999046325684,
  "summary_bg_k": 45.23570396497075,
  "summary_bg_mad": 7.630459210533949,
  "summary_bg_mean": 26.27951431274414,
  "summary_bg_median": 12.933333396911621,
  "summary_bg_n": 97523.0,
  "summary_bg_p05": 7.0333333015441895,
  "summary_bg_p95": 80.47933654785152,
  "summary_bg_stdv": 37.54692077636719,
  "summary_fg_k": 3.695932215715782,
  "summary_fg_mad": 98.54363952212009,
  "summary_fg_mean": 672.813232421875,
  "summary_fg_median": 666.3200073242188,
  "summary_fg_n": 20245.0,
  "summary_fg_p05": 503.11334228515625,
  "summary_fg_p95": 864.8400146484374,
  "summary_fg_stdv": 119.47772979736328,
  "tsnr": 41.1849258095026
}