{
  "aor": 0.0035629999999999998,
  "aqi": 0.018825026533333334,
  "bids_meta": {
    "AcquisitionMatrixPE": 64,
    "AcquisitionNumber": 1,
    "AcquisitionTime": "08:39:53.877510",
    "BaseResolution": 64,
    "ConversionSoftware": "dcm2niix",
    "ConversionSoftwareVersion": "v1.0.20190410  GCC6.3.0",
    "DeviceSerialNumber": "18011",
    "EchoTime": 0.03,
    "FlipAngle": 90,
    "ImageComments": "Fake_MoCo_Reference_Volume_+_DiCo_Applied",
    "ImageOrientationPatientDICOM": [
      0.999391,
      -2.22045e-16,
      -0.0348995,
      2.22045e-16,
      1,
      0
    ],
    "ImageType": [
      "ORIGINAL",
      "PRIMARY",
      "M",
      "ND",
      "MOSAIC"
    ],
    "ImagingFrequency": 168.255,
    "InPlanePhaseEncodingDirectionDICOM": "COL",
    "MRAcquisitionType": "2D",
    "MagneticFieldStrength": 3.95064,
    "Manufacturer": "Siemens",
    "ManufacturersModelName": "MedSpec_4T",
    "Modality": "MR",
    "PartialFourier": 1,
    "PatientPosition": "HFS",
    "PercentPhaseFOV": 100,
    "PhaseEncodingDirection": "j-",
    "PhaseEncodingSteps": 64,
    "PhaseResolution": 1,
    "PixelBandwidth": 2790,
    "ProtocolName": "mz_bold_dc_REST",
    "PulseSequenceDetails": "%CustomerSeq%_mz_ep2d_bold_dc",
    "ReceiveCoilName": "Head_4T",
    "ReconMatrixPE": 64,
    "RepetitionTime": 2.1,
    "SAR": 0.0263581,
    "ScanOptions": "FS",
    "ScanningSequence": "SE_EP",
    "SequenceName": "epfid2d1_64",
    "SequenceVariant": "SK",
    "SeriesDescription": "mz_bold_dc_REST_DiCo",
    "SeriesNumber": 10,
    "ShimSetting": [
      21,
      14,
      13,
      1207,
      817,
      -4603,
      2166,
      30
    ],
    "SliceThickness": 3,
    "SoftwareVersions": "syngo_MR_2002B_4VA21A",
    "SpacingBetweenSlices": 3.6,
    "StationName": "wes4T",
    "TaskName": "rest",
    "TxRefAmp": 179.637,
    "dataset": "ds004169",
    "modality": "bold",
    "session_id": "01",
    "subject_id": "0675",
    "task_id": "rest"
  },
  "dummy_trs": 0,
  "dvars_nstd": 34.295043561208054,
  "dvars_std": 1.1303673435570465,
  "dvars_vstd": 0.9821134260402682,
  "efc": 0.4595069565000996,
  "fber": 2555.8642578125,
  "fd_mean": 0.2712285274566773,
  "fd_num": 70,
  "fd_perc": 46.666666666666664,
  "fwhm_avg": 1.6553036465940425,
  "fwhm_x": 1.565670956521739,
  "fwhm_y": 1.8438066086956522,
  "fwhm_z": 1.556433374564737,
  "gcor": 0.100118,
  "gsr_x": -0.025456763803958893,
  "gsr_y": 0.04310281202197075,
  "provenance": {
    "md5sum": "c1666c133b7ee1dfff5f3eb88048f12d",
    "settings": {
      "fd_thres": 0.2,
      "testing": false
    },
    "software": "mriqc",
    "version": "23.0.1",
    "webapi_port": null,
    "webapi_url": "https://mriqc.nimh.nih.gov/api/v1"
  },
  "size_t": 150,
  "size_x": 64,
  "size_y": 64,
  "size_z": 36,
  "snr": 5.763575492379654,
  "spacing_tr": 2.0999999046325684,
  "spacing_x": 3.59375,
  "spacing_y": 3.59375,
  "spacing_z": 3.5999999046325684,
  "summary_bg_k": 72.26122686237474,
  "summary_bg_mad": 11.020676585152952,
  "summary_bg_mean": 31.90464973449707,
  "summary_bg_median": 14.986666679382324,
  "summary_bg_n": 98579.0,
  "summary_bg_p05": 3.120000123977661,
  "summary_bg_p95": 98.13400497436518,
  "summary_bg_stdv": 54.394020080566406,
  "summary_fg_k": 2.1380476990369113,
  "summary_fg_mad": 116.27554938672696,
  "summary_fg_mean": 752.4141235351562,
  "summary_fg_median": 745.67333984375,
  "summary_fg_n": 19686.0,
  "summary_fg_p05": 561.9617004394531,
  "summary_fg_p95": 962.0416870117188,
  "summary_fg_stdv": 129.3735809326172,
  "tsnr": 35.08997134352103
}