{
  "aor": 0.004402834645669291,
  "aqi": 0.03657282362204725,
  "bids_meta": {
    "AcquisitionMatrixPE": 64,
    "AcquisitionNumber": 1,
    "AcquisitionTime": "10:24:8.205010",
    "BaseResolution": 64,
    "ConversionSoftware": "dcm2niix",
    "ConversionSoftwareVersion": "v1.0.20190410  GCC6.3.0",
    "DeviceSerialNumber": "18011",
    "EchoTime": 0.03,
    "FlipAngle": 90,
    "ImageComments": "Fake_MoCo_Reference_Volume_+_DiCo_Applied",
    "ImageOrientationPatientDICOM": [
      1,
      0,
      0,
      0,
      1,
      0
    ],
    "ImageType": [
      "ORIGINAL",
      "PRIMARY",
      "M",
      "ND",
      "MOSAIC"
    ],
    "ImagingFrequency": 168.217,
    "InPlanePhaseEncodingDirectionDICOM": "COL",
    "MRAcquisitionType": "2D",
    "MagneticFieldStrength": 3.95064,
    "Manufacturer": "Siemens",
    "ManufacturersModelName": "MedSpec_4T",
    "Modality": "MR",
    "PartialFourier": 1,
    "PatientPosition": "HFS",
    "PercentPhaseFOV": 100,
    "PhaseEncodingDirection": "j-",
    "PhaseEncodingSteps": 64,
    "PhaseResolution": 1,
    "PixelBandwidth": 2790,
    "ProtocolName": "Nback_dc",
    "PulseSequenceDetails": "%CustomerSeq%_mz_ep2d_bold_dc",
    "ReceiveCoilName": "Head_4T",
    "ReconMatrixPE": 64,
    "RepetitionTime": 2.1,
    "SAR": 0.0389062,
    "ScanOptions": "FS",
    "ScanningSequence": "SE_EP",
    "SequenceName": "epfid2d1_64",
    "SequenceVariant": "SK",
    "SeriesDescription": "Nback_dc_DiCo",
    "SeriesNumber": 7,
    "ShimSetting": [
      8,
      -24,
      -5,
      2524,
      78,
      -4170,
      2520,
      51
    ],
    "SliceThickness": 3,
    "SoftwareVersions": "syngo_MR_2002B_4VA21A",
    "SpacingBetweenSlices": 3.6,
    "StationName": "wes4T",
    "TaskName": "nback",
    "TxRefAmp": 197.427,
    "dataset": "ds004169",
    "modality": "bold",
    "session_id": "01",
    "subject_id": "0139",
    "task_id": "nback"
  },
  "dummy_trs": 0,
  "dvars_nstd": 30.107192811507932,
  "dvars_std": 1.0050158324603173,
  "dvars_vstd": 0.8983688045238094,
  "efc": 0.48747255949495166,
  "fber": 1746.190185546875,
  "fd_mean": 0.26070211275693855,
  "fd_num": 66,
  "fd_perc": 51.968503937007874,
  "fwhm_avg": 1.794838679955781,
  "fwhm_x": 1.651336347826087,
  "fwhm_y": 2.0458768695652174,
  "fwhm_z": 1.687302822476038,
  "gcor": 0.0108615,
  "gsr_x": -0.019110383465886116,
  "gsr_y": 0.037325598299503326,
  "provenance": {
    "md5sum": "a93253d283dd75632fdd1f85c82834af",
    "settings": {
      "fd_thres": 0.2,
      "testing": false
    },
    "software": "mriqc",
    "version": "22.0.6",
    "webapi_port": null,
    "webapi_url": "https://mriqc.nimh.nih.gov/api/v1"
  },
  "size_t": 127,
  "size_x": 64,
  "size_y": 64,
  "size_z": 36,
  "snr": 5.1024960984433205,
  "spacing_tr": 2.0999999046325684,
  "spacing_x": 3.59375,
  "spacing_y": 3.59375,
  "spacing_z": 3.5999999046325684,
  "summary_bg_k": 25.9291701156165,
  "summary_bg_mad": 12.25773610206334,
  "summary_bg_mean": 35.31431579589844,
  "summary_bg_median": 19.21259880065918,
  "summary_bg_n": 94038.0,
  "summary_bg_p05": 9.653543472290039,
  "summary_bg_p95": 102.837010192871,
  "summary_bg_stdv": 44.1306266784668,
  "summary_fg_k": 4.668784582434699,
  "summary_fg_mad": 127.61468733803808,
  "summary_fg_mean": 793.8204345703125,
  "summary_fg_median": 779.8897705078125,
  "summary_fg_n": 22878.0,
  "summary_fg_p05": 581.4228088378907,
  "summary_fg_p95": 1032.7185302734365,
  "summary_fg_stdv": 152.84141540527344,
  "tsnr": 26.672500898421276
}