{
  "aor": 0.013268898305084747,
  "aqi": 0.010360631525423731,
  "bids_meta": {
    "AcquisitionMatrixPE": 64,
    "AcquisitionNumber": 1,
    "AcquisitionTime": "08:45:26.074990",
    "BaseResolution": 64,
    "ConversionSoftware": "dcm2niix",
    "ConversionSoftwareVersion": "v1.0.20190410  GCC6.3.0",
    "DeviceSerialNumber": "18011",
    "EchoTime": 0.03,
    "FlipAngle": 90,
    "ImageComments": "Fake_MoCo_Reference_Volume_+_DiCo_Applied",
    "ImageOrientationPatientDICOM": [
      0.999391,
      -2.22045e-16,
      0.0348995,
      2.22045e-16,
      1,
      0
    ],
    "ImageType": [
      "ORIGINAL",
      "PRIMARY",
      "M",
      "ND",
      "MOSAIC"
    ],
    "ImagingFrequency": 168.255,
    "InPlanePhaseEncodingDirectionDICOM": "COL",
    "MRAcquisitionType": "2D",
    "MagneticFieldStrength": 3.95064,
    "Manufacturer": "Siemens",
    "ManufacturersModelName": "MedSpec_4T",
    "Modality": "MR",
    "PartialFourier": 1,
    "PatientPosition": "HFS",
    "PercentPhaseFOV": 100,
    "PhaseEncodingDirection": "j-",
    "PhaseEncodingSteps": 64,
    "PhaseResolution": 1,
    "PixelBandwidth": 2790,
    "ProtocolName": "Nback_dc_opt",
    "PulseSequenceDetails": "%CustomerSeq%_kt_ep2d_bold_dc",
    "ReceiveCoilName": "Head_4T",
    "ReconMatrixPE": 64,
    "RepetitionTime": 2.1,
    "SAR": 0.0502287,
    "ScanOptions": "FS",
    "ScanningSequence": "SE_EP",
    "SequenceName": "epfid2d1_64",
    "SequenceVariant": "SK",
    "SeriesDescription": "Nback_dc_opt_DiCo",
    "SeriesNumber": 7,
    "ShimSetting": [
      31,
      6,
      -4,
      1774,
      1281,
      -3767,
      1973,
      100
    ],
    "SliceThickness": 3,
    "SoftwareVersions": "syngo_MR_2002B_4VA21A",
    "SpacingBetweenSlices": 3.6,
    "StationName": "wes4T",
    "TaskName": "nback",
    "TxRefAmp": 213.094,
    "dataset": "ds004169",
    "modality": "bold",
    "session_id": "01",
    "subject_id": "1226",
    "task_id": "nback"
  },
  "dummy_trs": 9,
  "dvars_nstd": 32.67830056376068,
  "dvars_std": 1.354955205641026,
  "dvars_vstd": 1.1022072812820516,
  "efc": 0.4713682086785573,
  "fber": 2154.9287109375,
  "fd_mean": 0.10978264538062679,
  "fd_num": 3,
  "fd_perc": 2.542372881355932,
  "fwhm_avg": 1.717729418004281,
  "fwhm_x": 1.6034949565217391,
  "fwhm_y": 1.9849154782608696,
  "fwhm_z": 1.564777819230234,
  "gcor": 0.168366,
  "gsr_x": -0.021344739943742752,
  "gsr_y": 0.043571632355451584,
  "provenance": {
    "md5sum": "53c87bdbf6b039697c42a62b49da58f3",
    "settings": {
      "fd_thres": 0.2,
      "testing": false
    },
    "software": "mriqc",
    "version": "23.0.1",
    "webapi_port": null,
    "webapi_url": "https://mriqc.nimh.nih.gov/api/v1"
  },
  "size_t": 118,
  "size_x": 64,
  "size_y": 64,
  "size_z": 36,
  "snr": 4.997608007532393,
  "spacing_tr": 2.0999999046325684,
  "spacing_x": 3.59375,
  "spacing_y": 3.59375,
  "spacing_z": 3.5999999046325684,
  "summary_bg_k": 51.03313903691419,
  "summary_bg_mad": 9.86307369730058,
  "summary_bg_mean": 35.54732131958008,
  "summary_bg_median": 16.86440658569336,
  "summary_bg_n": 97239.0,
  "summary_bg_p05": 9.661017417907715,
  "summary_bg_p95": 109.52034225463838,
  "summary_bg_stdv": 50.45684051513672,
  "summary_fg_k": 2.3218090941883007,
  "summary_fg_mad": 145.4017513806344,
  "summary_fg_mean": 810.9662475585938,
  "summary_fg_median": 797.7076416015625,
  "summary_fg_n": 20432.0,
  "summary_fg_p05": 580.265267944336,
  "summary_fg_p95": 1069.6864746093752,
  "summary_fg_stdv": 159.61398315429688,
  "tsnr": 40.90688855439657
}