{
  "aor": 0.0007179865771812082,
  "aqi": 0.005361132348993288,
  "bids_meta": {
    "AcquisitionMatrixPE": 64,
    "AcquisitionNumber": 1,
    "AcquisitionTime": "10:06:1.782490",
    "BaseResolution": 64,
    "ConversionSoftware": "dcm2niix",
    "ConversionSoftwareVersion": "v1.0.20190410  GCC6.3.0",
    "DeviceSerialNumber": "18011",
    "EchoTime": 0.03,
    "FlipAngle": 90,
    "ImageComments": "Fake_MoCo_Reference_Volume_+_DiCo_Applied",
    "ImageOrientationPatientDICOM": [
      1,
      2.22045e-16,
      1.38778e-17,
      -2.22045e-16,
      0.973579,
      -0.228351
    ],
    "ImageType": [
      "ORIGINAL",
      "PRIMARY",
      "M",
      "ND",
      "DICO",
      "MOSAIC"
    ],
    "ImagingFrequency": 168.255,
    "InPlanePhaseEncodingDirectionDICOM": "COL",
    "MRAcquisitionType": "2D",
    "MagneticFieldStrength": 3.95064,
    "Manufacturer": "Siemens",
    "ManufacturersModelName": "MedSpec_4T",
    "Modality": "MR",
    "PartialFourier": 1,
    "PatientPosition": "HFS",
    "PercentPhaseFOV": 100,
    "PhaseEncodingDirection": "j-",
    "PhaseEncodingSteps": 64,
    "PhaseResolution": 1,
    "PixelBandwidth": 2790,
    "ProcedureStepDescription": "Research_fMRI",
    "ProtocolName": "mz_bold_dc_REST",
    "PulseSequenceDetails": "%CustomerSeq%_mz_ep2d_bold_dc",
    "ReceiveCoilName": "Head",
    "ReconMatrixPE": 64,
    "RepetitionTime": 2.1,
    "SAR": 0.0826183,
    "ScanOptions": "FS",
    "ScanningSequence": "SE_EP",
    "SequenceName": "epfid2d1_64",
    "SequenceVariant": "SK",
    "SeriesDescription": "mz_bold_dc_REST_DiCo",
    "SeriesNumber": 9,
    "ShimSetting": [
      14,
      23,
      15,
      1885,
      288,
      -2983,
      1239,
      134
    ],
    "SliceThickness": 3,
    "SoftwareVersions": "syngo_MR_2004A_4VA25A",
    "SpacingBetweenSlices": 3.6,
    "StationName": "WES4T",
    "TaskName": "rest",
    "TxRefAmp": 177.548,
    "dataset": "ds004169",
    "modality": "bold",
    "session_id": "02",
    "subject_id": "1170",
    "task_id": "rest"
  },
  "dummy_trs": 1,
  "dvars_nstd": 24.452152742027017,
  "dvars_std": 1.1740471482432426,
  "dvars_vstd": 0.9963990524324327,
  "efc": 0.44028175633928907,
  "fber": 3474.547607421875,
  "fd_mean": 0.19369582188636572,
  "fd_num": 67,
  "fd_perc": 44.966442953020135,
  "fwhm_avg": 1.767598166020741,
  "fwhm_x": 1.6512055652173914,
  "fwhm_y": 1.979136,
  "fwhm_z": 1.6724529328448312,
  "gcor": 0.0197302,
  "gsr_x": -0.025871863588690758,
  "gsr_y": 0.03831895813345909,
  "provenance": {
    "md5sum": "cf2a419c43e1dc79dbc961d75d8b29d5",
    "settings": {
      "fd_thres": 0.2,
      "testing": false
    },
    "software": "mriqc",
    "version": "23.0.1",
    "webapi_port": null,
    "webapi_url": "https://mriqc.nimh.nih.gov/api/v1"
  },
  "size_t": 149,
  "size_x": 64,
  "size_y": 64,
  "size_z": 36,
  "snr": 5.98475023529284,
  "spacing_tr": 2.0999999046325684,
  "spacing_x": 3.59375,
  "spacing_y": 3.59375,
  "spacing_z": 3.5999996662139893,
  "summary_bg_k": 95.91974626228482,
  "summary_bg_mad": 6.159267323662238,
  "summary_bg_mean": 25.082374572753906,
  "summary_bg_median": 11.429530143737793,
  "summary_bg_n": 100358.0,
  "summary_bg_p05": 6.926174640655518,
  "summary_bg_p95": 77.34631118774398,
  "summary_bg_stdv": 43.13804244995117,
  "summary_fg_k": 2.900888902717064,
  "summary_fg_mad": 105.10553884913574,
  "summary_fg_mean": 694.8258056640625,
  "summary_fg_median": 692.9295043945312,
  "summary_fg_n": 17756.0,
  "summary_fg_p05": 520.0117492675781,
  "summary_fg_p95": 874.8741607666016,
  "summary_fg_stdv": 115.77926635742188,
  "tsnr": 68.8250650044065
}