{
  "aor": 0.0012691333333333331,
  "aqi": 0.0151084592,
  "bids_meta": {
    "AcquisitionMatrixPE": 64,
    "AcquisitionNumber": 1,
    "AcquisitionTime": "08:40:51.595000",
    "BaseResolution": 64,
    "ConversionSoftware": "dcm2niix",
    "ConversionSoftwareVersion": "v1.0.20190410  GCC6.3.0",
    "DeviceSerialNumber": "18011",
    "EchoTime": 0.03,
    "FlipAngle": 90,
    "ImageComments": "Fake_MoCo_Reference_Volume_+_DiCo_Applied",
    "ImageOrientationPatientDICOM": [
      0.997564,
      0,
      -0.0697565,
      0,
      1,
      -6.93889e-18
    ],
    "ImageType": [
      "ORIGINAL",
      "PRIMARY",
      "M",
      "ND",
      "MOSAIC"
    ],
    "ImagingFrequency": 168.256,
    "InPlanePhaseEncodingDirectionDICOM": "COL",
    "MRAcquisitionType": "2D",
    "MagneticFieldStrength": 3.95064,
    "Manufacturer": "Siemens",
    "ManufacturersModelName": "MedSpec_4T",
    "Modality": "MR",
    "PartialFourier": 1,
    "PatientPosition": "HFS",
    "PercentPhaseFOV": 100,
    "PhaseEncodingDirection": "j-",
    "PhaseEncodingSteps": 64,
    "PhaseResolution": 1,
    "PixelBandwidth": 2790,
    "ProtocolName": "mz_bold_dc_REST",
    "PulseSequenceDetails": "%CustomerSeq%_mz_ep2d_bold_dc",
    "ReceiveCoilName": "Head_4T",
    "ReconMatrixPE": 64,
    "RepetitionTime": 2.1,
    "SAR": 0.0222612,
    "ScanOptions": "FS",
    "ScanningSequence": "SE_EP",
    "SequenceName": "epfid2d1_64",
    "SequenceVariant": "SK",
    "SeriesDescription": "mz_bold_dc_REST_DiCo",
    "SeriesNumber": 10,
    "ShimSetting": [
      -9,
      -48,
      -10,
      2254,
      41,
      -3927,
      2193,
      59
    ],
    "SliceThickness": 3,
    "SoftwareVersions": "syngo_MR_2002B_4VA21A",
    "SpacingBetweenSlices": 3.6,
    "StationName": "wes4T",
    "TaskName": "rest",
    "TxRefAmp": 193.449,
    "dataset": "ds004169",
    "modality": "bold",
    "session_id": "01",
    "subject_id": "1240",
    "task_id": "rest"
  },
  "dummy_trs": 0,
  "dvars_nstd": 30.407411575570467,
  "dvars_std": 0.8557709539597316,
  "dvars_vstd": 0.8438844946308721,
  "efc": 0.4611240745943117,
  "fber": 2780.93798828125,
  "fd_mean": 0.19756890376202083,
  "fd_num": 22,
  "fd_perc": 14.666666666666666,
  "fwhm_avg": 1.8730470677227782,
  "fwhm_x": 1.746376347826087,
  "fwhm_y": 2.2213314782608697,
  "fwhm_z": 1.6514333770813776,
  "gcor": 0.553149,
  "gsr_x": -0.01394918467849493,
  "gsr_y": 0.03626730665564537,
  "provenance": {
    "md5sum": "c7935a2686ebc48e7f6964f2ff384324",
    "settings": {
      "fd_thres": 0.2,
      "testing": false
    },
    "software": "mriqc",
    "version": "23.0.1",
    "webapi_port": null,
    "webapi_url": "https://mriqc.nimh.nih.gov/api/v1"
  },
  "size_t": 150,
  "size_x": 64,
  "size_y": 64,
  "size_z": 36,
  "snr": 6.024181448361454,
  "spacing_tr": 2.0999999046325684,
  "spacing_x": 3.59375,
  "spacing_y": 3.59375,
  "spacing_z": 3.5999999046325684,
  "summary_bg_k": 33.98095193726276,
  "summary_bg_mad": 8.406353985080507,
  "summary_bg_mean": 29.283056259155273,
  "summary_bg_median": 14.05666732788086,
  "summary_bg_n": 98130.0,
  "summary_bg_p05": 7.413333415985107,
  "summary_bg_p95": 94.94733734130864,
  "summary_bg_stdv": 40.73286056518555,
  "summary_fg_k": 2.886488487324958,
  "summary_fg_mad": 110.37970802048466,
  "summary_fg_mean": 735.2774047851562,
  "summary_fg_median": 737.7000122070312,
  "summary_fg_n": 19874.0,
  "summary_fg_p05": 544.7416931152344,
  "summary_fg_p95": 918.6373565673827,
  "summary_fg_stdv": 122.4533920288086,
  "tsnr": 22.36308273242321
}