{
  "aor": 0.0010298,
  "aqi": 0.009042327733333333,
  "bids_meta": {
    "AcquisitionMatrixPE": 64,
    "AcquisitionNumber": 1,
    "AcquisitionTime": "09:20:0.427490",
    "BaseResolution": 64,
    "ConversionSoftware": "dcm2niix",
    "ConversionSoftwareVersion": "v1.0.20190410  GCC6.3.0",
    "DeviceSerialNumber": "18011",
    "EchoTime": 0.03,
    "FlipAngle": 90,
    "ImageComments": "Fake_MoCo_Reference_Volume_+_DiCo_Applied",
    "ImageOrientationPatientDICOM": [
      1,
      0,
      0,
      0,
      1,
      0
    ],
    "ImageType": [
      "ORIGINAL",
      "PRIMARY",
      "M",
      "ND",
      "MOSAIC"
    ],
    "ImagingFrequency": 168.217,
    "InPlanePhaseEncodingDirectionDICOM": "COL",
    "MRAcquisitionType": "2D",
    "MagneticFieldStrength": 3.95064,
    "Manufacturer": "Siemens",
    "ManufacturersModelName": "MedSpec_4T",
    "Modality": "MR",
    "PartialFourier": 1,
    "PatientPosition": "HFS",
    "PercentPhaseFOV": 100,
    "PhaseEncodingDirection": "j-",
    "PhaseEncodingSteps": 64,
    "PhaseResolution": 1,
    "PixelBandwidth": 2790,
    "ProtocolName": "mz_bold_dc_REST",
    "PulseSequenceDetails": "%CustomerSeq%_mz_ep2d_bold_dc",
    "ReceiveCoilName": "Head_4T",
    "ReconMatrixPE": 64,
    "RepetitionTime": 2.1,
    "SAR": 0.0190731,
    "ScanOptions": "FS",
    "ScanningSequence": "SE_EP",
    "SequenceName": "epfid2d1_64",
    "SequenceVariant": "SK",
    "SeriesDescription": "mz_bold_dc_REST_DiCo",
    "SeriesNumber": 10,
    "ShimSetting": [
      12,
      15,
      -17,
      1383,
      355,
      -3134,
      914,
      -48
    ],
    "SliceThickness": 3,
    "SoftwareVersions": "syngo_MR_2002B_4VA21A",
    "SpacingBetweenSlices": 3.6,
    "StationName": "wes4T",
    "TaskName": "rest",
    "TxRefAmp": 161.824,
    "dataset": "ds004169",
    "modality": "bold",
    "session_id": "01",
    "subject_id": "0451",
    "task_id": "rest"
  },
  "dummy_trs": 0,
  "dvars_nstd": 20.398170727516778,
  "dvars_std": 1.0412085226174495,
  "dvars_vstd": 0.9678678131543627,
  "efc": 0.4384265125173194,
  "fber": 2879.635009765625,
  "fd_mean": 0.1534180592265015,
  "fd_num": 20,
  "fd_perc": 13.333333333333334,
  "fwhm_avg": 1.7805358791845263,
  "fwhm_x": 1.6826295652173913,
  "fwhm_y": 2.022544695652174,
  "fwhm_z": 1.6364333766840133,
  "gcor": 0.0387796,
  "gsr_x": -0.019000820815563202,
  "gsr_y": 0.03236767649650574,
  "provenance": {
    "md5sum": "f7d7789f8be6a4111a1dfccdcf2d3a14",
    "settings": {
      "fd_thres": 0.2,
      "testing": false
    },
    "software": "mriqc",
    "version": "23.0.1",
    "webapi_port": null,
    "webapi_url": "https://mriqc.nimh.nih.gov/api/v1"
  },
  "size_t": 150,
  "size_x": 64,
  "size_y": 64,
  "size_z": 36,
  "snr": 6.477061121830608,
  "spacing_tr": 2.0999999046325684,
  "spacing_x": 3.59375,
  "spacing_y": 3.59375,
  "spacing_z": 3.5999999046325684,
  "summary_bg_k": 68.312222513474,
  "summary_bg_mad": 8.569440427064876,
  "summary_bg_mean": 31.576658248901367,
  "summary_bg_median": 14.513333320617676,
  "summary_bg_n": 102560.0,
  "summary_bg_p05": 8.166666984558105,
  "summary_bg_p95": 97.17399902343735,
  "summary_bg_stdv": 53.149322509765625,
  "summary_fg_k": 1.8458553329410945,
  "summary_fg_mad": 108.1508729409618,
  "summary_fg_mean": 776.3767700195312,
  "summary_fg_median": 776.086669921875,
  "summary_fg_n": 16449.0,
  "summary_fg_p05": 587.2066650390625,
  "summary_fg_p95": 967.937353515625,
  "summary_fg_stdv": 119.8171615600586,
  "tsnr": 57.096622633514926
}