{
  "aor": 0.004498823529411765,
  "aqi": 0.011233804491978612,
  "bids_meta": {
    "AcquisitionMatrixPE": 64,
    "AcquisitionNumber": 1,
    "AcquisitionTime": "09:52:4.430010",
    "BaseResolution": 64,
    "ConversionSoftware": "dcm2niix",
    "ConversionSoftwareVersion": "v1.0.20190410  GCC6.3.0",
    "DeviceSerialNumber": "18011",
    "EchoTime": 0.03,
    "FlipAngle": 90,
    "ImageComments": "Fake_MoCo_Reference_Volume_+_DiCo_Applied",
    "ImageOrientationPatientDICOM": [
      0.996195,
      -1.11022e-16,
      -0.0871557,
      1.11022e-16,
      1,
      0
    ],
    "ImageType": [
      "ORIGINAL",
      "PRIMARY",
      "M",
      "ND",
      "MOSAIC"
    ],
    "ImagingFrequency": 168.255,
    "InPlanePhaseEncodingDirectionDICOM": "COL",
    "MRAcquisitionType": "2D",
    "MagneticFieldStrength": 3.95064,
    "Manufacturer": "Siemens",
    "ManufacturersModelName": "MedSpec_4T",
    "Modality": "MR",
    "PartialFourier": 1,
    "PatientPosition": "HFS",
    "PercentPhaseFOV": 100,
    "PhaseEncodingDirection": "j-",
    "PhaseEncodingSteps": 64,
    "PhaseResolution": 1,
    "PixelBandwidth": 2790,
    "ProtocolName": "Nback_1.5s_dcopt",
    "PulseSequenceDetails": "%CustomerSeq%_kt_ep2d_bold_dc",
    "ReceiveCoilName": "Head_4T",
    "ReconMatrixPE": 64,
    "RepetitionTime": 2.1,
    "SAR": 0.0578146,
    "ScanOptions": "FS",
    "ScanningSequence": "SE_EP",
    "SequenceName": "epfid2d1_64",
    "SequenceVariant": "SK",
    "SeriesDescription": "Nback_1.5s_dcopt_DiCo",
    "SeriesNumber": 7,
    "ShimSetting": [
      10,
      -54,
      24,
      1583,
      726,
      -3787,
      2476,
      417
    ],
    "SliceThickness": 3,
    "SoftwareVersions": "syngo_MR_2002B_4VA21A",
    "SpacingBetweenSlices": 3.6,
    "StationName": "wes4T",
    "TaskName": "nback",
    "TxRefAmp": 188.359,
    "dataset": "ds004169",
    "modality": "bold",
    "session_id": "01",
    "subject_id": "1177",
    "task_id": "nback"
  },
  "dummy_trs": 0,
  "dvars_nstd": 25.409324307365594,
  "dvars_std": 1.124207879301075,
  "dvars_vstd": 1.0074295831182796,
  "efc": 0.4445828972886579,
  "fber": 3371.317138671875,
  "fd_mean": 0.11696386069709155,
  "fd_num": 15,
  "fd_perc": 8.02139037433155,
  "fwhm_avg": 1.9936959628621425,
  "fwhm_x": 1.8162893913043479,
  "fwhm_y": 2.3335763478260874,
  "fwhm_z": 1.8312221494559917,
  "gcor": 0.0973683,
  "gsr_x": -0.026561163365840912,
  "gsr_y": 0.03343993425369263,
  "provenance": {
    "md5sum": "165790d00eb7f614a1eafdb3a8dd2185",
    "settings": {
      "fd_thres": 0.2,
      "testing": false
    },
    "software": "mriqc",
    "version": "23.0.1",
    "webapi_port": null,
    "webapi_url": "https://mriqc.nimh.nih.gov/api/v1"
  },
  "size_t": 187,
  "size_x": 64,
  "size_y": 64,
  "size_z": 36,
  "snr": 5.075434716474582,
  "spacing_tr": 2.0999999046325684,
  "spacing_x": 3.59375,
  "spacing_y": 3.59375,
  "spacing_z": 3.6000001430511475,
  "summary_bg_k": 42.87213847076784,
  "summary_bg_mad": 8.40405565867767,
  "summary_bg_mean": 29.71415901184082,
  "summary_bg_median": 14.508021354675293,
  "summary_bg_n": 99117.0,
  "summary_bg_p05": 7.609625816345215,
  "summary_bg_p95": 91.3764739990234,
  "summary_bg_stdv": 42.88046646118164,
  "summary_fg_k": 4.609929777390686,
  "summary_fg_mad": 135.91179411384243,
  "summary_fg_mean": 857.5157470703125,
  "summary_fg_median": 848.441162109375,
  "summary_fg_n": 19124.0,
  "summary_fg_p05": 624.0780944824219,
  "summary_fg_p95": 1096.129962158203,
  "summary_fg_stdv": 167.16183471679688,
  "tsnr": 42.6398184474092
}