{
  "aor": 0.002701006711409396,
  "aqi": 0.013445964161073824,
  "bids_meta": {
    "AcquisitionMatrixPE": 64,
    "AcquisitionNumber": 1,
    "AcquisitionTime": "09:48:51.274990",
    "BaseResolution": 64,
    "ConversionSoftware": "dcm2niix",
    "ConversionSoftwareVersion": "v1.0.20190410  GCC6.3.0",
    "DeviceSerialNumber": "18011",
    "EchoTime": 0.03,
    "FlipAngle": 90,
    "ImageComments": "Fake_MoCo_Reference_Volume_+_DiCo_Applied",
    "ImageOrientationPatientDICOM": [
      1,
      0,
      0,
      0,
      0.994522,
      -0.104528
    ],
    "ImageType": [
      "ORIGINAL",
      "PRIMARY",
      "M",
      "ND",
      "MOSAIC"
    ],
    "ImagingFrequency": 168.255,
    "InPlanePhaseEncodingDirectionDICOM": "COL",
    "MRAcquisitionType": "2D",
    "MagneticFieldStrength": 3.95064,
    "Manufacturer": "Siemens",
    "ManufacturersModelName": "MedSpec_4T",
    "Modality": "MR",
    "PartialFourier": 1,
    "PatientPosition": "HFS",
    "PercentPhaseFOV": 100,
    "PhaseEncodingDirection": "j-",
    "PhaseEncodingSteps": 64,
    "PhaseResolution": 1,
    "PixelBandwidth": 2790,
    "ProtocolName": "mz_bold_dc_REST",
    "PulseSequenceDetails": "%CustomerSeq%_mz_ep2d_bold_dc",
    "ReceiveCoilName": "Head_4T",
    "ReconMatrixPE": 64,
    "RepetitionTime": 2.1,
    "SAR": 0.0212737,
    "ScanOptions": "FS",
    "ScanningSequence": "SE_EP",
    "SequenceName": "epfid2d1_64",
    "SequenceVariant": "SK",
    "SeriesDescription": "mz_bold_dc_REST_DiCo",
    "SeriesNumber": 10,
    "ShimSetting": [
      9,
      -10,
      29,
      2165,
      454,
      -3086,
      2847,
      -202
    ],
    "SliceThickness": 3,
    "SoftwareVersions": "syngo_MR_2002B_4VA21A",
    "SpacingBetweenSlices": 3.6,
    "StationName": "wes4T",
    "TaskName": "rest",
    "TxRefAmp": 208.66,
    "dataset": "ds004169",
    "modality": "bold",
    "session_id": "01",
    "subject_id": "0635",
    "task_id": "rest"
  },
  "dummy_trs": 1,
  "dvars_nstd": 32.85525864533785,
  "dvars_std": 1.1971368598648655,
  "dvars_vstd": 0.9794886533783785,
  "efc": 0.5035894109104028,
  "fber": 1648.4365234375,
  "fd_mean": 0.19725936666920302,
  "fd_num": 41,
  "fd_perc": 27.516778523489933,
  "fwhm_avg": 1.8520153277286653,
  "fwhm_x": 1.7181161739130435,
  "fwhm_y": 2.101943652173913,
  "fwhm_z": 1.7359861570990394,
  "gcor": 0.0193383,
  "gsr_x": -0.02751372754573822,
  "gsr_y": 0.04354193061590195,
  "provenance": {
    "md5sum": "416ba8dd856e41c0a559252a7909c417",
    "settings": {
      "fd_thres": 0.2,
      "testing": false
    },
    "software": "mriqc",
    "version": "23.0.1",
    "webapi_port": null,
    "webapi_url": "https://mriqc.nimh.nih.gov/api/v1"
  },
  "size_t": 149,
  "size_x": 64,
  "size_y": 64,
  "size_z": 36,
  "snr": 5.3319187660748355,
  "spacing_tr": 2.0999999046325684,
  "spacing_x": 3.59375,
  "spacing_y": 3.59375,
  "spacing_z": 3.5999999046325684,
  "summary_bg_k": 32.055656111456244,
  "summary_bg_mad": 11.074740631086673,
  "summary_bg_mean": 36.11092758178711,
  "summary_bg_median": 18.09395980834961,
  "summary_bg_n": 92314.0,
  "summary_bg_p05": 10.060402870178223,
  "summary_bg_p95": 110.64429473876953,
  "summary_bg_stdv": 46.67989730834961,
  "summary_fg_k": 4.562569750059859,
  "summary_fg_mad": 119.63307693887067,
  "summary_fg_mean": 778.6939086914062,
  "summary_fg_median": 774.1677856445312,
  "summary_fg_n": 24083.0,
  "summary_fg_p05": 566.4509887695312,
  "summary_fg_p95": 999.280517578125,
  "summary_fg_stdv": 145.19195556640625,
  "tsnr": 42.91796958830673
}