{
  "aor": 0.002221417322834646,
  "aqi": 0.010569136062992125,
  "bids_meta": {
    "AcquisitionMatrixPE": 64,
    "AcquisitionNumber": 1,
    "AcquisitionTime": "09:36:18.335000",
    "BaseResolution": 64,
    "ConversionSoftware": "dcm2niix",
    "ConversionSoftwareVersion": "v1.0.20190410  GCC6.3.0",
    "DeviceSerialNumber": "18011",
    "EchoTime": 0.03,
    "FlipAngle": 90,
    "ImageComments": "Fake_MoCo_Reference_Volume_+_DiCo_Applied",
    "ImageOrientationPatientDICOM": [
      1,
      -1.11022e-16,
      0,
      1.11022e-16,
      0.996195,
      -0.0871557
    ],
    "ImageType": [
      "ORIGINAL",
      "PRIMARY",
      "M",
      "ND",
      "MOSAIC"
    ],
    "ImagingFrequency": 168.217,
    "InPlanePhaseEncodingDirectionDICOM": "COL",
    "MRAcquisitionType": "2D",
    "MagneticFieldStrength": 3.95064,
    "Manufacturer": "Siemens",
    "ManufacturersModelName": "MedSpec_4T",
    "Modality": "MR",
    "PartialFourier": 1,
    "PatientPosition": "HFS",
    "PercentPhaseFOV": 100,
    "PhaseEncodingDirection": "j-",
    "PhaseEncodingSteps": 64,
    "PhaseResolution": 1,
    "PixelBandwidth": 2790,
    "ProtocolName": "Nback_dc",
    "PulseSequenceDetails": "%CustomerSeq%_mz_ep2d_bold_dc",
    "ReceiveCoilName": "Head_4T",
    "ReconMatrixPE": 64,
    "RepetitionTime": 2.1,
    "SAR": 0.0544155,
    "ScanOptions": "FS",
    "ScanningSequence": "SE_EP",
    "SequenceName": "epfid2d1_64",
    "SequenceVariant": "SK",
    "SeriesDescription": "Nback_dc_DiCo",
    "SeriesNumber": 7,
    "ShimSetting": [
      18,
      19,
      -62,
      1844,
      517,
      -2577,
      1753,
      262
    ],
    "SliceThickness": 3,
    "SoftwareVersions": "syngo_MR_2002B_4VA21A",
    "SpacingBetweenSlices": 3.6,
    "StationName": "wes4T",
    "TaskName": "nback",
    "TxRefAmp": 199.927,
    "dataset": "ds004169",
    "modality": "bold",
    "session_id": "01",
    "subject_id": "1104",
    "task_id": "nback"
  },
  "dummy_trs": 0,
  "dvars_nstd": 30.703811812142867,
  "dvars_std": 1.1877879697619054,
  "dvars_vstd": 0.9550118681746032,
  "efc": 0.47609380907153753,
  "fber": 2210.48486328125,
  "fd_mean": 0.14302807362343276,
  "fd_num": 10,
  "fd_perc": 7.874015748031496,
  "fwhm_avg": 1.68434032886753,
  "fwhm_x": 1.586192695652174,
  "fwhm_y": 1.9139311304347826,
  "fwhm_z": 1.552897160515633,
  "gcor": 0.00928512,
  "gsr_x": -0.01915200985968113,
  "gsr_y": 0.03365672379732132,
  "provenance": {
    "md5sum": "60507bfe5872cf36230d1dce2d213504",
    "settings": {
      "fd_thres": 0.2,
      "testing": false
    },
    "software": "mriqc",
    "version": "23.0.1",
    "webapi_port": null,
    "webapi_url": "https://mriqc.nimh.nih.gov/api/v1"
  },
  "size_t": 127,
  "size_x": 64,
  "size_y": 64,
  "size_z": 36,
  "snr": 5.2532388747369625,
  "spacing_tr": 2.0999999046325684,
  "spacing_x": 3.59375,
  "spacing_y": 3.59375,
  "spacing_z": 3.6000001430511475,
  "summary_bg_k": 27.067517800462465,
  "summary_bg_mad": 10.319846098249208,
  "summary_bg_mean": 34.84339141845703,
  "summary_bg_median": 17.496063232421875,
  "summary_bg_n": 95431.0,
  "summary_bg_p05": 9.645668983459473,
  "summary_bg_p95": 106.6377944946289,
  "summary_bg_stdv": 46.166202545166016,
  "summary_fg_k": 3.2708185512936687,
  "summary_fg_mad": 147.89834890916592,
  "summary_fg_mean": 854.1424560546875,
  "summary_fg_median": 842.590576171875,
  "summary_fg_n": 21775.0,
  "summary_fg_p05": 624.9511840820312,
  "summary_fg_p95": 1099.9889770507812,
  "summary_fg_stdv": 160.39080810546875,
  "tsnr": 48.697256308980286
}