{
  "bids_meta": {
    "AcquisitionMatrixPE": 225,
    "AcquisitionNumber": 1,
    "AcquisitionTime": "09:41:36.980020",
    "BaseResolution": 256,
    "ConversionSoftware": "dcm2niix",
    "ConversionSoftwareVersion": "v1.0.20190410  GCC6.3.0",
    "DeviceSerialNumber": "18011",
    "EchoTime": 0.00335,
    "FlipAngle": 8,
    "ImageOrientationPatientDICOM": [
      1,
      0,
      0,
      0,
      0,
      -1
    ],
    "ImageType": [
      "ORIGINAL",
      "PRIMARY",
      "M",
      "ND"
    ],
    "ImagingFrequency": 168.255,
    "InPlanePhaseEncodingDirectionDICOM": "ROW",
    "InversionTime": 0.7,
    "MRAcquisitionType": "3D",
    "MagneticFieldStrength": 3.95064,
    "Manufacturer": "Siemens",
    "ManufacturersModelName": "MedSpec_4T",
    "Modality": "MR",
    "PartialFourier": 0.875,
    "PatientPosition": "HFS",
    "PercentPhaseFOV": 100,
    "PhaseEncodingSteps": 197,
    "PhaseResolution": 0.878906,
    "PixelBandwidth": 200,
    "ProtocolName": "t1_mpr_cor",
    "PulseSequenceDetails": "%SiemensSeq%_tfl",
    "ReceiveCoilName": "Head_4T",
    "ReconMatrixPE": 256,
    "RepetitionTime": 1.5,
    "SAR": 0.00460456,
    "ScanOptions": "IR",
    "ScanningSequence": "IR_GR",
    "SequenceName": "tfl3d1_ns",
    "SequenceVariant": "SP_MP",
    "SeriesDescription": "t1_mpr_cor",
    "SeriesNumber": 8,
    "ShimSetting": [
      19,
      6,
      -1,
      2128,
      615,
      -1778,
      2661,
      -101
    ],
    "SliceThickness": 0.9,
    "SoftwareVersions": "syngo_MR_2002B_4VA21A",
    "StationName": "wes4T",
    "TxRefAmp": 176.781,
    "dataset": "ds004169",
    "modality": "T1w",
    "session_id": "01",
    "subject_id": "0653"
  },
  "cjv": 0.3567981389199382,
  "cnr": 3.7273165495208094,
  "efc": 0.442347758191934,
  "fber": -1.0,
  "fwhm_avg": 4.593176191265511,
  "fwhm_x": 4.736373333333333,
  "fwhm_y": 4.882877907129868,
  "fwhm_z": 4.160277333333333,
  "icvs_csf": 0.2138748682437546,
  "icvs_gm": 0.41083269496465796,
  "icvs_wm": 0.37529243679158747,
  "inu_med": 0.6145599484443665,
  "inu_range": 0.404333284497261,
  "provenance": {
    "md5sum": "74b1947633a0e9628484c67e72843b8d",
    "settings": {
      "testing": false
    },
    "software": "mriqc",
    "version": "23.0.1",
    "warnings": {
      "large_rot_frame": true,
      "small_air_mask": false
    },
    "webapi_port": null,
    "webapi_url": "https://mriqc.nimh.nih.gov/api/v1"
  },
  "qi_1": 0.0,
  "qi_2": 0.029683909842877287,
  "rpve_csf": 25.093039375679027,
  "rpve_gm": 13.669101056783532,
  "rpve_wm": 18.142687108875215,
  "size_x": 256,
  "size_y": 256,
  "size_z": 256,
  "snr_csf": 1.9329128044951942,
  "snr_gm": 10.048314173449102,
  "snr_total": 11.034796255516797,
  "snr_wm": 21.123161788606094,
  "snrd_csf": 10.952509898521164,
  "snrd_gm": 24.300643676244704,
  "snrd_total": 23.60133155066046,
  "snrd_wm": 35.55084107721551,
  "spacing_x": 0.9375,
  "spacing_y": 0.8999999761581421,
  "spacing_z": 0.9375,
  "summary_bg_k": 24.084074589368583,
  "summary_bg_mad": 0.0,
  "summary_bg_mean": 9.973158126858326,
  "summary_bg_median": 0.0,
  "summary_bg_n": 4016871.0,
  "summary_bg_p05": 0.0,
  "summary_bg_p95": 44.80166158080101,
  "summary_bg_stdv": 18.428154351702045,
  "summary_csf_k": 22.10957082441946,
  "summary_csf_mad": 115.85519820850655,
  "summary_csf_mean": 322.51661343929953,
  "summary_csf_median": 308.0801844447851,
  "summary_csf_n": 44674.0,
  "summary_csf_p05": 125.54244595766068,
  "summary_csf_p95": 509.4737382084131,
  "summary_csf_stdv": 159.38470458488737,
  "summary_gm_k": 0.13302473299940099,
  "summary_gm_mad": 67.82762288546512,
  "summary_gm_mean": 682.1383813516308,
  "summary_gm_median": 683.5462241321802,
  "summary_gm_n": 41790.0,
  "summary_gm_p05": 568.4524057969451,
  "summary_gm_p95": 791.5026426978408,
  "summary_gm_stdv": 68.02514669999074,
  "summary_wm_k": 0.5420108950220612,
  "summary_wm_mad": 45.08248815700587,
  "summary_wm_mean": 1000.6592728007887,
  "summary_wm_median": 999.9999797046185,
  "summary_wm_n": 338606.0,
  "summary_wm_p05": 924.5461581200361,
  "summary_wm_p95": 1079.2127401530743,
  "summary_wm_stdv": 47.34132669477973,
  "tpm_overlap_csf": 0.13777359333261358,
  "tpm_overlap_gm": 0.4425738966236576,
  "tpm_overlap_wm": 0.4955441431237934,
  "wm2max": 0.5519626199753723
}