{
  "aor": 0.0006414093959731543,
  "aqi": 0.006086986308724833,
  "bids_meta": {
    "AcquisitionMatrixPE": 64,
    "AcquisitionNumber": 1,
    "AcquisitionTime": "08:29:23.222520",
    "BaseResolution": 64,
    "ConversionSoftware": "dcm2niix",
    "ConversionSoftwareVersion": "v1.0.20190410  GCC6.3.0",
    "DeviceSerialNumber": "18011",
    "EchoTime": 0.03,
    "FlipAngle": 90,
    "ImageComments": "Fake_MoCo_Reference_Volume_+_DiCo_Applied",
    "ImageOrientationPatientDICOM": [
      1,
      2.22045e-16,
      -2.77556e-17,
      -2.22045e-16,
      0.954761,
      -0.297375
    ],
    "ImageType": [
      "ORIGINAL",
      "PRIMARY",
      "M",
      "ND",
      "DICO",
      "MOSAIC"
    ],
    "ImagingFrequency": 168.255,
    "InPlanePhaseEncodingDirectionDICOM": "COL",
    "MRAcquisitionType": "2D",
    "MagneticFieldStrength": 3.95064,
    "Manufacturer": "Siemens",
    "ManufacturersModelName": "MedSpec_4T",
    "Modality": "MR",
    "PartialFourier": 1,
    "PatientPosition": "HFS",
    "PercentPhaseFOV": 100,
    "PhaseEncodingDirection": "j-",
    "PhaseEncodingSteps": 64,
    "PhaseResolution": 1,
    "PixelBandwidth": 2790,
    "ProcedureStepDescription": "Research_fMRI",
    "ProtocolName": "mz_bold_dc_REST",
    "PulseSequenceDetails": "%CustomerSeq%_mz_ep2d_bold_dc",
    "ReceiveCoilName": "Head",
    "ReconMatrixPE": 64,
    "RepetitionTime": 2.1,
    "SAR": 0.124777,
    "ScanOptions": "FS",
    "ScanningSequence": "SE_EP",
    "SequenceName": "epfid2d1_64",
    "SequenceVariant": "SK",
    "SeriesDescription": "mz_bold_dc_REST_DiCo",
    "SeriesNumber": 9,
    "ShimSetting": [
      32,
      16,
      1,
      2594,
      1438,
      -3430,
      2311,
      -286
    ],
    "SliceThickness": 3,
    "SoftwareVersions": "syngo_MR_2004A_4VA25A",
    "SpacingBetweenSlices": 3.6,
    "StationName": "WES4T",
    "TaskName": "rest",
    "TxRefAmp": 211.119,
    "dataset": "ds004169",
    "modality": "bold",
    "session_id": "01",
    "subject_id": "0375",
    "task_id": "rest"
  },
  "dummy_trs": 1,
  "dvars_nstd": 24.779601187162175,
  "dvars_std": 1.1303346835810812,
  "dvars_vstd": 0.9732536439864864,
  "efc": 0.5018324356865733,
  "fber": 2020.646728515625,
  "fd_mean": 0.1406401519602993,
  "fd_num": 32,
  "fd_perc": 21.476510067114095,
  "fwhm_avg": 1.8351585034040925,
  "fwhm_x": 1.7024918260869566,
  "fwhm_y": 2.0497753043478264,
  "fwhm_z": 1.7532083797774947,
  "gcor": 0.0270835,
  "gsr_x": -0.025927310809493065,
  "gsr_y": 0.040991224348545074,
  "provenance": {
    "md5sum": "369a53c4217fdfe970aeb5de5f8d2b48",
    "settings": {
      "fd_thres": 0.2,
      "testing": false
    },
    "software": "mriqc",
    "version": "23.0.1",
    "webapi_port": null,
    "webapi_url": "https://mriqc.nimh.nih.gov/api/v1"
  },
  "size_t": 149,
  "size_x": 64,
  "size_y": 64,
  "size_z": 36,
  "snr": 5.297531018663802,
  "spacing_tr": 2.0999999046325684,
  "spacing_x": 3.59375,
  "spacing_y": 3.59375,
  "spacing_z": 3.5999999046325684,
  "summary_bg_k": 24.073872489466538,
  "summary_bg_mad": 8.179187290310558,
  "summary_bg_mean": 31.40794563293457,
  "summary_bg_median": 14.033556938171387,
  "summary_bg_n": 92287.0,
  "summary_bg_p05": 7.885906219482422,
  "summary_bg_p95": 108.03422775268548,
  "summary_bg_stdv": 46.70078659057617,
  "summary_fg_k": 1.9318825080764643,
  "summary_fg_mad": 112.1802498687949,
  "summary_fg_mean": 669.1027221679688,
  "summary_fg_median": 666.2483520507812,
  "summary_fg_n": 24239.0,
  "summary_fg_p05": 475.5516693115234,
  "summary_fg_p95": 868.5906311035155,
  "summary_fg_stdv": 125.76322937011719,
  "tsnr": 58.053350910544395
}