{
  "bids_meta": {
    "AcquisitionMatrixPE": 225,
    "AcquisitionNumber": 1,
    "AcquisitionTime": "09:59:7.397500",
    "BaseResolution": 256,
    "ConversionSoftware": "dcm2niix",
    "ConversionSoftwareVersion": "v1.0.20190410  GCC6.3.0",
    "DeviceSerialNumber": "18011",
    "EchoTime": 0.00335,
    "FlipAngle": 8,
    "ImageOrientationPatientDICOM": [
      0,
      1,
      0,
      0,
      0,
      -1
    ],
    "ImageType": [
      "ORIGINAL",
      "PRIMARY",
      "M",
      "ND"
    ],
    "ImagingFrequency": 168.255,
    "InPlanePhaseEncodingDirectionDICOM": "ROW",
    "InversionTime": 0.7,
    "MRAcquisitionType": "3D",
    "MagneticFieldStrength": 3.95064,
    "Manufacturer": "Siemens",
    "ManufacturersModelName": "MedSpec_4T",
    "Modality": "MR",
    "PartialFourier": 0.875,
    "PatientPosition": "HFS",
    "PercentPhaseFOV": 100,
    "PhaseEncodingSteps": 197,
    "PhaseResolution": 0.878906,
    "PixelBandwidth": 200,
    "ProcedureStepDescription": "Research_fMRI",
    "ProtocolName": "t1_mpr_sag",
    "PulseSequenceDetails": "%SiemensSeq%_tfl",
    "ReceiveCoilName": "Head",
    "ReconMatrixPE": 256,
    "RepetitionTime": 1.5,
    "SAR": 0.0726281,
    "ScanOptions": "IR",
    "ScanningSequence": "IR_GR",
    "SequenceName": "tfl3d1_ns",
    "SequenceVariant": "SP_MP",
    "SeriesDescription": "t1_mpr_sag",
    "SeriesNumber": 2,
    "ShimSetting": [
      40,
      3,
      16,
      2095,
      1300,
      -3745,
      2495,
      -426
    ],
    "SliceThickness": 0.9,
    "SoftwareVersions": "syngo_MR_2004A_4VA25A",
    "StationName": "WES4T",
    "TxRefAmp": 220.834,
    "dataset": "ds004169",
    "modality": "T1w",
    "session_id": "01",
    "subject_id": "0912"
  },
  "cjv": 0.34293872085264154,
  "cnr": 3.7857161714431626,
  "efc": 0.4862376105370712,
  "fber": 10742.917168627697,
  "fwhm_avg": 4.705860932520962,
  "fwhm_x": 4.941166797562885,
  "fwhm_y": 5.022357333333333,
  "fwhm_z": 4.154058666666667,
  "icvs_csf": 0.22487300195645665,
  "icvs_gm": 0.4308369988270587,
  "icvs_wm": 0.3442899992164846,
  "inu_med": 0.6589467823505402,
  "inu_range": 0.4605361416935921,
  "provenance": {
    "md5sum": "6c43a3131440733008804c1e6e7a8947",
    "settings": {
      "testing": false
    },
    "software": "mriqc",
    "version": "23.0.1",
    "warnings": {
      "large_rot_frame": true,
      "small_air_mask": false
    },
    "webapi_port": null,
    "webapi_url": "https://mriqc.nimh.nih.gov/api/v1"
  },
  "qi_1": 0.0,
  "qi_2": 0.004401481325561979,
  "rpve_csf": 22.757461233952277,
  "rpve_gm": 12.218680155183112,
  "rpve_wm": 17.66842057628998,
  "size_x": 240,
  "size_y": 256,
  "size_z": 256,
  "snr_csf": 2.192898018431153,
  "snr_gm": 10.606572029283102,
  "snr_total": 10.828412147827637,
  "snr_wm": 19.68576639576866,
  "snrd_csf": 24.35201783663121,
  "snrd_gm": 59.286415702479815,
  "snrd_total": 56.85653551796931,
  "snrd_wm": 86.93117301479693,
  "spacing_x": 0.8999999761581421,
  "spacing_y": 0.9375,
  "spacing_z": 0.9375,
  "summary_bg_k": 5.8002557101091305,
  "summary_bg_mad": 7.536265589614116,
  "summary_bg_mean": 13.49454320797908,
  "summary_bg_median": 5.083133894950151,
  "summary_bg_n": 3931500.0,
  "summary_bg_p05": 0.0,
  "summary_bg_p95": 50.962516598403454,
  "summary_bg_stdv": 18.48229852483805,
  "summary_csf_k": 14.267597157840708,
  "summary_csf_mad": 113.91916307397338,
  "summary_csf_mean": 281.64014668792345,
  "summary_csf_median": 280.1298692300916,
  "summary_csf_n": 63755.0,
  "summary_csf_p05": 88.741679482162,
  "summary_csf_p95": 466.8940468542278,
  "summary_csf_stdv": 127.74313713739431,
  "summary_gm_k": 0.13185125494698502,
  "summary_gm_mad": 63.401873089398755,
  "summary_gm_mean": 680.0142904194814,
  "summary_gm_median": 681.9925966411829,
  "summary_gm_n": 50137.0,
  "summary_gm_p05": 570.7539503723383,
  "summary_gm_p95": 781.9827595166862,
  "summary_gm_stdv": 64.29841738065618,
  "summary_wm_k": 0.88680202307087,
  "summary_wm_mad": 45.65518315256551,
  "summary_wm_mean": 1001.6207089598148,
  "summary_wm_median": 1000.0000119917095,
  "summary_wm_n": 279268.0,
  "summary_wm_p05": 920.1784126348794,
  "summary_wm_p95": 1087.9874199926853,
  "summary_wm_stdv": 50.798033538086656,
  "tpm_overlap_csf": 0.14615707227015226,
  "tpm_overlap_gm": 0.4478860893624535,
  "tpm_overlap_wm": 0.4909409727122069,
  "wm2max": 0.5796742682291895
}