{
  "aor": 0.0017591338582677166,
  "aqi": 0.009892216377952751,
  "bids_meta": {
    "AcquisitionMatrixPE": 64,
    "AcquisitionNumber": 1,
    "AcquisitionTime": "08:24:47.160000",
    "BaseResolution": 64,
    "ConversionSoftware": "dcm2niix",
    "ConversionSoftwareVersion": "v1.0.20190410  GCC6.3.0",
    "DeviceSerialNumber": "18011",
    "EchoTime": 0.03,
    "FlipAngle": 90,
    "ImageComments": "Fake_MoCo_Reference_Volume_+_DiCo_Applied",
    "ImageOrientationPatientDICOM": [
      1,
      0,
      -1.38778e-17,
      0,
      0.984808,
      -0.173648
    ],
    "ImageType": [
      "ORIGINAL",
      "PRIMARY",
      "M",
      "ND",
      "MOSAIC"
    ],
    "ImagingFrequency": 168.255,
    "InPlanePhaseEncodingDirectionDICOM": "COL",
    "MRAcquisitionType": "2D",
    "MagneticFieldStrength": 3.95064,
    "Manufacturer": "Siemens",
    "ManufacturersModelName": "MedSpec_4T",
    "Modality": "MR",
    "PartialFourier": 1,
    "PatientPosition": "HFS",
    "PercentPhaseFOV": 100,
    "PhaseEncodingDirection": "j-",
    "PhaseEncodingSteps": 64,
    "PhaseResolution": 1,
    "PixelBandwidth": 2790,
    "ProtocolName": "Nback_dc_opt",
    "PulseSequenceDetails": "%CustomerSeq%_kt_ep2d_bold_dc",
    "ReceiveCoilName": "Head_4T",
    "ReconMatrixPE": 64,
    "RepetitionTime": 2.1,
    "SAR": 0.0448826,
    "ScanOptions": "FS",
    "ScanningSequence": "SE_EP",
    "SequenceName": "epfid2d1_64",
    "SequenceVariant": "SK",
    "SeriesDescription": "Nback_dc_opt_DiCo",
    "SeriesNumber": 7,
    "ShimSetting": [
      14,
      -23,
      46,
      1790,
      826,
      -4294,
      2613,
      8
    ],
    "SliceThickness": 3,
    "SoftwareVersions": "syngo_MR_2002B_4VA21A",
    "SpacingBetweenSlices": 3.6,
    "StationName": "wes4T",
    "TaskName": "nback",
    "TxRefAmp": 188.183,
    "dataset": "ds004169",
    "modality": "bold",
    "session_id": "01",
    "subject_id": "0220",
    "task_id": "nback"
  },
  "dummy_trs": 0,
  "dvars_nstd": 21.791171921428578,
  "dvars_std": 1.0348086973809523,
  "dvars_vstd": 0.9484822787301582,
  "efc": 0.47859115097197774,
  "fber": 2652.540283203125,
  "fd_mean": 0.12640839276582844,
  "fd_num": 12,
  "fd_perc": 9.448818897637794,
  "fwhm_avg": 1.7469144639246392,
  "fwhm_x": 1.6180702608695652,
  "fwhm_y": 1.9636980869565217,
  "fwhm_z": 1.6589750439478304,
  "gcor": 0.0169128,
  "gsr_x": -0.022893255576491356,
  "gsr_y": 0.03781888633966446,
  "provenance": {
    "md5sum": "0c56b5fb9ba601304ad6d12fab5f8026",
    "settings": {
      "fd_thres": 0.2,
      "testing": false
    },
    "software": "mriqc",
    "version": "22.0.6",
    "webapi_port": null,
    "webapi_url": "https://mriqc.nimh.nih.gov/api/v1"
  },
  "size_t": 127,
  "size_x": 64,
  "size_y": 64,
  "size_z": 36,
  "snr": 5.817914193440856,
  "spacing_tr": 2.0999999046325684,
  "spacing_x": 3.59375,
  "spacing_y": 3.59375,
  "spacing_z": 3.5999999046325684,
  "summary_bg_k": 28.383702244645377,
  "summary_bg_mad": 8.416977470425147,
  "summary_bg_mean": 31.164167404174805,
  "summary_bg_median": 15.314960479736328,
  "summary_bg_n": 94060.0,
  "summary_bg_p05": 9.031496047973633,
  "summary_bg_p95": 93.85826873779297,
  "summary_bg_stdv": 42.016807556152344,
  "summary_fg_k": 2.313306585472416,
  "summary_fg_mad": 129.04475961343806,
  "summary_fg_mean": 821.732666015625,
  "summary_fg_median": 811.7559204101562,
  "summary_fg_n": 22601.0,
  "summary_fg_p05": 619.6929321289062,
  "summary_fg_p95": 1047.8267822265625,
  "summary_fg_stdv": 139.5238800048828,
  "tsnr": 53.39578228699975
}