{
  "bids_meta": {
    "AcquisitionMatrixPE": 225,
    "AcquisitionNumber": 1,
    "AcquisitionTime": "08:29:3.499990",
    "BaseResolution": 256,
    "ConversionSoftware": "dcm2niix",
    "ConversionSoftwareVersion": "v1.0.20190410  GCC6.3.0",
    "DeviceSerialNumber": "18011",
    "EchoTime": 0.00335,
    "FlipAngle": 8,
    "ImageOrientationPatientDICOM": [
      0.999391,
      0.0348995,
      0,
      0,
      2.22045e-16,
      -1
    ],
    "ImageType": [
      "ORIGINAL",
      "PRIMARY",
      "M",
      "ND"
    ],
    "ImagingFrequency": 168.217,
    "InPlanePhaseEncodingDirectionDICOM": "ROW",
    "InversionTime": 0.7,
    "MRAcquisitionType": "3D",
    "MagneticFieldStrength": 3.95064,
    "Manufacturer": "Siemens",
    "ManufacturersModelName": "MedSpec_4T",
    "Modality": "MR",
    "PartialFourier": 0.875,
    "PatientPosition": "HFS",
    "PercentPhaseFOV": 100,
    "PhaseEncodingSteps": 197,
    "PhaseResolution": 0.878906,
    "PixelBandwidth": 200,
    "ProtocolName": "t1_mpr_cor",
    "PulseSequenceDetails": "%SiemensSeq%_tfl",
    "ReceiveCoilName": "Head_4T",
    "ReconMatrixPE": 256,
    "RepetitionTime": 1.5,
    "SAR": 0.00377813,
    "ScanOptions": "IR",
    "ScanningSequence": "IR_GR",
    "SequenceName": "tfl3d1_ns",
    "SequenceVariant": "SP_MP",
    "SeriesDescription": "t1_mpr_cor",
    "SeriesNumber": 8,
    "ShimSetting": [
      22,
      -12,
      1,
      1850,
      359,
      -3436,
      2756,
      -34
    ],
    "SliceThickness": 0.9,
    "SoftwareVersions": "syngo_MR_2002B_4VA21A",
    "StationName": "wes4T",
    "TxRefAmp": 201.518,
    "dataset": "ds004169",
    "modality": "T1w",
    "session_id": "02",
    "subject_id": "0959"
  },
  "cjv": 0.38810824511552383,
  "cnr": 3.351399936866417,
  "efc": 0.49009673513474167,
  "fber": 1689.8709691674453,
  "fwhm_avg": 4.52633945075593,
  "fwhm_x": 4.6721493333333335,
  "fwhm_y": 4.90905568560112,
  "fwhm_z": 3.997813333333333,
  "icvs_csf": 0.1838595227401466,
  "icvs_gm": 0.45016919138163164,
  "icvs_wm": 0.36597128587822175,
  "inu_med": 0.6840650737285614,
  "inu_range": 0.5239933803677559,
  "provenance": {
    "md5sum": "eb429639812ab419a9fef7dcf6c76c38",
    "settings": {
      "testing": false
    },
    "software": "mriqc",
    "version": "23.0.1",
    "warnings": {
      "large_rot_frame": true,
      "small_air_mask": false
    },
    "webapi_port": null,
    "webapi_url": "https://mriqc.nimh.nih.gov/api/v1"
  },
  "qi_1": 0.0,
  "qi_2": 0.028163409455464666,
  "rpve_csf": 27.041961765283578,
  "rpve_gm": 12.234369522288047,
  "rpve_wm": 17.200173041819127,
  "size_x": 256,
  "size_y": 256,
  "size_z": 256,
  "snr_csf": 1.6329053976715888,
  "snr_gm": 10.290185020073519,
  "snr_total": 9.61971043988016,
  "snr_wm": 16.93604090189537,
  "snrd_csf": 9.497045593600696,
  "snrd_gm": 20.8497699368671,
  "snrd_total": 20.217091473583995,
  "snrd_wm": 30.304458890284188,
  "spacing_x": 0.9375,
  "spacing_y": 0.8999999761581421,
  "spacing_z": 0.9375,
  "summary_bg_k": 5.661512057615232,
  "summary_bg_mad": 21.61929816366729,
  "summary_bg_mean": 20.230639078850903,
  "summary_bg_median": 14.581995017826557,
  "summary_bg_n": 4812423.0,
  "summary_bg_p05": 0.0,
  "summary_bg_p95": 72.0033225491643,
  "summary_bg_stdv": 26.638186182693403,
  "summary_csf_k": 21.824712155361148,
  "summary_csf_mad": 125.51514814709428,
  "summary_csf_mean": 334.1961970297793,
  "summary_csf_median": 313.3995613157749,
  "summary_csf_n": 27133.0,
  "summary_csf_p05": 115.9230826728046,
  "summary_csf_p95": 554.7806892067191,
  "summary_csf_stdv": 191.92403090975102,
  "summary_gm_k": 0.11836090637256147,
  "summary_gm_mad": 65.69802265798376,
  "summary_gm_mean": 687.2143391305686,
  "summary_gm_median": 688.0359462685883,
  "summary_gm_n": 54168.0,
  "summary_gm_p05": 574.7176007887349,
  "summary_gm_p95": 795.3609406873584,
  "summary_gm_stdv": 66.86270401867365,
  "summary_wm_k": 0.5090182332662616,
  "summary_wm_mad": 55.39245047633924,
  "summary_wm_mean": 1002.4578889530217,
  "summary_wm_median": 1000.0377515852451,
  "summary_wm_n": 317360.0,
  "summary_wm_p05": 908.616953805089,
  "summary_wm_p95": 1103.282809574157,
  "summary_wm_stdv": 59.04781299357582,
  "tpm_overlap_csf": 0.12483433874478886,
  "tpm_overlap_gm": 0.43829368849448236,
  "tpm_overlap_wm": 0.4754963404569432,
  "wm2max": 0.5290485041069608
}