{
  "bids_meta": {
    "AcquisitionMatrixPE": 225,
    "AcquisitionNumber": 1,
    "AcquisitionTime": "09:13:55.280000",
    "BaseResolution": 256,
    "ConversionSoftware": "dcm2niix",
    "ConversionSoftwareVersion": "v1.0.20190410  GCC6.3.0",
    "DeviceSerialNumber": "18011",
    "EchoTime": 0.00335,
    "FlipAngle": 8,
    "ImageOrientationPatientDICOM": [
      1,
      0,
      0,
      0,
      0,
      -1
    ],
    "ImageType": [
      "ORIGINAL",
      "PRIMARY",
      "M",
      "ND"
    ],
    "ImagingFrequency": 168.256,
    "InPlanePhaseEncodingDirectionDICOM": "ROW",
    "InversionTime": 0.7,
    "MRAcquisitionType": "3D",
    "MagneticFieldStrength": 3.95064,
    "Manufacturer": "Siemens",
    "ManufacturersModelName": "MedSpec_4T",
    "Modality": "MR",
    "PartialFourier": 0.875,
    "PatientPosition": "HFS",
    "PercentPhaseFOV": 100,
    "PhaseEncodingSteps": 197,
    "PhaseResolution": 0.878906,
    "PixelBandwidth": 200,
    "ProtocolName": "t1_mpr_cor",
    "PulseSequenceDetails": "%SiemensSeq%_tfl",
    "ReceiveCoilName": "Head_4T",
    "ReconMatrixPE": 256,
    "RepetitionTime": 1.5,
    "SAR": 0.00366786,
    "ScanOptions": "IR",
    "ScanningSequence": "IR_GR",
    "SequenceName": "tfl3d1_ns",
    "SequenceVariant": "SP_MP",
    "SeriesDescription": "t1_mpr_cor",
    "SeriesNumber": 8,
    "ShimSetting": [
      18,
      -15,
      -42,
      1604,
      1311,
      -3210,
      2557,
      -112
    ],
    "SliceThickness": 0.9,
    "SoftwareVersions": "syngo_MR_2002B_4VA21A",
    "StationName": "wes4T",
    "TxRefAmp": 205.9,
    "dataset": "ds004169",
    "modality": "T1w",
    "session_id": "01",
    "subject_id": "0654"
  },
  "cjv": 0.3519968303816257,
  "cnr": 3.721484862412732,
  "efc": 0.41813466877604444,
  "fber": -1.0,
  "fwhm_avg": 4.6494690814244946,
  "fwhm_x": 4.772512000000001,
  "fwhm_y": 5.026711244273484,
  "fwhm_z": 4.149184,
  "icvs_csf": 0.25476594382152623,
  "icvs_gm": 0.4107844891150013,
  "icvs_wm": 0.33444956706347245,
  "inu_med": 0.7136204540729523,
  "inu_range": 0.46381343007087694,
  "provenance": {
    "md5sum": "b77f257381c645745879bcc552dd4243",
    "settings": {
      "testing": false
    },
    "software": "mriqc",
    "version": "23.0.1",
    "warnings": {
      "large_rot_frame": true,
      "small_air_mask": false
    },
    "webapi_port": null,
    "webapi_url": "https://mriqc.nimh.nih.gov/api/v1"
  },
  "qi_1": 0.0,
  "qi_2": 0.028846045592898946,
  "rpve_csf": 24.98750217392608,
  "rpve_gm": 15.436473539721149,
  "rpve_wm": 22.381090600831083,
  "size_x": 256,
  "size_y": 256,
  "size_z": 256,
  "snr_csf": 2.383930209041545,
  "snr_gm": 10.558031185498075,
  "snr_total": 10.848014537359076,
  "snr_wm": 19.602082217537607,
  "snrd_csf": 10.084091693932276,
  "snrd_gm": 24.65035943433796,
  "snrd_total": 23.567086448710267,
  "snrd_wm": 35.96680821786056,
  "spacing_x": 0.9375,
  "spacing_y": 0.8999999761581421,
  "spacing_z": 0.9375,
  "summary_bg_k": 18.08504008660565,
  "summary_bg_mad": 0.0,
  "summary_bg_mean": 10.028112775191373,
  "summary_bg_median": 0.0,
  "summary_bg_n": 5796487.0,
  "summary_bg_p05": 0.0,
  "summary_bg_p95": 46.57959181442857,
  "summary_bg_stdv": 18.215027850492795,
  "summary_csf_k": 19.974035428242438,
  "summary_csf_mad": 96.91251056674552,
  "summary_csf_mean": 285.3263387374762,
  "summary_csf_median": 280.37216532602906,
  "summary_csf_n": 63123.0,
  "summary_csf_p05": 109.1429616138339,
  "summary_csf_p95": 457.62510626390576,
  "summary_csf_stdv": 117.60828543297245,
  "summary_gm_k": 0.26258573723480083,
  "summary_gm_mad": 62.95776233898067,
  "summary_gm_mean": 682.8468568336081,
  "summary_gm_median": 685.3641220685095,
  "summary_gm_n": 29519.0,
  "summary_gm_p05": 570.9995941763743,
  "summary_gm_p95": 784.4575814791024,
  "summary_gm_stdv": 64.91290857782239,
  "summary_wm_k": 0.795997031470713,
  "summary_wm_mad": 47.79307660704923,
  "summary_wm_mean": 999.7930432912453,
  "summary_wm_median": 1000.0000204257667,
  "summary_wm_n": 246535.0,
  "summary_wm_p05": 916.2939293738455,
  "summary_wm_p95": 1081.8274211548269,
  "summary_wm_stdv": 51.014886133851164,
  "tpm_overlap_csf": 0.1320361620195206,
  "tpm_overlap_gm": 0.4516308195329184,
  "tpm_overlap_wm": 0.4864187068944027,
  "wm2max": 0.5621793797150042
}