{
  "aor": 0.0024723999999999996,
  "aqi": 0.010171552399999999,
  "bids_meta": {
    "AcquisitionMatrixPE": 64,
    "AcquisitionNumber": 1,
    "AcquisitionTime": "09:36:3.145020",
    "BaseResolution": 64,
    "ConversionSoftware": "dcm2niix",
    "ConversionSoftwareVersion": "v1.0.20190410  GCC6.3.0",
    "DeviceSerialNumber": "18011",
    "EchoTime": 0.03,
    "FlipAngle": 90,
    "ImageComments": "Fake_MoCo_Reference_Volume_+_DiCo_Applied",
    "ImageOrientationPatientDICOM": [
      1,
      -1.11022e-16,
      1.38778e-17,
      1.11022e-16,
      0.97437,
      -0.224951
    ],
    "ImageType": [
      "ORIGINAL",
      "PRIMARY",
      "M",
      "ND",
      "MOSAIC"
    ],
    "ImagingFrequency": 168.255,
    "InPlanePhaseEncodingDirectionDICOM": "COL",
    "MRAcquisitionType": "2D",
    "MagneticFieldStrength": 3.95064,
    "Manufacturer": "Siemens",
    "ManufacturersModelName": "MedSpec_4T",
    "Modality": "MR",
    "PartialFourier": 1,
    "PatientPosition": "HFS",
    "PercentPhaseFOV": 100,
    "PhaseEncodingDirection": "j-",
    "PhaseEncodingSteps": 64,
    "PhaseResolution": 1,
    "PixelBandwidth": 2790,
    "ProtocolName": "Nback_dc_opt",
    "PulseSequenceDetails": "%CustomerSeq%_kt_ep2d_bold_dc",
    "ReceiveCoilName": "Head_4T",
    "ReconMatrixPE": 64,
    "RepetitionTime": 2.1,
    "SAR": 0.0457708,
    "ScanOptions": "FS",
    "ScanningSequence": "SE_EP",
    "SequenceName": "epfid2d1_64",
    "SequenceVariant": "SK",
    "SeriesDescription": "Nback_dc_opt_DiCo",
    "SeriesNumber": 7,
    "ShimSetting": [
      10,
      11,
      -8,
      1858,
      541,
      -2470,
      1870,
      -481
    ],
    "SliceThickness": 3,
    "SoftwareVersions": "syngo_MR_2002B_4VA21A",
    "SpacingBetweenSlices": 3.6,
    "StationName": "wes4T",
    "TaskName": "nback",
    "TxRefAmp": 179.791,
    "dataset": "ds004169",
    "modality": "bold",
    "session_id": "01",
    "subject_id": "0838",
    "task_id": "nback"
  },
  "dummy_trs": 2,
  "dvars_nstd": 26.829725588225816,
  "dvars_std": 1.1615415796774196,
  "dvars_vstd": 0.9806891878225809,
  "efc": 0.45880905980746356,
  "fber": 2658.680908203125,
  "fd_mean": 0.10019880710554334,
  "fd_num": 4,
  "fd_perc": 3.2,
  "fwhm_avg": 1.808888386635104,
  "fwhm_x": 1.6747631304347825,
  "fwhm_y": 2.092343652173913,
  "fwhm_z": 1.6595583772966167,
  "gcor": 0.013168,
  "gsr_x": -0.028074245899915695,
  "gsr_y": 0.03861837089061737,
  "provenance": {
    "md5sum": "6f4ba31c411f16ff11f9069e29cd870a",
    "settings": {
      "fd_thres": 0.2,
      "testing": false
    },
    "software": "mriqc",
    "version": "23.0.1",
    "webapi_port": null,
    "webapi_url": "https://mriqc.nimh.nih.gov/api/v1"
  },
  "size_t": 125,
  "size_x": 64,
  "size_y": 64,
  "size_z": 36,
  "snr": 5.517966277704517,
  "spacing_tr": 2.0999999046325684,
  "spacing_x": 3.59375,
  "spacing_y": 3.59375,
  "spacing_z": 3.5999999046325684,
  "summary_bg_k": 39.72803852556761,
  "summary_bg_mad": 7.460455166626554,
  "summary_bg_mean": 30.028656005859375,
  "summary_bg_median": 14.584000587463379,
  "summary_bg_n": 98179.0,
  "summary_bg_p05": 8.880000114440918,
  "summary_bg_p95": 89.56800079345703,
  "summary_bg_stdv": 42.48633575439453,
  "summary_fg_k": 3.2832175158540338,
  "summary_fg_mad": 122.54000526328923,
  "summary_fg_mean": 787.4083862304688,
  "summary_fg_median": 780.320068359375,
  "summary_fg_n": 19370.0,
  "summary_fg_p05": 579.8812316894531,
  "summary_fg_p95": 1006.1400451660155,
  "summary_fg_stdv": 141.41078186035156,
  "tsnr": 50.367307248176076
}