{
  "aor": 0.0025296850393700786,
  "aqi": 0.0060002144881889765,
  "bids_meta": {
    "AcquisitionMatrixPE": 64,
    "AcquisitionNumber": 1,
    "AcquisitionTime": "10:17:54.602490",
    "BaseResolution": 64,
    "ConversionSoftware": "dcm2niix",
    "ConversionSoftwareVersion": "v1.0.20190410  GCC6.3.0",
    "DeviceSerialNumber": "18011",
    "EchoTime": 0.03,
    "FlipAngle": 90,
    "ImageComments": "Fake_MoCo_Reference_Volume_+_DiCo_Applied",
    "ImageOrientationPatientDICOM": [
      1,
      0,
      0,
      0,
      0.947768,
      -0.318959
    ],
    "ImageType": [
      "ORIGINAL",
      "PRIMARY",
      "M",
      "ND",
      "DICO",
      "MOSAIC"
    ],
    "ImagingFrequency": 168.255,
    "InPlanePhaseEncodingDirectionDICOM": "COL",
    "MRAcquisitionType": "2D",
    "MagneticFieldStrength": 3.95064,
    "Manufacturer": "Siemens",
    "ManufacturersModelName": "MedSpec_4T",
    "Modality": "MR",
    "PartialFourier": 1,
    "PatientPosition": "HFS",
    "PercentPhaseFOV": 100,
    "PhaseEncodingDirection": "j-",
    "PhaseEncodingSteps": 64,
    "PhaseResolution": 1,
    "PixelBandwidth": 2790,
    "ProcedureStepDescription": "Research_fMRI",
    "ProtocolName": "Nback_dc_opt",
    "PulseSequenceDetails": "%CustomerSeq%_kt_ep2d_bold_dc",
    "ReceiveCoilName": "Head",
    "ReconMatrixPE": 64,
    "RepetitionTime": 2.1,
    "SAR": 0.100946,
    "ScanOptions": "FS",
    "ScanningSequence": "SE_EP",
    "SequenceName": "epfid2d1_64",
    "SequenceVariant": "SK",
    "SeriesDescription": "Nback_dc_opt_DiCo",
    "SeriesNumber": 6,
    "ShimSetting": [
      25,
      -13,
      23,
      1135,
      238,
      -2884,
      2150,
      273
    ],
    "SliceThickness": 3,
    "SoftwareVersions": "syngo_MR_2004A_4VA25A",
    "SpacingBetweenSlices": 3.6,
    "StationName": "WES4T",
    "TaskName": "nback",
    "TxRefAmp": 203.581,
    "dataset": "ds004169",
    "modality": "bold",
    "session_id": "01",
    "subject_id": "0164",
    "task_id": "nback"
  },
  "dummy_trs": 0,
  "dvars_nstd": 28.016789315079365,
  "dvars_std": 1.2311488503968253,
  "dvars_vstd": 1.017173890952381,
  "efc": 0.48039305356250245,
  "fber": 1970.6865234375,
  "fd_mean": 0.11408997299883958,
  "fd_num": 8,
  "fd_perc": 6.299212598425197,
  "fwhm_avg": 1.8191785091145467,
  "fwhm_x": 1.734536347826087,
  "fwhm_y": 2.029824134663732,
  "fwhm_z": 1.693175044853821,
  "gcor": 0.0295679,
  "gsr_x": -0.014572623185813427,
  "gsr_y": 0.02962411567568779,
  "provenance": {
    "md5sum": "11a03582b1b4a65268a8f46f97aaa634",
    "settings": {
      "fd_thres": 0.2,
      "testing": false
    },
    "software": "mriqc",
    "version": "22.0.6",
    "webapi_port": null,
    "webapi_url": "https://mriqc.nimh.nih.gov/api/v1"
  },
  "size_t": 127,
  "size_x": 64,
  "size_y": 64,
  "size_z": 36,
  "snr": 4.817617037044733,
  "spacing_tr": 2.0999999046325684,
  "spacing_x": 3.59375,
  "spacing_y": 3.593749761581421,
  "spacing_z": 3.5999999046325684,
  "summary_bg_k": 26.81746310556549,
  "summary_bg_mad": 7.576447479627544,
  "summary_bg_mean": 27.695127487182617,
  "summary_bg_median": 13.259842872619629,
  "summary_bg_n": 95531.0,
  "summary_bg_p05": 7.6299214363098145,
  "summary_bg_p95": 91.6692886352539,
  "summary_bg_stdv": 39.37738800048828,
  "summary_fg_k": 4.713154418380638,
  "summary_fg_mad": 106.1695303582415,
  "summary_fg_mean": 618.2761840820312,
  "summary_fg_median": 607.161376953125,
  "summary_fg_n": 21492.0,
  "summary_fg_p05": 446.0905456542969,
  "summary_fg_p95": 807.0385803222657,
  "summary_fg_stdv": 126.0264663696289,
  "tsnr": 57.116481644217856
}