{
  "aor": 0.0028086614173228356,
  "aqi": 0.013159022755905513,
  "bids_meta": {
    "AcquisitionMatrixPE": 64,
    "AcquisitionNumber": 1,
    "AcquisitionTime": "08:57:1.475000",
    "BaseResolution": 64,
    "ConversionSoftware": "dcm2niix",
    "ConversionSoftwareVersion": "v1.0.20190410  GCC6.3.0",
    "DeviceSerialNumber": "18011",
    "EchoTime": 0.03,
    "FlipAngle": 90,
    "ImageComments": "Fake_MoCo_Reference_Volume_+_DiCo_Applied",
    "ImageOrientationPatientDICOM": [
      0.996213,
      0.00608794,
      0.08673,
      -1.66228e-08,
      0.997545,
      -0.0700216
    ],
    "ImageType": [
      "ORIGINAL",
      "PRIMARY",
      "M",
      "ND",
      "MOSAIC"
    ],
    "ImagingFrequency": 168.217,
    "InPlanePhaseEncodingDirectionDICOM": "COL",
    "MRAcquisitionType": "2D",
    "MagneticFieldStrength": 3.95064,
    "Manufacturer": "Siemens",
    "ManufacturersModelName": "MedSpec_4T",
    "Modality": "MR",
    "PartialFourier": 1,
    "PatientPosition": "HFS",
    "PercentPhaseFOV": 100,
    "PhaseEncodingDirection": "j-",
    "PhaseEncodingSteps": 64,
    "PhaseResolution": 1,
    "PixelBandwidth": 2790,
    "ProtocolName": "Nback_dc",
    "PulseSequenceDetails": "%CustomerSeq%_mz_ep2d_bold_dc",
    "ReceiveCoilName": "Head_4T",
    "ReconMatrixPE": 64,
    "RepetitionTime": 2.1,
    "SAR": 0.0536008,
    "ScanOptions": "FS",
    "ScanningSequence": "SE_EP",
    "SequenceName": "epfid2d1_64",
    "SequenceVariant": "SK",
    "SeriesDescription": "Nback_dc_DiCo",
    "SeriesNumber": 7,
    "ShimSetting": [
      31,
      -5,
      -11,
      906,
      -752,
      -3238,
      2802,
      -89
    ],
    "SliceThickness": 3,
    "SoftwareVersions": "syngo_MR_2002B_4VA21A",
    "SpacingBetweenSlices": 3.6,
    "StationName": "wes4T",
    "TaskName": "nback",
    "TxRefAmp": 178.504,
    "dataset": "ds004169",
    "modality": "bold",
    "session_id": "01",
    "subject_id": "0694",
    "task_id": "nback"
  },
  "dummy_trs": 0,
  "dvars_nstd": 25.55171121880951,
  "dvars_std": 1.0311863653174604,
  "dvars_vstd": 0.953020364047619,
  "efc": 0.4755725768279636,
  "fber": 2005.6807861328125,
  "fd_mean": 0.16761415588117357,
  "fd_num": 26,
  "fd_perc": 20.47244094488189,
  "fwhm_avg": 1.7762042032952585,
  "fwhm_x": 1.646711652173913,
  "fwhm_y": 1.9957259130434781,
  "fwhm_z": 1.686175044668384,
  "gcor": 0.0233629,
  "gsr_x": -0.023855678737163544,
  "gsr_y": 0.041947878897190094,
  "provenance": {
    "md5sum": "c1214a639292be61d57b91219043d686",
    "settings": {
      "fd_thres": 0.2,
      "testing": false
    },
    "software": "mriqc",
    "version": "23.0.1",
    "webapi_port": null,
    "webapi_url": "https://mriqc.nimh.nih.gov/api/v1"
  },
  "size_t": 127,
  "size_x": 64,
  "size_y": 64,
  "size_z": 36,
  "snr": 4.928462230213641,
  "spacing_tr": 2.0999999046325684,
  "spacing_x": 3.59375,
  "spacing_y": 3.59375,
  "spacing_z": 3.5999999046325684,
  "summary_bg_k": 37.25590510302989,
  "summary_bg_mad": 10.296496629029617,
  "summary_bg_mean": 32.33281707763672,
  "summary_bg_median": 17.472440719604492,
  "summary_bg_n": 95398.0,
  "summary_bg_p05": 9.653543472290039,
  "summary_bg_p95": 92.3464584350586,
  "summary_bg_stdv": 39.78956604003906,
  "summary_fg_k": 3.5358457365063085,
  "summary_fg_mad": 127.02509415232804,
  "summary_fg_mean": 804.8507690429688,
  "summary_fg_median": 784.8306884765625,
  "summary_fg_n": 22110.0,
  "summary_fg_p05": 593.2401428222656,
  "summary_fg_p95": 1079.447637939453,
  "summary_fg_stdv": 159.24093627929688,
  "tsnr": 43.87133979261853
}