{
  "aor": 0.0018529133858267719,
  "aqi": 0.010907813858267718,
  "bids_meta": {
    "AcquisitionMatrixPE": 64,
    "AcquisitionNumber": 1,
    "AcquisitionTime": "09:18:7.405000",
    "BaseResolution": 64,
    "ConversionSoftware": "dcm2niix",
    "ConversionSoftwareVersion": "v1.0.20190410  GCC6.3.0",
    "DeviceSerialNumber": "18011",
    "EchoTime": 0.03,
    "FlipAngle": 90,
    "ImageComments": "Fake_MoCo_Reference_Volume_+_DiCo_Applied",
    "ImageOrientationPatientDICOM": [
      1,
      0,
      1.38778e-17,
      0,
      0.990268,
      -0.139173
    ],
    "ImageType": [
      "ORIGINAL",
      "PRIMARY",
      "M",
      "ND",
      "MOSAIC"
    ],
    "ImagingFrequency": 168.217,
    "InPlanePhaseEncodingDirectionDICOM": "COL",
    "MRAcquisitionType": "2D",
    "MagneticFieldStrength": 3.95064,
    "Manufacturer": "Siemens",
    "ManufacturersModelName": "MedSpec_4T",
    "Modality": "MR",
    "PartialFourier": 1,
    "PatientPosition": "HFS",
    "PercentPhaseFOV": 100,
    "PhaseEncodingDirection": "j-",
    "PhaseEncodingSteps": 64,
    "PhaseResolution": 1,
    "PixelBandwidth": 2790,
    "ProtocolName": "Nback_dc",
    "PulseSequenceDetails": "%CustomerSeq%_mz_ep2d_bold_dc",
    "ReceiveCoilName": "Head_4T",
    "ReconMatrixPE": 64,
    "RepetitionTime": 2.1,
    "SAR": 0.0405578,
    "ScanOptions": "FS",
    "ScanningSequence": "SE_EP",
    "SequenceName": "epfid2d1_64",
    "SequenceVariant": "SK",
    "SeriesDescription": "Nback_dc_DiCo",
    "SeriesNumber": 7,
    "ShimSetting": [
      27,
      -20,
      -36,
      1736,
      472,
      -3277,
      2863,
      -204
    ],
    "SliceThickness": 3,
    "SoftwareVersions": "syngo_MR_2002B_4VA21A",
    "SpacingBetweenSlices": 3.6,
    "StationName": "wes4T",
    "TaskName": "nback",
    "TxRefAmp": 166.096,
    "dataset": "ds004169",
    "modality": "bold",
    "session_id": "01",
    "subject_id": "1195",
    "task_id": "nback"
  },
  "dummy_trs": 0,
  "dvars_nstd": 31.788835510079373,
  "dvars_std": 1.1568012302380948,
  "dvars_vstd": 0.9581092041269841,
  "efc": 0.4330374455004726,
  "fber": 3360.100341796875,
  "fd_mean": 0.26820437989223445,
  "fd_num": 77,
  "fd_perc": 60.62992125984252,
  "fwhm_avg": 1.8218427557705796,
  "fwhm_x": 1.694689391304348,
  "fwhm_y": 2.068766608695652,
  "fwhm_z": 1.702072267311739,
  "gcor": 0.0140417,
  "gsr_x": -0.01680387370288372,
  "gsr_y": 0.03272439166903496,
  "provenance": {
    "md5sum": "b148f89048a21fe5ee9c4dde54cf06d7",
    "settings": {
      "fd_thres": 0.2,
      "testing": false
    },
    "software": "mriqc",
    "version": "23.0.1",
    "webapi_port": null,
    "webapi_url": "https://mriqc.nimh.nih.gov/api/v1"
  },
  "size_t": 127,
  "size_x": 64,
  "size_y": 64,
  "size_z": 36,
  "snr": 5.400652586547237,
  "spacing_tr": 2.0999999046325684,
  "spacing_x": 3.59375,
  "spacing_y": 3.59375,
  "spacing_z": 3.5999999046325684,
  "summary_bg_k": 49.120810991924166,
  "summary_bg_mad": 8.183496917425813,
  "summary_bg_mean": 26.95924186706543,
  "summary_bg_median": 13.700787544250488,
  "summary_bg_n": 100882.0,
  "summary_bg_p05": 6.984251976013184,
  "summary_bg_p95": 81.45630187988279,
  "summary_bg_stdv": 37.462162017822266,
  "summary_fg_k": 3.6400378040594443,
  "summary_fg_mad": 126.79162773852528,
  "summary_fg_mean": 804.9060668945312,
  "summary_fg_median": 795.8031616210938,
  "summary_fg_n": 17627.0,
  "summary_fg_p05": 590.0889709472656,
  "summary_fg_p95": 1032.4291259765625,
  "summary_fg_stdv": 147.34896850585938,
  "tsnr": 47.00903774285689
}