{
  "bids_meta": {
    "AcquisitionMatrixPE": 225,
    "AcquisitionNumber": 1,
    "AcquisitionTime": "09:49:3.607490",
    "BaseResolution": 256,
    "ConversionSoftware": "dcm2niix",
    "ConversionSoftwareVersion": "v1.0.20190410  GCC6.3.0",
    "DeviceSerialNumber": "18011",
    "EchoTime": 0.00335,
    "FlipAngle": 8,
    "ImageOrientationPatientDICOM": [
      1,
      0,
      0,
      0,
      0,
      -1
    ],
    "ImageType": [
      "ORIGINAL",
      "PRIMARY",
      "M",
      "ND"
    ],
    "ImagingFrequency": 168.217,
    "InPlanePhaseEncodingDirectionDICOM": "ROW",
    "InversionTime": 0.7,
    "MRAcquisitionType": "3D",
    "MagneticFieldStrength": 3.95064,
    "Manufacturer": "Siemens",
    "ManufacturersModelName": "MedSpec_4T",
    "Modality": "MR",
    "PartialFourier": 0.875,
    "PatientPosition": "HFS",
    "PercentPhaseFOV": 100,
    "PhaseEncodingSteps": 197,
    "PhaseResolution": 0.878906,
    "PixelBandwidth": 200,
    "ProtocolName": "t1_mpr_cor",
    "PulseSequenceDetails": "%SiemensSeq%_tfl",
    "ReceiveCoilName": "Head_4T",
    "ReconMatrixPE": 256,
    "RepetitionTime": 1.5,
    "SAR": 0.00392155,
    "ScanOptions": "IR",
    "ScanningSequence": "IR_GR",
    "SequenceName": "tfl3d1_ns",
    "SequenceVariant": "SP_MP",
    "SeriesDescription": "t1_mpr_cor",
    "SeriesNumber": 8,
    "ShimSetting": [
      22,
      -6,
      -2,
      1792,
      109,
      -2987,
      1756,
      -279
    ],
    "SliceThickness": 0.9,
    "SoftwareVersions": "syngo_MR_2002B_4VA21A",
    "StationName": "wes4T",
    "TxRefAmp": 198.329,
    "dataset": "ds004169",
    "modality": "T1w",
    "session_id": "01",
    "subject_id": "1139"
  },
  "cjv": 0.38244599423816705,
  "cnr": 3.421887660281847,
  "efc": 0.47746703909894694,
  "fber": 1844.8477444047703,
  "fwhm_avg": 4.460851894787409,
  "fwhm_x": 4.481077333333333,
  "fwhm_y": 4.862289017695559,
  "fwhm_z": 4.039189333333334,
  "icvs_csf": 0.18629495702234794,
  "icvs_gm": 0.44047233908128874,
  "icvs_wm": 0.37323270389636326,
  "inu_med": 0.6695738434791565,
  "inu_range": 0.47457998991012573,
  "provenance": {
    "md5sum": "7e1be4a3d8cccbd2b6a22e394d6b061e",
    "settings": {
      "testing": false
    },
    "software": "mriqc",
    "version": "23.0.1",
    "warnings": {
      "large_rot_frame": true,
      "small_air_mask": false
    },
    "webapi_port": null,
    "webapi_url": "https://mriqc.nimh.nih.gov/api/v1"
  },
  "qi_1": 0.0,
  "qi_2": 0.02498418658402442,
  "rpve_csf": 31.62502844227356,
  "rpve_gm": 14.630246561707489,
  "rpve_wm": 19.80831976320875,
  "size_x": 256,
  "size_y": 256,
  "size_z": 256,
  "snr_csf": 1.692301251969622,
  "snr_gm": 10.009519377518474,
  "snr_total": 9.751769871367904,
  "snr_wm": 17.553488984615612,
  "snrd_csf": 9.588856473133816,
  "snrd_gm": 22.36493417501931,
  "snrd_total": 21.583519229849596,
  "snrd_wm": 32.79676704139566,
  "spacing_x": 0.9375,
  "spacing_y": 0.8999999761581421,
  "spacing_z": 0.9375,
  "summary_bg_k": 9.608657741032692,
  "summary_bg_mad": 19.97633058051142,
  "summary_bg_mean": 19.37080927588963,
  "summary_bg_median": 13.473830223083496,
  "summary_bg_n": 5002580.0,
  "summary_bg_p05": 0.0,
  "summary_bg_p95": 71.82587957382202,
  "summary_bg_stdv": 27.452035177838734,
  "summary_csf_k": 22.966213048589108,
  "summary_csf_mad": 110.7918026811441,
  "summary_csf_mean": 311.1647361633791,
  "summary_csf_median": 292.38211584091187,
  "summary_csf_n": 30364.0,
  "summary_csf_p05": 104.1734365940094,
  "summary_csf_p95": 521.8172607421875,
  "summary_csf_stdv": 172.7690627440478,
  "summary_gm_k": 0.10134496654591896,
  "summary_gm_mad": 67.45853172957318,
  "summary_gm_mean": 681.9715567398082,
  "summary_gm_median": 681.9485507011414,
  "summary_gm_n": 54168.0,
  "summary_gm_p05": 569.2641446828842,
  "summary_gm_p95": 793.3322138786316,
  "summary_gm_stdv": 68.12937067178173,
  "summary_wm_k": 0.41378296398181824,
  "summary_wm_mad": 54.19219936969508,
  "summary_wm_mean": 1001.6518167877662,
  "summary_wm_median": 1000.0345888137817,
  "summary_wm_n": 286049.0,
  "summary_wm_p05": 910.8309230804443,
  "summary_wm_p95": 1098.0826148986816,
  "summary_wm_stdv": 56.970602350107065,
  "tpm_overlap_csf": 0.14105890917457245,
  "tpm_overlap_gm": 0.45314440898969466,
  "tpm_overlap_wm": 0.503816067059808,
  "wm2max": 0.5627095477547135
}