{
  "aor": 0.0022094488188976378,
  "aqi": 0.009331269763779529,
  "bids_meta": {
    "AcquisitionMatrixPE": 64,
    "AcquisitionNumber": 1,
    "AcquisitionTime": "12:52:28.407500",
    "BaseResolution": 64,
    "ConversionSoftware": "dcm2niix",
    "ConversionSoftwareVersion": "v1.0.20190410  GCC6.3.0",
    "DeviceSerialNumber": "18011",
    "EchoTime": 0.03,
    "FlipAngle": 90,
    "ImageComments": "Fake_MoCo_Reference_Volume_+_DiCo_Applied",
    "ImageOrientationPatientDICOM": [
      1,
      0,
      -1.38778e-17,
      0,
      0.984808,
      -0.173648
    ],
    "ImageType": [
      "ORIGINAL",
      "PRIMARY",
      "M",
      "ND",
      "MOSAIC"
    ],
    "ImagingFrequency": 168.255,
    "InPlanePhaseEncodingDirectionDICOM": "COL",
    "MRAcquisitionType": "2D",
    "MagneticFieldStrength": 3.95064,
    "Manufacturer": "Siemens",
    "ManufacturersModelName": "MedSpec_4T",
    "Modality": "MR",
    "PartialFourier": 1,
    "PatientPosition": "HFS",
    "PercentPhaseFOV": 100,
    "PhaseEncodingDirection": "j-",
    "PhaseEncodingSteps": 64,
    "PhaseResolution": 1,
    "PixelBandwidth": 2790,
    "ProtocolName": "Nback_dc_opt",
    "PulseSequenceDetails": "%CustomerSeq%_kt_ep2d_bold_dc",
    "ReceiveCoilName": "Head_4T",
    "ReconMatrixPE": 64,
    "RepetitionTime": 2.1,
    "SAR": 0.037435,
    "ScanOptions": "FS",
    "ScanningSequence": "SE_EP",
    "SequenceName": "epfid2d1_64",
    "SequenceVariant": "SK",
    "SeriesDescription": "Nback_dc_opt_DiCo",
    "SeriesNumber": 7,
    "ShimSetting": [
      20,
      -13,
      35,
      1596,
      606,
      -3403,
      2704,
      -385
    ],
    "SliceThickness": 3,
    "SoftwareVersions": "syngo_MR_2002B_4VA21A",
    "SpacingBetweenSlices": 3.6,
    "StationName": "wes4T",
    "TaskName": "nback",
    "TxRefAmp": 187.18,
    "dataset": "ds004169",
    "modality": "bold",
    "session_id": "01",
    "subject_id": "0379",
    "task_id": "nback"
  },
  "dummy_trs": 0,
  "dvars_nstd": 30.918954077698416,
  "dvars_std": 1.230334933492064,
  "dvars_vstd": 0.9710709802380953,
  "efc": 0.47093373272929145,
  "fber": 2410.919677734375,
  "fd_mean": 0.14093553977137735,
  "fd_num": 17,
  "fd_perc": 13.385826771653543,
  "fwhm_avg": 1.6913657034011482,
  "fwhm_x": 1.5468577391304348,
  "fwhm_y": 1.9202532173913043,
  "fwhm_z": 1.606986153681706,
  "gcor": 0.0229311,
  "gsr_x": -0.028032761067152023,
  "gsr_y": 0.03212936222553253,
  "provenance": {
    "md5sum": "2ce268f2b1a8ad3ecd82e7658d315fcd",
    "settings": {
      "fd_thres": 0.2,
      "testing": false
    },
    "software": "mriqc",
    "version": "23.0.1",
    "webapi_port": null,
    "webapi_url": "https://mriqc.nimh.nih.gov/api/v1"
  },
  "size_t": 127,
  "size_x": 64,
  "size_y": 64,
  "size_z": 36,
  "snr": 5.369471540344807,
  "spacing_tr": 2.0999999046325684,
  "spacing_x": 3.59375,
  "spacing_y": 3.59375,
  "spacing_z": 3.5999999046325684,
  "summary_bg_k": 35.39227797519348,
  "summary_bg_mad": 8.008385795716483,
  "summary_bg_mean": 28.94239044189453,
  "summary_bg_median": 14.755905151367188,
  "summary_bg_n": 95699.0,
  "summary_bg_p05": 8.77952766418457,
  "summary_bg_p95": 84.53543090820312,
  "summary_bg_stdv": 38.34429168701172,
  "summary_fg_k": 2.3968506395838256,
  "summary_fg_mad": 125.92192010168097,
  "summary_fg_mean": 755.8134765625,
  "summary_fg_median": 744.5078125,
  "summary_fg_n": 21566.0,
  "summary_fg_p05": 556.1948699951172,
  "summary_fg_p95": 982.9311065673828,
  "summary_fg_stdv": 138.65248107910156,
  "tsnr": 51.15988630056381
}