{
  "bids_meta": {
    "AcquisitionMatrixPE": 225,
    "AcquisitionNumber": 1,
    "AcquisitionTime": "10:03:29.765010",
    "BaseResolution": 256,
    "ConversionSoftware": "dcm2niix",
    "ConversionSoftwareVersion": "v1.0.20190410  GCC6.3.0",
    "DeviceSerialNumber": "18011",
    "EchoTime": 0.00335,
    "FlipAngle": 8,
    "ImageOrientationPatientDICOM": [
      0,
      1,
      0,
      0,
      0,
      -1
    ],
    "ImageType": [
      "ORIGINAL",
      "PRIMARY",
      "M",
      "ND"
    ],
    "ImagingFrequency": 168.255,
    "InPlanePhaseEncodingDirectionDICOM": "ROW",
    "InversionTime": 0.7,
    "MRAcquisitionType": "3D",
    "MagneticFieldStrength": 3.95064,
    "Manufacturer": "Siemens",
    "ManufacturersModelName": "MedSpec_4T",
    "Modality": "MR",
    "PartialFourier": 0.875,
    "PatientPosition": "HFS",
    "PercentPhaseFOV": 100,
    "PhaseEncodingSteps": 197,
    "PhaseResolution": 0.878906,
    "PixelBandwidth": 200,
    "ProcedureStepDescription": "Research_fMRI",
    "ProtocolName": "t1_mpr_sag",
    "PulseSequenceDetails": "%SiemensSeq%_tfl",
    "ReceiveCoilName": "Head",
    "ReconMatrixPE": 256,
    "RepetitionTime": 1.5,
    "SAR": 0.0510028,
    "ScanOptions": "IR",
    "ScanningSequence": "IR_GR",
    "SequenceName": "tfl3d1_ns",
    "SequenceVariant": "SP_MP",
    "SeriesDescription": "t1_mpr_sag",
    "SeriesNumber": 8,
    "ShimSetting": [
      16,
      21,
      21,
      1661,
      -19,
      -3332,
      2330,
      433
    ],
    "SliceThickness": 0.9,
    "SoftwareVersions": "syngo_MR_2004A_4VA25A",
    "StationName": "WES4T",
    "TxRefAmp": 180.539,
    "dataset": "ds004169",
    "modality": "T1w",
    "session_id": "01",
    "subject_id": "0995"
  },
  "cjv": 0.32877503372650657,
  "cnr": 3.9563847772026812,
  "efc": 0.47787654056122014,
  "fber": 4037.829631574142,
  "fwhm_avg": 5.137028047672238,
  "fwhm_x": 5.398700143016713,
  "fwhm_y": 5.3514133333333325,
  "fwhm_z": 4.660970666666667,
  "icvs_csf": 0.2032096877090213,
  "icvs_gm": 0.44352786599575234,
  "icvs_wm": 0.35326244629522635,
  "inu_med": 0.6174100935459137,
  "inu_range": 0.41896017640829086,
  "provenance": {
    "md5sum": "996302ae9d0c555de86a655079aa69df",
    "settings": {
      "testing": false
    },
    "software": "mriqc",
    "version": "23.0.1",
    "warnings": {
      "large_rot_frame": true,
      "small_air_mask": false
    },
    "webapi_port": null,
    "webapi_url": "https://mriqc.nimh.nih.gov/api/v1"
  },
  "qi_1": 0.0,
  "qi_2": 0.00507986655783896,
  "rpve_csf": 24.112383227020423,
  "rpve_gm": 11.730792267612278,
  "rpve_wm": 16.954294364274677,
  "size_x": 240,
  "size_y": 256,
  "size_z": 256,
  "snr_csf": 2.2416228007103323,
  "snr_gm": 10.443501984106618,
  "snr_total": 11.013463335018342,
  "snr_wm": 20.355265220238074,
  "snrd_csf": 20.930671363186747,
  "snrd_gm": 51.842487694792645,
  "snrd_total": 50.02324685985648,
  "snrd_wm": 77.29658152159004,
  "spacing_x": 0.8999999761581421,
  "spacing_y": 0.9375,
  "spacing_z": 0.9375,
  "summary_bg_k": 43.892980204351176,
  "summary_bg_mad": 8.475876989031647,
  "summary_bg_mean": 14.060609370020709,
  "summary_bg_median": 5.7168921530246735,
  "summary_bg_n": 4005740.0,
  "summary_bg_p05": 0.0,
  "summary_bg_p95": 51.604074381291866,
  "summary_bg_stdv": 19.74991359510679,
  "summary_csf_k": 9.116811053157706,
  "summary_csf_mad": 114.06366373537271,
  "summary_csf_mean": 270.2276963571477,
  "summary_csf_median": 270.79215224832296,
  "summary_csf_n": 45363.0,
  "summary_csf_p05": 77.092898863554,
  "summary_csf_p95": 454.3074312604964,
  "summary_csf_stdv": 120.80050551821407,
  "summary_gm_k": 0.23668608745989417,
  "summary_gm_mad": 63.2760284792868,
  "summary_gm_mean": 668.8409258110984,
  "summary_gm_median": 670.7161264531314,
  "summary_gm_n": 61564.0,
  "summary_gm_p05": 560.8027930110693,
  "summary_gm_p95": 770.199172616005,
  "summary_gm_stdv": 64.222775094392,
  "summary_wm_k": 0.6758177451424636,
  "summary_wm_mad": 44.99428316517864,
  "summary_wm_mean": 1000.5468015977572,
  "summary_wm_median": 1000.0304007679224,
  "summary_wm_n": 309716.0,
  "summary_wm_p05": 920.9669986516237,
  "summary_wm_p95": 1083.1686089932919,
  "summary_wm_stdv": 49.12875246356707,
  "tpm_overlap_csf": 0.11924407521441963,
  "tpm_overlap_gm": 0.453997764882325,
  "tpm_overlap_wm": 0.49141965123254944,
  "wm2max": 0.5843179758710755
}