{
  "bids_meta": {
    "AcquisitionMatrixPE": 225,
    "AcquisitionNumber": 1,
    "AcquisitionTime": "09:20:15.557520",
    "BaseResolution": 256,
    "ConversionSoftware": "dcm2niix",
    "ConversionSoftwareVersion": "v1.0.20190410  GCC6.3.0",
    "DeviceSerialNumber": "18011",
    "EchoTime": 0.00335,
    "FlipAngle": 8,
    "ImageOrientationPatientDICOM": [
      1,
      0,
      0,
      0,
      0,
      -1
    ],
    "ImageType": [
      "ORIGINAL",
      "PRIMARY",
      "M",
      "ND"
    ],
    "ImagingFrequency": 168.255,
    "InPlanePhaseEncodingDirectionDICOM": "ROW",
    "InversionTime": 0.7,
    "MRAcquisitionType": "3D",
    "MagneticFieldStrength": 3.95064,
    "Manufacturer": "Siemens",
    "ManufacturersModelName": "MedSpec_4T",
    "Modality": "MR",
    "PartialFourier": 0.875,
    "PatientPosition": "HFS",
    "PercentPhaseFOV": 100,
    "PhaseEncodingSteps": 197,
    "PhaseResolution": 0.878906,
    "PixelBandwidth": 200,
    "ProcedureStepDescription": "Research_fMRI",
    "ProtocolName": "t1_mpr_cor",
    "PulseSequenceDetails": "%SiemensSeq%_tfl",
    "ReceiveCoilName": "Head",
    "ReconMatrixPE": 256,
    "RepetitionTime": 1.5,
    "SAR": 0.0621564,
    "ScanOptions": "IR",
    "ScanningSequence": "IR_GR",
    "SequenceName": "tfl3d1_ns",
    "SequenceVariant": "SP_MP",
    "SeriesDescription": "t1_mpr_cor",
    "SeriesNumber": 2,
    "ShimSetting": [
      12,
      -2,
      33,
      2138,
      430,
      -4614,
      2885,
      229
    ],
    "SliceThickness": 0.9,
    "SoftwareVersions": "syngo_MR_2004A_4VA25A",
    "StationName": "WES4T",
    "TxRefAmp": 175.88,
    "dataset": "ds004169",
    "modality": "T1w",
    "session_id": "02",
    "subject_id": "1106"
  },
  "cjv": 0.30713402783211374,
  "cnr": 4.281904151200277,
  "efc": 0.42199279186574856,
  "fber": 14919.10564312871,
  "fwhm_avg": 4.771368343559298,
  "fwhm_x": 4.810944,
  "fwhm_y": 5.35235569734456,
  "fwhm_z": 4.1508053333333335,
  "icvs_csf": 0.214927315183705,
  "icvs_gm": 0.4313241036536827,
  "icvs_wm": 0.3537485811626124,
  "inu_med": 0.5941044986248016,
  "inu_range": 0.38682747632265074,
  "provenance": {
    "md5sum": "92c376778c16c95b478b89d2df79c21c",
    "settings": {
      "testing": false
    },
    "software": "mriqc",
    "version": "23.0.1",
    "warnings": {
      "large_rot_frame": true,
      "small_air_mask": false
    },
    "webapi_port": null,
    "webapi_url": "https://mriqc.nimh.nih.gov/api/v1"
  },
  "qi_1": 2.6327567596029803e-06,
  "qi_2": 0.00411050931561288,
  "rpve_csf": 29.447601515645403,
  "rpve_gm": 15.51598614866619,
  "rpve_wm": 22.205935766386045,
  "size_x": 256,
  "size_y": 240,
  "size_z": 256,
  "snr_csf": 1.807818007976557,
  "snr_gm": 10.743181449914209,
  "snr_total": 11.68393655772005,
  "snr_wm": 22.500810215269382,
  "snrd_csf": 29.606146714284137,
  "snrd_gm": 65.06270046176304,
  "snrd_total": 64.12344732365227,
  "snrd_wm": 97.70149479490965,
  "spacing_x": 0.9375,
  "spacing_y": 0.8999999761581421,
  "spacing_z": 0.9375,
  "summary_bg_k": 11.728845529667929,
  "summary_bg_mad": 6.705490236054905,
  "summary_bg_mean": 11.004146589205229,
  "summary_bg_median": 4.522784434258938,
  "summary_bg_n": 4290470.0,
  "summary_bg_p05": 0.0,
  "summary_bg_p95": 42.59471641853452,
  "summary_bg_stdv": 16.414440765229408,
  "summary_csf_k": 25.508870979201262,
  "summary_csf_mad": 115.92231065618206,
  "summary_csf_mean": 313.285475873281,
  "summary_csf_median": 303.02655709534883,
  "summary_csf_n": 32757.0,
  "summary_csf_p05": 105.50478922054172,
  "summary_csf_p95": 497.38857146129004,
  "summary_csf_stdv": 167.6174981950704,
  "summary_gm_k": 0.09106472830578793,
  "summary_gm_mad": 61.49761250738026,
  "summary_gm_mean": 665.5791978990534,
  "summary_gm_median": 665.9335409812629,
  "summary_gm_n": 41480.0,
  "summary_gm_p05": 563.116091142036,
  "summary_gm_p95": 766.5205765789374,
  "summary_gm_stdv": 61.985876052946416,
  "summary_wm_k": 0.7119917267744955,
  "summary_wm_mad": 41.105573707322876,
  "summary_wm_mean": 1000.0672275313424,
  "summary_wm_median": 1000.000029604882,
  "summary_wm_n": 234422.0,
  "summary_wm_p05": 926.4892935603857,
  "summary_wm_p95": 1072.643382333219,
  "summary_wm_stdv": 44.44275060007911,
  "tpm_overlap_csf": 0.1404763876341747,
  "tpm_overlap_gm": 0.46544818345232974,
  "tpm_overlap_wm": 0.5058704018741748,
  "wm2max": 0.604448809523166
}