{
  "bids_meta": {
    "AcquisitionMatrixPE": 225,
    "AcquisitionNumber": 1,
    "AcquisitionTime": "11:01:52.537480",
    "BaseResolution": 256,
    "ConversionSoftware": "dcm2niix",
    "ConversionSoftwareVersion": "v1.0.20190410  GCC6.3.0",
    "DeviceSerialNumber": "18011",
    "EchoTime": 0.00335,
    "FlipAngle": 8,
    "ImageOrientationPatientDICOM": [
      1,
      0,
      0,
      0,
      0,
      -1
    ],
    "ImageType": [
      "ORIGINAL",
      "PRIMARY",
      "M",
      "ND"
    ],
    "ImagingFrequency": 168.217,
    "InPlanePhaseEncodingDirectionDICOM": "ROW",
    "InversionTime": 0.7,
    "MRAcquisitionType": "3D",
    "MagneticFieldStrength": 3.95064,
    "Manufacturer": "Siemens",
    "ManufacturersModelName": "MedSpec_4T",
    "Modality": "MR",
    "PartialFourier": 0.875,
    "PatientPosition": "HFS",
    "PercentPhaseFOV": 100,
    "PhaseEncodingSteps": 197,
    "PhaseResolution": 0.878906,
    "PixelBandwidth": 200,
    "ProtocolName": "t1_mpr_cor",
    "PulseSequenceDetails": "%SiemensSeq%_tfl",
    "ReceiveCoilName": "Head_4T",
    "ReconMatrixPE": 256,
    "RepetitionTime": 1.5,
    "SAR": 0.0199642,
    "ScanOptions": "IR",
    "ScanningSequence": "IR_GR",
    "SequenceName": "tfl3d1_ns",
    "SequenceVariant": "SP_MP",
    "SeriesDescription": "t1_mpr_cor",
    "SeriesNumber": 9,
    "ShimSetting": [
      3,
      -18,
      -1,
      1511,
      908,
      -3273,
      1459,
      40
    ],
    "SliceThickness": 0.9,
    "SoftwareVersions": "syngo_MR_2002B_4VA21A",
    "StationName": "wes4T",
    "TxRefAmp": 188.086,
    "dataset": "ds004169",
    "modality": "T1w",
    "session_id": "01",
    "subject_id": "0697"
  },
  "cjv": 0.3527774239491911,
  "cnr": 3.7454818719199037,
  "efc": 0.45599108833613183,
  "fber": -1.0,
  "fwhm_avg": 4.534096488241939,
  "fwhm_x": 4.642613333333333,
  "fwhm_y": 4.959900131392483,
  "fwhm_z": 3.9997759999999998,
  "icvs_csf": 0.21965350445889167,
  "icvs_gm": 0.4388929352230022,
  "icvs_wm": 0.3414535603181061,
  "inu_med": 0.796287477016449,
  "inu_range": 0.5368114233016966,
  "provenance": {
    "md5sum": "dc65e873f136b87c818a9213f7081ae6",
    "settings": {
      "testing": false
    },
    "software": "mriqc",
    "version": "23.0.1",
    "warnings": {
      "large_rot_frame": true,
      "small_air_mask": false
    },
    "webapi_port": null,
    "webapi_url": "https://mriqc.nimh.nih.gov/api/v1"
  },
  "qi_1": 0.0,
  "qi_2": 0.024409505000136517,
  "rpve_csf": 26.417410480723195,
  "rpve_gm": 14.06949398089648,
  "rpve_wm": 20.83102740760999,
  "size_x": 256,
  "size_y": 256,
  "size_z": 256,
  "snr_csf": 2.1771664670044926,
  "snr_gm": 9.660816806531791,
  "snr_total": 9.798245272018642,
  "snr_wm": 17.55675254251964,
  "snrd_csf": 6.983101608644323,
  "snrd_gm": 16.961201137762597,
  "snrd_total": 16.612394515494486,
  "snrd_wm": 25.892880800076533,
  "spacing_x": 0.9375,
  "spacing_y": 0.8999999761581421,
  "spacing_z": 0.9375,
  "summary_bg_k": 71.98009623620784,
  "summary_bg_mad": 0.0,
  "summary_bg_mean": 14.189614711367236,
  "summary_bg_median": 0.0,
  "summary_bg_n": 4693772.0,
  "summary_bg_p05": 0.0,
  "summary_bg_p95": 63.466428235173225,
  "summary_bg_stdv": 25.301795840606562,
  "summary_csf_k": 28.699286091282826,
  "summary_csf_mad": 102.05647057892554,
  "summary_csf_mean": 282.53456075047,
  "summary_csf_median": 269.6919469535351,
  "summary_csf_n": 40280.0,
  "summary_csf_p05": 113.36751303076744,
  "summary_csf_p95": 465.5860032130029,
  "summary_csf_stdv": 123.8713728622162,
  "summary_gm_k": 0.1457871592718165,
  "summary_gm_mad": 66.8604560918826,
  "summary_gm_mean": 654.2551061651204,
  "summary_gm_median": 655.0526705570519,
  "summary_gm_n": 51304.0,
  "summary_gm_p05": 542.2907532155514,
  "summary_gm_p95": 764.4636250846088,
  "summary_gm_stdv": 67.80444134411965,
  "summary_wm_k": 0.44537619918358384,
  "summary_wm_mad": 54.82916542539343,
  "summary_wm_mean": 1000.8975269652245,
  "summary_wm_median": 999.9999751634896,
  "summary_wm_n": 266602.0,
  "summary_wm_p05": 909.2413678653538,
  "summary_wm_p95": 1095.3207366541028,
  "summary_wm_stdv": 56.958033513609344,
  "tpm_overlap_csf": 0.1466040780649853,
  "tpm_overlap_gm": 0.4625811342300197,
  "tpm_overlap_wm": 0.4999965771151631,
  "wm2max": 0.4205263157894737
}