{
  "aor": 0.0049351968503937,
  "aqi": 0.01235768,
  "bids_meta": {
    "AcquisitionMatrixPE": 64,
    "AcquisitionNumber": 1,
    "AcquisitionTime": "03:59:8.950010",
    "BaseResolution": 64,
    "ConversionSoftware": "dcm2niix",
    "ConversionSoftwareVersion": "v1.0.20190410  GCC6.3.0",
    "DeviceSerialNumber": "18011",
    "EchoTime": 0.03,
    "FlipAngle": 90,
    "ImageComments": "Fake_MoCo_Reference_Volume_+_DiCo_Applied",
    "ImageOrientationPatientDICOM": [
      1,
      -1.11022e-16,
      1.73472e-18,
      1.11022e-16,
      0.999848,
      -0.0174524
    ],
    "ImageType": [
      "ORIGINAL",
      "PRIMARY",
      "M",
      "ND",
      "MOSAIC"
    ],
    "ImagingFrequency": 168.255,
    "InPlanePhaseEncodingDirectionDICOM": "COL",
    "MRAcquisitionType": "2D",
    "MagneticFieldStrength": 3.95064,
    "Manufacturer": "Siemens",
    "ManufacturersModelName": "MedSpec_4T",
    "Modality": "MR",
    "PartialFourier": 1,
    "PatientPosition": "HFS",
    "PercentPhaseFOV": 100,
    "PhaseEncodingDirection": "j-",
    "PhaseEncodingSteps": 64,
    "PhaseResolution": 1,
    "PixelBandwidth": 2790,
    "ProtocolName": "Nback_dc_opt",
    "PulseSequenceDetails": "%CustomerSeq%_kt_ep2d_bold_dc",
    "ReceiveCoilName": "Head_4T",
    "ReconMatrixPE": 64,
    "RepetitionTime": 2.1,
    "SAR": 0.0382344,
    "ScanOptions": "FS",
    "ScanningSequence": "SE_EP",
    "SequenceName": "epfid2d1_64",
    "SequenceVariant": "SK",
    "SeriesDescription": "Nback_dc_opt_DiCo",
    "SeriesNumber": 7,
    "ShimSetting": [
      24,
      -20,
      6,
      1594,
      753,
      -3398,
      1956,
      384
    ],
    "SliceThickness": 3,
    "SoftwareVersions": "syngo_MR_2002B_4VA21A",
    "SpacingBetweenSlices": 3.6,
    "StationName": "wes4T",
    "TaskName": "nback",
    "TxRefAmp": 194.843,
    "dataset": "ds004169",
    "modality": "bold",
    "session_id": "01",
    "subject_id": "0486",
    "task_id": "nback"
  },
  "dummy_trs": 0,
  "dvars_nstd": 28.056363726349204,
  "dvars_std": 1.057046190555556,
  "dvars_vstd": 0.9649937671428571,
  "efc": 0.4594689204892946,
  "fber": 2250.569091796875,
  "fd_mean": 0.22302396447046513,
  "fd_num": 22,
  "fd_perc": 17.322834645669293,
  "fwhm_avg": 1.790660146138914,
  "fwhm_x": 1.6722170434782608,
  "fwhm_y": 2.1036911304347825,
  "fwhm_z": 1.596072264503698,
  "gcor": 0.0187332,
  "gsr_x": -0.020533069968223572,
  "gsr_y": 0.03679870441555977,
  "provenance": {
    "md5sum": "fe443959b15520d33c1939b666dfeca0",
    "settings": {
      "fd_thres": 0.2,
      "testing": false
    },
    "software": "mriqc",
    "version": "23.0.1",
    "webapi_port": null,
    "webapi_url": "https://mriqc.nimh.nih.gov/api/v1"
  },
  "size_t": 127,
  "size_x": 64,
  "size_y": 64,
  "size_z": 36,
  "snr": 5.19766661582829,
  "spacing_tr": 2.0999999046325684,
  "spacing_x": 3.59375,
  "spacing_y": 3.59375,
  "spacing_z": 3.5999999046325684,
  "summary_bg_k": 69.23638057616415,
  "summary_bg_mad": 9.432617169012424,
  "summary_bg_mean": 33.13488006591797,
  "summary_bg_median": 16.637794494628906,
  "summary_bg_n": 98545.0,
  "summary_bg_p05": 8.921259880065918,
  "summary_bg_p95": 102.18582305908186,
  "summary_bg_stdv": 46.53411102294922,
  "summary_fg_k": 4.6535296507065045,
  "summary_fg_mad": 122.69411119457068,
  "summary_fg_mean": 791.6453857421875,
  "summary_fg_median": 780.0157470703125,
  "summary_fg_n": 19307.0,
  "summary_fg_p05": 580.6315185546875,
  "summary_fg_p95": 1032.5574462890625,
  "summary_fg_stdv": 150.0664825439453,
  "tsnr": 43.606142504140735
}