{
  "aor": 0.014990466666666667,
  "aqi": 0.019350612533333336,
  "bids_meta": {
    "AcquisitionMatrixPE": 64,
    "AcquisitionNumber": 1,
    "AcquisitionTime": "10:39:3.307490",
    "BaseResolution": 64,
    "ConversionSoftware": "dcm2niix",
    "ConversionSoftwareVersion": "v1.0.20190410  GCC6.3.0",
    "DeviceSerialNumber": "18011",
    "EchoTime": 0.03,
    "FlipAngle": 90,
    "ImageComments": "Fake_MoCo_Reference_Volume_+_DiCo_Applied",
    "ImageOrientationPatientDICOM": [
      1,
      0,
      2.77556e-17,
      0,
      0.907044,
      -0.421036
    ],
    "ImageType": [
      "ORIGINAL",
      "PRIMARY",
      "M",
      "ND",
      "DICO",
      "MOSAIC"
    ],
    "ImagingFrequency": 168.255,
    "InPlanePhaseEncodingDirectionDICOM": "COL",
    "MRAcquisitionType": "2D",
    "MagneticFieldStrength": 3.95064,
    "Manufacturer": "Siemens",
    "ManufacturersModelName": "MedSpec_4T",
    "Modality": "MR",
    "PartialFourier": 1,
    "PatientPosition": "HFS",
    "PercentPhaseFOV": 100,
    "PhaseEncodingDirection": "j-",
    "PhaseEncodingSteps": 64,
    "PhaseResolution": 1,
    "PixelBandwidth": 2790,
    "ProcedureStepDescription": "Research_fMRI",
    "ProtocolName": "mz_bold_dc_REST",
    "PulseSequenceDetails": "%CustomerSeq%_mz_ep2d_bold_dc",
    "ReceiveCoilName": "Head",
    "ReconMatrixPE": 64,
    "RepetitionTime": 2.1,
    "SAR": 0.0874726,
    "ScanOptions": "FS",
    "ScanningSequence": "SE_EP",
    "SequenceName": "epfid2d1_64",
    "SequenceVariant": "SK",
    "SeriesDescription": "mz_bold_dc_REST_DiCo",
    "SeriesNumber": 10,
    "ShimSetting": [
      19,
      17,
      26,
      1601,
      549,
      -2522,
      1774,
      -273
    ],
    "SliceThickness": 3,
    "SoftwareVersions": "syngo_MR_2004A_4VA25A",
    "SpacingBetweenSlices": 3.6,
    "StationName": "WES4T",
    "TaskName": "rest",
    "TxRefAmp": 191.329,
    "dataset": "ds004169",
    "modality": "bold",
    "session_id": "01",
    "subject_id": "0799",
    "task_id": "rest"
  },
  "dummy_trs": 0,
  "dvars_nstd": 31.11083408281879,
  "dvars_std": 1.1541124795973152,
  "dvars_vstd": 1.0510902753691276,
  "efc": 0.4739736219973382,
  "fber": 2194.4404296875,
  "fd_mean": 0.4027758669123236,
  "fd_num": 120,
  "fd_perc": 80.0,
  "fwhm_avg": 1.7655411437165494,
  "fwhm_x": 1.6644786086956522,
  "fwhm_y": 1.960256,
  "fwhm_z": 1.6718888224539958,
  "gcor": 0.041714,
  "gsr_x": -0.022840557619929314,
  "gsr_y": 0.03994407132267952,
  "provenance": {
    "md5sum": "55af90e89c239b3971ad93e325240a39",
    "settings": {
      "fd_thres": 0.2,
      "testing": false
    },
    "software": "mriqc",
    "version": "23.0.1",
    "webapi_port": null,
    "webapi_url": "https://mriqc.nimh.nih.gov/api/v1"
  },
  "size_t": 150,
  "size_x": 64,
  "size_y": 64,
  "size_z": 36,
  "snr": 5.82967691061323,
  "spacing_tr": 2.0999999046325684,
  "spacing_x": 3.59375,
  "spacing_y": 3.59375,
  "spacing_z": 3.6000001430511475,
  "summary_bg_k": 68.97396912363197,
  "summary_bg_mad": 8.035704844373763,
  "summary_bg_mean": 25.75790023803711,
  "summary_bg_median": 12.480000495910645,
  "summary_bg_n": 96228.0,
  "summary_bg_p05": 5.9066667556762695,
  "summary_bg_p95": 78.36666870117188,
  "summary_bg_stdv": 39.110939025878906,
  "summary_fg_k": 2.9255093543085886,
  "summary_fg_mad": 89.8160224890806,
  "summary_fg_mean": 605.2626953125,
  "summary_fg_median": 600.9300537109375,
  "summary_fg_n": 20774.0,
  "summary_fg_p05": 452.46002197265625,
  "summary_fg_p95": 767.0360076904296,
  "summary_fg_stdv": 103.0787124633789,
  "tsnr": 35.897724396781996
}