{
  "bids_meta": {
    "AcquisitionMatrixPE": 225,
    "AcquisitionNumber": 1,
    "AcquisitionTime": "12:15:19.360010",
    "BaseResolution": 256,
    "ConversionSoftware": "dcm2niix",
    "ConversionSoftwareVersion": "v1.0.20190410  GCC6.3.0",
    "DeviceSerialNumber": "18011",
    "EchoTime": 0.00335,
    "FlipAngle": 8,
    "ImageOrientationPatientDICOM": [
      0.999391,
      0.0348995,
      0,
      0,
      2.22045e-16,
      -1
    ],
    "ImageType": [
      "ORIGINAL",
      "PRIMARY",
      "M",
      "ND"
    ],
    "ImagingFrequency": 168.256,
    "InPlanePhaseEncodingDirectionDICOM": "ROW",
    "InversionTime": 0.7,
    "MRAcquisitionType": "3D",
    "MagneticFieldStrength": 3.95064,
    "Manufacturer": "Siemens",
    "ManufacturersModelName": "MedSpec_4T",
    "Modality": "MR",
    "PartialFourier": 0.875,
    "PatientPosition": "HFS",
    "PercentPhaseFOV": 100,
    "PhaseEncodingSteps": 197,
    "PhaseResolution": 0.878906,
    "PixelBandwidth": 200,
    "ProtocolName": "t1_mpr_cor",
    "PulseSequenceDetails": "%SiemensSeq%_tfl",
    "ReceiveCoilName": "Head_4T",
    "ReconMatrixPE": 256,
    "RepetitionTime": 1.5,
    "SAR": 0.00795057,
    "ScanOptions": "IR",
    "ScanningSequence": "IR_GR",
    "SequenceName": "tfl3d1_ns",
    "SequenceVariant": "SP_MP",
    "SeriesDescription": "t1_mpr_cor",
    "SeriesNumber": 8,
    "ShimSetting": [
      12,
      -22,
      -15,
      1832,
      -200,
      -3569,
      2416,
      -264
    ],
    "SliceThickness": 0.9,
    "SoftwareVersions": "syngo_MR_2002B_4VA21A",
    "StationName": "wes4T",
    "TxRefAmp": 175.876,
    "dataset": "ds004169",
    "modality": "T1w",
    "session_id": "01",
    "subject_id": "1161"
  },
  "cjv": 0.3708228300410537,
  "cnr": 3.387829359012212,
  "efc": 0.4990187026822814,
  "fber": 649.6929764847115,
  "fwhm_avg": 4.537845226659324,
  "fwhm_x": 4.664266666666666,
  "fwhm_y": 4.696789013311307,
  "fwhm_z": 4.25248,
  "icvs_csf": 0.1741120617090964,
  "icvs_gm": 0.45593043365424346,
  "icvs_wm": 0.36995750463666016,
  "inu_med": 0.7530345916748047,
  "inu_range": 0.6479819118976593,
  "provenance": {
    "md5sum": "3db6e66e7c8878fb911359a8d2de72e2",
    "settings": {
      "testing": false
    },
    "software": "mriqc",
    "version": "23.0.1",
    "warnings": {
      "large_rot_frame": true,
      "small_air_mask": false
    },
    "webapi_port": null,
    "webapi_url": "https://mriqc.nimh.nih.gov/api/v1"
  },
  "qi_1": 0.0,
  "qi_2": 0.0122360930167248,
  "rpve_csf": 30.670454357285447,
  "rpve_gm": 12.844731147072704,
  "rpve_wm": 17.853824127547032,
  "size_x": 256,
  "size_y": 256,
  "size_z": 256,
  "snr_csf": 1.5566674960362377,
  "snr_gm": 9.694372149384257,
  "snr_total": 8.555294828293727,
  "snr_wm": 14.414844839460686,
  "snrd_csf": 5.469371071648268,
  "snrd_gm": 12.358690004872932,
  "snrd_total": 12.297901896638598,
  "snrd_wm": 19.06564461339459,
  "spacing_x": 0.9375,
  "spacing_y": 0.8999999761581421,
  "spacing_z": 0.9375,
  "summary_bg_k": 8.195787581934288,
  "summary_bg_mad": 34.363547698955024,
  "summary_bg_mean": 31.440665552013,
  "summary_bg_median": 23.17786070331931,
  "summary_bg_n": 4979114.0,
  "summary_bg_p05": 0.0,
  "summary_bg_p95": 105.30188566446304,
  "summary_bg_stdv": 38.714094942340715,
  "summary_csf_k": 35.81596052470649,
  "summary_csf_mad": 108.42396266918965,
  "summary_csf_mean": 307.4881000166712,
  "summary_csf_median": 286.88223353773355,
  "summary_csf_n": 31363.0,
  "summary_csf_p05": 108.2859841324389,
  "summary_csf_p95": 509.5368573099373,
  "summary_csf_stdv": 184.28961910881847,
  "summary_gm_k": 0.21405907433519644,
  "summary_gm_mad": 64.878620479244,
  "summary_gm_mean": 648.5693544784018,
  "summary_gm_median": 648.244294591248,
  "summary_gm_n": 50208.0,
  "summary_gm_p05": 538.0370415821671,
  "summary_gm_p95": 758.0836450494826,
  "summary_gm_stdv": 66.86743906489865,
  "summary_wm_k": 0.5554778640292675,
  "summary_wm_mad": 65.57558837790006,
  "summary_wm_mean": 1004.1143895895942,
  "summary_wm_median": 1000.0408893227577,
  "summary_wm_n": 277117.0,
  "summary_wm_p05": 896.5376383513212,
  "summary_wm_p95": 1123.7379025295377,
  "summary_wm_stdv": 69.375639910996,
  "tpm_overlap_csf": 0.14087782875296864,
  "tpm_overlap_gm": 0.439462585809651,
  "tpm_overlap_wm": 0.4770903914163414,
  "wm2max": 0.5187007039267237
}