{
  "aor": 0.0022301333333333336,
  "aqi": 0.011104919466666667,
  "bids_meta": {
    "AcquisitionMatrixPE": 64,
    "AcquisitionNumber": 1,
    "AcquisitionTime": "09:52:35.757500",
    "BaseResolution": 64,
    "ConversionSoftware": "dcm2niix",
    "ConversionSoftwareVersion": "v1.0.20190410  GCC6.3.0",
    "DeviceSerialNumber": "18011",
    "EchoTime": 0.03,
    "FlipAngle": 90,
    "ImageComments": "Fake_MoCo_Reference_Volume_+_DiCo_Applied",
    "ImageOrientationPatientDICOM": [
      0.999391,
      0.00304168,
      0.0347667,
      1.37997e-08,
      0.996195,
      -0.0871557
    ],
    "ImageType": [
      "ORIGINAL",
      "PRIMARY",
      "M",
      "ND",
      "MOSAIC"
    ],
    "ImagingFrequency": 168.217,
    "InPlanePhaseEncodingDirectionDICOM": "COL",
    "MRAcquisitionType": "2D",
    "MagneticFieldStrength": 3.95064,
    "Manufacturer": "Siemens",
    "ManufacturersModelName": "MedSpec_4T",
    "Modality": "MR",
    "PartialFourier": 1,
    "PatientPosition": "HFS",
    "PercentPhaseFOV": 100,
    "PhaseEncodingDirection": "j-",
    "PhaseEncodingSteps": 64,
    "PhaseResolution": 1,
    "PixelBandwidth": 2790,
    "ProtocolName": "mz_bold_dc_REST",
    "PulseSequenceDetails": "%CustomerSeq%_mz_ep2d_bold_dc",
    "ReceiveCoilName": "Head_4T",
    "ReconMatrixPE": 64,
    "RepetitionTime": 2.1,
    "SAR": 0.0231069,
    "ScanOptions": "FS",
    "ScanningSequence": "SE_EP",
    "SequenceName": "epfid2d1_64",
    "SequenceVariant": "SK",
    "SeriesDescription": "mz_bold_dc_REST_DiCo",
    "SeriesNumber": 10,
    "ShimSetting": [
      23,
      -8,
      -8,
      1198,
      780,
      -3014,
      849,
      -452
    ],
    "SliceThickness": 3,
    "SoftwareVersions": "syngo_MR_2002B_4VA21A",
    "SpacingBetweenSlices": 3.6,
    "StationName": "wes4T",
    "TaskName": "rest",
    "TxRefAmp": 187.418,
    "dataset": "ds004169",
    "modality": "bold",
    "session_id": "01",
    "subject_id": "1157",
    "task_id": "rest"
  },
  "dummy_trs": 0,
  "dvars_nstd": 26.111217294093965,
  "dvars_std": 1.163656250067114,
  "dvars_vstd": 0.956573323959731,
  "efc": 0.4757082136698652,
  "fber": 2327.14697265625,
  "fd_mean": 0.137158804904908,
  "fd_num": 7,
  "fd_perc": 4.666666666666667,
  "fwhm_avg": 1.7277764331902146,
  "fwhm_x": 1.652680347826087,
  "fwhm_y": 1.8873711304347827,
  "fwhm_z": 1.6432778213097736,
  "gcor": 0.0283044,
  "gsr_x": -0.016999192535877228,
  "gsr_y": 0.03736564889550209,
  "provenance": {
    "md5sum": "f67c32a78a04c79a4ceb8a35c40646eb",
    "settings": {
      "fd_thres": 0.2,
      "testing": false
    },
    "software": "mriqc",
    "version": "23.0.1",
    "webapi_port": null,
    "webapi_url": "https://mriqc.nimh.nih.gov/api/v1"
  },
  "size_t": 150,
  "size_x": 64,
  "size_y": 64,
  "size_z": 36,
  "snr": 5.846831488215329,
  "spacing_tr": 2.0999999046325684,
  "spacing_x": 3.59375,
  "spacing_y": 3.59375,
  "spacing_z": 3.5999999046325684,
  "summary_bg_k": 66.12948332505445,
  "summary_bg_mad": 11.593950310179174,
  "summary_bg_mean": 35.494476318359375,
  "summary_bg_median": 17.520000457763672,
  "summary_bg_n": 95877.0,
  "summary_bg_p05": 8.539999961853027,
  "summary_bg_p95": 107.33466949462888,
  "summary_bg_stdv": 51.53249740600586,
  "summary_fg_k": 2.026803123262467,
  "summary_fg_mad": 126.91080419859436,
  "summary_fg_mean": 819.7799072265625,
  "summary_fg_median": 815.4666748046875,
  "summary_fg_n": 21683.0,
  "summary_fg_p05": 604.6346923828125,
  "summary_fg_p95": 1038.032666015625,
  "summary_fg_stdv": 139.4683380126953,
  "tsnr": 50.58668848325033
}