{
  "aor": 0.003064761904761905,
  "aqi": 0.011149840634920636,
  "bids_meta": {
    "AcquisitionMatrixPE": 64,
    "AcquisitionNumber": 1,
    "AcquisitionTime": "10:44:48.362510",
    "BaseResolution": 64,
    "ConversionSoftware": "dcm2niix",
    "ConversionSoftwareVersion": "v1.0.20190410  GCC6.3.0",
    "DeviceSerialNumber": "18011",
    "EchoTime": 0.03,
    "FlipAngle": 90,
    "ImageComments": "Fake_MoCo_Reference_Volume_+_DiCo_Applied",
    "ImageOrientationPatientDICOM": [
      0.99863,
      2.22045e-16,
      -0.052336,
      -2.22045e-16,
      1,
      0
    ],
    "ImageType": [
      "ORIGINAL",
      "PRIMARY",
      "M",
      "ND",
      "MOSAIC"
    ],
    "ImagingFrequency": 168.256,
    "InPlanePhaseEncodingDirectionDICOM": "COL",
    "MRAcquisitionType": "2D",
    "MagneticFieldStrength": 3.95064,
    "Manufacturer": "Siemens",
    "ManufacturersModelName": "MedSpec_4T",
    "Modality": "MR",
    "PartialFourier": 1,
    "PatientPosition": "HFS",
    "PercentPhaseFOV": 100,
    "PhaseEncodingDirection": "j-",
    "PhaseEncodingSteps": 64,
    "PhaseResolution": 1,
    "PixelBandwidth": 2790,
    "ProtocolName": "Nback_dc_opt",
    "PulseSequenceDetails": "%CustomerSeq%_kt_ep2d_bold_dc",
    "ReceiveCoilName": "Head_4T",
    "ReconMatrixPE": 64,
    "RepetitionTime": 2.1,
    "SAR": 0.0436277,
    "ScanOptions": "FS",
    "ScanningSequence": "SE_EP",
    "SequenceName": "epfid2d1_64",
    "SequenceVariant": "SK",
    "SeriesDescription": "Nback_dc_opt_DiCo",
    "SeriesNumber": 7,
    "ShimSetting": [
      -16,
      -13,
      7,
      2401,
      257,
      -3661,
      2470,
      353
    ],
    "SliceThickness": 3,
    "SoftwareVersions": "syngo_MR_2002B_4VA21A",
    "SpacingBetweenSlices": 3.6,
    "StationName": "wes4T",
    "TaskName": "nback",
    "TxRefAmp": 201.013,
    "dataset": "ds004169",
    "modality": "bold",
    "session_id": "01",
    "subject_id": "0759",
    "task_id": "nback"
  },
  "dummy_trs": 1,
  "dvars_nstd": 29.45805528288,
  "dvars_std": 1.1281825058399995,
  "dvars_vstd": 0.9985159728800002,
  "efc": 0.48182330372722576,
  "fber": 2000.1456298828125,
  "fd_mean": 0.09040160273963174,
  "fd_num": 3,
  "fd_perc": 2.380952380952381,
  "fwhm_avg": 1.724397684294997,
  "fwhm_x": 1.601702956521739,
  "fwhm_y": 1.939870608695652,
  "fwhm_z": 1.6316194876676,
  "gcor": 0.0187737,
  "gsr_x": -0.020487863570451736,
  "gsr_y": 0.04298897087574005,
  "provenance": {
    "md5sum": "4ddaf31d3dbbcf8e3653939ecbdca7ca",
    "settings": {
      "fd_thres": 0.2,
      "testing": false
    },
    "software": "mriqc",
    "version": "23.0.1",
    "webapi_port": null,
    "webapi_url": "https://mriqc.nimh.nih.gov/api/v1"
  },
  "size_t": 126,
  "size_x": 64,
  "size_y": 64,
  "size_z": 36,
  "snr": 4.872909244347779,
  "spacing_tr": 2.0999999046325684,
  "spacing_x": 3.59375,
  "spacing_y": 3.59375,
  "spacing_z": 3.5999999046325684,
  "summary_bg_k": 37.85421725798263,
  "summary_bg_mad": 8.248445316880936,
  "summary_bg_mean": 28.62952423095703,
  "summary_bg_median": 13.849206924438477,
  "summary_bg_n": 95019.0,
  "summary_bg_p05": 7.658730506896973,
  "summary_bg_p95": 88.12143020629863,
  "summary_bg_stdv": 38.77374267578125,
  "summary_fg_k": 3.0278562789499395,
  "summary_fg_mad": 109.25368502817663,
  "summary_fg_mean": 642.8250732421875,
  "summary_fg_median": 632.0476684570312,
  "summary_fg_n": 22058.0,
  "summary_fg_p05": 458.3754226684571,
  "summary_fg_p95": 856.3198944091793,
  "summary_fg_stdv": 129.7034912109375,
  "tsnr": 44.872498135780916
}