{
  "aor": 0.0034676377952755906,
  "aqi": 0.01182631251968504,
  "bids_meta": {
    "AcquisitionMatrixPE": 64,
    "AcquisitionNumber": 1,
    "AcquisitionTime": "13:00:14.689990",
    "BaseResolution": 64,
    "ConversionSoftware": "dcm2niix",
    "ConversionSoftwareVersion": "v1.0.20190410  GCC6.3.0",
    "DeviceSerialNumber": "18011",
    "EchoTime": 0.03,
    "FlipAngle": 90,
    "ImageComments": "Fake_MoCo_Reference_Volume_+_DiCo_Applied",
    "ImageOrientationPatientDICOM": [
      1,
      0,
      -6.93889e-18,
      0,
      0.996493,
      -0.0836778
    ],
    "ImageType": [
      "ORIGINAL",
      "PRIMARY",
      "M",
      "ND",
      "DICO",
      "MOSAIC"
    ],
    "ImagingFrequency": 168.255,
    "InPlanePhaseEncodingDirectionDICOM": "COL",
    "MRAcquisitionType": "2D",
    "MagneticFieldStrength": 3.95064,
    "Manufacturer": "Siemens",
    "ManufacturersModelName": "MedSpec_4T",
    "Modality": "MR",
    "PartialFourier": 1,
    "PatientPosition": "HFS",
    "PercentPhaseFOV": 100,
    "PhaseEncodingDirection": "j-",
    "PhaseEncodingSteps": 64,
    "PhaseResolution": 1,
    "PixelBandwidth": 2790,
    "ProcedureStepDescription": "Research_fMRI",
    "ProtocolName": "Nback_dc_opt",
    "PulseSequenceDetails": "%CustomerSeq%_kt_ep2d_bold_dc",
    "ReceiveCoilName": "Head",
    "ReconMatrixPE": 64,
    "RepetitionTime": 2.1,
    "SAR": 0.0738207,
    "ScanOptions": "FS",
    "ScanningSequence": "SE_EP",
    "SequenceName": "epfid2d1_64",
    "SequenceVariant": "SK",
    "SeriesDescription": "Nback_dc_opt_DiCo",
    "SeriesNumber": 7,
    "ShimSetting": [
      11,
      2,
      11,
      1590,
      79,
      -4054,
      3198,
      -5
    ],
    "SliceThickness": 3,
    "SoftwareVersions": "syngo_MR_2004A_4VA25A",
    "SpacingBetweenSlices": 3.6,
    "StationName": "WES4T",
    "TaskName": "nback",
    "TxRefAmp": 178.632,
    "dataset": "ds004169",
    "modality": "bold",
    "session_id": "01",
    "subject_id": "0946",
    "task_id": "nback"
  },
  "dummy_trs": 0,
  "dvars_nstd": 26.628130034761906,
  "dvars_std": 1.1194172676984129,
  "dvars_vstd": 0.9553672438888889,
  "efc": 0.4285173303821574,
  "fber": 3245.94580078125,
  "fd_mean": 0.2250297299122492,
  "fd_num": 51,
  "fd_perc": 40.15748031496063,
  "fwhm_avg": 1.7368699805390964,
  "fwhm_x": 1.6184264347826087,
  "fwhm_y": 1.9664751304347827,
  "fwhm_z": 1.6257083763998978,
  "gcor": 0.0145687,
  "gsr_x": -0.026819385588169098,
  "gsr_y": 0.023356279358267784,
  "provenance": {
    "md5sum": "f78a45b5ccb2cda966ab19197e8426fc",
    "settings": {
      "fd_thres": 0.2,
      "testing": false
    },
    "software": "mriqc",
    "version": "23.0.1",
    "webapi_port": null,
    "webapi_url": "https://mriqc.nimh.nih.gov/api/v1"
  },
  "size_t": 127,
  "size_x": 64,
  "size_y": 64,
  "size_z": 36,
  "snr": 5.49527380772205,
  "spacing_tr": 2.0999999046325684,
  "spacing_x": 3.59375,
  "spacing_y": 3.59375,
  "spacing_z": 3.5999999046325684,
  "summary_bg_k": 49.91306976913924,
  "summary_bg_mad": 5.661906945033002,
  "summary_bg_mean": 21.710552215576172,
  "summary_bg_median": 10.307086944580078,
  "summary_bg_n": 102694.0,
  "summary_bg_p05": 6.102362155914307,
  "summary_bg_p95": 66.10787506103502,
  "summary_bg_stdv": 33.697574615478516,
  "summary_fg_k": 4.416024641203395,
  "summary_fg_mad": 97.11632721789103,
  "summary_fg_mean": 613.1464233398438,
  "summary_fg_median": 603.8346557617188,
  "summary_fg_n": 16383.0,
  "summary_fg_p05": 461.40473022460935,
  "summary_fg_p95": 786.3598205566407,
  "summary_fg_stdv": 109.87918853759766,
  "tsnr": 48.627274911501445
}