{
  "bids_meta": {
    "AcquisitionMatrixPE": 225,
    "AcquisitionNumber": 1,
    "AcquisitionTime": "08:20:11.850010",
    "BaseResolution": 256,
    "ConversionSoftware": "dcm2niix",
    "ConversionSoftwareVersion": "v1.0.20190410  GCC6.3.0",
    "DeviceSerialNumber": "18011",
    "EchoTime": 0.00335,
    "FlipAngle": 8,
    "ImageOrientationPatientDICOM": [
      0.994522,
      0.104528,
      0,
      0,
      0,
      -1
    ],
    "ImageType": [
      "ORIGINAL",
      "PRIMARY",
      "M",
      "ND"
    ],
    "ImagingFrequency": 168.256,
    "InPlanePhaseEncodingDirectionDICOM": "ROW",
    "InversionTime": 0.7,
    "MRAcquisitionType": "3D",
    "MagneticFieldStrength": 3.95064,
    "Manufacturer": "Siemens",
    "ManufacturersModelName": "MedSpec_4T",
    "Modality": "MR",
    "PartialFourier": 0.875,
    "PatientPosition": "HFS",
    "PercentPhaseFOV": 100,
    "PhaseEncodingSteps": 197,
    "PhaseResolution": 0.878906,
    "PixelBandwidth": 200,
    "ProtocolName": "t1_mpr_cor",
    "PulseSequenceDetails": "%SiemensSeq%_tfl",
    "ReceiveCoilName": "Head_4T",
    "ReconMatrixPE": 256,
    "RepetitionTime": 1.5,
    "SAR": 0.00546456,
    "ScanOptions": "IR",
    "ScanningSequence": "IR_GR",
    "SequenceName": "tfl3d1_ns",
    "SequenceVariant": "SP_MP",
    "SeriesDescription": "t1_mpr_cor",
    "SeriesNumber": 8,
    "ShimSetting": [
      -7,
      15,
      -57,
      2269,
      256,
      -4005,
      2093,
      129
    ],
    "SliceThickness": 0.9,
    "SoftwareVersions": "syngo_MR_2002B_4VA21A",
    "StationName": "wes4T",
    "TxRefAmp": 179.912,
    "dataset": "ds004169",
    "modality": "T1w",
    "session_id": "01",
    "subject_id": "1247"
  },
  "cjv": 0.32421283522819616,
  "cnr": 4.026339063288664,
  "efc": 0.44076096252099617,
  "fber": 1551.9895947476077,
  "fwhm_avg": 4.452726562119882,
  "fwhm_x": 4.502176,
  "fwhm_y": 4.937689019692979,
  "fwhm_z": 3.918314666666667,
  "icvs_csf": 0.2198237254429385,
  "icvs_gm": 0.44155055953100697,
  "icvs_wm": 0.33862571502605454,
  "inu_med": 0.6783962547779083,
  "inu_range": 0.3786725640296936,
  "provenance": {
    "md5sum": "8af6d2a0158af01ff76f55409b464ccb",
    "settings": {
      "testing": false
    },
    "software": "mriqc",
    "version": "23.0.1",
    "warnings": {
      "large_rot_frame": true,
      "small_air_mask": false
    },
    "webapi_port": null,
    "webapi_url": "https://mriqc.nimh.nih.gov/api/v1"
  },
  "qi_1": 0.0,
  "qi_2": 0.027524361712711668,
  "rpve_csf": 31.84262470297455,
  "rpve_gm": 16.749589493454604,
  "rpve_wm": 24.76894956430362,
  "size_x": 256,
  "size_y": 256,
  "size_z": 256,
  "snr_csf": 2.220685145804829,
  "snr_gm": 10.179241247870824,
  "snr_total": 11.121187933403164,
  "snr_wm": 20.963637406533838,
  "snrd_csf": 8.73915834550688,
  "snrd_gm": 20.879639409707572,
  "snrd_total": 20.374200203015384,
  "snrd_wm": 31.503802853831697,
  "spacing_x": 0.9375,
  "spacing_y": 0.8999999761581421,
  "spacing_z": 0.9375,
  "summary_bg_k": 14.684316403764893,
  "summary_bg_mad": 20.795172308562346,
  "summary_bg_mean": 17.093743073847698,
  "summary_bg_median": 14.026130575686693,
  "summary_bg_n": 4355069.0,
  "summary_bg_p05": 0.0,
  "summary_bg_p95": 58.743385314941406,
  "summary_bg_stdv": 22.37492110950433,
  "summary_csf_k": 20.25350441044465,
  "summary_csf_mad": 108.48360850540398,
  "summary_csf_mean": 282.33180323752373,
  "summary_csf_median": 277.39613251015544,
  "summary_csf_n": 36974.0,
  "summary_csf_p05": 103.42191760782153,
  "summary_csf_p95": 464.0497973531483,
  "summary_csf_stdv": 124.91297191609355,
  "summary_gm_k": 0.0861680043496138,
  "summary_gm_mad": 64.55433857750029,
  "summary_gm_mean": 661.9162600363627,
  "summary_gm_median": 662.7561821714044,
  "summary_gm_n": 44904.0,
  "summary_gm_p05": 553.3050362465904,
  "summary_gm_p95": 766.9625878594816,
  "summary_gm_stdv": 65.10787850400955,
  "summary_wm_k": 0.5208848523441851,
  "summary_wm_mad": 44.779788222732414,
  "summary_wm_mean": 999.5614694366144,
  "summary_wm_median": 999.985665153712,
  "summary_wm_n": 208166.0,
  "summary_wm_p05": 919.758492924273,
  "summary_wm_p95": 1076.7708421498537,
  "summary_wm_stdv": 47.70084713182263,
  "tpm_overlap_csf": 0.14296237798776726,
  "tpm_overlap_gm": 0.4671645420757244,
  "tpm_overlap_wm": 0.4912334884265652,
  "wm2max": 0.5885739368257559
}