{
  "bids_meta": {
    "AcquisitionMatrixPE": 225,
    "AcquisitionNumber": 1,
    "AcquisitionTime": "22:55:34.925010",
    "BaseResolution": 256,
    "ConversionSoftware": "dcm2niix",
    "ConversionSoftwareVersion": "v1.0.20190410  GCC6.3.0",
    "DeviceSerialNumber": "18011",
    "EchoTime": 0.00335,
    "FlipAngle": 8,
    "ImageOrientationPatientDICOM": [
      1,
      0,
      0,
      0,
      0,
      -1
    ],
    "ImageType": [
      "ORIGINAL",
      "PRIMARY",
      "M",
      "ND"
    ],
    "ImagingFrequency": 168.255,
    "InPlanePhaseEncodingDirectionDICOM": "ROW",
    "InversionTime": 0.7,
    "MRAcquisitionType": "3D",
    "MagneticFieldStrength": 3.95064,
    "Manufacturer": "Siemens",
    "ManufacturersModelName": "MedSpec_4T",
    "Modality": "MR",
    "PartialFourier": 0.875,
    "PatientPosition": "HFS",
    "PercentPhaseFOV": 100,
    "PhaseEncodingSteps": 197,
    "PhaseResolution": 0.878906,
    "PixelBandwidth": 200,
    "ProtocolName": "t1_mpr_cor",
    "PulseSequenceDetails": "%SiemensSeq%_tfl",
    "ReceiveCoilName": "Head_4T",
    "ReconMatrixPE": 256,
    "RepetitionTime": 1.5,
    "SAR": 0.00416093,
    "ScanOptions": "IR",
    "ScanningSequence": "IR_GR",
    "SequenceName": "tfl3d1_ns",
    "SequenceVariant": "SP_MP",
    "SeriesDescription": "t1_mpr_cor",
    "SeriesNumber": 8,
    "ShimSetting": [
      21,
      14,
      8,
      1493,
      996,
      -4999,
      2856,
      -334
    ],
    "SliceThickness": 0.9,
    "SoftwareVersions": "syngo_MR_2002B_4VA21A",
    "StationName": "wes4T",
    "TxRefAmp": 191.935,
    "dataset": "ds004169",
    "modality": "T1w",
    "session_id": "01",
    "subject_id": "0248"
  },
  "cjv": 0.3302478875344232,
  "cnr": 3.9623602279076917,
  "efc": 0.42624790677729224,
  "fber": -1.0,
  "fwhm_avg": 4.500652488043845,
  "fwhm_x": 4.610058666666666,
  "fwhm_y": 4.937466797464869,
  "fwhm_z": 3.9544319999999997,
  "icvs_csf": 0.23081553941962837,
  "icvs_gm": 0.41736587506443495,
  "icvs_wm": 0.35181858551593664,
  "inu_med": 0.7414865493774414,
  "inu_range": 0.4079132884740828,
  "provenance": {
    "md5sum": "d625bf3ee13f2756a998bdea5c40309d",
    "settings": {
      "testing": false
    },
    "software": "mriqc",
    "version": "23.0.1",
    "warnings": {
      "large_rot_frame": true,
      "small_air_mask": false
    },
    "webapi_port": null,
    "webapi_url": "https://mriqc.nimh.nih.gov/api/v1"
  },
  "qi_1": 0.0,
  "qi_2": 0.021399111272977226,
  "rpve_csf": 28.924420117624607,
  "rpve_gm": 16.44637749553117,
  "rpve_wm": 23.25154856008636,
  "size_x": 256,
  "size_y": 256,
  "size_z": 256,
  "snr_csf": 1.9061745842150293,
  "snr_gm": 8.145066879744869,
  "snr_total": 9.642306440926113,
  "snr_wm": 18.875677858818438,
  "snrd_csf": 6.274658453883866,
  "snrd_gm": 20.235355555177012,
  "snrd_total": 19.666345252716642,
  "snrd_wm": 32.48902174908905,
  "spacing_x": 0.9375,
  "spacing_y": 0.8999999761581421,
  "spacing_z": 0.9375,
  "summary_bg_k": 19.101894466915866,
  "summary_bg_mad": 0.0,
  "summary_bg_mean": 10.571755179101114,
  "summary_bg_median": 0.0,
  "summary_bg_n": 4017532.0,
  "summary_bg_p05": 0.0,
  "summary_bg_p95": 44.52509227395058,
  "summary_bg_stdv": 20.164854389859467,
  "summary_csf_k": 11.039737963263269,
  "summary_csf_mad": 97.5739607180034,
  "summary_csf_mean": 205.55739792270663,
  "summary_csf_median": 193.13165024667978,
  "summary_csf_n": 41570.0,
  "summary_csf_p05": 69.22514346241951,
  "summary_csf_p95": 386.54903025217345,
  "summary_csf_stdv": 101.3177538211431,
  "summary_gm_k": 0.18467470989818668,
  "summary_gm_mad": 75.36885772333021,
  "summary_gm_mean": 623.7010307746391,
  "summary_gm_median": 622.8367074355483,
  "summary_gm_n": 32533.0,
  "summary_gm_p05": 498.1664490684867,
  "summary_gm_p95": 748.9911355450749,
  "summary_gm_stdv": 76.46679200723234,
  "summary_wm_k": 0.8671516535141484,
  "summary_wm_mad": 49.1885192919976,
  "summary_wm_mean": 999.4067058447005,
  "summary_wm_median": 999.9999890699983,
  "summary_wm_n": 260076.0,
  "summary_wm_p05": 911.4643889218569,
  "summary_wm_p95": 1083.7689126729965,
  "summary_wm_stdv": 52.978127409926614,
  "tpm_overlap_csf": 0.14427178341946015,
  "tpm_overlap_gm": 0.44423411865490847,
  "tpm_overlap_wm": 0.488766471266832,
  "wm2max": 0.5973338941646579
}