{
  "bids_meta": {
    "AcquisitionMatrixPE": 225,
    "AcquisitionNumber": 1,
    "AcquisitionTime": "08:33:39.920020",
    "BaseResolution": 256,
    "ConversionSoftware": "dcm2niix",
    "ConversionSoftwareVersion": "v1.0.20190410  GCC6.3.0",
    "DeviceSerialNumber": "18011",
    "EchoTime": 0.00335,
    "FlipAngle": 8,
    "ImageOrientationPatientDICOM": [
      1,
      0,
      0,
      0,
      0,
      -1
    ],
    "ImageType": [
      "ORIGINAL",
      "PRIMARY",
      "M",
      "ND"
    ],
    "ImagingFrequency": 168.256,
    "InPlanePhaseEncodingDirectionDICOM": "ROW",
    "InversionTime": 0.7,
    "MRAcquisitionType": "3D",
    "MagneticFieldStrength": 3.95064,
    "Manufacturer": "Siemens",
    "ManufacturersModelName": "MedSpec_4T",
    "Modality": "MR",
    "PartialFourier": 0.875,
    "PatientPosition": "HFS",
    "PercentPhaseFOV": 100,
    "PhaseEncodingSteps": 197,
    "PhaseResolution": 0.878906,
    "PixelBandwidth": 200,
    "ProtocolName": "t1_mpr_cor",
    "PulseSequenceDetails": "%SiemensSeq%_tfl",
    "ReceiveCoilName": "Head_4T",
    "ReconMatrixPE": 256,
    "RepetitionTime": 1.5,
    "SAR": 0.00728448,
    "ScanOptions": "IR",
    "ScanningSequence": "IR_GR",
    "SequenceName": "tfl3d1_ns",
    "SequenceVariant": "SP_MP",
    "SeriesDescription": "t1_mpr_cor",
    "SeriesNumber": 8,
    "ShimSetting": [
      16,
      -22,
      0,
      1696,
      339,
      -3153,
      2546,
      -17
    ],
    "SliceThickness": 0.9,
    "SoftwareVersions": "syngo_MR_2002B_4VA21A",
    "StationName": "wes4T",
    "TxRefAmp": 181.892,
    "dataset": "ds004169",
    "modality": "T1w",
    "session_id": "01",
    "subject_id": "1122"
  },
  "cjv": 0.33170865069490674,
  "cnr": 3.903952946843928,
  "efc": 0.4353737403465082,
  "fber": -1.0,
  "fwhm_avg": 4.063957519616779,
  "fwhm_x": 4.194282666666667,
  "fwhm_y": 4.318677892183672,
  "fwhm_z": 3.678912,
  "icvs_csf": 0.18472145515200725,
  "icvs_gm": 0.48782500393003725,
  "icvs_wm": 0.32745354091795553,
  "inu_med": 0.6856258511543274,
  "inu_range": 0.5010472118854522,
  "provenance": {
    "md5sum": "16d6743d7733ebc7683b17adc3fe3dbd",
    "settings": {
      "testing": false
    },
    "software": "mriqc",
    "version": "23.0.1",
    "warnings": {
      "large_rot_frame": true,
      "small_air_mask": false
    },
    "webapi_port": null,
    "webapi_url": "https://mriqc.nimh.nih.gov/api/v1"
  },
  "qi_1": 0.0,
  "qi_2": 0.029768073880865276,
  "rpve_csf": 29.565690446332123,
  "rpve_gm": 12.77292210420803,
  "rpve_wm": 20.78188699190235,
  "size_x": 256,
  "size_y": 256,
  "size_z": 256,
  "snr_csf": 1.7248687334863018,
  "snr_gm": 9.592123191238072,
  "snr_total": 9.664870386058075,
  "snr_wm": 17.67761923344985,
  "snrd_csf": 8.462308824316935,
  "snrd_gm": 19.723019612715387,
  "snrd_total": 19.565397621232837,
  "snrd_wm": 30.510864426666192,
  "spacing_x": 0.9375,
  "spacing_y": 0.8999999761581421,
  "spacing_z": 0.9375,
  "summary_bg_k": 18.98816083134244,
  "summary_bg_mad": 0.0,
  "summary_bg_mean": 12.324448284257857,
  "summary_bg_median": 0.0,
  "summary_bg_n": 4814520.0,
  "summary_bg_p05": 0.0,
  "summary_bg_p95": 52.579125724732876,
  "summary_bg_stdv": 21.47297094230274,
  "summary_csf_k": 27.77860637470229,
  "summary_csf_mad": 80.8071441282786,
  "summary_csf_mean": 296.9607070848777,
  "summary_csf_median": 277.36347955837846,
  "summary_csf_n": 28002.0,
  "summary_csf_p05": 118.11745949573816,
  "summary_csf_p95": 485.4788759196176,
  "summary_csf_stdv": 160.7997881601354,
  "summary_gm_k": 0.18799187886833524,
  "summary_gm_mad": 65.98061263942041,
  "summary_gm_mean": 644.9728759485608,
  "summary_gm_median": 646.4483228810132,
  "summary_gm_n": 74262.0,
  "summary_gm_p05": 531.2914461834356,
  "summary_gm_p95": 752.9468265548348,
  "summary_gm_stdv": 67.3932097716309,
  "summary_wm_k": 0.7621579053571312,
  "summary_wm_mad": 51.30693199065356,
  "summary_wm_mean": 1000.6013440339208,
  "summary_wm_median": 1000.0343520194292,
  "summary_wm_n": 230633.0,
  "summary_wm_p05": 907.6256794221699,
  "summary_wm_p95": 1093.8520077243447,
  "summary_wm_stdv": 56.570524050198614,
  "tpm_overlap_csf": 0.14417175652110326,
  "tpm_overlap_gm": 0.47296132816043435,
  "tpm_overlap_wm": 0.48767587244163535,
  "wm2max": 0.518199301944583
}