{
  "aor": 0.012452866666666666,
  "aqi": 0.015919876933333334,
  "bids_meta": {
    "AcquisitionMatrixPE": 64,
    "AcquisitionNumber": 1,
    "AcquisitionTime": "12:52:13.027500",
    "BaseResolution": 64,
    "ConversionSoftware": "dcm2niix",
    "ConversionSoftwareVersion": "v1.0.20190410  GCC6.3.0",
    "DeviceSerialNumber": "18011",
    "EchoTime": 0.03,
    "FlipAngle": 90,
    "ImageComments": "Fake_MoCo_Reference_Volume_+_DiCo_Applied",
    "ImageOrientationPatientDICOM": [
      0.999391,
      -0.00243443,
      -0.0348145,
      -3.20835e-08,
      0.997564,
      -0.0697565
    ],
    "ImageType": [
      "ORIGINAL",
      "PRIMARY",
      "M",
      "ND",
      "MOSAIC"
    ],
    "ImagingFrequency": 168.217,
    "InPlanePhaseEncodingDirectionDICOM": "COL",
    "MRAcquisitionType": "2D",
    "MagneticFieldStrength": 3.95064,
    "Manufacturer": "Siemens",
    "ManufacturersModelName": "MedSpec_4T",
    "Modality": "MR",
    "PartialFourier": 1,
    "PatientPosition": "HFS",
    "PercentPhaseFOV": 100,
    "PhaseEncodingDirection": "j-",
    "PhaseEncodingSteps": 64,
    "PhaseResolution": 1,
    "PixelBandwidth": 2790,
    "ProtocolName": "mz_bold_dc_REST",
    "PulseSequenceDetails": "%CustomerSeq%_mz_ep2d_bold_dc",
    "ReceiveCoilName": "Head_4T",
    "ReconMatrixPE": 64,
    "RepetitionTime": 2.1,
    "SAR": 0.0335138,
    "ScanOptions": "FS",
    "ScanningSequence": "SE_EP",
    "SequenceName": "epfid2d1_64",
    "SequenceVariant": "SK",
    "SeriesDescription": "mz_bold_dc_REST_DiCo",
    "SeriesNumber": 10,
    "ShimSetting": [
      6,
      -17,
      -21,
      1334,
      729,
      -2980,
      2493,
      250
    ],
    "SliceThickness": 3,
    "SoftwareVersions": "syngo_MR_2002B_4VA21A",
    "SpacingBetweenSlices": 3.6,
    "StationName": "wes4T",
    "TaskName": "rest",
    "TxRefAmp": 162.548,
    "dataset": "ds004169",
    "modality": "bold",
    "session_id": "01",
    "subject_id": "1286",
    "task_id": "rest"
  },
  "dummy_trs": 0,
  "dvars_nstd": 33.91801269557048,
  "dvars_std": 1.1270610883892618,
  "dvars_vstd": 1.0109964966442946,
  "efc": 0.475409374562501,
  "fber": 2507.869384765625,
  "fd_mean": 0.374121779773099,
  "fd_num": 57,
  "fd_perc": 38.0,
  "fwhm_avg": 1.8853262085760074,
  "fwhm_x": 1.7544041739130436,
  "fwhm_y": 2.1644577391304347,
  "fwhm_z": 1.7371167126845442,
  "gcor": 0.0893626,
  "gsr_x": -0.02406804822385311,
  "gsr_y": 0.03140635043382645,
  "provenance": {
    "md5sum": "e1aadd4483569e4986fd06ebb7cd4387",
    "settings": {
      "fd_thres": 0.2,
      "testing": false
    },
    "software": "mriqc",
    "version": "23.0.1",
    "webapi_port": null,
    "webapi_url": "https://mriqc.nimh.nih.gov/api/v1"
  },
  "size_t": 150,
  "size_x": 64,
  "size_y": 64,
  "size_z": 36,
  "snr": 5.615336595114687,
  "spacing_tr": 2.0999999046325684,
  "spacing_x": 3.59375,
  "spacing_y": 3.59375,
  "spacing_z": 3.5999999046325684,
  "summary_bg_k": 49.282312480439856,
  "summary_bg_mad": 10.012506624114852,
  "summary_bg_mean": 29.823707580566406,
  "summary_bg_median": 15.506667137145996,
  "summary_bg_n": 94793.0,
  "summary_bg_p05": 7.8466668128967285,
  "summary_bg_p95": 87.28800048828113,
  "summary_bg_stdv": 41.38957977294922,
  "summary_fg_k": 3.635940041760832,
  "summary_fg_mad": 126.86628269642733,
  "summary_fg_mean": 787.8106079101562,
  "summary_fg_median": 779.6866455078125,
  "summary_fg_n": 22364.0,
  "summary_fg_p05": 582.969677734375,
  "summary_fg_p95": 1003.3723541259766,
  "summary_fg_stdv": 138.8463897705078,
  "tsnr": 35.329250173817854
}