{
  "aor": 0.0019255333333333333,
  "aqi": 0.012201118333333334,
  "bids_meta": {
    "AcquisitionMatrixPE": 64,
    "AcquisitionNumber": 1,
    "AcquisitionTime": "08:21:58.775000",
    "BaseResolution": 64,
    "ConversionSoftware": "dcm2niix",
    "ConversionSoftwareVersion": "v1.0.20190410  GCC6.3.0",
    "DeviceSerialNumber": "18011",
    "EchoTime": 0.03,
    "FlipAngle": 90,
    "ImageComments": "Fake_MoCo_Reference_Volume_+_DiCo_Applied",
    "ImageOrientationPatientDICOM": [
      0.999848,
      -1.11022e-16,
      0.0174524,
      1.11022e-16,
      1,
      1.73472e-18
    ],
    "ImageType": [
      "ORIGINAL",
      "PRIMARY",
      "M",
      "ND",
      "MOSAIC"
    ],
    "ImagingFrequency": 168.217,
    "InPlanePhaseEncodingDirectionDICOM": "COL",
    "MRAcquisitionType": "2D",
    "MagneticFieldStrength": 3.95064,
    "Manufacturer": "Siemens",
    "ManufacturersModelName": "MedSpec_4T",
    "Modality": "MR",
    "PartialFourier": 1,
    "PatientPosition": "HFS",
    "PercentPhaseFOV": 100,
    "PhaseEncodingDirection": "j-",
    "PhaseEncodingSteps": 64,
    "PhaseResolution": 1,
    "PixelBandwidth": 2790,
    "ProtocolName": "mz_bold_dc_REST",
    "PulseSequenceDetails": "%CustomerSeq%_mz_ep2d_bold_dc",
    "ReceiveCoilName": "Head_4T",
    "ReconMatrixPE": 64,
    "RepetitionTime": 2.1,
    "SAR": 0.0208906,
    "ScanOptions": "FS",
    "ScanningSequence": "SE_EP",
    "SequenceName": "epfid2d1_64",
    "SequenceVariant": "SK",
    "SeriesDescription": "mz_bold_dc_REST_DiCo",
    "SeriesNumber": 10,
    "ShimSetting": [
      14,
      -1,
      -43,
      1823,
      298,
      -3008,
      2581,
      8
    ],
    "SliceThickness": 3,
    "SoftwareVersions": "syngo_MR_2002B_4VA21A",
    "SpacingBetweenSlices": 3.6,
    "StationName": "wes4T",
    "TaskName": "rest",
    "TxRefAmp": 181.636,
    "dataset": "ds004169",
    "modality": "bold",
    "session_id": "01",
    "subject_id": "0457",
    "task_id": "rest"
  },
  "dummy_trs": 0,
  "dvars_nstd": 35.909043830335555,
  "dvars_std": 1.0350016906040262,
  "dvars_vstd": 0.9782762924832208,
  "efc": 0.507507921343773,
  "fber": 1810.5400390625,
  "fd_mean": 0.15105137379284544,
  "fd_num": 11,
  "fd_perc": 7.333333333333333,
  "fwhm_avg": 1.8840574158239294,
  "fwhm_x": 1.7904500869565216,
  "fwhm_y": 2.1791387826086956,
  "fwhm_z": 1.6825833779065709,
  "gcor": 0.084804,
  "gsr_x": -0.022306397557258606,
  "gsr_y": 0.05474970489740372,
  "provenance": {
    "md5sum": "3bc1e0678fb265e18cbc7e45ccf9bbbf",
    "settings": {
      "fd_thres": 0.2,
      "testing": false
    },
    "software": "mriqc",
    "version": "23.0.1",
    "webapi_port": null,
    "webapi_url": "https://mriqc.nimh.nih.gov/api/v1"
  },
  "size_t": 150,
  "size_x": 64,
  "size_y": 64,
  "size_z": 36,
  "snr": 4.702612369278859,
  "spacing_tr": 2.0999999046325684,
  "spacing_x": 3.59375,
  "spacing_y": 3.59375,
  "spacing_z": 3.5999999046325684,
  "summary_bg_k": 61.83325940840601,
  "summary_bg_mad": 7.343822348020837,
  "summary_bg_mean": 26.059701919555664,
  "summary_bg_median": 13.380000114440918,
  "summary_bg_n": 90268.0,
  "summary_bg_p05": 7.78000020980835,
  "summary_bg_p95": 76.65333557128906,
  "summary_bg_stdv": 34.39537048339844,
  "summary_fg_k": 3.7574809053784346,
  "summary_fg_mad": 99.21571512495463,
  "summary_fg_mean": 570.0200805664062,
  "summary_fg_median": 563.4866943359375,
  "summary_fg_n": 25699.0,
  "summary_fg_p05": 396.0380126953125,
  "summary_fg_p95": 757.2940063476562,
  "summary_fg_stdv": 119.82185363769531,
  "tsnr": 35.114814540720545
}