{
  "bids_meta": {
    "AcquisitionMatrixPE": 225,
    "AcquisitionNumber": 1,
    "AcquisitionTime": "07:05:0.432510",
    "BaseResolution": 256,
    "ConversionSoftware": "dcm2niix",
    "ConversionSoftwareVersion": "v1.0.20190410  GCC6.3.0",
    "DeviceSerialNumber": "18011",
    "EchoTime": 0.00335,
    "FlipAngle": 8,
    "ImageOrientationPatientDICOM": [
      1,
      0,
      0,
      0,
      0,
      -1
    ],
    "ImageType": [
      "ORIGINAL",
      "PRIMARY",
      "M",
      "ND"
    ],
    "ImagingFrequency": 168.255,
    "InPlanePhaseEncodingDirectionDICOM": "ROW",
    "InversionTime": 0.7,
    "MRAcquisitionType": "3D",
    "MagneticFieldStrength": 3.95064,
    "Manufacturer": "Siemens",
    "ManufacturersModelName": "MedSpec_4T",
    "Modality": "MR",
    "PartialFourier": 0.875,
    "PatientPosition": "HFS",
    "PercentPhaseFOV": 100,
    "PhaseEncodingSteps": 197,
    "PhaseResolution": 0.878906,
    "PixelBandwidth": 200,
    "ProtocolName": "t1_mpr_cor",
    "PulseSequenceDetails": "%SiemensSeq%_tfl",
    "ReceiveCoilName": "Head_4T",
    "ReconMatrixPE": 256,
    "RepetitionTime": 1.5,
    "SAR": 0.00501666,
    "ScanOptions": "IR",
    "ScanningSequence": "IR_GR",
    "SequenceName": "tfl3d1_ns",
    "SequenceVariant": "SP_MP",
    "SeriesDescription": "t1_mpr_cor",
    "SeriesNumber": 8,
    "ShimSetting": [
      31,
      -4,
      -6,
      1159,
      794,
      -4216,
      3287,
      -112
    ],
    "SliceThickness": 0.9,
    "SoftwareVersions": "syngo_MR_2002B_4VA21A",
    "StationName": "wes4T",
    "TxRefAmp": 165.799,
    "dataset": "ds004169",
    "modality": "T1w",
    "session_id": "01",
    "subject_id": "1090"
  },
  "cjv": 0.3179751471224786,
  "cnr": 4.130141945087032,
  "efc": 0.4120719167172533,
  "fber": -1.0,
  "fwhm_avg": 4.492888636103494,
  "fwhm_x": 4.59424,
  "fwhm_y": 4.927444574977149,
  "fwhm_z": 3.9569813333333332,
  "icvs_csf": 0.2025675510675421,
  "icvs_gm": 0.4344134210785565,
  "icvs_wm": 0.3630190278539014,
  "inu_med": 0.62727952003479,
  "inu_range": 0.3936737477779386,
  "provenance": {
    "md5sum": "e22877d193aab0139fcc151863fb8bc5",
    "settings": {
      "testing": false
    },
    "software": "mriqc",
    "version": "23.0.1",
    "warnings": {
      "large_rot_frame": true,
      "small_air_mask": false
    },
    "webapi_port": null,
    "webapi_url": "https://mriqc.nimh.nih.gov/api/v1"
  },
  "qi_1": 0.0,
  "qi_2": 0.022704349893369953,
  "rpve_csf": 31.96391226116999,
  "rpve_gm": 16.104324502148035,
  "rpve_wm": 22.396211933148603,
  "size_x": 256,
  "size_y": 256,
  "size_z": 256,
  "snr_csf": 2.033392259185737,
  "snr_gm": 9.90926719623212,
  "snr_total": 10.981798198264636,
  "snr_wm": 21.00273513937605,
  "snrd_csf": 11.444175865065068,
  "snrd_gm": 26.131541340056607,
  "snrd_total": 25.797023669598786,
  "snrd_wm": 39.815353803674675,
  "spacing_x": 0.9375,
  "spacing_y": 0.8999999761581421,
  "spacing_z": 0.9375,
  "summary_bg_k": 33.23046142883808,
  "summary_bg_mad": 0.0,
  "summary_bg_mean": 8.033669257819751,
  "summary_bg_median": 0.0,
  "summary_bg_n": 4081016.0,
  "summary_bg_p05": 0.0,
  "summary_bg_p95": 38.42252539470792,
  "summary_bg_stdv": 16.454366147628544,
  "summary_csf_k": 23.778557883948498,
  "summary_csf_mad": 95.7017399365134,
  "summary_csf_mean": 299.76771218158706,
  "summary_csf_median": 287.431227972731,
  "summary_csf_n": 34486.0,
  "summary_csf_p05": 111.65585879702121,
  "summary_csf_p95": 488.1966076651588,
  "summary_csf_stdv": 141.35347436433406,
  "summary_gm_k": 0.1618895455303364,
  "summary_gm_mad": 64.3480270430271,
  "summary_gm_mean": 657.9943524499288,
  "summary_gm_median": 656.3182097822428,
  "summary_gm_n": 51939.0,
  "summary_gm_p05": 550.1490876115859,
  "summary_gm_p95": 769.3142462650313,
  "summary_gm_stdv": 66.2321318611407,
  "summary_wm_k": 0.680474809859152,
  "summary_wm_mad": 44.93424551304867,
  "summary_wm_mean": 1000.0885236629541,
  "summary_wm_median": 1000.0000149328262,
  "summary_wm_n": 250254.0,
  "summary_wm_p05": 923.062750082463,
  "summary_wm_p95": 1078.2282766364515,
  "summary_wm_stdv": 47.612751878489185,
  "tpm_overlap_csf": 0.14708281210734353,
  "tpm_overlap_gm": 0.4584609651336637,
  "tpm_overlap_wm": 0.4906644952491416,
  "wm2max": 0.5625237749420756
}