{
  "aor": 0.0042054,
  "aqi": 0.05302133133333334,
  "bids_meta": {
    "AcquisitionMatrixPE": 64,
    "AcquisitionNumber": 1,
    "AcquisitionTime": "12:46:46.492480",
    "BaseResolution": 64,
    "ConversionSoftware": "dcm2niix",
    "ConversionSoftwareVersion": "v1.0.20190410  GCC6.3.0",
    "DeviceSerialNumber": "18011",
    "EchoTime": 0.03,
    "FlipAngle": 90,
    "ImageComments": "Fake_MoCo_Reference_Volume_+_DiCo_Applied",
    "ImageOrientationPatientDICOM": [
      0.994522,
      0,
      0.104528,
      0,
      1,
      0
    ],
    "ImageType": [
      "ORIGINAL",
      "PRIMARY",
      "M",
      "ND",
      "MOSAIC"
    ],
    "ImagingFrequency": 168.256,
    "InPlanePhaseEncodingDirectionDICOM": "COL",
    "MRAcquisitionType": "2D",
    "MagneticFieldStrength": 3.95064,
    "Manufacturer": "Siemens",
    "ManufacturersModelName": "MedSpec_4T",
    "Modality": "MR",
    "PartialFourier": 1,
    "PatientPosition": "HFS",
    "PercentPhaseFOV": 100,
    "PhaseEncodingDirection": "j-",
    "PhaseEncodingSteps": 64,
    "PhaseResolution": 1,
    "PixelBandwidth": 2790,
    "ProtocolName": "mz_bold_dc_REST",
    "PulseSequenceDetails": "%CustomerSeq%_mz_ep2d_bold_dc",
    "ReceiveCoilName": "Head_4T",
    "ReconMatrixPE": 64,
    "RepetitionTime": 2.1,
    "SAR": 0.0363998,
    "ScanOptions": "FS",
    "ScanningSequence": "SE_EP",
    "SequenceName": "epfid2d1_64",
    "SequenceVariant": "SK",
    "SeriesDescription": "mz_bold_dc_REST_DiCo",
    "SeriesNumber": 10,
    "ShimSetting": [
      57,
      -9,
      28,
      2548,
      686,
      -3661,
      3935,
      -995
    ],
    "SliceThickness": 3,
    "SoftwareVersions": "syngo_MR_2002B_4VA21A",
    "SpacingBetweenSlices": 3.6,
    "StationName": "wes4T",
    "TaskName": "rest",
    "TxRefAmp": 162.923,
    "dataset": "ds004169",
    "modality": "bold",
    "session_id": "01",
    "subject_id": "1171",
    "task_id": "rest"
  },
  "dummy_trs": 0,
  "dvars_nstd": 50.761872810469804,
  "dvars_std": 0.9377816087919464,
  "dvars_vstd": 0.8399124651006711,
  "efc": 0.42344905865306925,
  "fber": 3901.06884765625,
  "fd_mean": 0.9702319070344267,
  "fd_num": 118,
  "fd_perc": 78.66666666666667,
  "fwhm_avg": 1.8116058267085053,
  "fwhm_x": 1.6780382608695652,
  "fwhm_y": 2.1016681739130436,
  "fwhm_z": 1.6551110453429072,
  "gcor": 0.334675,
  "gsr_x": -0.02293218858540058,
  "gsr_y": 0.04110276326537132,
  "provenance": {
    "md5sum": "14c1b0eac71f4cf050b1f87f169f2510",
    "settings": {
      "fd_thres": 0.2,
      "testing": false
    },
    "software": "mriqc",
    "version": "23.0.1",
    "webapi_port": null,
    "webapi_url": "https://mriqc.nimh.nih.gov/api/v1"
  },
  "size_t": 150,
  "size_x": 64,
  "size_y": 64,
  "size_z": 36,
  "snr": 6.326582757625323,
  "spacing_tr": 2.0999999046325684,
  "spacing_x": 3.59375,
  "spacing_y": 3.59375,
  "spacing_z": 3.6000001430511475,
  "summary_bg_k": 88.68655326317288,
  "summary_bg_mad": 7.403127794123932,
  "summary_bg_mean": 25.18465805053711,
  "summary_bg_median": 12.253334045410156,
  "summary_bg_n": 102565.0,
  "summary_bg_p05": 6.220000267028809,
  "summary_bg_p95": 74.65333557128906,
  "summary_bg_stdv": 37.98789596557617,
  "summary_fg_k": 1.0260776408966272,
  "summary_fg_mad": 114.79299241365038,
  "summary_fg_mean": 747.6495361328125,
  "summary_fg_median": 746.52001953125,
  "summary_fg_n": 16557.0,
  "summary_fg_p05": 561.08798828125,
  "summary_fg_p95": 935.760009765625,
  "summary_fg_stdv": 117.99378967285156,
  "tsnr": 16.30622858129209
}