{
  "aor": 0.005972933333333332,
  "aqi": 0.018416677266666667,
  "bids_meta": {
    "AcquisitionMatrixPE": 64,
    "AcquisitionNumber": 1,
    "AcquisitionTime": "08:46:5.504990",
    "BaseResolution": 64,
    "ConversionSoftware": "dcm2niix",
    "ConversionSoftwareVersion": "v1.0.20190410  GCC6.3.0",
    "DeviceSerialNumber": "18011",
    "EchoTime": 0.03,
    "FlipAngle": 90,
    "ImageComments": "Fake_MoCo_Reference_Volume_+_DiCo_Applied",
    "ImageOrientationPatientDICOM": [
      0.999391,
      -0.00243443,
      -0.0348145,
      -3.20835e-08,
      0.997564,
      -0.0697565
    ],
    "ImageType": [
      "ORIGINAL",
      "PRIMARY",
      "M",
      "ND",
      "MOSAIC"
    ],
    "ImagingFrequency": 168.217,
    "InPlanePhaseEncodingDirectionDICOM": "COL",
    "MRAcquisitionType": "2D",
    "MagneticFieldStrength": 3.95064,
    "Manufacturer": "Siemens",
    "ManufacturersModelName": "MedSpec_4T",
    "Modality": "MR",
    "PartialFourier": 1,
    "PatientPosition": "HFS",
    "PercentPhaseFOV": 100,
    "PhaseEncodingDirection": "j-",
    "PhaseEncodingSteps": 64,
    "PhaseResolution": 1,
    "PixelBandwidth": 2790,
    "ProtocolName": "mz_bold_dc_REST",
    "PulseSequenceDetails": "%CustomerSeq%_mz_ep2d_bold_dc",
    "ReceiveCoilName": "Head_4T",
    "ReconMatrixPE": 64,
    "RepetitionTime": 2.1,
    "SAR": 0.0226253,
    "ScanOptions": "FS",
    "ScanningSequence": "SE_EP",
    "SequenceName": "epfid2d1_64",
    "SequenceVariant": "SK",
    "SeriesDescription": "mz_bold_dc_REST_DiCo",
    "SeriesNumber": 10,
    "ShimSetting": [
      7,
      -3,
      7,
      2078,
      441,
      -3841,
      2372,
      -66
    ],
    "SliceThickness": 3,
    "SoftwareVersions": "syngo_MR_2002B_4VA21A",
    "SpacingBetweenSlices": 3.6,
    "StationName": "wes4T",
    "TaskName": "rest",
    "TxRefAmp": 168.254,
    "dataset": "ds004169",
    "modality": "bold",
    "session_id": "01",
    "subject_id": "0420",
    "task_id": "rest"
  },
  "dummy_trs": 0,
  "dvars_nstd": 29.29092411067115,
  "dvars_std": 1.0677622355033558,
  "dvars_vstd": 0.9440267532214768,
  "efc": 0.4607031676713723,
  "fber": 2338.98095703125,
  "fd_mean": 0.27514496363445934,
  "fd_num": 45,
  "fd_perc": 30.0,
  "fwhm_avg": 1.7425994794638584,
  "fwhm_x": 1.6425627826086957,
  "fwhm_y": 1.9901133913043478,
  "fwhm_z": 1.5951222644785317,
  "gcor": 0.0226404,
  "gsr_x": -0.02066052332520485,
  "gsr_y": 0.03183402866125107,
  "provenance": {
    "md5sum": "cb53ed2708d37135c910b1f4863a92d9",
    "settings": {
      "fd_thres": 0.2,
      "testing": false
    },
    "software": "mriqc",
    "version": "23.0.1",
    "webapi_port": null,
    "webapi_url": "https://mriqc.nimh.nih.gov/api/v1"
  },
  "size_t": 150,
  "size_x": 64,
  "size_y": 64,
  "size_z": 36,
  "snr": 5.211114667942241,
  "spacing_tr": 2.0999999046325684,
  "spacing_x": 3.59375,
  "spacing_y": 3.59375,
  "spacing_z": 3.5999999046325684,
  "summary_bg_k": 36.92263873562174,
  "summary_bg_mad": 10.101464793269495,
  "summary_bg_mean": 30.14209747314453,
  "summary_bg_median": 16.14000129699707,
  "summary_bg_n": 97280.0,
  "summary_bg_p05": 7.806666851043701,
  "summary_bg_p95": 84.1933364868164,
  "summary_bg_stdv": 42.01517105102539,
  "summary_fg_k": 4.458641253044323,
  "summary_fg_mad": 119.75469665210746,
  "summary_fg_mean": 782.7848510742188,
  "summary_fg_median": 769.0466918945312,
  "summary_fg_n": 20490.0,
  "summary_fg_p05": 585.2913665771484,
  "summary_fg_p95": 1009.4643463134765,
  "summary_fg_stdv": 147.57455444335938,
  "tsnr": 37.14231093414128
}