{
  "bids_meta": {
    "AcquisitionMatrixPE": 225,
    "AcquisitionNumber": 1,
    "AcquisitionTime": "08:33:27.485000",
    "BaseResolution": 256,
    "ConversionSoftware": "dcm2niix",
    "ConversionSoftwareVersion": "v1.0.20190410  GCC6.3.0",
    "DeviceSerialNumber": "18011",
    "EchoTime": 0.00335,
    "FlipAngle": 8,
    "ImageOrientationPatientDICOM": [
      1,
      0,
      0,
      0,
      0,
      -1
    ],
    "ImageType": [
      "ORIGINAL",
      "PRIMARY",
      "M",
      "ND"
    ],
    "ImagingFrequency": 168.256,
    "InPlanePhaseEncodingDirectionDICOM": "ROW",
    "InversionTime": 0.7,
    "MRAcquisitionType": "3D",
    "MagneticFieldStrength": 3.95064,
    "Manufacturer": "Siemens",
    "ManufacturersModelName": "MedSpec_4T",
    "Modality": "MR",
    "PartialFourier": 0.875,
    "PatientPosition": "HFS",
    "PercentPhaseFOV": 100,
    "PhaseEncodingSteps": 197,
    "PhaseResolution": 0.878906,
    "PixelBandwidth": 200,
    "ProtocolName": "t1_mpr_cor",
    "PulseSequenceDetails": "%SiemensSeq%_tfl",
    "ReceiveCoilName": "Head_4T",
    "ReconMatrixPE": 256,
    "RepetitionTime": 1.5,
    "SAR": 0.00635082,
    "ScanOptions": "IR",
    "ScanningSequence": "IR_GR",
    "SequenceName": "tfl3d1_ns",
    "SequenceVariant": "SP_MP",
    "SeriesDescription": "t1_mpr_cor",
    "SeriesNumber": 8,
    "ShimSetting": [
      -4,
      -11,
      -10,
      1951,
      535,
      -3694,
      1809,
      -55
    ],
    "SliceThickness": 0.9,
    "SoftwareVersions": "syngo_MR_2002B_4VA21A",
    "StationName": "wes4T",
    "TxRefAmp": 195.634,
    "dataset": "ds004169",
    "modality": "T1w",
    "session_id": "01",
    "subject_id": "1141"
  },
  "cjv": 0.32372415413241584,
  "cnr": 4.0167160064993,
  "efc": 0.449363226043931,
  "fber": -1.0,
  "fwhm_avg": 4.354517819563137,
  "fwhm_x": 4.397525333333333,
  "fwhm_y": 4.73203345868941,
  "fwhm_z": 3.9339946666666665,
  "icvs_csf": 0.18775423560359836,
  "icvs_gm": 0.4571638426809025,
  "icvs_wm": 0.3550819217154992,
  "inu_med": 0.6765023469924927,
  "inu_range": 0.48087677061557776,
  "provenance": {
    "md5sum": "1b636d636bf5c4b46be1f97b679bc3ad",
    "settings": {
      "testing": false
    },
    "software": "mriqc",
    "version": "23.0.1",
    "warnings": {
      "large_rot_frame": true,
      "small_air_mask": false
    },
    "webapi_port": null,
    "webapi_url": "https://mriqc.nimh.nih.gov/api/v1"
  },
  "qi_1": 0.0,
  "qi_2": 0.02941621512842026,
  "rpve_csf": 27.50715244626377,
  "rpve_gm": 12.581618782917543,
  "rpve_wm": 18.630076352771937,
  "size_x": 256,
  "size_y": 256,
  "size_z": 256,
  "snr_csf": 1.5058055419833247,
  "snr_gm": 9.742791654897106,
  "snr_total": 10.070700315144201,
  "snr_wm": 18.963503748552174,
  "snrd_csf": 9.682195346619556,
  "snrd_gm": 22.048707581529985,
  "snrd_total": 21.887600114859097,
  "snrd_wm": 33.93189741642775,
  "spacing_x": 0.9375,
  "spacing_y": 0.8999999761581421,
  "spacing_z": 0.9375,
  "summary_bg_k": 15.327116689866287,
  "summary_bg_mad": 0.0,
  "summary_bg_mean": 10.359115521743654,
  "summary_bg_median": 0.0,
  "summary_bg_n": 4536021.0,
  "summary_bg_p05": 0.0,
  "summary_bg_p95": 48.80225759744644,
  "summary_bg_stdv": 19.30808049140627,
  "summary_csf_k": 21.238166988678287,
  "summary_csf_mad": 100.24806965150987,
  "summary_csf_mean": 311.734116605559,
  "summary_csf_median": 285.35219091176987,
  "summary_csf_n": 36290.0,
  "summary_csf_p05": 112.98775791525841,
  "summary_csf_p95": 518.4427688777444,
  "summary_csf_stdv": 189.4987442766519,
  "summary_gm_k": 0.19755515838775128,
  "summary_gm_mad": 64.89130590958348,
  "summary_gm_mean": 650.207143215055,
  "summary_gm_median": 649.8161615133286,
  "summary_gm_n": 67556.0,
  "summary_gm_p05": 540.0021568536758,
  "summary_gm_p95": 758.8090601563454,
  "summary_gm_stdv": 66.69662813798698,
  "summary_wm_k": 0.6071032732926831,
  "summary_wm_mad": 48.48322692755176,
  "summary_wm_mean": 1000.1594410646991,
  "summary_wm_median": 1000.0357277393341,
  "summary_wm_n": 295317.0,
  "summary_wm_p05": 912.9984899759293,
  "summary_wm_p95": 1087.1086657643318,
  "summary_wm_stdv": 52.734665905706755,
  "tpm_overlap_csf": 0.13304552419017449,
  "tpm_overlap_gm": 0.4438944756632197,
  "tpm_overlap_wm": 0.48032972299393234,
  "wm2max": 0.5772813453136593
}