{
  "aor": 0.003181102362204724,
  "aqi": 0.007289228346456692,
  "bids_meta": {
    "AcquisitionMatrixPE": 64,
    "AcquisitionNumber": 1,
    "AcquisitionTime": "09:18:30.667480",
    "BaseResolution": 64,
    "ConversionSoftware": "dcm2niix",
    "ConversionSoftwareVersion": "v1.0.20190410  GCC6.3.0",
    "DeviceSerialNumber": "18011",
    "EchoTime": 0.03,
    "FlipAngle": 90,
    "ImageComments": "Fake_MoCo_Reference_Volume_+_DiCo_Applied",
    "ImageOrientationPatientDICOM": [
      1,
      0,
      0,
      0,
      0.934204,
      -0.356738
    ],
    "ImageType": [
      "ORIGINAL",
      "PRIMARY",
      "M",
      "ND",
      "DICO",
      "MOSAIC"
    ],
    "ImagingFrequency": 168.255,
    "InPlanePhaseEncodingDirectionDICOM": "COL",
    "MRAcquisitionType": "2D",
    "MagneticFieldStrength": 3.95064,
    "Manufacturer": "Siemens",
    "ManufacturersModelName": "MedSpec_4T",
    "Modality": "MR",
    "PartialFourier": 1,
    "PatientPosition": "HFS",
    "PercentPhaseFOV": 100,
    "PhaseEncodingDirection": "j-",
    "PhaseEncodingSteps": 64,
    "PhaseResolution": 1,
    "PixelBandwidth": 2790,
    "ProcedureStepDescription": "Research_fMRI",
    "ProtocolName": "Nback_dc_opt",
    "PulseSequenceDetails": "%CustomerSeq%_kt_ep2d_bold_dc",
    "ReceiveCoilName": "Head",
    "ReconMatrixPE": 64,
    "RepetitionTime": 2.1,
    "SAR": 0.102389,
    "ScanOptions": "FS",
    "ScanningSequence": "SE_EP",
    "SequenceName": "epfid2d1_64",
    "SequenceVariant": "SK",
    "SeriesDescription": "Nback_dc_opt_DiCo",
    "SeriesNumber": 6,
    "ShimSetting": [
      18,
      16,
      35,
      1925,
      786,
      -3061,
      2114,
      233
    ],
    "SliceThickness": 3,
    "SoftwareVersions": "syngo_MR_2004A_4VA25A",
    "SpacingBetweenSlices": 3.6,
    "StationName": "WES4T",
    "TaskName": "nback",
    "TxRefAmp": 218.737,
    "dataset": "ds004169",
    "modality": "bold",
    "session_id": "01",
    "subject_id": "1070",
    "task_id": "nback"
  },
  "dummy_trs": 0,
  "dvars_nstd": 28.458386133650794,
  "dvars_std": 1.2513812719841264,
  "dvars_vstd": 1.0121523106349208,
  "efc": 0.5005916176767863,
  "fber": 1557.5374755859375,
  "fd_mean": 0.16212403772270004,
  "fd_num": 23,
  "fd_perc": 18.11023622047244,
  "fwhm_avg": 1.7162210482243137,
  "fwhm_x": 1.605050434782609,
  "fwhm_y": 1.8808237769525795,
  "fwhm_z": 1.6627889329377528,
  "gcor": 0.0335388,
  "gsr_x": -0.014404741115868092,
  "gsr_y": 0.02959858626127243,
  "provenance": {
    "md5sum": "e85ab6cda144a2ade774df462f5b1edb",
    "settings": {
      "fd_thres": 0.2,
      "testing": false
    },
    "software": "mriqc",
    "version": "23.0.1",
    "webapi_port": null,
    "webapi_url": "https://mriqc.nimh.nih.gov/api/v1"
  },
  "size_t": 127,
  "size_x": 64,
  "size_y": 64,
  "size_z": 36,
  "snr": 6.060455595116137,
  "spacing_tr": 2.0999999046325684,
  "spacing_x": 3.59375,
  "spacing_y": 3.593749761581421,
  "spacing_z": 3.5999999046325684,
  "summary_bg_k": 22.870387163018638,
  "summary_bg_mad": 11.417203283426423,
  "summary_bg_mean": 34.683414459228516,
  "summary_bg_median": 17.480314254760742,
  "summary_bg_n": 93478.0,
  "summary_bg_p05": 8.9606294631958,
  "summary_bg_p95": 109.04172973632804,
  "summary_bg_stdv": 45.74969482421875,
  "summary_fg_k": 3.3607873229079965,
  "summary_fg_mad": 100.54846448250775,
  "summary_fg_mean": 708.5679931640625,
  "summary_fg_median": 707.8306884765625,
  "summary_fg_n": 23026.0,
  "summary_fg_p05": 527.2814788818359,
  "summary_fg_p95": 885.6988372802734,
  "summary_fg_stdv": 116.79242706298828,
  "tsnr": 59.216241439804435
}