{
  "bids_meta": {
    "AcquisitionMatrixPE": 225,
    "AcquisitionNumber": 1,
    "AcquisitionTime": "11:58:52.917480",
    "BaseResolution": 256,
    "ConversionSoftware": "dcm2niix",
    "ConversionSoftwareVersion": "v1.0.20190410  GCC6.3.0",
    "DeviceSerialNumber": "18011",
    "EchoTime": 0.00335,
    "FlipAngle": 8,
    "ImageOrientationPatientDICOM": [
      0,
      1,
      0,
      0,
      0,
      -1
    ],
    "ImageType": [
      "ORIGINAL",
      "PRIMARY",
      "M",
      "ND"
    ],
    "ImagingFrequency": 168.255,
    "InPlanePhaseEncodingDirectionDICOM": "ROW",
    "InversionTime": 0.7,
    "MRAcquisitionType": "3D",
    "MagneticFieldStrength": 3.95064,
    "Manufacturer": "Siemens",
    "ManufacturersModelName": "MedSpec_4T",
    "Modality": "MR",
    "PartialFourier": 0.875,
    "PatientPosition": "HFS",
    "PercentPhaseFOV": 100,
    "PhaseEncodingSteps": 197,
    "PhaseResolution": 0.878906,
    "PixelBandwidth": 200,
    "ProcedureStepDescription": "Research_fMRI",
    "ProtocolName": "t1_mpr_sag",
    "PulseSequenceDetails": "%SiemensSeq%_tfl",
    "ReceiveCoilName": "Head",
    "ReconMatrixPE": 256,
    "RepetitionTime": 1.5,
    "SAR": 0.0650879,
    "ScanOptions": "IR",
    "ScanningSequence": "IR_GR",
    "SequenceName": "tfl3d1_ns",
    "SequenceVariant": "SP_MP",
    "SeriesDescription": "t1_mpr_sag",
    "SeriesNumber": 8,
    "ShimSetting": [
      25,
      22,
      -14,
      2290,
      -98,
      -2587,
      2242,
      -268
    ],
    "SliceThickness": 0.9,
    "SoftwareVersions": "syngo_MR_2004A_4VA25A",
    "StationName": "WES4T",
    "TxRefAmp": 202.969,
    "dataset": "ds004169",
    "modality": "T1w",
    "session_id": "01",
    "subject_id": "0640"
  },
  "cjv": 0.32997973784255735,
  "cnr": 3.8814098311262937,
  "efc": 0.4690859333746746,
  "fber": 10804.879865023308,
  "fwhm_avg": 4.807596637972284,
  "fwhm_x": 5.13907791391685,
  "fwhm_y": 5.037824,
  "fwhm_z": 4.245888,
  "icvs_csf": 0.22137116397148024,
  "icvs_gm": 0.44576624288057143,
  "icvs_wm": 0.33286259314794836,
  "inu_med": 0.6487568616867065,
  "inu_range": 0.43800341337919235,
  "provenance": {
    "md5sum": "3283dc34e9510088e8740aed499223c4",
    "settings": {
      "testing": false
    },
    "software": "mriqc",
    "version": "23.0.1",
    "warnings": {
      "large_rot_frame": true,
      "small_air_mask": false
    },
    "webapi_port": null,
    "webapi_url": "https://mriqc.nimh.nih.gov/api/v1"
  },
  "qi_1": 4.748594416052849e-06,
  "qi_2": 0.004496596496378263,
  "rpve_csf": 24.68130316988123,
  "rpve_gm": 12.821292948530372,
  "rpve_wm": 19.549770582221907,
  "size_x": 240,
  "size_y": 256,
  "size_z": 256,
  "snr_csf": 2.264816173849934,
  "snr_gm": 10.495514570990466,
  "snr_total": 10.839775776736412,
  "snr_wm": 19.758996585368834,
  "snrd_csf": 24.18183705620187,
  "snrd_gm": 58.92917092446349,
  "snrd_total": 56.98435746168766,
  "snrd_wm": 87.8420644043976,
  "spacing_x": 0.8999999761581421,
  "spacing_y": 0.9375,
  "spacing_z": 0.9375,
  "summary_bg_k": 310.8170268883779,
  "summary_bg_mad": 7.45834175440389,
  "summary_bg_mean": 13.831309078945013,
  "summary_bg_median": 5.030575066804886,
  "summary_bg_n": 3723165.0,
  "summary_bg_p05": 0.0,
  "summary_bg_p95": 50.96846115589142,
  "summary_bg_stdv": 23.33243595246201,
  "summary_csf_k": 14.833482082452836,
  "summary_csf_mad": 105.08669549767878,
  "summary_csf_mean": 272.03728800671917,
  "summary_csf_median": 275.2959612905979,
  "summary_csf_n": 50304.0,
  "summary_csf_p05": 79.4047657251358,
  "summary_csf_p95": 448.29352182149887,
  "summary_csf_stdv": 121.55212777656062,
  "summary_gm_k": 0.11902821889447335,
  "summary_gm_mad": 63.01628871535263,
  "summary_gm_mean": 668.9937467883136,
  "summary_gm_median": 670.8738761246204,
  "summary_gm_n": 49422.0,
  "summary_gm_p05": 560.0219915911555,
  "summary_gm_p95": 770.2804493010044,
  "summary_gm_stdv": 63.91940903457752,
  "summary_wm_k": 0.9978155013533598,
  "summary_wm_mad": 45.59860437872079,
  "summary_wm_mean": 1001.4138577618738,
  "summary_wm_median": 1000.0301261544228,
  "summary_wm_n": 240889.0,
  "summary_wm_p05": 919.9325267374516,
  "summary_wm_p95": 1085.8390850484363,
  "summary_wm_stdv": 50.61127705166164,
  "tpm_overlap_csf": 0.14170927792901813,
  "tpm_overlap_gm": 0.4550242957757492,
  "tpm_overlap_wm": 0.4867157278899925,
  "wm2max": 0.6028909947093867
}