{
  "aor": 0.0052167333333333335,
  "aqi": 0.008060564133333333,
  "bids_meta": {
    "AcquisitionMatrixPE": 64,
    "AcquisitionNumber": 1,
    "AcquisitionTime": "09:12:18.007500",
    "BaseResolution": 64,
    "ConversionSoftware": "dcm2niix",
    "ConversionSoftwareVersion": "v1.0.20190410  GCC6.3.0",
    "DeviceSerialNumber": "18011",
    "EchoTime": 0.03,
    "FlipAngle": 90,
    "ImageComments": "Fake_MoCo_Reference_Volume_+_DiCo_Applied",
    "ImageOrientationPatientDICOM": [
      1,
      2.22045e-16,
      -1.38778e-17,
      -2.22045e-16,
      0.978509,
      -0.206204
    ],
    "ImageType": [
      "ORIGINAL",
      "PRIMARY",
      "M",
      "ND",
      "DICO",
      "MOSAIC"
    ],
    "ImagingFrequency": 168.255,
    "InPlanePhaseEncodingDirectionDICOM": "COL",
    "MRAcquisitionType": "2D",
    "MagneticFieldStrength": 3.95064,
    "Manufacturer": "Siemens",
    "ManufacturersModelName": "MedSpec_4T",
    "Modality": "MR",
    "PartialFourier": 1,
    "PatientPosition": "HFS",
    "PercentPhaseFOV": 100,
    "PhaseEncodingDirection": "j-",
    "PhaseEncodingSteps": 64,
    "PhaseResolution": 1,
    "PixelBandwidth": 2790,
    "ProcedureStepDescription": "Research_fMRI",
    "ProtocolName": "mz_bold_dc_REST",
    "PulseSequenceDetails": "%CustomerSeq%_mz_ep2d_bold_dc",
    "ReceiveCoilName": "Head",
    "ReconMatrixPE": 64,
    "RepetitionTime": 2.1,
    "SAR": 0.078818,
    "ScanOptions": "FS",
    "ScanningSequence": "SE_EP",
    "SequenceName": "epfid2d1_64",
    "SequenceVariant": "SK",
    "SeriesDescription": "mz_bold_dc_REST_DiCo",
    "SeriesNumber": 10,
    "ShimSetting": [
      16,
      -1,
      17,
      2048,
      544,
      -4915,
      3245,
      -100
    ],
    "SliceThickness": 3,
    "SoftwareVersions": "syngo_MR_2004A_4VA25A",
    "SpacingBetweenSlices": 3.6,
    "StationName": "WES4T",
    "TaskName": "rest",
    "TxRefAmp": 173.719,
    "dataset": "ds004169",
    "modality": "bold",
    "session_id": "01",
    "subject_id": "0813",
    "task_id": "rest"
  },
  "dummy_trs": 0,
  "dvars_nstd": 28.249197800201355,
  "dvars_std": 1.249801522147651,
  "dvars_vstd": 1.0353062381208054,
  "efc": 0.45962336165114476,
  "fber": 2957.785888671875,
  "fd_mean": 0.22636356640205538,
  "fd_num": 39,
  "fd_perc": 26.0,
  "fwhm_avg": 1.755516873354469,
  "fwhm_x": 1.6595422608695654,
  "fwhm_y": 1.991852653883737,
  "fwhm_z": 1.6151557053101055,
  "gcor": 0.0658858,
  "gsr_x": -0.022163761779665947,
  "gsr_y": 0.03973855450749397,
  "provenance": {
    "md5sum": "c671ae46ca41451f3a2e42388b0f2e0a",
    "settings": {
      "fd_thres": 0.2,
      "testing": false
    },
    "software": "mriqc",
    "version": "23.0.1",
    "webapi_port": null,
    "webapi_url": "https://mriqc.nimh.nih.gov/api/v1"
  },
  "size_t": 150,
  "size_x": 64,
  "size_y": 64,
  "size_z": 36,
  "snr": 5.404033242893965,
  "spacing_tr": 2.0999999046325684,
  "spacing_x": 3.59375,
  "spacing_y": 3.593749761581421,
  "spacing_z": 3.5999996662139893,
  "summary_bg_k": 71.29391167652769,
  "summary_bg_mad": 7.314170331929118,
  "summary_bg_mean": 22.26568031311035,
  "summary_bg_median": 11.09333324432373,
  "summary_bg_n": 96602.0,
  "summary_bg_p05": 4.900000095367432,
  "summary_bg_p95": 69.36466865539539,
  "summary_bg_stdv": 31.117280960083008,
  "summary_fg_k": 3.723987244709077,
  "summary_fg_mad": 95.06444701131055,
  "summary_fg_mean": 605.271484375,
  "summary_fg_median": 598.4933471679688,
  "summary_fg_n": 20381.0,
  "summary_fg_p05": 446.3333435058594,
  "summary_fg_p95": 779.9200439453125,
  "summary_fg_stdv": 110.74666595458984,
  "tsnr": 51.75374048948288
}