{
  "bids_meta": {
    "AcquisitionMatrixPE": 225,
    "AcquisitionNumber": 1,
    "AcquisitionTime": "09:44:50.354990",
    "BaseResolution": 256,
    "ConversionSoftware": "dcm2niix",
    "ConversionSoftwareVersion": "v1.0.20190410  GCC6.3.0",
    "DeviceSerialNumber": "18011",
    "EchoTime": 0.00335,
    "FlipAngle": 8,
    "ImageOrientationPatientDICOM": [
      1,
      0,
      0,
      0,
      0,
      -1
    ],
    "ImageType": [
      "ORIGINAL",
      "PRIMARY",
      "M",
      "ND"
    ],
    "ImagingFrequency": 168.255,
    "InPlanePhaseEncodingDirectionDICOM": "ROW",
    "InversionTime": 0.7,
    "MRAcquisitionType": "3D",
    "MagneticFieldStrength": 3.95064,
    "Manufacturer": "Siemens",
    "ManufacturersModelName": "MedSpec_4T",
    "Modality": "MR",
    "PartialFourier": 0.875,
    "PatientPosition": "HFS",
    "PercentPhaseFOV": 100,
    "PhaseEncodingSteps": 197,
    "PhaseResolution": 0.878906,
    "PixelBandwidth": 200,
    "ProtocolName": "t1_mpr_cor",
    "PulseSequenceDetails": "%SiemensSeq%_tfl",
    "ReceiveCoilName": "Head_4T",
    "ReconMatrixPE": 256,
    "RepetitionTime": 1.5,
    "SAR": 0.00296813,
    "ScanOptions": "IR",
    "ScanningSequence": "IR_GR",
    "SequenceName": "tfl3d1_ns",
    "SequenceVariant": "SP_MP",
    "SeriesDescription": "t1_mpr_cor",
    "SeriesNumber": 8,
    "ShimSetting": [
      25,
      -9,
      2,
      1749,
      356,
      -3937,
      2094,
      -229
    ],
    "SliceThickness": 0.9,
    "SoftwareVersions": "syngo_MR_2002B_4VA21A",
    "StationName": "wes4T",
    "TxRefAmp": 221.292,
    "dataset": "ds004169",
    "modality": "T1w",
    "session_id": "01",
    "subject_id": "0626"
  },
  "cjv": 0.3732357372218767,
  "cnr": 3.54388679746379,
  "efc": 0.4478767751955238,
  "fber": -1.0,
  "fwhm_avg": 4.283150856126967,
  "fwhm_x": 4.419498666666667,
  "fwhm_y": 4.678444568380901,
  "fwhm_z": 3.7515093333333334,
  "icvs_csf": 0.21829567000597372,
  "icvs_gm": 0.4327976172878584,
  "icvs_wm": 0.3489067127061679,
  "inu_med": 0.7583673000335693,
  "inu_range": 0.4951871633529663,
  "provenance": {
    "md5sum": "d47dc7a7eb8027ca42471d469f2d6f22",
    "settings": {
      "testing": false
    },
    "software": "mriqc",
    "version": "23.0.1",
    "warnings": {
      "large_rot_frame": true,
      "small_air_mask": false
    },
    "webapi_port": null,
    "webapi_url": "https://mriqc.nimh.nih.gov/api/v1"
  },
  "qi_1": 0.0,
  "qi_2": 0.020960804716850107,
  "rpve_csf": 28.48989484763672,
  "rpve_gm": 15.193645307513348,
  "rpve_wm": 21.77751034419746,
  "size_x": 256,
  "size_y": 256,
  "size_z": 256,
  "snr_csf": 1.5220158421767433,
  "snr_gm": 9.623164207685523,
  "snr_total": 9.79934471467639,
  "snr_wm": 18.252854094166906,
  "snrd_csf": 7.436716588588863,
  "snrd_gm": 18.054461974632382,
  "snrd_total": 17.434417457556762,
  "snrd_wm": 26.81207380944904,
  "spacing_x": 0.9375,
  "spacing_y": 0.8999999761581421,
  "spacing_z": 0.9375,
  "summary_bg_k": 36.72313763111229,
  "summary_bg_mad": 0.0,
  "summary_bg_mean": 15.404406902720305,
  "summary_bg_median": 0.0,
  "summary_bg_n": 4121270.0,
  "summary_bg_p05": 0.0,
  "summary_bg_p95": 61.75916023552418,
  "summary_bg_stdv": 24.434381244521557,
  "summary_csf_k": 26.75110633032668,
  "summary_csf_mad": 117.81972810455386,
  "summary_csf_mean": 297.1082889187181,
  "summary_csf_median": 277.36448216438293,
  "summary_csf_n": 33318.0,
  "summary_csf_p05": 90.44958280026913,
  "summary_csf_p95": 512.0902265258133,
  "summary_csf_stdv": 182.2322160290719,
  "summary_gm_k": 0.1254449652426941,
  "summary_gm_mad": 69.45162919847385,
  "summary_gm_mean": 672.5467488890428,
  "summary_gm_median": 673.370624884963,
  "summary_gm_n": 39987.0,
  "summary_gm_p05": 555.4373258784414,
  "summary_gm_p95": 785.4982068687677,
  "summary_gm_stdv": 69.97305568424916,
  "summary_wm_k": 0.5838735951821707,
  "summary_wm_mad": 52.45814545842174,
  "summary_wm_mean": 1001.0986330331413,
  "summary_wm_median": 1000.0000510066748,
  "summary_wm_n": 251671.0,
  "summary_wm_p05": 913.5728227347136,
  "summary_wm_p95": 1092.0514564067125,
  "summary_wm_stdv": 54.78584659280285,
  "tpm_overlap_csf": 0.14144547885337355,
  "tpm_overlap_gm": 0.46327187827522925,
  "tpm_overlap_wm": 0.5006986967931352,
  "wm2max": 0.454527804294012
}