{
  "bids_meta": {
    "AcquisitionMatrixPE": 225,
    "AcquisitionNumber": 1,
    "AcquisitionTime": "08:34:32.617500",
    "BaseResolution": 256,
    "ConversionSoftware": "dcm2niix",
    "ConversionSoftwareVersion": "v1.0.20190410  GCC6.3.0",
    "DeviceSerialNumber": "18011",
    "EchoTime": 0.00335,
    "FlipAngle": 8,
    "ImageOrientationPatientDICOM": [
      1,
      0,
      0,
      0,
      0,
      -1
    ],
    "ImageType": [
      "ORIGINAL",
      "PRIMARY",
      "M",
      "ND"
    ],
    "ImagingFrequency": 168.217,
    "InPlanePhaseEncodingDirectionDICOM": "ROW",
    "InversionTime": 0.7,
    "MRAcquisitionType": "3D",
    "MagneticFieldStrength": 3.95064,
    "Manufacturer": "Siemens",
    "ManufacturersModelName": "MedSpec_4T",
    "Modality": "MR",
    "PartialFourier": 0.875,
    "PatientPosition": "HFS",
    "PercentPhaseFOV": 100,
    "PhaseEncodingSteps": 197,
    "PhaseResolution": 0.878906,
    "PixelBandwidth": 200,
    "ProtocolName": "t1_mpr_cor",
    "PulseSequenceDetails": "%SiemensSeq%_tfl",
    "ReceiveCoilName": "Head_4T",
    "ReconMatrixPE": 256,
    "RepetitionTime": 1.5,
    "SAR": 0.00548539,
    "ScanOptions": "IR",
    "ScanningSequence": "IR_GR",
    "SequenceName": "tfl3d1_ns",
    "SequenceVariant": "SP_MP",
    "SeriesDescription": "t1_mpr_cor",
    "SeriesNumber": 8,
    "ShimSetting": [
      18,
      14,
      -1,
      1073,
      518,
      -4438,
      2493,
      208
    ],
    "SliceThickness": 0.9,
    "SoftwareVersions": "syngo_MR_2002B_4VA21A",
    "StationName": "wes4T",
    "TxRefAmp": 167.462,
    "dataset": "ds004169",
    "modality": "T1w",
    "session_id": "01",
    "subject_id": "1218"
  },
  "cjv": 0.3428902734548945,
  "cnr": 3.8323262430089327,
  "efc": 0.4271335451978138,
  "fber": -1.0,
  "fwhm_avg": 4.021914556480546,
  "fwhm_x": 4.1768426666666665,
  "fwhm_y": 4.299055669441638,
  "fwhm_z": 3.5898453333333333,
  "icvs_csf": 0.19378306583516036,
  "icvs_gm": 0.44780863372436436,
  "icvs_wm": 0.3584083004404753,
  "inu_med": 0.678918868303299,
  "inu_range": 0.4671769142150879,
  "provenance": {
    "md5sum": "dfa75cae2549ae14b0e9f1b69c648ada",
    "settings": {
      "testing": false
    },
    "software": "mriqc",
    "version": "23.0.1",
    "warnings": {
      "large_rot_frame": true,
      "small_air_mask": false
    },
    "webapi_port": null,
    "webapi_url": "https://mriqc.nimh.nih.gov/api/v1"
  },
  "qi_1": 0.0,
  "qi_2": 0.029153797097743333,
  "rpve_csf": 30.90307531481571,
  "rpve_gm": 14.755153912078464,
  "rpve_wm": 21.343081428299115,
  "size_x": 256,
  "size_y": 256,
  "size_z": 256,
  "snr_csf": 1.5480596054469764,
  "snr_gm": 9.03305710143518,
  "snr_total": 9.675410936564047,
  "snr_wm": 18.445116102809987,
  "snrd_csf": 8.744476049348203,
  "snrd_gm": 20.772264825076313,
  "snrd_total": 20.541083261517613,
  "snrd_wm": 32.106508910128326,
  "spacing_x": 0.9375,
  "spacing_y": 0.8999999761581421,
  "spacing_z": 0.9375,
  "summary_bg_k": 17.361836682860257,
  "summary_bg_mad": 0.0,
  "summary_bg_mean": 11.213593619440552,
  "summary_bg_median": 0.0,
  "summary_bg_n": 4711863.0,
  "summary_bg_p05": 0.0,
  "summary_bg_p95": 51.85115774907172,
  "summary_bg_stdv": 20.40573293474229,
  "summary_csf_k": 19.480742433533283,
  "summary_csf_mad": 116.49215694330448,
  "summary_csf_mean": 294.75481465015616,
  "summary_csf_median": 272.3668581340462,
  "summary_csf_n": 25699.0,
  "summary_csf_p05": 91.18124423194676,
  "summary_csf_p95": 503.7179208638146,
  "summary_csf_stdv": 175.93738506699805,
  "summary_gm_k": 0.16485632992203136,
  "summary_gm_mad": 69.77033237665137,
  "summary_gm_mean": 646.604107962819,
  "summary_gm_median": 647.0000574998558,
  "summary_gm_n": 44662.0,
  "summary_gm_p05": 527.1274230889976,
  "summary_gm_p95": 762.0965166334063,
  "summary_gm_stdv": 71.62501099011058,
  "summary_wm_k": 0.5588241605117026,
  "summary_wm_mad": 51.2806157700363,
  "summary_wm_mean": 1000.5944238521895,
  "summary_wm_median": 1000.0312092062086,
  "summary_wm_n": 252058.0,
  "summary_wm_p05": 911.937309646979,
  "summary_wm_p95": 1089.5610830318183,
  "summary_wm_stdv": 54.21647767885612,
  "tpm_overlap_csf": 0.13992140779169668,
  "tpm_overlap_gm": 0.4541678885086281,
  "tpm_overlap_wm": 0.49474176244524987,
  "wm2max": 0.5347812296546083
}