{
  "bids_meta": {
    "AcquisitionMatrixPE": 225,
    "AcquisitionNumber": 1,
    "AcquisitionTime": "09:57:7.545000",
    "BaseResolution": 256,
    "ConversionSoftware": "dcm2niix",
    "ConversionSoftwareVersion": "v1.0.20190410  GCC6.3.0",
    "DeviceSerialNumber": "18011",
    "EchoTime": 0.00335,
    "FlipAngle": 8,
    "ImageOrientationPatientDICOM": [
      0,
      1,
      0,
      0,
      0,
      -1
    ],
    "ImageType": [
      "ORIGINAL",
      "PRIMARY",
      "M",
      "ND"
    ],
    "ImagingFrequency": 168.255,
    "InPlanePhaseEncodingDirectionDICOM": "ROW",
    "InversionTime": 0.7,
    "MRAcquisitionType": "3D",
    "MagneticFieldStrength": 3.95064,
    "Manufacturer": "Siemens",
    "ManufacturersModelName": "MedSpec_4T",
    "Modality": "MR",
    "PartialFourier": 0.875,
    "PatientPosition": "HFS",
    "PercentPhaseFOV": 100,
    "PhaseEncodingSteps": 197,
    "PhaseResolution": 0.878906,
    "PixelBandwidth": 200,
    "ProcedureStepDescription": "Research_fMRI",
    "ProtocolName": "t1_mpr_sag",
    "PulseSequenceDetails": "%SiemensSeq%_tfl",
    "ReceiveCoilName": "Head",
    "ReconMatrixPE": 256,
    "RepetitionTime": 1.5,
    "SAR": 0.0685208,
    "ScanOptions": "IR",
    "ScanningSequence": "IR_GR",
    "SequenceName": "tfl3d1_ns",
    "SequenceVariant": "SP_MP",
    "SeriesDescription": "t1_mpr_sag",
    "SeriesNumber": 8,
    "ShimSetting": [
      18,
      -28,
      4,
      1912,
      561,
      -4741,
      3537,
      648
    ],
    "SliceThickness": 0.9,
    "SoftwareVersions": "syngo_MR_2004A_4VA25A",
    "StationName": "WES4T",
    "TxRefAmp": 187.159,
    "dataset": "ds004169",
    "modality": "T1w",
    "session_id": "01",
    "subject_id": "1019"
  },
  "cjv": 0.3296157959395293,
  "cnr": 3.9381954557581462,
  "efc": 0.483689687971445,
  "fber": 4232.053789141052,
  "fwhm_avg": 4.888820785786744,
  "fwhm_x": 5.101289024026898,
  "fwhm_y": 5.016597333333333,
  "fwhm_z": 4.548576,
  "icvs_csf": 0.21446375315485752,
  "icvs_gm": 0.4319033914768914,
  "icvs_wm": 0.35363285536825106,
  "inu_med": 0.6222782731056213,
  "inu_range": 0.40941177010536195,
  "provenance": {
    "md5sum": "ee81c88edb0db3191caff15e579746f3",
    "settings": {
      "testing": false
    },
    "software": "mriqc",
    "version": "23.0.1",
    "warnings": {
      "large_rot_frame": true,
      "small_air_mask": false
    },
    "webapi_port": null,
    "webapi_url": "https://mriqc.nimh.nih.gov/api/v1"
  },
  "qi_1": 0.0,
  "qi_2": 0.005168895457637696,
  "rpve_csf": 22.78086238569622,
  "rpve_gm": 11.911600633670675,
  "rpve_wm": 17.071163275701128,
  "size_x": 240,
  "size_y": 256,
  "size_z": 256,
  "snr_csf": 1.859262503661271,
  "snr_gm": 10.137215019242543,
  "snr_total": 10.829976902085912,
  "snr_wm": 20.493453183353925,
  "snrd_csf": 19.08718086312239,
  "snrd_gm": 48.070380624335684,
  "snrd_total": 46.37254481106415,
  "snrd_wm": 71.96007294573438,
  "spacing_x": 0.8999999761581421,
  "spacing_y": 0.9375,
  "spacing_z": 0.9375,
  "summary_bg_k": 5.916617979035923,
  "summary_bg_mad": 9.104165198442123,
  "summary_bg_mean": 14.467560067966652,
  "summary_bg_median": 6.140666110441089,
  "summary_bg_n": 4087947.0,
  "summary_bg_p05": 0.0,
  "summary_bg_p95": 54.00790730305016,
  "summary_bg_stdv": 19.567154056703135,
  "summary_csf_k": 22.002315440185807,
  "summary_csf_mad": 116.44449341617194,
  "summary_csf_mean": 270.39516673755406,
  "summary_csf_median": 265.2468215022236,
  "summary_csf_n": 44641.0,
  "summary_csf_p05": 75.0958533603698,
  "summary_csf_p95": 458.3932365272194,
  "summary_csf_stdv": 142.66078623931594,
  "summary_gm_k": 0.20743537952323043,
  "summary_gm_mad": 64.9282415615726,
  "summary_gm_mean": 665.7280842858152,
  "summary_gm_median": 668.0146094094962,
  "summary_gm_n": 59651.0,
  "summary_gm_p05": 554.0079010371119,
  "summary_gm_p95": 768.9911238402128,
  "summary_gm_stdv": 65.89669931633077,
  "summary_wm_k": 1.0392583668088848,
  "summary_wm_mad": 44.49938306750736,
  "summary_wm_mean": 1000.7791664042979,
  "summary_wm_median": 999.9999874681234,
  "summary_wm_n": 313214.0,
  "summary_wm_p05": 922.7773668207228,
  "summary_wm_p95": 1081.6858239714056,
  "summary_wm_stdv": 48.795992660059724,
  "tpm_overlap_csf": 0.1309280851074306,
  "tpm_overlap_gm": 0.4560424737073601,
  "tpm_overlap_wm": 0.5026651205306076,
  "wm2max": 0.586394055962481
}