{
  "bids_meta": {
    "AcquisitionMatrixPE": 225,
    "AcquisitionNumber": 1,
    "AcquisitionTime": "10:37:48.532480",
    "BaseResolution": 256,
    "ConversionSoftware": "dcm2niix",
    "ConversionSoftwareVersion": "v1.0.20190410  GCC6.3.0",
    "DeviceSerialNumber": "18011",
    "EchoTime": 0.00335,
    "FlipAngle": 8,
    "ImageOrientationPatientDICOM": [
      0,
      1,
      0,
      0,
      0,
      -1
    ],
    "ImageType": [
      "ORIGINAL",
      "PRIMARY",
      "M",
      "ND"
    ],
    "ImagingFrequency": 168.255,
    "InPlanePhaseEncodingDirectionDICOM": "ROW",
    "InversionTime": 0.7,
    "MRAcquisitionType": "3D",
    "MagneticFieldStrength": 3.95064,
    "Manufacturer": "Siemens",
    "ManufacturersModelName": "MedSpec_4T",
    "Modality": "MR",
    "PartialFourier": 0.875,
    "PatientPosition": "HFS",
    "PercentPhaseFOV": 100,
    "PhaseEncodingSteps": 197,
    "PhaseResolution": 0.878906,
    "PixelBandwidth": 200,
    "ProcedureStepDescription": "Research_fMRI",
    "ProtocolName": "t1_mpr_sag",
    "PulseSequenceDetails": "%SiemensSeq%_tfl",
    "ReceiveCoilName": "Head",
    "ReconMatrixPE": 256,
    "RepetitionTime": 1.5,
    "SAR": 0.0523162,
    "ScanOptions": "IR",
    "ScanningSequence": "IR_GR",
    "SequenceName": "tfl3d1_ns",
    "SequenceVariant": "SP_MP",
    "SeriesDescription": "t1_mpr_sag",
    "SeriesNumber": 8,
    "ShimSetting": [
      12,
      -1,
      28,
      1833,
      490,
      -3829,
      2178,
      -13
    ],
    "SliceThickness": 0.9,
    "SoftwareVersions": "syngo_MR_2004A_4VA25A",
    "StationName": "WES4T",
    "TxRefAmp": 204.803,
    "dataset": "ds004169",
    "modality": "T1w",
    "session_id": "01",
    "subject_id": "0728"
  },
  "cjv": 0.3344440049801156,
  "cnr": 3.9164942973927728,
  "efc": 0.4675881348605457,
  "fber": 12146.930663800054,
  "fwhm_avg": 5.115245381586312,
  "fwhm_x": 5.464466811425602,
  "fwhm_y": 5.359989333333333,
  "fwhm_z": 4.52128,
  "icvs_csf": 0.2652956342290944,
  "icvs_gm": 0.3981752985070513,
  "icvs_wm": 0.33652906726385434,
  "inu_med": 0.6362042427062988,
  "inu_range": 0.36554761230945587,
  "provenance": {
    "md5sum": "1f87ee9c8d955b70c6dee45e8e2f80d2",
    "settings": {
      "testing": false
    },
    "software": "mriqc",
    "version": "23.0.1",
    "warnings": {
      "large_rot_frame": true,
      "small_air_mask": false
    },
    "webapi_port": null,
    "webapi_url": "https://mriqc.nimh.nih.gov/api/v1"
  },
  "qi_1": 0.0,
  "qi_2": 0.0051698253754053165,
  "rpve_csf": 21.057400271985493,
  "rpve_gm": 13.478533807569413,
  "rpve_wm": 19.15613525954322,
  "size_x": 240,
  "size_y": 256,
  "size_z": 256,
  "snr_csf": 2.5728655046230378,
  "snr_gm": 9.655886512938588,
  "snr_total": 11.414553301701517,
  "snr_wm": 22.014907887542925,
  "snrd_csf": 23.611355381489307,
  "snrd_gm": 61.37062264723535,
  "snrd_total": 58.929624670936136,
  "snrd_wm": 91.80689598408375,
  "spacing_x": 0.8999999761581421,
  "spacing_y": 0.9375,
  "spacing_z": 0.9375,
  "summary_bg_k": 22.59699997691611,
  "summary_bg_mad": 7.136026173053499,
  "summary_bg_mean": 12.705691616118283,
  "summary_bg_median": 4.8131765108555555,
  "summary_bg_n": 4217583.0,
  "summary_bg_p05": 0.0,
  "summary_bg_p95": 47.49186302907765,
  "summary_bg_stdv": 17.58938414410363,
  "summary_csf_k": 1.9535444654670027,
  "summary_csf_mad": 96.76946475134976,
  "summary_csf_mean": 249.8627019253124,
  "summary_csf_median": 257.18499229103327,
  "summary_csf_n": 96003.0,
  "summary_csf_p05": 79.68171980977058,
  "summary_csf_p95": 405.6422747299075,
  "summary_csf_stdv": 99.96000660046799,
  "summary_gm_k": 0.11430779076179576,
  "summary_gm_mad": 68.55534970875674,
  "summary_gm_mean": 666.5301578126196,
  "summary_gm_median": 668.4750984180719,
  "summary_gm_n": 42107.0,
  "summary_gm_p05": 549.5089552942663,
  "summary_gm_p95": 775.7004294749349,
  "summary_gm_stdv": 69.22897857807861,
  "summary_wm_k": 0.8807612871057096,
  "summary_wm_mad": 42.32117256388954,
  "summary_wm_mean": 1000.1231233930513,
  "summary_wm_median": 1000.0000192467123,
  "summary_wm_n": 288045.0,
  "summary_wm_p05": 925.6044470500201,
  "summary_wm_p95": 1073.6444020457566,
  "summary_wm_stdv": 45.42368691767875,
  "tpm_overlap_csf": 0.1377830886562517,
  "tpm_overlap_gm": 0.4416339319854243,
  "tpm_overlap_wm": 0.4921067054499691,
  "wm2max": 0.6068172609400324
}