{
  "bids_meta": {
    "AcquisitionMatrixPE": 225,
    "AcquisitionNumber": 1,
    "AcquisitionTime": "10:02:10.134990",
    "BaseResolution": 256,
    "ConversionSoftware": "dcm2niix",
    "ConversionSoftwareVersion": "v1.0.20190410  GCC6.3.0",
    "DeviceSerialNumber": "18011",
    "EchoTime": 0.00335,
    "FlipAngle": 8,
    "ImageOrientationPatientDICOM": [
      0,
      1,
      0,
      0,
      0,
      -1
    ],
    "ImageType": [
      "ORIGINAL",
      "PRIMARY",
      "M",
      "ND"
    ],
    "ImagingFrequency": 168.255,
    "InPlanePhaseEncodingDirectionDICOM": "ROW",
    "InversionTime": 0.7,
    "MRAcquisitionType": "3D",
    "MagneticFieldStrength": 3.95064,
    "Manufacturer": "Siemens",
    "ManufacturersModelName": "MedSpec_4T",
    "Modality": "MR",
    "PartialFourier": 0.875,
    "PatientPosition": "HFS",
    "PercentPhaseFOV": 100,
    "PhaseEncodingSteps": 197,
    "PhaseResolution": 0.878906,
    "PixelBandwidth": 200,
    "ProcedureStepDescription": "Research_fMRI",
    "ProtocolName": "t1_mpr_sag",
    "PulseSequenceDetails": "%SiemensSeq%_tfl",
    "ReceiveCoilName": "Head",
    "ReconMatrixPE": 256,
    "RepetitionTime": 1.5,
    "SAR": 0.0669783,
    "ScanOptions": "IR",
    "ScanningSequence": "IR_GR",
    "SequenceName": "tfl3d1_ns",
    "SequenceVariant": "SP_MP",
    "SeriesDescription": "t1_mpr_sag",
    "SeriesNumber": 2,
    "ShimSetting": [
      -4,
      -22,
      8,
      1830,
      104,
      -3409,
      2768,
      315
    ],
    "SliceThickness": 0.9,
    "SoftwareVersions": "syngo_MR_2004A_4VA25A",
    "StationName": "WES4T",
    "TxRefAmp": 176.902,
    "dataset": "ds004169",
    "modality": "T1w",
    "session_id": "01",
    "subject_id": "0455"
  },
  "cjv": 0.3100136309819925,
  "cnr": 4.227860535014766,
  "efc": 0.4282024814899933,
  "fber": 19311.609249452154,
  "fwhm_avg": 5.0784105656581895,
  "fwhm_x": 5.338389030307903,
  "fwhm_y": 5.343370666666667,
  "fwhm_z": 4.553472,
  "icvs_csf": 0.22665151833316263,
  "icvs_gm": 0.4164276148208501,
  "icvs_wm": 0.35692086684598723,
  "inu_med": 0.5915152728557587,
  "inu_range": 0.3440996304154395,
  "provenance": {
    "md5sum": "19c63067151f886482ec3eac3313149b",
    "settings": {
      "testing": false
    },
    "software": "mriqc",
    "version": "23.0.1",
    "warnings": {
      "large_rot_frame": true,
      "small_air_mask": false
    },
    "webapi_port": null,
    "webapi_url": "https://mriqc.nimh.nih.gov/api/v1"
  },
  "qi_1": 0.0,
  "qi_2": 0.005553421273897813,
  "rpve_csf": 26.297018701925747,
  "rpve_gm": 14.53016208406362,
  "rpve_wm": 20.281145916556856,
  "size_x": 240,
  "size_y": 256,
  "size_z": 256,
  "snr_csf": 2.05788735029661,
  "snr_gm": 9.810068419755156,
  "snr_total": 11.368972756976627,
  "snr_wm": 22.238962500878113,
  "snrd_csf": 12.657118210804141,
  "snrd_gm": 33.02943259133064,
  "snrd_total": 32.03276563220745,
  "snrd_wm": 50.411746094487555,
  "spacing_x": 0.8999999761581421,
  "spacing_y": 0.9375,
  "spacing_z": 0.9375,
  "summary_bg_k": 5.100601137005572,
  "summary_bg_mad": 0.0,
  "summary_bg_mean": 8.696629452557529,
  "summary_bg_median": 0.0,
  "summary_bg_n": 4601308.0,
  "summary_bg_p05": 0.0,
  "summary_bg_p95": 35.625289825722575,
  "summary_bg_stdv": 12.995708940516655,
  "summary_csf_k": 12.640901324276987,
  "summary_csf_mad": 114.7302428304791,
  "summary_csf_mean": 253.61656476168457,
  "summary_csf_median": 251.07477510534227,
  "summary_csf_n": 47732.0,
  "summary_csf_p05": 67.67846661703662,
  "summary_csf_p95": 436.6069580028764,
  "summary_csf_stdv": 122.00480507774698,
  "summary_gm_k": 0.24148180237632788,
  "summary_gm_mad": 65.56593848946346,
  "summary_gm_mean": 654.0499929110621,
  "summary_gm_median": 655.193166533485,
  "summary_gm_n": 49976.0,
  "summary_gm_p05": 541.9370568338782,
  "summary_gm_p95": 759.659331548959,
  "summary_gm_stdv": 66.78716023052398,
  "summary_wm_k": 1.114297483302411,
  "summary_wm_mad": 41.32887020574229,
  "summary_wm_mean": 1000.2684056614625,
  "summary_wm_median": 999.9999685976654,
  "summary_wm_n": 276344.0,
  "summary_wm_p05": 927.1611746419221,
  "summary_wm_p95": 1072.7839965429157,
  "summary_wm_stdv": 44.96604368200699,
  "tpm_overlap_csf": 0.11991919186349223,
  "tpm_overlap_gm": 0.4653164112599295,
  "tpm_overlap_wm": 0.5159342100294811,
  "wm2max": 0.6352014193279065
}