{
  "aor": 0.006208582677165356,
  "aqi": 0.007527693700787401,
  "bids_meta": {
    "AcquisitionMatrixPE": 64,
    "AcquisitionNumber": 1,
    "AcquisitionTime": "08:59:23.955010",
    "BaseResolution": 64,
    "ConversionSoftware": "dcm2niix",
    "ConversionSoftwareVersion": "v1.0.20190410  GCC6.3.0",
    "DeviceSerialNumber": "18011",
    "EchoTime": 0.03,
    "FlipAngle": 90,
    "ImageComments": "Fake_MoCo_Reference_Volume_+_DiCo_Applied",
    "ImageOrientationPatientDICOM": [
      1,
      0,
      2.77556e-17,
      0,
      0.952661,
      -0.304033
    ],
    "ImageType": [
      "ORIGINAL",
      "PRIMARY",
      "M",
      "ND",
      "DICO",
      "MOSAIC"
    ],
    "ImagingFrequency": 168.255,
    "InPlanePhaseEncodingDirectionDICOM": "COL",
    "MRAcquisitionType": "2D",
    "MagneticFieldStrength": 3.95064,
    "Manufacturer": "Siemens",
    "ManufacturersModelName": "MedSpec_4T",
    "Modality": "MR",
    "PartialFourier": 1,
    "PatientPosition": "HFS",
    "PercentPhaseFOV": 100,
    "PhaseEncodingDirection": "j-",
    "PhaseEncodingSteps": 64,
    "PhaseResolution": 1,
    "PixelBandwidth": 2790,
    "ProcedureStepDescription": "Research_fMRI",
    "ProtocolName": "Nback_dc_opt",
    "PulseSequenceDetails": "%CustomerSeq%_kt_ep2d_bold_dc",
    "ReceiveCoilName": "Head",
    "ReconMatrixPE": 64,
    "RepetitionTime": 2.1,
    "SAR": 0.0979453,
    "ScanOptions": "FS",
    "ScanningSequence": "SE_EP",
    "SequenceName": "epfid2d1_64",
    "SequenceVariant": "SK",
    "SeriesDescription": "Nback_dc_opt_DiCo",
    "SeriesNumber": 7,
    "ShimSetting": [
      -6,
      26,
      13,
      1748,
      300,
      -6966,
      1864,
      -170
    ],
    "SliceThickness": 3,
    "SoftwareVersions": "syngo_MR_2004A_4VA25A",
    "SpacingBetweenSlices": 3.6,
    "StationName": "WES4T",
    "TaskName": "nback",
    "TxRefAmp": 184.966,
    "dataset": "ds004169",
    "modality": "bold",
    "session_id": "01",
    "subject_id": "0881",
    "task_id": "nback"
  },
  "dummy_trs": 0,
  "dvars_nstd": 24.01631409793651,
  "dvars_std": 1.1683252486507938,
  "dvars_vstd": 1.0469103562698414,
  "efc": 0.47554340876349793,
  "fber": 2419.142578125,
  "fd_mean": 0.12151220368868076,
  "fd_num": 5,
  "fd_perc": 3.937007874015748,
  "fwhm_avg": 1.693017271802457,
  "fwhm_x": 1.596527304347826,
  "fwhm_y": 1.8796939130434784,
  "fwhm_z": 1.602830598016066,
  "gcor": 0.0391994,
  "gsr_x": -0.022573217749595642,
  "gsr_y": 0.029174840077757835,
  "provenance": {
    "md5sum": "3dc09b67259a1ddf4d960d89102c1133",
    "settings": {
      "fd_thres": 0.2,
      "testing": false
    },
    "software": "mriqc",
    "version": "23.0.1",
    "webapi_port": null,
    "webapi_url": "https://mriqc.nimh.nih.gov/api/v1"
  },
  "size_t": 127,
  "size_x": 64,
  "size_y": 64,
  "size_z": 36,
  "snr": 5.353665484854086,
  "spacing_tr": 2.0999999046325684,
  "spacing_x": 3.59375,
  "spacing_y": 3.59375,
  "spacing_z": 3.5999999046325684,
  "summary_bg_k": 55.55948502338627,
  "summary_bg_mad": 6.525784991130539,
  "summary_bg_mean": 22.501205444335938,
  "summary_bg_median": 11.527559280395508,
  "summary_bg_n": 94429.0,
  "summary_bg_p05": 6.385826587677002,
  "summary_bg_p95": 64.25669250488275,
  "summary_bg_stdv": 32.81074142456055,
  "summary_fg_k": 4.199613066800898,
  "summary_fg_mad": 87.87626045564028,
  "summary_fg_mean": 592.163330078125,
  "summary_fg_median": 583.4842529296875,
  "summary_fg_n": 22486.0,
  "summary_fg_p05": 442.1043243408203,
  "summary_fg_p95": 761.6673431396484,
  "summary_fg_stdv": 108.98538208007812,
  "tsnr": 59.357678439002484
}