{
  "aor": 0.016668870967741937,
  "aqi": 0.015345482338709677,
  "bids_meta": {
    "AcquisitionMatrixPE": 64,
    "AcquisitionNumber": 1,
    "AcquisitionTime": "12:08:26.865000",
    "BaseResolution": 64,
    "ConversionSoftware": "dcm2niix",
    "ConversionSoftwareVersion": "v1.0.20190410  GCC6.3.0",
    "DeviceSerialNumber": "18011",
    "EchoTime": 0.03,
    "FlipAngle": 90,
    "ImageComments": "Fake_MoCo_Reference_Volume_+_DiCo_Applied",
    "ImageOrientationPatientDICOM": [
      0.997564,
      0.00850118,
      0.0692365,
      -4.54529e-09,
      0.992546,
      -0.121869
    ],
    "ImageType": [
      "ORIGINAL",
      "PRIMARY",
      "M",
      "ND",
      "MOSAIC"
    ],
    "ImagingFrequency": 168.217,
    "InPlanePhaseEncodingDirectionDICOM": "COL",
    "MRAcquisitionType": "2D",
    "MagneticFieldStrength": 3.95064,
    "Manufacturer": "Siemens",
    "ManufacturersModelName": "MedSpec_4T",
    "Modality": "MR",
    "PartialFourier": 1,
    "PatientPosition": "HFS",
    "PercentPhaseFOV": 100,
    "PhaseEncodingDirection": "j-",
    "PhaseEncodingSteps": 64,
    "PhaseResolution": 1,
    "PixelBandwidth": 2790,
    "ProtocolName": "Nback_dc_opt",
    "PulseSequenceDetails": "%CustomerSeq%_kt_ep2d_bold_dc",
    "ReceiveCoilName": "Head_4T",
    "ReconMatrixPE": 64,
    "RepetitionTime": 2.1,
    "SAR": 0.0459455,
    "ScanOptions": "FS",
    "ScanningSequence": "SE_EP",
    "SequenceName": "epfid2d1_64",
    "SequenceVariant": "SK",
    "SeriesDescription": "Nback_dc_opt_DiCo",
    "SeriesNumber": 7,
    "ShimSetting": [
      36,
      8,
      -20,
      1172,
      932,
      -3379,
      2166,
      -327
    ],
    "SliceThickness": 3,
    "SoftwareVersions": "syngo_MR_2002B_4VA21A",
    "SpacingBetweenSlices": 3.6,
    "StationName": "wes4T",
    "TaskName": "nback",
    "TxRefAmp": 166.778,
    "dataset": "ds004169",
    "modality": "bold",
    "session_id": "01",
    "subject_id": "1231",
    "task_id": "nback"
  },
  "dummy_trs": 3,
  "dvars_nstd": 22.173688345934952,
  "dvars_std": 0.9788685945528454,
  "dvars_vstd": 0.9409217533333332,
  "efc": 0.4553323974715209,
  "fber": 3657.77734375,
  "fd_mean": 0.15521367834882918,
  "fd_num": 11,
  "fd_perc": 8.870967741935484,
  "fwhm_avg": 1.8045644483741612,
  "fwhm_x": 1.6207638260869566,
  "fwhm_y": 2.071376695652174,
  "fwhm_z": 1.721552823383353,
  "gcor": 0.0108318,
  "gsr_x": -0.024671237915754318,
  "gsr_y": 0.03944593667984009,
  "provenance": {
    "md5sum": "b8e15752a50585628033af34874fd466",
    "settings": {
      "fd_thres": 0.2,
      "testing": false
    },
    "software": "mriqc",
    "version": "23.0.1",
    "webapi_port": null,
    "webapi_url": "https://mriqc.nimh.nih.gov/api/v1"
  },
  "size_t": 124,
  "size_x": 64,
  "size_y": 64,
  "size_z": 36,
  "snr": 5.532551609168466,
  "spacing_tr": 2.0999999046325684,
  "spacing_x": 3.59375,
  "spacing_y": 3.59375,
  "spacing_z": 3.5999999046325684,
  "summary_bg_k": 42.03443463734228,
  "summary_bg_mad": 6.3369291564332215,
  "summary_bg_mean": 26.173198699951172,
  "summary_bg_median": 12.717741966247559,
  "summary_bg_n": 97365.0,
  "summary_bg_p05": 7.983870506286621,
  "summary_bg_p95": 78.466130065918,
  "summary_bg_stdv": 34.65906524658203,
  "summary_fg_k": 3.8884471595462475,
  "summary_fg_mad": 121.6391235258422,
  "summary_fg_mean": 795.147705078125,
  "summary_fg_median": 784.5,
  "summary_fg_n": 20890.0,
  "summary_fg_p05": 596.1157012939453,
  "summary_fg_p95": 1010.9221374511718,
  "summary_fg_stdv": 141.7937469482422,
  "tsnr": 45.9017052691197
}