{
  "bids_meta": {
    "AcquisitionMatrixPE": 225,
    "AcquisitionNumber": 1,
    "AcquisitionTime": "09:42:42.675020",
    "BaseResolution": 256,
    "ConversionSoftware": "dcm2niix",
    "ConversionSoftwareVersion": "v1.0.20190410  GCC6.3.0",
    "DeviceSerialNumber": "18011",
    "EchoTime": 0.00335,
    "FlipAngle": 8,
    "ImageOrientationPatientDICOM": [
      1,
      0,
      0,
      0,
      0,
      -1
    ],
    "ImageType": [
      "ORIGINAL",
      "PRIMARY",
      "M",
      "ND"
    ],
    "ImagingFrequency": 168.256,
    "InPlanePhaseEncodingDirectionDICOM": "ROW",
    "InversionTime": 0.7,
    "MRAcquisitionType": "3D",
    "MagneticFieldStrength": 3.95064,
    "Manufacturer": "Siemens",
    "ManufacturersModelName": "MedSpec_4T",
    "Modality": "MR",
    "PartialFourier": 0.875,
    "PatientPosition": "HFS",
    "PercentPhaseFOV": 100,
    "PhaseEncodingSteps": 197,
    "PhaseResolution": 0.878906,
    "PixelBandwidth": 200,
    "ProtocolName": "t1_mpr_cor",
    "PulseSequenceDetails": "%SiemensSeq%_tfl",
    "ReceiveCoilName": "Head_4T",
    "ReconMatrixPE": 256,
    "RepetitionTime": 1.5,
    "SAR": 0.00387741,
    "ScanOptions": "IR",
    "ScanningSequence": "IR_GR",
    "SequenceName": "tfl3d1_ns",
    "SequenceVariant": "SP_MP",
    "SeriesDescription": "t1_mpr_cor",
    "SeriesNumber": 8,
    "ShimSetting": [
      9,
      -16,
      -20,
      1855,
      45,
      -4360,
      2781,
      124
    ],
    "SliceThickness": 0.9,
    "SoftwareVersions": "syngo_MR_2002B_4VA21A",
    "StationName": "wes4T",
    "TxRefAmp": 195.007,
    "dataset": "ds004169",
    "modality": "T1w",
    "session_id": "01",
    "subject_id": "0399"
  },
  "cjv": 0.3278708285941247,
  "cnr": 3.98771131750411,
  "efc": 0.4209990894939219,
  "fber": -1.0,
  "fwhm_avg": 4.3117255230211615,
  "fwhm_x": 4.418762666666667,
  "fwhm_y": 4.704211235730151,
  "fwhm_z": 3.8122026666666664,
  "icvs_csf": 0.23492820136799938,
  "icvs_gm": 0.4364951573644446,
  "icvs_wm": 0.32857664126755604,
  "inu_med": 0.6938797533512115,
  "inu_range": 0.4207511365413663,
  "provenance": {
    "md5sum": "e1966e6b13372ac70b4e9d8f764466c8",
    "settings": {
      "testing": false
    },
    "software": "mriqc",
    "version": "23.0.1",
    "warnings": {
      "large_rot_frame": true,
      "small_air_mask": false
    },
    "webapi_port": null,
    "webapi_url": "https://mriqc.nimh.nih.gov/api/v1"
  },
  "qi_1": 0.0,
  "qi_2": 0.030679581402658185,
  "rpve_csf": 26.675547708723162,
  "rpve_gm": 14.97078187479056,
  "rpve_wm": 23.031391223929216,
  "size_x": 256,
  "size_y": 256,
  "size_z": 256,
  "snr_csf": 1.7273262641579954,
  "snr_gm": 9.145115004913915,
  "snr_total": 10.101083341981006,
  "snr_wm": 19.43080875687111,
  "snrd_csf": 8.534909232164917,
  "snrd_gm": 23.083483203673495,
  "snrd_total": 22.4788393459973,
  "snrd_wm": 35.818125602153486,
  "spacing_x": 0.9375,
  "spacing_y": 0.8999999761581421,
  "spacing_z": 0.9375,
  "summary_bg_k": 19.923236357769028,
  "summary_bg_mad": 0.0,
  "summary_bg_mean": 9.336279654408584,
  "summary_bg_median": 0.0,
  "summary_bg_n": 4220818.0,
  "summary_bg_p05": 0.0,
  "summary_bg_p95": 45.686274824664,
  "summary_bg_stdv": 18.291151328015363,
  "summary_csf_k": 28.040016141352663,
  "summary_csf_mad": 103.03462547514587,
  "summary_csf_mean": 254.66640966240246,
  "summary_csf_median": 238.29131816886365,
  "summary_csf_n": 39014.0,
  "summary_csf_p05": 90.102241517324,
  "summary_csf_p95": 442.0168097689748,
  "summary_csf_stdv": 137.95208767049573,
  "summary_gm_k": 0.19815939385824466,
  "summary_gm_mad": 69.1881040070911,
  "summary_gm_mean": 643.0832457341119,
  "summary_gm_median": 644.4817971587181,
  "summary_gm_n": 35725.0,
  "summary_gm_p05": 524.599443391338,
  "summary_gm_p95": 755.1204533834009,
  "summary_gm_stdv": 70.47180671977934,
  "summary_wm_k": 0.7598449233127242,
  "summary_wm_mad": 47.385130055276676,
  "summary_wm_mean": 1000.1250242790653,
  "summary_wm_median": 1000.0280180964619,
  "summary_wm_n": 222130.0,
  "summary_wm_p05": 914.6778774522245,
  "summary_wm_p95": 1083.5574304368347,
  "summary_wm_stdv": 51.46598783455658,
  "tpm_overlap_csf": 0.13781367286037202,
  "tpm_overlap_gm": 0.4615795557400114,
  "tpm_overlap_wm": 0.4865017899182345,
  "wm2max": 0.5843713682418608
}