{
  "aor": 0.001365241379310345,
  "aqi": 0.010367997999999998,
  "bids_meta": {
    "AcquisitionMatrixPE": 64,
    "AcquisitionNumber": 1,
    "AcquisitionTime": "08:31:14.752510",
    "BaseResolution": 64,
    "ConversionSoftware": "dcm2niix",
    "ConversionSoftwareVersion": "v1.0.20190410  GCC6.3.0",
    "DeviceSerialNumber": "18011",
    "EchoTime": 0.03,
    "FlipAngle": 90,
    "ImageComments": "Fake_MoCo_Reference_Volume_+_DiCo_Applied",
    "ImageOrientationPatientDICOM": [
      0.999848,
      -1.11022e-16,
      0.0174524,
      1.11022e-16,
      1,
      1.73472e-18
    ],
    "ImageType": [
      "ORIGINAL",
      "PRIMARY",
      "M",
      "ND",
      "MOSAIC"
    ],
    "ImagingFrequency": 168.255,
    "InPlanePhaseEncodingDirectionDICOM": "COL",
    "MRAcquisitionType": "2D",
    "MagneticFieldStrength": 3.95064,
    "Manufacturer": "Siemens",
    "ManufacturersModelName": "MedSpec_4T",
    "Modality": "MR",
    "PartialFourier": 1,
    "PatientPosition": "HFS",
    "PercentPhaseFOV": 100,
    "PhaseEncodingDirection": "j-",
    "PhaseEncodingSteps": 64,
    "PhaseResolution": 1,
    "PixelBandwidth": 2790,
    "ProtocolName": "mz_bold_dc_REST",
    "PulseSequenceDetails": "%CustomerSeq%_mz_ep2d_bold_dc",
    "ReceiveCoilName": "Head_4T",
    "ReconMatrixPE": 64,
    "RepetitionTime": 2.1,
    "SAR": 0.0253543,
    "ScanOptions": "FS",
    "ScanningSequence": "SE_EP",
    "SequenceName": "epfid2d1_64",
    "SequenceVariant": "SK",
    "SeriesDescription": "mz_bold_dc_REST_DiCo",
    "SeriesNumber": 10,
    "ShimSetting": [
      19,
      5,
      13,
      1796,
      -30,
      -3985,
      4117,
      -396
    ],
    "SliceThickness": 3,
    "SoftwareVersions": "syngo_MR_2002B_4VA21A",
    "SpacingBetweenSlices": 3.6,
    "StationName": "wes4T",
    "TaskName": "rest",
    "TxRefAmp": 177.523,
    "dataset": "ds004169",
    "modality": "bold",
    "session_id": "01",
    "subject_id": "0706",
    "task_id": "rest"
  },
  "dummy_trs": 5,
  "dvars_nstd": 29.17012573611111,
  "dvars_std": 1.133318978055555,
  "dvars_vstd": 0.9693460786805552,
  "efc": 0.4622385510794444,
  "fber": 3098.7060546875,
  "fd_mean": 0.08817262441091822,
  "fd_num": 1,
  "fd_perc": 0.6896551724137931,
  "fwhm_avg": 1.7626612583263903,
  "fwhm_x": 1.6494413913043477,
  "fwhm_y": 1.9876507826086955,
  "fwhm_z": 1.6508916010661283,
  "gcor": 0.0554394,
  "gsr_x": -0.030362142249941826,
  "gsr_y": 0.05266641452908516,
  "provenance": {
    "md5sum": "f0b6e0a045d1dd612d7796664c4384ac",
    "settings": {
      "fd_thres": 0.2,
      "testing": false
    },
    "software": "mriqc",
    "version": "23.0.1",
    "webapi_port": null,
    "webapi_url": "https://mriqc.nimh.nih.gov/api/v1"
  },
  "size_t": 145,
  "size_x": 64,
  "size_y": 64,
  "size_z": 36,
  "snr": 5.147823933789484,
  "spacing_tr": 2.0999999046325684,
  "spacing_x": 3.59375,
  "spacing_y": 3.59375,
  "spacing_z": 3.6000001430511475,
  "summary_bg_k": 38.6585363471202,
  "summary_bg_mad": 7.658406746478869,
  "summary_bg_mean": 30.617204666137695,
  "summary_bg_median": 14.137930870056152,
  "summary_bg_n": 96877.0,
  "summary_bg_p05": 8.531034469604492,
  "summary_bg_p95": 95.46482543945308,
  "summary_bg_stdv": 41.48836898803711,
  "summary_fg_k": 4.165525721118071,
  "summary_fg_mad": 133.85335332005238,
  "summary_fg_mean": 824.9059448242188,
  "summary_fg_median": 817.220703125,
  "summary_fg_n": 20439.0,
  "summary_fg_p05": 597.0820739746093,
  "summary_fg_p95": 1075.3145019531248,
  "summary_fg_stdv": 158.746826171875,
  "tsnr": 45.93566915974952
}