{
  "bids_meta": {
    "AcquisitionMatrixPE": 225,
    "AcquisitionNumber": 1,
    "AcquisitionTime": "09:33:51.552490",
    "BaseResolution": 256,
    "ConversionSoftware": "dcm2niix",
    "ConversionSoftwareVersion": "v1.0.20190410  GCC6.3.0",
    "DeviceSerialNumber": "18011",
    "EchoTime": 0.00335,
    "FlipAngle": 8,
    "ImageOrientationPatientDICOM": [
      0.996195,
      -0.0871557,
      0,
      0,
      1.11022e-16,
      -1
    ],
    "ImageType": [
      "ORIGINAL",
      "PRIMARY",
      "M",
      "ND"
    ],
    "ImagingFrequency": 168.217,
    "InPlanePhaseEncodingDirectionDICOM": "ROW",
    "InversionTime": 0.7,
    "MRAcquisitionType": "3D",
    "MagneticFieldStrength": 3.95064,
    "Manufacturer": "Siemens",
    "ManufacturersModelName": "MedSpec_4T",
    "Modality": "MR",
    "PartialFourier": 0.875,
    "PatientPosition": "HFS",
    "PercentPhaseFOV": 100,
    "PhaseEncodingSteps": 197,
    "PhaseResolution": 0.878906,
    "PixelBandwidth": 200,
    "ProtocolName": "t1_mpr_cor",
    "PulseSequenceDetails": "%SiemensSeq%_tfl",
    "ReceiveCoilName": "Head_4T",
    "ReconMatrixPE": 256,
    "RepetitionTime": 1.5,
    "SAR": 0.00543121,
    "ScanOptions": "IR",
    "ScanningSequence": "IR_GR",
    "SequenceName": "tfl3d1_ns",
    "SequenceVariant": "SP_MP",
    "SeriesDescription": "t1_mpr_cor",
    "SeriesNumber": 9,
    "ShimSetting": [
      -18,
      -34,
      -11,
      1873,
      76,
      -2935,
      3413,
      532
    ],
    "SliceThickness": 0.9,
    "SoftwareVersions": "syngo_MR_2002B_4VA21A",
    "StationName": "wes4T",
    "TxRefAmp": 172.045,
    "dataset": "ds004169",
    "modality": "T1w",
    "session_id": "01",
    "subject_id": "0032"
  },
  "cjv": 0.3354573610905506,
  "cnr": 3.8175031543174853,
  "efc": 0.45011570175854204,
  "fber": -1.0,
  "fwhm_avg": 4.409435301330819,
  "fwhm_x": 4.513738666666667,
  "fwhm_y": 4.764444570659123,
  "fwhm_z": 3.9501226666666667,
  "icvs_csf": 0.27770553411131016,
  "icvs_gm": 0.4062655214440496,
  "icvs_wm": 0.31602894444464025,
  "inu_med": 0.8146145939826965,
  "inu_range": 0.46056674718856794,
  "provenance": {
    "md5sum": "2dec6e0c954c8d7eea288efac9c691f3",
    "settings": {
      "testing": false
    },
    "software": "mriqc",
    "version": "22.0.6",
    "warnings": {
      "large_rot_frame": true,
      "small_air_mask": false
    },
    "webapi_port": null,
    "webapi_url": "https://mriqc.nimh.nih.gov/api/v1"
  },
  "qi_1": 0.0,
  "qi_2": 0.039912893183898214,
  "rpve_csf": 22.92410547279009,
  "rpve_gm": 15.219286552349056,
  "rpve_wm": 22.438253099147154,
  "size_x": 256,
  "size_y": 256,
  "size_z": 256,
  "snr_csf": 2.590540305948934,
  "snr_gm": 8.743651428647318,
  "snr_total": 9.542346571127831,
  "snr_wm": 17.292847978787243,
  "snrd_csf": 5.848156296620101,
  "snrd_gm": 16.15435605208755,
  "snrd_total": 15.841292497577536,
  "snrd_wm": 25.521365144024955,
  "spacing_x": 0.9375,
  "spacing_y": 0.8999999761581421,
  "spacing_z": 0.9375,
  "summary_bg_k": 18.456986937288658,
  "summary_bg_mad": 0.0,
  "summary_bg_mean": 17.63086583019732,
  "summary_bg_median": 0.0,
  "summary_bg_n": 5306698.0,
  "summary_bg_p05": 0.0,
  "summary_bg_p95": 70.6736778318882,
  "summary_bg_stdv": 25.67011643822048,
  "summary_csf_k": 3.805940051942172,
  "summary_csf_mad": 81.96056025642467,
  "summary_csf_mean": 232.0971408050731,
  "summary_csf_median": 229.14747689664364,
  "summary_csf_n": 109673.0,
  "summary_csf_p05": 86.41808228753507,
  "summary_csf_p95": 381.3018351368603,
  "summary_csf_stdv": 88.45507313012843,
  "summary_gm_k": 0.12881538017598704,
  "summary_gm_mad": 70.49009949504759,
  "summary_gm_mean": 630.9203342504784,
  "summary_gm_median": 632.9738369621336,
  "summary_gm_n": 40592.0,
  "summary_gm_p05": 507.43998770127075,
  "summary_gm_p95": 747.3849825933576,
  "summary_gm_stdv": 72.39149974113589,
  "summary_wm_k": 1.9935178764364245,
  "summary_wm_mad": 52.631536243096235,
  "summary_wm_mean": 998.7069218923001,
  "summary_wm_median": 1000.0000227577984,
  "summary_wm_n": 237357.0,
  "summary_wm_p05": 901.9294552449137,
  "summary_wm_p95": 1087.3665631450713,
  "summary_wm_stdv": 57.82725421808459,
  "tpm_overlap_csf": 0.14444801483380218,
  "tpm_overlap_gm": 0.43350971493158763,
  "tpm_overlap_wm": 0.46364387972161003,
  "wm2max": 0.5869758859833302
}