{
  "aor": 0.003310666666666666,
  "aqi": 0.005798633333333334,
  "bids_meta": {
    "AcquisitionMatrixPE": 64,
    "AcquisitionNumber": 1,
    "AcquisitionTime": "10:05:0.695000",
    "BaseResolution": 64,
    "ConversionSoftware": "dcm2niix",
    "ConversionSoftwareVersion": "v1.0.20190410  GCC6.3.0",
    "DeviceSerialNumber": "18011",
    "EchoTime": 0.03,
    "FlipAngle": 90,
    "ImageComments": "Fake_MoCo_Reference_Volume_+_DiCo_Applied",
    "ImageOrientationPatientDICOM": [
      0.999786,
      0.00455173,
      0.0201948,
      6.81663e-08,
      0.975527,
      -0.219878
    ],
    "ImageType": [
      "ORIGINAL",
      "PRIMARY",
      "M",
      "ND",
      "DICO",
      "MOSAIC"
    ],
    "ImagingFrequency": 168.255,
    "InPlanePhaseEncodingDirectionDICOM": "COL",
    "MRAcquisitionType": "2D",
    "MagneticFieldStrength": 3.95064,
    "Manufacturer": "Siemens",
    "ManufacturersModelName": "MedSpec_4T",
    "Modality": "MR",
    "PartialFourier": 1,
    "PatientPosition": "HFS",
    "PercentPhaseFOV": 100,
    "PhaseEncodingDirection": "j-",
    "PhaseEncodingSteps": 64,
    "PhaseResolution": 1,
    "PixelBandwidth": 2790,
    "ProcedureStepDescription": "Research_fMRI",
    "ProtocolName": "mz_bold_dc_REST",
    "PulseSequenceDetails": "%CustomerSeq%_mz_ep2d_bold_dc",
    "ReceiveCoilName": "Head",
    "ReconMatrixPE": 64,
    "RepetitionTime": 2.1,
    "SAR": 0.0835512,
    "ScanOptions": "FS",
    "ScanningSequence": "SE_EP",
    "SequenceName": "epfid2d1_64",
    "SequenceVariant": "SK",
    "SeriesDescription": "mz_bold_dc_REST_DiCo",
    "SeriesNumber": 9,
    "ShimSetting": [
      16,
      -3,
      37,
      2112,
      793,
      -4194,
      3459,
      -436
    ],
    "SliceThickness": 3,
    "SoftwareVersions": "syngo_MR_2004A_4VA25A",
    "SpacingBetweenSlices": 3.6,
    "StationName": "WES4T",
    "TaskName": "rest",
    "TxRefAmp": 204.834,
    "dataset": "ds004169",
    "modality": "bold",
    "session_id": "02",
    "subject_id": "1206",
    "task_id": "rest"
  },
  "dummy_trs": 0,
  "dvars_nstd": 22.53772893033558,
  "dvars_std": 1.0991677275167782,
  "dvars_vstd": 1.0041241443624165,
  "efc": 0.4773421060722132,
  "fber": 2355.278564453125,
  "fd_mean": 0.1751309396629495,
  "fd_num": 27,
  "fd_perc": 18.0,
  "fwhm_avg": 1.8405434192780543,
  "fwhm_x": 1.6960612173913043,
  "fwhm_y": 2.1165412173913043,
  "fwhm_z": 1.7090278230515539,
  "gcor": 0.0272425,
  "gsr_x": -0.020453497767448425,
  "gsr_y": 0.0378645583987236,
  "provenance": {
    "md5sum": "778703b53e84bea40b6ca51331ac1aaf",
    "settings": {
      "fd_thres": 0.2,
      "testing": false
    },
    "software": "mriqc",
    "version": "23.0.1",
    "webapi_port": null,
    "webapi_url": "https://mriqc.nimh.nih.gov/api/v1"
  },
  "size_t": 150,
  "size_x": 64,
  "size_y": 64,
  "size_z": 36,
  "snr": 5.3596813514017185,
  "spacing_tr": 2.0999999046325684,
  "spacing_x": 3.59375,
  "spacing_y": 3.59375,
  "spacing_z": 3.5999999046325684,
  "summary_bg_k": 30.521339028471857,
  "summary_bg_mad": 8.401413042838296,
  "summary_bg_mean": 28.802488327026367,
  "summary_bg_median": 13.713334083557129,
  "summary_bg_n": 95144.0,
  "summary_bg_p05": 6.753333568572998,
  "summary_bg_p95": 93.92666625976562,
  "summary_bg_stdv": 40.69087219238281,
  "summary_fg_k": 2.7839464476449685,
  "summary_fg_mad": 113.50802222915456,
  "summary_fg_mean": 681.1182250976562,
  "summary_fg_median": 677.0667114257812,
  "summary_fg_n": 21293.0,
  "summary_fg_p05": 490.28135375976564,
  "summary_fg_p95": 880.7800170898437,
  "summary_fg_stdv": 126.32295989990234,
  "tsnr": 57.49207927391399
}