{
  "aor": 0.006058174603174603,
  "aqi": 0.01255077761904762,
  "bids_meta": {
    "AcquisitionMatrixPE": 64,
    "AcquisitionNumber": 1,
    "AcquisitionTime": "08:15:6.097490",
    "BaseResolution": 64,
    "ConversionSoftware": "dcm2niix",
    "ConversionSoftwareVersion": "v1.0.20190410  GCC6.3.0",
    "DeviceSerialNumber": "18011",
    "EchoTime": 0.03,
    "FlipAngle": 90,
    "ImageComments": "Fake_MoCo_Reference_Volume",
    "ImageOrientationPatientDICOM": [
      1,
      2.22045e-16,
      0,
      -2.22045e-16,
      0.961262,
      -0.275637
    ],
    "ImageType": [
      "ORIGINAL",
      "PRIMARY",
      "M",
      "ND",
      "MOSAIC"
    ],
    "ImagingFrequency": 168.255,
    "InPlanePhaseEncodingDirectionDICOM": "COL",
    "MRAcquisitionType": "2D",
    "MagneticFieldStrength": 3.95064,
    "Manufacturer": "Siemens",
    "ManufacturersModelName": "MedSpec_4T",
    "Modality": "MR",
    "PartialFourier": 1,
    "PatientPosition": "HFS",
    "PercentPhaseFOV": 100,
    "PhaseEncodingDirection": "j-",
    "PhaseEncodingSteps": 64,
    "PhaseResolution": 1,
    "PixelBandwidth": 2790,
    "ProtocolName": "Nback_dc_opt",
    "PulseSequenceDetails": "%CustomerSeq%_kt_ep2d_bold_dc",
    "ReceiveCoilName": "Head_4T",
    "ReconMatrixPE": 64,
    "RepetitionTime": 2.1,
    "SAR": 0.0326601,
    "ScanOptions": "FS",
    "ScanningSequence": "SE_EP",
    "SequenceName": "epfid2d1_64",
    "SequenceVariant": "SK",
    "SeriesDescription": "Nback_dc_opt",
    "SeriesNumber": 6,
    "ShimSetting": [
      21,
      -4,
      26,
      1969,
      536,
      -3095,
      2536,
      215
    ],
    "SliceThickness": 3,
    "SoftwareVersions": "syngo_MR_2002B_4VA21A",
    "SpacingBetweenSlices": 3.6,
    "StationName": "wes4T",
    "TaskName": "nback",
    "TxRefAmp": 200.369,
    "dataset": "ds004169",
    "modality": "bold",
    "session_id": "01",
    "subject_id": "0981",
    "task_id": "nback"
  },
  "dummy_trs": 1,
  "dvars_nstd": 27.476832275439996,
  "dvars_std": 1.12000441328,
  "dvars_vstd": 1.01597007088,
  "efc": 0.49665932453163564,
  "fber": 1599.82275390625,
  "fd_mean": 0.1291153006997802,
  "fd_num": 8,
  "fd_perc": 6.349206349206349,
  "fwhm_avg": 1.6843312648836595,
  "fwhm_x": 1.613056,
  "fwhm_y": 1.797807304347826,
  "fwhm_z": 1.6421304903031526,
  "gcor": 0.0236163,
  "gsr_x": -0.023736948147416115,
  "gsr_y": 0.039826102554798126,
  "provenance": {
    "md5sum": "f8d55ddcee455fdfe1f7700396989466",
    "settings": {
      "fd_thres": 0.2,
      "testing": false
    },
    "software": "mriqc",
    "version": "23.0.1",
    "webapi_port": null,
    "webapi_url": "https://mriqc.nimh.nih.gov/api/v1"
  },
  "size_t": 126,
  "size_x": 64,
  "size_y": 64,
  "size_z": 36,
  "snr": 4.736955111524899,
  "spacing_tr": 2.0999999046325684,
  "spacing_x": 3.59375,
  "spacing_y": 3.59375,
  "spacing_z": 3.6000001430511475,
  "summary_bg_k": 29.777563545120287,
  "summary_bg_mad": 11.237184446586829,
  "summary_bg_mean": 34.44282531738281,
  "summary_bg_median": 17.69047737121582,
  "summary_bg_n": 92737.0,
  "summary_bg_p05": 9.428571701049805,
  "summary_bg_p95": 104.9603271484375,
  "summary_bg_stdv": 42.21804428100586,
  "summary_fg_k": 4.257320271530805,
  "summary_fg_mad": 129.24528735490586,
  "summary_fg_mean": 750.5961303710938,
  "summary_fg_median": 732.6508178710938,
  "summary_fg_n": 23353.0,
  "summary_fg_p05": 539.8460693359375,
  "summary_fg_p95": 1002.8175048828125,
  "summary_fg_stdv": 154.66372680664062,
  "tsnr": 40.412753836484626
}