{
  "bids_meta": {
    "AcquisitionMatrixPE": 225,
    "AcquisitionNumber": 1,
    "AcquisitionTime": "09:25:42.534990",
    "BaseResolution": 256,
    "ConversionSoftware": "dcm2niix",
    "ConversionSoftwareVersion": "v1.0.20190410  GCC6.3.0",
    "DeviceSerialNumber": "18011",
    "EchoTime": 0.00335,
    "FlipAngle": 8,
    "ImageOrientationPatientDICOM": [
      1,
      0,
      0,
      0,
      0,
      -1
    ],
    "ImageType": [
      "ORIGINAL",
      "PRIMARY",
      "M",
      "ND"
    ],
    "ImagingFrequency": 168.217,
    "InPlanePhaseEncodingDirectionDICOM": "ROW",
    "InversionTime": 0.7,
    "MRAcquisitionType": "3D",
    "MagneticFieldStrength": 3.95064,
    "Manufacturer": "Siemens",
    "ManufacturersModelName": "MedSpec_4T",
    "Modality": "MR",
    "PartialFourier": 0.875,
    "PatientPosition": "HFS",
    "PercentPhaseFOV": 100,
    "PhaseEncodingSteps": 197,
    "PhaseResolution": 0.878906,
    "PixelBandwidth": 200,
    "ProtocolName": "t1_mpr_cor",
    "PulseSequenceDetails": "%SiemensSeq%_tfl",
    "ReceiveCoilName": "Head_4T",
    "ReconMatrixPE": 256,
    "RepetitionTime": 1.5,
    "SAR": 0.00414331,
    "ScanOptions": "IR",
    "ScanningSequence": "IR_GR",
    "SequenceName": "tfl3d1_ns",
    "SequenceVariant": "SP_MP",
    "SeriesDescription": "t1_mpr_cor",
    "SeriesNumber": 8,
    "ShimSetting": [
      3,
      -5,
      -25,
      1609,
      191,
      -4472,
      2654,
      370
    ],
    "SliceThickness": 0.9,
    "SoftwareVersions": "syngo_MR_2002B_4VA21A",
    "StationName": "wes4T",
    "TxRefAmp": 183.339,
    "dataset": "ds004169",
    "modality": "T1w",
    "session_id": "01",
    "subject_id": "0425"
  },
  "cjv": 0.346419503544781,
  "cnr": 3.785271583245749,
  "efc": 0.44215818178287597,
  "fber": 1294.9982055974292,
  "fwhm_avg": 4.421661376331683,
  "fwhm_x": 4.499477333333333,
  "fwhm_y": 4.869400128995051,
  "fwhm_z": 3.896106666666667,
  "icvs_csf": 0.22981221774583752,
  "icvs_gm": 0.4255751923180041,
  "icvs_wm": 0.34461258993615834,
  "inu_med": 0.7311004102230072,
  "inu_range": 0.4742191165685652,
  "provenance": {
    "md5sum": "2a81a9bf42ccab60b01db1e04efa9591",
    "settings": {
      "testing": false
    },
    "software": "mriqc",
    "version": "23.0.1",
    "warnings": {
      "large_rot_frame": true,
      "small_air_mask": false
    },
    "webapi_port": null,
    "webapi_url": "https://mriqc.nimh.nih.gov/api/v1"
  },
  "qi_1": 0.0,
  "qi_2": 0.01848826486565706,
  "rpve_csf": 27.658604536939166,
  "rpve_gm": 15.545393431617793,
  "rpve_wm": 22.579068571737835,
  "size_x": 256,
  "size_y": 256,
  "size_z": 256,
  "snr_csf": 1.8445753501763138,
  "snr_gm": 9.498028747245321,
  "snr_total": 10.26108225444297,
  "snr_wm": 19.440642665907276,
  "snrd_csf": 7.2632829324077175,
  "snrd_gm": 18.018410082107742,
  "snrd_total": 17.527429207907343,
  "snrd_wm": 27.300594609206563,
  "spacing_x": 0.9375,
  "spacing_y": 0.8999999761581421,
  "spacing_z": 0.9375,
  "summary_bg_k": 15.754010903891267,
  "summary_bg_mad": 23.997923355934688,
  "summary_bg_mean": 18.378419380812623,
  "summary_bg_median": 16.1863533295691,
  "summary_bg_n": 5094994.0,
  "summary_bg_p05": 0.0,
  "summary_bg_p95": 61.28844763711095,
  "summary_bg_stdv": 24.363554607701204,
  "summary_csf_k": 31.681009794731544,
  "summary_csf_mad": 96.42279384330644,
  "summary_csf_mean": 279.8464906149241,
  "summary_csf_median": 266.05712508782744,
  "summary_csf_n": 43463.0,
  "summary_csf_p05": 98.26182638034223,
  "summary_csf_p95": 461.9313852299006,
  "summary_csf_stdv": 144.23594260518328,
  "summary_gm_k": 0.058286390925186726,
  "summary_gm_mad": 68.88026703759297,
  "summary_gm_mean": 659.610468414455,
  "summary_gm_median": 660.0219803787768,
  "summary_gm_n": 33943.0,
  "summary_gm_p05": 544.2976310949773,
  "summary_gm_p95": 771.6076632723211,
  "summary_gm_stdv": 69.48939357479836,
  "summary_wm_k": 0.6115910536115088,
  "summary_wm_mad": 48.90594759762338,
  "summary_wm_mean": 1000.2488761808042,
  "summary_wm_median": 1000.0323245711625,
  "summary_wm_n": 238309.0,
  "summary_wm_p05": 916.3866783231497,
  "summary_wm_p95": 1084.162592176348,
  "summary_wm_stdv": 51.44018351505249,
  "tpm_overlap_csf": 0.15518837165655083,
  "tpm_overlap_gm": 0.472346834362385,
  "tpm_overlap_wm": 0.5070633448203375,
  "wm2max": 0.5169310448673111
}