{
  "aor": 0.0018851999999999999,
  "aqi": 0.0076790558,
  "bids_meta": {
    "AcquisitionMatrixPE": 64,
    "AcquisitionNumber": 1,
    "AcquisitionTime": "13:02:15.225000",
    "BaseResolution": 64,
    "ConversionSoftware": "dcm2niix",
    "ConversionSoftwareVersion": "v1.0.20190410  GCC6.3.0",
    "DeviceSerialNumber": "18011",
    "EchoTime": 0.03,
    "FlipAngle": 90,
    "ImageComments": "Fake_MoCo_Reference_Volume_+_DiCo_Applied",
    "ImageOrientationPatientDICOM": [
      1,
      2.22045e-16,
      0,
      -2.22045e-16,
      0.982613,
      -0.185667
    ],
    "ImageType": [
      "ORIGINAL",
      "PRIMARY",
      "M",
      "ND",
      "DICO",
      "MOSAIC"
    ],
    "ImagingFrequency": 168.255,
    "InPlanePhaseEncodingDirectionDICOM": "COL",
    "MRAcquisitionType": "2D",
    "MagneticFieldStrength": 3.95064,
    "Manufacturer": "Siemens",
    "ManufacturersModelName": "Trio",
    "Modality": "MR",
    "PartialFourier": 1,
    "PatientPosition": "HFS",
    "PercentPhaseFOV": 100,
    "PhaseEncodingDirection": "j-",
    "PhaseEncodingSteps": 64,
    "PhaseResolution": 1,
    "PixelBandwidth": 2790,
    "ProcedureStepDescription": "Research_fMRI",
    "ProtocolName": "mz_bold_dc_REST",
    "PulseSequenceDetails": "%CustomerSeq%_mz_ep2d_bold_dc",
    "ReceiveCoilName": "TEM_Head",
    "ReconMatrixPE": 64,
    "RepetitionTime": 2.1,
    "SAR": 0.0667642,
    "ScanOptions": "FS",
    "ScanningSequence": "SE_EP",
    "SequenceName": "epfid2d1_64",
    "SequenceVariant": "SK",
    "SeriesDescription": "mz_bold_dc_REST_DiCo",
    "SeriesNumber": 10,
    "ShimSetting": [
      24,
      32,
      65,
      2009,
      2727,
      -9999,
      7747,
      -258
    ],
    "SliceThickness": 3,
    "SoftwareVersions": "syngo_MR_2004A_4VA25A",
    "SpacingBetweenSlices": 3.6,
    "StationName": "WES4T",
    "TaskName": "rest",
    "TxRefAmp": 214.124,
    "dataset": "ds004169",
    "modality": "bold",
    "session_id": "01",
    "subject_id": "0409",
    "task_id": "rest"
  },
  "dummy_trs": 0,
  "dvars_nstd": 27.674612826174492,
  "dvars_std": 1.0828696920805367,
  "dvars_vstd": 1.0030102590604024,
  "efc": 0.5234313874233895,
  "fber": 1324.587890625,
  "fd_mean": 0.2841686738969287,
  "fd_num": 91,
  "fd_perc": 60.666666666666664,
  "fwhm_avg": 1.8059542920554457,
  "fwhm_x": 1.6835144347826088,
  "fwhm_y": 2.0262761739130433,
  "fwhm_z": 1.708072267470685,
  "gcor": 0.0332108,
  "gsr_x": -0.022064795717597008,
  "gsr_y": 0.046770598739385605,
  "provenance": {
    "md5sum": "411bc72502502abb0a9b0c4d64b6a319",
    "settings": {
      "fd_thres": 0.2,
      "testing": false
    },
    "software": "mriqc",
    "version": "23.0.1",
    "webapi_port": null,
    "webapi_url": "https://mriqc.nimh.nih.gov/api/v1"
  },
  "size_t": 150,
  "size_x": 64,
  "size_y": 64,
  "size_z": 36,
  "snr": 5.224798118342344,
  "spacing_tr": 2.0999999046325684,
  "spacing_x": 3.59375,
  "spacing_y": 3.59375,
  "spacing_z": 3.5999999046325684,
  "summary_bg_k": 54.98875268417388,
  "summary_bg_mad": 10.743923021043917,
  "summary_bg_mean": 32.54670333862305,
  "summary_bg_median": 16.280000686645508,
  "summary_bg_n": 89717.0,
  "summary_bg_p05": 7.853333473205566,
  "summary_bg_p95": 95.63999938964844,
  "summary_bg_stdv": 47.21322250366211,
  "summary_fg_k": 5.524370892319679,
  "summary_fg_mad": 94.35775865526688,
  "summary_fg_mean": 611.9710083007812,
  "summary_fg_median": 603.296630859375,
  "summary_fg_n": 26394.0,
  "summary_fg_p05": 451.81533966064455,
  "summary_fg_p95": 787.9253479003905,
  "summary_fg_stdv": 115.46574401855469,
  "tsnr": 53.73439324949868
}