{
  "aor": 0.0019218897637795277,
  "aqi": 0.012845081338582679,
  "bids_meta": {
    "AcquisitionMatrixPE": 64,
    "AcquisitionNumber": 1,
    "AcquisitionTime": "08:15:13.767500",
    "BaseResolution": 64,
    "ConversionSoftware": "dcm2niix",
    "ConversionSoftwareVersion": "v1.0.20190410  GCC6.3.0",
    "DeviceSerialNumber": "18011",
    "EchoTime": 0.03,
    "FlipAngle": 90,
    "ImageComments": "Fake_MoCo_Reference_Volume_+_DiCo_Applied",
    "ImageOrientationPatientDICOM": [
      1,
      0,
      -1.38778e-17,
      0,
      0.984808,
      -0.173648
    ],
    "ImageType": [
      "ORIGINAL",
      "PRIMARY",
      "M",
      "ND",
      "MOSAIC"
    ],
    "ImagingFrequency": 168.255,
    "InPlanePhaseEncodingDirectionDICOM": "COL",
    "MRAcquisitionType": "2D",
    "MagneticFieldStrength": 3.95064,
    "Manufacturer": "Siemens",
    "ManufacturersModelName": "MedSpec_4T",
    "Modality": "MR",
    "PartialFourier": 1,
    "PatientPosition": "HFS",
    "PercentPhaseFOV": 100,
    "PhaseEncodingDirection": "j-",
    "PhaseEncodingSteps": 64,
    "PhaseResolution": 1,
    "PixelBandwidth": 2790,
    "ProtocolName": "Nback_dc_opt",
    "PulseSequenceDetails": "%CustomerSeq%_kt_ep2d_bold_dc",
    "ReceiveCoilName": "Head_4T",
    "ReconMatrixPE": 64,
    "RepetitionTime": 2.1,
    "SAR": 0.0310039,
    "ScanOptions": "FS",
    "ScanningSequence": "SE_EP",
    "SequenceName": "epfid2d1_64",
    "SequenceVariant": "SK",
    "SeriesDescription": "Nback_dc_opt_DiCo",
    "SeriesNumber": 7,
    "ShimSetting": [
      -4,
      11,
      36,
      1647,
      526,
      -3352,
      2217,
      269
    ],
    "SliceThickness": 3,
    "SoftwareVersions": "syngo_MR_2002B_4VA21A",
    "SpacingBetweenSlices": 3.6,
    "StationName": "wes4T",
    "TaskName": "nback",
    "TxRefAmp": 177.848,
    "dataset": "ds004169",
    "modality": "bold",
    "session_id": "01",
    "subject_id": "0287",
    "task_id": "nback"
  },
  "dummy_trs": 0,
  "dvars_nstd": 31.094996452380943,
  "dvars_std": 1.013171349365079,
  "dvars_vstd": 0.8535894197619049,
  "efc": 0.4577331001254073,
  "fber": 2486.675537109375,
  "fd_mean": 0.24052440910569814,
  "fd_num": 51,
  "fd_perc": 40.15748031496063,
  "fwhm_avg": 1.7470633846081347,
  "fwhm_x": 1.6497001739130435,
  "fwhm_y": 1.9845426086956521,
  "fwhm_z": 1.606947371215709,
  "gcor": 0.345366,
  "gsr_x": -0.024023517966270447,
  "gsr_y": 0.03242700919508934,
  "provenance": {
    "md5sum": "d8457ac1ec9324c6bb3f87f88bda7cca",
    "settings": {
      "fd_thres": 0.2,
      "testing": false
    },
    "software": "mriqc",
    "version": "23.0.1",
    "webapi_port": null,
    "webapi_url": "https://mriqc.nimh.nih.gov/api/v1"
  },
  "size_t": 127,
  "size_x": 64,
  "size_y": 64,
  "size_z": 36,
  "snr": 4.871045061983125,
  "spacing_tr": 2.0999999046325684,
  "spacing_x": 3.59375,
  "spacing_y": 3.59375,
  "spacing_z": 3.5999996662139893,
  "summary_bg_k": 48.42617164889884,
  "summary_bg_mad": 6.63085123998024,
  "summary_bg_mean": 25.29985809326172,
  "summary_bg_median": 12.21259880065918,
  "summary_bg_n": 98242.0,
  "summary_bg_p05": 7.125984191894531,
  "summary_bg_p95": 72.1413375854492,
  "summary_bg_stdv": 39.637611389160156,
  "summary_fg_k": 4.524246509962602,
  "summary_fg_mad": 105.48655060701036,
  "summary_fg_mean": 631.858642578125,
  "summary_fg_median": 615.6181640625,
  "summary_fg_n": 19528.0,
  "summary_fg_p05": 465.61180419921874,
  "summary_fg_p95": 838.0858215332026,
  "summary_fg_stdv": 126.37994384765625,
  "tsnr": 31.024015992006753
}