{
  "bids_meta": {
    "AcquisitionMatrixPE": 256,
    "AcquisitionNumber": 1,
    "AcquisitionTime": "09:29:17.787490",
    "BaseResolution": 256,
    "ConversionSoftware": "dcm2niix",
    "ConversionSoftwareVersion": "v1.0.20190410  GCC6.3.0",
    "DeviceSerialNumber": "18011",
    "EchoTime": 0.00393,
    "FlipAngle": 15,
    "ImageOrientationPatientDICOM": [
      1,
      0,
      0,
      0,
      0,
      -1
    ],
    "ImageType": [
      "ORIGINAL",
      "PRIMARY",
      "M",
      "ND"
    ],
    "ImagingFrequency": 168.251,
    "InPlanePhaseEncodingDirectionDICOM": "ROW",
    "InstitutionAddress": "StreetNoStreet_City_District_ZIP_Country",
    "InstitutionName": "UQ",
    "InversionTime": 1.1,
    "MRAcquisitionType": "3D",
    "MagneticFieldStrength": 3.95064,
    "Manufacturer": "Siemens",
    "ManufacturersModelName": "MedSpec_4T",
    "Modality": "MR",
    "PartialFourier": 0.75,
    "PatientPosition": "HFS",
    "PercentPhaseFOV": 100,
    "PhaseEncodingSteps": 192,
    "PhaseResolution": 1,
    "PixelBandwidth": 130,
    "ProtocolName": "t1_mpr_cmr_cor",
    "PulseSequenceDetails": "%SiemensSeq%_tfl",
    "ReceiveCoilName": "Head_4T",
    "ReconMatrixPE": 256,
    "RepetitionTime": 2.5,
    "SAR": 0.0029493,
    "ScanOptions": "IR",
    "ScanningSequence": "IR_GR",
    "SequenceName": "tfl3d1_ns",
    "SequenceVariant": "SP_MP",
    "SeriesDescription": "t1_mpr_cmr_cor",
    "SeriesNumber": 8,
    "ShimSetting": [
      -15,
      2,
      184,
      1394,
      2221,
      -2067,
      1608,
      196
    ],
    "SliceThickness": 0.9,
    "SoftwareVersions": "syngo_MR_2002B_4VA21A",
    "StationName": "wes4T",
    "TxRefAmp": 216.771,
    "dataset": "ds004169",
    "modality": "T1w",
    "session_id": "01",
    "subject_id": "0945"
  },
  "cjv": 0.47555165499236285,
  "cnr": 2.7696855292996068,
  "efc": 0.506415425867867,
  "fber": 4519.506198347107,
  "fwhm_avg": 3.7007659601861858,
  "fwhm_x": 3.70624,
  "fwhm_y": 3.879844547225225,
  "fwhm_z": 3.5162133333333334,
  "icvs_csf": 0.18000974759567556,
  "icvs_gm": 0.4074759257652642,
  "icvs_wm": 0.41251432663906024,
  "inu_med": 0.5258238315582275,
  "inu_range": 0.21094989180564877,
  "provenance": {
    "md5sum": "6f61757cf83236665eec9dac63766d2e",
    "settings": {
      "testing": false
    },
    "software": "mriqc",
    "version": "23.0.1",
    "warnings": {
      "large_rot_frame": true,
      "small_air_mask": false
    },
    "webapi_port": null,
    "webapi_url": "https://mriqc.nimh.nih.gov/api/v1"
  },
  "qi_1": 0.0,
  "qi_2": 0.009725445161907284,
  "rpve_csf": 33.084005348388054,
  "rpve_gm": 14.277192220115651,
  "rpve_wm": 15.795104254217891,
  "size_x": 256,
  "size_y": 256,
  "size_z": 256,
  "snr_csf": 2.8504018148289734,
  "snr_gm": 16.383568376603364,
  "snr_total": 12.73072603843598,
  "snr_wm": 18.958207923875598,
  "snrd_csf": 17.457084345556297,
  "snrd_gm": 30.44865541831745,
  "snrd_total": 28.78426644501452,
  "snrd_wm": 38.44705957116982,
  "spacing_x": 0.9375,
  "spacing_y": 0.8999999761581421,
  "spacing_z": 0.9375,
  "summary_bg_k": 30.941526338086916,
  "summary_bg_mad": 17.040923500591077,
  "summary_bg_mean": 15.402570555788605,
  "summary_bg_median": 11.493928235024214,
  "summary_bg_n": 4887417.0,
  "summary_bg_p05": 0.0,
  "summary_bg_p95": 54.5890989638865,
  "summary_bg_stdv": 22.86891100181486,
  "summary_csf_k": 9.898946202886384,
  "summary_csf_mad": 99.1890608670768,
  "summary_csf_mean": 455.6662132307808,
  "summary_csf_median": 454.0807668082416,
  "summary_csf_n": 56840.0,
  "summary_csf_p05": 218.13047097623348,
  "summary_csf_p95": 647.389153700508,
  "summary_csf_stdv": 159.30272358495912,
  "summary_gm_k": 0.12346752666177796,
  "summary_gm_mad": 47.480116092555974,
  "summary_gm_mean": 791.9585302281939,
  "summary_gm_median": 792.0079050399363,
  "summary_gm_n": 47469.0,
  "summary_gm_p05": 712.5670693516731,
  "summary_gm_p95": 871.3527226544916,
  "summary_gm_stdv": 48.34109056224948,
  "summary_wm_k": 0.30871062061563004,
  "summary_wm_mad": 51.457727229057575,
  "summary_wm_mean": 1005.4223347907973,
  "summary_wm_median": 1000.0564782768488,
  "summary_wm_n": 253428.0,
  "summary_wm_p05": 928.7489382438362,
  "summary_wm_p95": 1100.53656835109,
  "summary_wm_stdv": 52.750476692318216,
  "tpm_overlap_csf": 0.15161937979535256,
  "tpm_overlap_gm": 0.4493756168908466,
  "tpm_overlap_wm": 0.4834052741359357,
  "wm2max": 0.6060585315762451
}