{
  "aor": 0.011524645669291338,
  "aqi": 0.01598573023622047,
  "bids_meta": {
    "AcquisitionMatrixPE": 64,
    "AcquisitionNumber": 1,
    "AcquisitionTime": "12:41:13.597490",
    "BaseResolution": 64,
    "ConversionSoftware": "dcm2niix",
    "ConversionSoftwareVersion": "v1.0.20190410  GCC6.3.0",
    "DeviceSerialNumber": "18011",
    "EchoTime": 0.03,
    "FlipAngle": 90,
    "ImageComments": "Fake_MoCo_Reference_Volume_+_DiCo_Applied",
    "ImageOrientationPatientDICOM": [
      0.999391,
      -0.00243443,
      -0.0348145,
      -3.20835e-08,
      0.997564,
      -0.0697565
    ],
    "ImageType": [
      "ORIGINAL",
      "PRIMARY",
      "M",
      "ND",
      "MOSAIC"
    ],
    "ImagingFrequency": 168.217,
    "InPlanePhaseEncodingDirectionDICOM": "COL",
    "MRAcquisitionType": "2D",
    "MagneticFieldStrength": 3.95064,
    "Manufacturer": "Siemens",
    "ManufacturersModelName": "MedSpec_4T",
    "Modality": "MR",
    "PartialFourier": 1,
    "PatientPosition": "HFS",
    "PercentPhaseFOV": 100,
    "PhaseEncodingDirection": "j-",
    "PhaseEncodingSteps": 64,
    "PhaseResolution": 1,
    "PixelBandwidth": 2790,
    "ProtocolName": "Nback_dc",
    "PulseSequenceDetails": "%CustomerSeq%_mz_ep2d_bold_dc",
    "ReceiveCoilName": "Head_4T",
    "ReconMatrixPE": 64,
    "RepetitionTime": 2.1,
    "SAR": 0.0614565,
    "ScanOptions": "FS",
    "ScanningSequence": "SE_EP",
    "SequenceName": "epfid2d1_64",
    "SequenceVariant": "SK",
    "SeriesDescription": "Nback_dc_DiCo",
    "SeriesNumber": 7,
    "ShimSetting": [
      6,
      -17,
      -21,
      1334,
      729,
      -2980,
      2493,
      250
    ],
    "SliceThickness": 3,
    "SoftwareVersions": "syngo_MR_2002B_4VA21A",
    "SpacingBetweenSlices": 3.6,
    "StationName": "wes4T",
    "TaskName": "nback",
    "TxRefAmp": 162.548,
    "dataset": "ds004169",
    "modality": "bold",
    "session_id": "01",
    "subject_id": "1286",
    "task_id": "nback"
  },
  "dummy_trs": 0,
  "dvars_nstd": 27.173176387380945,
  "dvars_std": 1.080301765079366,
  "dvars_vstd": 1.0106385023809519,
  "efc": 0.47499236739909645,
  "fber": 2555.01171875,
  "fd_mean": 0.2620890303315469,
  "fd_num": 40,
  "fd_perc": 31.496062992125985,
  "fwhm_avg": 1.8968894085566543,
  "fwhm_x": 1.7675965217391303,
  "fwhm_y": 2.1516744347826084,
  "fwhm_z": 1.7713972691482245,
  "gcor": 0.0727187,
  "gsr_x": -0.023691175505518913,
  "gsr_y": 0.02861338108778,
  "provenance": {
    "md5sum": "37a0634933c132767dc0a7894697bc72",
    "settings": {
      "fd_thres": 0.2,
      "testing": false
    },
    "software": "mriqc",
    "version": "23.0.1",
    "webapi_port": null,
    "webapi_url": "https://mriqc.nimh.nih.gov/api/v1"
  },
  "size_t": 127,
  "size_x": 64,
  "size_y": 64,
  "size_z": 36,
  "snr": 5.626126680199491,
  "spacing_tr": 2.0999999046325684,
  "spacing_x": 3.59375,
  "spacing_y": 3.59375,
  "spacing_z": 3.5999999046325684,
  "summary_bg_k": 36.403993751224505,
  "summary_bg_mad": 9.31587972035207,
  "summary_bg_mean": 29.16516876220703,
  "summary_bg_median": 15.21259880065918,
  "summary_bg_n": 94885.0,
  "summary_bg_p05": 8.17322826385498,
  "summary_bg_p95": 85.25196838378906,
  "summary_bg_stdv": 38.31531524658203,
  "summary_fg_k": 3.6476068118400597,
  "summary_fg_mad": 127.60885067769301,
  "summary_fg_mean": 791.41796875,
  "summary_fg_median": 781.7716674804688,
  "summary_fg_n": 22312.0,
  "summary_fg_p05": 587.5614166259766,
  "summary_fg_p95": 1006.4298950195313,
  "summary_fg_stdv": 138.95068359375,
  "tsnr": 38.208833534736186
}