{
  "aor": 0.008289733333333332,
  "aqi": 0.013947610266666667,
  "bids_meta": {
    "AcquisitionMatrixPE": 64,
    "AcquisitionNumber": 1,
    "AcquisitionTime": "10:35:26.610020",
    "BaseResolution": 64,
    "ConversionSoftware": "dcm2niix",
    "ConversionSoftwareVersion": "v1.0.20190410  GCC6.3.0",
    "DeviceSerialNumber": "18011",
    "EchoTime": 0.03,
    "FlipAngle": 90,
    "ImageComments": "Fake_MoCo_Reference_Volume_+_DiCo_Applied",
    "ImageOrientationPatientDICOM": [
      1,
      0,
      0,
      0,
      0.993961,
      -0.109734
    ],
    "ImageType": [
      "ORIGINAL",
      "PRIMARY",
      "M",
      "ND",
      "DICO",
      "MOSAIC"
    ],
    "ImagingFrequency": 168.255,
    "InPlanePhaseEncodingDirectionDICOM": "COL",
    "MRAcquisitionType": "2D",
    "MagneticFieldStrength": 3.95064,
    "Manufacturer": "Siemens",
    "ManufacturersModelName": "MedSpec_4T",
    "Modality": "MR",
    "PartialFourier": 1,
    "PatientPosition": "HFS",
    "PercentPhaseFOV": 100,
    "PhaseEncodingDirection": "j-",
    "PhaseEncodingSteps": 64,
    "PhaseResolution": 1,
    "PixelBandwidth": 2790,
    "ProcedureStepDescription": "Research_fMRI",
    "ProtocolName": "mz_bold_dc_REST",
    "PulseSequenceDetails": "%CustomerSeq%_mz_ep2d_bold_dc",
    "ReceiveCoilName": "Head",
    "ReconMatrixPE": 64,
    "RepetitionTime": 2.1,
    "SAR": 0.0885428,
    "ScanOptions": "FS",
    "ScanningSequence": "SE_EP",
    "SequenceName": "epfid2d1_64",
    "SequenceVariant": "SK",
    "SeriesDescription": "mz_bold_dc_REST_DiCo",
    "SeriesNumber": 9,
    "ShimSetting": [
      1,
      -33,
      51,
      2169,
      756,
      -4999,
      3566,
      524
    ],
    "SliceThickness": 3,
    "SoftwareVersions": "syngo_MR_2004A_4VA25A",
    "SpacingBetweenSlices": 3.6,
    "StationName": "WES4T",
    "TaskName": "rest",
    "TxRefAmp": 170.749,
    "dataset": "ds004169",
    "modality": "bold",
    "session_id": "01",
    "subject_id": "0871",
    "task_id": "rest"
  },
  "dummy_trs": 0,
  "dvars_nstd": 29.16035768624161,
  "dvars_std": 1.2271259217449662,
  "dvars_vstd": 1.0209724961744966,
  "efc": 0.44108377126936754,
  "fber": 2962.28076171875,
  "fd_mean": 0.21745200022941236,
  "fd_num": 70,
  "fd_perc": 46.666666666666664,
  "fwhm_avg": 1.7892240920984197,
  "fwhm_x": 1.6858768695652175,
  "fwhm_y": 2.0053286956521736,
  "fwhm_z": 1.676466711077868,
  "gcor": 0.0506527,
  "gsr_x": -0.01851491630077362,
  "gsr_y": 0.02963942475616932,
  "provenance": {
    "md5sum": "898445aa7b5e86650b57e0f8f62a096a",
    "settings": {
      "fd_thres": 0.2,
      "testing": false
    },
    "software": "mriqc",
    "version": "23.0.1",
    "webapi_port": null,
    "webapi_url": "https://mriqc.nimh.nih.gov/api/v1"
  },
  "size_t": 150,
  "size_x": 64,
  "size_y": 64,
  "size_z": 36,
  "snr": 5.781259796289321,
  "spacing_tr": 2.0999999046325684,
  "spacing_x": 3.59375,
  "spacing_y": 3.59375,
  "spacing_z": 3.5999999046325684,
  "summary_bg_k": 90.88550128032522,
  "summary_bg_mad": 7.768835992588465,
  "summary_bg_mean": 22.72719383239746,
  "summary_bg_median": 12.046667098999023,
  "summary_bg_n": 99604.0,
  "summary_bg_p05": 4.946666717529297,
  "summary_bg_p95": 67.94567031860346,
  "summary_bg_stdv": 32.13199996948242,
  "summary_fg_k": 3.10325207323658,
  "summary_fg_mad": 101.21230541725855,
  "summary_fg_mean": 666.8457641601562,
  "summary_fg_median": 660.6666870117188,
  "summary_fg_n": 18329.0,
  "summary_fg_p05": 497.79734497070314,
  "summary_fg_p95": 850.0693481445312,
  "summary_fg_stdv": 114.274169921875,
  "tsnr": 43.20724251260981
}