{
  "bids_meta": {
    "AcquisitionMatrixPE": 225,
    "AcquisitionNumber": 1,
    "AcquisitionTime": "08:20:3.217510",
    "BaseResolution": 256,
    "ConversionSoftware": "dcm2niix",
    "ConversionSoftwareVersion": "v1.0.20190410  GCC6.3.0",
    "DeviceSerialNumber": "18011",
    "EchoTime": 0.00335,
    "FlipAngle": 8,
    "ImageOrientationPatientDICOM": [
      0.99863,
      0.052336,
      0,
      0,
      -2.22045e-16,
      -1
    ],
    "ImageType": [
      "ORIGINAL",
      "PRIMARY",
      "M",
      "ND"
    ],
    "ImagingFrequency": 168.256,
    "InPlanePhaseEncodingDirectionDICOM": "ROW",
    "InversionTime": 0.7,
    "MRAcquisitionType": "3D",
    "MagneticFieldStrength": 3.95064,
    "Manufacturer": "Siemens",
    "ManufacturersModelName": "MedSpec_4T",
    "Modality": "MR",
    "PartialFourier": 0.875,
    "PatientPosition": "HFS",
    "PercentPhaseFOV": 100,
    "PhaseEncodingSteps": 197,
    "PhaseResolution": 0.878906,
    "PixelBandwidth": 200,
    "ProtocolName": "t1_mpr_cor",
    "PulseSequenceDetails": "%SiemensSeq%_tfl",
    "ReceiveCoilName": "Head_4T",
    "ReconMatrixPE": 256,
    "RepetitionTime": 1.5,
    "SAR": 0.00366539,
    "ScanOptions": "IR",
    "ScanningSequence": "IR_GR",
    "SequenceName": "tfl3d1_ns",
    "SequenceVariant": "SP_MP",
    "SeriesDescription": "t1_mpr_cor",
    "SeriesNumber": 8,
    "ShimSetting": [
      -5,
      -8,
      16,
      2080,
      93,
      -3238,
      1838,
      208
    ],
    "SliceThickness": 0.9,
    "SoftwareVersions": "syngo_MR_2002B_4VA21A",
    "StationName": "wes4T",
    "TxRefAmp": 222.221,
    "dataset": "ds004169",
    "modality": "T1w",
    "session_id": "01",
    "subject_id": "0079"
  },
  "cjv": 0.3862622479966036,
  "cnr": 3.4186964000778914,
  "efc": 0.48245056174356565,
  "fber": -1.0,
  "fwhm_avg": 4.381276634867544,
  "fwhm_x": 4.442986666666667,
  "fwhm_y": 4.787477904602631,
  "fwhm_z": 3.913365333333333,
  "icvs_csf": 0.20624275660863364,
  "icvs_gm": 0.4242394104850957,
  "icvs_wm": 0.3695178329062706,
  "inu_med": 0.7380276918411255,
  "inu_range": 0.5562994837760923,
  "provenance": {
    "md5sum": "d2f719c64624ee81a686b065767acb1d",
    "settings": {
      "testing": false
    },
    "software": "mriqc",
    "version": "22.0.6",
    "warnings": {
      "large_rot_frame": true,
      "small_air_mask": false
    },
    "webapi_port": null,
    "webapi_url": "https://mriqc.nimh.nih.gov/api/v1"
  },
  "qi_1": 0.0,
  "qi_2": 0.029732978815170494,
  "rpve_csf": 23.558672350205633,
  "rpve_gm": 12.189833522436983,
  "rpve_wm": 16.580613449073937,
  "size_x": 256,
  "size_y": 256,
  "size_z": 256,
  "snr_csf": 1.382546367146461,
  "snr_gm": 9.209648349778321,
  "snr_total": 9.377628193204039,
  "snr_wm": 17.540689862687337,
  "snrd_csf": 8.001133161874494,
  "snrd_gm": 18.43961612758512,
  "snrd_total": 17.948991021440758,
  "snrd_wm": 27.406223774862664,
  "spacing_x": 0.9375,
  "spacing_y": 0.8999999761581421,
  "spacing_z": 0.9375,
  "summary_bg_k": 11.249231196532426,
  "summary_bg_mad": 0.0,
  "summary_bg_mean": 14.6235565163808,
  "summary_bg_median": 0.0,
  "summary_bg_n": 4467052.0,
  "summary_bg_p05": 0.0,
  "summary_bg_p95": 65.10551491752267,
  "summary_bg_stdv": 23.905483065521192,
  "summary_csf_k": 23.45022407825649,
  "summary_csf_mad": 109.0457424020623,
  "summary_csf_mean": 325.3135945945409,
  "summary_csf_median": 291.95592445507646,
  "summary_csf_n": 42224.0,
  "summary_csf_p05": 116.33163929414005,
  "summary_csf_p95": 538.557309433259,
  "summary_csf_stdv": 211.17010911537574,
  "summary_gm_k": 0.12033845669032317,
  "summary_gm_mad": 72.35578023672882,
  "summary_gm_mean": 671.9211893884064,
  "summary_gm_median": 672.8490907736123,
  "summary_gm_n": 50814.0,
  "summary_gm_p05": 550.9843461798504,
  "summary_gm_p95": 790.8454970804974,
  "summary_gm_stdv": 73.05843225289021,
  "summary_wm_k": 0.5269086426275926,
  "summary_wm_mad": 54.02360095523631,
  "summary_wm_mean": 1001.4372721218762,
  "summary_wm_median": 1000.0345246270299,
  "summary_wm_n": 357806.0,
  "summary_wm_p05": 910.7864341512322,
  "summary_wm_p95": 1097.7446051053703,
  "summary_wm_stdv": 57.012189087259756,
  "tpm_overlap_csf": 0.13587579145917517,
  "tpm_overlap_gm": 0.4375935705241367,
  "tpm_overlap_wm": 0.4916018507377815,
  "wm2max": 0.5153241020894885
}