{
  "aor": 0.0037826000000000005,
  "aqi": 0.012975027666666666,
  "bids_meta": {
    "AcquisitionMatrixPE": 64,
    "AcquisitionNumber": 1,
    "AcquisitionTime": "11:41:25.302490",
    "BaseResolution": 64,
    "ConversionSoftware": "dcm2niix",
    "ConversionSoftwareVersion": "v1.0.20190410  GCC6.3.0",
    "DeviceSerialNumber": "18011",
    "EchoTime": 0.03,
    "FlipAngle": 90,
    "ImageComments": "Fake_MoCo_Reference_Volume_+_DiCo_Applied",
    "ImageOrientationPatientDICOM": [
      1,
      0,
      0,
      0,
      1,
      0
    ],
    "ImageType": [
      "ORIGINAL",
      "PRIMARY",
      "M",
      "ND",
      "MOSAIC"
    ],
    "ImagingFrequency": 168.255,
    "InPlanePhaseEncodingDirectionDICOM": "COL",
    "MRAcquisitionType": "2D",
    "MagneticFieldStrength": 3.95064,
    "Manufacturer": "Siemens",
    "ManufacturersModelName": "MedSpec_4T",
    "Modality": "MR",
    "PartialFourier": 1,
    "PatientPosition": "HFS",
    "PercentPhaseFOV": 100,
    "PhaseEncodingDirection": "j-",
    "PhaseEncodingSteps": 64,
    "PhaseResolution": 1,
    "PixelBandwidth": 2790,
    "ProtocolName": "mz_bold_dc_REST",
    "PulseSequenceDetails": "%CustomerSeq%_mz_ep2d_bold_dc",
    "ReceiveCoilName": "Head_4T",
    "ReconMatrixPE": 64,
    "RepetitionTime": 2.1,
    "SAR": 0.022117,
    "ScanOptions": "FS",
    "ScanningSequence": "SE_EP",
    "SequenceName": "epfid2d1_64",
    "SequenceVariant": "SK",
    "SeriesDescription": "mz_bold_dc_REST_DiCo",
    "SeriesNumber": 10,
    "ShimSetting": [
      20,
      -13,
      34,
      2666,
      526,
      -3288,
      1716,
      -628
    ],
    "SliceThickness": 3,
    "SoftwareVersions": "syngo_MR_2002B_4VA21A",
    "SpacingBetweenSlices": 3.6,
    "StationName": "wes4T",
    "TaskName": "rest",
    "TxRefAmp": 183.221,
    "dataset": "ds004169",
    "modality": "bold",
    "session_id": "01",
    "subject_id": "0306",
    "task_id": "rest"
  },
  "dummy_trs": 0,
  "dvars_nstd": 31.213560296308724,
  "dvars_std": 1.1615562336912748,
  "dvars_vstd": 0.9905180422147649,
  "efc": 0.44205964602692494,
  "fber": 2768.08447265625,
  "fd_mean": 0.2606060346386963,
  "fd_num": 85,
  "fd_perc": 56.666666666666664,
  "fwhm_avg": 1.716596936437415,
  "fwhm_x": 1.652983652173913,
  "fwhm_y": 1.9416987826086956,
  "fwhm_z": 1.5551083745296366,
  "gcor": 0.0341486,
  "gsr_x": -0.02498042955994606,
  "gsr_y": 0.03882273659110069,
  "provenance": {
    "md5sum": "ea64b5ea1ba1ad3d94574ada717cffbc",
    "settings": {
      "fd_thres": 0.2,
      "testing": false
    },
    "software": "mriqc",
    "version": "23.0.1",
    "webapi_port": null,
    "webapi_url": "https://mriqc.nimh.nih.gov/api/v1"
  },
  "size_t": 150,
  "size_x": 64,
  "size_y": 64,
  "size_z": 36,
  "snr": 4.829103176056929,
  "spacing_tr": 2.0999999046325684,
  "spacing_x": 3.59375,
  "spacing_y": 3.59375,
  "spacing_z": 3.5999999046325684,
  "summary_bg_k": 77.51359755853848,
  "summary_bg_mad": 8.361877021382671,
  "summary_bg_mean": 33.526344299316406,
  "summary_bg_median": 14.800000190734863,
  "summary_bg_n": 101174.0,
  "summary_bg_p05": 8.566666603088379,
  "summary_bg_p95": 100.66667175292969,
  "summary_bg_stdv": 59.818599700927734,
  "summary_fg_k": 3.2832492740443016,
  "summary_fg_mad": 123.36736317856004,
  "summary_fg_mean": 789.6429443359375,
  "summary_fg_median": 769.5433349609375,
  "summary_fg_n": 17466.0,
  "summary_fg_p05": 580.9400329589844,
  "summary_fg_p95": 1068.3183288574219,
  "summary_fg_stdv": 159.35076904296875,
  "tsnr": 44.61502191843465
}