{
  "aor": 0.0018638666666666666,
  "aqi": 0.007128710666666666,
  "bids_meta": {
    "AcquisitionMatrixPE": 64,
    "AcquisitionNumber": 1,
    "AcquisitionTime": "10:28:17.277480",
    "BaseResolution": 64,
    "ConversionSoftware": "dcm2niix",
    "ConversionSoftwareVersion": "v1.0.20190410  GCC6.3.0",
    "DeviceSerialNumber": "18011",
    "EchoTime": 0.03,
    "FlipAngle": 90,
    "ImageComments": "Fake_MoCo_Reference_Volume_+_DiCo_Applied",
    "ImageOrientationPatientDICOM": [
      1,
      0,
      0,
      0,
      0.992546,
      -0.121869
    ],
    "ImageType": [
      "ORIGINAL",
      "PRIMARY",
      "M",
      "ND",
      "MOSAIC"
    ],
    "ImagingFrequency": 168.217,
    "InPlanePhaseEncodingDirectionDICOM": "COL",
    "InstitutionAddress": "StreetNoStreet_City_District_ZIP_Country",
    "InstitutionName": "University_of_Queensland",
    "MRAcquisitionType": "2D",
    "MagneticFieldStrength": 3.95064,
    "Manufacturer": "Siemens",
    "ManufacturersModelName": "MedSpec_4T",
    "Modality": "MR",
    "PartialFourier": 1,
    "PatientPosition": "HFS",
    "PercentPhaseFOV": 100,
    "PhaseEncodingDirection": "j-",
    "PhaseEncodingSteps": 64,
    "PhaseResolution": 1,
    "PixelBandwidth": 2790,
    "ProtocolName": "mz_bold_dc_REST",
    "PulseSequenceDetails": "%CustomerSeq%_mz_ep2d_bold_dc",
    "ReceiveCoilName": "Head_4T",
    "ReconMatrixPE": 64,
    "RepetitionTime": 2.1,
    "SAR": 0.0241363,
    "ScanOptions": "FS",
    "ScanningSequence": "SE_EP",
    "SequenceName": "epfid2d1_64",
    "SequenceVariant": "SK",
    "SeriesDescription": "mz_bold_dc_REST_DiCo",
    "SeriesNumber": 12,
    "ShimSetting": [
      21,
      -11,
      4,
      1712,
      155,
      -3839,
      2464,
      -146
    ],
    "SliceThickness": 3,
    "SoftwareVersions": "syngo_MR_2002B_4VA21A",
    "SpacingBetweenSlices": 3.6,
    "StationName": "wes4T",
    "TaskName": "rest",
    "TxRefAmp": 159.43,
    "dataset": "ds004169",
    "modality": "bold",
    "session_id": "01",
    "subject_id": "0888",
    "task_id": "rest"
  },
  "dummy_trs": 0,
  "dvars_nstd": 21.048371065302025,
  "dvars_std": 1.0165474515436241,
  "dvars_vstd": 0.9589705154362417,
  "efc": 0.44478557794173973,
  "fber": 2400.453857421875,
  "fd_mean": 0.0940182714152469,
  "fd_num": 5,
  "fd_perc": 3.3333333333333335,
  "fwhm_avg": 1.7895440843295694,
  "fwhm_x": 1.6789147826086956,
  "fwhm_y": 2.0325008695652174,
  "fwhm_z": 1.6572166008147955,
  "gcor": 0.0244552,
  "gsr_x": -0.02584562823176384,
  "gsr_y": 0.03946296498179436,
  "provenance": {
    "md5sum": "93f3aaefb6aa9d1c0c3a844ee2b43dd5",
    "settings": {
      "fd_thres": 0.2,
      "testing": false
    },
    "software": "mriqc",
    "version": "23.0.1",
    "webapi_port": null,
    "webapi_url": "https://mriqc.nimh.nih.gov/api/v1"
  },
  "size_t": 150,
  "size_x": 64,
  "size_y": 64,
  "size_z": 36,
  "snr": 4.582996320913337,
  "spacing_tr": 2.0999999046325684,
  "spacing_x": 3.59375,
  "spacing_y": 3.59375,
  "spacing_z": 3.6000001430511475,
  "summary_bg_k": 84.24226015501723,
  "summary_bg_mad": 8.144427489457076,
  "summary_bg_mean": 27.68863296508789,
  "summary_bg_median": 14.553333282470703,
  "summary_bg_n": 99751.0,
  "summary_bg_p05": 7.960000038146973,
  "summary_bg_p95": 80.07333374023438,
  "summary_bg_stdv": 40.481903076171875,
  "summary_fg_k": 4.542186710940402,
  "summary_fg_mad": 129.1939790383841,
  "summary_fg_mean": 744.9942626953125,
  "summary_fg_median": 725.3600463867188,
  "summary_fg_n": 18291.0,
  "summary_fg_p05": 541.6933288574219,
  "summary_fg_p95": 989.6966857910156,
  "summary_fg_stdv": 158.26768493652344,
  "tsnr": 54.88424244849011
}