{
  "bids_meta": {
    "AcquisitionMatrixPE": 225,
    "AcquisitionNumber": 1,
    "AcquisitionTime": "08:39:14.752520",
    "BaseResolution": 256,
    "ConversionSoftware": "dcm2niix",
    "ConversionSoftwareVersion": "v1.0.20190410  GCC6.3.0",
    "DeviceSerialNumber": "18011",
    "EchoTime": 0.00335,
    "FlipAngle": 8,
    "ImageOrientationPatientDICOM": [
      1,
      0,
      0,
      0,
      0,
      -1
    ],
    "ImageType": [
      "ORIGINAL",
      "PRIMARY",
      "M",
      "ND"
    ],
    "ImagingFrequency": 168.255,
    "InPlanePhaseEncodingDirectionDICOM": "ROW",
    "InversionTime": 0.7,
    "MRAcquisitionType": "3D",
    "MagneticFieldStrength": 3.95064,
    "Manufacturer": "Siemens",
    "ManufacturersModelName": "MedSpec_4T",
    "Modality": "MR",
    "PartialFourier": 0.875,
    "PatientPosition": "HFS",
    "PercentPhaseFOV": 100,
    "PhaseEncodingSteps": 197,
    "PhaseResolution": 0.878906,
    "PixelBandwidth": 200,
    "ProcedureStepDescription": "Research_fMRI",
    "ProtocolName": "t1_mpr_cor",
    "PulseSequenceDetails": "%SiemensSeq%_tfl",
    "ReceiveCoilName": "Head",
    "ReconMatrixPE": 256,
    "RepetitionTime": 1.5,
    "SAR": 0.0596635,
    "ScanOptions": "IR",
    "ScanningSequence": "IR_GR",
    "SequenceName": "tfl3d1_ns",
    "SequenceVariant": "SP_MP",
    "SeriesDescription": "t1_mpr_cor",
    "SeriesNumber": 2,
    "ShimSetting": [
      31,
      1,
      27,
      2169,
      158,
      -2898,
      2913,
      -48
    ],
    "SliceThickness": 0.9,
    "SoftwareVersions": "syngo_MR_2004A_4VA25A",
    "StationName": "WES4T",
    "TxRefAmp": 187.926,
    "dataset": "ds004169",
    "modality": "T1w",
    "session_id": "02",
    "subject_id": "0071"
  },
  "cjv": 0.3135005542964046,
  "cnr": 4.233667099216464,
  "efc": 0.43979574042261743,
  "fber": 10402.891333884689,
  "fwhm_avg": 4.810408196181055,
  "fwhm_x": 4.764874666666667,
  "fwhm_y": 5.439544588543166,
  "fwhm_z": 4.226805333333333,
  "icvs_csf": 0.25139719657132187,
  "icvs_gm": 0.41175413329483107,
  "icvs_wm": 0.33684867013384706,
  "inu_med": 0.662044495344162,
  "inu_range": 0.4246223956346511,
  "provenance": {
    "md5sum": "9fe8050731d72f3c3a19fc2c13be8b20",
    "settings": {
      "testing": false
    },
    "software": "mriqc",
    "version": "22.0.6",
    "warnings": {
      "large_rot_frame": true,
      "small_air_mask": false
    },
    "webapi_port": null,
    "webapi_url": "https://mriqc.nimh.nih.gov/api/v1"
  },
  "qi_1": 0.0,
  "qi_2": 0.004974531861745948,
  "rpve_csf": 23.703165443816445,
  "rpve_gm": 14.600264641323545,
  "rpve_wm": 21.320930194513064,
  "size_x": 256,
  "size_y": 240,
  "size_z": 256,
  "snr_csf": 2.3448322316963424,
  "snr_gm": 10.539908618626642,
  "snr_total": 12.125236581164861,
  "snr_wm": 23.4909688931716,
  "snrd_csf": 22.549095581028563,
  "snrd_gm": 55.91255332846878,
  "snrd_total": 53.99947104645125,
  "snrd_wm": 83.53676422985639,
  "spacing_x": 0.9375,
  "spacing_y": 0.8999999761581421,
  "spacing_z": 0.9375,
  "summary_bg_k": 19.95027625300134,
  "summary_bg_mad": 7.8424922316544965,
  "summary_bg_mean": 11.490026681476506,
  "summary_bg_median": 5.289680626243353,
  "summary_bg_n": 4111274.0,
  "summary_bg_p05": 0.0,
  "summary_bg_p95": 43.51779561358269,
  "summary_bg_stdv": 16.006089962076565,
  "summary_csf_k": 18.844228161329234,
  "summary_csf_mad": 97.82232913803361,
  "summary_csf_mean": 271.94076159402346,
  "summary_csf_median": 269.93021136522293,
  "summary_csf_n": 59532.0,
  "summary_csf_p05": 103.30683663282544,
  "summary_csf_p95": 443.36287615820765,
  "summary_csf_stdv": 115.1161011031496,
  "summary_gm_k": 0.1084531858228499,
  "summary_gm_mad": 62.69353257375873,
  "summary_gm_mean": 668.6915864199574,
  "summary_gm_median": 669.3167485892773,
  "summary_gm_n": 29594.0,
  "summary_gm_p05": 561.9784867217764,
  "summary_gm_p95": 769.925535103865,
  "summary_gm_stdv": 63.50201547217707,
  "summary_wm_k": 0.3364072177225492,
  "summary_wm_mad": 40.97586177840781,
  "summary_wm_mean": 999.3934928995016,
  "summary_wm_median": 1000.0000374428928,
  "summary_wm_n": 247179.0,
  "summary_wm_p05": 928.1668005362153,
  "summary_wm_p95": 1067.920788679272,
  "summary_wm_stdv": 42.569466553841835,
  "tpm_overlap_csf": 0.15777414334303247,
  "tpm_overlap_gm": 0.45236580522220726,
  "tpm_overlap_wm": 0.5015003382615207,
  "wm2max": 0.5541986851463165
}