{
  "aor": 0.0044169798657718124,
  "aqi": 0.0404092355704698,
  "bids_meta": {
    "AcquisitionMatrixPE": 64,
    "AcquisitionNumber": 1,
    "AcquisitionTime": "10:07:46.592510",
    "BaseResolution": 64,
    "ConversionSoftware": "dcm2niix",
    "ConversionSoftwareVersion": "v1.0.20190410  GCC6.3.0",
    "DeviceSerialNumber": "18011",
    "EchoTime": 0.03,
    "FlipAngle": 90,
    "ImageComments": "Fake_MoCo_Reference_Volume_+_DiCo_Applied",
    "ImageOrientationPatientDICOM": [
      0.999701,
      0.00554915,
      0.0238334,
      -7.91442e-08,
      0.97395,
      -0.226762
    ],
    "ImageType": [
      "ORIGINAL",
      "PRIMARY",
      "M",
      "ND",
      "DICO",
      "MOSAIC"
    ],
    "ImagingFrequency": 168.255,
    "InPlanePhaseEncodingDirectionDICOM": "COL",
    "MRAcquisitionType": "2D",
    "MagneticFieldStrength": 3.95064,
    "Manufacturer": "Siemens",
    "ManufacturersModelName": "MedSpec_4T",
    "Modality": "MR",
    "PartialFourier": 1,
    "PatientPosition": "HFS",
    "PercentPhaseFOV": 100,
    "PhaseEncodingDirection": "j-",
    "PhaseEncodingSteps": 64,
    "PhaseResolution": 1,
    "PixelBandwidth": 2790,
    "ProcedureStepDescription": "Research_fMRI",
    "ProtocolName": "mz_bold_dc_REST",
    "PulseSequenceDetails": "%CustomerSeq%_mz_ep2d_bold_dc",
    "ReceiveCoilName": "Head",
    "ReconMatrixPE": 64,
    "RepetitionTime": 2.1,
    "SAR": 0.0854954,
    "ScanOptions": "FS",
    "ScanningSequence": "SE_EP",
    "SequenceName": "epfid2d1_64",
    "SequenceVariant": "SK",
    "SeriesDescription": "mz_bold_dc_REST_DiCo",
    "SeriesNumber": 9,
    "ShimSetting": [
      15,
      -23,
      34,
      1676,
      798,
      -3397,
      2620,
      476
    ],
    "SliceThickness": 3,
    "SoftwareVersions": "syngo_MR_2004A_4VA25A",
    "SpacingBetweenSlices": 3.6,
    "StationName": "WES4T",
    "TaskName": "rest",
    "TxRefAmp": 211.72,
    "dataset": "ds004169",
    "modality": "bold",
    "session_id": "01",
    "subject_id": "0017",
    "task_id": "rest"
  },
  "dummy_trs": 1,
  "dvars_nstd": 35.36063181398647,
  "dvars_std": 1.1131819584459466,
  "dvars_vstd": 0.917517982635135,
  "efc": 0.48593883214914785,
  "fber": 1690.7861328125,
  "fd_mean": 0.298221662104504,
  "fd_num": 89,
  "fd_perc": 59.73154362416108,
  "fwhm_avg": 1.9175394054592745,
  "fwhm_x": 1.7866267826086955,
  "fwhm_y": 2.180638608695652,
  "fwhm_z": 1.785352825073476,
  "gcor": 0.0121916,
  "gsr_x": -0.024058455601334572,
  "gsr_y": 0.034507475793361664,
  "provenance": {
    "md5sum": "c0c19213912dba35d12ea8b16f6cc878",
    "settings": {
      "fd_thres": 0.2,
      "testing": false
    },
    "software": "mriqc",
    "version": "22.0.6",
    "webapi_port": null,
    "webapi_url": "https://mriqc.nimh.nih.gov/api/v1"
  },
  "size_t": 149,
  "size_x": 64,
  "size_y": 64,
  "size_z": 36,
  "snr": 5.4164785247290395,
  "spacing_tr": 2.0999999046325684,
  "spacing_x": 3.59375,
  "spacing_y": 3.59375,
  "spacing_z": 3.5999999046325684,
  "summary_bg_k": 42.783590318903826,
  "summary_bg_mad": 10.607073979179045,
  "summary_bg_mean": 28.760995864868164,
  "summary_bg_median": 15.852349281311035,
  "summary_bg_n": 94404.0,
  "summary_bg_p05": 7.959731578826904,
  "summary_bg_p95": 81.95301818847656,
  "summary_bg_stdv": 38.15187072753906,
  "summary_fg_k": 4.049348113737077,
  "summary_fg_mad": 96.01098138665043,
  "summary_fg_mean": 663.3527221679688,
  "summary_fg_median": 655.7650756835938,
  "summary_fg_n": 22673.0,
  "summary_fg_p05": 492.05100708007814,
  "summary_fg_p95": 846.0899658203125,
  "summary_fg_stdv": 121.06585693359375,
  "tsnr": 25.204695861320943
}