{
  "aor": 0.0031544666666666666,
  "aqi": 0.006675558800000001,
  "bids_meta": {
    "AcquisitionMatrixPE": 64,
    "AcquisitionNumber": 1,
    "AcquisitionTime": "09:17:31.932500",
    "BaseResolution": 64,
    "ConversionSoftware": "dcm2niix",
    "ConversionSoftwareVersion": "v1.0.20190410  GCC6.3.0",
    "DeviceSerialNumber": "18011",
    "EchoTime": 0.03,
    "FlipAngle": 90,
    "ImageComments": "Fake_MoCo_Reference_Volume_+_DiCo_Applied",
    "ImageOrientationPatientDICOM": [
      1,
      2.22045e-16,
      -1.38778e-17,
      -2.22045e-16,
      0.969445,
      -0.245307
    ],
    "ImageType": [
      "ORIGINAL",
      "PRIMARY",
      "M",
      "ND",
      "DICO",
      "MOSAIC"
    ],
    "ImagingFrequency": 168.255,
    "InPlanePhaseEncodingDirectionDICOM": "COL",
    "MRAcquisitionType": "2D",
    "MagneticFieldStrength": 3.95064,
    "Manufacturer": "Siemens",
    "ManufacturersModelName": "MedSpec_4T",
    "Modality": "MR",
    "PartialFourier": 1,
    "PatientPosition": "HFS",
    "PercentPhaseFOV": 100,
    "PhaseEncodingDirection": "j-",
    "PhaseEncodingSteps": 64,
    "PhaseResolution": 1,
    "PixelBandwidth": 2790,
    "ProcedureStepDescription": "Research_fMRI",
    "ProtocolName": "mz_bold_dc_REST",
    "PulseSequenceDetails": "%CustomerSeq%_mz_ep2d_bold_dc",
    "ReceiveCoilName": "Head",
    "ReconMatrixPE": 64,
    "RepetitionTime": 2.1,
    "SAR": 0.0788035,
    "ScanOptions": "FS",
    "ScanningSequence": "SE_EP",
    "SequenceName": "epfid2d1_64",
    "SequenceVariant": "SK",
    "SeriesDescription": "mz_bold_dc_REST_DiCo",
    "SeriesNumber": 12,
    "ShimSetting": [
      12,
      23,
      32,
      2486,
      1050,
      -1690,
      1693,
      135
    ],
    "SliceThickness": 3,
    "SoftwareVersions": "syngo_MR_2004A_4VA25A",
    "SpacingBetweenSlices": 3.6,
    "StationName": "WES4T",
    "TaskName": "rest",
    "TxRefAmp": 178.266,
    "dataset": "ds004169",
    "modality": "bold",
    "session_id": "01",
    "subject_id": "0407",
    "task_id": "rest"
  },
  "dummy_trs": 0,
  "dvars_nstd": 23.812528213288587,
  "dvars_std": 1.1043462963758388,
  "dvars_vstd": 0.9886826478523489,
  "efc": 0.4684714886646643,
  "fber": 2899.209228515625,
  "fd_mean": 0.18357072895450302,
  "fd_num": 40,
  "fd_perc": 26.666666666666668,
  "fwhm_avg": 1.7169473122008385,
  "fwhm_x": 1.6125161739130434,
  "fwhm_y": 1.9428758260869565,
  "fwhm_z": 1.5954499366025154,
  "gcor": 0.0347738,
  "gsr_x": -0.02931196801364422,
  "gsr_y": 0.048294369131326675,
  "provenance": {
    "md5sum": "e99689f77e308926b98467b075e836a3",
    "settings": {
      "fd_thres": 0.2,
      "testing": false
    },
    "software": "mriqc",
    "version": "23.0.1",
    "webapi_port": null,
    "webapi_url": "https://mriqc.nimh.nih.gov/api/v1"
  },
  "size_t": 150,
  "size_x": 64,
  "size_y": 64,
  "size_z": 36,
  "snr": 4.792644449962617,
  "spacing_tr": 2.0999999046325684,
  "spacing_x": 3.59375,
  "spacing_y": 3.59375,
  "spacing_z": 3.6000001430511475,
  "summary_bg_k": 161.6011148388799,
  "summary_bg_mad": 6.414726550773474,
  "summary_bg_mean": 22.898731231689453,
  "summary_bg_median": 10.820000648498535,
  "summary_bg_n": 95393.0,
  "summary_bg_p05": 5.953333377838135,
  "summary_bg_p95": 68.55333709716797,
  "summary_bg_stdv": 36.565147399902344,
  "summary_fg_k": 2.914757336271517,
  "summary_fg_mad": 106.66333897069177,
  "summary_fg_mean": 596.143798828125,
  "summary_fg_median": 583.5032958984375,
  "summary_fg_n": 21974.0,
  "summary_fg_p05": 426.3830062866211,
  "summary_fg_p95": 789.8736846923828,
  "summary_fg_stdv": 121.74698638916016,
  "tsnr": 56.68114325031638
}