{
  "aor": 0.0015606711409395973,
  "aqi": 0.004837287114093959,
  "bids_meta": {
    "AcquisitionMatrixPE": 64,
    "AcquisitionNumber": 1,
    "AcquisitionTime": "09:09:34.297510",
    "BaseResolution": 64,
    "ConversionSoftware": "dcm2niix",
    "ConversionSoftwareVersion": "v1.0.20190410  GCC6.3.0",
    "DeviceSerialNumber": "18011",
    "EchoTime": 0.03,
    "FlipAngle": 90,
    "ImageComments": "Fake_MoCo_Reference_Volume_+_DiCo_Applied",
    "ImageOrientationPatientDICOM": [
      1,
      0,
      0,
      0,
      0.94721,
      -0.320613
    ],
    "ImageType": [
      "ORIGINAL",
      "PRIMARY",
      "M",
      "ND",
      "DICO",
      "MOSAIC"
    ],
    "ImagingFrequency": 168.255,
    "InPlanePhaseEncodingDirectionDICOM": "COL",
    "MRAcquisitionType": "2D",
    "MagneticFieldStrength": 3.95064,
    "Manufacturer": "Siemens",
    "ManufacturersModelName": "MedSpec_4T",
    "Modality": "MR",
    "PartialFourier": 1,
    "PatientPosition": "HFS",
    "PercentPhaseFOV": 100,
    "PhaseEncodingDirection": "j-",
    "PhaseEncodingSteps": 64,
    "PhaseResolution": 1,
    "PixelBandwidth": 2790,
    "ProcedureStepDescription": "Research_fMRI",
    "ProtocolName": "mz_bold_dc_REST",
    "PulseSequenceDetails": "%CustomerSeq%_mz_ep2d_bold_dc",
    "ReceiveCoilName": "Head",
    "ReconMatrixPE": 64,
    "RepetitionTime": 2.1,
    "SAR": 0.0806856,
    "ScanOptions": "FS",
    "ScanningSequence": "SE_EP",
    "SequenceName": "epfid2d1_64",
    "SequenceVariant": "SK",
    "SeriesDescription": "mz_bold_dc_REST_DiCo",
    "SeriesNumber": 9,
    "ShimSetting": [
      13,
      1,
      29,
      2422,
      205,
      -4574,
      2759,
      11
    ],
    "SliceThickness": 3,
    "SoftwareVersions": "syngo_MR_2004A_4VA25A",
    "SpacingBetweenSlices": 3.6,
    "StationName": "WES4T",
    "TaskName": "rest",
    "TxRefAmp": 178.489,
    "dataset": "ds004169",
    "modality": "bold",
    "session_id": "01",
    "subject_id": "0358",
    "task_id": "rest"
  },
  "dummy_trs": 1,
  "dvars_nstd": 23.12898824000001,
  "dvars_std": 1.2357423737162154,
  "dvars_vstd": 1.012020889797297,
  "efc": 0.44623372426323227,
  "fber": 3378.068359375,
  "fd_mean": 0.09541302288378191,
  "fd_num": 13,
  "fd_perc": 8.724832214765101,
  "fwhm_avg": 1.7142972591957113,
  "fwhm_x": 1.6232097391304348,
  "fwhm_y": 1.8856292173913045,
  "fwhm_z": 1.6340528210653948,
  "gcor": 0.0488135,
  "gsr_x": -0.026500876992940903,
  "gsr_y": 0.035120271146297455,
  "provenance": {
    "md5sum": "3a063a6f88dc4573e2458462cf327652",
    "settings": {
      "fd_thres": 0.2,
      "testing": false
    },
    "software": "mriqc",
    "version": "23.0.1",
    "webapi_port": null,
    "webapi_url": "https://mriqc.nimh.nih.gov/api/v1"
  },
  "size_t": 149,
  "size_x": 64,
  "size_y": 64,
  "size_z": 36,
  "snr": 6.172731334081323,
  "spacing_tr": 2.0999999046325684,
  "spacing_x": 3.59375,
  "spacing_y": 3.59375,
  "spacing_z": 3.5999999046325684,
  "summary_bg_k": 46.26613213099414,
  "summary_bg_mad": 5.731401803145966,
  "summary_bg_mean": 22.818477630615234,
  "summary_bg_median": 10.711409568786621,
  "summary_bg_n": 99433.0,
  "summary_bg_p05": 6.496644496917725,
  "summary_bg_p95": 68.59060668945312,
  "summary_bg_stdv": 35.010780334472656,
  "summary_fg_k": 2.9138532280373157,
  "summary_fg_mad": 91.59796846605889,
  "summary_fg_mean": 640.9638061523438,
  "summary_fg_median": 638.9530029296875,
  "summary_fg_n": 18478.0,
  "summary_fg_p05": 485.784912109375,
  "summary_fg_p95": 802.4174713134764,
  "summary_fg_stdv": 103.5093994140625,
  "tsnr": 72.00945888657589
}