{
  "aor": 0.001898031496062992,
  "aqi": 0.009975880551181104,
  "bids_meta": {
    "AcquisitionMatrixPE": 64,
    "AcquisitionNumber": 1,
    "AcquisitionTime": "11:31:28.340000",
    "BaseResolution": 64,
    "ConversionSoftware": "dcm2niix",
    "ConversionSoftwareVersion": "v1.0.20190410  GCC6.3.0",
    "DeviceSerialNumber": "18011",
    "EchoTime": 0.03,
    "FlipAngle": 90,
    "ImageComments": "Fake_MoCo_Reference_Volume_+_DiCo_Applied",
    "ImageOrientationPatientDICOM": [
      0.996213,
      -0.00608794,
      0.08673,
      1.66228e-08,
      0.997545,
      0.0700216
    ],
    "ImageType": [
      "ORIGINAL",
      "PRIMARY",
      "M",
      "ND",
      "MOSAIC"
    ],
    "ImagingFrequency": 168.217,
    "InPlanePhaseEncodingDirectionDICOM": "COL",
    "MRAcquisitionType": "2D",
    "MagneticFieldStrength": 3.95064,
    "Manufacturer": "Siemens",
    "ManufacturersModelName": "MedSpec_4T",
    "Modality": "MR",
    "PartialFourier": 1,
    "PatientPosition": "HFS",
    "PercentPhaseFOV": 100,
    "PhaseEncodingDirection": "j-",
    "PhaseEncodingSteps": 64,
    "PhaseResolution": 1,
    "PixelBandwidth": 2790,
    "ProtocolName": "Nback_dc_opt",
    "PulseSequenceDetails": "%CustomerSeq%_kt_ep2d_bold_dc",
    "ReceiveCoilName": "Head_4T",
    "ReconMatrixPE": 64,
    "RepetitionTime": 2.1,
    "SAR": 0.0459825,
    "ScanOptions": "FS",
    "ScanningSequence": "SE_EP",
    "SequenceName": "epfid2d1_64",
    "SequenceVariant": "SK",
    "SeriesDescription": "Nback_dc_opt_DiCo",
    "SeriesNumber": 7,
    "ShimSetting": [
      19,
      -40,
      -17,
      2416,
      982,
      -4470,
      3095,
      -24
    ],
    "SliceThickness": 3,
    "SoftwareVersions": "syngo_MR_2002B_4VA21A",
    "SpacingBetweenSlices": 3.6,
    "StationName": "wes4T",
    "TaskName": "nback",
    "TxRefAmp": 192.558,
    "dataset": "ds004169",
    "modality": "bold",
    "session_id": "01",
    "subject_id": "0996",
    "task_id": "nback"
  },
  "dummy_trs": 0,
  "dvars_nstd": 23.345820699365078,
  "dvars_std": 1.0149085072222226,
  "dvars_vstd": 0.96649159,
  "efc": 0.48734060872713086,
  "fber": 2250.136962890625,
  "fd_mean": 0.14065828904971828,
  "fd_num": 17,
  "fd_perc": 13.385826771653543,
  "fwhm_avg": 1.9501793429715768,
  "fwhm_x": 1.7300591304347825,
  "fwhm_y": 2.295087304347826,
  "fwhm_z": 1.8253915941321217,
  "gcor": 0.10075,
  "gsr_x": -0.0226534865796566,
  "gsr_y": 0.046174027025699615,
  "provenance": {
    "md5sum": "667c0c050cc158b7e4e14d1aac133636",
    "settings": {
      "fd_thres": 0.2,
      "testing": false
    },
    "software": "mriqc",
    "version": "23.0.1",
    "webapi_port": null,
    "webapi_url": "https://mriqc.nimh.nih.gov/api/v1"
  },
  "size_t": 127,
  "size_x": 64,
  "size_y": 64,
  "size_z": 36,
  "snr": 5.3084077443643505,
  "spacing_tr": 2.0999999046325684,
  "spacing_x": 3.59375,
  "spacing_y": 3.59375,
  "spacing_z": 3.6000001430511475,
  "summary_bg_k": 28.15441049878289,
  "summary_bg_mad": 6.829309710029674,
  "summary_bg_mean": 28.642223358154297,
  "summary_bg_median": 14.062992095947266,
  "summary_bg_n": 93657.0,
  "summary_bg_p05": 8.929133415222168,
  "summary_bg_p95": 86.27873840332026,
  "summary_bg_stdv": 36.975250244140625,
  "summary_fg_k": 2.7795912295102,
  "summary_fg_mad": 117.49912152402698,
  "summary_fg_mean": 688.57177734375,
  "summary_fg_median": 689.1653442382812,
  "summary_fg_n": 22951.0,
  "summary_fg_p05": 489.0826721191406,
  "summary_fg_p95": 882.779541015625,
  "summary_fg_stdv": 129.82241821289062,
  "tsnr": 43.04847155348398
}