{
  "bids_meta": {
    "AcquisitionMatrixPE": 225,
    "AcquisitionNumber": 1,
    "AcquisitionTime": "13:02:45.930010",
    "BaseResolution": 256,
    "ConversionSoftware": "dcm2niix",
    "ConversionSoftwareVersion": "v1.0.20190410  GCC6.3.0",
    "DeviceSerialNumber": "18011",
    "EchoTime": 0.00335,
    "FlipAngle": 8,
    "ImageOrientationPatientDICOM": [
      0.996195,
      -0.0871557,
      0,
      0,
      1.11022e-16,
      -1
    ],
    "ImageType": [
      "ORIGINAL",
      "PRIMARY",
      "M",
      "ND"
    ],
    "ImagingFrequency": 168.255,
    "InPlanePhaseEncodingDirectionDICOM": "ROW",
    "InversionTime": 0.7,
    "MRAcquisitionType": "3D",
    "MagneticFieldStrength": 3.95064,
    "Manufacturer": "Siemens",
    "ManufacturersModelName": "MedSpec_4T",
    "Modality": "MR",
    "PartialFourier": 0.875,
    "PatientPosition": "HFS",
    "PercentPhaseFOV": 100,
    "PhaseEncodingSteps": 197,
    "PhaseResolution": 0.878906,
    "PixelBandwidth": 200,
    "ProtocolName": "t1_mpr_cor",
    "PulseSequenceDetails": "%SiemensSeq%_tfl",
    "ReceiveCoilName": "Head_4T",
    "ReconMatrixPE": 256,
    "RepetitionTime": 1.5,
    "SAR": 0.00561477,
    "ScanOptions": "IR",
    "ScanningSequence": "IR_GR",
    "SequenceName": "tfl3d1_ns",
    "SequenceVariant": "SP_MP",
    "SeriesDescription": "t1_mpr_cor",
    "SeriesNumber": 8,
    "ShimSetting": [
      23,
      -23,
      20,
      1018,
      -88,
      -2378,
      1876,
      34
    ],
    "SliceThickness": 0.9,
    "SoftwareVersions": "syngo_MR_2002B_4VA21A",
    "StationName": "wes4T",
    "TxRefAmp": 169.237,
    "dataset": "ds004169",
    "modality": "T1w",
    "session_id": "01",
    "subject_id": "1200"
  },
  "cjv": 0.366386433201495,
  "cnr": 3.616665610144892,
  "efc": 0.444109858118584,
  "fber": -1.0,
  "fwhm_avg": 4.40106033852219,
  "fwhm_x": 4.473557333333333,
  "fwhm_y": 4.781922348899903,
  "fwhm_z": 3.9477013333333333,
  "icvs_csf": 0.2437869257408094,
  "icvs_gm": 0.42528483369136466,
  "icvs_wm": 0.33092824056782594,
  "inu_med": 0.7755942940711975,
  "inu_range": 0.527602481842041,
  "provenance": {
    "md5sum": "d13bfec4c46bb623e1f1c7ec36210c62",
    "settings": {
      "testing": false
    },
    "software": "mriqc",
    "version": "23.0.1",
    "warnings": {
      "large_rot_frame": true,
      "small_air_mask": false
    },
    "webapi_port": null,
    "webapi_url": "https://mriqc.nimh.nih.gov/api/v1"
  },
  "qi_1": 0.0,
  "qi_2": 0.03619348303114502,
  "rpve_csf": 23.34015242061251,
  "rpve_gm": 13.595526343669643,
  "rpve_wm": 20.086010234092516,
  "size_x": 256,
  "size_y": 256,
  "size_z": 256,
  "snr_csf": 2.3700537226432865,
  "snr_gm": 9.731022380629328,
  "snr_total": 10.190185810091952,
  "snr_wm": 18.46948132700324,
  "snrd_csf": 7.746220734405889,
  "snrd_gm": 19.852698535520712,
  "snrd_total": 19.039896138979433,
  "snrd_wm": 29.520769147011702,
  "spacing_x": 0.9375,
  "spacing_y": 0.8999999761581421,
  "spacing_z": 0.9375,
  "summary_bg_k": 12.515122014955008,
  "summary_bg_mad": 0.0,
  "summary_bg_mean": 12.27654681868453,
  "summary_bg_median": 0.0,
  "summary_bg_n": 4933792.0,
  "summary_bg_p05": 0.0,
  "summary_bg_p95": 58.761727176606655,
  "summary_bg_stdv": 22.19238864221369,
  "summary_csf_k": 25.652325710679495,
  "summary_csf_mad": 85.99232280363007,
  "summary_csf_mean": 269.04887405455963,
  "summary_csf_median": 262.39900736138225,
  "summary_csf_n": 79493.0,
  "summary_csf_p05": 109.11857105791569,
  "summary_csf_p95": 439.19138012453914,
  "summary_csf_stdv": 110.7136747136678,
  "summary_gm_k": 0.08724348684300187,
  "summary_gm_mad": 68.53604240938911,
  "summary_gm_mean": 670.0536497869225,
  "summary_gm_median": 672.4993474595249,
  "summary_gm_n": 33858.0,
  "summary_gm_p05": 552.0776574872434,
  "summary_gm_p95": 778.5385431721807,
  "summary_gm_stdv": 69.10778640806726,
  "summary_wm_k": 0.47054002378421167,
  "summary_wm_mad": 51.45574343902411,
  "summary_wm_mean": 999.5996510579108,
  "summary_wm_median": 999.9999724142253,
  "summary_wm_n": 248928.0,
  "summary_wm_p05": 909.9373005516827,
  "summary_wm_p95": 1087.1644086576998,
  "summary_wm_stdv": 54.143261854207445,
  "tpm_overlap_csf": 0.14395114304340026,
  "tpm_overlap_gm": 0.44532643580053416,
  "tpm_overlap_wm": 0.4802313746639835,
  "wm2max": 0.4732294399012498
}