{
  "aor": 0.0027212598425196857,
  "aqi": 0.00944870874015748,
  "bids_meta": {
    "AcquisitionMatrixPE": 64,
    "AcquisitionNumber": 1,
    "AcquisitionTime": "09:27:35.377500",
    "BaseResolution": 64,
    "ConversionSoftware": "dcm2niix",
    "ConversionSoftwareVersion": "v1.0.20190410  GCC6.3.0",
    "DeviceSerialNumber": "18011",
    "EchoTime": 0.03,
    "FlipAngle": 90,
    "ImageComments": "Fake_MoCo_Reference_Volume_+_DiCo_Applied",
    "ImageOrientationPatientDICOM": [
      1,
      0,
      0,
      0,
      1,
      0
    ],
    "ImageType": [
      "ORIGINAL",
      "PRIMARY",
      "M",
      "ND",
      "MOSAIC"
    ],
    "ImagingFrequency": 168.217,
    "InPlanePhaseEncodingDirectionDICOM": "COL",
    "MRAcquisitionType": "2D",
    "MagneticFieldStrength": 3.95064,
    "Manufacturer": "Siemens",
    "ManufacturersModelName": "MedSpec_4T",
    "Modality": "MR",
    "PartialFourier": 1,
    "PatientPosition": "HFS",
    "PercentPhaseFOV": 100,
    "PhaseEncodingDirection": "j-",
    "PhaseEncodingSteps": 64,
    "PhaseResolution": 1,
    "PixelBandwidth": 2790,
    "ProtocolName": "Nback_dc",
    "PulseSequenceDetails": "%CustomerSeq%_mz_ep2d_bold_dc",
    "ReceiveCoilName": "Head_4T",
    "ReconMatrixPE": 64,
    "RepetitionTime": 2.1,
    "SAR": 0.0372148,
    "ScanOptions": "FS",
    "ScanningSequence": "SE_EP",
    "SequenceName": "epfid2d1_64",
    "SequenceVariant": "SK",
    "SeriesDescription": "Nback_dc_DiCo",
    "SeriesNumber": 7,
    "ShimSetting": [
      11,
      2,
      -9,
      1319,
      302,
      -4131,
      1247,
      96
    ],
    "SliceThickness": 3,
    "SoftwareVersions": "syngo_MR_2002B_4VA21A",
    "SpacingBetweenSlices": 3.6,
    "StationName": "wes4T",
    "TaskName": "nback",
    "TxRefAmp": 177.984,
    "dataset": "ds004169",
    "modality": "bold",
    "session_id": "01",
    "subject_id": "0372",
    "task_id": "nback"
  },
  "dummy_trs": 0,
  "dvars_nstd": 27.51526040896825,
  "dvars_std": 1.1441234521428572,
  "dvars_vstd": 0.9635630332539685,
  "efc": 0.47264492584460976,
  "fber": 2212.904541015625,
  "fd_mean": 0.11315722361566206,
  "fd_num": 8,
  "fd_perc": 6.299212598425197,
  "fwhm_avg": 1.6999125652395584,
  "fwhm_x": 1.6097864347826087,
  "fwhm_y": 1.9111624347826088,
  "fwhm_z": 1.5787888261534573,
  "gcor": 0.0109259,
  "gsr_x": -0.016722919419407845,
  "gsr_y": 0.03572302311658859,
  "provenance": {
    "md5sum": "5c6ba993a1289345775c0485ab802420",
    "settings": {
      "fd_thres": 0.2,
      "testing": false
    },
    "software": "mriqc",
    "version": "23.0.1",
    "webapi_port": null,
    "webapi_url": "https://mriqc.nimh.nih.gov/api/v1"
  },
  "size_t": 127,
  "size_x": 64,
  "size_y": 64,
  "size_z": 36,
  "snr": 4.991819708453419,
  "spacing_tr": 2.0999999046325684,
  "spacing_x": 3.59375,
  "spacing_y": 3.59375,
  "spacing_z": 3.6000001430511475,
  "summary_bg_k": 39.506163808716956,
  "summary_bg_mad": 9.747816622521354,
  "summary_bg_mean": 30.102474212646484,
  "summary_bg_median": 15.677165031433105,
  "summary_bg_n": 95836.0,
  "summary_bg_p05": 7.818897724151611,
  "summary_bg_p95": 88.03346252441406,
  "summary_bg_stdv": 39.12251281738281,
  "summary_fg_k": 3.6340609229438847,
  "summary_fg_mad": 125.48421582122981,
  "summary_fg_mean": 754.3949584960938,
  "summary_fg_median": 740.81103515625,
  "summary_fg_n": 21857.0,
  "summary_fg_p05": 550.4629638671875,
  "summary_fg_p95": 997.3826538085939,
  "summary_fg_stdv": 148.401611328125,
  "tsnr": 50.4412206269335
}