{
  "bids_meta": {
    "AcquisitionMatrixPE": 225,
    "AcquisitionNumber": 1,
    "AcquisitionTime": "10:05:27.539990",
    "BaseResolution": 256,
    "ConversionSoftware": "dcm2niix",
    "ConversionSoftwareVersion": "v1.0.20190410  GCC6.3.0",
    "DeviceSerialNumber": "18011",
    "EchoTime": 0.00335,
    "FlipAngle": 8,
    "ImageOrientationPatientDICOM": [
      1,
      0,
      0,
      0,
      0,
      -1
    ],
    "ImageType": [
      "ORIGINAL",
      "PRIMARY",
      "M",
      "ND"
    ],
    "ImagingFrequency": 168.217,
    "InPlanePhaseEncodingDirectionDICOM": "ROW",
    "InversionTime": 0.7,
    "MRAcquisitionType": "3D",
    "MagneticFieldStrength": 3.95064,
    "Manufacturer": "Siemens",
    "ManufacturersModelName": "MedSpec_4T",
    "Modality": "MR",
    "PartialFourier": 0.875,
    "PatientPosition": "HFS",
    "PercentPhaseFOV": 100,
    "PhaseEncodingSteps": 197,
    "PhaseResolution": 0.878906,
    "PixelBandwidth": 200,
    "ProtocolName": "t1_mpr_cor",
    "PulseSequenceDetails": "%SiemensSeq%_tfl",
    "ReceiveCoilName": "Head_4T",
    "ReconMatrixPE": 256,
    "RepetitionTime": 1.5,
    "SAR": 0.00418446,
    "ScanOptions": "IR",
    "ScanningSequence": "IR_GR",
    "SequenceName": "tfl3d1_ns",
    "SequenceVariant": "SP_MP",
    "SeriesDescription": "t1_mpr_cor",
    "SeriesNumber": 8,
    "ShimSetting": [
      -15,
      -7,
      -38,
      2016,
      -698,
      -3202,
      1954,
      261
    ],
    "SliceThickness": 0.9,
    "SoftwareVersions": "syngo_MR_2002B_4VA21A",
    "StationName": "wes4T",
    "TxRefAmp": 163.342,
    "dataset": "ds004169",
    "modality": "T1w",
    "session_id": "01",
    "subject_id": "0938"
  },
  "cjv": 0.3332501855096099,
  "cnr": 3.953847075371523,
  "efc": 0.4218184836083105,
  "fber": -1.0,
  "fwhm_avg": 4.279957967563034,
  "fwhm_x": 4.389205333333334,
  "fwhm_y": 4.715244569355767,
  "fwhm_z": 3.735424,
  "icvs_csf": 0.2042172385035848,
  "icvs_gm": 0.4629086429915433,
  "icvs_wm": 0.3328741185048719,
  "inu_med": 0.7763998210430145,
  "inu_range": 0.5169375509023666,
  "provenance": {
    "md5sum": "99ca2343de1cb9c1d6b45822832851ad",
    "settings": {
      "testing": false
    },
    "software": "mriqc",
    "version": "23.0.1",
    "warnings": {
      "large_rot_frame": true,
      "small_air_mask": false
    },
    "webapi_port": null,
    "webapi_url": "https://mriqc.nimh.nih.gov/api/v1"
  },
  "qi_1": 0.0,
  "qi_2": 0.050311762596972995,
  "rpve_csf": 34.04325848197529,
  "rpve_gm": 16.5161868822,
  "rpve_wm": 25.565663001194597,
  "size_x": 256,
  "size_y": 256,
  "size_z": 256,
  "snr_csf": 0.9608872749915089,
  "snr_gm": 9.165990137828304,
  "snr_total": 9.360415533528418,
  "snr_wm": 17.95436918776544,
  "snrd_csf": 6.215104274007212,
  "snrd_gm": 16.871134018551988,
  "snrd_total": 16.548888082276505,
  "snrd_wm": 26.56042595427031,
  "spacing_x": 0.9375,
  "spacing_y": 0.8999999761581421,
  "spacing_z": 0.9375,
  "summary_bg_k": 12.222060460684089,
  "summary_bg_mad": 0.0,
  "summary_bg_mean": 17.274952626539807,
  "summary_bg_median": 0.0,
  "summary_bg_n": 5480141.0,
  "summary_bg_p05": 0.0,
  "summary_bg_p95": 64.86212007701397,
  "summary_bg_stdv": 24.665884422132738,
  "summary_csf_k": 19.824837050827163,
  "summary_csf_mad": 108.34997913533859,
  "summary_csf_mean": 279.75638505643684,
  "summary_csf_median": 233.99866607040167,
  "summary_csf_n": 26139.0,
  "summary_csf_p05": 83.29578228481114,
  "summary_csf_p95": 505.1248666271563,
  "summary_csf_stdv": 243.51887684737503,
  "summary_gm_k": 0.12339849364187927,
  "summary_gm_mad": 68.3127093810298,
  "summary_gm_mean": 634.8321112965691,
  "summary_gm_median": 635.1981690712273,
  "summary_gm_n": 49524.0,
  "summary_gm_p05": 520.0123732974753,
  "summary_gm_p95": 746.8981018848717,
  "summary_gm_stdv": 69.29876057618989,
  "summary_wm_k": 0.45320840787750694,
  "summary_wm_mad": 53.257566817717446,
  "summary_wm_mean": 999.71555619518,
  "summary_wm_median": 999.9999951012433,
  "summary_wm_n": 195851.0,
  "summary_wm_p05": 907.7523517236114,
  "summary_wm_p95": 1090.2484635449946,
  "summary_wm_stdv": 55.6966068637065,
  "tpm_overlap_csf": 0.1358757431885313,
  "tpm_overlap_gm": 0.4707331410467979,
  "tpm_overlap_wm": 0.4882372207761563,
  "wm2max": 0.524234665921839
}