{
  "aor": 0.004609733333333333,
  "aqi": 0.009897155333333334,
  "bids_meta": {
    "AcquisitionMatrixPE": 64,
    "AcquisitionNumber": 1,
    "AcquisitionTime": "09:03:46.924980",
    "BaseResolution": 64,
    "ConversionSoftware": "dcm2niix",
    "ConversionSoftwareVersion": "v1.0.20190410  GCC6.3.0",
    "DeviceSerialNumber": "18011",
    "EchoTime": 0.03,
    "FlipAngle": 90,
    "ImageComments": "Fake_MoCo_Reference_Volume_+_DiCo_Applied",
    "ImageOrientationPatientDICOM": [
      1,
      -1.11022e-16,
      0,
      1.11022e-16,
      0.986572,
      -0.163326
    ],
    "ImageType": [
      "ORIGINAL",
      "PRIMARY",
      "M",
      "ND",
      "DICO",
      "MOSAIC"
    ],
    "ImagingFrequency": 168.255,
    "InPlanePhaseEncodingDirectionDICOM": "COL",
    "MRAcquisitionType": "2D",
    "MagneticFieldStrength": 3.95064,
    "Manufacturer": "Siemens",
    "ManufacturersModelName": "MedSpec_4T",
    "Modality": "MR",
    "PartialFourier": 1,
    "PatientPosition": "HFS",
    "PercentPhaseFOV": 100,
    "PhaseEncodingDirection": "j-",
    "PhaseEncodingSteps": 64,
    "PhaseResolution": 1,
    "PixelBandwidth": 2790,
    "ProcedureStepDescription": "Research_fMRI",
    "ProtocolName": "mz_bold_dc_REST",
    "PulseSequenceDetails": "%CustomerSeq%_mz_ep2d_bold_dc",
    "ReceiveCoilName": "Head",
    "ReconMatrixPE": 64,
    "RepetitionTime": 2.1,
    "SAR": 0.0633847,
    "ScanOptions": "FS",
    "ScanningSequence": "SE_EP",
    "SequenceName": "epfid2d1_64",
    "SequenceVariant": "SK",
    "SeriesDescription": "mz_bold_dc_REST_DiCo",
    "SeriesNumber": 9,
    "ShimSetting": [
      8,
      -2,
      10,
      1710,
      596,
      -2715,
      2234,
      125
    ],
    "SliceThickness": 3,
    "SoftwareVersions": "syngo_MR_2004A_4VA25A",
    "SpacingBetweenSlices": 3.6,
    "StationName": "WES4T",
    "TaskName": "rest",
    "TxRefAmp": 211.573,
    "dataset": "ds004169",
    "modality": "bold",
    "session_id": "01",
    "subject_id": "0276",
    "task_id": "rest"
  },
  "dummy_trs": 0,
  "dvars_nstd": 30.496172783557036,
  "dvars_std": 1.1486249283892618,
  "dvars_vstd": 1.0046633751006708,
  "efc": 0.4873513464211924,
  "fber": 1642.7760009765625,
  "fd_mean": 0.3526628175232347,
  "fd_num": 107,
  "fd_perc": 71.33333333333333,
  "fwhm_avg": 1.8997730291673303,
  "fwhm_x": 1.7568862608695652,
  "fwhm_y": 2.132549565217391,
  "fwhm_z": 1.809883261415034,
  "gcor": 0.0488478,
  "gsr_x": -0.01475891936570406,
  "gsr_y": 0.038700755685567856,
  "provenance": {
    "md5sum": "1d7684f8c68f6084042f83e3946aa939",
    "settings": {
      "fd_thres": 0.2,
      "testing": false
    },
    "software": "mriqc",
    "version": "23.0.1",
    "webapi_port": null,
    "webapi_url": "https://mriqc.nimh.nih.gov/api/v1"
  },
  "size_t": 150,
  "size_x": 64,
  "size_y": 64,
  "size_z": 36,
  "snr": 5.247558074441285,
  "spacing_tr": 2.0999999046325684,
  "spacing_x": 3.59375,
  "spacing_y": 3.59375,
  "spacing_z": 3.6000001430511475,
  "summary_bg_k": 62.32097946854449,
  "summary_bg_mad": 11.82128172658919,
  "summary_bg_mean": 30.75713348388672,
  "summary_bg_median": 16.626667022705078,
  "summary_bg_n": 93983.0,
  "summary_bg_p05": 6.273333549499512,
  "summary_bg_p95": 94.08600311279292,
  "summary_bg_stdv": 42.64967727661133,
  "summary_fg_k": 1.3961049960060503,
  "summary_fg_mad": 117.11562126755561,
  "summary_fg_mean": 681.899658203125,
  "summary_fg_median": 677.7666625976562,
  "summary_fg_n": 22320.0,
  "summary_fg_p05": 479.7500228881836,
  "summary_fg_p95": 895.2336730957031,
  "summary_fg_stdv": 129.1555938720703,
  "tsnr": 43.51538348046597
}