{
  "bids_meta": {
    "AcquisitionMatrixPE": 225,
    "AcquisitionNumber": 1,
    "AcquisitionTime": "09:48:2.327520",
    "BaseResolution": 256,
    "ConversionSoftware": "dcm2niix",
    "ConversionSoftwareVersion": "v1.0.20190410  GCC6.3.0",
    "DeviceSerialNumber": "18011",
    "EchoTime": 0.00335,
    "FlipAngle": 8,
    "ImageOrientationPatientDICOM": [
      0.999391,
      -0.0348995,
      0,
      0,
      2.22045e-16,
      -1
    ],
    "ImageType": [
      "ORIGINAL",
      "PRIMARY",
      "M",
      "ND"
    ],
    "ImagingFrequency": 168.255,
    "InPlanePhaseEncodingDirectionDICOM": "ROW",
    "InversionTime": 0.7,
    "MRAcquisitionType": "3D",
    "MagneticFieldStrength": 3.95064,
    "Manufacturer": "Siemens",
    "ManufacturersModelName": "MedSpec_4T",
    "Modality": "MR",
    "PartialFourier": 0.875,
    "PatientPosition": "HFS",
    "PercentPhaseFOV": 100,
    "PhaseEncodingSteps": 197,
    "PhaseResolution": 0.878906,
    "PixelBandwidth": 200,
    "ProtocolName": "t1_mpr_cor",
    "PulseSequenceDetails": "%SiemensSeq%_tfl",
    "ReceiveCoilName": "Head_4T",
    "ReconMatrixPE": 256,
    "RepetitionTime": 1.5,
    "SAR": 0.00359944,
    "ScanOptions": "IR",
    "ScanningSequence": "IR_GR",
    "SequenceName": "tfl3d1_ns",
    "SequenceVariant": "SP_MP",
    "SeriesDescription": "t1_mpr_cor",
    "SeriesNumber": 8,
    "ShimSetting": [
      33,
      -20,
      10,
      1417,
      459,
      -4430,
      2782,
      -210
    ],
    "SliceThickness": 0.9,
    "SoftwareVersions": "syngo_MR_2002B_4VA21A",
    "StationName": "wes4T",
    "TxRefAmp": 191.323,
    "dataset": "ds004169",
    "modality": "T1w",
    "session_id": "01",
    "subject_id": "0589"
  },
  "cjv": 0.32595857775458104,
  "cnr": 3.9867767126047933,
  "efc": 0.4417133381599574,
  "fber": 1797.6864215771618,
  "fwhm_avg": 4.655874266594275,
  "fwhm_x": 4.788341333333333,
  "fwhm_y": 5.024966799782828,
  "fwhm_z": 4.154314666666667,
  "icvs_csf": 0.21936600972493775,
  "icvs_gm": 0.424894506460864,
  "icvs_wm": 0.35573948381419823,
  "inu_med": 0.6284641623497009,
  "inu_range": 0.367120176553726,
  "provenance": {
    "md5sum": "1bf671bd1a288c25640ab5c61dffaf17",
    "settings": {
      "testing": false
    },
    "software": "mriqc",
    "version": "23.0.1",
    "warnings": {
      "large_rot_frame": true,
      "small_air_mask": false
    },
    "webapi_port": null,
    "webapi_url": "https://mriqc.nimh.nih.gov/api/v1"
  },
  "qi_1": 0.0,
  "qi_2": 0.027382908896050724,
  "rpve_csf": 27.89828800599901,
  "rpve_gm": 15.012565187970537,
  "rpve_wm": 21.277883636753216,
  "size_x": 256,
  "size_y": 256,
  "size_z": 256,
  "snr_csf": 2.0255807232494663,
  "snr_gm": 9.68139343435573,
  "snr_total": 11.433062579195594,
  "snr_wm": 22.59221357998159,
  "snrd_csf": 9.307632363357436,
  "snrd_gm": 21.97604997358533,
  "snrd_total": 21.449568219364618,
  "snrd_wm": 33.06502232115109,
  "spacing_x": 0.9375,
  "spacing_y": 0.8999999761581421,
  "spacing_z": 0.9375,
  "summary_bg_k": 11.383128315021333,
  "summary_bg_mad": 19.813578177046075,
  "summary_bg_mean": 15.506441282007296,
  "summary_bg_median": 13.364055395126343,
  "summary_bg_n": 5006130.0,
  "summary_bg_p05": 0.0,
  "summary_bg_p95": 55.93318012356758,
  "summary_bg_stdv": 20.10597834900329,
  "summary_csf_k": 15.860566958449787,
  "summary_csf_mad": 120.69629033926881,
  "summary_csf_mean": 288.3950260339696,
  "summary_csf_median": 281.4948176816106,
  "summary_csf_n": 37670.0,
  "summary_csf_p05": 88.4216596186161,
  "summary_csf_p95": 483.2085288017988,
  "summary_csf_stdv": 138.9680885583361,
  "summary_gm_k": 0.12789625822616157,
  "summary_gm_mad": 67.55405318122175,
  "summary_gm_mean": 664.9365329054996,
  "summary_gm_median": 664.6313411593437,
  "summary_gm_n": 40132.0,
  "summary_gm_p05": 551.2543242193758,
  "summary_gm_p95": 776.1232774406672,
  "summary_gm_stdv": 68.64952499330916,
  "summary_wm_k": 0.5473980803065901,
  "summary_wm_mad": 41.76224020937729,
  "summary_wm_mean": 1000.0967221140083,
  "summary_wm_median": 1000.0000071525574,
  "summary_wm_n": 272124.0,
  "summary_wm_p05": 926.6417116969824,
  "summary_wm_p95": 1071.6013901531696,
  "summary_wm_stdv": 44.26295662498841,
  "tpm_overlap_csf": 0.1342634174793387,
  "tpm_overlap_gm": 0.46692545295424653,
  "tpm_overlap_wm": 0.5072749337129489,
  "wm2max": 0.5916736251938447
}