{
  "aor": 0.0013091275167785234,
  "aqi": 0.010975750134228189,
  "bids_meta": {
    "AcquisitionMatrixPE": 64,
    "AcquisitionNumber": 1,
    "AcquisitionTime": "04:38:15.165010",
    "BaseResolution": 64,
    "ConversionSoftware": "dcm2niix",
    "ConversionSoftwareVersion": "v1.0.20190410  GCC6.3.0",
    "DeviceSerialNumber": "18011",
    "EchoTime": 0.03,
    "FlipAngle": 90,
    "ImageComments": "Fake_MoCo_Reference_Volume_+_DiCo_Applied",
    "ImageOrientationPatientDICOM": [
      1,
      0,
      0,
      0,
      0.992546,
      -0.121869
    ],
    "ImageType": [
      "ORIGINAL",
      "PRIMARY",
      "M",
      "ND",
      "MOSAIC"
    ],
    "ImagingFrequency": 168.255,
    "InPlanePhaseEncodingDirectionDICOM": "COL",
    "MRAcquisitionType": "2D",
    "MagneticFieldStrength": 3.95064,
    "Manufacturer": "Siemens",
    "ManufacturersModelName": "MedSpec_4T",
    "Modality": "MR",
    "PartialFourier": 1,
    "PatientPosition": "HFS",
    "PercentPhaseFOV": 100,
    "PhaseEncodingDirection": "j-",
    "PhaseEncodingSteps": 64,
    "PhaseResolution": 1,
    "PixelBandwidth": 2790,
    "ProtocolName": "mz_bold_dc_REST",
    "PulseSequenceDetails": "%CustomerSeq%_mz_ep2d_bold_dc",
    "ReceiveCoilName": "Head_4T",
    "ReconMatrixPE": 64,
    "RepetitionTime": 2.1,
    "SAR": 0.0647095,
    "ScanOptions": "FS",
    "ScanningSequence": "SE_EP",
    "SequenceName": "epfid2d1_64",
    "SequenceVariant": "SK",
    "SeriesDescription": "mz_bold_dc_REST_DiCo",
    "SeriesNumber": 10,
    "ShimSetting": [
      20,
      -32,
      40,
      2372,
      486,
      -3419,
      3121,
      46
    ],
    "SliceThickness": 3,
    "SoftwareVersions": "syngo_MR_2002B_4VA21A",
    "SpacingBetweenSlices": 3.6,
    "StationName": "wes4T",
    "TaskName": "rest",
    "TxRefAmp": 206.859,
    "dataset": "ds004169",
    "modality": "bold",
    "session_id": "01",
    "subject_id": "0040",
    "task_id": "rest"
  },
  "dummy_trs": 1,
  "dvars_nstd": 25.524992143716208,
  "dvars_std": 1.0664130386486483,
  "dvars_vstd": 0.946576404391892,
  "efc": 0.4580495148613598,
  "fber": 2437.115478515625,
  "fd_mean": 0.14925947457596064,
  "fd_num": 28,
  "fd_perc": 18.79194630872483,
  "fwhm_avg": 1.7953357925366238,
  "fwhm_x": 1.6298045217391304,
  "fwhm_y": 2.0848194782608696,
  "fwhm_z": 1.6713833776098723,
  "gcor": 0.0168961,
  "gsr_x": -0.028487998992204666,
  "gsr_y": 0.04307433217763901,
  "provenance": {
    "md5sum": "54d3c289ad53154f537d4a9e8adfba9e",
    "settings": {
      "fd_thres": 0.2,
      "testing": false
    },
    "software": "mriqc",
    "version": "22.0.6",
    "webapi_port": null,
    "webapi_url": "https://mriqc.nimh.nih.gov/api/v1"
  },
  "size_t": 149,
  "size_x": 64,
  "size_y": 64,
  "size_z": 36,
  "snr": 4.831568104514471,
  "spacing_tr": 2.0999999046325684,
  "spacing_x": 3.59375,
  "spacing_y": 3.59375,
  "spacing_z": 3.5999999046325684,
  "summary_bg_k": 82.4152963687897,
  "summary_bg_mad": 9.701591347167346,
  "summary_bg_mean": 33.912899017333984,
  "summary_bg_median": 16.671140670776367,
  "summary_bg_n": 98143.0,
  "summary_bg_p05": 9.26174545288086,
  "summary_bg_p95": 100.52281951904293,
  "summary_bg_stdv": 50.265560150146484,
  "summary_fg_k": 4.064904539166845,
  "summary_fg_mad": 135.8919313704976,
  "summary_fg_mean": 859.8919677734375,
  "summary_fg_median": 841.2483520507812,
  "summary_fg_n": 19681.0,
  "summary_fg_p05": 630.4496459960938,
  "summary_fg_p95": 1152.9462890625,
  "summary_fg_stdv": 174.1105499267578,
  "tsnr": 47.31345443520695
}