{
  "aor": 0.0022826845637583895,
  "aqi": 0.010915105570469798,
  "bids_meta": {
    "AcquisitionMatrixPE": 64,
    "AcquisitionNumber": 1,
    "AcquisitionTime": "09:14:36.947490",
    "BaseResolution": 64,
    "ConversionSoftware": "dcm2niix",
    "ConversionSoftwareVersion": "v1.0.20190410  GCC6.3.0",
    "DeviceSerialNumber": "18011",
    "EchoTime": 0.03,
    "FlipAngle": 90,
    "ImageComments": "Fake_MoCo_Reference_Volume_+_DiCo_Applied",
    "ImageOrientationPatientDICOM": [
      1,
      0,
      0,
      0,
      0.985996,
      -0.166769
    ],
    "ImageType": [
      "ORIGINAL",
      "PRIMARY",
      "M",
      "ND",
      "DICO",
      "MOSAIC"
    ],
    "ImagingFrequency": 168.255,
    "InPlanePhaseEncodingDirectionDICOM": "COL",
    "MRAcquisitionType": "2D",
    "MagneticFieldStrength": 3.95064,
    "Manufacturer": "Siemens",
    "ManufacturersModelName": "MedSpec_4T",
    "Modality": "MR",
    "PartialFourier": 1,
    "PatientPosition": "HFS",
    "PercentPhaseFOV": 100,
    "PhaseEncodingDirection": "j-",
    "PhaseEncodingSteps": 64,
    "PhaseResolution": 1,
    "PixelBandwidth": 2790,
    "ProcedureStepDescription": "Research_fMRI",
    "ProtocolName": "mz_bold_dc_REST",
    "PulseSequenceDetails": "%CustomerSeq%_mz_ep2d_bold_dc",
    "ReceiveCoilName": "Head",
    "ReconMatrixPE": 64,
    "RepetitionTime": 2.1,
    "SAR": 0.0973574,
    "ScanOptions": "FS",
    "ScanningSequence": "SE_EP",
    "SequenceName": "epfid2d1_64",
    "SequenceVariant": "SK",
    "SeriesDescription": "mz_bold_dc_REST_DiCo",
    "SeriesNumber": 10,
    "ShimSetting": [
      13,
      -25,
      35,
      2179,
      733,
      -5447,
      4741,
      270
    ],
    "SliceThickness": 3,
    "SoftwareVersions": "syngo_MR_2004A_4VA25A",
    "SpacingBetweenSlices": 3.6,
    "StationName": "WES4T",
    "TaskName": "rest",
    "TxRefAmp": 184.372,
    "dataset": "ds004169",
    "modality": "bold",
    "session_id": "01",
    "subject_id": "0846",
    "task_id": "rest"
  },
  "dummy_trs": 1,
  "dvars_nstd": 28.466177695540537,
  "dvars_std": 1.1159737785810806,
  "dvars_vstd": 0.9739603797972973,
  "efc": 0.43960140856455954,
  "fber": 3015.598388671875,
  "fd_mean": 0.1909841254503984,
  "fd_num": 41,
  "fd_perc": 27.516778523489933,
  "fwhm_avg": 1.8082948780451218,
  "fwhm_x": 1.704737391304348,
  "fwhm_y": 2.030386086956522,
  "fwhm_z": 1.689761155874495,
  "gcor": 0.0220752,
  "gsr_x": -0.027151266112923622,
  "gsr_y": 0.03639786317944527,
  "provenance": {
    "md5sum": "967fc15bfcc7ed343070917dcddf6950",
    "settings": {
      "fd_thres": 0.2,
      "testing": false
    },
    "software": "mriqc",
    "version": "23.0.1",
    "webapi_port": null,
    "webapi_url": "https://mriqc.nimh.nih.gov/api/v1"
  },
  "size_t": 149,
  "size_x": 64,
  "size_y": 64,
  "size_z": 36,
  "snr": 5.501971578385958,
  "spacing_tr": 2.0999999046325684,
  "spacing_x": 3.59375,
  "spacing_y": 3.59375,
  "spacing_z": 3.5999999046325684,
  "summary_bg_k": 90.64258338321552,
  "summary_bg_mad": 5.144331757064266,
  "summary_bg_mean": 21.804386138916016,
  "summary_bg_median": 10.946309089660645,
  "summary_bg_n": 100338.0,
  "summary_bg_p05": 7.161073684692383,
  "summary_bg_p95": 67.78523254394531,
  "summary_bg_stdv": 30.4136905670166,
  "summary_fg_k": 1.4320092225106142,
  "summary_fg_mad": 106.03094360911788,
  "summary_fg_mean": 623.1310424804688,
  "summary_fg_median": 619.986572265625,
  "summary_fg_n": 17770.0,
  "summary_fg_p05": 448.9580551147461,
  "summary_fg_p95": 804.2124328613281,
  "summary_fg_stdv": 112.68126678466797,
  "tsnr": 46.587046345928684
}