{
  "aor": 0.007318897637795277,
  "aqi": 0.027824914960629922,
  "bids_meta": {
    "AcquisitionMatrixPE": 64,
    "AcquisitionNumber": 1,
    "AcquisitionTime": "09:30:17.320020",
    "BaseResolution": 64,
    "ConversionSoftware": "dcm2niix",
    "ConversionSoftwareVersion": "v1.0.20190410  GCC6.3.0",
    "DeviceSerialNumber": "18011",
    "EchoTime": 0.03,
    "FlipAngle": 90,
    "ImageComments": "Fake_MoCo_Reference_Volume_+_DiCo_Applied",
    "ImageOrientationPatientDICOM": [
      1,
      0,
      -1.38778e-17,
      0,
      0.984808,
      -0.173648
    ],
    "ImageType": [
      "ORIGINAL",
      "PRIMARY",
      "M",
      "ND",
      "MOSAIC"
    ],
    "ImagingFrequency": 168.255,
    "InPlanePhaseEncodingDirectionDICOM": "COL",
    "MRAcquisitionType": "2D",
    "MagneticFieldStrength": 3.95064,
    "Manufacturer": "Siemens",
    "ManufacturersModelName": "MedSpec_4T",
    "Modality": "MR",
    "PartialFourier": 1,
    "PatientPosition": "HFS",
    "PercentPhaseFOV": 100,
    "PhaseEncodingDirection": "j-",
    "PhaseEncodingSteps": 64,
    "PhaseResolution": 1,
    "PixelBandwidth": 2790,
    "ProtocolName": "Nback_dc_opt",
    "PulseSequenceDetails": "%CustomerSeq%_kt_ep2d_bold_dc",
    "ReceiveCoilName": "Head_4T",
    "ReconMatrixPE": 64,
    "RepetitionTime": 2.1,
    "SAR": 0.0310364,
    "ScanOptions": "FS",
    "ScanningSequence": "SE_EP",
    "SequenceName": "epfid2d1_64",
    "SequenceVariant": "SK",
    "SeriesDescription": "Nback_dc_opt_DiCo",
    "SeriesNumber": 7,
    "ShimSetting": [
      17,
      -8,
      45,
      1991,
      596,
      -4117,
      3295,
      111
    ],
    "SliceThickness": 3,
    "SoftwareVersions": "syngo_MR_2002B_4VA21A",
    "SpacingBetweenSlices": 3.6,
    "StationName": "wes4T",
    "TaskName": "nback",
    "TxRefAmp": 183.411,
    "dataset": "ds004169",
    "modality": "bold",
    "session_id": "01",
    "subject_id": "0346",
    "task_id": "nback"
  },
  "dummy_trs": 0,
  "dvars_nstd": 38.45797980785714,
  "dvars_std": 1.0075301094444444,
  "dvars_vstd": 0.9250726415873023,
  "efc": 0.45526433865443433,
  "fber": 2453.330078125,
  "fd_mean": 0.4270005765249458,
  "fd_num": 61,
  "fd_perc": 48.031496062992126,
  "fwhm_avg": 1.7909878837207256,
  "fwhm_x": 1.6769864347826087,
  "fwhm_y": 2.0395881739130433,
  "fwhm_z": 1.6563890424665253,
  "gcor": 0.0287144,
  "gsr_x": -0.02668527513742447,
  "gsr_y": 0.03587329387664795,
  "provenance": {
    "md5sum": "80607873a5c1b82cc92e10587ed1be76",
    "settings": {
      "fd_thres": 0.2,
      "testing": false
    },
    "software": "mriqc",
    "version": "23.0.1",
    "webapi_port": null,
    "webapi_url": "https://mriqc.nimh.nih.gov/api/v1"
  },
  "size_t": 127,
  "size_x": 64,
  "size_y": 64,
  "size_z": 36,
  "snr": 6.162846026949299,
  "spacing_tr": 2.0999999046325684,
  "spacing_x": 3.59375,
  "spacing_y": 3.59375,
  "spacing_z": 3.5999996662139893,
  "summary_bg_k": 36.23979351140797,
  "summary_bg_mad": 9.059051112052803,
  "summary_bg_mean": 30.51606559753418,
  "summary_bg_median": 15.16535472869873,
  "summary_bg_n": 99105.0,
  "summary_bg_p05": 8.464567184448242,
  "summary_bg_p95": 92.1244094848632,
  "summary_bg_stdv": 42.55287551879883,
  "summary_fg_k": 1.4458331484000562,
  "summary_fg_mad": 117.54006863730052,
  "summary_fg_mean": 773.583984375,
  "summary_fg_median": 769.3267822265625,
  "summary_fg_n": 18354.0,
  "summary_fg_p05": 586.4873718261719,
  "summary_fg_p95": 980.2468353271485,
  "summary_fg_stdv": 124.82963562011719,
  "tsnr": 30.158986538881436
}