{
  "aor": 0.0008949664429530202,
  "aqi": 0.005154312147651006,
  "bids_meta": {
    "AcquisitionMatrixPE": 64,
    "AcquisitionNumber": 1,
    "AcquisitionTime": "09:17:42.487500",
    "BaseResolution": 64,
    "ConversionSoftware": "dcm2niix",
    "ConversionSoftwareVersion": "v1.0.20190410  GCC6.3.0",
    "DeviceSerialNumber": "18011",
    "EchoTime": 0.03,
    "FlipAngle": 90,
    "ImageComments": "Fake_MoCo_Reference_Volume_+_DiCo_Applied",
    "ImageOrientationPatientDICOM": [
      1,
      0,
      8.67362e-19,
      0,
      0.999962,
      -0.00872654
    ],
    "ImageType": [
      "ORIGINAL",
      "PRIMARY",
      "M",
      "ND",
      "DICO",
      "MOSAIC"
    ],
    "ImagingFrequency": 168.255,
    "InPlanePhaseEncodingDirectionDICOM": "COL",
    "MRAcquisitionType": "2D",
    "MagneticFieldStrength": 3.95064,
    "Manufacturer": "Siemens",
    "ManufacturersModelName": "MedSpec_4T",
    "Modality": "MR",
    "PartialFourier": 1,
    "PatientPosition": "HFS",
    "PercentPhaseFOV": 100,
    "PhaseEncodingDirection": "j-",
    "PhaseEncodingSteps": 64,
    "PhaseResolution": 1,
    "PixelBandwidth": 2790,
    "ProcedureStepDescription": "Research_fMRI",
    "ProtocolName": "mz_bold_dc_REST",
    "PulseSequenceDetails": "%CustomerSeq%_mz_ep2d_bold_dc",
    "ReceiveCoilName": "Head",
    "ReconMatrixPE": 64,
    "RepetitionTime": 2.1,
    "SAR": 0.112342,
    "ScanOptions": "FS",
    "ScanningSequence": "SE_EP",
    "SequenceName": "epfid2d1_64",
    "SequenceVariant": "SK",
    "SeriesDescription": "mz_bold_dc_REST_DiCo",
    "SeriesNumber": 10,
    "ShimSetting": [
      4,
      -4,
      54,
      2466,
      564,
      -4589,
      2442,
      366
    ],
    "SliceThickness": 3,
    "SoftwareVersions": "syngo_MR_2004A_4VA25A",
    "SpacingBetweenSlices": 3.6,
    "StationName": "WES4T",
    "TaskName": "rest",
    "TxRefAmp": 183.899,
    "dataset": "ds004169",
    "modality": "bold",
    "session_id": "01",
    "subject_id": "0350",
    "task_id": "rest"
  },
  "dummy_trs": 1,
  "dvars_nstd": 26.79450353405406,
  "dvars_std": 1.3032666803378385,
  "dvars_vstd": 0.997922361013514,
  "efc": 0.4572736763993915,
  "fber": 2396.395751953125,
  "fd_mean": 0.0720097228703796,
  "fd_num": 0,
  "fd_perc": 0.0,
  "fwhm_avg": 1.6259505161358598,
  "fwhm_x": 1.527607652173913,
  "fwhm_y": 1.7964605217391305,
  "fwhm_z": 1.553783374494536,
  "gcor": 0.0395368,
  "gsr_x": -0.02124602347612381,
  "gsr_y": 0.03693929314613342,
  "provenance": {
    "md5sum": "01022a6ad73a70bdf3e19a5ea62bb016",
    "settings": {
      "fd_thres": 0.2,
      "testing": false
    },
    "software": "mriqc",
    "version": "23.0.1",
    "webapi_port": null,
    "webapi_url": "https://mriqc.nimh.nih.gov/api/v1"
  },
  "size_t": 149,
  "size_x": 64,
  "size_y": 64,
  "size_z": 36,
  "snr": 5.175200968553778,
  "spacing_tr": 2.0999999046325684,
  "spacing_x": 3.59375,
  "spacing_y": 3.59375,
  "spacing_z": 3.5999999046325684,
  "summary_bg_k": 61.41578724836373,
  "summary_bg_mad": 7.194103809435804,
  "summary_bg_mean": 24.481170654296875,
  "summary_bg_median": 11.791946411132812,
  "summary_bg_n": 98572.0,
  "summary_bg_p05": 6.557046890258789,
  "summary_bg_p95": 75.54362487792969,
  "summary_bg_stdv": 37.62808609008789,
  "summary_fg_k": 2.5337388049264025,
  "summary_fg_mad": 101.7024943953863,
  "summary_fg_mean": 602.530029296875,
  "summary_fg_median": 590.4697875976562,
  "summary_fg_n": 19403.0,
  "summary_fg_p05": 445.5765045166016,
  "summary_fg_p95": 793.0570739746087,
  "summary_fg_stdv": 114.09307098388672,
  "tsnr": 69.2390397854615
}