{
  "aor": 0.015487333333333334,
  "aqi": 0.016998442466666663,
  "bids_meta": {
    "AcquisitionMatrixPE": 64,
    "AcquisitionNumber": 1,
    "AcquisitionTime": "08:50:24.707490",
    "BaseResolution": 64,
    "ConversionSoftware": "dcm2niix",
    "ConversionSoftwareVersion": "v1.0.20190410  GCC6.3.0",
    "DeviceSerialNumber": "18011",
    "EchoTime": 0.03,
    "FlipAngle": 90,
    "ImageComments": "Fake_MoCo_Reference_Volume_+_DiCo_Applied",
    "ImageOrientationPatientDICOM": [
      1,
      0,
      0,
      0,
      1,
      0
    ],
    "ImageType": [
      "ORIGINAL",
      "PRIMARY",
      "M",
      "ND",
      "MOSAIC"
    ],
    "ImagingFrequency": 168.255,
    "InPlanePhaseEncodingDirectionDICOM": "COL",
    "MRAcquisitionType": "2D",
    "MagneticFieldStrength": 3.95064,
    "Manufacturer": "Siemens",
    "ManufacturersModelName": "MedSpec_4T",
    "Modality": "MR",
    "PartialFourier": 1,
    "PatientPosition": "HFS",
    "PercentPhaseFOV": 100,
    "PhaseEncodingDirection": "j-",
    "PhaseEncodingSteps": 64,
    "PhaseResolution": 1,
    "PixelBandwidth": 2790,
    "ProtocolName": "mz_bold_dc_REST",
    "PulseSequenceDetails": "%CustomerSeq%_mz_ep2d_bold_dc",
    "ReceiveCoilName": "Head_4T",
    "ReconMatrixPE": 64,
    "RepetitionTime": 2.1,
    "SAR": 0.0215568,
    "ScanOptions": "FS",
    "ScanningSequence": "SE_EP",
    "SequenceName": "epfid2d1_64",
    "SequenceVariant": "SK",
    "SeriesDescription": "mz_bold_dc_REST_DiCo",
    "SeriesNumber": 10,
    "ShimSetting": [
      15,
      -47,
      47,
      2319,
      660,
      -3582,
      3468,
      -87
    ],
    "SliceThickness": 3,
    "SoftwareVersions": "syngo_MR_2002B_4VA21A",
    "SpacingBetweenSlices": 3.6,
    "StationName": "wes4T",
    "TaskName": "rest",
    "TxRefAmp": 198.148,
    "dataset": "ds004169",
    "modality": "bold",
    "session_id": "01",
    "subject_id": "0815",
    "task_id": "rest"
  },
  "dummy_trs": 0,
  "dvars_nstd": 31.33354499342282,
  "dvars_std": 1.0842141674496641,
  "dvars_vstd": 1.0166627208724834,
  "efc": 0.4549763440838586,
  "fber": 3047.208251953125,
  "fd_mean": 0.2476396001820714,
  "fd_num": 19,
  "fd_perc": 12.666666666666666,
  "fwhm_avg": 1.8674860842841066,
  "fwhm_x": 1.759888695652174,
  "fwhm_y": 2.1392389565217393,
  "fwhm_z": 1.7033306006784068,
  "gcor": 0.240987,
  "gsr_x": -0.020191719755530357,
  "gsr_y": 0.04479297623038292,
  "provenance": {
    "md5sum": "c49589204292e6ad5d05a01cc8cc8d6b",
    "settings": {
      "fd_thres": 0.2,
      "testing": false
    },
    "software": "mriqc",
    "version": "23.0.1",
    "webapi_port": null,
    "webapi_url": "https://mriqc.nimh.nih.gov/api/v1"
  },
  "size_t": 150,
  "size_x": 64,
  "size_y": 64,
  "size_z": 36,
  "snr": 5.1944010449787354,
  "spacing_tr": 2.0999999046325684,
  "spacing_x": 3.59375,
  "spacing_y": 3.59375,
  "spacing_z": 3.5999999046325684,
  "summary_bg_k": 79.81013191745113,
  "summary_bg_mad": 8.213616233964249,
  "summary_bg_mean": 28.831636428833008,
  "summary_bg_median": 13.633333206176758,
  "summary_bg_n": 97490.0,
  "summary_bg_p05": 7.28000020980835,
  "summary_bg_p95": 89.6006687164307,
  "summary_bg_stdv": 42.60018539428711,
  "summary_fg_k": 1.926699239699504,
  "summary_fg_mad": 124.89439640837462,
  "summary_fg_mean": 754.237548828125,
  "summary_fg_median": 743.913330078125,
  "summary_fg_n": 19825.0,
  "summary_fg_p05": 543.7533325195312,
  "summary_fg_p95": 993.8440429687499,
  "summary_fg_stdv": 143.21084594726562,
  "tsnr": 28.969182817963883
}