{
  "aor": 0.002504466666666667,
  "aqi": 0.009881760533333334,
  "bids_meta": {
    "AcquisitionMatrixPE": 64,
    "AcquisitionNumber": 1,
    "AcquisitionTime": "08:55:33.792510",
    "BaseResolution": 64,
    "ConversionSoftware": "dcm2niix",
    "ConversionSoftwareVersion": "v1.0.20190410  GCC6.3.0",
    "DeviceSerialNumber": "18011",
    "EchoTime": 0.03,
    "FlipAngle": 90,
    "ImageComments": "Fake_MoCo_Reference_Volume_+_DiCo_Applied",
    "ImageOrientationPatientDICOM": [
      0.999848,
      -1.11022e-16,
      0.0174524,
      1.11022e-16,
      1,
      1.73472e-18
    ],
    "ImageType": [
      "ORIGINAL",
      "PRIMARY",
      "M",
      "ND",
      "MOSAIC"
    ],
    "ImagingFrequency": 168.217,
    "InPlanePhaseEncodingDirectionDICOM": "COL",
    "MRAcquisitionType": "2D",
    "MagneticFieldStrength": 3.95064,
    "Manufacturer": "Siemens",
    "ManufacturersModelName": "MedSpec_4T",
    "Modality": "MR",
    "PartialFourier": 1,
    "PatientPosition": "HFS",
    "PercentPhaseFOV": 100,
    "PhaseEncodingDirection": "j-",
    "PhaseEncodingSteps": 64,
    "PhaseResolution": 1,
    "PixelBandwidth": 2790,
    "ProtocolName": "mz_bold_dc_REST",
    "PulseSequenceDetails": "%CustomerSeq%_mz_ep2d_bold_dc",
    "ReceiveCoilName": "Head_4T",
    "ReconMatrixPE": 64,
    "RepetitionTime": 2.1,
    "SAR": 0.0208839,
    "ScanOptions": "FS",
    "ScanningSequence": "SE_EP",
    "SequenceName": "epfid2d1_64",
    "SequenceVariant": "SK",
    "SeriesDescription": "mz_bold_dc_REST_DiCo",
    "SeriesNumber": 10,
    "ShimSetting": [
      12,
      -4,
      -31,
      1180,
      911,
      -2651,
      710,
      -281
    ],
    "SliceThickness": 3,
    "SoftwareVersions": "syngo_MR_2002B_4VA21A",
    "SpacingBetweenSlices": 3.6,
    "StationName": "wes4T",
    "TaskName": "rest",
    "TxRefAmp": 202.506,
    "dataset": "ds004169",
    "modality": "bold",
    "session_id": "02",
    "subject_id": "0670",
    "task_id": "rest"
  },
  "dummy_trs": 0,
  "dvars_nstd": 26.622815202684556,
  "dvars_std": 1.0494225889932882,
  "dvars_vstd": 0.9803799520134227,
  "efc": 0.48784944721437506,
  "fber": 1240.999755859375,
  "fd_mean": 0.19296731294798358,
  "fd_num": 34,
  "fd_perc": 22.666666666666668,
  "fwhm_avg": 1.7649634801676346,
  "fwhm_x": 1.645303652173913,
  "fwhm_y": 1.9747645217391303,
  "fwhm_z": 1.6748222665898604,
  "gcor": 0.0315058,
  "gsr_x": -0.020163288339972496,
  "gsr_y": 0.04896894469857216,
  "provenance": {
    "md5sum": "600713acdcd1b32b2f8ce3b493ed0e28",
    "settings": {
      "fd_thres": 0.2,
      "testing": false
    },
    "software": "mriqc",
    "version": "23.0.1",
    "webapi_port": null,
    "webapi_url": "https://mriqc.nimh.nih.gov/api/v1"
  },
  "size_t": 150,
  "size_x": 64,
  "size_y": 64,
  "size_z": 36,
  "snr": 4.77974120373278,
  "spacing_tr": 2.0999999046325684,
  "spacing_x": 3.59375,
  "spacing_y": 3.59375,
  "spacing_z": 3.5999999046325684,
  "summary_bg_k": 57.41387561075372,
  "summary_bg_mad": 16.30862440356162,
  "summary_bg_mean": 42.04857635498047,
  "summary_bg_median": 23.206666946411133,
  "summary_bg_n": 95826.0,
  "summary_bg_p05": 9.208333492279053,
  "summary_bg_p95": 127.02667236328125,
  "summary_bg_stdv": 55.878841400146484,
  "summary_fg_k": 4.037028404748408,
  "summary_fg_mad": 129.559652595817,
  "summary_fg_mean": 803.7359008789062,
  "summary_fg_median": 786.836669921875,
  "summary_fg_n": 21492.0,
  "summary_fg_p05": 579.1716827392578,
  "summary_fg_p95": 1078.7310302734377,
  "summary_fg_stdv": 164.61526489257812,
  "tsnr": 45.21347228111699
}