{
  "aor": 0.0006734228187919462,
  "aqi": 0.006428851677852349,
  "bids_meta": {
    "AcquisitionMatrixPE": 64,
    "AcquisitionNumber": 1,
    "AcquisitionTime": "10:04:3.595000",
    "BaseResolution": 64,
    "ConversionSoftware": "dcm2niix",
    "ConversionSoftwareVersion": "v1.0.20190410  GCC6.3.0",
    "DeviceSerialNumber": "18011",
    "EchoTime": 0.03,
    "FlipAngle": 90,
    "ImageComments": "Fake_MoCo_Reference_Volume_+_DiCo_Applied",
    "ImageOrientationPatientDICOM": [
      1,
      -1.11022e-16,
      0,
      1.11022e-16,
      0.92521,
      -0.379456
    ],
    "ImageType": [
      "ORIGINAL",
      "PRIMARY",
      "M",
      "ND",
      "DICO",
      "MOSAIC"
    ],
    "ImagingFrequency": 168.255,
    "InPlanePhaseEncodingDirectionDICOM": "COL",
    "MRAcquisitionType": "2D",
    "MagneticFieldStrength": 3.95064,
    "Manufacturer": "Siemens",
    "ManufacturersModelName": "MedSpec_4T",
    "Modality": "MR",
    "PartialFourier": 1,
    "PatientPosition": "HFS",
    "PercentPhaseFOV": 100,
    "PhaseEncodingDirection": "j-",
    "PhaseEncodingSteps": 64,
    "PhaseResolution": 1,
    "PixelBandwidth": 2790,
    "ProcedureStepDescription": "Research_fMRI",
    "ProtocolName": "mz_bold_dc_REST",
    "PulseSequenceDetails": "%CustomerSeq%_mz_ep2d_bold_dc",
    "ReceiveCoilName": "Head",
    "ReconMatrixPE": 64,
    "RepetitionTime": 2.1,
    "SAR": 0.0803767,
    "ScanOptions": "FS",
    "ScanningSequence": "SE_EP",
    "SequenceName": "epfid2d1_64",
    "SequenceVariant": "SK",
    "SeriesDescription": "mz_bold_dc_REST_DiCo",
    "SeriesNumber": 10,
    "ShimSetting": [
      10,
      42,
      13,
      1597,
      14,
      -2787,
      823,
      -525
    ],
    "SliceThickness": 3,
    "SoftwareVersions": "syngo_MR_2004A_4VA25A",
    "SpacingBetweenSlices": 3.6,
    "StationName": "WES4T",
    "TaskName": "rest",
    "TxRefAmp": 168.183,
    "dataset": "ds004169",
    "modality": "bold",
    "session_id": "01",
    "subject_id": "0474",
    "task_id": "rest"
  },
  "dummy_trs": 1,
  "dvars_nstd": 29.198870993986485,
  "dvars_std": 1.3190899254054052,
  "dvars_vstd": 0.9891747722972969,
  "efc": 0.4427372693121165,
  "fber": 3118.486572265625,
  "fd_mean": 0.10595866988645435,
  "fd_num": 3,
  "fd_perc": 2.0134228187919465,
  "fwhm_avg": 1.7520138473754026,
  "fwhm_x": 1.6590358260869564,
  "fwhm_y": 1.9217307826086958,
  "fwhm_z": 1.6752749334305552,
  "gcor": 0.0284746,
  "gsr_x": -0.026870885863900185,
  "gsr_y": 0.03945338726043701,
  "provenance": {
    "md5sum": "044489b737d9024422149a9db14e5165",
    "settings": {
      "fd_thres": 0.2,
      "testing": false
    },
    "software": "mriqc",
    "version": "23.0.1",
    "webapi_port": null,
    "webapi_url": "https://mriqc.nimh.nih.gov/api/v1"
  },
  "size_t": 149,
  "size_x": 64,
  "size_y": 64,
  "size_z": 36,
  "snr": 6.057667757890049,
  "spacing_tr": 2.0999999046325684,
  "spacing_x": 3.59375,
  "spacing_y": 3.59375,
  "spacing_z": 3.6000001430511475,
  "summary_bg_k": 130.11502505977967,
  "summary_bg_mad": 5.771202934537323,
  "summary_bg_mean": 21.412996292114258,
  "summary_bg_median": 10.577180862426758,
  "summary_bg_n": 99863.0,
  "summary_bg_p05": 6.382550239562988,
  "summary_bg_p95": 62.65033721923824,
  "summary_bg_stdv": 34.08098220825195,
  "summary_fg_k": 3.3303835681251863,
  "summary_fg_mad": 85.30437453320027,
  "summary_fg_mean": 608.0009765625,
  "summary_fg_median": 606.3053588867188,
  "summary_fg_n": 18296.0,
  "summary_fg_p05": 457.0604019165039,
  "summary_fg_p95": 760.2735137939453,
  "summary_fg_stdv": 100.08617401123047,
  "tsnr": 65.71704800147563
}