{
  "aor": 0.004732466666666667,
  "aqi": 0.01749725406666667,
  "bids_meta": {
    "AcquisitionMatrixPE": 64,
    "AcquisitionNumber": 1,
    "AcquisitionTime": "09:23:56.229990",
    "BaseResolution": 64,
    "ConversionSoftware": "dcm2niix",
    "ConversionSoftwareVersion": "v1.0.20190410  GCC6.3.0",
    "DeviceSerialNumber": "18011",
    "EchoTime": 0.03,
    "FlipAngle": 90,
    "ImageComments": "Fake_MoCo_Reference_Volume_+_DiCo_Applied",
    "ImageOrientationPatientDICOM": [
      1,
      2.22045e-16,
      0,
      -2.22045e-16,
      0.932954,
      -0.359997
    ],
    "ImageType": [
      "ORIGINAL",
      "PRIMARY",
      "M",
      "ND",
      "DICO",
      "MOSAIC"
    ],
    "ImagingFrequency": 168.255,
    "InPlanePhaseEncodingDirectionDICOM": "COL",
    "MRAcquisitionType": "2D",
    "MagneticFieldStrength": 3.95064,
    "Manufacturer": "Siemens",
    "ManufacturersModelName": "MedSpec_4T",
    "Modality": "MR",
    "PartialFourier": 1,
    "PatientPosition": "HFS",
    "PercentPhaseFOV": 100,
    "PhaseEncodingDirection": "j-",
    "PhaseEncodingSteps": 64,
    "PhaseResolution": 1,
    "PixelBandwidth": 2790,
    "ProcedureStepDescription": "Research_fMRI",
    "ProtocolName": "mz_bold_dc_REST",
    "PulseSequenceDetails": "%CustomerSeq%_mz_ep2d_bold_dc",
    "ReceiveCoilName": "Head",
    "ReconMatrixPE": 64,
    "RepetitionTime": 2.1,
    "SAR": 0.0929681,
    "ScanOptions": "FS",
    "ScanningSequence": "SE_EP",
    "SequenceName": "epfid2d1_64",
    "SequenceVariant": "SK",
    "SeriesDescription": "mz_bold_dc_REST_DiCo",
    "SeriesNumber": 10,
    "ShimSetting": [
      1,
      9,
      16,
      1933,
      498,
      -7814,
      3001,
      10
    ],
    "SliceThickness": 3,
    "SoftwareVersions": "syngo_MR_2004A_4VA25A",
    "SpacingBetweenSlices": 3.6,
    "StationName": "WES4T",
    "TaskName": "rest",
    "TxRefAmp": 185.148,
    "dataset": "ds004169",
    "modality": "bold",
    "session_id": "01",
    "subject_id": "0992",
    "task_id": "rest"
  },
  "dummy_trs": 0,
  "dvars_nstd": 32.40432429476509,
  "dvars_std": 1.18869797261745,
  "dvars_vstd": 0.9664675328187917,
  "efc": 0.44951465072334684,
  "fber": 3362.21728515625,
  "fd_mean": 0.3068716582575432,
  "fd_num": 46,
  "fd_perc": 30.666666666666668,
  "fwhm_avg": 1.7465860341314514,
  "fwhm_x": 1.6650740869565217,
  "fwhm_y": 1.896431304347826,
  "fwhm_z": 1.6782527110900067,
  "gcor": 0.035648,
  "gsr_x": -0.026201821863651276,
  "gsr_y": 0.03614630550146103,
  "provenance": {
    "md5sum": "ab820e4d0a216b1e1131fc94d4ca3d58",
    "settings": {
      "fd_thres": 0.2,
      "testing": false
    },
    "software": "mriqc",
    "version": "23.0.1",
    "webapi_port": null,
    "webapi_url": "https://mriqc.nimh.nih.gov/api/v1"
  },
  "size_t": 150,
  "size_x": 64,
  "size_y": 64,
  "size_z": 36,
  "snr": 5.274849932396136,
  "spacing_tr": 2.0999999046325684,
  "spacing_x": 3.59375,
  "spacing_y": 3.59375,
  "spacing_z": 3.6000001430511475,
  "summary_bg_k": 99.41090192631853,
  "summary_bg_mad": 6.098437672168643,
  "summary_bg_mean": 21.540151596069336,
  "summary_bg_median": 10.626667022705078,
  "summary_bg_n": 97761.0,
  "summary_bg_p05": 5.213333606719971,
  "summary_bg_p95": 62.72666931152344,
  "summary_bg_stdv": 33.51874542236328,
  "summary_fg_k": 2.3832378999332766,
  "summary_fg_mad": 107.09330628277851,
  "summary_fg_mean": 616.5791625976562,
  "summary_fg_median": 604.7999877929688,
  "summary_fg_n": 20472.0,
  "summary_fg_p05": 456.0813507080078,
  "summary_fg_p95": 803.3800048828125,
  "summary_fg_stdv": 114.65448760986328,
  "tsnr": 38.88542425335618
}