{
  "bids_meta": {
    "AcquisitionMatrixPE": 225,
    "AcquisitionNumber": 1,
    "AcquisitionTime": "09:50:23.379980",
    "BaseResolution": 256,
    "ConversionSoftware": "dcm2niix",
    "ConversionSoftwareVersion": "v1.0.20190410  GCC6.3.0",
    "DeviceSerialNumber": "18011",
    "EchoTime": 0.00335,
    "FlipAngle": 8,
    "ImageOrientationPatientDICOM": [
      0.999391,
      0.0348995,
      0,
      0,
      2.22045e-16,
      -1
    ],
    "ImageType": [
      "ORIGINAL",
      "PRIMARY",
      "M",
      "ND"
    ],
    "ImagingFrequency": 168.255,
    "InPlanePhaseEncodingDirectionDICOM": "ROW",
    "InversionTime": 0.7,
    "MRAcquisitionType": "3D",
    "MagneticFieldStrength": 3.95064,
    "Manufacturer": "Siemens",
    "ManufacturersModelName": "MedSpec_4T",
    "Modality": "MR",
    "PartialFourier": 0.875,
    "PatientPosition": "HFS",
    "PercentPhaseFOV": 100,
    "PhaseEncodingSteps": 197,
    "PhaseResolution": 0.878906,
    "PixelBandwidth": 200,
    "ProtocolName": "t1_mpr_cor",
    "PulseSequenceDetails": "%SiemensSeq%_tfl",
    "ReceiveCoilName": "Head_4T",
    "ReconMatrixPE": 256,
    "RepetitionTime": 1.5,
    "SAR": 0.00308973,
    "ScanOptions": "IR",
    "ScanningSequence": "IR_GR",
    "SequenceName": "tfl3d1_ns",
    "SequenceVariant": "SP_MP",
    "SeriesDescription": "t1_mpr_cor",
    "SeriesNumber": 8,
    "ShimSetting": [
      21,
      -16,
      15,
      1963,
      853,
      -3401,
      2288,
      -46
    ],
    "SliceThickness": 0.9,
    "SoftwareVersions": "syngo_MR_2002B_4VA21A",
    "StationName": "wes4T",
    "TxRefAmp": 219.341,
    "dataset": "ds004169",
    "modality": "T1w",
    "session_id": "01",
    "subject_id": "0582"
  },
  "cjv": 0.415855836587022,
  "cnr": 3.1520626136309287,
  "efc": 0.4710877455042066,
  "fber": -1.0,
  "fwhm_avg": 4.589423600181334,
  "fwhm_x": 4.681408,
  "fwhm_y": 5.053700133877334,
  "fwhm_z": 4.033162666666667,
  "icvs_csf": 0.2542812747603389,
  "icvs_gm": 0.39059956955157127,
  "icvs_wm": 0.3551191556880898,
  "inu_med": 0.7012839019298553,
  "inu_range": 0.4358528792858124,
  "provenance": {
    "md5sum": "7b53909d1f9e4ddef3e10275c1d26c53",
    "settings": {
      "testing": false
    },
    "software": "mriqc",
    "version": "23.0.1",
    "warnings": {
      "large_rot_frame": true,
      "small_air_mask": false
    },
    "webapi_port": null,
    "webapi_url": "https://mriqc.nimh.nih.gov/api/v1"
  },
  "qi_1": 0.0,
  "qi_2": 0.035832364688638575,
  "rpve_csf": 22.48034106610821,
  "rpve_gm": 14.21459614666535,
  "rpve_wm": 18.60721061136307,
  "size_x": 256,
  "size_y": 256,
  "size_z": 256,
  "snr_csf": 2.745138546397252,
  "snr_gm": 10.438666619236054,
  "snr_total": 10.844473135078232,
  "snr_wm": 19.349614239601387,
  "snrd_csf": 8.10770428229657,
  "snrd_gm": 20.17423492436827,
  "snrd_total": 18.782557655267258,
  "snrd_wm": 28.065733759136936,
  "spacing_x": 0.9375,
  "spacing_y": 0.8999999761581421,
  "spacing_z": 0.9375,
  "summary_bg_k": 14.333250829843102,
  "summary_bg_mad": 0.0,
  "summary_bg_mean": 14.792157525074584,
  "summary_bg_median": 0.0,
  "summary_bg_n": 4009620.0,
  "summary_bg_p05": 0.0,
  "summary_bg_p95": 60.72937346063554,
  "summary_bg_stdv": 23.343652915956156,
  "summary_csf_k": 9.427744424480487,
  "summary_csf_mad": 91.51126347453271,
  "summary_csf_mean": 287.1744133077975,
  "summary_csf_median": 288.8916486874223,
  "summary_csf_n": 100579.0,
  "summary_csf_p05": 116.88928869310769,
  "summary_csf_p95": 457.007950052619,
  "summary_csf_stdv": 105.23702452833189,
  "summary_gm_k": 0.17923027822106352,
  "summary_gm_mad": 67.332394161936,
  "summary_gm_mean": 716.2804792364573,
  "summary_gm_median": 718.8431873414665,
  "summary_gm_n": 29609.0,
  "summary_gm_p05": 598.2542217280716,
  "summary_gm_p95": 825.2982067018747,
  "summary_gm_stdv": 68.86234368131029,
  "summary_wm_k": 0.49360472164856795,
  "summary_wm_mad": 49.6012233326984,
  "summary_wm_mean": 1001.4200989188143,
  "summary_wm_median": 1000.0310587305576,
  "summary_wm_n": 310181.0,
  "summary_wm_p05": 919.265651570633,
  "summary_wm_p95": 1088.4381159525365,
  "summary_wm_stdv": 51.6821386893833,
  "tpm_overlap_csf": 0.14664601610151284,
  "tpm_overlap_gm": 0.43616179119695386,
  "tpm_overlap_wm": 0.4881217922299559,
  "wm2max": 0.5223592406295635
}