{
  "aor": 0.0033740666666666665,
  "aqi": 0.021661467866666666,
  "bids_meta": {
    "AcquisitionMatrixPE": 64,
    "AcquisitionNumber": 1,
    "AcquisitionTime": "10:05:36.532500",
    "BaseResolution": 64,
    "ConversionSoftware": "dcm2niix",
    "ConversionSoftwareVersion": "v1.0.20190410  GCC6.3.0",
    "DeviceSerialNumber": "18011",
    "EchoTime": 0.03,
    "FlipAngle": 90,
    "ImageComments": "Fake_MoCo_Reference_Volume_+_DiCo_Applied",
    "ImageOrientationPatientDICOM": [
      0.997564,
      0,
      -0.0697565,
      0,
      1,
      -6.93889e-18
    ],
    "ImageType": [
      "ORIGINAL",
      "PRIMARY",
      "M",
      "ND",
      "MOSAIC"
    ],
    "ImagingFrequency": 168.256,
    "InPlanePhaseEncodingDirectionDICOM": "COL",
    "MRAcquisitionType": "2D",
    "MagneticFieldStrength": 3.95064,
    "Manufacturer": "Siemens",
    "ManufacturersModelName": "MedSpec_4T",
    "Modality": "MR",
    "PartialFourier": 1,
    "PatientPosition": "HFS",
    "PercentPhaseFOV": 100,
    "PhaseEncodingDirection": "j-",
    "PhaseEncodingSteps": 64,
    "PhaseResolution": 1,
    "PixelBandwidth": 2790,
    "ProtocolName": "mz_bold_dc_REST",
    "PulseSequenceDetails": "%CustomerSeq%_mz_ep2d_bold_dc",
    "ReceiveCoilName": "Head_4T",
    "ReconMatrixPE": 64,
    "RepetitionTime": 2.1,
    "SAR": 0.0217739,
    "ScanOptions": "FS",
    "ScanningSequence": "SE_EP",
    "SequenceName": "epfid2d1_64",
    "SequenceVariant": "SK",
    "SeriesDescription": "mz_bold_dc_REST_DiCo",
    "SeriesNumber": 10,
    "ShimSetting": [
      9,
      -7,
      35,
      1792,
      687,
      -3092,
      2296,
      -78
    ],
    "SliceThickness": 3,
    "SoftwareVersions": "syngo_MR_2002B_4VA21A",
    "SpacingBetweenSlices": 3.6,
    "StationName": "wes4T",
    "TaskName": "rest",
    "TxRefAmp": 209.833,
    "dataset": "ds004169",
    "modality": "bold",
    "session_id": "01",
    "subject_id": "0852",
    "task_id": "rest"
  },
  "dummy_trs": 0,
  "dvars_nstd": 28.4909454575839,
  "dvars_std": 1.0003450751677843,
  "dvars_vstd": 0.9003110532885901,
  "efc": 0.461807066726534,
  "fber": 2334.483154296875,
  "fd_mean": 0.2694798040568383,
  "fd_num": 76,
  "fd_perc": 50.666666666666664,
  "fwhm_avg": 1.716434601494021,
  "fwhm_x": 1.6013133913043478,
  "fwhm_y": 1.9928542608695652,
  "fwhm_z": 1.5551361523081502,
  "gcor": 0.301221,
  "gsr_x": -0.02111605741083622,
  "gsr_y": 0.034147895872592926,
  "provenance": {
    "md5sum": "e3c7a5be992d149c3356d873548d6c4e",
    "settings": {
      "fd_thres": 0.2,
      "testing": false
    },
    "software": "mriqc",
    "version": "23.0.1",
    "webapi_port": null,
    "webapi_url": "https://mriqc.nimh.nih.gov/api/v1"
  },
  "size_t": 150,
  "size_x": 64,
  "size_y": 64,
  "size_z": 36,
  "snr": 5.8300670850239555,
  "spacing_tr": 2.0999999046325684,
  "spacing_x": 3.59375,
  "spacing_y": 3.59375,
  "spacing_z": 3.5999999046325684,
  "summary_bg_k": 58.4452154198835,
  "summary_bg_mad": 9.992740027306697,
  "summary_bg_mean": 30.804840087890625,
  "summary_bg_median": 15.64666748046875,
  "summary_bg_n": 97972.0,
  "summary_bg_p05": 7.0,
  "summary_bg_p95": 96.38233528137201,
  "summary_bg_stdv": 43.50065231323242,
  "summary_fg_k": 3.2211385457436963,
  "summary_fg_mad": 106.89074249700431,
  "summary_fg_mean": 751.6821899414062,
  "summary_fg_median": 742.1533813476562,
  "summary_fg_n": 19756.0,
  "summary_fg_p05": 568.1466674804688,
  "summary_fg_p95": 956.5750274658203,
  "summary_fg_stdv": 127.29434967041016,
  "tsnr": 28.815596796688624
}