{
  "aor": 0.007095167785234899,
  "aqi": 0.006943666577181208,
  "bids_meta": {
    "AcquisitionMatrixPE": 64,
    "AcquisitionNumber": 1,
    "AcquisitionTime": "13:29:10.074980",
    "BaseResolution": 64,
    "ConversionSoftware": "dcm2niix",
    "ConversionSoftwareVersion": "v1.0.20190410  GCC6.3.0",
    "DeviceSerialNumber": "18011",
    "EchoTime": 0.03,
    "FlipAngle": 90,
    "ImageComments": "Fake_MoCo_Reference_Volume_+_DiCo_Applied",
    "ImageOrientationPatientDICOM": [
      1,
      2.22045e-16,
      2.77556e-17,
      -2.22045e-16,
      0.964557,
      -0.263873
    ],
    "ImageType": [
      "ORIGINAL",
      "PRIMARY",
      "M",
      "ND",
      "DICO",
      "MOSAIC"
    ],
    "ImagingFrequency": 168.255,
    "InPlanePhaseEncodingDirectionDICOM": "COL",
    "MRAcquisitionType": "2D",
    "MagneticFieldStrength": 3.95064,
    "Manufacturer": "Siemens",
    "ManufacturersModelName": "MedSpec_4T",
    "Modality": "MR",
    "PartialFourier": 1,
    "PatientPosition": "HFS",
    "PercentPhaseFOV": 100,
    "PhaseEncodingDirection": "j-",
    "PhaseEncodingSteps": 64,
    "PhaseResolution": 1,
    "PixelBandwidth": 2790,
    "ProcedureStepDescription": "Research_fMRI",
    "ProtocolName": "mz_bold_dc_REST",
    "PulseSequenceDetails": "%CustomerSeq%_mz_ep2d_bold_dc",
    "ReceiveCoilName": "Head",
    "ReconMatrixPE": 64,
    "RepetitionTime": 2.1,
    "SAR": 0.0925823,
    "ScanOptions": "FS",
    "ScanningSequence": "SE_EP",
    "SequenceName": "epfid2d1_64",
    "SequenceVariant": "SK",
    "SeriesDescription": "mz_bold_dc_REST_DiCo",
    "SeriesNumber": 9,
    "ShimSetting": [
      9,
      -3,
      -18,
      1598,
      -89,
      -2792,
      2897,
      109
    ],
    "SliceThickness": 3,
    "SoftwareVersions": "syngo_MR_2004A_4VA25A",
    "SpacingBetweenSlices": 3.6,
    "StationName": "WES4T",
    "TaskName": "rest",
    "TxRefAmp": 178.911,
    "dataset": "ds004169",
    "modality": "bold",
    "session_id": "01",
    "subject_id": "0870",
    "task_id": "rest"
  },
  "dummy_trs": 1,
  "dvars_nstd": 17.405183038310817,
  "dvars_std": 1.0734560518243241,
  "dvars_vstd": 1.041959415067567,
  "efc": 0.449508133317001,
  "fber": 2752.054931640625,
  "fd_mean": 0.09865035588821693,
  "fd_num": 3,
  "fd_perc": 2.0134228187919465,
  "fwhm_avg": 1.782307586615751,
  "fwhm_x": 1.6698685217391303,
  "fwhm_y": 1.983215304347826,
  "fwhm_z": 1.6938389337602968,
  "gcor": 0.0129934,
  "gsr_x": -0.02360166423022747,
  "gsr_y": 0.03338061645627022,
  "provenance": {
    "md5sum": "814b051420078b161c56f77804781f6d",
    "settings": {
      "fd_thres": 0.2,
      "testing": false
    },
    "software": "mriqc",
    "version": "23.0.1",
    "webapi_port": null,
    "webapi_url": "https://mriqc.nimh.nih.gov/api/v1"
  },
  "size_t": 149,
  "size_x": 64,
  "size_y": 64,
  "size_z": 36,
  "snr": 5.8529881739192975,
  "spacing_tr": 2.0999999046325684,
  "spacing_x": 3.59375,
  "spacing_y": 3.59375,
  "spacing_z": 3.5999999046325684,
  "summary_bg_k": 71.38925089987849,
  "summary_bg_mad": 6.696585778764786,
  "summary_bg_mean": 23.687992095947266,
  "summary_bg_median": 11.543623924255371,
  "summary_bg_n": 99192.0,
  "summary_bg_p05": 6.577181339263916,
  "summary_bg_p95": 72.63389244079588,
  "summary_bg_stdv": 36.1698112487793,
  "summary_fg_k": 1.9431376062635328,
  "summary_fg_mad": 97.32436570057806,
  "summary_fg_mean": 636.8086547851562,
  "summary_fg_median": 633.302001953125,
  "summary_fg_n": 18285.0,
  "summary_fg_p05": 470.3087158203125,
  "summary_fg_p95": 811.1597290039062,
  "summary_fg_stdv": 108.19852447509766,
  "tsnr": 60.971419632434845
}