{
  "aor": 0.0016819333333333334,
  "aqi": 0.0089329712,
  "bids_meta": {
    "AcquisitionMatrixPE": 64,
    "AcquisitionNumber": 1,
    "AcquisitionTime": "09:07:59.837510",
    "BaseResolution": 64,
    "ConversionSoftware": "dcm2niix",
    "ConversionSoftwareVersion": "v1.0.20190410  GCC6.3.0",
    "DeviceSerialNumber": "18011",
    "EchoTime": 0.03,
    "FlipAngle": 90,
    "ImageComments": "Fake_MoCo_Reference_Volume_+_DiCo_Applied",
    "ImageOrientationPatientDICOM": [
      1,
      -1.11022e-16,
      0,
      1.11022e-16,
      0.991894,
      -0.127065
    ],
    "ImageType": [
      "ORIGINAL",
      "PRIMARY",
      "M",
      "ND",
      "DICO",
      "MOSAIC"
    ],
    "ImagingFrequency": 168.255,
    "InPlanePhaseEncodingDirectionDICOM": "COL",
    "MRAcquisitionType": "2D",
    "MagneticFieldStrength": 3.95064,
    "Manufacturer": "Siemens",
    "ManufacturersModelName": "MedSpec_4T",
    "Modality": "MR",
    "PartialFourier": 1,
    "PatientPosition": "HFS",
    "PercentPhaseFOV": 100,
    "PhaseEncodingDirection": "j-",
    "PhaseEncodingSteps": 64,
    "PhaseResolution": 1,
    "PixelBandwidth": 2790,
    "ProcedureStepDescription": "Research_fMRI",
    "ProtocolName": "mz_bold_dc_REST",
    "PulseSequenceDetails": "%CustomerSeq%_mz_ep2d_bold_dc",
    "ReceiveCoilName": "Head",
    "ReconMatrixPE": 64,
    "RepetitionTime": 2.1,
    "SAR": 0.0874954,
    "ScanOptions": "FS",
    "ScanningSequence": "SE_EP",
    "SequenceName": "epfid2d1_64",
    "SequenceVariant": "SK",
    "SeriesDescription": "mz_bold_dc_REST_DiCo",
    "SeriesNumber": 10,
    "ShimSetting": [
      -15,
      15,
      48,
      1750,
      710,
      -3500,
      2795,
      -97
    ],
    "SliceThickness": 3,
    "SoftwareVersions": "syngo_MR_2004A_4VA25A",
    "SpacingBetweenSlices": 3.6,
    "StationName": "WES4T",
    "TaskName": "rest",
    "TxRefAmp": 222.492,
    "dataset": "ds004169",
    "modality": "bold",
    "session_id": "01",
    "subject_id": "0473",
    "task_id": "rest"
  },
  "dummy_trs": 0,
  "dvars_nstd": 28.69110226530202,
  "dvars_std": 1.1370240548993282,
  "dvars_vstd": 1.004078012751678,
  "efc": 0.5109377331439348,
  "fber": 1555.8397216796875,
  "fd_mean": 0.2003477225986366,
  "fd_num": 53,
  "fd_perc": 35.333333333333336,
  "fwhm_avg": 1.7483644933526545,
  "fwhm_x": 1.5910928695652176,
  "fwhm_y": 1.9971895652173912,
  "fwhm_z": 1.6568110452753553,
  "gcor": 0.0229713,
  "gsr_x": -0.02778416872024536,
  "gsr_y": 0.04666731506586075,
  "provenance": {
    "md5sum": "0719626c1d5f345d3d73d8e3b8681150",
    "settings": {
      "fd_thres": 0.2,
      "testing": false
    },
    "software": "mriqc",
    "version": "23.0.1",
    "webapi_port": null,
    "webapi_url": "https://mriqc.nimh.nih.gov/api/v1"
  },
  "size_t": 150,
  "size_x": 64,
  "size_y": 64,
  "size_z": 36,
  "snr": 5.449033492036756,
  "spacing_tr": 2.0999999046325684,
  "spacing_x": 3.59375,
  "spacing_y": 3.59375,
  "spacing_z": 3.6000001430511475,
  "summary_bg_k": 34.9032794955302,
  "summary_bg_mad": 9.439234313008287,
  "summary_bg_mean": 32.71676254272461,
  "summary_bg_median": 15.773333549499512,
  "summary_bg_n": 92253.0,
  "summary_bg_p05": 8.760000228881836,
  "summary_bg_p95": 104.41333770751953,
  "summary_bg_stdv": 42.81108856201172,
  "summary_fg_k": 4.216638397344845,
  "summary_fg_mad": 96.59645723831859,
  "summary_fg_mean": 633.4111938476562,
  "summary_fg_median": 634.1533203125,
  "summary_fg_n": 24187.0,
  "summary_fg_p05": 455.21934509277344,
  "summary_fg_p95": 804.2720275878906,
  "summary_fg_stdv": 116.37664031982422,
  "tsnr": 51.45787155692233
}