{
  "bids_meta": {
    "AcquisitionMatrixPE": 225,
    "AcquisitionNumber": 1,
    "AcquisitionTime": "09:21:4.515010",
    "BaseResolution": 256,
    "ConversionSoftware": "dcm2niix",
    "ConversionSoftwareVersion": "v1.0.20190410  GCC6.3.0",
    "DeviceSerialNumber": "18011",
    "EchoTime": 0.00335,
    "FlipAngle": 8,
    "ImageOrientationPatientDICOM": [
      0.99863,
      -0.052336,
      0,
      0,
      -2.22045e-16,
      -1
    ],
    "ImageType": [
      "ORIGINAL",
      "PRIMARY",
      "M",
      "ND"
    ],
    "ImagingFrequency": 168.217,
    "InPlanePhaseEncodingDirectionDICOM": "ROW",
    "InversionTime": 0.7,
    "MRAcquisitionType": "3D",
    "MagneticFieldStrength": 3.95064,
    "Manufacturer": "Siemens",
    "ManufacturersModelName": "MedSpec_4T",
    "Modality": "MR",
    "PartialFourier": 0.875,
    "PatientPosition": "HFS",
    "PercentPhaseFOV": 100,
    "PhaseEncodingSteps": 197,
    "PhaseResolution": 0.878906,
    "PixelBandwidth": 200,
    "ProtocolName": "t1_mpr_cor",
    "PulseSequenceDetails": "%SiemensSeq%_tfl",
    "ReceiveCoilName": "Head_4T",
    "ReconMatrixPE": 256,
    "RepetitionTime": 1.5,
    "SAR": 0.0050941,
    "ScanOptions": "IR",
    "ScanningSequence": "IR_GR",
    "SequenceName": "tfl3d1_ns",
    "SequenceVariant": "SP_MP",
    "SeriesDescription": "t1_mpr_cor",
    "SeriesNumber": 8,
    "ShimSetting": [
      6,
      5,
      -4,
      966,
      477,
      -3964,
      1901,
      162
    ],
    "SliceThickness": 0.9,
    "SoftwareVersions": "syngo_MR_2002B_4VA21A",
    "StationName": "wes4T",
    "TxRefAmp": 176.511,
    "dataset": "ds004169",
    "modality": "T1w",
    "session_id": "02",
    "subject_id": "0611"
  },
  "cjv": 0.33850950757242887,
  "cnr": 3.81223006049935,
  "efc": 0.4462875575176236,
  "fber": 1592.2568136890213,
  "fwhm_avg": 4.357915893419887,
  "fwhm_x": 4.473856,
  "fwhm_y": 4.707422346926327,
  "fwhm_z": 3.892469333333333,
  "icvs_csf": 0.22427299335162773,
  "icvs_gm": 0.43199630867572786,
  "icvs_wm": 0.34373069797264444,
  "inu_med": 0.6685017347335815,
  "inu_range": 0.4340938091278076,
  "provenance": {
    "md5sum": "ce7fee32e808772fdbae6d9f782c6f49",
    "settings": {
      "testing": false
    },
    "software": "mriqc",
    "version": "23.0.1",
    "warnings": {
      "large_rot_frame": true,
      "small_air_mask": false
    },
    "webapi_port": null,
    "webapi_url": "https://mriqc.nimh.nih.gov/api/v1"
  },
  "qi_1": 0.0,
  "qi_2": 0.05473639467109494,
  "rpve_csf": 28.30612269155273,
  "rpve_gm": 15.525067222925452,
  "rpve_wm": 22.78164257143247,
  "size_x": 256,
  "size_y": 256,
  "size_z": 256,
  "snr_csf": 2.000740705609076,
  "snr_gm": 9.723578205700603,
  "snr_total": 10.188842062132656,
  "snr_wm": 18.842207275088285,
  "snrd_csf": 8.540305443669586,
  "snrd_gm": 20.663543816816595,
  "snrd_total": 20.161209009900308,
  "snrd_wm": 31.279777769214746,
  "spacing_x": 0.9375,
  "spacing_y": 0.8999999761581421,
  "spacing_z": 0.9375,
  "summary_bg_k": 5.260030767624636,
  "summary_bg_mad": 20.945023727979542,
  "summary_bg_mean": 17.836572083401574,
  "summary_bg_median": 14.127203822135925,
  "summary_bg_n": 5149304.0,
  "summary_bg_p05": 0.0,
  "summary_bg_p95": 59.775731172412634,
  "summary_bg_stdv": 22.224195753118057,
  "summary_csf_k": 18.022756116833126,
  "summary_csf_mad": 113.88856652088876,
  "summary_csf_mean": 280.93281887645463,
  "summary_csf_median": 273.0376455374062,
  "summary_csf_n": 35273.0,
  "summary_csf_p05": 97.25991198047996,
  "summary_csf_p95": 469.17032526805997,
  "summary_csf_stdv": 136.46634688615754,
  "summary_gm_k": 0.27597044882766575,
  "summary_gm_mad": 65.49683461603603,
  "summary_gm_mean": 659.2196524328685,
  "summary_gm_median": 660.6233687326312,
  "summary_gm_n": 32419.0,
  "summary_gm_p05": 545.0392961278558,
  "summary_gm_p95": 767.8459025751799,
  "summary_gm_stdv": 67.93930853938333,
  "summary_wm_k": 0.7888759609181797,
  "summary_wm_mad": 49.39534762515175,
  "summary_wm_mean": 1000.9250101848302,
  "summary_wm_median": 1000.0294405594468,
  "summary_wm_n": 240190.0,
  "summary_wm_p05": 915.119059253484,
  "summary_wm_p95": 1088.0890110507607,
  "summary_wm_stdv": 53.073790358564885,
  "tpm_overlap_csf": 0.14159884569607972,
  "tpm_overlap_gm": 0.45397034767708816,
  "tpm_overlap_wm": 0.4955679057155862,
  "wm2max": 0.5714007756826904
}