{
  "aor": 0.0022044666666666667,
  "aqi": 0.014139856266666667,
  "bids_meta": {
    "AcquisitionMatrixPE": 64,
    "AcquisitionNumber": 1,
    "AcquisitionTime": "09:00:6.809980",
    "BaseResolution": 64,
    "ConversionSoftware": "dcm2niix",
    "ConversionSoftwareVersion": "v1.0.20190410  GCC6.3.0",
    "DeviceSerialNumber": "18011",
    "EchoTime": 0.03,
    "FlipAngle": 90,
    "ImageComments": "Fake_MoCo_Reference_Volume_+_DiCo_Applied",
    "ImageOrientationPatientDICOM": [
      1,
      2.22045e-16,
      0,
      -2.22045e-16,
      0.967709,
      -0.252069
    ],
    "ImageType": [
      "ORIGINAL",
      "PRIMARY",
      "M",
      "ND",
      "DICO",
      "MOSAIC"
    ],
    "ImagingFrequency": 168.255,
    "InPlanePhaseEncodingDirectionDICOM": "COL",
    "MRAcquisitionType": "2D",
    "MagneticFieldStrength": 3.95064,
    "Manufacturer": "Siemens",
    "ManufacturersModelName": "Trio",
    "Modality": "MR",
    "PartialFourier": 1,
    "PatientPosition": "HFS",
    "PercentPhaseFOV": 100,
    "PhaseEncodingDirection": "j-",
    "PhaseEncodingSteps": 64,
    "PhaseResolution": 1,
    "PixelBandwidth": 2790,
    "ProcedureStepDescription": "Research_fMRI",
    "ProtocolName": "mz_bold_dc_REST",
    "PulseSequenceDetails": "%CustomerSeq%_mz_ep2d_bold_dc",
    "ReceiveCoilName": "TEM_Head",
    "ReconMatrixPE": 64,
    "RepetitionTime": 2.1,
    "SAR": 0.0851494,
    "ScanOptions": "FS",
    "ScanningSequence": "SE_EP",
    "SequenceName": "epfid2d1_64",
    "SequenceVariant": "SK",
    "SeriesDescription": "mz_bold_dc_REST_DiCo",
    "SeriesNumber": 10,
    "ShimSetting": [
      25,
      21,
      3,
      1834,
      2476,
      -9999,
      6642,
      -307
    ],
    "SliceThickness": 3,
    "SoftwareVersions": "syngo_MR_2004A_4VA25A",
    "SpacingBetweenSlices": 3.6,
    "StationName": "WES4T",
    "TaskName": "rest",
    "TxRefAmp": 199.371,
    "dataset": "ds004169",
    "modality": "bold",
    "session_id": "01",
    "subject_id": "0967",
    "task_id": "rest"
  },
  "dummy_trs": 0,
  "dvars_nstd": 32.36119429080536,
  "dvars_std": 1.1510896334228187,
  "dvars_vstd": 0.9876060513422817,
  "efc": 0.5173806166876711,
  "fber": 1361.42578125,
  "fd_mean": 0.22711991333703996,
  "fd_num": 61,
  "fd_perc": 40.666666666666664,
  "fwhm_avg": 1.725436286736726,
  "fwhm_x": 1.6036507826086956,
  "fwhm_y": 1.9198274782608695,
  "fwhm_z": 1.6528305993406136,
  "gcor": 0.0510168,
  "gsr_x": -0.0172952339053154,
  "gsr_y": 0.035688210278749466,
  "provenance": {
    "md5sum": "a172cde65a86bf75eea316e30fc03763",
    "settings": {
      "fd_thres": 0.2,
      "testing": false
    },
    "software": "mriqc",
    "version": "23.0.1",
    "webapi_port": null,
    "webapi_url": "https://mriqc.nimh.nih.gov/api/v1"
  },
  "size_t": 150,
  "size_x": 64,
  "size_y": 64,
  "size_z": 36,
  "snr": 5.517196108176813,
  "spacing_tr": 2.0999999046325684,
  "spacing_x": 3.59375,
  "spacing_y": 3.59375,
  "spacing_z": 3.5999999046325684,
  "summary_bg_k": 51.31120041039262,
  "summary_bg_mad": 10.318911497355776,
  "summary_bg_mean": 29.94920539855957,
  "summary_bg_median": 15.626667022705078,
  "summary_bg_n": 90592.0,
  "summary_bg_p05": 7.886666774749756,
  "summary_bg_p95": 86.2733383178711,
  "summary_bg_stdv": 42.781734466552734,
  "summary_fg_k": 3.439850783217546,
  "summary_fg_mad": 92.05969806932578,
  "summary_fg_mean": 581.3385009765625,
  "summary_fg_median": 576.106689453125,
  "summary_fg_n": 25659.0,
  "summary_fg_p05": 426.8066711425781,
  "summary_fg_p95": 747.0453430175778,
  "summary_fg_stdv": 104.41815948486328,
  "tsnr": 42.05514037399553
}