{
  "aor": 0.0034639999999999996,
  "aqi": 0.006379930266666666,
  "bids_meta": {
    "AcquisitionMatrixPE": 64,
    "AcquisitionNumber": 1,
    "AcquisitionTime": "09:08:38.742510",
    "BaseResolution": 64,
    "ConversionSoftware": "dcm2niix",
    "ConversionSoftwareVersion": "v1.0.20190410  GCC6.3.0",
    "DeviceSerialNumber": "18011",
    "EchoTime": 0.03,
    "FlipAngle": 90,
    "ImageComments": "Fake_MoCo_Reference_Volume_+_DiCo_Applied",
    "ImageOrientationPatientDICOM": [
      1,
      0,
      0,
      0,
      0.964095,
      -0.265556
    ],
    "ImageType": [
      "ORIGINAL",
      "PRIMARY",
      "M",
      "ND",
      "DICO",
      "MOSAIC"
    ],
    "ImagingFrequency": 168.255,
    "InPlanePhaseEncodingDirectionDICOM": "COL",
    "MRAcquisitionType": "2D",
    "MagneticFieldStrength": 3.95064,
    "Manufacturer": "Siemens",
    "ManufacturersModelName": "MedSpec_4T",
    "Modality": "MR",
    "PartialFourier": 1,
    "PatientPosition": "HFS",
    "PercentPhaseFOV": 100,
    "PhaseEncodingDirection": "j-",
    "PhaseEncodingSteps": 64,
    "PhaseResolution": 1,
    "PixelBandwidth": 2790,
    "ProcedureStepDescription": "Research_fMRI",
    "ProtocolName": "mz_bold_dc_REST",
    "PulseSequenceDetails": "%CustomerSeq%_mz_ep2d_bold_dc",
    "ReceiveCoilName": "Head",
    "ReconMatrixPE": 64,
    "RepetitionTime": 2.1,
    "SAR": 0.0850366,
    "ScanOptions": "FS",
    "ScanningSequence": "SE_EP",
    "SequenceName": "epfid2d1_64",
    "SequenceVariant": "SK",
    "SeriesDescription": "mz_bold_dc_REST_DiCo",
    "SeriesNumber": 10,
    "ShimSetting": [
      24,
      8,
      41,
      1971,
      893,
      -2811,
      2473,
      106
    ],
    "SliceThickness": 3,
    "SoftwareVersions": "syngo_MR_2004A_4VA25A",
    "SpacingBetweenSlices": 3.6,
    "StationName": "WES4T",
    "TaskName": "rest",
    "TxRefAmp": 185.051,
    "dataset": "ds004169",
    "modality": "bold",
    "session_id": "01",
    "subject_id": "0114",
    "task_id": "rest"
  },
  "dummy_trs": 0,
  "dvars_nstd": 21.109958161879185,
  "dvars_std": 1.0931814242281874,
  "dvars_vstd": 0.9928956510738257,
  "efc": 0.46245522812976064,
  "fber": 3060.249267578125,
  "fd_mean": 0.23525689089347399,
  "fd_num": 67,
  "fd_perc": 44.666666666666664,
  "fwhm_avg": 1.8407065367475806,
  "fwhm_x": 1.6736779130434782,
  "fwhm_y": 2.148791652173913,
  "fwhm_z": 1.6996500450253498,
  "gcor": 0.0424231,
  "gsr_x": -0.026423750445246696,
  "gsr_y": 0.037812210619449615,
  "provenance": {
    "md5sum": "0b00f2c45ed10ffab1701dea2d3c39da",
    "settings": {
      "fd_thres": 0.2,
      "testing": false
    },
    "software": "mriqc",
    "version": "22.0.6",
    "webapi_port": null,
    "webapi_url": "https://mriqc.nimh.nih.gov/api/v1"
  },
  "size_t": 150,
  "size_x": 64,
  "size_y": 64,
  "size_z": 36,
  "snr": 5.346789120736356,
  "spacing_tr": 2.0999999046325684,
  "spacing_x": 3.59375,
  "spacing_y": 3.59375,
  "spacing_z": 3.5999999046325684,
  "summary_bg_k": 34.805984730759775,
  "summary_bg_mad": 6.978114149556304,
  "summary_bg_mean": 23.335683822631836,
  "summary_bg_median": 11.326666831970215,
  "summary_bg_n": 96106.0,
  "summary_bg_p05": 5.326666831970215,
  "summary_bg_p95": 72.4000015258789,
  "summary_bg_stdv": 33.147212982177734,
  "summary_fg_k": 5.005652607789957,
  "summary_fg_mad": 94.11555987366103,
  "summary_fg_mean": 639.9007568359375,
  "summary_fg_median": 631.953369140625,
  "summary_fg_n": 21003.0,
  "summary_fg_p05": 474.99534606933594,
  "summary_fg_p95": 815.2786926269531,
  "summary_fg_stdv": 118.19024658203125,
  "tsnr": 61.704843420535326
}