{
  "aor": 0.002158661417322835,
  "aqi": 0.005228575590551182,
  "bids_meta": {
    "AcquisitionMatrixPE": 64,
    "AcquisitionNumber": 1,
    "AcquisitionTime": "08:56:13.869980",
    "BaseResolution": 64,
    "ConversionSoftware": "dcm2niix",
    "ConversionSoftwareVersion": "v1.0.20190410  GCC6.3.0",
    "DeviceSerialNumber": "18011",
    "EchoTime": 0.03,
    "FlipAngle": 90,
    "ImageComments": "Fake_MoCo_Reference_Volume_+_DiCo_Applied",
    "ImageOrientationPatientDICOM": [
      1,
      -1.11022e-16,
      0,
      1.11022e-16,
      0.977783,
      -0.209619
    ],
    "ImageType": [
      "ORIGINAL",
      "PRIMARY",
      "M",
      "ND",
      "DICO",
      "MOSAIC"
    ],
    "ImagingFrequency": 168.255,
    "InPlanePhaseEncodingDirectionDICOM": "COL",
    "MRAcquisitionType": "2D",
    "MagneticFieldStrength": 3.95064,
    "Manufacturer": "Siemens",
    "ManufacturersModelName": "MedSpec_4T",
    "Modality": "MR",
    "PartialFourier": 1,
    "PatientPosition": "HFS",
    "PercentPhaseFOV": 100,
    "PhaseEncodingDirection": "j-",
    "PhaseEncodingSteps": 64,
    "PhaseResolution": 1,
    "PixelBandwidth": 2790,
    "ProcedureStepDescription": "Research_fMRI",
    "ProtocolName": "Nback_dc_opt",
    "PulseSequenceDetails": "%CustomerSeq%_kt_ep2d_bold_dc",
    "ReceiveCoilName": "Head",
    "ReconMatrixPE": 64,
    "RepetitionTime": 2.1,
    "SAR": 0.0938111,
    "ScanOptions": "FS",
    "ScanningSequence": "SE_EP",
    "SequenceName": "epfid2d1_64",
    "SequenceVariant": "SK",
    "SeriesDescription": "Nback_dc_opt_DiCo",
    "SeriesNumber": 6,
    "ShimSetting": [
      19,
      21,
      49,
      2093,
      392,
      -3444,
      2551,
      -40
    ],
    "SliceThickness": 3,
    "SoftwareVersions": "syngo_MR_2004A_4VA25A",
    "SpacingBetweenSlices": 3.6,
    "StationName": "WES4T",
    "TaskName": "nback",
    "TxRefAmp": 207.379,
    "dataset": "ds004169",
    "modality": "bold",
    "session_id": "02",
    "subject_id": "1103",
    "task_id": "nback"
  },
  "dummy_trs": 0,
  "dvars_nstd": 25.268971912222224,
  "dvars_std": 1.2017220334920637,
  "dvars_vstd": 1.0055411810317458,
  "efc": 0.5014837010257093,
  "fber": 1999.36376953125,
  "fd_mean": 0.11769796650811384,
  "fd_num": 11,
  "fd_perc": 8.661417322834646,
  "fwhm_avg": 1.8024932658628476,
  "fwhm_x": 1.6911471304347827,
  "fwhm_y": 2.057332733076495,
  "fwhm_z": 1.6589999340772656,
  "gcor": 0.0351463,
  "gsr_x": -0.021225837990641594,
  "gsr_y": 0.03693796321749687,
  "provenance": {
    "md5sum": "2128ea79879a8cf4987f884ae58ad14b",
    "settings": {
      "fd_thres": 0.2,
      "testing": false
    },
    "software": "mriqc",
    "version": "23.0.1",
    "webapi_port": null,
    "webapi_url": "https://mriqc.nimh.nih.gov/api/v1"
  },
  "size_t": 127,
  "size_x": 64,
  "size_y": 64,
  "size_z": 36,
  "snr": 5.600242623168251,
  "spacing_tr": 2.0999999046325684,
  "spacing_x": 3.59375,
  "spacing_y": 3.593750238418579,
  "spacing_z": 3.6000001430511475,
  "summary_bg_k": 29.368947174396283,
  "summary_bg_mad": 8.487023050244606,
  "summary_bg_mean": 29.952001571655273,
  "summary_bg_median": 14.622047424316406,
  "summary_bg_n": 90996.0,
  "summary_bg_p05": 8.307086944580078,
  "summary_bg_p95": 92.89960479736328,
  "summary_bg_stdv": 42.668670654296875,
  "summary_fg_k": 3.1512130766787676,
  "summary_fg_mad": 105.75503698288354,
  "summary_fg_mean": 681.6713256835938,
  "summary_fg_median": 680.8504028320312,
  "summary_fg_n": 24247.0,
  "summary_fg_p05": 493.6307006835938,
  "summary_fg_p95": 867.6212829589845,
  "summary_fg_stdv": 121.5726547241211,
  "tsnr": 64.67320793832187
}