{
  "aor": 0.0036101574803149607,
  "aqi": 0.009150052440944885,
  "bids_meta": {
    "AcquisitionMatrixPE": 64,
    "AcquisitionNumber": 1,
    "AcquisitionTime": "09:38:0.900000",
    "BaseResolution": 64,
    "ConversionSoftware": "dcm2niix",
    "ConversionSoftwareVersion": "v1.0.20190410  GCC6.3.0",
    "DeviceSerialNumber": "18011",
    "EchoTime": 0.03,
    "FlipAngle": 90,
    "ImageComments": "Fake_MoCo_Reference_Volume_+_DiCo_Applied",
    "ImageOrientationPatientDICOM": [
      1,
      0,
      0,
      0,
      1,
      0
    ],
    "ImageType": [
      "ORIGINAL",
      "PRIMARY",
      "M",
      "ND",
      "MOSAIC"
    ],
    "ImagingFrequency": 168.256,
    "InPlanePhaseEncodingDirectionDICOM": "COL",
    "MRAcquisitionType": "2D",
    "MagneticFieldStrength": 3.95064,
    "Manufacturer": "Siemens",
    "ManufacturersModelName": "MedSpec_4T",
    "Modality": "MR",
    "PartialFourier": 1,
    "PatientPosition": "HFS",
    "PercentPhaseFOV": 100,
    "PhaseEncodingDirection": "j-",
    "PhaseEncodingSteps": 64,
    "PhaseResolution": 1,
    "PixelBandwidth": 2790,
    "ProtocolName": "Nback_dc_opt",
    "PulseSequenceDetails": "%CustomerSeq%_kt_ep2d_bold_dc",
    "ReceiveCoilName": "Head_4T",
    "ReconMatrixPE": 64,
    "RepetitionTime": 2.1,
    "SAR": 0.038193,
    "ScanOptions": "FS",
    "ScanningSequence": "SE_EP",
    "SequenceName": "epfid2d1_64",
    "SequenceVariant": "SK",
    "SeriesDescription": "Nback_dc_opt_DiCo",
    "SeriesNumber": 7,
    "ShimSetting": [
      9,
      -16,
      -19,
      2126,
      17,
      -4282,
      2643,
      101
    ],
    "SliceThickness": 3,
    "SoftwareVersions": "syngo_MR_2002B_4VA21A",
    "SpacingBetweenSlices": 3.6,
    "StationName": "wes4T",
    "TaskName": "nback",
    "TxRefAmp": 195.007,
    "dataset": "ds004169",
    "modality": "bold",
    "session_id": "01",
    "subject_id": "0399",
    "task_id": "nback"
  },
  "dummy_trs": 0,
  "dvars_nstd": 24.810120083492055,
  "dvars_std": 1.053481867301588,
  "dvars_vstd": 0.9584727853968249,
  "efc": 0.4517083990150722,
  "fber": 3084.568115234375,
  "fd_mean": 0.17119745245644924,
  "fd_num": 14,
  "fd_perc": 11.023622047244094,
  "fwhm_avg": 1.7597339710010322,
  "fwhm_x": 1.653192347826087,
  "fwhm_y": 1.9862845217391305,
  "fwhm_z": 1.6397250434378794,
  "gcor": 0.089102,
  "gsr_x": -0.017151184380054474,
  "gsr_y": 0.03467804193496704,
  "provenance": {
    "md5sum": "209a22a2dcccc4e1ca5b52375afdcccf",
    "settings": {
      "fd_thres": 0.2,
      "testing": false
    },
    "software": "mriqc",
    "version": "23.0.1",
    "webapi_port": null,
    "webapi_url": "https://mriqc.nimh.nih.gov/api/v1"
  },
  "size_t": 127,
  "size_x": 64,
  "size_y": 64,
  "size_z": 36,
  "snr": 5.443904941346426,
  "spacing_tr": 2.0999999046325684,
  "spacing_x": 3.59375,
  "spacing_y": 3.59375,
  "spacing_z": 3.5999999046325684,
  "summary_bg_k": 45.12599278950888,
  "summary_bg_mad": 7.02776747311928,
  "summary_bg_mean": 27.406734466552734,
  "summary_bg_median": 12.984251976013184,
  "summary_bg_n": 98646.0,
  "summary_bg_p05": 7.267716407775879,
  "summary_bg_p95": 83.83267974853516,
  "summary_bg_stdv": 41.14464569091797,
  "summary_fg_k": 2.5364542382605393,
  "summary_fg_mad": 118.60817748044816,
  "summary_fg_mean": 739.6978759765625,
  "summary_fg_median": 729.44091796875,
  "summary_fg_n": 19237.0,
  "summary_fg_p05": 548.9842529296875,
  "summary_fg_p95": 963.1999877929687,
  "summary_fg_stdv": 133.98873901367188,
  "tsnr": 47.151684045093134
}