{
  "aor": 0.0042496,
  "aqi": 0.0094670892,
  "bids_meta": {
    "AcquisitionMatrixPE": 64,
    "AcquisitionNumber": 1,
    "AcquisitionTime": "09:48:8.269990",
    "BaseResolution": 64,
    "ConversionSoftware": "dcm2niix",
    "ConversionSoftwareVersion": "v1.0.20190410  GCC6.3.0",
    "DeviceSerialNumber": "18011",
    "EchoTime": 0.03,
    "FlipAngle": 90,
    "ImageComments": "Fake_MoCo_Reference_Volume_+_DiCo_Applied",
    "ImageOrientationPatientDICOM": [
      1,
      0,
      0,
      0,
      1,
      0
    ],
    "ImageType": [
      "ORIGINAL",
      "PRIMARY",
      "M",
      "ND",
      "MOSAIC"
    ],
    "ImagingFrequency": 168.256,
    "InPlanePhaseEncodingDirectionDICOM": "COL",
    "MRAcquisitionType": "2D",
    "MagneticFieldStrength": 3.95064,
    "Manufacturer": "Siemens",
    "ManufacturersModelName": "MedSpec_4T",
    "Modality": "MR",
    "PartialFourier": 1,
    "PatientPosition": "HFS",
    "PercentPhaseFOV": 100,
    "PhaseEncodingDirection": "j-",
    "PhaseEncodingSteps": 64,
    "PhaseResolution": 1,
    "PixelBandwidth": 2790,
    "ProtocolName": "mz_bold_dc_REST",
    "PulseSequenceDetails": "%CustomerSeq%_mz_ep2d_bold_dc",
    "ReceiveCoilName": "Head_4T",
    "ReconMatrixPE": 64,
    "RepetitionTime": 2.1,
    "SAR": 0.0247367,
    "ScanOptions": "FS",
    "ScanningSequence": "SE_EP",
    "SequenceName": "epfid2d1_64",
    "SequenceVariant": "SK",
    "SeriesDescription": "mz_bold_dc_REST_DiCo",
    "SeriesNumber": 10,
    "ShimSetting": [
      9,
      -16,
      -19,
      2126,
      17,
      -4282,
      2643,
      101
    ],
    "SliceThickness": 3,
    "SoftwareVersions": "syngo_MR_2002B_4VA21A",
    "SpacingBetweenSlices": 3.6,
    "StationName": "wes4T",
    "TaskName": "rest",
    "TxRefAmp": 195.007,
    "dataset": "ds004169",
    "modality": "bold",
    "session_id": "01",
    "subject_id": "0399",
    "task_id": "rest"
  },
  "dummy_trs": 0,
  "dvars_nstd": 23.2764767890604,
  "dvars_std": 1.0797346206040268,
  "dvars_vstd": 1.0100034826174493,
  "efc": 0.45049429168703026,
  "fber": 3228.80859375,
  "fd_mean": 0.13276020125930799,
  "fd_num": 6,
  "fd_perc": 4.0,
  "fwhm_avg": 1.768042046754019,
  "fwhm_x": 1.6648876521739129,
  "fwhm_y": 1.991744,
  "fwhm_z": 1.647494488088144,
  "gcor": 0.151002,
  "gsr_x": -0.01755537837743759,
  "gsr_y": 0.03682050481438637,
  "provenance": {
    "md5sum": "8095086a1784d34cb5ac7f8eb879666a",
    "settings": {
      "fd_thres": 0.2,
      "testing": false
    },
    "software": "mriqc",
    "version": "23.0.1",
    "webapi_port": null,
    "webapi_url": "https://mriqc.nimh.nih.gov/api/v1"
  },
  "size_t": 150,
  "size_x": 64,
  "size_y": 64,
  "size_z": 36,
  "snr": 5.390043099938759,
  "spacing_tr": 2.0999999046325684,
  "spacing_x": 3.59375,
  "spacing_y": 3.59375,
  "spacing_z": 3.5999999046325684,
  "summary_bg_k": 58.54238407451385,
  "summary_bg_mad": 7.136258942338634,
  "summary_bg_mean": 28.25050163269043,
  "summary_bg_median": 13.133333206176758,
  "summary_bg_n": 98746.0,
  "summary_bg_p05": 7.693333625793457,
  "summary_bg_p95": 85.3516674041748,
  "summary_bg_stdv": 44.81425476074219,
  "summary_fg_k": 2.562090313476568,
  "summary_fg_mad": 121.7414234408825,
  "summary_fg_mean": 756.5931396484375,
  "summary_fg_median": 745.1700439453125,
  "summary_fg_n": 19238.0,
  "summary_fg_p05": 558.050341796875,
  "summary_fg_p95": 986.3490264892577,
  "summary_fg_stdv": 138.2457733154297,
  "tsnr": 43.36480745061999
}