{
  "aor": 0.0007328187919463087,
  "aqi": 0.009812530738255033,
  "bids_meta": {
    "AcquisitionMatrixPE": 64,
    "AcquisitionNumber": 1,
    "AcquisitionTime": "10:28:7.914990",
    "BaseResolution": 64,
    "ConversionSoftware": "dcm2niix",
    "ConversionSoftwareVersion": "v1.0.20190410  GCC6.3.0",
    "DeviceSerialNumber": "18011",
    "EchoTime": 0.03,
    "FlipAngle": 90,
    "ImageComments": "Fake_MoCo_Reference_Volume_+_DiCo_Applied",
    "ImageOrientationPatientDICOM": [
      0.999848,
      -1.11022e-16,
      0.0174524,
      1.11022e-16,
      1,
      1.73472e-18
    ],
    "ImageType": [
      "ORIGINAL",
      "PRIMARY",
      "M",
      "ND",
      "MOSAIC"
    ],
    "ImagingFrequency": 168.217,
    "InPlanePhaseEncodingDirectionDICOM": "COL",
    "MRAcquisitionType": "2D",
    "MagneticFieldStrength": 3.95064,
    "Manufacturer": "Siemens",
    "ManufacturersModelName": "MedSpec_4T",
    "Modality": "MR",
    "PartialFourier": 1,
    "PatientPosition": "HFS",
    "PercentPhaseFOV": 100,
    "PhaseEncodingDirection": "j-",
    "PhaseEncodingSteps": 64,
    "PhaseResolution": 1,
    "PixelBandwidth": 2790,
    "ProtocolName": "mz_bold_dc_REST",
    "PulseSequenceDetails": "%CustomerSeq%_mz_ep2d_bold_dc",
    "ReceiveCoilName": "Head_4T",
    "ReconMatrixPE": 64,
    "RepetitionTime": 2.1,
    "SAR": 0.0364296,
    "ScanOptions": "FS",
    "ScanningSequence": "SE_EP",
    "SequenceName": "epfid2d1_64",
    "SequenceVariant": "SK",
    "SeriesDescription": "mz_bold_dc_REST_DiCo",
    "SeriesNumber": 10,
    "ShimSetting": [
      16,
      -36,
      -18,
      2717,
      967,
      -4782,
      3034,
      -424
    ],
    "SliceThickness": 3,
    "SoftwareVersions": "syngo_MR_2002B_4VA21A",
    "SpacingBetweenSlices": 3.6,
    "StationName": "wes4T",
    "TaskName": "rest",
    "TxRefAmp": 186.092,
    "dataset": "ds004169",
    "modality": "bold",
    "session_id": "02",
    "subject_id": "0138",
    "task_id": "rest"
  },
  "dummy_trs": 1,
  "dvars_nstd": 37.781919092364866,
  "dvars_std": 1.1403751889189186,
  "dvars_vstd": 0.9807628572297293,
  "efc": 0.4785320135225941,
  "fber": 2090.041259765625,
  "fd_mean": 0.06656501891181545,
  "fd_num": 0,
  "fd_perc": 0.0,
  "fwhm_avg": 1.924921871682292,
  "fwhm_x": 1.7613634782608696,
  "fwhm_y": 2.1324020869565214,
  "fwhm_z": 1.8810000498294843,
  "gcor": 0.0199038,
  "gsr_x": -0.027899470180273056,
  "gsr_y": 0.04745962470769882,
  "provenance": {
    "md5sum": "d8f9326e05f36f7f94dde6a1451c1e4a",
    "settings": {
      "fd_thres": 0.2,
      "testing": false
    },
    "software": "mriqc",
    "version": "22.0.6",
    "webapi_port": null,
    "webapi_url": "https://mriqc.nimh.nih.gov/api/v1"
  },
  "size_t": 149,
  "size_x": 64,
  "size_y": 64,
  "size_z": 36,
  "snr": 5.008329165772886,
  "spacing_tr": 2.0999999046325684,
  "spacing_x": 3.59375,
  "spacing_y": 3.59375,
  "spacing_z": 3.5999999046325684,
  "summary_bg_k": 47.6925150988198,
  "summary_bg_mad": 8.4577987448492,
  "summary_bg_mean": 29.846338272094727,
  "summary_bg_median": 15.026845932006836,
  "summary_bg_n": 95156.0,
  "summary_bg_p05": 8.791946411132812,
  "summary_bg_p95": 89.20301818847656,
  "summary_bg_stdv": 38.045448303222656,
  "summary_fg_k": 2.184056784952282,
  "summary_fg_mad": 129.54363571393986,
  "summary_fg_mean": 725.75927734375,
  "summary_fg_median": 718.4899291992188,
  "summary_fg_n": 21917.0,
  "summary_fg_p05": 515.1758422851562,
  "summary_fg_p95": 963.1557006835938,
  "summary_fg_stdv": 143.4557342529297,
  "tsnr": 43.29741413553711
}