{
  "aor": 0.011995302013422818,
  "aqi": 0.013585627852348993,
  "bids_meta": {
    "AcquisitionMatrixPE": 64,
    "AcquisitionNumber": 1,
    "AcquisitionTime": "10:02:56.257490",
    "BaseResolution": 64,
    "ConversionSoftware": "dcm2niix",
    "ConversionSoftwareVersion": "v1.0.20190410  GCC6.3.0",
    "DeviceSerialNumber": "18011",
    "EchoTime": 0.03,
    "FlipAngle": 90,
    "ImageComments": "Fake_MoCo_Reference_Volume_+_DiCo_Applied",
    "ImageOrientationPatientDICOM": [
      1,
      0,
      0,
      0,
      1,
      0
    ],
    "ImageType": [
      "ORIGINAL",
      "PRIMARY",
      "M",
      "ND",
      "MOSAIC"
    ],
    "ImagingFrequency": 168.255,
    "InPlanePhaseEncodingDirectionDICOM": "COL",
    "MRAcquisitionType": "2D",
    "MagneticFieldStrength": 3.95064,
    "Manufacturer": "Siemens",
    "ManufacturersModelName": "MedSpec_4T",
    "Modality": "MR",
    "PartialFourier": 1,
    "PatientPosition": "HFS",
    "PercentPhaseFOV": 100,
    "PhaseEncodingDirection": "j-",
    "PhaseEncodingSteps": 64,
    "PhaseResolution": 1,
    "PixelBandwidth": 2790,
    "ProtocolName": "mz_bold_dc_REST",
    "PulseSequenceDetails": "%CustomerSeq%_mz_ep2d_bold_dc",
    "ReceiveCoilName": "Head_4T",
    "ReconMatrixPE": 64,
    "RepetitionTime": 2.1,
    "SAR": 0.0224875,
    "ScanOptions": "FS",
    "ScanningSequence": "SE_EP",
    "SequenceName": "epfid2d1_64",
    "SequenceVariant": "SK",
    "SeriesDescription": "mz_bold_dc_REST_DiCo",
    "SeriesNumber": 10,
    "ShimSetting": [
      10,
      -18,
      35,
      1796,
      514,
      -4555,
      3246,
      -25
    ],
    "SliceThickness": 3,
    "SoftwareVersions": "syngo_MR_2002B_4VA21A",
    "SpacingBetweenSlices": 3.6,
    "StationName": "wes4T",
    "TaskName": "rest",
    "TxRefAmp": 197.866,
    "dataset": "ds004169",
    "modality": "bold",
    "session_id": "01",
    "subject_id": "0401",
    "task_id": "rest"
  },
  "dummy_trs": 1,
  "dvars_nstd": 31.782726004459466,
  "dvars_std": 1.3406034902027024,
  "dvars_vstd": 1.101451895202703,
  "efc": 0.4630283859386471,
  "fber": 2115.841064453125,
  "fd_mean": 0.098838139084501,
  "fd_num": 14,
  "fd_perc": 9.395973154362416,
  "fwhm_avg": 1.728482364892147,
  "fwhm_x": 1.6521794782608696,
  "fwhm_y": 1.9653231304347825,
  "fwhm_z": 1.5679444859807883,
  "gcor": 0.343278,
  "gsr_x": -0.022646324709057808,
  "gsr_y": 0.035613857209682465,
  "provenance": {
    "md5sum": "992fe218c9e9a4bdd83cfe58c1a74448",
    "settings": {
      "fd_thres": 0.2,
      "testing": false
    },
    "software": "mriqc",
    "version": "23.0.1",
    "webapi_port": null,
    "webapi_url": "https://mriqc.nimh.nih.gov/api/v1"
  },
  "size_t": 149,
  "size_x": 64,
  "size_y": 64,
  "size_z": 36,
  "snr": 4.805273107222869,
  "spacing_tr": 2.0999999046325684,
  "spacing_x": 3.59375,
  "spacing_y": 3.59375,
  "spacing_z": 3.5999999046325684,
  "summary_bg_k": 46.07327493794962,
  "summary_bg_mad": 7.7911243151053,
  "summary_bg_mean": 27.897796630859375,
  "summary_bg_median": 13.704697608947754,
  "summary_bg_n": 98372.0,
  "summary_bg_p05": 8.020133972167969,
  "summary_bg_p95": 85.91275024414062,
  "summary_bg_stdv": 38.19454574584961,
  "summary_fg_k": 3.744773724021414,
  "summary_fg_mad": 110.22999089581927,
  "summary_fg_mean": 653.5570678710938,
  "summary_fg_median": 640.0604248046875,
  "summary_fg_n": 19265.0,
  "summary_fg_p05": 469.4523620605469,
  "summary_fg_p95": 868.5785034179687,
  "summary_fg_stdv": 133.19613647460938,
  "tsnr": 30.09940258366987
}