{
  "aor": 0.004135275590551182,
  "aqi": 0.011905761102362208,
  "bids_meta": {
    "AcquisitionMatrixPE": 64,
    "AcquisitionNumber": 1,
    "AcquisitionTime": "09:43:19.392500",
    "BaseResolution": 64,
    "ConversionSoftware": "dcm2niix",
    "ConversionSoftwareVersion": "v1.0.20190410  GCC6.3.0",
    "DeviceSerialNumber": "18011",
    "EchoTime": 0.03,
    "FlipAngle": 90,
    "ImageComments": "Fake_MoCo_Reference_Volume_+_DiCo_Applied",
    "ImageOrientationPatientDICOM": [
      0.997564,
      0,
      0.0697565,
      0,
      1,
      6.93889e-18
    ],
    "ImageType": [
      "ORIGINAL",
      "PRIMARY",
      "M",
      "ND",
      "MOSAIC"
    ],
    "ImagingFrequency": 168.255,
    "InPlanePhaseEncodingDirectionDICOM": "COL",
    "MRAcquisitionType": "2D",
    "MagneticFieldStrength": 3.95064,
    "Manufacturer": "Siemens",
    "ManufacturersModelName": "MedSpec_4T",
    "Modality": "MR",
    "PartialFourier": 1,
    "PatientPosition": "HFS",
    "PercentPhaseFOV": 100,
    "PhaseEncodingDirection": "j-",
    "PhaseEncodingSteps": 64,
    "PhaseResolution": 1,
    "PixelBandwidth": 2790,
    "ProtocolName": "Nback_dc_opt",
    "PulseSequenceDetails": "%CustomerSeq%_kt_ep2d_bold_dc",
    "ReceiveCoilName": "Head_4T",
    "ReconMatrixPE": 64,
    "RepetitionTime": 2.1,
    "SAR": 0.034128,
    "ScanOptions": "FS",
    "ScanningSequence": "SE_EP",
    "SequenceName": "epfid2d1_64",
    "SequenceVariant": "SK",
    "SeriesDescription": "Nback_dc_opt_DiCo",
    "SeriesNumber": 7,
    "ShimSetting": [
      32,
      -19,
      14,
      1722,
      573,
      -4200,
      2718,
      -204
    ],
    "SliceThickness": 3,
    "SoftwareVersions": "syngo_MR_2002B_4VA21A",
    "SpacingBetweenSlices": 3.6,
    "StationName": "wes4T",
    "TaskName": "nback",
    "TxRefAmp": 191.323,
    "dataset": "ds004169",
    "modality": "bold",
    "session_id": "01",
    "subject_id": "0589",
    "task_id": "nback"
  },
  "dummy_trs": 0,
  "dvars_nstd": 22.745967425873012,
  "dvars_std": 1.002210562936508,
  "dvars_vstd": 0.9712014835714288,
  "efc": 0.46435905868182464,
  "fber": 2439.6787109375,
  "fd_mean": 0.15245979905303736,
  "fd_num": 19,
  "fd_perc": 14.960629921259843,
  "fwhm_avg": 1.747682136338037,
  "fwhm_x": 1.6495053913043478,
  "fwhm_y": 1.9724633043478261,
  "fwhm_z": 1.621077713361937,
  "gcor": 0.0319595,
  "gsr_x": -0.022848965600132942,
  "gsr_y": 0.043375127017498016,
  "provenance": {
    "md5sum": "5f23a143adac06eef5c986d8d5b90d98",
    "settings": {
      "fd_thres": 0.2,
      "testing": false
    },
    "software": "mriqc",
    "version": "23.0.1",
    "webapi_port": null,
    "webapi_url": "https://mriqc.nimh.nih.gov/api/v1"
  },
  "size_t": 127,
  "size_x": 64,
  "size_y": 64,
  "size_z": 36,
  "snr": 5.63504731242763,
  "spacing_tr": 2.0999999046325684,
  "spacing_x": 3.59375,
  "spacing_y": 3.59375,
  "spacing_z": 3.6000001430511475,
  "summary_bg_k": 50.48915416598912,
  "summary_bg_mad": 9.315878306432413,
  "summary_bg_mean": 29.225847244262695,
  "summary_bg_median": 14.070865631103516,
  "summary_bg_n": 97907.0,
  "summary_bg_p05": 7.110236167907715,
  "summary_bg_p95": 87.30472106933591,
  "summary_bg_stdv": 40.747344970703125,
  "summary_fg_k": 1.981406179251918,
  "summary_fg_mad": 111.44030612241305,
  "summary_fg_mean": 700.3245239257812,
  "summary_fg_median": 692.55908203125,
  "summary_fg_n": 19621.0,
  "summary_fg_p05": 517.55908203125,
  "summary_fg_p95": 904.653564453125,
  "summary_fg_stdv": 122.89895629882812,
  "tsnr": 45.36948355543427
}