{
  "bids_meta": {
    "AcquisitionMatrixPE": 225,
    "AcquisitionNumber": 1,
    "AcquisitionTime": "08:26:34.527510",
    "BaseResolution": 256,
    "ConversionSoftware": "dcm2niix",
    "ConversionSoftwareVersion": "v1.0.20190410  GCC6.3.0",
    "DeviceSerialNumber": "18011",
    "EchoTime": 0.00335,
    "FlipAngle": 8,
    "ImageOrientationPatientDICOM": [
      0.99863,
      -0.052336,
      -3.27377e-09,
      -0.000182688,
      -0.00348583,
      -0.999994
    ],
    "ImageType": [
      "ORIGINAL",
      "PRIMARY",
      "M",
      "ND"
    ],
    "ImagingFrequency": 168.217,
    "InPlanePhaseEncodingDirectionDICOM": "ROW",
    "InversionTime": 0.7,
    "MRAcquisitionType": "3D",
    "MagneticFieldStrength": 3.95064,
    "Manufacturer": "Siemens",
    "ManufacturersModelName": "MedSpec_4T",
    "Modality": "MR",
    "PartialFourier": 0.875,
    "PatientPosition": "HFS",
    "PercentPhaseFOV": 100,
    "PhaseEncodingSteps": 197,
    "PhaseResolution": 0.878906,
    "PixelBandwidth": 200,
    "ProtocolName": "t1_mpr_cor",
    "PulseSequenceDetails": "%SiemensSeq%_tfl",
    "ReceiveCoilName": "Head_4T",
    "ReconMatrixPE": 256,
    "RepetitionTime": 1.5,
    "SAR": 0.0041071,
    "ScanOptions": "IR",
    "ScanningSequence": "IR_GR",
    "SequenceName": "tfl3d1_ns",
    "SequenceVariant": "SP_MP",
    "SeriesDescription": "t1_mpr_cor",
    "SeriesNumber": 8,
    "ShimSetting": [
      -20,
      11,
      -22,
      1886,
      -573,
      -3416,
      2698,
      283
    ],
    "SliceThickness": 0.9,
    "SoftwareVersions": "syngo_MR_2002B_4VA21A",
    "StationName": "wes4T",
    "TxRefAmp": 185.452,
    "dataset": "ds004169",
    "modality": "T1w",
    "session_id": "01",
    "subject_id": "0550"
  },
  "cjv": 0.36313822802971285,
  "cnr": 3.6216473944456133,
  "efc": 0.44238203679573684,
  "fber": -1.0,
  "fwhm_avg": 4.542846117235393,
  "fwhm_x": 4.676992,
  "fwhm_y": 4.887855685039512,
  "fwhm_z": 4.063690666666667,
  "icvs_csf": 0.20447462629114202,
  "icvs_gm": 0.42879430906851174,
  "icvs_wm": 0.36673106464034627,
  "inu_med": 0.7424660921096802,
  "inu_range": 0.5576184630393981,
  "provenance": {
    "md5sum": "1243eaf480f617c9a28d2deae742f680",
    "settings": {
      "testing": false
    },
    "software": "mriqc",
    "version": "23.0.1",
    "warnings": {
      "large_rot_frame": true,
      "small_air_mask": false
    },
    "webapi_port": null,
    "webapi_url": "https://mriqc.nimh.nih.gov/api/v1"
  },
  "qi_1": 0.0,
  "qi_2": 0.02448943838203816,
  "rpve_csf": 26.365991235164433,
  "rpve_gm": 13.480040419930837,
  "rpve_wm": 18.533241069592428,
  "size_x": 256,
  "size_y": 256,
  "size_z": 256,
  "snr_csf": 1.6160747461249074,
  "snr_gm": 10.001784397792662,
  "snr_total": 9.97998967326174,
  "snr_wm": 18.32210987586765,
  "snrd_csf": 8.60143266923629,
  "snrd_gm": 19.99721706576812,
  "snrd_total": 19.401125368560916,
  "snrd_wm": 29.604726370678335,
  "spacing_x": 0.9375,
  "spacing_y": 0.8999999761581421,
  "spacing_z": 0.9375,
  "summary_bg_k": 19.251547047285165,
  "summary_bg_mad": 0.0,
  "summary_bg_mean": 11.459701921518318,
  "summary_bg_median": 0.0,
  "summary_bg_n": 5291512.0,
  "summary_bg_p05": 0.0,
  "summary_bg_p95": 54.03396824002266,
  "summary_bg_stdv": 22.130276136027387,
  "summary_csf_k": 23.049572561606144,
  "summary_csf_mad": 114.02301830615978,
  "summary_csf_mean": 316.67957790602225,
  "summary_csf_median": 290.55335672944784,
  "summary_csf_n": 33420.0,
  "summary_csf_p05": 113.15731196179986,
  "summary_csf_p95": 518.3767695873976,
  "summary_csf_stdv": 179.78686344518684,
  "summary_gm_k": 0.20571682731350727,
  "summary_gm_mad": 65.28981719874334,
  "summary_gm_mean": 675.0774389425991,
  "summary_gm_median": 675.49892757833,
  "summary_gm_n": 45273.0,
  "summary_gm_p05": 563.2316524386406,
  "summary_gm_p95": 785.9080882668495,
  "summary_gm_stdv": 67.53709542085616,
  "summary_wm_k": 0.4779314019510883,
  "summary_wm_mad": 52.5624351118997,
  "summary_wm_mean": 1001.8038978082095,
  "summary_wm_median": 1000.0371976196766,
  "summary_wm_n": 312356.0,
  "summary_wm_p05": 915.6044769585133,
  "summary_wm_p95": 1093.6490036696196,
  "summary_wm_stdv": 54.580809939274246,
  "tpm_overlap_csf": 0.13665724357693776,
  "tpm_overlap_gm": 0.44177982306902264,
  "tpm_overlap_wm": 0.4927212722452704,
  "wm2max": 0.48134030468877004
}