{
  "aor": 0.003237301587301587,
  "aqi": 0.012219501904761905,
  "bids_meta": {
    "AcquisitionMatrixPE": 64,
    "AcquisitionNumber": 1,
    "AcquisitionTime": "01:17:30.000000",
    "BaseResolution": 64,
    "ConversionSoftware": "dcm2niix",
    "ConversionSoftwareVersion": "v1.0.20190410  GCC6.3.0",
    "DeviceSerialNumber": "18011",
    "EchoTime": 0.03,
    "FlipAngle": 90,
    "ImageComments": "Fake_MoCo_Reference_Volume_+_DiCo_Applied",
    "ImageOrientationPatientDICOM": [
      1,
      0,
      -1.38778e-17,
      0,
      0.970296,
      -0.241922
    ],
    "ImageType": [
      "ORIGINAL",
      "PRIMARY",
      "M",
      "ND",
      "MOSAIC"
    ],
    "ImagingFrequency": 168.255,
    "InPlanePhaseEncodingDirectionDICOM": "COL",
    "MRAcquisitionType": "2D",
    "MagneticFieldStrength": 3.95064,
    "Manufacturer": "Siemens",
    "ManufacturersModelName": "MedSpec_4T",
    "Modality": "MR",
    "PartialFourier": 1,
    "PatientPosition": "HFS",
    "PercentPhaseFOV": 100,
    "PhaseEncodingDirection": "j-",
    "PhaseEncodingSteps": 64,
    "PhaseResolution": 1,
    "PixelBandwidth": 2790,
    "ProtocolName": "Nback_dc_opt",
    "PulseSequenceDetails": "%CustomerSeq%_kt_ep2d_bold_dc",
    "ReceiveCoilName": "Head_4T",
    "ReconMatrixPE": 64,
    "RepetitionTime": 2.1,
    "SAR": 0.0434192,
    "ScanOptions": "FS",
    "ScanningSequence": "SE_EP",
    "SequenceName": "epfid2d1_64",
    "SequenceVariant": "SK",
    "SeriesDescription": "Nback_dc_opt_DiCo",
    "SeriesNumber": 7,
    "ShimSetting": [
      11,
      1,
      25,
      1526,
      503,
      -2496,
      1993,
      -88
    ],
    "SliceThickness": 3,
    "SoftwareVersions": "syngo_MR_2002B_4VA21A",
    "SpacingBetweenSlices": 3.6,
    "StationName": "wes4T",
    "TaskName": "nback",
    "TxRefAmp": 180.796,
    "dataset": "ds004169",
    "modality": "bold",
    "session_id": "01",
    "subject_id": "0121",
    "task_id": "nback"
  },
  "dummy_trs": 1,
  "dvars_nstd": 30.715069152639995,
  "dvars_std": 1.2784342116799994,
  "dvars_vstd": 0.9880232026399997,
  "efc": 0.46310493875252856,
  "fber": 2572.1435546875,
  "fd_mean": 0.13132366262275003,
  "fd_num": 18,
  "fd_perc": 14.285714285714286,
  "fwhm_avg": 1.8235276966049707,
  "fwhm_x": 1.6847638260869564,
  "fwhm_y": 2.0366692173913044,
  "fwhm_z": 1.749150046336652,
  "gcor": 0.0139719,
  "gsr_x": -0.030832068994641304,
  "gsr_y": 0.04514843598008156,
  "provenance": {
    "md5sum": "251b2d782daf72af3935ac25244cc4a4",
    "settings": {
      "fd_thres": 0.2,
      "testing": false
    },
    "software": "mriqc",
    "version": "22.0.6",
    "webapi_port": null,
    "webapi_url": "https://mriqc.nimh.nih.gov/api/v1"
  },
  "size_t": 126,
  "size_x": 64,
  "size_y": 64,
  "size_z": 36,
  "snr": 5.20356909177179,
  "spacing_tr": 2.0999999046325684,
  "spacing_x": 3.59375,
  "spacing_y": 3.59375,
  "spacing_z": 3.5999999046325684,
  "summary_bg_k": 73.87587803988927,
  "summary_bg_mad": 8.001345889743106,
  "summary_bg_mean": 30.30523681640625,
  "summary_bg_median": 14.50793743133545,
  "summary_bg_n": 97429.0,
  "summary_bg_p05": 8.587302207946777,
  "summary_bg_p95": 87.91746520996087,
  "summary_bg_stdv": 45.28589630126953,
  "summary_fg_k": 4.177833535768183,
  "summary_fg_mad": 117.01970095800874,
  "summary_fg_mean": 770.3901977539062,
  "summary_fg_median": 760.1190795898438,
  "summary_fg_n": 20501.0,
  "summary_fg_p05": 574.6270141601562,
  "summary_fg_p95": 1005.5873413085938,
  "summary_fg_stdv": 146.0729217529297,
  "tsnr": 49.56660790601745
}