{
  "aor": 0.003362684563758389,
  "aqi": 0.008174455637583893,
  "bids_meta": {
    "AcquisitionMatrixPE": 64,
    "AcquisitionNumber": 1,
    "AcquisitionTime": "09:12:22.832500",
    "BaseResolution": 64,
    "ConversionSoftware": "dcm2niix",
    "ConversionSoftwareVersion": "v1.0.20190410  GCC6.3.0",
    "DeviceSerialNumber": "18011",
    "EchoTime": 0.03,
    "FlipAngle": 90,
    "ImageComments": "Fake_MoCo_Reference_Volume_+_DiCo_Applied",
    "ImageOrientationPatientDICOM": [
      1,
      2.22045e-16,
      -2.77556e-17,
      -2.22045e-16,
      0.937282,
      -0.348572
    ],
    "ImageType": [
      "ORIGINAL",
      "PRIMARY",
      "M",
      "ND",
      "DICO",
      "MOSAIC"
    ],
    "ImagingFrequency": 168.255,
    "InPlanePhaseEncodingDirectionDICOM": "COL",
    "MRAcquisitionType": "2D",
    "MagneticFieldStrength": 3.95064,
    "Manufacturer": "Siemens",
    "ManufacturersModelName": "MedSpec_4T",
    "Modality": "MR",
    "PartialFourier": 1,
    "PatientPosition": "HFS",
    "PercentPhaseFOV": 100,
    "PhaseEncodingDirection": "j-",
    "PhaseEncodingSteps": 64,
    "PhaseResolution": 1,
    "PixelBandwidth": 2790,
    "ProcedureStepDescription": "Research_fMRI",
    "ProtocolName": "mz_bold_dc_REST",
    "PulseSequenceDetails": "%CustomerSeq%_mz_ep2d_bold_dc",
    "ReceiveCoilName": "Head",
    "ReconMatrixPE": 64,
    "RepetitionTime": 2.1,
    "SAR": 0.107451,
    "ScanOptions": "FS",
    "ScanningSequence": "SE_EP",
    "SequenceName": "epfid2d1_64",
    "SequenceVariant": "SK",
    "SeriesDescription": "mz_bold_dc_REST_DiCo",
    "SeriesNumber": 10,
    "ShimSetting": [
      9,
      22,
      11,
      1485,
      1096,
      -2828,
      3374,
      -92
    ],
    "SliceThickness": 3,
    "SoftwareVersions": "syngo_MR_2004A_4VA25A",
    "SpacingBetweenSlices": 3.6,
    "StationName": "WES4T",
    "TaskName": "rest",
    "TxRefAmp": 195.605,
    "dataset": "ds004169",
    "modality": "bold",
    "session_id": "02",
    "subject_id": "0096",
    "task_id": "rest"
  },
  "dummy_trs": 1,
  "dvars_nstd": 30.36400694439189,
  "dvars_std": 1.1363100442567569,
  "dvars_vstd": 1.011474671283784,
  "efc": 0.5027132471277999,
  "fber": 1562.2779541015625,
  "fd_mean": 0.14891946402475892,
  "fd_num": 20,
  "fd_perc": 13.422818791946309,
  "fwhm_avg": 1.9994101095186447,
  "fwhm_x": 1.8377906086956521,
  "fwhm_y": 2.152448,
  "fwhm_z": 2.0079917198602812,
  "gcor": 0.0357657,
  "gsr_x": -0.022990986704826355,
  "gsr_y": 0.03887617960572243,
  "provenance": {
    "md5sum": "610804190c0ccf39750e1b6f3978bc60",
    "settings": {
      "fd_thres": 0.2,
      "testing": false
    },
    "software": "mriqc",
    "version": "22.0.6",
    "webapi_port": null,
    "webapi_url": "https://mriqc.nimh.nih.gov/api/v1"
  },
  "size_t": 149,
  "size_x": 64,
  "size_y": 64,
  "size_z": 36,
  "snr": 4.092104901943609,
  "spacing_tr": 2.0999999046325684,
  "spacing_x": 3.59375,
  "spacing_y": 3.59375,
  "spacing_z": 3.5999999046325684,
  "summary_bg_k": 29.46144056004173,
  "summary_bg_mad": 6.6368837281978355,
  "summary_bg_mean": 23.182893753051758,
  "summary_bg_median": 13.322147369384766,
  "summary_bg_n": 90270.0,
  "summary_bg_p05": 8.208053588867188,
  "summary_bg_p95": 63.316106605529825,
  "summary_bg_stdv": 25.43914031982422,
  "summary_fg_k": 4.083483439259583,
  "summary_fg_mad": 99.39407260619697,
  "summary_fg_mean": 565.1221923828125,
  "summary_fg_median": 544.2416381835938,
  "summary_fg_n": 26277.0,
  "summary_fg_p05": 401.50067138671875,
  "summary_fg_p95": 798.0281982421875,
  "summary_fg_stdv": 132.9954376220703,
  "tsnr": 48.08596225711517
}