{
  "aor": 0.0032398425196850395,
  "aqi": 0.014606599763779527,
  "bids_meta": {
    "AcquisitionMatrixPE": 64,
    "AcquisitionNumber": 1,
    "AcquisitionTime": "11:25:15.345000",
    "BaseResolution": 64,
    "ConversionSoftware": "dcm2niix",
    "ConversionSoftwareVersion": "v1.0.20190410  GCC6.3.0",
    "DeviceSerialNumber": "18011",
    "EchoTime": 0.03,
    "FlipAngle": 90,
    "ImageComments": "Fake_MoCo_Reference_Volume_+_DiCo_Applied",
    "ImageOrientationPatientDICOM": [
      1,
      -1.11022e-16,
      1.38778e-17,
      1.11022e-16,
      0.97437,
      -0.224951
    ],
    "ImageType": [
      "ORIGINAL",
      "PRIMARY",
      "M",
      "ND",
      "MOSAIC"
    ],
    "ImagingFrequency": 168.255,
    "InPlanePhaseEncodingDirectionDICOM": "COL",
    "MRAcquisitionType": "2D",
    "MagneticFieldStrength": 3.95064,
    "Manufacturer": "Siemens",
    "ManufacturersModelName": "MedSpec_4T",
    "Modality": "MR",
    "PartialFourier": 1,
    "PatientPosition": "HFS",
    "PercentPhaseFOV": 100,
    "PhaseEncodingDirection": "j-",
    "PhaseEncodingSteps": 64,
    "PhaseResolution": 1,
    "PixelBandwidth": 2790,
    "ProtocolName": "Nback_dc_opt",
    "PulseSequenceDetails": "%CustomerSeq%_kt_ep2d_bold_dc",
    "ReceiveCoilName": "Head_4T",
    "ReconMatrixPE": 64,
    "RepetitionTime": 2.1,
    "SAR": 0.029612,
    "ScanOptions": "FS",
    "ScanningSequence": "SE_EP",
    "SequenceName": "epfid2d1_64",
    "SequenceVariant": "SK",
    "SeriesDescription": "Nback_dc_opt_DiCo",
    "SeriesNumber": 11,
    "ShimSetting": [
      14,
      19,
      -32,
      1915,
      963,
      -3069,
      2647,
      -378
    ],
    "SliceThickness": 3,
    "SoftwareVersions": "syngo_MR_2002B_4VA21A",
    "SpacingBetweenSlices": 3.6,
    "StationName": "wes4T",
    "TaskName": "nback",
    "TxRefAmp": 233.112,
    "dataset": "ds004169",
    "modality": "bold",
    "session_id": "01",
    "subject_id": "0567",
    "task_id": "nback"
  },
  "dummy_trs": 0,
  "dvars_nstd": 27.099465718253963,
  "dvars_std": 1.0642415396031744,
  "dvars_vstd": 0.9586976356349208,
  "efc": 0.4659877157905506,
  "fber": 2367.90966796875,
  "fd_mean": 0.19411711341731497,
  "fd_num": 41,
  "fd_perc": 32.28346456692913,
  "fwhm_avg": 1.8084782945104199,
  "fwhm_x": 1.7103888695652174,
  "fwhm_y": 2.0936793043478263,
  "fwhm_z": 1.6213667096182163,
  "gcor": 0.0678764,
  "gsr_x": -0.02419399656355381,
  "gsr_y": 0.04070306941866875,
  "provenance": {
    "md5sum": "cda22271ed506d1d91024ec1ceacedf4",
    "settings": {
      "fd_thres": 0.2,
      "testing": false
    },
    "software": "mriqc",
    "version": "23.0.1",
    "webapi_port": null,
    "webapi_url": "https://mriqc.nimh.nih.gov/api/v1"
  },
  "size_t": 127,
  "size_x": 64,
  "size_y": 64,
  "size_z": 36,
  "snr": 5.253179699963584,
  "spacing_tr": 2.0999999046325684,
  "spacing_x": 3.59375,
  "spacing_y": 3.59375,
  "spacing_z": 3.5999999046325684,
  "summary_bg_k": 57.191961971384934,
  "summary_bg_mad": 9.724469981141077,
  "summary_bg_mean": 31.962312698364258,
  "summary_bg_median": 15.850393295288086,
  "summary_bg_n": 97295.0,
  "summary_bg_p05": 7.598425388336182,
  "summary_bg_p95": 99.55826644897468,
  "summary_bg_stdv": 44.24497985839844,
  "summary_fg_k": 5.682275863508282,
  "summary_fg_mad": 121.51501531400866,
  "summary_fg_mean": 798.0352783203125,
  "summary_fg_median": 788.968505859375,
  "summary_fg_n": 19999.0,
  "summary_fg_p05": 587.6063232421875,
  "summary_fg_p95": 1023.5456420898436,
  "summary_fg_stdv": 150.18499755859375,
  "tsnr": 41.40951652824879
}