{
  "aor": 0.0015693288590604025,
  "aqi": 0.012035485637583896,
  "bids_meta": {
    "AcquisitionMatrixPE": 64,
    "AcquisitionNumber": 1,
    "AcquisitionTime": "09:02:48.165010",
    "BaseResolution": 64,
    "ConversionSoftware": "dcm2niix",
    "ConversionSoftwareVersion": "v1.0.20190410  GCC6.3.0",
    "DeviceSerialNumber": "18011",
    "EchoTime": 0.03,
    "FlipAngle": 90,
    "ImageComments": "Fake_MoCo_Reference_Volume_+_DiCo_Applied",
    "ImageOrientationPatientDICOM": [
      1,
      -1.11022e-16,
      0,
      1.11022e-16,
      0.996195,
      -0.0871557
    ],
    "ImageType": [
      "ORIGINAL",
      "PRIMARY",
      "M",
      "ND",
      "MOSAIC"
    ],
    "ImagingFrequency": 168.217,
    "InPlanePhaseEncodingDirectionDICOM": "COL",
    "MRAcquisitionType": "2D",
    "MagneticFieldStrength": 3.95064,
    "Manufacturer": "Siemens",
    "ManufacturersModelName": "MedSpec_4T",
    "Modality": "MR",
    "PartialFourier": 1,
    "PatientPosition": "HFS",
    "PercentPhaseFOV": 100,
    "PhaseEncodingDirection": "j-",
    "PhaseEncodingSteps": 64,
    "PhaseResolution": 1,
    "PixelBandwidth": 2790,
    "ProtocolName": "mz_bold_dc_REST",
    "PulseSequenceDetails": "%CustomerSeq%_mz_ep2d_bold_dc",
    "ReceiveCoilName": "Head_4T",
    "ReconMatrixPE": 64,
    "RepetitionTime": 2.1,
    "SAR": 0.0192394,
    "ScanOptions": "FS",
    "ScanningSequence": "SE_EP",
    "SequenceName": "epfid2d1_64",
    "SequenceVariant": "SK",
    "SeriesDescription": "mz_bold_dc_REST_DiCo",
    "SeriesNumber": 10,
    "SliceThickness": 3,
    "SoftwareVersions": "syngo_MR_2002B_4VA21A",
    "SpacingBetweenSlices": 3.6,
    "StationName": "wes4T",
    "TaskName": "rest",
    "TxRefAmp": 195.062,
    "dataset": "ds004169",
    "modality": "bold",
    "session_id": "01",
    "subject_id": "0679",
    "task_id": "rest"
  },
  "dummy_trs": 1,
  "dvars_nstd": 30.9162376502027,
  "dvars_std": 1.2439657927027021,
  "dvars_vstd": 0.9822389439189192,
  "efc": 0.5037966858007448,
  "fber": 1599.691162109375,
  "fd_mean": 0.16533192470186148,
  "fd_num": 32,
  "fd_perc": 21.476510067114095,
  "fwhm_avg": 1.7639583212426757,
  "fwhm_x": 1.664815304347826,
  "fwhm_y": 1.9848013913043479,
  "fwhm_z": 1.642258268075853,
  "gcor": 0.0256643,
  "gsr_x": -0.023181267082691193,
  "gsr_y": 0.044043105095624924,
  "provenance": {
    "md5sum": "330ad4b4bc457241a6673293524368e7",
    "settings": {
      "fd_thres": 0.2,
      "testing": false
    },
    "software": "mriqc",
    "version": "23.0.1",
    "webapi_port": null,
    "webapi_url": "https://mriqc.nimh.nih.gov/api/v1"
  },
  "size_t": 149,
  "size_x": 64,
  "size_y": 64,
  "size_z": 36,
  "snr": 5.622574815546689,
  "spacing_tr": 2.0999999046325684,
  "spacing_x": 3.59375,
  "spacing_y": 3.59375,
  "spacing_z": 3.6000001430511475,
  "summary_bg_k": 46.13152519591486,
  "summary_bg_mad": 12.63694511237499,
  "summary_bg_mean": 36.86448287963867,
  "summary_bg_median": 19.16778564453125,
  "summary_bg_n": 91510.0,
  "summary_bg_p05": 9.691275596618652,
  "summary_bg_p95": 111.52718353271486,
  "summary_bg_stdv": 49.59455871582031,
  "summary_fg_k": 3.3068387890090296,
  "summary_fg_mad": 122.66298233939698,
  "summary_fg_mean": 788.6040649414062,
  "summary_fg_median": 784.7147827148438,
  "summary_fg_n": 24412.0,
  "summary_fg_p05": 577.3325500488281,
  "summary_fg_p95": 1004.3647766113281,
  "summary_fg_stdv": 139.56216430664062,
  "tsnr": 48.560379484668374
}