{
  "aor": 0.0058422000000000005,
  "aqi": 0.008291305066666666,
  "bids_meta": {
    "AcquisitionMatrixPE": 64,
    "AcquisitionNumber": 1,
    "AcquisitionTime": "10:47:7.265000",
    "BaseResolution": 64,
    "ConversionSoftware": "dcm2niix",
    "ConversionSoftwareVersion": "v1.0.20190410  GCC6.3.0",
    "DeviceSerialNumber": "18011",
    "EchoTime": 0.03,
    "FlipAngle": 90,
    "ImageComments": "Fake_MoCo_Reference_Volume_+_DiCo_Applied",
    "ImageOrientationPatientDICOM": [
      1,
      0,
      0,
      0,
      1,
      0
    ],
    "ImageType": [
      "ORIGINAL",
      "PRIMARY",
      "M",
      "ND",
      "MOSAIC"
    ],
    "ImagingFrequency": 168.217,
    "InPlanePhaseEncodingDirectionDICOM": "COL",
    "MRAcquisitionType": "2D",
    "MagneticFieldStrength": 3.95064,
    "Manufacturer": "Siemens",
    "ManufacturersModelName": "MedSpec_4T",
    "Modality": "MR",
    "PartialFourier": 1,
    "PatientPosition": "HFS",
    "PercentPhaseFOV": 100,
    "PhaseEncodingDirection": "j-",
    "PhaseEncodingSteps": 64,
    "PhaseResolution": 1,
    "PixelBandwidth": 2790,
    "ProtocolName": "mz_bold_dc_REST",
    "PulseSequenceDetails": "%CustomerSeq%_mz_ep2d_bold_dc",
    "ReceiveCoilName": "Head_4T",
    "ReconMatrixPE": 64,
    "RepetitionTime": 2.1,
    "SAR": 0.0717704,
    "ScanOptions": "FS",
    "ScanningSequence": "SE_EP",
    "SequenceName": "epfid2d1_64",
    "SequenceVariant": "SK",
    "SeriesDescription": "mz_bold_dc_REST_DiCo",
    "SeriesNumber": 10,
    "ShimSetting": [
      9,
      -38,
      -38,
      2224,
      417,
      -3514,
      3056,
      228
    ],
    "SliceThickness": 3,
    "SoftwareVersions": "syngo_MR_2002B_4VA21A",
    "SpacingBetweenSlices": 3.6,
    "StationName": "wes4T",
    "TaskName": "rest",
    "TxRefAmp": 168.345,
    "dataset": "ds004169",
    "modality": "bold",
    "session_id": "01",
    "subject_id": "0433",
    "task_id": "rest"
  },
  "dummy_trs": 0,
  "dvars_nstd": 24.940359999060405,
  "dvars_std": 1.1695037558389256,
  "dvars_vstd": 0.9885176872483219,
  "efc": 0.4405529766017289,
  "fber": 3423.631103515625,
  "fd_mean": 0.18788960601565524,
  "fd_num": 14,
  "fd_perc": 9.333333333333334,
  "fwhm_avg": 1.870209245188846,
  "fwhm_x": 1.7557620869565218,
  "fwhm_y": 2.1657878260869565,
  "fwhm_z": 1.6890778225230594,
  "gcor": 0.0217513,
  "gsr_x": -0.022580452263355255,
  "gsr_y": 0.043835606426000595,
  "provenance": {
    "md5sum": "872350a8b69bffe024b3f2c3a323c1b5",
    "settings": {
      "fd_thres": 0.2,
      "testing": false
    },
    "software": "mriqc",
    "version": "23.0.1",
    "webapi_port": null,
    "webapi_url": "https://mriqc.nimh.nih.gov/api/v1"
  },
  "size_t": 150,
  "size_x": 64,
  "size_y": 64,
  "size_z": 36,
  "snr": 4.84843772589821,
  "spacing_tr": 2.0999999046325684,
  "spacing_x": 3.59375,
  "spacing_y": 3.59375,
  "spacing_z": 3.5999999046325684,
  "summary_bg_k": 44.590744776821474,
  "summary_bg_mad": 8.994454778592331,
  "summary_bg_mean": 28.438261032104492,
  "summary_bg_median": 14.226667404174805,
  "summary_bg_n": 98810.0,
  "summary_bg_p05": 6.300000190734863,
  "summary_bg_p95": 85.34000396728516,
  "summary_bg_stdv": 40.053260803222656,
  "summary_fg_k": 4.523736874460663,
  "summary_fg_mad": 137.0221169422765,
  "summary_fg_mean": 817.0325927734375,
  "summary_fg_median": 803.3499755859375,
  "summary_fg_n": 18886.0,
  "summary_fg_p05": 591.4750061035156,
  "summary_fg_p95": 1071.8700256347656,
  "summary_fg_stdv": 165.6881561279297,
  "tsnr": 50.40714564837981
}