{
  "aor": 0.0026549333333333335,
  "aqi": 0.009020590866666667,
  "bids_meta": {
    "AcquisitionMatrixPE": 64,
    "AcquisitionNumber": 1,
    "AcquisitionTime": "10:04:33.564990",
    "BaseResolution": 64,
    "ConversionSoftware": "dcm2niix",
    "ConversionSoftwareVersion": "v1.0.20190410  GCC6.3.0",
    "DeviceSerialNumber": "18011",
    "EchoTime": 0.03,
    "FlipAngle": 90,
    "ImageComments": "Fake_MoCo_Reference_Volume_+_DiCo_Applied",
    "ImageOrientationPatientDICOM": [
      1,
      0,
      0,
      0,
      1,
      0
    ],
    "ImageType": [
      "ORIGINAL",
      "PRIMARY",
      "M",
      "ND",
      "MOSAIC"
    ],
    "ImagingFrequency": 168.217,
    "InPlanePhaseEncodingDirectionDICOM": "COL",
    "MRAcquisitionType": "2D",
    "MagneticFieldStrength": 3.95064,
    "Manufacturer": "Siemens",
    "ManufacturersModelName": "MedSpec_4T",
    "Modality": "MR",
    "PartialFourier": 1,
    "PatientPosition": "HFS",
    "PercentPhaseFOV": 100,
    "PhaseEncodingDirection": "j-",
    "PhaseEncodingSteps": 64,
    "PhaseResolution": 1,
    "PixelBandwidth": 2790,
    "ProtocolName": "mz_bold_dc_REST",
    "PulseSequenceDetails": "%CustomerSeq%_mz_ep2d_bold_dc",
    "ReceiveCoilName": "Head_4T",
    "ReconMatrixPE": 64,
    "RepetitionTime": 2.1,
    "SAR": 0.0245874,
    "ScanOptions": "FS",
    "ScanningSequence": "SE_EP",
    "SequenceName": "epfid2d1_64",
    "SequenceVariant": "SK",
    "SeriesDescription": "mz_bold_dc_REST_DiCo",
    "SeriesNumber": 10,
    "ShimSetting": [
      6,
      -21,
      -51,
      1509,
      -153,
      -4385,
      3019,
      -228
    ],
    "SliceThickness": 3,
    "SoftwareVersions": "syngo_MR_2002B_4VA21A",
    "SpacingBetweenSlices": 3.6,
    "StationName": "wes4T",
    "TaskName": "rest",
    "TxRefAmp": 165.072,
    "dataset": "ds004169",
    "modality": "bold",
    "session_id": "01",
    "subject_id": "0569",
    "task_id": "rest"
  },
  "dummy_trs": 0,
  "dvars_nstd": 22.203548303691267,
  "dvars_std": 1.0613180170469798,
  "dvars_vstd": 0.9615965512751677,
  "efc": 0.43450030940760664,
  "fber": 3103.3623046875,
  "fd_mean": 0.08538002260057252,
  "fd_num": 1,
  "fd_perc": 0.6666666666666666,
  "fwhm_avg": 1.730807027091337,
  "fwhm_x": 1.6033836521739129,
  "fwhm_y": 1.9799346086956522,
  "fwhm_z": 1.6091028204044453,
  "gcor": 0.0257523,
  "gsr_x": -0.023672178387641907,
  "gsr_y": 0.03743889555335045,
  "provenance": {
    "md5sum": "4e4eb3a2bbbd1d75df52a416ab8dd011",
    "settings": {
      "fd_thres": 0.2,
      "testing": false
    },
    "software": "mriqc",
    "version": "23.0.1",
    "webapi_port": null,
    "webapi_url": "https://mriqc.nimh.nih.gov/api/v1"
  },
  "size_t": 150,
  "size_x": 64,
  "size_y": 64,
  "size_z": 36,
  "snr": 5.558077608073315,
  "spacing_tr": 2.0999999046325684,
  "spacing_x": 3.59375,
  "spacing_y": 3.59375,
  "spacing_z": 3.5999999046325684,
  "summary_bg_k": 51.45132577110176,
  "summary_bg_mad": 7.472315124711447,
  "summary_bg_mean": 27.080575942993164,
  "summary_bg_median": 13.706666946411133,
  "summary_bg_n": 101187.0,
  "summary_bg_p05": 7.640000343322754,
  "summary_bg_p95": 81.30066986083979,
  "summary_bg_stdv": 38.992034912109375,
  "summary_fg_k": 2.9543354889444737,
  "summary_fg_mad": 122.38386328770139,
  "summary_fg_mean": 764.9435424804688,
  "summary_fg_median": 761.8499755859375,
  "summary_fg_n": 17278.0,
  "summary_fg_p05": 553.6473236083984,
  "summary_fg_p95": 980.140676879882,
  "summary_fg_stdv": 137.06680297851562,
  "tsnr": 50.52739672898315
}