{
  "aor": 0.004393149606299213,
  "aqi": 0.010644342204724409,
  "bids_meta": {
    "AcquisitionMatrixPE": 64,
    "AcquisitionNumber": 1,
    "AcquisitionTime": "09:53:49.185020",
    "BaseResolution": 64,
    "ConversionSoftware": "dcm2niix",
    "ConversionSoftwareVersion": "v1.0.20190410  GCC6.3.0",
    "DeviceSerialNumber": "18011",
    "EchoTime": 0.03,
    "FlipAngle": 90,
    "ImageComments": "Fake_MoCo_Reference_Volume_+_DiCo_Applied",
    "ImageOrientationPatientDICOM": [
      1,
      0,
      0,
      0,
      1,
      0
    ],
    "ImageType": [
      "ORIGINAL",
      "PRIMARY",
      "M",
      "ND",
      "MOSAIC"
    ],
    "ImagingFrequency": 168.217,
    "InPlanePhaseEncodingDirectionDICOM": "COL",
    "MRAcquisitionType": "2D",
    "MagneticFieldStrength": 3.95064,
    "Manufacturer": "Siemens",
    "ManufacturersModelName": "MedSpec_4T",
    "Modality": "MR",
    "PartialFourier": 1,
    "PatientPosition": "HFS",
    "PercentPhaseFOV": 100,
    "PhaseEncodingDirection": "j-",
    "PhaseEncodingSteps": 64,
    "PhaseResolution": 1,
    "PixelBandwidth": 2790,
    "ProtocolName": "Nback_dc",
    "PulseSequenceDetails": "%CustomerSeq%_mz_ep2d_bold_dc",
    "ReceiveCoilName": "Head_4T",
    "ReconMatrixPE": 64,
    "RepetitionTime": 2.1,
    "SAR": 0.0379625,
    "ScanOptions": "FS",
    "ScanningSequence": "SE_EP",
    "SequenceName": "epfid2d1_64",
    "SequenceVariant": "SK",
    "SeriesDescription": "Nback_dc_DiCo",
    "SeriesNumber": 7,
    "ShimSetting": [
      6,
      -21,
      -51,
      1509,
      -153,
      -4385,
      3019,
      -228
    ],
    "SliceThickness": 3,
    "SoftwareVersions": "syngo_MR_2002B_4VA21A",
    "SpacingBetweenSlices": 3.6,
    "StationName": "wes4T",
    "TaskName": "nback",
    "TxRefAmp": 165.072,
    "dataset": "ds004169",
    "modality": "bold",
    "session_id": "01",
    "subject_id": "0569",
    "task_id": "nback"
  },
  "dummy_trs": 0,
  "dvars_nstd": 22.532196923015864,
  "dvars_std": 1.0299290619047616,
  "dvars_vstd": 0.9850503596031746,
  "efc": 0.4364972533962341,
  "fber": 2673.5087890625,
  "fd_mean": 0.22048600573442328,
  "fd_num": 47,
  "fd_perc": 37.00787401574803,
  "fwhm_avg": 1.747796405871061,
  "fwhm_x": 1.6089154782608697,
  "fwhm_y": 1.9848486956521738,
  "fwhm_z": 1.6496250437001398,
  "gcor": 0.0129951,
  "gsr_x": -0.023139748722314835,
  "gsr_y": 0.03424641117453575,
  "provenance": {
    "md5sum": "189dbcae22ac898dc87f86ec0b6ccc05",
    "settings": {
      "fd_thres": 0.2,
      "testing": false
    },
    "software": "mriqc",
    "version": "23.0.1",
    "webapi_port": null,
    "webapi_url": "https://mriqc.nimh.nih.gov/api/v1"
  },
  "size_t": 127,
  "size_x": 64,
  "size_y": 64,
  "size_z": 36,
  "snr": 5.517434076086617,
  "spacing_tr": 2.0999999046325684,
  "spacing_x": 3.59375,
  "spacing_y": 3.59375,
  "spacing_z": 3.5999999046325684,
  "summary_bg_k": 41.29789445127235,
  "summary_bg_mad": 7.734047206382009,
  "summary_bg_mean": 26.775808334350586,
  "summary_bg_median": 14.251968383789062,
  "summary_bg_n": 101268.0,
  "summary_bg_p05": 8.04724407196045,
  "summary_bg_p95": 79.21260070800781,
  "summary_bg_stdv": 35.49080276489258,
  "summary_fg_k": 3.0338548580557267,
  "summary_fg_mad": 121.93525485885364,
  "summary_fg_mean": 753.96533203125,
  "summary_fg_median": 751.1968383789062,
  "summary_fg_n": 17233.0,
  "summary_fg_p05": 548.5070922851562,
  "summary_fg_p95": 969.4865844726562,
  "summary_fg_stdv": 136.14572143554688,
  "tsnr": 47.13016787805827
}