{
  "aor": 0.02320606299212598,
  "aqi": 0.014956880236220474,
  "bids_meta": {
    "AcquisitionMatrixPE": 64,
    "AcquisitionNumber": 1,
    "AcquisitionTime": "12:10:7.352490",
    "BaseResolution": 64,
    "ConversionSoftware": "dcm2niix",
    "ConversionSoftwareVersion": "v1.0.20190410  GCC6.3.0",
    "DeviceSerialNumber": "18011",
    "EchoTime": 0.03,
    "FlipAngle": 90,
    "ImageComments": "Fake_MoCo_Reference_Volume_+_DiCo_Applied",
    "ImageOrientationPatientDICOM": [
      1,
      2.22045e-16,
      0,
      -2.22045e-16,
      0.896486,
      -0.443071
    ],
    "ImageType": [
      "ORIGINAL",
      "PRIMARY",
      "M",
      "ND",
      "DICO",
      "MOSAIC"
    ],
    "ImagingFrequency": 168.255,
    "InPlanePhaseEncodingDirectionDICOM": "COL",
    "MRAcquisitionType": "2D",
    "MagneticFieldStrength": 3.95064,
    "Manufacturer": "Siemens",
    "ManufacturersModelName": "MedSpec_4T",
    "Modality": "MR",
    "PartialFourier": 1,
    "PatientPosition": "HFS",
    "PercentPhaseFOV": 100,
    "PhaseEncodingDirection": "j-",
    "PhaseEncodingSteps": 64,
    "PhaseResolution": 1,
    "PixelBandwidth": 2790,
    "ProcedureStepDescription": "Research_fMRI",
    "ProtocolName": "Nback_dc_opt",
    "PulseSequenceDetails": "%CustomerSeq%_kt_ep2d_bold_dc",
    "ReceiveCoilName": "Head",
    "ReconMatrixPE": 64,
    "RepetitionTime": 2.1,
    "SAR": 0.0563908,
    "ScanOptions": "FS",
    "ScanningSequence": "SE_EP",
    "SequenceName": "epfid2d1_64",
    "SequenceVariant": "SK",
    "SeriesDescription": "Nback_dc_opt_DiCo",
    "SeriesNumber": 6,
    "ShimSetting": [
      10,
      30,
      26,
      2161,
      586,
      -4603,
      137,
      -463
    ],
    "SliceThickness": 3,
    "SoftwareVersions": "syngo_MR_2004A_4VA25A",
    "SpacingBetweenSlices": 3.6,
    "StationName": "WES4T",
    "TaskName": "nback",
    "TxRefAmp": 169.447,
    "dataset": "ds004169",
    "modality": "bold",
    "session_id": "01",
    "subject_id": "0664",
    "task_id": "nback"
  },
  "dummy_trs": 0,
  "dvars_nstd": 25.76679874658729,
  "dvars_std": 1.224124350793651,
  "dvars_vstd": 1.1601113087301578,
  "efc": 0.4079466330498008,
  "fber": 3730.859375,
  "fd_mean": 0.3787611929990714,
  "fd_num": 79,
  "fd_perc": 62.20472440944882,
  "fwhm_avg": 1.8708625047688912,
  "fwhm_x": 1.7712027826086958,
  "fwhm_y": 2.115979130434783,
  "fwhm_z": 1.7254056012631946,
  "gcor": 0.0235339,
  "gsr_x": -0.022622719407081604,
  "gsr_y": 0.0279679074883461,
  "provenance": {
    "md5sum": "3892b9807a0b8d78c8b11d4439685220",
    "settings": {
      "fd_thres": 0.2,
      "testing": false
    },
    "software": "mriqc",
    "version": "23.0.1",
    "webapi_port": null,
    "webapi_url": "https://mriqc.nimh.nih.gov/api/v1"
  },
  "size_t": 127,
  "size_x": 64,
  "size_y": 64,
  "size_z": 36,
  "snr": 5.335814819380239,
  "spacing_tr": 2.0999999046325684,
  "spacing_x": 3.59375,
  "spacing_y": 3.59375,
  "spacing_z": 3.5999999046325684,
  "summary_bg_k": 41.38578056583807,
  "summary_bg_mad": 5.731951110932802,
  "summary_bg_mean": 20.76189613342285,
  "summary_bg_median": 10.275590896606445,
  "summary_bg_n": 105123.0,
  "summary_bg_p05": 5.464566707611084,
  "summary_bg_p95": 62.28267517089839,
  "summary_bg_stdv": 30.26586151123047,
  "summary_fg_k": 3.349294419770918,
  "summary_fg_mad": 101.66919375961908,
  "summary_fg_mean": 633.0387573242188,
  "summary_fg_median": 626.748046875,
  "summary_fg_n": 14785.0,
  "summary_fg_p05": 457.1842468261719,
  "summary_fg_p95": 809.8330810546875,
  "summary_fg_stdv": 117.45663452148438,
  "tsnr": 38.19953002949478
}