{
  "aor": 0.0026799333333333334,
  "aqi": 0.0138282976,
  "bids_meta": {
    "AcquisitionMatrixPE": 64,
    "AcquisitionNumber": 1,
    "AcquisitionTime": "21:19:31.577510",
    "BaseResolution": 64,
    "ConversionSoftware": "dcm2niix",
    "ConversionSoftwareVersion": "v1.0.20190410  GCC6.3.0",
    "DeviceSerialNumber": "18011",
    "EchoTime": 0.03,
    "FlipAngle": 90,
    "ImageComments": "Fake_MoCo_Reference_Volume_+_DiCo_Applied",
    "ImageOrientationPatientDICOM": [
      1,
      0,
      0,
      0,
      0.981627,
      -0.190809
    ],
    "ImageType": [
      "ORIGINAL",
      "PRIMARY",
      "M",
      "ND",
      "MOSAIC"
    ],
    "ImagingFrequency": 168.255,
    "InPlanePhaseEncodingDirectionDICOM": "COL",
    "MRAcquisitionType": "2D",
    "MagneticFieldStrength": 3.95064,
    "Manufacturer": "Siemens",
    "ManufacturersModelName": "MedSpec_4T",
    "Modality": "MR",
    "PartialFourier": 1,
    "PatientPosition": "HFS",
    "PercentPhaseFOV": 100,
    "PhaseEncodingDirection": "j-",
    "PhaseEncodingSteps": 64,
    "PhaseResolution": 1,
    "PixelBandwidth": 2790,
    "ProtocolName": "mz_bold_dc_REST",
    "PulseSequenceDetails": "%CustomerSeq%_mz_ep2d_bold_dc",
    "ReceiveCoilName": "Head_4T",
    "ReconMatrixPE": 64,
    "RepetitionTime": 2.1,
    "SAR": 0.0234333,
    "ScanOptions": "FS",
    "ScanningSequence": "SE_EP",
    "SequenceName": "epfid2d1_64",
    "SequenceVariant": "SK",
    "SeriesDescription": "mz_bold_dc_REST_DiCo",
    "SeriesNumber": 10,
    "ShimSetting": [
      17,
      11,
      31,
      2015,
      903,
      -3001,
      2916,
      -57
    ],
    "SliceThickness": 3,
    "SoftwareVersions": "syngo_MR_2002B_4VA21A",
    "SpacingBetweenSlices": 3.6,
    "StationName": "wes4T",
    "TaskName": "rest",
    "TxRefAmp": 214.081,
    "dataset": "ds004169",
    "modality": "bold",
    "session_id": "01",
    "subject_id": "0157",
    "task_id": "rest"
  },
  "dummy_trs": 0,
  "dvars_nstd": 27.448400407785236,
  "dvars_std": 1.1194465320805373,
  "dvars_vstd": 0.9621487890604029,
  "efc": 0.4490004166783901,
  "fber": 2991.76171875,
  "fd_mean": 0.21311639782470188,
  "fd_num": 40,
  "fd_perc": 26.666666666666668,
  "fwhm_avg": 1.6728627166270094,
  "fwhm_x": 1.554551652173913,
  "fwhm_y": 1.8866587826086956,
  "fwhm_z": 1.577377715098419,
  "gcor": 0.172774,
  "gsr_x": -0.022620992735028267,
  "gsr_y": 0.03427443653345108,
  "provenance": {
    "md5sum": "80852b42ea4f9caaa5e9fe7fa5f5971a",
    "settings": {
      "fd_thres": 0.2,
      "testing": false
    },
    "software": "mriqc",
    "version": "22.0.6",
    "webapi_port": null,
    "webapi_url": "https://mriqc.nimh.nih.gov/api/v1"
  },
  "size_t": 150,
  "size_x": 64,
  "size_y": 64,
  "size_z": 36,
  "snr": 6.138461857938161,
  "spacing_tr": 2.0999999046325684,
  "spacing_x": 3.59375,
  "spacing_y": 3.59375,
  "spacing_z": 3.6000001430511475,
  "summary_bg_k": 57.45352240410574,
  "summary_bg_mad": 8.974685353944862,
  "summary_bg_mean": 30.7886905670166,
  "summary_bg_median": 15.140000343322754,
  "summary_bg_n": 99109.0,
  "summary_bg_p05": 7.593333721160889,
  "summary_bg_p95": 94.46666717529297,
  "summary_bg_stdv": 45.283504486083984,
  "summary_fg_k": 1.8157374834325202,
  "summary_fg_mad": 122.04289373451968,
  "summary_fg_mean": 826.5260620117188,
  "summary_fg_median": 821.4967041015625,
  "summary_fg_n": 18806.0,
  "summary_fg_p05": 623.8066864013672,
  "summary_fg_p95": 1041.7533264160156,
  "summary_fg_stdv": 133.82421875,
  "tsnr": 40.27212183485972
}