{
  "aor": 0.0025477952755905515,
  "aqi": 0.024644437716535433,
  "bids_meta": {
    "AcquisitionMatrixPE": 64,
    "AcquisitionNumber": 1,
    "AcquisitionTime": "08:47:51.450020",
    "BaseResolution": 64,
    "ConversionSoftware": "dcm2niix",
    "ConversionSoftwareVersion": "v1.0.20190410  GCC6.3.0",
    "DeviceSerialNumber": "18011",
    "EchoTime": 0.03,
    "FlipAngle": 90,
    "ImageComments": "Fake_MoCo_Reference_Volume_+_DiCo_Applied",
    "ImageOrientationPatientDICOM": [
      1,
      0,
      0,
      0,
      1,
      0
    ],
    "ImageType": [
      "ORIGINAL",
      "PRIMARY",
      "M",
      "ND",
      "MOSAIC"
    ],
    "ImagingFrequency": 168.217,
    "InPlanePhaseEncodingDirectionDICOM": "COL",
    "MRAcquisitionType": "2D",
    "MagneticFieldStrength": 3.95064,
    "Manufacturer": "Siemens",
    "ManufacturersModelName": "MedSpec_4T",
    "Modality": "MR",
    "PartialFourier": 1,
    "PatientPosition": "HFS",
    "PercentPhaseFOV": 100,
    "PhaseEncodingDirection": "j-",
    "PhaseEncodingSteps": 64,
    "PhaseResolution": 1,
    "PixelBandwidth": 2790,
    "ProtocolName": "Nback_dc",
    "PulseSequenceDetails": "%CustomerSeq%_mz_ep2d_bold_dc",
    "ReceiveCoilName": "Head_4T",
    "ReconMatrixPE": 64,
    "RepetitionTime": 2.1,
    "SAR": 0.0317811,
    "ScanOptions": "FS",
    "ScanningSequence": "SE_EP",
    "SequenceName": "epfid2d1_64",
    "SequenceVariant": "SK",
    "SeriesDescription": "Nback_dc_DiCo",
    "SeriesNumber": 7,
    "ShimSetting": [
      15,
      -28,
      -50,
      1725,
      650,
      -1573,
      1459,
      211
    ],
    "SliceThickness": 3,
    "SoftwareVersions": "syngo_MR_2002B_4VA21A",
    "SpacingBetweenSlices": 3.6,
    "StationName": "wes4T",
    "TaskName": "nback",
    "TxRefAmp": 200.082,
    "dataset": "ds004169",
    "modality": "bold",
    "session_id": "01",
    "subject_id": "0701",
    "task_id": "nback"
  },
  "dummy_trs": 0,
  "dvars_nstd": 34.5115465586508,
  "dvars_std": 1.0487388319047617,
  "dvars_vstd": 0.9242105496031748,
  "efc": 0.5017875617412415,
  "fber": 1009.8247680664062,
  "fd_mean": 0.20108876080875296,
  "fd_num": 54,
  "fd_perc": 42.51968503937008,
  "fwhm_avg": 1.8815978192737237,
  "fwhm_x": 1.7913544347826087,
  "fwhm_y": 2.1233168695652176,
  "fwhm_z": 1.7301221534733446,
  "gcor": 0.00522134,
  "gsr_x": -0.0048383078537881374,
  "gsr_y": 0.029411517083644867,
  "provenance": {
    "md5sum": "3c92b333e7a4a8470b82a9c409049cba",
    "settings": {
      "fd_thres": 0.2,
      "testing": false
    },
    "software": "mriqc",
    "version": "23.0.1",
    "webapi_port": null,
    "webapi_url": "https://mriqc.nimh.nih.gov/api/v1"
  },
  "size_t": 127,
  "size_x": 64,
  "size_y": 64,
  "size_z": 36,
  "snr": 4.447577684919287,
  "spacing_tr": 2.0999999046325684,
  "spacing_x": 3.59375,
  "spacing_y": 3.59375,
  "spacing_z": 3.6000001430511475,
  "summary_bg_k": 29.164376675986716,
  "summary_bg_mad": 14.557516014307641,
  "summary_bg_mean": 40.40020751953125,
  "summary_bg_median": 23.33858299255371,
  "summary_bg_n": 93958.0,
  "summary_bg_p05": 12.118110656738281,
  "summary_bg_p95": 114.77401428222647,
  "summary_bg_stdv": 48.097923278808594,
  "summary_fg_k": 5.670002065582491,
  "summary_fg_mad": 126.13792177987754,
  "summary_fg_mean": 762.6737670898438,
  "summary_fg_median": 747.4251708984375,
  "summary_fg_n": 22913.0,
  "summary_fg_p05": 541.1086547851562,
  "summary_fg_p95": 1023.4251708984374,
  "summary_fg_stdv": 168.04852294921875,
  "tsnr": 32.04298654827289
}