{
  "aor": 0.010944409448818901,
  "aqi": 0.021077976377952754,
  "bids_meta": {
    "AcquisitionMatrixPE": 64,
    "AcquisitionNumber": 1,
    "AcquisitionTime": "15:42:33.052500",
    "BaseResolution": 64,
    "ConversionSoftware": "dcm2niix",
    "ConversionSoftwareVersion": "v1.0.20190410  GCC6.3.0",
    "DeviceSerialNumber": "18011",
    "EchoTime": 0.03,
    "FlipAngle": 90,
    "ImageComments": "Fake_MoCo_Reference_Volume_+_DiCo_Applied",
    "ImageOrientationPatientDICOM": [
      1,
      0,
      6.93889e-18,
      0,
      0.997564,
      -0.0697565
    ],
    "ImageType": [
      "ORIGINAL",
      "PRIMARY",
      "M",
      "ND",
      "MOSAIC"
    ],
    "ImagingFrequency": 168.217,
    "InPlanePhaseEncodingDirectionDICOM": "COL",
    "MRAcquisitionType": "2D",
    "MagneticFieldStrength": 3.95064,
    "Manufacturer": "Siemens",
    "ManufacturersModelName": "MedSpec_4T",
    "Modality": "MR",
    "PartialFourier": 1,
    "PatientPosition": "HFS",
    "PercentPhaseFOV": 100,
    "PhaseEncodingDirection": "j-",
    "PhaseEncodingSteps": 64,
    "PhaseResolution": 1,
    "PixelBandwidth": 2790,
    "ProtocolName": "Nback_dc",
    "PulseSequenceDetails": "%CustomerSeq%_mz_ep2d_bold_dc",
    "ReceiveCoilName": "Head_4T",
    "ReconMatrixPE": 64,
    "RepetitionTime": 2.1,
    "SAR": 0.0528794,
    "ScanOptions": "FS",
    "ScanningSequence": "SE_EP",
    "SequenceName": "epfid2d1_64",
    "SequenceVariant": "SK",
    "SeriesDescription": "Nback_dc_DiCo",
    "SeriesNumber": 7,
    "ShimSetting": [
      21,
      -22,
      17,
      1350,
      1129,
      -3253,
      3126,
      94
    ],
    "SliceThickness": 3,
    "SoftwareVersions": "syngo_MR_2002B_4VA21A",
    "SpacingBetweenSlices": 3.6,
    "StationName": "wes4T",
    "TaskName": "nback",
    "TxRefAmp": 198.731,
    "dataset": "ds004169",
    "modality": "bold",
    "session_id": "01",
    "subject_id": "1180",
    "task_id": "nback"
  },
  "dummy_trs": 0,
  "dvars_nstd": 37.426220651587315,
  "dvars_std": 1.2292158897619048,
  "dvars_vstd": 1.0452963669841273,
  "efc": 0.5115876040307931,
  "fber": 1800.142333984375,
  "fd_mean": 0.3255254287239242,
  "fd_num": 68,
  "fd_perc": 53.54330708661417,
  "fwhm_avg": 1.7860237278216038,
  "fwhm_x": 1.6581732173913044,
  "fwhm_y": 2.0628034782608693,
  "fwhm_z": 1.6370944878126379,
  "gcor": 0.016482,
  "gsr_x": -0.02049979381263256,
  "gsr_y": 0.040520619601011276,
  "provenance": {
    "md5sum": "996f97ac7a2d5d7cb9382ddab14f32a8",
    "settings": {
      "fd_thres": 0.2,
      "testing": false
    },
    "software": "mriqc",
    "version": "23.0.1",
    "webapi_port": null,
    "webapi_url": "https://mriqc.nimh.nih.gov/api/v1"
  },
  "size_t": 127,
  "size_x": 64,
  "size_y": 64,
  "size_z": 36,
  "snr": 5.507881608944123,
  "spacing_tr": 2.0999999046325684,
  "spacing_x": 3.59375,
  "spacing_y": 3.59375,
  "spacing_z": 3.5999999046325684,
  "summary_bg_k": 35.43558473534931,
  "summary_bg_mad": 11.615662460435686,
  "summary_bg_mean": 33.556026458740234,
  "summary_bg_median": 18.724409103393555,
  "summary_bg_n": 89037.0,
  "summary_bg_p05": 9.78740119934082,
  "summary_bg_p95": 95.88188934326172,
  "summary_bg_stdv": 39.23714828491211,
  "summary_fg_k": 2.214095501435236,
  "summary_fg_mad": 134.51990898054507,
  "summary_fg_mean": 813.9368286132812,
  "summary_fg_median": 808.842529296875,
  "summary_fg_n": 26890.0,
  "summary_fg_p05": 593.2051055908203,
  "summary_fg_p95": 1044.3779296875,
  "summary_fg_stdv": 146.84910583496094,
  "tsnr": 34.32398309186101
}