{
  "aor": 0.0019546031746031744,
  "aqi": 0.009215102777777779,
  "bids_meta": {
    "AcquisitionMatrixPE": 64,
    "AcquisitionNumber": 1,
    "AcquisitionTime": "09:34:23.815000",
    "BaseResolution": 64,
    "ConversionSoftware": "dcm2niix",
    "ConversionSoftwareVersion": "v1.0.20190410  GCC6.3.0",
    "DeviceSerialNumber": "18011",
    "EchoTime": 0.03,
    "FlipAngle": 90,
    "ImageComments": "Fake_MoCo_Reference_Volume_+_DiCo_Applied",
    "ImageOrientationPatientDICOM": [
      0.999848,
      -1.11022e-16,
      0.0174524,
      1.11022e-16,
      1,
      1.73472e-18
    ],
    "ImageType": [
      "ORIGINAL",
      "PRIMARY",
      "M",
      "ND",
      "MOSAIC"
    ],
    "ImagingFrequency": 168.217,
    "InPlanePhaseEncodingDirectionDICOM": "COL",
    "MRAcquisitionType": "2D",
    "MagneticFieldStrength": 3.95064,
    "Manufacturer": "Siemens",
    "ManufacturersModelName": "MedSpec_4T",
    "Modality": "MR",
    "PartialFourier": 1,
    "PatientPosition": "HFS",
    "PercentPhaseFOV": 100,
    "PhaseEncodingDirection": "j-",
    "PhaseEncodingSteps": 64,
    "PhaseResolution": 1,
    "PixelBandwidth": 2790,
    "ProtocolName": "Nback_dc",
    "PulseSequenceDetails": "%CustomerSeq%_mz_ep2d_bold_dc",
    "ReceiveCoilName": "Head_4T",
    "ReconMatrixPE": 64,
    "RepetitionTime": 2.1,
    "SAR": 0.033978,
    "ScanOptions": "FS",
    "ScanningSequence": "SE_EP",
    "SequenceName": "epfid2d1_64",
    "SequenceVariant": "SK",
    "SeriesDescription": "Nback_dc_DiCo",
    "SeriesNumber": 7,
    "ShimSetting": [
      38,
      -30,
      5,
      2135,
      995,
      -4171,
      3888,
      -193
    ],
    "SliceThickness": 3,
    "SoftwareVersions": "syngo_MR_2002B_4VA21A",
    "SpacingBetweenSlices": 3.6,
    "StationName": "wes4T",
    "TaskName": "nback",
    "TxRefAmp": 177.494,
    "dataset": "ds004169",
    "modality": "bold",
    "session_id": "01",
    "subject_id": "1017",
    "task_id": "nback"
  },
  "dummy_trs": 1,
  "dvars_nstd": 24.69202006535999,
  "dvars_std": 1.2003029868800004,
  "dvars_vstd": 0.9824573280799999,
  "efc": 0.44720086462785896,
  "fber": 2880.965087890625,
  "fd_mean": 0.09604549744549143,
  "fd_num": 8,
  "fd_perc": 6.349206349206349,
  "fwhm_avg": 1.7131446231910605,
  "fwhm_x": 1.5879373913043477,
  "fwhm_y": 1.9099464347826087,
  "fwhm_z": 1.6415500434862254,
  "gcor": 0.0218563,
  "gsr_x": -0.02109704725444317,
  "gsr_y": 0.03268604353070259,
  "provenance": {
    "md5sum": "8ec55f97d3961fc0cea6ce271a248f31",
    "settings": {
      "fd_thres": 0.2,
      "testing": false
    },
    "software": "mriqc",
    "version": "23.0.1",
    "webapi_port": null,
    "webapi_url": "https://mriqc.nimh.nih.gov/api/v1"
  },
  "size_t": 126,
  "size_x": 64,
  "size_y": 64,
  "size_z": 36,
  "snr": 5.526243524615998,
  "spacing_tr": 2.0999999046325684,
  "spacing_x": 3.59375,
  "spacing_y": 3.59375,
  "spacing_z": 3.5999999046325684,
  "summary_bg_k": 38.01001770977975,
  "summary_bg_mad": 7.636578654810465,
  "summary_bg_mean": 28.247957229614258,
  "summary_bg_median": 13.634921073913574,
  "summary_bg_n": 99900.0,
  "summary_bg_p05": 8.111111640930176,
  "summary_bg_p95": 85.53175354003906,
  "summary_bg_stdv": 39.7445068359375,
  "summary_fg_k": 1.9886515097024562,
  "summary_fg_mad": 124.62093303530797,
  "summary_fg_mean": 759.5145263671875,
  "summary_fg_median": 751.5317993164062,
  "summary_fg_n": 18307.0,
  "summary_fg_p05": 555.271484375,
  "summary_fg_p95": 978.3238525390625,
  "summary_fg_stdv": 135.98953247070312,
  "tsnr": 55.32244429504499
}