{
  "aor": 0.0030137333333333334,
  "aqi": 0.008577511333333333,
  "bids_meta": {
    "AcquisitionMatrixPE": 64,
    "AcquisitionNumber": 1,
    "AcquisitionTime": "09:31:54.010020",
    "BaseResolution": 64,
    "ConversionSoftware": "dcm2niix",
    "ConversionSoftwareVersion": "v1.0.20190410  GCC6.3.0",
    "DeviceSerialNumber": "18011",
    "EchoTime": 0.03,
    "FlipAngle": 90,
    "ImageComments": "Fake_MoCo_Reference_Volume_+_DiCo_Applied",
    "ImageOrientationPatientDICOM": [
      1,
      0,
      1.38778e-17,
      0,
      0.976672,
      -0.214735
    ],
    "ImageType": [
      "ORIGINAL",
      "PRIMARY",
      "M",
      "ND",
      "DICO",
      "MOSAIC"
    ],
    "ImagingFrequency": 168.255,
    "InPlanePhaseEncodingDirectionDICOM": "COL",
    "MRAcquisitionType": "2D",
    "MagneticFieldStrength": 3.95064,
    "Manufacturer": "Siemens",
    "ManufacturersModelName": "MedSpec_4T",
    "Modality": "MR",
    "PartialFourier": 1,
    "PatientPosition": "HFS",
    "PercentPhaseFOV": 100,
    "PhaseEncodingDirection": "j-",
    "PhaseEncodingSteps": 64,
    "PhaseResolution": 1,
    "PixelBandwidth": 2790,
    "ProcedureStepDescription": "Research_fMRI",
    "ProtocolName": "mz_bold_dc_REST",
    "PulseSequenceDetails": "%CustomerSeq%_mz_ep2d_bold_dc",
    "ReceiveCoilName": "Head",
    "ReconMatrixPE": 64,
    "RepetitionTime": 2.1,
    "SAR": 0.0690702,
    "ScanOptions": "FS",
    "ScanningSequence": "SE_EP",
    "SequenceName": "epfid2d1_64",
    "SequenceVariant": "SK",
    "SeriesDescription": "mz_bold_dc_REST_DiCo",
    "SeriesNumber": 12,
    "ShimSetting": [
      14,
      19,
      34,
      1952,
      847,
      -3712,
      2381,
      -60
    ],
    "SliceThickness": 3,
    "SoftwareVersions": "syngo_MR_2004A_4VA25A",
    "SpacingBetweenSlices": 3.6,
    "StationName": "WES4T",
    "TaskName": "rest",
    "TxRefAmp": 189.131,
    "dataset": "ds004169",
    "modality": "bold",
    "session_id": "01",
    "subject_id": "0239",
    "task_id": "rest"
  },
  "dummy_trs": 0,
  "dvars_nstd": 31.803900187583913,
  "dvars_std": 1.2729582081208055,
  "dvars_vstd": 1.0064280261073824,
  "efc": 0.45678460381663866,
  "fber": 2553.089111328125,
  "fd_mean": 0.30047795121595333,
  "fd_num": 89,
  "fd_perc": 59.333333333333336,
  "fwhm_avg": 1.6752727700074006,
  "fwhm_x": 1.5667756521739131,
  "fwhm_y": 1.899806608695652,
  "fwhm_z": 1.5592360491526371,
  "gcor": 0.088699,
  "gsr_x": -0.03169463202357292,
  "gsr_y": 0.04087825119495392,
  "provenance": {
    "md5sum": "71af501cb1afa44338eadec427b02a16",
    "settings": {
      "fd_thres": 0.2,
      "testing": false
    },
    "software": "mriqc",
    "version": "23.0.1",
    "webapi_port": null,
    "webapi_url": "https://mriqc.nimh.nih.gov/api/v1"
  },
  "size_t": 150,
  "size_x": 64,
  "size_y": 64,
  "size_z": 36,
  "snr": 5.456263957499533,
  "spacing_tr": 2.0999999046325684,
  "spacing_x": 3.59375,
  "spacing_y": 3.59375,
  "spacing_z": 3.6000001430511475,
  "summary_bg_k": 112.57388847000682,
  "summary_bg_mad": 8.925266034085158,
  "summary_bg_mean": 26.73737907409668,
  "summary_bg_median": 13.34000015258789,
  "summary_bg_n": 98151.0,
  "summary_bg_p05": 5.4666666984558105,
  "summary_bg_p95": 80.54000091552734,
  "summary_bg_stdv": 41.947940826416016,
  "summary_fg_k": 3.95928379344105,
  "summary_fg_mad": 107.2218033012281,
  "summary_fg_mean": 692.6925048828125,
  "summary_fg_median": 683.433349609375,
  "summary_fg_n": 19557.0,
  "summary_fg_p05": 518.1786987304688,
  "summary_fg_p95": 888.49736328125,
  "summary_fg_stdv": 125.25344848632812,
  "tsnr": 55.37088709906675
}