{
  "aor": 0.0016974015748031492,
  "aqi": 0.009899801968503938,
  "bids_meta": {
    "AcquisitionMatrixPE": 64,
    "AcquisitionNumber": 1,
    "AcquisitionTime": "10:42:44.935020",
    "BaseResolution": 64,
    "ConversionSoftware": "dcm2niix",
    "ConversionSoftwareVersion": "v1.0.20190410  GCC6.3.0",
    "DeviceSerialNumber": "18011",
    "EchoTime": 0.03,
    "FlipAngle": 90,
    "ImageComments": "Fake_MoCo_Reference_Volume_+_DiCo_Applied",
    "ImageOrientationPatientDICOM": [
      1,
      0,
      0,
      0,
      1,
      0
    ],
    "ImageType": [
      "ORIGINAL",
      "PRIMARY",
      "M",
      "ND",
      "MOSAIC"
    ],
    "ImagingFrequency": 168.217,
    "InPlanePhaseEncodingDirectionDICOM": "COL",
    "MRAcquisitionType": "2D",
    "MagneticFieldStrength": 3.95064,
    "Manufacturer": "Siemens",
    "ManufacturersModelName": "MedSpec_4T",
    "Modality": "MR",
    "PartialFourier": 1,
    "PatientPosition": "HFS",
    "PercentPhaseFOV": 100,
    "PhaseEncodingDirection": "j-",
    "PhaseEncodingSteps": 64,
    "PhaseResolution": 1,
    "PixelBandwidth": 2790,
    "ProtocolName": "Nback_dc",
    "PulseSequenceDetails": "%CustomerSeq%_mz_ep2d_bold_dc",
    "ReceiveCoilName": "Head_4T",
    "ReconMatrixPE": 64,
    "RepetitionTime": 2.1,
    "SAR": 0.0381763,
    "ScanOptions": "FS",
    "ScanningSequence": "SE_EP",
    "SequenceName": "epfid2d1_64",
    "SequenceVariant": "SK",
    "SeriesDescription": "Nback_dc_DiCo",
    "SeriesNumber": 7,
    "ShimSetting": [
      2,
      18,
      -23,
      1743,
      127,
      -4063,
      2094,
      142
    ],
    "SliceThickness": 3,
    "SoftwareVersions": "syngo_MR_2002B_4VA21A",
    "SpacingBetweenSlices": 3.6,
    "StationName": "wes4T",
    "TaskName": "nback",
    "TxRefAmp": 177.613,
    "dataset": "ds004169",
    "modality": "bold",
    "session_id": "01",
    "subject_id": "0424",
    "task_id": "nback"
  },
  "dummy_trs": 0,
  "dvars_nstd": 25.919288468888894,
  "dvars_std": 1.0297449962698417,
  "dvars_vstd": 0.9913321138095239,
  "efc": 0.4427808611447245,
  "fber": 3364.46875,
  "fd_mean": 0.10489608168181423,
  "fd_num": 2,
  "fd_perc": 1.5748031496062993,
  "fwhm_avg": 1.735248162468667,
  "fwhm_x": 1.595870608695652,
  "fwhm_y": 1.9881293913043478,
  "fwhm_z": 1.6217444874060019,
  "gcor": 0.0252392,
  "gsr_x": -0.019856112077832222,
  "gsr_y": 0.03146101161837578,
  "provenance": {
    "md5sum": "ac41103c718192b9447185575b948f07",
    "settings": {
      "fd_thres": 0.2,
      "testing": false
    },
    "software": "mriqc",
    "version": "23.0.1",
    "webapi_port": null,
    "webapi_url": "https://mriqc.nimh.nih.gov/api/v1"
  },
  "size_t": 127,
  "size_x": 64,
  "size_y": 64,
  "size_z": 36,
  "snr": 6.0566521540323075,
  "spacing_tr": 2.0999999046325684,
  "spacing_x": 3.59375,
  "spacing_y": 3.59375,
  "spacing_z": 3.5999999046325684,
  "summary_bg_k": 48.34445533396667,
  "summary_bg_mad": 6.0704964988621795,
  "summary_bg_mean": 21.854442596435547,
  "summary_bg_median": 10.881889343261719,
  "summary_bg_n": 99959.0,
  "summary_bg_p05": 6.031496047973633,
  "summary_bg_p95": 64.46456909179688,
  "summary_bg_stdv": 31.286823272705078,
  "summary_fg_k": 2.9732437342470934,
  "summary_fg_mad": 91.38436479560097,
  "summary_fg_mean": 641.1046752929688,
  "summary_fg_median": 637.0,
  "summary_fg_n": 18729.0,
  "summary_fg_p05": 484.7180969238281,
  "summary_fg_p95": 809.0015747070312,
  "summary_fg_stdv": 105.17080688476562,
  "tsnr": 50.27133543090895
}