{
  "bids_meta": {
    "AcquisitionMatrixPE": 225,
    "AcquisitionNumber": 1,
    "AcquisitionTime": "09:41:2.532490",
    "BaseResolution": 256,
    "ConversionSoftware": "dcm2niix",
    "ConversionSoftwareVersion": "v1.0.20190410  GCC6.3.0",
    "DeviceSerialNumber": "18011",
    "EchoTime": 0.00335,
    "FlipAngle": 8,
    "ImageOrientationPatientDICOM": [
      0.999391,
      -0.0348995,
      0,
      0,
      2.22045e-16,
      -1
    ],
    "ImageType": [
      "ORIGINAL",
      "PRIMARY",
      "M",
      "ND"
    ],
    "ImagingFrequency": 168.217,
    "InPlanePhaseEncodingDirectionDICOM": "ROW",
    "InversionTime": 0.7,
    "MRAcquisitionType": "3D",
    "MagneticFieldStrength": 3.95064,
    "Manufacturer": "Siemens",
    "ManufacturersModelName": "MedSpec_4T",
    "Modality": "MR",
    "PartialFourier": 0.875,
    "PatientPosition": "HFS",
    "PercentPhaseFOV": 100,
    "PhaseEncodingSteps": 197,
    "PhaseResolution": 0.878906,
    "PixelBandwidth": 200,
    "ProtocolName": "t1_mpr_cor",
    "PulseSequenceDetails": "%SiemensSeq%_tfl",
    "ReceiveCoilName": "Head_4T",
    "ReconMatrixPE": 256,
    "RepetitionTime": 1.5,
    "SAR": 0.00455669,
    "ScanOptions": "IR",
    "ScanningSequence": "IR_GR",
    "SequenceName": "tfl3d1_ns",
    "SequenceVariant": "SP_MP",
    "SeriesDescription": "t1_mpr_cor",
    "SeriesNumber": 8,
    "ShimSetting": [
      -6,
      -17,
      -45,
      1641,
      164,
      -3329,
      2646,
      140
    ],
    "SliceThickness": 0.9,
    "SoftwareVersions": "syngo_MR_2002B_4VA21A",
    "StationName": "wes4T",
    "TxRefAmp": 178.715,
    "dataset": "ds004169",
    "modality": "T1w",
    "session_id": "01",
    "subject_id": "0412"
  },
  "cjv": 0.3667586093338441,
  "cnr": 3.5665363904415934,
  "efc": 0.4432303040377438,
  "fber": 1166.061166997334,
  "fwhm_avg": 4.4335610804823,
  "fwhm_x": 4.475818666666667,
  "fwhm_y": 4.920011241446899,
  "fwhm_z": 3.9048533333333335,
  "icvs_csf": 0.21921625593045335,
  "icvs_gm": 0.42784864897310587,
  "icvs_wm": 0.3529350950964408,
  "inu_med": 0.7620577812194824,
  "inu_range": 0.5242220520973206,
  "provenance": {
    "md5sum": "d14d3365b94351735a189cff75e419fe",
    "settings": {
      "testing": false
    },
    "software": "mriqc",
    "version": "23.0.1",
    "warnings": {
      "large_rot_frame": true,
      "small_air_mask": false
    },
    "webapi_port": null,
    "webapi_url": "https://mriqc.nimh.nih.gov/api/v1"
  },
  "qi_1": 0.0,
  "qi_2": 0.01869879144316325,
  "rpve_csf": 28.727370455743568,
  "rpve_gm": 15.41440108272108,
  "rpve_wm": 21.704938848204865,
  "size_x": 256,
  "size_y": 256,
  "size_z": 256,
  "snr_csf": 1.2788889980897118,
  "snr_gm": 9.446275887594323,
  "snr_total": 10.050235129918413,
  "snr_wm": 19.4255405040712,
  "snrd_csf": 6.314111266152632,
  "snrd_gm": 17.382181305726448,
  "snrd_total": 16.526124553779017,
  "snrd_wm": 25.882081089457973,
  "spacing_x": 0.9375,
  "spacing_y": 0.8999999761581421,
  "spacing_z": 0.9375,
  "summary_bg_k": 50.018966789680704,
  "summary_bg_mad": 25.312354340457958,
  "summary_bg_mean": 19.568855672761014,
  "summary_bg_median": 17.072923555970192,
  "summary_bg_n": 5542747.0,
  "summary_bg_p05": 0.0,
  "summary_bg_p95": 70.65823808312416,
  "summary_bg_stdv": 27.82617243823647,
  "summary_csf_k": 25.989867296600046,
  "summary_csf_mad": 111.62497646772252,
  "summary_csf_mean": 264.07978722748265,
  "summary_csf_median": 243.95686411857605,
  "summary_csf_n": 43939.0,
  "summary_csf_p05": 77.01409873366356,
  "summary_csf_p95": 473.44400292634964,
  "summary_csf_stdv": 190.75470066707948,
  "summary_gm_k": 0.11527676304625611,
  "summary_gm_mad": 71.02496257510678,
  "summary_gm_mean": 669.3891534488606,
  "summary_gm_median": 671.5913394838572,
  "summary_gm_n": 39311.0,
  "summary_gm_p05": 549.2917336151004,
  "summary_gm_p95": 781.6356289386749,
  "summary_gm_stdv": 71.09498022213552,
  "summary_wm_k": 0.4809139712177566,
  "summary_wm_mad": 49.42174530631989,
  "summary_wm_mean": 1000.7575478128988,
  "summary_wm_median": 1000.0000116080046,
  "summary_wm_n": 249276.0,
  "summary_wm_p05": 917.6104775369167,
  "summary_wm_p95": 1085.8379381597042,
  "summary_wm_stdv": 51.478516419533754,
  "tpm_overlap_csf": 0.13909411894714035,
  "tpm_overlap_gm": 0.4530519305026034,
  "tpm_overlap_wm": 0.5004479812888888,
  "wm2max": 0.5053043374276099
}