{
  "aor": 0.0016889261744966447,
  "aqi": 0.018197171275167786,
  "bids_meta": {
    "AcquisitionMatrixPE": 64,
    "AcquisitionNumber": 1,
    "AcquisitionTime": "08:52:16.715010",
    "BaseResolution": 64,
    "ConversionSoftware": "dcm2niix",
    "ConversionSoftwareVersion": "v1.0.20190410  GCC6.3.0",
    "DeviceSerialNumber": "18011",
    "EchoTime": 0.03,
    "FlipAngle": 90,
    "ImageComments": "Fake_MoCo_Reference_Volume_+_DiCo_Applied",
    "ImageOrientationPatientDICOM": [
      0.999848,
      -1.11022e-16,
      -0.0174524,
      1.11022e-16,
      1,
      -1.73472e-18
    ],
    "ImageType": [
      "ORIGINAL",
      "PRIMARY",
      "M",
      "ND",
      "MOSAIC"
    ],
    "ImagingFrequency": 168.217,
    "InPlanePhaseEncodingDirectionDICOM": "COL",
    "MRAcquisitionType": "2D",
    "MagneticFieldStrength": 3.95064,
    "Manufacturer": "Siemens",
    "ManufacturersModelName": "MedSpec_4T",
    "Modality": "MR",
    "PartialFourier": 1,
    "PatientPosition": "HFS",
    "PercentPhaseFOV": 100,
    "PhaseEncodingDirection": "j-",
    "PhaseEncodingSteps": 64,
    "PhaseResolution": 1,
    "PixelBandwidth": 2790,
    "ProtocolName": "mz_bold_dc_REST",
    "PulseSequenceDetails": "%CustomerSeq%_mz_ep2d_bold_dc",
    "ReceiveCoilName": "Head_4T",
    "ReconMatrixPE": 64,
    "RepetitionTime": 2.1,
    "SAR": 0.0243036,
    "ScanOptions": "FS",
    "ScanningSequence": "SE_EP",
    "SequenceName": "epfid2d1_64",
    "SequenceVariant": "SK",
    "SeriesDescription": "mz_bold_dc_REST_DiCo",
    "SeriesNumber": 10,
    "ShimSetting": [
      -5,
      -3,
      4,
      1559,
      586,
      -3545,
      3691,
      72
    ],
    "SliceThickness": 3,
    "SoftwareVersions": "syngo_MR_2002B_4VA21A",
    "SpacingBetweenSlices": 3.6,
    "StationName": "wes4T",
    "TaskName": "rest",
    "TxRefAmp": 204.591,
    "dataset": "ds004169",
    "modality": "bold",
    "session_id": "01",
    "subject_id": "0978",
    "task_id": "rest"
  },
  "dummy_trs": 1,
  "dvars_nstd": 35.23133851398649,
  "dvars_std": 1.033978251013513,
  "dvars_vstd": 0.9701402996621614,
  "efc": 0.4799911112236021,
  "fber": 2098.09423828125,
  "fd_mean": 0.15357785563991247,
  "fd_num": 26,
  "fd_perc": 17.449664429530202,
  "fwhm_avg": 1.799356512303283,
  "fwhm_x": 1.6336695652173914,
  "fwhm_y": 2.0975582608695653,
  "fwhm_z": 1.6668417108228926,
  "gcor": 0.0271381,
  "gsr_x": -0.022641582414507866,
  "gsr_y": 0.03972683474421501,
  "provenance": {
    "md5sum": "e696e1b803da57873c4786eacbcc1678",
    "settings": {
      "fd_thres": 0.2,
      "testing": false
    },
    "software": "mriqc",
    "version": "23.0.1",
    "webapi_port": null,
    "webapi_url": "https://mriqc.nimh.nih.gov/api/v1"
  },
  "size_t": 149,
  "size_x": 64,
  "size_y": 64,
  "size_z": 36,
  "snr": 5.020670092553228,
  "spacing_tr": 2.0999999046325684,
  "spacing_x": 3.59375,
  "spacing_y": 3.59375,
  "spacing_z": 3.5999999046325684,
  "summary_bg_k": 39.55992452805762,
  "summary_bg_mad": 7.711520638402929,
  "summary_bg_mean": 28.882360458374023,
  "summary_bg_median": 14.161073684692383,
  "summary_bg_n": 95199.0,
  "summary_bg_p05": 8.322147369384766,
  "summary_bg_p95": 89.72282180786092,
  "summary_bg_stdv": 39.7617073059082,
  "summary_fg_k": 3.30278782199406,
  "summary_fg_mad": 120.48884898357328,
  "summary_fg_mean": 673.122314453125,
  "summary_fg_median": 661.5637817382812,
  "summary_fg_n": 22111.0,
  "summary_fg_p05": 487.06712341308594,
  "summary_fg_p95": 879.0335693359375,
  "summary_fg_stdv": 131.76504516601562,
  "tsnr": 35.00785056850873
}