{
  "aor": 0.0006681208053691275,
  "aqi": 0.012337392953020134,
  "bids_meta": {
    "AcquisitionMatrixPE": 64,
    "AcquisitionNumber": 1,
    "AcquisitionTime": "09:39:40.160010",
    "BaseResolution": 64,
    "ConversionSoftware": "dcm2niix",
    "ConversionSoftwareVersion": "v1.0.20190410  GCC6.3.0",
    "DeviceSerialNumber": "18011",
    "EchoTime": 0.03,
    "FlipAngle": 90,
    "ImageComments": "Fake_MoCo_Reference_Volume_+_DiCo_Applied",
    "ImageOrientationPatientDICOM": [
      0.999391,
      -2.22045e-16,
      -0.0348995,
      2.22045e-16,
      1,
      0
    ],
    "ImageType": [
      "ORIGINAL",
      "PRIMARY",
      "M",
      "ND",
      "MOSAIC"
    ],
    "ImagingFrequency": 168.256,
    "InPlanePhaseEncodingDirectionDICOM": "COL",
    "MRAcquisitionType": "2D",
    "MagneticFieldStrength": 3.95064,
    "Manufacturer": "Siemens",
    "ManufacturersModelName": "MedSpec_4T",
    "Modality": "MR",
    "PartialFourier": 1,
    "PatientPosition": "HFS",
    "PercentPhaseFOV": 100,
    "PhaseEncodingDirection": "j-",
    "PhaseEncodingSteps": 64,
    "PhaseResolution": 1,
    "PixelBandwidth": 2790,
    "ProtocolName": "mz_bold_dc_REST",
    "PulseSequenceDetails": "%CustomerSeq%_mz_ep2d_bold_dc",
    "ReceiveCoilName": "Head_4T",
    "ReconMatrixPE": 64,
    "RepetitionTime": 2.1,
    "SAR": 0.0232163,
    "ScanOptions": "FS",
    "ScanningSequence": "SE_EP",
    "SequenceName": "epfid2d1_64",
    "SequenceVariant": "SK",
    "SeriesDescription": "mz_bold_dc_REST_DiCo",
    "SeriesNumber": 10,
    "ShimSetting": [
      3,
      2,
      -17,
      1875,
      600,
      -2440,
      2827,
      -228
    ],
    "SliceThickness": 3,
    "SoftwareVersions": "syngo_MR_2002B_4VA21A",
    "SpacingBetweenSlices": 3.6,
    "StationName": "wes4T",
    "TaskName": "rest",
    "TxRefAmp": 191.698,
    "dataset": "ds004169",
    "modality": "bold",
    "session_id": "01",
    "subject_id": "0801",
    "task_id": "rest"
  },
  "dummy_trs": 1,
  "dvars_nstd": 33.33711959222975,
  "dvars_std": 1.1745919025000002,
  "dvars_vstd": 0.9621405020270275,
  "efc": 0.4773341997104167,
  "fber": 2208.81298828125,
  "fd_mean": 0.09842284735434179,
  "fd_num": 6,
  "fd_perc": 4.026845637583893,
  "fwhm_avg": 1.6510701426989174,
  "fwhm_x": 1.5137446956521738,
  "fwhm_y": 1.8682379130434783,
  "fwhm_z": 1.5712278194011005,
  "gcor": 0.0128356,
  "gsr_x": -0.018114877864718437,
  "gsr_y": 0.03490215167403221,
  "provenance": {
    "md5sum": "a3fd7bd7b7d76ec8a7310a1ded42859c",
    "settings": {
      "fd_thres": 0.2,
      "testing": false
    },
    "software": "mriqc",
    "version": "23.0.1",
    "webapi_port": null,
    "webapi_url": "https://mriqc.nimh.nih.gov/api/v1"
  },
  "size_t": 149,
  "size_x": 64,
  "size_y": 64,
  "size_z": 36,
  "snr": 5.332256643009317,
  "spacing_tr": 2.0999999046325684,
  "spacing_x": 3.59375,
  "spacing_y": 3.59375,
  "spacing_z": 3.5999999046325684,
  "summary_bg_k": 36.17899036055363,
  "summary_bg_mad": 10.522496133122518,
  "summary_bg_mean": 33.40473175048828,
  "summary_bg_median": 16.889263153076172,
  "summary_bg_n": 95266.0,
  "summary_bg_p05": 9.10067081451416,
  "summary_bg_p95": 96.91107368469238,
  "summary_bg_stdv": 46.482364654541016,
  "summary_fg_k": 3.8199072353549894,
  "summary_fg_mad": 126.5386152993809,
  "summary_fg_mean": 823.2890014648438,
  "summary_fg_median": 811.671142578125,
  "summary_fg_n": 22079.0,
  "summary_fg_p05": 613.904052734375,
  "summary_fg_p95": 1068.681884765625,
  "summary_fg_stdv": 152.2156219482422,
  "tsnr": 46.50623197853565
}