{
  "aor": 0.011895905511811024,
  "aqi": 0.016045666771653543,
  "bids_meta": {
    "AcquisitionMatrixPE": 64,
    "AcquisitionNumber": 1,
    "AcquisitionTime": "10:51:32.672490",
    "BaseResolution": 64,
    "ConversionSoftware": "dcm2niix",
    "ConversionSoftwareVersion": "v1.0.20190410  GCC6.3.0",
    "DeviceSerialNumber": "18011",
    "EchoTime": 0.03,
    "FlipAngle": 90,
    "ImageComments": "Fake_MoCo_Reference_Volume_+_DiCo_Applied",
    "ImageOrientationPatientDICOM": [
      1,
      0,
      2.77556e-17,
      0,
      0.928486,
      -0.371368
    ],
    "ImageType": [
      "ORIGINAL",
      "PRIMARY",
      "M",
      "ND",
      "DICO",
      "MOSAIC"
    ],
    "ImagingFrequency": 168.255,
    "InPlanePhaseEncodingDirectionDICOM": "COL",
    "MRAcquisitionType": "2D",
    "MagneticFieldStrength": 3.95064,
    "Manufacturer": "Siemens",
    "ManufacturersModelName": "MedSpec_4T",
    "Modality": "MR",
    "PartialFourier": 1,
    "PatientPosition": "HFS",
    "PercentPhaseFOV": 100,
    "PhaseEncodingDirection": "j-",
    "PhaseEncodingSteps": 64,
    "PhaseResolution": 1,
    "PixelBandwidth": 2790,
    "ProcedureStepDescription": "Research_fMRI",
    "ProtocolName": "Nback_dc_opt",
    "PulseSequenceDetails": "%CustomerSeq%_kt_ep2d_bold_dc",
    "ReceiveCoilName": "Head",
    "ReconMatrixPE": 64,
    "RepetitionTime": 2.1,
    "SAR": 0.0834793,
    "ScanOptions": "FS",
    "ScanningSequence": "SE_EP",
    "SequenceName": "epfid2d1_64",
    "SequenceVariant": "SK",
    "SeriesDescription": "Nback_dc_opt_DiCo",
    "SeriesNumber": 6,
    "ShimSetting": [
      11,
      22,
      39,
      2672,
      1219,
      -3630,
      2687,
      193
    ],
    "SliceThickness": 3,
    "SoftwareVersions": "syngo_MR_2004A_4VA25A",
    "SpacingBetweenSlices": 3.6,
    "StationName": "WES4T",
    "TaskName": "nback",
    "TxRefAmp": 199.271,
    "dataset": "ds004169",
    "modality": "bold",
    "session_id": "01",
    "subject_id": "0166",
    "task_id": "nback"
  },
  "dummy_trs": 0,
  "dvars_nstd": 33.71355707674603,
  "dvars_std": 1.179983177777778,
  "dvars_vstd": 1.0677405637301585,
  "efc": 0.47974745638472327,
  "fber": 1544.739013671875,
  "fd_mean": 0.37120006060147787,
  "fd_num": 92,
  "fd_perc": 72.44094488188976,
  "fwhm_avg": 1.8171903297974101,
  "fwhm_x": 1.6842267826086956,
  "fwhm_y": 2.041502608695652,
  "fwhm_z": 1.725841598087883,
  "gcor": 0.0238947,
  "gsr_x": -0.022852161899209023,
  "gsr_y": 0.03779072314500809,
  "provenance": {
    "md5sum": "c348445373c8efeec2bcbd2c129cad61",
    "settings": {
      "fd_thres": 0.2,
      "testing": false
    },
    "software": "mriqc",
    "version": "22.0.6",
    "webapi_port": null,
    "webapi_url": "https://mriqc.nimh.nih.gov/api/v1"
  },
  "size_t": 127,
  "size_x": 64,
  "size_y": 64,
  "size_z": 36,
  "snr": 5.202469240901439,
  "spacing_tr": 2.0999999046325684,
  "spacing_x": 3.59375,
  "spacing_y": 3.59375,
  "spacing_z": 3.6000001430511475,
  "summary_bg_k": 40.52144111492325,
  "summary_bg_mad": 9.759492771050805,
  "summary_bg_mean": 28.3795223236084,
  "summary_bg_median": 15.370079040527344,
  "summary_bg_n": 96059.0,
  "summary_bg_p05": 7.8267717361450195,
  "summary_bg_p95": 82.4267684936522,
  "summary_bg_stdv": 38.18185806274414,
  "summary_fg_k": 4.355019190631978,
  "summary_fg_mad": 97.77003317653876,
  "summary_fg_mean": 634.8173217773438,
  "summary_fg_median": 622.6693115234375,
  "summary_fg_n": 21193.0,
  "summary_fg_p05": 471.8645751953125,
  "summary_fg_p95": 825.1149536132807,
  "summary_fg_stdv": 119.68444061279297,
  "tsnr": 39.196737804682925
}