{
  "aor": 0.002738818897637795,
  "aqi": 0.018018852047244092,
  "bids_meta": {
    "AcquisitionMatrixPE": 64,
    "AcquisitionNumber": 1,
    "AcquisitionTime": "07:47:52.275010",
    "BaseResolution": 64,
    "ConversionSoftware": "dcm2niix",
    "ConversionSoftwareVersion": "v1.0.20190410  GCC6.3.0",
    "DeviceSerialNumber": "18011",
    "EchoTime": 0.03,
    "FlipAngle": 90,
    "ImageComments": "Fake_MoCo_Reference_Volume_+_DiCo_Applied",
    "ImageOrientationPatientDICOM": [
      0.99863,
      2.22045e-16,
      0.052336,
      -2.22045e-16,
      1,
      0
    ],
    "ImageType": [
      "ORIGINAL",
      "PRIMARY",
      "M",
      "ND",
      "MOSAIC"
    ],
    "ImagingFrequency": 168.217,
    "InPlanePhaseEncodingDirectionDICOM": "COL",
    "MRAcquisitionType": "2D",
    "MagneticFieldStrength": 3.95064,
    "Manufacturer": "Siemens",
    "ManufacturersModelName": "MedSpec_4T",
    "Modality": "MR",
    "PartialFourier": 1,
    "PatientPosition": "HFS",
    "PercentPhaseFOV": 100,
    "PhaseEncodingDirection": "j-",
    "PhaseEncodingSteps": 64,
    "PhaseResolution": 1,
    "PixelBandwidth": 2790,
    "ProtocolName": "Nback_dc",
    "PulseSequenceDetails": "%CustomerSeq%_mz_ep2d_bold_dc",
    "ReceiveCoilName": "Head_4T",
    "ReconMatrixPE": 64,
    "RepetitionTime": 2.1,
    "SAR": 0.0392813,
    "ScanOptions": "FS",
    "ScanningSequence": "SE_EP",
    "SequenceName": "epfid2d1_64",
    "SequenceVariant": "SK",
    "SeriesDescription": "Nback_dc_DiCo",
    "SeriesNumber": 7,
    "ShimSetting": [
      21,
      -21,
      -24,
      1257,
      588,
      -2413,
      1495,
      -15
    ],
    "SliceThickness": 3,
    "SoftwareVersions": "syngo_MR_2002B_4VA21A",
    "SpacingBetweenSlices": 3.6,
    "StationName": "wes4T",
    "TaskName": "nback",
    "TxRefAmp": 218.482,
    "dataset": "ds004169",
    "modality": "bold",
    "session_id": "02",
    "subject_id": "1063",
    "task_id": "nback"
  },
  "dummy_trs": 0,
  "dvars_nstd": 25.302822158492052,
  "dvars_std": 0.9387903052380956,
  "dvars_vstd": 0.9165726996825398,
  "efc": 0.49526978144589184,
  "fber": 1388.3458251953125,
  "fd_mean": 0.1669266226673189,
  "fd_num": 31,
  "fd_perc": 24.409448818897637,
  "fwhm_avg": 1.8443324898476459,
  "fwhm_x": 1.7488973913043477,
  "fwhm_y": 2.1072194782608697,
  "fwhm_z": 1.676880599977721,
  "gcor": 0.00920448,
  "gsr_x": -0.01942213997244835,
  "gsr_y": 0.046015869826078415,
  "provenance": {
    "md5sum": "3a4aacd90ab5576a379aa78c22c6d2d0",
    "settings": {
      "fd_thres": 0.2,
      "testing": false
    },
    "software": "mriqc",
    "version": "23.0.1",
    "webapi_port": null,
    "webapi_url": "https://mriqc.nimh.nih.gov/api/v1"
  },
  "size_t": 127,
  "size_x": 64,
  "size_y": 64,
  "size_z": 36,
  "snr": 4.606679430842742,
  "spacing_tr": 2.0999999046325684,
  "spacing_x": 3.59375,
  "spacing_y": 3.59375,
  "spacing_z": 3.5999999046325684,
  "summary_bg_k": 38.8776669604904,
  "summary_bg_mad": 14.032188304858282,
  "summary_bg_mean": 41.302711486816406,
  "summary_bg_median": 21.87401580810547,
  "summary_bg_n": 93896.0,
  "summary_bg_p05": 11.39370059967041,
  "summary_bg_p95": 123.25,
  "summary_bg_stdv": 50.56831741333008,
  "summary_fg_k": 3.778617705254903,
  "summary_fg_mad": 138.7342039768301,
  "summary_fg_mean": 831.1341552734375,
  "summary_fg_median": 809.8543701171875,
  "summary_fg_n": 22988.0,
  "summary_fg_p05": 598.0401550292969,
  "summary_fg_p95": 1129.2693359374998,
  "summary_fg_stdv": 175.79620361328125,
  "tsnr": 37.17515693977475
}