{
  "aor": 0.019030551181102365,
  "aqi": 0.010736271574803148,
  "bids_meta": {
    "AcquisitionMatrixPE": 64,
    "AcquisitionNumber": 1,
    "AcquisitionTime": "20:01:59.372490",
    "BaseResolution": 64,
    "ConversionSoftware": "dcm2niix",
    "ConversionSoftwareVersion": "v1.0.20190410  GCC6.3.0",
    "DeviceSerialNumber": "18011",
    "EchoTime": 0.03,
    "FlipAngle": 90,
    "ImageComments": "Fake_MoCo_Reference_Volume_+_DiCo_Applied",
    "ImageOrientationPatientDICOM": [
      1,
      0,
      0,
      0,
      1,
      0
    ],
    "ImageType": [
      "ORIGINAL",
      "PRIMARY",
      "M",
      "ND",
      "MOSAIC"
    ],
    "ImagingFrequency": 168.255,
    "InPlanePhaseEncodingDirectionDICOM": "COL",
    "MRAcquisitionType": "2D",
    "MagneticFieldStrength": 3.95064,
    "Manufacturer": "Siemens",
    "ManufacturersModelName": "MedSpec_4T",
    "Modality": "MR",
    "PartialFourier": 1,
    "PatientPosition": "HFS",
    "PercentPhaseFOV": 100,
    "PhaseEncodingDirection": "j-",
    "PhaseEncodingSteps": 64,
    "PhaseResolution": 1,
    "PixelBandwidth": 2790,
    "ProtocolName": "Nback_dc_opt",
    "PulseSequenceDetails": "%CustomerSeq%_kt_ep2d_bold_dc",
    "ReceiveCoilName": "Head_4T",
    "ReconMatrixPE": 64,
    "RepetitionTime": 2.1,
    "SAR": 0.03658,
    "ScanOptions": "FS",
    "ScanningSequence": "SE_EP",
    "SequenceName": "epfid2d1_64",
    "SequenceVariant": "SK",
    "SeriesDescription": "Nback_dc_opt_DiCo",
    "SeriesNumber": 7,
    "ShimSetting": [
      10,
      -18,
      3,
      1862,
      587,
      -4492,
      2922,
      -297
    ],
    "SliceThickness": 3,
    "SoftwareVersions": "syngo_MR_2002B_4VA21A",
    "SpacingBetweenSlices": 3.6,
    "StationName": "wes4T",
    "TaskName": "nback",
    "TxRefAmp": 216.588,
    "dataset": "ds004169",
    "modality": "bold",
    "session_id": "01",
    "subject_id": "0848",
    "task_id": "nback"
  },
  "dummy_trs": 0,
  "dvars_nstd": 26.56554721619048,
  "dvars_std": 1.1769950153968247,
  "dvars_vstd": 1.1389956253968256,
  "efc": 0.48983148664258874,
  "fber": 1896.546142578125,
  "fd_mean": 0.1638620869760654,
  "fd_num": 19,
  "fd_perc": 14.960629921259843,
  "fwhm_avg": 1.8095978702085118,
  "fwhm_x": 1.7042142608695654,
  "fwhm_y": 2.010479304347826,
  "fwhm_z": 1.714100045408144,
  "gcor": 0.213154,
  "gsr_x": -0.015894606709480286,
  "gsr_y": 0.03145137056708336,
  "provenance": {
    "md5sum": "44bd887a94ce72a65a4421bb9d6e1885",
    "settings": {
      "fd_thres": 0.2,
      "testing": false
    },
    "software": "mriqc",
    "version": "23.0.1",
    "webapi_port": null,
    "webapi_url": "https://mriqc.nimh.nih.gov/api/v1"
  },
  "size_t": 127,
  "size_x": 64,
  "size_y": 64,
  "size_z": 36,
  "snr": 5.548513928745464,
  "spacing_tr": 2.0999999046325684,
  "spacing_x": 3.59375,
  "spacing_y": 3.59375,
  "spacing_z": 3.5999999046325684,
  "summary_bg_k": 49.462772890589115,
  "summary_bg_mad": 10.611697496458206,
  "summary_bg_mean": 31.843534469604492,
  "summary_bg_median": 16.614173889160156,
  "summary_bg_n": 93533.0,
  "summary_bg_p05": 7.91338586807251,
  "summary_bg_p95": 95.07086944580078,
  "summary_bg_stdv": 44.27455520629883,
  "summary_fg_k": 2.8619143275226584,
  "summary_fg_mad": 118.34548251949101,
  "summary_fg_mean": 742.38037109375,
  "summary_fg_median": 736.5117797851562,
  "summary_fg_n": 23292.0,
  "summary_fg_p05": 542.9507904052734,
  "summary_fg_p95": 958.268881225586,
  "summary_fg_stdv": 132.73751831054688,
  "tsnr": 38.44247237313539
}