{
  "aor": 0.003296866666666667,
  "aqi": 0.017523170866666663,
  "bids_meta": {
    "AcquisitionMatrixPE": 64,
    "AcquisitionNumber": 1,
    "AcquisitionTime": "11:26:40.555000",
    "BaseResolution": 64,
    "ConversionSoftware": "dcm2niix",
    "ConversionSoftwareVersion": "v1.0.20190410  GCC6.3.0",
    "DeviceSerialNumber": "18011",
    "EchoTime": 0.03,
    "FlipAngle": 90,
    "ImageComments": "Fake_MoCo_Reference_Volume_+_DiCo_Applied",
    "ImageOrientationPatientDICOM": [
      1,
      0,
      0,
      0,
      1,
      0
    ],
    "ImageType": [
      "ORIGINAL",
      "PRIMARY",
      "M",
      "ND",
      "MOSAIC"
    ],
    "ImagingFrequency": 168.255,
    "InPlanePhaseEncodingDirectionDICOM": "COL",
    "MRAcquisitionType": "2D",
    "MagneticFieldStrength": 3.95064,
    "Manufacturer": "Siemens",
    "ManufacturersModelName": "MedSpec_4T",
    "Modality": "MR",
    "PartialFourier": 1,
    "PatientPosition": "HFS",
    "PercentPhaseFOV": 100,
    "PhaseEncodingDirection": "j-",
    "PhaseEncodingSteps": 64,
    "PhaseResolution": 1,
    "PixelBandwidth": 2790,
    "ProtocolName": "mz_bold_dc_REST",
    "PulseSequenceDetails": "%CustomerSeq%_mz_ep2d_bold_dc",
    "ReceiveCoilName": "Head_4T",
    "ReconMatrixPE": 64,
    "RepetitionTime": 2.1,
    "SAR": 0.0277058,
    "ScanOptions": "FS",
    "ScanningSequence": "SE_EP",
    "SequenceName": "epfid2d1_64",
    "SequenceVariant": "SK",
    "SeriesDescription": "mz_bold_dc_REST_DiCo",
    "SeriesNumber": 10,
    "ShimSetting": [
      21,
      -9,
      9,
      2110,
      1085,
      -2257,
      1632,
      -16
    ],
    "SliceThickness": 3,
    "SoftwareVersions": "syngo_MR_2002B_4VA21A",
    "SpacingBetweenSlices": 3.6,
    "StationName": "wes4T",
    "TaskName": "rest",
    "TxRefAmp": 237.297,
    "dataset": "ds004169",
    "modality": "bold",
    "session_id": "01",
    "subject_id": "0756",
    "task_id": "rest"
  },
  "dummy_trs": 0,
  "dvars_nstd": 30.787359173489914,
  "dvars_std": 1.0743586696644292,
  "dvars_vstd": 0.9692057334228189,
  "efc": 0.5035623262791132,
  "fber": 1890.050537109375,
  "fd_mean": 0.19776682682493543,
  "fd_num": 27,
  "fd_perc": 18.0,
  "fwhm_avg": 1.7246323329236122,
  "fwhm_x": 1.6101787826086955,
  "fwhm_y": 1.9688681739130434,
  "fwhm_z": 1.5948500422490979,
  "gcor": 0.10967,
  "gsr_x": -0.010054263286292553,
  "gsr_y": 0.04902231693267822,
  "provenance": {
    "md5sum": "eee9ad3cd3e6c41df65c3bd1dc8f510c",
    "settings": {
      "fd_thres": 0.2,
      "testing": false
    },
    "software": "mriqc",
    "version": "23.0.1",
    "webapi_port": null,
    "webapi_url": "https://mriqc.nimh.nih.gov/api/v1"
  },
  "size_t": 150,
  "size_x": 64,
  "size_y": 64,
  "size_z": 36,
  "snr": 5.158352336354632,
  "spacing_tr": 2.0999999046325684,
  "spacing_x": 3.59375,
  "spacing_y": 3.59375,
  "spacing_z": 3.5999999046325684,
  "summary_bg_k": 45.92539160135965,
  "summary_bg_mad": 10.417751550994838,
  "summary_bg_mean": 37.46242904663086,
  "summary_bg_median": 17.366666793823242,
  "summary_bg_n": 91699.0,
  "summary_bg_p05": 9.5600004196167,
  "summary_bg_p95": 114.98733825683588,
  "summary_bg_stdv": 57.89615249633789,
  "summary_fg_k": 3.742215054454034,
  "summary_fg_mad": 122.3937720366593,
  "summary_fg_mean": 752.90869140625,
  "summary_fg_median": 743.8133544921875,
  "summary_fg_n": 24644.0,
  "summary_fg_p05": 545.8543304443359,
  "summary_fg_p95": 982.7180267333985,
  "summary_fg_stdv": 144.1929931640625,
  "tsnr": 35.20500107249245
}