{
  "aor": 0.0027053333333333335,
  "aqi": 0.014729895333333331,
  "bids_meta": {
    "AcquisitionMatrixPE": 64,
    "AcquisitionNumber": 1,
    "AcquisitionTime": "08:53:22.577490",
    "BaseResolution": 64,
    "ConversionSoftware": "dcm2niix",
    "ConversionSoftwareVersion": "v1.0.20190410  GCC6.3.0",
    "DeviceSerialNumber": "18011",
    "EchoTime": 0.03,
    "FlipAngle": 90,
    "ImageComments": "Fake_MoCo_Reference_Volume_+_DiCo_Applied",
    "ImageOrientationPatientDICOM": [
      1,
      0,
      0,
      0,
      1,
      0
    ],
    "ImageType": [
      "ORIGINAL",
      "PRIMARY",
      "M",
      "ND",
      "MOSAIC"
    ],
    "ImagingFrequency": 168.255,
    "InPlanePhaseEncodingDirectionDICOM": "COL",
    "MRAcquisitionType": "2D",
    "MagneticFieldStrength": 3.95064,
    "Manufacturer": "Siemens",
    "ManufacturersModelName": "MedSpec_4T",
    "Modality": "MR",
    "PartialFourier": 1,
    "PatientPosition": "HFS",
    "PercentPhaseFOV": 100,
    "PhaseEncodingDirection": "j-",
    "PhaseEncodingSteps": 64,
    "PhaseResolution": 1,
    "PixelBandwidth": 2790,
    "ProtocolName": "mz_bold_dc_REST",
    "PulseSequenceDetails": "%CustomerSeq%_mz_ep2d_bold_dc",
    "ReceiveCoilName": "Head_4T",
    "ReconMatrixPE": 64,
    "RepetitionTime": 2.1,
    "SAR": 0.0251676,
    "ScanOptions": "FS",
    "ScanningSequence": "SE_EP",
    "SequenceName": "epfid2d1_64",
    "SequenceVariant": "SK",
    "SeriesDescription": "mz_bold_dc_REST_DiCo",
    "SeriesNumber": 10,
    "ShimSetting": [
      13,
      7,
      20,
      2335,
      594,
      -3282,
      3160,
      -209
    ],
    "SliceThickness": 3,
    "SoftwareVersions": "syngo_MR_2002B_4VA21A",
    "SpacingBetweenSlices": 3.6,
    "StationName": "wes4T",
    "TaskName": "rest",
    "TxRefAmp": 202.8,
    "dataset": "ds004169",
    "modality": "bold",
    "session_id": "01",
    "subject_id": "0680",
    "task_id": "rest"
  },
  "dummy_trs": 0,
  "dvars_nstd": 32.354540024630886,
  "dvars_std": 1.1260072890604023,
  "dvars_vstd": 0.9497418302013425,
  "efc": 0.4731270002287454,
  "fber": 2670.2197265625,
  "fd_mean": 0.16373114422335633,
  "fd_num": 16,
  "fd_perc": 10.666666666666666,
  "fwhm_avg": 1.839046135020112,
  "fwhm_x": 1.7567916521739129,
  "fwhm_y": 2.0397690434782607,
  "fwhm_z": 1.7205777094081622,
  "gcor": 0.223803,
  "gsr_x": -0.019731776788830757,
  "gsr_y": 0.03224601596593857,
  "provenance": {
    "md5sum": "7ff0c5c43476b9c9ea7cf1c21e55f07c",
    "settings": {
      "fd_thres": 0.2,
      "testing": false
    },
    "software": "mriqc",
    "version": "23.0.1",
    "webapi_port": null,
    "webapi_url": "https://mriqc.nimh.nih.gov/api/v1"
  },
  "size_t": 150,
  "size_x": 64,
  "size_y": 64,
  "size_z": 36,
  "snr": 5.766870312980494,
  "spacing_tr": 2.0999999046325684,
  "spacing_x": 3.59375,
  "spacing_y": 3.59375,
  "spacing_z": 3.6000001430511475,
  "summary_bg_k": 32.94525191032122,
  "summary_bg_mad": 8.658397182299861,
  "summary_bg_mean": 28.931886672973633,
  "summary_bg_median": 14.673334121704102,
  "summary_bg_n": 95399.0,
  "summary_bg_p05": 8.026666641235352,
  "summary_bg_p95": 86.08733673095698,
  "summary_bg_stdv": 37.990543365478516,
  "summary_fg_k": 3.450232708913103,
  "summary_fg_mad": 110.89369609428297,
  "summary_fg_mean": 759.9169311523438,
  "summary_fg_median": 756.433349609375,
  "summary_fg_n": 21792.0,
  "summary_fg_p05": 562.5976806640625,
  "summary_fg_p95": 964.4030334472657,
  "summary_fg_stdv": 131.165771484375,
  "tsnr": 35.16942657157779
}