{
  "aor": 0.0006791946308724833,
  "aqi": 0.006685066845637583,
  "bids_meta": {
    "AcquisitionMatrixPE": 64,
    "AcquisitionNumber": 1,
    "AcquisitionTime": "09:26:58.880010",
    "BaseResolution": 64,
    "ConversionSoftware": "dcm2niix",
    "ConversionSoftwareVersion": "v1.0.20190410  GCC6.3.0",
    "DeviceSerialNumber": "18011",
    "EchoTime": 0.03,
    "FlipAngle": 90,
    "ImageComments": "Fake_MoCo_Reference_Volume_+_DiCo_Applied",
    "ImageOrientationPatientDICOM": [
      1,
      -1.11022e-16,
      0,
      1.11022e-16,
      0.977416,
      -0.211325
    ],
    "ImageType": [
      "ORIGINAL",
      "PRIMARY",
      "M",
      "ND",
      "DICO",
      "MOSAIC"
    ],
    "ImagingFrequency": 168.255,
    "InPlanePhaseEncodingDirectionDICOM": "COL",
    "MRAcquisitionType": "2D",
    "MagneticFieldStrength": 3.95064,
    "Manufacturer": "Siemens",
    "ManufacturersModelName": "MedSpec_4T",
    "Modality": "MR",
    "PartialFourier": 1,
    "PatientPosition": "HFS",
    "PercentPhaseFOV": 100,
    "PhaseEncodingDirection": "j-",
    "PhaseEncodingSteps": 64,
    "PhaseResolution": 1,
    "PixelBandwidth": 2790,
    "ProcedureStepDescription": "Research_fMRI",
    "ProtocolName": "mz_bold_dc_REST",
    "PulseSequenceDetails": "%CustomerSeq%_mz_ep2d_bold_dc",
    "ReceiveCoilName": "Head",
    "ReconMatrixPE": 64,
    "RepetitionTime": 2.1,
    "SAR": 0.0964503,
    "ScanOptions": "FS",
    "ScanningSequence": "SE_EP",
    "SequenceName": "epfid2d1_64",
    "SequenceVariant": "SK",
    "SeriesDescription": "mz_bold_dc_REST_DiCo",
    "SeriesNumber": 10,
    "ShimSetting": [
      16,
      8,
      42,
      2025,
      979,
      -3597,
      1970,
      -497
    ],
    "SliceThickness": 3,
    "SoftwareVersions": "syngo_MR_2004A_4VA25A",
    "SpacingBetweenSlices": 3.6,
    "StationName": "WES4T",
    "TaskName": "rest",
    "TxRefAmp": 174.075,
    "dataset": "ds004169",
    "modality": "bold",
    "session_id": "01",
    "subject_id": "0403",
    "task_id": "rest"
  },
  "dummy_trs": 1,
  "dvars_nstd": 27.579976082094582,
  "dvars_std": 1.225593963378379,
  "dvars_vstd": 0.9938310554054055,
  "efc": 0.44729913322599923,
  "fber": 2398.497314453125,
  "fd_mean": 0.1406201135051313,
  "fd_num": 37,
  "fd_perc": 24.83221476510067,
  "fwhm_avg": 1.6658017382461132,
  "fwhm_x": 1.5828563478260869,
  "fwhm_y": 1.8394434782608695,
  "fwhm_z": 1.5751053886513828,
  "gcor": 0.0333639,
  "gsr_x": -0.02308443747460842,
  "gsr_y": 0.0266770888119936,
  "provenance": {
    "md5sum": "3f2ace3ed26c8bde9a60e324f6460b52",
    "settings": {
      "fd_thres": 0.2,
      "testing": false
    },
    "software": "mriqc",
    "version": "23.0.1",
    "webapi_port": null,
    "webapi_url": "https://mriqc.nimh.nih.gov/api/v1"
  },
  "size_t": 149,
  "size_x": 64,
  "size_y": 64,
  "size_z": 36,
  "snr": 5.867148412945677,
  "spacing_tr": 2.0999999046325684,
  "spacing_x": 3.59375,
  "spacing_y": 3.59375,
  "spacing_z": 3.6000003814697266,
  "summary_bg_k": 49.95440225861145,
  "summary_bg_mad": 6.895594263560884,
  "summary_bg_mean": 23.772586822509766,
  "summary_bg_median": 12.221476554870605,
  "summary_bg_n": 100283.0,
  "summary_bg_p05": 7.114093780517578,
  "summary_bg_p95": 68.01274948120113,
  "summary_bg_stdv": 35.286712646484375,
  "summary_fg_k": 2.779683870544755,
  "summary_fg_mad": 93.25462985004883,
  "summary_fg_mean": 624.3157958984375,
  "summary_fg_median": 620.2684326171875,
  "summary_fg_n": 18105.0,
  "summary_fg_p05": 468.1221496582031,
  "summary_fg_p95": 788.778515625,
  "summary_fg_stdv": 105.71597290039062,
  "tsnr": 65.85595590760931
}