{
  "bids_meta": {
    "AcquisitionMatrixPE": 225,
    "AcquisitionNumber": 1,
    "AcquisitionTime": "11:01:43.535000",
    "BaseResolution": 256,
    "ConversionSoftware": "dcm2niix",
    "ConversionSoftwareVersion": "v1.0.20190410  GCC6.3.0",
    "DeviceSerialNumber": "18011",
    "EchoTime": 0.00335,
    "FlipAngle": 8,
    "ImageOrientationPatientDICOM": [
      1,
      0,
      0,
      0,
      0,
      -1
    ],
    "ImageType": [
      "ORIGINAL",
      "PRIMARY",
      "M",
      "ND"
    ],
    "ImagingFrequency": 168.217,
    "InPlanePhaseEncodingDirectionDICOM": "ROW",
    "InversionTime": 0.7,
    "MRAcquisitionType": "3D",
    "MagneticFieldStrength": 3.95064,
    "Manufacturer": "Siemens",
    "ManufacturersModelName": "MedSpec_4T",
    "Modality": "MR",
    "PartialFourier": 0.875,
    "PatientPosition": "HFS",
    "PercentPhaseFOV": 100,
    "PhaseEncodingSteps": 197,
    "PhaseResolution": 0.878906,
    "PixelBandwidth": 200,
    "ProtocolName": "t1_mpr_cor",
    "PulseSequenceDetails": "%SiemensSeq%_tfl",
    "ReceiveCoilName": "Head_4T",
    "ReconMatrixPE": 256,
    "RepetitionTime": 1.5,
    "SAR": 0.00641437,
    "ScanOptions": "IR",
    "ScanningSequence": "IR_GR",
    "SequenceName": "tfl3d1_ns",
    "SequenceVariant": "SP_MP",
    "SeriesDescription": "t1_mpr_cor",
    "SeriesNumber": 9,
    "ShimSetting": [
      -5,
      -18,
      -11,
      1668,
      -234,
      -4440,
      2342,
      -246
    ],
    "SliceThickness": 0.9,
    "SoftwareVersions": "syngo_MR_2002B_4VA21A",
    "StationName": "wes4T",
    "TxRefAmp": 159.035,
    "dataset": "ds004169",
    "modality": "T1w",
    "session_id": "01",
    "subject_id": "0212"
  },
  "cjv": 0.3328859195876016,
  "cnr": 3.927076085405144,
  "efc": 0.43679909111636694,
  "fber": -1.0,
  "fwhm_avg": 4.368222708318982,
  "fwhm_x": 4.519488,
  "fwhm_y": 4.716966791623613,
  "fwhm_z": 3.8682133333333337,
  "icvs_csf": 0.21283346621877736,
  "icvs_gm": 0.44890127970232224,
  "icvs_wm": 0.3382652540789004,
  "inu_med": 0.7101606726646423,
  "inu_range": 0.46051345467567395,
  "provenance": {
    "md5sum": "388cdccc65b4efd13558bc75558118ec",
    "settings": {
      "testing": false
    },
    "software": "mriqc",
    "version": "22.0.6",
    "warnings": {
      "large_rot_frame": true,
      "small_air_mask": false
    },
    "webapi_port": null,
    "webapi_url": "https://mriqc.nimh.nih.gov/api/v1"
  },
  "qi_1": 0.0,
  "qi_2": 0.04212030216637571,
  "rpve_csf": 27.484654296829884,
  "rpve_gm": 14.231529704884231,
  "rpve_wm": 21.993503651559493,
  "size_x": 256,
  "size_y": 256,
  "size_z": 256,
  "snr_csf": 1.884855199646839,
  "snr_gm": 9.107209251560356,
  "snr_total": 9.944596239226447,
  "snr_wm": 18.841724266472145,
  "snrd_csf": 7.34470878376014,
  "snrd_gm": 17.709331795131963,
  "snrd_total": 17.55513660400869,
  "snrd_wm": 27.611369233133974,
  "spacing_x": 0.9375,
  "spacing_y": 0.8999999761581421,
  "spacing_z": 0.9375,
  "summary_bg_k": 8.485562667348077,
  "summary_bg_mad": 0.0,
  "summary_bg_mean": 17.254887710974273,
  "summary_bg_median": 0.0,
  "summary_bg_n": 5756299.0,
  "summary_bg_p05": 0.0,
  "summary_bg_p95": 62.23583373427391,
  "summary_bg_stdv": 23.7270518986311,
  "summary_csf_k": 18.24964987419665,
  "summary_csf_mad": 123.01284390350963,
  "summary_csf_mean": 276.1720755101959,
  "summary_csf_median": 266.00305904634297,
  "summary_csf_n": 26098.0,
  "summary_csf_p05": 88.05512893013656,
  "summary_csf_p95": 479.2388906571082,
  "summary_csf_stdv": 141.12381832450797,
  "summary_gm_k": 0.09493092338750175,
  "summary_gm_mad": 69.4756925700885,
  "summary_gm_mean": 640.1217178357059,
  "summary_gm_median": 641.3782451916486,
  "summary_gm_n": 44889.0,
  "summary_gm_p05": 521.8989206850529,
  "summary_gm_p95": 752.4410307660698,
  "summary_gm_stdv": 70.42454866127562,
  "summary_wm_k": 0.7148827594905649,
  "summary_wm_mad": 49.904435382043964,
  "summary_wm_mean": 1000.5273461951581,
  "summary_wm_median": 999.9999859370291,
  "summary_wm_n": 245524.0,
  "summary_wm_p05": 914.7013653907925,
  "summary_wm_p95": 1087.411929577589,
  "summary_wm_stdv": 53.073590045770594,
  "tpm_overlap_csf": 0.13533101602617154,
  "tpm_overlap_gm": 0.4654575370304671,
  "tpm_overlap_wm": 0.49815061006002787,
  "wm2max": 0.5492620563336784
}