{
  "bids_meta": {
    "AcquisitionMatrixPE": 256,
    "AcquisitionNumber": 1,
    "AcquisitionTime": "13:54:1.564980",
    "BaseResolution": 256,
    "ConversionSoftware": "dcm2niix",
    "ConversionSoftwareVersion": "v1.0.20190410  GCC6.3.0",
    "DeviceSerialNumber": "18011",
    "EchoTime": 0.00393,
    "FlipAngle": 15,
    "ImageOrientationPatientDICOM": [
      1,
      0,
      0,
      0,
      0,
      -1
    ],
    "ImageType": [
      "ORIGINAL",
      "PRIMARY",
      "M",
      "ND"
    ],
    "ImagingFrequency": 168.251,
    "InPlanePhaseEncodingDirectionDICOM": "ROW",
    "InstitutionAddress": "StreetNoStreet_City_District_ZIP_Country",
    "InstitutionName": "UQ",
    "InversionTime": 1.1,
    "MRAcquisitionType": "3D",
    "MagneticFieldStrength": 3.95064,
    "Manufacturer": "Siemens",
    "ManufacturersModelName": "MedSpec_4T",
    "Modality": "MR",
    "PartialFourier": 0.75,
    "PatientPosition": "HFS",
    "PercentPhaseFOV": 100,
    "PhaseEncodingSteps": 192,
    "PhaseResolution": 1,
    "PixelBandwidth": 130,
    "ProtocolName": "t1_mpr_cmr_cor",
    "PulseSequenceDetails": "%SiemensSeq%_tfl",
    "ReceiveCoilName": "Head_4T",
    "ReconMatrixPE": 256,
    "RepetitionTime": 2.5,
    "SAR": 0.00441193,
    "ScanOptions": "IR",
    "ScanningSequence": "IR_GR",
    "SequenceName": "tfl3d1_ns",
    "SequenceVariant": "SP_MP",
    "SeriesDescription": "t1_mpr_cmr_cor",
    "SeriesNumber": 8,
    "ShimSetting": [
      -20,
      1,
      224,
      2121,
      1467,
      -2494,
      2316,
      53
    ],
    "SliceThickness": 0.9,
    "SoftwareVersions": "syngo_MR_2002B_4VA21A",
    "StationName": "wes4T",
    "TxRefAmp": 188.029,
    "dataset": "ds004169",
    "modality": "T1w",
    "session_id": "01",
    "subject_id": "0928"
  },
  "cjv": 0.4342002312621869,
  "cnr": 3.1794228896465717,
  "efc": 0.4510947935027896,
  "fber": -1.0,
  "fwhm_avg": 4.007386704763014,
  "fwhm_x": 3.9149973333333334,
  "fwhm_y": 4.314266780955706,
  "fwhm_z": 3.792896,
  "icvs_csf": 0.16214632430827317,
  "icvs_gm": 0.4243895864500718,
  "icvs_wm": 0.41346408924165506,
  "inu_med": 0.29998233914375305,
  "inu_range": 0.08846909999847413,
  "provenance": {
    "md5sum": "338e9fe959ee226f6d595fd61ca0c4a8",
    "settings": {
      "testing": false
    },
    "software": "mriqc",
    "version": "23.0.1",
    "warnings": {
      "large_rot_frame": true,
      "small_air_mask": false
    },
    "webapi_port": null,
    "webapi_url": "https://mriqc.nimh.nih.gov/api/v1"
  },
  "qi_1": 0.0,
  "qi_2": 0.036311928256838905,
  "rpve_csf": 35.222367579817146,
  "rpve_gm": 14.519008559919877,
  "rpve_wm": 16.984850277415145,
  "size_x": 256,
  "size_y": 256,
  "size_z": 256,
  "snr_csf": 2.7160361636222095,
  "snr_gm": 16.965561190364127,
  "snr_total": 14.591092851080893,
  "snr_wm": 24.09168119925634,
  "snrd_csf": 28.165849907014554,
  "snrd_gm": 54.25878759699768,
  "snrd_total": 50.13416810327872,
  "snrd_wm": 67.97786680582392,
  "spacing_x": 0.9375,
  "spacing_y": 0.8999999761581421,
  "spacing_z": 0.9375,
  "summary_bg_k": 20.36858398054889,
  "summary_bg_mad": 0.0,
  "summary_bg_mean": 5.68836616994588,
  "summary_bg_median": 0.0,
  "summary_bg_n": 4487530.0,
  "summary_bg_p05": 0.0,
  "summary_bg_p95": 23.716046718880534,
  "summary_bg_stdv": 9.6379357446775,
  "summary_csf_k": 5.139441189081316,
  "summary_csf_mad": 103.14931731068806,
  "summary_csf_mean": 411.83396755110107,
  "summary_csf_median": 414.3574553299695,
  "summary_csf_n": 28408.0,
  "summary_csf_p05": 133.3257255870849,
  "summary_csf_p95": 621.5704217534512,
  "summary_csf_stdv": 152.5569386167269,
  "summary_gm_k": 0.14542198366484183,
  "summary_gm_mad": 46.650700102619254,
  "summary_gm_mean": 798.0017098576628,
  "summary_gm_median": 798.2195897586644,
  "summary_gm_n": 46074.0,
  "summary_gm_p05": 721.1515682579018,
  "summary_gm_p95": 874.6713136064819,
  "summary_gm_stdv": 47.04889619567895,
  "summary_wm_k": 0.23422143476421065,
  "summary_wm_mad": 40.98222548006668,
  "summary_wm_mean": 1002.7082753171696,
  "summary_wm_median": 1000.0456581786275,
  "summary_wm_n": 304872.0,
  "summary_wm_p05": 939.8539207410067,
  "summary_wm_p95": 1075.0970168039203,
  "summary_wm_stdv": 41.50993074326141,
  "tpm_overlap_csf": 0.13710772011477657,
  "tpm_overlap_gm": 0.4458219200696647,
  "tpm_overlap_wm": 0.5053984536125474,
  "wm2max": 0.7822733278577295
}