{
  "aor": 0.008946614173228349,
  "aqi": 0.013366508188976375,
  "bids_meta": {
    "AcquisitionMatrixPE": 64,
    "AcquisitionNumber": 1,
    "AcquisitionTime": "08:21:57.542500",
    "BaseResolution": 64,
    "ConversionSoftware": "dcm2niix",
    "ConversionSoftwareVersion": "v1.0.20190410  GCC6.3.0",
    "DeviceSerialNumber": "18011",
    "EchoTime": 0.03,
    "FlipAngle": 90,
    "ImageComments": "Fake_MoCo_Reference_Volume_+_DiCo_Applied",
    "ImageOrientationPatientDICOM": [
      1,
      0,
      0,
      0,
      0.981627,
      -0.190809
    ],
    "ImageType": [
      "ORIGINAL",
      "PRIMARY",
      "M",
      "ND",
      "MOSAIC"
    ],
    "ImagingFrequency": 168.255,
    "InPlanePhaseEncodingDirectionDICOM": "COL",
    "MRAcquisitionType": "2D",
    "MagneticFieldStrength": 3.95064,
    "Manufacturer": "Siemens",
    "ManufacturersModelName": "MedSpec_4T",
    "Modality": "MR",
    "PartialFourier": 1,
    "PatientPosition": "HFS",
    "PercentPhaseFOV": 100,
    "PhaseEncodingDirection": "j-",
    "PhaseEncodingSteps": 64,
    "PhaseResolution": 1,
    "PixelBandwidth": 2790,
    "ProtocolName": "Nback_dc_opt",
    "PulseSequenceDetails": "%CustomerSeq%_kt_ep2d_bold_dc",
    "ReceiveCoilName": "Head_4T",
    "ReconMatrixPE": 64,
    "RepetitionTime": 2.1,
    "SAR": 0.0322372,
    "ScanOptions": "FS",
    "ScanningSequence": "SE_EP",
    "SequenceName": "epfid2d1_64",
    "SequenceVariant": "SK",
    "SeriesDescription": "Nback_dc_opt_DiCo",
    "SeriesNumber": 7,
    "ShimSetting": [
      20,
      3,
      32,
      1945,
      365,
      -3910,
      2627,
      -165
    ],
    "SliceThickness": 3,
    "SoftwareVersions": "syngo_MR_2002B_4VA21A",
    "SpacingBetweenSlices": 3.6,
    "StationName": "wes4T",
    "TaskName": "nback",
    "TxRefAmp": 184.827,
    "dataset": "ds004169",
    "modality": "bold",
    "session_id": "01",
    "subject_id": "0122",
    "task_id": "nback"
  },
  "dummy_trs": 0,
  "dvars_nstd": 27.273560554126973,
  "dvars_std": 1.1205879176190476,
  "dvars_vstd": 0.9772649652380951,
  "efc": 0.45650798799648634,
  "fber": 2377.12255859375,
  "fd_mean": 0.16736598583029286,
  "fd_num": 17,
  "fd_perc": 13.385826771653543,
  "fwhm_avg": 1.761231467363973,
  "fwhm_x": 1.6061106086956523,
  "fwhm_y": 1.993839304347826,
  "fwhm_z": 1.683744489048441,
  "gcor": 0.0272728,
  "gsr_x": -0.028736338019371033,
  "gsr_y": 0.04046173393726349,
  "provenance": {
    "md5sum": "ce899fe0672096d8bb61a8630a81d51e",
    "settings": {
      "fd_thres": 0.2,
      "testing": false
    },
    "software": "mriqc",
    "version": "22.0.6",
    "webapi_port": null,
    "webapi_url": "https://mriqc.nimh.nih.gov/api/v1"
  },
  "size_t": 127,
  "size_x": 64,
  "size_y": 64,
  "size_z": 36,
  "snr": 4.951392499192669,
  "spacing_tr": 2.0999999046325684,
  "spacing_x": 3.59375,
  "spacing_y": 3.59375,
  "spacing_z": 3.5999999046325684,
  "summary_bg_k": 45.55145433560314,
  "summary_bg_mad": 8.463673581025015,
  "summary_bg_mean": 30.61240005493164,
  "summary_bg_median": 15.22047233581543,
  "summary_bg_n": 98610.0,
  "summary_bg_p05": 8.9606294631958,
  "summary_bg_p95": 91.41023406982404,
  "summary_bg_stdv": 42.74677276611328,
  "summary_fg_k": 5.566076946369648,
  "summary_fg_mad": 122.81668106181714,
  "summary_fg_mean": 771.4014282226562,
  "summary_fg_median": 756.0157470703125,
  "summary_fg_n": 19092.0,
  "summary_fg_p05": 566.7704864501953,
  "summary_fg_p95": 1013.9318939208985,
  "summary_fg_stdv": 152.68350219726562,
  "tsnr": 42.69564488605829
}