{
  "aor": 0.004746692913385826,
  "aqi": 0.013068704724409448,
  "bids_meta": {
    "AcquisitionMatrixPE": 64,
    "AcquisitionNumber": 1,
    "AcquisitionTime": "11:56:23.722520",
    "BaseResolution": 64,
    "ConversionSoftware": "dcm2niix",
    "ConversionSoftwareVersion": "v1.0.20190410  GCC6.3.0",
    "DeviceSerialNumber": "18011",
    "EchoTime": 0.03,
    "FlipAngle": 90,
    "ImageComments": "Fake_MoCo_Reference_Volume_+_DiCo_Applied",
    "ImageOrientationPatientDICOM": [
      0.999848,
      -1.11022e-16,
      0.0174524,
      1.11022e-16,
      1,
      1.73472e-18
    ],
    "ImageType": [
      "ORIGINAL",
      "PRIMARY",
      "M",
      "ND",
      "MOSAIC"
    ],
    "ImagingFrequency": 168.217,
    "InPlanePhaseEncodingDirectionDICOM": "COL",
    "MRAcquisitionType": "2D",
    "MagneticFieldStrength": 3.95064,
    "Manufacturer": "Siemens",
    "ManufacturersModelName": "MedSpec_4T",
    "Modality": "MR",
    "PartialFourier": 1,
    "PatientPosition": "HFS",
    "PercentPhaseFOV": 100,
    "PhaseEncodingDirection": "j-",
    "PhaseEncodingSteps": 64,
    "PhaseResolution": 1,
    "PixelBandwidth": 2790,
    "ProtocolName": "Nback_dc",
    "PulseSequenceDetails": "%CustomerSeq%_mz_ep2d_bold_dc",
    "ReceiveCoilName": "Head_4T",
    "ReconMatrixPE": 64,
    "RepetitionTime": 2.1,
    "SAR": 0.0686904,
    "ScanOptions": "FS",
    "ScanningSequence": "SE_EP",
    "SequenceName": "epfid2d1_64",
    "SequenceVariant": "SK",
    "SeriesDescription": "Nback_dc_DiCo",
    "SeriesNumber": 7,
    "ShimSetting": [
      13,
      -17,
      -27,
      1491,
      424,
      -3367,
      3173,
      -325
    ],
    "SliceThickness": 3,
    "SoftwareVersions": "syngo_MR_2002B_4VA21A",
    "SpacingBetweenSlices": 3.6,
    "StationName": "wes4T",
    "TaskName": "nback",
    "TxRefAmp": 184.536,
    "dataset": "ds004169",
    "modality": "bold",
    "session_id": "01",
    "subject_id": "0596",
    "task_id": "nback"
  },
  "dummy_trs": 0,
  "dvars_nstd": 30.73480227642857,
  "dvars_std": 1.0572109026984124,
  "dvars_vstd": 0.9944895709523813,
  "efc": 0.4655470429631199,
  "fber": 2595.8154296875,
  "fd_mean": 0.2573399687831131,
  "fd_num": 42,
  "fd_perc": 33.07086614173228,
  "fwhm_avg": 1.703431383693027,
  "fwhm_x": 1.596488347826087,
  "fwhm_y": 1.9665780869565217,
  "fwhm_z": 1.5472277162964723,
  "gcor": 0.0459288,
  "gsr_x": -0.01476441603153944,
  "gsr_y": 0.03662503883242607,
  "provenance": {
    "md5sum": "c1121d7e2f83b2ce3a607b4e6967aaaa",
    "settings": {
      "fd_thres": 0.2,
      "testing": false
    },
    "software": "mriqc",
    "version": "23.0.1",
    "webapi_port": null,
    "webapi_url": "https://mriqc.nimh.nih.gov/api/v1"
  },
  "size_t": 127,
  "size_x": 64,
  "size_y": 64,
  "size_z": 36,
  "snr": 5.362952478034526,
  "spacing_tr": 2.0999999046325684,
  "spacing_x": 3.59375,
  "spacing_y": 3.59375,
  "spacing_z": 3.6000001430511475,
  "summary_bg_k": 36.90745057273473,
  "summary_bg_mad": 8.288563873235342,
  "summary_bg_mean": 26.318737030029297,
  "summary_bg_median": 14.291338920593262,
  "summary_bg_n": 95617.0,
  "summary_bg_p05": 7.425196647644043,
  "summary_bg_p95": 75.14173126220703,
  "summary_bg_stdv": 32.45704650878906,
  "summary_fg_k": 2.5461494842056727,
  "summary_fg_mad": 118.97005042184244,
  "summary_fg_mean": 734.4216918945312,
  "summary_fg_median": 723.972412109375,
  "summary_fg_n": 21456.0,
  "summary_fg_p05": 542.6456909179688,
  "summary_fg_p95": 958.6752166748047,
  "summary_fg_stdv": 134.99197387695312,
  "tsnr": 39.82204850623384
}