{
  "aor": 0.0006985810810810812,
  "aqi": 0.005745636148648649,
  "bids_meta": {
    "AcquisitionMatrixPE": 64,
    "AcquisitionNumber": 1,
    "AcquisitionTime": "10:14:32.610020",
    "BaseResolution": 64,
    "ConversionSoftware": "dcm2niix",
    "ConversionSoftwareVersion": "v1.0.20190410  GCC6.3.0",
    "DeviceSerialNumber": "18011",
    "EchoTime": 0.03,
    "FlipAngle": 90,
    "ImageComments": "Fake_MoCo_Reference_Volume_+_DiCo_Applied",
    "ImageOrientationPatientDICOM": [
      1,
      2.22045e-16,
      0,
      -2.22045e-16,
      0.993373,
      -0.114937
    ],
    "ImageType": [
      "ORIGINAL",
      "PRIMARY",
      "M",
      "ND",
      "DICO",
      "MOSAIC"
    ],
    "ImagingFrequency": 168.255,
    "InPlanePhaseEncodingDirectionDICOM": "COL",
    "MRAcquisitionType": "2D",
    "MagneticFieldStrength": 3.95064,
    "Manufacturer": "Siemens",
    "ManufacturersModelName": "MedSpec_4T",
    "Modality": "MR",
    "PartialFourier": 1,
    "PatientPosition": "HFS",
    "PercentPhaseFOV": 100,
    "PhaseEncodingDirection": "j-",
    "PhaseEncodingSteps": 64,
    "PhaseResolution": 1,
    "PixelBandwidth": 2790,
    "ProcedureStepDescription": "Research_fMRI",
    "ProtocolName": "mz_bold_dc_REST",
    "PulseSequenceDetails": "%CustomerSeq%_mz_ep2d_bold_dc",
    "ReceiveCoilName": "Head",
    "ReconMatrixPE": 64,
    "RepetitionTime": 2.1,
    "SAR": 0.0763343,
    "ScanOptions": "FS",
    "ScanningSequence": "SE_EP",
    "SequenceName": "epfid2d1_64",
    "SequenceVariant": "SK",
    "SeriesDescription": "mz_bold_dc_REST_DiCo",
    "SeriesNumber": 10,
    "ShimSetting": [
      22,
      -17,
      56,
      1399,
      452,
      -3415,
      4208,
      283
    ],
    "SliceThickness": 3,
    "SoftwareVersions": "syngo_MR_2004A_4VA25A",
    "SpacingBetweenSlices": 3.6,
    "StationName": "WES4T",
    "TaskName": "rest",
    "TxRefAmp": 185.022,
    "dataset": "ds004169",
    "modality": "bold",
    "session_id": "01",
    "subject_id": "0584",
    "task_id": "rest"
  },
  "dummy_trs": 2,
  "dvars_nstd": 30.0276007885034,
  "dvars_std": 1.2641439938775512,
  "dvars_vstd": 0.9947493948979594,
  "efc": 0.44744425235992036,
  "fber": 2187.48779296875,
  "fd_mean": 0.1740131125778117,
  "fd_num": 56,
  "fd_perc": 37.83783783783784,
  "fwhm_avg": 1.7186984715292322,
  "fwhm_x": 1.6516034782608697,
  "fwhm_y": 1.8961307826086955,
  "fwhm_z": 1.6083611537181313,
  "gcor": 0.0318852,
  "gsr_x": -0.02442866936326027,
  "gsr_y": 0.031805723905563354,
  "provenance": {
    "md5sum": "f02816692c075218607d0a87dda4427e",
    "settings": {
      "fd_thres": 0.2,
      "testing": false
    },
    "software": "mriqc",
    "version": "23.0.1",
    "webapi_port": null,
    "webapi_url": "https://mriqc.nimh.nih.gov/api/v1"
  },
  "size_t": 148,
  "size_x": 64,
  "size_y": 64,
  "size_z": 36,
  "snr": 5.734723702365796,
  "spacing_tr": 2.0999999046325684,
  "spacing_x": 3.59375,
  "spacing_y": 3.59375,
  "spacing_z": 3.5999999046325684,
  "summary_bg_k": 52.74970838864091,
  "summary_bg_mad": 7.112483883302215,
  "summary_bg_mean": 24.557519912719727,
  "summary_bg_median": 12.94594669342041,
  "summary_bg_n": 100275.0,
  "summary_bg_p05": 7.689189434051514,
  "summary_bg_p95": 72.21621704101562,
  "summary_bg_stdv": 35.90103530883789,
  "summary_fg_k": 2.238191526616526,
  "summary_fg_mad": 99.65486725913478,
  "summary_fg_mean": 633.9569702148438,
  "summary_fg_median": 628.6824340820312,
  "summary_fg_n": 17649.0,
  "summary_fg_p05": 470.5797546386719,
  "summary_fg_p95": 806.1473022460937,
  "summary_fg_stdv": 109.62422180175781,
  "tsnr": 66.75783506035805
}