{
  "aor": 0.0013540939597315436,
  "aqi": 0.008521693020134228,
  "bids_meta": {
    "AcquisitionMatrixPE": 64,
    "AcquisitionNumber": 1,
    "AcquisitionTime": "08:32:47.507510",
    "BaseResolution": 64,
    "ConversionSoftware": "dcm2niix",
    "ConversionSoftwareVersion": "v1.0.20190410  GCC6.3.0",
    "DeviceSerialNumber": "18011",
    "EchoTime": 0.03,
    "FlipAngle": 90,
    "ImageComments": "Fake_MoCo_Reference_Volume_+_DiCo_Applied",
    "ImageOrientationPatientDICOM": [
      1,
      -1.11022e-16,
      0,
      1.11022e-16,
      0.956814,
      -0.290702
    ],
    "ImageType": [
      "ORIGINAL",
      "PRIMARY",
      "M",
      "ND",
      "DICO",
      "MOSAIC"
    ],
    "ImagingFrequency": 168.255,
    "InPlanePhaseEncodingDirectionDICOM": "COL",
    "MRAcquisitionType": "2D",
    "MagneticFieldStrength": 3.95064,
    "Manufacturer": "Siemens",
    "ManufacturersModelName": "MedSpec_4T",
    "Modality": "MR",
    "PartialFourier": 1,
    "PatientPosition": "HFS",
    "PercentPhaseFOV": 100,
    "PhaseEncodingDirection": "j-",
    "PhaseEncodingSteps": 64,
    "PhaseResolution": 1,
    "PixelBandwidth": 2790,
    "ProcedureStepDescription": "Research_fMRI",
    "ProtocolName": "mz_bold_dc_REST",
    "PulseSequenceDetails": "%CustomerSeq%_mz_ep2d_bold_dc",
    "ReceiveCoilName": "Head",
    "ReconMatrixPE": 64,
    "RepetitionTime": 2.1,
    "SAR": 0.0791727,
    "ScanOptions": "FS",
    "ScanningSequence": "SE_EP",
    "SequenceName": "epfid2d1_64",
    "SequenceVariant": "SK",
    "SeriesDescription": "mz_bold_dc_REST_DiCo",
    "SeriesNumber": 9,
    "ShimSetting": [
      34,
      9,
      30,
      1984,
      -193,
      -3224,
      2686,
      -144
    ],
    "SliceThickness": 3,
    "SoftwareVersions": "syngo_MR_2004A_4VA25A",
    "SpacingBetweenSlices": 3.6,
    "StationName": "WES4T",
    "TaskName": "rest",
    "TxRefAmp": 216.514,
    "dataset": "ds004169",
    "modality": "bold",
    "session_id": "01",
    "subject_id": "0196",
    "task_id": "rest"
  },
  "dummy_trs": 1,
  "dvars_nstd": 31.30155879101352,
  "dvars_std": 1.2056906543918915,
  "dvars_vstd": 0.9945384964189191,
  "efc": 0.49325616999185545,
  "fber": 1646.107177734375,
  "fd_mean": 0.1586013720967435,
  "fd_num": 29,
  "fd_perc": 19.463087248322147,
  "fwhm_avg": 1.7368651629704612,
  "fwhm_x": 1.603311304347826,
  "fwhm_y": 1.930128695652174,
  "fwhm_z": 1.677155488911384,
  "gcor": 0.0606529,
  "gsr_x": -0.02789163962006569,
  "gsr_y": 0.042348042130470276,
  "provenance": {
    "md5sum": "05ca386593a392530a6a8d22045fbc75",
    "settings": {
      "fd_thres": 0.2,
      "testing": false
    },
    "software": "mriqc",
    "version": "22.0.6",
    "webapi_port": null,
    "webapi_url": "https://mriqc.nimh.nih.gov/api/v1"
  },
  "size_t": 149,
  "size_x": 64,
  "size_y": 64,
  "size_z": 36,
  "snr": 4.786242326103873,
  "spacing_tr": 2.0999999046325684,
  "spacing_x": 3.59375,
  "spacing_y": 3.59375,
  "spacing_z": 3.6000001430511475,
  "summary_bg_k": 61.950829272891056,
  "summary_bg_mad": 9.373231129488866,
  "summary_bg_mean": 29.756837844848633,
  "summary_bg_median": 14.946309089660645,
  "summary_bg_n": 93184.0,
  "summary_bg_p05": 7.859060287475586,
  "summary_bg_p95": 92.17449951171875,
  "summary_bg_stdv": 42.41102981567383,
  "summary_fg_k": 2.6115042799725723,
  "summary_fg_mad": 115.22504101547258,
  "summary_fg_mean": 647.434814453125,
  "summary_fg_median": 633.9798583984375,
  "summary_fg_n": 23444.0,
  "summary_fg_p05": 461.258056640625,
  "summary_fg_p95": 867.1436248779295,
  "summary_fg_stdv": 132.45596313476562,
  "tsnr": 49.423831944179256
}