{
  "aor": 0.0056922834645669294,
  "aqi": 0.014348102598425196,
  "bids_meta": {
    "AcquisitionMatrixPE": 64,
    "AcquisitionNumber": 1,
    "AcquisitionTime": "09:25:16.324990",
    "BaseResolution": 64,
    "ConversionSoftware": "dcm2niix",
    "ConversionSoftwareVersion": "v1.0.20190410  GCC6.3.0",
    "DeviceSerialNumber": "18011",
    "EchoTime": 0.03,
    "FlipAngle": 90,
    "ImageComments": "Fake_MoCo_Reference_Volume_+_DiCo_Applied",
    "ImageOrientationPatientDICOM": [
      1,
      0,
      1.38778e-17,
      0,
      0.990268,
      -0.139173
    ],
    "ImageType": [
      "ORIGINAL",
      "PRIMARY",
      "M",
      "ND",
      "MOSAIC"
    ],
    "ImagingFrequency": 168.217,
    "InPlanePhaseEncodingDirectionDICOM": "COL",
    "MRAcquisitionType": "2D",
    "MagneticFieldStrength": 3.95064,
    "Manufacturer": "Siemens",
    "ManufacturersModelName": "MedSpec_4T",
    "Modality": "MR",
    "PartialFourier": 1,
    "PatientPosition": "HFS",
    "PercentPhaseFOV": 100,
    "PhaseEncodingDirection": "j-",
    "PhaseEncodingSteps": 64,
    "PhaseResolution": 1,
    "PixelBandwidth": 2790,
    "ProtocolName": "Nback_dc",
    "PulseSequenceDetails": "%CustomerSeq%_mz_ep2d_bold_dc",
    "ReceiveCoilName": "Head_4T",
    "ReconMatrixPE": 64,
    "RepetitionTime": 2.1,
    "SAR": 0.0724569,
    "ScanOptions": "FS",
    "ScanningSequence": "SE_EP",
    "SequenceName": "epfid2d1_64",
    "SequenceVariant": "SK",
    "SeriesDescription": "Nback_dc_DiCo",
    "SeriesNumber": 6,
    "ShimSetting": [
      13,
      4,
      -22,
      1963,
      43,
      -3162,
      1948,
      153
    ],
    "SliceThickness": 3,
    "SoftwareVersions": "syngo_MR_2002B_4VA21A",
    "SpacingBetweenSlices": 3.6,
    "StationName": "wes4T",
    "TaskName": "nback",
    "TxRefAmp": 194.712,
    "dataset": "ds004169",
    "modality": "bold",
    "session_id": "01",
    "subject_id": "0265",
    "task_id": "nback"
  },
  "dummy_trs": 0,
  "dvars_nstd": 26.259393752301573,
  "dvars_std": 1.0546203976190474,
  "dvars_vstd": 0.9688539500793648,
  "efc": 0.5059211465840233,
  "fber": 1577.0601806640625,
  "fd_mean": 0.23804365383701906,
  "fd_num": 33,
  "fd_perc": 25.984251968503937,
  "fwhm_avg": 1.8676772762760419,
  "fwhm_x": 1.744976695652174,
  "fwhm_y": 2.113330086956522,
  "fwhm_z": 1.7447250462194297,
  "gcor": 0.0249218,
  "gsr_x": -0.011966411955654621,
  "gsr_y": 0.036229293793439865,
  "provenance": {
    "md5sum": "9c384a394ddf310b0bbdfa83e3c8f54b",
    "settings": {
      "fd_thres": 0.2,
      "testing": false
    },
    "software": "mriqc",
    "version": "23.0.1",
    "webapi_port": null,
    "webapi_url": "https://mriqc.nimh.nih.gov/api/v1"
  },
  "size_t": 127,
  "size_x": 64,
  "size_y": 64,
  "size_z": 36,
  "snr": 5.578856068634985,
  "spacing_tr": 2.0999999046325684,
  "spacing_x": 3.59375,
  "spacing_y": 3.59375,
  "spacing_z": 3.5999999046325684,
  "summary_bg_k": 30.10547368965483,
  "summary_bg_mad": 14.709280494636696,
  "summary_bg_mean": 37.23873519897461,
  "summary_bg_median": 19.79527473449707,
  "summary_bg_n": 91487.0,
  "summary_bg_p05": 7.740157604217529,
  "summary_bg_p95": 111.40787200927726,
  "summary_bg_stdv": 48.5816650390625,
  "summary_fg_k": 4.968396524356466,
  "summary_fg_mad": 117.44075492057628,
  "summary_fg_mean": 781.7288208007812,
  "summary_fg_median": 773.8504028320312,
  "summary_fg_n": 24831.0,
  "summary_fg_p05": 581.3346252441406,
  "summary_fg_p95": 991.0275573730469,
  "summary_fg_stdv": 138.70851135253906,
  "tsnr": 41.26010085665621
}