{
  "aor": 0.006485511811023622,
  "aqi": 0.01757809551181102,
  "bids_meta": {
    "AcquisitionMatrixPE": 64,
    "AcquisitionNumber": 1,
    "AcquisitionTime": "12:24:47.217480",
    "BaseResolution": 64,
    "ConversionSoftware": "dcm2niix",
    "ConversionSoftwareVersion": "v1.0.20190410  GCC6.3.0",
    "DeviceSerialNumber": "18011",
    "EchoTime": 0.03,
    "FlipAngle": 90,
    "ImageComments": "Fake_MoCo_Reference_Volume_+_DiCo_Applied",
    "ImageOrientationPatientDICOM": [
      1,
      -1.11022e-16,
      0,
      1.11022e-16,
      0.996195,
      -0.0871557
    ],
    "ImageType": [
      "ORIGINAL",
      "PRIMARY",
      "M",
      "ND",
      "MOSAIC"
    ],
    "ImagingFrequency": 168.217,
    "InPlanePhaseEncodingDirectionDICOM": "COL",
    "MRAcquisitionType": "2D",
    "MagneticFieldStrength": 3.95064,
    "Manufacturer": "Siemens",
    "ManufacturersModelName": "MedSpec_4T",
    "Modality": "MR",
    "PartialFourier": 1,
    "PatientPosition": "HFS",
    "PercentPhaseFOV": 100,
    "PhaseEncodingDirection": "j-",
    "PhaseEncodingSteps": 64,
    "PhaseResolution": 1,
    "PixelBandwidth": 2790,
    "ProtocolName": "Nback_dc",
    "PulseSequenceDetails": "%CustomerSeq%_mz_ep2d_bold_dc",
    "ReceiveCoilName": "Head_4T",
    "ReconMatrixPE": 64,
    "RepetitionTime": 2.1,
    "SAR": 0.0385485,
    "ScanOptions": "FS",
    "ScanningSequence": "SE_EP",
    "SequenceName": "epfid2d1_64",
    "SequenceVariant": "SK",
    "SeriesDescription": "Nback_dc_DiCo",
    "SeriesNumber": 7,
    "ShimSetting": [
      31,
      -1,
      8,
      1536,
      397,
      -3689,
      1974,
      -35
    ],
    "SliceThickness": 3,
    "SoftwareVersions": "syngo_MR_2002B_4VA21A",
    "SpacingBetweenSlices": 3.6,
    "StationName": "wes4T",
    "TaskName": "nback",
    "TxRefAmp": 188.985,
    "dataset": "ds004169",
    "modality": "bold",
    "session_id": "01",
    "subject_id": "1280",
    "task_id": "nback"
  },
  "dummy_trs": 0,
  "dvars_nstd": 30.691789263809532,
  "dvars_std": 1.0990957639682541,
  "dvars_vstd": 0.9659196680952383,
  "efc": 0.4777511534524577,
  "fber": 2611.248779296875,
  "fd_mean": 0.31565637093793175,
  "fd_num": 49,
  "fd_perc": 38.58267716535433,
  "fwhm_avg": 1.7890630596325174,
  "fwhm_x": 1.671159652173913,
  "fwhm_y": 2.048982260869565,
  "fwhm_z": 1.6470472658540742,
  "gcor": 0.0111319,
  "gsr_x": -0.016033345833420753,
  "gsr_y": 0.0383872389793396,
  "provenance": {
    "md5sum": "67391bfb06cf6777609910911f5fab56",
    "settings": {
      "fd_thres": 0.2,
      "testing": false
    },
    "software": "mriqc",
    "version": "23.0.1",
    "webapi_port": null,
    "webapi_url": "https://mriqc.nimh.nih.gov/api/v1"
  },
  "size_t": 127,
  "size_x": 64,
  "size_y": 64,
  "size_z": 36,
  "snr": 5.972272657696828,
  "spacing_tr": 2.0999999046325684,
  "spacing_x": 3.59375,
  "spacing_y": 3.59375,
  "spacing_z": 3.5999999046325684,
  "summary_bg_k": 41.76567428471896,
  "summary_bg_mad": 9.502662748831881,
  "summary_bg_mean": 32.18326950073242,
  "summary_bg_median": 16.031496047973633,
  "summary_bg_n": 94422.0,
  "summary_bg_p05": 8.629920959472656,
  "summary_bg_p95": 93.78739929199219,
  "summary_bg_stdv": 46.61956787109375,
  "summary_fg_k": 3.589839812666571,
  "summary_fg_mad": 120.53445637603707,
  "summary_fg_mean": 818.278076171875,
  "summary_fg_median": 815.50390625,
  "summary_fg_n": 22726.0,
  "summary_fg_p05": 611.6496276855469,
  "summary_fg_p95": 1024.0708618164062,
  "summary_fg_stdv": 136.5453338623047,
  "tsnr": 39.99401467957068
}