{
  "aor": 0.006170472440944881,
  "aqi": 0.025314229055118112,
  "bids_meta": {
    "AcquisitionMatrixPE": 64,
    "AcquisitionNumber": 1,
    "AcquisitionTime": "08:30:34.232510",
    "BaseResolution": 64,
    "ConversionSoftware": "dcm2niix",
    "ConversionSoftwareVersion": "v1.0.20190410  GCC6.3.0",
    "DeviceSerialNumber": "18011",
    "EchoTime": 0.03,
    "FlipAngle": 90,
    "ImageComments": "Fake_MoCo_Reference_Volume_+_DiCo_Applied",
    "ImageOrientationPatientDICOM": [
      1,
      0,
      0,
      0,
      1,
      0
    ],
    "ImageType": [
      "ORIGINAL",
      "PRIMARY",
      "M",
      "ND",
      "MOSAIC"
    ],
    "ImagingFrequency": 168.217,
    "InPlanePhaseEncodingDirectionDICOM": "COL",
    "MRAcquisitionType": "2D",
    "MagneticFieldStrength": 3.95064,
    "Manufacturer": "Siemens",
    "ManufacturersModelName": "MedSpec_4T",
    "Modality": "MR",
    "PartialFourier": 1,
    "PatientPosition": "HFS",
    "PercentPhaseFOV": 100,
    "PhaseEncodingDirection": "j-",
    "PhaseEncodingSteps": 64,
    "PhaseResolution": 1,
    "PixelBandwidth": 2790,
    "ProtocolName": "Nback_dc",
    "PulseSequenceDetails": "%CustomerSeq%_mz_ep2d_bold_dc",
    "ReceiveCoilName": "Head_4T",
    "ReconMatrixPE": 64,
    "RepetitionTime": 2.1,
    "SAR": 0.0821525,
    "ScanOptions": "FS",
    "ScanningSequence": "SE_EP",
    "SequenceName": "epfid2d1_64",
    "SequenceVariant": "SK",
    "SeriesDescription": "Nback_dc_DiCo",
    "SeriesNumber": 9,
    "ShimSetting": [
      -4,
      -2,
      -48,
      1565,
      683,
      -3747,
      2097,
      -124
    ],
    "SliceThickness": 3,
    "SoftwareVersions": "syngo_MR_2002B_4VA21A",
    "SpacingBetweenSlices": 3.6,
    "StationName": "wes4T",
    "TaskName": "nback",
    "TxRefAmp": 170.005,
    "dataset": "ds004169",
    "modality": "bold",
    "session_id": "01",
    "subject_id": "1008",
    "task_id": "nback"
  },
  "dummy_trs": 0,
  "dvars_nstd": 40.87300332436507,
  "dvars_std": 1.030323926904762,
  "dvars_vstd": 0.9726251633333337,
  "efc": 0.4414927118068851,
  "fber": 2979.30810546875,
  "fd_mean": 0.44098143449912114,
  "fd_num": 62,
  "fd_perc": 48.818897637795274,
  "fwhm_avg": 1.8400753453119554,
  "fwhm_x": 1.7118970434782608,
  "fwhm_y": 2.0870733913043478,
  "fwhm_z": 1.7212556011532572,
  "gcor": 0.0316739,
  "gsr_x": -0.02306879311800003,
  "gsr_y": 0.03676046431064606,
  "provenance": {
    "md5sum": "4bc72d8d70e52ec1355581b1671ddf7d",
    "settings": {
      "fd_thres": 0.2,
      "testing": false
    },
    "software": "mriqc",
    "version": "23.0.1",
    "webapi_port": null,
    "webapi_url": "https://mriqc.nimh.nih.gov/api/v1"
  },
  "size_t": 127,
  "size_x": 64,
  "size_y": 64,
  "size_z": 36,
  "snr": 4.867644786701688,
  "spacing_tr": 2.0999999046325684,
  "spacing_x": 3.59375,
  "spacing_y": 3.59375,
  "spacing_z": 3.5999999046325684,
  "summary_bg_k": 55.24362151414583,
  "summary_bg_mad": 6.712568726570178,
  "summary_bg_mean": 23.677810668945312,
  "summary_bg_median": 11.56692886352539,
  "summary_bg_n": 100212.0,
  "summary_bg_p05": 6.484645438194276,
  "summary_bg_p95": 68.39291229248042,
  "summary_bg_stdv": 36.03090286254883,
  "summary_fg_k": 4.125302419598983,
  "summary_fg_mad": 106.43218007376962,
  "summary_fg_mean": 637.9004516601562,
  "summary_fg_median": 626.2440795898438,
  "summary_fg_n": 18257.0,
  "summary_fg_p05": 455.258251953125,
  "summary_fg_p95": 845.233056640625,
  "summary_fg_stdv": 128.65090942382812,
  "tsnr": 29.47963193175383
}