{
  "aor": 0.002021733333333333,
  "aqi": 0.008871781866666666,
  "bids_meta": {
    "AcquisitionMatrixPE": 64,
    "AcquisitionNumber": 1,
    "AcquisitionTime": "12:55:7.255000",
    "BaseResolution": 64,
    "ConversionSoftware": "dcm2niix",
    "ConversionSoftwareVersion": "v1.0.20190410  GCC6.3.0",
    "DeviceSerialNumber": "18011",
    "EchoTime": 0.03,
    "FlipAngle": 90,
    "ImageComments": "Fake_MoCo_Reference_Volume_+_DiCo_Applied",
    "ImageOrientationPatientDICOM": [
      1,
      0,
      0,
      0,
      1,
      0
    ],
    "ImageType": [
      "ORIGINAL",
      "PRIMARY",
      "M",
      "ND",
      "MOSAIC"
    ],
    "ImagingFrequency": 168.255,
    "InPlanePhaseEncodingDirectionDICOM": "COL",
    "MRAcquisitionType": "2D",
    "MagneticFieldStrength": 3.95064,
    "Manufacturer": "Siemens",
    "ManufacturersModelName": "MedSpec_4T",
    "Modality": "MR",
    "PartialFourier": 1,
    "PatientPosition": "HFS",
    "PercentPhaseFOV": 100,
    "PhaseEncodingDirection": "j-",
    "PhaseEncodingSteps": 64,
    "PhaseResolution": 1,
    "PixelBandwidth": 2790,
    "ProtocolName": "mz_bold_dc_REST",
    "PulseSequenceDetails": "%CustomerSeq%_mz_ep2d_bold_dc",
    "ReceiveCoilName": "Head_4T",
    "ReconMatrixPE": 64,
    "RepetitionTime": 2.1,
    "SAR": 0.025995,
    "ScanOptions": "FS",
    "ScanningSequence": "SE_EP",
    "SequenceName": "epfid2d1_64",
    "SequenceVariant": "SK",
    "SeriesDescription": "mz_bold_dc_REST_DiCo",
    "SeriesNumber": 10,
    "ShimSetting": [
      28,
      -26,
      16,
      1742,
      516,
      -3172,
      2695,
      -168
    ],
    "SliceThickness": 3,
    "SoftwareVersions": "syngo_MR_2002B_4VA21A",
    "SpacingBetweenSlices": 3.6,
    "StationName": "wes4T",
    "TaskName": "rest",
    "TxRefAmp": 174.588,
    "dataset": "ds004169",
    "modality": "bold",
    "session_id": "01",
    "subject_id": "0246",
    "task_id": "rest"
  },
  "dummy_trs": 0,
  "dvars_nstd": 24.624397598053694,
  "dvars_std": 1.085674371208054,
  "dvars_vstd": 0.9693213083221466,
  "efc": 0.4925226946711349,
  "fber": 1525.019287109375,
  "fd_mean": 0.1492552562891602,
  "fd_num": 13,
  "fd_perc": 8.666666666666666,
  "fwhm_avg": 1.6971740559009,
  "fwhm_x": 1.6135290434782608,
  "fwhm_y": 1.8888153043478262,
  "fwhm_z": 1.589177819876613,
  "gcor": 0.0506868,
  "gsr_x": -0.017131654545664787,
  "gsr_y": 0.03690574690699577,
  "provenance": {
    "md5sum": "c4a34511211bb8888837d219e90668b9",
    "settings": {
      "fd_thres": 0.2,
      "testing": false
    },
    "software": "mriqc",
    "version": "23.0.1",
    "webapi_port": null,
    "webapi_url": "https://mriqc.nimh.nih.gov/api/v1"
  },
  "size_t": 150,
  "size_x": 64,
  "size_y": 64,
  "size_z": 36,
  "snr": 5.544759320602595,
  "spacing_tr": 2.0999999046325684,
  "spacing_x": 3.59375,
  "spacing_y": 3.59375,
  "spacing_z": 3.5999999046325684,
  "summary_bg_k": 47.22488555497408,
  "summary_bg_mad": 11.732326385273863,
  "summary_bg_mean": 32.03954315185547,
  "summary_bg_median": 16.46000099182129,
  "summary_bg_n": 95027.0,
  "summary_bg_p05": 7.2020002841949475,
  "summary_bg_p95": 100.03866958618157,
  "summary_bg_stdv": 43.32285690307617,
  "summary_fg_k": 2.462250500987972,
  "summary_fg_mad": 104.6173406698854,
  "summary_fg_mean": 648.6923217773438,
  "summary_fg_median": 644.07666015625,
  "summary_fg_n": 21846.0,
  "summary_fg_p05": 473.1333541870117,
  "summary_fg_p95": 836.0900421142578,
  "summary_fg_stdv": 116.15687561035156,
  "tsnr": 49.754666993394494
}