{
  "aor": 0.0033895275590551184,
  "aqi": 0.01880876015748031,
  "bids_meta": {
    "AcquisitionMatrixPE": 64,
    "AcquisitionNumber": 1,
    "AcquisitionTime": "09:23:28.960010",
    "BaseResolution": 64,
    "ConversionSoftware": "dcm2niix",
    "ConversionSoftwareVersion": "v1.0.20190410  GCC6.3.0",
    "DeviceSerialNumber": "18011",
    "EchoTime": 0.03,
    "FlipAngle": 90,
    "ImageComments": "Fake_MoCo_Reference_Volume_+_DiCo_Applied",
    "ImageOrientationPatientDICOM": [
      1,
      2.22045e-16,
      0,
      -2.22045e-16,
      0.961262,
      -0.275637
    ],
    "ImageType": [
      "ORIGINAL",
      "PRIMARY",
      "M",
      "ND",
      "MOSAIC"
    ],
    "ImagingFrequency": 168.255,
    "InPlanePhaseEncodingDirectionDICOM": "COL",
    "MRAcquisitionType": "2D",
    "MagneticFieldStrength": 3.95064,
    "Manufacturer": "Siemens",
    "ManufacturersModelName": "MedSpec_4T",
    "Modality": "MR",
    "PartialFourier": 1,
    "PatientPosition": "HFS",
    "PercentPhaseFOV": 100,
    "PhaseEncodingDirection": "j-",
    "PhaseEncodingSteps": 64,
    "PhaseResolution": 1,
    "PixelBandwidth": 2790,
    "ProtocolName": "Nback_dc_opt",
    "PulseSequenceDetails": "%CustomerSeq%_kt_ep2d_bold_dc",
    "ReceiveCoilName": "Head_4T",
    "ReconMatrixPE": 64,
    "RepetitionTime": 2.1,
    "SAR": 0.0345427,
    "ScanOptions": "FS",
    "ScanningSequence": "SE_EP",
    "SequenceName": "epfid2d1_64",
    "SequenceVariant": "SK",
    "SeriesDescription": "Nback_dc_opt_DiCo",
    "SeriesNumber": 7,
    "ShimSetting": [
      18,
      11,
      -1,
      1735,
      463,
      -2501,
      2326,
      -52
    ],
    "SliceThickness": 3,
    "SoftwareVersions": "syngo_MR_2002B_4VA21A",
    "SpacingBetweenSlices": 3.6,
    "StationName": "wes4T",
    "TaskName": "nback",
    "TxRefAmp": 199.591,
    "dataset": "ds004169",
    "modality": "bold",
    "session_id": "01",
    "subject_id": "0931",
    "task_id": "nback"
  },
  "dummy_trs": 0,
  "dvars_nstd": 26.11431397333333,
  "dvars_std": 1.0156234325396825,
  "dvars_vstd": 0.9193848074603179,
  "efc": 0.5105867547858041,
  "fber": 1549.492919921875,
  "fd_mean": 0.12390310545062351,
  "fd_num": 7,
  "fd_perc": 5.511811023622047,
  "fwhm_avg": 1.7668660410682033,
  "fwhm_x": 1.6320445217391306,
  "fwhm_y": 2.027712,
  "fwhm_z": 1.6408416014654794,
  "gcor": 0.00687777,
  "gsr_x": -0.02569890208542347,
  "gsr_y": 0.04346742480993271,
  "provenance": {
    "md5sum": "6b7be289f2d1e70ee4994aef861cf207",
    "settings": {
      "fd_thres": 0.2,
      "testing": false
    },
    "software": "mriqc",
    "version": "23.0.1",
    "webapi_port": null,
    "webapi_url": "https://mriqc.nimh.nih.gov/api/v1"
  },
  "size_t": 127,
  "size_x": 64,
  "size_y": 64,
  "size_z": 36,
  "snr": 5.259618780167069,
  "spacing_tr": 2.0999999046325684,
  "spacing_x": 3.59375,
  "spacing_y": 3.59375,
  "spacing_z": 3.6000001430511475,
  "summary_bg_k": 21.21030188336388,
  "summary_bg_mad": 12.969851081751482,
  "summary_bg_mean": 38.99636459350586,
  "summary_bg_median": 18.78740119934082,
  "summary_bg_n": 91863.0,
  "summary_bg_p05": 8.905511856079102,
  "summary_bg_p95": 124.25905456542964,
  "summary_bg_stdv": 51.21757888793945,
  "summary_fg_k": 3.964116944056811,
  "summary_fg_mad": 119.6296835316933,
  "summary_fg_mean": 763.4264526367188,
  "summary_fg_median": 750.4605712890625,
  "summary_fg_n": 24250.0,
  "summary_fg_p05": 564.9090606689454,
  "summary_fg_p95": 996.3350189208984,
  "summary_fg_stdv": 142.68051147460938,
  "tsnr": 37.99767129868269
}