{
  "aor": 0.0053638,
  "aqi": 0.030758429333333333,
  "bids_meta": {
    "AcquisitionMatrixPE": 64,
    "AcquisitionNumber": 1,
    "AcquisitionTime": "08:49:48.374990",
    "BaseResolution": 64,
    "ConversionSoftware": "dcm2niix",
    "ConversionSoftwareVersion": "v1.0.20190410  GCC6.3.0",
    "DeviceSerialNumber": "18011",
    "EchoTime": 0.03,
    "FlipAngle": 90,
    "ImageComments": "Fake_MoCo_Reference_Volume_+_DiCo_Applied",
    "ImageOrientationPatientDICOM": [
      0.99863,
      0.00728376,
      0.0518266,
      -1.69925e-09,
      0.990268,
      -0.139173
    ],
    "ImageType": [
      "ORIGINAL",
      "PRIMARY",
      "M",
      "ND",
      "MOSAIC"
    ],
    "ImagingFrequency": 168.255,
    "InPlanePhaseEncodingDirectionDICOM": "COL",
    "MRAcquisitionType": "2D",
    "MagneticFieldStrength": 3.95064,
    "Manufacturer": "Siemens",
    "ManufacturersModelName": "MedSpec_4T",
    "Modality": "MR",
    "PartialFourier": 1,
    "PatientPosition": "HFS",
    "PercentPhaseFOV": 100,
    "PhaseEncodingDirection": "j-",
    "PhaseEncodingSteps": 64,
    "PhaseResolution": 1,
    "PixelBandwidth": 2790,
    "ProtocolName": "mz_bold_dc_REST",
    "PulseSequenceDetails": "%CustomerSeq%_mz_ep2d_bold_dc",
    "ReceiveCoilName": "Head_4T",
    "ReconMatrixPE": 64,
    "RepetitionTime": 2.1,
    "SAR": 0.0213931,
    "ScanOptions": "FS",
    "ScanningSequence": "SE_EP",
    "SequenceName": "epfid2d1_64",
    "SequenceVariant": "SK",
    "SeriesDescription": "mz_bold_dc_REST_DiCo",
    "SeriesNumber": 10,
    "ShimSetting": [
      18,
      5,
      17,
      1583,
      1013,
      -3365,
      2330,
      -55
    ],
    "SliceThickness": 3,
    "SoftwareVersions": "syngo_MR_2002B_4VA21A",
    "SpacingBetweenSlices": 3.6,
    "StationName": "wes4T",
    "TaskName": "rest",
    "TxRefAmp": 208.341,
    "dataset": "ds004169",
    "modality": "bold",
    "session_id": "01",
    "subject_id": "0352",
    "task_id": "rest"
  },
  "dummy_trs": 0,
  "dvars_nstd": 40.99355094691275,
  "dvars_std": 1.027764137583893,
  "dvars_vstd": 0.9272221328187911,
  "efc": 0.4905090297957351,
  "fber": 1686.40673828125,
  "fd_mean": 0.4237375131889143,
  "fd_num": 114,
  "fd_perc": 76.0,
  "fwhm_avg": 1.7393999722241043,
  "fwhm_x": 1.6784500869565218,
  "fwhm_y": 1.9438775652173912,
  "fwhm_z": 1.5958722644983998,
  "gcor": 0.248179,
  "gsr_x": -0.009438645094633102,
  "gsr_y": 0.03366221860051155,
  "provenance": {
    "md5sum": "27d25c695a92c40d5f3dee544bff14eb",
    "settings": {
      "fd_thres": 0.2,
      "testing": false
    },
    "software": "mriqc",
    "version": "23.0.1",
    "webapi_port": null,
    "webapi_url": "https://mriqc.nimh.nih.gov/api/v1"
  },
  "size_t": 150,
  "size_x": 64,
  "size_y": 64,
  "size_z": 36,
  "snr": 5.490857412998707,
  "spacing_tr": 2.0999999046325684,
  "spacing_x": 3.59375,
  "spacing_y": 3.59375,
  "spacing_z": 3.5999999046325684,
  "summary_bg_k": 49.21801619433085,
  "summary_bg_mad": 12.463742782202928,
  "summary_bg_mean": 33.8160285949707,
  "summary_bg_median": 16.84000015258789,
  "summary_bg_n": 94271.0,
  "summary_bg_p05": 6.900000095367432,
  "summary_bg_p95": 101.76333618164062,
  "summary_bg_stdv": 49.41210174560547,
  "summary_fg_k": 1.9136831710627629,
  "summary_fg_mad": 116.2459136307113,
  "summary_fg_mean": 676.2120361328125,
  "summary_fg_median": 666.739990234375,
  "summary_fg_n": 22225.0,
  "summary_fg_p05": 497.1186767578125,
  "summary_fg_p95": 875.5306640625,
  "summary_fg_stdv": 121.42456817626953,
  "tsnr": 21.766382903326303
}