{
  "aor": 0.0037877952755905513,
  "aqi": 0.014834416692913384,
  "bids_meta": {
    "AcquisitionMatrixPE": 64,
    "AcquisitionNumber": 1,
    "AcquisitionTime": "09:14:7.880010",
    "BaseResolution": 64,
    "ConversionSoftware": "dcm2niix",
    "ConversionSoftwareVersion": "v1.0.20190410  GCC6.3.0",
    "DeviceSerialNumber": "18011",
    "EchoTime": 0.03,
    "FlipAngle": 90,
    "ImageComments": "Fake_MoCo_Reference_Volume_+_DiCo_Applied",
    "ImageOrientationPatientDICOM": [
      1,
      0,
      0,
      0,
      1,
      0
    ],
    "ImageType": [
      "ORIGINAL",
      "PRIMARY",
      "M",
      "ND",
      "MOSAIC"
    ],
    "ImagingFrequency": 168.217,
    "InPlanePhaseEncodingDirectionDICOM": "COL",
    "MRAcquisitionType": "2D",
    "MagneticFieldStrength": 3.95064,
    "Manufacturer": "Siemens",
    "ManufacturersModelName": "MedSpec_4T",
    "Modality": "MR",
    "PartialFourier": 1,
    "PatientPosition": "HFS",
    "PercentPhaseFOV": 100,
    "PhaseEncodingDirection": "j-",
    "PhaseEncodingSteps": 64,
    "PhaseResolution": 1,
    "PixelBandwidth": 2790,
    "ProtocolName": "Nback_dc",
    "PulseSequenceDetails": "%CustomerSeq%_mz_ep2d_bold_dc",
    "ReceiveCoilName": "Head_4T",
    "ReconMatrixPE": 64,
    "RepetitionTime": 2.1,
    "SAR": 0.0421536,
    "ScanOptions": "FS",
    "ScanningSequence": "SE_EP",
    "SequenceName": "epfid2d1_64",
    "SequenceVariant": "SK",
    "SeriesDescription": "Nback_dc_DiCo",
    "SeriesNumber": 7,
    "ShimSetting": [
      14,
      -23,
      -29,
      1491,
      623,
      -3064,
      1848,
      -121
    ],
    "SliceThickness": 3,
    "SoftwareVersions": "syngo_MR_2002B_4VA21A",
    "SpacingBetweenSlices": 3.6,
    "StationName": "wes4T",
    "TaskName": "nback",
    "TxRefAmp": 182.913,
    "dataset": "ds004169",
    "modality": "bold",
    "session_id": "01",
    "subject_id": "0249",
    "task_id": "nback"
  },
  "dummy_trs": 0,
  "dvars_nstd": 34.365577879206356,
  "dvars_std": 1.1062276953174606,
  "dvars_vstd": 0.9844901370634925,
  "efc": 0.45042981210129757,
  "fber": 2498.70263671875,
  "fd_mean": 0.33565859932295294,
  "fd_num": 78,
  "fd_perc": 61.41732283464567,
  "fwhm_avg": 1.823954453207213,
  "fwhm_x": 1.6675951304347825,
  "fwhm_y": 2.082473739130435,
  "fwhm_z": 1.7217944900564217,
  "gcor": 0.0197209,
  "gsr_x": -0.01828664541244507,
  "gsr_y": 0.044278524816036224,
  "provenance": {
    "md5sum": "f323c4b0079a239f240f06bbb230d680",
    "settings": {
      "fd_thres": 0.2,
      "testing": false
    },
    "software": "mriqc",
    "version": "23.0.1",
    "webapi_port": null,
    "webapi_url": "https://mriqc.nimh.nih.gov/api/v1"
  },
  "size_t": 127,
  "size_x": 64,
  "size_y": 64,
  "size_z": 36,
  "snr": 4.676859999201323,
  "spacing_tr": 2.0999999046325684,
  "spacing_x": 3.59375,
  "spacing_y": 3.59375,
  "spacing_z": 3.5999999046325684,
  "summary_bg_k": 45.739461146087436,
  "summary_bg_mad": 8.428652205034943,
  "summary_bg_mean": 30.390281677246094,
  "summary_bg_median": 15.330708503723145,
  "summary_bg_n": 99135.0,
  "summary_bg_p05": 8.56692886352539,
  "summary_bg_p95": 90.0992141723631,
  "summary_bg_stdv": 41.96280288696289,
  "summary_fg_k": 2.989412588195214,
  "summary_fg_mad": 139.5513816705688,
  "summary_fg_mean": 795.8406372070312,
  "summary_fg_median": 776.4015502929688,
  "summary_fg_n": 19595.0,
  "summary_fg_p05": 567.2039245605469,
  "summary_fg_p95": 1083.085034179687,
  "summary_fg_stdv": 166.00491333007812,
  "tsnr": 36.46110268891789
}