{
  "aor": 0.0030188976377952758,
  "aqi": 0.017484190393700784,
  "bids_meta": {
    "AcquisitionMatrixPE": 64,
    "AcquisitionNumber": 1,
    "AcquisitionTime": "13:27:2.525000",
    "BaseResolution": 64,
    "ConversionSoftware": "dcm2niix",
    "ConversionSoftwareVersion": "v1.0.20190410  GCC6.3.0",
    "DeviceSerialNumber": "18011",
    "EchoTime": 0.03,
    "FlipAngle": 90,
    "ImageComments": "Fake_MoCo_Reference_Volume_+_DiCo_Applied",
    "ImageOrientationPatientDICOM": [
      1,
      0,
      -2.77556e-17,
      0,
      0.938493,
      -0.345298
    ],
    "ImageType": [
      "ORIGINAL",
      "PRIMARY",
      "M",
      "ND",
      "DICO",
      "MOSAIC"
    ],
    "ImagingFrequency": 168.255,
    "InPlanePhaseEncodingDirectionDICOM": "COL",
    "MRAcquisitionType": "2D",
    "MagneticFieldStrength": 3.95064,
    "Manufacturer": "Siemens",
    "ManufacturersModelName": "MedSpec_4T",
    "Modality": "MR",
    "PartialFourier": 1,
    "PatientPosition": "HFS",
    "PercentPhaseFOV": 100,
    "PhaseEncodingDirection": "j-",
    "PhaseEncodingSteps": 64,
    "PhaseResolution": 1,
    "PixelBandwidth": 2790,
    "ProcedureStepDescription": "Research_fMRI",
    "ProtocolName": "Nback_dc_opt",
    "PulseSequenceDetails": "%CustomerSeq%_kt_ep2d_bold_dc",
    "ReceiveCoilName": "Head",
    "ReconMatrixPE": 64,
    "RepetitionTime": 2.1,
    "SAR": 0.082911,
    "ScanOptions": "FS",
    "ScanningSequence": "SE_EP",
    "SequenceName": "epfid2d1_64",
    "SequenceVariant": "SK",
    "SeriesDescription": "Nback_dc_opt_DiCo",
    "SeriesNumber": 6,
    "ShimSetting": [
      4,
      6,
      28,
      1659,
      95,
      -2608,
      2806,
      -208
    ],
    "SliceThickness": 3,
    "SoftwareVersions": "syngo_MR_2004A_4VA25A",
    "SpacingBetweenSlices": 3.6,
    "StationName": "WES4T",
    "TaskName": "nback",
    "TxRefAmp": 181.65,
    "dataset": "ds004169",
    "modality": "bold",
    "session_id": "01",
    "subject_id": "0367",
    "task_id": "nback"
  },
  "dummy_trs": 0,
  "dvars_nstd": 23.4052801131746,
  "dvars_std": 1.0225402260317462,
  "dvars_vstd": 0.9395019016666669,
  "efc": 0.4762409315065896,
  "fber": 2219.77978515625,
  "fd_mean": 0.14902137425896872,
  "fd_num": 21,
  "fd_perc": 16.53543307086614,
  "fwhm_avg": 1.7902653629177625,
  "fwhm_x": 1.689032347826087,
  "fwhm_y": 1.9726886956521739,
  "fwhm_z": 1.709075045275027,
  "gcor": 0.006249,
  "gsr_x": -0.01967758499085903,
  "gsr_y": 0.030494093894958496,
  "provenance": {
    "md5sum": "6cad2aa2103081f0d6af9592bfa0216e",
    "settings": {
      "fd_thres": 0.2,
      "testing": false
    },
    "software": "mriqc",
    "version": "23.0.1",
    "webapi_port": null,
    "webapi_url": "https://mriqc.nimh.nih.gov/api/v1"
  },
  "size_t": 127,
  "size_x": 64,
  "size_y": 64,
  "size_z": 36,
  "snr": 5.509947288272595,
  "spacing_tr": 2.0999999046325684,
  "spacing_x": 3.59375,
  "spacing_y": 3.59375,
  "spacing_z": 3.5999999046325684,
  "summary_bg_k": 35.27353796735927,
  "summary_bg_mad": 7.914994281476579,
  "summary_bg_mean": 25.330717086791992,
  "summary_bg_median": 13.22047233581543,
  "summary_bg_n": 94531.0,
  "summary_bg_p05": 7.181102275848389,
  "summary_bg_p95": 74.82677459716797,
  "summary_bg_stdv": 34.21818542480469,
  "summary_fg_k": 3.501216877682361,
  "summary_fg_mad": 107.88559899054987,
  "summary_fg_mean": 651.3792114257812,
  "summary_fg_median": 643.1968383789062,
  "summary_fg_n": 21810.0,
  "summary_fg_p05": 479.85670166015626,
  "summary_fg_p95": 834.4310760498047,
  "summary_fg_stdv": 116.7310791015625,
  "tsnr": 41.119521382730454
}