{
  "bids_meta": {
    "AcquisitionMatrixPE": 225,
    "AcquisitionNumber": 1,
    "AcquisitionTime": "10:43:20.534990",
    "BaseResolution": 256,
    "ConversionSoftware": "dcm2niix",
    "ConversionSoftwareVersion": "v1.0.20190410  GCC6.3.0",
    "DeviceSerialNumber": "18011",
    "EchoTime": 0.00335,
    "FlipAngle": 8,
    "ImageOrientationPatientDICOM": [
      0.99863,
      0.052336,
      -1.88716e-09,
      9.13449e-05,
      -0.001743,
      -0.999998
    ],
    "ImageType": [
      "ORIGINAL",
      "PRIMARY",
      "M",
      "ND"
    ],
    "ImagingFrequency": 168.217,
    "InPlanePhaseEncodingDirectionDICOM": "ROW",
    "InversionTime": 0.7,
    "MRAcquisitionType": "3D",
    "MagneticFieldStrength": 3.95064,
    "Manufacturer": "Siemens",
    "ManufacturersModelName": "MedSpec_4T",
    "Modality": "MR",
    "PartialFourier": 0.875,
    "PatientPosition": "HFS",
    "PercentPhaseFOV": 100,
    "PhaseEncodingSteps": 197,
    "PhaseResolution": 0.878906,
    "PixelBandwidth": 200,
    "ProtocolName": "t1_mpr_cor",
    "PulseSequenceDetails": "%SiemensSeq%_tfl",
    "ReceiveCoilName": "Head_4T",
    "ReconMatrixPE": 256,
    "RepetitionTime": 1.5,
    "SAR": 0.00421104,
    "ScanOptions": "IR",
    "ScanningSequence": "IR_GR",
    "SequenceName": "tfl3d1_ns",
    "SequenceVariant": "SP_MP",
    "SeriesDescription": "t1_mpr_cor",
    "SeriesNumber": 8,
    "ShimSetting": [
      13,
      4,
      -31,
      2121,
      239,
      -3397,
      2623,
      -391
    ],
    "SliceThickness": 0.9,
    "SoftwareVersions": "syngo_MR_2002B_4VA21A",
    "StationName": "wes4T",
    "TxRefAmp": 201.084,
    "dataset": "ds004169",
    "modality": "T1w",
    "session_id": "01",
    "subject_id": "1064"
  },
  "cjv": 0.34949248797670157,
  "cnr": 3.764005530475439,
  "efc": 0.4656029375650602,
  "fber": -1.0,
  "fwhm_avg": 4.747612045568856,
  "fwhm_x": 4.875797333333334,
  "fwhm_y": 5.160500136706568,
  "fwhm_z": 4.206538666666667,
  "icvs_csf": 0.2245403521060163,
  "icvs_gm": 0.40807144661261857,
  "icvs_wm": 0.3673882012813651,
  "inu_med": 0.665901243686676,
  "inu_range": 0.4406224191188812,
  "provenance": {
    "md5sum": "a1e20172f0fae69db8b6d121c48e6182",
    "settings": {
      "testing": false
    },
    "software": "mriqc",
    "version": "23.0.1",
    "warnings": {
      "large_rot_frame": true,
      "small_air_mask": false
    },
    "webapi_port": null,
    "webapi_url": "https://mriqc.nimh.nih.gov/api/v1"
  },
  "qi_1": 0.0,
  "qi_2": 0.03258052237439623,
  "rpve_csf": 21.883114577071957,
  "rpve_gm": 12.404912027862848,
  "rpve_wm": 16.654906879475508,
  "size_x": 256,
  "size_y": 256,
  "size_z": 256,
  "snr_csf": 2.095122226049546,
  "snr_gm": 9.698870597438493,
  "snr_total": 10.410911063655504,
  "snr_wm": 19.438740367478474,
  "snrd_csf": 9.936887717910682,
  "snrd_gm": 23.341514519741065,
  "snrd_total": 22.72947874079014,
  "snrd_wm": 34.91003398471866,
  "spacing_x": 0.9375,
  "spacing_y": 0.8999999761581421,
  "spacing_z": 0.9375,
  "summary_bg_k": 19.212329574964897,
  "summary_bg_mad": 0.0,
  "summary_bg_mean": 10.074730783588073,
  "summary_bg_median": 0.0,
  "summary_bg_n": 4763436.0,
  "summary_bg_p05": 0.0,
  "summary_bg_p95": 45.514315424486995,
  "summary_bg_stdv": 18.7669822545968,
  "summary_csf_k": 25.955358109258317,
  "summary_csf_mad": 98.53886148993338,
  "summary_csf_mean": 296.54799505957664,
  "summary_csf_median": 284.6512504387647,
  "summary_csf_n": 55704.0,
  "summary_csf_p05": 115.62369427271187,
  "summary_csf_p95": 479.6739656803198,
  "summary_csf_stdv": 135.86257252867478,
  "summary_gm_k": 0.08149159772412062,
  "summary_gm_mad": 68.14423065266077,
  "summary_gm_mean": 668.2058394064816,
  "summary_gm_median": 668.6390632353723,
  "summary_gm_n": 46039.0,
  "summary_gm_p05": 553.732600459829,
  "summary_gm_p95": 780.8260232508183,
  "summary_gm_stdv": 68.93914036890516,
  "summary_wm_k": 0.6627382450994315,
  "summary_wm_mad": 47.67437723164043,
  "summary_wm_mean": 1000.8625063818827,
  "summary_wm_median": 1000.0298995729536,
  "summary_wm_n": 358657.0,
  "summary_wm_p05": 917.3092002328485,
  "summary_wm_p95": 1086.5160642731935,
  "summary_wm_stdv": 51.44512898138994,
  "tpm_overlap_csf": 0.13804429511419827,
  "tpm_overlap_gm": 0.4236965510329315,
  "tpm_overlap_wm": 0.4817681903979815,
  "wm2max": 0.5687310921513308
}