{
  "aor": 0.0023261417322834655,
  "aqi": 0.009741639212598423,
  "bids_meta": {
    "AcquisitionMatrixPE": 64,
    "AcquisitionNumber": 1,
    "AcquisitionTime": "09:09:25.289990",
    "BaseResolution": 64,
    "ConversionSoftware": "dcm2niix",
    "ConversionSoftwareVersion": "v1.0.20190410  GCC6.3.0",
    "DeviceSerialNumber": "18011",
    "EchoTime": 0.03,
    "FlipAngle": 90,
    "ImageComments": "Fake_MoCo_Reference_Volume_+_DiCo_Applied",
    "ImageOrientationPatientDICOM": [
      0.997564,
      0,
      -0.0697565,
      0,
      1,
      -6.93889e-18
    ],
    "ImageType": [
      "ORIGINAL",
      "PRIMARY",
      "M",
      "ND",
      "MOSAIC"
    ],
    "ImagingFrequency": 168.217,
    "InPlanePhaseEncodingDirectionDICOM": "COL",
    "MRAcquisitionType": "2D",
    "MagneticFieldStrength": 3.95064,
    "Manufacturer": "Siemens",
    "ManufacturersModelName": "MedSpec_4T",
    "Modality": "MR",
    "PartialFourier": 1,
    "PatientPosition": "HFS",
    "PercentPhaseFOV": 100,
    "PhaseEncodingDirection": "j-",
    "PhaseEncodingSteps": 64,
    "PhaseResolution": 1,
    "PixelBandwidth": 2790,
    "ProtocolName": "Nback_dc",
    "PulseSequenceDetails": "%CustomerSeq%_mz_ep2d_bold_dc",
    "ReceiveCoilName": "Head_4T",
    "ReconMatrixPE": 64,
    "RepetitionTime": 2.1,
    "SAR": 0.0410466,
    "ScanOptions": "FS",
    "ScanningSequence": "SE_EP",
    "SequenceName": "epfid2d1_64",
    "SequenceVariant": "SK",
    "SeriesDescription": "Nback_dc_DiCo",
    "SeriesNumber": 7,
    "ShimSetting": [
      -24,
      -32,
      -34,
      1272,
      -70,
      -3241,
      1991,
      739
    ],
    "SliceThickness": 3,
    "SoftwareVersions": "syngo_MR_2002B_4VA21A",
    "SpacingBetweenSlices": 3.6,
    "StationName": "wes4T",
    "TaskName": "nback",
    "TxRefAmp": 166.338,
    "dataset": "ds004169",
    "modality": "bold",
    "session_id": "01",
    "subject_id": "0188",
    "task_id": "nback"
  },
  "dummy_trs": 0,
  "dvars_nstd": 31.822796685317464,
  "dvars_std": 1.0734358558730162,
  "dvars_vstd": 0.9873116516666665,
  "efc": 0.4469023994700392,
  "fber": 2906.168701171875,
  "fd_mean": 0.14132538219116472,
  "fd_num": 12,
  "fd_perc": 9.448818897637794,
  "fwhm_avg": 1.8287038801011135,
  "fwhm_x": 1.7016514782608696,
  "fwhm_y": 2.0442267826086957,
  "fwhm_z": 1.7402333794337745,
  "gcor": 0.014606,
  "gsr_x": -0.016081050038337708,
  "gsr_y": 0.02649652026593685,
  "provenance": {
    "md5sum": "c267125e23baf0a04ddb16fe12edf597",
    "settings": {
      "fd_thres": 0.2,
      "testing": false
    },
    "software": "mriqc",
    "version": "22.0.6",
    "webapi_port": null,
    "webapi_url": "https://mriqc.nimh.nih.gov/api/v1"
  },
  "size_t": 127,
  "size_x": 64,
  "size_y": 64,
  "size_z": 36,
  "snr": 5.276939322733643,
  "spacing_tr": 2.0999999046325684,
  "spacing_x": 3.59375,
  "spacing_y": 3.59375,
  "spacing_z": 3.5999999046325684,
  "summary_bg_k": 41.79222588082738,
  "summary_bg_mad": 8.008386502676313,
  "summary_bg_mean": 24.28803062438965,
  "summary_bg_median": 13.078740119934082,
  "summary_bg_n": 98544.0,
  "summary_bg_p05": 6.3307085037231445,
  "summary_bg_p95": 72.09449005126953,
  "summary_bg_stdv": 32.179588317871094,
  "summary_fg_k": 1.9226047485718167,
  "summary_fg_mad": 121.45664871055799,
  "summary_fg_mean": 716.8484497070312,
  "summary_fg_median": 710.5748291015625,
  "summary_fg_n": 19231.0,
  "summary_fg_p05": 516.1771545410156,
  "summary_fg_p95": 941.1417236328125,
  "summary_fg_stdv": 134.6531219482422,
  "tsnr": 43.56285118730739
}