{
  "bids_meta": {
    "AcquisitionMatrixPE": 225,
    "AcquisitionNumber": 1,
    "AcquisitionTime": "10:00:51.842510",
    "BaseResolution": 256,
    "ConversionSoftware": "dcm2niix",
    "ConversionSoftwareVersion": "v1.0.20190410  GCC6.3.0",
    "DeviceSerialNumber": "18011",
    "EchoTime": 0.00335,
    "FlipAngle": 8,
    "ImageOrientationPatientDICOM": [
      0,
      1,
      -5.55112e-17,
      0.0401318,
      0,
      -0.999194
    ],
    "ImageType": [
      "ORIGINAL",
      "PRIMARY",
      "M",
      "ND"
    ],
    "ImagingFrequency": 168.255,
    "InPlanePhaseEncodingDirectionDICOM": "ROW",
    "InversionTime": 0.7,
    "MRAcquisitionType": "3D",
    "MagneticFieldStrength": 3.95064,
    "Manufacturer": "Siemens",
    "ManufacturersModelName": "Trio",
    "Modality": "MR",
    "PartialFourier": 0.875,
    "PatientPosition": "HFS",
    "PercentPhaseFOV": 100,
    "PhaseEncodingSteps": 197,
    "PhaseResolution": 0.878906,
    "PixelBandwidth": 200,
    "ProcedureStepDescription": "Research_fMRI",
    "ProtocolName": "t1_mpr_cor",
    "PulseSequenceDetails": "%SiemensSeq%_tfl",
    "ReceiveCoilName": "TEM_Head",
    "ReconMatrixPE": 256,
    "RepetitionTime": 1.5,
    "SAR": 0.0566564,
    "ScanOptions": "IR",
    "ScanningSequence": "IR_GR",
    "SequenceName": "tfl3d1_ns",
    "SequenceVariant": "SP_MP",
    "SeriesDescription": "t1_mpr_cor",
    "SeriesNumber": 8,
    "ShimSetting": [
      22,
      13,
      49,
      1630,
      2645,
      -9999,
      8317,
      -612
    ],
    "SliceThickness": 0.9,
    "SoftwareVersions": "syngo_MR_2004A_4VA25A",
    "StationName": "WES4T",
    "TxRefAmp": 186.284,
    "dataset": "ds004169",
    "modality": "T1w",
    "session_id": "01",
    "subject_id": "1002"
  },
  "cjv": 0.386097733198482,
  "cnr": 3.3852799836279046,
  "efc": 0.47950486042460655,
  "fber": 12672.897482581142,
  "fwhm_avg": 4.7926913033553165,
  "fwhm_x": 4.993711243399282,
  "fwhm_y": 4.951882666666666,
  "fwhm_z": 4.43248,
  "icvs_csf": 0.20686457322302476,
  "icvs_gm": 0.4385216900043039,
  "icvs_wm": 0.35461373677267133,
  "inu_med": 0.649771511554718,
  "inu_range": 0.49207794666290283,
  "provenance": {
    "md5sum": "0762ab0075f80347ed94da3f74eb2552",
    "settings": {
      "testing": false
    },
    "software": "mriqc",
    "version": "23.0.1",
    "warnings": {
      "large_rot_frame": true,
      "small_air_mask": false
    },
    "webapi_port": null,
    "webapi_url": "https://mriqc.nimh.nih.gov/api/v1"
  },
  "qi_1": 0.0,
  "qi_2": 0.004595569018991272,
  "rpve_csf": 27.400069772171072,
  "rpve_gm": 13.447099351656988,
  "rpve_wm": 18.667193776990498,
  "size_x": 240,
  "size_y": 256,
  "size_z": 256,
  "snr_csf": 2.3436372072310694,
  "snr_gm": 10.868652048375653,
  "snr_total": 10.0039493872872,
  "snr_wm": 16.799558906254877,
  "snrd_csf": 21.885249294358207,
  "snrd_gm": 54.99432137293756,
  "snrd_total": 52.054684975224994,
  "snrd_wm": 79.2844842583792,
  "spacing_x": 0.8999999761581421,
  "spacing_y": 0.9375,
  "spacing_z": 0.9375,
  "summary_bg_k": 12.949420209160971,
  "summary_bg_mad": 8.26311001657715,
  "summary_bg_mean": 16.072485635707334,
  "summary_bg_median": 5.5733830109238625,
  "summary_bg_n": 3570795.0,
  "summary_bg_p05": 0.0,
  "summary_bg_p95": 64.11079366505146,
  "summary_bg_stdv": 23.960642625783052,
  "summary_csf_k": 3.3713764345795623,
  "summary_csf_mad": 111.42678658717672,
  "summary_csf_mean": 279.27786015654755,
  "summary_csf_median": 276.03446039557457,
  "summary_csf_n": 38038.0,
  "summary_csf_p05": 91.26836906373501,
  "summary_csf_p95": 472.86439259015026,
  "summary_csf_stdv": 117.7788230687286,
  "summary_gm_k": 0.11051985549269228,
  "summary_gm_mad": 62.79963612598634,
  "summary_gm_mean": 692.7326883920605,
  "summary_gm_median": 693.6328492686152,
  "summary_gm_n": 43705.0,
  "summary_gm_p05": 585.8537552610039,
  "summary_gm_p95": 795.8453158810735,
  "summary_gm_stdv": 63.81885359299947,
  "summary_wm_k": 0.8081919274723344,
  "summary_wm_mad": 55.48803574768171,
  "summary_wm_mean": 1004.4554668433976,
  "summary_wm_median": 1000.0000244751573,
  "summary_wm_n": 251894.0,
  "summary_wm_p05": 914.0010357126594,
  "summary_wm_p95": 1108.5289918333292,
  "summary_wm_stdv": 59.52525569816522,
  "tpm_overlap_csf": 0.13658591448460322,
  "tpm_overlap_gm": 0.44737241512829046,
  "tpm_overlap_wm": 0.47012727362691353,
  "wm2max": 0.4940919256316966
}