{
  "aor": 0.002753700787401574,
  "aqi": 0.00955440874015748,
  "bids_meta": {
    "AcquisitionMatrixPE": 64,
    "AcquisitionNumber": 1,
    "AcquisitionTime": "09:23:27.844990",
    "BaseResolution": 64,
    "ConversionSoftware": "dcm2niix",
    "ConversionSoftwareVersion": "v1.0.20190410  GCC6.3.0",
    "DeviceSerialNumber": "18011",
    "EchoTime": 0.03,
    "FlipAngle": 90,
    "ImageComments": "Fake_MoCo_Reference_Volume_+_DiCo_Applied",
    "ImageOrientationPatientDICOM": [
      0.99863,
      2.22045e-16,
      0.052336,
      -2.22045e-16,
      1,
      0
    ],
    "ImageType": [
      "ORIGINAL",
      "PRIMARY",
      "M",
      "ND",
      "MOSAIC"
    ],
    "ImagingFrequency": 168.217,
    "InPlanePhaseEncodingDirectionDICOM": "COL",
    "MRAcquisitionType": "2D",
    "MagneticFieldStrength": 3.95064,
    "Manufacturer": "Siemens",
    "ManufacturersModelName": "MedSpec_4T",
    "Modality": "MR",
    "PartialFourier": 1,
    "PatientPosition": "HFS",
    "PercentPhaseFOV": 100,
    "PhaseEncodingDirection": "j-",
    "PhaseEncodingSteps": 64,
    "PhaseResolution": 1,
    "PixelBandwidth": 2790,
    "ProtocolName": "Nback_dc",
    "PulseSequenceDetails": "%CustomerSeq%_mz_ep2d_bold_dc",
    "ReceiveCoilName": "Head_4T",
    "ReconMatrixPE": 64,
    "RepetitionTime": 2.1,
    "SAR": 0.0495492,
    "ScanOptions": "FS",
    "ScanningSequence": "SE_EP",
    "SequenceName": "epfid2d1_64",
    "SequenceVariant": "SK",
    "SeriesDescription": "Nback_dc_DiCo",
    "SeriesNumber": 7,
    "ShimSetting": [
      12,
      -1,
      -16,
      1869,
      -196,
      -3102,
      3049,
      268
    ],
    "SliceThickness": 3,
    "SoftwareVersions": "syngo_MR_2002B_4VA21A",
    "SpacingBetweenSlices": 3.6,
    "StationName": "wes4T",
    "TaskName": "nback",
    "TxRefAmp": 196.238,
    "dataset": "ds004169",
    "modality": "bold",
    "session_id": "01",
    "subject_id": "1062",
    "task_id": "nback"
  },
  "dummy_trs": 0,
  "dvars_nstd": 32.60774953015873,
  "dvars_std": 1.0980157629365082,
  "dvars_vstd": 0.9945691376984127,
  "efc": 0.48059327683286374,
  "fber": 1814.7781982421875,
  "fd_mean": 0.1347768723760352,
  "fd_num": 10,
  "fd_perc": 7.874015748031496,
  "fwhm_avg": 1.7891006312980988,
  "fwhm_x": 1.6746351304347826,
  "fwhm_y": 2.0448306086956523,
  "fwhm_z": 1.6478361547638618,
  "gcor": 0.0212676,
  "gsr_x": -0.014112249948084354,
  "gsr_y": 0.03788449987769127,
  "provenance": {
    "md5sum": "49926507f665db1a2e2d7b104a901178",
    "settings": {
      "fd_thres": 0.2,
      "testing": false
    },
    "software": "mriqc",
    "version": "23.0.1",
    "webapi_port": null,
    "webapi_url": "https://mriqc.nimh.nih.gov/api/v1"
  },
  "size_t": 127,
  "size_x": 64,
  "size_y": 64,
  "size_z": 36,
  "snr": 4.5291337406632275,
  "spacing_tr": 2.0999999046325684,
  "spacing_x": 3.59375,
  "spacing_y": 3.59375,
  "spacing_z": 3.5999999046325684,
  "summary_bg_k": 44.65797388608491,
  "summary_bg_mad": 9.514336069522018,
  "summary_bg_mean": 29.036483764648438,
  "summary_bg_median": 14.866141319274902,
  "summary_bg_n": 95316.0,
  "summary_bg_p05": 7.440944671630859,
  "summary_bg_p95": 87.1063003540039,
  "summary_bg_stdv": 37.8886604309082,
  "summary_fg_k": 4.767013238396016,
  "summary_fg_mad": 114.66241410546536,
  "summary_fg_mean": 656.6460571289062,
  "summary_fg_median": 638.5709228515625,
  "summary_fg_n": 21838.0,
  "summary_fg_p05": 471.3630004882813,
  "summary_fg_p95": 889.3814727783202,
  "summary_fg_stdv": 140.98861694335938,
  "tsnr": 43.92722267890349
}