{
  "aor": 0.0023807142857142855,
  "aqi": 0.007780338412698413,
  "bids_meta": {
    "AcquisitionMatrixPE": 64,
    "AcquisitionNumber": 1,
    "AcquisitionTime": "08:24:51.772490",
    "BaseResolution": 64,
    "ConversionSoftware": "dcm2niix",
    "ConversionSoftwareVersion": "v1.0.20190410  GCC6.3.0",
    "DeviceSerialNumber": "18011",
    "EchoTime": 0.03,
    "FlipAngle": 90,
    "ImageComments": "Fake_MoCo_Reference_Volume_+_DiCo_Applied",
    "ImageOrientationPatientDICOM": [
      1,
      0,
      0,
      0,
      0.996637,
      -0.0819385
    ],
    "ImageType": [
      "ORIGINAL",
      "PRIMARY",
      "M",
      "ND",
      "DICO",
      "MOSAIC"
    ],
    "ImagingFrequency": 168.255,
    "InPlanePhaseEncodingDirectionDICOM": "COL",
    "MRAcquisitionType": "2D",
    "MagneticFieldStrength": 3.95064,
    "Manufacturer": "Siemens",
    "ManufacturersModelName": "MedSpec_4T",
    "Modality": "MR",
    "PartialFourier": 1,
    "PatientPosition": "HFS",
    "PercentPhaseFOV": 100,
    "PhaseEncodingDirection": "j-",
    "PhaseEncodingSteps": 64,
    "PhaseResolution": 1,
    "PixelBandwidth": 2790,
    "ProcedureStepDescription": "Research_fMRI",
    "ProtocolName": "Nback_dc_opt",
    "PulseSequenceDetails": "%CustomerSeq%_kt_ep2d_bold_dc",
    "ReceiveCoilName": "Head",
    "ReconMatrixPE": 64,
    "RepetitionTime": 2.1,
    "SAR": 0.093542,
    "ScanOptions": "FS",
    "ScanningSequence": "SE_EP",
    "SequenceName": "epfid2d1_64",
    "SequenceVariant": "SK",
    "SeriesDescription": "Nback_dc_opt_DiCo",
    "SeriesNumber": 6,
    "ShimSetting": [
      13,
      3,
      57,
      2890,
      191,
      -5037,
      3470,
      302
    ],
    "SliceThickness": 3,
    "SoftwareVersions": "syngo_MR_2004A_4VA25A",
    "SpacingBetweenSlices": 3.6,
    "StationName": "WES4T",
    "TaskName": "nback",
    "TxRefAmp": 181.994,
    "dataset": "ds004169",
    "modality": "bold",
    "session_id": "02",
    "subject_id": "1295",
    "task_id": "nback"
  },
  "dummy_trs": 1,
  "dvars_nstd": 25.547307205280003,
  "dvars_std": 1.2090271271999995,
  "dvars_vstd": 0.9942954630399996,
  "efc": 0.43658376929440645,
  "fber": 3592.509765625,
  "fd_mean": 0.1790883634984886,
  "fd_num": 40,
  "fd_perc": 31.746031746031747,
  "fwhm_avg": 1.8082405139409383,
  "fwhm_x": 1.708961391304348,
  "fwhm_y": 2.045821217391304,
  "fwhm_z": 1.669938933127163,
  "gcor": 0.0283213,
  "gsr_x": -0.02131161466240883,
  "gsr_y": 0.028051970526576042,
  "provenance": {
    "md5sum": "a923cde03e9c914dac3975a4a0cde740",
    "settings": {
      "fd_thres": 0.2,
      "testing": false
    },
    "software": "mriqc",
    "version": "23.0.1",
    "webapi_port": null,
    "webapi_url": "https://mriqc.nimh.nih.gov/api/v1"
  },
  "size_t": 126,
  "size_x": 64,
  "size_y": 64,
  "size_z": 36,
  "snr": 5.7189144561932785,
  "spacing_tr": 2.0999999046325684,
  "spacing_x": 3.59375,
  "spacing_y": 3.59375,
  "spacing_z": 3.5999999046325684,
  "summary_bg_k": 43.855268081778284,
  "summary_bg_mad": 5.706842018699781,
  "summary_bg_mean": 22.240644454956055,
  "summary_bg_median": 10.896825790405273,
  "summary_bg_n": 100081.0,
  "summary_bg_p05": 6.579365253448486,
  "summary_bg_p95": 67.984130859375,
  "summary_bg_stdv": 32.578182220458984,
  "summary_fg_k": 1.868192714303917,
  "summary_fg_mad": 110.98341778005252,
  "summary_fg_mean": 679.6339721679688,
  "summary_fg_median": 676.4484252929688,
  "summary_fg_n": 17900.0,
  "summary_fg_p05": 502.19726409912107,
  "summary_fg_p95": 871.0813903808594,
  "summary_fg_stdv": 118.27935791015625,
  "tsnr": 59.53480821568519
}