{
  "aor": 0.0019030666666666662,
  "aqi": 0.009542897533333334,
  "bids_meta": {
    "AcquisitionMatrixPE": 64,
    "AcquisitionNumber": 1,
    "AcquisitionTime": "08:40:38.987510",
    "BaseResolution": 64,
    "ConversionSoftware": "dcm2niix",
    "ConversionSoftwareVersion": "v1.0.20190410  GCC6.3.0",
    "DeviceSerialNumber": "18011",
    "EchoTime": 0.03,
    "FlipAngle": 90,
    "ImageComments": "Fake_MoCo_Reference_Volume_+_DiCo_Applied",
    "ImageOrientationPatientDICOM": [
      1,
      0,
      0,
      0,
      1,
      0
    ],
    "ImageType": [
      "ORIGINAL",
      "PRIMARY",
      "M",
      "ND",
      "MOSAIC"
    ],
    "ImagingFrequency": 168.217,
    "InPlanePhaseEncodingDirectionDICOM": "COL",
    "MRAcquisitionType": "2D",
    "MagneticFieldStrength": 3.95064,
    "Manufacturer": "Siemens",
    "ManufacturersModelName": "MedSpec_4T",
    "Modality": "MR",
    "PartialFourier": 1,
    "PatientPosition": "HFS",
    "PercentPhaseFOV": 100,
    "PhaseEncodingDirection": "j-",
    "PhaseEncodingSteps": 64,
    "PhaseResolution": 1,
    "PixelBandwidth": 2790,
    "ProtocolName": "mz_bold_dc_REST",
    "PulseSequenceDetails": "%CustomerSeq%_mz_ep2d_bold_dc",
    "ReceiveCoilName": "Head_4T",
    "ReconMatrixPE": 64,
    "RepetitionTime": 2.1,
    "SAR": 0.0294225,
    "ScanOptions": "FS",
    "ScanningSequence": "SE_EP",
    "SequenceName": "epfid2d1_64",
    "SequenceVariant": "SK",
    "SeriesDescription": "mz_bold_dc_REST_DiCo",
    "SeriesNumber": 10,
    "ShimSetting": [
      15,
      -4,
      -32,
      2404,
      -73,
      -2188,
      2974,
      297
    ],
    "SliceThickness": 3,
    "SoftwareVersions": "syngo_MR_2002B_4VA21A",
    "SpacingBetweenSlices": 3.6,
    "StationName": "wes4T",
    "TaskName": "rest",
    "TxRefAmp": 184.54,
    "dataset": "ds004169",
    "modality": "bold",
    "session_id": "01",
    "subject_id": "0323",
    "task_id": "rest"
  },
  "dummy_trs": 0,
  "dvars_nstd": 30.427494932080545,
  "dvars_std": 1.174668014832215,
  "dvars_vstd": 0.9667069206711402,
  "efc": 0.4662916299274464,
  "fber": 2348.90625,
  "fd_mean": 0.14549495222085124,
  "fd_num": 8,
  "fd_perc": 5.333333333333333,
  "fwhm_avg": 1.7663901163784732,
  "fwhm_x": 1.6511304347826086,
  "fwhm_y": 1.9573648695652173,
  "fwhm_z": 1.6906750447875936,
  "gcor": 0.0156785,
  "gsr_x": -0.023289306089282036,
  "gsr_y": 0.0392175018787384,
  "provenance": {
    "md5sum": "95b4e631caf864df8db450c356725102",
    "settings": {
      "fd_thres": 0.2,
      "testing": false
    },
    "software": "mriqc",
    "version": "23.0.1",
    "webapi_port": null,
    "webapi_url": "https://mriqc.nimh.nih.gov/api/v1"
  },
  "size_t": 150,
  "size_x": 64,
  "size_y": 64,
  "size_z": 36,
  "snr": 4.575444187791194,
  "spacing_tr": 2.0999999046325684,
  "spacing_x": 3.59375,
  "spacing_y": 3.59375,
  "spacing_z": 3.5999999046325684,
  "summary_bg_k": 52.91999345400645,
  "summary_bg_mad": 8.865960587982064,
  "summary_bg_mean": 30.55788230895996,
  "summary_bg_median": 17.020000457763672,
  "summary_bg_n": 95469.0,
  "summary_bg_p05": 9.65333366394043,
  "summary_bg_p95": 83.97733612060541,
  "summary_bg_stdv": 37.93606948852539,
  "summary_fg_k": 2.0936626444778614,
  "summary_fg_mad": 147.97856905483883,
  "summary_fg_mean": 845.5072021484375,
  "summary_fg_median": 821.8933715820312,
  "summary_fg_n": 22520.0,
  "summary_fg_p05": 606.465673828125,
  "summary_fg_p95": 1173.9686767578125,
  "summary_fg_stdv": 179.6273956298828,
  "tsnr": 48.89309571078047
}