{
  "aor": 0.0045901574803149615,
  "aqi": 0.01355518937007874,
  "bids_meta": {
    "AcquisitionMatrixPE": 64,
    "AcquisitionNumber": 1,
    "AcquisitionTime": "09:23:49.112510",
    "BaseResolution": 64,
    "ConversionSoftware": "dcm2niix",
    "ConversionSoftwareVersion": "v1.0.20190410  GCC6.3.0",
    "DeviceSerialNumber": "18011",
    "EchoTime": 0.03,
    "FlipAngle": 90,
    "ImageComments": "Fake_MoCo_Reference_Volume_+_DiCo_Applied",
    "ImageOrientationPatientDICOM": [
      1,
      0,
      0,
      0,
      1,
      0
    ],
    "ImageType": [
      "ORIGINAL",
      "PRIMARY",
      "M",
      "ND",
      "MOSAIC"
    ],
    "ImagingFrequency": 168.217,
    "InPlanePhaseEncodingDirectionDICOM": "COL",
    "MRAcquisitionType": "2D",
    "MagneticFieldStrength": 3.95064,
    "Manufacturer": "Siemens",
    "ManufacturersModelName": "MedSpec_4T",
    "Modality": "MR",
    "PartialFourier": 1,
    "PatientPosition": "HFS",
    "PercentPhaseFOV": 100,
    "PhaseEncodingDirection": "j-",
    "PhaseEncodingSteps": 64,
    "PhaseResolution": 1,
    "PixelBandwidth": 2790,
    "ProtocolName": "Nback_dc",
    "PulseSequenceDetails": "%CustomerSeq%_mz_ep2d_bold_dc",
    "ReceiveCoilName": "Head_4T",
    "ReconMatrixPE": 64,
    "RepetitionTime": 2.1,
    "SAR": 0.0269656,
    "ScanOptions": "FS",
    "ScanningSequence": "SE_EP",
    "SequenceName": "epfid2d1_64",
    "SequenceVariant": "SK",
    "SeriesDescription": "Nback_dc_DiCo",
    "SeriesNumber": 7,
    "ShimSetting": [
      7,
      -8,
      -20,
      1772,
      204,
      -3114,
      1343,
      306
    ],
    "SliceThickness": 3,
    "SoftwareVersions": "syngo_MR_2002B_4VA21A",
    "SpacingBetweenSlices": 3.6,
    "StationName": "wes4T",
    "TaskName": "nback",
    "TxRefAmp": 179.213,
    "dataset": "ds004169",
    "modality": "bold",
    "session_id": "01",
    "subject_id": "0866",
    "task_id": "nback"
  },
  "dummy_trs": 0,
  "dvars_nstd": 22.5216036452381,
  "dvars_std": 0.992733665793651,
  "dvars_vstd": 0.9466388048412698,
  "efc": 0.45528618799210185,
  "fber": 2231.44677734375,
  "fd_mean": 0.18191093429934607,
  "fd_num": 11,
  "fd_perc": 8.661417322834646,
  "fwhm_avg": 1.779618586122357,
  "fwhm_x": 1.664153043478261,
  "fwhm_y": 2.036738782608696,
  "fwhm_z": 1.637963932280115,
  "gcor": 0.0166096,
  "gsr_x": -0.013498327694833279,
  "gsr_y": 0.03367350623011589,
  "provenance": {
    "md5sum": "0b85806a6d16d25f76382bba9422a7b0",
    "settings": {
      "fd_thres": 0.2,
      "testing": false
    },
    "software": "mriqc",
    "version": "23.0.1",
    "webapi_port": null,
    "webapi_url": "https://mriqc.nimh.nih.gov/api/v1"
  },
  "size_t": 127,
  "size_x": 64,
  "size_y": 64,
  "size_z": 36,
  "snr": 5.5628855685480465,
  "spacing_tr": 2.0999999046325684,
  "spacing_x": 3.59375,
  "spacing_y": 3.59375,
  "spacing_z": 3.5999999046325684,
  "summary_bg_k": 53.51408568949808,
  "summary_bg_mad": 9.590219723606204,
  "summary_bg_mean": 32.57284164428711,
  "summary_bg_median": 15.89370059967041,
  "summary_bg_n": 100206.0,
  "summary_bg_p05": 8.669291496276855,
  "summary_bg_p95": 96.71063041687012,
  "summary_bg_stdv": 50.30983352661133,
  "summary_fg_k": 3.2228465478632025,
  "summary_fg_mad": 119.44281990979303,
  "summary_fg_mean": 762.9918823242188,
  "summary_fg_median": 753.4842529296875,
  "summary_fg_n": 18500.0,
  "summary_fg_p05": 564.7004119873047,
  "summary_fg_p95": 980.1905395507811,
  "summary_fg_stdv": 135.44479370117188,
  "tsnr": 43.78772530739661
}