{
  "aor": 0.0017476377952755902,
  "aqi": 0.01063858559055118,
  "bids_meta": {
    "AcquisitionMatrixPE": 64,
    "AcquisitionNumber": 1,
    "AcquisitionTime": "10:38:43.467490",
    "BaseResolution": 64,
    "ConversionSoftware": "dcm2niix",
    "ConversionSoftwareVersion": "v1.0.20190410  GCC6.3.0",
    "DeviceSerialNumber": "18011",
    "EchoTime": 0.03,
    "FlipAngle": 90,
    "ImageComments": "Fake_MoCo_Reference_Volume_+_DiCo_Applied",
    "ImageOrientationPatientDICOM": [
      1,
      0,
      0,
      0,
      1,
      0
    ],
    "ImageType": [
      "ORIGINAL",
      "PRIMARY",
      "M",
      "ND",
      "MOSAIC"
    ],
    "ImagingFrequency": 168.217,
    "InPlanePhaseEncodingDirectionDICOM": "COL",
    "MRAcquisitionType": "2D",
    "MagneticFieldStrength": 3.95064,
    "Manufacturer": "Siemens",
    "ManufacturersModelName": "MedSpec_4T",
    "Modality": "MR",
    "PartialFourier": 1,
    "PatientPosition": "HFS",
    "PercentPhaseFOV": 100,
    "PhaseEncodingDirection": "j-",
    "PhaseEncodingSteps": 64,
    "PhaseResolution": 1,
    "PixelBandwidth": 2790,
    "ProtocolName": "Nback_dc",
    "PulseSequenceDetails": "%CustomerSeq%_mz_ep2d_bold_dc",
    "ReceiveCoilName": "Head_4T",
    "ReconMatrixPE": 64,
    "RepetitionTime": 2.1,
    "SAR": 0.0431759,
    "ScanOptions": "FS",
    "ScanningSequence": "SE_EP",
    "SequenceName": "epfid2d1_64",
    "SequenceVariant": "SK",
    "SeriesDescription": "Nback_dc_DiCo",
    "SeriesNumber": 7,
    "ShimSetting": [
      -4,
      8,
      -14,
      1747,
      32,
      -3022,
      2963,
      -290
    ],
    "SliceThickness": 3,
    "SoftwareVersions": "syngo_MR_2002B_4VA21A",
    "SpacingBetweenSlices": 3.6,
    "StationName": "wes4T",
    "TaskName": "nback",
    "TxRefAmp": 202.673,
    "dataset": "ds004169",
    "modality": "bold",
    "session_id": "01",
    "subject_id": "0793",
    "task_id": "nback"
  },
  "dummy_trs": 0,
  "dvars_nstd": 34.13739307325396,
  "dvars_std": 1.1657877738095237,
  "dvars_vstd": 0.9653913534126989,
  "efc": 0.47265790723593787,
  "fber": 2371.642333984375,
  "fd_mean": 0.15813605246588658,
  "fd_num": 29,
  "fd_perc": 22.834645669291337,
  "fwhm_avg": 1.7718683208422707,
  "fwhm_x": 1.6264626086956522,
  "fwhm_y": 2.003570086956522,
  "fwhm_z": 1.6855722668746382,
  "gcor": 0.16008,
  "gsr_x": -0.02002473548054695,
  "gsr_y": 0.04343545064330101,
  "provenance": {
    "md5sum": "30e8d1c725a13547fdc21ee31935762a",
    "settings": {
      "fd_thres": 0.2,
      "testing": false
    },
    "software": "mriqc",
    "version": "23.0.1",
    "webapi_port": null,
    "webapi_url": "https://mriqc.nimh.nih.gov/api/v1"
  },
  "size_t": 127,
  "size_x": 64,
  "size_y": 64,
  "size_z": 36,
  "snr": 5.27142996585438,
  "spacing_tr": 2.0999999046325684,
  "spacing_x": 3.59375,
  "spacing_y": 3.59375,
  "spacing_z": 3.5999999046325684,
  "summary_bg_k": 50.788557833977706,
  "summary_bg_mad": 6.747590809520078,
  "summary_bg_mean": 29.064279556274414,
  "summary_bg_median": 14.637795448303223,
  "summary_bg_n": 95772.0,
  "summary_bg_p05": 9.346456527709961,
  "summary_bg_p95": 87.4251937866211,
  "summary_bg_stdv": 39.05803680419922,
  "summary_fg_k": 2.902010234033269,
  "summary_fg_mad": 117.79099978670945,
  "summary_fg_mean": 738.182861328125,
  "summary_fg_median": 726.8189086914062,
  "summary_fg_n": 21526.0,
  "summary_fg_p05": 540.1200714111328,
  "summary_fg_p95": 967.2677001953125,
  "summary_fg_stdv": 137.8756866455078,
  "tsnr": 40.424980100942776
}