{
  "aor": 0.0006345637583892618,
  "aqi": 0.011238598590604026,
  "bids_meta": {
    "AcquisitionMatrixPE": 64,
    "AcquisitionNumber": 1,
    "AcquisitionTime": "08:37:8.707500",
    "BaseResolution": 64,
    "ConversionSoftware": "dcm2niix",
    "ConversionSoftwareVersion": "v1.0.20190410  GCC6.3.0",
    "DeviceSerialNumber": "18011",
    "EchoTime": 0.03,
    "FlipAngle": 90,
    "ImageComments": "Fake_MoCo_Reference_Volume_+_DiCo_Applied",
    "ImageOrientationPatientDICOM": [
      1,
      0,
      0,
      0,
      1,
      0
    ],
    "ImageType": [
      "ORIGINAL",
      "PRIMARY",
      "M",
      "ND",
      "MOSAIC"
    ],
    "ImagingFrequency": 168.217,
    "InPlanePhaseEncodingDirectionDICOM": "COL",
    "MRAcquisitionType": "2D",
    "MagneticFieldStrength": 3.95064,
    "Manufacturer": "Siemens",
    "ManufacturersModelName": "MedSpec_4T",
    "Modality": "MR",
    "PartialFourier": 1,
    "PatientPosition": "HFS",
    "PercentPhaseFOV": 100,
    "PhaseEncodingDirection": "j-",
    "PhaseEncodingSteps": 64,
    "PhaseResolution": 1,
    "PixelBandwidth": 2790,
    "ProtocolName": "mz_bold_dc_REST",
    "PulseSequenceDetails": "%CustomerSeq%_mz_ep2d_bold_dc",
    "ReceiveCoilName": "Head_4T",
    "ReconMatrixPE": 64,
    "RepetitionTime": 2.1,
    "SAR": 0.0230822,
    "ScanOptions": "FS",
    "ScanningSequence": "SE_EP",
    "SequenceName": "epfid2d1_64",
    "SequenceVariant": "SK",
    "SeriesDescription": "mz_bold_dc_REST_DiCo",
    "SeriesNumber": 10,
    "ShimSetting": [
      10,
      -9,
      -12,
      1279,
      454,
      -3362,
      2643,
      152
    ],
    "SliceThickness": 3,
    "SoftwareVersions": "syngo_MR_2002B_4VA21A",
    "SpacingBetweenSlices": 3.6,
    "StationName": "wes4T",
    "TaskName": "rest",
    "TxRefAmp": 164.578,
    "dataset": "ds004169",
    "modality": "bold",
    "session_id": "01",
    "subject_id": "0335",
    "task_id": "rest"
  },
  "dummy_trs": 1,
  "dvars_nstd": 32.58841377966216,
  "dvars_std": 1.100796908108108,
  "dvars_vstd": 0.9862272822972973,
  "efc": 0.45969323679458995,
  "fber": 2512.2099609375,
  "fd_mean": 0.13298126154799,
  "fd_num": 13,
  "fd_perc": 8.724832214765101,
  "fwhm_avg": 1.7658474708017617,
  "fwhm_x": 1.6186184347826087,
  "fwhm_y": 1.9705850434782608,
  "fwhm_z": 1.7083389341444155,
  "gcor": 0.0236697,
  "gsr_x": -0.026725424453616142,
  "gsr_y": 0.044871967285871506,
  "provenance": {
    "md5sum": "9290a1d4c04f5aa43a744dd291b76a98",
    "settings": {
      "fd_thres": 0.2,
      "testing": false
    },
    "software": "mriqc",
    "version": "23.0.1",
    "webapi_port": null,
    "webapi_url": "https://mriqc.nimh.nih.gov/api/v1"
  },
  "size_t": 149,
  "size_x": 64,
  "size_y": 64,
  "size_z": 36,
  "snr": 5.908508706148249,
  "spacing_tr": 2.0999999046325684,
  "spacing_x": 3.59375,
  "spacing_y": 3.59375,
  "spacing_z": 3.5999999046325684,
  "summary_bg_k": 79.42118209030224,
  "summary_bg_mad": 5.990111631549186,
  "summary_bg_mean": 21.71485137939453,
  "summary_bg_median": 11.154362678527832,
  "summary_bg_n": 97677.0,
  "summary_bg_p05": 6.691275119781494,
  "summary_bg_p95": 61.77449722290035,
  "summary_bg_stdv": 32.81477737426758,
  "summary_fg_k": 3.2589421800634035,
  "summary_fg_mad": 86.767068762932,
  "summary_fg_mean": 588.2272338867188,
  "summary_fg_median": 582.08056640625,
  "summary_fg_n": 20109.0,
  "summary_fg_p05": 446.50872802734375,
  "summary_fg_p95": 748.9906005859374,
  "summary_fg_stdv": 98.51319885253906,
  "tsnr": 45.427582568721846
}