{
  "bids_meta": {
    "AcquisitionMatrixPE": 225,
    "AcquisitionNumber": 1,
    "AcquisitionTime": "11:42:51.547480",
    "BaseResolution": 256,
    "ConversionSoftware": "dcm2niix",
    "ConversionSoftwareVersion": "v1.0.20190410  GCC6.3.0",
    "DeviceSerialNumber": "18011",
    "EchoTime": 0.00335,
    "FlipAngle": 8,
    "ImageOrientationPatientDICOM": [
      0.994522,
      0.104528,
      0,
      0,
      0,
      -1
    ],
    "ImageType": [
      "ORIGINAL",
      "PRIMARY",
      "M",
      "ND"
    ],
    "ImagingFrequency": 168.217,
    "InPlanePhaseEncodingDirectionDICOM": "ROW",
    "InversionTime": 0.7,
    "MRAcquisitionType": "3D",
    "MagneticFieldStrength": 3.95064,
    "Manufacturer": "Siemens",
    "ManufacturersModelName": "MedSpec_4T",
    "Modality": "MR",
    "PartialFourier": 0.875,
    "PatientPosition": "HFS",
    "PercentPhaseFOV": 100,
    "PhaseEncodingSteps": 197,
    "PhaseResolution": 0.878906,
    "PixelBandwidth": 200,
    "ProtocolName": "t1_mpr_cor",
    "PulseSequenceDetails": "%SiemensSeq%_tfl",
    "ReceiveCoilName": "Head_4T",
    "ReconMatrixPE": 256,
    "RepetitionTime": 1.5,
    "SAR": 0.00289637,
    "ScanOptions": "IR",
    "ScanningSequence": "IR_GR",
    "SequenceName": "tfl3d1_ns",
    "SequenceVariant": "SP_MP",
    "SeriesDescription": "t1_mpr_cor",
    "SeriesNumber": 8,
    "ShimSetting": [
      -4,
      -5,
      -27,
      1859,
      -258,
      -3742,
      1119,
      252
    ],
    "SliceThickness": 0.9,
    "SoftwareVersions": "syngo_MR_2002B_4VA21A",
    "StationName": "wes4T",
    "TxRefAmp": 201.488,
    "dataset": "ds004169",
    "modality": "T1w",
    "session_id": "01",
    "subject_id": "0303"
  },
  "cjv": 0.39098159770717344,
  "cnr": 3.332398985895281,
  "efc": 0.4902992854652275,
  "fber": 1449.0711111111111,
  "fwhm_avg": 4.206320040295685,
  "fwhm_x": 4.385450666666667,
  "fwhm_y": 4.563333454220387,
  "fwhm_z": 3.6701759999999997,
  "icvs_csf": 0.1972358104041093,
  "icvs_gm": 0.43483918721605797,
  "icvs_wm": 0.3679250023798327,
  "inu_med": 0.7849380970001221,
  "inu_range": 0.5633656442165373,
  "provenance": {
    "md5sum": "0395abf87d9d59d5a6d7ee38419c5ab3",
    "settings": {
      "testing": false
    },
    "software": "mriqc",
    "version": "23.0.1",
    "warnings": {
      "large_rot_frame": true,
      "small_air_mask": false
    },
    "webapi_port": null,
    "webapi_url": "https://mriqc.nimh.nih.gov/api/v1"
  },
  "qi_1": 0.0,
  "qi_2": 0.031450635439775526,
  "rpve_csf": 26.20385337000813,
  "rpve_gm": 12.863231217471116,
  "rpve_wm": 17.512893910543372,
  "size_x": 256,
  "size_y": 256,
  "size_z": 256,
  "snr_csf": 1.2986254383003557,
  "snr_gm": 10.182937888696616,
  "snr_total": 9.645605071413963,
  "snr_wm": 17.455251887244916,
  "snrd_csf": 7.355481596995214,
  "snrd_gm": 16.367036074946558,
  "snrd_total": 15.811460747826578,
  "snrd_wm": 23.711864571537962,
  "spacing_x": 0.9375,
  "spacing_y": 0.8999999761581421,
  "spacing_z": 0.9375,
  "summary_bg_k": 12.154967312126557,
  "summary_bg_mad": 0.0,
  "summary_bg_mean": 19.454259882197633,
  "summary_bg_median": 0.0,
  "summary_bg_n": 4619686.0,
  "summary_bg_p05": 0.0,
  "summary_bg_p95": 74.21172877028584,
  "summary_bg_stdv": 27.629054062844226,
  "summary_csf_k": 14.3375639781779,
  "summary_csf_mad": 117.9893142716866,
  "summary_csf_mean": 354.79160262232125,
  "summary_csf_median": 310.20257567986846,
  "summary_csf_n": 39650.0,
  "summary_csf_p05": 122.48815331980586,
  "summary_csf_p95": 655.9201809426768,
  "summary_csf_stdv": 238.86692401551582,
  "summary_gm_k": 0.1465400212496606,
  "summary_gm_mad": 66.30654304721418,
  "summary_gm_mean": 689.6167473906551,
  "summary_gm_median": 690.2466792613268,
  "summary_gm_n": 47617.0,
  "summary_gm_p05": 576.2947126850486,
  "summary_gm_p95": 799.7467589713633,
  "summary_gm_stdv": 67.7839184394583,
  "summary_wm_k": 0.5087622668665195,
  "summary_wm_mad": 54.80129813491218,
  "summary_wm_mean": 1001.804684081074,
  "summary_wm_median": 999.9999819546938,
  "summary_wm_n": 306385.0,
  "summary_wm_p05": 911.3706746175885,
  "summary_wm_p95": 1098.7175099886954,
  "summary_wm_stdv": 57.28925348539042,
  "tpm_overlap_csf": 0.1341430845952073,
  "tpm_overlap_gm": 0.4245162159786112,
  "tpm_overlap_wm": 0.45841577094470476,
  "wm2max": 0.45187604968348005
}