{
  "aor": 0.0024602666666666663,
  "aqi": 0.009971636066666668,
  "bids_meta": {
    "AcquisitionMatrixPE": 64,
    "AcquisitionNumber": 1,
    "AcquisitionTime": "09:32:34.722490",
    "BaseResolution": 64,
    "ConversionSoftware": "dcm2niix",
    "ConversionSoftwareVersion": "v1.0.20190410  GCC6.3.0",
    "DeviceSerialNumber": "18011",
    "EchoTime": 0.03,
    "FlipAngle": 90,
    "ImageComments": "Fake_MoCo_Reference_Volume_+_DiCo_Applied",
    "ImageOrientationPatientDICOM": [
      1,
      0,
      6.93889e-18,
      0,
      0.997564,
      -0.0697565
    ],
    "ImageType": [
      "ORIGINAL",
      "PRIMARY",
      "M",
      "ND",
      "MOSAIC"
    ],
    "ImagingFrequency": 168.217,
    "InPlanePhaseEncodingDirectionDICOM": "COL",
    "MRAcquisitionType": "2D",
    "MagneticFieldStrength": 3.95064,
    "Manufacturer": "Siemens",
    "ManufacturersModelName": "MedSpec_4T",
    "Modality": "MR",
    "PartialFourier": 1,
    "PatientPosition": "HFS",
    "PercentPhaseFOV": 100,
    "PhaseEncodingDirection": "j-",
    "PhaseEncodingSteps": 64,
    "PhaseResolution": 1,
    "PixelBandwidth": 2790,
    "ProtocolName": "mz_bold_dc_REST",
    "PulseSequenceDetails": "%CustomerSeq%_mz_ep2d_bold_dc",
    "ReceiveCoilName": "Head_4T",
    "ReconMatrixPE": 64,
    "RepetitionTime": 2.1,
    "SAR": 0.0250788,
    "ScanOptions": "FS",
    "ScanningSequence": "SE_EP",
    "SequenceName": "epfid2d1_64",
    "SequenceVariant": "SK",
    "SeriesDescription": "mz_bold_dc_REST_DiCo",
    "SeriesNumber": 10,
    "ShimSetting": [
      22,
      -18,
      21,
      2983,
      538,
      -4031,
      2472,
      -193
    ],
    "SliceThickness": 3,
    "SoftwareVersions": "syngo_MR_2002B_4VA21A",
    "SpacingBetweenSlices": 3.6,
    "StationName": "wes4T",
    "TaskName": "rest",
    "TxRefAmp": 177.913,
    "dataset": "ds004169",
    "modality": "bold",
    "session_id": "01",
    "subject_id": "0951",
    "task_id": "rest"
  },
  "dummy_trs": 0,
  "dvars_nstd": 27.341207696442957,
  "dvars_std": 1.1398238199999995,
  "dvars_vstd": 0.9464138269798655,
  "efc": 0.4381211292929277,
  "fber": 2759.556396484375,
  "fd_mean": 0.1756187870350556,
  "fd_num": 13,
  "fd_perc": 8.666666666666666,
  "fwhm_avg": 1.8089052487239388,
  "fwhm_x": 1.7335067826086958,
  "fwhm_y": 2.046800695652174,
  "fwhm_z": 1.6464082679109466,
  "gcor": 0.0207745,
  "gsr_x": -0.02109857089817524,
  "gsr_y": 0.03818059340119362,
  "provenance": {
    "md5sum": "fdadcf2885ea0797e53e56f1648e1eb6",
    "settings": {
      "fd_thres": 0.2,
      "testing": false
    },
    "software": "mriqc",
    "version": "23.0.1",
    "webapi_port": null,
    "webapi_url": "https://mriqc.nimh.nih.gov/api/v1"
  },
  "size_t": 150,
  "size_x": 64,
  "size_y": 64,
  "size_z": 36,
  "snr": 5.564784658294521,
  "spacing_tr": 2.0999999046325684,
  "spacing_x": 3.59375,
  "spacing_y": 3.59375,
  "spacing_z": 3.6000001430511475,
  "summary_bg_k": 67.9225617801967,
  "summary_bg_mad": 9.182250173546723,
  "summary_bg_mean": 31.249536514282227,
  "summary_bg_median": 15.380000114440918,
  "summary_bg_n": 101558.0,
  "summary_bg_p05": 8.233333587646484,
  "summary_bg_p95": 94.39533386230461,
  "summary_bg_stdv": 46.785430908203125,
  "summary_fg_k": 2.6992893212851845,
  "summary_fg_mad": 126.83664694041167,
  "summary_fg_mean": 801.7872314453125,
  "summary_fg_median": 792.4066772460938,
  "summary_fg_n": 17176.0,
  "summary_fg_p05": 597.2950286865234,
  "summary_fg_p95": 1041.6083374023438,
  "summary_fg_stdv": 142.3925018310547,
  "tsnr": 48.19345031271223
}