{
  "bids_meta": {
    "AcquisitionMatrixPE": 225,
    "AcquisitionNumber": 1,
    "AcquisitionTime": "09:01:50.569990",
    "BaseResolution": 256,
    "ConversionSoftware": "dcm2niix",
    "ConversionSoftwareVersion": "v1.0.20190410  GCC6.3.0",
    "DeviceSerialNumber": "18011",
    "EchoTime": 0.00335,
    "FlipAngle": 8,
    "ImageOrientationPatientDICOM": [
      1,
      0,
      0,
      0,
      0,
      -1
    ],
    "ImageType": [
      "ORIGINAL",
      "PRIMARY",
      "M",
      "ND"
    ],
    "ImagingFrequency": 168.217,
    "InPlanePhaseEncodingDirectionDICOM": "ROW",
    "InversionTime": 0.7,
    "MRAcquisitionType": "3D",
    "MagneticFieldStrength": 3.95064,
    "Manufacturer": "Siemens",
    "ManufacturersModelName": "MedSpec_4T",
    "Modality": "MR",
    "PartialFourier": 0.875,
    "PatientPosition": "HFS",
    "PercentPhaseFOV": 100,
    "PhaseEncodingSteps": 197,
    "PhaseResolution": 0.878906,
    "PixelBandwidth": 200,
    "ProtocolName": "t1_mpr_cor",
    "PulseSequenceDetails": "%SiemensSeq%_tfl",
    "ReceiveCoilName": "Head_4T",
    "ReconMatrixPE": 256,
    "RepetitionTime": 1.5,
    "SAR": 0.00469078,
    "ScanOptions": "IR",
    "ScanningSequence": "IR_GR",
    "SequenceName": "tfl3d1_ns",
    "SequenceVariant": "SP_MP",
    "SeriesDescription": "t1_mpr_cor",
    "SeriesNumber": 8,
    "ShimSetting": [
      -23,
      6,
      -13,
      1519,
      226,
      -3513,
      2735,
      460
    ],
    "SliceThickness": 0.9,
    "SoftwareVersions": "syngo_MR_2002B_4VA21A",
    "StationName": "wes4T",
    "TxRefAmp": 173.733,
    "dataset": "ds004169",
    "modality": "T1w",
    "session_id": "01",
    "subject_id": "0182"
  },
  "cjv": 0.34400332719764365,
  "cnr": 3.8334358930747374,
  "efc": 0.43375973851973604,
  "fber": -1.0,
  "fwhm_avg": 4.582022710422365,
  "fwhm_x": 4.7224960000000005,
  "fwhm_y": 4.955166797933758,
  "fwhm_z": 4.068405333333334,
  "icvs_csf": 0.2046585659880748,
  "icvs_gm": 0.4413987076841667,
  "icvs_wm": 0.3539427263277585,
  "inu_med": 0.6405849158763885,
  "inu_range": 0.42171735167503355,
  "provenance": {
    "md5sum": "74e3e29808131b2254f58db2b43a733d",
    "settings": {
      "testing": false
    },
    "software": "mriqc",
    "version": "22.0.6",
    "warnings": {
      "large_rot_frame": true,
      "small_air_mask": false
    },
    "webapi_port": null,
    "webapi_url": "https://mriqc.nimh.nih.gov/api/v1"
  },
  "qi_1": 0.0,
  "qi_2": 0.03621665171353414,
  "rpve_csf": 28.371331595978095,
  "rpve_gm": 14.183765790226023,
  "rpve_wm": 20.52244092938102,
  "size_x": 256,
  "size_y": 256,
  "size_z": 256,
  "snr_csf": 1.862918488633545,
  "snr_gm": 9.873272491798618,
  "snr_total": 10.405290923266847,
  "snr_wm": 19.479681789368374,
  "snrd_csf": 10.01157848654093,
  "snrd_gm": 22.887055680360746,
  "snrd_total": 22.40906884087342,
  "snrd_wm": 34.32857235571859,
  "spacing_x": 0.9375,
  "spacing_y": 0.8999999761581421,
  "spacing_z": 0.9375,
  "summary_bg_k": 18.00120999075509,
  "summary_bg_mad": 0.0,
  "summary_bg_mean": 10.876144914305154,
  "summary_bg_median": 0.0,
  "summary_bg_n": 5621478.0,
  "summary_bg_p05": 0.0,
  "summary_bg_p95": 47.924540631473064,
  "summary_bg_stdv": 19.084848680380713,
  "summary_csf_k": 17.83663738111113,
  "summary_csf_mad": 115.56975154324209,
  "summary_csf_mean": 307.0438570838017,
  "summary_csf_median": 291.6483658477664,
  "summary_csf_n": 30356.0,
  "summary_csf_p05": 111.84345729276538,
  "summary_csf_p95": 507.64567657280713,
  "summary_csf_stdv": 156.55197142905186,
  "summary_gm_k": 0.2106330641185541,
  "summary_gm_mad": 66.27562602592538,
  "summary_gm_mean": 665.9928961813312,
  "summary_gm_median": 666.7252718657255,
  "summary_gm_n": 55953.0,
  "summary_gm_p05": 554.0615901611745,
  "summary_gm_p95": 774.5672057781367,
  "summary_gm_stdv": 67.52769302055911,
  "summary_wm_k": 0.5192532961186722,
  "summary_wm_mad": 48.382075617877376,
  "summary_wm_mean": 1001.383783463826,
  "summary_wm_median": 1000.0293203406036,
  "summary_wm_n": 278290.0,
  "summary_wm_p05": 919.5301530696452,
  "summary_wm_p95": 1088.1155634205788,
  "summary_wm_stdv": 51.33695377638028,
  "tpm_overlap_csf": 0.12529804500721592,
  "tpm_overlap_gm": 0.4456042564616724,
  "tpm_overlap_wm": 0.46822946449458547,
  "wm2max": 0.5552790383708258
}