{
  "bids_meta": {
    "AcquisitionMatrixPE": 225,
    "AcquisitionNumber": 1,
    "AcquisitionTime": "09:33:38.780000",
    "BaseResolution": 256,
    "ConversionSoftware": "dcm2niix",
    "ConversionSoftwareVersion": "v1.0.20190410  GCC6.3.0",
    "DeviceSerialNumber": "18011",
    "EchoTime": 0.00335,
    "FlipAngle": 8,
    "ImageOrientationPatientDICOM": [
      0.99863,
      -0.052336,
      0,
      0,
      -2.22045e-16,
      -1
    ],
    "ImageType": [
      "ORIGINAL",
      "PRIMARY",
      "M",
      "ND"
    ],
    "ImagingFrequency": 168.256,
    "InPlanePhaseEncodingDirectionDICOM": "ROW",
    "InversionTime": 0.7,
    "MRAcquisitionType": "3D",
    "MagneticFieldStrength": 3.95064,
    "Manufacturer": "Siemens",
    "ManufacturersModelName": "MedSpec_4T",
    "Modality": "MR",
    "PartialFourier": 0.875,
    "PatientPosition": "HFS",
    "PercentPhaseFOV": 100,
    "PhaseEncodingSteps": 197,
    "PhaseResolution": 0.878906,
    "PixelBandwidth": 200,
    "ProtocolName": "t1_mpr_cor",
    "PulseSequenceDetails": "%SiemensSeq%_tfl",
    "ReceiveCoilName": "Head_4T",
    "ReconMatrixPE": 256,
    "RepetitionTime": 1.5,
    "SAR": 0.00361132,
    "ScanOptions": "IR",
    "ScanningSequence": "IR_GR",
    "SequenceName": "tfl3d1_ns",
    "SequenceVariant": "SP_MP",
    "SeriesDescription": "t1_mpr_cor",
    "SeriesNumber": 8,
    "ShimSetting": [
      -5,
      -15,
      -17,
      1912,
      319,
      -3650,
      2407,
      70
    ],
    "SliceThickness": 0.9,
    "SoftwareVersions": "syngo_MR_2002B_4VA21A",
    "StationName": "wes4T",
    "TxRefAmp": 213.054,
    "dataset": "ds004169",
    "modality": "T1w",
    "session_id": "01",
    "subject_id": "0781"
  },
  "cjv": 0.3890382706745574,
  "cnr": 3.4153036849028093,
  "efc": 0.4748103333932513,
  "fber": -1.0,
  "fwhm_avg": 4.389738857407657,
  "fwhm_x": 4.451093333333334,
  "fwhm_y": 4.823477905556305,
  "fwhm_z": 3.8946453333333335,
  "icvs_csf": 0.22950319208070083,
  "icvs_gm": 0.4102347100041803,
  "icvs_wm": 0.3602620979151188,
  "inu_med": 0.7652255594730377,
  "inu_range": 0.49884293675422664,
  "provenance": {
    "md5sum": "bfe88069148919746e4edc61c01b606f",
    "settings": {
      "testing": false
    },
    "software": "mriqc",
    "version": "23.0.1",
    "warnings": {
      "large_rot_frame": true,
      "small_air_mask": false
    },
    "webapi_port": null,
    "webapi_url": "https://mriqc.nimh.nih.gov/api/v1"
  },
  "qi_1": 0.0,
  "qi_2": 0.02799491454263832,
  "rpve_csf": 22.86156423353655,
  "rpve_gm": 13.087106412500821,
  "rpve_wm": 17.71858208407874,
  "size_x": 256,
  "size_y": 256,
  "size_z": 256,
  "snr_csf": 1.823315569972791,
  "snr_gm": 8.916419524161439,
  "snr_total": 9.335338425165103,
  "snr_wm": 17.26628018136108,
  "snrd_csf": 6.953402515576707,
  "snrd_gm": 17.645323015677505,
  "snrd_total": 17.027724663346884,
  "snrd_wm": 26.484448458786446,
  "spacing_x": 0.9375,
  "spacing_y": 0.8999999761581421,
  "spacing_z": 0.9375,
  "summary_bg_k": 36.911625978947065,
  "summary_bg_mad": 0.0,
  "summary_bg_mean": 13.919807586500637,
  "summary_bg_median": 0.0,
  "summary_bg_n": 4826472.0,
  "summary_bg_p05": 0.0,
  "summary_bg_p95": 61.13537120819092,
  "summary_bg_stdv": 24.737395169806028,
  "summary_csf_k": 33.92317218158697,
  "summary_csf_mad": 88.57127522588388,
  "summary_csf_mean": 278.6731153414692,
  "summary_csf_median": 262.5545852780342,
  "summary_csf_n": 50371.0,
  "summary_csf_p05": 105.5616206228733,
  "summary_csf_p95": 461.94201865792274,
  "summary_csf_stdv": 143.99700379963633,
  "summary_gm_k": 0.07107102721000791,
  "summary_gm_mad": 73.95926281552232,
  "summary_gm_mean": 665.5301419885534,
  "summary_gm_median": 666.272440880537,
  "summary_gm_n": 46010.0,
  "summary_gm_p05": 540.7872394621372,
  "summary_gm_p95": 786.8449785411358,
  "summary_gm_stdv": 74.72340197968998,
  "summary_wm_k": 0.39929727903512635,
  "summary_wm_mad": 55.88532746485973,
  "summary_wm_mean": 1001.0101042455507,
  "summary_wm_median": 1000.0303255617619,
  "summary_wm_n": 331643.0,
  "summary_wm_p05": 908.0846680700779,
  "summary_wm_p95": 1097.8287244439125,
  "summary_wm_stdv": 57.91802330122995,
  "tpm_overlap_csf": 0.13902985534645107,
  "tpm_overlap_gm": 0.44229122020779843,
  "tpm_overlap_wm": 0.4979741130212226,
  "wm2max": 0.5356713557064423
}