{
  "aor": 0.011022283464566927,
  "aqi": 0.02259998244094488,
  "bids_meta": {
    "AcquisitionMatrixPE": 64,
    "AcquisitionNumber": 1,
    "AcquisitionTime": "12:39:44.477510",
    "BaseResolution": 64,
    "ConversionSoftware": "dcm2niix",
    "ConversionSoftwareVersion": "v1.0.20190410  GCC6.3.0",
    "DeviceSerialNumber": "18011",
    "EchoTime": 0.03,
    "FlipAngle": 90,
    "ImageComments": "Fake_MoCo_Reference_Volume_+_DiCo_Applied",
    "ImageOrientationPatientDICOM": [
      1,
      0,
      0,
      0,
      1,
      0
    ],
    "ImageType": [
      "ORIGINAL",
      "PRIMARY",
      "M",
      "ND",
      "MOSAIC"
    ],
    "ImagingFrequency": 168.217,
    "InPlanePhaseEncodingDirectionDICOM": "COL",
    "MRAcquisitionType": "2D",
    "MagneticFieldStrength": 3.95064,
    "Manufacturer": "Siemens",
    "ManufacturersModelName": "MedSpec_4T",
    "Modality": "MR",
    "PartialFourier": 1,
    "PatientPosition": "HFS",
    "PercentPhaseFOV": 100,
    "PhaseEncodingDirection": "j-",
    "PhaseEncodingSteps": 64,
    "PhaseResolution": 1,
    "PixelBandwidth": 2790,
    "ProtocolName": "Nback_dc",
    "PulseSequenceDetails": "%CustomerSeq%_mz_ep2d_bold_dc",
    "ReceiveCoilName": "Head_4T",
    "ReconMatrixPE": 64,
    "RepetitionTime": 2.1,
    "SAR": 0.0334688,
    "ScanOptions": "FS",
    "ScanningSequence": "SE_EP",
    "SequenceName": "epfid2d1_64",
    "SequenceVariant": "SK",
    "SeriesDescription": "Nback_dc_DiCo",
    "SeriesNumber": 7,
    "ShimSetting": [
      9,
      -5,
      -19,
      1580,
      422,
      -3801,
      1659,
      -320
    ],
    "SliceThickness": 3,
    "SoftwareVersions": "syngo_MR_2002B_4VA21A",
    "SpacingBetweenSlices": 3.6,
    "StationName": "wes4T",
    "TaskName": "nback",
    "TxRefAmp": 194.629,
    "dataset": "ds004169",
    "modality": "bold",
    "session_id": "01",
    "subject_id": "0810",
    "task_id": "nback"
  },
  "dummy_trs": 0,
  "dvars_nstd": 27.472115274444445,
  "dvars_std": 1.0560841653174602,
  "dvars_vstd": 1.005394482857143,
  "efc": 0.48451915941439555,
  "fber": 2021.0333251953125,
  "fd_mean": 0.17464693063024878,
  "fd_num": 14,
  "fd_perc": 11.023622047244094,
  "fwhm_avg": 1.719879685622267,
  "fwhm_x": 1.6340953043478261,
  "fwhm_y": 1.9259770434782608,
  "fwhm_z": 1.5995667090407135,
  "gcor": 0.188716,
  "gsr_x": -0.012211577035486698,
  "gsr_y": 0.03642946481704712,
  "provenance": {
    "md5sum": "9d30dd5d330a8b2c6a3891dd81bbb29f",
    "settings": {
      "fd_thres": 0.2,
      "testing": false
    },
    "software": "mriqc",
    "version": "23.0.1",
    "webapi_port": null,
    "webapi_url": "https://mriqc.nimh.nih.gov/api/v1"
  },
  "size_t": 127,
  "size_x": 64,
  "size_y": 64,
  "size_z": 36,
  "snr": 5.278192049616289,
  "spacing_tr": 2.0999999046325684,
  "spacing_x": 3.59375,
  "spacing_y": 3.59375,
  "spacing_z": 3.5999999046325684,
  "summary_bg_k": 46.75995956682343,
  "summary_bg_mad": 9.140768598642742,
  "summary_bg_mean": 28.48030662536621,
  "summary_bg_median": 15.362204551696777,
  "summary_bg_n": 93487.0,
  "summary_bg_p05": 7.91338586807251,
  "summary_bg_p95": 81.47559204101557,
  "summary_bg_stdv": 36.610572814941406,
  "summary_fg_k": 2.474256047799156,
  "summary_fg_mad": 110.23786360047076,
  "summary_fg_mean": 702.5370483398438,
  "summary_fg_median": 687.472412109375,
  "summary_fg_n": 23615.0,
  "summary_fg_p05": 524.9661437988282,
  "summary_fg_p95": 928.5582519531249,
  "summary_fg_stdv": 130.2449493408203,
  "tsnr": 29.439812617725693
}