{
  "aor": 0.003543492063492063,
  "aqi": 0.015570675158730158,
  "bids_meta": {
    "AcquisitionMatrixPE": 64,
    "AcquisitionNumber": 1,
    "AcquisitionTime": "08:36:22.597510",
    "BaseResolution": 64,
    "ConversionSoftware": "dcm2niix",
    "ConversionSoftwareVersion": "v1.0.20190410  GCC6.3.0",
    "DeviceSerialNumber": "18011",
    "EchoTime": 0.03,
    "FlipAngle": 90,
    "ImageComments": "Fake_MoCo_Reference_Volume_+_DiCo_Applied",
    "ImageOrientationPatientDICOM": [
      0.999391,
      -0.00304168,
      -0.0347667,
      -1.37997e-08,
      0.996195,
      -0.0871557
    ],
    "ImageType": [
      "ORIGINAL",
      "PRIMARY",
      "M",
      "ND",
      "MOSAIC"
    ],
    "ImagingFrequency": 168.216,
    "InPlanePhaseEncodingDirectionDICOM": "COL",
    "MRAcquisitionType": "2D",
    "MagneticFieldStrength": 3.95064,
    "Manufacturer": "Siemens",
    "ManufacturersModelName": "MedSpec_4T",
    "Modality": "MR",
    "PartialFourier": 1,
    "PatientPosition": "HFS",
    "PercentPhaseFOV": 100,
    "PhaseEncodingDirection": "j-",
    "PhaseEncodingSteps": 64,
    "PhaseResolution": 1,
    "PixelBandwidth": 2790,
    "ProtocolName": "Nback_dc",
    "PulseSequenceDetails": "%CustomerSeq%_mz_ep2d_bold_dc",
    "ReceiveCoilName": "Head_4T",
    "ReconMatrixPE": 64,
    "RepetitionTime": 2.1,
    "SAR": 0.0435141,
    "ScanOptions": "FS",
    "ScanningSequence": "SE_EP",
    "SequenceName": "epfid2d1_64",
    "SequenceVariant": "SK",
    "SeriesDescription": "Nback_dc_DiCo",
    "SeriesNumber": 7,
    "ShimSetting": [
      38,
      18,
      -11,
      1111,
      498,
      -3197,
      985,
      -258
    ],
    "SliceThickness": 3,
    "SoftwareVersions": "syngo_MR_2002B_4VA21A",
    "SpacingBetweenSlices": 3.6,
    "StationName": "wes4T",
    "TaskName": "nback",
    "TxRefAmp": 188.242,
    "dataset": "ds004169",
    "modality": "bold",
    "session_id": "01",
    "subject_id": "0583",
    "task_id": "nback"
  },
  "dummy_trs": 1,
  "dvars_nstd": 32.69049464424,
  "dvars_std": 1.1891287793600003,
  "dvars_vstd": 0.9985277607199999,
  "efc": 0.4877958655867944,
  "fber": 1828.5242919921875,
  "fd_mean": 0.17093577478099084,
  "fd_num": 26,
  "fd_perc": 20.634920634920636,
  "fwhm_avg": 1.8410395385836973,
  "fwhm_x": 1.7263137391304348,
  "fwhm_y": 2.0715826086956524,
  "fwhm_z": 1.7252222679250047,
  "gcor": 0.0475925,
  "gsr_x": -0.017125632613897324,
  "gsr_y": 0.04186838120222092,
  "provenance": {
    "md5sum": "497fb4e2c2565c3110e63b1568625ea4",
    "settings": {
      "fd_thres": 0.2,
      "testing": false
    },
    "software": "mriqc",
    "version": "23.0.1",
    "webapi_port": null,
    "webapi_url": "https://mriqc.nimh.nih.gov/api/v1"
  },
  "size_t": 126,
  "size_x": 64,
  "size_y": 64,
  "size_z": 36,
  "snr": 4.800085710212376,
  "spacing_tr": 2.0999999046325684,
  "spacing_x": 3.59375,
  "spacing_y": 3.59375,
  "spacing_z": 3.5999999046325684,
  "summary_bg_k": 42.83767309071502,
  "summary_bg_mad": 11.460750594949626,
  "summary_bg_mean": 34.75893020629883,
  "summary_bg_median": 17.380952835083008,
  "summary_bg_n": 94409.0,
  "summary_bg_p05": 9.087302207946777,
  "summary_bg_p95": 103.27778625488281,
  "summary_bg_stdv": 47.30806350708008,
  "summary_fg_k": 4.6426505210814994,
  "summary_fg_mad": 125.09162123352311,
  "summary_fg_mean": 773.886962890625,
  "summary_fg_median": 758.730224609375,
  "summary_fg_n": 22748.0,
  "summary_fg_p05": 556.8155212402344,
  "summary_fg_p95": 1012.7579956054685,
  "summary_fg_stdv": 158.0625,
  "tsnr": 38.31894960976206
}