{
  "aor": 0.028632599999999998,
  "aqi": 0.08672375866666668,
  "bids_meta": {
    "AcquisitionMatrixPE": 64,
    "AcquisitionNumber": 1,
    "AcquisitionTime": "10:44:51.322500",
    "BaseResolution": 64,
    "ConversionSoftware": "dcm2niix",
    "ConversionSoftwareVersion": "v1.0.20190410  GCC6.3.0",
    "DeviceSerialNumber": "18011",
    "EchoTime": 0.03,
    "FlipAngle": 90,
    "ImageComments": "Fake_MoCo_Reference_Volume_+_DiCo_Applied",
    "ImageOrientationPatientDICOM": [
      1,
      0,
      0,
      0,
      0.994522,
      -0.104528
    ],
    "ImageType": [
      "ORIGINAL",
      "PRIMARY",
      "M",
      "ND",
      "MOSAIC"
    ],
    "ImagingFrequency": 168.255,
    "InPlanePhaseEncodingDirectionDICOM": "COL",
    "MRAcquisitionType": "2D",
    "MagneticFieldStrength": 3.95064,
    "Manufacturer": "Siemens",
    "ManufacturersModelName": "MedSpec_4T",
    "Modality": "MR",
    "PartialFourier": 1,
    "PatientPosition": "HFS",
    "PercentPhaseFOV": 100,
    "PhaseEncodingDirection": "j-",
    "PhaseEncodingSteps": 64,
    "PhaseResolution": 1,
    "PixelBandwidth": 2790,
    "ProtocolName": "mz_bold_dc_REST",
    "PulseSequenceDetails": "%CustomerSeq%_mz_ep2d_bold_dc",
    "ReceiveCoilName": "Head_4T",
    "ReconMatrixPE": 64,
    "RepetitionTime": 2.1,
    "SAR": 0.00513816,
    "ScanOptions": "FS",
    "ScanningSequence": "SE_EP",
    "SequenceName": "epfid2d1_64",
    "SequenceVariant": "SK",
    "SeriesDescription": "mz_bold_dc_REST_DiCo",
    "SeriesNumber": 11,
    "ShimSetting": [
      16,
      0,
      -132,
      34,
      490,
      -2969,
      1491,
      1
    ],
    "SliceThickness": 3,
    "SoftwareVersions": "syngo_MR_2002B_4VA21A",
    "SpacingBetweenSlices": 3.6,
    "StationName": "wes4T",
    "TaskName": "rest",
    "TxRefAmp": 183.444,
    "dataset": "ds004169",
    "modality": "bold",
    "session_id": "01",
    "subject_id": "0035",
    "task_id": "rest"
  },
  "dummy_trs": 0,
  "dvars_nstd": 77.11253187986581,
  "dvars_std": 0.9621704602013422,
  "dvars_vstd": 0.9794690187248323,
  "efc": 0.4566936272346148,
  "fber": 2375.959228515625,
  "fd_mean": 1.079127625475054,
  "fd_num": 89,
  "fd_perc": 59.333333333333336,
  "fwhm_avg": 2.2494001461842537,
  "fwhm_x": 2.094750608695652,
  "fwhm_y": 2.803144347826087,
  "fwhm_z": 1.8503054820310216,
  "gcor": 0.0310937,
  "gsr_x": -0.03787139058113098,
  "gsr_y": 0.08655376732349396,
  "provenance": {
    "md5sum": "bed390d12b58eac6ab113791c3550233",
    "settings": {
      "fd_thres": 0.2,
      "testing": false
    },
    "software": "mriqc",
    "version": "22.0.6",
    "webapi_port": null,
    "webapi_url": "https://mriqc.nimh.nih.gov/api/v1"
  },
  "size_t": 150,
  "size_x": 64,
  "size_y": 64,
  "size_z": 36,
  "snr": 4.331755480009937,
  "spacing_tr": 2.0999999046325684,
  "spacing_x": 3.59375,
  "spacing_y": 3.59375,
  "spacing_z": 3.6000001430511475,
  "summary_bg_k": 36.434572599150314,
  "summary_bg_mad": 7.679879944313308,
  "summary_bg_mean": 31.118453979492188,
  "summary_bg_median": 13.946666717529297,
  "summary_bg_n": 99306.0,
  "summary_bg_p05": 6.708333611488342,
  "summary_bg_p95": 107.95000457763672,
  "summary_bg_stdv": 47.35922622680664,
  "summary_fg_k": 1.4498661779617645,
  "summary_fg_mad": 152.0606569074937,
  "summary_fg_mean": 711.0576782226562,
  "summary_fg_median": 704.393310546875,
  "summary_fg_n": 17936.0,
  "summary_fg_p05": 457.9100036621094,
  "summary_fg_p95": 979.8783569335938,
  "summary_fg_stdv": 162.6069793701172,
  "tsnr": 13.053466286335606
}