{
  "aor": 0.0028112,
  "aqi": 0.009889981199999998,
  "bids_meta": {
    "AcquisitionMatrixPE": 64,
    "AcquisitionNumber": 1,
    "AcquisitionTime": "09:16:11.052510",
    "BaseResolution": 64,
    "ConversionSoftware": "dcm2niix",
    "ConversionSoftwareVersion": "v1.0.20190410  GCC6.3.0",
    "DeviceSerialNumber": "18011",
    "EchoTime": 0.03,
    "FlipAngle": 90,
    "ImageComments": "Fake_MoCo_Reference_Volume_+_DiCo_Applied",
    "ImageOrientationPatientDICOM": [
      1,
      -1.11022e-16,
      0,
      1.11022e-16,
      0.996195,
      -0.0871557
    ],
    "ImageType": [
      "ORIGINAL",
      "PRIMARY",
      "M",
      "ND",
      "MOSAIC"
    ],
    "ImagingFrequency": 168.217,
    "InPlanePhaseEncodingDirectionDICOM": "COL",
    "MRAcquisitionType": "2D",
    "MagneticFieldStrength": 3.95064,
    "Manufacturer": "Siemens",
    "ManufacturersModelName": "MedSpec_4T",
    "Modality": "MR",
    "PartialFourier": 1,
    "PatientPosition": "HFS",
    "PercentPhaseFOV": 100,
    "PhaseEncodingDirection": "j-",
    "PhaseEncodingSteps": 64,
    "PhaseResolution": 1,
    "PixelBandwidth": 2790,
    "ProtocolName": "mz_bold_dc_REST",
    "PulseSequenceDetails": "%CustomerSeq%_mz_ep2d_bold_dc",
    "ReceiveCoilName": "Head_4T",
    "ReconMatrixPE": 64,
    "RepetitionTime": 2.1,
    "SAR": 0.0244469,
    "ScanOptions": "FS",
    "ScanningSequence": "SE_EP",
    "SequenceName": "epfid2d1_64",
    "SequenceVariant": "SK",
    "SeriesDescription": "mz_bold_dc_REST_DiCo",
    "SeriesNumber": 10,
    "ShimSetting": [
      16,
      0,
      -21,
      1768,
      295,
      -2702,
      1298,
      83
    ],
    "SliceThickness": 3,
    "SoftwareVersions": "syngo_MR_2002B_4VA21A",
    "SpacingBetweenSlices": 3.6,
    "StationName": "wes4T",
    "TaskName": "rest",
    "TxRefAmp": 166.939,
    "dataset": "ds004169",
    "modality": "bold",
    "session_id": "01",
    "subject_id": "1170",
    "task_id": "rest"
  },
  "dummy_trs": 0,
  "dvars_nstd": 22.93666377456376,
  "dvars_std": 1.0747331975838927,
  "dvars_vstd": 0.9700096816778522,
  "efc": 0.4430912659772843,
  "fber": 3341.2392578125,
  "fd_mean": 0.18066312603660797,
  "fd_num": 12,
  "fd_perc": 8.0,
  "fwhm_avg": 1.77684008364435,
  "fwhm_x": 1.6668132173913042,
  "fwhm_y": 2.0328264347826086,
  "fwhm_z": 1.6308805987591373,
  "gcor": 0.0382516,
  "gsr_x": -0.02600107155740261,
  "gsr_y": 0.04268083721399307,
  "provenance": {
    "md5sum": "4814f81412f4126ec0e9df795f999654",
    "settings": {
      "fd_thres": 0.2,
      "testing": false
    },
    "software": "mriqc",
    "version": "23.0.1",
    "webapi_port": null,
    "webapi_url": "https://mriqc.nimh.nih.gov/api/v1"
  },
  "size_t": 150,
  "size_x": 64,
  "size_y": 64,
  "size_z": 36,
  "snr": 6.149283900784468,
  "spacing_tr": 2.0999999046325684,
  "spacing_x": 3.59375,
  "spacing_y": 3.59375,
  "spacing_z": 3.5999999046325684,
  "summary_bg_k": 98.75072337291617,
  "summary_bg_mad": 7.08683962247893,
  "summary_bg_mean": 29.232622146606445,
  "summary_bg_median": 13.546667098999023,
  "summary_bg_n": 100138.0,
  "summary_bg_p05": 7.78000020980835,
  "summary_bg_p95": 88.25533447265617,
  "summary_bg_stdv": 49.456912994384766,
  "summary_fg_k": 2.595763121826585,
  "summary_fg_mad": 116.5523156761129,
  "summary_fg_mean": 786.0653076171875,
  "summary_fg_median": 783.71337890625,
  "summary_fg_n": 18063.0,
  "summary_fg_p05": 588.1946594238282,
  "summary_fg_p95": 985.2526794433592,
  "summary_fg_stdv": 127.44438171386719,
  "tsnr": 51.57755361869931
}