{
  "aor": 0.004015511811023623,
  "aqi": 0.01898110645669291,
  "bids_meta": {
    "AcquisitionMatrixPE": 64,
    "AcquisitionNumber": 1,
    "AcquisitionTime": "09:05:59.577490",
    "BaseResolution": 64,
    "ConversionSoftware": "dcm2niix",
    "ConversionSoftwareVersion": "v1.0.20190410  GCC6.3.0",
    "DeviceSerialNumber": "18011",
    "EchoTime": 0.03,
    "FlipAngle": 90,
    "ImageComments": "Fake_MoCo_Reference_Volume_+_DiCo_Applied",
    "ImageOrientationPatientDICOM": [
      1,
      -1.11022e-16,
      0,
      1.11022e-16,
      0.996195,
      -0.0871557
    ],
    "ImageType": [
      "ORIGINAL",
      "PRIMARY",
      "M",
      "ND",
      "MOSAIC"
    ],
    "ImagingFrequency": 168.217,
    "InPlanePhaseEncodingDirectionDICOM": "COL",
    "MRAcquisitionType": "2D",
    "MagneticFieldStrength": 3.95064,
    "Manufacturer": "Siemens",
    "ManufacturersModelName": "MedSpec_4T",
    "Modality": "MR",
    "PartialFourier": 1,
    "PatientPosition": "HFS",
    "PercentPhaseFOV": 100,
    "PhaseEncodingDirection": "j-",
    "PhaseEncodingSteps": 64,
    "PhaseResolution": 1,
    "PixelBandwidth": 2790,
    "ProtocolName": "Nback_dc_opt",
    "PulseSequenceDetails": "%CustomerSeq%_kt_ep2d_bold_dc",
    "ReceiveCoilName": "Head_4T",
    "ReconMatrixPE": 64,
    "RepetitionTime": 2.1,
    "SAR": 0.0377456,
    "ScanOptions": "FS",
    "ScanningSequence": "SE_EP",
    "SequenceName": "epfid2d1_64",
    "SequenceVariant": "SK",
    "SeriesDescription": "Nback_dc_opt_DiCo",
    "SeriesNumber": 7,
    "ShimSetting": [
      16,
      0,
      -21,
      1768,
      295,
      -2702,
      1298,
      83
    ],
    "SliceThickness": 3,
    "SoftwareVersions": "syngo_MR_2002B_4VA21A",
    "SpacingBetweenSlices": 3.6,
    "StationName": "wes4T",
    "TaskName": "nback",
    "TxRefAmp": 166.939,
    "dataset": "ds004169",
    "modality": "bold",
    "session_id": "01",
    "subject_id": "1170",
    "task_id": "nback"
  },
  "dummy_trs": 0,
  "dvars_nstd": 25.033656513809543,
  "dvars_std": 1.0294204928571435,
  "dvars_vstd": 0.9235560513492058,
  "efc": 0.44330772934214663,
  "fber": 3464.905029296875,
  "fd_mean": 0.21269976382349884,
  "fd_num": 38,
  "fd_perc": 29.921259842519685,
  "fwhm_avg": 1.8033987843309072,
  "fwhm_x": 1.6779241739130433,
  "fwhm_y": 2.0783499130434784,
  "fwhm_z": 1.6539222660361996,
  "gcor": 0.024203,
  "gsr_x": -0.025850070640444756,
  "gsr_y": 0.039464812725782394,
  "provenance": {
    "md5sum": "0b2858d7bb852e6d550c814ad5f1517d",
    "settings": {
      "fd_thres": 0.2,
      "testing": false
    },
    "software": "mriqc",
    "version": "23.0.1",
    "webapi_port": null,
    "webapi_url": "https://mriqc.nimh.nih.gov/api/v1"
  },
  "size_t": 127,
  "size_x": 64,
  "size_y": 64,
  "size_z": 36,
  "snr": 6.161855410749405,
  "spacing_tr": 2.0999999046325684,
  "spacing_x": 3.59375,
  "spacing_y": 3.59375,
  "spacing_z": 3.5999999046325684,
  "summary_bg_k": 63.52842200012989,
  "summary_bg_mad": 6.770940278739669,
  "summary_bg_mean": 28.479082107543945,
  "summary_bg_median": 13.204724311828613,
  "summary_bg_n": 100033.0,
  "summary_bg_p05": 8.00787353515625,
  "summary_bg_p95": 86.23622131347656,
  "summary_bg_stdv": 44.176815032958984,
  "summary_fg_k": 2.7172471841310424,
  "summary_fg_mad": 116.29672424751371,
  "summary_fg_mean": 783.6678466796875,
  "summary_fg_median": 781.3582763671875,
  "summary_fg_n": 18172.0,
  "summary_fg_p05": 588.3661193847656,
  "summary_fg_p95": 979.7358428955079,
  "summary_fg_stdv": 126.80219268798828,
  "tsnr": 38.28359717968851
}