{
  "aor": 0.007519463087248323,
  "aqi": 0.005764845637583893,
  "bids_meta": {
    "AcquisitionMatrixPE": 64,
    "AcquisitionNumber": 1,
    "AcquisitionTime": "13:28:23.279990",
    "BaseResolution": 64,
    "ConversionSoftware": "dcm2niix",
    "ConversionSoftwareVersion": "v1.0.20190410  GCC6.3.0",
    "DeviceSerialNumber": "18011",
    "EchoTime": 0.03,
    "FlipAngle": 90,
    "ImageComments": "Fake_MoCo_Reference_Volume_+_DiCo_Applied",
    "ImageOrientationPatientDICOM": [
      1,
      0,
      0,
      0,
      0.962692,
      -0.2706
    ],
    "ImageType": [
      "ORIGINAL",
      "PRIMARY",
      "M",
      "ND",
      "DICO",
      "MOSAIC"
    ],
    "ImagingFrequency": 168.255,
    "InPlanePhaseEncodingDirectionDICOM": "COL",
    "MRAcquisitionType": "2D",
    "MagneticFieldStrength": 3.95064,
    "Manufacturer": "Siemens",
    "ManufacturersModelName": "MedSpec_4T",
    "Modality": "MR",
    "PartialFourier": 1,
    "PatientPosition": "HFS",
    "PercentPhaseFOV": 100,
    "PhaseEncodingDirection": "j-",
    "PhaseEncodingSteps": 64,
    "PhaseResolution": 1,
    "PixelBandwidth": 2790,
    "ProcedureStepDescription": "Research_fMRI",
    "ProtocolName": "mz_bold_dc_REST",
    "PulseSequenceDetails": "%CustomerSeq%_mz_ep2d_bold_dc",
    "ReceiveCoilName": "Head",
    "ReconMatrixPE": 64,
    "RepetitionTime": 2.1,
    "SAR": 0.0696091,
    "ScanOptions": "FS",
    "ScanningSequence": "SE_EP",
    "SequenceName": "epfid2d1_64",
    "SequenceVariant": "SK",
    "SeriesDescription": "mz_bold_dc_REST_DiCo",
    "SeriesNumber": 10,
    "ShimSetting": [
      16,
      22,
      34,
      2152,
      716,
      -3435,
      2573,
      6
    ],
    "SliceThickness": 3,
    "SoftwareVersions": "syngo_MR_2004A_4VA25A",
    "SpacingBetweenSlices": 3.6,
    "StationName": "WES4T",
    "TaskName": "rest",
    "TxRefAmp": 172.85,
    "dataset": "ds004169",
    "modality": "bold",
    "session_id": "01",
    "subject_id": "0739",
    "task_id": "rest"
  },
  "dummy_trs": 1,
  "dvars_nstd": 23.128408689594593,
  "dvars_std": 1.200398309527027,
  "dvars_vstd": 1.032840002905405,
  "efc": 0.4295514611366008,
  "fber": 4329.228515625,
  "fd_mean": 0.15079701704165832,
  "fd_num": 14,
  "fd_perc": 9.395973154362416,
  "fwhm_avg": 1.739976114366854,
  "fwhm_x": 1.6110302608695652,
  "fwhm_y": 1.9636702608695653,
  "fwhm_z": 1.645227821361431,
  "gcor": 0.0344956,
  "gsr_x": -0.029393263161182404,
  "gsr_y": 0.0408695749938488,
  "provenance": {
    "md5sum": "78090161fa4f8149716f4b9a504a4fe0",
    "settings": {
      "fd_thres": 0.2,
      "testing": false
    },
    "software": "mriqc",
    "version": "23.0.1",
    "webapi_port": null,
    "webapi_url": "https://mriqc.nimh.nih.gov/api/v1"
  },
  "size_t": 149,
  "size_x": 64,
  "size_y": 64,
  "size_z": 36,
  "snr": 5.845908561402834,
  "spacing_tr": 2.0999999046325684,
  "spacing_x": 3.59375,
  "spacing_y": 3.59375,
  "spacing_z": 3.5999999046325684,
  "summary_bg_k": 71.60843027352551,
  "summary_bg_mad": 4.189097534073414,
  "summary_bg_mean": 21.181486129760742,
  "summary_bg_median": 9.208053588867188,
  "summary_bg_n": 101570.0,
  "summary_bg_p05": 6.147651195526123,
  "summary_bg_p95": 65.37583923339844,
  "summary_bg_stdv": 36.942474365234375,
  "summary_fg_k": 1.8020096417829832,
  "summary_fg_mad": 98.95623258945872,
  "summary_fg_mean": 627.5863647460938,
  "summary_fg_median": 625.4027099609375,
  "summary_fg_n": 17028.0,
  "summary_fg_p05": 466.4989929199219,
  "summary_fg_p95": 799.5244873046875,
  "summary_fg_stdv": 106.9781265258789,
  "tsnr": 60.60571320471354
}