{
  "bids_meta": {
    "AcquisitionMatrixPE": 225,
    "AcquisitionNumber": 1,
    "AcquisitionTime": "08:25:59.514990",
    "BaseResolution": 256,
    "ConversionSoftware": "dcm2niix",
    "ConversionSoftwareVersion": "v1.0.20190410  GCC6.3.0",
    "DeviceSerialNumber": "18011",
    "EchoTime": 0.00335,
    "FlipAngle": 8,
    "ImageOrientationPatientDICOM": [
      1,
      0,
      0,
      0,
      0,
      -1
    ],
    "ImageType": [
      "ORIGINAL",
      "PRIMARY",
      "M",
      "ND"
    ],
    "ImagingFrequency": 168.217,
    "InPlanePhaseEncodingDirectionDICOM": "ROW",
    "InversionTime": 0.7,
    "MRAcquisitionType": "3D",
    "MagneticFieldStrength": 3.95064,
    "Manufacturer": "Siemens",
    "ManufacturersModelName": "MedSpec_4T",
    "Modality": "MR",
    "PartialFourier": 0.875,
    "PatientPosition": "HFS",
    "PercentPhaseFOV": 100,
    "PhaseEncodingSteps": 197,
    "PhaseResolution": 0.878906,
    "PixelBandwidth": 200,
    "ProtocolName": "t1_mpr_cor",
    "PulseSequenceDetails": "%SiemensSeq%_tfl",
    "ReceiveCoilName": "Head_4T",
    "ReconMatrixPE": 256,
    "RepetitionTime": 1.5,
    "SAR": 0.0033135,
    "ScanOptions": "IR",
    "ScanningSequence": "IR_GR",
    "SequenceName": "tfl3d1_ns",
    "SequenceVariant": "SP_MP",
    "SeriesDescription": "t1_mpr_cor",
    "SeriesNumber": 8,
    "ShimSetting": [
      16,
      3,
      -29,
      1367,
      865,
      -3736,
      1261,
      125
    ],
    "SliceThickness": 0.9,
    "SoftwareVersions": "syngo_MR_2002B_4VA21A",
    "StationName": "wes4T",
    "TxRefAmp": 208.839,
    "dataset": "ds004169",
    "modality": "T1w",
    "session_id": "02",
    "subject_id": "0936"
  },
  "cjv": 0.38918518378959843,
  "cnr": 3.397912994261223,
  "efc": 0.47546540327000353,
  "fber": 1667.4238357153476,
  "fwhm_avg": 4.743570564229445,
  "fwhm_x": 4.805557333333334,
  "fwhm_y": 5.1765890260216665,
  "fwhm_z": 4.2485653333333335,
  "icvs_csf": 0.2111458647477067,
  "icvs_gm": 0.426102613796245,
  "icvs_wm": 0.36275152145604833,
  "inu_med": 0.7442879676818848,
  "inu_range": 0.5514742434024811,
  "provenance": {
    "md5sum": "70fe9e901b3569c35f623870390fa85d",
    "settings": {
      "testing": false
    },
    "software": "mriqc",
    "version": "23.0.1",
    "warnings": {
      "large_rot_frame": true,
      "small_air_mask": false
    },
    "webapi_port": null,
    "webapi_url": "https://mriqc.nimh.nih.gov/api/v1"
  },
  "qi_1": 0.0,
  "qi_2": 0.022500450200223475,
  "rpve_csf": 26.269254238731275,
  "rpve_gm": 13.79078902117008,
  "rpve_wm": 19.069765473929287,
  "size_x": 256,
  "size_y": 256,
  "size_z": 256,
  "snr_csf": 2.138820774694846,
  "snr_gm": 10.16736155052463,
  "snr_total": 10.231653472425236,
  "snr_wm": 18.38877809205623,
  "snrd_csf": 9.090930015834973,
  "snrd_gm": 21.481970014893026,
  "snrd_total": 20.519887004325707,
  "snrd_wm": 30.986760982249113,
  "spacing_x": 0.9375,
  "spacing_y": 0.8999999761581421,
  "spacing_z": 0.9375,
  "summary_bg_k": 32.4431135753428,
  "summary_bg_mad": 21.142462198597496,
  "summary_bg_mean": 16.92755633653224,
  "summary_bg_median": 14.260374046862125,
  "summary_bg_n": 5127144.0,
  "summary_bg_p05": 0.0,
  "summary_bg_p95": 63.336929608136415,
  "summary_bg_stdv": 23.29559951732001,
  "summary_csf_k": 26.438881459937576,
  "summary_csf_mad": 96.32712045604907,
  "summary_csf_mean": 307.27060509028803,
  "summary_csf_median": 293.3811099641025,
  "summary_csf_n": 47441.0,
  "summary_csf_p05": 125.526073012501,
  "summary_csf_p95": 501.19997564703226,
  "summary_csf_stdv": 137.16811682212492,
  "summary_gm_k": 0.07759846967411299,
  "summary_gm_mad": 67.34647714967885,
  "summary_gm_mean": 692.674671956856,
  "summary_gm_median": 693.2628670781851,
  "summary_gm_n": 44323.0,
  "summary_gm_p05": 577.8268782388419,
  "summary_gm_p95": 801.8851796351373,
  "summary_gm_stdv": 68.18436061431498,
  "summary_wm_k": 0.4621247269196238,
  "summary_wm_mad": 52.03108380093872,
  "summary_wm_mean": 1001.1285121456555,
  "summary_wm_median": 1000.000034686178,
  "summary_wm_n": 300368.0,
  "summary_wm_p05": 913.7769438028336,
  "summary_wm_p95": 1091.892493788153,
  "summary_wm_stdv": 54.380903671462384,
  "tpm_overlap_csf": 0.151124035355863,
  "tpm_overlap_gm": 0.4593167804974783,
  "tpm_overlap_wm": 0.5164890756619176,
  "wm2max": 0.5314024841046873
}