{
  "aor": 0.002108174603174603,
  "aqi": 0.006448749603174603,
  "bids_meta": {
    "AcquisitionMatrixPE": 64,
    "AcquisitionNumber": 1,
    "AcquisitionTime": "12:44:45.035000",
    "BaseResolution": 64,
    "ConversionSoftware": "dcm2niix",
    "ConversionSoftwareVersion": "v1.0.20190410  GCC6.3.0",
    "DeviceSerialNumber": "18011",
    "EchoTime": 0.03,
    "FlipAngle": 90,
    "ImageComments": "Fake_MoCo_Reference_Volume_+_DiCo_Applied",
    "ImageOrientationPatientDICOM": [
      1,
      0,
      0,
      0,
      0.995227,
      -0.0975829
    ],
    "ImageType": [
      "ORIGINAL",
      "PRIMARY",
      "M",
      "ND",
      "DICO",
      "MOSAIC"
    ],
    "ImagingFrequency": 168.255,
    "InPlanePhaseEncodingDirectionDICOM": "COL",
    "MRAcquisitionType": "2D",
    "MagneticFieldStrength": 3.95064,
    "Manufacturer": "Siemens",
    "ManufacturersModelName": "MedSpec_4T",
    "Modality": "MR",
    "PartialFourier": 1,
    "PatientPosition": "HFS",
    "PercentPhaseFOV": 100,
    "PhaseEncodingDirection": "j-",
    "PhaseEncodingSteps": 64,
    "PhaseResolution": 1,
    "PixelBandwidth": 2790,
    "ProcedureStepDescription": "Research_fMRI",
    "ProtocolName": "Nback_dc_opt",
    "PulseSequenceDetails": "%CustomerSeq%_kt_ep2d_bold_dc",
    "ReceiveCoilName": "Head",
    "ReconMatrixPE": 64,
    "RepetitionTime": 2.1,
    "SAR": 0.0788526,
    "ScanOptions": "FS",
    "ScanningSequence": "SE_EP",
    "SequenceName": "epfid2d1_64",
    "SequenceVariant": "SK",
    "SeriesDescription": "Nback_dc_opt_DiCo",
    "SeriesNumber": 6,
    "ShimSetting": [
      16,
      -4,
      48,
      2143,
      999,
      -3619,
      1533,
      112
    ],
    "SliceThickness": 3,
    "SoftwareVersions": "syngo_MR_2004A_4VA25A",
    "SpacingBetweenSlices": 3.6,
    "StationName": "WES4T",
    "TaskName": "nback",
    "TxRefAmp": 172.926,
    "dataset": "ds004169",
    "modality": "bold",
    "session_id": "01",
    "subject_id": "0745",
    "task_id": "nback"
  },
  "dummy_trs": 1,
  "dvars_nstd": 24.081342010560007,
  "dvars_std": 1.2035180121600006,
  "dvars_vstd": 1.01158265136,
  "efc": 0.4492278314227679,
  "fber": 2837.611083984375,
  "fd_mean": 0.09484896482173555,
  "fd_num": 8,
  "fd_perc": 6.349206349206349,
  "fwhm_avg": 1.6962169723860665,
  "fwhm_x": 1.6077384347826087,
  "fwhm_y": 1.8824264347826087,
  "fwhm_z": 1.5984860475929825,
  "gcor": 0.0367805,
  "gsr_x": -0.021939871832728386,
  "gsr_y": 0.0213419571518898,
  "provenance": {
    "md5sum": "5a2ea2fa5f6e610b6e982296bf4117db",
    "settings": {
      "fd_thres": 0.2,
      "testing": false
    },
    "software": "mriqc",
    "version": "23.0.1",
    "webapi_port": null,
    "webapi_url": "https://mriqc.nimh.nih.gov/api/v1"
  },
  "size_t": 126,
  "size_x": 64,
  "size_y": 64,
  "size_z": 36,
  "snr": 5.425529430325232,
  "spacing_tr": 2.0999999046325684,
  "spacing_x": 3.59375,
  "spacing_y": 3.59375,
  "spacing_z": 3.6000001430511475,
  "summary_bg_k": 52.945559258018584,
  "summary_bg_mad": 6.465793087033856,
  "summary_bg_mean": 22.20725440979004,
  "summary_bg_median": 11.178571701049805,
  "summary_bg_n": 98786.0,
  "summary_bg_p05": 6.420635223388672,
  "summary_bg_p95": 64.74603271484375,
  "summary_bg_stdv": 32.0540885925293,
  "summary_fg_k": 2.9771335266613352,
  "summary_fg_mad": 97.76939974053232,
  "summary_fg_mean": 617.8955078125,
  "summary_fg_median": 609.1111450195312,
  "summary_fg_n": 18899.0,
  "summary_fg_p05": 456.2071807861328,
  "summary_fg_p95": 797.759582519531,
  "summary_fg_stdv": 112.2646255493164,
  "tsnr": 61.40955254645087
}