{
  "aor": 0.006431181102362203,
  "aqi": 0.007138507007874015,
  "bids_meta": {
    "AcquisitionMatrixPE": 64,
    "AcquisitionNumber": 1,
    "AcquisitionTime": "10:11:24.510010",
    "BaseResolution": 64,
    "ConversionSoftware": "dcm2niix",
    "ConversionSoftwareVersion": "v1.0.20190410  GCC6.3.0",
    "DeviceSerialNumber": "18011",
    "EchoTime": 0.03,
    "FlipAngle": 90,
    "ImageComments": "Fake_MoCo_Reference_Volume_+_DiCo_Applied",
    "ImageOrientationPatientDICOM": [
      1,
      0,
      -2.77556e-17,
      0,
      0.943223,
      -0.332161
    ],
    "ImageType": [
      "ORIGINAL",
      "PRIMARY",
      "M",
      "ND",
      "DICO",
      "MOSAIC"
    ],
    "ImagingFrequency": 168.255,
    "InPlanePhaseEncodingDirectionDICOM": "COL",
    "MRAcquisitionType": "2D",
    "MagneticFieldStrength": 3.95064,
    "Manufacturer": "Siemens",
    "ManufacturersModelName": "MedSpec_4T",
    "Modality": "MR",
    "PartialFourier": 1,
    "PatientPosition": "HFS",
    "PercentPhaseFOV": 100,
    "PhaseEncodingDirection": "j-",
    "PhaseEncodingSteps": 64,
    "PhaseResolution": 1,
    "PixelBandwidth": 2790,
    "ProcedureStepDescription": "Research_fMRI",
    "ProtocolName": "Nback_dc_opt",
    "PulseSequenceDetails": "%CustomerSeq%_kt_ep2d_bold_dc",
    "ReceiveCoilName": "Head",
    "ReconMatrixPE": 64,
    "RepetitionTime": 2.1,
    "SAR": 0.0980538,
    "ScanOptions": "FS",
    "ScanningSequence": "SE_EP",
    "SequenceName": "epfid2d1_64",
    "SequenceVariant": "SK",
    "SeriesDescription": "Nback_dc_opt_DiCo",
    "SeriesNumber": 7,
    "ShimSetting": [
      16,
      1,
      48,
      2826,
      491,
      -2984,
      3945,
      123
    ],
    "SliceThickness": 3,
    "SoftwareVersions": "syngo_MR_2004A_4VA25A",
    "SpacingBetweenSlices": 3.6,
    "StationName": "WES4T",
    "TaskName": "nback",
    "TxRefAmp": 191.068,
    "dataset": "ds004169",
    "modality": "bold",
    "session_id": "01",
    "subject_id": "0953",
    "task_id": "nback"
  },
  "dummy_trs": 0,
  "dvars_nstd": 26.728427039444448,
  "dvars_std": 1.2040030178571428,
  "dvars_vstd": 1.0291935351587296,
  "efc": 0.4692325828303093,
  "fber": 2304.204833984375,
  "fd_mean": 0.1381023971822161,
  "fd_num": 9,
  "fd_perc": 7.086614173228346,
  "fwhm_avg": 1.7991879433701188,
  "fwhm_x": 1.6889961739130435,
  "fwhm_y": 1.986209391304348,
  "fwhm_z": 1.722358264892965,
  "gcor": 0.0340779,
  "gsr_x": -0.019909003749489784,
  "gsr_y": 0.03930843248963356,
  "provenance": {
    "md5sum": "1c8a3715f4cf99574bca697968b6c105",
    "settings": {
      "fd_thres": 0.2,
      "testing": false
    },
    "software": "mriqc",
    "version": "23.0.1",
    "webapi_port": null,
    "webapi_url": "https://mriqc.nimh.nih.gov/api/v1"
  },
  "size_t": 127,
  "size_x": 64,
  "size_y": 64,
  "size_z": 36,
  "snr": 4.952759753594138,
  "spacing_tr": 2.0999999046325684,
  "spacing_x": 3.59375,
  "spacing_y": 3.59375,
  "spacing_z": 3.6000001430511475,
  "summary_bg_k": 36.97165273150755,
  "summary_bg_mad": 7.693187756127211,
  "summary_bg_mean": 23.539884567260742,
  "summary_bg_median": 12.937007904052734,
  "summary_bg_n": 95536.0,
  "summary_bg_p05": 6.905511856079102,
  "summary_bg_p95": 70.85039520263672,
  "summary_bg_stdv": 28.450824737548828,
  "summary_fg_k": 3.224788176707853,
  "summary_fg_mad": 108.89534123024681,
  "summary_fg_mean": 649.6659545898438,
  "summary_fg_median": 637.535400390625,
  "summary_fg_n": 21763.0,
  "summary_fg_p05": 474.1503845214844,
  "summary_fg_p95": 856.1086547851561,
  "summary_fg_stdv": 128.72030639648438,
  "tsnr": 55.93129690550268
}