{
  "aor": 0.002629,
  "aqi": 0.0098046778,
  "bids_meta": {
    "AcquisitionMatrixPE": 64,
    "AcquisitionNumber": 1,
    "AcquisitionTime": "10:12:39.310010",
    "BaseResolution": 64,
    "ConversionSoftware": "dcm2niix",
    "ConversionSoftwareVersion": "v1.0.20190410  GCC6.3.0",
    "DeviceSerialNumber": "18011",
    "EchoTime": 0.03,
    "FlipAngle": 90,
    "ImageComments": "Fake_MoCo_Reference_Volume_+_DiCo_Applied",
    "ImageOrientationPatientDICOM": [
      0.997564,
      0.00850118,
      0.0692365,
      -4.54529e-09,
      0.992546,
      -0.121869
    ],
    "ImageType": [
      "ORIGINAL",
      "PRIMARY",
      "M",
      "ND",
      "MOSAIC"
    ],
    "ImagingFrequency": 168.217,
    "InPlanePhaseEncodingDirectionDICOM": "COL",
    "MRAcquisitionType": "2D",
    "MagneticFieldStrength": 3.95064,
    "Manufacturer": "Siemens",
    "ManufacturersModelName": "MedSpec_4T",
    "Modality": "MR",
    "PartialFourier": 1,
    "PatientPosition": "HFS",
    "PercentPhaseFOV": 100,
    "PhaseEncodingDirection": "j-",
    "PhaseEncodingSteps": 64,
    "PhaseResolution": 1,
    "PixelBandwidth": 2790,
    "ProtocolName": "mz_bold_dc_REST",
    "PulseSequenceDetails": "%CustomerSeq%_mz_ep2d_bold_dc",
    "ReceiveCoilName": "Head_4T",
    "ReconMatrixPE": 64,
    "RepetitionTime": 2.1,
    "SAR": 0.0248772,
    "ScanOptions": "FS",
    "ScanningSequence": "SE_EP",
    "SequenceName": "epfid2d1_64",
    "SequenceVariant": "SK",
    "SeriesDescription": "mz_bold_dc_REST_DiCo",
    "SeriesNumber": 10,
    "ShimSetting": [
      31,
      1,
      3,
      1770,
      954,
      -2891,
      1616,
      -337
    ],
    "SliceThickness": 3,
    "SoftwareVersions": "syngo_MR_2002B_4VA21A",
    "SpacingBetweenSlices": 3.6,
    "StationName": "wes4T",
    "TaskName": "rest",
    "TxRefAmp": 175.338,
    "dataset": "ds004169",
    "modality": "bold",
    "session_id": "01",
    "subject_id": "0950",
    "task_id": "rest"
  },
  "dummy_trs": 0,
  "dvars_nstd": 28.905078657718125,
  "dvars_std": 1.185096102751677,
  "dvars_vstd": 0.9670736981879199,
  "efc": 0.4680107294045613,
  "fber": 2004.83642578125,
  "fd_mean": 0.21359206248605633,
  "fd_num": 61,
  "fd_perc": 40.666666666666664,
  "fwhm_avg": 1.767592655668663,
  "fwhm_x": 1.652822260869565,
  "fwhm_y": 1.9776612173913044,
  "fwhm_z": 1.6722944887451197,
  "gcor": 0.0171851,
  "gsr_x": -0.01714092493057251,
  "gsr_y": 0.039491377770900726,
  "provenance": {
    "md5sum": "f674ad8324b4a4d8417c9be87c54664a",
    "settings": {
      "fd_thres": 0.2,
      "testing": false
    },
    "software": "mriqc",
    "version": "23.0.1",
    "webapi_port": null,
    "webapi_url": "https://mriqc.nimh.nih.gov/api/v1"
  },
  "size_t": 150,
  "size_x": 64,
  "size_y": 64,
  "size_z": 36,
  "snr": 5.077838097602809,
  "spacing_tr": 2.0999999046325684,
  "spacing_x": 3.59375,
  "spacing_y": 3.59375,
  "spacing_z": 3.5999999046325684,
  "summary_bg_k": 68.20502097175007,
  "summary_bg_mad": 11.99919523705916,
  "summary_bg_mean": 33.907630920410156,
  "summary_bg_median": 17.413333892822266,
  "summary_bg_n": 97294.0,
  "summary_bg_p05": 7.7866668701171875,
  "summary_bg_p95": 100.96900100708002,
  "summary_bg_stdv": 48.5720100402832,
  "summary_fg_k": 4.327175329347916,
  "summary_fg_mad": 126.07552833324306,
  "summary_fg_mean": 801.822509765625,
  "summary_fg_median": 787.719970703125,
  "summary_fg_n": 20296.0,
  "summary_fg_p05": 584.9133758544922,
  "summary_fg_p95": 1051.9000549316406,
  "summary_fg_stdv": 155.12518310546875,
  "tsnr": 48.05703677213751
}