{
  "aor": 0.0065810236220472445,
  "aqi": 0.011593722047244097,
  "bids_meta": {
    "AcquisitionMatrixPE": 64,
    "AcquisitionNumber": 1,
    "AcquisitionTime": "10:32:25.957490",
    "BaseResolution": 64,
    "ConversionSoftware": "dcm2niix",
    "ConversionSoftwareVersion": "v1.0.20190410  GCC6.3.0",
    "DeviceSerialNumber": "18011",
    "EchoTime": 0.03,
    "FlipAngle": 90,
    "ImageComments": "Fake_MoCo_Reference_Volume_+_DiCo_Applied",
    "ImageOrientationPatientDICOM": [
      0.999391,
      -2.22045e-16,
      0.0348995,
      2.22045e-16,
      1,
      0
    ],
    "ImageType": [
      "ORIGINAL",
      "PRIMARY",
      "M",
      "ND",
      "MOSAIC"
    ],
    "ImagingFrequency": 168.217,
    "InPlanePhaseEncodingDirectionDICOM": "COL",
    "MRAcquisitionType": "2D",
    "MagneticFieldStrength": 3.95064,
    "Manufacturer": "Siemens",
    "ManufacturersModelName": "MedSpec_4T",
    "Modality": "MR",
    "PartialFourier": 1,
    "PatientPosition": "HFS",
    "PercentPhaseFOV": 100,
    "PhaseEncodingDirection": "j-",
    "PhaseEncodingSteps": 64,
    "PhaseResolution": 1,
    "PixelBandwidth": 2790,
    "ProtocolName": "Nback_dc",
    "PulseSequenceDetails": "%CustomerSeq%_mz_ep2d_bold_dc",
    "ReceiveCoilName": "Head_4T",
    "ReconMatrixPE": 64,
    "RepetitionTime": 2.1,
    "SAR": 0.033607,
    "ScanOptions": "FS",
    "ScanningSequence": "SE_EP",
    "SequenceName": "epfid2d1_64",
    "SequenceVariant": "SK",
    "SeriesDescription": "Nback_dc_DiCo",
    "SeriesNumber": 7,
    "ShimSetting": [
      6,
      -23,
      21,
      2172,
      666,
      -2950,
      1616,
      -113
    ],
    "SliceThickness": 3,
    "SoftwareVersions": "syngo_MR_2002B_4VA21A",
    "SpacingBetweenSlices": 3.6,
    "StationName": "wes4T",
    "TaskName": "nback",
    "TxRefAmp": 201.712,
    "dataset": "ds004169",
    "modality": "bold",
    "session_id": "01",
    "subject_id": "0413",
    "task_id": "nback"
  },
  "dummy_trs": 0,
  "dvars_nstd": 35.770491872142856,
  "dvars_std": 1.2742215263492058,
  "dvars_vstd": 1.011741421825397,
  "efc": 0.48960503348275375,
  "fber": 1685.701904296875,
  "fd_mean": 0.1686899108045432,
  "fd_num": 14,
  "fd_perc": 11.023622047244094,
  "fwhm_avg": 1.8139905962741283,
  "fwhm_x": 1.7210601739130436,
  "fwhm_y": 2.0274643478260868,
  "fwhm_z": 1.6934472670832545,
  "gcor": 0.171692,
  "gsr_x": -0.012583636678755283,
  "gsr_y": 0.03886053338646889,
  "provenance": {
    "md5sum": "12a81b40a0e5c35486e49492050b499e",
    "settings": {
      "fd_thres": 0.2,
      "testing": false
    },
    "software": "mriqc",
    "version": "23.0.1",
    "webapi_port": null,
    "webapi_url": "https://mriqc.nimh.nih.gov/api/v1"
  },
  "size_t": 127,
  "size_x": 64,
  "size_y": 64,
  "size_z": 36,
  "snr": 4.562166617245878,
  "spacing_tr": 2.0999999046325684,
  "spacing_x": 3.59375,
  "spacing_y": 3.59375,
  "spacing_z": 3.5999999046325684,
  "summary_bg_k": 46.01818189057109,
  "summary_bg_mad": 10.424911640139081,
  "summary_bg_mean": 29.20267677307129,
  "summary_bg_median": 15.314960479736328,
  "summary_bg_n": 93686.0,
  "summary_bg_p05": 7.30708646774292,
  "summary_bg_p95": 88.41535186767578,
  "summary_bg_stdv": 38.023826599121094,
  "summary_fg_k": 4.385589104863507,
  "summary_fg_mad": 114.28877735252287,
  "summary_fg_mean": 648.6668090820312,
  "summary_fg_median": 633.9291381835938,
  "summary_fg_n": 23197.0,
  "summary_fg_p05": 461.343310546875,
  "summary_fg_p95": 859.766943359375,
  "summary_fg_stdv": 138.95053100585938,
  "tsnr": 39.03847228514496
}