{
  "bids_meta": {
    "AcquisitionMatrixPE": 225,
    "AcquisitionNumber": 1,
    "AcquisitionTime": "10:36:43.530020",
    "BaseResolution": 256,
    "ConversionSoftware": "dcm2niix",
    "ConversionSoftwareVersion": "v1.0.20190410  GCC6.3.0",
    "DeviceSerialNumber": "18011",
    "EchoTime": 0.00335,
    "FlipAngle": 8,
    "ImageOrientationPatientDICOM": [
      0.996195,
      -0.0871557,
      0,
      0,
      1.11022e-16,
      -1
    ],
    "ImageType": [
      "ORIGINAL",
      "PRIMARY",
      "M",
      "ND"
    ],
    "ImagingFrequency": 168.217,
    "InPlanePhaseEncodingDirectionDICOM": "ROW",
    "InversionTime": 0.7,
    "MRAcquisitionType": "3D",
    "MagneticFieldStrength": 3.95064,
    "Manufacturer": "Siemens",
    "ManufacturersModelName": "MedSpec_4T",
    "Modality": "MR",
    "PartialFourier": 0.875,
    "PatientPosition": "HFS",
    "PercentPhaseFOV": 100,
    "PhaseEncodingSteps": 197,
    "PhaseResolution": 0.878906,
    "PixelBandwidth": 200,
    "ProtocolName": "t1_mpr_cor",
    "PulseSequenceDetails": "%SiemensSeq%_tfl",
    "ReceiveCoilName": "Head_4T",
    "ReconMatrixPE": 256,
    "RepetitionTime": 1.5,
    "SAR": 0.00452184,
    "ScanOptions": "IR",
    "ScanningSequence": "IR_GR",
    "SequenceName": "tfl3d1_ns",
    "SequenceVariant": "SP_MP",
    "SeriesDescription": "t1_mpr_cor",
    "SeriesNumber": 8,
    "ShimSetting": [
      -10,
      -2,
      -17,
      1436,
      53,
      -4078,
      2901,
      267
    ],
    "SliceThickness": 0.9,
    "SoftwareVersions": "syngo_MR_2002B_4VA21A",
    "StationName": "wes4T",
    "TxRefAmp": 181.631,
    "dataset": "ds004169",
    "modality": "T1w",
    "session_id": "01",
    "subject_id": "0729"
  },
  "cjv": 0.3253769574690681,
  "cnr": 4.001701216114121,
  "efc": 0.439771981656797,
  "fber": 1424.3467715268066,
  "fwhm_avg": 4.375140190381008,
  "fwhm_x": 4.471146666666667,
  "fwhm_y": 4.78271123780969,
  "fwhm_z": 3.8715626666666667,
  "icvs_csf": 0.2236333495245379,
  "icvs_gm": 0.43695491592373414,
  "icvs_wm": 0.33941173455172796,
  "inu_med": 0.7037460803985596,
  "inu_range": 0.44531750679016113,
  "provenance": {
    "md5sum": "52cc824b9490e7e1ad8d0e31d6af257e",
    "settings": {
      "testing": false
    },
    "software": "mriqc",
    "version": "23.0.1",
    "warnings": {
      "large_rot_frame": true,
      "small_air_mask": false
    },
    "webapi_port": null,
    "webapi_url": "https://mriqc.nimh.nih.gov/api/v1"
  },
  "qi_1": 0.0,
  "qi_2": 0.044513716527542005,
  "rpve_csf": 27.716353701042998,
  "rpve_gm": 15.062103573190576,
  "rpve_wm": 22.587430695428065,
  "size_x": 256,
  "size_y": 256,
  "size_z": 256,
  "snr_csf": 1.6933450916809654,
  "snr_gm": 9.657410121350674,
  "snr_total": 10.445804264544122,
  "snr_wm": 19.986657580600728,
  "snrd_csf": 7.984821957121109,
  "snrd_gm": 19.943937698544776,
  "snrd_total": 19.49321725602881,
  "snrd_wm": 30.550892112420545,
  "spacing_x": 0.9375,
  "spacing_y": 0.8999999761581421,
  "spacing_z": 0.9375,
  "summary_bg_k": 8.212344436902557,
  "summary_bg_mad": 21.444100638211406,
  "summary_bg_mean": 16.211520342611795,
  "summary_bg_median": 14.463826082646847,
  "summary_bg_n": 5359819.0,
  "summary_bg_p05": 0.0,
  "summary_bg_p95": 55.74358572252095,
  "summary_bg_stdv": 21.326788101118897,
  "summary_csf_k": 22.43435580779567,
  "summary_csf_mad": 107.30627959360987,
  "summary_csf_mean": 274.3972428766244,
  "summary_csf_median": 261.3613373134285,
  "summary_csf_n": 39214.0,
  "summary_csf_p05": 92.09551981603727,
  "summary_csf_p95": 467.3840760346502,
  "summary_csf_stdv": 154.34420666869926,
  "summary_gm_k": 0.18514621302510337,
  "summary_gm_mad": 66.26227097207324,
  "summary_gm_mean": 652.2562471543573,
  "summary_gm_median": 652.8103264141828,
  "summary_gm_n": 43724.0,
  "summary_gm_p05": 539.2736308132298,
  "summary_gm_p95": 761.5204432513565,
  "summary_gm_stdv": 67.59605867854937,
  "summary_wm_k": 0.8956410800511638,
  "summary_wm_mad": 46.70525119002444,
  "summary_wm_mean": 1000.2955067228006,
  "summary_wm_median": 1000.0000077020377,
  "summary_wm_n": 248650.0,
  "summary_wm_p05": 918.6554498132318,
  "summary_wm_p95": 1080.8817231561989,
  "summary_wm_stdv": 50.03327809107876,
  "tpm_overlap_csf": 0.14534381271856975,
  "tpm_overlap_gm": 0.4721396267426245,
  "tpm_overlap_wm": 0.5114028081349183,
  "wm2max": 0.5599760257884762
}