{
  "bids_meta": {
    "AcquisitionMatrixPE": 225,
    "AcquisitionNumber": 1,
    "AcquisitionTime": "09:49:50.274990",
    "BaseResolution": 256,
    "ConversionSoftware": "dcm2niix",
    "ConversionSoftwareVersion": "v1.0.20190410  GCC6.3.0",
    "DeviceSerialNumber": "18011",
    "EchoTime": 0.00335,
    "FlipAngle": 8,
    "ImageOrientationPatientDICOM": [
      0,
      1,
      0,
      0,
      0,
      -1
    ],
    "ImageType": [
      "ORIGINAL",
      "PRIMARY",
      "M",
      "ND"
    ],
    "ImagingFrequency": 168.255,
    "InPlanePhaseEncodingDirectionDICOM": "ROW",
    "InversionTime": 0.7,
    "MRAcquisitionType": "3D",
    "MagneticFieldStrength": 3.95064,
    "Manufacturer": "Siemens",
    "ManufacturersModelName": "MedSpec_4T",
    "Modality": "MR",
    "PartialFourier": 0.875,
    "PatientPosition": "HFS",
    "PercentPhaseFOV": 100,
    "PhaseEncodingSteps": 197,
    "PhaseResolution": 0.878906,
    "PixelBandwidth": 200,
    "ProcedureStepDescription": "Research_fMRI",
    "ProtocolName": "t1_mpr_sag",
    "PulseSequenceDetails": "%SiemensSeq%_tfl",
    "ReceiveCoilName": "Head",
    "ReconMatrixPE": 256,
    "RepetitionTime": 1.5,
    "SAR": 0.0562335,
    "ScanOptions": "IR",
    "ScanningSequence": "IR_GR",
    "SequenceName": "tfl3d1_ns",
    "SequenceVariant": "SP_MP",
    "SeriesDescription": "t1_mpr_sag",
    "SeriesNumber": 2,
    "ShimSetting": [
      26,
      -9,
      36,
      1293,
      1213,
      -5595,
      3595,
      -120
    ],
    "SliceThickness": 0.9,
    "SoftwareVersions": "syngo_MR_2004A_4VA25A",
    "StationName": "WES4T",
    "TxRefAmp": 180.626,
    "dataset": "ds004169",
    "modality": "T1w",
    "session_id": "01",
    "subject_id": "0389"
  },
  "cjv": 0.3293724307548386,
  "cnr": 3.979638653556979,
  "efc": 0.4337014697667874,
  "fber": 16382.270315924032,
  "fwhm_avg": 4.768380488059151,
  "fwhm_x": 4.93920013084412,
  "fwhm_y": 5.086506666666667,
  "fwhm_z": 4.279434666666666,
  "icvs_csf": 0.17803562417465774,
  "icvs_gm": 0.45815967551503206,
  "icvs_wm": 0.3638047003103102,
  "inu_med": 0.593902051448822,
  "inu_range": 0.38753061294555663,
  "provenance": {
    "md5sum": "4ccf2d53dc686dbf45ead98ba6d6baa6",
    "settings": {
      "testing": false
    },
    "software": "mriqc",
    "version": "23.0.1",
    "warnings": {
      "large_rot_frame": true,
      "small_air_mask": false
    },
    "webapi_port": null,
    "webapi_url": "https://mriqc.nimh.nih.gov/api/v1"
  },
  "qi_1": 0.0,
  "qi_2": 0.004665173870518679,
  "rpve_csf": 35.24182417498237,
  "rpve_gm": 15.156875266900792,
  "rpve_wm": 21.477027806781336,
  "size_x": 240,
  "size_y": 256,
  "size_z": 256,
  "snr_csf": 1.7959088171162365,
  "snr_gm": 10.514235077688848,
  "snr_total": 10.613022979746326,
  "snr_wm": 19.528925044433894,
  "snrd_csf": 27.43509066117924,
  "snrd_gm": 64.43510247787502,
  "snrd_total": 62.774461958574285,
  "snrd_wm": 96.45319273666863,
  "spacing_x": 0.8999999761581421,
  "spacing_y": 0.9375,
  "spacing_z": 0.9375,
  "summary_bg_k": 7.919326969969513,
  "summary_bg_mad": 6.792488767795856,
  "summary_bg_mean": 11.964134432757815,
  "summary_bg_median": 4.581464052200317,
  "summary_bg_n": 4246909.0,
  "summary_bg_p05": 0.0,
  "summary_bg_p95": 46.73729647696018,
  "summary_bg_stdv": 17.286817614145175,
  "summary_csf_k": 16.60585613773397,
  "summary_csf_mad": 131.88749024136953,
  "summary_csf_mean": 290.933320716089,
  "summary_csf_median": 284.44846776872873,
  "summary_csf_n": 20466.0,
  "summary_csf_p05": 75.59415686130524,
  "summary_csf_p95": 500.4295005351305,
  "summary_csf_stdv": 158.3830513441179,
  "summary_gm_k": 0.06002278780661019,
  "summary_gm_mad": 63.49090195453626,
  "summary_gm_mean": 667.9582238555283,
  "summary_gm_median": 668.0665428340435,
  "summary_gm_n": 56101.0,
  "summary_gm_p05": 562.947395414114,
  "summary_gm_p95": 771.2131154537201,
  "summary_gm_stdv": 63.53867720572496,
  "summary_wm_k": 1.2176264222873145,
  "summary_wm_mad": 45.849299182622026,
  "summary_wm_mean": 1002.1972253920667,
  "summary_wm_median": 1000.0317922830582,
  "summary_wm_n": 227249.0,
  "summary_wm_p05": 921.7014832794666,
  "summary_wm_p95": 1088.4158696234226,
  "summary_wm_stdv": 51.207610746911556,
  "tpm_overlap_csf": 0.12022418680994952,
  "tpm_overlap_gm": 0.4582031325159927,
  "tpm_overlap_wm": 0.4953254043562051,
  "wm2max": 0.5917872703248191
}