{
  "aor": 0.0021420666666666665,
  "aqi": 0.012299118733333331,
  "bids_meta": {
    "AcquisitionMatrixPE": 64,
    "AcquisitionNumber": 1,
    "AcquisitionTime": "06:30:25.317520",
    "BaseResolution": 64,
    "ConversionSoftware": "dcm2niix",
    "ConversionSoftwareVersion": "v1.0.20190410  GCC6.3.0",
    "DeviceSerialNumber": "18011",
    "EchoTime": 0.03,
    "FlipAngle": 90,
    "ImageComments": "Fake_MoCo_Reference_Volume_+_DiCo_Applied",
    "ImageOrientationPatientDICOM": [
      1,
      0,
      0,
      0,
      1,
      0
    ],
    "ImageType": [
      "ORIGINAL",
      "PRIMARY",
      "M",
      "ND",
      "MOSAIC"
    ],
    "ImagingFrequency": 168.255,
    "InPlanePhaseEncodingDirectionDICOM": "COL",
    "MRAcquisitionType": "2D",
    "MagneticFieldStrength": 3.95064,
    "Manufacturer": "Siemens",
    "ManufacturersModelName": "MedSpec_4T",
    "Modality": "MR",
    "PartialFourier": 1,
    "PatientPosition": "HFS",
    "PercentPhaseFOV": 100,
    "PhaseEncodingDirection": "j-",
    "PhaseEncodingSteps": 64,
    "PhaseResolution": 1,
    "PixelBandwidth": 2790,
    "ProtocolName": "mz_bold_dc_REST",
    "PulseSequenceDetails": "%CustomerSeq%_mz_ep2d_bold_dc",
    "ReceiveCoilName": "Head_4T",
    "ReconMatrixPE": 64,
    "RepetitionTime": 2.1,
    "SAR": 0.0214523,
    "ScanOptions": "FS",
    "ScanningSequence": "SE_EP",
    "SequenceName": "epfid2d1_64",
    "SequenceVariant": "SK",
    "SeriesDescription": "mz_bold_dc_REST_DiCo",
    "SeriesNumber": 10,
    "ShimSetting": [
      3,
      -3,
      -13,
      1980,
      390,
      -3142,
      2596,
      199
    ],
    "SliceThickness": 3,
    "SoftwareVersions": "syngo_MR_2002B_4VA21A",
    "SpacingBetweenSlices": 3.6,
    "StationName": "wes4T",
    "TaskName": "rest",
    "TxRefAmp": 194.681,
    "dataset": "ds004169",
    "modality": "bold",
    "session_id": "01",
    "subject_id": "0214",
    "task_id": "rest"
  },
  "dummy_trs": 0,
  "dvars_nstd": 22.288295554026856,
  "dvars_std": 1.0232862487919459,
  "dvars_vstd": 0.9238793543624161,
  "efc": 0.45124566316452003,
  "fber": 3037.85986328125,
  "fd_mean": 0.12510405148021014,
  "fd_num": 4,
  "fd_perc": 2.6666666666666665,
  "fwhm_avg": 1.798973706948433,
  "fwhm_x": 1.6640973913043478,
  "fwhm_y": 2.0888431304347828,
  "fwhm_z": 1.6439805991061687,
  "gcor": 0.350495,
  "gsr_x": -0.022106409072875977,
  "gsr_y": 0.04501497372984886,
  "provenance": {
    "md5sum": "975f0241fe1de32e0dee7d0c226d7723",
    "settings": {
      "fd_thres": 0.2,
      "testing": false
    },
    "software": "mriqc",
    "version": "22.0.6",
    "webapi_port": null,
    "webapi_url": "https://mriqc.nimh.nih.gov/api/v1"
  },
  "size_t": 150,
  "size_x": 64,
  "size_y": 64,
  "size_z": 36,
  "snr": 5.519568292009082,
  "spacing_tr": 2.0999999046325684,
  "spacing_x": 3.59375,
  "spacing_y": 3.59375,
  "spacing_z": 3.5999999046325684,
  "summary_bg_k": 62.92267953081331,
  "summary_bg_mad": 7.017650171011929,
  "summary_bg_mean": 26.84305763244629,
  "summary_bg_median": 12.59333324432373,
  "summary_bg_n": 98968.0,
  "summary_bg_p05": 6.293333530426025,
  "summary_bg_p95": 80.69533691406242,
  "summary_bg_stdv": 44.344566345214844,
  "summary_fg_k": 6.100544710111322,
  "summary_fg_mad": 99.32937164268186,
  "summary_fg_mean": 704.2741088867188,
  "summary_fg_median": 693.6033325195312,
  "summary_fg_n": 19286.0,
  "summary_fg_p05": 534.8583679199219,
  "summary_fg_p95": 896.6050109863281,
  "summary_fg_stdv": 125.65934753417969,
  "tsnr": 34.99402953055687
}