{
  "bids_meta": {
    "AcquisitionMatrixPE": 225,
    "AcquisitionNumber": 1,
    "AcquisitionTime": "09:41:10.520010",
    "BaseResolution": 256,
    "ConversionSoftware": "dcm2niix",
    "ConversionSoftwareVersion": "v1.0.20190410  GCC6.3.0",
    "DeviceSerialNumber": "18011",
    "EchoTime": 0.00335,
    "FlipAngle": 8,
    "ImageOrientationPatientDICOM": [
      1,
      0,
      0,
      0,
      0,
      -1
    ],
    "ImageType": [
      "ORIGINAL",
      "PRIMARY",
      "M",
      "ND"
    ],
    "ImagingFrequency": 168.217,
    "InPlanePhaseEncodingDirectionDICOM": "ROW",
    "InversionTime": 0.7,
    "MRAcquisitionType": "3D",
    "MagneticFieldStrength": 3.95064,
    "Manufacturer": "Siemens",
    "ManufacturersModelName": "MedSpec_4T",
    "Modality": "MR",
    "PartialFourier": 0.875,
    "PatientPosition": "HFS",
    "PercentPhaseFOV": 100,
    "PhaseEncodingSteps": 197,
    "PhaseResolution": 0.878906,
    "PixelBandwidth": 200,
    "ProtocolName": "t1_mpr_cor",
    "PulseSequenceDetails": "%SiemensSeq%_tfl",
    "ReceiveCoilName": "Head_4T",
    "ReconMatrixPE": 256,
    "RepetitionTime": 1.5,
    "SAR": 0.00393944,
    "ScanOptions": "IR",
    "ScanningSequence": "IR_GR",
    "SequenceName": "tfl3d1_ns",
    "SequenceVariant": "SP_MP",
    "SeriesDescription": "t1_mpr_cor",
    "SeriesNumber": 8,
    "ShimSetting": [
      -2,
      24,
      -5,
      1614,
      191,
      -3208,
      2866,
      16
    ],
    "SliceThickness": 0.9,
    "SoftwareVersions": "syngo_MR_2002B_4VA21A",
    "StationName": "wes4T",
    "TxRefAmp": 201.297,
    "dataset": "ds004169",
    "modality": "T1w",
    "session_id": "01",
    "subject_id": "0720"
  },
  "cjv": 0.33969733358970644,
  "cnr": 3.905660219182186,
  "efc": 0.4352155127162841,
  "fber": -1.0,
  "fwhm_avg": 4.646312637682354,
  "fwhm_x": 4.6960853333333334,
  "fwhm_y": 5.1062445797137315,
  "fwhm_z": 4.136608,
  "icvs_csf": 0.25111529645495345,
  "icvs_gm": 0.41867025711371164,
  "icvs_wm": 0.3302144464313349,
  "inu_med": 0.6884167790412903,
  "inu_range": 0.3716052174568176,
  "provenance": {
    "md5sum": "af8f513d4ca8b3a56b06861fea824271",
    "settings": {
      "testing": false
    },
    "software": "mriqc",
    "version": "23.0.1",
    "warnings": {
      "large_rot_frame": true,
      "small_air_mask": false
    },
    "webapi_port": null,
    "webapi_url": "https://mriqc.nimh.nih.gov/api/v1"
  },
  "qi_1": 0.0,
  "qi_2": 0.04569591865786726,
  "rpve_csf": 25.476563741974932,
  "rpve_gm": 15.265505666094148,
  "rpve_wm": 22.539690409670847,
  "size_x": 256,
  "size_y": 256,
  "size_z": 256,
  "snr_csf": 2.785226079751034,
  "snr_gm": 9.29592769633129,
  "snr_total": 10.242675201538477,
  "snr_wm": 18.646871828533108,
  "snrd_csf": 9.591690842338583,
  "snrd_gm": 23.70391701407479,
  "snrd_total": 23.27168956624213,
  "snrd_wm": 36.51946084231302,
  "spacing_x": 0.9375,
  "spacing_y": 0.8999999761581421,
  "spacing_z": 0.9375,
  "summary_bg_k": 63.94221496843923,
  "summary_bg_mad": 0.0,
  "summary_bg_mean": 9.821093439976702,
  "summary_bg_median": 0.0,
  "summary_bg_n": 5072486.0,
  "summary_bg_p05": 0.0,
  "summary_bg_p95": 42.58220495656133,
  "summary_bg_stdv": 17.939377420093514,
  "summary_csf_k": 6.409268886933061,
  "summary_csf_mad": 82.20572577838195,
  "summary_csf_mean": 260.7242296172343,
  "summary_csf_median": 262.6460109949112,
  "summary_csf_n": 64309.0,
  "summary_csf_p05": 102.72217224687338,
  "summary_csf_p95": 414.4033289857208,
  "summary_csf_stdv": 94.29897660150542,
  "summary_gm_k": 0.06970509423384064,
  "summary_gm_mad": 69.57923147089033,
  "summary_gm_mean": 647.2277488078838,
  "summary_gm_median": 649.0763047970831,
  "summary_gm_n": 38066.0,
  "summary_gm_p05": 528.3538240380585,
  "summary_gm_p95": 757.808871652931,
  "summary_gm_stdv": 69.82280846776565,
  "summary_wm_k": 0.9016973021196129,
  "summary_wm_mad": 49.628607534883955,
  "summary_wm_mean": 998.9755525433736,
  "summary_wm_median": 999.9999866113067,
  "summary_wm_n": 229971.0,
  "summary_wm_p05": 908.3260311670601,
  "summary_wm_p95": 1083.826466217637,
  "summary_wm_stdv": 53.62818072742976,
  "tpm_overlap_csf": 0.14646814720830373,
  "tpm_overlap_gm": 0.4557305686289445,
  "tpm_overlap_wm": 0.48644797237221943,
  "wm2max": 0.6257405976300876
}