{
  "bids_meta": {
    "AcquisitionMatrixPE": 225,
    "AcquisitionNumber": 1,
    "AcquisitionTime": "11:20:8.504990",
    "BaseResolution": 256,
    "ConversionSoftware": "dcm2niix",
    "ConversionSoftwareVersion": "v1.0.20190410  GCC6.3.0",
    "DeviceSerialNumber": "18011",
    "EchoTime": 0.00335,
    "FlipAngle": 8,
    "ImageOrientationPatientDICOM": [
      1,
      0,
      0,
      0,
      0,
      -1
    ],
    "ImageType": [
      "ORIGINAL",
      "PRIMARY",
      "M",
      "ND"
    ],
    "ImagingFrequency": 168.217,
    "InPlanePhaseEncodingDirectionDICOM": "ROW",
    "InversionTime": 0.7,
    "MRAcquisitionType": "3D",
    "MagneticFieldStrength": 3.95064,
    "Manufacturer": "Siemens",
    "ManufacturersModelName": "MedSpec_4T",
    "Modality": "MR",
    "PartialFourier": 0.875,
    "PatientPosition": "HFS",
    "PercentPhaseFOV": 100,
    "PhaseEncodingSteps": 197,
    "PhaseResolution": 0.878906,
    "PixelBandwidth": 200,
    "ProtocolName": "t1_mpr_cor",
    "PulseSequenceDetails": "%SiemensSeq%_tfl",
    "ReceiveCoilName": "Head_4T",
    "ReconMatrixPE": 256,
    "RepetitionTime": 1.5,
    "SAR": 0.0310128,
    "ScanOptions": "IR",
    "ScanningSequence": "IR_GR",
    "SequenceName": "tfl3d1_ns",
    "SequenceVariant": "SP_MP",
    "SeriesDescription": "t1_mpr_cor",
    "SeriesNumber": 2,
    "ShimSetting": [
      11,
      -21,
      -38,
      1512,
      965,
      -2723,
      1800,
      -471
    ],
    "SliceThickness": 0.9,
    "SoftwareVersions": "syngo_MR_2002B_4VA21A",
    "StationName": "wes4T",
    "TxRefAmp": 194.658,
    "dataset": "ds004169",
    "modality": "T1w",
    "session_id": "01",
    "subject_id": "0651"
  },
  "cjv": 0.35799112191953447,
  "cnr": 3.6254791321188597,
  "efc": 0.4308929561773781,
  "fber": -1.0,
  "fwhm_avg": 4.327977226712601,
  "fwhm_x": 4.438410666666667,
  "fwhm_y": 4.702822346804469,
  "fwhm_z": 3.8426986666666663,
  "icvs_csf": 0.2536852956305261,
  "icvs_gm": 0.41510483074885657,
  "icvs_wm": 0.3312098736206173,
  "inu_med": 0.7034158408641815,
  "inu_range": 0.43054226338863355,
  "provenance": {
    "md5sum": "0ebaf592b6d71dacaa6e19fd1449fa5d",
    "settings": {
      "testing": false
    },
    "software": "mriqc",
    "version": "23.0.1",
    "warnings": {
      "large_rot_frame": true,
      "small_air_mask": false
    },
    "webapi_port": null,
    "webapi_url": "https://mriqc.nimh.nih.gov/api/v1"
  },
  "qi_1": 0.0,
  "qi_2": 0.030892449520660625,
  "rpve_csf": 26.031164131195045,
  "rpve_gm": 15.90795304562685,
  "rpve_wm": 23.09845848456408,
  "size_x": 256,
  "size_y": 256,
  "size_z": 256,
  "snr_csf": 2.085936429688061,
  "snr_gm": 9.701730520684297,
  "snr_total": 9.935719305645842,
  "snr_wm": 18.019490966565165,
  "snrd_csf": 8.950649545795025,
  "snrd_gm": 23.309710650687695,
  "snrd_total": 22.32877326006704,
  "snrd_wm": 34.72595958371841,
  "spacing_x": 0.9375,
  "spacing_y": 0.8999999761581421,
  "spacing_z": 0.9375,
  "summary_bg_k": 29.93188371742491,
  "summary_bg_mad": 0.0,
  "summary_bg_mean": 10.258573880838732,
  "summary_bg_median": 0.0,
  "summary_bg_n": 5055139.0,
  "summary_bg_p05": 0.0,
  "summary_bg_p95": 44.803216867148876,
  "summary_bg_stdv": 18.86642424825676,
  "summary_csf_k": 24.205560904276464,
  "summary_csf_mad": 103.11665730755742,
  "summary_csf_mean": 269.3618803767963,
  "summary_csf_median": 257.75815788656473,
  "summary_csf_n": 59749.0,
  "summary_csf_p05": 99.32683240622282,
  "summary_csf_p95": 450.62986142002046,
  "summary_csf_stdv": 123.56848329646947,
  "summary_gm_k": 0.21856216333271972,
  "summary_gm_mad": 66.59099797210936,
  "summary_gm_mean": 668.7181541301576,
  "summary_gm_median": 671.2661519646645,
  "summary_gm_n": 38769.0,
  "summary_gm_p05": 548.3478002529591,
  "summary_gm_p95": 777.9112155549228,
  "summary_gm_stdv": 69.18945988283375,
  "summary_wm_k": 0.7949969985262042,
  "summary_wm_mad": 51.102793219889904,
  "summary_wm_mean": 999.9096413905605,
  "summary_wm_median": 1000.027911644429,
  "summary_wm_n": 226172.0,
  "summary_wm_p05": 907.5444633606821,
  "summary_wm_p95": 1089.2712270375341,
  "summary_wm_stdv": 55.49688960298126,
  "tpm_overlap_csf": 0.14089123158616176,
  "tpm_overlap_gm": 0.46206375830895313,
  "tpm_overlap_wm": 0.4952549163799542,
  "wm2max": 0.6038313234083675
}