{
  "aor": 0.0024602666666666668,
  "aqi": 0.0098643562,
  "bids_meta": {
    "AcquisitionMatrixPE": 64,
    "AcquisitionNumber": 1,
    "AcquisitionTime": "08:41:17.580020",
    "BaseResolution": 64,
    "ConversionSoftware": "dcm2niix",
    "ConversionSoftwareVersion": "v1.0.20190410  GCC6.3.0",
    "DeviceSerialNumber": "18011",
    "EchoTime": 0.03,
    "FlipAngle": 90,
    "ImageComments": "Fake_MoCo_Reference_Volume_+_DiCo_Applied",
    "ImageOrientationPatientDICOM": [
      0.999963,
      -0.00154948,
      -0.00844215,
      -4.5696e-09,
      0.98357,
      -0.180526
    ],
    "ImageType": [
      "ORIGINAL",
      "PRIMARY",
      "M",
      "ND",
      "DICO",
      "MOSAIC"
    ],
    "ImagingFrequency": 168.255,
    "InPlanePhaseEncodingDirectionDICOM": "COL",
    "MRAcquisitionType": "2D",
    "MagneticFieldStrength": 3.95064,
    "Manufacturer": "Siemens",
    "ManufacturersModelName": "MedSpec_4T",
    "Modality": "MR",
    "PartialFourier": 1,
    "PatientPosition": "HFS",
    "PercentPhaseFOV": 100,
    "PhaseEncodingDirection": "j-",
    "PhaseEncodingSteps": 64,
    "PhaseResolution": 1,
    "PixelBandwidth": 2790,
    "ProcedureStepDescription": "Research_fMRI",
    "ProtocolName": "mz_bold_dc_REST",
    "PulseSequenceDetails": "%CustomerSeq%_mz_ep2d_bold_dc",
    "ReceiveCoilName": "Head",
    "ReconMatrixPE": 64,
    "RepetitionTime": 2.1,
    "SAR": 0.0740709,
    "ScanOptions": "FS",
    "ScanningSequence": "SE_EP",
    "SequenceName": "epfid2d1_64",
    "SequenceVariant": "SK",
    "SeriesDescription": "mz_bold_dc_REST_DiCo",
    "SeriesNumber": 10,
    "ShimSetting": [
      19,
      0,
      25,
      2250,
      432,
      -4476,
      1950,
      -494
    ],
    "SliceThickness": 3,
    "SoftwareVersions": "syngo_MR_2004A_4VA25A",
    "SpacingBetweenSlices": 3.6,
    "StationName": "WES4T",
    "TaskName": "rest",
    "TxRefAmp": 182.804,
    "dataset": "ds004169",
    "modality": "bold",
    "session_id": "01",
    "subject_id": "0508",
    "task_id": "rest"
  },
  "dummy_trs": 0,
  "dvars_nstd": 30.735178032416098,
  "dvars_std": 1.1578289129530204,
  "dvars_vstd": 0.9741755957718118,
  "efc": 0.43985499977704756,
  "fber": 3232.645263671875,
  "fd_mean": 0.2941366135052973,
  "fd_num": 84,
  "fd_perc": 56.0,
  "fwhm_avg": 1.7532466228665466,
  "fwhm_x": 1.579962434782609,
  "fwhm_y": 2.0749773913043477,
  "fwhm_z": 1.604800042512683,
  "gcor": 0.0698807,
  "gsr_x": -0.02770908549427986,
  "gsr_y": 0.036832310259342194,
  "provenance": {
    "md5sum": "52157c252c9fca1bb951c4a7e53379ee",
    "settings": {
      "fd_thres": 0.2,
      "testing": false
    },
    "software": "mriqc",
    "version": "23.0.1",
    "webapi_port": null,
    "webapi_url": "https://mriqc.nimh.nih.gov/api/v1"
  },
  "size_t": 150,
  "size_x": 64,
  "size_y": 64,
  "size_z": 36,
  "snr": 5.099286829460557,
  "spacing_tr": 2.0999999046325684,
  "spacing_x": 3.59375,
  "spacing_y": 3.59375,
  "spacing_z": 3.5999999046325684,
  "summary_bg_k": 47.632334870787226,
  "summary_bg_mad": 7.1757935498746015,
  "summary_bg_mean": 23.86089515686035,
  "summary_bg_median": 11.24000072479248,
  "summary_bg_n": 100255.0,
  "summary_bg_p05": 4.840000152587891,
  "summary_bg_p95": 76.93933563232399,
  "summary_bg_stdv": 37.27694320678711,
  "summary_fg_k": 4.276177036417511,
  "summary_fg_mad": 107.28107481325942,
  "summary_fg_mean": 645.804931640625,
  "summary_fg_median": 639.8333740234375,
  "summary_fg_n": 18056.0,
  "summary_fg_p05": 470.4166793823242,
  "summary_fg_p95": 829.7666931152344,
  "summary_fg_stdv": 125.47159576416016,
  "tsnr": 47.86780487699434
}