{
  "aor": 0.0028328,
  "aqi": 0.010270826333333332,
  "bids_meta": {
    "AcquisitionMatrixPE": 64,
    "AcquisitionNumber": 1,
    "AcquisitionTime": "10:00:32.022510",
    "BaseResolution": 64,
    "ConversionSoftware": "dcm2niix",
    "ConversionSoftwareVersion": "v1.0.20190410  GCC6.3.0",
    "DeviceSerialNumber": "18011",
    "EchoTime": 0.03,
    "FlipAngle": 90,
    "ImageComments": "Fake_MoCo_Reference_Volume_+_DiCo_Applied",
    "ImageOrientationPatientDICOM": [
      1,
      0,
      2.77556e-17,
      0,
      0.963163,
      -0.26892
    ],
    "ImageType": [
      "ORIGINAL",
      "PRIMARY",
      "M",
      "ND",
      "DICO",
      "MOSAIC"
    ],
    "ImagingFrequency": 168.255,
    "InPlanePhaseEncodingDirectionDICOM": "COL",
    "MRAcquisitionType": "2D",
    "MagneticFieldStrength": 3.95064,
    "Manufacturer": "Siemens",
    "ManufacturersModelName": "MedSpec_4T",
    "Modality": "MR",
    "PartialFourier": 1,
    "PatientPosition": "HFS",
    "PercentPhaseFOV": 100,
    "PhaseEncodingDirection": "j-",
    "PhaseEncodingSteps": 64,
    "PhaseResolution": 1,
    "PixelBandwidth": 2790,
    "ProcedureStepDescription": "Research_fMRI",
    "ProtocolName": "mz_bold_dc_REST",
    "PulseSequenceDetails": "%CustomerSeq%_mz_ep2d_bold_dc",
    "ReceiveCoilName": "Head",
    "ReconMatrixPE": 64,
    "RepetitionTime": 2.1,
    "SAR": 0.0664905,
    "ScanOptions": "FS",
    "ScanningSequence": "SE_EP",
    "SequenceName": "epfid2d1_64",
    "SequenceVariant": "SK",
    "SeriesDescription": "mz_bold_dc_REST_DiCo",
    "SeriesNumber": 9,
    "ShimSetting": [
      3,
      9,
      47,
      1246,
      136,
      -3971,
      2926,
      101
    ],
    "SliceThickness": 3,
    "SoftwareVersions": "syngo_MR_2004A_4VA25A",
    "SpacingBetweenSlices": 3.6,
    "StationName": "WES4T",
    "TaskName": "rest",
    "TxRefAmp": 189.094,
    "dataset": "ds004169",
    "modality": "bold",
    "session_id": "01",
    "subject_id": "1051",
    "task_id": "rest"
  },
  "dummy_trs": 0,
  "dvars_nstd": 34.1525045689933,
  "dvars_std": 1.233634500402684,
  "dvars_vstd": 0.9766122816778526,
  "efc": 0.4549427420462233,
  "fber": 2688.832275390625,
  "fd_mean": 0.21251011213537677,
  "fd_num": 50,
  "fd_perc": 33.333333333333336,
  "fwhm_avg": 1.869494931607776,
  "fwhm_x": 1.8084062608695652,
  "fwhm_y": 2.0917398260869566,
  "fwhm_z": 1.7083387078668055,
  "gcor": 0.0165862,
  "gsr_x": -0.019623860716819763,
  "gsr_y": 0.037876155227422714,
  "provenance": {
    "md5sum": "94fb428c503dfd5f58489a1b488c6e4b",
    "settings": {
      "fd_thres": 0.2,
      "testing": false
    },
    "software": "mriqc",
    "version": "23.0.1",
    "webapi_port": null,
    "webapi_url": "https://mriqc.nimh.nih.gov/api/v1"
  },
  "size_t": 150,
  "size_x": 64,
  "size_y": 64,
  "size_z": 36,
  "snr": 4.223600567616279,
  "spacing_tr": 2.0999999046325684,
  "spacing_x": 3.59375,
  "spacing_y": 3.59375,
  "spacing_z": 3.6000003814697266,
  "summary_bg_k": 72.03954028889501,
  "summary_bg_mad": 7.225214283653961,
  "summary_bg_mean": 23.901962280273438,
  "summary_bg_median": 12.066666603088379,
  "summary_bg_n": 97074.0,
  "summary_bg_p05": 6.146667003631592,
  "summary_bg_p95": 70.16000366210938,
  "summary_bg_stdv": 35.7955207824707,
  "summary_fg_k": 4.868697258149559,
  "summary_fg_mad": 116.23605012718242,
  "summary_fg_mean": 641.5492553710938,
  "summary_fg_median": 621.2866821289062,
  "summary_fg_n": 20545.0,
  "summary_fg_p05": 454.20667724609376,
  "summary_fg_p95": 872.4813354492187,
  "summary_fg_stdv": 147.09524536132812,
  "tsnr": 45.618993550306186
}