{
  "aor": 0.0028570634920634928,
  "aqi": 0.007778248888888889,
  "bids_meta": {
    "AcquisitionMatrixPE": 64,
    "AcquisitionNumber": 1,
    "AcquisitionTime": "09:06:11.627520",
    "BaseResolution": 64,
    "ConversionSoftware": "dcm2niix",
    "ConversionSoftwareVersion": "v1.0.20190410  GCC6.3.0",
    "DeviceSerialNumber": "18011",
    "EchoTime": 0.03,
    "FlipAngle": 90,
    "ImageComments": "Fake_MoCo_Reference_Volume_+_DiCo_Applied",
    "ImageOrientationPatientDICOM": [
      1,
      2.22045e-16,
      0,
      -2.22045e-16,
      0.992332,
      -0.123601
    ],
    "ImageType": [
      "ORIGINAL",
      "PRIMARY",
      "M",
      "ND",
      "DICO",
      "MOSAIC"
    ],
    "ImagingFrequency": 168.255,
    "InPlanePhaseEncodingDirectionDICOM": "COL",
    "MRAcquisitionType": "2D",
    "MagneticFieldStrength": 3.95064,
    "Manufacturer": "Siemens",
    "ManufacturersModelName": "MedSpec_4T",
    "Modality": "MR",
    "PartialFourier": 1,
    "PatientPosition": "HFS",
    "PercentPhaseFOV": 100,
    "PhaseEncodingDirection": "j-",
    "PhaseEncodingSteps": 64,
    "PhaseResolution": 1,
    "PixelBandwidth": 2790,
    "ProcedureStepDescription": "Research_fMRI",
    "ProtocolName": "Nback_dc_opt",
    "PulseSequenceDetails": "%CustomerSeq%_kt_ep2d_bold_dc",
    "ReceiveCoilName": "Head",
    "ReconMatrixPE": 64,
    "RepetitionTime": 2.1,
    "SAR": 0.0698983,
    "ScanOptions": "FS",
    "ScanningSequence": "SE_EP",
    "SequenceName": "epfid2d1_64",
    "SequenceVariant": "SK",
    "SeriesDescription": "Nback_dc_opt_DiCo",
    "SeriesNumber": 7,
    "ShimSetting": [
      -5,
      18,
      75,
      2447,
      1156,
      -3695,
      2030,
      -574
    ],
    "SliceThickness": 3,
    "SoftwareVersions": "syngo_MR_2004A_4VA25A",
    "SpacingBetweenSlices": 3.6,
    "StationName": "WES4T",
    "TaskName": "nback",
    "TxRefAmp": 173.994,
    "dataset": "ds004169",
    "modality": "bold",
    "session_id": "01",
    "subject_id": "0110",
    "task_id": "nback"
  },
  "dummy_trs": 1,
  "dvars_nstd": 24.049617035199994,
  "dvars_std": 1.1707166971200003,
  "dvars_vstd": 1.0155554150400004,
  "efc": 0.4329714166951987,
  "fber": 2925.2666015625,
  "fd_mean": 0.14999044490127272,
  "fd_num": 24,
  "fd_perc": 19.047619047619047,
  "fwhm_avg": 1.723065097941512,
  "fwhm_x": 1.6121099130434782,
  "fwhm_y": 1.9483547826086955,
  "fwhm_z": 1.6087305981723625,
  "gcor": 0.0223451,
  "gsr_x": -0.025898607447743416,
  "gsr_y": 0.03415409103035927,
  "provenance": {
    "md5sum": "2f28af883cc693b74385fc618e492921",
    "settings": {
      "fd_thres": 0.2,
      "testing": false
    },
    "software": "mriqc",
    "version": "22.0.6",
    "webapi_port": null,
    "webapi_url": "https://mriqc.nimh.nih.gov/api/v1"
  },
  "size_t": 126,
  "size_x": 64,
  "size_y": 64,
  "size_z": 36,
  "snr": 4.9479120412592135,
  "spacing_tr": 2.0999999046325684,
  "spacing_x": 3.59375,
  "spacing_y": 3.59375,
  "spacing_z": 3.5999999046325684,
  "summary_bg_k": 52.35055982033171,
  "summary_bg_mad": 6.201043700814754,
  "summary_bg_mean": 21.8109073638916,
  "summary_bg_median": 11.015873908996582,
  "summary_bg_n": 101219.0,
  "summary_bg_p05": 6.333333492279053,
  "summary_bg_p95": 63.79444885253899,
  "summary_bg_stdv": 31.227222442626953,
  "summary_fg_k": 4.122249495073742,
  "summary_fg_mad": 101.79361868945583,
  "summary_fg_mean": 624.9330444335938,
  "summary_fg_median": 609.1270141601562,
  "summary_fg_n": 17114.0,
  "summary_fg_p05": 460.96788482666017,
  "summary_fg_p95": 818.741729736328,
  "summary_fg_stdv": 123.10429382324219,
  "tsnr": 58.66404993226752
}