{
  "aor": 0.001567,
  "aqi": 0.008638279133333333,
  "bids_meta": {
    "AcquisitionMatrixPE": 64,
    "AcquisitionNumber": 1,
    "AcquisitionTime": "08:40:13.577510",
    "BaseResolution": 64,
    "ConversionSoftware": "dcm2niix",
    "ConversionSoftwareVersion": "v1.0.20190410  GCC6.3.0",
    "DeviceSerialNumber": "18011",
    "EchoTime": 0.03,
    "FlipAngle": 90,
    "ImageComments": "Fake_MoCo_Reference_Volume_+_DiCo_Applied",
    "ImageOrientationPatientDICOM": [
      0.999848,
      -1.11022e-16,
      0.0174524,
      1.11022e-16,
      1,
      1.73472e-18
    ],
    "ImageType": [
      "ORIGINAL",
      "PRIMARY",
      "M",
      "ND",
      "MOSAIC"
    ],
    "ImagingFrequency": 168.217,
    "InPlanePhaseEncodingDirectionDICOM": "COL",
    "MRAcquisitionType": "2D",
    "MagneticFieldStrength": 3.95064,
    "Manufacturer": "Siemens",
    "ManufacturersModelName": "MedSpec_4T",
    "Modality": "MR",
    "PartialFourier": 1,
    "PatientPosition": "HFS",
    "PercentPhaseFOV": 100,
    "PhaseEncodingDirection": "j-",
    "PhaseEncodingSteps": 64,
    "PhaseResolution": 1,
    "PixelBandwidth": 2790,
    "ProtocolName": "mz_bold_dc_REST",
    "PulseSequenceDetails": "%CustomerSeq%_mz_ep2d_bold_dc",
    "ReceiveCoilName": "Head_4T",
    "ReconMatrixPE": 64,
    "RepetitionTime": 2.1,
    "SAR": 0.0775037,
    "ScanOptions": "FS",
    "ScanningSequence": "SE_EP",
    "SequenceName": "epfid2d1_64",
    "SequenceVariant": "SK",
    "SeriesDescription": "mz_bold_dc_REST_DiCo",
    "SeriesNumber": 10,
    "ShimSetting": [
      2,
      -28,
      -35,
      2000,
      716,
      -3466,
      2467,
      103
    ],
    "SliceThickness": 3,
    "SoftwareVersions": "syngo_MR_2002B_4VA21A",
    "SpacingBetweenSlices": 3.6,
    "StationName": "wes4T",
    "TaskName": "rest",
    "TxRefAmp": 171.004,
    "dataset": "ds004169",
    "modality": "bold",
    "session_id": "01",
    "subject_id": "0275",
    "task_id": "rest"
  },
  "dummy_trs": 0,
  "dvars_nstd": 24.609254287114094,
  "dvars_std": 1.1423726184563752,
  "dvars_vstd": 0.9701018166442956,
  "efc": 0.46692809205206876,
  "fber": 2852.51611328125,
  "fd_mean": 0.09376382029545767,
  "fd_num": 1,
  "fd_perc": 0.6666666666666666,
  "fwhm_avg": 1.8030980776919823,
  "fwhm_x": 1.710063304347826,
  "fwhm_y": 2.012989217391304,
  "fwhm_z": 1.686241711336817,
  "gcor": 0.0280501,
  "gsr_x": -0.020932547748088837,
  "gsr_y": 0.03587546944618225,
  "provenance": {
    "md5sum": "bbebb13efb66dcbeff25dfbc83f5f86e",
    "settings": {
      "fd_thres": 0.2,
      "testing": false
    },
    "software": "mriqc",
    "version": "23.0.1",
    "webapi_port": null,
    "webapi_url": "https://mriqc.nimh.nih.gov/api/v1"
  },
  "size_t": 150,
  "size_x": 64,
  "size_y": 64,
  "size_z": 36,
  "snr": 5.934895985597467,
  "spacing_tr": 2.0999999046325684,
  "spacing_x": 3.59375,
  "spacing_y": 3.59375,
  "spacing_z": 3.5999999046325684,
  "summary_bg_k": 63.863463350213536,
  "summary_bg_mad": 7.956632094502685,
  "summary_bg_mean": 27.40570640563965,
  "summary_bg_median": 13.65333366394043,
  "summary_bg_n": 96218.0,
  "summary_bg_p05": 7.886666774749756,
  "summary_bg_p95": 82.81433181762691,
  "summary_bg_stdv": 37.55585479736328,
  "summary_fg_k": 2.002005464790253,
  "summary_fg_mad": 111.08639637652831,
  "summary_fg_mean": 727.2208862304688,
  "summary_fg_median": 727.6400146484375,
  "summary_fg_n": 20929.0,
  "summary_fg_p05": 531.6773559570313,
  "summary_fg_p95": 921.82802734375,
  "summary_fg_stdv": 122.60073852539062,
  "tsnr": 55.84381271107122
}