{
  "bids_meta": {
    "AcquisitionMatrixPE": 225,
    "AcquisitionNumber": 1,
    "AcquisitionTime": "02:47:33.587510",
    "BaseResolution": 256,
    "ConversionSoftware": "dcm2niix",
    "ConversionSoftwareVersion": "v1.0.20190410  GCC6.3.0",
    "DeviceSerialNumber": "18011",
    "EchoTime": 0.00335,
    "FlipAngle": 8,
    "ImageOrientationPatientDICOM": [
      1,
      0,
      0,
      0,
      0,
      -1
    ],
    "ImageType": [
      "ORIGINAL",
      "PRIMARY",
      "M",
      "ND"
    ],
    "ImagingFrequency": 168.255,
    "InPlanePhaseEncodingDirectionDICOM": "ROW",
    "InversionTime": 0.7,
    "MRAcquisitionType": "3D",
    "MagneticFieldStrength": 3.95064,
    "Manufacturer": "Siemens",
    "ManufacturersModelName": "MedSpec_4T",
    "Modality": "MR",
    "PartialFourier": 0.875,
    "PatientPosition": "HFS",
    "PercentPhaseFOV": 100,
    "PhaseEncodingSteps": 197,
    "PhaseResolution": 0.878906,
    "PixelBandwidth": 200,
    "ProtocolName": "t1_mpr_cor",
    "PulseSequenceDetails": "%SiemensSeq%_tfl",
    "ReceiveCoilName": "Head_4T",
    "ReconMatrixPE": 256,
    "RepetitionTime": 1.5,
    "SAR": 0.00437173,
    "ScanOptions": "IR",
    "ScanningSequence": "IR_GR",
    "SequenceName": "tfl3d1_ns",
    "SequenceVariant": "SP_MP",
    "SeriesDescription": "t1_mpr_cor",
    "SeriesNumber": 8,
    "ShimSetting": [
      25,
      0,
      26,
      1059,
      327,
      -3562,
      1802,
      -157
    ],
    "SliceThickness": 0.9,
    "SoftwareVersions": "syngo_MR_2002B_4VA21A",
    "StationName": "wes4T",
    "TxRefAmp": 194.034,
    "dataset": "ds004169",
    "modality": "T1w",
    "session_id": "01",
    "subject_id": "0885"
  },
  "cjv": 0.37293612523666214,
  "cnr": 3.5566496256548,
  "efc": 0.44590930025603775,
  "fber": -1.0,
  "fwhm_avg": 4.304747151488328,
  "fwhm_x": 4.495424,
  "fwhm_y": 4.57256678779832,
  "fwhm_z": 3.8462506666666667,
  "icvs_csf": 0.2383673414525414,
  "icvs_gm": 0.41983597301616815,
  "icvs_wm": 0.34179668553129045,
  "inu_med": 0.7500843405723572,
  "inu_range": 0.489696568250656,
  "provenance": {
    "md5sum": "e3d4f7073c7f91240bf18be9a2e44faa",
    "settings": {
      "testing": false
    },
    "software": "mriqc",
    "version": "23.0.1",
    "warnings": {
      "large_rot_frame": true,
      "small_air_mask": false
    },
    "webapi_port": null,
    "webapi_url": "https://mriqc.nimh.nih.gov/api/v1"
  },
  "qi_1": 0.0,
  "qi_2": 0.024556209288091047,
  "rpve_csf": 26.412951065127665,
  "rpve_gm": 15.320680486743207,
  "rpve_wm": 21.86268096142329,
  "size_x": 256,
  "size_y": 256,
  "size_z": 256,
  "snr_csf": 2.0678322404603984,
  "snr_gm": 9.911477588707054,
  "snr_total": 10.228236568607395,
  "snr_wm": 18.70539987665473,
  "snrd_csf": 8.359051406149296,
  "snrd_gm": 20.22643157203743,
  "snrd_total": 19.433432990409866,
  "snrd_wm": 29.71481599304287,
  "spacing_x": 0.9375,
  "spacing_y": 0.8999999761581421,
  "spacing_z": 0.9375,
  "summary_bg_k": 18.34097943732867,
  "summary_bg_mad": 0.0,
  "summary_bg_mean": 12.723265247479597,
  "summary_bg_median": 0.0,
  "summary_bg_n": 3469673.0,
  "summary_bg_p05": 0.0,
  "summary_bg_p95": 53.1654019318521,
  "summary_bg_stdv": 22.048284638280034,
  "summary_csf_k": 29.58682022588345,
  "summary_csf_mad": 93.97084675426383,
  "summary_csf_mean": 293.18508475564806,
  "summary_csf_median": 281.3196529895067,
  "summary_csf_n": 54953.0,
  "summary_csf_p05": 118.92554268613458,
  "summary_csf_p95": 481.3122166506946,
  "summary_csf_stdv": 136.04444685343952,
  "summary_gm_k": 0.08493814897831786,
  "summary_gm_mad": 68.02696116149814,
  "summary_gm_mean": 681.1945770610633,
  "summary_gm_median": 680.7103383615613,
  "summary_gm_n": 28754.0,
  "summary_gm_p05": 567.9149782881141,
  "summary_gm_p95": 793.5056984350085,
  "summary_gm_stdv": 68.67780261546584,
  "summary_wm_k": 0.768162476993536,
  "summary_wm_mad": 51.06153279085731,
  "summary_wm_mean": 1001.0362330904547,
  "summary_wm_median": 1000.0371235497296,
  "summary_wm_n": 242556.0,
  "summary_wm_p05": 915.3570100953802,
  "summary_wm_p95": 1088.7947372570634,
  "summary_wm_stdv": 53.46237282740651,
  "tpm_overlap_csf": 0.14873692711580724,
  "tpm_overlap_gm": 0.45514019667949285,
  "tpm_overlap_wm": 0.4942049376306044,
  "wm2max": 0.4742832977992353
}