{
  "aor": 0.007107199999999999,
  "aqi": 0.02849415786666667,
  "bids_meta": {
    "AcquisitionMatrixPE": 64,
    "AcquisitionNumber": 1,
    "AcquisitionTime": "09:30:0.220010",
    "BaseResolution": 64,
    "ConversionSoftware": "dcm2niix",
    "ConversionSoftwareVersion": "v1.0.20190410  GCC6.3.0",
    "DeviceSerialNumber": "18011",
    "EchoTime": 0.03,
    "FlipAngle": 90,
    "ImageComments": "Fake_MoCo_Reference_Volume_+_DiCo_Applied",
    "ImageOrientationPatientDICOM": [
      0.999917,
      0.00646537,
      0.0111077,
      -3.7783e-08,
      0.864257,
      -0.50305
    ],
    "ImageType": [
      "ORIGINAL",
      "PRIMARY",
      "M",
      "ND",
      "DICO",
      "MOSAIC"
    ],
    "ImagingFrequency": 168.255,
    "InPlanePhaseEncodingDirectionDICOM": "COL",
    "MRAcquisitionType": "2D",
    "MagneticFieldStrength": 3.95064,
    "Manufacturer": "Siemens",
    "ManufacturersModelName": "MedSpec_4T",
    "Modality": "MR",
    "PartialFourier": 1,
    "PatientPosition": "HFS",
    "PercentPhaseFOV": 100,
    "PhaseEncodingDirection": "j-",
    "PhaseEncodingSteps": 64,
    "PhaseResolution": 1,
    "PixelBandwidth": 2790,
    "ProcedureStepDescription": "Research_fMRI",
    "ProtocolName": "mz_bold_dc_REST",
    "PulseSequenceDetails": "%CustomerSeq%_mz_ep2d_bold_dc",
    "ReceiveCoilName": "Head",
    "ReconMatrixPE": 64,
    "RepetitionTime": 2.1,
    "SAR": 0.0853398,
    "ScanOptions": "FS",
    "ScanningSequence": "SE_EP",
    "SequenceName": "epfid2d1_64",
    "SequenceVariant": "SK",
    "SeriesDescription": "mz_bold_dc_REST_DiCo",
    "SeriesNumber": 10,
    "ShimSetting": [
      12,
      30,
      -17,
      1956,
      308,
      -3478,
      2538,
      212
    ],
    "SliceThickness": 3,
    "SoftwareVersions": "syngo_MR_2004A_4VA25A",
    "SpacingBetweenSlices": 3.6,
    "StationName": "WES4T",
    "TaskName": "rest",
    "TxRefAmp": 183.5,
    "dataset": "ds004169",
    "modality": "bold",
    "session_id": "01",
    "subject_id": "0563",
    "task_id": "rest"
  },
  "dummy_trs": 0,
  "dvars_nstd": 34.4621206071141,
  "dvars_std": 1.050043673489932,
  "dvars_vstd": 0.9460085674496647,
  "efc": 0.4729290740770142,
  "fber": 2505.66796875,
  "fd_mean": 0.35597961135482137,
  "fd_num": 55,
  "fd_perc": 36.666666666666664,
  "fwhm_avg": 1.734899879793523,
  "fwhm_x": 1.639168,
  "fwhm_y": 1.9062622608695652,
  "fwhm_z": 1.6592693785110033,
  "gcor": 0.0300146,
  "gsr_x": -0.020848983898758888,
  "gsr_y": 0.03728169575333595,
  "provenance": {
    "md5sum": "9ffb895582445eea52376632511f84e5",
    "settings": {
      "fd_thres": 0.2,
      "testing": false
    },
    "software": "mriqc",
    "version": "23.0.1",
    "webapi_port": null,
    "webapi_url": "https://mriqc.nimh.nih.gov/api/v1"
  },
  "size_t": 150,
  "size_x": 64,
  "size_y": 64,
  "size_z": 36,
  "snr": 5.723809540453969,
  "spacing_tr": 2.0999999046325684,
  "spacing_x": 3.59375,
  "spacing_y": 3.59375,
  "spacing_z": 3.6000001430511475,
  "summary_bg_k": 51.321460869324426,
  "summary_bg_mad": 7.205447686845806,
  "summary_bg_mean": 24.16381072998047,
  "summary_bg_median": 11.753334045410156,
  "summary_bg_n": 95996.0,
  "summary_bg_p05": 6.3466668128967285,
  "summary_bg_p95": 74.87500381469727,
  "summary_bg_stdv": 32.2152214050293,
  "summary_fg_k": 1.9934620207361569,
  "summary_fg_mad": 94.96065399711219,
  "summary_fg_mean": 599.4542846679688,
  "summary_fg_median": 593.27001953125,
  "summary_fg_n": 21176.0,
  "summary_fg_p05": 445.64168548583984,
  "summary_fg_p95": 767.2083435058594,
  "summary_fg_stdv": 103.64705657958984,
  "tsnr": 28.122650544159114
}