{
  "aor": 0.018574066666666667,
  "aqi": 0.017348062266666665,
  "bids_meta": {
    "AcquisitionMatrixPE": 64,
    "AcquisitionNumber": 1,
    "AcquisitionTime": "20:25:38.407480",
    "BaseResolution": 64,
    "ConversionSoftware": "dcm2niix",
    "ConversionSoftwareVersion": "v1.0.20190410  GCC6.3.0",
    "DeviceSerialNumber": "18011",
    "EchoTime": 0.03,
    "FlipAngle": 90,
    "ImageComments": "Fake_MoCo_Reference_Volume_+_DiCo_Applied",
    "ImageOrientationPatientDICOM": [
      1,
      0,
      0,
      0,
      1,
      0
    ],
    "ImageType": [
      "ORIGINAL",
      "PRIMARY",
      "M",
      "ND",
      "MOSAIC"
    ],
    "ImagingFrequency": 168.255,
    "InPlanePhaseEncodingDirectionDICOM": "COL",
    "MRAcquisitionType": "2D",
    "MagneticFieldStrength": 3.95064,
    "Manufacturer": "Siemens",
    "ManufacturersModelName": "MedSpec_4T",
    "Modality": "MR",
    "PartialFourier": 1,
    "PatientPosition": "HFS",
    "PercentPhaseFOV": 100,
    "PhaseEncodingDirection": "j-",
    "PhaseEncodingSteps": 64,
    "PhaseResolution": 1,
    "PixelBandwidth": 2790,
    "ProtocolName": "mz_bold_dc_REST",
    "PulseSequenceDetails": "%CustomerSeq%_mz_ep2d_bold_dc",
    "ReceiveCoilName": "Head_4T",
    "ReconMatrixPE": 64,
    "RepetitionTime": 2.1,
    "SAR": 0.0169098,
    "ScanOptions": "FS",
    "ScanningSequence": "SE_EP",
    "SequenceName": "epfid2d1_64",
    "SequenceVariant": "SK",
    "SeriesDescription": "mz_bold_dc_REST_DiCo",
    "SeriesNumber": 10,
    "ShimSetting": [
      22,
      -1,
      33,
      1229,
      260,
      -3850,
      2649,
      -210
    ],
    "SliceThickness": 3,
    "SoftwareVersions": "syngo_MR_2002B_4VA21A",
    "SpacingBetweenSlices": 3.6,
    "StationName": "wes4T",
    "TaskName": "rest",
    "TxRefAmp": 232.709,
    "dataset": "ds004169",
    "modality": "bold",
    "session_id": "01",
    "subject_id": "0483",
    "task_id": "rest"
  },
  "dummy_trs": 0,
  "dvars_nstd": 33.392749287449675,
  "dvars_std": 1.3654878170469795,
  "dvars_vstd": 1.1956229281879192,
  "efc": 0.4625787917435135,
  "fber": 2210.9189453125,
  "fd_mean": 0.1835949248863333,
  "fd_num": 30,
  "fd_perc": 20.0,
  "fwhm_avg": 1.714315512851498,
  "fwhm_x": 1.6148563478260871,
  "fwhm_y": 1.9815262608695652,
  "fwhm_z": 1.5465639298588416,
  "gcor": 0.391171,
  "gsr_x": -0.020149122923612595,
  "gsr_y": 0.04414073005318642,
  "provenance": {
    "md5sum": "8bd6f2ff1f01c30d2b88912dcce44936",
    "settings": {
      "fd_thres": 0.2,
      "testing": false
    },
    "software": "mriqc",
    "version": "23.0.1",
    "webapi_port": null,
    "webapi_url": "https://mriqc.nimh.nih.gov/api/v1"
  },
  "size_t": 150,
  "size_x": 64,
  "size_y": 64,
  "size_z": 36,
  "snr": 5.498029970052886,
  "spacing_tr": 2.0999999046325684,
  "spacing_x": 3.59375,
  "spacing_y": 3.59375,
  "spacing_z": 3.5999999046325684,
  "summary_bg_k": 51.4575310166736,
  "summary_bg_mad": 9.271206928781709,
  "summary_bg_mean": 32.52457046508789,
  "summary_bg_median": 15.633334159851074,
  "summary_bg_n": 98927.0,
  "summary_bg_p05": 8.113333702087402,
  "summary_bg_p95": 97.49799957275388,
  "summary_bg_stdv": 50.904605865478516,
  "summary_fg_k": 4.062889036434906,
  "summary_fg_mad": 108.19041744593537,
  "summary_fg_mean": 733.0469360351562,
  "summary_fg_median": 725.2200317382812,
  "summary_fg_n": 18995.0,
  "summary_fg_p05": 547.0540100097656,
  "summary_fg_p95": 938.5420349121093,
  "summary_fg_stdv": 131.90196228027344,
  "tsnr": 27.64928953256458
}