{
  "aor": 0.013151968503937005,
  "aqi": 0.02004645937007874,
  "bids_meta": {
    "AcquisitionMatrixPE": 64,
    "AcquisitionNumber": 1,
    "AcquisitionTime": "20:14:40.930020",
    "BaseResolution": 64,
    "ConversionSoftware": "dcm2niix",
    "ConversionSoftwareVersion": "v1.0.20190410  GCC6.3.0",
    "DeviceSerialNumber": "18011",
    "EchoTime": 0.03,
    "FlipAngle": 90,
    "ImageComments": "Fake_MoCo_Reference_Volume_+_DiCo_Applied",
    "ImageOrientationPatientDICOM": [
      1,
      0,
      0,
      0,
      1,
      0
    ],
    "ImageType": [
      "ORIGINAL",
      "PRIMARY",
      "M",
      "ND",
      "MOSAIC"
    ],
    "ImagingFrequency": 168.255,
    "InPlanePhaseEncodingDirectionDICOM": "COL",
    "MRAcquisitionType": "2D",
    "MagneticFieldStrength": 3.95064,
    "Manufacturer": "Siemens",
    "ManufacturersModelName": "MedSpec_4T",
    "Modality": "MR",
    "PartialFourier": 1,
    "PatientPosition": "HFS",
    "PercentPhaseFOV": 100,
    "PhaseEncodingDirection": "j-",
    "PhaseEncodingSteps": 64,
    "PhaseResolution": 1,
    "PixelBandwidth": 2790,
    "ProtocolName": "Nback_dc_opt",
    "PulseSequenceDetails": "%CustomerSeq%_kt_ep2d_bold_dc",
    "ReceiveCoilName": "Head_4T",
    "ReconMatrixPE": 64,
    "RepetitionTime": 2.1,
    "SAR": 0.0261084,
    "ScanOptions": "FS",
    "ScanningSequence": "SE_EP",
    "SequenceName": "epfid2d1_64",
    "SequenceVariant": "SK",
    "SeriesDescription": "Nback_dc_opt_DiCo",
    "SeriesNumber": 7,
    "ShimSetting": [
      22,
      -1,
      33,
      1229,
      260,
      -3850,
      2649,
      -210
    ],
    "SliceThickness": 3,
    "SoftwareVersions": "syngo_MR_2002B_4VA21A",
    "SpacingBetweenSlices": 3.6,
    "StationName": "wes4T",
    "TaskName": "nback",
    "TxRefAmp": 232.709,
    "dataset": "ds004169",
    "modality": "bold",
    "session_id": "01",
    "subject_id": "0483",
    "task_id": "nback"
  },
  "dummy_trs": 0,
  "dvars_nstd": 26.66743189174603,
  "dvars_std": 1.0818913179365082,
  "dvars_vstd": 1.0681066007142856,
  "efc": 0.4633516386091263,
  "fber": 2167.42236328125,
  "fd_mean": 0.2037250873597014,
  "fd_num": 37,
  "fd_perc": 29.133858267716537,
  "fwhm_avg": 1.7425135888036083,
  "fwhm_x": 1.6437259130434783,
  "fwhm_y": 2.00693147826087,
  "fwhm_z": 1.576883375106477,
  "gcor": 0.32394,
  "gsr_x": -0.01958264783024788,
  "gsr_y": 0.04090695455670357,
  "provenance": {
    "md5sum": "61cdfb4d8248228575891bdf1b1e0263",
    "settings": {
      "fd_thres": 0.2,
      "testing": false
    },
    "software": "mriqc",
    "version": "23.0.1",
    "webapi_port": null,
    "webapi_url": "https://mriqc.nimh.nih.gov/api/v1"
  },
  "size_t": 127,
  "size_x": 64,
  "size_y": 64,
  "size_z": 36,
  "snr": 5.4616375303760165,
  "spacing_tr": 2.0999999046325684,
  "spacing_x": 3.59375,
  "spacing_y": 3.59375,
  "spacing_z": 3.5999999046325684,
  "summary_bg_k": 47.89268919193035,
  "summary_bg_mad": 9.269182195832547,
  "summary_bg_mean": 31.80851173400879,
  "summary_bg_median": 15.708661079406738,
  "summary_bg_n": 98617.0,
  "summary_bg_p05": 8.330708503723145,
  "summary_bg_p95": 94.1511795043945,
  "summary_bg_stdv": 47.87705993652344,
  "summary_fg_k": 4.119901772907043,
  "summary_fg_mad": 109.92268394183704,
  "summary_fg_mean": 737.5321044921875,
  "summary_fg_median": 729.1023559570312,
  "summary_fg_n": 19189.0,
  "summary_fg_p05": 549.7370239257813,
  "summary_fg_p95": 947.5401245117188,
  "summary_fg_stdv": 133.49171447753906,
  "tsnr": 27.509721176116727
}