{
  "aor": 0.007634285714285714,
  "aqi": 0.014104147063492065,
  "bids_meta": {
    "AcquisitionMatrixPE": 64,
    "AcquisitionNumber": 1,
    "AcquisitionTime": "11:59:20.354990",
    "BaseResolution": 64,
    "ConversionSoftware": "dcm2niix",
    "ConversionSoftwareVersion": "v1.0.20190410  GCC6.3.0",
    "DeviceSerialNumber": "18011",
    "EchoTime": 0.03,
    "FlipAngle": 90,
    "ImageComments": "Fake_MoCo_Reference_Volume_+_DiCo_Applied",
    "ImageOrientationPatientDICOM": [
      1,
      2.22045e-16,
      -1.38778e-17,
      -2.22045e-16,
      0.986856,
      -0.161604
    ],
    "ImageType": [
      "ORIGINAL",
      "PRIMARY",
      "M",
      "ND",
      "DICO",
      "MOSAIC"
    ],
    "ImagingFrequency": 168.255,
    "InPlanePhaseEncodingDirectionDICOM": "COL",
    "MRAcquisitionType": "2D",
    "MagneticFieldStrength": 3.95064,
    "Manufacturer": "Siemens",
    "ManufacturersModelName": "MedSpec_4T",
    "Modality": "MR",
    "PartialFourier": 1,
    "PatientPosition": "HFS",
    "PercentPhaseFOV": 100,
    "PhaseEncodingDirection": "j-",
    "PhaseEncodingSteps": 64,
    "PhaseResolution": 1,
    "PixelBandwidth": 2790,
    "ProcedureStepDescription": "Research_fMRI",
    "ProtocolName": "Nback_dc_opt",
    "PulseSequenceDetails": "%CustomerSeq%_kt_ep2d_bold_dc",
    "ReceiveCoilName": "Head",
    "ReconMatrixPE": 64,
    "RepetitionTime": 2.1,
    "SAR": 0.0554853,
    "ScanOptions": "FS",
    "ScanningSequence": "SE_EP",
    "SequenceName": "epfid2d1_64",
    "SequenceVariant": "SK",
    "SeriesDescription": "Nback_dc_opt_DiCo",
    "SeriesNumber": 7,
    "ShimSetting": [
      -4,
      22,
      48,
      1760,
      628,
      -4580,
      2423,
      277
    ],
    "SliceThickness": 3,
    "SoftwareVersions": "syngo_MR_2004A_4VA25A",
    "SpacingBetweenSlices": 3.6,
    "StationName": "WES4T",
    "TaskName": "nback",
    "TxRefAmp": 182.952,
    "dataset": "ds004169",
    "modality": "bold",
    "session_id": "01",
    "subject_id": "0602",
    "task_id": "nback"
  },
  "dummy_trs": 1,
  "dvars_nstd": 22.415869720399993,
  "dvars_std": 1.11226841184,
  "dvars_vstd": 1.0252545935199997,
  "efc": 0.44438433008056477,
  "fber": 2713.10205078125,
  "fd_mean": 0.15400050095956255,
  "fd_num": 22,
  "fd_perc": 17.46031746031746,
  "fwhm_avg": 1.7525798706395044,
  "fwhm_x": 1.6428772173913044,
  "fwhm_y": 2.0343151304347824,
  "fwhm_z": 1.5805472640924259,
  "gcor": 0.0119334,
  "gsr_x": -0.023211948573589325,
  "gsr_y": 0.03674692288041115,
  "provenance": {
    "md5sum": "d6d81a03f66a6445d0a837704edb292d",
    "settings": {
      "fd_thres": 0.2,
      "testing": false
    },
    "software": "mriqc",
    "version": "23.0.1",
    "webapi_port": null,
    "webapi_url": "https://mriqc.nimh.nih.gov/api/v1"
  },
  "size_t": 126,
  "size_x": 64,
  "size_y": 64,
  "size_z": 36,
  "snr": 5.37632690973843,
  "spacing_tr": 2.0999999046325684,
  "spacing_x": 3.59375,
  "spacing_y": 3.59375,
  "spacing_z": 3.5999999046325684,
  "summary_bg_k": 61.541798046259956,
  "summary_bg_mad": 6.2834098230474495,
  "summary_bg_mean": 20.003765106201172,
  "summary_bg_median": 11.047619819641113,
  "summary_bg_n": 99274.0,
  "summary_bg_p05": 6.26984167098999,
  "summary_bg_p95": 58.26984405517578,
  "summary_bg_stdv": 24.681259155273438,
  "summary_fg_k": 4.545448252940769,
  "summary_fg_mad": 98.07534933164362,
  "summary_fg_mean": 593.257568359375,
  "summary_fg_median": 583.623046875,
  "summary_fg_n": 18846.0,
  "summary_fg_p05": 442.7341613769531,
  "summary_fg_p95": 757.74609375,
  "summary_fg_stdv": 108.55135345458984,
  "tsnr": 45.174229394760914
}