{
  "aor": 0.0009700671140939598,
  "aqi": 0.007337643355704698,
  "bids_meta": {
    "AcquisitionMatrixPE": 64,
    "AcquisitionNumber": 1,
    "AcquisitionTime": "09:12:10.207510",
    "BaseResolution": 64,
    "ConversionSoftware": "dcm2niix",
    "ConversionSoftwareVersion": "v1.0.20190410  GCC6.3.0",
    "DeviceSerialNumber": "18011",
    "EchoTime": 0.03,
    "FlipAngle": 90,
    "ImageComments": "Fake_MoCo_Reference_Volume_+_DiCo_Applied",
    "ImageOrientationPatientDICOM": [
      1,
      0,
      0,
      0,
      0.926529,
      -0.376224
    ],
    "ImageType": [
      "ORIGINAL",
      "PRIMARY",
      "M",
      "ND",
      "DICO",
      "MOSAIC"
    ],
    "ImagingFrequency": 168.255,
    "InPlanePhaseEncodingDirectionDICOM": "COL",
    "MRAcquisitionType": "2D",
    "MagneticFieldStrength": 3.95064,
    "Manufacturer": "Siemens",
    "ManufacturersModelName": "MedSpec_4T",
    "Modality": "MR",
    "PartialFourier": 1,
    "PatientPosition": "HFS",
    "PercentPhaseFOV": 100,
    "PhaseEncodingDirection": "j-",
    "PhaseEncodingSteps": 64,
    "PhaseResolution": 1,
    "PixelBandwidth": 2790,
    "ProcedureStepDescription": "Research_fMRI",
    "ProtocolName": "mz_bold_dc_REST",
    "PulseSequenceDetails": "%CustomerSeq%_mz_ep2d_bold_dc",
    "ReceiveCoilName": "Head",
    "ReconMatrixPE": 64,
    "RepetitionTime": 2.1,
    "SAR": 0.071328,
    "ScanOptions": "FS",
    "ScanningSequence": "SE_EP",
    "SequenceName": "epfid2d1_64",
    "SequenceVariant": "SK",
    "SeriesDescription": "mz_bold_dc_REST_DiCo",
    "SeriesNumber": 10,
    "ShimSetting": [
      4,
      -1,
      43,
      1968,
      613,
      -4378,
      2322,
      315
    ],
    "SliceThickness": 3,
    "SoftwareVersions": "syngo_MR_2004A_4VA25A",
    "SpacingBetweenSlices": 3.6,
    "StationName": "WES4T",
    "TaskName": "rest",
    "TxRefAmp": 204.089,
    "dataset": "ds004169",
    "modality": "bold",
    "session_id": "01",
    "subject_id": "1025",
    "task_id": "rest"
  },
  "dummy_trs": 1,
  "dvars_nstd": 26.403650708716214,
  "dvars_std": 1.1269837045270272,
  "dvars_vstd": 1.0011220389864868,
  "efc": 0.5007690300249372,
  "fber": 1661.877197265625,
  "fd_mean": 0.11006062744301244,
  "fd_num": 8,
  "fd_perc": 5.369127516778524,
  "fwhm_avg": 1.7306342499814988,
  "fwhm_x": 1.6224862608695652,
  "fwhm_y": 1.884672,
  "fwhm_z": 1.684744489074932,
  "gcor": 0.0190331,
  "gsr_x": -0.024280980229377747,
  "gsr_y": 0.044282250106334686,
  "provenance": {
    "md5sum": "6387223c8cb127c4f218ad1471457eb9",
    "settings": {
      "fd_thres": 0.2,
      "testing": false
    },
    "software": "mriqc",
    "version": "23.0.1",
    "webapi_port": null,
    "webapi_url": "https://mriqc.nimh.nih.gov/api/v1"
  },
  "size_t": 149,
  "size_x": 64,
  "size_y": 64,
  "size_z": 36,
  "snr": 6.215056747226326,
  "spacing_tr": 2.0999999046325684,
  "spacing_x": 3.59375,
  "spacing_y": 3.59375,
  "spacing_z": 3.5999999046325684,
  "summary_bg_k": 51.861589084775,
  "summary_bg_mad": 7.512514274486316,
  "summary_bg_mean": 29.799776077270508,
  "summary_bg_median": 14.543623924255371,
  "summary_bg_n": 94017.0,
  "summary_bg_p05": 9.187919616699219,
  "summary_bg_p95": 89.28858947753906,
  "summary_bg_stdv": 37.494667053222656,
  "summary_fg_k": 2.853882000703204,
  "summary_fg_mad": 90.39891935129396,
  "summary_fg_mean": 627.55517578125,
  "summary_fg_median": 626.5436401367188,
  "summary_fg_n": 23035.0,
  "summary_fg_p05": 470.3832183837891,
  "summary_fg_p95": 783.9765014648438,
  "summary_fg_stdv": 100.80841827392578,
  "tsnr": 58.61599126958754
}