{
  "bids_meta": {
    "AcquisitionMatrixPE": 225,
    "AcquisitionNumber": 1,
    "AcquisitionTime": "09:46:48.319990",
    "BaseResolution": 256,
    "ConversionSoftware": "dcm2niix",
    "ConversionSoftwareVersion": "v1.0.20190410  GCC6.3.0",
    "DeviceSerialNumber": "18011",
    "EchoTime": 0.00335,
    "FlipAngle": 8,
    "ImageOrientationPatientDICOM": [
      1,
      0,
      0,
      0,
      0,
      -1
    ],
    "ImageType": [
      "ORIGINAL",
      "PRIMARY",
      "M",
      "ND"
    ],
    "ImagingFrequency": 168.256,
    "InPlanePhaseEncodingDirectionDICOM": "ROW",
    "InversionTime": 0.7,
    "MRAcquisitionType": "3D",
    "MagneticFieldStrength": 3.95064,
    "Manufacturer": "Siemens",
    "ManufacturersModelName": "MedSpec_4T",
    "Modality": "MR",
    "PartialFourier": 0.875,
    "PatientPosition": "HFS",
    "PercentPhaseFOV": 100,
    "PhaseEncodingSteps": 197,
    "PhaseResolution": 0.878906,
    "PixelBandwidth": 200,
    "ProtocolName": "t1_mpr_cor",
    "PulseSequenceDetails": "%SiemensSeq%_tfl",
    "ReceiveCoilName": "Head_4T",
    "ReconMatrixPE": 256,
    "RepetitionTime": 1.5,
    "SAR": 0.00556324,
    "ScanOptions": "IR",
    "ScanningSequence": "IR_GR",
    "SequenceName": "tfl3d1_ns",
    "SequenceVariant": "SP_MP",
    "SeriesDescription": "t1_mpr_cor",
    "SeriesNumber": 10,
    "ShimSetting": [
      20,
      -14,
      22,
      2086,
      417,
      -3844,
      2886,
      36
    ],
    "SliceThickness": 0.9,
    "SoftwareVersions": "syngo_MR_2002B_4VA21A",
    "StationName": "wes4T",
    "TxRefAmp": 197.037,
    "dataset": "ds004169",
    "modality": "T1w",
    "session_id": "01",
    "subject_id": "1162"
  },
  "cjv": 0.3002426346162978,
  "cnr": 4.313108256426751,
  "efc": 0.43222754811446346,
  "fber": -1.0,
  "fwhm_avg": 4.208956928898766,
  "fwhm_x": 4.344341333333333,
  "fwhm_y": 4.530966786696296,
  "fwhm_z": 3.7515626666666666,
  "icvs_csf": 0.16658094138221813,
  "icvs_gm": 0.4947030904816032,
  "icvs_wm": 0.33871596813617866,
  "inu_med": 0.6503778398036957,
  "inu_range": 0.4561448454856871,
  "provenance": {
    "md5sum": "ceeded2b4cdc1b4c091f7798b9029370",
    "settings": {
      "testing": false
    },
    "software": "mriqc",
    "version": "23.0.1",
    "warnings": {
      "large_rot_frame": true,
      "small_air_mask": false
    },
    "webapi_port": null,
    "webapi_url": "https://mriqc.nimh.nih.gov/api/v1"
  },
  "qi_1": 0.0,
  "qi_2": 0.02841128261752656,
  "rpve_csf": 34.95632716599029,
  "rpve_gm": 13.834612520213598,
  "rpve_wm": 21.968056874409807,
  "size_x": 256,
  "size_y": 256,
  "size_z": 256,
  "snr_csf": 2.0967011980277457,
  "snr_gm": 10.295633351544755,
  "snr_total": 10.464248142373696,
  "snr_wm": 19.000409877548588,
  "snrd_csf": 8.809051107290358,
  "snrd_gm": 19.960969341880485,
  "snrd_total": 20.02022788039577,
  "snrd_wm": 31.290663192016464,
  "spacing_x": 0.9375,
  "spacing_y": 0.8999999761581421,
  "spacing_z": 0.9375,
  "summary_bg_k": 19.333617722306805,
  "summary_bg_mad": 0.0,
  "summary_bg_mean": 13.059362609609657,
  "summary_bg_median": 0.0,
  "summary_bg_n": 4345164.0,
  "summary_bg_p05": 0.0,
  "summary_bg_p95": 51.031301222741604,
  "summary_bg_stdv": 20.93784217072907,
  "summary_csf_k": 14.230295981520861,
  "summary_csf_mad": 108.07716457465466,
  "summary_csf_mean": 288.99878351398576,
  "summary_csf_median": 281.5330086350441,
  "summary_csf_n": 19181.0,
  "summary_csf_p05": 103.33666327223182,
  "summary_csf_p95": 483.1445259489119,
  "summary_csf_stdv": 134.27076302194791,
  "summary_gm_k": 0.1997656911783663,
  "summary_gm_mad": 60.93060742553157,
  "summary_gm_mean": 638.3439375403207,
  "summary_gm_median": 637.942916398868,
  "summary_gm_n": 86536.0,
  "summary_gm_p05": 537.4470644295216,
  "summary_gm_p95": 740.1949062645435,
  "summary_gm_stdv": 61.96211623010554,
  "summary_wm_k": 0.770155892547173,
  "summary_wm_mad": 47.78470762488274,
  "summary_wm_mean": 999.4971709800388,
  "summary_wm_median": 1000.0344467684627,
  "summary_wm_n": 233776.0,
  "summary_wm_p05": 911.8487771116197,
  "summary_wm_p95": 1084.914445091039,
  "summary_wm_stdv": 52.6321439557276,
  "tpm_overlap_csf": 0.13676982269680815,
  "tpm_overlap_gm": 0.46472024862181677,
  "tpm_overlap_wm": 0.483631777436954,
  "wm2max": 0.48686526629897237
}