{
  "bids_meta": {
    "AcquisitionMatrixPE": 225,
    "AcquisitionNumber": 1,
    "AcquisitionTime": "09:51:34.067510",
    "BaseResolution": 256,
    "ConversionSoftware": "dcm2niix",
    "ConversionSoftwareVersion": "v1.0.20190410  GCC6.3.0",
    "DeviceSerialNumber": "18011",
    "EchoTime": 0.00335,
    "FlipAngle": 8,
    "ImageOrientationPatientDICOM": [
      1,
      0,
      0,
      0,
      0,
      -1
    ],
    "ImageType": [
      "ORIGINAL",
      "PRIMARY",
      "M",
      "ND"
    ],
    "ImagingFrequency": 168.255,
    "InPlanePhaseEncodingDirectionDICOM": "ROW",
    "InversionTime": 0.7,
    "MRAcquisitionType": "3D",
    "MagneticFieldStrength": 3.95064,
    "Manufacturer": "Siemens",
    "ManufacturersModelName": "MedSpec_4T",
    "Modality": "MR",
    "PartialFourier": 0.875,
    "PatientPosition": "HFS",
    "PercentPhaseFOV": 100,
    "PhaseEncodingSteps": 197,
    "PhaseResolution": 0.878906,
    "PixelBandwidth": 200,
    "ProtocolName": "t1_mpr_cor",
    "PulseSequenceDetails": "%SiemensSeq%_tfl",
    "ReceiveCoilName": "Head_4T",
    "ReconMatrixPE": 256,
    "RepetitionTime": 1.5,
    "SAR": 0.00398754,
    "ScanOptions": "IR",
    "ScanningSequence": "IR_GR",
    "SequenceName": "tfl3d1_ns",
    "SequenceVariant": "SP_MP",
    "SeriesDescription": "t1_mpr_cor",
    "SeriesNumber": 8,
    "ShimSetting": [
      11,
      -21,
      20,
      1461,
      475,
      -4999,
      3892,
      502
    ],
    "SliceThickness": 0.9,
    "SoftwareVersions": "syngo_MR_2002B_4VA21A",
    "StationName": "wes4T",
    "TxRefAmp": 185.778,
    "dataset": "ds004169",
    "modality": "T1w",
    "session_id": "01",
    "subject_id": "0376"
  },
  "cjv": 0.3775217060088705,
  "cnr": 3.4599579298753724,
  "efc": 0.4495330068608187,
  "fber": 1912.3147889853478,
  "fwhm_avg": 4.363294412580566,
  "fwhm_x": 4.395829333333333,
  "fwhm_y": 4.780144571075031,
  "fwhm_z": 3.9139093333333337,
  "icvs_csf": 0.20182710541198676,
  "icvs_gm": 0.43246819572562295,
  "icvs_wm": 0.36570469886239027,
  "inu_med": 0.6763099431991577,
  "inu_range": 0.41192992329597466,
  "provenance": {
    "md5sum": "8f7bc6c7986ab17499e6c06f32fb1b20",
    "settings": {
      "testing": false
    },
    "software": "mriqc",
    "version": "23.0.1",
    "warnings": {
      "large_rot_frame": true,
      "small_air_mask": false
    },
    "webapi_port": null,
    "webapi_url": "https://mriqc.nimh.nih.gov/api/v1"
  },
  "qi_1": 0.0,
  "qi_2": 0.018095910421066647,
  "rpve_csf": 32.57225709979932,
  "rpve_gm": 16.08398031382714,
  "rpve_wm": 21.77616596678419,
  "size_x": 256,
  "size_y": 256,
  "size_z": 256,
  "snr_csf": 1.9960332505721525,
  "snr_gm": 10.306988574941537,
  "snr_total": 10.341281446751031,
  "snr_wm": 18.720822514739403,
  "snrd_csf": 7.306227414910799,
  "snrd_gm": 17.08511617514756,
  "snrd_total": 16.385438583846344,
  "snrd_wm": 24.764972161480674,
  "spacing_x": 0.9375,
  "spacing_y": 0.8999999761581421,
  "spacing_z": 0.9375,
  "summary_bg_k": 14.684956353884203,
  "summary_bg_mad": 0.0,
  "summary_bg_mean": 17.848143566768748,
  "summary_bg_median": 0.0,
  "summary_bg_n": 4450152.0,
  "summary_bg_p05": 0.0,
  "summary_bg_p95": 68.89875335991383,
  "summary_bg_stdv": 26.45494307728668,
  "summary_csf_k": 19.094670189193035,
  "summary_csf_mad": 111.57828436691042,
  "summary_csf_mean": 303.69797019576055,
  "summary_csf_median": 295.03143218904734,
  "summary_csf_n": 31226.0,
  "summary_csf_p05": 101.44172268360853,
  "summary_csf_p95": 504.7064537629485,
  "summary_csf_stdv": 147.8065097039887,
  "summary_gm_k": 0.1036744877611202,
  "summary_gm_mad": 66.06812325861785,
  "summary_gm_mean": 689.6051978486346,
  "summary_gm_median": 689.9109496623278,
  "summary_gm_n": 38749.0,
  "summary_gm_p05": 578.9639990508556,
  "summary_gm_p95": 798.9514929175376,
  "summary_gm_stdv": 66.93536548354017,
  "summary_wm_k": 0.42035792076842027,
  "summary_wm_mad": 51.00847751584466,
  "summary_wm_mean": 1001.4383478603078,
  "summary_wm_median": 1000.029808819294,
  "summary_wm_n": 246519.0,
  "summary_wm_p05": 915.9095842242241,
  "summary_wm_p95": 1091.4479990750551,
  "summary_wm_stdv": 53.41794035642387,
  "tpm_overlap_csf": 0.14414404905733003,
  "tpm_overlap_gm": 0.46161312453131537,
  "tpm_overlap_wm": 0.5066160222405787,
  "wm2max": 0.5563251913962814
}