{
  "aor": 0.003391133333333333,
  "aqi": 0.005750334666666667,
  "bids_meta": {
    "AcquisitionMatrixPE": 64,
    "AcquisitionNumber": 1,
    "AcquisitionTime": "10:26:45.035010",
    "BaseResolution": 64,
    "ConversionSoftware": "dcm2niix",
    "ConversionSoftwareVersion": "v1.0.20190410  GCC6.3.0",
    "DeviceSerialNumber": "18011",
    "EchoTime": 0.03,
    "FlipAngle": 90,
    "ImageComments": "Fake_MoCo_Reference_Volume_+_DiCo_Applied",
    "ImageOrientationPatientDICOM": [
      1,
      2.22045e-16,
      -1.38778e-17,
      -2.22045e-16,
      0.975917,
      -0.218143
    ],
    "ImageType": [
      "ORIGINAL",
      "PRIMARY",
      "M",
      "ND",
      "DICO",
      "MOSAIC"
    ],
    "ImagingFrequency": 168.255,
    "InPlanePhaseEncodingDirectionDICOM": "COL",
    "MRAcquisitionType": "2D",
    "MagneticFieldStrength": 3.95064,
    "Manufacturer": "Siemens",
    "ManufacturersModelName": "MedSpec_4T",
    "Modality": "MR",
    "PartialFourier": 1,
    "PatientPosition": "HFS",
    "PercentPhaseFOV": 100,
    "PhaseEncodingDirection": "j-",
    "PhaseEncodingSteps": 64,
    "PhaseResolution": 1,
    "PixelBandwidth": 2790,
    "ProcedureStepDescription": "Research_fMRI",
    "ProtocolName": "mz_bold_dc_REST",
    "PulseSequenceDetails": "%CustomerSeq%_mz_ep2d_bold_dc",
    "ReceiveCoilName": "Head",
    "ReconMatrixPE": 64,
    "RepetitionTime": 2.1,
    "SAR": 0.0936917,
    "ScanOptions": "FS",
    "ScanningSequence": "SE_EP",
    "SequenceName": "epfid2d1_64",
    "SequenceVariant": "SK",
    "SeriesDescription": "mz_bold_dc_REST_DiCo",
    "SeriesNumber": 10,
    "ShimSetting": [
      20,
      9,
      52,
      2289,
      829,
      -3370,
      3332,
      -227
    ],
    "SliceThickness": 3,
    "SoftwareVersions": "syngo_MR_2004A_4VA25A",
    "SpacingBetweenSlices": 3.6,
    "StationName": "WES4T",
    "TaskName": "rest",
    "TxRefAmp": 186.845,
    "dataset": "ds004169",
    "modality": "bold",
    "session_id": "01",
    "subject_id": "0958",
    "task_id": "rest"
  },
  "dummy_trs": 0,
  "dvars_nstd": 26.644493717449677,
  "dvars_std": 1.2354383766442953,
  "dvars_vstd": 1.0090820545637587,
  "efc": 0.4495159862574341,
  "fber": 2975.96826171875,
  "fd_mean": 0.2142014757242135,
  "fd_num": 46,
  "fd_perc": 30.666666666666668,
  "fwhm_avg": 1.703158198067345,
  "fwhm_x": 1.614528,
  "fwhm_y": 1.9195409969124833,
  "fwhm_z": 1.5754055972895515,
  "gcor": 0.0399592,
  "gsr_x": -0.026143962517380714,
  "gsr_y": 0.0320875458419323,
  "provenance": {
    "md5sum": "b9ed06c63f44578a64cd6a299a66f09a",
    "settings": {
      "fd_thres": 0.2,
      "testing": false
    },
    "software": "mriqc",
    "version": "23.0.1",
    "webapi_port": null,
    "webapi_url": "https://mriqc.nimh.nih.gov/api/v1"
  },
  "size_t": 150,
  "size_x": 64,
  "size_y": 64,
  "size_z": 36,
  "snr": 5.4989859703491275,
  "spacing_tr": 2.0999999046325684,
  "spacing_x": 3.59375,
  "spacing_y": 3.593749761581421,
  "spacing_z": 3.5999999046325684,
  "summary_bg_k": 80.25542193779685,
  "summary_bg_mad": 6.197277018847878,
  "summary_bg_mean": 23.4365177154541,
  "summary_bg_median": 11.039999961853027,
  "summary_bg_n": 98877.0,
  "summary_bg_p05": 6.133333683013916,
  "summary_bg_p95": 71.31999969482422,
  "summary_bg_stdv": 37.178775787353516,
  "summary_fg_k": 1.5816128431693466,
  "summary_fg_mad": 103.29780297760948,
  "summary_fg_mean": 612.2920532226562,
  "summary_fg_median": 607.4466552734375,
  "summary_fg_n": 18786.0,
  "summary_fg_p05": 444.5333557128906,
  "summary_fg_p95": 789.8216705322266,
  "summary_fg_stdv": 110.46227264404297,
  "tsnr": 59.886124935001135
}