{
  "aor": 0.001988188976377953,
  "aqi": 0.01458185598425197,
  "bids_meta": {
    "AcquisitionMatrixPE": 64,
    "AcquisitionNumber": 1,
    "AcquisitionTime": "09:37:50.652500",
    "BaseResolution": 64,
    "ConversionSoftware": "dcm2niix",
    "ConversionSoftwareVersion": "v1.0.20190410  GCC6.3.0",
    "DeviceSerialNumber": "18011",
    "EchoTime": 0.03,
    "FlipAngle": 90,
    "ImageComments": "Fake_MoCo_Reference_Volume_+_DiCo_Applied",
    "ImageOrientationPatientDICOM": [
      1,
      0,
      -1.38778e-17,
      0,
      0.984808,
      -0.173648
    ],
    "ImageType": [
      "ORIGINAL",
      "PRIMARY",
      "M",
      "ND",
      "MOSAIC"
    ],
    "ImagingFrequency": 168.256,
    "InPlanePhaseEncodingDirectionDICOM": "COL",
    "MRAcquisitionType": "2D",
    "MagneticFieldStrength": 3.95064,
    "Manufacturer": "Siemens",
    "ManufacturersModelName": "MedSpec_4T",
    "Modality": "MR",
    "PartialFourier": 1,
    "PatientPosition": "HFS",
    "PercentPhaseFOV": 100,
    "PhaseEncodingDirection": "j-",
    "PhaseEncodingSteps": 64,
    "PhaseResolution": 1,
    "PixelBandwidth": 2790,
    "ProtocolName": "Nback_dc_opt",
    "PulseSequenceDetails": "%CustomerSeq%_kt_ep2d_bold_dc",
    "ReceiveCoilName": "Head_4T",
    "ReconMatrixPE": 64,
    "RepetitionTime": 2.1,
    "SAR": 0.0417503,
    "ScanOptions": "FS",
    "ScanningSequence": "SE_EP",
    "SequenceName": "epfid2d1_64",
    "SequenceVariant": "SK",
    "SeriesDescription": "Nback_dc_opt_DiCo",
    "SeriesNumber": 7,
    "ShimSetting": [
      25,
      -37,
      -58,
      1573,
      1067,
      -3277,
      1495,
      -312
    ],
    "SliceThickness": 3,
    "SoftwareVersions": "syngo_MR_2002B_4VA21A",
    "SpacingBetweenSlices": 3.6,
    "StationName": "wes4T",
    "TaskName": "nback",
    "TxRefAmp": 177.69,
    "dataset": "ds004169",
    "modality": "bold",
    "session_id": "01",
    "subject_id": "0716",
    "task_id": "nback"
  },
  "dummy_trs": 0,
  "dvars_nstd": 25.47997158277778,
  "dvars_std": 1.1170695197619045,
  "dvars_vstd": 0.9534388201587307,
  "efc": 0.46506459462943983,
  "fber": 2663.6708984375,
  "fd_mean": 0.13160501410444575,
  "fd_num": 21,
  "fd_perc": 16.53543307086614,
  "fwhm_avg": 1.768470247492938,
  "fwhm_x": 1.6509885217391302,
  "fwhm_y": 2.003110956521739,
  "fwhm_z": 1.6513112642179444,
  "gcor": 0.0234668,
  "gsr_x": -0.02313339151442051,
  "gsr_y": 0.030210554599761963,
  "provenance": {
    "md5sum": "7e0731e98b3ef9e84fd857a1a8a2847a",
    "settings": {
      "fd_thres": 0.2,
      "testing": false
    },
    "software": "mriqc",
    "version": "23.0.1",
    "webapi_port": null,
    "webapi_url": "https://mriqc.nimh.nih.gov/api/v1"
  },
  "size_t": 127,
  "size_x": 64,
  "size_y": 64,
  "size_z": 36,
  "snr": 5.99303133296469,
  "spacing_tr": 2.0999999046325684,
  "spacing_x": 3.59375,
  "spacing_y": 3.59375,
  "spacing_z": 3.5999996662139893,
  "summary_bg_k": 79.01470857989402,
  "summary_bg_mad": 8.171823596735676,
  "summary_bg_mean": 31.19496726989746,
  "summary_bg_median": 15.157480239868164,
  "summary_bg_n": 96803.0,
  "summary_bg_p05": 9.039369583129883,
  "summary_bg_p95": 91.05275268554674,
  "summary_bg_stdv": 47.15605163574219,
  "summary_fg_k": 2.2775270424206875,
  "summary_fg_mad": 119.50711366444685,
  "summary_fg_mean": 805.3970336914062,
  "summary_fg_median": 797.1495971679688,
  "summary_fg_n": 20580.0,
  "summary_fg_p05": 610.5980560302735,
  "summary_fg_p95": 1023.870877075195,
  "summary_fg_stdv": 133.009521484375,
  "tsnr": 48.40027663577348
}