{
  "aor": 0.0013229333333333335,
  "aqi": 0.010698842133333332,
  "bids_meta": {
    "AcquisitionMatrixPE": 64,
    "AcquisitionNumber": 1,
    "AcquisitionTime": "10:01:10.472510",
    "BaseResolution": 64,
    "ConversionSoftware": "dcm2niix",
    "ConversionSoftwareVersion": "v1.0.20190410  GCC6.3.0",
    "DeviceSerialNumber": "18011",
    "EchoTime": 0.03,
    "FlipAngle": 90,
    "ImageComments": "Fake_MoCo_Reference_Volume_+_DiCo_Applied",
    "ImageOrientationPatientDICOM": [
      1,
      0,
      0,
      0,
      1,
      0
    ],
    "ImageType": [
      "ORIGINAL",
      "PRIMARY",
      "M",
      "ND",
      "MOSAIC"
    ],
    "ImagingFrequency": 168.217,
    "InPlanePhaseEncodingDirectionDICOM": "COL",
    "MRAcquisitionType": "2D",
    "MagneticFieldStrength": 3.95064,
    "Manufacturer": "Siemens",
    "ManufacturersModelName": "MedSpec_4T",
    "Modality": "MR",
    "PartialFourier": 1,
    "PatientPosition": "HFS",
    "PercentPhaseFOV": 100,
    "PhaseEncodingDirection": "j-",
    "PhaseEncodingSteps": 64,
    "PhaseResolution": 1,
    "PixelBandwidth": 2790,
    "ProtocolName": "mz_bold_dc_REST",
    "PulseSequenceDetails": "%CustomerSeq%_mz_ep2d_bold_dc",
    "ReceiveCoilName": "Head_4T",
    "ReconMatrixPE": 64,
    "RepetitionTime": 2.1,
    "SAR": 0.0264357,
    "ScanOptions": "FS",
    "ScanningSequence": "SE_EP",
    "SequenceName": "epfid2d1_64",
    "SequenceVariant": "SK",
    "SeriesDescription": "mz_bold_dc_REST_DiCo",
    "SeriesNumber": 10,
    "ShimSetting": [
      10,
      13,
      -12,
      2160,
      -363,
      -2666,
      1004,
      278
    ],
    "SliceThickness": 3,
    "SoftwareVersions": "syngo_MR_2002B_4VA21A",
    "SpacingBetweenSlices": 3.6,
    "StationName": "wes4T",
    "TaskName": "rest",
    "TxRefAmp": 202.933,
    "dataset": "ds004169",
    "modality": "bold",
    "session_id": "02",
    "subject_id": "0730",
    "task_id": "rest"
  },
  "dummy_trs": 0,
  "dvars_nstd": 24.89898684174498,
  "dvars_std": 1.046417892013423,
  "dvars_vstd": 0.9564262938926171,
  "efc": 0.4879112557319333,
  "fber": 1674.1170654296875,
  "fd_mean": 0.10370362720084936,
  "fd_num": 1,
  "fd_perc": 0.6666666666666666,
  "fwhm_avg": 1.8146768974024956,
  "fwhm_x": 1.7042615652173914,
  "fwhm_y": 2.0461913043478264,
  "fwhm_z": 1.6935778226422686,
  "gcor": 0.0198475,
  "gsr_x": -0.02102206088602543,
  "gsr_y": 0.052782684564590454,
  "provenance": {
    "md5sum": "5b10abf64111303b9bc88544890fe2dd",
    "settings": {
      "fd_thres": 0.2,
      "testing": false
    },
    "software": "mriqc",
    "version": "23.0.1",
    "webapi_port": null,
    "webapi_url": "https://mriqc.nimh.nih.gov/api/v1"
  },
  "size_t": 150,
  "size_x": 64,
  "size_y": 64,
  "size_z": 36,
  "snr": 4.722753556378713,
  "spacing_tr": 2.0999999046325684,
  "spacing_x": 3.59375,
  "spacing_y": 3.59375,
  "spacing_z": 3.5999999046325684,
  "summary_bg_k": 62.689915262926434,
  "summary_bg_mad": 11.514876853348266,
  "summary_bg_mean": 38.059940338134766,
  "summary_bg_median": 19.079999923706055,
  "summary_bg_n": 95402.0,
  "summary_bg_p05": 10.58666706085205,
  "summary_bg_p95": 121.43366928100549,
  "summary_bg_stdv": 50.457550048828125,
  "summary_fg_k": 4.456198045914607,
  "summary_fg_mad": 127.42470178153464,
  "summary_fg_mean": 792.9615478515625,
  "summary_fg_median": 776.3733520507812,
  "summary_fg_n": 22298.0,
  "summary_fg_p05": 569.7977020263672,
  "summary_fg_p95": 1063.2644042968748,
  "summary_fg_stdv": 164.38629150390625,
  "tsnr": 46.79738172609359
}