{
  "aor": 0.0011783892617449666,
  "aqi": 0.026057281208053694,
  "bids_meta": {
    "AcquisitionMatrixPE": 64,
    "AcquisitionNumber": 1,
    "AcquisitionTime": "10:02:4.577500",
    "BaseResolution": 64,
    "ConversionSoftware": "dcm2niix",
    "ConversionSoftwareVersion": "v1.0.20190410  GCC6.3.0",
    "DeviceSerialNumber": "18011",
    "EchoTime": 0.03,
    "FlipAngle": 90,
    "ImageComments": "Fake_MoCo_Reference_Volume_+_DiCo_Applied",
    "ImageOrientationPatientDICOM": [
      1,
      0,
      0,
      0,
      1,
      0
    ],
    "ImageType": [
      "ORIGINAL",
      "PRIMARY",
      "M",
      "ND",
      "MOSAIC"
    ],
    "ImagingFrequency": 168.255,
    "InPlanePhaseEncodingDirectionDICOM": "COL",
    "MRAcquisitionType": "2D",
    "MagneticFieldStrength": 3.95064,
    "Manufacturer": "Siemens",
    "ManufacturersModelName": "MedSpec_4T",
    "Modality": "MR",
    "PartialFourier": 1,
    "PatientPosition": "HFS",
    "PercentPhaseFOV": 100,
    "PhaseEncodingDirection": "j-",
    "PhaseEncodingSteps": 64,
    "PhaseResolution": 1,
    "PixelBandwidth": 2790,
    "ProtocolName": "mz_bold_dc_REST",
    "PulseSequenceDetails": "%CustomerSeq%_mz_ep2d_bold_dc",
    "ReceiveCoilName": "Head_4T",
    "ReconMatrixPE": 64,
    "RepetitionTime": 2.1,
    "SAR": 0.0270136,
    "ScanOptions": "FS",
    "ScanningSequence": "SE_EP",
    "SequenceName": "epfid2d1_64",
    "SequenceVariant": "SK",
    "SeriesDescription": "mz_bold_dc_REST_DiCo",
    "SeriesNumber": 10,
    "ShimSetting": [
      31,
      -7,
      -20,
      2118,
      579,
      -3905,
      3308,
      -197
    ],
    "SliceThickness": 3,
    "SoftwareVersions": "syngo_MR_2002B_4VA21A",
    "SpacingBetweenSlices": 3.6,
    "StationName": "wes4T",
    "TaskName": "rest",
    "TxRefAmp": 221.029,
    "dataset": "ds004169",
    "modality": "bold",
    "session_id": "01",
    "subject_id": "0430",
    "task_id": "rest"
  },
  "dummy_trs": 1,
  "dvars_nstd": 36.095232899189185,
  "dvars_std": 1.1271958610135135,
  "dvars_vstd": 0.8658578188513517,
  "efc": 0.4662261887571709,
  "fber": 2874.436279296875,
  "fd_mean": 0.1853045912942657,
  "fd_num": 55,
  "fd_perc": 36.91275167785235,
  "fwhm_avg": 1.6985638964463927,
  "fwhm_x": 1.580577391304348,
  "fwhm_y": 1.9298114782608697,
  "fwhm_z": 1.5853028197739607,
  "gcor": 0.344817,
  "gsr_x": -0.022958099842071533,
  "gsr_y": 0.04777250438928604,
  "provenance": {
    "md5sum": "e14935d59f171e9c480adf996076693a",
    "settings": {
      "fd_thres": 0.2,
      "testing": false
    },
    "software": "mriqc",
    "version": "23.0.1",
    "webapi_port": null,
    "webapi_url": "https://mriqc.nimh.nih.gov/api/v1"
  },
  "size_t": 149,
  "size_x": 64,
  "size_y": 64,
  "size_z": 36,
  "snr": 5.886768357226894,
  "spacing_tr": 2.0999999046325684,
  "spacing_x": 3.59375,
  "spacing_y": 3.59375,
  "spacing_z": 3.5999999046325684,
  "summary_bg_k": 80.89578919947022,
  "summary_bg_mad": 6.318471849227667,
  "summary_bg_mean": 28.727754592895508,
  "summary_bg_median": 13.879194259643555,
  "summary_bg_n": 96663.0,
  "summary_bg_p05": 9.154362678527832,
  "summary_bg_p95": 80.4288566589355,
  "summary_bg_stdv": 47.36652374267578,
  "summary_fg_k": 1.9085822029942427,
  "summary_fg_mad": 118.69278643273714,
  "summary_fg_mean": 761.1038208007812,
  "summary_fg_median": 754.9966430664062,
  "summary_fg_n": 21110.0,
  "summary_fg_p05": 571.2707824707031,
  "summary_fg_p95": 966.6550292968749,
  "summary_fg_stdv": 128.2501220703125,
  "tsnr": 25.588018445589114
}