{
  "aor": 0.0036266,
  "aqi": 0.013070315066666666,
  "bids_meta": {
    "AcquisitionMatrixPE": 64,
    "AcquisitionNumber": 1,
    "AcquisitionTime": "12:57:31.652490",
    "BaseResolution": 64,
    "ConversionSoftware": "dcm2niix",
    "ConversionSoftwareVersion": "v1.0.20190410  GCC6.3.0",
    "DeviceSerialNumber": "18011",
    "EchoTime": 0.03,
    "FlipAngle": 90,
    "ImageComments": "Fake_MoCo_Reference_Volume_+_DiCo_Applied",
    "ImageOrientationPatientDICOM": [
      1,
      0,
      0,
      0,
      1,
      0
    ],
    "ImageType": [
      "ORIGINAL",
      "PRIMARY",
      "M",
      "ND",
      "MOSAIC"
    ],
    "ImagingFrequency": 168.217,
    "InPlanePhaseEncodingDirectionDICOM": "COL",
    "MRAcquisitionType": "2D",
    "MagneticFieldStrength": 3.95064,
    "Manufacturer": "Siemens",
    "ManufacturersModelName": "MedSpec_4T",
    "Modality": "MR",
    "PartialFourier": 1,
    "PatientPosition": "HFS",
    "PercentPhaseFOV": 100,
    "PhaseEncodingDirection": "j-",
    "PhaseEncodingSteps": 64,
    "PhaseResolution": 1,
    "PixelBandwidth": 2790,
    "ProtocolName": "mz_bold_dc_REST",
    "PulseSequenceDetails": "%CustomerSeq%_mz_ep2d_bold_dc",
    "ReceiveCoilName": "Head_4T",
    "ReconMatrixPE": 64,
    "RepetitionTime": 2.1,
    "SAR": 0.0328716,
    "ScanOptions": "FS",
    "ScanningSequence": "SE_EP",
    "SequenceName": "epfid2d1_64",
    "SequenceVariant": "SK",
    "SeriesDescription": "mz_bold_dc_REST_DiCo",
    "SeriesNumber": 10,
    "ShimSetting": [
      17,
      -42,
      15,
      1866,
      463,
      -3618,
      3675,
      -243
    ],
    "SliceThickness": 3,
    "SoftwareVersions": "syngo_MR_2002B_4VA21A",
    "SpacingBetweenSlices": 3.6,
    "StationName": "wes4T",
    "TaskName": "rest",
    "TxRefAmp": 179.31,
    "dataset": "ds004169",
    "modality": "bold",
    "session_id": "01",
    "subject_id": "1102",
    "task_id": "rest"
  },
  "dummy_trs": 0,
  "dvars_nstd": 37.03420993644296,
  "dvars_std": 1.307620092013423,
  "dvars_vstd": 0.9816144151006717,
  "efc": 0.44321707328830373,
  "fber": 3935.59375,
  "fd_mean": 0.21572013293030567,
  "fd_num": 57,
  "fd_perc": 38.0,
  "fwhm_avg": 1.9679381214101934,
  "fwhm_x": 1.8193613913043478,
  "fwhm_y": 2.308953043478261,
  "fwhm_z": 1.7754999294479716,
  "gcor": 0.132082,
  "gsr_x": -0.022390976548194885,
  "gsr_y": 0.041388023644685745,
  "provenance": {
    "md5sum": "f0634e08f757867d2c87f56f33681324",
    "settings": {
      "fd_thres": 0.2,
      "testing": false
    },
    "software": "mriqc",
    "version": "23.0.1",
    "webapi_port": null,
    "webapi_url": "https://mriqc.nimh.nih.gov/api/v1"
  },
  "size_t": 150,
  "size_x": 64,
  "size_y": 64,
  "size_z": 36,
  "snr": 4.645753843762079,
  "spacing_tr": 2.0999999046325684,
  "spacing_x": 3.59375,
  "spacing_y": 3.59375,
  "spacing_z": 3.6000001430511475,
  "summary_bg_k": 69.94123727799666,
  "summary_bg_mad": 6.503682599048631,
  "summary_bg_mean": 26.989465713500977,
  "summary_bg_median": 13.446666717529297,
  "summary_bg_n": 97866.0,
  "summary_bg_p05": 8.30666732788086,
  "summary_bg_p95": 82.4516658782959,
  "summary_bg_stdv": 38.068477630615234,
  "summary_fg_k": 4.246007437853337,
  "summary_fg_mad": 140.2542241651448,
  "summary_fg_mean": 870.3934326171875,
  "summary_fg_median": 850.8333740234375,
  "summary_fg_n": 19983.0,
  "summary_fg_p05": 636.625341796875,
  "summary_fg_p95": 1153.7594116210919,
  "summary_fg_stdv": 183.1375732421875,
  "tsnr": 39.832038508495316
}