{
  "aor": 0.0019811904761904762,
  "aqi": 0.009861061507936508,
  "bids_meta": {
    "AcquisitionMatrixPE": 64,
    "AcquisitionNumber": 1,
    "AcquisitionTime": "10:38:13.607500",
    "BaseResolution": 64,
    "ConversionSoftware": "dcm2niix",
    "ConversionSoftwareVersion": "v1.0.20190410  GCC6.3.0",
    "DeviceSerialNumber": "18011",
    "EchoTime": 0.03,
    "FlipAngle": 90,
    "ImageComments": "Fake_MoCo_Reference_Volume_+_DiCo_Applied",
    "ImageOrientationPatientDICOM": [
      1,
      0,
      0,
      0,
      1,
      0
    ],
    "ImageType": [
      "ORIGINAL",
      "PRIMARY",
      "M",
      "ND",
      "MOSAIC"
    ],
    "ImagingFrequency": 168.217,
    "InPlanePhaseEncodingDirectionDICOM": "COL",
    "MRAcquisitionType": "2D",
    "MagneticFieldStrength": 3.95064,
    "Manufacturer": "Siemens",
    "ManufacturersModelName": "MedSpec_4T",
    "Modality": "MR",
    "PartialFourier": 1,
    "PatientPosition": "HFS",
    "PercentPhaseFOV": 100,
    "PhaseEncodingDirection": "j-",
    "PhaseEncodingSteps": 64,
    "PhaseResolution": 1,
    "PixelBandwidth": 2790,
    "ProtocolName": "Nback_dc",
    "PulseSequenceDetails": "%CustomerSeq%_mz_ep2d_bold_dc",
    "ReceiveCoilName": "Head_4T",
    "ReconMatrixPE": 64,
    "RepetitionTime": 2.1,
    "SAR": 0.0439771,
    "ScanOptions": "FS",
    "ScanningSequence": "SE_EP",
    "SequenceName": "epfid2d1_64",
    "SequenceVariant": "SK",
    "SeriesDescription": "Nback_dc_DiCo",
    "SeriesNumber": 7,
    "ShimSetting": [
      12,
      2,
      -27,
      2293,
      255,
      -3428,
      2502,
      -364
    ],
    "SliceThickness": 3,
    "SoftwareVersions": "syngo_MR_2002B_4VA21A",
    "SpacingBetweenSlices": 3.6,
    "StationName": "wes4T",
    "TaskName": "nback",
    "TxRefAmp": 201.084,
    "dataset": "ds004169",
    "modality": "bold",
    "session_id": "01",
    "subject_id": "1064",
    "task_id": "nback"
  },
  "dummy_trs": 1,
  "dvars_nstd": 31.677831481839988,
  "dvars_std": 1.0969394336800002,
  "dvars_vstd": 1.02395117576,
  "efc": 0.5033691546287327,
  "fber": 2016.6259765625,
  "fd_mean": 0.12131953886504039,
  "fd_num": 17,
  "fd_perc": 13.492063492063492,
  "fwhm_avg": 1.787756715484587,
  "fwhm_x": 1.6598260869565218,
  "fwhm_y": 2.039816347826087,
  "fwhm_z": 1.663627711671152,
  "gcor": 0.0395973,
  "gsr_x": -0.019239390268921852,
  "gsr_y": 0.04989269748330116,
  "provenance": {
    "md5sum": "b42fe8e968ba2da56b0e768a57a1cf3c",
    "settings": {
      "fd_thres": 0.2,
      "testing": false
    },
    "software": "mriqc",
    "version": "23.0.1",
    "webapi_port": null,
    "webapi_url": "https://mriqc.nimh.nih.gov/api/v1"
  },
  "size_t": 126,
  "size_x": 64,
  "size_y": 64,
  "size_z": 36,
  "snr": 4.9811948403846795,
  "spacing_tr": 2.0999999046325684,
  "spacing_x": 3.59375,
  "spacing_y": 3.59375,
  "spacing_z": 3.6000001430511475,
  "summary_bg_k": 36.3227390995469,
  "summary_bg_mad": 7.036478632127508,
  "summary_bg_mean": 25.717004776000977,
  "summary_bg_median": 12.968255043029785,
  "summary_bg_n": 90702.0,
  "summary_bg_p05": 7.865079879760742,
  "summary_bg_p95": 77.94445037841797,
  "summary_bg_stdv": 32.337257385253906,
  "summary_fg_k": 4.088978780810055,
  "summary_fg_mad": 99.29317529945664,
  "summary_fg_mean": 609.1769409179688,
  "summary_fg_median": 602.8809814453125,
  "summary_fg_n": 25216.0,
  "summary_fg_p05": 434.9107360839844,
  "summary_fg_p95": 793.4345550537109,
  "summary_fg_stdv": 121.02899932861328,
  "tsnr": 44.21982818399556
}