{
  "aor": 0.001045234899328859,
  "aqi": 0.009610442147651006,
  "bids_meta": {
    "AcquisitionMatrixPE": 64,
    "AcquisitionNumber": 1,
    "AcquisitionTime": "12:14:43.859980",
    "BaseResolution": 64,
    "ConversionSoftware": "dcm2niix",
    "ConversionSoftwareVersion": "v1.0.20190410  GCC6.3.0",
    "DeviceSerialNumber": "18011",
    "EchoTime": 0.03,
    "FlipAngle": 90,
    "ImageComments": "Fake_MoCo_Reference_Volume_+_DiCo_Applied",
    "ImageOrientationPatientDICOM": [
      1,
      0,
      0,
      0,
      0.994522,
      -0.104528
    ],
    "ImageType": [
      "ORIGINAL",
      "PRIMARY",
      "M",
      "ND",
      "MOSAIC"
    ],
    "ImagingFrequency": 168.255,
    "InPlanePhaseEncodingDirectionDICOM": "COL",
    "MRAcquisitionType": "2D",
    "MagneticFieldStrength": 3.95064,
    "Manufacturer": "Siemens",
    "ManufacturersModelName": "MedSpec_4T",
    "Modality": "MR",
    "PartialFourier": 1,
    "PatientPosition": "HFS",
    "PercentPhaseFOV": 100,
    "PhaseEncodingDirection": "j-",
    "PhaseEncodingSteps": 64,
    "PhaseResolution": 1,
    "PixelBandwidth": 2790,
    "ProtocolName": "mz_bold_dc_REST",
    "PulseSequenceDetails": "%CustomerSeq%_mz_ep2d_bold_dc",
    "ReceiveCoilName": "Head_4T",
    "ReconMatrixPE": 64,
    "RepetitionTime": 2.1,
    "SAR": 0.0329501,
    "ScanOptions": "FS",
    "ScanningSequence": "SE_EP",
    "SequenceName": "epfid2d1_64",
    "SequenceVariant": "SK",
    "SeriesDescription": "mz_bold_dc_REST_DiCo",
    "SeriesNumber": 10,
    "ShimSetting": [
      28,
      -27,
      38,
      2172,
      820,
      -3820,
      3505,
      -13
    ],
    "SliceThickness": 3,
    "SoftwareVersions": "syngo_MR_2002B_4VA21A",
    "SpacingBetweenSlices": 3.6,
    "StationName": "wes4T",
    "TaskName": "rest",
    "TxRefAmp": 196.993,
    "dataset": "ds004169",
    "modality": "bold",
    "session_id": "01",
    "subject_id": "0726",
    "task_id": "rest"
  },
  "dummy_trs": 1,
  "dvars_nstd": 25.817754796824325,
  "dvars_std": 1.1163229250675677,
  "dvars_vstd": 0.9665631114189187,
  "efc": 0.47645477722464086,
  "fber": 2181.40869140625,
  "fd_mean": 0.10064656340521326,
  "fd_num": 3,
  "fd_perc": 2.0134228187919465,
  "fwhm_avg": 1.851212081139926,
  "fwhm_x": 1.766647652173913,
  "fwhm_y": 2.0750024347826086,
  "fwhm_z": 1.7119861564632564,
  "gcor": 0.00927118,
  "gsr_x": -0.024072902277112007,
  "gsr_y": 0.03693527728319168,
  "provenance": {
    "md5sum": "784d0f880ec0d10d7615332dff6ecd1d",
    "settings": {
      "fd_thres": 0.2,
      "testing": false
    },
    "software": "mriqc",
    "version": "23.0.1",
    "webapi_port": null,
    "webapi_url": "https://mriqc.nimh.nih.gov/api/v1"
  },
  "size_t": 149,
  "size_x": 64,
  "size_y": 64,
  "size_z": 36,
  "snr": 4.507889454939178,
  "spacing_tr": 2.0999999046325684,
  "spacing_x": 3.59375,
  "spacing_y": 3.59375,
  "spacing_z": 3.5999999046325684,
  "summary_bg_k": 32.96668818916406,
  "summary_bg_mad": 8.28864163881649,
  "summary_bg_mean": 32.47340774536133,
  "summary_bg_median": 16.02013397216797,
  "summary_bg_n": 94820.0,
  "summary_bg_p05": 9.919463157653809,
  "summary_bg_p95": 95.61778259277345,
  "summary_bg_stdv": 45.34061813354492,
  "summary_fg_k": 4.780946897199943,
  "summary_fg_mad": 131.63325060833265,
  "summary_fg_mean": 799.9241943359375,
  "summary_fg_median": 778.8859252929688,
  "summary_fg_n": 21949.0,
  "summary_fg_p05": 581.8228149414062,
  "summary_fg_p95": 1078.8751220703125,
  "summary_fg_stdv": 172.77890014648438,
  "tsnr": 50.28917178651318
}