{
  "bids_meta": {
    "AcquisitionMatrixPE": 225,
    "AcquisitionNumber": 1,
    "AcquisitionTime": "09:43:46.125000",
    "BaseResolution": 256,
    "ConversionSoftware": "dcm2niix",
    "ConversionSoftwareVersion": "v1.0.20190410  GCC6.3.0",
    "DeviceSerialNumber": "18011",
    "EchoTime": 0.00335,
    "FlipAngle": 8,
    "ImageOrientationPatientDICOM": [
      0,
      1,
      0,
      0,
      0,
      -1
    ],
    "ImageType": [
      "ORIGINAL",
      "PRIMARY",
      "M",
      "ND"
    ],
    "ImagingFrequency": 168.255,
    "InPlanePhaseEncodingDirectionDICOM": "ROW",
    "InversionTime": 0.7,
    "MRAcquisitionType": "3D",
    "MagneticFieldStrength": 3.95064,
    "Manufacturer": "Siemens",
    "ManufacturersModelName": "MedSpec_4T",
    "Modality": "MR",
    "PartialFourier": 0.875,
    "PatientPosition": "HFS",
    "PercentPhaseFOV": 100,
    "PhaseEncodingSteps": 197,
    "PhaseResolution": 0.878906,
    "PixelBandwidth": 200,
    "ProcedureStepDescription": "Research_fMRI",
    "ProtocolName": "t1_mpr_sag",
    "PulseSequenceDetails": "%SiemensSeq%_tfl",
    "ReceiveCoilName": "Head",
    "ReconMatrixPE": 256,
    "RepetitionTime": 1.5,
    "SAR": 0.0681485,
    "ScanOptions": "IR",
    "ScanningSequence": "IR_GR",
    "SequenceName": "tfl3d1_ns",
    "SequenceVariant": "SP_MP",
    "SeriesDescription": "t1_mpr_sag",
    "SeriesNumber": 2,
    "ShimSetting": [
      21,
      -15,
      13,
      2005,
      1155,
      -3198,
      3144,
      -120
    ],
    "SliceThickness": 0.9,
    "SoftwareVersions": "syngo_MR_2004A_4VA25A",
    "StationName": "WES4T",
    "TxRefAmp": 176.8,
    "dataset": "ds004169",
    "modality": "T1w",
    "session_id": "01",
    "subject_id": "0466"
  },
  "cjv": 0.3165552506935278,
  "cnr": 4.151474197402457,
  "efc": 0.44295920935260885,
  "fber": 17548.24755641638,
  "fwhm_avg": 5.111056787870404,
  "fwhm_x": 5.337255696944547,
  "fwhm_y": 5.388277333333334,
  "fwhm_z": 4.607637333333333,
  "icvs_csf": 0.21388346445292064,
  "icvs_gm": 0.4334339666928568,
  "icvs_wm": 0.3526825688542226,
  "inu_med": 0.6021697521209717,
  "inu_range": 0.39876823127269745,
  "provenance": {
    "md5sum": "790b37640661f2f7ef151ca2fefce2f9",
    "settings": {
      "testing": false
    },
    "software": "mriqc",
    "version": "23.0.1",
    "warnings": {
      "large_rot_frame": true,
      "small_air_mask": false
    },
    "webapi_port": null,
    "webapi_url": "https://mriqc.nimh.nih.gov/api/v1"
  },
  "qi_1": 0.0,
  "qi_2": 0.0062285114897477605,
  "rpve_csf": 24.835529173302447,
  "rpve_gm": 12.764033822968758,
  "rpve_wm": 18.391315609767585,
  "size_x": 240,
  "size_y": 256,
  "size_z": 256,
  "snr_csf": 2.0593544048607217,
  "snr_gm": 10.48005720041153,
  "snr_total": 11.484640392947853,
  "snr_wm": 21.91450957357131,
  "snrd_csf": 28.59526417466331,
  "snrd_gm": 68.22851823554562,
  "snrd_total": 66.30562190768404,
  "snrd_wm": 102.09308331284322,
  "spacing_x": 0.8999999761581421,
  "spacing_y": 0.9375,
  "spacing_z": 0.9375,
  "summary_bg_k": 5.572079310971628,
  "summary_bg_mad": 6.4170499245421135,
  "summary_bg_mean": 10.496638269653479,
  "summary_bg_median": 4.328234400600195,
  "summary_bg_n": 4287315.0,
  "summary_bg_p05": 0.0,
  "summary_bg_p95": 41.91865371540189,
  "summary_bg_stdv": 15.342997641336154,
  "summary_csf_k": 15.942190999694454,
  "summary_csf_mad": 123.11066327837301,
  "summary_csf_mean": 280.2011006340062,
  "summary_csf_median": 280.0901275128126,
  "summary_csf_n": 42789.0,
  "summary_csf_p05": 75.12154774740338,
  "summary_csf_p95": 470.5027956981212,
  "summary_csf_stdv": 136.0071165557986,
  "summary_gm_k": 0.0819787352987138,
  "summary_gm_mad": 63.511213294269545,
  "summary_gm_mean": 666.5218007134882,
  "summary_gm_median": 668.2971787173301,
  "summary_gm_n": 55821.0,
  "summary_gm_p05": 558.7572738528252,
  "summary_gm_p95": 767.4908246379346,
  "summary_gm_stdv": 63.76789552170835,
  "summary_wm_k": 0.7513605527730629,
  "summary_wm_mad": 41.49106252580654,
  "summary_wm_mean": 1000.5130748925263,
  "summary_wm_median": 1000.000019185245,
  "summary_wm_n": 277867.0,
  "summary_wm_p05": 925.7085437886417,
  "summary_wm_p95": 1075.9219938423485,
  "summary_wm_stdv": 45.631786392680866,
  "tpm_overlap_csf": 0.1243802246870881,
  "tpm_overlap_gm": 0.4576756116195953,
  "tpm_overlap_wm": 0.5006238318163749,
  "wm2max": 0.6297353246625016
}