{
  "bids_meta": {
    "AcquisitionMatrixPE": 225,
    "AcquisitionNumber": 1,
    "AcquisitionTime": "09:46:50.510000",
    "BaseResolution": 256,
    "ConversionSoftware": "dcm2niix",
    "ConversionSoftwareVersion": "v1.0.20190410  GCC6.3.0",
    "DeviceSerialNumber": "18011",
    "EchoTime": 0.00335,
    "FlipAngle": 8,
    "ImageOrientationPatientDICOM": [
      1,
      0,
      0,
      0,
      0,
      -1
    ],
    "ImageType": [
      "ORIGINAL",
      "PRIMARY",
      "M",
      "ND"
    ],
    "ImagingFrequency": 168.217,
    "InPlanePhaseEncodingDirectionDICOM": "ROW",
    "InversionTime": 0.7,
    "MRAcquisitionType": "3D",
    "MagneticFieldStrength": 3.95064,
    "Manufacturer": "Siemens",
    "ManufacturersModelName": "MedSpec_4T",
    "Modality": "MR",
    "PartialFourier": 0.875,
    "PatientPosition": "HFS",
    "PercentPhaseFOV": 100,
    "PhaseEncodingSteps": 197,
    "PhaseResolution": 0.878906,
    "PixelBandwidth": 200,
    "ProtocolName": "t1_mpr_cor",
    "PulseSequenceDetails": "%SiemensSeq%_tfl",
    "ReceiveCoilName": "Head_4T",
    "ReconMatrixPE": 256,
    "RepetitionTime": 1.5,
    "SAR": 0.00375988,
    "ScanOptions": "IR",
    "ScanningSequence": "IR_GR",
    "SequenceName": "tfl3d1_ns",
    "SequenceVariant": "SP_MP",
    "SeriesDescription": "t1_mpr_cor",
    "SeriesNumber": 9,
    "ShimSetting": [
      -1,
      -29,
      -12,
      1584,
      869,
      -3333,
      2377,
      -70
    ],
    "SliceThickness": 0.9,
    "SoftwareVersions": "syngo_MR_2002B_4VA21A",
    "StationName": "wes4T",
    "TxRefAmp": 175.68,
    "dataset": "ds004169",
    "modality": "T1w",
    "session_id": "01",
    "subject_id": "0258"
  },
  "cjv": 0.3674261043904161,
  "cnr": 3.5633674210305784,
  "efc": 0.46550741114554844,
  "fber": 1315.000814440458,
  "fwhm_avg": 4.25078167065254,
  "fwhm_x": 4.399509333333333,
  "fwhm_y": 4.645689011957619,
  "fwhm_z": 3.7071466666666666,
  "icvs_csf": 0.20706838083661797,
  "icvs_gm": 0.42487241509262863,
  "icvs_wm": 0.3680592040707534,
  "inu_med": 0.7002013921737671,
  "inu_range": 0.44718078672885886,
  "provenance": {
    "md5sum": "4bad14df27a3fee00ca8f513371a0caf",
    "settings": {
      "testing": false
    },
    "software": "mriqc",
    "version": "23.0.1",
    "warnings": {
      "large_rot_frame": true,
      "small_air_mask": false
    },
    "webapi_port": null,
    "webapi_url": "https://mriqc.nimh.nih.gov/api/v1"
  },
  "qi_1": 0.0,
  "qi_2": 0.018498436918462112,
  "rpve_csf": 29.48159404531431,
  "rpve_gm": 15.285572853820392,
  "rpve_wm": 20.67709639838386,
  "size_x": 256,
  "size_y": 256,
  "size_z": 256,
  "snr_csf": 1.3200759640400899,
  "snr_gm": 9.155234402171008,
  "snr_total": 9.822933843560955,
  "snr_wm": 18.993491164471767,
  "snrd_csf": 6.933729478824173,
  "snrd_gm": 17.198862800478715,
  "snrd_total": 16.640826187434033,
  "snrd_wm": 25.78988628299921,
  "spacing_x": 0.9375,
  "spacing_y": 0.8999999761581421,
  "spacing_z": 0.9375,
  "summary_bg_k": 189.73224874476193,
  "summary_bg_mad": 25.40284058118966,
  "summary_bg_mean": 20.249396237813418,
  "summary_bg_median": 17.133955597877502,
  "summary_bg_n": 5124053.0,
  "summary_bg_p05": 0.0,
  "summary_bg_p95": 65.85524582862854,
  "summary_bg_stdv": 25.71748849786371,
  "summary_csf_k": 20.67866533435676,
  "summary_csf_mad": 107.73382284538364,
  "summary_csf_mean": 299.9117412637091,
  "summary_csf_median": 268.8545844554901,
  "summary_csf_n": 31527.0,
  "summary_csf_p05": 90.45134699344635,
  "summary_csf_p95": 535.3546084165573,
  "summary_csf_stdv": 203.6627647703914,
  "summary_gm_k": 0.040714069454429236,
  "summary_gm_mad": 72.12688139648566,
  "summary_gm_mean": 667.1319926905707,
  "summary_gm_median": 666.8839800357819,
  "summary_gm_n": 40225.0,
  "summary_gm_p05": 547.634546995163,
  "summary_gm_p95": 786.5681011676788,
  "summary_gm_stdv": 72.84091933291963,
  "summary_wm_k": 0.5264536300985112,
  "summary_wm_mad": 50.26862322197363,
  "summary_wm_mean": 1000.3480525651458,
  "summary_wm_median": 999.9999539852142,
  "summary_wm_n": 273990.0,
  "summary_wm_p05": 914.5112960338593,
  "summary_wm_p95": 1086.4304361343384,
  "summary_wm_stdv": 52.64951663915571,
  "tpm_overlap_csf": 0.14136998488663785,
  "tpm_overlap_gm": 0.44986338989217234,
  "tpm_overlap_wm": 0.4981709818582948,
  "wm2max": 0.49401406560369354
}