{
  "aor": 0.003354533333333334,
  "aqi": 0.015620025333333332,
  "bids_meta": {
    "AcquisitionMatrixPE": 64,
    "AcquisitionNumber": 1,
    "AcquisitionTime": "09:03:50.439990",
    "BaseResolution": 64,
    "ConversionSoftware": "dcm2niix",
    "ConversionSoftwareVersion": "v1.0.20190410  GCC6.3.0",
    "DeviceSerialNumber": "18011",
    "EchoTime": 0.03,
    "FlipAngle": 90,
    "ImageComments": "Fake_MoCo_Reference_Volume_+_DiCo_Applied",
    "ImageOrientationPatientDICOM": [
      1,
      0,
      0,
      0,
      1,
      0
    ],
    "ImageType": [
      "ORIGINAL",
      "PRIMARY",
      "M",
      "ND",
      "MOSAIC"
    ],
    "ImagingFrequency": 168.217,
    "InPlanePhaseEncodingDirectionDICOM": "COL",
    "MRAcquisitionType": "2D",
    "MagneticFieldStrength": 3.95064,
    "Manufacturer": "Siemens",
    "ManufacturersModelName": "MedSpec_4T",
    "Modality": "MR",
    "PartialFourier": 1,
    "PatientPosition": "HFS",
    "PercentPhaseFOV": 100,
    "PhaseEncodingDirection": "j-",
    "PhaseEncodingSteps": 64,
    "PhaseResolution": 1,
    "PixelBandwidth": 2790,
    "ProtocolName": "mz_bold_dc_REST",
    "PulseSequenceDetails": "%CustomerSeq%_mz_ep2d_bold_dc",
    "ReceiveCoilName": "Head_4T",
    "ReconMatrixPE": 64,
    "RepetitionTime": 2.1,
    "SAR": 0.0271166,
    "ScanOptions": "FS",
    "ScanningSequence": "SE_EP",
    "SequenceName": "epfid2d1_64",
    "SequenceVariant": "SK",
    "SeriesDescription": "mz_bold_dc_REST_DiCo",
    "SeriesNumber": 10,
    "ShimSetting": [
      29,
      -9,
      -31,
      2013,
      65,
      -2521,
      2830,
      303
    ],
    "SliceThickness": 3,
    "SoftwareVersions": "syngo_MR_2002B_4VA21A",
    "SpacingBetweenSlices": 3.6,
    "StationName": "wes4T",
    "TaskName": "rest",
    "TxRefAmp": 173.159,
    "dataset": "ds004169",
    "modality": "bold",
    "session_id": "01",
    "subject_id": "0071",
    "task_id": "rest"
  },
  "dummy_trs": 0,
  "dvars_nstd": 34.543757777651,
  "dvars_std": 1.1702729709395976,
  "dvars_vstd": 0.9217574012751677,
  "efc": 0.47457092626252223,
  "fber": 3292.37353515625,
  "fd_mean": 0.21942976867742875,
  "fd_num": 38,
  "fd_perc": 25.333333333333332,
  "fwhm_avg": 1.6830338199900712,
  "fwhm_x": 1.5734288695652174,
  "fwhm_y": 1.9777892173913043,
  "fwhm_z": 1.4978833730136918,
  "gcor": 0.0123916,
  "gsr_x": -0.0317961685359478,
  "gsr_y": 0.07146143913269043,
  "provenance": {
    "md5sum": "d182db9fca285cb1a348ca3c0a44eefb",
    "settings": {
      "fd_thres": 0.2,
      "testing": false
    },
    "software": "mriqc",
    "version": "22.0.6",
    "webapi_port": null,
    "webapi_url": "https://mriqc.nimh.nih.gov/api/v1"
  },
  "size_t": 150,
  "size_x": 64,
  "size_y": 64,
  "size_z": 36,
  "snr": 4.741048240080361,
  "spacing_tr": 2.0999999046325684,
  "spacing_x": 3.59375,
  "spacing_y": 3.59375,
  "spacing_z": 3.5999999046325684,
  "summary_bg_k": 83.35069049995172,
  "summary_bg_mad": 8.638629878531876,
  "summary_bg_mean": 31.90315818786621,
  "summary_bg_median": 13.80666732788086,
  "summary_bg_n": 93710.0,
  "summary_bg_p05": 4.683000302314757,
  "summary_bg_p95": 93.57700119018557,
  "summary_bg_stdv": 66.04827880859375,
  "summary_fg_k": 2.4683504341776716,
  "summary_fg_mad": 143.57523865606004,
  "summary_fg_mean": 799.1373291015625,
  "summary_fg_median": 781.6533813476562,
  "summary_fg_n": 22843.0,
  "summary_fg_p05": 570.3120300292969,
  "summary_fg_p95": 1075.570703125,
  "summary_fg_stdv": 164.86570739746094,
  "tsnr": 41.44245494157076
}