{
  "aor": 0.005249333333333334,
  "aqi": 0.0088888094,
  "bids_meta": {
    "AcquisitionMatrixPE": 64,
    "AcquisitionNumber": 1,
    "AcquisitionTime": "09:58:55.130010",
    "BaseResolution": 64,
    "ConversionSoftware": "dcm2niix",
    "ConversionSoftwareVersion": "v1.0.20190410  GCC6.3.0",
    "DeviceSerialNumber": "18011",
    "EchoTime": 0.03,
    "FlipAngle": 90,
    "ImageComments": "Fake_MoCo_Reference_Volume_+_DiCo_Applied",
    "ImageOrientationPatientDICOM": [
      1,
      0,
      2.77556e-17,
      0,
      0.928486,
      -0.371368
    ],
    "ImageType": [
      "ORIGINAL",
      "PRIMARY",
      "M",
      "ND",
      "DICO",
      "MOSAIC"
    ],
    "ImagingFrequency": 168.255,
    "InPlanePhaseEncodingDirectionDICOM": "COL",
    "MRAcquisitionType": "2D",
    "MagneticFieldStrength": 3.95064,
    "Manufacturer": "Siemens",
    "ManufacturersModelName": "MedSpec_4T",
    "Modality": "MR",
    "PartialFourier": 1,
    "PatientPosition": "HFS",
    "PercentPhaseFOV": 100,
    "PhaseEncodingDirection": "j-",
    "PhaseEncodingSteps": 64,
    "PhaseResolution": 1,
    "PixelBandwidth": 2790,
    "ProcedureStepDescription": "Research_fMRI",
    "ProtocolName": "mz_bold_dc_REST",
    "PulseSequenceDetails": "%CustomerSeq%_mz_ep2d_bold_dc",
    "ReceiveCoilName": "Head",
    "ReconMatrixPE": 64,
    "RepetitionTime": 2.1,
    "SAR": 0.0710922,
    "ScanOptions": "FS",
    "ScanningSequence": "SE_EP",
    "SequenceName": "epfid2d1_64",
    "SequenceVariant": "SK",
    "SeriesDescription": "mz_bold_dc_REST_DiCo",
    "SeriesNumber": 9,
    "ShimSetting": [
      33,
      7,
      21,
      1512,
      1107,
      -2812,
      1870,
      -934
    ],
    "SliceThickness": 3,
    "SoftwareVersions": "syngo_MR_2004A_4VA25A",
    "SpacingBetweenSlices": 3.6,
    "StationName": "WES4T",
    "TaskName": "rest",
    "TxRefAmp": 193.983,
    "dataset": "ds004169",
    "modality": "bold",
    "session_id": "02",
    "subject_id": "1157",
    "task_id": "rest"
  },
  "dummy_trs": 0,
  "dvars_nstd": 27.455623204228182,
  "dvars_std": 1.2242371456375842,
  "dvars_vstd": 1.0257309069127518,
  "efc": 0.48346382037864655,
  "fber": 2121.5341796875,
  "fd_mean": 0.19036887514743125,
  "fd_num": 35,
  "fd_perc": 23.333333333333332,
  "fwhm_avg": 1.8129690278841508,
  "fwhm_x": 1.707353043478261,
  "fwhm_y": 1.946368,
  "fwhm_z": 1.7851860401741912,
  "gcor": 0.0345482,
  "gsr_x": -0.022671515122056007,
  "gsr_y": 0.043978702276945114,
  "provenance": {
    "md5sum": "1e3bce11610a6fb6f5ce150479b192df",
    "settings": {
      "fd_thres": 0.2,
      "testing": false
    },
    "software": "mriqc",
    "version": "23.0.1",
    "webapi_port": null,
    "webapi_url": "https://mriqc.nimh.nih.gov/api/v1"
  },
  "size_t": 150,
  "size_x": 64,
  "size_y": 64,
  "size_z": 36,
  "snr": 5.435544932453475,
  "spacing_tr": 2.0999999046325684,
  "spacing_x": 3.59375,
  "spacing_y": 3.59375,
  "spacing_z": 3.6000001430511475,
  "summary_bg_k": 63.19807699389406,
  "summary_bg_mad": 9.834595941484196,
  "summary_bg_mean": 29.754261016845703,
  "summary_bg_median": 14.186667442321777,
  "summary_bg_n": 95147.0,
  "summary_bg_p05": 5.820000171661377,
  "summary_bg_p95": 98.22466888427732,
  "summary_bg_stdv": 41.44662094116211,
  "summary_fg_k": 1.7417891205601208,
  "summary_fg_mad": 110.55272654110126,
  "summary_fg_mean": 666.9652709960938,
  "summary_fg_median": 662.0,
  "summary_fg_n": 21866.0,
  "summary_fg_p05": 477.25000762939453,
  "summary_fg_p95": 864.6483612060547,
  "summary_fg_stdv": 121.78813171386719,
  "tsnr": 49.259141884977
}