{
  "aor": 0.006219197860962567,
  "aqi": 0.017789982780748663,
  "bids_meta": {
    "AcquisitionMatrixPE": 64,
    "AcquisitionNumber": 1,
    "AcquisitionTime": "08:19:25.020010",
    "BaseResolution": 64,
    "ConversionSoftware": "dcm2niix",
    "ConversionSoftwareVersion": "v1.0.20190410  GCC6.3.0",
    "DeviceSerialNumber": "18011",
    "EchoTime": 0.03,
    "FlipAngle": 90,
    "ImageComments": "Fake_MoCo_Reference_Volume_+_DiCo_Applied",
    "ImageOrientationPatientDICOM": [
      0.997564,
      0,
      0.0697565,
      0,
      1,
      6.93889e-18
    ],
    "ImageType": [
      "ORIGINAL",
      "PRIMARY",
      "M",
      "ND",
      "MOSAIC"
    ],
    "ImagingFrequency": 168.256,
    "InPlanePhaseEncodingDirectionDICOM": "COL",
    "MRAcquisitionType": "2D",
    "MagneticFieldStrength": 3.95064,
    "Manufacturer": "Siemens",
    "ManufacturersModelName": "MedSpec_4T",
    "Modality": "MR",
    "PartialFourier": 1,
    "PatientPosition": "HFS",
    "PercentPhaseFOV": 100,
    "PhaseEncodingDirection": "j-",
    "PhaseEncodingSteps": 64,
    "PhaseResolution": 1,
    "PixelBandwidth": 2790,
    "ProtocolName": "Nback_1.5s_dcopt",
    "PulseSequenceDetails": "%CustomerSeq%_kt_ep2d_bold_dc",
    "ReceiveCoilName": "Head_4T",
    "ReconMatrixPE": 64,
    "RepetitionTime": 2.1,
    "SAR": 0.0451625,
    "ScanOptions": "FS",
    "ScanningSequence": "SE_EP",
    "SequenceName": "epfid2d1_64",
    "SequenceVariant": "SK",
    "SeriesDescription": "Nback_1.5s_dcopt_DiCo",
    "SeriesNumber": 7,
    "ShimSetting": [
      6,
      -10,
      28,
      935,
      757,
      -3120,
      2015,
      -65
    ],
    "SliceThickness": 3,
    "SoftwareVersions": "syngo_MR_2002B_4VA21A",
    "SpacingBetweenSlices": 3.6,
    "StationName": "wes4T",
    "TaskName": "nback",
    "TxRefAmp": 181.134,
    "dataset": "ds004169",
    "modality": "bold",
    "session_id": "01",
    "subject_id": "1201",
    "task_id": "nback"
  },
  "dummy_trs": 0,
  "dvars_nstd": 29.300901269247312,
  "dvars_std": 1.1708711840860218,
  "dvars_vstd": 0.9955693768817203,
  "efc": 0.49882545397843653,
  "fber": 2080.31396484375,
  "fd_mean": 0.19940056579789525,
  "fd_num": 58,
  "fd_perc": 31.016042780748663,
  "fwhm_avg": 1.7819006474221057,
  "fwhm_x": 1.7093370434782609,
  "fwhm_y": 1.9861565217391304,
  "fwhm_z": 1.6502083770489264,
  "gcor": 0.0857566,
  "gsr_x": -0.025898287072777748,
  "gsr_y": 0.05237734690308571,
  "provenance": {
    "md5sum": "bf7faa8552824f052b094a236d470dd4",
    "settings": {
      "fd_thres": 0.2,
      "testing": false
    },
    "software": "mriqc",
    "version": "23.0.1",
    "webapi_port": null,
    "webapi_url": "https://mriqc.nimh.nih.gov/api/v1"
  },
  "size_t": 187,
  "size_x": 64,
  "size_y": 64,
  "size_z": 36,
  "snr": 5.378409626385551,
  "spacing_tr": 2.0999999046325684,
  "spacing_x": 3.59375,
  "spacing_y": 3.59375,
  "spacing_z": 3.5999999046325684,
  "summary_bg_k": 110.90291918325377,
  "summary_bg_mad": 9.862872920709252,
  "summary_bg_mean": 29.721694946289062,
  "summary_bg_median": 14.310160636901855,
  "summary_bg_n": 92093.0,
  "summary_bg_p05": 6.877005577087402,
  "summary_bg_p95": 83.88770294189453,
  "summary_bg_stdv": 46.52720642089844,
  "summary_fg_k": 2.1536386748511376,
  "summary_fg_mad": 113.24062174357815,
  "summary_fg_mean": 664.6495971679688,
  "summary_fg_median": 659.5615234375,
  "summary_fg_n": 24681.0,
  "summary_fg_p05": 477.2727355957031,
  "summary_fg_p95": 851.45458984375,
  "summary_fg_stdv": 122.62884521484375,
  "tsnr": 38.537263554753736
}