{
  "aor": 0.004108926174496644,
  "aqi": 0.014131449999999999,
  "bids_meta": {
    "AcquisitionMatrixPE": 64,
    "AcquisitionNumber": 1,
    "AcquisitionTime": "08:54:51.564980",
    "BaseResolution": 64,
    "ConversionSoftware": "dcm2niix",
    "ConversionSoftwareVersion": "v1.0.20190410  GCC6.3.0",
    "DeviceSerialNumber": "18011",
    "EchoTime": 0.03,
    "FlipAngle": 90,
    "ImageComments": "Fake_MoCo_Reference_Volume_+_DiCo_Applied",
    "ImageOrientationPatientDICOM": [
      1,
      0,
      -1.38778e-17,
      0,
      0.984808,
      -0.173648
    ],
    "ImageType": [
      "ORIGINAL",
      "PRIMARY",
      "M",
      "ND",
      "MOSAIC"
    ],
    "ImagingFrequency": 168.217,
    "InPlanePhaseEncodingDirectionDICOM": "COL",
    "MRAcquisitionType": "2D",
    "MagneticFieldStrength": 3.95064,
    "Manufacturer": "Siemens",
    "ManufacturersModelName": "MedSpec_4T",
    "Modality": "MR",
    "PartialFourier": 1,
    "PatientPosition": "HFS",
    "PercentPhaseFOV": 100,
    "PhaseEncodingDirection": "j-",
    "PhaseEncodingSteps": 64,
    "PhaseResolution": 1,
    "PixelBandwidth": 2790,
    "ProtocolName": "mz_bold_dc_REST",
    "PulseSequenceDetails": "%CustomerSeq%_mz_ep2d_bold_dc",
    "ReceiveCoilName": "Head_4T",
    "ReconMatrixPE": 64,
    "RepetitionTime": 2.1,
    "SAR": 0.0204146,
    "ScanOptions": "FS",
    "ScanningSequence": "SE_EP",
    "SequenceName": "epfid2d1_64",
    "SequenceVariant": "SK",
    "SeriesDescription": "mz_bold_dc_REST_DiCo",
    "SeriesNumber": 10,
    "ShimSetting": [
      21,
      6,
      12,
      1034,
      530,
      -3161,
      1694,
      208
    ],
    "SliceThickness": 3,
    "SoftwareVersions": "syngo_MR_2002B_4VA21A",
    "SpacingBetweenSlices": 3.6,
    "StationName": "wes4T",
    "TaskName": "rest",
    "TxRefAmp": 166.269,
    "dataset": "ds004169",
    "modality": "bold",
    "session_id": "01",
    "subject_id": "0490",
    "task_id": "rest"
  },
  "dummy_trs": 1,
  "dvars_nstd": 24.599463398108096,
  "dvars_std": 1.045819882094595,
  "dvars_vstd": 0.9602461941216216,
  "efc": 0.44383214015684824,
  "fber": 2782.30517578125,
  "fd_mean": 0.15769127475167607,
  "fd_num": 18,
  "fd_perc": 12.080536912751677,
  "fwhm_avg": 1.7556500622681643,
  "fwhm_x": 1.6338671304347827,
  "fwhm_y": 1.9309495652173914,
  "fwhm_z": 1.7021334911523187,
  "gcor": 0.0316287,
  "gsr_x": -0.021450821310281754,
  "gsr_y": 0.03858448192477226,
  "provenance": {
    "md5sum": "643beca0c3c289dd669b43dd9f74287c",
    "settings": {
      "fd_thres": 0.2,
      "testing": false
    },
    "software": "mriqc",
    "version": "23.0.1",
    "webapi_port": null,
    "webapi_url": "https://mriqc.nimh.nih.gov/api/v1"
  },
  "size_t": 149,
  "size_x": 64,
  "size_y": 64,
  "size_z": 36,
  "snr": 5.339263401166115,
  "spacing_tr": 2.0999999046325684,
  "spacing_x": 3.59375,
  "spacing_y": 3.59375,
  "spacing_z": 3.5999996662139893,
  "summary_bg_k": 110.01466166539916,
  "summary_bg_mad": 7.830926153456486,
  "summary_bg_mean": 27.172903060913086,
  "summary_bg_median": 13.818792343139648,
  "summary_bg_n": 99764.0,
  "summary_bg_p05": 8.00671100616455,
  "summary_bg_p95": 76.9395980834961,
  "summary_bg_stdv": 42.17399978637695,
  "summary_fg_k": 1.8663647279603888,
  "summary_fg_mad": 129.0759337140408,
  "summary_fg_mean": 758.0631103515625,
  "summary_fg_median": 744.8657836914062,
  "summary_fg_n": 18732.0,
  "summary_fg_p05": 559.6661071777344,
  "summary_fg_p95": 996.7184753417969,
  "summary_fg_stdv": 139.5034942626953,
  "tsnr": 41.45368931349367
}