{
  "bids_meta": {
    "AcquisitionMatrixPE": 225,
    "AcquisitionNumber": 1,
    "AcquisitionTime": "08:30:8.967510",
    "BaseResolution": 256,
    "ConversionSoftware": "dcm2niix",
    "ConversionSoftwareVersion": "v1.0.20190410  GCC6.3.0",
    "DeviceSerialNumber": "18011",
    "EchoTime": 0.00335,
    "FlipAngle": 8,
    "ImageOrientationPatientDICOM": [
      0.999391,
      0.0348995,
      0,
      0,
      2.22045e-16,
      -1
    ],
    "ImageType": [
      "ORIGINAL",
      "PRIMARY",
      "M",
      "ND"
    ],
    "ImagingFrequency": 168.255,
    "InPlanePhaseEncodingDirectionDICOM": "ROW",
    "InversionTime": 0.7,
    "MRAcquisitionType": "3D",
    "MagneticFieldStrength": 3.95064,
    "Manufacturer": "Siemens",
    "ManufacturersModelName": "MedSpec_4T",
    "Modality": "MR",
    "PartialFourier": 0.875,
    "PatientPosition": "HFS",
    "PercentPhaseFOV": 100,
    "PhaseEncodingSteps": 197,
    "PhaseResolution": 0.878906,
    "PixelBandwidth": 200,
    "ProtocolName": "t1_mpr_cor",
    "PulseSequenceDetails": "%SiemensSeq%_tfl",
    "ReceiveCoilName": "Head_4T",
    "ReconMatrixPE": 256,
    "RepetitionTime": 1.5,
    "SAR": 0.00481784,
    "ScanOptions": "IR",
    "ScanningSequence": "IR_GR",
    "SequenceName": "tfl3d1_ns",
    "SequenceVariant": "SP_MP",
    "SeriesDescription": "t1_mpr_cor",
    "SeriesNumber": 8,
    "ShimSetting": [
      11,
      -6,
      19,
      1601,
      -6,
      -3528,
      2959,
      179
    ],
    "SliceThickness": 0.9,
    "SoftwareVersions": "syngo_MR_2002B_4VA21A",
    "StationName": "wes4T",
    "TxRefAmp": 167.264,
    "dataset": "ds004169",
    "modality": "T1w",
    "session_id": "01",
    "subject_id": "0543"
  },
  "cjv": 0.37462724608183845,
  "cnr": 3.504273398083519,
  "efc": 0.45974733249460714,
  "fber": 964.4789003673094,
  "fwhm_avg": 4.3226441897793695,
  "fwhm_x": 4.397045333333334,
  "fwhm_y": 4.714577902671441,
  "fwhm_z": 3.8563093333333334,
  "icvs_csf": 0.22403284953948238,
  "icvs_gm": 0.4289543066648675,
  "icvs_wm": 0.34701284379565017,
  "inu_med": 0.7329156994819641,
  "inu_range": 0.46130060553550734,
  "provenance": {
    "md5sum": "1380f1fee791fa031749877f2542bce6",
    "settings": {
      "testing": false
    },
    "software": "mriqc",
    "version": "23.0.1",
    "warnings": {
      "large_rot_frame": true,
      "small_air_mask": false
    },
    "webapi_port": null,
    "webapi_url": "https://mriqc.nimh.nih.gov/api/v1"
  },
  "qi_1": 0.0,
  "qi_2": 0.04256328459673514,
  "rpve_csf": 26.515539287845634,
  "rpve_gm": 14.490960554271224,
  "rpve_wm": 21.06718987201087,
  "size_x": 256,
  "size_y": 256,
  "size_z": 256,
  "snr_csf": 1.8946568562054253,
  "snr_gm": 9.077809812395348,
  "snr_total": 9.7725442237245,
  "snr_wm": 18.345166002572725,
  "snrd_csf": 6.9432167785310765,
  "snrd_gm": 17.50568395545254,
  "snrd_total": 16.891375135217288,
  "snrd_wm": 26.22522467166825,
  "spacing_x": 0.9375,
  "spacing_y": 0.8999999761581421,
  "spacing_z": 0.9375,
  "summary_bg_k": 15.843624915987885,
  "summary_bg_mad": 0.0,
  "summary_bg_mean": 17.644104427369854,
  "summary_bg_median": 0.0,
  "summary_bg_n": 4603600.0,
  "summary_bg_p05": 0.0,
  "summary_bg_p95": 64.56253769807518,
  "summary_bg_stdv": 24.981155293443067,
  "summary_csf_k": 21.43510289821827,
  "summary_csf_mad": 105.75402658678333,
  "summary_csf_mean": 274.0800049437882,
  "summary_csf_median": 264.753380487673,
  "summary_csf_n": 35638.0,
  "summary_csf_p05": 84.9383454117924,
  "summary_csf_p95": 468.64798140851786,
  "summary_csf_stdv": 139.7348892560898,
  "summary_gm_k": 0.04472963586380585,
  "summary_gm_mad": 73.36835225849899,
  "summary_gm_mean": 664.7346872994699,
  "summary_gm_median": 667.5132222985849,
  "summary_gm_n": 37246.0,
  "summary_gm_p05": 538.4321868326515,
  "summary_gm_p95": 779.9912040727213,
  "summary_gm_stdv": 73.53142169333891,
  "summary_wm_k": 0.7783190241117612,
  "summary_wm_mad": 51.19025942212685,
  "summary_wm_mean": 1000.3924888329468,
  "summary_wm_median": 1000.0000154599547,
  "summary_wm_n": 260258.0,
  "summary_wm_p05": 912.1550346538424,
  "summary_wm_p95": 1089.7533932421356,
  "summary_wm_stdv": 54.51016873585713,
  "tpm_overlap_csf": 0.15376859037864693,
  "tpm_overlap_gm": 0.4681629821525913,
  "tpm_overlap_wm": 0.5009956513981434,
  "wm2max": 0.5595715318393901
}