{
  "aor": 0.003914724409448819,
  "aqi": 0.010372421181102359,
  "bids_meta": {
    "AcquisitionMatrixPE": 64,
    "AcquisitionNumber": 1,
    "AcquisitionTime": "16:40:23.707500",
    "BaseResolution": 64,
    "ConversionSoftware": "dcm2niix",
    "ConversionSoftwareVersion": "v1.0.20190410  GCC6.3.0",
    "DeviceSerialNumber": "18011",
    "EchoTime": 0.03,
    "FlipAngle": 90,
    "ImageComments": "Fake_MoCo_Reference_Volume_+_DiCo_Applied",
    "ImageOrientationPatientDICOM": [
      0.99863,
      2.22045e-16,
      -0.052336,
      -2.22045e-16,
      1,
      0
    ],
    "ImageType": [
      "ORIGINAL",
      "PRIMARY",
      "M",
      "ND",
      "MOSAIC"
    ],
    "ImagingFrequency": 168.217,
    "InPlanePhaseEncodingDirectionDICOM": "COL",
    "MRAcquisitionType": "2D",
    "MagneticFieldStrength": 3.95064,
    "Manufacturer": "Siemens",
    "ManufacturersModelName": "MedSpec_4T",
    "Modality": "MR",
    "PartialFourier": 1,
    "PatientPosition": "HFS",
    "PercentPhaseFOV": 100,
    "PhaseEncodingDirection": "j-",
    "PhaseEncodingSteps": 64,
    "PhaseResolution": 1,
    "PixelBandwidth": 2790,
    "ProtocolName": "Nback_dc",
    "PulseSequenceDetails": "%CustomerSeq%_mz_ep2d_bold_dc",
    "ReceiveCoilName": "Head_4T",
    "ReconMatrixPE": 64,
    "RepetitionTime": 2.1,
    "SAR": 0.0543294,
    "ScanOptions": "FS",
    "ScanningSequence": "SE_EP",
    "SequenceName": "epfid2d1_64",
    "SequenceVariant": "SK",
    "SeriesDescription": "Nback_dc_DiCo",
    "SeriesNumber": 7,
    "ShimSetting": [
      4,
      -30,
      -36,
      1900,
      292,
      -3448,
      3011,
      52
    ],
    "SliceThickness": 3,
    "SoftwareVersions": "syngo_MR_2002B_4VA21A",
    "SpacingBetweenSlices": 3.6,
    "StationName": "wes4T",
    "TaskName": "nback",
    "TxRefAmp": 167.963,
    "dataset": "ds004169",
    "modality": "bold",
    "session_id": "01",
    "subject_id": "1143",
    "task_id": "nback"
  },
  "dummy_trs": 0,
  "dvars_nstd": 26.330564014761904,
  "dvars_std": 1.1791756122222226,
  "dvars_vstd": 0.995776967222222,
  "efc": 0.46297838354242027,
  "fber": 3093.38330078125,
  "fd_mean": 0.15701664592384285,
  "fd_num": 31,
  "fd_perc": 24.409448818897637,
  "fwhm_avg": 1.8499975198400411,
  "fwhm_x": 1.7040222608695652,
  "fwhm_y": 2.1221314782608696,
  "fwhm_z": 1.7238388203896886,
  "gcor": 0.013999,
  "gsr_x": -0.024778958410024643,
  "gsr_y": 0.03508703038096428,
  "provenance": {
    "md5sum": "8309d0dc466ca8387be71d3125160a5b",
    "settings": {
      "fd_thres": 0.2,
      "testing": false
    },
    "software": "mriqc",
    "version": "23.0.1",
    "webapi_port": null,
    "webapi_url": "https://mriqc.nimh.nih.gov/api/v1"
  },
  "size_t": 127,
  "size_x": 64,
  "size_y": 64,
  "size_z": 36,
  "snr": 5.782559600895665,
  "spacing_tr": 2.0999999046325684,
  "spacing_x": 3.59375,
  "spacing_y": 3.59375,
  "spacing_z": 3.6000001430511475,
  "summary_bg_k": 43.25547023207709,
  "summary_bg_mad": 7.879972198526678,
  "summary_bg_mean": 27.35463523864746,
  "summary_bg_median": 14.496063232421875,
  "summary_bg_n": 95632.0,
  "summary_bg_p05": 8.464567184448242,
  "summary_bg_p95": 81.4952758789062,
  "summary_bg_stdv": 34.366634368896484,
  "summary_fg_k": 2.3049352492946777,
  "summary_fg_mad": 133.00228679996906,
  "summary_fg_mean": 833.2521362304688,
  "summary_fg_median": 829.7086791992188,
  "summary_fg_n": 21509.0,
  "summary_fg_p05": 612.2236083984375,
  "summary_fg_p95": 1056.1937255859373,
  "summary_fg_stdv": 143.48133850097656,
  "tsnr": 49.41084370412864
}