{
  "aor": 0.0048829133858267725,
  "aqi": 0.014518646929133858,
  "bids_meta": {
    "AcquisitionMatrixPE": 64,
    "AcquisitionNumber": 1,
    "AcquisitionTime": "12:40:22.307480",
    "BaseResolution": 64,
    "ConversionSoftware": "dcm2niix",
    "ConversionSoftwareVersion": "v1.0.20190410  GCC6.3.0",
    "DeviceSerialNumber": "18011",
    "EchoTime": 0.03,
    "FlipAngle": 90,
    "ImageComments": "Fake_MoCo_Reference_Volume_+_DiCo_Applied",
    "ImageOrientationPatientDICOM": [
      1,
      0,
      0,
      0,
      0.987688,
      -0.156434
    ],
    "ImageType": [
      "ORIGINAL",
      "PRIMARY",
      "M",
      "ND",
      "MOSAIC"
    ],
    "ImagingFrequency": 168.255,
    "InPlanePhaseEncodingDirectionDICOM": "COL",
    "MRAcquisitionType": "2D",
    "MagneticFieldStrength": 3.95064,
    "Manufacturer": "Siemens",
    "ManufacturersModelName": "MedSpec_4T",
    "Modality": "MR",
    "PartialFourier": 1,
    "PatientPosition": "HFS",
    "PercentPhaseFOV": 100,
    "PhaseEncodingDirection": "j-",
    "PhaseEncodingSteps": 64,
    "PhaseResolution": 1,
    "PixelBandwidth": 2790,
    "ProtocolName": "Nback_dc_opt",
    "PulseSequenceDetails": "%CustomerSeq%_kt_ep2d_bold_dc",
    "ReceiveCoilName": "Head_4T",
    "ReconMatrixPE": 64,
    "RepetitionTime": 2.1,
    "SAR": 0.043045,
    "ScanOptions": "FS",
    "ScanningSequence": "SE_EP",
    "SequenceName": "epfid2d1_64",
    "SequenceVariant": "SK",
    "SeriesDescription": "Nback_dc_opt_DiCo",
    "SeriesNumber": 7,
    "ShimSetting": [
      7,
      0,
      -11,
      2247,
      265,
      -3746,
      2549,
      510
    ],
    "SliceThickness": 3,
    "SoftwareVersions": "syngo_MR_2002B_4VA21A",
    "SpacingBetweenSlices": 3.6,
    "StationName": "wes4T",
    "TaskName": "nback",
    "TxRefAmp": 235.542,
    "dataset": "ds004169",
    "modality": "bold",
    "session_id": "01",
    "subject_id": "0432",
    "task_id": "nback"
  },
  "dummy_trs": 0,
  "dvars_nstd": 29.21805634611111,
  "dvars_std": 1.0657039091269838,
  "dvars_vstd": 0.9905379541269842,
  "efc": 0.4693525137913448,
  "fber": 1978.2041015625,
  "fd_mean": 0.2145217376238191,
  "fd_num": 54,
  "fd_perc": 42.51968503937008,
  "fwhm_avg": 1.7042210572915273,
  "fwhm_x": 1.6299714782608696,
  "fwhm_y": 1.918391652173913,
  "fwhm_z": 1.5643000414397992,
  "gcor": 0.0615506,
  "gsr_x": -0.013667717576026917,
  "gsr_y": 0.02771567553281784,
  "provenance": {
    "md5sum": "ebcccd8464507354cd643aae9ae4a8ad",
    "settings": {
      "fd_thres": 0.2,
      "testing": false
    },
    "software": "mriqc",
    "version": "23.0.1",
    "webapi_port": null,
    "webapi_url": "https://mriqc.nimh.nih.gov/api/v1"
  },
  "size_t": 127,
  "size_x": 64,
  "size_y": 64,
  "size_z": 36,
  "snr": 5.419819173397096,
  "spacing_tr": 2.0999999046325684,
  "spacing_x": 3.59375,
  "spacing_y": 3.59375,
  "spacing_z": 3.5999999046325684,
  "summary_bg_k": 29.56114517618895,
  "summary_bg_mad": 10.459933016129153,
  "summary_bg_mean": 33.549861907958984,
  "summary_bg_median": 17.472440719604492,
  "summary_bg_n": 97228.0,
  "summary_bg_p05": 9.582676887512207,
  "summary_bg_p95": 99.39055023193342,
  "summary_bg_stdv": 44.49388122558594,
  "summary_fg_k": 3.2297676475593837,
  "summary_fg_mad": 126.02702523332124,
  "summary_fg_mean": 801.2305908203125,
  "summary_fg_median": 792.3267822265625,
  "summary_fg_n": 19782.0,
  "summary_fg_p05": 592.5137512207032,
  "summary_fg_p95": 1036.203924560547,
  "summary_fg_stdv": 146.1869354248047,
  "tsnr": 38.76908781356178
}