{
  "aor": 0.0005396644295302014,
  "aqi": 0.00948876932885906,
  "bids_meta": {
    "AcquisitionMatrixPE": 64,
    "AcquisitionNumber": 1,
    "AcquisitionTime": "09:04:58.322500",
    "BaseResolution": 64,
    "ConversionSoftware": "dcm2niix",
    "ConversionSoftwareVersion": "v1.0.20190410  GCC6.3.0",
    "DeviceSerialNumber": "18011",
    "EchoTime": 0.03,
    "FlipAngle": 90,
    "ImageComments": "Fake_MoCo_Reference_Volume_+_DiCo_Applied",
    "ImageOrientationPatientDICOM": [
      1,
      -1.11022e-16,
      0,
      1.11022e-16,
      0.996195,
      -0.0871557
    ],
    "ImageType": [
      "ORIGINAL",
      "PRIMARY",
      "M",
      "ND",
      "MOSAIC"
    ],
    "ImagingFrequency": 168.217,
    "InPlanePhaseEncodingDirectionDICOM": "COL",
    "MRAcquisitionType": "2D",
    "MagneticFieldStrength": 3.95064,
    "Manufacturer": "Siemens",
    "ManufacturersModelName": "MedSpec_4T",
    "Modality": "MR",
    "PartialFourier": 1,
    "PatientPosition": "HFS",
    "PercentPhaseFOV": 100,
    "PhaseEncodingDirection": "j-",
    "PhaseEncodingSteps": 64,
    "PhaseResolution": 1,
    "PixelBandwidth": 2790,
    "ProtocolName": "mz_bold_dc_REST",
    "PulseSequenceDetails": "%CustomerSeq%_mz_ep2d_bold_dc",
    "ReceiveCoilName": "Head_4T",
    "ReconMatrixPE": 64,
    "RepetitionTime": 2.1,
    "SAR": 0.0395344,
    "ScanOptions": "FS",
    "ScanningSequence": "SE_EP",
    "SequenceName": "epfid2d1_64",
    "SequenceVariant": "SK",
    "SeriesDescription": "mz_bold_dc_REST_DiCo",
    "SeriesNumber": 10,
    "ShimSetting": [
      -5,
      16,
      -2,
      1800,
      -310,
      -3111,
      2073,
      526
    ],
    "SliceThickness": 3,
    "SoftwareVersions": "syngo_MR_2002B_4VA21A",
    "SpacingBetweenSlices": 3.6,
    "StationName": "wes4T",
    "TaskName": "rest",
    "TxRefAmp": 179.893,
    "dataset": "ds004169",
    "modality": "bold",
    "session_id": "01",
    "subject_id": "0084",
    "task_id": "rest"
  },
  "dummy_trs": 1,
  "dvars_nstd": 28.70609615966217,
  "dvars_std": 1.2206349552027025,
  "dvars_vstd": 0.9601013028378379,
  "efc": 0.4863482000575733,
  "fber": 2562.77685546875,
  "fd_mean": 0.11463014870097615,
  "fd_num": 12,
  "fd_perc": 8.053691275167786,
  "fwhm_avg": 1.9478323878784127,
  "fwhm_x": 1.7809586086956521,
  "fwhm_y": 2.2621801739130434,
  "fwhm_z": 1.800358381026543,
  "gcor": 0.087596,
  "gsr_x": -0.026160500943660736,
  "gsr_y": 0.043654847890138626,
  "provenance": {
    "md5sum": "4e0a188c359359337f9cf9c633637a2e",
    "settings": {
      "fd_thres": 0.2,
      "testing": false
    },
    "software": "mriqc",
    "version": "22.0.6",
    "webapi_port": null,
    "webapi_url": "https://mriqc.nimh.nih.gov/api/v1"
  },
  "size_t": 149,
  "size_x": 64,
  "size_y": 64,
  "size_z": 36,
  "snr": 4.771906633771708,
  "spacing_tr": 2.0999999046325684,
  "spacing_x": 3.59375,
  "spacing_y": 3.59375,
  "spacing_z": 3.5999999046325684,
  "summary_bg_k": 60.43245177189174,
  "summary_bg_mad": 8.686655780569374,
  "summary_bg_mean": 30.150304794311523,
  "summary_bg_median": 15.604026794433594,
  "summary_bg_n": 92133.0,
  "summary_bg_p05": 9.16778564453125,
  "summary_bg_p95": 89.52349090576172,
  "summary_bg_stdv": 38.630699157714844,
  "summary_fg_k": 3.2567530231442516,
  "summary_fg_mad": 143.3994601642725,
  "summary_fg_mean": 833.7544555664062,
  "summary_fg_median": 818.067138671875,
  "summary_fg_n": 24536.0,
  "summary_fg_p05": 602.1023406982422,
  "summary_fg_p95": 1098.0956420898438,
  "summary_fg_stdv": 171.43052673339844,
  "tsnr": 49.77097153081559
}