{
  "bids_meta": {
    "AcquisitionMatrixPE": 225,
    "AcquisitionNumber": 1,
    "AcquisitionTime": "08:24:31.850010",
    "BaseResolution": 256,
    "ConversionSoftware": "dcm2niix",
    "ConversionSoftwareVersion": "v1.0.20190410  GCC6.3.0",
    "DeviceSerialNumber": "18011",
    "EchoTime": 0.00335,
    "FlipAngle": 8,
    "ImageOrientationPatientDICOM": [
      1,
      0,
      0,
      0,
      0,
      -1
    ],
    "ImageType": [
      "ORIGINAL",
      "PRIMARY",
      "M",
      "ND"
    ],
    "ImagingFrequency": 168.256,
    "InPlanePhaseEncodingDirectionDICOM": "ROW",
    "InversionTime": 0.7,
    "MRAcquisitionType": "3D",
    "MagneticFieldStrength": 3.95064,
    "Manufacturer": "Siemens",
    "ManufacturersModelName": "MedSpec_4T",
    "Modality": "MR",
    "PartialFourier": 0.875,
    "PatientPosition": "HFS",
    "PercentPhaseFOV": 100,
    "PhaseEncodingSteps": 197,
    "PhaseResolution": 0.878906,
    "PixelBandwidth": 200,
    "ProtocolName": "t1_mpr_cor",
    "PulseSequenceDetails": "%SiemensSeq%_tfl",
    "ReceiveCoilName": "Head_4T",
    "ReconMatrixPE": 256,
    "RepetitionTime": 1.5,
    "SAR": 0.00263198,
    "ScanOptions": "IR",
    "ScanningSequence": "IR_GR",
    "SequenceName": "tfl3d1_ns",
    "SequenceVariant": "SP_MP",
    "SeriesDescription": "t1_mpr_cor",
    "SeriesNumber": 8,
    "ShimSetting": [
      -7,
      0,
      23,
      1630,
      405,
      -3563,
      2223,
      13
    ],
    "SliceThickness": 0.9,
    "SoftwareVersions": "syngo_MR_2002B_4VA21A",
    "StationName": "wes4T",
    "TxRefAmp": 231.6,
    "dataset": "ds004169",
    "modality": "T1w",
    "session_id": "01",
    "subject_id": "0765"
  },
  "cjv": 0.4203460944904403,
  "cnr": 3.1427317696638712,
  "efc": 0.4861055136150889,
  "fber": -1.0,
  "fwhm_avg": 4.112898557729152,
  "fwhm_x": 4.280117333333333,
  "fwhm_y": 4.440455673187459,
  "fwhm_z": 3.6181226666666664,
  "icvs_csf": 0.2148373302201662,
  "icvs_gm": 0.4105082995173604,
  "icvs_wm": 0.3746543702624734,
  "inu_med": 0.7257353365421295,
  "inu_range": 0.4811600118875501,
  "provenance": {
    "md5sum": "b1ab67c9e0c169de7b99223df6b08e30",
    "settings": {
      "testing": false
    },
    "software": "mriqc",
    "version": "23.0.1",
    "warnings": {
      "large_rot_frame": true,
      "small_air_mask": false
    },
    "webapi_port": null,
    "webapi_url": "https://mriqc.nimh.nih.gov/api/v1"
  },
  "qi_1": 0.0,
  "qi_2": 0.013816795328954298,
  "rpve_csf": 24.80200917022699,
  "rpve_gm": 13.553519320894862,
  "rpve_wm": 17.828032702931267,
  "size_x": 256,
  "size_y": 256,
  "size_z": 256,
  "snr_csf": 1.6939463818791223,
  "snr_gm": 9.726343710554675,
  "snr_total": 9.85352974842246,
  "snr_wm": 18.140299152833585,
  "snrd_csf": 7.8256185012201,
  "snrd_gm": 17.98056919897492,
  "snrd_total": 17.12579462022691,
  "snrd_wm": 25.5711961604857,
  "spacing_x": 0.9375,
  "spacing_y": 0.8999999761581421,
  "spacing_z": 0.9375,
  "summary_bg_k": 33.906964401222105,
  "summary_bg_mad": 0.0,
  "summary_bg_mean": 15.85768647451582,
  "summary_bg_median": 0.0,
  "summary_bg_n": 4354616.0,
  "summary_bg_p05": 0.0,
  "summary_bg_p95": 64.12664450705051,
  "summary_bg_stdv": 25.62009250823337,
  "summary_csf_k": 27.82953033890022,
  "summary_csf_mad": 109.36197125259761,
  "summary_csf_mean": 330.73381419097825,
  "summary_csf_median": 306.0325604490936,
  "summary_csf_n": 38308.0,
  "summary_csf_p05": 129.6395693346858,
  "summary_csf_p95": 551.1716398485006,
  "summary_csf_stdv": 180.6601255671016,
  "summary_gm_k": 0.05681280221278495,
  "summary_gm_mad": 71.67037946290272,
  "summary_gm_mean": 701.2476893939502,
  "summary_gm_median": 703.1571535766125,
  "summary_gm_n": 31990.0,
  "summary_gm_p05": 579.5098927244544,
  "summary_gm_p95": 818.8042354173957,
  "summary_gm_stdv": 72.29295860300637,
  "summary_wm_k": 0.5370690613646576,
  "summary_wm_mad": 53.106358880467226,
  "summary_wm_mean": 1001.5217341344762,
  "summary_wm_median": 1000.0000170618296,
  "summary_wm_n": 323991.0,
  "summary_wm_p05": 914.1847933456302,
  "summary_wm_p95": 1093.8646103814244,
  "summary_wm_stdv": 55.12579838859295,
  "tpm_overlap_csf": 0.15004971049224905,
  "tpm_overlap_gm": 0.43862505436474586,
  "tpm_overlap_wm": 0.5049597104171742,
  "wm2max": 0.42564780214020154
}