{
  "bids_meta": {
    "AcquisitionMatrixPE": 225,
    "AcquisitionNumber": 1,
    "AcquisitionTime": "08:35:49.660010",
    "BaseResolution": 256,
    "ConversionSoftware": "dcm2niix",
    "ConversionSoftwareVersion": "v1.0.20190410  GCC6.3.0",
    "DeviceSerialNumber": "18011",
    "EchoTime": 0.00335,
    "FlipAngle": 8,
    "ImageOrientationPatientDICOM": [
      0,
      1,
      0,
      0,
      0,
      -1
    ],
    "ImageType": [
      "ORIGINAL",
      "PRIMARY",
      "M",
      "ND"
    ],
    "ImagingFrequency": 168.255,
    "InPlanePhaseEncodingDirectionDICOM": "ROW",
    "InversionTime": 0.7,
    "MRAcquisitionType": "3D",
    "MagneticFieldStrength": 3.95064,
    "Manufacturer": "Siemens",
    "ManufacturersModelName": "MedSpec_4T",
    "Modality": "MR",
    "PartialFourier": 0.875,
    "PatientPosition": "HFS",
    "PercentPhaseFOV": 100,
    "PhaseEncodingSteps": 197,
    "PhaseResolution": 0.878906,
    "PixelBandwidth": 200,
    "ProcedureStepDescription": "Research_fMRI",
    "ProtocolName": "t1_mpr_sag",
    "PulseSequenceDetails": "%SiemensSeq%_tfl",
    "ReceiveCoilName": "Head",
    "ReconMatrixPE": 256,
    "RepetitionTime": 1.5,
    "SAR": 0.0516286,
    "ScanOptions": "IR",
    "ScanningSequence": "IR_GR",
    "SequenceName": "tfl3d1_ns",
    "SequenceVariant": "SP_MP",
    "SeriesDescription": "t1_mpr_sag",
    "SeriesNumber": 8,
    "ShimSetting": [
      19,
      0,
      24,
      2106,
      428,
      -4527,
      1957,
      -488
    ],
    "SliceThickness": 0.9,
    "SoftwareVersions": "syngo_MR_2004A_4VA25A",
    "StationName": "WES4T",
    "TxRefAmp": 182.804,
    "dataset": "ds004169",
    "modality": "T1w",
    "session_id": "01",
    "subject_id": "0508"
  },
  "cjv": 0.28572094710991736,
  "cnr": 4.5606810823797845,
  "efc": 0.4400033799902586,
  "fber": 5031.049195953214,
  "fwhm_avg": 4.94238048926596,
  "fwhm_x": 5.075866801131216,
  "fwhm_y": 5.433504,
  "fwhm_z": 4.317770666666666,
  "icvs_csf": 0.19776388938965564,
  "icvs_gm": 0.4732204863325816,
  "icvs_wm": 0.3290156242777627,
  "inu_med": 0.6089080572128296,
  "inu_range": 0.3737463980913162,
  "provenance": {
    "md5sum": "d684e3a9ac4d8a940f21e6df3061615c",
    "settings": {
      "testing": false
    },
    "software": "mriqc",
    "version": "23.0.1",
    "warnings": {
      "large_rot_frame": true,
      "small_air_mask": false
    },
    "webapi_port": null,
    "webapi_url": "https://mriqc.nimh.nih.gov/api/v1"
  },
  "qi_1": 0.0,
  "qi_2": 0.005510336733987556,
  "rpve_csf": 31.66981456878534,
  "rpve_gm": 14.66082468005175,
  "rpve_wm": 23.020548590541583,
  "size_x": 240,
  "size_y": 256,
  "size_z": 256,
  "snr_csf": 2.41700528016511,
  "snr_gm": 11.412356259000216,
  "snr_total": 11.412060961828976,
  "snr_wm": 20.406821346321596,
  "snrd_csf": 18.794472548013264,
  "snrd_gm": 45.1794176390387,
  "snrd_total": 44.49181498484308,
  "snrd_wm": 69.5015547674773,
  "spacing_x": 0.8999999761581421,
  "spacing_y": 0.9375,
  "spacing_z": 0.9375,
  "summary_bg_k": 9.401775661248434,
  "summary_bg_mad": 9.426492273412855,
  "summary_bg_mean": 11.759183993585516,
  "summary_bg_median": 6.35807241871953,
  "summary_bg_n": 4412954.0,
  "summary_bg_p05": 0.0,
  "summary_bg_p95": 42.39705299772322,
  "summary_bg_stdv": 15.560449193715009,
  "summary_csf_k": 6.826227230366147,
  "summary_csf_mad": 95.05780526179878,
  "summary_csf_mean": 259.853383944548,
  "summary_csf_median": 270.4260521270335,
  "summary_csf_n": 36159.0,
  "summary_csf_p05": 67.20541967824101,
  "summary_csf_p95": 425.8452700221911,
  "summary_csf_stdv": 111.88321139331828,
  "summary_gm_k": 0.1250527464360256,
  "summary_gm_mad": 56.38275752321707,
  "summary_gm_mean": 649.8633723982385,
  "summary_gm_median": 650.0683388859034,
  "summary_gm_n": 73263.0,
  "summary_gm_p05": 556.0045198313892,
  "summary_gm_p95": 743.0001833649351,
  "summary_gm_stdv": 56.96140985950434,
  "summary_wm_k": 0.8318423324924034,
  "summary_wm_mad": 43.6085390218632,
  "summary_wm_mean": 998.9325447037978,
  "summary_wm_median": 1000.0297174844891,
  "summary_wm_n": 205777.0,
  "summary_wm_p05": 914.938505301252,
  "summary_wm_p95": 1077.1584838349372,
  "summary_wm_stdv": 49.004559339408736,
  "tpm_overlap_csf": 0.14019551094989494,
  "tpm_overlap_gm": 0.4637053708424246,
  "tpm_overlap_wm": 0.4777798518093472,
  "wm2max": 0.6113220238789028
}