{
  "aor": 0.0031177165354330707,
  "aqi": 0.008990546299212596,
  "bids_meta": {
    "AcquisitionMatrixPE": 64,
    "AcquisitionNumber": 1,
    "AcquisitionTime": "11:55:38.237510",
    "BaseResolution": 64,
    "ConversionSoftware": "dcm2niix",
    "ConversionSoftwareVersion": "v1.0.20190410  GCC6.3.0",
    "DeviceSerialNumber": "18011",
    "EchoTime": 0.03,
    "FlipAngle": 90,
    "ImageComments": "Fake_MoCo_Reference_Volume_+_DiCo_Applied",
    "ImageOrientationPatientDICOM": [
      1,
      0,
      0,
      0,
      0.978148,
      -0.207912
    ],
    "ImageType": [
      "ORIGINAL",
      "PRIMARY",
      "M",
      "ND",
      "MOSAIC"
    ],
    "ImagingFrequency": 168.255,
    "InPlanePhaseEncodingDirectionDICOM": "COL",
    "MRAcquisitionType": "2D",
    "MagneticFieldStrength": 3.95064,
    "Manufacturer": "Siemens",
    "ManufacturersModelName": "MedSpec_4T",
    "Modality": "MR",
    "PartialFourier": 1,
    "PatientPosition": "HFS",
    "PercentPhaseFOV": 100,
    "PhaseEncodingDirection": "j-",
    "PhaseEncodingSteps": 64,
    "PhaseResolution": 1,
    "PixelBandwidth": 2790,
    "ProtocolName": "Nback_dc_opt",
    "PulseSequenceDetails": "%CustomerSeq%_kt_ep2d_bold_dc",
    "ReceiveCoilName": "Head_4T",
    "ReconMatrixPE": 64,
    "RepetitionTime": 2.1,
    "SAR": 0.039675,
    "ScanOptions": "FS",
    "ScanningSequence": "SE_EP",
    "SequenceName": "epfid2d1_64",
    "SequenceVariant": "SK",
    "SeriesDescription": "Nback_dc_opt_DiCo",
    "SeriesNumber": 7,
    "ShimSetting": [
      11,
      -7,
      21,
      1187,
      137,
      -3142,
      2550,
      -14
    ],
    "SliceThickness": 3,
    "SoftwareVersions": "syngo_MR_2002B_4VA21A",
    "SpacingBetweenSlices": 3.6,
    "StationName": "wes4T",
    "TaskName": "nback",
    "TxRefAmp": 172.645,
    "dataset": "ds004169",
    "modality": "bold",
    "session_id": "01",
    "subject_id": "0251",
    "task_id": "nback"
  },
  "dummy_trs": 0,
  "dvars_nstd": 23.74597055944444,
  "dvars_std": 1.0760938987301587,
  "dvars_vstd": 1.001784760793651,
  "efc": 0.4518654044023699,
  "fber": 2367.927490234375,
  "fd_mean": 0.1336511296531582,
  "fd_num": 15,
  "fd_perc": 11.811023622047244,
  "fwhm_avg": 1.7816842292363866,
  "fwhm_x": 1.6849558260869566,
  "fwhm_y": 1.9948272627767323,
  "fwhm_z": 1.6652695988454713,
  "gcor": 0.0216443,
  "gsr_x": -0.02538669854402542,
  "gsr_y": 0.03441672772169113,
  "provenance": {
    "md5sum": "88b40682acd6b05f93f4ec156ace00a2",
    "settings": {
      "fd_thres": 0.2,
      "testing": false
    },
    "software": "mriqc",
    "version": "23.0.1",
    "webapi_port": null,
    "webapi_url": "https://mriqc.nimh.nih.gov/api/v1"
  },
  "size_t": 127,
  "size_x": 64,
  "size_y": 64,
  "size_z": 36,
  "snr": 5.595520808371798,
  "spacing_tr": 2.0999999046325684,
  "spacing_x": 3.59375,
  "spacing_y": 3.593749761581421,
  "spacing_z": 3.5999996662139893,
  "summary_bg_k": 52.411269776224216,
  "summary_bg_mad": 7.261249440038271,
  "summary_bg_mean": 29.477481842041016,
  "summary_bg_median": 15.259842872619629,
  "summary_bg_n": 99542.0,
  "summary_bg_p05": 9.708661079406738,
  "summary_bg_p95": 84.4251937866211,
  "summary_bg_stdv": 38.8772087097168,
  "summary_fg_k": 4.390010544200264,
  "summary_fg_mad": 119.58873641841976,
  "summary_fg_mean": 778.039306640625,
  "summary_fg_median": 768.6063232421875,
  "summary_fg_n": 18571.0,
  "summary_fg_p05": 584.6968688964844,
  "summary_fg_p95": 988.2480163574219,
  "summary_fg_stdv": 137.3572998046875,
  "tsnr": 52.71536557353102
}