{
  "aor": 0.0015264666666666665,
  "aqi": 0.0100273944,
  "bids_meta": {
    "AcquisitionMatrixPE": 64,
    "AcquisitionNumber": 1,
    "AcquisitionTime": "12:05:55.079990",
    "BaseResolution": 64,
    "ConversionSoftware": "dcm2niix",
    "ConversionSoftwareVersion": "v1.0.20190410  GCC6.3.0",
    "DeviceSerialNumber": "18011",
    "EchoTime": 0.03,
    "FlipAngle": 90,
    "ImageComments": "Fake_MoCo_Reference_Volume_+_DiCo_Applied",
    "ImageOrientationPatientDICOM": [
      1,
      0,
      0,
      0,
      0.978148,
      -0.207912
    ],
    "ImageType": [
      "ORIGINAL",
      "PRIMARY",
      "M",
      "ND",
      "MOSAIC"
    ],
    "ImagingFrequency": 168.255,
    "InPlanePhaseEncodingDirectionDICOM": "COL",
    "MRAcquisitionType": "2D",
    "MagneticFieldStrength": 3.95064,
    "Manufacturer": "Siemens",
    "ManufacturersModelName": "MedSpec_4T",
    "Modality": "MR",
    "PartialFourier": 1,
    "PatientPosition": "HFS",
    "PercentPhaseFOV": 100,
    "PhaseEncodingDirection": "j-",
    "PhaseEncodingSteps": 64,
    "PhaseResolution": 1,
    "PixelBandwidth": 2790,
    "ProtocolName": "mz_bold_dc_REST",
    "PulseSequenceDetails": "%CustomerSeq%_mz_ep2d_bold_dc",
    "ReceiveCoilName": "Head_4T",
    "ReconMatrixPE": 64,
    "RepetitionTime": 2.1,
    "SAR": 0.0721625,
    "ScanOptions": "FS",
    "ScanningSequence": "SE_EP",
    "SequenceName": "epfid2d1_64",
    "SequenceVariant": "SK",
    "SeriesDescription": "mz_bold_dc_REST_DiCo",
    "SeriesNumber": 10,
    "ShimSetting": [
      11,
      -7,
      21,
      1187,
      137,
      -3142,
      2550,
      -14
    ],
    "SliceThickness": 3,
    "SoftwareVersions": "syngo_MR_2002B_4VA21A",
    "SpacingBetweenSlices": 3.6,
    "StationName": "wes4T",
    "TaskName": "rest",
    "TxRefAmp": 172.645,
    "dataset": "ds004169",
    "modality": "bold",
    "session_id": "01",
    "subject_id": "0251",
    "task_id": "rest"
  },
  "dummy_trs": 0,
  "dvars_nstd": 23.795750355369115,
  "dvars_std": 1.0193073339597312,
  "dvars_vstd": 0.9688687997986578,
  "efc": 0.45123417757136963,
  "fber": 2442.586669921875,
  "fd_mean": 0.15949868915397672,
  "fd_num": 34,
  "fd_perc": 22.666666666666668,
  "fwhm_avg": 1.7739910855667649,
  "fwhm_x": 1.6785558260869564,
  "fwhm_y": 1.976275609372055,
  "fwhm_z": 1.6671418212412827,
  "gcor": 0.0527669,
  "gsr_x": -0.026183132082223892,
  "gsr_y": 0.038448747247457504,
  "provenance": {
    "md5sum": "1aa4035afa64b58f2c6cab7b752cdde8",
    "settings": {
      "fd_thres": 0.2,
      "testing": false
    },
    "software": "mriqc",
    "version": "23.0.1",
    "webapi_port": null,
    "webapi_url": "https://mriqc.nimh.nih.gov/api/v1"
  },
  "size_t": 150,
  "size_x": 64,
  "size_y": 64,
  "size_z": 36,
  "snr": 5.653522947618658,
  "spacing_tr": 2.0999999046325684,
  "spacing_x": 3.59375,
  "spacing_y": 3.593749761581421,
  "spacing_z": 3.5999996662139893,
  "summary_bg_k": 72.97338113423552,
  "summary_bg_mad": 6.829855483017367,
  "summary_bg_mean": 30.05132484436035,
  "summary_bg_median": 15.24000072479248,
  "summary_bg_n": 99583.0,
  "summary_bg_p05": 10.206666946411133,
  "summary_bg_p95": 84.77933273315426,
  "summary_bg_stdv": 42.48081588745117,
  "summary_fg_k": 4.3981343512653375,
  "summary_fg_mad": 118.43027245349613,
  "summary_fg_mean": 780.3857421875,
  "summary_fg_median": 772.2066650390625,
  "summary_fg_n": 18487.0,
  "summary_fg_p05": 585.4646545410156,
  "summary_fg_p95": 988.6446716308594,
  "summary_fg_stdv": 136.5848846435547,
  "tsnr": 49.51059978129342
}