{
  "aor": 0.0028756692913385826,
  "aqi": 0.010254669685039368,
  "bids_meta": {
    "AcquisitionMatrixPE": 64,
    "AcquisitionNumber": 1,
    "AcquisitionTime": "10:16:57.347520",
    "BaseResolution": 64,
    "ConversionSoftware": "dcm2niix",
    "ConversionSoftwareVersion": "v1.0.20190410  GCC6.3.0",
    "DeviceSerialNumber": "18011",
    "EchoTime": 0.03,
    "FlipAngle": 90,
    "ImageComments": "Fake_MoCo_Reference_Volume_+_DiCo_Applied",
    "ImageOrientationPatientDICOM": [
      1,
      0,
      1.38778e-17,
      0,
      0.990268,
      -0.139173
    ],
    "ImageType": [
      "ORIGINAL",
      "PRIMARY",
      "M",
      "ND",
      "DICO",
      "MOSAIC"
    ],
    "ImagingFrequency": 168.255,
    "InPlanePhaseEncodingDirectionDICOM": "COL",
    "MRAcquisitionType": "2D",
    "MagneticFieldStrength": 3.95064,
    "Manufacturer": "Siemens",
    "ManufacturersModelName": "MedSpec_4T",
    "Modality": "MR",
    "PartialFourier": 1,
    "PatientPosition": "HFS",
    "PercentPhaseFOV": 100,
    "PhaseEncodingDirection": "j-",
    "PhaseEncodingSteps": 64,
    "PhaseResolution": 1,
    "PixelBandwidth": 2790,
    "ProcedureStepDescription": "Research_fMRI",
    "ProtocolName": "Nback_dc_opt",
    "PulseSequenceDetails": "%CustomerSeq%_kt_ep2d_bold_dc",
    "ReceiveCoilName": "Head",
    "ReconMatrixPE": 64,
    "RepetitionTime": 2.1,
    "SAR": 0.0848577,
    "ScanOptions": "FS",
    "ScanningSequence": "SE_EP",
    "SequenceName": "epfid2d1_64",
    "SequenceVariant": "SK",
    "SeriesDescription": "Nback_dc_opt_DiCo",
    "SeriesNumber": 7,
    "ShimSetting": [
      24,
      24,
      37,
      2300,
      920,
      -3597,
      2202,
      -490
    ],
    "SliceThickness": 3,
    "SoftwareVersions": "syngo_MR_2004A_4VA25A",
    "SpacingBetweenSlices": 3.6,
    "StationName": "WES4T",
    "TaskName": "nback",
    "TxRefAmp": 175.083,
    "dataset": "ds004169",
    "modality": "bold",
    "session_id": "02",
    "subject_id": "0703",
    "task_id": "nback"
  },
  "dummy_trs": 0,
  "dvars_nstd": 22.818159496746038,
  "dvars_std": 1.0527447635714284,
  "dvars_vstd": 0.951293638809524,
  "efc": 0.4608065380097259,
  "fber": 2728.802734375,
  "fd_mean": 0.17540241130458467,
  "fd_num": 30,
  "fd_perc": 23.62204724409449,
  "fwhm_avg": 1.6868422059140353,
  "fwhm_x": 1.5813593043478262,
  "fwhm_y": 1.8611478260869567,
  "fwhm_z": 1.618019487307323,
  "gcor": 0.0338094,
  "gsr_x": -0.023019973188638687,
  "gsr_y": 0.034137845039367676,
  "provenance": {
    "md5sum": "40293c3712772d08b1dda285ce24bdb9",
    "settings": {
      "fd_thres": 0.2,
      "testing": false
    },
    "software": "mriqc",
    "version": "23.0.1",
    "webapi_port": null,
    "webapi_url": "https://mriqc.nimh.nih.gov/api/v1"
  },
  "size_t": 127,
  "size_x": 64,
  "size_y": 64,
  "size_z": 36,
  "snr": 5.786009161923902,
  "spacing_tr": 2.0999999046325684,
  "spacing_x": 3.59375,
  "spacing_y": 3.59375,
  "spacing_z": 3.5999999046325684,
  "summary_bg_k": 44.38002294674929,
  "summary_bg_mad": 7.763231922027011,
  "summary_bg_mean": 24.972003936767578,
  "summary_bg_median": 12.425196647644043,
  "summary_bg_n": 97020.0,
  "summary_bg_p05": 6.511810779571533,
  "summary_bg_p95": 75.5204711914063,
  "summary_bg_stdv": 34.83928298950195,
  "summary_fg_k": 1.6167637027892106,
  "summary_fg_mad": 107.80967716063493,
  "summary_fg_mean": 673.75244140625,
  "summary_fg_median": 666.3031005859375,
  "summary_fg_n": 20134.0,
  "summary_fg_p05": 504.96693115234376,
  "summary_fg_p95": 866.1078674316406,
  "summary_fg_stdv": 115.15476989746094,
  "tsnr": 51.63857310358435
}