{
  "aor": 0.0008876510067114094,
  "aqi": 0.01146916375838926,
  "bids_meta": {
    "AcquisitionMatrixPE": 64,
    "AcquisitionNumber": 1,
    "AcquisitionTime": "08:25:51.160020",
    "BaseResolution": 64,
    "ConversionSoftware": "dcm2niix",
    "ConversionSoftwareVersion": "v1.0.20190410  GCC6.3.0",
    "DeviceSerialNumber": "18011",
    "EchoTime": 0.03,
    "FlipAngle": 90,
    "ImageComments": "Fake_MoCo_Reference_Volume_+_DiCo_Applied",
    "ImageOrientationPatientDICOM": [
      1,
      0,
      -1.38778e-17,
      0,
      0.984808,
      -0.173648
    ],
    "ImageType": [
      "ORIGINAL",
      "PRIMARY",
      "M",
      "ND",
      "MOSAIC"
    ],
    "ImagingFrequency": 168.255,
    "InPlanePhaseEncodingDirectionDICOM": "COL",
    "MRAcquisitionType": "2D",
    "MagneticFieldStrength": 3.95064,
    "Manufacturer": "Siemens",
    "ManufacturersModelName": "MedSpec_4T",
    "Modality": "MR",
    "PartialFourier": 1,
    "PatientPosition": "HFS",
    "PercentPhaseFOV": 100,
    "PhaseEncodingDirection": "j-",
    "PhaseEncodingSteps": 64,
    "PhaseResolution": 1,
    "PixelBandwidth": 2790,
    "ProtocolName": "mz_bold_dc_REST",
    "PulseSequenceDetails": "%CustomerSeq%_mz_ep2d_bold_dc",
    "ReceiveCoilName": "Head_4T",
    "ReconMatrixPE": 64,
    "RepetitionTime": 2.1,
    "SAR": 0.0200805,
    "ScanOptions": "FS",
    "ScanningSequence": "SE_EP",
    "SequenceName": "epfid2d1_64",
    "SequenceVariant": "SK",
    "SeriesDescription": "mz_bold_dc_REST_DiCo",
    "SeriesNumber": 10,
    "ShimSetting": [
      -4,
      11,
      36,
      1647,
      526,
      -3352,
      2217,
      269
    ],
    "SliceThickness": 3,
    "SoftwareVersions": "syngo_MR_2002B_4VA21A",
    "SpacingBetweenSlices": 3.6,
    "StationName": "wes4T",
    "TaskName": "rest",
    "TxRefAmp": 177.848,
    "dataset": "ds004169",
    "modality": "bold",
    "session_id": "01",
    "subject_id": "0287",
    "task_id": "rest"
  },
  "dummy_trs": 1,
  "dvars_nstd": 27.110967107702685,
  "dvars_std": 1.0885946616216218,
  "dvars_vstd": 0.9349561072297298,
  "efc": 0.4580960448689598,
  "fber": 2428.607666015625,
  "fd_mean": 0.17616808440985815,
  "fd_num": 47,
  "fd_perc": 31.543624161073826,
  "fwhm_avg": 1.713465021410788,
  "fwhm_x": 1.6170267826086957,
  "fwhm_y": 1.944845913043478,
  "fwhm_z": 1.5785223685801901,
  "gcor": 0.0584637,
  "gsr_x": -0.02463384158909321,
  "gsr_y": 0.038980308920145035,
  "provenance": {
    "md5sum": "2815e511f973f51f215a47b9794ae141",
    "settings": {
      "fd_thres": 0.2,
      "testing": false
    },
    "software": "mriqc",
    "version": "23.0.1",
    "webapi_port": null,
    "webapi_url": "https://mriqc.nimh.nih.gov/api/v1"
  },
  "size_t": 149,
  "size_x": 64,
  "size_y": 64,
  "size_z": 36,
  "snr": 4.949992994779777,
  "spacing_tr": 2.0999999046325684,
  "spacing_x": 3.59375,
  "spacing_y": 3.59375,
  "spacing_z": 3.5999996662139893,
  "summary_bg_k": 83.59236505781708,
  "summary_bg_mad": 6.278671424796138,
  "summary_bg_mean": 25.28388023376465,
  "summary_bg_median": 12.026845932006836,
  "summary_bg_n": 98245.0,
  "summary_bg_p05": 7.416107654571533,
  "summary_bg_p95": 70.11275482177736,
  "summary_bg_stdv": 43.834529876708984,
  "summary_fg_k": 4.339030120745978,
  "summary_fg_mad": 102.73734784819574,
  "summary_fg_mean": 624.6234741210938,
  "summary_fg_median": 609.644287109375,
  "summary_fg_n": 19453.0,
  "summary_fg_p05": 461.48590087890625,
  "summary_fg_p95": 822.8738159179684,
  "summary_fg_stdv": 123.157470703125,
  "tsnr": 45.750020269770175
}