{
  "aor": 0.0031119333333333335,
  "aqi": 0.020492551866666667,
  "bids_meta": {
    "AcquisitionMatrixPE": 64,
    "AcquisitionNumber": 1,
    "AcquisitionTime": "10:35:30.060010",
    "BaseResolution": 64,
    "ConversionSoftware": "dcm2niix",
    "ConversionSoftwareVersion": "v1.0.20190410  GCC6.3.0",
    "DeviceSerialNumber": "18011",
    "EchoTime": 0.03,
    "FlipAngle": 90,
    "ImageComments": "Fake_MoCo_Reference_Volume_+_DiCo_Applied",
    "ImageOrientationPatientDICOM": [
      1,
      0,
      0,
      0,
      1,
      0
    ],
    "ImageType": [
      "ORIGINAL",
      "PRIMARY",
      "M",
      "ND",
      "MOSAIC"
    ],
    "ImagingFrequency": 168.217,
    "InPlanePhaseEncodingDirectionDICOM": "COL",
    "MRAcquisitionType": "2D",
    "MagneticFieldStrength": 3.95064,
    "Manufacturer": "Siemens",
    "ManufacturersModelName": "MedSpec_4T",
    "Modality": "MR",
    "PartialFourier": 1,
    "PatientPosition": "HFS",
    "PercentPhaseFOV": 100,
    "PhaseEncodingDirection": "j-",
    "PhaseEncodingSteps": 64,
    "PhaseResolution": 1,
    "PixelBandwidth": 2790,
    "ProtocolName": "mz_bold_dc_REST",
    "PulseSequenceDetails": "%CustomerSeq%_mz_ep2d_bold_dc",
    "ReceiveCoilName": "Head_4T",
    "ReconMatrixPE": 64,
    "RepetitionTime": 2.1,
    "SAR": 0.0280825,
    "ScanOptions": "FS",
    "ScanningSequence": "SE_EP",
    "SequenceName": "epfid2d1_64",
    "SequenceVariant": "SK",
    "SeriesDescription": "mz_bold_dc_REST_DiCo",
    "SeriesNumber": 10,
    "ShimSetting": [
      3,
      -14,
      -31,
      2395,
      384,
      -2926,
      1715,
      -3
    ],
    "SliceThickness": 3,
    "SoftwareVersions": "syngo_MR_2002B_4VA21A",
    "SpacingBetweenSlices": 3.6,
    "StationName": "wes4T",
    "TaskName": "rest",
    "TxRefAmp": 197.545,
    "dataset": "ds004169",
    "modality": "bold",
    "session_id": "02",
    "subject_id": "0698",
    "task_id": "rest"
  },
  "dummy_trs": 0,
  "dvars_nstd": 31.939267279798656,
  "dvars_std": 1.060775237583893,
  "dvars_vstd": 0.9677091887919462,
  "efc": 0.48673016280652825,
  "fber": 1350.327880859375,
  "fd_mean": 0.225866249720693,
  "fd_num": 61,
  "fd_perc": 40.666666666666664,
  "fwhm_avg": 1.720191068850924,
  "fwhm_x": 1.5966274782608694,
  "fwhm_y": 1.9671151304347827,
  "fwhm_z": 1.5968305978571202,
  "gcor": 0.0319831,
  "gsr_x": -0.01956767775118351,
  "gsr_y": 0.04059039056301117,
  "provenance": {
    "md5sum": "41b868330c5fef2351b874df5316b365",
    "settings": {
      "fd_thres": 0.2,
      "testing": false
    },
    "software": "mriqc",
    "version": "23.0.1",
    "webapi_port": null,
    "webapi_url": "https://mriqc.nimh.nih.gov/api/v1"
  },
  "size_t": 150,
  "size_x": 64,
  "size_y": 64,
  "size_z": 36,
  "snr": 5.33194596666624,
  "spacing_tr": 2.0999999046325684,
  "spacing_x": 3.59375,
  "spacing_y": 3.59375,
  "spacing_z": 3.5999999046325684,
  "summary_bg_k": 56.005155077759056,
  "summary_bg_mad": 11.69278894989858,
  "summary_bg_mean": 39.60944747924805,
  "summary_bg_median": 21.65999984741211,
  "summary_bg_n": 96127.0,
  "summary_bg_p05": 12.673333168029785,
  "summary_bg_p95": 118.45333862304688,
  "summary_bg_stdv": 52.349159240722656,
  "summary_fg_k": 2.285340187586825,
  "summary_fg_mad": 130.646900255445,
  "summary_fg_mean": 798.053955078125,
  "summary_fg_median": 788.126708984375,
  "summary_fg_n": 21347.0,
  "summary_fg_p05": 582.0706604003906,
  "summary_fg_p95": 1040.219970703125,
  "summary_fg_stdv": 147.80874633789062,
  "tsnr": 33.70632000511978
}