{
  "bids_meta": {
    "AcquisitionMatrixPE": 225,
    "AcquisitionNumber": 1,
    "AcquisitionTime": "10:03:15.712500",
    "BaseResolution": 256,
    "ConversionSoftware": "dcm2niix",
    "ConversionSoftwareVersion": "v1.0.20190410  GCC6.3.0",
    "DeviceSerialNumber": "18011",
    "EchoTime": 0.00335,
    "FlipAngle": 8,
    "ImageOrientationPatientDICOM": [
      0,
      1,
      0,
      0,
      0,
      -1
    ],
    "ImageType": [
      "ORIGINAL",
      "PRIMARY",
      "M",
      "ND"
    ],
    "ImagingFrequency": 168.255,
    "InPlanePhaseEncodingDirectionDICOM": "ROW",
    "InversionTime": 0.7,
    "MRAcquisitionType": "3D",
    "MagneticFieldStrength": 3.95064,
    "Manufacturer": "Siemens",
    "ManufacturersModelName": "MedSpec_4T",
    "Modality": "MR",
    "PartialFourier": 0.875,
    "PatientPosition": "HFS",
    "PercentPhaseFOV": 100,
    "PhaseEncodingSteps": 197,
    "PhaseResolution": 0.878906,
    "PixelBandwidth": 200,
    "ProcedureStepDescription": "Research_fMRI",
    "ProtocolName": "t1_mpr_sag",
    "PulseSequenceDetails": "%SiemensSeq%_tfl",
    "ReceiveCoilName": "Head",
    "ReconMatrixPE": 256,
    "RepetitionTime": 1.5,
    "SAR": 0.0552817,
    "ScanOptions": "IR",
    "ScanningSequence": "IR_GR",
    "SequenceName": "tfl3d1_ns",
    "SequenceVariant": "SP_MP",
    "SeriesDescription": "t1_mpr_sag",
    "SeriesNumber": 12,
    "ShimSetting": [
      14,
      30,
      34,
      1515,
      268,
      -2795,
      1966,
      58
    ],
    "SliceThickness": 0.9,
    "SoftwareVersions": "syngo_MR_2004A_4VA25A",
    "StationName": "WES4T",
    "TxRefAmp": 205.656,
    "dataset": "ds004169",
    "modality": "T1w",
    "session_id": "02",
    "subject_id": "1266"
  },
  "cjv": 0.35654471022581646,
  "cnr": 3.735563398612387,
  "efc": 0.4706618563162212,
  "fber": 15940.268733011482,
  "fwhm_avg": 5.117699603050893,
  "fwhm_x": 5.378666809152677,
  "fwhm_y": 5.4505386666666675,
  "fwhm_z": 4.5238933333333335,
  "icvs_csf": 0.22790609599622777,
  "icvs_gm": 0.4099680773475985,
  "icvs_wm": 0.3621258266561737,
  "inu_med": 0.6358117461204529,
  "inu_range": 0.4187838137149811,
  "provenance": {
    "md5sum": "efda433b8cc7cecc5269d17dae61d17a",
    "settings": {
      "testing": false
    },
    "software": "mriqc",
    "version": "23.0.1",
    "warnings": {
      "large_rot_frame": true,
      "small_air_mask": false
    },
    "webapi_port": null,
    "webapi_url": "https://mriqc.nimh.nih.gov/api/v1"
  },
  "qi_1": 0.0,
  "qi_2": 0.004958648554977052,
  "rpve_csf": 24.58754953250135,
  "rpve_gm": 13.84746668474765,
  "rpve_wm": 18.64864439253563,
  "size_x": 240,
  "size_y": 256,
  "size_z": 256,
  "snr_csf": 2.3955373214053024,
  "snr_gm": 10.483351200211985,
  "snr_total": 11.026177798810552,
  "snr_wm": 20.19964487481437,
  "snrd_csf": 27.874687631389662,
  "snrd_gm": 68.80145050223732,
  "snrd_total": 65.63813086988903,
  "snrd_wm": 100.23825447604008,
  "spacing_x": 0.8999999761581421,
  "spacing_y": 0.9375,
  "spacing_z": 0.9375,
  "summary_bg_k": 46.72547360871196,
  "summary_bg_mad": 6.535988111533335,
  "summary_bg_mean": 11.653229623230535,
  "summary_bg_median": 4.408456988632679,
  "summary_bg_n": 4034722.0,
  "summary_bg_p05": 0.0,
  "summary_bg_p95": 46.303793132305145,
  "summary_bg_stdv": 17.63667695917137,
  "summary_csf_k": 12.508298428875417,
  "summary_csf_mad": 104.26457225541273,
  "summary_csf_mean": 276.3319372322467,
  "summary_csf_median": 278.09266432374716,
  "summary_csf_n": 64785.0,
  "summary_csf_p05": 89.79457085281611,
  "summary_csf_p95": 450.4723294302821,
  "summary_csf_stdv": 116.0869069152194,
  "summary_gm_k": 0.14265093818065155,
  "summary_gm_mad": 65.35988111533335,
  "summary_gm_mean": 684.3911529833402,
  "summary_gm_median": 686.3997520804405,
  "summary_gm_n": 49995.0,
  "summary_gm_p05": 573.6392195820808,
  "summary_gm_p95": 787.4343887791038,
  "summary_gm_stdv": 65.47456765048992,
  "summary_wm_k": 0.5152143258270976,
  "summary_wm_mad": 46.4633168472948,
  "summary_wm_mean": 1000.7575241496933,
  "summary_wm_median": 1000.0299778431654,
  "summary_wm_n": 301813.0,
  "summary_wm_p05": 919.9280144646764,
  "summary_wm_p95": 1082.9209650307894,
  "summary_wm_stdv": 49.50722289103469,
  "tpm_overlap_csf": 0.1447951152984845,
  "tpm_overlap_gm": 0.4518181497100397,
  "tpm_overlap_wm": 0.5140992695308253,
  "wm2max": 0.5899683042863451
}