{
  "aor": 0.0462382,
  "aqi": 0.013676628599999999,
  "bids_meta": {
    "AcquisitionMatrixPE": 64,
    "AcquisitionNumber": 1,
    "AcquisitionTime": "09:47:9.920000",
    "BaseResolution": 64,
    "ConversionSoftware": "dcm2niix",
    "ConversionSoftwareVersion": "v1.0.20190410  GCC6.3.0",
    "DeviceSerialNumber": "18011",
    "EchoTime": 0.03,
    "FlipAngle": 90,
    "ImageComments": "Fake_MoCo_Reference_Volume_+_DiCo_Applied",
    "ImageOrientationPatientDICOM": [
      0.999848,
      -1.11022e-16,
      0.0174524,
      1.11022e-16,
      1,
      1.73472e-18
    ],
    "ImageType": [
      "ORIGINAL",
      "PRIMARY",
      "M",
      "ND",
      "MOSAIC"
    ],
    "ImagingFrequency": 168.256,
    "InPlanePhaseEncodingDirectionDICOM": "COL",
    "MRAcquisitionType": "2D",
    "MagneticFieldStrength": 3.95064,
    "Manufacturer": "Siemens",
    "ManufacturersModelName": "MedSpec_4T",
    "Modality": "MR",
    "PartialFourier": 1,
    "PatientPosition": "HFS",
    "PercentPhaseFOV": 100,
    "PhaseEncodingDirection": "j-",
    "PhaseEncodingSteps": 64,
    "PhaseResolution": 1,
    "PixelBandwidth": 2790,
    "ProtocolName": "mz_bold_dc_REST",
    "PulseSequenceDetails": "%CustomerSeq%_mz_ep2d_bold_dc",
    "ReceiveCoilName": "Head_4T",
    "ReconMatrixPE": 64,
    "RepetitionTime": 2.1,
    "SAR": 0.019187,
    "ScanOptions": "FS",
    "ScanningSequence": "SE_EP",
    "SequenceName": "epfid2d1_64",
    "SequenceVariant": "SK",
    "SeriesDescription": "mz_bold_dc_REST_DiCo",
    "SeriesNumber": 10,
    "SliceThickness": 3,
    "SoftwareVersions": "syngo_MR_2002B_4VA21A",
    "SpacingBetweenSlices": 3.6,
    "StationName": "wes4T",
    "TaskName": "rest",
    "TxRefAmp": 194.42,
    "dataset": "ds004169",
    "modality": "bold",
    "session_id": "01",
    "subject_id": "0773",
    "task_id": "rest"
  },
  "dummy_trs": 0,
  "dvars_nstd": 30.4695358661745,
  "dvars_std": 1.3656715680536913,
  "dvars_vstd": 1.2800945665100665,
  "efc": 0.466705805758586,
  "fber": 2134.6650390625,
  "fd_mean": 0.15700609523356637,
  "fd_num": 27,
  "fd_perc": 18.0,
  "fwhm_avg": 1.7970399741575755,
  "fwhm_x": 1.681881043478261,
  "fwhm_y": 2.076769391304348,
  "fwhm_z": 1.6324694876901173,
  "gcor": 0.408957,
  "gsr_x": -0.02684779278934002,
  "gsr_y": 0.04953793063759804,
  "provenance": {
    "md5sum": "6ba31a1a029e79596af752245a19aff4",
    "settings": {
      "fd_thres": 0.2,
      "testing": false
    },
    "software": "mriqc",
    "version": "23.0.1",
    "webapi_port": null,
    "webapi_url": "https://mriqc.nimh.nih.gov/api/v1"
  },
  "size_t": 150,
  "size_x": 64,
  "size_y": 64,
  "size_z": 36,
  "snr": 4.901261560714202,
  "spacing_tr": 2.0999999046325684,
  "spacing_x": 3.59375,
  "spacing_y": 3.59375,
  "spacing_z": 3.5999999046325684,
  "summary_bg_k": 41.704110819394074,
  "summary_bg_mad": 9.56772567577924,
  "summary_bg_mean": 30.132970809936523,
  "summary_bg_median": 14.573333740234375,
  "summary_bg_n": 98016.0,
  "summary_bg_p05": 6.506666660308838,
  "summary_bg_p95": 94.53499984741211,
  "summary_bg_stdv": 42.989376068115234,
  "summary_fg_k": 4.4479098838891025,
  "summary_fg_mad": 111.5509764418242,
  "summary_fg_mean": 685.186279296875,
  "summary_fg_median": 676.4266967773438,
  "summary_fg_n": 19633.0,
  "summary_fg_p05": 492.7440124511719,
  "summary_fg_p95": 896.5320434570308,
  "summary_fg_stdv": 138.00721740722656,
  "tsnr": 27.037793486961164
}