{
  "bids_meta": {
    "AcquisitionMatrixPE": 225,
    "AcquisitionNumber": 1,
    "AcquisitionTime": "08:41:0.105000",
    "BaseResolution": 256,
    "ConversionSoftware": "dcm2niix",
    "ConversionSoftwareVersion": "v1.0.20190410  GCC6.3.0",
    "DeviceSerialNumber": "18011",
    "EchoTime": 0.00335,
    "FlipAngle": 8,
    "ImageOrientationPatientDICOM": [
      0.992546,
      0.121869,
      0,
      0,
      0,
      -1
    ],
    "ImageType": [
      "ORIGINAL",
      "PRIMARY",
      "M",
      "ND"
    ],
    "ImagingFrequency": 168.255,
    "InPlanePhaseEncodingDirectionDICOM": "ROW",
    "InversionTime": 0.7,
    "MRAcquisitionType": "3D",
    "MagneticFieldStrength": 3.95064,
    "Manufacturer": "Siemens",
    "ManufacturersModelName": "MedSpec_4T",
    "Modality": "MR",
    "PartialFourier": 0.875,
    "PatientPosition": "HFS",
    "PercentPhaseFOV": 100,
    "PhaseEncodingSteps": 197,
    "PhaseResolution": 0.878906,
    "PixelBandwidth": 200,
    "ProtocolName": "t1_mpr_cor",
    "PulseSequenceDetails": "%SiemensSeq%_tfl",
    "ReceiveCoilName": "Head_4T",
    "ReconMatrixPE": 256,
    "RepetitionTime": 1.5,
    "SAR": 0.0047598,
    "ScanOptions": "IR",
    "ScanningSequence": "IR_GR",
    "SequenceName": "tfl3d1_ns",
    "SequenceVariant": "SP_MP",
    "SeriesDescription": "t1_mpr_cor",
    "SeriesNumber": 8,
    "ShimSetting": [
      12,
      3,
      20,
      2083,
      -326,
      -2706,
      2067,
      236
    ],
    "SliceThickness": 0.9,
    "SoftwareVersions": "syngo_MR_2002B_4VA21A",
    "StationName": "wes4T",
    "TxRefAmp": 205.22,
    "dataset": "ds004169",
    "modality": "T1w",
    "session_id": "01",
    "subject_id": "1268"
  },
  "cjv": 0.37092209349425864,
  "cnr": 3.4977291816671547,
  "efc": 0.467837728388504,
  "fber": -1.0,
  "fwhm_avg": 4.2409633002034814,
  "fwhm_x": 4.32144,
  "fwhm_y": 4.636777900610444,
  "fwhm_z": 3.764672,
  "icvs_csf": 0.22439436551382125,
  "icvs_gm": 0.4288536681085757,
  "icvs_wm": 0.346751966377603,
  "inu_med": 0.6985966563224792,
  "inu_range": 0.4589492380619049,
  "provenance": {
    "md5sum": "63bc7f1230a53d29ab821d5e7980c10c",
    "settings": {
      "testing": false
    },
    "software": "mriqc",
    "version": "23.0.1",
    "warnings": {
      "large_rot_frame": true,
      "small_air_mask": false
    },
    "webapi_port": null,
    "webapi_url": "https://mriqc.nimh.nih.gov/api/v1"
  },
  "qi_1": 0.0,
  "qi_2": 0.017749818786875447,
  "rpve_csf": 25.35477473967449,
  "rpve_gm": 13.704308177193775,
  "rpve_wm": 19.631945728318943,
  "size_x": 256,
  "size_y": 256,
  "size_z": 256,
  "snr_csf": 3.0127619270980146,
  "snr_gm": 9.138738645860911,
  "snr_total": 9.9892647055184,
  "snr_wm": 17.816293543596274,
  "snrd_csf": 7.073159940693778,
  "snrd_gm": 17.01402834165558,
  "snrd_total": 16.544672243072203,
  "snrd_wm": 25.546828446867252,
  "spacing_x": 0.9375,
  "spacing_y": 0.8999999761581421,
  "spacing_z": 0.9375,
  "summary_bg_k": 12.922252509653848,
  "summary_bg_mad": 0.0,
  "summary_bg_mean": 17.13144562124225,
  "summary_bg_median": 0.0,
  "summary_bg_n": 4703068.0,
  "summary_bg_p05": 0.0,
  "summary_bg_p95": 67.04594218730927,
  "summary_bg_stdv": 25.644530063137278,
  "summary_csf_k": 5.70786739197386,
  "summary_csf_mad": 72.64723774232769,
  "summary_csf_mean": 280.77077009065977,
  "summary_csf_median": 276.87037804722786,
  "summary_csf_n": 68708.0,
  "summary_csf_p05": 133.94965644069018,
  "summary_csf_p95": 440.6924886107445,
  "summary_csf_stdv": 91.8985203298009,
  "summary_gm_k": 0.05124682719184559,
  "summary_gm_mad": 71.96702016047068,
  "summary_gm_mean": 664.4677253685876,
  "summary_gm_median": 665.9937706142664,
  "summary_gm_n": 37459.0,
  "summary_gm_p05": 541.5672684162855,
  "summary_gm_p95": 782.1955219663679,
  "summary_gm_stdv": 72.87492363295618,
  "summary_wm_k": 1.0021357618725686,
  "summary_wm_mad": 51.92327541508439,
  "summary_wm_mean": 1000.9426397437475,
  "summary_wm_median": 1000.0000154525042,
  "summary_wm_n": 264488.0,
  "summary_wm_p05": 910.1670171841979,
  "summary_wm_p95": 1092.4022925272584,
  "summary_wm_stdv": 56.128291923276215,
  "tpm_overlap_csf": 0.14895852099238213,
  "tpm_overlap_gm": 0.4259919562378984,
  "tpm_overlap_wm": 0.4482452371657047,
  "wm2max": 0.5607333817733509
}