{
  "bids_meta": {
    "AcquisitionMatrixPE": 225,
    "AcquisitionNumber": 1,
    "AcquisitionTime": "09:22:49.545020",
    "BaseResolution": 256,
    "ConversionSoftware": "dcm2niix",
    "ConversionSoftwareVersion": "v1.0.20190410  GCC6.3.0",
    "DeviceSerialNumber": "18011",
    "EchoTime": 0.00335,
    "FlipAngle": 8,
    "ImageOrientationPatientDICOM": [
      1,
      0,
      0,
      0,
      0,
      -1
    ],
    "ImageType": [
      "ORIGINAL",
      "PRIMARY",
      "M",
      "ND"
    ],
    "ImagingFrequency": 168.217,
    "InPlanePhaseEncodingDirectionDICOM": "ROW",
    "InversionTime": 0.7,
    "MRAcquisitionType": "3D",
    "MagneticFieldStrength": 3.95064,
    "Manufacturer": "Siemens",
    "ManufacturersModelName": "MedSpec_4T",
    "Modality": "MR",
    "PartialFourier": 0.875,
    "PatientPosition": "HFS",
    "PercentPhaseFOV": 100,
    "PhaseEncodingSteps": 197,
    "PhaseResolution": 0.878906,
    "PixelBandwidth": 200,
    "ProtocolName": "t1_mpr_cor",
    "PulseSequenceDetails": "%SiemensSeq%_tfl",
    "ReceiveCoilName": "Head_4T",
    "ReconMatrixPE": 256,
    "RepetitionTime": 1.5,
    "SAR": 0.00572736,
    "ScanOptions": "IR",
    "ScanningSequence": "IR_GR",
    "SequenceName": "tfl3d1_ns",
    "SequenceVariant": "SP_MP",
    "SeriesDescription": "t1_mpr_cor",
    "SeriesNumber": 9,
    "ShimSetting": [
      -24,
      -32,
      -36,
      1131,
      1,
      -3444,
      2114,
      754
    ],
    "SliceThickness": 0.9,
    "SoftwareVersions": "syngo_MR_2002B_4VA21A",
    "StationName": "wes4T",
    "TxRefAmp": 166.338,
    "dataset": "ds004169",
    "modality": "T1w",
    "session_id": "01",
    "subject_id": "0188"
  },
  "cjv": 0.3706319149203594,
  "cnr": 3.5178591775840533,
  "efc": 0.43423155804188257,
  "fber": 1223.6740432132965,
  "fwhm_avg": 4.380252633970383,
  "fwhm_x": 4.547264,
  "fwhm_y": 4.685877901911151,
  "fwhm_z": 3.907616,
  "icvs_csf": 0.24030917618797196,
  "icvs_gm": 0.4234735243532428,
  "icvs_wm": 0.3362172994587852,
  "inu_med": 0.7566585540771484,
  "inu_range": 0.5350542962551117,
  "provenance": {
    "md5sum": "2ca92b1961e84b8023243c1d510d8c0f",
    "settings": {
      "testing": false
    },
    "software": "mriqc",
    "version": "22.0.6",
    "warnings": {
      "large_rot_frame": true,
      "small_air_mask": false
    },
    "webapi_port": null,
    "webapi_url": "https://mriqc.nimh.nih.gov/api/v1"
  },
  "qi_1": 0.0,
  "qi_2": 0.04179952330898236,
  "rpve_csf": 26.972024713013816,
  "rpve_gm": 15.75351880480836,
  "rpve_wm": 23.279288981642814,
  "size_x": 256,
  "size_y": 256,
  "size_z": 256,
  "snr_csf": 1.8491033708107738,
  "snr_gm": 9.370790514241309,
  "snr_total": 9.872801930903753,
  "snr_wm": 18.398511907659177,
  "snrd_csf": 7.439138755035959,
  "snrd_gm": 19.11259829460042,
  "snrd_total": 18.317582963627725,
  "snrd_wm": 28.40101184124679,
  "spacing_x": 0.9375,
  "spacing_y": 0.8999999761581421,
  "spacing_z": 0.9375,
  "summary_bg_k": 15.326151920637386,
  "summary_bg_mad": 23.06773945361798,
  "summary_bg_mean": 16.737318116318,
  "summary_bg_median": 15.558953821659088,
  "summary_bg_n": 5520209.0,
  "summary_bg_p05": 0.0,
  "summary_bg_p95": 58.617453932762146,
  "summary_bg_stdv": 23.0582295449964,
  "summary_csf_k": 30.33094003178728,
  "summary_csf_mad": 108.75488156779723,
  "summary_csf_mean": 275.4078876144626,
  "summary_csf_median": 261.9364678263664,
  "summary_csf_n": 36961.0,
  "summary_csf_p05": 102.4654147028923,
  "summary_csf_p95": 464.30155009031296,
  "summary_csf_stdv": 141.65401919666547,
  "summary_gm_k": 0.15452844873094174,
  "summary_gm_mad": 70.49559699831879,
  "summary_gm_mean": 668.7470734374485,
  "summary_gm_median": 672.9658705294132,
  "summary_gm_n": 26074.0,
  "summary_gm_p05": 544.4860824018717,
  "summary_gm_p95": 779.8785802781581,
  "summary_gm_stdv": 71.81389493885179,
  "summary_wm_k": 0.9714119729955661,
  "summary_wm_mad": 50.71976539484714,
  "summary_wm_mean": 1000.0700550493181,
  "summary_wm_median": 1000.0163956284523,
  "summary_wm_n": 220418.0,
  "summary_wm_p05": 911.3994366526604,
  "summary_wm_p95": 1086.9228565096855,
  "summary_wm_stdv": 54.352989643423726,
  "tpm_overlap_csf": 0.13800089520249195,
  "tpm_overlap_gm": 0.45124830310045383,
  "tpm_overlap_wm": 0.48532541551295255,
  "wm2max": 0.5274435785140947
}