{
  "aor": 0.0013045238095238095,
  "aqi": 0.005659470396825397,
  "bids_meta": {
    "AcquisitionMatrixPE": 64,
    "AcquisitionNumber": 1,
    "AcquisitionTime": "10:38:13.812490",
    "BaseResolution": 64,
    "ConversionSoftware": "dcm2niix",
    "ConversionSoftwareVersion": "v1.0.20190410  GCC6.3.0",
    "DeviceSerialNumber": "18011",
    "EchoTime": 0.03,
    "FlipAngle": 90,
    "ImageComments": "Fake_MoCo_Reference_Volume_+_DiCo_Applied",
    "ImageOrientationPatientDICOM": [
      1,
      0,
      0,
      0,
      0.984503,
      -0.175367
    ],
    "ImageType": [
      "ORIGINAL",
      "PRIMARY",
      "M",
      "ND",
      "DICO",
      "MOSAIC"
    ],
    "ImagingFrequency": 168.255,
    "InPlanePhaseEncodingDirectionDICOM": "COL",
    "MRAcquisitionType": "2D",
    "MagneticFieldStrength": 3.95064,
    "Manufacturer": "Siemens",
    "ManufacturersModelName": "MedSpec_4T",
    "Modality": "MR",
    "PartialFourier": 1,
    "PatientPosition": "HFS",
    "PercentPhaseFOV": 100,
    "PhaseEncodingDirection": "j-",
    "PhaseEncodingSteps": 64,
    "PhaseResolution": 1,
    "PixelBandwidth": 2790,
    "ProcedureStepDescription": "Research_fMRI",
    "ProtocolName": "Nback_dc_opt",
    "PulseSequenceDetails": "%CustomerSeq%_kt_ep2d_bold_dc",
    "ReceiveCoilName": "Head",
    "ReconMatrixPE": 64,
    "RepetitionTime": 2.1,
    "SAR": 0.106365,
    "ScanOptions": "FS",
    "ScanningSequence": "SE_EP",
    "SequenceName": "epfid2d1_64",
    "SequenceVariant": "SK",
    "SeriesDescription": "Nback_dc_opt_DiCo",
    "SeriesNumber": 7,
    "ShimSetting": [
      12,
      -10,
      20,
      2261,
      1098,
      -4176,
      2916,
      -105
    ],
    "SliceThickness": 3,
    "SoftwareVersions": "syngo_MR_2004A_4VA25A",
    "SpacingBetweenSlices": 3.6,
    "StationName": "WES4T",
    "TaskName": "nback",
    "TxRefAmp": 180.49,
    "dataset": "ds004169",
    "modality": "bold",
    "session_id": "01",
    "subject_id": "0579",
    "task_id": "nback"
  },
  "dummy_trs": 1,
  "dvars_nstd": 24.585045318400013,
  "dvars_std": 1.1465408823200005,
  "dvars_vstd": 1.0206134864799998,
  "efc": 0.4575923882539741,
  "fber": 2406.380859375,
  "fd_mean": 0.13259102027713832,
  "fd_num": 12,
  "fd_perc": 9.523809523809524,
  "fwhm_avg": 1.876119931766106,
  "fwhm_x": 1.7127457391304346,
  "fwhm_y": 2.160069565217391,
  "fwhm_z": 1.7555444909504914,
  "gcor": 0.0229554,
  "gsr_x": -0.023741183802485466,
  "gsr_y": 0.03169206529855728,
  "provenance": {
    "md5sum": "78123c64397a64ab7e732a4b278a6394",
    "settings": {
      "fd_thres": 0.2,
      "testing": false
    },
    "software": "mriqc",
    "version": "23.0.1",
    "webapi_port": null,
    "webapi_url": "https://mriqc.nimh.nih.gov/api/v1"
  },
  "size_t": 126,
  "size_x": 64,
  "size_y": 64,
  "size_z": 36,
  "snr": 5.668425297545091,
  "spacing_tr": 2.0999999046325684,
  "spacing_x": 3.59375,
  "spacing_y": 3.59375,
  "spacing_z": 3.5999999046325684,
  "summary_bg_k": 38.21794133181946,
  "summary_bg_mad": 5.9068763022072055,
  "summary_bg_mean": 22.45691680908203,
  "summary_bg_median": 11.515873908996582,
  "summary_bg_n": 98119.0,
  "summary_bg_p05": 7.047619342803955,
  "summary_bg_p95": 69.90634994506821,
  "summary_bg_stdv": 31.509294509887695,
  "summary_fg_k": 3.821485291129715,
  "summary_fg_mad": 90.88585065853142,
  "summary_fg_mean": 594.36083984375,
  "summary_fg_median": 594.0556030273438,
  "summary_fg_n": 19255.0,
  "summary_fg_p05": 435.2174896240234,
  "summary_fg_p95": 750.6341552734375,
  "summary_fg_stdv": 104.798095703125,
  "tsnr": 62.72425351687707
}