{
  "aor": 0.002773666666666667,
  "aqi": 0.01634837373333333,
  "bids_meta": {
    "AcquisitionMatrixPE": 64,
    "AcquisitionNumber": 1,
    "AcquisitionTime": "10:01:3.462490",
    "BaseResolution": 64,
    "ConversionSoftware": "dcm2niix",
    "ConversionSoftwareVersion": "v1.0.20190410  GCC6.3.0",
    "DeviceSerialNumber": "18011",
    "EchoTime": 0.03,
    "FlipAngle": 90,
    "ImageComments": "Fake_MoCo_Reference_Volume_+_DiCo_Applied",
    "ImageOrientationPatientDICOM": [
      0.999848,
      -1.11022e-16,
      0.0174524,
      1.11022e-16,
      1,
      1.73472e-18
    ],
    "ImageType": [
      "ORIGINAL",
      "PRIMARY",
      "M",
      "ND",
      "MOSAIC"
    ],
    "ImagingFrequency": 168.217,
    "InPlanePhaseEncodingDirectionDICOM": "COL",
    "MRAcquisitionType": "2D",
    "MagneticFieldStrength": 3.95064,
    "Manufacturer": "Siemens",
    "ManufacturersModelName": "MedSpec_4T",
    "Modality": "MR",
    "PartialFourier": 1,
    "PatientPosition": "HFS",
    "PercentPhaseFOV": 100,
    "PhaseEncodingDirection": "j-",
    "PhaseEncodingSteps": 64,
    "PhaseResolution": 1,
    "PixelBandwidth": 2790,
    "ProtocolName": "mz_bold_dc_REST",
    "PulseSequenceDetails": "%CustomerSeq%_mz_ep2d_bold_dc",
    "ReceiveCoilName": "Head_4T",
    "ReconMatrixPE": 64,
    "RepetitionTime": 2.1,
    "SAR": 0.0411799,
    "ScanOptions": "FS",
    "ScanningSequence": "SE_EP",
    "SequenceName": "epfid2d1_64",
    "SequenceVariant": "SK",
    "SeriesDescription": "mz_bold_dc_REST_DiCo",
    "SeriesNumber": 10,
    "ShimSetting": [
      14,
      -13,
      -14,
      1750,
      774,
      -1980,
      1851,
      299
    ],
    "SliceThickness": 3,
    "SoftwareVersions": "syngo_MR_2002B_4VA21A",
    "SpacingBetweenSlices": 3.6,
    "StationName": "wes4T",
    "TaskName": "rest",
    "TxRefAmp": 174.517,
    "dataset": "ds004169",
    "modality": "bold",
    "session_id": "01",
    "subject_id": "1142",
    "task_id": "rest"
  },
  "dummy_trs": 0,
  "dvars_nstd": 34.41662191812081,
  "dvars_std": 1.1929097870469803,
  "dvars_vstd": 0.9757466702684561,
  "efc": 0.48377238217416596,
  "fber": 2189.585693359375,
  "fd_mean": 0.20502919901635358,
  "fd_num": 39,
  "fd_perc": 26.0,
  "fwhm_avg": 1.8788716547227267,
  "fwhm_x": 1.755216695652174,
  "fwhm_y": 2.1286427826086958,
  "fwhm_z": 1.7527554859073102,
  "gcor": 0.0629363,
  "gsr_x": -0.023279979825019836,
  "gsr_y": 0.04030425846576691,
  "provenance": {
    "md5sum": "39ff20529b5e71012454ac8c522d3d76",
    "settings": {
      "fd_thres": 0.2,
      "testing": false
    },
    "software": "mriqc",
    "version": "23.0.1",
    "webapi_port": null,
    "webapi_url": "https://mriqc.nimh.nih.gov/api/v1"
  },
  "size_t": 150,
  "size_x": 64,
  "size_y": 64,
  "size_z": 36,
  "snr": 5.802290386599333,
  "spacing_tr": 2.0999999046325684,
  "spacing_x": 3.59375,
  "spacing_y": 3.59375,
  "spacing_z": 3.6000001430511475,
  "summary_bg_k": 77.89787869608688,
  "summary_bg_mad": 10.822997891794483,
  "summary_bg_mean": 32.13481140136719,
  "summary_bg_median": 17.46000099182129,
  "summary_bg_n": 93557.0,
  "summary_bg_p05": 8.920000076293945,
  "summary_bg_p95": 93.6346710205078,
  "summary_bg_stdv": 43.5151481628418,
  "summary_fg_k": 1.6480475330595787,
  "summary_fg_mad": 133.69119370240335,
  "summary_fg_mean": 821.9510498046875,
  "summary_fg_median": 818.3933715820312,
  "summary_fg_n": 23175.0,
  "summary_fg_p05": 601.4006958007812,
  "summary_fg_p95": 1043.9340087890623,
  "summary_fg_stdv": 141.04356384277344,
  "tsnr": 38.66084927076008
}