{
  "bids_meta": {
    "AcquisitionMatrixPE": 225,
    "AcquisitionNumber": 1,
    "AcquisitionTime": "08:35:16.917520",
    "BaseResolution": 256,
    "ConversionSoftware": "dcm2niix",
    "ConversionSoftwareVersion": "v1.0.20190410  GCC6.3.0",
    "DeviceSerialNumber": "18011",
    "EchoTime": 0.00335,
    "FlipAngle": 8,
    "ImageOrientationPatientDICOM": [
      1,
      0,
      0,
      0,
      0,
      -1
    ],
    "ImageType": [
      "ORIGINAL",
      "PRIMARY",
      "M",
      "ND"
    ],
    "ImagingFrequency": 168.255,
    "InPlanePhaseEncodingDirectionDICOM": "ROW",
    "InversionTime": 0.7,
    "MRAcquisitionType": "3D",
    "MagneticFieldStrength": 3.95064,
    "Manufacturer": "Siemens",
    "ManufacturersModelName": "MedSpec_4T",
    "Modality": "MR",
    "PartialFourier": 0.875,
    "PatientPosition": "HFS",
    "PercentPhaseFOV": 100,
    "PhaseEncodingSteps": 197,
    "PhaseResolution": 0.878906,
    "PixelBandwidth": 200,
    "ProcedureStepDescription": "Research_fMRI",
    "ProtocolName": "t1_mpr_cor",
    "PulseSequenceDetails": "%SiemensSeq%_tfl",
    "ReceiveCoilName": "Head",
    "ReconMatrixPE": 256,
    "RepetitionTime": 1.5,
    "SAR": 0.0708605,
    "ScanOptions": "IR",
    "ScanningSequence": "IR_GR",
    "SequenceName": "tfl3d1_ns",
    "SequenceVariant": "SP_MP",
    "SeriesDescription": "t1_mpr_cor",
    "SeriesNumber": 2,
    "ShimSetting": [
      14,
      30,
      52,
      2049,
      478,
      -4449,
      2255,
      -28
    ],
    "SliceThickness": 0.9,
    "SoftwareVersions": "syngo_MR_2004A_4VA25A",
    "StationName": "WES4T",
    "TxRefAmp": 197.556,
    "dataset": "ds004169",
    "modality": "T1w",
    "session_id": "02",
    "subject_id": "1099"
  },
  "cjv": 0.32175154641299913,
  "cnr": 4.075442448539367,
  "efc": 0.4555356879257579,
  "fber": 10456.630810342882,
  "fwhm_avg": 4.801640492830761,
  "fwhm_x": 4.795210666666667,
  "fwhm_y": 5.479566811825615,
  "fwhm_z": 4.130144,
  "icvs_csf": 0.220004951902467,
  "icvs_gm": 0.435361728797845,
  "icvs_wm": 0.344633319299688,
  "inu_med": 0.6293108463287354,
  "inu_range": 0.4430257499217985,
  "provenance": {
    "md5sum": "7c4aeff4537511dfd9b664cfa212e994",
    "settings": {
      "testing": false
    },
    "software": "mriqc",
    "version": "23.0.1",
    "warnings": {
      "large_rot_frame": true,
      "small_air_mask": false
    },
    "webapi_port": null,
    "webapi_url": "https://mriqc.nimh.nih.gov/api/v1"
  },
  "qi_1": 0.0,
  "qi_2": 0.004554983427872629,
  "rpve_csf": 25.450990428251004,
  "rpve_gm": 13.738863194791746,
  "rpve_wm": 20.395143018513036,
  "size_x": 256,
  "size_y": 240,
  "size_z": 256,
  "snr_csf": 2.170988635155492,
  "snr_gm": 10.99779709956802,
  "snr_total": 11.687226452283758,
  "snr_wm": 21.89289362212776,
  "snrd_csf": 28.04584335682521,
  "snrd_gm": 60.82135626594779,
  "snrd_total": 59.482502213128214,
  "snrd_wm": 89.58030701661164,
  "spacing_x": 0.9375,
  "spacing_y": 0.8999999761581421,
  "spacing_z": 0.9375,
  "summary_bg_k": 6.401843054248809,
  "summary_bg_mad": 7.313397773960777,
  "summary_bg_mean": 12.630733268884535,
  "summary_bg_median": 4.932811837643385,
  "summary_bg_n": 3990973.0,
  "summary_bg_p05": 0.0,
  "summary_bg_p95": 48.3551637656955,
  "summary_bg_stdv": 17.544440073173085,
  "summary_csf_k": 20.43186801976812,
  "summary_csf_mad": 111.16364616420383,
  "summary_csf_mean": 319.9891787701965,
  "summary_csf_median": 313.0804644264281,
  "summary_csf_n": 38921.0,
  "summary_csf_p05": 119.44208525493741,
  "summary_csf_p95": 504.3034667670727,
  "summary_csf_stdv": 144.20915767665238,
  "summary_gm_k": 0.2365974808801261,
  "summary_gm_mad": 60.27248510264227,
  "summary_gm_mean": 678.5329660282373,
  "summary_gm_median": 678.9590252116323,
  "summary_gm_n": 47898.0,
  "summary_gm_p05": 576.2833972958848,
  "summary_gm_p95": 778.0575140602887,
  "summary_gm_stdv": 61.735266751776656,
  "summary_wm_k": 0.4599593372930597,
  "summary_wm_mad": 43.0229538013003,
  "summary_wm_mean": 1000.2190467043979,
  "summary_wm_median": 1000.0000273622572,
  "summary_wm_n": 271959.0,
  "summary_wm_p05": 924.851190470159,
  "summary_wm_p95": 1075.2509224303067,
  "summary_wm_stdv": 45.6768395310416,
  "tpm_overlap_csf": 0.139990285271467,
  "tpm_overlap_gm": 0.4647095472463474,
  "tpm_overlap_wm": 0.49753054470211966,
  "wm2max": 0.5600754515661917
}