{
  "aor": 0.01668629921259842,
  "aqi": 0.01865045929133859,
  "bids_meta": {
    "AcquisitionMatrixPE": 64,
    "AcquisitionNumber": 1,
    "AcquisitionTime": "09:05:29.342490",
    "BaseResolution": 64,
    "ConversionSoftware": "dcm2niix",
    "ConversionSoftwareVersion": "v1.0.20190410  GCC6.3.0",
    "DeviceSerialNumber": "18011",
    "EchoTime": 0.03,
    "FlipAngle": 90,
    "ImageComments": "Fake_MoCo_Reference_Volume_+_DiCo_Applied",
    "ImageOrientationPatientDICOM": [
      0.99863,
      2.22045e-16,
      -0.052336,
      -2.22045e-16,
      1,
      0
    ],
    "ImageType": [
      "ORIGINAL",
      "PRIMARY",
      "M",
      "ND",
      "MOSAIC"
    ],
    "ImagingFrequency": 168.217,
    "InPlanePhaseEncodingDirectionDICOM": "COL",
    "MRAcquisitionType": "2D",
    "MagneticFieldStrength": 3.95064,
    "Manufacturer": "Siemens",
    "ManufacturersModelName": "MedSpec_4T",
    "Modality": "MR",
    "PartialFourier": 1,
    "PatientPosition": "HFS",
    "PercentPhaseFOV": 100,
    "PhaseEncodingDirection": "j-",
    "PhaseEncodingSteps": 64,
    "PhaseResolution": 1,
    "PixelBandwidth": 2790,
    "ProtocolName": "Nback_dc",
    "PulseSequenceDetails": "%CustomerSeq%_mz_ep2d_bold_dc",
    "ReceiveCoilName": "Head_4T",
    "ReconMatrixPE": 64,
    "RepetitionTime": 2.1,
    "SAR": 0.047131,
    "ScanOptions": "FS",
    "ScanningSequence": "SE_EP",
    "SequenceName": "epfid2d1_64",
    "SequenceVariant": "SK",
    "SeriesDescription": "Nback_dc_DiCo",
    "SeriesNumber": 7,
    "ShimSetting": [
      -12,
      15,
      -4,
      2152,
      314,
      -2633,
      945,
      593
    ],
    "SliceThickness": 3,
    "SoftwareVersions": "syngo_MR_2002B_4VA21A",
    "SpacingBetweenSlices": 3.6,
    "StationName": "wes4T",
    "TaskName": "nback",
    "TxRefAmp": 197.537,
    "dataset": "ds004169",
    "modality": "bold",
    "session_id": "01",
    "subject_id": "0730",
    "task_id": "nback"
  },
  "dummy_trs": 0,
  "dvars_nstd": 28.50086325650793,
  "dvars_std": 1.0842693439682545,
  "dvars_vstd": 1.0652929294444442,
  "efc": 0.48986460788795266,
  "fber": 1611.4925537109375,
  "fd_mean": 0.1663601086172914,
  "fd_num": 26,
  "fd_perc": 20.47244094488189,
  "fwhm_avg": 1.7886473911173717,
  "fwhm_x": 1.6890518260869565,
  "fwhm_y": 2.056815304347826,
  "fwhm_z": 1.6200750429173323,
  "gcor": 0.193285,
  "gsr_x": -0.01478656381368637,
  "gsr_y": 0.03791124001145363,
  "provenance": {
    "md5sum": "5c4d6a0d61d2ffd843de04fc801b4728",
    "settings": {
      "fd_thres": 0.2,
      "testing": false
    },
    "software": "mriqc",
    "version": "23.0.1",
    "webapi_port": null,
    "webapi_url": "https://mriqc.nimh.nih.gov/api/v1"
  },
  "size_t": 127,
  "size_x": 64,
  "size_y": 64,
  "size_z": 36,
  "snr": 4.932639730015628,
  "spacing_tr": 2.0999999046325684,
  "spacing_x": 3.59375,
  "spacing_y": 3.59375,
  "spacing_z": 3.5999999046325684,
  "summary_bg_k": 40.793034589154686,
  "summary_bg_mad": 10.459933016129153,
  "summary_bg_mean": 32.64849853515625,
  "summary_bg_median": 16.944881439208984,
  "summary_bg_n": 94600.0,
  "summary_bg_p05": 8.543307304382324,
  "summary_bg_p95": 103.17401275634771,
  "summary_bg_stdv": 43.46304702758789,
  "summary_fg_k": 4.894686912739922,
  "summary_fg_mad": 108.87787649464065,
  "summary_fg_mean": 697.2052001953125,
  "summary_fg_median": 683.590576171875,
  "summary_fg_n": 22610.0,
  "summary_fg_p05": 510.7594329833984,
  "summary_fg_p95": 922.5102386474608,
  "summary_fg_stdv": 138.5820770263672,
  "tsnr": 31.025346608366817
}