{
  "bids_meta": {
    "AcquisitionMatrixPE": 225,
    "AcquisitionNumber": 1,
    "AcquisitionTime": "11:19:33.140020",
    "BaseResolution": 256,
    "ConversionSoftware": "dcm2niix",
    "ConversionSoftwareVersion": "v1.0.20190410  GCC6.3.0",
    "DeviceSerialNumber": "18011",
    "EchoTime": 0.00335,
    "FlipAngle": 8,
    "ImageOrientationPatientDICOM": [
      1,
      0,
      0,
      0,
      0,
      -1
    ],
    "ImageType": [
      "ORIGINAL",
      "PRIMARY",
      "M",
      "ND"
    ],
    "ImagingFrequency": 168.255,
    "InPlanePhaseEncodingDirectionDICOM": "ROW",
    "InversionTime": 0.7,
    "MRAcquisitionType": "3D",
    "MagneticFieldStrength": 3.95064,
    "Manufacturer": "Siemens",
    "ManufacturersModelName": "MedSpec_4T",
    "Modality": "MR",
    "PartialFourier": 0.875,
    "PatientPosition": "HFS",
    "PercentPhaseFOV": 100,
    "PhaseEncodingSteps": 197,
    "PhaseResolution": 0.878906,
    "PixelBandwidth": 200,
    "ProcedureStepDescription": "Research_fMRI",
    "ProtocolName": "t1_mpr_cor",
    "PulseSequenceDetails": "%SiemensSeq%_tfl",
    "ReceiveCoilName": "Head",
    "ReconMatrixPE": 256,
    "RepetitionTime": 1.5,
    "SAR": 0.0642929,
    "ScanOptions": "IR",
    "ScanningSequence": "IR_GR",
    "SequenceName": "tfl3d1_ns",
    "SequenceVariant": "SP_MP",
    "SeriesDescription": "t1_mpr_cor",
    "SeriesNumber": 2,
    "ShimSetting": [
      20,
      9,
      27,
      2129,
      595,
      -3854,
      3413,
      49
    ],
    "SliceThickness": 0.9,
    "SoftwareVersions": "syngo_MR_2004A_4VA25A",
    "StationName": "WES4T",
    "TxRefAmp": 215.728,
    "dataset": "ds004169",
    "modality": "T1w",
    "session_id": "02",
    "subject_id": "1279"
  },
  "cjv": 0.3192770975896945,
  "cnr": 4.143812050269461,
  "efc": 0.4682083445497414,
  "fber": 15788.691795085382,
  "fwhm_avg": 5.233886126242318,
  "fwhm_x": 5.203466666666667,
  "fwhm_y": 5.907855712060285,
  "fwhm_z": 4.590336,
  "icvs_csf": 0.19129322515469274,
  "icvs_gm": 0.4378947172391911,
  "icvs_wm": 0.3708120576061162,
  "inu_med": 0.600013792514801,
  "inu_range": 0.4426208570599555,
  "provenance": {
    "md5sum": "bbc1ba196d05aa7776212b45a86f777f",
    "settings": {
      "testing": false
    },
    "software": "mriqc",
    "version": "23.0.1",
    "warnings": {
      "large_rot_frame": true,
      "small_air_mask": false
    },
    "webapi_port": null,
    "webapi_url": "https://mriqc.nimh.nih.gov/api/v1"
  },
  "qi_1": 0.0,
  "qi_2": 0.004717005115192262,
  "rpve_csf": 25.199826601354253,
  "rpve_gm": 12.082192037105607,
  "rpve_wm": 16.719892614690977,
  "size_x": 256,
  "size_y": 240,
  "size_z": 256,
  "snr_csf": 2.0301429549158088,
  "snr_gm": 11.268547003444606,
  "snr_total": 11.877389085426685,
  "snr_wm": 22.333477297919636,
  "snrd_csf": 31.471874036245655,
  "snrd_gm": 66.6097385998543,
  "snrd_total": 65.30372947448124,
  "snrd_wm": 97.82957578734376,
  "spacing_x": 0.9375,
  "spacing_y": 0.8999999761581421,
  "spacing_z": 0.9375,
  "summary_bg_k": 4.528481338680973,
  "summary_bg_mad": 6.696935458770016,
  "summary_bg_mean": 11.610211807754068,
  "summary_bg_median": 4.51701432466507,
  "summary_bg_n": 3796187.0,
  "summary_bg_p05": 0.0,
  "summary_bg_p95": 46.307761669158936,
  "summary_bg_stdv": 16.589363974572937,
  "summary_csf_k": 22.750805453547073,
  "summary_csf_mad": 118.41174029691872,
  "summary_csf_mean": 327.4317781325116,
  "summary_csf_median": 321.7117980122566,
  "summary_csf_n": 40585.0,
  "summary_csf_p05": 112.32308954000473,
  "summary_csf_p95": 513.6949446201323,
  "summary_csf_stdv": 158.46560646213473,
  "summary_gm_k": 0.16044166859107634,
  "summary_gm_mad": 59.62752904771525,
  "summary_gm_mean": 681.9316988877462,
  "summary_gm_median": 680.8980852365494,
  "summary_gm_n": 74573.0,
  "summary_gm_p05": 584.4347348809242,
  "summary_gm_p95": 781.6107749938965,
  "summary_gm_stdv": 60.42425165380178,
  "summary_wm_k": 0.4604310820885624,
  "summary_wm_mad": 42.26510378423743,
  "summary_wm_mean": 1001.2611354397684,
  "summary_wm_median": 1000.0335121154785,
  "summary_wm_n": 336684.0,
  "summary_wm_p05": 929.5346292853355,
  "summary_wm_p95": 1076.7892962694168,
  "summary_wm_stdv": 44.777264805320094,
  "tpm_overlap_csf": 0.1328215206065874,
  "tpm_overlap_gm": 0.4518410198442122,
  "tpm_overlap_wm": 0.5054148515522763,
  "wm2max": 0.5781156308632662
}