{
  "bids_meta": {
    "AcquisitionMatrixPE": 225,
    "AcquisitionNumber": 1,
    "AcquisitionTime": "09:07:17.525010",
    "BaseResolution": 256,
    "ConversionSoftware": "dcm2niix",
    "ConversionSoftwareVersion": "v1.0.20190410  GCC6.3.0",
    "DeviceSerialNumber": "18011",
    "EchoTime": 0.00335,
    "FlipAngle": 8,
    "ImageOrientationPatientDICOM": [
      0.999848,
      0.0174524,
      5.42299e-10,
      3.04599e-05,
      -0.00174502,
      -0.999998
    ],
    "ImageType": [
      "ORIGINAL",
      "PRIMARY",
      "M",
      "ND"
    ],
    "ImagingFrequency": 168.217,
    "InPlanePhaseEncodingDirectionDICOM": "ROW",
    "InversionTime": 0.7,
    "MRAcquisitionType": "3D",
    "MagneticFieldStrength": 3.95064,
    "Manufacturer": "Siemens",
    "ManufacturersModelName": "MedSpec_4T",
    "Modality": "MR",
    "PartialFourier": 0.875,
    "PatientPosition": "HFS",
    "PercentPhaseFOV": 100,
    "PhaseEncodingSteps": 197,
    "PhaseResolution": 0.878906,
    "PixelBandwidth": 200,
    "ProtocolName": "t1_mpr_cor",
    "PulseSequenceDetails": "%SiemensSeq%_tfl",
    "ReceiveCoilName": "Head_4T",
    "ReconMatrixPE": 256,
    "RepetitionTime": 1.5,
    "SAR": 0.00507349,
    "ScanOptions": "IR",
    "ScanningSequence": "IR_GR",
    "SequenceName": "tfl3d1_ns",
    "SequenceVariant": "SP_MP",
    "SeriesDescription": "t1_mpr_cor",
    "SeriesNumber": 8,
    "ShimSetting": [
      25,
      -14,
      -13,
      1983,
      738,
      -4366,
      2544,
      -448
    ],
    "SliceThickness": 0.9,
    "SoftwareVersions": "syngo_MR_2002B_4VA21A",
    "StationName": "wes4T",
    "TxRefAmp": 164.333,
    "dataset": "ds004169",
    "modality": "T1w",
    "session_id": "01",
    "subject_id": "0845"
  },
  "cjv": 0.3409497791395066,
  "cnr": 3.840124472628708,
  "efc": 0.4122742055446438,
  "fber": -1.0,
  "fwhm_avg": 4.265578115041648,
  "fwhm_x": 4.392576,
  "fwhm_y": 4.639422345124943,
  "fwhm_z": 3.764736,
  "icvs_csf": 0.18635436854429502,
  "icvs_gm": 0.478667658291488,
  "icvs_wm": 0.33497797316421696,
  "inu_med": 0.7559931874275208,
  "inu_range": 0.5513476192951201,
  "provenance": {
    "md5sum": "ac4ca5a048e8b318e65fa8a8debd16f1",
    "settings": {
      "testing": false
    },
    "software": "mriqc",
    "version": "23.0.1",
    "warnings": {
      "large_rot_frame": true,
      "small_air_mask": false
    },
    "webapi_port": null,
    "webapi_url": "https://mriqc.nimh.nih.gov/api/v1"
  },
  "qi_1": 0.0,
  "qi_2": 0.029994804212537394,
  "rpve_csf": 35.94025977941145,
  "rpve_gm": 15.65215288267341,
  "rpve_wm": 24.443098684808053,
  "size_x": 256,
  "size_y": 256,
  "size_z": 256,
  "snr_csf": 1.439282306649825,
  "snr_gm": 10.121592317316761,
  "snr_total": 9.767390913786373,
  "snr_wm": 17.741298117392535,
  "snrd_csf": 8.134923613646572,
  "snrd_gm": 20.387450917264825,
  "snrd_total": 19.81440082414032,
  "snrd_wm": 30.92082794150957,
  "spacing_x": 0.9375,
  "spacing_y": 0.8999999761581421,
  "spacing_z": 0.9375,
  "summary_bg_k": 15.641243481047816,
  "summary_bg_mad": 0.0,
  "summary_bg_mean": 13.372286295859794,
  "summary_bg_median": 0.0,
  "summary_bg_n": 4986109.0,
  "summary_bg_p05": 0.0,
  "summary_bg_p95": 56.2162144780159,
  "summary_bg_stdv": 21.18754326315292,
  "summary_csf_k": 19.01398050183436,
  "summary_csf_mad": 130.51478585610735,
  "summary_csf_mean": 285.85803685738927,
  "summary_csf_median": 263.0887949541211,
  "summary_csf_n": 24637.0,
  "summary_csf_p05": 83.66022907346488,
  "summary_csf_p95": 525.9536516912281,
  "summary_csf_stdv": 182.78794534043809,
  "summary_gm_k": 0.1337236422372654,
  "summary_gm_mad": 63.88355307693676,
  "summary_gm_mean": 659.0007859136139,
  "summary_gm_median": 659.343608956784,
  "summary_gm_n": 49337.0,
  "summary_gm_p05": 549.9536509491503,
  "summary_gm_p95": 764.1698605418205,
  "summary_gm_stdv": 65.1416206277093,
  "summary_wm_k": 0.7272126760036675,
  "summary_wm_mad": 52.26315766957281,
  "summary_wm_mean": 1001.2503352389228,
  "summary_wm_median": 999.9999690800905,
  "summary_wm_n": 196320.0,
  "summary_wm_p05": 911.0791224086657,
  "summary_wm_p95": 1095.7142518348992,
  "summary_wm_stdv": 56.36551596155871,
  "tpm_overlap_csf": 0.12630321664323527,
  "tpm_overlap_gm": 0.4572119344551409,
  "tpm_overlap_wm": 0.47511146241657465,
  "wm2max": 0.4602612195669478
}