{
  "aor": 0.0005757046979865772,
  "aqi": 0.009629076174496645,
  "bids_meta": {
    "AcquisitionMatrixPE": 64,
    "AcquisitionNumber": 1,
    "AcquisitionTime": "09:34:36.730000",
    "BaseResolution": 64,
    "ConversionSoftware": "dcm2niix",
    "ConversionSoftwareVersion": "v1.0.20190410  GCC6.3.0",
    "DeviceSerialNumber": "18011",
    "EchoTime": 0.03,
    "FlipAngle": 90,
    "ImageComments": "Fake_MoCo_Reference_Volume_+_DiCo_Applied",
    "ImageOrientationPatientDICOM": [
      0.996195,
      -0.00911022,
      -0.0866783,
      -4.044e-08,
      0.994522,
      -0.104528
    ],
    "ImageType": [
      "ORIGINAL",
      "PRIMARY",
      "M",
      "ND",
      "MOSAIC"
    ],
    "ImagingFrequency": 168.216,
    "InPlanePhaseEncodingDirectionDICOM": "COL",
    "MRAcquisitionType": "2D",
    "MagneticFieldStrength": 3.95064,
    "Manufacturer": "Siemens",
    "ManufacturersModelName": "MedSpec_4T",
    "Modality": "MR",
    "PartialFourier": 1,
    "PatientPosition": "HFS",
    "PercentPhaseFOV": 100,
    "PhaseEncodingDirection": "j-",
    "PhaseEncodingSteps": 64,
    "PhaseResolution": 1,
    "PixelBandwidth": 2790,
    "ProtocolName": "mz_bold_dc_REST",
    "PulseSequenceDetails": "%CustomerSeq%_mz_ep2d_bold_dc",
    "ReceiveCoilName": "Head_4T",
    "ReconMatrixPE": 64,
    "RepetitionTime": 2.1,
    "SAR": 0.018521,
    "ScanOptions": "FS",
    "ScanningSequence": "SE_EP",
    "SequenceName": "epfid2d1_64",
    "SequenceVariant": "SK",
    "SeriesDescription": "mz_bold_dc_REST_DiCo",
    "SeriesNumber": 10,
    "ShimSetting": [
      2,
      -50,
      126,
      457,
      1794,
      -4999,
      1926,
      106
    ],
    "SliceThickness": 3,
    "SoftwareVersions": "syngo_MR_2002B_4VA21A",
    "SpacingBetweenSlices": 3.6,
    "StationName": "wes4T",
    "TaskName": "rest",
    "TxRefAmp": 174.067,
    "dataset": "ds004169",
    "modality": "bold",
    "session_id": "01",
    "subject_id": "0574",
    "task_id": "rest"
  },
  "dummy_trs": 1,
  "dvars_nstd": 26.234902600878367,
  "dvars_std": 1.1678430933783774,
  "dvars_vstd": 0.9539876949324322,
  "efc": 0.44736281149127954,
  "fber": 2226.3564453125,
  "fd_mean": 0.066287131454476,
  "fd_num": 2,
  "fd_perc": 1.342281879194631,
  "fwhm_avg": 1.7095255248117784,
  "fwhm_x": 1.6261286956521739,
  "fwhm_y": 1.9108146086956523,
  "fwhm_z": 1.5916332700875095,
  "gcor": 0.0249505,
  "gsr_x": -0.010698049329221249,
  "gsr_y": 0.025112539529800415,
  "provenance": {
    "md5sum": "9efb97a11714cff75d119de620b36dc6",
    "settings": {
      "fd_thres": 0.2,
      "testing": false
    },
    "software": "mriqc",
    "version": "23.0.1",
    "webapi_port": null,
    "webapi_url": "https://mriqc.nimh.nih.gov/api/v1"
  },
  "size_t": 149,
  "size_x": 64,
  "size_y": 64,
  "size_z": 36,
  "snr": 5.69619877687802,
  "spacing_tr": 2.0999999046325684,
  "spacing_x": 3.59375,
  "spacing_y": 3.59375,
  "spacing_z": 3.6000001430511475,
  "summary_bg_k": 45.58584393312725,
  "summary_bg_mad": 8.328443477167676,
  "summary_bg_mean": 29.593217849731445,
  "summary_bg_median": 14.99328899383545,
  "summary_bg_n": 101043.0,
  "summary_bg_p05": 8.912752151489258,
  "summary_bg_p95": 90.75772094726558,
  "summary_bg_stdv": 42.7042236328125,
  "summary_fg_k": 2.005827098668613,
  "summary_fg_mad": 114.08073886983584,
  "summary_fg_mean": 722.8480224609375,
  "summary_fg_median": 720.2416381835938,
  "summary_fg_n": 17339.0,
  "summary_fg_p05": 529.697998046875,
  "summary_fg_p95": 924.94091796875,
  "summary_fg_stdv": 126.43885803222656,
  "tsnr": 51.021596043370664
}