{
  "aor": 0.0008006040268456376,
  "aqi": 0.005758484362416108,
  "bids_meta": {
    "AcquisitionMatrixPE": 64,
    "AcquisitionNumber": 1,
    "AcquisitionTime": "10:00:10.560020",
    "BaseResolution": 64,
    "ConversionSoftware": "dcm2niix",
    "ConversionSoftwareVersion": "v1.0.20190410  GCC6.3.0",
    "DeviceSerialNumber": "18011",
    "EchoTime": 0.03,
    "FlipAngle": 90,
    "ImageComments": "Fake_MoCo_Reference_Volume_+_DiCo_Applied",
    "ImageOrientationPatientDICOM": [
      0.999978,
      0.00195197,
      0.00638448,
      8.88549e-09,
      0.956303,
      -0.292378
    ],
    "ImageType": [
      "ORIGINAL",
      "PRIMARY",
      "M",
      "ND",
      "DICO",
      "MOSAIC"
    ],
    "ImagingFrequency": 168.255,
    "InPlanePhaseEncodingDirectionDICOM": "COL",
    "MRAcquisitionType": "2D",
    "MagneticFieldStrength": 3.95064,
    "Manufacturer": "Siemens",
    "ManufacturersModelName": "MedSpec_4T",
    "Modality": "MR",
    "PartialFourier": 1,
    "PatientPosition": "HFS",
    "PercentPhaseFOV": 100,
    "PhaseEncodingDirection": "j-",
    "PhaseEncodingSteps": 64,
    "PhaseResolution": 1,
    "PixelBandwidth": 2790,
    "ProcedureStepDescription": "Research_fMRI",
    "ProtocolName": "mz_bold_dc_REST",
    "PulseSequenceDetails": "%CustomerSeq%_mz_ep2d_bold_dc",
    "ReceiveCoilName": "Head",
    "ReconMatrixPE": 64,
    "RepetitionTime": 2.1,
    "SAR": 0.0688007,
    "ScanOptions": "FS",
    "ScanningSequence": "SE_EP",
    "SequenceName": "epfid2d1_64",
    "SequenceVariant": "SK",
    "SeriesDescription": "mz_bold_dc_REST_DiCo",
    "SeriesNumber": 9,
    "ShimSetting": [
      4,
      27,
      17,
      2152,
      426,
      -3815,
      800,
      -317
    ],
    "SliceThickness": 3,
    "SoftwareVersions": "syngo_MR_2004A_4VA25A",
    "SpacingBetweenSlices": 3.6,
    "StationName": "WES4T",
    "TaskName": "rest",
    "TxRefAmp": 176.946,
    "dataset": "ds004169",
    "modality": "bold",
    "session_id": "02",
    "subject_id": "1278",
    "task_id": "rest"
  },
  "dummy_trs": 1,
  "dvars_nstd": 25.290099672500006,
  "dvars_std": 1.2480289831081088,
  "dvars_vstd": 1.0049685274324318,
  "efc": 0.4355126976671096,
  "fber": 3186.910400390625,
  "fd_mean": 0.1264368806986646,
  "fd_num": 10,
  "fd_perc": 6.7114093959731544,
  "fwhm_avg": 1.7605518602320227,
  "fwhm_x": 1.661103304347826,
  "fwhm_y": 1.9420855652173914,
  "fwhm_z": 1.67846671113085,
  "gcor": 0.0568676,
  "gsr_x": -0.02050187438726425,
  "gsr_y": 0.030245022848248482,
  "provenance": {
    "md5sum": "1793ef29e1209d8f34f8f0449c8a4b67",
    "settings": {
      "fd_thres": 0.2,
      "testing": false
    },
    "software": "mriqc",
    "version": "23.0.1",
    "webapi_port": null,
    "webapi_url": "https://mriqc.nimh.nih.gov/api/v1"
  },
  "size_t": 149,
  "size_x": 64,
  "size_y": 64,
  "size_z": 36,
  "snr": 5.931831354632189,
  "spacing_tr": 2.0999999046325684,
  "spacing_x": 3.59375,
  "spacing_y": 3.59375,
  "spacing_z": 3.5999999046325684,
  "summary_bg_k": 61.55673858139848,
  "summary_bg_mad": 7.303556744022078,
  "summary_bg_mean": 25.164033889770508,
  "summary_bg_median": 12.161073684692383,
  "summary_bg_n": 101348.0,
  "summary_bg_p05": 6.872483253479004,
  "summary_bg_p95": 77.14765167236328,
  "summary_bg_stdv": 38.30511474609375,
  "summary_fg_k": 3.6408090237560664,
  "summary_fg_mad": 97.25477823072755,
  "summary_fg_mean": 703.3239135742188,
  "summary_fg_median": 698.4496459960938,
  "summary_fg_n": 17155.0,
  "summary_fg_p05": 527.0100708007812,
  "summary_fg_p95": 885.5167846679688,
  "summary_fg_stdv": 117.74260711669922,
  "tsnr": 69.02479663258418
}