{
  "bids_meta": {
    "AcquisitionMatrixPE": 225,
    "AcquisitionNumber": 1,
    "AcquisitionTime": "08:21:40.279990",
    "BaseResolution": 256,
    "ConversionSoftware": "dcm2niix",
    "ConversionSoftwareVersion": "v1.0.20190410  GCC6.3.0",
    "DeviceSerialNumber": "18011",
    "EchoTime": 0.00335,
    "FlipAngle": 8,
    "ImageOrientationPatientDICOM": [
      1,
      0,
      0,
      0,
      0,
      -1
    ],
    "ImageType": [
      "ORIGINAL",
      "PRIMARY",
      "M",
      "ND"
    ],
    "ImagingFrequency": 168.256,
    "InPlanePhaseEncodingDirectionDICOM": "ROW",
    "InversionTime": 0.7,
    "MRAcquisitionType": "3D",
    "MagneticFieldStrength": 3.95064,
    "Manufacturer": "Siemens",
    "ManufacturersModelName": "MedSpec_4T",
    "Modality": "MR",
    "PartialFourier": 0.875,
    "PatientPosition": "HFS",
    "PercentPhaseFOV": 100,
    "PhaseEncodingSteps": 197,
    "PhaseResolution": 0.878906,
    "PixelBandwidth": 200,
    "ProtocolName": "t1_mpr_cor",
    "PulseSequenceDetails": "%SiemensSeq%_tfl",
    "ReceiveCoilName": "Head_4T",
    "ReconMatrixPE": 256,
    "RepetitionTime": 1.5,
    "SAR": 0.00465678,
    "ScanOptions": "IR",
    "ScanningSequence": "IR_GR",
    "SequenceName": "tfl3d1_ns",
    "SequenceVariant": "SP_MP",
    "SeriesDescription": "t1_mpr_cor",
    "SeriesNumber": 8,
    "ShimSetting": [
      24,
      -8,
      29,
      1359,
      574,
      -2806,
      2438,
      -95
    ],
    "SliceThickness": 0.9,
    "SoftwareVersions": "syngo_MR_2002B_4VA21A",
    "StationName": "wes4T",
    "TxRefAmp": 181.499,
    "dataset": "ds004169",
    "modality": "T1w",
    "session_id": "01",
    "subject_id": "0326"
  },
  "cjv": 0.39180363971413035,
  "cnr": 3.402593751542697,
  "efc": 0.43328962385282094,
  "fber": 1324.6701043542957,
  "fwhm_avg": 4.279745373927777,
  "fwhm_x": 4.464661333333334,
  "fwhm_y": 4.597166788449997,
  "fwhm_z": 3.777408,
  "icvs_csf": 0.2137568888487438,
  "icvs_gm": 0.43811337877282436,
  "icvs_wm": 0.3481297323784318,
  "inu_med": 0.7514649331569672,
  "inu_range": 0.5855161100625988,
  "provenance": {
    "md5sum": "16dd08ce2c79dd1d856c2bc736349100",
    "settings": {
      "testing": false
    },
    "software": "mriqc",
    "version": "23.0.1",
    "warnings": {
      "large_rot_frame": true,
      "small_air_mask": false
    },
    "webapi_port": null,
    "webapi_url": "https://mriqc.nimh.nih.gov/api/v1"
  },
  "qi_1": 0.0,
  "qi_2": 0.027570084830914256,
  "rpve_csf": 31.306888957257772,
  "rpve_gm": 16.159167808805893,
  "rpve_wm": 22.959498000283414,
  "size_x": 256,
  "size_y": 256,
  "size_z": 256,
  "snr_csf": 1.5103150557939575,
  "snr_gm": 10.724016592638659,
  "snr_total": 9.902253112796759,
  "snr_wm": 17.472427689957662,
  "snrd_csf": 7.918381723823063,
  "snrd_gm": 18.563022426799954,
  "snrd_total": 17.728245346714143,
  "snrd_wm": 26.703331889519408,
  "spacing_x": 0.9375,
  "spacing_y": 0.8999999761581421,
  "spacing_z": 0.9375,
  "summary_bg_k": 12.273054183473173,
  "summary_bg_mad": 24.53478776056418,
  "summary_bg_mean": 18.47483044216279,
  "summary_bg_median": 16.548462867736816,
  "summary_bg_n": 5782392.0,
  "summary_bg_p05": 0.0,
  "summary_bg_p95": 61.13327242434025,
  "summary_bg_stdv": 23.43429021602671,
  "summary_csf_k": 22.012259353412666,
  "summary_csf_mad": 121.11313199216002,
  "summary_csf_mean": 322.3027988771487,
  "summary_csf_median": 296.54254442453384,
  "summary_csf_n": 40880.0,
  "summary_csf_p05": 110.59396836161613,
  "summary_csf_p95": 545.731736230105,
  "summary_csf_stdv": 196.34242291148817,
  "summary_gm_k": 0.1831746629252713,
  "summary_gm_mad": 63.47281030020956,
  "summary_gm_mean": 693.9251341869847,
  "summary_gm_median": 695.1831945776939,
  "summary_gm_n": 40490.0,
  "summary_gm_p05": 584.4211558900773,
  "summary_gm_p95": 797.8390721574423,
  "summary_gm_stdv": 64.82408935973156,
  "summary_wm_k": 0.32344487464848726,
  "summary_wm_mad": 55.969984578787034,
  "summary_wm_mean": 1001.4699196940169,
  "summary_wm_median": 1000.0369089692831,
  "summary_wm_n": 229769.0,
  "summary_wm_p05": 910.3132118582726,
  "summary_wm_p95": 1097.5176980495453,
  "summary_wm_stdv": 57.2350191131578,
  "tpm_overlap_csf": 0.13322347705409146,
  "tpm_overlap_gm": 0.45702375011672247,
  "tpm_overlap_wm": 0.49361146355449514,
  "wm2max": 0.47693120761032326
}