{
  "bids_meta": {
    "AcquisitionMatrixPE": 225,
    "AcquisitionNumber": 1,
    "AcquisitionTime": "10:10:6.947490",
    "BaseResolution": 256,
    "ConversionSoftware": "dcm2niix",
    "ConversionSoftwareVersion": "v1.0.20190410  GCC6.3.0",
    "DeviceSerialNumber": "18011",
    "EchoTime": 0.00335,
    "FlipAngle": 8,
    "ImageOrientationPatientDICOM": [
      -0.00349062,
      0.999994,
      0,
      0,
      0,
      -1
    ],
    "ImageType": [
      "ORIGINAL",
      "PRIMARY",
      "M",
      "ND"
    ],
    "ImagingFrequency": 168.255,
    "InPlanePhaseEncodingDirectionDICOM": "ROW",
    "InversionTime": 0.7,
    "MRAcquisitionType": "3D",
    "MagneticFieldStrength": 3.95064,
    "Manufacturer": "Siemens",
    "ManufacturersModelName": "MedSpec_4T",
    "Modality": "MR",
    "PartialFourier": 0.875,
    "PatientPosition": "HFS",
    "PercentPhaseFOV": 100,
    "PhaseEncodingSteps": 197,
    "PhaseResolution": 0.878906,
    "PixelBandwidth": 200,
    "ProcedureStepDescription": "Research_fMRI",
    "ProtocolName": "t1_mpr_sag",
    "PulseSequenceDetails": "%SiemensSeq%_tfl",
    "ReceiveCoilName": "Head",
    "ReconMatrixPE": 256,
    "RepetitionTime": 1.5,
    "SAR": 0.0570273,
    "ScanOptions": "IR",
    "ScanningSequence": "IR_GR",
    "SequenceName": "tfl3d1_ns",
    "SequenceVariant": "SP_MP",
    "SeriesDescription": "t1_mpr_sag",
    "SeriesNumber": 8,
    "ShimSetting": [
      15,
      53,
      22,
      1344,
      662,
      -3275,
      2354,
      116
    ],
    "SliceThickness": 0.9,
    "SoftwareVersions": "syngo_MR_2004A_4VA25A",
    "StationName": "WES4T",
    "TxRefAmp": 226.517,
    "dataset": "ds004169",
    "modality": "T1w",
    "session_id": "01",
    "subject_id": "0943"
  },
  "cjv": 0.3839628288946629,
  "cnr": 3.387840669594645,
  "efc": 0.5066218789844487,
  "fber": 4198.856821785763,
  "fwhm_avg": 4.965827750593967,
  "fwhm_x": 5.3101445851152365,
  "fwhm_y": 5.305354666666667,
  "fwhm_z": 4.281984,
  "icvs_csf": 0.2023118454881938,
  "icvs_gm": 0.4323879135431457,
  "icvs_wm": 0.3653002409686605,
  "inu_med": 0.6866665482521057,
  "inu_range": 0.5331525564193725,
  "provenance": {
    "md5sum": "4ba7c7520d6eb4037fe2fc0ff3a4c572",
    "settings": {
      "testing": false
    },
    "software": "mriqc",
    "version": "23.0.1",
    "warnings": {
      "large_rot_frame": true,
      "small_air_mask": false
    },
    "webapi_port": null,
    "webapi_url": "https://mriqc.nimh.nih.gov/api/v1"
  },
  "qi_1": 0.0,
  "qi_2": 0.004014071185265139,
  "rpve_csf": 23.713161017245284,
  "rpve_gm": 11.680265444277516,
  "rpve_wm": 15.928682600934664,
  "size_x": 240,
  "size_y": 256,
  "size_z": 256,
  "snr_csf": 2.2427794217834176,
  "snr_gm": 10.418278689721719,
  "snr_total": 9.900988950607461,
  "snr_wm": 17.041908740317243,
  "snrd_csf": 22.701062684716337,
  "snrd_gm": 52.26728023152032,
  "snrd_total": 50.26815991301399,
  "snrd_wm": 75.83613682280532,
  "spacing_x": 0.8999999761581421,
  "spacing_y": 0.9375,
  "spacing_z": 0.9375,
  "summary_bg_k": 31.688271520612588,
  "summary_bg_mad": 8.639144821443294,
  "summary_bg_mean": 17.188116625726437,
  "summary_bg_median": 5.82701463252306,
  "summary_bg_n": 2940401.0,
  "summary_bg_p05": 0.0,
  "summary_bg_p95": 64.69390342012048,
  "summary_bg_stdv": 24.413536853243425,
  "summary_csf_k": 17.204849483609745,
  "summary_csf_mad": 116.31619684292627,
  "summary_csf_mean": 302.8470842808549,
  "summary_csf_median": 299.35410112142563,
  "summary_csf_n": 51119.0,
  "summary_csf_p05": 102.46419103816152,
  "summary_csf_p95": 494.7732165474444,
  "summary_csf_stdv": 133.47330111356507,
  "summary_gm_k": 0.15694161740444112,
  "summary_gm_mad": 64.9497152841038,
  "summary_gm_mean": 687.8055375739235,
  "summary_gm_median": 689.2375440336764,
  "summary_gm_n": 50498.0,
  "summary_gm_p05": 576.5234236419201,
  "summary_gm_p95": 793.7376799434423,
  "summary_gm_stdv": 66.15591117518164,
  "summary_wm_k": 0.7342621738500212,
  "summary_wm_mad": 54.38497794221832,
  "summary_wm_mean": 1003.5931926478659,
  "summary_wm_median": 1000.0350594334304,
  "summary_wm_n": 308731.0,
  "summary_wm_p05": 913.6478123813868,
  "summary_wm_p95": 1106.4307302236557,
  "summary_wm_stdv": 58.68083529144993,
  "tpm_overlap_csf": 0.14268549393664826,
  "tpm_overlap_gm": 0.4542510430770575,
  "tpm_overlap_wm": 0.49842308207736663,
  "wm2max": 0.5418425957624862
}