{
  "aor": 0.007368031496062993,
  "aqi": 0.02804313480314961,
  "bids_meta": {
    "AcquisitionMatrixPE": 64,
    "AcquisitionNumber": 1,
    "AcquisitionTime": "08:30:6.325000",
    "BaseResolution": 64,
    "ConversionSoftware": "dcm2niix",
    "ConversionSoftwareVersion": "v1.0.20190410  GCC6.3.0",
    "DeviceSerialNumber": "18011",
    "EchoTime": 0.03,
    "FlipAngle": 90,
    "ImageComments": "Fake_MoCo_Reference_Volume_+_DiCo_Applied",
    "ImageOrientationPatientDICOM": [
      1,
      0,
      0,
      0,
      1,
      0
    ],
    "ImageType": [
      "ORIGINAL",
      "PRIMARY",
      "M",
      "ND",
      "MOSAIC"
    ],
    "ImagingFrequency": 168.255,
    "InPlanePhaseEncodingDirectionDICOM": "COL",
    "MRAcquisitionType": "2D",
    "MagneticFieldStrength": 3.95064,
    "Manufacturer": "Siemens",
    "ManufacturersModelName": "MedSpec_4T",
    "Modality": "MR",
    "PartialFourier": 1,
    "PatientPosition": "HFS",
    "PercentPhaseFOV": 100,
    "PhaseEncodingDirection": "j-",
    "PhaseEncodingSteps": 64,
    "PhaseResolution": 1,
    "PixelBandwidth": 2790,
    "ProtocolName": "Nback_dc_opt",
    "PulseSequenceDetails": "%CustomerSeq%_kt_ep2d_bold_dc",
    "ReceiveCoilName": "Head_4T",
    "ReconMatrixPE": 64,
    "RepetitionTime": 2.1,
    "SAR": 0.0342556,
    "ScanOptions": "FS",
    "ScanningSequence": "SE_EP",
    "SequenceName": "epfid2d1_64",
    "SequenceVariant": "SK",
    "SeriesDescription": "Nback_dc_opt_DiCo",
    "SeriesNumber": 7,
    "ShimSetting": [
      33,
      14,
      4,
      1465,
      413,
      -3121,
      2636,
      -124
    ],
    "SliceThickness": 3,
    "SoftwareVersions": "syngo_MR_2002B_4VA21A",
    "SpacingBetweenSlices": 3.6,
    "StationName": "wes4T",
    "TaskName": "nback",
    "TxRefAmp": 176.766,
    "dataset": "ds004169",
    "modality": "bold",
    "session_id": "01",
    "subject_id": "0965",
    "task_id": "nback"
  },
  "dummy_trs": 0,
  "dvars_nstd": 30.45102917166666,
  "dvars_std": 0.9380682457142859,
  "dvars_vstd": 0.8847189988095238,
  "efc": 0.4517400244622584,
  "fber": 2487.00244140625,
  "fd_mean": 0.22007546056164595,
  "fd_num": 21,
  "fd_perc": 16.53543307086614,
  "fwhm_avg": 1.8285050470129682,
  "fwhm_x": 1.7133050434782608,
  "fwhm_y": 2.095390608695652,
  "fwhm_z": 1.6768194888649912,
  "gcor": 0.104268,
  "gsr_x": -0.025570107623934746,
  "gsr_y": 0.040138065814971924,
  "provenance": {
    "md5sum": "36cd57acbc702ba171d3bc2662377b76",
    "settings": {
      "fd_thres": 0.2,
      "testing": false
    },
    "software": "mriqc",
    "version": "23.0.1",
    "webapi_port": null,
    "webapi_url": "https://mriqc.nimh.nih.gov/api/v1"
  },
  "size_t": 127,
  "size_x": 64,
  "size_y": 64,
  "size_z": 36,
  "snr": 4.49447178672891,
  "spacing_tr": 2.0999999046325684,
  "spacing_x": 3.59375,
  "spacing_y": 3.59375,
  "spacing_z": 3.5999999046325684,
  "summary_bg_k": 47.47840342954817,
  "summary_bg_mad": 9.269182195832547,
  "summary_bg_mean": 31.08964729309082,
  "summary_bg_median": 14.724409103393555,
  "summary_bg_n": 99470.0,
  "summary_bg_p05": 7.511810779571533,
  "summary_bg_p95": 95.84763946533175,
  "summary_bg_stdv": 46.20943069458008,
  "summary_fg_k": 3.928081434929938,
  "summary_fg_mad": 133.7727259655182,
  "summary_fg_mean": 744.731689453125,
  "summary_fg_median": 722.2716064453125,
  "summary_fg_n": 18682.0,
  "summary_fg_p05": 532.6653747558594,
  "summary_fg_p95": 1003.8795349121094,
  "summary_fg_stdv": 160.6979217529297,
  "tsnr": 25.358415338792838
}