{
  "aor": 0.029853333333333332,
  "aqi": 0.022807594466666668,
  "bids_meta": {
    "AcquisitionMatrixPE": 64,
    "AcquisitionNumber": 1,
    "AcquisitionTime": "13:13:46.677500",
    "BaseResolution": 64,
    "ConversionSoftware": "dcm2niix",
    "ConversionSoftwareVersion": "v1.0.20190410  GCC6.3.0",
    "DeviceSerialNumber": "18011",
    "EchoTime": 0.03,
    "FlipAngle": 90,
    "ImageComments": "Fake_MoCo_Reference_Volume_+_DiCo_Applied",
    "ImageOrientationPatientDICOM": [
      1,
      0,
      0,
      0,
      1,
      0
    ],
    "ImageType": [
      "ORIGINAL",
      "PRIMARY",
      "M",
      "ND",
      "MOSAIC"
    ],
    "ImagingFrequency": 168.256,
    "InPlanePhaseEncodingDirectionDICOM": "COL",
    "MRAcquisitionType": "2D",
    "MagneticFieldStrength": 3.95064,
    "Manufacturer": "Siemens",
    "ManufacturersModelName": "MedSpec_4T",
    "Modality": "MR",
    "PartialFourier": 1,
    "PatientPosition": "HFS",
    "PercentPhaseFOV": 100,
    "PhaseEncodingDirection": "j-",
    "PhaseEncodingSteps": 64,
    "PhaseResolution": 1,
    "PixelBandwidth": 2790,
    "ProtocolName": "mz_bold_dc_REST",
    "PulseSequenceDetails": "%CustomerSeq%_mz_ep2d_bold_dc",
    "ReceiveCoilName": "Head_4T",
    "ReconMatrixPE": 64,
    "RepetitionTime": 2.1,
    "SAR": 0.0306646,
    "ScanOptions": "FS",
    "ScanningSequence": "SE_EP",
    "SequenceName": "epfid2d1_64",
    "SequenceVariant": "SK",
    "SeriesDescription": "mz_bold_dc_REST_DiCo",
    "SeriesNumber": 10,
    "ShimSetting": [
      8,
      -20,
      15,
      1924,
      223,
      -3506,
      2322,
      -361
    ],
    "SliceThickness": 3,
    "SoftwareVersions": "syngo_MR_2002B_4VA21A",
    "SpacingBetweenSlices": 3.6,
    "StationName": "wes4T",
    "TaskName": "rest",
    "TxRefAmp": 227.447,
    "dataset": "ds004169",
    "modality": "bold",
    "session_id": "01",
    "subject_id": "0555",
    "task_id": "rest"
  },
  "dummy_trs": 0,
  "dvars_nstd": 33.811940723959715,
  "dvars_std": 1.087984476107382,
  "dvars_vstd": 0.9208549677852348,
  "efc": 0.4984284264049773,
  "fber": 1686.310546875,
  "fd_mean": 0.1931826485398104,
  "fd_num": 20,
  "fd_perc": 13.333333333333334,
  "fwhm_avg": 1.7394382154766275,
  "fwhm_x": 1.5890281739130434,
  "fwhm_y": 2.0258448695652174,
  "fwhm_z": 1.6034416029516219,
  "gcor": 0.472305,
  "gsr_x": -0.022116083651781082,
  "gsr_y": 0.04653400182723999,
  "provenance": {
    "md5sum": "598e8934f4092dfdcdf7a1050d8af3fe",
    "settings": {
      "fd_thres": 0.2,
      "testing": false
    },
    "software": "mriqc",
    "version": "23.0.1",
    "webapi_port": null,
    "webapi_url": "https://mriqc.nimh.nih.gov/api/v1"
  },
  "size_t": 150,
  "size_x": 64,
  "size_y": 64,
  "size_z": 36,
  "snr": 4.981881821128448,
  "spacing_tr": 2.0999999046325684,
  "spacing_x": 3.59375,
  "spacing_y": 3.59375,
  "spacing_z": 3.6000001430511475,
  "summary_bg_k": 45.05024735439951,
  "summary_bg_mad": 10.645082967404855,
  "summary_bg_mean": 32.2405891418457,
  "summary_bg_median": 16.5,
  "summary_bg_n": 92719.0,
  "summary_bg_p05": 7.260000228881836,
  "summary_bg_p95": 97.96733398437495,
  "summary_bg_stdv": 42.196693420410156,
  "summary_fg_k": 3.284716749830414,
  "summary_fg_mad": 116.67094919103361,
  "summary_fg_mean": 690.7910766601562,
  "summary_fg_median": 677.5,
  "summary_fg_n": 24039.0,
  "summary_fg_p05": 499.24334106445315,
  "summary_fg_p95": 916.1946899414062,
  "summary_fg_stdv": 135.98995971679688,
  "tsnr": 20.35291887598578
}