{
  "aor": 0.004970236220472441,
  "aqi": 0.01587458519685039,
  "bids_meta": {
    "AcquisitionMatrixPE": 64,
    "AcquisitionNumber": 1,
    "AcquisitionTime": "09:17:11.960000",
    "BaseResolution": 64,
    "ConversionSoftware": "dcm2niix",
    "ConversionSoftwareVersion": "v1.0.20190410  GCC6.3.0",
    "DeviceSerialNumber": "18011",
    "EchoTime": 0.03,
    "FlipAngle": 90,
    "ImageComments": "Fake_MoCo_Reference_Volume_+_DiCo_Applied",
    "ImageOrientationPatientDICOM": [
      1,
      0,
      0,
      0,
      1,
      0
    ],
    "ImageType": [
      "ORIGINAL",
      "PRIMARY",
      "M",
      "ND",
      "MOSAIC"
    ],
    "ImagingFrequency": 168.217,
    "InPlanePhaseEncodingDirectionDICOM": "COL",
    "MRAcquisitionType": "2D",
    "MagneticFieldStrength": 3.95064,
    "Manufacturer": "Siemens",
    "ManufacturersModelName": "MedSpec_4T",
    "Modality": "MR",
    "PartialFourier": 1,
    "PatientPosition": "HFS",
    "PercentPhaseFOV": 100,
    "PhaseEncodingDirection": "j-",
    "PhaseEncodingSteps": 64,
    "PhaseResolution": 1,
    "PixelBandwidth": 2790,
    "ProtocolName": "Nback_dc",
    "PulseSequenceDetails": "%CustomerSeq%_mz_ep2d_bold_dc",
    "ReceiveCoilName": "Head_4T",
    "ReconMatrixPE": 64,
    "RepetitionTime": 2.1,
    "SAR": 0.047404,
    "ScanOptions": "FS",
    "ScanningSequence": "SE_EP",
    "SequenceName": "epfid2d1_64",
    "SequenceVariant": "SK",
    "SeriesDescription": "Nback_dc_DiCo",
    "SeriesNumber": 7,
    "ShimSetting": [
      14,
      -18,
      -21,
      1854,
      493,
      -2542,
      2052,
      -480
    ],
    "SliceThickness": 3,
    "SoftwareVersions": "syngo_MR_2002B_4VA21A",
    "SpacingBetweenSlices": 3.6,
    "StationName": "wes4T",
    "TaskName": "nback",
    "TxRefAmp": 194.263,
    "dataset": "ds004169",
    "modality": "bold",
    "session_id": "01",
    "subject_id": "0651",
    "task_id": "nback"
  },
  "dummy_trs": 0,
  "dvars_nstd": 29.467658860634916,
  "dvars_std": 0.9716495013492061,
  "dvars_vstd": 0.9364352637301588,
  "efc": 0.46803092267996055,
  "fber": 2299.086669921875,
  "fd_mean": 0.12257844459829033,
  "fd_num": 5,
  "fd_perc": 3.937007874015748,
  "fwhm_avg": 1.7717817823129713,
  "fwhm_x": 1.6994921739130435,
  "fwhm_y": 2.013064347826087,
  "fwhm_z": 1.602788825199783,
  "gcor": 0.0460459,
  "gsr_x": -0.02214881032705307,
  "gsr_y": 0.04108826816082001,
  "provenance": {
    "md5sum": "c6a5bf76130c4d65e92e3ac48180423a",
    "settings": {
      "fd_thres": 0.2,
      "testing": false
    },
    "software": "mriqc",
    "version": "23.0.1",
    "webapi_port": null,
    "webapi_url": "https://mriqc.nimh.nih.gov/api/v1"
  },
  "size_t": 127,
  "size_x": 64,
  "size_y": 64,
  "size_z": 36,
  "snr": 4.936821813758568,
  "spacing_tr": 2.0999999046325684,
  "spacing_x": 3.59375,
  "spacing_y": 3.59375,
  "spacing_z": 3.6000001430511475,
  "summary_bg_k": 92.20361161146857,
  "summary_bg_mad": 7.307945550638138,
  "summary_bg_mean": 29.985502243041992,
  "summary_bg_median": 13.543307304382324,
  "summary_bg_n": 97252.0,
  "summary_bg_p05": 8.00787353515625,
  "summary_bg_p95": 93.23976440429685,
  "summary_bg_stdv": 50.297611236572266,
  "summary_fg_k": 2.3931473894452875,
  "summary_fg_mad": 113.48322773404527,
  "summary_fg_mean": 667.5317993164062,
  "summary_fg_median": 658.4645385742188,
  "summary_fg_n": 19825.0,
  "summary_fg_p05": 475.06141357421876,
  "summary_fg_p95": 894.4393432617187,
  "summary_fg_stdv": 133.37486267089844,
  "tsnr": 38.0027889382327
}