{
  "aor": 0.0015398000000000002,
  "aqi": 0.016029536133333338,
  "bids_meta": {
    "AcquisitionMatrixPE": 64,
    "AcquisitionNumber": 1,
    "AcquisitionTime": "08:51:13.835000",
    "BaseResolution": 64,
    "ConversionSoftware": "dcm2niix",
    "ConversionSoftwareVersion": "v1.0.20190410  GCC6.3.0",
    "DeviceSerialNumber": "18011",
    "EchoTime": 0.03,
    "FlipAngle": 90,
    "ImageComments": "Fake_MoCo_Reference_Volume_+_DiCo_Applied",
    "ImageOrientationPatientDICOM": [
      0.999391,
      0.00485706,
      0.0345599,
      1.3196e-08,
      0.990268,
      -0.139173
    ],
    "ImageType": [
      "ORIGINAL",
      "PRIMARY",
      "M",
      "ND",
      "MOSAIC"
    ],
    "ImagingFrequency": 168.256,
    "InPlanePhaseEncodingDirectionDICOM": "COL",
    "MRAcquisitionType": "2D",
    "MagneticFieldStrength": 3.95064,
    "Manufacturer": "Siemens",
    "ManufacturersModelName": "MedSpec_4T",
    "Modality": "MR",
    "PartialFourier": 1,
    "PatientPosition": "HFS",
    "PercentPhaseFOV": 100,
    "PhaseEncodingDirection": "j-",
    "PhaseEncodingSteps": 64,
    "PhaseResolution": 1,
    "PixelBandwidth": 2790,
    "ProtocolName": "mz_bold_dc_REST",
    "PulseSequenceDetails": "%CustomerSeq%_mz_ep2d_bold_dc",
    "ReceiveCoilName": "Head_4T",
    "ReconMatrixPE": 64,
    "RepetitionTime": 2.1,
    "SAR": 0.0227504,
    "ScanOptions": "FS",
    "ScanningSequence": "SE_EP",
    "SequenceName": "epfid2d1_64",
    "SequenceVariant": "SK",
    "SeriesDescription": "mz_bold_dc_REST_DiCo",
    "SeriesNumber": 10,
    "ShimSetting": [
      9,
      -3,
      6,
      1764,
      457,
      -2261,
      1599,
      117
    ],
    "SliceThickness": 3,
    "SoftwareVersions": "syngo_MR_2002B_4VA21A",
    "SpacingBetweenSlices": 3.6,
    "StationName": "wes4T",
    "TaskName": "rest",
    "TxRefAmp": 158.276,
    "dataset": "ds004169",
    "modality": "bold",
    "session_id": "01",
    "subject_id": "0205",
    "task_id": "rest"
  },
  "dummy_trs": 0,
  "dvars_nstd": 34.894876441812066,
  "dvars_std": 1.1053214130872484,
  "dvars_vstd": 0.8939785997315435,
  "efc": 0.45655825749953066,
  "fber": 2936.56005859375,
  "fd_mean": 0.2153609099471089,
  "fd_num": 44,
  "fd_perc": 29.333333333333332,
  "fwhm_avg": 1.7954349474523499,
  "fwhm_x": 1.6598900869565218,
  "fwhm_y": 2.0180730434782608,
  "fwhm_z": 1.708341711922267,
  "gcor": 0.202936,
  "gsr_x": -0.022208305075764656,
  "gsr_y": 0.03465292602777481,
  "provenance": {
    "md5sum": "56e2fa7fb74e4928feadb2efbd196e86",
    "settings": {
      "fd_thres": 0.2,
      "testing": false
    },
    "software": "mriqc",
    "version": "22.0.6",
    "webapi_port": null,
    "webapi_url": "https://mriqc.nimh.nih.gov/api/v1"
  },
  "size_t": 150,
  "size_x": 64,
  "size_y": 64,
  "size_z": 36,
  "snr": 4.568768386952022,
  "spacing_tr": 2.0999999046325684,
  "spacing_x": 3.59375,
  "spacing_y": 3.59375,
  "spacing_z": 3.5999999046325684,
  "summary_bg_k": 115.29655717324736,
  "summary_bg_mad": 7.116490224650992,
  "summary_bg_mean": 22.303730010986328,
  "summary_bg_median": 11.973333358764648,
  "summary_bg_n": 96054.0,
  "summary_bg_p05": 5.913333415985107,
  "summary_bg_p95": 62.78233509063715,
  "summary_bg_stdv": 30.557748794555664,
  "summary_fg_k": 3.414358808196331,
  "summary_fg_mad": 114.22950584049154,
  "summary_fg_mean": 653.5647583007812,
  "summary_fg_median": 639.3800048828125,
  "summary_fg_n": 21451.0,
  "summary_fg_p05": 461.7233428955078,
  "summary_fg_p95": 884.5166625976562,
  "summary_fg_stdv": 139.9425506591797,
  "tsnr": 31.36244528577663
}