{
  "aor": 0.0015756249999999998,
  "aqi": 0.009269204930555556,
  "bids_meta": {
    "AcquisitionMatrixPE": 64,
    "AcquisitionNumber": 1,
    "AcquisitionTime": "09:12:24.477520",
    "BaseResolution": 64,
    "ConversionSoftware": "dcm2niix",
    "ConversionSoftwareVersion": "v1.0.20190410  GCC6.3.0",
    "DeviceSerialNumber": "18011",
    "EchoTime": 0.03,
    "FlipAngle": 90,
    "ImageComments": "Fake_MoCo_Reference_Volume_+_DiCo_Applied",
    "ImageOrientationPatientDICOM": [
      0.999848,
      -1.11022e-16,
      -0.0174524,
      1.11022e-16,
      1,
      -1.73472e-18
    ],
    "ImageType": [
      "ORIGINAL",
      "PRIMARY",
      "M",
      "ND",
      "MOSAIC"
    ],
    "ImagingFrequency": 168.256,
    "InPlanePhaseEncodingDirectionDICOM": "COL",
    "MRAcquisitionType": "2D",
    "MagneticFieldStrength": 3.95064,
    "Manufacturer": "Siemens",
    "ManufacturersModelName": "MedSpec_4T",
    "Modality": "MR",
    "PartialFourier": 1,
    "PatientPosition": "HFS",
    "PercentPhaseFOV": 100,
    "PhaseEncodingDirection": "j-",
    "PhaseEncodingSteps": 64,
    "PhaseResolution": 1,
    "PixelBandwidth": 2790,
    "ProtocolName": "mz_bold_dc_REST",
    "PulseSequenceDetails": "%CustomerSeq%_mz_ep2d_bold_dc",
    "ReceiveCoilName": "Head_4T",
    "ReconMatrixPE": 64,
    "RepetitionTime": 2.1,
    "SAR": 0.0271984,
    "ScanOptions": "FS",
    "ScanningSequence": "SE_EP",
    "SequenceName": "epfid2d1_64",
    "SequenceVariant": "SK",
    "SeriesDescription": "mz_bold_dc_REST_DiCo",
    "SeriesNumber": 10,
    "ShimSetting": [
      3,
      -7,
      0,
      2501,
      279,
      -3713,
      3281,
      -100
    ],
    "SliceThickness": 3,
    "SoftwareVersions": "syngo_MR_2002B_4VA21A",
    "SpacingBetweenSlices": 3.6,
    "StationName": "wes4T",
    "TaskName": "rest",
    "TxRefAmp": 182.408,
    "dataset": "ds004169",
    "modality": "bold",
    "session_id": "01",
    "subject_id": "0234",
    "task_id": "rest"
  },
  "dummy_trs": 6,
  "dvars_nstd": 21.761290956643375,
  "dvars_std": 1.0669756749650345,
  "dvars_vstd": 0.9582411385314684,
  "efc": 0.47027039965883355,
  "fber": 2555.3896484375,
  "fd_mean": 0.06799478997505697,
  "fd_num": 4,
  "fd_perc": 2.7777777777777777,
  "fwhm_avg": 1.7038374939603649,
  "fwhm_x": 1.6231707826086956,
  "fwhm_y": 1.8927944347826087,
  "fwhm_z": 1.5955472644897901,
  "gcor": 0.0564712,
  "gsr_x": -0.021471228450536728,
  "gsr_y": 0.04366083815693855,
  "provenance": {
    "md5sum": "01a6902332ab0ee3167cccb5ae3e8620",
    "settings": {
      "fd_thres": 0.2,
      "testing": false
    },
    "software": "mriqc",
    "version": "23.0.1",
    "webapi_port": null,
    "webapi_url": "https://mriqc.nimh.nih.gov/api/v1"
  },
  "size_t": 144,
  "size_x": 64,
  "size_y": 64,
  "size_z": 36,
  "snr": 5.770364081621911,
  "spacing_tr": 2.0999999046325684,
  "spacing_x": 3.59375,
  "spacing_y": 3.59375,
  "spacing_z": 3.5999999046325684,
  "summary_bg_k": 57.237122559975894,
  "summary_bg_mad": 7.237981271198971,
  "summary_bg_mean": 25.633621215820312,
  "summary_bg_median": 12.1875,
  "summary_bg_n": 96542.0,
  "summary_bg_p05": 6.888888835906982,
  "summary_bg_p95": 78.5274314880371,
  "summary_bg_stdv": 36.894569396972656,
  "summary_fg_k": 1.9778545595383425,
  "summary_fg_mad": 102.56722503503714,
  "summary_fg_mean": 630.8338623046875,
  "summary_fg_median": 624.7083129882812,
  "summary_fg_n": 20974.0,
  "summary_fg_p05": 470.2298553466797,
  "summary_fg_p95": 805.4659851074218,
  "summary_fg_stdv": 108.25892639160156,
  "tsnr": 52.5822826543008
}