{
  "aor": 0.0036692000000000005,
  "aqi": 0.006950043266666667,
  "bids_meta": {
    "AcquisitionMatrixPE": 64,
    "AcquisitionNumber": 1,
    "AcquisitionTime": "10:33:31.704990",
    "BaseResolution": 64,
    "ConversionSoftware": "dcm2niix",
    "ConversionSoftwareVersion": "v1.0.20190410  GCC6.3.0",
    "DeviceSerialNumber": "18011",
    "EchoTime": 0.03,
    "FlipAngle": 90,
    "ImageComments": "Fake_MoCo_Reference_Volume_+_DiCo_Applied",
    "ImageOrientationPatientDICOM": [
      1,
      -1.11022e-16,
      6.93889e-18,
      1.11022e-16,
      0.994338,
      -0.106264
    ],
    "ImageType": [
      "ORIGINAL",
      "PRIMARY",
      "M",
      "ND",
      "DICO",
      "MOSAIC"
    ],
    "ImagingFrequency": 168.255,
    "InPlanePhaseEncodingDirectionDICOM": "COL",
    "MRAcquisitionType": "2D",
    "MagneticFieldStrength": 3.95064,
    "Manufacturer": "Siemens",
    "ManufacturersModelName": "MedSpec_4T",
    "Modality": "MR",
    "PartialFourier": 1,
    "PatientPosition": "HFS",
    "PercentPhaseFOV": 100,
    "PhaseEncodingDirection": "j-",
    "PhaseEncodingSteps": 64,
    "PhaseResolution": 1,
    "PixelBandwidth": 2790,
    "ProcedureStepDescription": "Research_fMRI",
    "ProtocolName": "mz_bold_dc_REST",
    "PulseSequenceDetails": "%CustomerSeq%_mz_ep2d_bold_dc",
    "ReceiveCoilName": "Head",
    "ReconMatrixPE": 64,
    "RepetitionTime": 2.1,
    "SAR": 0.0789069,
    "ScanOptions": "FS",
    "ScanningSequence": "SE_EP",
    "SequenceName": "epfid2d1_64",
    "SequenceVariant": "SK",
    "SeriesDescription": "mz_bold_dc_REST_DiCo",
    "SeriesNumber": 10,
    "ShimSetting": [
      2,
      -4,
      1,
      2358,
      265,
      -4010,
      2596,
      331
    ],
    "SliceThickness": 3,
    "SoftwareVersions": "syngo_MR_2004A_4VA25A",
    "SpacingBetweenSlices": 3.6,
    "StationName": "WES4T",
    "TaskName": "rest",
    "TxRefAmp": 179.068,
    "dataset": "ds004169",
    "modality": "bold",
    "session_id": "01",
    "subject_id": "1048",
    "task_id": "rest"
  },
  "dummy_trs": 0,
  "dvars_nstd": 25.674513003959714,
  "dvars_std": 1.1751092636912748,
  "dvars_vstd": 0.9594712539597317,
  "efc": 0.4366470468994606,
  "fber": 3401.459716796875,
  "fd_mean": 0.20853445512991875,
  "fd_num": 4,
  "fd_perc": 2.6666666666666665,
  "fwhm_avg": 1.7556437970562786,
  "fwhm_x": 1.6580340869565218,
  "fwhm_y": 1.995161043478261,
  "fwhm_z": 1.6137362607340524,
  "gcor": 0.021306,
  "gsr_x": -0.019123123958706856,
  "gsr_y": 0.037070970982313156,
  "provenance": {
    "md5sum": "eeab24d8ca099442258d3afd6300fe32",
    "settings": {
      "fd_thres": 0.2,
      "testing": false
    },
    "software": "mriqc",
    "version": "23.0.1",
    "webapi_port": null,
    "webapi_url": "https://mriqc.nimh.nih.gov/api/v1"
  },
  "size_t": 150,
  "size_x": 64,
  "size_y": 64,
  "size_z": 36,
  "snr": 5.045172726672892,
  "spacing_tr": 2.0999999046325684,
  "spacing_x": 3.59375,
  "spacing_y": 3.59375,
  "spacing_z": 3.5999996662139893,
  "summary_bg_k": 62.73159115345402,
  "summary_bg_mad": 8.426122702768149,
  "summary_bg_mean": 25.09954071044922,
  "summary_bg_median": 12.130000114440918,
  "summary_bg_n": 99758.0,
  "summary_bg_p05": 2.7933332920074463,
  "summary_bg_p95": 76.36100082397456,
  "summary_bg_stdv": 40.8377685546875,
  "summary_fg_k": 2.8413747887391088,
  "summary_fg_mad": 120.78267279970412,
  "summary_fg_mean": 698.5819091796875,
  "summary_fg_median": 685.8133544921875,
  "summary_fg_n": 18287.0,
  "summary_fg_p05": 507.93466796875,
  "summary_fg_p95": 919.47802734375,
  "summary_fg_stdv": 135.93084716796875,
  "tsnr": 58.09406819753349
}