{
  "aor": 0.0027976,
  "aqi": 0.015333052400000002,
  "bids_meta": {
    "AcquisitionMatrixPE": 64,
    "AcquisitionNumber": 1,
    "AcquisitionTime": "09:31:34.014990",
    "BaseResolution": 64,
    "ConversionSoftware": "dcm2niix",
    "ConversionSoftwareVersion": "v1.0.20190410  GCC6.3.0",
    "DeviceSerialNumber": "18011",
    "EchoTime": 0.03,
    "FlipAngle": 90,
    "ImageComments": "Fake_MoCo_Reference_Volume_+_DiCo_Applied",
    "ImageOrientationPatientDICOM": [
      1,
      2.22045e-16,
      0,
      -2.22045e-16,
      0.968583,
      -0.24869
    ],
    "ImageType": [
      "ORIGINAL",
      "PRIMARY",
      "M",
      "ND",
      "DICO",
      "MOSAIC"
    ],
    "ImagingFrequency": 168.255,
    "InPlanePhaseEncodingDirectionDICOM": "COL",
    "MRAcquisitionType": "2D",
    "MagneticFieldStrength": 3.95064,
    "Manufacturer": "Siemens",
    "ManufacturersModelName": "MedSpec_4T",
    "Modality": "MR",
    "PartialFourier": 1,
    "PatientPosition": "HFS",
    "PercentPhaseFOV": 100,
    "PhaseEncodingDirection": "j-",
    "PhaseEncodingSteps": 64,
    "PhaseResolution": 1,
    "PixelBandwidth": 2790,
    "ProcedureStepDescription": "Research_fMRI",
    "ProtocolName": "mz_bold_dc_REST",
    "PulseSequenceDetails": "%CustomerSeq%_mz_ep2d_bold_dc",
    "ReceiveCoilName": "Head",
    "ReconMatrixPE": 64,
    "RepetitionTime": 2.1,
    "SAR": 0.0717046,
    "ScanOptions": "FS",
    "ScanningSequence": "SE_EP",
    "SequenceName": "epfid2d1_64",
    "SequenceVariant": "SK",
    "SeriesDescription": "mz_bold_dc_REST_DiCo",
    "SeriesNumber": 10,
    "ShimSetting": [
      9,
      31,
      65,
      2504,
      818,
      -4130,
      1849,
      -75
    ],
    "SliceThickness": 3,
    "SoftwareVersions": "syngo_MR_2004A_4VA25A",
    "SpacingBetweenSlices": 3.6,
    "StationName": "WES4T",
    "TaskName": "rest",
    "TxRefAmp": 197.854,
    "dataset": "ds004169",
    "modality": "bold",
    "session_id": "01",
    "subject_id": "0328",
    "task_id": "rest"
  },
  "dummy_trs": 0,
  "dvars_nstd": 32.54771512953017,
  "dvars_std": 1.133068123288591,
  "dvars_vstd": 0.9388134665100671,
  "efc": 0.4962841462958439,
  "fber": 1942.1121826171875,
  "fd_mean": 0.2508807722604088,
  "fd_num": 67,
  "fd_perc": 44.666666666666664,
  "fwhm_avg": 1.6786223134805844,
  "fwhm_x": 1.5743860869565216,
  "fwhm_y": 1.8801474782608696,
  "fwhm_z": 1.581333375224362,
  "gcor": 0.0211806,
  "gsr_x": -0.02689422108232975,
  "gsr_y": 0.039065051823854446,
  "provenance": {
    "md5sum": "78a37fb9625859a024804614f2a38670",
    "settings": {
      "fd_thres": 0.2,
      "testing": false
    },
    "software": "mriqc",
    "version": "23.0.1",
    "webapi_port": null,
    "webapi_url": "https://mriqc.nimh.nih.gov/api/v1"
  },
  "size_t": 150,
  "size_x": 64,
  "size_y": 64,
  "size_z": 36,
  "snr": 5.002244724951093,
  "spacing_tr": 2.0999999046325684,
  "spacing_x": 3.59375,
  "spacing_y": 3.59375,
  "spacing_z": 3.5999999046325684,
  "summary_bg_k": 53.61356130744299,
  "summary_bg_mad": 8.095008876557202,
  "summary_bg_mean": 25.453594207763672,
  "summary_bg_median": 12.940000534057617,
  "summary_bg_n": 91816.0,
  "summary_bg_p05": 6.766666889190674,
  "summary_bg_p95": 76.32833480834961,
  "summary_bg_stdv": 35.21211624145508,
  "summary_fg_k": 3.1282380173894717,
  "summary_fg_mad": 94.96563099430566,
  "summary_fg_mean": 583.3198852539062,
  "summary_fg_median": 570.7200317382812,
  "summary_fg_n": 24555.0,
  "summary_fg_p05": 426.72801818847654,
  "summary_fg_p95": 773.9666687011718,
  "summary_fg_stdv": 114.09046173095703,
  "tsnr": 39.96188776753843
}