{
  "aor": 0.007247795275590551,
  "aqi": 0.008495074960629918,
  "bids_meta": {
    "AcquisitionMatrixPE": 64,
    "AcquisitionNumber": 1,
    "AcquisitionTime": "12:00:50.495000",
    "BaseResolution": 64,
    "ConversionSoftware": "dcm2niix",
    "ConversionSoftwareVersion": "v1.0.20190410  GCC6.3.0",
    "DeviceSerialNumber": "18011",
    "EchoTime": 0.03,
    "FlipAngle": 90,
    "ImageComments": "Fake_MoCo_Reference_Volume_+_DiCo_Applied",
    "ImageOrientationPatientDICOM": [
      1,
      0,
      0,
      0,
      0.987688,
      -0.156434
    ],
    "ImageType": [
      "ORIGINAL",
      "PRIMARY",
      "M",
      "ND",
      "DICO",
      "MOSAIC"
    ],
    "ImagingFrequency": 168.255,
    "InPlanePhaseEncodingDirectionDICOM": "COL",
    "MRAcquisitionType": "2D",
    "MagneticFieldStrength": 3.95064,
    "Manufacturer": "Siemens",
    "ManufacturersModelName": "MedSpec_4T",
    "Modality": "MR",
    "PartialFourier": 1,
    "PatientPosition": "HFS",
    "PercentPhaseFOV": 100,
    "PhaseEncodingDirection": "j-",
    "PhaseEncodingSteps": 64,
    "PhaseResolution": 1,
    "PixelBandwidth": 2790,
    "ProcedureStepDescription": "Research_fMRI",
    "ProtocolName": "Nback_dc_opt",
    "PulseSequenceDetails": "%CustomerSeq%_kt_ep2d_bold_dc",
    "ReceiveCoilName": "Head",
    "ReconMatrixPE": 64,
    "RepetitionTime": 2.1,
    "SAR": 0.0854621,
    "ScanOptions": "FS",
    "ScanningSequence": "SE_EP",
    "SequenceName": "epfid2d1_64",
    "SequenceVariant": "SK",
    "SeriesDescription": "Nback_dc_opt_DiCo",
    "SeriesNumber": 7,
    "ShimSetting": [
      -1,
      -2,
      23,
      2000,
      179,
      -4523,
      2750,
      158
    ],
    "SliceThickness": 3,
    "SoftwareVersions": "syngo_MR_2004A_4VA25A",
    "SpacingBetweenSlices": 3.6,
    "StationName": "WES4T",
    "TaskName": "nback",
    "TxRefAmp": 204.908,
    "dataset": "ds004169",
    "modality": "bold",
    "session_id": "01",
    "subject_id": "0817",
    "task_id": "nback"
  },
  "dummy_trs": 0,
  "dvars_nstd": 26.827989426825393,
  "dvars_std": 1.1622843167460322,
  "dvars_vstd": 1.040517186825397,
  "efc": 0.48531770195584717,
  "fber": 1633.622314453125,
  "fd_mean": 0.18601091728144703,
  "fd_num": 26,
  "fd_perc": 20.47244094488189,
  "fwhm_avg": 1.6737776444473564,
  "fwhm_x": 1.5719262608695652,
  "fwhm_y": 1.8934789565217391,
  "fwhm_z": 1.5559277159507654,
  "gcor": 0.0110857,
  "gsr_x": -0.023189552128314972,
  "gsr_y": 0.028008252382278442,
  "provenance": {
    "md5sum": "809a43919d08143e65964edcaf63fd38",
    "settings": {
      "fd_thres": 0.2,
      "testing": false
    },
    "software": "mriqc",
    "version": "23.0.1",
    "webapi_port": null,
    "webapi_url": "https://mriqc.nimh.nih.gov/api/v1"
  },
  "size_t": 127,
  "size_x": 64,
  "size_y": 64,
  "size_z": 36,
  "snr": 5.393073257673515,
  "spacing_tr": 2.0999999046325684,
  "spacing_x": 3.59375,
  "spacing_y": 3.59375,
  "spacing_z": 3.6000001430511475,
  "summary_bg_k": 23.445819211167663,
  "summary_bg_mad": 9.129093864032946,
  "summary_bg_mean": 28.367563247680664,
  "summary_bg_median": 14.031496047973633,
  "summary_bg_n": 96037.0,
  "summary_bg_p05": 7.22047233581543,
  "summary_bg_p95": 89.32441253662107,
  "summary_bg_stdv": 38.671199798583984,
  "summary_fg_k": 2.158536462070848,
  "summary_fg_mad": 99.3576952812556,
  "summary_fg_mean": 596.4871215820312,
  "summary_fg_median": 590.4172973632812,
  "summary_fg_n": 20925.0,
  "summary_fg_p05": 433.45354614257815,
  "summary_fg_p95": 771.7637939453124,
  "summary_fg_stdv": 109.47434997558594,
  "tsnr": 49.78527813125402
}