{
  "aor": 0.01507015748031496,
  "aqi": 0.023207618897637797,
  "bids_meta": {
    "AcquisitionMatrixPE": 64,
    "AcquisitionNumber": 1,
    "AcquisitionTime": "11:53:45.880000",
    "BaseResolution": 64,
    "ConversionSoftware": "dcm2niix",
    "ConversionSoftwareVersion": "v1.0.20190410  GCC6.3.0",
    "DeviceSerialNumber": "18011",
    "EchoTime": 0.03,
    "FlipAngle": 90,
    "ImageComments": "Fake_MoCo_Reference_Volume_+_DiCo_Applied",
    "ImageOrientationPatientDICOM": [
      1,
      0,
      0,
      0,
      0.960294,
      -0.278991
    ],
    "ImageType": [
      "ORIGINAL",
      "PRIMARY",
      "M",
      "ND",
      "DICO",
      "MOSAIC"
    ],
    "ImagingFrequency": 168.255,
    "InPlanePhaseEncodingDirectionDICOM": "COL",
    "MRAcquisitionType": "2D",
    "MagneticFieldStrength": 3.95064,
    "Manufacturer": "Siemens",
    "ManufacturersModelName": "MedSpec_4T",
    "Modality": "MR",
    "PartialFourier": 1,
    "PatientPosition": "HFS",
    "PercentPhaseFOV": 100,
    "PhaseEncodingDirection": "j-",
    "PhaseEncodingSteps": 64,
    "PhaseResolution": 1,
    "PixelBandwidth": 2790,
    "ProcedureStepDescription": "Research_fMRI",
    "ProtocolName": "Nback_dc_opt",
    "PulseSequenceDetails": "%CustomerSeq%_kt_ep2d_bold_dc",
    "ReceiveCoilName": "Head",
    "ReconMatrixPE": 64,
    "RepetitionTime": 2.1,
    "SAR": 0.0933807,
    "ScanOptions": "FS",
    "ScanningSequence": "SE_EP",
    "SequenceName": "epfid2d1_64",
    "SequenceVariant": "SK",
    "SeriesDescription": "Nback_dc_opt_DiCo",
    "SeriesNumber": 7,
    "ShimSetting": [
      25,
      22,
      -13,
      2361,
      -69,
      -2495,
      2288,
      -256
    ],
    "SliceThickness": 3,
    "SoftwareVersions": "syngo_MR_2004A_4VA25A",
    "SpacingBetweenSlices": 3.6,
    "StationName": "WES4T",
    "TaskName": "nback",
    "TxRefAmp": 202.969,
    "dataset": "ds004169",
    "modality": "bold",
    "session_id": "01",
    "subject_id": "0640",
    "task_id": "nback"
  },
  "dummy_trs": 0,
  "dvars_nstd": 36.685398358730154,
  "dvars_std": 1.1398075340476181,
  "dvars_vstd": 1.0322432138888888,
  "efc": 0.48281496449769445,
  "fber": 1752.46240234375,
  "fd_mean": 0.36862197411705777,
  "fd_num": 68,
  "fd_perc": 53.54330708661417,
  "fwhm_avg": 1.8386891971700372,
  "fwhm_x": 1.703504695652174,
  "fwhm_y": 2.0906017391304346,
  "fwhm_z": 1.7219611567275037,
  "gcor": 0.0479033,
  "gsr_x": -0.02191067487001419,
  "gsr_y": 0.03588400036096573,
  "provenance": {
    "md5sum": "dcc1dbd3e0bc7f81c184b1699e633307",
    "settings": {
      "fd_thres": 0.2,
      "testing": false
    },
    "software": "mriqc",
    "version": "23.0.1",
    "webapi_port": null,
    "webapi_url": "https://mriqc.nimh.nih.gov/api/v1"
  },
  "size_t": 127,
  "size_x": 64,
  "size_y": 64,
  "size_z": 36,
  "snr": 5.32354519020952,
  "spacing_tr": 2.0999999046325684,
  "spacing_x": 3.59375,
  "spacing_y": 3.59375,
  "spacing_z": 3.5999999046325684,
  "summary_bg_k": 29.078030061017365,
  "summary_bg_mad": 10.35486747423928,
  "summary_bg_mean": 31.03155517578125,
  "summary_bg_median": 15.716535568237305,
  "summary_bg_n": 95525.0,
  "summary_bg_p05": 8.188976287841797,
  "summary_bg_p95": 96.93385467529302,
  "summary_bg_stdv": 39.88308334350586,
  "summary_fg_k": 3.7796730873135065,
  "summary_fg_mad": 111.54536600862428,
  "summary_fg_mean": 695.2005004882812,
  "summary_fg_median": 685.8661499023438,
  "summary_fg_n": 21187.0,
  "summary_fg_p05": 511.3063110351562,
  "summary_fg_p95": 892.1377868652345,
  "summary_fg_stdv": 128.83331298828125,
  "tsnr": 31.360736089060083
}