{
  "aor": 0.006752818791946309,
  "aqi": 0.010981276308724832,
  "bids_meta": {
    "AcquisitionMatrixPE": 64,
    "AcquisitionNumber": 1,
    "AcquisitionTime": "08:35:42.517500",
    "BaseResolution": 64,
    "ConversionSoftware": "dcm2niix",
    "ConversionSoftwareVersion": "v1.0.20190410  GCC6.3.0",
    "DeviceSerialNumber": "18011",
    "EchoTime": 0.03,
    "FlipAngle": 90,
    "ImageComments": "Fake_MoCo_Reference_Volume_+_DiCo_Applied",
    "ImageOrientationPatientDICOM": [
      1,
      0,
      0,
      0,
      1,
      0
    ],
    "ImageType": [
      "ORIGINAL",
      "PRIMARY",
      "M",
      "ND",
      "MOSAIC"
    ],
    "ImagingFrequency": 168.217,
    "InPlanePhaseEncodingDirectionDICOM": "COL",
    "MRAcquisitionType": "2D",
    "MagneticFieldStrength": 3.95064,
    "Manufacturer": "Siemens",
    "ManufacturersModelName": "MedSpec_4T",
    "Modality": "MR",
    "PartialFourier": 1,
    "PatientPosition": "HFS",
    "PercentPhaseFOV": 100,
    "PhaseEncodingDirection": "j-",
    "PhaseEncodingSteps": 64,
    "PhaseResolution": 1,
    "PixelBandwidth": 2790,
    "ProtocolName": "mz_bold_dc_REST",
    "PulseSequenceDetails": "%CustomerSeq%_mz_ep2d_bold_dc",
    "ReceiveCoilName": "Head_4T",
    "ReconMatrixPE": 64,
    "RepetitionTime": 2.1,
    "SAR": 0.0165963,
    "ScanOptions": "FS",
    "ScanningSequence": "SE_EP",
    "SequenceName": "epfid2d1_64",
    "SequenceVariant": "SK",
    "SeriesDescription": "mz_bold_dc_REST_DiCo",
    "SeriesNumber": 10,
    "ShimSetting": [
      12,
      -15,
      7,
      1371,
      399,
      -3739,
      1227,
      -19
    ],
    "SliceThickness": 3,
    "SoftwareVersions": "syngo_MR_2002B_4VA21A",
    "SpacingBetweenSlices": 3.6,
    "StationName": "wes4T",
    "TaskName": "rest",
    "TxRefAmp": 209.259,
    "dataset": "ds004169",
    "modality": "bold",
    "session_id": "01",
    "subject_id": "0422",
    "task_id": "rest"
  },
  "dummy_trs": 1,
  "dvars_nstd": 30.019466709797314,
  "dvars_std": 1.1312629384459458,
  "dvars_vstd": 1.0129752819594604,
  "efc": 0.4975357019996925,
  "fber": 1418.530517578125,
  "fd_mean": 0.1970612879947443,
  "fd_num": 46,
  "fd_perc": 30.87248322147651,
  "fwhm_avg": 1.7570466617269946,
  "fwhm_x": 1.6629370434782609,
  "fwhm_y": 1.9792695652173915,
  "fwhm_z": 1.6289333764853313,
  "gcor": 0.0196838,
  "gsr_x": -0.009915070608258247,
  "gsr_y": 0.04524548351764679,
  "provenance": {
    "md5sum": "bd5dd2cfa7231c744282d024f56708a0",
    "settings": {
      "fd_thres": 0.2,
      "testing": false
    },
    "software": "mriqc",
    "version": "23.0.1",
    "webapi_port": null,
    "webapi_url": "https://mriqc.nimh.nih.gov/api/v1"
  },
  "size_t": 149,
  "size_x": 64,
  "size_y": 64,
  "size_z": 36,
  "snr": 5.240396023029693,
  "spacing_tr": 2.0999999046325684,
  "spacing_x": 3.59375,
  "spacing_y": 3.59375,
  "spacing_z": 3.5999999046325684,
  "summary_bg_k": 32.64372353021871,
  "summary_bg_mad": 12.42798899583041,
  "summary_bg_mean": 40.70066452026367,
  "summary_bg_median": 19.476511001586914,
  "summary_bg_n": 94873.0,
  "summary_bg_p05": 10.234899520874023,
  "summary_bg_p95": 129.90603637695312,
  "summary_bg_stdv": 60.975101470947266,
  "summary_fg_k": 3.853686165937085,
  "summary_fg_mad": 121.39923226111695,
  "summary_fg_mean": 761.1407470703125,
  "summary_fg_median": 750.7349243164062,
  "summary_fg_n": 21966.0,
  "summary_fg_p05": 558.6426086425781,
  "summary_fg_p95": 987.5335693359375,
  "summary_fg_stdv": 143.2559356689453,
  "tsnr": 45.16637671645731
}