{
  "bids_meta": {
    "AcquisitionMatrixPE": 225,
    "AcquisitionNumber": 1,
    "AcquisitionTime": "11:19:34.612510",
    "BaseResolution": 256,
    "ConversionSoftware": "dcm2niix",
    "ConversionSoftwareVersion": "v1.0.20190410  GCC6.3.0",
    "DeviceSerialNumber": "18011",
    "EchoTime": 0.00335,
    "FlipAngle": 8,
    "ImageOrientationPatientDICOM": [
      0.999391,
      -0.0348995,
      0,
      0,
      2.22045e-16,
      -1
    ],
    "ImageType": [
      "ORIGINAL",
      "PRIMARY",
      "M",
      "ND"
    ],
    "ImagingFrequency": 168.217,
    "InPlanePhaseEncodingDirectionDICOM": "ROW",
    "InversionTime": 0.7,
    "MRAcquisitionType": "3D",
    "MagneticFieldStrength": 3.95064,
    "Manufacturer": "Siemens",
    "ManufacturersModelName": "MedSpec_4T",
    "Modality": "MR",
    "PartialFourier": 0.875,
    "PatientPosition": "HFS",
    "PercentPhaseFOV": 100,
    "PhaseEncodingSteps": 197,
    "PhaseResolution": 0.878906,
    "PixelBandwidth": 200,
    "ProtocolName": "t1_mpr_cor",
    "PulseSequenceDetails": "%SiemensSeq%_tfl",
    "ReceiveCoilName": "Head_4T",
    "ReconMatrixPE": 256,
    "RepetitionTime": 1.5,
    "SAR": 0.00380848,
    "ScanOptions": "IR",
    "ScanningSequence": "IR_GR",
    "SequenceName": "tfl3d1_ns",
    "SequenceVariant": "SP_MP",
    "SeriesDescription": "t1_mpr_cor",
    "SeriesNumber": 8,
    "ShimSetting": [
      8,
      -11,
      -19,
      1548,
      564,
      -4535,
      2255,
      -28
    ],
    "SliceThickness": 0.9,
    "SoftwareVersions": "syngo_MR_2002B_4VA21A",
    "StationName": "wes4T",
    "TxRefAmp": 181.911,
    "dataset": "ds004169",
    "modality": "T1w",
    "session_id": "01",
    "subject_id": "1088"
  },
  "cjv": 0.34889308664024343,
  "cnr": 3.7515040858437554,
  "efc": 0.4431033936946152,
  "fber": 913.1884604876717,
  "fwhm_avg": 4.429197375671176,
  "fwhm_x": 4.559178666666667,
  "fwhm_y": 4.794600127013529,
  "fwhm_z": 3.933813333333333,
  "icvs_csf": 0.19333011306332987,
  "icvs_gm": 0.4578376204740039,
  "icvs_wm": 0.34883226646266624,
  "inu_med": 0.737170934677124,
  "inu_range": 0.5222492158412932,
  "provenance": {
    "md5sum": "fd99398342a2d6ff744c4e2ab0f5731d",
    "settings": {
      "testing": false
    },
    "software": "mriqc",
    "version": "23.0.1",
    "warnings": {
      "large_rot_frame": true,
      "small_air_mask": false
    },
    "webapi_port": null,
    "webapi_url": "https://mriqc.nimh.nih.gov/api/v1"
  },
  "qi_1": 0.0,
  "qi_2": 0.024027626895488114,
  "rpve_csf": 32.555472731955945,
  "rpve_gm": 15.242148960758124,
  "rpve_wm": 22.516510446045185,
  "size_x": 256,
  "size_y": 256,
  "size_z": 256,
  "snr_csf": 1.462977589887974,
  "snr_gm": 10.34630257723657,
  "snr_total": 10.345445994018094,
  "snr_wm": 19.22705781492974,
  "snrd_csf": 6.298228074869439,
  "snrd_gm": 14.73874864767404,
  "snrd_total": 14.307431272110653,
  "snrd_wm": 21.885317093788476,
  "spacing_x": 0.9375,
  "spacing_y": 0.8999999761581421,
  "spacing_z": 0.9375,
  "summary_bg_k": 47.547983478408796,
  "summary_bg_mad": 29.934973791682662,
  "summary_bg_mean": 19.777749831098564,
  "summary_bg_median": 20.190832994878292,
  "summary_bg_n": 5226560.0,
  "summary_bg_p05": 0.0,
  "summary_bg_p95": 66.40824607387185,
  "summary_bg_stdv": 25.19615874026359,
  "summary_csf_k": 24.8559194259976,
  "summary_csf_mad": 124.60274955905041,
  "summary_csf_mean": 309.11885204760057,
  "summary_csf_median": 287.7832652181387,
  "summary_csf_n": 25207.0,
  "summary_csf_p05": 90.36036715619267,
  "summary_csf_p95": 527.078713562712,
  "summary_csf_stdv": 196.7067429814863,
  "summary_gm_k": 0.16364847379073533,
  "summary_gm_mad": 64.35387825680303,
  "summary_gm_mean": 672.3164179390866,
  "summary_gm_median": 673.4537334367633,
  "summary_gm_n": 55626.0,
  "summary_gm_p05": 563.3519284082577,
  "summary_gm_p95": 776.2715037772432,
  "summary_gm_stdv": 65.09066161310267,
  "summary_wm_k": 0.5711478858421621,
  "summary_wm_mad": 49.57585322040272,
  "summary_wm_mean": 1000.8552835295803,
  "summary_wm_median": 999.9999902695417,
  "summary_wm_n": 243404.0,
  "summary_wm_p05": 916.8938401155174,
  "summary_wm_p95": 1086.726859420538,
  "summary_wm_stdv": 52.00993026052058,
  "tpm_overlap_csf": 0.1320554669633976,
  "tpm_overlap_gm": 0.47568482613807717,
  "tpm_overlap_wm": 0.509775218216442,
  "wm2max": 0.42025742467911426
}