{
  "aor": 0.0030939333333333333,
  "aqi": 0.009415419333333334,
  "bids_meta": {
    "AcquisitionMatrixPE": 64,
    "AcquisitionNumber": 1,
    "AcquisitionTime": "08:41:52.107490",
    "BaseResolution": 64,
    "ConversionSoftware": "dcm2niix",
    "ConversionSoftwareVersion": "v1.0.20190410  GCC6.3.0",
    "DeviceSerialNumber": "18011",
    "EchoTime": 0.03,
    "FlipAngle": 90,
    "ImageComments": "Fake_MoCo_Reference_Volume_+_DiCo_Applied",
    "ImageOrientationPatientDICOM": [
      1,
      0,
      0,
      0,
      1,
      0
    ],
    "ImageType": [
      "ORIGINAL",
      "PRIMARY",
      "M",
      "ND",
      "MOSAIC"
    ],
    "ImagingFrequency": 168.217,
    "InPlanePhaseEncodingDirectionDICOM": "COL",
    "MRAcquisitionType": "2D",
    "MagneticFieldStrength": 3.95064,
    "Manufacturer": "Siemens",
    "ManufacturersModelName": "MedSpec_4T",
    "Modality": "MR",
    "PartialFourier": 1,
    "PatientPosition": "HFS",
    "PercentPhaseFOV": 100,
    "PhaseEncodingDirection": "j-",
    "PhaseEncodingSteps": 64,
    "PhaseResolution": 1,
    "PixelBandwidth": 2790,
    "ProtocolName": "mz_bold_dc_REST",
    "PulseSequenceDetails": "%CustomerSeq%_mz_ep2d_bold_dc",
    "ReceiveCoilName": "Head_4T",
    "ReconMatrixPE": 64,
    "RepetitionTime": 2.1,
    "SAR": 0.067459,
    "ScanOptions": "FS",
    "ScanningSequence": "SE_EP",
    "SequenceName": "epfid2d1_64",
    "SequenceVariant": "SK",
    "SeriesDescription": "mz_bold_dc_REST_DiCo",
    "SeriesNumber": 10,
    "ShimSetting": [
      9,
      -4,
      -15,
      1932,
      244,
      -2771,
      1732,
      -173
    ],
    "SliceThickness": 3,
    "SoftwareVersions": "syngo_MR_2002B_4VA21A",
    "SpacingBetweenSlices": 3.6,
    "StationName": "wes4T",
    "TaskName": "rest",
    "TxRefAmp": 198.881,
    "dataset": "ds004169",
    "modality": "bold",
    "session_id": "02",
    "subject_id": "0499",
    "task_id": "rest"
  },
  "dummy_trs": 0,
  "dvars_nstd": 23.078948846510066,
  "dvars_std": 0.9992227460402688,
  "dvars_vstd": 0.9562491975838924,
  "efc": 0.47928285078644894,
  "fber": 2121.877197265625,
  "fd_mean": 0.2350714178766412,
  "fd_num": 9,
  "fd_perc": 6.0,
  "fwhm_avg": 1.7508187276575808,
  "fwhm_x": 1.6477551304347826,
  "fwhm_y": 1.9861815652173913,
  "fwhm_z": 1.6185194873205684,
  "gcor": 0.0117708,
  "gsr_x": -0.020706871524453163,
  "gsr_y": 0.05098653957247734,
  "provenance": {
    "md5sum": "fc5ac48be55b49873ef7ae138bfddb14",
    "settings": {
      "fd_thres": 0.2,
      "testing": false
    },
    "software": "mriqc",
    "version": "23.0.1",
    "webapi_port": null,
    "webapi_url": "https://mriqc.nimh.nih.gov/api/v1"
  },
  "size_t": 150,
  "size_x": 64,
  "size_y": 64,
  "size_z": 36,
  "snr": 4.69765007887783,
  "spacing_tr": 2.0999999046325684,
  "spacing_x": 3.59375,
  "spacing_y": 3.59375,
  "spacing_z": 3.5999999046325684,
  "summary_bg_k": 53.99622620740137,
  "summary_bg_mad": 11.93000507863233,
  "summary_bg_mean": 37.12934112548828,
  "summary_bg_median": 17.579999923706055,
  "summary_bg_n": 94586.0,
  "summary_bg_p05": 4.660000324249268,
  "summary_bg_p95": 123.05167007446289,
  "summary_bg_stdv": 57.819976806640625,
  "summary_fg_k": 3.4752932786294934,
  "summary_fg_mad": 134.18536427828585,
  "summary_fg_mean": 798.7520751953125,
  "summary_fg_median": 779.510009765625,
  "summary_fg_n": 22184.0,
  "summary_fg_p05": 578.0496856689454,
  "summary_fg_p95": 1072.3413818359375,
  "summary_fg_stdv": 165.9324188232422,
  "tsnr": 47.847853899002075
}