{
  "aor": 0.0033948818897637798,
  "aqi": 0.015547575039370076,
  "bids_meta": {
    "AcquisitionMatrixPE": 64,
    "AcquisitionNumber": 1,
    "AcquisitionTime": "08:31:26.652500",
    "BaseResolution": 64,
    "ConversionSoftware": "dcm2niix",
    "ConversionSoftwareVersion": "v1.0.20190410  GCC6.3.0",
    "DeviceSerialNumber": "18011",
    "EchoTime": 0.03,
    "FlipAngle": 90,
    "ImageComments": "Fake_MoCo_Reference_Volume_+_DiCo_Applied",
    "ImageOrientationPatientDICOM": [
      1,
      0,
      0,
      0,
      1,
      0
    ],
    "ImageType": [
      "ORIGINAL",
      "PRIMARY",
      "M",
      "ND",
      "MOSAIC"
    ],
    "ImagingFrequency": 168.217,
    "InPlanePhaseEncodingDirectionDICOM": "COL",
    "MRAcquisitionType": "2D",
    "MagneticFieldStrength": 3.95064,
    "Manufacturer": "Siemens",
    "ManufacturersModelName": "MedSpec_4T",
    "Modality": "MR",
    "PartialFourier": 1,
    "PatientPosition": "HFS",
    "PercentPhaseFOV": 100,
    "PhaseEncodingDirection": "j-",
    "PhaseEncodingSteps": 64,
    "PhaseResolution": 1,
    "PixelBandwidth": 2790,
    "ProtocolName": "Nback_dc",
    "PulseSequenceDetails": "%CustomerSeq%_mz_ep2d_bold_dc",
    "ReceiveCoilName": "Head_4T",
    "ReconMatrixPE": 64,
    "RepetitionTime": 2.1,
    "SAR": 0.037089,
    "ScanOptions": "FS",
    "ScanningSequence": "SE_EP",
    "SequenceName": "epfid2d1_64",
    "SequenceVariant": "SK",
    "SeriesDescription": "Nback_dc_DiCo",
    "SeriesNumber": 7,
    "ShimSetting": [
      9,
      -4,
      -15,
      1932,
      244,
      -2771,
      1732,
      -173
    ],
    "SliceThickness": 3,
    "SoftwareVersions": "syngo_MR_2002B_4VA21A",
    "SpacingBetweenSlices": 3.6,
    "StationName": "wes4T",
    "TaskName": "nback",
    "TxRefAmp": 198.881,
    "dataset": "ds004169",
    "modality": "bold",
    "session_id": "02",
    "subject_id": "0499",
    "task_id": "nback"
  },
  "dummy_trs": 0,
  "dvars_nstd": 25.717398265000007,
  "dvars_std": 0.9772511230158732,
  "dvars_vstd": 0.9322097175396824,
  "efc": 0.48714700970584235,
  "fber": 1766.17236328125,
  "fd_mean": 0.177764247330821,
  "fd_num": 20,
  "fd_perc": 15.748031496062993,
  "fwhm_avg": 1.799859148559156,
  "fwhm_x": 1.6906240000000001,
  "fwhm_y": 2.021158956521739,
  "fwhm_z": 1.6877944891557293,
  "gcor": 0.0107881,
  "gsr_x": -0.023854732513427734,
  "gsr_y": 0.046248361468315125,
  "provenance": {
    "md5sum": "58550679425a38e9153953ca8b02388e",
    "settings": {
      "fd_thres": 0.2,
      "testing": false
    },
    "software": "mriqc",
    "version": "23.0.1",
    "webapi_port": null,
    "webapi_url": "https://mriqc.nimh.nih.gov/api/v1"
  },
  "size_t": 127,
  "size_x": 64,
  "size_y": 64,
  "size_z": 36,
  "snr": 4.588220228031117,
  "spacing_tr": 2.0999999046325684,
  "spacing_x": 3.59375,
  "spacing_y": 3.59375,
  "spacing_z": 3.5999999046325684,
  "summary_bg_k": 48.279689763253614,
  "summary_bg_mad": 10.88019942544761,
  "summary_bg_mean": 37.20872497558594,
  "summary_bg_median": 18.275590896606445,
  "summary_bg_n": 94825.0,
  "summary_bg_p05": 9.362204551696777,
  "summary_bg_p95": 116.79527282714844,
  "summary_bg_stdv": 51.6533088684082,
  "summary_fg_k": 3.8392818659834917,
  "summary_fg_mad": 136.70300093131704,
  "summary_fg_mean": 794.9341430664062,
  "summary_fg_median": 776.4330444335938,
  "summary_fg_n": 22647.0,
  "summary_fg_p05": 570.1165283203125,
  "summary_fg_p95": 1072.5283569335938,
  "summary_fg_stdv": 169.2194061279297,
  "tsnr": 39.05431318283081
}