{
  "bids_meta": {
    "AcquisitionMatrixPE": 256,
    "AcquisitionNumber": 1,
    "AcquisitionTime": "11:52:16.710020",
    "BaseResolution": 256,
    "ConversionSoftware": "dcm2niix",
    "ConversionSoftwareVersion": "v1.0.20190410  GCC6.3.0",
    "DeviceSerialNumber": "18011",
    "EchoTime": 0.00393,
    "FlipAngle": 15,
    "ImageOrientationPatientDICOM": [
      1,
      0,
      0,
      0,
      0,
      -1
    ],
    "ImageType": [
      "ORIGINAL",
      "PRIMARY",
      "M",
      "ND"
    ],
    "ImagingFrequency": 168.251,
    "InPlanePhaseEncodingDirectionDICOM": "ROW",
    "InstitutionAddress": "StreetNoStreet_City_District_ZIP_Country",
    "InstitutionName": "UQ",
    "InversionTime": 1.1,
    "MRAcquisitionType": "3D",
    "MagneticFieldStrength": 3.95064,
    "Manufacturer": "Siemens",
    "ManufacturersModelName": "MedSpec_4T",
    "Modality": "MR",
    "PartialFourier": 0.75,
    "PatientPosition": "HFS",
    "PercentPhaseFOV": 100,
    "PhaseEncodingSteps": 192,
    "PhaseResolution": 1,
    "PixelBandwidth": 130,
    "ProtocolName": "t1_mpr_cmr_cor",
    "PulseSequenceDetails": "%SiemensSeq%_tfl",
    "ReceiveCoilName": "Head_4T",
    "ReconMatrixPE": 256,
    "RepetitionTime": 2.5,
    "SAR": 0.00281467,
    "ScanOptions": "IR",
    "ScanningSequence": "IR_GR",
    "SequenceName": "tfl3d1_ns",
    "SequenceVariant": "SP_MP",
    "SeriesDescription": "t1_mpr_cmr_cor",
    "SeriesNumber": 8,
    "ShimSetting": [
      -5,
      29,
      189,
      2110,
      2030,
      -2910,
      1725,
      -140
    ],
    "SliceThickness": 0.9,
    "SoftwareVersions": "syngo_MR_2002B_4VA21A",
    "StationName": "wes4T",
    "TxRefAmp": 203.804,
    "dataset": "ds004169",
    "modality": "T1w",
    "session_id": "01",
    "subject_id": "0282"
  },
  "cjv": 0.419223202825227,
  "cnr": 3.216896666582655,
  "efc": 0.4776597592827584,
  "fber": 10829.247499614246,
  "fwhm_avg": 4.052852482831014,
  "fwhm_x": 3.986613333333333,
  "fwhm_y": 4.347133448493042,
  "fwhm_z": 3.8248106666666666,
  "icvs_csf": 0.16359077647301165,
  "icvs_gm": 0.4214710472917302,
  "icvs_wm": 0.4149381762352582,
  "inu_med": 0.29725533723831177,
  "inu_range": 0.09221414104104042,
  "provenance": {
    "md5sum": "27cc13d3dd6279ae92cbc37d1809cac4",
    "settings": {
      "testing": false
    },
    "software": "mriqc",
    "version": "23.0.1",
    "warnings": {
      "large_rot_frame": true,
      "small_air_mask": false
    },
    "webapi_port": null,
    "webapi_url": "https://mriqc.nimh.nih.gov/api/v1"
  },
  "qi_1": 0.0,
  "qi_2": 0.04638228622219309,
  "rpve_csf": 32.20299287960944,
  "rpve_gm": 13.414513831354418,
  "rpve_wm": 15.507594087899193,
  "size_x": 256,
  "size_y": 256,
  "size_z": 256,
  "snr_csf": 2.9752573753052745,
  "snr_gm": 16.58459706120682,
  "snr_total": 14.275338100622477,
  "snr_wm": 23.26615986535533,
  "snrd_csf": 30.849832944819184,
  "snrd_gm": 59.007388104053184,
  "snrd_total": 54.85167055149649,
  "snrd_wm": 74.6977906056171,
  "spacing_x": 0.9375,
  "spacing_y": 0.8999999761581421,
  "spacing_z": 0.9375,
  "summary_bg_k": 17.065437121438617,
  "summary_bg_mad": 8.770701462614907,
  "summary_bg_mean": 8.249906820062979,
  "summary_bg_median": 5.915748238563538,
  "summary_bg_n": 5332082.0,
  "summary_bg_p05": 0.0,
  "summary_bg_p95": 29.769571781158447,
  "summary_bg_stdv": 12.147366095832185,
  "summary_csf_k": 3.5611846541271657,
  "summary_csf_mad": 109.63376828268635,
  "summary_csf_mean": 410.8893090334801,
  "summary_csf_median": 413.00510081648827,
  "summary_csf_n": 40033.0,
  "summary_csf_p05": 155.197746732831,
  "summary_csf_p95": 614.3170592218638,
  "summary_csf_stdv": 138.81150111719106,
  "summary_gm_k": 0.14959945251866413,
  "summary_gm_mad": 47.248617556667405,
  "summary_gm_mean": 790.3081002976248,
  "summary_gm_median": 789.9670742601156,
  "summary_gm_n": 61546.0,
  "summary_gm_p05": 712.6091245114803,
  "summary_gm_p95": 868.3507384210825,
  "summary_gm_stdv": 47.6321886882341,
  "summary_wm_k": 0.6460906663049664,
  "summary_wm_mad": 40.8120543865226,
  "summary_wm_mean": 1003.4164431469859,
  "summary_wm_median": 1000.0238443762064,
  "summary_wm_n": 356986.0,
  "summary_wm_p05": 938.9342022836208,
  "summary_wm_p95": 1078.8130235373974,
  "summary_wm_stdv": 42.98184356653417,
  "tpm_overlap_csf": 0.1361129050613825,
  "tpm_overlap_gm": 0.43703533464504607,
  "tpm_overlap_wm": 0.49050471828641523,
  "wm2max": 0.7571838820958332
}