{
  "bids_meta": {
    "AcquisitionMatrixPE": 225,
    "AcquisitionNumber": 1,
    "AcquisitionTime": "11:25:12.497500",
    "BaseResolution": 256,
    "ConversionSoftware": "dcm2niix",
    "ConversionSoftwareVersion": "v1.0.20190410  GCC6.3.0",
    "DeviceSerialNumber": "18011",
    "EchoTime": 0.00335,
    "FlipAngle": 8,
    "ImageOrientationPatientDICOM": [
      1,
      0,
      0,
      0,
      0,
      -1
    ],
    "ImageType": [
      "ORIGINAL",
      "PRIMARY",
      "M",
      "ND"
    ],
    "ImagingFrequency": 168.217,
    "InPlanePhaseEncodingDirectionDICOM": "ROW",
    "InversionTime": 0.7,
    "MRAcquisitionType": "3D",
    "MagneticFieldStrength": 3.95064,
    "Manufacturer": "Siemens",
    "ManufacturersModelName": "MedSpec_4T",
    "Modality": "MR",
    "PartialFourier": 0.875,
    "PatientPosition": "HFS",
    "PercentPhaseFOV": 100,
    "PhaseEncodingSteps": 197,
    "PhaseResolution": 0.878906,
    "PixelBandwidth": 200,
    "ProtocolName": "t1_mpr_cor",
    "PulseSequenceDetails": "%SiemensSeq%_tfl",
    "ReceiveCoilName": "Head_4T",
    "ReconMatrixPE": 256,
    "RepetitionTime": 1.5,
    "SAR": 0.00624207,
    "ScanOptions": "IR",
    "ScanningSequence": "IR_GR",
    "SequenceName": "tfl3d1_ns",
    "SequenceVariant": "SP_MP",
    "SeriesDescription": "t1_mpr_cor",
    "SeriesNumber": 8,
    "ShimSetting": [
      6,
      -17,
      -36,
      1770,
      462,
      -3857,
      2248,
      69
    ],
    "SliceThickness": 0.9,
    "SoftwareVersions": "syngo_MR_2002B_4VA21A",
    "StationName": "wes4T",
    "TxRefAmp": 172.383,
    "dataset": "ds004169",
    "modality": "T1w",
    "session_id": "02",
    "subject_id": "0578"
  },
  "cjv": 0.3365423708813152,
  "cnr": 3.8536144637429803,
  "efc": 0.4386549698829288,
  "fber": 1802.7326057852247,
  "fwhm_avg": 4.388662560794156,
  "fwhm_x": 4.510165333333333,
  "fwhm_y": 4.787555682382469,
  "fwhm_z": 3.8682666666666665,
  "icvs_csf": 0.22093739682044886,
  "icvs_gm": 0.41770157614114417,
  "icvs_wm": 0.361361027038407,
  "inu_med": 0.6502386629581451,
  "inu_range": 0.37477394342422476,
  "provenance": {
    "md5sum": "8c7b1de6e3b7cb173843bcb8166eb907",
    "settings": {
      "testing": false
    },
    "software": "mriqc",
    "version": "23.0.1",
    "warnings": {
      "large_rot_frame": true,
      "small_air_mask": false
    },
    "webapi_port": null,
    "webapi_url": "https://mriqc.nimh.nih.gov/api/v1"
  },
  "qi_1": 0.0,
  "qi_2": 0.027414446982910873,
  "rpve_csf": 27.830740404269815,
  "rpve_gm": 15.395094160909293,
  "rpve_wm": 21.532564425092726,
  "size_x": 256,
  "size_y": 256,
  "size_z": 256,
  "snr_csf": 1.6499457544580935,
  "snr_gm": 9.412199047550287,
  "snr_total": 10.666943596575342,
  "snr_wm": 20.938685987717644,
  "snrd_csf": 8.685992575737673,
  "snrd_gm": 21.864772214523967,
  "snrd_total": 21.191961982674773,
  "snrd_wm": 33.02512115776268,
  "spacing_x": 0.9375,
  "spacing_y": 0.8999999761581421,
  "spacing_z": 0.9375,
  "summary_bg_k": 9.80314255523284,
  "summary_bg_mad": 19.837516919375314,
  "summary_bg_mean": 16.65209514046627,
  "summary_bg_median": 13.380201831459999,
  "summary_bg_n": 5028802.0,
  "summary_bg_p05": 0.0,
  "summary_bg_p95": 56.3555958494544,
  "summary_bg_stdv": 21.481904019348477,
  "summary_csf_k": 22.537212445240584,
  "summary_csf_mad": 109.98894444492626,
  "summary_csf_mean": 279.445779637313,
  "summary_csf_median": 263.01167922094464,
  "summary_csf_n": 35057.0,
  "summary_csf_p05": 88.2129492778331,
  "summary_csf_p95": 482.70778980106076,
  "summary_csf_stdv": 159.40398481765268,
  "summary_gm_k": 0.24073482018683467,
  "summary_gm_mad": 68.88493692977995,
  "summary_gm_mean": 659.509873604154,
  "summary_gm_median": 662.0648596901447,
  "summary_gm_n": 33881.0,
  "summary_gm_p05": 541.1894770432264,
  "summary_gm_p95": 769.2765616532415,
  "summary_gm_stdv": 70.34010711299933,
  "summary_wm_k": 0.6677590846876211,
  "summary_wm_mad": 44.844556256299704,
  "summary_wm_mean": 999.5259612851443,
  "summary_wm_median": 999.9999995902181,
  "summary_wm_n": 281530.0,
  "summary_wm_p05": 920.8243561256677,
  "summary_wm_p95": 1076.6526812687516,
  "summary_wm_stdv": 47.75840394977822,
  "tpm_overlap_csf": 0.13394284462296746,
  "tpm_overlap_gm": 0.451955062154602,
  "tpm_overlap_wm": 0.5113232049723861,
  "wm2max": 0.6068780429060505
}