{
  "bids_meta": {
    "AcquisitionMatrixPE": 225,
    "AcquisitionNumber": 1,
    "AcquisitionTime": "08:42:40.514990",
    "BaseResolution": 256,
    "ConversionSoftware": "dcm2niix",
    "ConversionSoftwareVersion": "v1.0.20190410  GCC6.3.0",
    "DeviceSerialNumber": "18011",
    "EchoTime": 0.00335,
    "FlipAngle": 8,
    "ImageOrientationPatientDICOM": [
      0.99863,
      -0.052336,
      0,
      0,
      -2.22045e-16,
      -1
    ],
    "ImageType": [
      "ORIGINAL",
      "PRIMARY",
      "M",
      "ND"
    ],
    "ImagingFrequency": 168.217,
    "InPlanePhaseEncodingDirectionDICOM": "ROW",
    "InversionTime": 0.7,
    "MRAcquisitionType": "3D",
    "MagneticFieldStrength": 3.95064,
    "Manufacturer": "Siemens",
    "ManufacturersModelName": "MedSpec_4T",
    "Modality": "MR",
    "PartialFourier": 0.875,
    "PatientPosition": "HFS",
    "PercentPhaseFOV": 100,
    "PhaseEncodingSteps": 197,
    "PhaseResolution": 0.878906,
    "PixelBandwidth": 200,
    "ProtocolName": "t1_mpr_cor",
    "PulseSequenceDetails": "%SiemensSeq%_tfl",
    "ReceiveCoilName": "Head_4T",
    "ReconMatrixPE": 256,
    "RepetitionTime": 1.5,
    "SAR": 0.00368177,
    "ScanOptions": "IR",
    "ScanningSequence": "IR_GR",
    "SequenceName": "tfl3d1_ns",
    "SequenceVariant": "SP_MP",
    "SeriesDescription": "t1_mpr_cor",
    "SeriesNumber": 8,
    "ShimSetting": [
      8,
      -11,
      -33,
      1819,
      203,
      -4119,
      1301,
      -521
    ],
    "SliceThickness": 0.9,
    "SoftwareVersions": "syngo_MR_2002B_4VA21A",
    "StationName": "wes4T",
    "TxRefAmp": 186.805,
    "dataset": "ds004169",
    "modality": "T1w",
    "session_id": "02",
    "subject_id": "1057"
  },
  "cjv": 0.37723887399390515,
  "cnr": 3.4641319633562255,
  "efc": 0.45440055816331526,
  "fber": -1.0,
  "fwhm_avg": 4.374987746094626,
  "fwhm_x": 4.503946666666667,
  "fwhm_y": 4.800611238283879,
  "fwhm_z": 3.8204053333333334,
  "icvs_csf": 0.1908546290589943,
  "icvs_gm": 0.43695370192577754,
  "icvs_wm": 0.37219166901522815,
  "inu_med": 0.7180014252662659,
  "inu_range": 0.55442758500576,
  "provenance": {
    "md5sum": "e2cc9d746bc8d60fbdc4b38e398a59a4",
    "settings": {
      "testing": false
    },
    "software": "mriqc",
    "version": "23.0.1",
    "warnings": {
      "large_rot_frame": true,
      "small_air_mask": false
    },
    "webapi_port": null,
    "webapi_url": "https://mriqc.nimh.nih.gov/api/v1"
  },
  "qi_1": 0.0,
  "qi_2": 0.02300159356108791,
  "rpve_csf": 30.00982572829162,
  "rpve_gm": 14.17815314679512,
  "rpve_wm": 19.1207140137702,
  "size_x": 256,
  "size_y": 256,
  "size_z": 256,
  "snr_csf": 1.5850527343440484,
  "snr_gm": 10.3507012463844,
  "snr_total": 10.060577939354772,
  "snr_wm": 18.245979837335867,
  "snrd_csf": 8.916674185488242,
  "snrd_gm": 19.204402264128618,
  "snrd_total": 18.64983472642413,
  "snrd_wm": 27.828427729655534,
  "spacing_x": 0.9375,
  "spacing_y": 0.8999999761581421,
  "spacing_z": 0.9375,
  "summary_bg_k": 8.631928458078416,
  "summary_bg_mad": 0.0,
  "summary_bg_mean": 15.605370277827307,
  "summary_bg_median": 0.0,
  "summary_bg_n": 4866240.0,
  "summary_bg_p05": 0.0,
  "summary_bg_p95": 60.98077632859349,
  "summary_bg_stdv": 23.542890472394998,
  "summary_csf_k": 18.090990906807342,
  "summary_csf_mad": 118.79550681213553,
  "summary_csf_mean": 346.6048510234455,
  "summary_csf_median": 320.42836228758097,
  "summary_csf_n": 32746.0,
  "summary_csf_p05": 121.90376923047006,
  "summary_csf_p95": 564.7655821600929,
  "summary_csf_stdv": 202.15319192467823,
  "summary_gm_k": 0.16768557898044945,
  "summary_gm_mad": 65.22330229781672,
  "summary_gm_mean": 690.8982173296407,
  "summary_gm_median": 690.1267264224589,
  "summary_gm_n": 49313.0,
  "summary_gm_p05": 582.3105566255748,
  "summary_gm_p95": 800.9322254948315,
  "summary_gm_stdv": 66.67371732097364,
  "summary_wm_k": 0.565440235081212,
  "summary_wm_mad": 51.68746810816474,
  "summary_wm_mean": 1002.1574599606474,
  "summary_wm_median": 1000.0385050475597,
  "summary_wm_n": 282112.0,
  "summary_wm_p05": 916.6762814372778,
  "summary_wm_p95": 1096.2286493889987,
  "summary_wm_stdv": 54.80860669294849,
  "tpm_overlap_csf": 0.14594684891942497,
  "tpm_overlap_gm": 0.4529131397133015,
  "tpm_overlap_wm": 0.5051909335165087,
  "wm2max": 0.5073384275635638
}