{
  "aor": 0.013764488188976376,
  "aqi": 0.01008306590551181,
  "bids_meta": {
    "AcquisitionMatrixPE": 64,
    "AcquisitionNumber": 1,
    "AcquisitionTime": "09:58:36.074990",
    "BaseResolution": 64,
    "ConversionSoftware": "dcm2niix",
    "ConversionSoftwareVersion": "v1.0.20190410  GCC6.3.0",
    "DeviceSerialNumber": "18011",
    "EchoTime": 0.03,
    "FlipAngle": 90,
    "ImageComments": "Fake_MoCo_Reference_Volume_+_DiCo_Applied",
    "ImageOrientationPatientDICOM": [
      1,
      2.22045e-16,
      -1.38778e-17,
      -2.22045e-16,
      0.987414,
      -0.158158
    ],
    "ImageType": [
      "ORIGINAL",
      "PRIMARY",
      "M",
      "ND",
      "DICO",
      "MOSAIC"
    ],
    "ImagingFrequency": 168.255,
    "InPlanePhaseEncodingDirectionDICOM": "COL",
    "MRAcquisitionType": "2D",
    "MagneticFieldStrength": 3.95064,
    "Manufacturer": "Siemens",
    "ManufacturersModelName": "MedSpec_4T",
    "Modality": "MR",
    "PartialFourier": 1,
    "PatientPosition": "HFS",
    "PercentPhaseFOV": 100,
    "PhaseEncodingDirection": "j-",
    "PhaseEncodingSteps": 64,
    "PhaseResolution": 1,
    "PixelBandwidth": 2790,
    "ProcedureStepDescription": "Research_fMRI",
    "ProtocolName": "Nback_dc_opt",
    "PulseSequenceDetails": "%CustomerSeq%_kt_ep2d_bold_dc",
    "ReceiveCoilName": "Head",
    "ReconMatrixPE": 64,
    "RepetitionTime": 2.1,
    "SAR": 0.0840286,
    "ScanOptions": "FS",
    "ScanningSequence": "SE_EP",
    "SequenceName": "epfid2d1_64",
    "SequenceVariant": "SK",
    "SeriesDescription": "Nback_dc_opt_DiCo",
    "SeriesNumber": 7,
    "SliceThickness": 3,
    "SoftwareVersions": "syngo_MR_2004A_4VA25A",
    "SpacingBetweenSlices": 3.6,
    "StationName": "WES4T",
    "TaskName": "nback",
    "TxRefAmp": 194.809,
    "dataset": "ds004169",
    "modality": "bold",
    "session_id": "02",
    "subject_id": "0133",
    "task_id": "nback"
  },
  "dummy_trs": 0,
  "dvars_nstd": 26.774775217460316,
  "dvars_std": 1.2274527483333335,
  "dvars_vstd": 1.0893833030952385,
  "efc": 0.49297138070308916,
  "fber": 2067.51904296875,
  "fd_mean": 0.11652696503420698,
  "fd_num": 8,
  "fd_perc": 6.299212598425197,
  "fwhm_avg": 1.754417521573874,
  "fwhm_x": 1.6465391304347827,
  "fwhm_y": 2.023774608695652,
  "fwhm_z": 1.5929388255911872,
  "gcor": 0.0174206,
  "gsr_x": -0.02370264008641243,
  "gsr_y": 0.03429839015007019,
  "provenance": {
    "md5sum": "84da157416f35a4b6a9521f1119d09ad",
    "settings": {
      "fd_thres": 0.2,
      "testing": false
    },
    "software": "mriqc",
    "version": "22.0.6",
    "webapi_port": null,
    "webapi_url": "https://mriqc.nimh.nih.gov/api/v1"
  },
  "size_t": 127,
  "size_x": 64,
  "size_y": 64,
  "size_z": 36,
  "snr": 5.417424165256398,
  "spacing_tr": 2.0999999046325684,
  "spacing_x": 3.59375,
  "spacing_y": 3.59375,
  "spacing_z": 3.6000001430511475,
  "summary_bg_k": 26.116068815104203,
  "summary_bg_mad": 7.856623436266917,
  "summary_bg_mean": 27.50826644897461,
  "summary_bg_median": 13.0551176071167,
  "summary_bg_n": 93051.0,
  "summary_bg_p05": 6.972440958023071,
  "summary_bg_p95": 86.81496047973633,
  "summary_bg_stdv": 38.82813262939453,
  "summary_fg_k": 2.925000945718055,
  "summary_fg_mad": 98.79728539727091,
  "summary_fg_mean": 611.8074951171875,
  "summary_fg_median": 608.3936767578125,
  "summary_fg_n": 23179.0,
  "summary_fg_p05": 443.9330749511719,
  "summary_fg_p95": 790.1039306640624,
  "summary_fg_stdv": 112.30070495605469,
  "tsnr": 49.82344926567748
}