{
  "aor": 0.0040795275590551185,
  "aqi": 0.011195458976377954,
  "bids_meta": {
    "AcquisitionMatrixPE": 64,
    "AcquisitionNumber": 1,
    "AcquisitionTime": "11:37:32.997490",
    "BaseResolution": 64,
    "ConversionSoftware": "dcm2niix",
    "ConversionSoftwareVersion": "v1.0.20190410  GCC6.3.0",
    "DeviceSerialNumber": "18011",
    "EchoTime": 0.03,
    "FlipAngle": 90,
    "ImageComments": "Fake_MoCo_Reference_Volume_+_DiCo_Applied",
    "ImageOrientationPatientDICOM": [
      0.994703,
      -0.014306,
      -0.101792,
      8.60354e-09,
      0.990268,
      -0.139173
    ],
    "ImageType": [
      "ORIGINAL",
      "PRIMARY",
      "M",
      "ND",
      "MOSAIC"
    ],
    "ImagingFrequency": 168.217,
    "InPlanePhaseEncodingDirectionDICOM": "COL",
    "MRAcquisitionType": "2D",
    "MagneticFieldStrength": 3.95064,
    "Manufacturer": "Siemens",
    "ManufacturersModelName": "MedSpec_4T",
    "Modality": "MR",
    "PartialFourier": 1,
    "PatientPosition": "HFS",
    "PercentPhaseFOV": 100,
    "PhaseEncodingDirection": "j-",
    "PhaseEncodingSteps": 64,
    "PhaseResolution": 1,
    "PixelBandwidth": 2790,
    "ProtocolName": "Nback_dc",
    "PulseSequenceDetails": "%CustomerSeq%_mz_ep2d_bold_dc",
    "ReceiveCoilName": "Head_4T",
    "ReconMatrixPE": 64,
    "RepetitionTime": 2.1,
    "SAR": 0.0584381,
    "ScanOptions": "FS",
    "ScanningSequence": "SE_EP",
    "SequenceName": "epfid2d1_64",
    "SequenceVariant": "SK",
    "SeriesDescription": "Nback_dc_DiCo",
    "SeriesNumber": 7,
    "ShimSetting": [
      -16,
      -8,
      -18,
      1474,
      -271,
      -1632,
      2074,
      -482
    ],
    "SliceThickness": 3,
    "SoftwareVersions": "syngo_MR_2002B_4VA21A",
    "SpacingBetweenSlices": 3.6,
    "StationName": "wes4T",
    "TaskName": "nback",
    "TxRefAmp": 160.433,
    "dataset": "ds004169",
    "modality": "bold",
    "session_id": "01",
    "subject_id": "1269",
    "task_id": "nback"
  },
  "dummy_trs": 0,
  "dvars_nstd": 30.353174103492062,
  "dvars_std": 1.1787946915873015,
  "dvars_vstd": 0.989916943333333,
  "efc": 0.4653080357828647,
  "fber": 2476.71142578125,
  "fd_mean": 0.2076272930967136,
  "fd_num": 30,
  "fd_perc": 23.62204724409449,
  "fwhm_avg": 1.8447235413248464,
  "fwhm_x": 1.7247693913043478,
  "fwhm_y": 2.1271485217391306,
  "fwhm_z": 1.682252710931061,
  "gcor": 0.0292723,
  "gsr_x": -0.019254442304372787,
  "gsr_y": 0.03176991268992424,
  "provenance": {
    "md5sum": "a1d76e6045eb2eb5c1f472df54463e39",
    "settings": {
      "fd_thres": 0.2,
      "testing": false
    },
    "software": "mriqc",
    "version": "23.0.1",
    "webapi_port": null,
    "webapi_url": "https://mriqc.nimh.nih.gov/api/v1"
  },
  "size_t": 127,
  "size_x": 64,
  "size_y": 64,
  "size_z": 36,
  "snr": 6.126133235045671,
  "spacing_tr": 2.0999999046325684,
  "spacing_x": 3.59375,
  "spacing_y": 3.59375,
  "spacing_z": 3.6000001430511475,
  "summary_bg_k": 65.92721454839987,
  "summary_bg_mad": 8.989005532233346,
  "summary_bg_mean": 28.64433479309082,
  "summary_bg_median": 16.149606704711914,
  "summary_bg_n": 95783.0,
  "summary_bg_p05": 9.22047233581543,
  "summary_bg_p95": 81.90314788818345,
  "summary_bg_stdv": 36.0364875793457,
  "summary_fg_k": 2.106651299577127,
  "summary_fg_mad": 123.95492031996366,
  "summary_fg_mean": 827.5452880859375,
  "summary_fg_median": 826.098388671875,
  "summary_fg_n": 21412.0,
  "summary_fg_p05": 613.8736297607422,
  "summary_fg_p95": 1033.7078918457032,
  "summary_fg_stdv": 134.84510803222656,
  "tsnr": 48.20512408576906
}