{
  "bids_meta": {
    "AcquisitionMatrixPE": 225,
    "AcquisitionNumber": 1,
    "AcquisitionTime": "12:38:50.117520",
    "BaseResolution": 256,
    "ConversionSoftware": "dcm2niix",
    "ConversionSoftwareVersion": "v1.0.20190410  GCC6.3.0",
    "DeviceSerialNumber": "18011",
    "EchoTime": 0.00335,
    "FlipAngle": 8,
    "ImageOrientationPatientDICOM": [
      1,
      0,
      0,
      0,
      0,
      -1
    ],
    "ImageType": [
      "ORIGINAL",
      "PRIMARY",
      "M",
      "ND"
    ],
    "ImagingFrequency": 168.255,
    "InPlanePhaseEncodingDirectionDICOM": "ROW",
    "InversionTime": 0.7,
    "MRAcquisitionType": "3D",
    "MagneticFieldStrength": 3.95064,
    "Manufacturer": "Siemens",
    "ManufacturersModelName": "MedSpec_4T",
    "Modality": "MR",
    "PartialFourier": 0.875,
    "PatientPosition": "HFS",
    "PercentPhaseFOV": 100,
    "PhaseEncodingSteps": 197,
    "PhaseResolution": 0.878906,
    "PixelBandwidth": 200,
    "ProcedureStepDescription": "Research_fMRI",
    "ProtocolName": "t1_mpr_cor",
    "PulseSequenceDetails": "%SiemensSeq%_tfl",
    "ReceiveCoilName": "Head",
    "ReconMatrixPE": 256,
    "RepetitionTime": 1.5,
    "SAR": 0.0622936,
    "ScanOptions": "IR",
    "ScanningSequence": "IR_GR",
    "SequenceName": "tfl3d1_ns",
    "SequenceVariant": "SP_MP",
    "SeriesDescription": "t1_mpr_cor",
    "SeriesNumber": 7,
    "ShimSetting": [
      11,
      16,
      27,
      1515,
      168,
      -3299,
      2687,
      237
    ],
    "SliceThickness": 0.9,
    "SoftwareVersions": "syngo_MR_2004A_4VA25A",
    "StationName": "WES4T",
    "TxRefAmp": 211.675,
    "dataset": "ds004169",
    "modality": "T1w",
    "session_id": "02",
    "subject_id": "1197"
  },
  "cjv": 0.3054664061475308,
  "cnr": 4.299881973596129,
  "efc": 0.4632321517417347,
  "fber": 15952.198594657899,
  "fwhm_avg": 5.325695904916078,
  "fwhm_x": 5.296245333333333,
  "fwhm_y": 6.009322381414901,
  "fwhm_z": 4.67152,
  "icvs_csf": 0.19724799124336406,
  "icvs_gm": 0.43215519273733705,
  "icvs_wm": 0.3705968160192989,
  "inu_med": 0.6260132789611816,
  "inu_range": 0.46403923630714417,
  "provenance": {
    "md5sum": "e11c8fd80e0ca0a8519e6e0f7d37c2d6",
    "settings": {
      "testing": false
    },
    "software": "mriqc",
    "version": "23.0.1",
    "warnings": {
      "large_rot_frame": true,
      "small_air_mask": false
    },
    "webapi_port": null,
    "webapi_url": "https://mriqc.nimh.nih.gov/api/v1"
  },
  "qi_1": 0.0,
  "qi_2": 0.004390047387283825,
  "rpve_csf": 24.425865606907013,
  "rpve_gm": 12.078093253329612,
  "rpve_wm": 16.647677256402332,
  "size_x": 256,
  "size_y": 240,
  "size_z": 256,
  "snr_csf": 2.5277898995638264,
  "snr_gm": 11.657157538202236,
  "snr_total": 12.280960742718952,
  "snr_wm": 22.65793479039079,
  "snrd_csf": 32.54174302204925,
  "snrd_gm": 67.7542775936092,
  "snrd_total": 66.73242364917962,
  "snrd_wm": 99.9012503318804,
  "spacing_x": 0.9375,
  "spacing_y": 0.8999999761581421,
  "spacing_z": 0.9375,
  "summary_bg_k": 4.997668147126706,
  "summary_bg_mad": 6.558053112068058,
  "summary_bg_mean": 11.353992724037067,
  "summary_bg_median": 4.423339605331421,
  "summary_bg_n": 4054826.0,
  "summary_bg_p05": 0.0,
  "summary_bg_p95": 45.01398539543152,
  "summary_bg_stdv": 16.36397080212526,
  "summary_csf_k": 12.779094312192862,
  "summary_csf_mad": 110.54659381923547,
  "summary_csf_mean": 326.6773999476914,
  "summary_csf_median": 325.74968983232975,
  "summary_csf_n": 47486.0,
  "summary_csf_p05": 119.78793945908546,
  "summary_csf_p95": 508.0254323557019,
  "summary_csf_stdv": 128.8660342837204,
  "summary_gm_k": 0.2518321472301519,
  "summary_gm_mad": 56.731981517265226,
  "summary_gm_mean": 678.4832460065685,
  "summary_gm_median": 678.2345646321774,
  "summary_gm_n": 72110.0,
  "summary_gm_p05": 583.1978122293949,
  "summary_gm_p95": 773.4339398145676,
  "summary_gm_stdv": 58.18140997200712,
  "summary_wm_k": 0.48430339089519636,
  "summary_wm_mad": 41.56648369560784,
  "summary_wm_mean": 1000.5512834354696,
  "summary_wm_median": 1000.0325209200382,
  "summary_wm_n": 340012.0,
  "summary_wm_p05": 928.4134487807751,
  "summary_wm_p95": 1073.5380173027515,
  "summary_wm_stdv": 44.13601943805187,
  "tpm_overlap_csf": 0.1326701314299549,
  "tpm_overlap_gm": 0.4396409453471673,
  "tpm_overlap_wm": 0.4921639820665882,
  "wm2max": 0.5792468114767996
}