{
  "bids_meta": {
    "AcquisitionMatrixPE": 225,
    "AcquisitionNumber": 1,
    "AcquisitionTime": "08:48:12.409990",
    "BaseResolution": 256,
    "ConversionSoftware": "dcm2niix",
    "ConversionSoftwareVersion": "v1.0.20190410  GCC6.3.0",
    "DeviceSerialNumber": "18011",
    "EchoTime": 0.00335,
    "FlipAngle": 8,
    "ImageOrientationPatientDICOM": [
      1,
      0,
      0,
      0,
      0,
      -1
    ],
    "ImageType": [
      "ORIGINAL",
      "PRIMARY",
      "M",
      "ND"
    ],
    "ImagingFrequency": 168.255,
    "InPlanePhaseEncodingDirectionDICOM": "ROW",
    "InversionTime": 0.7,
    "MRAcquisitionType": "3D",
    "MagneticFieldStrength": 3.95064,
    "Manufacturer": "Siemens",
    "ManufacturersModelName": "MedSpec_4T",
    "Modality": "MR",
    "PartialFourier": 0.875,
    "PatientPosition": "HFS",
    "PercentPhaseFOV": 100,
    "PhaseEncodingSteps": 197,
    "PhaseResolution": 0.878906,
    "PixelBandwidth": 200,
    "ProcedureStepDescription": "Research_fMRI",
    "ProtocolName": "t1_mpr_cor",
    "PulseSequenceDetails": "%SiemensSeq%_tfl",
    "ReceiveCoilName": "Head",
    "ReconMatrixPE": 256,
    "RepetitionTime": 1.5,
    "SAR": 0.0653879,
    "ScanOptions": "IR",
    "ScanningSequence": "IR_GR",
    "SequenceName": "tfl3d1_ns",
    "SequenceVariant": "SP_MP",
    "SeriesDescription": "t1_mpr_cor",
    "SeriesNumber": 2,
    "ShimSetting": [
      19,
      20,
      46,
      1925,
      393,
      -3583,
      2612,
      -50
    ],
    "SliceThickness": 0.9,
    "SoftwareVersions": "syngo_MR_2004A_4VA25A",
    "StationName": "WES4T",
    "TxRefAmp": 207.379,
    "dataset": "ds004169",
    "modality": "T1w",
    "session_id": "02",
    "subject_id": "1103"
  },
  "cjv": 0.3213120319533592,
  "cnr": 4.067561870078101,
  "efc": 0.47288671918881703,
  "fber": 13521.740477038093,
  "fwhm_avg": 5.078037680450072,
  "fwhm_x": 5.067722666666667,
  "fwhm_y": 5.75522237468355,
  "fwhm_z": 4.411168,
  "icvs_csf": 0.18861760754720525,
  "icvs_gm": 0.4391264631350876,
  "icvs_wm": 0.3722559293177071,
  "inu_med": 0.6147240996360779,
  "inu_range": 0.4423905566334724,
  "provenance": {
    "md5sum": "9d94241575e665a2b4482bb88cd9ff6d",
    "settings": {
      "testing": false
    },
    "software": "mriqc",
    "version": "23.0.1",
    "warnings": {
      "large_rot_frame": true,
      "small_air_mask": false
    },
    "webapi_port": null,
    "webapi_url": "https://mriqc.nimh.nih.gov/api/v1"
  },
  "qi_1": 0.0,
  "qi_2": 0.00450570444663408,
  "rpve_csf": 24.935928239372494,
  "rpve_gm": 11.69599960750866,
  "rpve_wm": 16.099137784385267,
  "size_x": 256,
  "size_y": 240,
  "size_z": 256,
  "snr_csf": 1.74199811463364,
  "snr_gm": 10.660153891131483,
  "snr_total": 11.470965624686619,
  "snr_wm": 22.01074486829473,
  "snrd_csf": 29.920199123460176,
  "snrd_gm": 65.33868263671599,
  "snrd_total": 64.05248809662315,
  "snrd_wm": 96.89858252969329,
  "spacing_x": 0.9375,
  "spacing_y": 0.8999999761581421,
  "spacing_z": 0.9375,
  "summary_bg_k": 12.039614986286514,
  "summary_bg_mad": 6.761162317350055,
  "summary_bg_mean": 12.604414663702386,
  "summary_bg_median": 4.5603346824646,
  "summary_bg_n": 4232672.0,
  "summary_bg_p05": 0.0,
  "summary_bg_p95": 49.80536949634552,
  "summary_bg_stdv": 18.614459209620655,
  "summary_csf_k": 26.404964145028835,
  "summary_csf_mad": 121.21798154677599,
  "summary_csf_mean": 318.1643234082026,
  "summary_csf_median": 308.7835187315941,
  "summary_csf_n": 40642.0,
  "summary_csf_p05": 97.03903596997262,
  "summary_csf_p95": 514.632140225172,
  "summary_csf_stdv": 177.2560585981396,
  "summary_gm_k": 0.16171670148882056,
  "summary_gm_mad": 61.864635203753004,
  "summary_gm_mean": 674.313097842532,
  "summary_gm_median": 674.310630440712,
  "summary_gm_n": 77573.0,
  "summary_gm_p05": 569.8659366846085,
  "summary_gm_p95": 777.8106834411619,
  "summary_gm_stdv": 63.254835813435,
  "summary_wm_k": 0.4915638411999428,
  "summary_wm_mad": 42.78849866551535,
  "summary_wm_mean": 1000.7406368691239,
  "summary_wm_median": 1000.0162482261658,
  "summary_wm_n": 345228.0,
  "summary_wm_p05": 926.5948598384857,
  "summary_wm_p95": 1075.8155254125595,
  "summary_wm_stdv": 45.433028544337816,
  "tpm_overlap_csf": 0.13591349859500468,
  "tpm_overlap_gm": 0.4567499032813452,
  "tpm_overlap_wm": 0.5229753899243652,
  "wm2max": 0.5809587770859296
}