{
  "aor": 0.0034896666666666665,
  "aqi": 0.010558862466666668,
  "bids_meta": {
    "AcquisitionMatrixPE": 64,
    "AcquisitionNumber": 1,
    "AcquisitionTime": "08:26:17.164980",
    "BaseResolution": 64,
    "ConversionSoftware": "dcm2niix",
    "ConversionSoftwareVersion": "v1.0.20190410  GCC6.3.0",
    "DeviceSerialNumber": "18011",
    "EchoTime": 0.03,
    "FlipAngle": 90,
    "ImageComments": "Fake_MoCo_Reference_Volume_+_DiCo_Applied",
    "ImageOrientationPatientDICOM": [
      1,
      0,
      0,
      0,
      1,
      0
    ],
    "ImageType": [
      "ORIGINAL",
      "PRIMARY",
      "M",
      "ND",
      "MOSAIC"
    ],
    "ImagingFrequency": 168.217,
    "InPlanePhaseEncodingDirectionDICOM": "COL",
    "MRAcquisitionType": "2D",
    "MagneticFieldStrength": 3.95064,
    "Manufacturer": "Siemens",
    "ManufacturersModelName": "MedSpec_4T",
    "Modality": "MR",
    "PartialFourier": 1,
    "PatientPosition": "HFS",
    "PercentPhaseFOV": 100,
    "PhaseEncodingDirection": "j-",
    "PhaseEncodingSteps": 64,
    "PhaseResolution": 1,
    "PixelBandwidth": 2790,
    "ProtocolName": "mz_bold_dc_REST",
    "PulseSequenceDetails": "%CustomerSeq%_mz_ep2d_bold_dc",
    "ReceiveCoilName": "Head_4T",
    "ReconMatrixPE": 64,
    "RepetitionTime": 2.1,
    "SAR": 0.0205049,
    "ScanOptions": "FS",
    "ScanningSequence": "SE_EP",
    "SequenceName": "epfid2d1_64",
    "SequenceVariant": "SK",
    "SeriesDescription": "mz_bold_dc_REST_DiCo",
    "SeriesNumber": 10,
    "ShimSetting": [
      4,
      -29,
      -16,
      1948,
      383,
      -2894,
      2825,
      163
    ],
    "SliceThickness": 3,
    "SoftwareVersions": "syngo_MR_2002B_4VA21A",
    "SpacingBetweenSlices": 3.6,
    "StationName": "wes4T",
    "TaskName": "rest",
    "TxRefAmp": 170.285,
    "dataset": "ds004169",
    "modality": "bold",
    "session_id": "01",
    "subject_id": "0211",
    "task_id": "rest"
  },
  "dummy_trs": 0,
  "dvars_nstd": 24.28671143020135,
  "dvars_std": 1.0796212661073827,
  "dvars_vstd": 0.9504675896644298,
  "efc": 0.4493169382570696,
  "fber": 2981.554443359375,
  "fd_mean": 0.21778637023104414,
  "fd_num": 30,
  "fd_perc": 20.0,
  "fwhm_avg": 1.7360954103365511,
  "fwhm_x": 1.6107408695652172,
  "fwhm_y": 1.9893036521739131,
  "fwhm_z": 1.6082417092705226,
  "gcor": 0.0184367,
  "gsr_x": -0.01944926008582115,
  "gsr_y": 0.042363304644823074,
  "provenance": {
    "md5sum": "7f38d0c432825d3d1ec056a8ea69f4e6",
    "settings": {
      "fd_thres": 0.2,
      "testing": false
    },
    "software": "mriqc",
    "version": "22.0.6",
    "webapi_port": null,
    "webapi_url": "https://mriqc.nimh.nih.gov/api/v1"
  },
  "size_t": 150,
  "size_x": 64,
  "size_y": 64,
  "size_z": 36,
  "snr": 4.953578363197865,
  "spacing_tr": 2.0999999046325684,
  "spacing_x": 3.59375,
  "spacing_y": 3.59375,
  "spacing_z": 3.5999999046325684,
  "summary_bg_k": 51.42858708599971,
  "summary_bg_mad": 9.854363952212008,
  "summary_bg_mean": 29.27638053894043,
  "summary_bg_median": 14.873333930969238,
  "summary_bg_n": 97863.0,
  "summary_bg_p05": 5.526666641235352,
  "summary_bg_p95": 88.93933563232417,
  "summary_bg_stdv": 43.28119659423828,
  "summary_fg_k": 2.067605961621606,
  "summary_fg_mad": 146.19938304903147,
  "summary_fg_mean": 792.3712158203125,
  "summary_fg_median": 778.5833740234375,
  "summary_fg_n": 19740.0,
  "summary_fg_p05": 569.68037109375,
  "summary_fg_p95": 1051.8166870117186,
  "summary_fg_stdv": 157.17196655273438,
  "tsnr": 44.89227299555205
}