{
  "aor": 0.0013764,
  "aqi": 0.0107990464,
  "bids_meta": {
    "AcquisitionMatrixPE": 64,
    "AcquisitionNumber": 1,
    "AcquisitionTime": "08:45:35.744980",
    "BaseResolution": 64,
    "ConversionSoftware": "dcm2niix",
    "ConversionSoftwareVersion": "v1.0.20190410  GCC6.3.0",
    "DeviceSerialNumber": "18011",
    "EchoTime": 0.03,
    "FlipAngle": 90,
    "ImageComments": "Fake_MoCo_Reference_Volume_+_DiCo_Applied",
    "ImageOrientationPatientDICOM": [
      1,
      0,
      0,
      0,
      1,
      0
    ],
    "ImageType": [
      "ORIGINAL",
      "PRIMARY",
      "M",
      "ND",
      "MOSAIC"
    ],
    "ImagingFrequency": 168.217,
    "InPlanePhaseEncodingDirectionDICOM": "COL",
    "MRAcquisitionType": "2D",
    "MagneticFieldStrength": 3.95064,
    "Manufacturer": "Siemens",
    "ManufacturersModelName": "MedSpec_4T",
    "Modality": "MR",
    "PartialFourier": 1,
    "PatientPosition": "HFS",
    "PercentPhaseFOV": 100,
    "PhaseEncodingDirection": "j-",
    "PhaseEncodingSteps": 64,
    "PhaseResolution": 1,
    "PixelBandwidth": 2790,
    "ProtocolName": "mz_bold_dc_REST",
    "PulseSequenceDetails": "%CustomerSeq%_mz_ep2d_bold_dc",
    "ReceiveCoilName": "Head_4T",
    "ReconMatrixPE": 64,
    "RepetitionTime": 2.1,
    "SAR": 0.0209804,
    "ScanOptions": "FS",
    "ScanningSequence": "SE_EP",
    "SequenceName": "epfid2d1_64",
    "SequenceVariant": "SK",
    "SeriesDescription": "mz_bold_dc_REST_DiCo",
    "SeriesNumber": 10,
    "ShimSetting": [
      6,
      12,
      -15,
      2008,
      418,
      -2795,
      2014,
      435
    ],
    "SliceThickness": 3,
    "SoftwareVersions": "syngo_MR_2002B_4VA21A",
    "SpacingBetweenSlices": 3.6,
    "StationName": "wes4T",
    "TaskName": "rest",
    "TxRefAmp": 172.031,
    "dataset": "ds004169",
    "modality": "bold",
    "session_id": "01",
    "subject_id": "0120",
    "task_id": "rest"
  },
  "dummy_trs": 0,
  "dvars_nstd": 31.68627120657717,
  "dvars_std": 1.0596610842953018,
  "dvars_vstd": 0.9898287363087247,
  "efc": 0.47331098340460565,
  "fber": 2410.14208984375,
  "fd_mean": 0.14110157497193407,
  "fd_num": 3,
  "fd_perc": 2.0,
  "fwhm_avg": 1.6447541810975401,
  "fwhm_x": 1.559270956521739,
  "fwhm_y": 1.8319304347826086,
  "fwhm_z": 1.543061151988272,
  "gcor": 0.0181717,
  "gsr_x": -0.017052842304110527,
  "gsr_y": 0.04518825560808182,
  "provenance": {
    "md5sum": "969fe999e06b53b079fc937676538c11",
    "settings": {
      "fd_thres": 0.2,
      "testing": false
    },
    "software": "mriqc",
    "version": "22.0.6",
    "webapi_port": null,
    "webapi_url": "https://mriqc.nimh.nih.gov/api/v1"
  },
  "size_t": 150,
  "size_x": 64,
  "size_y": 64,
  "size_z": 36,
  "snr": 5.43109369275181,
  "spacing_tr": 2.0999999046325684,
  "spacing_x": 3.59375,
  "spacing_y": 3.59375,
  "spacing_z": 3.5999999046325684,
  "summary_bg_k": 85.21634916170001,
  "summary_bg_mad": 6.963288494990359,
  "summary_bg_mean": 23.419790267944336,
  "summary_bg_median": 11.8100004196167,
  "summary_bg_n": 95932.0,
  "summary_bg_p05": 6.65333366394043,
  "summary_bg_p95": 69.04000091552734,
  "summary_bg_stdv": 33.4884033203125,
  "summary_fg_k": 2.5902032442993974,
  "summary_fg_mad": 95.73652261414509,
  "summary_fg_mean": 577.4320068359375,
  "summary_fg_median": 570.5333251953125,
  "summary_fg_n": 22096.0,
  "summary_fg_p05": 424.70501708984375,
  "summary_fg_p95": 746.3216705322266,
  "summary_fg_stdv": 105.04705810546875,
  "tsnr": 44.09876157017425
}