{
  "aor": 0.003727399999999999,
  "aqi": 0.007211648133333333,
  "bids_meta": {
    "AcquisitionMatrixPE": 64,
    "AcquisitionNumber": 1,
    "AcquisitionTime": "13:11:0.385020",
    "BaseResolution": 64,
    "ConversionSoftware": "dcm2niix",
    "ConversionSoftwareVersion": "v1.0.20190410  GCC6.3.0",
    "DeviceSerialNumber": "18011",
    "EchoTime": 0.03,
    "FlipAngle": 90,
    "ImageComments": "Fake_MoCo_Reference_Volume_+_DiCo_Applied",
    "ImageOrientationPatientDICOM": [
      1,
      0,
      -6.93889e-18,
      0,
      0.996493,
      -0.0836778
    ],
    "ImageType": [
      "ORIGINAL",
      "PRIMARY",
      "M",
      "ND",
      "DICO",
      "MOSAIC"
    ],
    "ImagingFrequency": 168.255,
    "InPlanePhaseEncodingDirectionDICOM": "COL",
    "MRAcquisitionType": "2D",
    "MagneticFieldStrength": 3.95064,
    "Manufacturer": "Siemens",
    "ManufacturersModelName": "MedSpec_4T",
    "Modality": "MR",
    "PartialFourier": 1,
    "PatientPosition": "HFS",
    "PercentPhaseFOV": 100,
    "PhaseEncodingDirection": "j-",
    "PhaseEncodingSteps": 64,
    "PhaseResolution": 1,
    "PixelBandwidth": 2790,
    "ProcedureStepDescription": "Research_fMRI",
    "ProtocolName": "mz_bold_dc_REST",
    "PulseSequenceDetails": "%CustomerSeq%_mz_ep2d_bold_dc",
    "ReceiveCoilName": "Head",
    "ReconMatrixPE": 64,
    "RepetitionTime": 2.1,
    "SAR": 0.0738207,
    "ScanOptions": "FS",
    "ScanningSequence": "SE_EP",
    "SequenceName": "epfid2d1_64",
    "SequenceVariant": "SK",
    "SeriesDescription": "mz_bold_dc_REST_DiCo",
    "SeriesNumber": 10,
    "ShimSetting": [
      11,
      2,
      11,
      1590,
      79,
      -4054,
      3198,
      -5
    ],
    "SliceThickness": 3,
    "SoftwareVersions": "syngo_MR_2004A_4VA25A",
    "SpacingBetweenSlices": 3.6,
    "StationName": "WES4T",
    "TaskName": "rest",
    "TxRefAmp": 178.632,
    "dataset": "ds004169",
    "modality": "bold",
    "session_id": "01",
    "subject_id": "0946",
    "task_id": "rest"
  },
  "dummy_trs": 0,
  "dvars_nstd": 28.74961637966445,
  "dvars_std": 1.1915921988590599,
  "dvars_vstd": 1.0188366260402681,
  "efc": 0.4287715092296438,
  "fber": 3316.6572265625,
  "fd_mean": 0.3480231128370506,
  "fd_num": 116,
  "fd_perc": 77.33333333333333,
  "fwhm_avg": 1.7141915567344082,
  "fwhm_x": 1.608854260869565,
  "fwhm_y": 1.9413314782608695,
  "fwhm_z": 1.5923889310727894,
  "gcor": 0.0363493,
  "gsr_x": -0.02744130976498127,
  "gsr_y": 0.028251461684703827,
  "provenance": {
    "md5sum": "fa2b093eb70640f97cec27a24abe1e6c",
    "settings": {
      "fd_thres": 0.2,
      "testing": false
    },
    "software": "mriqc",
    "version": "23.0.1",
    "webapi_port": null,
    "webapi_url": "https://mriqc.nimh.nih.gov/api/v1"
  },
  "size_t": 150,
  "size_x": 64,
  "size_y": 64,
  "size_z": 36,
  "snr": 5.503556407139722,
  "spacing_tr": 2.0999999046325684,
  "spacing_x": 3.59375,
  "spacing_y": 3.59375,
  "spacing_z": 3.5999999046325684,
  "summary_bg_k": 75.35778223910584,
  "summary_bg_mad": 5.752496070512266,
  "summary_bg_mean": 22.041215896606445,
  "summary_bg_median": 10.213333129882812,
  "summary_bg_n": 102660.0,
  "summary_bg_p05": 5.833000159263616,
  "summary_bg_p95": 67.60699996948235,
  "summary_bg_stdv": 36.799442291259766,
  "summary_fg_k": 3.693753792661271,
  "summary_fg_mad": 95.6031390893601,
  "summary_fg_mean": 605.4434814453125,
  "summary_fg_median": 595.71337890625,
  "summary_fg_n": 16416.0,
  "summary_fg_p05": 455.6750259399414,
  "summary_fg_p95": 777.6600341796875,
  "summary_fg_stdv": 108.23823547363281,
  "tsnr": 55.84982668608427
}