{
  "bids_meta": {
    "AcquisitionMatrixPE": 225,
    "AcquisitionNumber": 1,
    "AcquisitionTime": "09:32:28.447490",
    "BaseResolution": 256,
    "ConversionSoftware": "dcm2niix",
    "ConversionSoftwareVersion": "v1.0.20190410  GCC6.3.0",
    "DeviceSerialNumber": "18011",
    "EchoTime": 0.00335,
    "FlipAngle": 8,
    "ImageOrientationPatientDICOM": [
      0.997564,
      0.0697565,
      0,
      0,
      -2.22045e-16,
      -1
    ],
    "ImageType": [
      "ORIGINAL",
      "PRIMARY",
      "M",
      "ND"
    ],
    "ImagingFrequency": 168.255,
    "InPlanePhaseEncodingDirectionDICOM": "ROW",
    "InversionTime": 0.7,
    "MRAcquisitionType": "3D",
    "MagneticFieldStrength": 3.95064,
    "Manufacturer": "Siemens",
    "ManufacturersModelName": "MedSpec_4T",
    "Modality": "MR",
    "PartialFourier": 0.875,
    "PatientPosition": "HFS",
    "PercentPhaseFOV": 100,
    "PhaseEncodingSteps": 197,
    "PhaseResolution": 0.878906,
    "PixelBandwidth": 200,
    "ProtocolName": "t1_mpr_cor",
    "PulseSequenceDetails": "%SiemensSeq%_tfl",
    "ReceiveCoilName": "Head_4T",
    "ReconMatrixPE": 256,
    "RepetitionTime": 1.5,
    "SAR": 0.00712352,
    "ScanOptions": "IR",
    "ScanningSequence": "IR_GR",
    "SequenceName": "tfl3d1_ns",
    "SequenceVariant": "SP_MP",
    "SeriesDescription": "t1_mpr_cor",
    "SeriesNumber": 10,
    "ShimSetting": [
      27,
      -4,
      10,
      1130,
      963,
      -2421,
      3103,
      513
    ],
    "SliceThickness": 0.9,
    "SoftwareVersions": "syngo_MR_2002B_4VA21A",
    "StationName": "wes4T",
    "TxRefAmp": 187.439,
    "dataset": "ds004169",
    "modality": "T1w",
    "session_id": "01",
    "subject_id": "1281"
  },
  "cjv": 0.36502226870359317,
  "cnr": 3.5634888444461192,
  "efc": 0.4310927318941347,
  "fber": -1.0,
  "fwhm_avg": 4.3530905597024345,
  "fwhm_x": 4.558325333333333,
  "fwhm_y": 4.663922345773972,
  "fwhm_z": 3.837024,
  "icvs_csf": 0.18214996143598344,
  "icvs_gm": 0.4586113958674619,
  "icvs_wm": 0.35923864269655464,
  "inu_med": 0.5442452728748322,
  "inu_range": 0.34797131717205043,
  "provenance": {
    "md5sum": "b06558582034e6e8b6b49286c6bdd461",
    "settings": {
      "testing": false
    },
    "software": "mriqc",
    "version": "23.0.1",
    "warnings": {
      "large_rot_frame": true,
      "small_air_mask": false
    },
    "webapi_port": null,
    "webapi_url": "https://mriqc.nimh.nih.gov/api/v1"
  },
  "qi_1": 1.6861294176590744e-06,
  "qi_2": 0.03474572598778237,
  "rpve_csf": 32.175605784978885,
  "rpve_gm": 14.360148853547093,
  "rpve_wm": 20.736902177561937,
  "size_x": 256,
  "size_y": 256,
  "size_z": 256,
  "snr_csf": 2.305759024366586,
  "snr_gm": 11.806104552889105,
  "snr_total": 11.961358186805993,
  "snr_wm": 21.77221098316229,
  "snrd_csf": 12.402254185527125,
  "snrd_gm": 25.11721308536526,
  "snrd_total": 24.136989551555804,
  "snrd_wm": 34.89150138377503,
  "spacing_x": 0.9375,
  "spacing_y": 0.8999999761581421,
  "spacing_z": 0.9375,
  "summary_bg_k": 36.5205618916658,
  "summary_bg_mad": 0.0,
  "summary_bg_mean": 10.21708321593607,
  "summary_bg_median": 0.0,
  "summary_bg_n": 3872696.0,
  "summary_bg_p05": 0.0,
  "summary_bg_p95": 44.74607140570879,
  "summary_bg_stdv": 18.77638912497135,
  "summary_csf_k": 10.824010399165257,
  "summary_csf_mad": 128.32433616292624,
  "summary_csf_mean": 366.76123373720776,
  "summary_csf_median": 355.45201062597334,
  "summary_csf_n": 26898.0,
  "summary_csf_p05": 154.6580741615966,
  "summary_csf_p95": 588.073132785782,
  "summary_csf_stdv": 154.15548606873702,
  "summary_gm_k": 0.13751464100000677,
  "summary_gm_mad": 59.84136178972701,
  "summary_gm_mean": 720.4638574441457,
  "summary_gm_median": 719.8662242330611,
  "summary_gm_n": 49786.0,
  "summary_gm_p05": 620.729971691966,
  "summary_gm_p95": 820.7559512704611,
  "summary_gm_stdv": 60.97345583947476,
  "summary_wm_k": 0.6282362153304923,
  "summary_wm_mad": 42.41370855732059,
  "summary_wm_mean": 1002.5899175331105,
  "summary_wm_median": 1000.0000108927488,
  "summary_wm_n": 261980.0,
  "summary_wm_p05": 931.5170902870595,
  "summary_wm_p95": 1082.4782557189465,
  "summary_wm_stdv": 45.930020755431144,
  "tpm_overlap_csf": 0.13643111457179388,
  "tpm_overlap_gm": 0.4616768691741748,
  "tpm_overlap_wm": 0.49977397875104806,
  "wm2max": 0.5328268052922969
}