{
  "aor": 0.0022978,
  "aqi": 0.014987533333333332,
  "bids_meta": {
    "AcquisitionMatrixPE": 64,
    "AcquisitionNumber": 1,
    "AcquisitionTime": "09:18:4.630000",
    "BaseResolution": 64,
    "ConversionSoftware": "dcm2niix",
    "ConversionSoftwareVersion": "v1.0.20190410  GCC6.3.0",
    "DeviceSerialNumber": "18011",
    "EchoTime": 0.03,
    "FlipAngle": 90,
    "ImageComments": "Fake_MoCo_Reference_Volume_+_DiCo_Applied",
    "ImageOrientationPatientDICOM": [
      1,
      -1.11022e-16,
      0,
      1.11022e-16,
      0.977783,
      -0.209619
    ],
    "ImageType": [
      "ORIGINAL",
      "PRIMARY",
      "M",
      "ND",
      "DICO",
      "MOSAIC"
    ],
    "ImagingFrequency": 168.255,
    "InPlanePhaseEncodingDirectionDICOM": "COL",
    "MRAcquisitionType": "2D",
    "MagneticFieldStrength": 3.95064,
    "Manufacturer": "Siemens",
    "ManufacturersModelName": "MedSpec_4T",
    "Modality": "MR",
    "PartialFourier": 1,
    "PatientPosition": "HFS",
    "PercentPhaseFOV": 100,
    "PhaseEncodingDirection": "j-",
    "PhaseEncodingSteps": 64,
    "PhaseResolution": 1,
    "PixelBandwidth": 2790,
    "ProcedureStepDescription": "Research_fMRI",
    "ProtocolName": "mz_bold_dc_REST",
    "PulseSequenceDetails": "%CustomerSeq%_mz_ep2d_bold_dc",
    "ReceiveCoilName": "Head",
    "ReconMatrixPE": 64,
    "RepetitionTime": 2.1,
    "SAR": 0.112899,
    "ScanOptions": "FS",
    "ScanningSequence": "SE_EP",
    "SequenceName": "epfid2d1_64",
    "SequenceVariant": "SK",
    "SeriesDescription": "mz_bold_dc_REST_DiCo",
    "SeriesNumber": 9,
    "ShimSetting": [
      29,
      -7,
      41,
      2448,
      654,
      -2829,
      3591,
      31
    ],
    "SliceThickness": 3,
    "SoftwareVersions": "syngo_MR_2004A_4VA25A",
    "SpacingBetweenSlices": 3.6,
    "StationName": "WES4T",
    "TaskName": "rest",
    "TxRefAmp": 169.895,
    "dataset": "ds004169",
    "modality": "bold",
    "session_id": "01",
    "subject_id": "0363",
    "task_id": "rest"
  },
  "dummy_trs": 0,
  "dvars_nstd": 28.537655439530205,
  "dvars_std": 1.030311465704698,
  "dvars_vstd": 0.9534111881208054,
  "efc": 0.45188137739005346,
  "fber": 2921.67333984375,
  "fd_mean": 0.3146781772162984,
  "fd_num": 84,
  "fd_perc": 56.0,
  "fwhm_avg": 1.706422011627544,
  "fwhm_x": 1.5708855652173912,
  "fwhm_y": 1.923261089797238,
  "fwhm_z": 1.6251193798680024,
  "gcor": 0.088608,
  "gsr_x": -0.0227670818567276,
  "gsr_y": 0.028513019904494286,
  "provenance": {
    "md5sum": "062b9e5d273f13e6fb5cb722caacc1fb",
    "settings": {
      "fd_thres": 0.2,
      "testing": false
    },
    "software": "mriqc",
    "version": "23.0.1",
    "webapi_port": null,
    "webapi_url": "https://mriqc.nimh.nih.gov/api/v1"
  },
  "size_t": 150,
  "size_x": 64,
  "size_y": 64,
  "size_z": 36,
  "snr": 5.754496847859354,
  "spacing_tr": 2.0999999046325684,
  "spacing_x": 3.59375,
  "spacing_y": 3.593750238418579,
  "spacing_z": 3.6000001430511475,
  "summary_bg_k": 66.63808721639688,
  "summary_bg_mad": 6.523449902816615,
  "summary_bg_mean": 21.322046279907227,
  "summary_bg_median": 11.393333435058594,
  "summary_bg_n": 97441.0,
  "summary_bg_p05": 5.400000095367432,
  "summary_bg_p95": 61.49333572387695,
  "summary_bg_stdv": 30.289766311645508,
  "summary_fg_k": 2.35364743457448,
  "summary_fg_mad": 94.87174672906522,
  "summary_fg_mean": 621.1017456054688,
  "summary_fg_median": 614.17333984375,
  "summary_fg_n": 20276.0,
  "summary_fg_p05": 466.20167541503906,
  "summary_fg_p95": 796.3600158691406,
  "summary_fg_stdv": 106.72665405273438,
  "tsnr": 40.349918582243845
}