{
  "aor": 0.0008395945945945946,
  "aqi": 0.005568688310810811,
  "bids_meta": {
    "AcquisitionMatrixPE": 64,
    "AcquisitionNumber": 1,
    "AcquisitionTime": "09:04:32.495000",
    "BaseResolution": 64,
    "ConversionSoftware": "dcm2niix",
    "ConversionSoftwareVersion": "v1.0.20190410  GCC6.3.0",
    "DeviceSerialNumber": "18011",
    "EchoTime": 0.03,
    "FlipAngle": 90,
    "ImageComments": "Fake_MoCo_Reference_Volume_+_DiCo_Applied",
    "ImageOrientationPatientDICOM": [
      1,
      0,
      1.38778e-17,
      0,
      0.991445,
      -0.130526
    ],
    "ImageType": [
      "ORIGINAL",
      "PRIMARY",
      "M",
      "ND",
      "DICO",
      "MOSAIC"
    ],
    "ImagingFrequency": 168.255,
    "InPlanePhaseEncodingDirectionDICOM": "COL",
    "MRAcquisitionType": "2D",
    "MagneticFieldStrength": 3.95064,
    "Manufacturer": "Siemens",
    "ManufacturersModelName": "MedSpec_4T",
    "Modality": "MR",
    "PartialFourier": 1,
    "PatientPosition": "HFS",
    "PercentPhaseFOV": 100,
    "PhaseEncodingDirection": "j-",
    "PhaseEncodingSteps": 64,
    "PhaseResolution": 1,
    "PixelBandwidth": 2790,
    "ProcedureStepDescription": "Research_fMRI",
    "ProtocolName": "mz_bold_dc_REST",
    "PulseSequenceDetails": "%CustomerSeq%_mz_ep2d_bold_dc",
    "ReceiveCoilName": "Head",
    "ReconMatrixPE": 64,
    "RepetitionTime": 2.1,
    "SAR": 0.0899757,
    "ScanOptions": "FS",
    "ScanningSequence": "SE_EP",
    "SequenceName": "epfid2d1_64",
    "SequenceVariant": "SK",
    "SeriesDescription": "mz_bold_dc_REST_DiCo",
    "SeriesNumber": 10,
    "ShimSetting": [
      6,
      23,
      37,
      2327,
      -306,
      -3796,
      2355,
      106
    ],
    "SliceThickness": 3,
    "SoftwareVersions": "syngo_MR_2004A_4VA25A",
    "SpacingBetweenSlices": 3.6,
    "StationName": "WES4T",
    "TaskName": "rest",
    "TxRefAmp": 183.409,
    "dataset": "ds004169",
    "modality": "bold",
    "session_id": "02",
    "subject_id": "0391",
    "task_id": "rest"
  },
  "dummy_trs": 2,
  "dvars_nstd": 24.749012953469382,
  "dvars_std": 1.1786834016326533,
  "dvars_vstd": 0.9876545613605442,
  "efc": 0.4610418056945368,
  "fber": 2497.849853515625,
  "fd_mean": 0.1612456992348599,
  "fd_num": 43,
  "fd_perc": 29.054054054054053,
  "fwhm_avg": 1.6739806433423527,
  "fwhm_x": 1.551023304347826,
  "fwhm_y": 1.8315659130434783,
  "fwhm_z": 1.6393527126357537,
  "gcor": 0.0203058,
  "gsr_x": -0.025369534268975258,
  "gsr_y": 0.03713449090719223,
  "provenance": {
    "md5sum": "998e1688d4d753e42130ad9d567fefa0",
    "settings": {
      "fd_thres": 0.2,
      "testing": false
    },
    "software": "mriqc",
    "version": "23.0.1",
    "webapi_port": null,
    "webapi_url": "https://mriqc.nimh.nih.gov/api/v1"
  },
  "size_t": 148,
  "size_x": 64,
  "size_y": 64,
  "size_z": 36,
  "snr": 5.425371278957106,
  "spacing_tr": 2.0999999046325684,
  "spacing_x": 3.59375,
  "spacing_y": 3.59375,
  "spacing_z": 3.6000001430511475,
  "summary_bg_k": 64.66670740286293,
  "summary_bg_mad": 8.104224804883064,
  "summary_bg_mean": 26.39950180053711,
  "summary_bg_median": 13.101351737976074,
  "summary_bg_n": 97454.0,
  "summary_bg_p05": 7.25,
  "summary_bg_p95": 78.74358329772932,
  "summary_bg_stdv": 37.935176849365234,
  "summary_fg_k": 2.30304612571933,
  "summary_fg_mad": 111.34040421511139,
  "summary_fg_mean": 687.7750854492188,
  "summary_fg_median": 676.4932861328125,
  "summary_fg_n": 19928.0,
  "summary_fg_p05": 508.2550796508789,
  "summary_fg_p95": 899.7003479003906,
  "summary_fg_stdv": 124.68756103515625,
  "tsnr": 67.16432993253693
}