{
  "aor": 0.0017208730158730162,
  "aqi": 0.0055604613492063505,
  "bids_meta": {
    "AcquisitionMatrixPE": 64,
    "AcquisitionNumber": 1,
    "AcquisitionTime": "08:54:26.412510",
    "BaseResolution": 64,
    "ConversionSoftware": "dcm2niix",
    "ConversionSoftwareVersion": "v1.0.20190410  GCC6.3.0",
    "DeviceSerialNumber": "18011",
    "EchoTime": 0.03,
    "FlipAngle": 90,
    "ImageComments": "Fake_MoCo_Reference_Volume_+_DiCo_Applied",
    "ImageOrientationPatientDICOM": [
      1,
      0,
      1.38778e-17,
      0,
      0.991445,
      -0.130526
    ],
    "ImageType": [
      "ORIGINAL",
      "PRIMARY",
      "M",
      "ND",
      "DICO",
      "MOSAIC"
    ],
    "ImagingFrequency": 168.255,
    "InPlanePhaseEncodingDirectionDICOM": "COL",
    "MRAcquisitionType": "2D",
    "MagneticFieldStrength": 3.95064,
    "Manufacturer": "Siemens",
    "ManufacturersModelName": "MedSpec_4T",
    "Modality": "MR",
    "PartialFourier": 1,
    "PatientPosition": "HFS",
    "PercentPhaseFOV": 100,
    "PhaseEncodingDirection": "j-",
    "PhaseEncodingSteps": 64,
    "PhaseResolution": 1,
    "PixelBandwidth": 2790,
    "ProcedureStepDescription": "Research_fMRI",
    "ProtocolName": "Nback_dc_opt",
    "PulseSequenceDetails": "%CustomerSeq%_kt_ep2d_bold_dc",
    "ReceiveCoilName": "Head",
    "ReconMatrixPE": 64,
    "RepetitionTime": 2.1,
    "SAR": 0.0899758,
    "ScanOptions": "FS",
    "ScanningSequence": "SE_EP",
    "SequenceName": "epfid2d1_64",
    "SequenceVariant": "SK",
    "SeriesDescription": "Nback_dc_opt_DiCo",
    "SeriesNumber": 7,
    "ShimSetting": [
      6,
      23,
      37,
      2327,
      -306,
      -3796,
      2355,
      106
    ],
    "SliceThickness": 3,
    "SoftwareVersions": "syngo_MR_2004A_4VA25A",
    "SpacingBetweenSlices": 3.6,
    "StationName": "WES4T",
    "TaskName": "nback",
    "TxRefAmp": 183.409,
    "dataset": "ds004169",
    "modality": "bold",
    "session_id": "02",
    "subject_id": "0391",
    "task_id": "nback"
  },
  "dummy_trs": 1,
  "dvars_nstd": 25.979422225920015,
  "dvars_std": 1.23358714432,
  "dvars_vstd": 1.01301696328,
  "efc": 0.4598136485478969,
  "fber": 2525.229736328125,
  "fd_mean": 0.14930266425364974,
  "fd_num": 22,
  "fd_perc": 17.46031746031746,
  "fwhm_avg": 1.6820633115160473,
  "fwhm_x": 1.5618615652173913,
  "fwhm_y": 1.8371784347826088,
  "fwhm_z": 1.6471499345481422,
  "gcor": 0.037805,
  "gsr_x": -0.02444600872695446,
  "gsr_y": 0.03469163551926613,
  "provenance": {
    "md5sum": "4d07bbfa3e1de83f6d8871fc9eea29b4",
    "settings": {
      "fd_thres": 0.2,
      "testing": false
    },
    "software": "mriqc",
    "version": "23.0.1",
    "webapi_port": null,
    "webapi_url": "https://mriqc.nimh.nih.gov/api/v1"
  },
  "size_t": 126,
  "size_x": 64,
  "size_y": 64,
  "size_z": 36,
  "snr": 5.405914043371672,
  "spacing_tr": 2.0999999046325684,
  "spacing_x": 3.59375,
  "spacing_y": 3.59375,
  "spacing_z": 3.6000001430511475,
  "summary_bg_k": 61.73076894829957,
  "summary_bg_mad": 8.095479004843233,
  "summary_bg_mean": 25.913625717163086,
  "summary_bg_median": 13.047619819641113,
  "summary_bg_n": 97366.0,
  "summary_bg_p05": 7.103175163269043,
  "summary_bg_p95": 76.49802207946777,
  "summary_bg_stdv": 36.93810272216797,
  "summary_fg_k": 2.386659710415435,
  "summary_fg_mad": 113.59552688890156,
  "summary_fg_mean": 687.7097778320312,
  "summary_fg_median": 676.5079956054688,
  "summary_fg_n": 19911.0,
  "summary_fg_p05": 508.7500305175781,
  "summary_fg_p95": 899.02783203125,
  "summary_fg_stdv": 125.1390609741211,
  "tsnr": 65.99644964095205
}