{
  "bids_meta": {
    "AcquisitionMatrixPE": 225,
    "AcquisitionNumber": 1,
    "AcquisitionTime": "09:57:39.970010",
    "BaseResolution": 256,
    "ConversionSoftware": "dcm2niix",
    "ConversionSoftwareVersion": "v1.0.20190410  GCC6.3.0",
    "DeviceSerialNumber": "18011",
    "EchoTime": 0.00335,
    "FlipAngle": 8,
    "ImageOrientationPatientDICOM": [
      1,
      0,
      0,
      0,
      0,
      -1
    ],
    "ImageType": [
      "ORIGINAL",
      "PRIMARY",
      "M",
      "ND"
    ],
    "ImagingFrequency": 168.256,
    "InPlanePhaseEncodingDirectionDICOM": "ROW",
    "InversionTime": 0.7,
    "MRAcquisitionType": "3D",
    "MagneticFieldStrength": 3.95064,
    "Manufacturer": "Siemens",
    "ManufacturersModelName": "MedSpec_4T",
    "Modality": "MR",
    "PartialFourier": 0.875,
    "PatientPosition": "HFS",
    "PercentPhaseFOV": 100,
    "PhaseEncodingSteps": 197,
    "PhaseResolution": 0.878906,
    "PixelBandwidth": 200,
    "ProtocolName": "t1_mpr_cor",
    "PulseSequenceDetails": "%SiemensSeq%_tfl",
    "ReceiveCoilName": "Head_4T",
    "ReconMatrixPE": 256,
    "RepetitionTime": 1.5,
    "SAR": 0.00713189,
    "ScanOptions": "IR",
    "ScanningSequence": "IR_GR",
    "SequenceName": "tfl3d1_ns",
    "SequenceVariant": "SP_MP",
    "SeriesDescription": "t1_mpr_cor",
    "SeriesNumber": 8,
    "ShimSetting": [
      24,
      1,
      6,
      1227,
      286,
      -3323,
      3726,
      -103
    ],
    "SliceThickness": 0.9,
    "SoftwareVersions": "syngo_MR_2002B_4VA21A",
    "StationName": "wes4T",
    "TxRefAmp": 196.279,
    "dataset": "ds004169",
    "modality": "T1w",
    "session_id": "01",
    "subject_id": "1185"
  },
  "cjv": 0.3027784791361533,
  "cnr": 4.270867305249169,
  "efc": 0.4175523694987205,
  "fber": -1.0,
  "fwhm_avg": 4.358616189730214,
  "fwhm_x": 4.421365333333333,
  "fwhm_y": 4.709011235857307,
  "fwhm_z": 3.945472,
  "icvs_csf": 0.17587650979727792,
  "icvs_gm": 0.48607449683188864,
  "icvs_wm": 0.33804899337083344,
  "inu_med": 0.6423065662384033,
  "inu_range": 0.4546110272407532,
  "provenance": {
    "md5sum": "31caeeff1914deaecd1d2a60b00a0863",
    "settings": {
      "testing": false
    },
    "software": "mriqc",
    "version": "23.0.1",
    "warnings": {
      "large_rot_frame": true,
      "small_air_mask": false
    },
    "webapi_port": null,
    "webapi_url": "https://mriqc.nimh.nih.gov/api/v1"
  },
  "qi_1": 0.0,
  "qi_2": 0.03891810381250293,
  "rpve_csf": 36.652311713413425,
  "rpve_gm": 15.34265303745445,
  "rpve_wm": 24.201669482982442,
  "size_x": 256,
  "size_y": 256,
  "size_z": 256,
  "snr_csf": 2.4545448969917922,
  "snr_gm": 10.726557824107175,
  "snr_total": 10.978247747000614,
  "snr_wm": 19.753640519902874,
  "snrd_csf": 10.590868725989704,
  "snrd_gm": 24.12842782528529,
  "snrd_total": 23.88298065711179,
  "snrd_wm": 36.92964542006039,
  "spacing_x": 0.9375,
  "spacing_y": 0.8999999761581421,
  "spacing_z": 0.9375,
  "summary_bg_k": 22.15516107134107,
  "summary_bg_mad": 0.0,
  "summary_bg_mean": 9.824886586138192,
  "summary_bg_median": 0.0,
  "summary_bg_n": 3990381.0,
  "summary_bg_p05": 0.0,
  "summary_bg_p95": 44.073874585330486,
  "summary_bg_stdv": 17.740121485499728,
  "summary_csf_k": 9.61263636958173,
  "summary_csf_mad": 99.15915801832402,
  "summary_csf_mean": 292.3402246190559,
  "summary_csf_median": 286.7850081846118,
  "summary_csf_n": 17459.0,
  "summary_csf_p05": 113.57001905962825,
  "summary_csf_p95": 484.8843435868621,
  "summary_csf_stdv": 116.83501708156626,
  "summary_gm_k": 0.17846161262942628,
  "summary_gm_mad": 59.229652564296494,
  "summary_gm_mean": 653.2010314808056,
  "summary_gm_median": 653.3620187714696,
  "summary_gm_n": 56719.0,
  "summary_gm_p05": 552.4116876423359,
  "summary_gm_p95": 753.4552582792937,
  "summary_gm_stdv": 60.910151217189025,
  "summary_wm_k": 0.7752701523175833,
  "summary_wm_mad": 45.72486643204218,
  "summary_wm_mean": 1000.2039509783777,
  "summary_wm_median": 999.9999941512942,
  "summary_wm_n": 198360.0,
  "summary_wm_p05": 916.2632185965776,
  "summary_wm_p95": 1083.4140155389905,
  "summary_wm_stdv": 50.62345204019938,
  "tpm_overlap_csf": 0.1492022635277036,
  "tpm_overlap_gm": 0.469912757759121,
  "tpm_overlap_wm": 0.4882655584803185,
  "wm2max": 0.5478496630582134
}