{
  "aor": 0.001194026845637584,
  "aqi": 0.00549317610738255,
  "bids_meta": {
    "AcquisitionMatrixPE": 64,
    "AcquisitionNumber": 1,
    "AcquisitionTime": "09:09:15.154990",
    "BaseResolution": 64,
    "ConversionSoftware": "dcm2niix",
    "ConversionSoftwareVersion": "v1.0.20190410  GCC6.3.0",
    "DeviceSerialNumber": "18011",
    "EchoTime": 0.03,
    "FlipAngle": 90,
    "ImageComments": "Fake_MoCo_Reference_Volume_+_DiCo_Applied",
    "ImageOrientationPatientDICOM": [
      0.99956,
      0.000880043,
      0.0296401,
      4.23322e-08,
      0.999559,
      -0.0296793
    ],
    "ImageType": [
      "ORIGINAL",
      "PRIMARY",
      "M",
      "ND",
      "DICO",
      "MOSAIC"
    ],
    "ImagingFrequency": 168.255,
    "InPlanePhaseEncodingDirectionDICOM": "COL",
    "MRAcquisitionType": "2D",
    "MagneticFieldStrength": 3.95064,
    "Manufacturer": "Siemens",
    "ManufacturersModelName": "MedSpec_4T",
    "Modality": "MR",
    "PartialFourier": 1,
    "PatientPosition": "HFS",
    "PercentPhaseFOV": 100,
    "PhaseEncodingDirection": "j-",
    "PhaseEncodingSteps": 64,
    "PhaseResolution": 1,
    "PixelBandwidth": 2790,
    "ProcedureStepDescription": "Research_fMRI",
    "ProtocolName": "mz_bold_dc_REST",
    "PulseSequenceDetails": "%CustomerSeq%_mz_ep2d_bold_dc",
    "ReceiveCoilName": "Head",
    "ReconMatrixPE": 64,
    "RepetitionTime": 2.1,
    "SAR": 0.108668,
    "ScanOptions": "FS",
    "ScanningSequence": "SE_EP",
    "SequenceName": "epfid2d1_64",
    "SequenceVariant": "SK",
    "SeriesDescription": "mz_bold_dc_REST_DiCo",
    "SeriesNumber": 10,
    "ShimSetting": [
      -1,
      26,
      37,
      2489,
      913,
      -7071,
      3295,
      33
    ],
    "SliceThickness": 3,
    "SoftwareVersions": "syngo_MR_2004A_4VA25A",
    "SpacingBetweenSlices": 3.6,
    "StationName": "WES4T",
    "TaskName": "rest",
    "TxRefAmp": 182.029,
    "dataset": "ds004169",
    "modality": "bold",
    "session_id": "01",
    "subject_id": "0814",
    "task_id": "rest"
  },
  "dummy_trs": 1,
  "dvars_nstd": 25.621441558108117,
  "dvars_std": 1.1873826585810812,
  "dvars_vstd": 1.0018507793243239,
  "efc": 0.44008393703028487,
  "fber": 2623.626708984375,
  "fd_mean": 0.19034624721358612,
  "fd_num": 68,
  "fd_perc": 45.63758389261745,
  "fwhm_avg": 1.6604732674496636,
  "fwhm_x": 1.5525954782608697,
  "fwhm_y": 1.858846608695652,
  "fwhm_z": 1.5699777153924683,
  "gcor": 0.0205922,
  "gsr_x": -0.027968645095825195,
  "gsr_y": 0.04066495597362518,
  "provenance": {
    "md5sum": "2659de501fe65be0f8db1ecd6802af58",
    "settings": {
      "fd_thres": 0.2,
      "testing": false
    },
    "software": "mriqc",
    "version": "23.0.1",
    "webapi_port": null,
    "webapi_url": "https://mriqc.nimh.nih.gov/api/v1"
  },
  "size_t": 149,
  "size_x": 64,
  "size_y": 64,
  "size_z": 36,
  "snr": 5.617009696678591,
  "spacing_tr": 2.0999999046325684,
  "spacing_x": 3.59375,
  "spacing_y": 3.59375,
  "spacing_z": 3.6000001430511475,
  "summary_bg_k": 89.24175212893024,
  "summary_bg_mad": 6.44782711690919,
  "summary_bg_mean": 22.707782745361328,
  "summary_bg_median": 11.140939712524414,
  "summary_bg_n": 101258.0,
  "summary_bg_p05": 6.348993301391602,
  "summary_bg_p95": 68.57047271728516,
  "summary_bg_stdv": 36.801334381103516,
  "summary_fg_k": 2.120249560451292,
  "summary_fg_mad": 95.33931299267718,
  "summary_fg_mean": 591.0645141601562,
  "summary_fg_median": 583.5772094726562,
  "summary_fg_n": 17174.0,
  "summary_fg_p05": 442.5244857788086,
  "summary_fg_p95": 765.0369262695311,
  "summary_fg_stdv": 103.89161682128906,
  "tsnr": 65.50381957250647
}