{
  "bids_meta": {
    "AcquisitionMatrixPE": 225,
    "AcquisitionNumber": 1,
    "AcquisitionTime": "11:28:49.187500",
    "BaseResolution": 256,
    "ConversionSoftware": "dcm2niix",
    "ConversionSoftwareVersion": "v1.0.20190410  GCC6.3.0",
    "DeviceSerialNumber": "18011",
    "EchoTime": 0.00335,
    "FlipAngle": 8,
    "ImageOrientationPatientDICOM": [
      1,
      0,
      0,
      0,
      0,
      -1
    ],
    "ImageType": [
      "ORIGINAL",
      "PRIMARY",
      "M",
      "ND"
    ],
    "ImagingFrequency": 168.255,
    "InPlanePhaseEncodingDirectionDICOM": "ROW",
    "InversionTime": 0.7,
    "MRAcquisitionType": "3D",
    "MagneticFieldStrength": 3.95064,
    "Manufacturer": "Siemens",
    "ManufacturersModelName": "MedSpec_4T",
    "Modality": "MR",
    "PartialFourier": 0.875,
    "PatientPosition": "HFS",
    "PercentPhaseFOV": 100,
    "PhaseEncodingSteps": 197,
    "PhaseResolution": 0.878906,
    "PixelBandwidth": 200,
    "ProtocolName": "t1_mpr_cor",
    "PulseSequenceDetails": "%SiemensSeq%_tfl",
    "ReceiveCoilName": "Head_4T",
    "ReconMatrixPE": 256,
    "RepetitionTime": 1.5,
    "SAR": 0.00550216,
    "ScanOptions": "IR",
    "ScanningSequence": "IR_GR",
    "SequenceName": "tfl3d1_ns",
    "SequenceVariant": "SP_MP",
    "SeriesDescription": "t1_mpr_cor",
    "SeriesNumber": 8,
    "ShimSetting": [
      19,
      -12,
      11,
      1567,
      474,
      -3464,
      2466,
      155
    ],
    "SliceThickness": 0.9,
    "SoftwareVersions": "syngo_MR_2002B_4VA21A",
    "StationName": "wes4T",
    "TxRefAmp": 191.382,
    "dataset": "ds004169",
    "modality": "T1w",
    "session_id": "01",
    "subject_id": "1078"
  },
  "cjv": 0.3456877983089441,
  "cnr": 3.8094689248988662,
  "efc": 0.45358228313237453,
  "fber": -1.0,
  "fwhm_avg": 4.523926561809053,
  "fwhm_x": 4.622101333333333,
  "fwhm_y": 4.9024890187604955,
  "fwhm_z": 4.047189333333333,
  "icvs_csf": 0.21725116491555116,
  "icvs_gm": 0.42935367696108584,
  "icvs_wm": 0.35339515812336303,
  "inu_med": 0.7067684233188629,
  "inu_range": 0.4732251197099686,
  "provenance": {
    "md5sum": "7e5399eb15194dab5d37a01809636613",
    "settings": {
      "testing": false
    },
    "software": "mriqc",
    "version": "23.0.1",
    "warnings": {
      "large_rot_frame": true,
      "small_air_mask": false
    },
    "webapi_port": null,
    "webapi_url": "https://mriqc.nimh.nih.gov/api/v1"
  },
  "qi_1": 0.0,
  "qi_2": 0.029629763010208907,
  "rpve_csf": 25.294960641640735,
  "rpve_gm": 13.669671551255158,
  "rpve_wm": 19.517219671333155,
  "size_x": 256,
  "size_y": 256,
  "size_z": 256,
  "snr_csf": 2.620510559768141,
  "snr_gm": 10.319787565466001,
  "snr_total": 11.018738123287145,
  "snr_wm": 20.115916244627293,
  "snrd_csf": 8.739810309892253,
  "snrd_gm": 20.993024364361194,
  "snrd_total": 20.25560286946403,
  "snrd_wm": 31.033973934138658,
  "spacing_x": 0.9375,
  "spacing_y": 0.8999999761581421,
  "spacing_z": 0.9375,
  "summary_bg_k": 12.867665645874146,
  "summary_bg_mad": 0.0,
  "summary_bg_mean": 13.440443974125943,
  "summary_bg_median": 0.0,
  "summary_bg_n": 3825731.0,
  "summary_bg_p05": 0.0,
  "summary_bg_p95": 55.30327299237251,
  "summary_bg_stdv": 21.110297799428032,
  "summary_csf_k": 18.039426274024027,
  "summary_csf_mad": 77.66086555118987,
  "summary_csf_mean": 286.8505613007722,
  "summary_csf_median": 281.62074089050293,
  "summary_csf_n": 46818.0,
  "summary_csf_p05": 120.88042263835668,
  "summary_csf_p95": 465.4891624882818,
  "summary_csf_stdv": 107.46674239219028,
  "summary_gm_k": 0.200067733982904,
  "summary_gm_mad": 64.09109065649272,
  "summary_gm_mean": 675.5696051074418,
  "summary_gm_median": 676.453019618988,
  "summary_gm_n": 44601.0,
  "summary_gm_p05": 566.0928917825222,
  "summary_gm_p95": 781.1807326376438,
  "summary_gm_stdv": 65.54838768737142,
  "summary_wm_k": 0.49929132603078274,
  "summary_wm_mad": 47.75516934095345,
  "summary_wm_mean": 1000.7235501025608,
  "summary_wm_median": 1000.0000483095646,
  "summary_wm_n": 300365.0,
  "summary_wm_p05": 920.6182019710541,
  "summary_wm_p95": 1082.866951316595,
  "summary_wm_stdv": 49.711798931049564,
  "tpm_overlap_csf": 0.1490001042284884,
  "tpm_overlap_gm": 0.446885265378284,
  "tpm_overlap_wm": 0.49095828963943194,
  "wm2max": 0.48325695487811193
}