{
  "aor": 0.005862125984251969,
  "aqi": 0.01005718755905512,
  "bids_meta": {
    "AcquisitionMatrixPE": 64,
    "AcquisitionNumber": 1,
    "AcquisitionTime": "09:34:38.102510",
    "BaseResolution": 64,
    "ConversionSoftware": "dcm2niix",
    "ConversionSoftwareVersion": "v1.0.20190410  GCC6.3.0",
    "DeviceSerialNumber": "18011",
    "EchoTime": 0.03,
    "FlipAngle": 90,
    "ImageComments": "Fake_MoCo_Reference_Volume_+_DiCo_Applied",
    "ImageOrientationPatientDICOM": [
      1,
      0,
      0,
      0,
      1,
      0
    ],
    "ImageType": [
      "ORIGINAL",
      "PRIMARY",
      "M",
      "ND",
      "MOSAIC"
    ],
    "ImagingFrequency": 168.255,
    "InPlanePhaseEncodingDirectionDICOM": "COL",
    "MRAcquisitionType": "2D",
    "MagneticFieldStrength": 3.95064,
    "Manufacturer": "Siemens",
    "ManufacturersModelName": "MedSpec_4T",
    "Modality": "MR",
    "PartialFourier": 1,
    "PatientPosition": "HFS",
    "PercentPhaseFOV": 100,
    "PhaseEncodingDirection": "j-",
    "PhaseEncodingSteps": 64,
    "PhaseResolution": 1,
    "PixelBandwidth": 2790,
    "ProtocolName": "Nback_dc_opt",
    "PulseSequenceDetails": "%CustomerSeq%_kt_ep2d_bold_dc",
    "ReceiveCoilName": "Head_4T",
    "ReconMatrixPE": 64,
    "RepetitionTime": 2.1,
    "SAR": 0.0379546,
    "ScanOptions": "FS",
    "ScanningSequence": "SE_EP",
    "SequenceName": "epfid2d1_64",
    "SequenceVariant": "SK",
    "SeriesDescription": "Nback_dc_opt_DiCo",
    "SeriesNumber": 7,
    "ShimSetting": [
      32,
      -14,
      13,
      2129,
      422,
      -3863,
      2047,
      10
    ],
    "SliceThickness": 3,
    "SoftwareVersions": "syngo_MR_2002B_4VA21A",
    "SpacingBetweenSlices": 3.6,
    "StationName": "wes4T",
    "TaskName": "nback",
    "TxRefAmp": 191.555,
    "dataset": "ds004169",
    "modality": "bold",
    "session_id": "01",
    "subject_id": "0467",
    "task_id": "nback"
  },
  "dummy_trs": 0,
  "dvars_nstd": 25.52339968579364,
  "dvars_std": 1.0313687277777774,
  "dvars_vstd": 0.964416310793651,
  "efc": 0.4684634754601408,
  "fber": 2468.767822265625,
  "fd_mean": 0.14046790983169885,
  "fd_num": 14,
  "fd_perc": 11.023622047244094,
  "fwhm_avg": 1.7022084562104391,
  "fwhm_x": 1.5678970434782606,
  "fwhm_y": 1.995550608695652,
  "fwhm_z": 1.5431777164574048,
  "gcor": 0.0968206,
  "gsr_x": -0.020107602700591087,
  "gsr_y": 0.04360809922218323,
  "provenance": {
    "md5sum": "1c4dcb1342f7416eccac48513a5bee04",
    "settings": {
      "fd_thres": 0.2,
      "testing": false
    },
    "software": "mriqc",
    "version": "23.0.1",
    "webapi_port": null,
    "webapi_url": "https://mriqc.nimh.nih.gov/api/v1"
  },
  "size_t": 127,
  "size_x": 64,
  "size_y": 64,
  "size_z": 36,
  "snr": 4.597936893722001,
  "spacing_tr": 2.0999999046325684,
  "spacing_x": 3.59375,
  "spacing_y": 3.59375,
  "spacing_z": 3.6000001430511475,
  "summary_bg_k": 32.240758286520936,
  "summary_bg_mad": 6.969397334869446,
  "summary_bg_mean": 26.226165771484375,
  "summary_bg_median": 12.56692886352539,
  "summary_bg_n": 96256.0,
  "summary_bg_p05": 6.992125988006592,
  "summary_bg_p95": 80.86614227294922,
  "summary_bg_stdv": 34.90174102783203,
  "summary_fg_k": 3.9348458567320144,
  "summary_fg_mad": 111.32940957585673,
  "summary_fg_mean": 637.5279541015625,
  "summary_fg_median": 622.6771850585938,
  "summary_fg_n": 20998.0,
  "summary_fg_p05": 452.8244201660156,
  "summary_fg_p95": 863.4901367187495,
  "summary_fg_stdv": 135.422119140625,
  "tsnr": 40.8715656735003
}