{
  "bids_meta": {
    "AcquisitionMatrixPE": 225,
    "AcquisitionNumber": 1,
    "AcquisitionTime": "08:25:13.510010",
    "BaseResolution": 256,
    "ConversionSoftware": "dcm2niix",
    "ConversionSoftwareVersion": "v1.0.20190410  GCC6.3.0",
    "DeviceSerialNumber": "18011",
    "EchoTime": 0.00335,
    "FlipAngle": 8,
    "ImageOrientationPatientDICOM": [
      0.994522,
      -0.104528,
      0,
      0,
      0,
      -1
    ],
    "ImageType": [
      "ORIGINAL",
      "PRIMARY",
      "M",
      "ND"
    ],
    "ImagingFrequency": 168.217,
    "InPlanePhaseEncodingDirectionDICOM": "ROW",
    "InversionTime": 0.7,
    "MRAcquisitionType": "3D",
    "MagneticFieldStrength": 3.95064,
    "Manufacturer": "Siemens",
    "ManufacturersModelName": "MedSpec_4T",
    "Modality": "MR",
    "PartialFourier": 0.875,
    "PatientPosition": "HFS",
    "PercentPhaseFOV": 100,
    "PhaseEncodingSteps": 197,
    "PhaseResolution": 0.878906,
    "PixelBandwidth": 200,
    "ProtocolName": "t1_mpr_cor",
    "PulseSequenceDetails": "%SiemensSeq%_tfl",
    "ReceiveCoilName": "Head_4T",
    "ReconMatrixPE": 256,
    "RepetitionTime": 1.5,
    "SAR": 0.00449762,
    "ScanOptions": "IR",
    "ScanningSequence": "IR_GR",
    "SequenceName": "tfl3d1_ns",
    "SequenceVariant": "SP_MP",
    "SeriesDescription": "t1_mpr_cor",
    "SeriesNumber": 8,
    "ShimSetting": [
      6,
      -2,
      -29,
      1741,
      835,
      -3599,
      2214,
      -188
    ],
    "SliceThickness": 0.9,
    "SoftwareVersions": "syngo_MR_2002B_4VA21A",
    "StationName": "wes4T",
    "TxRefAmp": 181.318,
    "dataset": "ds004169",
    "modality": "T1w",
    "session_id": "01",
    "subject_id": "0862"
  },
  "cjv": 0.3603944319044044,
  "cnr": 3.6523211217202167,
  "efc": 0.4351654512069775,
  "fber": 1190.6904662743323,
  "fwhm_avg": 4.379160634784833,
  "fwhm_x": 4.442698666666667,
  "fwhm_y": 4.778111237687832,
  "fwhm_z": 3.9166719999999997,
  "icvs_csf": 0.20973684027844477,
  "icvs_gm": 0.43864602345917425,
  "icvs_wm": 0.351617136262381,
  "inu_med": 0.734536349773407,
  "inu_range": 0.5017496347427368,
  "provenance": {
    "md5sum": "a56ac69feec37f87474637bc73fc1fa4",
    "settings": {
      "testing": false
    },
    "software": "mriqc",
    "version": "23.0.1",
    "warnings": {
      "large_rot_frame": true,
      "small_air_mask": false
    },
    "webapi_port": null,
    "webapi_url": "https://mriqc.nimh.nih.gov/api/v1"
  },
  "qi_1": 0.0,
  "qi_2": 0.045172194269099374,
  "rpve_csf": 30.91647631619932,
  "rpve_gm": 15.838339610677341,
  "rpve_wm": 22.991819406896667,
  "size_x": 256,
  "size_y": 256,
  "size_z": 256,
  "snr_csf": 1.8276274791876388,
  "snr_gm": 9.725900386169716,
  "snr_total": 10.359716549125787,
  "snr_wm": 19.525621782020007,
  "snrd_csf": 7.154780027637369,
  "snrd_gm": 17.373900896652646,
  "snrd_total": 16.78038254304029,
  "snrd_wm": 25.812466704830854,
  "spacing_x": 0.9375,
  "spacing_y": 0.8999999761581421,
  "spacing_z": 0.9375,
  "summary_bg_k": 9.642644305698655,
  "summary_bg_mad": 25.380620590758763,
  "summary_bg_mean": 18.619134723623972,
  "summary_bg_median": 17.118968442082405,
  "summary_bg_n": 5047090.0,
  "summary_bg_p05": 0.0,
  "summary_bg_p95": 68.65607343614101,
  "summary_bg_stdv": 24.491639773796884,
  "summary_csf_k": 22.763908310545016,
  "summary_csf_mad": 113.5983144756908,
  "summary_csf_mean": 289.60291260941943,
  "summary_csf_median": 277.18312902748585,
  "summary_csf_n": 26172.0,
  "summary_csf_p05": 99.69006022661925,
  "summary_csf_p95": 493.0587270721791,
  "summary_csf_stdv": 151.65991796452596,
  "summary_gm_k": 0.046187520181813824,
  "summary_gm_mad": 69.03528800686384,
  "summary_gm_mean": 672.0091592614845,
  "summary_gm_median": 673.0817992091179,
  "summary_gm_n": 35408.0,
  "summary_gm_p05": 556.0006690420211,
  "summary_gm_p95": 782.558503394574,
  "summary_gm_stdv": 69.20411147146775,
  "summary_wm_k": 0.5322571757749053,
  "summary_wm_mad": 48.78422441971105,
  "summary_wm_mean": 1000.0744774544227,
  "summary_wm_median": 1000.0000365525484,
  "summary_wm_n": 231623.0,
  "summary_wm_p05": 916.2071910202503,
  "summary_wm_p95": 1083.720802217722,
  "summary_wm_stdv": 51.21464960417851,
  "tpm_overlap_csf": 0.14384810576809176,
  "tpm_overlap_gm": 0.45268004967766273,
  "tpm_overlap_wm": 0.4929040482689234,
  "wm2max": 0.4852622384891544
}