{
  "aor": 0.0025039370078740147,
  "aqi": 0.011963247559055121,
  "bids_meta": {
    "AcquisitionMatrixPE": 64,
    "AcquisitionNumber": 1,
    "AcquisitionTime": "09:18:58.357500",
    "BaseResolution": 64,
    "ConversionSoftware": "dcm2niix",
    "ConversionSoftwareVersion": "v1.0.20190410  GCC6.3.0",
    "DeviceSerialNumber": "18011",
    "EchoTime": 0.03,
    "FlipAngle": 90,
    "ImageComments": "Fake_MoCo_Reference_Volume_+_DiCo_Applied",
    "ImageOrientationPatientDICOM": [
      0.999848,
      -1.11022e-16,
      0.0174524,
      1.11022e-16,
      1,
      1.73472e-18
    ],
    "ImageType": [
      "ORIGINAL",
      "PRIMARY",
      "M",
      "ND",
      "MOSAIC"
    ],
    "ImagingFrequency": 168.217,
    "InPlanePhaseEncodingDirectionDICOM": "COL",
    "MRAcquisitionType": "2D",
    "MagneticFieldStrength": 3.95064,
    "Manufacturer": "Siemens",
    "ManufacturersModelName": "MedSpec_4T",
    "Modality": "MR",
    "PartialFourier": 1,
    "PatientPosition": "HFS",
    "PercentPhaseFOV": 100,
    "PhaseEncodingDirection": "j-",
    "PhaseEncodingSteps": 64,
    "PhaseResolution": 1,
    "PixelBandwidth": 2790,
    "ProtocolName": "Nback_dc",
    "PulseSequenceDetails": "%CustomerSeq%_mz_ep2d_bold_dc",
    "ReceiveCoilName": "Head_4T",
    "ReconMatrixPE": 64,
    "RepetitionTime": 2.1,
    "SAR": 0.0381358,
    "ScanOptions": "FS",
    "ScanningSequence": "SE_EP",
    "SequenceName": "epfid2d1_64",
    "SequenceVariant": "SK",
    "SeriesDescription": "Nback_dc_DiCo",
    "SeriesNumber": 7,
    "ShimSetting": [
      -1,
      0,
      -26,
      1468,
      286,
      -3215,
      2191,
      26
    ],
    "SliceThickness": 3,
    "SoftwareVersions": "syngo_MR_2002B_4VA21A",
    "SpacingBetweenSlices": 3.6,
    "StationName": "wes4T",
    "TaskName": "nback",
    "TxRefAmp": 201.656,
    "dataset": "ds004169",
    "modality": "bold",
    "session_id": "01",
    "subject_id": "0529",
    "task_id": "nback"
  },
  "dummy_trs": 0,
  "dvars_nstd": 35.12390846714285,
  "dvars_std": 1.1007223920634917,
  "dvars_vstd": 0.9867450578571418,
  "efc": 0.4822032898857316,
  "fber": 1737.392822265625,
  "fd_mean": 0.16085670721729,
  "fd_num": 16,
  "fd_perc": 12.598425196850394,
  "fwhm_avg": 1.781046061765565,
  "fwhm_x": 1.633975652173913,
  "fwhm_y": 2.0504570434782607,
  "fwhm_z": 1.658705489644521,
  "gcor": 0.00939186,
  "gsr_x": -0.018451806157827377,
  "gsr_y": 0.040524110198020935,
  "provenance": {
    "md5sum": "85205a64a3fb0f6cfd89e32b8467a42a",
    "settings": {
      "fd_thres": 0.2,
      "testing": false
    },
    "software": "mriqc",
    "version": "23.0.1",
    "webapi_port": null,
    "webapi_url": "https://mriqc.nimh.nih.gov/api/v1"
  },
  "size_t": 127,
  "size_x": 64,
  "size_y": 64,
  "size_z": 36,
  "snr": 5.125004322611126,
  "spacing_tr": 2.0999999046325684,
  "spacing_x": 3.59375,
  "spacing_y": 3.59375,
  "spacing_z": 3.6000001430511475,
  "summary_bg_k": 38.52337473342929,
  "summary_bg_mad": 11.37051000066587,
  "summary_bg_mean": 32.19795227050781,
  "summary_bg_median": 16.362205505371094,
  "summary_bg_n": 95928.0,
  "summary_bg_p05": 7.165354251861572,
  "summary_bg_p95": 105.65865936279292,
  "summary_bg_stdv": 42.72308349609375,
  "summary_fg_k": 3.6343771603238437,
  "summary_fg_mad": 112.8937250391933,
  "summary_fg_mean": 691.1197509765625,
  "summary_fg_median": 679.1259765625,
  "summary_fg_n": 21562.0,
  "summary_fg_p05": 505.9059112548828,
  "summary_fg_p95": 905.2830535888672,
  "summary_fg_stdv": 132.5092010498047,
  "tsnr": 41.32676371955313
}