{
  "aor": 0.0020477165354330705,
  "aqi": 0.009773907165354328,
  "bids_meta": {
    "AcquisitionMatrixPE": 64,
    "AcquisitionNumber": 1,
    "AcquisitionTime": "08:42:49.145000",
    "BaseResolution": 64,
    "ConversionSoftware": "dcm2niix",
    "ConversionSoftwareVersion": "v1.0.20190410  GCC6.3.0",
    "DeviceSerialNumber": "18011",
    "EchoTime": 0.03,
    "FlipAngle": 90,
    "ImageComments": "Fake_MoCo_Reference_Volume_+_DiCo_Applied",
    "ImageOrientationPatientDICOM": [
      1,
      0,
      0,
      0,
      1,
      0
    ],
    "ImageType": [
      "ORIGINAL",
      "PRIMARY",
      "M",
      "ND",
      "MOSAIC"
    ],
    "ImagingFrequency": 168.217,
    "InPlanePhaseEncodingDirectionDICOM": "COL",
    "MRAcquisitionType": "2D",
    "MagneticFieldStrength": 3.95064,
    "Manufacturer": "Siemens",
    "ManufacturersModelName": "MedSpec_4T",
    "Modality": "MR",
    "PartialFourier": 1,
    "PatientPosition": "HFS",
    "PercentPhaseFOV": 100,
    "PhaseEncodingDirection": "j-",
    "PhaseEncodingSteps": 64,
    "PhaseResolution": 1,
    "PixelBandwidth": 2790,
    "ProtocolName": "Nback_dc",
    "PulseSequenceDetails": "%CustomerSeq%_mz_ep2d_bold_dc",
    "ReceiveCoilName": "Head_4T",
    "ReconMatrixPE": 64,
    "RepetitionTime": 2.1,
    "SAR": 0.0679277,
    "ScanOptions": "FS",
    "ScanningSequence": "SE_EP",
    "SequenceName": "epfid2d1_64",
    "SequenceVariant": "SK",
    "SeriesDescription": "Nback_dc_DiCo",
    "SeriesNumber": 7,
    "ShimSetting": [
      -5,
      -28,
      -5,
      1512,
      428,
      -3180,
      2098,
      37
    ],
    "SliceThickness": 3,
    "SoftwareVersions": "syngo_MR_2002B_4VA21A",
    "SpacingBetweenSlices": 3.6,
    "StationName": "wes4T",
    "TaskName": "nback",
    "TxRefAmp": 179.193,
    "dataset": "ds004169",
    "modality": "bold",
    "session_id": "01",
    "subject_id": "0682",
    "task_id": "nback"
  },
  "dummy_trs": 0,
  "dvars_nstd": 27.828633777460308,
  "dvars_std": 1.0815198529365084,
  "dvars_vstd": 0.9955152145238099,
  "efc": 0.48338021594478436,
  "fber": 1661.8446044921875,
  "fd_mean": 0.10746311394478922,
  "fd_num": 7,
  "fd_perc": 5.511811023622047,
  "fwhm_avg": 1.8122158331786615,
  "fwhm_x": 1.7070191304347826,
  "fwhm_y": 2.0147144347826087,
  "fwhm_z": 1.7149139343185937,
  "gcor": 0.0826267,
  "gsr_x": -0.013391713611781597,
  "gsr_y": 0.03086855262517929,
  "provenance": {
    "md5sum": "11d50ccc4ce4dd02aa1ef6d33b55f409",
    "settings": {
      "fd_thres": 0.2,
      "testing": false
    },
    "software": "mriqc",
    "version": "23.0.1",
    "webapi_port": null,
    "webapi_url": "https://mriqc.nimh.nih.gov/api/v1"
  },
  "size_t": 127,
  "size_x": 64,
  "size_y": 64,
  "size_z": 36,
  "snr": 5.211467324357802,
  "spacing_tr": 2.0999999046325684,
  "spacing_x": 3.59375,
  "spacing_y": 3.59375,
  "spacing_z": 3.5999999046325684,
  "summary_bg_k": 36.13319922190888,
  "summary_bg_mad": 8.522044426234677,
  "summary_bg_mean": 29.71023178100586,
  "summary_bg_median": 15.842519760131836,
  "summary_bg_n": 95716.0,
  "summary_bg_p05": 9.299212455749512,
  "summary_bg_p95": 89.63188934326172,
  "summary_bg_stdv": 37.95143127441406,
  "summary_fg_k": 3.393913288269543,
  "summary_fg_mad": 108.05486214055686,
  "summary_fg_mean": 662.40185546875,
  "summary_fg_median": 654.1732177734375,
  "summary_fg_n": 22001.0,
  "summary_fg_p05": 478.89764404296875,
  "summary_fg_p95": 861.6220703125,
  "summary_fg_stdv": 125.52287292480469,
  "tsnr": 44.91691956622526
}