{
  "bids_meta": {
    "AcquisitionMatrixPE": 225,
    "AcquisitionNumber": 1,
    "AcquisitionTime": "12:52:11.700010",
    "BaseResolution": 256,
    "ConversionSoftware": "dcm2niix",
    "ConversionSoftwareVersion": "v1.0.20190410  GCC6.3.0",
    "DeviceSerialNumber": "18011",
    "EchoTime": 0.00335,
    "FlipAngle": 8,
    "ImageOrientationPatientDICOM": [
      0.999848,
      0.0174524,
      0,
      0,
      1.11022e-16,
      -1
    ],
    "ImageType": [
      "ORIGINAL",
      "PRIMARY",
      "M",
      "ND"
    ],
    "ImagingFrequency": 168.217,
    "InPlanePhaseEncodingDirectionDICOM": "ROW",
    "InversionTime": 0.7,
    "MRAcquisitionType": "3D",
    "MagneticFieldStrength": 3.95064,
    "Manufacturer": "Siemens",
    "ManufacturersModelName": "MedSpec_4T",
    "Modality": "MR",
    "PartialFourier": 0.875,
    "PatientPosition": "HFS",
    "PercentPhaseFOV": 100,
    "PhaseEncodingSteps": 197,
    "PhaseResolution": 0.878906,
    "PixelBandwidth": 200,
    "ProtocolName": "t1_mpr_cor",
    "PulseSequenceDetails": "%SiemensSeq%_tfl",
    "ReceiveCoilName": "Head_4T",
    "ReconMatrixPE": 256,
    "RepetitionTime": 1.5,
    "SAR": 0.00609414,
    "ScanOptions": "IR",
    "ScanningSequence": "IR_GR",
    "SequenceName": "tfl3d1_ns",
    "SequenceVariant": "SP_MP",
    "SeriesDescription": "t1_mpr_cor",
    "SeriesNumber": 8,
    "ShimSetting": [
      16,
      -42,
      12,
      1424,
      509,
      -3804,
      3822,
      -230
    ],
    "SliceThickness": 0.9,
    "SoftwareVersions": "syngo_MR_2002B_4VA21A",
    "StationName": "wes4T",
    "TxRefAmp": 179.31,
    "dataset": "ds004169",
    "modality": "T1w",
    "session_id": "01",
    "subject_id": "1102"
  },
  "cjv": 0.3079136199658797,
  "cnr": 4.269412782094346,
  "efc": 0.41577437937497563,
  "fber": -1.0,
  "fwhm_avg": 4.083892039606037,
  "fwhm_x": 4.1614933333333335,
  "fwhm_y": 4.485233452151443,
  "fwhm_z": 3.6049493333333333,
  "icvs_csf": 0.20744781567398532,
  "icvs_gm": 0.462923564225624,
  "icvs_wm": 0.3296286201003907,
  "inu_med": 0.701627254486084,
  "inu_range": 0.42715510725975037,
  "provenance": {
    "md5sum": "2b63768fa1718fcd436a98c0e39d4f12",
    "settings": {
      "testing": false
    },
    "software": "mriqc",
    "version": "23.0.1",
    "warnings": {
      "large_rot_frame": true,
      "small_air_mask": false
    },
    "webapi_port": null,
    "webapi_url": "https://mriqc.nimh.nih.gov/api/v1"
  },
  "qi_1": 0.0,
  "qi_2": 0.04630499981962186,
  "rpve_csf": 30.245936998303872,
  "rpve_gm": 14.947812951494761,
  "rpve_wm": 23.627951827701196,
  "size_x": 256,
  "size_y": 256,
  "size_z": 256,
  "snr_csf": 2.2631250475328546,
  "snr_gm": 9.341639259523081,
  "snr_total": 10.434260792642883,
  "snr_wm": 19.698018070872713,
  "snrd_csf": 8.681596065076839,
  "snrd_gm": 20.93445464050012,
  "snrd_total": 20.94955366523878,
  "snrd_wm": 33.232610290139384,
  "spacing_x": 0.9375,
  "spacing_y": 0.8999999761581421,
  "spacing_z": 0.9375,
  "summary_bg_k": 11.978616143947859,
  "summary_bg_mad": 0.0,
  "summary_bg_mean": 11.756254514495133,
  "summary_bg_median": 0.0,
  "summary_bg_n": 4987575.0,
  "summary_bg_p05": 0.0,
  "summary_bg_p95": 51.082681726664305,
  "summary_bg_stdv": 19.71366118025416,
  "summary_csf_k": 50.83923708950591,
  "summary_csf_mad": 57.45594715962114,
  "summary_csf_mean": 270.7043858761491,
  "summary_csf_median": 261.23726804181933,
  "summary_csf_n": 47421.0,
  "summary_csf_p05": 134.90908363834023,
  "summary_csf_p95": 416.3749697320163,
  "summary_csf_stdv": 115.43087902501142,
  "summary_gm_k": 0.10369893473990466,
  "summary_gm_mad": 67.05490236054905,
  "summary_gm_mean": 629.6860742488034,
  "summary_gm_median": 629.9371333606541,
  "summary_gm_n": 59451.0,
  "summary_gm_p05": 517.9982186127454,
  "summary_gm_p95": 738.9176514409482,
  "summary_gm_stdv": 67.43268690704716,
  "summary_wm_k": 0.6829847332136318,
  "summary_wm_mad": 46.89250363706889,
  "summary_wm_mean": 998.1181971640336,
  "summary_wm_median": 1000.000029604882,
  "summary_wm_n": 215375.0,
  "summary_wm_p05": 910.8454158939421,
  "summary_wm_p95": 1077.413990572095,
  "summary_wm_stdv": 50.76641236046966,
  "tpm_overlap_csf": 0.13141948258808164,
  "tpm_overlap_gm": 0.44127770159880964,
  "tpm_overlap_wm": 0.45076007975692006,
  "wm2max": 0.5593561019562995
}