{
  "bids_meta": {
    "AcquisitionMatrixPE": 225,
    "AcquisitionNumber": 1,
    "AcquisitionTime": "10:17:38.835000",
    "BaseResolution": 256,
    "ConversionSoftware": "dcm2niix",
    "ConversionSoftwareVersion": "v1.0.20190410  GCC6.3.0",
    "DeviceSerialNumber": "18011",
    "EchoTime": 0.00335,
    "FlipAngle": 8,
    "ImageOrientationPatientDICOM": [
      0,
      1,
      0,
      0,
      0,
      -1
    ],
    "ImageType": [
      "ORIGINAL",
      "PRIMARY",
      "M",
      "ND"
    ],
    "ImagingFrequency": 168.255,
    "InPlanePhaseEncodingDirectionDICOM": "ROW",
    "InversionTime": 0.7,
    "MRAcquisitionType": "3D",
    "MagneticFieldStrength": 3.95064,
    "Manufacturer": "Siemens",
    "ManufacturersModelName": "MedSpec_4T",
    "Modality": "MR",
    "PartialFourier": 0.875,
    "PatientPosition": "HFS",
    "PercentPhaseFOV": 100,
    "PhaseEncodingSteps": 197,
    "PhaseResolution": 0.878906,
    "PixelBandwidth": 200,
    "ProcedureStepDescription": "Research_fMRI",
    "ProtocolName": "t1_mpr_sag",
    "PulseSequenceDetails": "%SiemensSeq%_tfl",
    "ReceiveCoilName": "Head",
    "ReconMatrixPE": 256,
    "RepetitionTime": 1.5,
    "SAR": 0.0593846,
    "ScanOptions": "IR",
    "ScanningSequence": "IR_GR",
    "SequenceName": "tfl3d1_ns",
    "SequenceVariant": "SP_MP",
    "SeriesDescription": "t1_mpr_sag",
    "SeriesNumber": 2,
    "ShimSetting": [
      43,
      8,
      29,
      1956,
      1443,
      -3588,
      2537,
      -93
    ],
    "SliceThickness": 0.9,
    "SoftwareVersions": "syngo_MR_2004A_4VA25A",
    "StationName": "WES4T",
    "TxRefAmp": 191.046,
    "dataset": "ds004169",
    "modality": "T1w",
    "session_id": "01",
    "subject_id": "0460"
  },
  "cjv": 0.36547165345518,
  "cnr": 3.5726525039986967,
  "efc": 0.472223600612034,
  "fber": 10377.205844897959,
  "fwhm_avg": 4.599636487870182,
  "fwhm_x": 4.917800130277214,
  "fwhm_y": 4.852639999999999,
  "fwhm_z": 4.028469333333333,
  "icvs_csf": 0.2035456225715161,
  "icvs_gm": 0.4495593471527675,
  "icvs_wm": 0.3468950302757164,
  "inu_med": 0.687893807888031,
  "inu_range": 0.5081272304058073,
  "provenance": {
    "md5sum": "a956a6a70a0c3337e34e404459be3959",
    "settings": {
      "testing": false
    },
    "software": "mriqc",
    "version": "23.0.1",
    "warnings": {
      "large_rot_frame": true,
      "small_air_mask": false
    },
    "webapi_port": null,
    "webapi_url": "https://mriqc.nimh.nih.gov/api/v1"
  },
  "qi_1": 0.0,
  "qi_2": 0.0042146440524810595,
  "rpve_csf": 26.589174918165895,
  "rpve_gm": 12.76989431633305,
  "rpve_wm": 18.667503801172387,
  "size_x": 240,
  "size_y": 256,
  "size_z": 256,
  "snr_csf": 2.5526275579711015,
  "snr_gm": 9.804825586378675,
  "snr_total": 10.029567601315227,
  "snr_wm": 17.731249659595903,
  "snrd_csf": 24.272593332444753,
  "snrd_gm": 56.54410946762699,
  "snrd_total": 54.98579246371579,
  "snrd_wm": 84.14067459107561,
  "spacing_x": 0.8999999761581421,
  "spacing_y": 0.9375,
  "spacing_z": 0.9375,
  "summary_bg_k": 21.77327949176632,
  "summary_bg_mad": 7.78646346151019,
  "summary_bg_mean": 15.083901535083092,
  "summary_bg_median": 5.251889795064926,
  "summary_bg_n": 4269712.0,
  "summary_bg_p05": 0.0,
  "summary_bg_p95": 59.075397312641144,
  "summary_bg_stdv": 23.444202172485916,
  "summary_csf_k": 12.933916495851527,
  "summary_csf_mad": 88.13086351021407,
  "summary_csf_mean": 285.49603841177657,
  "summary_csf_median": 288.4859719276428,
  "summary_csf_n": 37688.0,
  "summary_csf_p05": 97.52291028052569,
  "summary_csf_p95": 456.17847856879234,
  "summary_csf_stdv": 113.01380168418048,
  "summary_gm_k": 0.0949021632802114,
  "summary_gm_mad": 67.49921510264566,
  "summary_gm_mean": 670.2587894252208,
  "summary_gm_median": 672.0411846041679,
  "summary_gm_n": 46380.0,
  "summary_gm_p05": 553.9890719845891,
  "summary_gm_p95": 779.8220057487488,
  "summary_gm_stdv": 68.54114167546285,
  "summary_wm_k": 0.8475383347655812,
  "summary_wm_mad": 52.37264595767364,
  "summary_wm_mean": 1001.6065253411366,
  "summary_wm_median": 1000.0334103405476,
  "summary_wm_n": 243130.0,
  "summary_wm_p05": 912.0224418640137,
  "summary_wm_p95": 1096.173099964857,
  "summary_wm_stdv": 56.39937246135071,
  "tpm_overlap_csf": 0.14152220428513396,
  "tpm_overlap_gm": 0.4611880793551729,
  "tpm_overlap_wm": 0.49126814566581956,
  "wm2max": 0.5245288977787136
}