{
  "aor": 0.0010736241610738255,
  "aqi": 0.0046430704697986575,
  "bids_meta": {
    "AcquisitionMatrixPE": 64,
    "AcquisitionNumber": 1,
    "AcquisitionTime": "08:58:28.512510",
    "BaseResolution": 64,
    "ConversionSoftware": "dcm2niix",
    "ConversionSoftwareVersion": "v1.0.20190410  GCC6.3.0",
    "DeviceSerialNumber": "18011",
    "EchoTime": 0.03,
    "FlipAngle": 90,
    "ImageComments": "Fake_MoCo_Reference_Volume_+_DiCo_Applied",
    "ImageOrientationPatientDICOM": [
      1,
      -1.11022e-16,
      -1.38778e-17,
      1.11022e-16,
      0.975149,
      -0.221548
    ],
    "ImageType": [
      "ORIGINAL",
      "PRIMARY",
      "M",
      "ND",
      "DICO",
      "MOSAIC"
    ],
    "ImagingFrequency": 168.255,
    "InPlanePhaseEncodingDirectionDICOM": "COL",
    "MRAcquisitionType": "2D",
    "MagneticFieldStrength": 3.95064,
    "Manufacturer": "Siemens",
    "ManufacturersModelName": "MedSpec_4T",
    "Modality": "MR",
    "PartialFourier": 1,
    "PatientPosition": "HFS",
    "PercentPhaseFOV": 100,
    "PhaseEncodingDirection": "j-",
    "PhaseEncodingSteps": 64,
    "PhaseResolution": 1,
    "PixelBandwidth": 2790,
    "ProcedureStepDescription": "Research_fMRI",
    "ProtocolName": "mz_bold_dc_REST",
    "PulseSequenceDetails": "%CustomerSeq%_mz_ep2d_bold_dc",
    "ReceiveCoilName": "Head",
    "ReconMatrixPE": 64,
    "RepetitionTime": 2.1,
    "SAR": 0.0890832,
    "ScanOptions": "FS",
    "ScanningSequence": "SE_EP",
    "SequenceName": "epfid2d1_64",
    "SequenceVariant": "SK",
    "SeriesDescription": "mz_bold_dc_REST_DiCo",
    "SeriesNumber": 9,
    "ShimSetting": [
      1,
      4,
      33,
      2098,
      -53,
      -3468,
      3083,
      45
    ],
    "SliceThickness": 3,
    "SoftwareVersions": "syngo_MR_2004A_4VA25A",
    "SpacingBetweenSlices": 3.6,
    "StationName": "WES4T",
    "TaskName": "rest",
    "TxRefAmp": 212.181,
    "dataset": "ds004169",
    "modality": "bold",
    "session_id": "01",
    "subject_id": "0209",
    "task_id": "rest"
  },
  "dummy_trs": 1,
  "dvars_nstd": 24.511100614324334,
  "dvars_std": 1.1162106190540544,
  "dvars_vstd": 1.0123789020270273,
  "efc": 0.49863388496896066,
  "fber": 2004.3863525390625,
  "fd_mean": 0.16385296287947212,
  "fd_num": 48,
  "fd_perc": 32.214765100671144,
  "fwhm_avg": 1.960168323470688,
  "fwhm_x": 1.7858114782608696,
  "fwhm_y": 2.293824,
  "fwhm_z": 1.8008694921511939,
  "gcor": 0.029554,
  "gsr_x": -0.029450105503201485,
  "gsr_y": 0.04801919311285019,
  "provenance": {
    "md5sum": "d8964cbdd5b608b93a5108f238fef00d",
    "settings": {
      "fd_thres": 0.2,
      "testing": false
    },
    "software": "mriqc",
    "version": "22.0.6",
    "webapi_port": null,
    "webapi_url": "https://mriqc.nimh.nih.gov/api/v1"
  },
  "size_t": 149,
  "size_x": 64,
  "size_y": 64,
  "size_z": 36,
  "snr": 4.190642395124116,
  "spacing_tr": 2.0999999046325684,
  "spacing_x": 3.59375,
  "spacing_y": 3.59375,
  "spacing_z": 3.5999999046325684,
  "summary_bg_k": 42.36554379694238,
  "summary_bg_mad": 7.353308335001231,
  "summary_bg_mean": 29.225643157958984,
  "summary_bg_median": 13.684563636779785,
  "summary_bg_n": 91093.0,
  "summary_bg_p05": 8.288590431213379,
  "summary_bg_p95": 93.28858947753906,
  "summary_bg_stdv": 43.46973419189453,
  "summary_fg_k": 3.925741396066833,
  "summary_fg_mad": 120.85198879698044,
  "summary_fg_mean": 660.85205078125,
  "summary_fg_median": 644.7952880859375,
  "summary_fg_n": 24308.0,
  "summary_fg_p05": 458.8620803833008,
  "summary_fg_p95": 901.0862335205077,
  "summary_fg_stdv": 153.86233520507812,
  "tsnr": 61.286254884675145
}