{
  "bids_meta": {
    "AcquisitionMatrixPE": 225,
    "AcquisitionNumber": 1,
    "AcquisitionTime": "08:54:43.602480",
    "BaseResolution": 256,
    "ConversionSoftware": "dcm2niix",
    "ConversionSoftwareVersion": "v1.0.20190410  GCC6.3.0",
    "DeviceSerialNumber": "18011",
    "EchoTime": 0.00335,
    "FlipAngle": 8,
    "ImageOrientationPatientDICOM": [
      1,
      0,
      0,
      0,
      0,
      -1
    ],
    "ImageType": [
      "ORIGINAL",
      "PRIMARY",
      "M",
      "ND"
    ],
    "ImagingFrequency": 168.255,
    "InPlanePhaseEncodingDirectionDICOM": "ROW",
    "InversionTime": 0.7,
    "MRAcquisitionType": "3D",
    "MagneticFieldStrength": 3.95064,
    "Manufacturer": "Siemens",
    "ManufacturersModelName": "Trio",
    "Modality": "MR",
    "PartialFourier": 0.875,
    "PatientPosition": "HFS",
    "PercentPhaseFOV": 100,
    "PhaseEncodingSteps": 197,
    "PhaseResolution": 0.878906,
    "PixelBandwidth": 200,
    "ProcedureStepDescription": "Research_fMRI",
    "ProtocolName": "t1_mpr_cor",
    "PulseSequenceDetails": "%SiemensSeq%_tfl",
    "ReceiveCoilName": "TEM_Head",
    "ReconMatrixPE": 256,
    "RepetitionTime": 1.5,
    "SAR": 0.0593505,
    "ScanOptions": "IR",
    "ScanningSequence": "IR_GR",
    "SequenceName": "tfl3d1_ns",
    "SequenceVariant": "SP_MP",
    "SeriesDescription": "t1_mpr_cor",
    "SeriesNumber": 8,
    "ShimSetting": [
      25,
      19,
      1,
      1650,
      2359,
      -9999,
      6861,
      -327
    ],
    "SliceThickness": 0.9,
    "SoftwareVersions": "syngo_MR_2004A_4VA25A",
    "StationName": "WES4T",
    "TxRefAmp": 199.371,
    "dataset": "ds004169",
    "modality": "T1w",
    "session_id": "01",
    "subject_id": "0967"
  },
  "cjv": 0.3494583466844499,
  "cnr": 3.7722377731319914,
  "efc": 0.5042975515339662,
  "fber": 3907.534352129856,
  "fwhm_avg": 5.011225086456304,
  "fwhm_x": 4.9361706666666665,
  "fwhm_y": 5.596544592702245,
  "fwhm_z": 4.50096,
  "icvs_csf": 0.21171282569290317,
  "icvs_gm": 0.41407710927562613,
  "icvs_wm": 0.3742100650314707,
  "inu_med": 0.6331217288970947,
  "inu_range": 0.45236040502786634,
  "provenance": {
    "md5sum": "576ab7aa59322f36a782289a8c1429a5",
    "settings": {
      "testing": false
    },
    "software": "mriqc",
    "version": "23.0.1",
    "warnings": {
      "large_rot_frame": true,
      "small_air_mask": false
    },
    "webapi_port": null,
    "webapi_url": "https://mriqc.nimh.nih.gov/api/v1"
  },
  "qi_1": 0.0,
  "qi_2": 0.004792104024278042,
  "rpve_csf": 21.55591278205881,
  "rpve_gm": 11.523690537331875,
  "rpve_wm": 15.335899790329629,
  "size_x": 256,
  "size_y": 240,
  "size_z": 256,
  "snr_csf": 2.41736145688888,
  "snr_gm": 10.595535060945748,
  "snr_total": 11.074142790296099,
  "snr_wm": 20.20953185305367,
  "snrd_csf": 19.09144059265813,
  "snrd_gm": 43.42445271802997,
  "snrd_total": 42.02375442406112,
  "snrd_wm": 63.55536996149524,
  "spacing_x": 0.9375,
  "spacing_y": 0.8999999761581421,
  "spacing_z": 0.9375,
  "summary_bg_k": 9.575451397163047,
  "summary_bg_mad": 10.308461172984158,
  "summary_bg_mean": 15.59571796797379,
  "summary_bg_median": 6.952951401472092,
  "summary_bg_n": 3627702.0,
  "summary_bg_p05": 0.0,
  "summary_bg_p95": 58.53722894191742,
  "summary_bg_stdv": 21.069790564168805,
  "summary_csf_k": 9.100451477474707,
  "summary_csf_mad": 114.12939155803889,
  "summary_csf_mean": 303.0498747872577,
  "summary_csf_median": 300.4006098359823,
  "summary_csf_n": 59228.0,
  "summary_csf_p05": 111.81008039414883,
  "summary_csf_p95": 492.42291743382793,
  "summary_csf_stdv": 124.26692458479862,
  "summary_gm_k": 0.14381660700775178,
  "summary_gm_mad": 63.617931810416515,
  "summary_gm_mean": 682.9282027371104,
  "summary_gm_median": 683.2764670103788,
  "summary_gm_n": 52238.0,
  "summary_gm_p05": 576.3334525972605,
  "summary_gm_p95": 787.5045194476843,
  "summary_gm_stdv": 64.48659015482409,
  "summary_wm_k": 0.5313828124476179,
  "summary_wm_mad": 47.07530602329432,
  "summary_wm_mean": 1000.2767828130357,
  "summary_wm_median": 1000.0330672860146,
  "summary_wm_n": 382487.0,
  "summary_wm_p05": 920.8356398940086,
  "summary_wm_p95": 1083.0049540102482,
  "summary_wm_stdv": 49.48317295419473,
  "tpm_overlap_csf": 0.13429973666090977,
  "tpm_overlap_gm": 0.4433789778403938,
  "tpm_overlap_wm": 0.5046293013714489,
  "wm2max": 0.5696288473144236
}