{
  "bids_meta": {
    "AcquisitionMatrixPE": 225,
    "AcquisitionNumber": 1,
    "AcquisitionTime": "08:36:0.580010",
    "BaseResolution": 256,
    "ConversionSoftware": "dcm2niix",
    "ConversionSoftwareVersion": "v1.0.20190410  GCC6.3.0",
    "DeviceSerialNumber": "18011",
    "EchoTime": 0.00335,
    "FlipAngle": 8,
    "ImageOrientationPatientDICOM": [
      1,
      0,
      0,
      0,
      0,
      -1
    ],
    "ImageType": [
      "ORIGINAL",
      "PRIMARY",
      "M",
      "ND"
    ],
    "ImagingFrequency": 168.217,
    "InPlanePhaseEncodingDirectionDICOM": "ROW",
    "InversionTime": 0.7,
    "MRAcquisitionType": "3D",
    "MagneticFieldStrength": 3.95064,
    "Manufacturer": "Siemens",
    "ManufacturersModelName": "MedSpec_4T",
    "Modality": "MR",
    "PartialFourier": 0.875,
    "PatientPosition": "HFS",
    "PercentPhaseFOV": 100,
    "PhaseEncodingSteps": 197,
    "PhaseResolution": 0.878906,
    "PixelBandwidth": 200,
    "ProtocolName": "t1_mpr_cor",
    "PulseSequenceDetails": "%SiemensSeq%_tfl",
    "ReceiveCoilName": "Head_4T",
    "ReconMatrixPE": 256,
    "RepetitionTime": 1.5,
    "SAR": 0.00388721,
    "ScanOptions": "IR",
    "ScanningSequence": "IR_GR",
    "SequenceName": "tfl3d1_ns",
    "SequenceVariant": "SP_MP",
    "SeriesDescription": "t1_mpr_cor",
    "SeriesNumber": 8,
    "ShimSetting": [
      20,
      -23,
      -9,
      1536,
      234,
      -3546,
      1826,
      -347
    ],
    "SliceThickness": 0.9,
    "SoftwareVersions": "syngo_MR_2002B_4VA21A",
    "StationName": "wes4T",
    "TxRefAmp": 194.3,
    "dataset": "ds004169",
    "modality": "T1w",
    "session_id": "01",
    "subject_id": "1144"
  },
  "cjv": 0.37155164997800433,
  "cnr": 3.5420169737571414,
  "efc": 0.4674712745408973,
  "fber": 1779.4663115197404,
  "fwhm_avg": 4.528364339153852,
  "fwhm_x": 4.636138666666667,
  "fwhm_y": 4.853455684128223,
  "fwhm_z": 4.095498666666667,
  "icvs_csf": 0.19594666308408346,
  "icvs_gm": 0.44191883938801374,
  "icvs_wm": 0.3621344975279028,
  "inu_med": 0.6988644003868103,
  "inu_range": 0.48871463537216187,
  "provenance": {
    "md5sum": "10bdff4c9b6a68f7eca01ac543fbfc62",
    "settings": {
      "testing": false
    },
    "software": "mriqc",
    "version": "23.0.1",
    "warnings": {
      "large_rot_frame": true,
      "small_air_mask": false
    },
    "webapi_port": null,
    "webapi_url": "https://mriqc.nimh.nih.gov/api/v1"
  },
  "qi_1": 0.0,
  "qi_2": 0.024602741906216356,
  "rpve_csf": 27.006938590234096,
  "rpve_gm": 13.048723369371585,
  "rpve_wm": 18.56191840851854,
  "size_x": 256,
  "size_y": 256,
  "size_z": 256,
  "snr_csf": 1.4584926659691175,
  "snr_gm": 9.6179349435519,
  "snr_total": 9.697468319788852,
  "snr_wm": 18.015977349845535,
  "snrd_csf": 9.685855133646578,
  "snrd_gm": 21.835476244317313,
  "snrd_total": 21.332160972545537,
  "snrd_wm": 32.47515153967272,
  "spacing_x": 0.9375,
  "spacing_y": 0.8999999761581421,
  "spacing_z": 0.9375,
  "summary_bg_k": 5.5283159495951555,
  "summary_bg_mad": 20.1741362836216,
  "summary_bg_mean": 17.98502071922499,
  "summary_bg_median": 13.607248142361641,
  "summary_bg_n": 5309909.0,
  "summary_bg_p05": 0.0,
  "summary_bg_p95": 64.02044308930635,
  "summary_bg_stdv": 24.24146632963294,
  "summary_csf_k": 20.053574944473056,
  "summary_csf_mad": 117.797273812171,
  "summary_csf_mean": 326.58678568834034,
  "summary_csf_median": 298.2642415985465,
  "summary_csf_n": 34300.0,
  "summary_csf_p05": 110.25023894272745,
  "summary_csf_p95": 547.2105057835579,
  "summary_csf_stdv": 204.49872711113755,
  "summary_gm_k": 0.09384185777554288,
  "summary_gm_mad": 69.28093631058344,
  "summary_gm_mean": 670.9764042410832,
  "summary_gm_median": 672.397188693285,
  "summary_gm_n": 56498.0,
  "summary_gm_p05": 553.6490573436022,
  "summary_gm_p95": 782.483145006001,
  "summary_gm_stdv": 69.91014619926291,
  "summary_wm_k": 0.5101801077620003,
  "summary_wm_mad": 52.45275433741616,
  "summary_wm_mean": 1001.5301800721468,
  "summary_wm_median": 1000.0331732332706,
  "summary_wm_n": 306094.0,
  "summary_wm_p05": 913.0795387625694,
  "summary_wm_p95": 1095.0847797691822,
  "summary_wm_stdv": 55.508037131340195,
  "tpm_overlap_csf": 0.12114754496410131,
  "tpm_overlap_gm": 0.4350252502348094,
  "tpm_overlap_wm": 0.4773099614116677,
  "wm2max": 0.5455296715719279
}