{
  "bids_meta": {
    "AcquisitionMatrixPE": 225,
    "AcquisitionNumber": 1,
    "AcquisitionTime": "12:07:34.167480",
    "BaseResolution": 256,
    "ConversionSoftware": "dcm2niix",
    "ConversionSoftwareVersion": "v1.0.20190410  GCC6.3.0",
    "DeviceSerialNumber": "18011",
    "EchoTime": 0.00335,
    "FlipAngle": 8,
    "ImageOrientationPatientDICOM": [
      0.996195,
      0.0871557,
      0,
      0,
      1.11022e-16,
      -1
    ],
    "ImageType": [
      "ORIGINAL",
      "PRIMARY",
      "M",
      "ND"
    ],
    "ImagingFrequency": 168.255,
    "InPlanePhaseEncodingDirectionDICOM": "ROW",
    "InversionTime": 0.7,
    "MRAcquisitionType": "3D",
    "MagneticFieldStrength": 3.95064,
    "Manufacturer": "Siemens",
    "ManufacturersModelName": "MedSpec_4T",
    "Modality": "MR",
    "PartialFourier": 0.875,
    "PatientPosition": "HFS",
    "PercentPhaseFOV": 100,
    "PhaseEncodingSteps": 197,
    "PhaseResolution": 0.878906,
    "PixelBandwidth": 200,
    "ProtocolName": "t1_mpr_cor",
    "PulseSequenceDetails": "%SiemensSeq%_tfl",
    "ReceiveCoilName": "Head_4T",
    "ReconMatrixPE": 256,
    "RepetitionTime": 1.5,
    "SAR": 0.00410509,
    "ScanOptions": "IR",
    "ScanningSequence": "IR_GR",
    "SequenceName": "tfl3d1_ns",
    "SequenceVariant": "SP_MP",
    "SeriesDescription": "t1_mpr_cor",
    "SeriesNumber": 8,
    "ShimSetting": [
      15,
      -11,
      9,
      1822,
      711,
      -4151,
      2691,
      28
    ],
    "SliceThickness": 0.9,
    "SoftwareVersions": "syngo_MR_2002B_4VA21A",
    "StationName": "wes4T",
    "TxRefAmp": 189.348,
    "dataset": "ds004169",
    "modality": "T1w",
    "session_id": "01",
    "subject_id": "0766"
  },
  "cjv": 0.337601535164105,
  "cnr": 3.8976799925633565,
  "efc": 0.43555286668075593,
  "fber": -1.0,
  "fwhm_avg": 4.466468783353108,
  "fwhm_x": 4.607338666666666,
  "fwhm_y": 4.825689016725991,
  "fwhm_z": 3.9663786666666665,
  "icvs_csf": 0.210605891755013,
  "icvs_gm": 0.43034380918913834,
  "icvs_wm": 0.3590502990558487,
  "inu_med": 0.7245063781738281,
  "inu_range": 0.4569497019052504,
  "provenance": {
    "md5sum": "39e0632fcecefa95fd6debcc7c8e39a4",
    "settings": {
      "testing": false
    },
    "software": "mriqc",
    "version": "23.0.1",
    "warnings": {
      "large_rot_frame": true,
      "small_air_mask": false
    },
    "webapi_port": null,
    "webapi_url": "https://mriqc.nimh.nih.gov/api/v1"
  },
  "qi_1": 0.0,
  "qi_2": 0.02450044405138494,
  "rpve_csf": 27.354011530935214,
  "rpve_gm": 14.337493509190985,
  "rpve_wm": 20.322696465491298,
  "size_x": 256,
  "size_y": 256,
  "size_z": 256,
  "snr_csf": 1.2801745000318796,
  "snr_gm": 9.138999585498146,
  "snr_total": 9.907027709964261,
  "snr_wm": 19.30190904436276,
  "snrd_csf": 8.358016776076685,
  "snrd_gm": 19.779010460345212,
  "snrd_total": 19.557433407412187,
  "snrd_wm": 30.53527298581466,
  "spacing_x": 0.9375,
  "spacing_y": 0.8999999761581421,
  "spacing_z": 0.9375,
  "summary_bg_k": 51.62262960780769,
  "summary_bg_mad": 0.0,
  "summary_bg_mean": 12.247217331770306,
  "summary_bg_median": 0.0,
  "summary_bg_n": 4871802.0,
  "summary_bg_p05": 0.0,
  "summary_bg_p95": 51.54199247807264,
  "summary_bg_stdv": 21.455069876700797,
  "summary_csf_k": 26.00003820898018,
  "summary_csf_mad": 107.95314671560111,
  "summary_csf_mean": 302.6546509617362,
  "summary_csf_median": 273.7167923524976,
  "summary_csf_n": 32417.0,
  "summary_csf_p05": 93.79290943145753,
  "summary_csf_p95": 513.4919910386201,
  "summary_csf_stdv": 213.80879755353345,
  "summary_gm_k": 0.1890331470651918,
  "summary_gm_mad": 69.34948115828796,
  "summary_gm_mean": 646.9521553685594,
  "summary_gm_median": 647.7430524677038,
  "summary_gm_n": 48258.0,
  "summary_gm_p05": 528.2911946069449,
  "summary_gm_p95": 760.5840895541013,
  "summary_gm_stdv": 70.87606637057719,
  "summary_wm_k": 0.5066736744836362,
  "summary_wm_mad": 49.573013147369345,
  "summary_wm_mean": 1000.0318906828445,
  "summary_wm_median": 1000.0000238344073,
  "summary_wm_n": 296973.0,
  "summary_wm_p05": 915.1851674750448,
  "summary_wm_p95": 1084.3382323682308,
  "summary_wm_stdv": 51.8082609279657,
  "tpm_overlap_csf": 0.13200627680125954,
  "tpm_overlap_gm": 0.45379947382584535,
  "tpm_overlap_wm": 0.5035067893858758,
  "wm2max": 0.47958034800409416
}