{
  "aor": 0.0027142519685039368,
  "aqi": 0.005974481181102361,
  "bids_meta": {
    "AcquisitionMatrixPE": 64,
    "AcquisitionNumber": 1,
    "AcquisitionTime": "10:09:26.484990",
    "BaseResolution": 64,
    "ConversionSoftware": "dcm2niix",
    "ConversionSoftwareVersion": "v1.0.20190410  GCC6.3.0",
    "DeviceSerialNumber": "18011",
    "EchoTime": 0.03,
    "FlipAngle": 90,
    "ImageComments": "Fake_MoCo_Reference_Volume_+_DiCo_Applied",
    "ImageOrientationPatientDICOM": [
      1,
      2.22045e-16,
      0,
      -2.22045e-16,
      0.968583,
      -0.24869
    ],
    "ImageType": [
      "ORIGINAL",
      "PRIMARY",
      "M",
      "ND",
      "DICO",
      "MOSAIC"
    ],
    "ImagingFrequency": 168.255,
    "InPlanePhaseEncodingDirectionDICOM": "COL",
    "MRAcquisitionType": "2D",
    "MagneticFieldStrength": 3.95064,
    "Manufacturer": "Siemens",
    "ManufacturersModelName": "MedSpec_4T",
    "Modality": "MR",
    "PartialFourier": 1,
    "PatientPosition": "HFS",
    "PercentPhaseFOV": 100,
    "PhaseEncodingDirection": "j-",
    "PhaseEncodingSteps": 64,
    "PhaseResolution": 1,
    "PixelBandwidth": 2790,
    "ProcedureStepDescription": "Research_fMRI",
    "ProtocolName": "Nback_dc_opt",
    "PulseSequenceDetails": "%CustomerSeq%_kt_ep2d_bold_dc",
    "ReceiveCoilName": "Head",
    "ReconMatrixPE": 64,
    "RepetitionTime": 2.1,
    "SAR": 0.0808121,
    "ScanOptions": "FS",
    "ScanningSequence": "SE_EP",
    "SequenceName": "epfid2d1_64",
    "SequenceVariant": "SK",
    "SeriesDescription": "Nback_dc_opt_DiCo",
    "SeriesNumber": 7,
    "ShimSetting": [
      4,
      14,
      60,
      2510,
      557,
      -7920,
      3549,
      50
    ],
    "SliceThickness": 3,
    "SoftwareVersions": "syngo_MR_2004A_4VA25A",
    "SpacingBetweenSlices": 3.6,
    "StationName": "WES4T",
    "TaskName": "nback",
    "TxRefAmp": 208.319,
    "dataset": "ds004169",
    "modality": "bold",
    "session_id": "01",
    "subject_id": "0371",
    "task_id": "nback"
  },
  "dummy_trs": 0,
  "dvars_nstd": 23.274812046984117,
  "dvars_std": 1.134315339206349,
  "dvars_vstd": 1.0163589322222217,
  "efc": 0.4820884339542276,
  "fber": 1691.996337890625,
  "fd_mean": 0.10770714387570554,
  "fd_num": 3,
  "fd_perc": 2.3622047244094486,
  "fwhm_avg": 1.6800378964371208,
  "fwhm_x": 1.590416695652174,
  "fwhm_y": 1.8654441739130436,
  "fwhm_z": 1.5842528197461452,
  "gcor": 0.0296939,
  "gsr_x": -0.018387921154499054,
  "gsr_y": 0.03278901055455208,
  "provenance": {
    "md5sum": "9b9c9ec1f3709dc134f6f981d1acfe5c",
    "settings": {
      "fd_thres": 0.2,
      "testing": false
    },
    "software": "mriqc",
    "version": "23.0.1",
    "webapi_port": null,
    "webapi_url": "https://mriqc.nimh.nih.gov/api/v1"
  },
  "size_t": 127,
  "size_x": 64,
  "size_y": 64,
  "size_z": 36,
  "snr": 5.770374797018358,
  "spacing_tr": 2.0999999046325684,
  "spacing_x": 3.59375,
  "spacing_y": 3.59375,
  "spacing_z": 3.5999999046325684,
  "summary_bg_k": 35.07746592890307,
  "summary_bg_mad": 8.813894410524016,
  "summary_bg_mean": 29.420316696166992,
  "summary_bg_median": 14.236220359802246,
  "summary_bg_n": 96784.0,
  "summary_bg_p05": 7.653543472290039,
  "summary_bg_p95": 96.2405517578123,
  "summary_bg_stdv": 42.861026763916016,
  "summary_fg_k": 4.471503307960755,
  "summary_fg_mad": 87.18165262914803,
  "summary_fg_mean": 607.9224853515625,
  "summary_fg_median": 603.3858032226562,
  "summary_fg_n": 20472.0,
  "summary_fg_p05": 459.06810607910154,
  "summary_fg_p95": 765.69765625,
  "summary_fg_stdv": 104.56358337402344,
  "tsnr": 63.68427645182237
}