{
  "bids_meta": {
    "AcquisitionMatrixPE": 225,
    "AcquisitionNumber": 1,
    "AcquisitionTime": "09:35:21.134980",
    "BaseResolution": 256,
    "ConversionSoftware": "dcm2niix",
    "ConversionSoftwareVersion": "v1.0.20190410  GCC6.3.0",
    "DeviceSerialNumber": "18011",
    "EchoTime": 0.00335,
    "FlipAngle": 8,
    "ImageOrientationPatientDICOM": [
      1,
      0,
      0,
      0,
      0,
      -1
    ],
    "ImageType": [
      "ORIGINAL",
      "PRIMARY",
      "M",
      "ND"
    ],
    "ImagingFrequency": 168.255,
    "InPlanePhaseEncodingDirectionDICOM": "ROW",
    "InversionTime": 0.7,
    "MRAcquisitionType": "3D",
    "MagneticFieldStrength": 3.95064,
    "Manufacturer": "Siemens",
    "ManufacturersModelName": "MedSpec_4T",
    "Modality": "MR",
    "PartialFourier": 0.875,
    "PatientPosition": "HFS",
    "PercentPhaseFOV": 100,
    "PhaseEncodingSteps": 197,
    "PhaseResolution": 0.878906,
    "PixelBandwidth": 200,
    "ProtocolName": "t1_mpr_cor",
    "PulseSequenceDetails": "%SiemensSeq%_tfl",
    "ReceiveCoilName": "Head_4T",
    "ReconMatrixPE": 256,
    "RepetitionTime": 1.5,
    "SAR": 0.00356189,
    "ScanOptions": "IR",
    "ScanningSequence": "IR_GR",
    "SequenceName": "tfl3d1_ns",
    "SequenceVariant": "SP_MP",
    "SeriesDescription": "t1_mpr_cor",
    "SeriesNumber": 8,
    "ShimSetting": [
      17,
      -13,
      36,
      1535,
      480,
      -4651,
      3526,
      56
    ],
    "SliceThickness": 0.9,
    "SoftwareVersions": "syngo_MR_2002B_4VA21A",
    "StationName": "wes4T",
    "TxRefAmp": 183.411,
    "dataset": "ds004169",
    "modality": "T1w",
    "session_id": "01",
    "subject_id": "0346"
  },
  "cjv": 0.38038481161658877,
  "cnr": 3.497741455711172,
  "efc": 0.43395729392037524,
  "fber": -1.0,
  "fwhm_avg": 4.2723438930498965,
  "fwhm_x": 4.408426666666667,
  "fwhm_y": 4.665522345816356,
  "fwhm_z": 3.7430826666666666,
  "icvs_csf": 0.18290094999270076,
  "icvs_gm": 0.4494592513662768,
  "icvs_wm": 0.3676397986410225,
  "inu_med": 0.6640801429748535,
  "inu_range": 0.4165138602256775,
  "provenance": {
    "md5sum": "a7b0d6cff9f55dca307cffaefb1bb146",
    "settings": {
      "testing": false
    },
    "software": "mriqc",
    "version": "23.0.1",
    "warnings": {
      "large_rot_frame": true,
      "small_air_mask": false
    },
    "webapi_port": null,
    "webapi_url": "https://mriqc.nimh.nih.gov/api/v1"
  },
  "qi_1": 0.0,
  "qi_2": 0.020224635426778718,
  "rpve_csf": 35.16166714769349,
  "rpve_gm": 15.745202069078061,
  "rpve_wm": 21.72088108686651,
  "size_x": 256,
  "size_y": 256,
  "size_z": 256,
  "snr_csf": 1.3759674337975707,
  "snr_gm": 10.186323127759493,
  "snr_total": 10.04781471916609,
  "snr_wm": 18.581153595941203,
  "snrd_csf": 9.201579475133,
  "snrd_gm": 20.21460928079529,
  "snrd_total": 19.59899211595015,
  "snrd_wm": 29.380787591922154,
  "spacing_x": 0.9375,
  "spacing_y": 0.8999999761581421,
  "spacing_z": 0.9375,
  "summary_bg_k": 14.723157614036964,
  "summary_bg_mad": 0.0,
  "summary_bg_mean": 12.828664394191419,
  "summary_bg_median": 0.0,
  "summary_bg_n": 3923350.0,
  "summary_bg_p05": 0.0,
  "summary_bg_p95": 55.057096760720015,
  "summary_bg_stdv": 22.29894939174501,
  "summary_csf_k": 14.847114085722822,
  "summary_csf_mad": 138.9870882546515,
  "summary_csf_mean": 347.44554066120344,
  "summary_csf_median": 313.19516827352345,
  "summary_csf_n": 22406.0,
  "summary_csf_p05": 109.27999508567154,
  "summary_csf_p95": 637.0124632958323,
  "summary_csf_stdv": 227.61307528889918,
  "summary_gm_k": 0.11774970328590406,
  "summary_gm_mad": 67.00623317477563,
  "summary_gm_mean": 688.1138419171787,
  "summary_gm_median": 688.0468698218465,
  "summary_gm_n": 52642.0,
  "summary_gm_p05": 576.4496568590403,
  "summary_gm_p95": 798.0869123712182,
  "summary_gm_stdv": 67.54550449754318,
  "summary_wm_k": 0.4648300354295358,
  "summary_wm_mad": 51.67010597562681,
  "summary_wm_mean": 1002.2965255330126,
  "summary_wm_median": 1000.0370847992599,
  "summary_wm_n": 246877.0,
  "summary_wm_p05": 918.1744116358459,
  "summary_wm_p95": 1093.91221543774,
  "summary_wm_stdv": 53.81985861418727,
  "tpm_overlap_csf": 0.12050199772395011,
  "tpm_overlap_gm": 0.46132037217165467,
  "tpm_overlap_wm": 0.49420834346790127,
  "wm2max": 0.48350840712723625
}