{
  "bids_meta": {
    "AcquisitionMatrixPE": 225,
    "AcquisitionNumber": 1,
    "AcquisitionTime": "07:58:40.442490",
    "BaseResolution": 256,
    "ConversionSoftware": "dcm2niix",
    "ConversionSoftwareVersion": "v1.0.20190410  GCC6.3.0",
    "DeviceSerialNumber": "18011",
    "EchoTime": 0.00335,
    "FlipAngle": 8,
    "ImageOrientationPatientDICOM": [
      1,
      0,
      0,
      0,
      0,
      -1
    ],
    "ImageType": [
      "ORIGINAL",
      "PRIMARY",
      "M",
      "ND"
    ],
    "ImagingFrequency": 168.255,
    "InPlanePhaseEncodingDirectionDICOM": "ROW",
    "InversionTime": 0.7,
    "MRAcquisitionType": "3D",
    "MagneticFieldStrength": 3.95064,
    "Manufacturer": "Siemens",
    "ManufacturersModelName": "MedSpec_4T",
    "Modality": "MR",
    "PartialFourier": 0.875,
    "PatientPosition": "HFS",
    "PercentPhaseFOV": 100,
    "PhaseEncodingSteps": 197,
    "PhaseResolution": 0.878906,
    "PixelBandwidth": 200,
    "ProtocolName": "t1_mpr_cor",
    "PulseSequenceDetails": "%SiemensSeq%_tfl",
    "ReceiveCoilName": "Head_4T",
    "ReconMatrixPE": 256,
    "RepetitionTime": 1.5,
    "SAR": 0.00524031,
    "ScanOptions": "IR",
    "ScanningSequence": "IR_GR",
    "SequenceName": "tfl3d1_ns",
    "SequenceVariant": "SP_MP",
    "SeriesDescription": "t1_mpr_cor",
    "SeriesNumber": 8,
    "ShimSetting": [
      7,
      -4,
      30,
      1752,
      409,
      -3933,
      2766,
      419
    ],
    "SliceThickness": 0.9,
    "SoftwareVersions": "syngo_MR_2002B_4VA21A",
    "StationName": "wes4T",
    "TxRefAmp": 199.491,
    "dataset": "ds004169",
    "modality": "T1w",
    "session_id": "01",
    "subject_id": "0435"
  },
  "cjv": 0.35532838602963984,
  "cnr": 3.7029525347051853,
  "efc": 0.4547899161756878,
  "fber": -1.0,
  "fwhm_avg": 4.57135678381876,
  "fwhm_x": 4.7248106666666665,
  "fwhm_y": 4.878422351456281,
  "fwhm_z": 4.1108373333333335,
  "icvs_csf": 0.1941110712312796,
  "icvs_gm": 0.4367457991443328,
  "icvs_wm": 0.36914312962438756,
  "inu_med": 0.5689277648925781,
  "inu_range": 0.35631129145622253,
  "provenance": {
    "md5sum": "3600d22c6e230c930f0437f64a115a99",
    "settings": {
      "testing": false
    },
    "software": "mriqc",
    "version": "23.0.1",
    "warnings": {
      "large_rot_frame": true,
      "small_air_mask": false
    },
    "webapi_port": null,
    "webapi_url": "https://mriqc.nimh.nih.gov/api/v1"
  },
  "qi_1": 1.7551188039918422e-06,
  "qi_2": 0.02341070660484212,
  "rpve_csf": 28.755520393144135,
  "rpve_gm": 13.95870820198711,
  "rpve_wm": 19.362012157744175,
  "size_x": 256,
  "size_y": 256,
  "size_z": 256,
  "snr_csf": 2.293067178663095,
  "snr_gm": 10.759183463201351,
  "snr_total": 11.488238283669107,
  "snr_wm": 21.41246420914288,
  "snrd_csf": 11.424860600212849,
  "snrd_gm": 24.979507860324862,
  "snrd_total": 24.085853658809384,
  "snrd_wm": 35.85319251589044,
  "spacing_x": 0.9375,
  "spacing_y": 0.8999999761581421,
  "spacing_z": 0.9375,
  "summary_bg_k": 14.181629076252374,
  "summary_bg_mad": 0.0,
  "summary_bg_mean": 12.086305294072226,
  "summary_bg_median": 0.0,
  "summary_bg_n": 3710821.0,
  "summary_bg_p05": 0.0,
  "summary_bg_p95": 46.06107709556818,
  "summary_bg_stdv": 18.273295070880387,
  "summary_csf_k": 10.001832742425293,
  "summary_csf_mad": 128.4812770721595,
  "summary_csf_mean": 323.50522903087165,
  "summary_csf_median": 318.6662333086133,
  "summary_csf_n": 32862.0,
  "summary_csf_p05": 119.49759861789644,
  "summary_csf_p95": 527.9844248447566,
  "summary_csf_stdv": 138.9673131624028,
  "summary_gm_k": 0.041820520506315795,
  "summary_gm_mad": 64.57257431907706,
  "summary_gm_mean": 697.3895879610561,
  "summary_gm_median": 696.7372258007526,
  "summary_gm_n": 48280.0,
  "summary_gm_p05": 590.5534576330334,
  "summary_gm_p95": 803.6359406933188,
  "summary_gm_stdv": 64.75677383491492,
  "summary_wm_k": 0.6594553394574691,
  "summary_wm_mad": 43.19590989405018,
  "summary_wm_mean": 1001.1896134373184,
  "summary_wm_median": 1000.0298656523228,
  "summary_wm_n": 293210.0,
  "summary_wm_p05": 927.0724629163742,
  "summary_wm_p95": 1080.7785458490252,
  "summary_wm_stdv": 46.70308613571433,
  "tpm_overlap_csf": 0.12461956426462065,
  "tpm_overlap_gm": 0.44118836514249116,
  "tpm_overlap_wm": 0.4870386919417405,
  "wm2max": 0.6151937146300908
}