{
  "bids_meta": {
    "AcquisitionMatrixPE": 225,
    "AcquisitionNumber": 1,
    "AcquisitionTime": "10:10:31.280010",
    "BaseResolution": 256,
    "ConversionSoftware": "dcm2niix",
    "ConversionSoftwareVersion": "v1.0.20190410  GCC6.3.0",
    "DeviceSerialNumber": "18011",
    "EchoTime": 0.00335,
    "FlipAngle": 8,
    "ImageOrientationPatientDICOM": [
      0,
      1,
      0,
      0,
      0,
      -1
    ],
    "ImageType": [
      "ORIGINAL",
      "PRIMARY",
      "M",
      "ND"
    ],
    "ImagingFrequency": 168.255,
    "InPlanePhaseEncodingDirectionDICOM": "ROW",
    "InversionTime": 0.7,
    "MRAcquisitionType": "3D",
    "MagneticFieldStrength": 3.95064,
    "Manufacturer": "Siemens",
    "ManufacturersModelName": "MedSpec_4T",
    "Modality": "MR",
    "PartialFourier": 0.875,
    "PatientPosition": "HFS",
    "PercentPhaseFOV": 100,
    "PhaseEncodingSteps": 197,
    "PhaseResolution": 0.878906,
    "PixelBandwidth": 200,
    "ProcedureStepDescription": "Research_fMRI",
    "ProtocolName": "t1_mpr_sag",
    "PulseSequenceDetails": "%SiemensSeq%_tfl",
    "ReceiveCoilName": "Head",
    "ReconMatrixPE": 256,
    "RepetitionTime": 1.5,
    "SAR": 0.0574617,
    "ScanOptions": "IR",
    "ScanningSequence": "IR_GR",
    "SequenceName": "tfl3d1_ns",
    "SequenceVariant": "SP_MP",
    "SeriesDescription": "t1_mpr_sag",
    "SeriesNumber": 2,
    "ShimSetting": [
      27,
      13,
      11,
      2123,
      257,
      -3644,
      2664,
      107
    ],
    "SliceThickness": 0.9,
    "SoftwareVersions": "syngo_MR_2004A_4VA25A",
    "StationName": "WES4T",
    "TxRefAmp": 200.383,
    "dataset": "ds004169",
    "modality": "T1w",
    "session_id": "02",
    "subject_id": "1191"
  },
  "cjv": 0.3256133540289604,
  "cnr": 4.038763609684392,
  "efc": 0.4822065680405047,
  "fber": 16697.771741864093,
  "fwhm_avg": 4.951516489881729,
  "fwhm_x": 5.145600136311852,
  "fwhm_y": 5.333952,
  "fwhm_z": 4.374997333333334,
  "icvs_csf": 0.17656888050794334,
  "icvs_gm": 0.4545981579134539,
  "icvs_wm": 0.36883296157860274,
  "inu_med": 0.6356819272041321,
  "inu_range": 0.44712120294570923,
  "provenance": {
    "md5sum": "1bbb40c3de44aac9d818ad5239ee18a7",
    "settings": {
      "testing": false
    },
    "software": "mriqc",
    "version": "23.0.1",
    "warnings": {
      "large_rot_frame": true,
      "small_air_mask": false
    },
    "webapi_port": null,
    "webapi_url": "https://mriqc.nimh.nih.gov/api/v1"
  },
  "qi_1": 0.0,
  "qi_2": 0.004742355611034895,
  "rpve_csf": 26.544655867485304,
  "rpve_gm": 11.461139532216958,
  "rpve_wm": 16.18611502577456,
  "size_x": 240,
  "size_y": 256,
  "size_z": 256,
  "snr_csf": 1.9215489481210222,
  "snr_gm": 10.14199533037228,
  "snr_total": 10.883879180481047,
  "snr_wm": 20.58809326294984,
  "snrd_csf": 27.949929551618816,
  "snrd_gm": 65.95859551681804,
  "snrd_total": 64.43955316328048,
  "snrd_wm": 99.41013442140456,
  "spacing_x": 0.8999999761581421,
  "spacing_y": 0.9375,
  "spacing_z": 0.9375,
  "summary_bg_k": 6.128886774226697,
  "summary_bg_mad": 6.590461067450429,
  "summary_bg_mean": 11.830047555780208,
  "summary_bg_median": 4.445198439061642,
  "summary_bg_n": 4165089.0,
  "summary_bg_p05": 0.0,
  "summary_bg_p95": 47.09874376654625,
  "summary_bg_stdv": 17.400800720910723,
  "summary_csf_k": 15.897125886494702,
  "summary_csf_mad": 117.77304854123247,
  "summary_csf_mean": 284.5263759511113,
  "summary_csf_median": 281.1672844737768,
  "summary_csf_n": 36579.0,
  "summary_csf_p05": 75.69731815159321,
  "summary_csf_p95": 478.5917809493839,
  "summary_csf_stdv": 146.32124850847913,
  "summary_gm_k": 0.08446487427277871,
  "summary_gm_mad": 64.8481245491878,
  "summary_gm_mean": 663.3888435263756,
  "summary_gm_median": 663.5222158581018,
  "summary_gm_n": 76801.0,
  "summary_gm_p05": 556.0909314453602,
  "summary_gm_p95": 770.0033815205097,
  "summary_gm_stdv": 65.42281616982746,
  "summary_wm_k": 0.8522139588952493,
  "summary_wm_mad": 44.72457930506436,
  "summary_wm_mean": 1001.5021636423586,
  "summary_wm_median": 1000.0339175388217,
  "summary_wm_n": 315419.0,
  "summary_wm_p05": 924.6012753248215,
  "summary_wm_p95": 1083.3389722555876,
  "summary_wm_stdv": 48.57333408773799,
  "tpm_overlap_csf": 0.13242128849096396,
  "tpm_overlap_gm": 0.4496074429901063,
  "tpm_overlap_wm": 0.4935373168808695,
  "wm2max": 0.5800044342166479
}