{
  "aor": 0.006345984251968504,
  "aqi": 0.015829754015748033,
  "bids_meta": {
    "AcquisitionMatrixPE": 64,
    "AcquisitionNumber": 1,
    "AcquisitionTime": "09:32:50.080000",
    "BaseResolution": 64,
    "ConversionSoftware": "dcm2niix",
    "ConversionSoftwareVersion": "v1.0.20190410  GCC6.3.0",
    "DeviceSerialNumber": "18011",
    "EchoTime": 0.03,
    "FlipAngle": 90,
    "ImageComments": "Fake_MoCo_Reference_Volume_+_DiCo_Applied",
    "ImageOrientationPatientDICOM": [
      1,
      0,
      0,
      0,
      1,
      0
    ],
    "ImageType": [
      "ORIGINAL",
      "PRIMARY",
      "M",
      "ND",
      "MOSAIC"
    ],
    "ImagingFrequency": 168.217,
    "InPlanePhaseEncodingDirectionDICOM": "COL",
    "MRAcquisitionType": "2D",
    "MagneticFieldStrength": 3.95064,
    "Manufacturer": "Siemens",
    "ManufacturersModelName": "MedSpec_4T",
    "Modality": "MR",
    "PartialFourier": 1,
    "PatientPosition": "HFS",
    "PercentPhaseFOV": 100,
    "PhaseEncodingDirection": "j-",
    "PhaseEncodingSteps": 64,
    "PhaseResolution": 1,
    "PixelBandwidth": 2790,
    "ProtocolName": "Nback_dc",
    "PulseSequenceDetails": "%CustomerSeq%_mz_ep2d_bold_dc",
    "ReceiveCoilName": "Head_4T",
    "ReconMatrixPE": 64,
    "RepetitionTime": 2.1,
    "SAR": 0.0474489,
    "ScanOptions": "FS",
    "ScanningSequence": "SE_EP",
    "SequenceName": "epfid2d1_64",
    "SequenceVariant": "SK",
    "SeriesDescription": "Nback_dc_DiCo",
    "SeriesNumber": 7,
    "ShimSetting": [
      5,
      -11,
      -7,
      1908,
      762,
      -4713,
      3315,
      248
    ],
    "SliceThickness": 3,
    "SoftwareVersions": "syngo_MR_2002B_4VA21A",
    "SpacingBetweenSlices": 3.6,
    "StationName": "wes4T",
    "TaskName": "nback",
    "TxRefAmp": 199.264,
    "dataset": "ds004169",
    "modality": "bold",
    "session_id": "01",
    "subject_id": "0669",
    "task_id": "nback"
  },
  "dummy_trs": 0,
  "dvars_nstd": 29.57988237944443,
  "dvars_std": 1.0015598046031746,
  "dvars_vstd": 0.988155983730159,
  "efc": 0.47290626315480383,
  "fber": 1745.034912109375,
  "fd_mean": 0.20156822483610112,
  "fd_num": 30,
  "fd_perc": 23.62204724409449,
  "fwhm_avg": 1.7522845995194893,
  "fwhm_x": 1.6243951304347826,
  "fwhm_y": 2.118569739130435,
  "fwhm_z": 1.5138889289932498,
  "gcor": 0.0120711,
  "gsr_x": -0.02274688519537449,
  "gsr_y": 0.03914838284254074,
  "provenance": {
    "md5sum": "11d3395b336f11607051f69d28f8e339",
    "settings": {
      "fd_thres": 0.2,
      "testing": false
    },
    "software": "mriqc",
    "version": "23.0.1",
    "webapi_port": null,
    "webapi_url": "https://mriqc.nimh.nih.gov/api/v1"
  },
  "size_t": 127,
  "size_x": 64,
  "size_y": 64,
  "size_z": 36,
  "snr": 5.331856923188066,
  "spacing_tr": 2.0999999046325684,
  "spacing_x": 3.59375,
  "spacing_y": 3.59375,
  "spacing_z": 3.5999999046325684,
  "summary_bg_k": 22.02845715124166,
  "summary_bg_mad": 10.179757766449608,
  "summary_bg_mean": 29.304363250732422,
  "summary_bg_median": 15.874015808105469,
  "summary_bg_n": 97551.0,
  "summary_bg_p05": 7.228346347808838,
  "summary_bg_p95": 93.74409484863281,
  "summary_bg_stdv": 34.39973068237305,
  "summary_fg_k": 2.425664272734828,
  "summary_fg_mad": 114.0378009576849,
  "summary_fg_mean": 666.0751953125,
  "summary_fg_median": 661.779541015625,
  "summary_fg_n": 19960.0,
  "summary_fg_p05": 476.36890411376953,
  "summary_fg_p95": 861.8511901855469,
  "summary_fg_stdv": 124.11491394042969,
  "tsnr": 36.24022426782176
}