{
  "bids_meta": {
    "AcquisitionMatrixPE": 225,
    "AcquisitionNumber": 1,
    "AcquisitionTime": "08:41:29.447500",
    "BaseResolution": 256,
    "ConversionSoftware": "dcm2niix",
    "ConversionSoftwareVersion": "v1.0.20190410  GCC6.3.0",
    "DeviceSerialNumber": "18011",
    "EchoTime": 0.00335,
    "FlipAngle": 8,
    "ImageOrientationPatientDICOM": [
      1,
      0,
      0,
      0,
      0,
      -1
    ],
    "ImageType": [
      "ORIGINAL",
      "PRIMARY",
      "M",
      "ND"
    ],
    "ImagingFrequency": 168.217,
    "InPlanePhaseEncodingDirectionDICOM": "ROW",
    "InversionTime": 0.7,
    "MRAcquisitionType": "3D",
    "MagneticFieldStrength": 3.95064,
    "Manufacturer": "Siemens",
    "ManufacturersModelName": "MedSpec_4T",
    "Modality": "MR",
    "PartialFourier": 0.875,
    "PatientPosition": "HFS",
    "PercentPhaseFOV": 100,
    "PhaseEncodingSteps": 197,
    "PhaseResolution": 0.878906,
    "PixelBandwidth": 200,
    "ProtocolName": "t1_mpr_cor",
    "PulseSequenceDetails": "%SiemensSeq%_tfl",
    "ReceiveCoilName": "Head_4T",
    "ReconMatrixPE": 256,
    "RepetitionTime": 1.5,
    "SAR": 0.00552216,
    "ScanOptions": "IR",
    "ScanningSequence": "IR_GR",
    "SequenceName": "tfl3d1_ns",
    "SequenceVariant": "SP_MP",
    "SeriesDescription": "t1_mpr_cor",
    "SeriesNumber": 8,
    "ShimSetting": [
      40,
      -43,
      -14,
      1697,
      422,
      -4079,
      2919,
      -15
    ],
    "SliceThickness": 0.9,
    "SoftwareVersions": "syngo_MR_2002B_4VA21A",
    "StationName": "wes4T",
    "TxRefAmp": 175.921,
    "dataset": "ds004169",
    "modality": "T1w",
    "session_id": "01",
    "subject_id": "0524"
  },
  "cjv": 0.3351421541069035,
  "cnr": 3.867152559107168,
  "efc": 0.4476632036899439,
  "fber": 952.6811415903624,
  "fwhm_avg": 4.426510264096767,
  "fwhm_x": 4.593621333333333,
  "fwhm_y": 4.742133458956969,
  "fwhm_z": 3.943776,
  "icvs_csf": 0.23198194551529383,
  "icvs_gm": 0.42224122152024773,
  "icvs_wm": 0.34577683296445844,
  "inu_med": 0.6481443047523499,
  "inu_range": 0.39982910156249973,
  "provenance": {
    "md5sum": "fa08d0a20ecff20045081a5965bf7407",
    "settings": {
      "testing": false
    },
    "software": "mriqc",
    "version": "23.0.1",
    "warnings": {
      "large_rot_frame": true,
      "small_air_mask": false
    },
    "webapi_port": null,
    "webapi_url": "https://mriqc.nimh.nih.gov/api/v1"
  },
  "qi_1": 0.0,
  "qi_2": 0.02917022366610353,
  "rpve_csf": 25.728232515973193,
  "rpve_gm": 14.65476090435201,
  "rpve_wm": 21.305176836844275,
  "size_x": 256,
  "size_y": 256,
  "size_z": 256,
  "snr_csf": 2.215621114714453,
  "snr_gm": 9.494348953121962,
  "snr_total": 10.378524237984777,
  "snr_wm": 19.425602646117916,
  "snrd_csf": 6.859147892464658,
  "snrd_gm": 16.32767205461054,
  "snrd_total": 16.024149663483545,
  "snrd_wm": 24.885629043375435,
  "spacing_x": 0.9375,
  "spacing_y": 0.8999999761581421,
  "spacing_z": 0.9375,
  "summary_bg_k": 16.12789582574222,
  "summary_bg_mad": 26.325893490177577,
  "summary_bg_mean": 17.507384350198187,
  "summary_bg_median": 17.756545323878527,
  "summary_bg_n": 5882590.0,
  "summary_bg_p05": 0.0,
  "summary_bg_p95": 58.709821708500385,
  "summary_bg_stdv": 21.96506367975511,
  "summary_csf_k": 19.610105733976585,
  "summary_csf_mad": 106.22477552140859,
  "summary_csf_mean": 276.4267898414508,
  "summary_csf_median": 275.62687228247523,
  "summary_csf_n": 45378.0,
  "summary_csf_p05": 95.76936109364033,
  "summary_csf_p95": 455.6307437982411,
  "summary_csf_stdv": 124.40025662571175,
  "summary_gm_k": 0.22534180290667516,
  "summary_gm_mad": 67.43195424311426,
  "summary_gm_mean": 654.1571435693572,
  "summary_gm_median": 656.1084919907153,
  "summary_gm_n": 38816.0,
  "summary_gm_p05": 536.4175019906834,
  "summary_gm_p95": 763.3105276785791,
  "summary_gm_stdv": 69.10426861858325,
  "summary_wm_k": 0.7921617690238039,
  "summary_wm_mad": 47.82059657313749,
  "summary_wm_mean": 1000.233597341369,
  "summary_wm_median": 1000.0000299662352,
  "summary_wm_n": 265868.0,
  "summary_wm_p05": 915.8014192469418,
  "summary_wm_p95": 1083.701567877084,
  "summary_wm_stdv": 51.47835912991659,
  "tpm_overlap_csf": 0.12954725070441692,
  "tpm_overlap_gm": 0.45971368490773307,
  "tpm_overlap_wm": 0.5015253554514023,
  "wm2max": 0.5902584935946995
}