{
  "bids_meta": {
    "AcquisitionMatrixPE": 225,
    "AcquisitionNumber": 1,
    "AcquisitionTime": "09:23:16.805020",
    "BaseResolution": 256,
    "ConversionSoftware": "dcm2niix",
    "ConversionSoftwareVersion": "v1.0.20190410  GCC6.3.0",
    "DeviceSerialNumber": "18011",
    "EchoTime": 0.00335,
    "FlipAngle": 8,
    "ImageOrientationPatientDICOM": [
      1,
      0,
      0,
      0,
      -0.104528,
      -0.994522
    ],
    "ImageType": [
      "ORIGINAL",
      "PRIMARY",
      "M",
      "ND"
    ],
    "ImagingFrequency": 168.217,
    "InPlanePhaseEncodingDirectionDICOM": "ROW",
    "InversionTime": 0.7,
    "MRAcquisitionType": "3D",
    "MagneticFieldStrength": 3.95064,
    "Manufacturer": "Siemens",
    "ManufacturersModelName": "MedSpec_4T",
    "Modality": "MR",
    "PartialFourier": 0.875,
    "PatientPosition": "HFS",
    "PercentPhaseFOV": 100,
    "PhaseEncodingSteps": 197,
    "PhaseResolution": 0.878906,
    "PixelBandwidth": 200,
    "ProtocolName": "t1_mpr_cor",
    "PulseSequenceDetails": "%SiemensSeq%_tfl",
    "ReceiveCoilName": "Head_4T",
    "ReconMatrixPE": 256,
    "RepetitionTime": 1.5,
    "SAR": 0.00404747,
    "ScanOptions": "IR",
    "ScanningSequence": "IR_GR",
    "SequenceName": "tfl3d1_ns",
    "SequenceVariant": "SP_MP",
    "SeriesDescription": "t1_mpr_cor",
    "SeriesNumber": 8,
    "ShimSetting": [
      11,
      -37,
      163,
      573,
      1571,
      -3551,
      3630,
      145
    ],
    "SliceThickness": 0.9,
    "SoftwareVersions": "syngo_MR_2002B_4VA21A",
    "StationName": "wes4T",
    "TxRefAmp": 185.761,
    "dataset": "ds004169",
    "modality": "T1w",
    "session_id": "01",
    "subject_id": "0865"
  },
  "cjv": 0.3496639786441913,
  "cnr": 3.797573577120879,
  "efc": 0.45414028740967355,
  "fber": -1.0,
  "fwhm_avg": 4.333640485418003,
  "fwhm_x": 4.410837333333333,
  "fwhm_y": 4.640100122920676,
  "fwhm_z": 3.949984,
  "icvs_csf": 0.21391256167724373,
  "icvs_gm": 0.44407738234451183,
  "icvs_wm": 0.3420100559782444,
  "inu_med": 0.6593333184719086,
  "inu_range": 0.4379399970173835,
  "provenance": {
    "md5sum": "aa27c63ec733913fb76eb9e8af63a9a3",
    "settings": {
      "testing": false
    },
    "software": "mriqc",
    "version": "23.0.1",
    "warnings": {
      "large_rot_frame": true,
      "small_air_mask": false
    },
    "webapi_port": null,
    "webapi_url": "https://mriqc.nimh.nih.gov/api/v1"
  },
  "qi_1": 0.0,
  "qi_2": 0.040573583012718385,
  "rpve_csf": 26.844190996047903,
  "rpve_gm": 13.883552606209165,
  "rpve_wm": 20.677991512875774,
  "size_x": 256,
  "size_y": 256,
  "size_z": 256,
  "snr_csf": 1.6146709632976823,
  "snr_gm": 10.047345543805923,
  "snr_total": 10.297435040166024,
  "snr_wm": 19.230288613394464,
  "snrd_csf": 9.72783233090629,
  "snrd_gm": 23.90005741019293,
  "snrd_total": 23.081241400728505,
  "snrd_wm": 35.61583446108631,
  "spacing_x": 0.9375,
  "spacing_y": 0.8999999761581421,
  "spacing_z": 0.9375,
  "summary_bg_k": 10.000288335880933,
  "summary_bg_mad": 0.0,
  "summary_bg_mean": 11.311293072192129,
  "summary_bg_median": 0.0,
  "summary_bg_n": 5355782.0,
  "summary_bg_p05": 0.0,
  "summary_bg_p95": 48.1628737449646,
  "summary_bg_stdv": 18.394525784123072,
  "summary_csf_k": 31.62001366893417,
  "summary_csf_mad": 81.99988169347982,
  "summary_csf_mean": 291.0103545882446,
  "summary_csf_median": 273.1322250366211,
  "summary_csf_n": 39506.0,
  "summary_csf_p05": 108.91954672336578,
  "summary_csf_p95": 475.97087037563324,
  "summary_csf_stdv": 169.15444346139782,
  "summary_gm_k": 0.07868944304008707,
  "summary_gm_mad": 66.39774204153123,
  "summary_gm_mean": 669.6348452482665,
  "summary_gm_median": 671.0514364242554,
  "summary_gm_n": 46908.0,
  "summary_gm_p05": 557.0973596334458,
  "summary_gm_p95": 776.2862691879272,
  "summary_gm_stdv": 66.78821591374849,
  "summary_wm_k": 0.5951600284285448,
  "summary_wm_mad": 48.62371363121479,
  "summary_wm_mean": 1000.3141445803494,
  "summary_wm_median": 999.9999775886536,
  "summary_wm_n": 245452.0,
  "summary_wm_p05": 915.0348086357117,
  "summary_wm_p95": 1086.0414118766785,
  "summary_wm_stdv": 52.00119252666516,
  "tpm_overlap_csf": 0.1300734562195734,
  "tpm_overlap_gm": 0.43506173064477544,
  "tpm_overlap_wm": 0.4582217650458987,
  "wm2max": 0.5768958796847243
}