{
  "bids_meta": {
    "AcquisitionMatrixPE": 225,
    "AcquisitionNumber": 1,
    "AcquisitionTime": "12:39:29.280010",
    "BaseResolution": 256,
    "ConversionSoftware": "dcm2niix",
    "ConversionSoftwareVersion": "v1.0.20190410  GCC6.3.0",
    "DeviceSerialNumber": "18011",
    "EchoTime": 0.00335,
    "FlipAngle": 8,
    "ImageOrientationPatientDICOM": [
      1,
      0,
      0,
      0,
      0,
      -1
    ],
    "ImageType": [
      "ORIGINAL",
      "PRIMARY",
      "M",
      "ND"
    ],
    "ImagingFrequency": 168.255,
    "InPlanePhaseEncodingDirectionDICOM": "ROW",
    "InversionTime": 0.7,
    "MRAcquisitionType": "3D",
    "MagneticFieldStrength": 3.95064,
    "Manufacturer": "Siemens",
    "ManufacturersModelName": "MedSpec_4T",
    "Modality": "MR",
    "PartialFourier": 0.875,
    "PatientPosition": "HFS",
    "PercentPhaseFOV": 100,
    "PhaseEncodingSteps": 197,
    "PhaseResolution": 0.878906,
    "PixelBandwidth": 200,
    "ProcedureStepDescription": "Research_fMRI",
    "ProtocolName": "t1_mpr_cor",
    "PulseSequenceDetails": "%SiemensSeq%_tfl",
    "ReceiveCoilName": "Head",
    "ReconMatrixPE": 256,
    "RepetitionTime": 1.5,
    "SAR": 0.0596591,
    "ScanOptions": "IR",
    "ScanningSequence": "IR_GR",
    "SequenceName": "tfl3d1_ns",
    "SequenceVariant": "SP_MP",
    "SeriesDescription": "t1_mpr_cor",
    "SeriesNumber": 2,
    "ShimSetting": [
      19,
      19,
      21,
      1802,
      983,
      -3727,
      2589,
      -44
    ],
    "SliceThickness": 0.9,
    "SoftwareVersions": "syngo_MR_2004A_4VA25A",
    "StationName": "WES4T",
    "TxRefAmp": 220.032,
    "dataset": "ds004169",
    "modality": "T1w",
    "session_id": "02",
    "subject_id": "1271"
  },
  "cjv": 0.34479894608439315,
  "cnr": 3.8404101255806506,
  "efc": 0.47977966743945305,
  "fber": 12161.785990481856,
  "fwhm_avg": 5.071025087246912,
  "fwhm_x": 5.1344959999999995,
  "fwhm_y": 5.686077928407403,
  "fwhm_z": 4.392501333333333,
  "icvs_csf": 0.20163675867695044,
  "icvs_gm": 0.43550841184261213,
  "icvs_wm": 0.36285482948043746,
  "inu_med": 0.6567702293395996,
  "inu_range": 0.4991988152265548,
  "provenance": {
    "md5sum": "e51b7438c6b77b79ac59e3f9d2fbd355",
    "settings": {
      "testing": false
    },
    "software": "mriqc",
    "version": "23.0.1",
    "warnings": {
      "large_rot_frame": true,
      "small_air_mask": false
    },
    "webapi_port": null,
    "webapi_url": "https://mriqc.nimh.nih.gov/api/v1"
  },
  "qi_1": 0.0,
  "qi_2": 0.0043811502430962735,
  "rpve_csf": 22.935603192642045,
  "rpve_gm": 11.333477286401704,
  "rpve_wm": 15.962234693533265,
  "size_x": 256,
  "size_y": 240,
  "size_z": 256,
  "snr_csf": 1.9302940008197622,
  "snr_gm": 11.026722858923991,
  "snr_total": 11.418536062619973,
  "snr_wm": 21.298591328116164,
  "snrd_csf": 26.744648806834928,
  "snrd_gm": 61.14246199026859,
  "snrd_total": 58.798539754372314,
  "snrd_wm": 88.50850846601341,
  "spacing_x": 0.9375,
  "spacing_y": 0.8999999761581421,
  "spacing_z": 0.9375,
  "summary_bg_k": 3.8989325769888543,
  "summary_bg_mad": 7.402216434534865,
  "summary_bg_mean": 13.55270163825102,
  "summary_bg_median": 4.992719113826752,
  "summary_bg_n": 4100244.0,
  "summary_bg_p05": 0.0,
  "summary_bg_p95": 52.28486405313015,
  "summary_bg_stdv": 18.77910110627831,
  "summary_csf_k": 17.57977942822072,
  "summary_csf_mad": 127.12278640697724,
  "summary_csf_mean": 306.9095809867007,
  "summary_csf_median": 302.1808571983129,
  "summary_csf_n": 57020.0,
  "summary_csf_p05": 91.60252707451582,
  "summary_csf_p95": 507.35040828213096,
  "summary_csf_stdv": 156.54517253788217,
  "summary_gm_k": 0.14874029079894457,
  "summary_gm_mad": 61.993562639229495,
  "summary_gm_mean": 690.5238187238809,
  "summary_gm_median": 690.8328357152641,
  "summary_gm_n": 61913.0,
  "summary_gm_p05": 587.0258841402829,
  "summary_gm_p95": 792.2127710543573,
  "summary_gm_stdv": 62.65027837100456,
  "summary_wm_k": 0.6246159661985624,
  "summary_wm_mad": 44.61891573039071,
  "summary_wm_mean": 1001.1045929919952,
  "summary_wm_median": 1000.0347041673958,
  "summary_wm_n": 334841.0,
  "summary_wm_p05": 926.2534105964005,
  "summary_wm_p95": 1079.7795233465731,
  "summary_wm_stdv": 46.953021233299694,
  "tpm_overlap_csf": 0.13720249739775692,
  "tpm_overlap_gm": 0.45048265781530705,
  "tpm_overlap_wm": 0.4952244769609808,
  "wm2max": 0.5513859682661059
}