{
  "bids_meta": {
    "AcquisitionMatrixPE": 225,
    "AcquisitionNumber": 1,
    "AcquisitionTime": "08:55:40.500020",
    "BaseResolution": 256,
    "ConversionSoftware": "dcm2niix",
    "ConversionSoftwareVersion": "v1.0.20190410  GCC6.3.0",
    "DeviceSerialNumber": "18011",
    "EchoTime": 0.00335,
    "FlipAngle": 8,
    "ImageOrientationPatientDICOM": [
      1,
      0,
      0,
      0,
      0,
      -1
    ],
    "ImageType": [
      "ORIGINAL",
      "PRIMARY",
      "M",
      "ND"
    ],
    "ImagingFrequency": 168.217,
    "InPlanePhaseEncodingDirectionDICOM": "ROW",
    "InversionTime": 0.7,
    "MRAcquisitionType": "3D",
    "MagneticFieldStrength": 3.95064,
    "Manufacturer": "Siemens",
    "ManufacturersModelName": "MedSpec_4T",
    "Modality": "MR",
    "PartialFourier": 0.875,
    "PatientPosition": "HFS",
    "PercentPhaseFOV": 100,
    "PhaseEncodingSteps": 197,
    "PhaseResolution": 0.878906,
    "PixelBandwidth": 200,
    "ProtocolName": "t1_mpr_cor",
    "PulseSequenceDetails": "%SiemensSeq%_tfl",
    "ReceiveCoilName": "Head_4T",
    "ReconMatrixPE": 256,
    "RepetitionTime": 1.5,
    "SAR": 0.00356382,
    "ScanOptions": "IR",
    "ScanningSequence": "IR_GR",
    "SequenceName": "tfl3d1_ns",
    "SequenceVariant": "SP_MP",
    "SeriesDescription": "t1_mpr_cor",
    "SeriesNumber": 9,
    "ShimSetting": [
      6,
      -11,
      -7,
      614,
      136,
      -3875,
      3483,
      -357
    ],
    "SliceThickness": 0.9,
    "SoftwareVersions": "syngo_MR_2002B_4VA21A",
    "StationName": "wes4T",
    "TxRefAmp": 187.665,
    "dataset": "ds004169",
    "modality": "T1w",
    "session_id": "01",
    "subject_id": "0337"
  },
  "cjv": 0.35755982378790274,
  "cnr": 3.606892483006491,
  "efc": 0.4396782287603173,
  "fber": -1.0,
  "fwhm_avg": 4.509128636092897,
  "fwhm_x": 4.609216,
  "fwhm_y": 4.926244574945359,
  "fwhm_z": 3.9919253333333335,
  "icvs_csf": 0.23371134183377434,
  "icvs_gm": 0.40909947606088204,
  "icvs_wm": 0.3571891821053436,
  "inu_med": 0.7675757110118866,
  "inu_range": 0.4291950762271881,
  "provenance": {
    "md5sum": "70bdb8ef82ea313f589bdbfcb0cfce8a",
    "settings": {
      "testing": false
    },
    "software": "mriqc",
    "version": "23.0.1",
    "warnings": {
      "large_rot_frame": true,
      "small_air_mask": false
    },
    "webapi_port": null,
    "webapi_url": "https://mriqc.nimh.nih.gov/api/v1"
  },
  "qi_1": 0.0,
  "qi_2": 0.023006457808325657,
  "rpve_csf": 28.000936879820816,
  "rpve_gm": 16.172671402081995,
  "rpve_wm": 21.875132390260273,
  "size_x": 256,
  "size_y": 256,
  "size_z": 256,
  "snr_csf": 2.0097249150789027,
  "snr_gm": 8.541697926804218,
  "snr_total": 9.383949344735555,
  "snr_wm": 17.600425192323545,
  "snrd_csf": 5.303453971968308,
  "snrd_gm": 13.61538445318184,
  "snrd_total": 13.37261201886849,
  "snrd_wm": 21.198997631455324,
  "spacing_x": 0.9375,
  "spacing_y": 0.8999999761581421,
  "spacing_z": 0.9375,
  "summary_bg_k": 37.78833200830712,
  "summary_bg_mad": 0.0,
  "summary_bg_mean": 16.075015679708624,
  "summary_bg_median": 0.0,
  "summary_bg_n": 4825323.0,
  "summary_bg_p05": 0.0,
  "summary_bg_p95": 68.15322507172823,
  "summary_bg_stdv": 30.904122772210645,
  "summary_csf_k": 25.628717057150855,
  "summary_csf_mad": 108.03948502970898,
  "summary_csf_mean": 255.67494800961782,
  "summary_csf_median": 250.17476157099009,
  "summary_csf_n": 36461.0,
  "summary_csf_p05": 79.44219517335296,
  "summary_csf_p95": 436.42529306188226,
  "summary_csf_stdv": 124.48038482939266,
  "summary_gm_k": 0.08912563064824042,
  "summary_gm_mad": 73.814027062264,
  "summary_gm_mean": 640.7391106710304,
  "summary_gm_median": 642.2655079644173,
  "summary_gm_n": 32572.0,
  "summary_gm_p05": 513.6149367706851,
  "summary_gm_p95": 761.6734533272684,
  "summary_gm_stdv": 75.19063003941498,
  "summary_wm_k": 0.6029773726718068,
  "summary_wm_mad": 54.0974687630773,
  "summary_wm_mean": 1000.5521764723709,
  "summary_wm_median": 1000.0000388473272,
  "summary_wm_n": 270581.0,
  "summary_wm_p05": 908.4999653920531,
  "summary_wm_p95": 1093.7019857279956,
  "summary_wm_stdv": 56.81670641719505,
  "tpm_overlap_csf": 0.12983112390973564,
  "tpm_overlap_gm": 0.4498121263257089,
  "tpm_overlap_wm": 0.4925978818309706,
  "wm2max": 0.45468275203044467
}