{
  "bids_meta": {
    "AcquisitionMatrixPE": 225,
    "AcquisitionNumber": 1,
    "AcquisitionTime": "09:46:20.745010",
    "BaseResolution": 256,
    "ConversionSoftware": "dcm2niix",
    "ConversionSoftwareVersion": "v1.0.20190410  GCC6.3.0",
    "DeviceSerialNumber": "18011",
    "EchoTime": 0.00335,
    "FlipAngle": 8,
    "ImageOrientationPatientDICOM": [
      1,
      0,
      0,
      0,
      0,
      -1
    ],
    "ImageType": [
      "ORIGINAL",
      "PRIMARY",
      "M",
      "ND"
    ],
    "ImagingFrequency": 168.255,
    "InPlanePhaseEncodingDirectionDICOM": "ROW",
    "InversionTime": 0.7,
    "MRAcquisitionType": "3D",
    "MagneticFieldStrength": 3.95064,
    "Manufacturer": "Siemens",
    "ManufacturersModelName": "MedSpec_4T",
    "Modality": "MR",
    "PartialFourier": 0.875,
    "PatientPosition": "HFS",
    "PercentPhaseFOV": 100,
    "PhaseEncodingSteps": 197,
    "PhaseResolution": 0.878906,
    "PixelBandwidth": 200,
    "ProtocolName": "t1_mpr_cor",
    "PulseSequenceDetails": "%SiemensSeq%_tfl",
    "ReceiveCoilName": "Head_4T",
    "ReconMatrixPE": 256,
    "RepetitionTime": 1.5,
    "SAR": 0.00471568,
    "ScanOptions": "IR",
    "ScanningSequence": "IR_GR",
    "SequenceName": "tfl3d1_ns",
    "SequenceVariant": "SP_MP",
    "SeriesDescription": "t1_mpr_cor",
    "SeriesNumber": 8,
    "ShimSetting": [
      20,
      1,
      19,
      1592,
      -240,
      -3884,
      2312,
      -285
    ],
    "SliceThickness": 0.9,
    "SoftwareVersions": "syngo_MR_2002B_4VA21A",
    "StationName": "wes4T",
    "TxRefAmp": 195.518,
    "dataset": "ds004169",
    "modality": "T1w",
    "session_id": "01",
    "subject_id": "0711"
  },
  "cjv": 0.3683914741889736,
  "cnr": 3.541794063100583,
  "efc": 0.4631142802067574,
  "fber": -1.0,
  "fwhm_avg": 4.279827004421502,
  "fwhm_x": 4.397183999999999,
  "fwhm_y": 4.69502234659784,
  "fwhm_z": 3.7472746666666668,
  "icvs_csf": 0.18911326445947776,
  "icvs_gm": 0.44750955069080567,
  "icvs_wm": 0.36337718484971654,
  "inu_med": 0.6710011959075928,
  "inu_range": 0.467217081785202,
  "provenance": {
    "md5sum": "0a48a917db92a70dbbcb74fb7156e8c5",
    "settings": {
      "testing": false
    },
    "software": "mriqc",
    "version": "23.0.1",
    "warnings": {
      "large_rot_frame": true,
      "small_air_mask": false
    },
    "webapi_port": null,
    "webapi_url": "https://mriqc.nimh.nih.gov/api/v1"
  },
  "qi_1": 5.571576047635383e-06,
  "qi_2": 0.028294607770098006,
  "rpve_csf": 30.24839859588016,
  "rpve_gm": 14.137346006729011,
  "rpve_wm": 19.97264967295528,
  "size_x": 256,
  "size_y": 256,
  "size_z": 256,
  "snr_csf": 1.3641433931070654,
  "snr_gm": 10.622045101989913,
  "snr_total": 10.185126443483822,
  "snr_wm": 18.569190835354487,
  "snrd_csf": 8.446013105767324,
  "snrd_gm": 19.353316737761396,
  "snrd_total": 18.616822880298162,
  "snrd_wm": 28.051138797365766,
  "spacing_x": 0.9375,
  "spacing_y": 0.8999999761581421,
  "spacing_z": 0.9375,
  "summary_bg_k": 36.28924878924247,
  "summary_bg_mad": 0.0,
  "summary_bg_mean": 15.071313195010857,
  "summary_bg_median": 0.0,
  "summary_bg_n": 3496345.0,
  "summary_bg_p05": 0.0,
  "summary_bg_p95": 60.40970839560032,
  "summary_bg_stdv": 23.355862305283505,
  "summary_csf_k": 16.980768163630636,
  "summary_csf_mad": 123.91294713734572,
  "summary_csf_mean": 336.53301865211307,
  "summary_csf_median": 301.10358564555645,
  "summary_csf_n": 27106.0,
  "summary_csf_p05": 107.05849019996822,
  "summary_csf_p95": 597.7355029322207,
  "summary_csf_stdv": 220.72315339337433,
  "summary_gm_k": 0.1938418388947052,
  "summary_gm_mad": 63.24488802003029,
  "summary_gm_mean": 689.5967046670353,
  "summary_gm_median": 689.9531164467335,
  "summary_gm_n": 49986.0,
  "summary_gm_p05": 580.9794022515416,
  "summary_gm_p95": 795.0457599908113,
  "summary_gm_stdv": 64.95417862793566,
  "summary_wm_k": 0.49284750600753835,
  "summary_wm_mad": 50.98618741488201,
  "summary_wm_mean": 1001.5357386599629,
  "summary_wm_median": 1000.0337872505188,
  "summary_wm_n": 281797.0,
  "summary_wm_p05": 916.0001705437899,
  "summary_wm_p95": 1092.8419984728098,
  "summary_wm_stdv": 53.85436671575869,
  "tpm_overlap_csf": 0.14519324592985502,
  "tpm_overlap_gm": 0.460802602867032,
  "tpm_overlap_wm": 0.5051362714082414,
  "wm2max": 0.528572824387556
}