{
  "bids_meta": {
    "AcquisitionMatrixPE": 225,
    "AcquisitionNumber": 1,
    "AcquisitionTime": "08:44:29.202510",
    "BaseResolution": 256,
    "ConversionSoftware": "dcm2niix",
    "ConversionSoftwareVersion": "v1.0.20190410  GCC6.3.0",
    "DeviceSerialNumber": "18011",
    "EchoTime": 0.00335,
    "FlipAngle": 8,
    "ImageOrientationPatientDICOM": [
      1,
      0,
      0,
      0,
      0,
      -1
    ],
    "ImageType": [
      "ORIGINAL",
      "PRIMARY",
      "M",
      "ND"
    ],
    "ImagingFrequency": 168.255,
    "InPlanePhaseEncodingDirectionDICOM": "ROW",
    "InversionTime": 0.7,
    "MRAcquisitionType": "3D",
    "MagneticFieldStrength": 3.95064,
    "Manufacturer": "Siemens",
    "ManufacturersModelName": "MedSpec_4T",
    "Modality": "MR",
    "PartialFourier": 0.875,
    "PatientPosition": "HFS",
    "PercentPhaseFOV": 100,
    "PhaseEncodingSteps": 197,
    "PhaseResolution": 0.878906,
    "PixelBandwidth": 200,
    "ProtocolName": "t1_mpr_cor",
    "PulseSequenceDetails": "%SiemensSeq%_tfl",
    "ReceiveCoilName": "Head_4T",
    "ReconMatrixPE": 256,
    "RepetitionTime": 1.5,
    "SAR": 0.00306123,
    "ScanOptions": "IR",
    "ScanningSequence": "IR_GR",
    "SequenceName": "tfl3d1_ns",
    "SequenceVariant": "SP_MP",
    "SeriesDescription": "t1_mpr_cor",
    "SeriesNumber": 8,
    "ShimSetting": [
      19,
      6,
      15,
      1400,
      922,
      -3587,
      2372,
      -85
    ],
    "SliceThickness": 0.9,
    "SoftwareVersions": "syngo_MR_2002B_4VA21A",
    "StationName": "wes4T",
    "TxRefAmp": 208.341,
    "dataset": "ds004169",
    "modality": "T1w",
    "session_id": "01",
    "subject_id": "0352"
  },
  "cjv": 0.37719791710154765,
  "cnr": 3.4724862847407856,
  "efc": 0.46023396468236405,
  "fber": -1.0,
  "fwhm_avg": 4.3250871517370495,
  "fwhm_x": 4.555637333333333,
  "fwhm_y": 4.600733455211148,
  "fwhm_z": 3.818890666666667,
  "icvs_csf": 0.21728823718874185,
  "icvs_gm": 0.42852208407103276,
  "icvs_wm": 0.3541896787402254,
  "inu_med": 0.7429434061050415,
  "inu_range": 0.5558505654335022,
  "provenance": {
    "md5sum": "417b42ca3575bfc52bce091eeaf55183",
    "settings": {
      "testing": false
    },
    "software": "mriqc",
    "version": "23.0.1",
    "warnings": {
      "large_rot_frame": true,
      "small_air_mask": false
    },
    "webapi_port": null,
    "webapi_url": "https://mriqc.nimh.nih.gov/api/v1"
  },
  "qi_1": 0.0,
  "qi_2": 0.03662937188095389,
  "rpve_csf": 26.55848910390002,
  "rpve_gm": 14.072370960145944,
  "rpve_wm": 20.20233183943433,
  "size_x": 256,
  "size_y": 256,
  "size_z": 256,
  "snr_csf": 2.2916436137964444,
  "snr_gm": 8.560161082484601,
  "snr_total": 9.043811591420484,
  "snr_wm": 16.279630077980404,
  "snrd_csf": 7.794756523102821,
  "snrd_gm": 18.41192876077775,
  "snrd_total": 18.161584406271547,
  "snrd_wm": 28.27806793493407,
  "spacing_x": 0.9375,
  "spacing_y": 0.8999999761581421,
  "spacing_z": 0.9375,
  "summary_bg_k": 10.276297215376337,
  "summary_bg_mad": 0.0,
  "summary_bg_mean": 13.179826790948773,
  "summary_bg_median": 0.0,
  "summary_bg_n": 4883385.0,
  "summary_bg_p05": 0.0,
  "summary_bg_p95": 58.871868431568146,
  "summary_bg_stdv": 23.16841198867128,
  "summary_csf_k": 17.667017395631806,
  "summary_csf_mad": 105.92452463682112,
  "summary_csf_mean": 280.7516768020528,
  "summary_csf_median": 275.65577256679535,
  "summary_csf_n": 28478.0,
  "summary_csf_p05": 104.4918140500784,
  "summary_csf_p95": 460.31654246151413,
  "summary_csf_stdv": 120.28525337125964,
  "summary_gm_k": 0.07686613982990487,
  "summary_gm_mad": 75.31923295431656,
  "summary_gm_mean": 650.15812313061,
  "summary_gm_median": 651.1241796910763,
  "summary_gm_n": 31674.0,
  "summary_gm_p05": 522.3407348364592,
  "summary_gm_p95": 773.4205428957939,
  "summary_gm_stdv": 76.06327670800685,
  "summary_wm_k": 1.0172613780807591,
  "summary_wm_mad": 56.28839473454262,
  "summary_wm_mean": 1001.4549713266455,
  "summary_wm_median": 1000.0328605771065,
  "summary_wm_n": 256417.0,
  "summary_wm_p05": 902.7677245140076,
  "summary_wm_p95": 1102.6230902671814,
  "summary_wm_stdv": 61.42835591301551,
  "tpm_overlap_csf": 0.13226131159889998,
  "tpm_overlap_gm": 0.4482490291152375,
  "tpm_overlap_wm": 0.4775674208829945,
  "wm2max": 0.5615793554103444
}