{
  "aor": 0.0014246666666666665,
  "aqi": 0.011443028066666668,
  "bids_meta": {
    "AcquisitionMatrixPE": 64,
    "AcquisitionNumber": 1,
    "AcquisitionTime": "07:35:56.419990",
    "BaseResolution": 64,
    "ConversionSoftware": "dcm2niix",
    "ConversionSoftwareVersion": "v1.0.20190410  GCC6.3.0",
    "DeviceSerialNumber": "18011",
    "EchoTime": 0.03,
    "FlipAngle": 90,
    "ImageComments": "Fake_MoCo_Reference_Volume_+_DiCo_Applied",
    "ImageOrientationPatientDICOM": [
      1,
      0,
      0,
      0,
      0.981627,
      -0.190809
    ],
    "ImageType": [
      "ORIGINAL",
      "PRIMARY",
      "M",
      "ND",
      "MOSAIC"
    ],
    "ImagingFrequency": 168.255,
    "InPlanePhaseEncodingDirectionDICOM": "COL",
    "MRAcquisitionType": "2D",
    "MagneticFieldStrength": 3.95064,
    "Manufacturer": "Siemens",
    "ManufacturersModelName": "MedSpec_4T",
    "Modality": "MR",
    "PartialFourier": 1,
    "PatientPosition": "HFS",
    "PercentPhaseFOV": 100,
    "PhaseEncodingDirection": "j-",
    "PhaseEncodingSteps": 64,
    "PhaseResolution": 1,
    "PixelBandwidth": 2790,
    "ProtocolName": "mz_bold_dc_REST",
    "PulseSequenceDetails": "%CustomerSeq%_mz_ep2d_bold_dc",
    "ReceiveCoilName": "Head_4T",
    "ReconMatrixPE": 64,
    "RepetitionTime": 2.1,
    "SAR": 0.0248946,
    "ScanOptions": "FS",
    "ScanningSequence": "SE_EP",
    "SequenceName": "epfid2d1_64",
    "SequenceVariant": "SK",
    "SeriesDescription": "mz_bold_dc_REST_DiCo",
    "SeriesNumber": 9,
    "ShimSetting": [
      8,
      -31,
      10,
      2294,
      766,
      -3581,
      2716,
      142
    ],
    "SliceThickness": 3,
    "SoftwareVersions": "syngo_MR_2002B_4VA21A",
    "SpacingBetweenSlices": 3.6,
    "StationName": "wes4T",
    "TaskName": "rest",
    "TxRefAmp": 183.55,
    "dataset": "ds004169",
    "modality": "bold",
    "session_id": "01",
    "subject_id": "0914",
    "task_id": "rest"
  },
  "dummy_trs": 0,
  "dvars_nstd": 30.929716020805373,
  "dvars_std": 1.1860538221476509,
  "dvars_vstd": 0.955157137583893,
  "efc": 0.44736371965445887,
  "fber": 2618.49658203125,
  "fd_mean": 0.21534707250343116,
  "fd_num": 69,
  "fd_perc": 46.0,
  "fwhm_avg": 1.8516871552038807,
  "fwhm_x": 1.7062678260869566,
  "fwhm_y": 2.071577043478261,
  "fwhm_z": 1.777216596046424,
  "gcor": 0.0162655,
  "gsr_x": -0.023792821913957596,
  "gsr_y": 0.03252190351486206,
  "provenance": {
    "md5sum": "b39cd828d4087c81c546ec7efe6d28e5",
    "settings": {
      "fd_thres": 0.2,
      "testing": false
    },
    "software": "mriqc",
    "version": "23.0.1",
    "webapi_port": null,
    "webapi_url": "https://mriqc.nimh.nih.gov/api/v1"
  },
  "size_t": 150,
  "size_x": 64,
  "size_y": 64,
  "size_z": 36,
  "snr": 4.708254828747409,
  "spacing_tr": 2.0999999046325684,
  "spacing_x": 3.59375,
  "spacing_y": 3.59375,
  "spacing_z": 3.6000001430511475,
  "summary_bg_k": 45.819895771231536,
  "summary_bg_mad": 8.786888545070815,
  "summary_bg_mean": 30.14653205871582,
  "summary_bg_median": 15.193333625793457,
  "summary_bg_n": 99516.0,
  "summary_bg_p05": 8.785000324249268,
  "summary_bg_p95": 88.98167037963867,
  "summary_bg_stdv": 41.139163970947266,
  "summary_fg_k": 3.4650167998268344,
  "summary_fg_mad": 130.48383572921531,
  "summary_fg_mean": 795.3344116210938,
  "summary_fg_median": 778.6666870117188,
  "summary_fg_n": 18786.0,
  "summary_fg_p05": 576.0016784667969,
  "summary_fg_p95": 1080.4949951171875,
  "summary_fg_stdv": 165.37889099121094,
  "tsnr": 45.796430367045105
}