{
  "aor": 0.002496771653543307,
  "aqi": 0.012095590393700789,
  "bids_meta": {
    "AcquisitionMatrixPE": 64,
    "AcquisitionNumber": 1,
    "AcquisitionTime": "10:38:51.585010",
    "BaseResolution": 64,
    "ConversionSoftware": "dcm2niix",
    "ConversionSoftwareVersion": "v1.0.20190410  GCC6.3.0",
    "DeviceSerialNumber": "18011",
    "EchoTime": 0.03,
    "FlipAngle": 90,
    "ImageComments": "Fake_MoCo_Reference_Volume_+_DiCo_Applied",
    "ImageOrientationPatientDICOM": [
      1,
      0,
      0,
      0,
      1,
      0
    ],
    "ImageType": [
      "ORIGINAL",
      "PRIMARY",
      "M",
      "ND",
      "MOSAIC"
    ],
    "ImagingFrequency": 168.217,
    "InPlanePhaseEncodingDirectionDICOM": "COL",
    "MRAcquisitionType": "2D",
    "MagneticFieldStrength": 3.95064,
    "Manufacturer": "Siemens",
    "ManufacturersModelName": "MedSpec_4T",
    "Modality": "MR",
    "PartialFourier": 1,
    "PatientPosition": "HFS",
    "PercentPhaseFOV": 100,
    "PhaseEncodingDirection": "j-",
    "PhaseEncodingSteps": 64,
    "PhaseResolution": 1,
    "PixelBandwidth": 2790,
    "ProtocolName": "Nback_dc",
    "PulseSequenceDetails": "%CustomerSeq%_mz_ep2d_bold_dc",
    "ReceiveCoilName": "Head_4T",
    "ReconMatrixPE": 64,
    "RepetitionTime": 2.1,
    "SAR": 0.0407622,
    "ScanOptions": "FS",
    "ScanningSequence": "SE_EP",
    "SequenceName": "epfid2d1_64",
    "SequenceVariant": "SK",
    "SeriesDescription": "Nback_dc_DiCo",
    "SeriesNumber": 7,
    "ShimSetting": [
      -3,
      7,
      -19,
      2141,
      440,
      -3919,
      1230,
      336
    ],
    "SliceThickness": 3,
    "SoftwareVersions": "syngo_MR_2002B_4VA21A",
    "SpacingBetweenSlices": 3.6,
    "StationName": "wes4T",
    "TaskName": "nback",
    "TxRefAmp": 167.58,
    "dataset": "ds004169",
    "modality": "bold",
    "session_id": "01",
    "subject_id": "0615",
    "task_id": "nback"
  },
  "dummy_trs": 0,
  "dvars_nstd": 32.9122865620635,
  "dvars_std": 1.0656613557142856,
  "dvars_vstd": 0.9958334857142858,
  "efc": 0.4428116852714583,
  "fber": 1779.6845703125,
  "fd_mean": 0.12249342577006883,
  "fd_num": 12,
  "fd_perc": 9.448818897637794,
  "fwhm_avg": 1.7799839505466135,
  "fwhm_x": 1.6663624347826087,
  "fwhm_y": 2.006742260869565,
  "fwhm_z": 1.6668471559876672,
  "gcor": 0.0210983,
  "gsr_x": -0.020008282735943794,
  "gsr_y": 0.027233412489295006,
  "provenance": {
    "md5sum": "b2c4db1ef0dde919491669bccefadfc1",
    "settings": {
      "fd_thres": 0.2,
      "testing": false
    },
    "software": "mriqc",
    "version": "23.0.1",
    "webapi_port": null,
    "webapi_url": "https://mriqc.nimh.nih.gov/api/v1"
  },
  "size_t": 127,
  "size_x": 64,
  "size_y": 64,
  "size_z": 36,
  "snr": 5.877991448297653,
  "spacing_tr": 2.0999999046325684,
  "spacing_x": 3.59375,
  "spacing_y": 3.59375,
  "spacing_z": 3.6000001430511475,
  "summary_bg_k": 61.14742496542043,
  "summary_bg_mad": 6.864331086019745,
  "summary_bg_mean": 25.36809539794922,
  "summary_bg_median": 14.685039520263672,
  "summary_bg_n": 102279.0,
  "summary_bg_p05": 9.125984191894531,
  "summary_bg_p95": 66.81180801391595,
  "summary_bg_stdv": 34.254878997802734,
  "summary_fg_k": 2.5635173513178033,
  "summary_fg_mad": 96.87109699254006,
  "summary_fg_mean": 633.8042602539062,
  "summary_fg_median": 631.7401733398438,
  "summary_fg_n": 16729.0,
  "summary_fg_p05": 471.57322387695314,
  "summary_fg_p95": 803.5685302734374,
  "summary_fg_stdv": 107.47230529785156,
  "tsnr": 41.62023306149058
}