{
  "aor": 0.006450078740157478,
  "aqi": 0.010919187952755906,
  "bids_meta": {
    "AcquisitionMatrixPE": 64,
    "AcquisitionNumber": 1,
    "AcquisitionTime": "09:55:47.540000",
    "BaseResolution": 64,
    "ConversionSoftware": "dcm2niix",
    "ConversionSoftwareVersion": "v1.0.20190410  GCC6.3.0",
    "DeviceSerialNumber": "18011",
    "EchoTime": 0.03,
    "FlipAngle": 90,
    "ImageComments": "Fake_MoCo_Reference_Volume_+_DiCo_Applied",
    "ImageOrientationPatientDICOM": [
      1,
      2.22045e-16,
      0,
      -2.22045e-16,
      0.985703,
      -0.168489
    ],
    "ImageType": [
      "ORIGINAL",
      "PRIMARY",
      "M",
      "ND",
      "DICO",
      "MOSAIC"
    ],
    "ImagingFrequency": 168.255,
    "InPlanePhaseEncodingDirectionDICOM": "COL",
    "MRAcquisitionType": "2D",
    "MagneticFieldStrength": 3.95064,
    "Manufacturer": "Siemens",
    "ManufacturersModelName": "MedSpec_4T",
    "Modality": "MR",
    "PartialFourier": 1,
    "PatientPosition": "HFS",
    "PercentPhaseFOV": 100,
    "PhaseEncodingDirection": "j-",
    "PhaseEncodingSteps": 64,
    "PhaseResolution": 1,
    "PixelBandwidth": 2790,
    "ProcedureStepDescription": "Research_fMRI",
    "ProtocolName": "Nback_dc_opt",
    "PulseSequenceDetails": "%CustomerSeq%_kt_ep2d_bold_dc",
    "ReceiveCoilName": "Head",
    "ReconMatrixPE": 64,
    "RepetitionTime": 2.1,
    "SAR": 0.0749201,
    "ScanOptions": "FS",
    "ScanningSequence": "SE_EP",
    "SequenceName": "epfid2d1_64",
    "SequenceVariant": "SK",
    "SeriesDescription": "Nback_dc_opt_DiCo",
    "SeriesNumber": 8,
    "ShimSetting": [
      -22,
      -8,
      25,
      1726,
      766,
      -3068,
      2862,
      147
    ],
    "SliceThickness": 3,
    "SoftwareVersions": "syngo_MR_2004A_4VA25A",
    "SpacingBetweenSlices": 3.6,
    "StationName": "WES4T",
    "TaskName": "nback",
    "TxRefAmp": 165.33,
    "dataset": "ds004169",
    "modality": "bold",
    "session_id": "02",
    "subject_id": "0351",
    "task_id": "nback"
  },
  "dummy_trs": 0,
  "dvars_nstd": 26.867647125476196,
  "dvars_std": 1.1599228483333335,
  "dvars_vstd": 1.0405503536507934,
  "efc": 0.44573826782754233,
  "fber": 2952.324462890625,
  "fd_mean": 0.24259032968163552,
  "fd_num": 59,
  "fd_perc": 46.45669291338583,
  "fwhm_avg": 1.7396837287127047,
  "fwhm_x": 1.6537293913043478,
  "fwhm_y": 1.927791304347826,
  "fwhm_z": 1.63753049048594,
  "gcor": 0.0210147,
  "gsr_x": -0.0243240837007761,
  "gsr_y": 0.03102903813123703,
  "provenance": {
    "md5sum": "1798f437a463cd3a8842efc0b22e6f8f",
    "settings": {
      "fd_thres": 0.2,
      "testing": false
    },
    "software": "mriqc",
    "version": "23.0.1",
    "webapi_port": null,
    "webapi_url": "https://mriqc.nimh.nih.gov/api/v1"
  },
  "size_t": 127,
  "size_x": 64,
  "size_y": 64,
  "size_z": 36,
  "snr": 5.77001310278087,
  "spacing_tr": 2.0999999046325684,
  "spacing_x": 3.59375,
  "spacing_y": 3.59375,
  "spacing_z": 3.6000001430511475,
  "summary_bg_k": 54.47195216809284,
  "summary_bg_mad": 6.479088173570844,
  "summary_bg_mean": 20.790651321411133,
  "summary_bg_median": 10.771653175354004,
  "summary_bg_n": 99055.0,
  "summary_bg_p05": 5.409448623657227,
  "summary_bg_p95": 61.83700637817374,
  "summary_bg_stdv": 28.875930786132812,
  "summary_fg_k": 3.4877175833350282,
  "summary_fg_mad": 92.06141739562898,
  "summary_fg_mean": 603.0073852539062,
  "summary_fg_median": 597.8346557617188,
  "summary_fg_n": 18880.0,
  "summary_fg_p05": 449.83347473144534,
  "summary_fg_p95": 763.6949005126953,
  "summary_fg_stdv": 103.60787963867188,
  "tsnr": 49.79864389915019
}