{
  "bids_meta": {
    "AcquisitionMatrixPE": 225,
    "AcquisitionNumber": 1,
    "AcquisitionTime": "12:45:7.192520",
    "BaseResolution": 256,
    "ConversionSoftware": "dcm2niix",
    "ConversionSoftwareVersion": "v1.0.20190410  GCC6.3.0",
    "DeviceSerialNumber": "18011",
    "EchoTime": 0.00335,
    "FlipAngle": 8,
    "ImageOrientationPatientDICOM": [
      1,
      0,
      0,
      0,
      0,
      -1
    ],
    "ImageType": [
      "ORIGINAL",
      "PRIMARY",
      "M",
      "ND"
    ],
    "ImagingFrequency": 168.255,
    "InPlanePhaseEncodingDirectionDICOM": "ROW",
    "InversionTime": 0.7,
    "MRAcquisitionType": "3D",
    "MagneticFieldStrength": 3.95064,
    "Manufacturer": "Siemens",
    "ManufacturersModelName": "MedSpec_4T",
    "Modality": "MR",
    "PartialFourier": 0.875,
    "PatientPosition": "HFS",
    "PercentPhaseFOV": 100,
    "PhaseEncodingSteps": 197,
    "PhaseResolution": 0.878906,
    "PixelBandwidth": 200,
    "ProtocolName": "t1_mpr_cor",
    "PulseSequenceDetails": "%SiemensSeq%_tfl",
    "ReceiveCoilName": "Head_4T",
    "ReconMatrixPE": 256,
    "RepetitionTime": 1.5,
    "SAR": 0.00489267,
    "ScanOptions": "IR",
    "ScanningSequence": "IR_GR",
    "SequenceName": "tfl3d1_ns",
    "SequenceVariant": "SP_MP",
    "SeriesDescription": "t1_mpr_cor",
    "SeriesNumber": 8,
    "ShimSetting": [
      25,
      -1,
      11,
      1844,
      810,
      -3908,
      1589,
      -56
    ],
    "SliceThickness": 0.9,
    "SoftwareVersions": "syngo_MR_2002B_4VA21A",
    "StationName": "wes4T",
    "TxRefAmp": 177.553,
    "dataset": "ds004169",
    "modality": "T1w",
    "session_id": "01",
    "subject_id": "0840"
  },
  "cjv": 0.34189407895703827,
  "cnr": 3.8479931798758296,
  "efc": 0.44337316535465987,
  "fber": -1.0,
  "fwhm_avg": 4.5559713030904065,
  "fwhm_x": 4.629461333333333,
  "fwhm_y": 4.963711242604553,
  "fwhm_z": 4.074741333333333,
  "icvs_csf": 0.21379590297974532,
  "icvs_gm": 0.419253704250503,
  "icvs_wm": 0.36695039276975167,
  "inu_med": 0.6502587795257568,
  "inu_range": 0.4133626699447631,
  "provenance": {
    "md5sum": "fc264e8335f31e905fc32357c26572b8",
    "settings": {
      "testing": false
    },
    "software": "mriqc",
    "version": "23.0.1",
    "warnings": {
      "large_rot_frame": true,
      "small_air_mask": false
    },
    "webapi_port": null,
    "webapi_url": "https://mriqc.nimh.nih.gov/api/v1"
  },
  "qi_1": 0.0,
  "qi_2": 0.03496729323904,
  "rpve_csf": 27.771229968269203,
  "rpve_gm": 14.940130832796912,
  "rpve_wm": 20.375570622904053,
  "size_x": 256,
  "size_y": 256,
  "size_z": 256,
  "snr_csf": 2.3940240016064744,
  "snr_gm": 9.984998085799988,
  "snr_total": 10.78941775731998,
  "snr_wm": 19.989231184553475,
  "snrd_csf": 9.381835161305839,
  "snrd_gm": 22.374449194897846,
  "snrd_total": 21.726916183801194,
  "snrd_wm": 33.424464195199896,
  "spacing_x": 0.9375,
  "spacing_y": 0.8999999761581421,
  "spacing_z": 0.9375,
  "summary_bg_k": 14.221464861808382,
  "summary_bg_mad": 0.0,
  "summary_bg_mean": 11.415657048927338,
  "summary_bg_median": 0.0,
  "summary_bg_n": 3707654.0,
  "summary_bg_p05": 0.0,
  "summary_bg_p95": 50.12500290572643,
  "summary_bg_stdv": 19.60050529832997,
  "summary_csf_k": 7.294481673640808,
  "summary_csf_mad": 104.79209283826486,
  "summary_csf_mean": 288.50020296032767,
  "summary_csf_median": 280.687670212239,
  "summary_csf_n": 35221.0,
  "summary_csf_p05": 110.28117942251265,
  "summary_csf_p95": 483.6877589505166,
  "summary_csf_stdv": 117.24347179980263,
  "summary_gm_k": 0.17472637545208336,
  "summary_gm_mad": 65.3920963606465,
  "summary_gm_mean": 670.0495526670776,
  "summary_gm_median": 669.4033639281988,
  "summary_gm_n": 35147.0,
  "summary_gm_p05": 560.3259253390133,
  "summary_gm_p95": 780.5086428442969,
  "summary_gm_stdv": 67.0399568632315,
  "summary_wm_k": 0.5957264604455204,
  "summary_wm_mad": 47.63692953914136,
  "summary_wm_mean": 1000.8024317274709,
  "summary_wm_median": 999.9999809991568,
  "summary_wm_n": 288910.0,
  "summary_wm_p05": 921.0160632431507,
  "summary_wm_p95": 1084.200109032914,
  "summary_wm_stdv": 50.02684901296615,
  "tpm_overlap_csf": 0.14270743622396898,
  "tpm_overlap_gm": 0.44335372784445004,
  "tpm_overlap_wm": 0.4916997677064282,
  "wm2max": 0.5329308813369741
}