{
  "aor": 0.0023938,
  "aqi": 0.019407317400000002,
  "bids_meta": {
    "AcquisitionMatrixPE": 64,
    "AcquisitionNumber": 1,
    "AcquisitionTime": "08:50:40.635020",
    "BaseResolution": 64,
    "ConversionSoftware": "dcm2niix",
    "ConversionSoftwareVersion": "v1.0.20190410  GCC6.3.0",
    "DeviceSerialNumber": "18011",
    "EchoTime": 0.03,
    "FlipAngle": 90,
    "ImageComments": "Fake_MoCo_Reference_Volume_+_DiCo_Applied",
    "ImageOrientationPatientDICOM": [
      1,
      0,
      0,
      0,
      1,
      0
    ],
    "ImageType": [
      "ORIGINAL",
      "PRIMARY",
      "M",
      "ND",
      "MOSAIC"
    ],
    "ImagingFrequency": 168.255,
    "InPlanePhaseEncodingDirectionDICOM": "COL",
    "MRAcquisitionType": "2D",
    "MagneticFieldStrength": 3.95064,
    "Manufacturer": "Siemens",
    "ManufacturersModelName": "MedSpec_4T",
    "Modality": "MR",
    "PartialFourier": 1,
    "PatientPosition": "HFS",
    "PercentPhaseFOV": 100,
    "PhaseEncodingDirection": "j-",
    "PhaseEncodingSteps": 64,
    "PhaseResolution": 1,
    "PixelBandwidth": 2790,
    "ProtocolName": "mz_bold_dc_REST",
    "PulseSequenceDetails": "%CustomerSeq%_mz_ep2d_bold_dc",
    "ReceiveCoilName": "Head_4T",
    "ReconMatrixPE": 64,
    "RepetitionTime": 2.1,
    "SAR": 0.0228567,
    "ScanOptions": "FS",
    "ScanningSequence": "SE_EP",
    "SequenceName": "epfid2d1_64",
    "SequenceVariant": "SK",
    "SeriesDescription": "mz_bold_dc_REST_DiCo",
    "SeriesNumber": 10,
    "ShimSetting": [
      21,
      -20,
      10,
      2008,
      1098,
      -4391,
      3559,
      -223
    ],
    "SliceThickness": 3,
    "SoftwareVersions": "syngo_MR_2002B_4VA21A",
    "SpacingBetweenSlices": 3.6,
    "StationName": "wes4T",
    "TaskName": "rest",
    "TxRefAmp": 236.398,
    "dataset": "ds004169",
    "modality": "bold",
    "session_id": "01",
    "subject_id": "0906",
    "task_id": "rest"
  },
  "dummy_trs": 0,
  "dvars_nstd": 30.322777511543627,
  "dvars_std": 1.116891432550335,
  "dvars_vstd": 0.9216504002013424,
  "efc": 0.47321621390577406,
  "fber": 2253.09521484375,
  "fd_mean": 0.18328569819381899,
  "fd_num": 45,
  "fd_perc": 30.0,
  "fwhm_avg": 1.8044845263066163,
  "fwhm_x": 1.6569655652173914,
  "fwhm_y": 2.1450713043478262,
  "fwhm_z": 1.6114167093546314,
  "gcor": 0.187509,
  "gsr_x": -0.02292264811694622,
  "gsr_y": 0.03543442487716675,
  "provenance": {
    "md5sum": "8ccd032b7107eaf3e3357ec848e97e11",
    "settings": {
      "fd_thres": 0.2,
      "testing": false
    },
    "software": "mriqc",
    "version": "23.0.1",
    "webapi_port": null,
    "webapi_url": "https://mriqc.nimh.nih.gov/api/v1"
  },
  "size_t": 150,
  "size_x": 64,
  "size_y": 64,
  "size_z": 36,
  "snr": 5.5737631586629295,
  "spacing_tr": 2.0999999046325684,
  "spacing_x": 3.59375,
  "spacing_y": 3.59375,
  "spacing_z": 3.5999999046325684,
  "summary_bg_k": 32.30875367944009,
  "summary_bg_mad": 9.459003737655756,
  "summary_bg_mean": 33.385948181152344,
  "summary_bg_median": 16.6200008392334,
  "summary_bg_n": 96192.0,
  "summary_bg_p05": 9.133333206176758,
  "summary_bg_p95": 98.4763359069824,
  "summary_bg_stdv": 46.32410430908203,
  "summary_fg_k": 4.463598433419166,
  "summary_fg_mad": 115.99887358819907,
  "summary_fg_mean": 793.78271484375,
  "summary_fg_median": 790.913330078125,
  "summary_fg_n": 20913.0,
  "summary_fg_p05": 588.138671875,
  "summary_fg_p95": 1004.6733764648432,
  "summary_fg_stdv": 141.8959503173828,
  "tsnr": 33.4964873152785
}