{
  "aor": 0.006244066666666667,
  "aqi": 0.023341732866666666,
  "bids_meta": {
    "AcquisitionMatrixPE": 64,
    "AcquisitionNumber": 1,
    "AcquisitionTime": "08:59:17.630000",
    "BaseResolution": 64,
    "ConversionSoftware": "dcm2niix",
    "ConversionSoftwareVersion": "v1.0.20190410  GCC6.3.0",
    "DeviceSerialNumber": "18011",
    "EchoTime": 0.03,
    "FlipAngle": 90,
    "ImageComments": "Fake_MoCo_Reference_Volume_+_DiCo_Applied",
    "ImageOrientationPatientDICOM": [
      0.99863,
      2.22045e-16,
      0.052336,
      -2.22045e-16,
      1,
      0
    ],
    "ImageType": [
      "ORIGINAL",
      "PRIMARY",
      "M",
      "ND",
      "MOSAIC"
    ],
    "ImagingFrequency": 168.217,
    "InPlanePhaseEncodingDirectionDICOM": "COL",
    "MRAcquisitionType": "2D",
    "MagneticFieldStrength": 3.95064,
    "Manufacturer": "Siemens",
    "ManufacturersModelName": "MedSpec_4T",
    "Modality": "MR",
    "PartialFourier": 1,
    "PatientPosition": "HFS",
    "PercentPhaseFOV": 100,
    "PhaseEncodingDirection": "j-",
    "PhaseEncodingSteps": 64,
    "PhaseResolution": 1,
    "PixelBandwidth": 2790,
    "ProtocolName": "mz_bold_dc_REST",
    "PulseSequenceDetails": "%CustomerSeq%_mz_ep2d_bold_dc",
    "ReceiveCoilName": "Head_4T",
    "ReconMatrixPE": 64,
    "RepetitionTime": 2.1,
    "SAR": 0.0193142,
    "ScanOptions": "FS",
    "ScanningSequence": "SE_EP",
    "SequenceName": "epfid2d1_64",
    "SequenceVariant": "SK",
    "SeriesDescription": "mz_bold_dc_REST_DiCo",
    "SeriesNumber": 10,
    "ShimSetting": [
      14,
      3,
      -9,
      1565,
      283,
      -3913,
      2403,
      -32
    ],
    "SliceThickness": 3,
    "SoftwareVersions": "syngo_MR_2002B_4VA21A",
    "SpacingBetweenSlices": 3.6,
    "StationName": "wes4T",
    "TaskName": "rest",
    "TxRefAmp": 192.445,
    "dataset": "ds004169",
    "modality": "bold",
    "session_id": "01",
    "subject_id": "0614",
    "task_id": "rest"
  },
  "dummy_trs": 0,
  "dvars_nstd": 31.90314350530201,
  "dvars_std": 1.0741001518791946,
  "dvars_vstd": 0.9755785987248322,
  "efc": 0.47421786447121544,
  "fber": 1898.7987060546875,
  "fd_mean": 0.3190499728723313,
  "fd_num": 64,
  "fd_perc": 42.666666666666664,
  "fwhm_avg": 1.8261014757491532,
  "fwhm_x": 1.709376,
  "fwhm_y": 2.1204118260869564,
  "fwhm_z": 1.6485166011605024,
  "gcor": 0.016183,
  "gsr_x": -0.01713975891470909,
  "gsr_y": 0.0402042530477047,
  "provenance": {
    "md5sum": "a4095fab9e5b73cb2d4d2aa9aac0a758",
    "settings": {
      "fd_thres": 0.2,
      "testing": false
    },
    "software": "mriqc",
    "version": "23.0.1",
    "webapi_port": null,
    "webapi_url": "https://mriqc.nimh.nih.gov/api/v1"
  },
  "size_t": 150,
  "size_x": 64,
  "size_y": 64,
  "size_z": 36,
  "snr": 5.187847637965953,
  "spacing_tr": 2.0999999046325684,
  "spacing_x": 3.59375,
  "spacing_y": 3.59375,
  "spacing_z": 3.6000001430511475,
  "summary_bg_k": 37.797461720191315,
  "summary_bg_mad": 11.692790363818236,
  "summary_bg_mean": 32.909000396728516,
  "summary_bg_median": 17.093334197998047,
  "summary_bg_n": 96624.0,
  "summary_bg_p05": 7.333333492279053,
  "summary_bg_p95": 101.23800506591785,
  "summary_bg_stdv": 43.180999755859375,
  "summary_fg_k": 5.04902070934895,
  "summary_fg_mad": 115.43538701504023,
  "summary_fg_mean": 741.7344360351562,
  "summary_fg_median": 736.1199951171875,
  "summary_fg_n": 20769.0,
  "summary_fg_p05": 539.6,
  "summary_fg_p95": 956.5693481445312,
  "summary_fg_stdv": 141.8897247314453,
  "tsnr": 30.54660501657054
}