{
  "aor": 0.002761190476190476,
  "aqi": 0.00697179619047619,
  "bids_meta": {
    "AcquisitionMatrixPE": 64,
    "AcquisitionNumber": 1,
    "AcquisitionTime": "08:49:50.807490",
    "BaseResolution": 64,
    "ConversionSoftware": "dcm2niix",
    "ConversionSoftwareVersion": "v1.0.20190410  GCC6.3.0",
    "DeviceSerialNumber": "18011",
    "EchoTime": 0.03,
    "FlipAngle": 90,
    "ImageComments": "Fake_MoCo_Reference_Volume_+_DiCo_Applied",
    "ImageOrientationPatientDICOM": [
      1,
      1.89708e-05,
      9.33256e-05,
      1.62309e-08,
      0.979925,
      -0.199368
    ],
    "ImageType": [
      "ORIGINAL",
      "PRIMARY",
      "M",
      "ND",
      "DICO",
      "MOSAIC"
    ],
    "ImagingFrequency": 168.255,
    "InPlanePhaseEncodingDirectionDICOM": "COL",
    "MRAcquisitionType": "2D",
    "MagneticFieldStrength": 3.95064,
    "Manufacturer": "Siemens",
    "ManufacturersModelName": "MedSpec_4T",
    "Modality": "MR",
    "PartialFourier": 1,
    "PatientPosition": "HFS",
    "PercentPhaseFOV": 100,
    "PhaseEncodingDirection": "j-",
    "PhaseEncodingSteps": 64,
    "PhaseResolution": 1,
    "PixelBandwidth": 2790,
    "ProcedureStepDescription": "Research_fMRI",
    "ProtocolName": "Nback_dc_opt",
    "PulseSequenceDetails": "%CustomerSeq%_kt_ep2d_bold_dc",
    "ReceiveCoilName": "Head",
    "ReconMatrixPE": 64,
    "RepetitionTime": 2.1,
    "SAR": 0.106502,
    "ScanOptions": "FS",
    "ScanningSequence": "SE_EP",
    "SequenceName": "epfid2d1_64",
    "SequenceVariant": "SK",
    "SeriesDescription": "Nback_dc_opt_DiCo",
    "SeriesNumber": 6,
    "ShimSetting": [
      -3,
      9,
      22,
      1535,
      -558,
      -3423,
      2617,
      -501
    ],
    "SliceThickness": 3,
    "SoftwareVersions": "syngo_MR_2004A_4VA25A",
    "SpacingBetweenSlices": 3.6,
    "StationName": "WES4T",
    "TaskName": "nback",
    "TxRefAmp": 189.413,
    "dataset": "ds004169",
    "modality": "bold",
    "session_id": "01",
    "subject_id": "0712",
    "task_id": "nback"
  },
  "dummy_trs": 1,
  "dvars_nstd": 23.38397871416001,
  "dvars_std": 1.1518700659999996,
  "dvars_vstd": 1.0180700423199998,
  "efc": 0.4598119390642652,
  "fber": 2292.271484375,
  "fd_mean": 0.1058219358425927,
  "fd_num": 7,
  "fd_perc": 5.555555555555555,
  "fwhm_avg": 1.6406658011611919,
  "fwhm_x": 1.529015652173913,
  "fwhm_y": 1.839065043478261,
  "fwhm_z": 1.5539167078314016,
  "gcor": 0.0459345,
  "gsr_x": -0.022294968366622925,
  "gsr_y": 0.0255983155220747,
  "provenance": {
    "md5sum": "81158564e04804dc1ea5132f39ae044a",
    "settings": {
      "fd_thres": 0.2,
      "testing": false
    },
    "software": "mriqc",
    "version": "23.0.1",
    "webapi_port": null,
    "webapi_url": "https://mriqc.nimh.nih.gov/api/v1"
  },
  "size_t": 126,
  "size_x": 64,
  "size_y": 64,
  "size_z": 36,
  "snr": 5.462604604961353,
  "spacing_tr": 2.0999999046325684,
  "spacing_x": 3.59375,
  "spacing_y": 3.59375,
  "spacing_z": 3.5999999046325684,
  "summary_bg_k": 34.00622271983473,
  "summary_bg_mad": 6.3422433734649415,
  "summary_bg_mean": 23.585596084594727,
  "summary_bg_median": 11.74603271484375,
  "summary_bg_n": 98366.0,
  "summary_bg_p05": 7.023809909820557,
  "summary_bg_p95": 71.67460632324219,
  "summary_bg_stdv": 35.03694152832031,
  "summary_fg_k": 2.9187273320328746,
  "summary_fg_mad": 94.23935136749134,
  "summary_fg_mean": 591.132568359375,
  "summary_fg_median": 582.8968505859375,
  "summary_fg_n": 19121.0,
  "summary_fg_p05": 437.58734130859375,
  "summary_fg_p95": 764.7698974609375,
  "summary_fg_stdv": 106.70397186279297,
  "tsnr": 56.52158540789969
}