{
  "bids_meta": {
    "AcquisitionMatrixPE": 225,
    "AcquisitionNumber": 1,
    "AcquisitionTime": "09:10:53.037500",
    "BaseResolution": 256,
    "ConversionSoftware": "dcm2niix",
    "ConversionSoftwareVersion": "v1.0.20190410  GCC6.3.0",
    "DeviceSerialNumber": "18011",
    "EchoTime": 0.00335,
    "FlipAngle": 8,
    "ImageOrientationPatientDICOM": [
      0,
      1,
      0,
      0,
      0,
      -1
    ],
    "ImageType": [
      "ORIGINAL",
      "PRIMARY",
      "M",
      "ND"
    ],
    "ImagingFrequency": 168.255,
    "InPlanePhaseEncodingDirectionDICOM": "ROW",
    "InversionTime": 0.7,
    "MRAcquisitionType": "3D",
    "MagneticFieldStrength": 3.95064,
    "Manufacturer": "Siemens",
    "ManufacturersModelName": "MedSpec_4T",
    "Modality": "MR",
    "PartialFourier": 0.875,
    "PatientPosition": "HFS",
    "PercentPhaseFOV": 100,
    "PhaseEncodingSteps": 197,
    "PhaseResolution": 0.878906,
    "PixelBandwidth": 200,
    "ProcedureStepDescription": "Research_fMRI",
    "ProtocolName": "t1_mpr_sag",
    "PulseSequenceDetails": "%SiemensSeq%_tfl",
    "ReceiveCoilName": "Head",
    "ReconMatrixPE": 256,
    "RepetitionTime": 1.5,
    "SAR": 0.0713668,
    "ScanOptions": "IR",
    "ScanningSequence": "IR_GR",
    "SequenceName": "tfl3d1_ns",
    "SequenceVariant": "SP_MP",
    "SeriesDescription": "t1_mpr_sag",
    "SeriesNumber": 2,
    "ShimSetting": [
      18,
      16,
      33,
      1787,
      797,
      -3250,
      2041,
      226
    ],
    "SliceThickness": 0.9,
    "SoftwareVersions": "syngo_MR_2004A_4VA25A",
    "StationName": "WES4T",
    "TxRefAmp": 218.737,
    "dataset": "ds004169",
    "modality": "T1w",
    "session_id": "01",
    "subject_id": "1070"
  },
  "cjv": 0.3761313728033964,
  "cnr": 3.451649995004923,
  "efc": 0.4901171568462696,
  "fber": 8311.212873289709,
  "fwhm_avg": 4.805729971345648,
  "fwhm_x": 5.143611247370276,
  "fwhm_y": 5.055082666666666,
  "fwhm_z": 4.218496,
  "icvs_csf": 0.1946979376792236,
  "icvs_gm": 0.4341845957362675,
  "icvs_wm": 0.3711174665845089,
  "inu_med": 0.6476844847202301,
  "inu_range": 0.4883900061249733,
  "provenance": {
    "md5sum": "9f740ec9f8fbf92ffd0da61f548ea498",
    "settings": {
      "testing": false
    },
    "software": "mriqc",
    "version": "23.0.1",
    "warnings": {
      "large_rot_frame": true,
      "small_air_mask": false
    },
    "webapi_port": null,
    "webapi_url": "https://mriqc.nimh.nih.gov/api/v1"
  },
  "qi_1": 5.9957795682740163e-05,
  "qi_2": 0.003541288337562431,
  "rpve_csf": 26.554558281061418,
  "rpve_gm": 12.505347063027427,
  "rpve_wm": 16.846836229894585,
  "size_x": 240,
  "size_y": 256,
  "size_z": 256,
  "snr_csf": 1.721145578999548,
  "snr_gm": 10.219132537525722,
  "snr_total": 10.270577256469714,
  "snr_wm": 18.871453652883872,
  "snrd_csf": 23.590267169567564,
  "snrd_gm": 55.22443766145169,
  "snrd_total": 52.91910061231258,
  "snrd_wm": 79.9425970059185,
  "spacing_x": 0.8999999761581421,
  "spacing_y": 0.9375,
  "spacing_z": 0.9375,
  "summary_bg_k": 172.26170802690427,
  "summary_bg_mad": 8.195364552652595,
  "summary_bg_mean": 15.977430726257545,
  "summary_bg_median": 5.527689389884472,
  "summary_bg_n": 3738798.0,
  "summary_bg_p05": 0.0,
  "summary_bg_p95": 58.24546783044934,
  "summary_bg_stdv": 25.439724053095865,
  "summary_csf_k": 19.354506501258776,
  "summary_csf_mad": 121.3369251823287,
  "summary_csf_mean": 303.9145372308089,
  "summary_csf_median": 295.1001338791102,
  "summary_csf_n": 39536.0,
  "summary_csf_p05": 80.28798231109977,
  "summary_csf_p95": 507.1910926764831,
  "summary_csf_stdv": 171.45348157223586,
  "summary_gm_k": 0.10611593935380581,
  "summary_gm_mad": 67.13116519364193,
  "summary_gm_mean": 690.5627828180175,
  "summary_gm_median": 690.8246875777841,
  "summary_gm_n": 48163.0,
  "summary_gm_p05": 578.8070857379586,
  "summary_gm_p95": 800.4196601171047,
  "summary_gm_stdv": 67.60040671430079,
  "summary_wm_k": 0.6116907995059933,
  "summary_wm_mad": 49.17218731591557,
  "summary_wm_mean": 1002.7614613701751,
  "summary_wm_median": 1000.0340780168772,
  "summary_wm_n": 291268.0,
  "summary_wm_p05": 920.1555541791022,
  "summary_wm_p95": 1094.5848638154566,
  "summary_wm_stdv": 52.99180337239032,
  "tpm_overlap_csf": 0.12580536530835382,
  "tpm_overlap_gm": 0.45085586336665767,
  "tpm_overlap_wm": 0.4900666845037893,
  "wm2max": 0.5363148937727598
}