{
  "bids_meta": {
    "AcquisitionMatrixPE": 225,
    "AcquisitionNumber": 1,
    "AcquisitionTime": "10:08:55.597480",
    "BaseResolution": 256,
    "ConversionSoftware": "dcm2niix",
    "ConversionSoftwareVersion": "v1.0.20190410  GCC6.3.0",
    "DeviceSerialNumber": "18011",
    "EchoTime": 0.00335,
    "FlipAngle": 8,
    "ImageOrientationPatientDICOM": [
      0,
      1,
      0,
      0,
      0,
      -1
    ],
    "ImageType": [
      "ORIGINAL",
      "PRIMARY",
      "M",
      "ND"
    ],
    "ImagingFrequency": 168.255,
    "InPlanePhaseEncodingDirectionDICOM": "ROW",
    "InversionTime": 0.7,
    "MRAcquisitionType": "3D",
    "MagneticFieldStrength": 3.95064,
    "Manufacturer": "Siemens",
    "ManufacturersModelName": "MedSpec_4T",
    "Modality": "MR",
    "PartialFourier": 0.875,
    "PatientPosition": "HFS",
    "PercentPhaseFOV": 100,
    "PhaseEncodingSteps": 197,
    "PhaseResolution": 0.878906,
    "PixelBandwidth": 200,
    "ProcedureStepDescription": "Research_fMRI",
    "ProtocolName": "t1_mpr_sag",
    "PulseSequenceDetails": "%SiemensSeq%_tfl",
    "ReceiveCoilName": "Head",
    "ReconMatrixPE": 256,
    "RepetitionTime": 1.5,
    "SAR": 0.0612462,
    "ScanOptions": "IR",
    "ScanningSequence": "IR_GR",
    "SequenceName": "tfl3d1_ns",
    "SequenceVariant": "SP_MP",
    "SeriesDescription": "t1_mpr_sag",
    "SeriesNumber": 8,
    "ShimSetting": [
      -10,
      21,
      33,
      1688,
      -200,
      -3734,
      2549,
      -8
    ],
    "SliceThickness": 0.9,
    "SoftwareVersions": "syngo_MR_2004A_4VA25A",
    "StationName": "WES4T",
    "TxRefAmp": 172.405,
    "dataset": "ds004169",
    "modality": "T1w",
    "session_id": "02",
    "subject_id": "0916"
  },
  "cjv": 0.3309544210322077,
  "cnr": 3.978382581332581,
  "efc": 0.4460783034631993,
  "fber": 4493.686537238985,
  "fwhm_avg": 4.656715747229616,
  "fwhm_x": 4.929144575022183,
  "fwhm_y": 5.021845333333333,
  "fwhm_z": 4.019157333333333,
  "icvs_csf": 0.24165643189401081,
  "icvs_gm": 0.42267456395120057,
  "icvs_wm": 0.3356690041547886,
  "inu_med": 0.6197502017021179,
  "inu_range": 0.35852134227752686,
  "provenance": {
    "md5sum": "01cdea9240779db20d3d2af085d73f5d",
    "settings": {
      "testing": false
    },
    "software": "mriqc",
    "version": "23.0.1",
    "warnings": {
      "large_rot_frame": true,
      "small_air_mask": false
    },
    "webapi_port": null,
    "webapi_url": "https://mriqc.nimh.nih.gov/api/v1"
  },
  "qi_1": 0.0,
  "qi_2": 0.006483486302728349,
  "rpve_csf": 25.20655344468281,
  "rpve_gm": 14.563227340010993,
  "rpve_wm": 21.719877936645954,
  "size_x": 240,
  "size_y": 256,
  "size_z": 256,
  "snr_csf": 2.6191199191946115,
  "snr_gm": 9.894105223229959,
  "snr_total": 11.418078809917029,
  "snr_wm": 21.741011287326522,
  "snrd_csf": 22.09181364014022,
  "snrd_gm": 54.736485938258774,
  "snrd_total": 52.913913251029605,
  "snrd_wm": 81.91344017468982,
  "spacing_x": 0.8999999761581421,
  "spacing_y": 0.9375,
  "spacing_z": 0.9375,
  "summary_bg_k": 6.312846998616907,
  "summary_bg_mad": 7.998138269399453,
  "summary_bg_mean": 12.298834896215052,
  "summary_bg_median": 5.394662283360958,
  "summary_bg_n": 3170336.0,
  "summary_bg_p05": 0.0,
  "summary_bg_p95": 45.968201246112585,
  "summary_bg_stdv": 16.67045540217671,
  "summary_csf_k": 1.6327547273197833,
  "summary_csf_mad": 87.09551620730247,
  "summary_csf_mean": 266.36049108438806,
  "summary_csf_median": 269.7047212086618,
  "summary_csf_n": 47193.0,
  "summary_csf_p05": 87.79103042185307,
  "summary_csf_p95": 439.1084740899504,
  "summary_csf_stdv": 102.9742325854037,
  "summary_gm_k": 0.07691163239749832,
  "summary_gm_mad": 67.62636384100117,
  "summary_gm_mean": 667.5863230697178,
  "summary_gm_median": 668.2424956317991,
  "summary_gm_n": 33606.0,
  "summary_gm_p05": 554.8552123233676,
  "summary_gm_p95": 775.9227941036224,
  "summary_gm_stdv": 67.53845225736796,
  "summary_wm_k": 0.795110347180259,
  "summary_wm_mad": 42.17965550493817,
  "summary_wm_mean": 1000.509152485067,
  "summary_wm_median": 1000.0284225381911,
  "summary_wm_n": 222079.0,
  "summary_wm_p05": 924.7842408690602,
  "summary_wm_p95": 1075.8660170584917,
  "summary_wm_stdv": 45.99722422312292,
  "tpm_overlap_csf": 0.1511027261450508,
  "tpm_overlap_gm": 0.46515293680336484,
  "tpm_overlap_wm": 0.49893100434430815,
  "wm2max": 0.5982132241792211
}