{
  "bids_meta": {
    "AcquisitionMatrixPE": 225,
    "AcquisitionNumber": 1,
    "AcquisitionTime": "09:15:59.005020",
    "BaseResolution": 256,
    "ConversionSoftware": "dcm2niix",
    "ConversionSoftwareVersion": "v1.0.20190410  GCC6.3.0",
    "DeviceSerialNumber": "18011",
    "EchoTime": 0.00335,
    "FlipAngle": 8,
    "ImageOrientationPatientDICOM": [
      0.99863,
      0.052336,
      0,
      0,
      -2.22045e-16,
      -1
    ],
    "ImageType": [
      "ORIGINAL",
      "PRIMARY",
      "M",
      "ND"
    ],
    "ImagingFrequency": 168.217,
    "InPlanePhaseEncodingDirectionDICOM": "ROW",
    "InversionTime": 0.7,
    "MRAcquisitionType": "3D",
    "MagneticFieldStrength": 3.95064,
    "Manufacturer": "Siemens",
    "ManufacturersModelName": "MedSpec_4T",
    "Modality": "MR",
    "PartialFourier": 0.875,
    "PatientPosition": "HFS",
    "PercentPhaseFOV": 100,
    "PhaseEncodingSteps": 197,
    "PhaseResolution": 0.878906,
    "PixelBandwidth": 200,
    "ProtocolName": "t1_mpr_cor",
    "PulseSequenceDetails": "%SiemensSeq%_tfl",
    "ReceiveCoilName": "Head_4T",
    "ReconMatrixPE": 256,
    "RepetitionTime": 1.5,
    "SAR": 0.00511363,
    "ScanOptions": "IR",
    "ScanningSequence": "IR_GR",
    "SequenceName": "tfl3d1_ns",
    "SequenceVariant": "SP_MP",
    "SeriesDescription": "t1_mpr_cor",
    "SeriesNumber": 8,
    "ShimSetting": [
      -15,
      -5,
      0,
      1103,
      932,
      -3205,
      1862,
      360
    ],
    "SliceThickness": 0.9,
    "SoftwareVersions": "syngo_MR_2002B_4VA21A",
    "StationName": "wes4T",
    "TxRefAmp": 170.944,
    "dataset": "ds004169",
    "modality": "T1w",
    "session_id": "01",
    "subject_id": "0068"
  },
  "cjv": 0.35531419429705163,
  "cnr": 3.72691925182101,
  "efc": 0.4234218685743213,
  "fber": -1.0,
  "fwhm_avg": 4.252786262957362,
  "fwhm_x": 4.301056,
  "fwhm_y": 4.613100122205419,
  "fwhm_z": 3.844202666666667,
  "icvs_csf": 0.17432603748345235,
  "icvs_gm": 0.4803369659425432,
  "icvs_wm": 0.34533699657400446,
  "inu_med": 0.7832921147346497,
  "inu_range": 0.5788477063179016,
  "provenance": {
    "md5sum": "1fd909f25cf8de0a14af09e8ef0582b7",
    "settings": {
      "testing": false
    },
    "software": "mriqc",
    "version": "22.0.6",
    "warnings": {
      "large_rot_frame": true,
      "small_air_mask": false
    },
    "webapi_port": null,
    "webapi_url": "https://mriqc.nimh.nih.gov/api/v1"
  },
  "qi_1": 0.0,
  "qi_2": 0.03691926916452357,
  "rpve_csf": 36.936042819559106,
  "rpve_gm": 15.132437059985158,
  "rpve_wm": 22.78084483651079,
  "size_x": 256,
  "size_y": 256,
  "size_z": 256,
  "snr_csf": 1.743787581549965,
  "snr_gm": 10.564459666536413,
  "snr_total": 9.695840671122381,
  "snr_wm": 16.77927476528076,
  "snrd_csf": 7.96071791719183,
  "snrd_gm": 18.838058929956045,
  "snrd_total": 18.368512004759932,
  "snrd_wm": 28.306759167131915,
  "spacing_x": 0.9375,
  "spacing_y": 0.8999999761581421,
  "spacing_z": 0.9375,
  "summary_bg_k": 13.501962000620718,
  "summary_bg_mad": 0.0,
  "summary_bg_mean": 13.570233739512863,
  "summary_bg_median": 0.0,
  "summary_bg_n": 5096427.0,
  "summary_bg_p05": 0.0,
  "summary_bg_p95": 58.793373607099056,
  "summary_bg_stdv": 23.1441676603384,
  "summary_csf_k": 27.598297042606582,
  "summary_csf_mad": 89.5056753758641,
  "summary_csf_mean": 302.3106238713995,
  "summary_csf_median": 281.23027536273,
  "summary_csf_n": 23619.0,
  "summary_csf_p05": 114.66087979525328,
  "summary_csf_p95": 506.0764830388128,
  "summary_csf_stdv": 161.2721209852024,
  "summary_gm_k": 0.13059222528578607,
  "summary_gm_mad": 61.9699646625839,
  "summary_gm_mean": 665.0309802525518,
  "summary_gm_median": 665.4968251958489,
  "summary_gm_n": 60659.0,
  "summary_gm_p05": 559.6214340925217,
  "summary_gm_p95": 767.3935097955167,
  "summary_gm_stdv": 62.99341003913833,
  "summary_wm_k": 0.44925715926610854,
  "summary_wm_mad": 56.88375058178692,
  "summary_wm_mean": 1002.148715916176,
  "summary_wm_median": 999.9999696016312,
  "summary_wm_n": 213686.0,
  "summary_wm_p05": 907.925839908421,
  "summary_wm_p95": 1103.2334049493074,
  "summary_wm_stdv": 59.597190206709705,
  "tpm_overlap_csf": 0.13709015815508369,
  "tpm_overlap_gm": 0.4519743632627952,
  "tpm_overlap_wm": 0.4778796648620515,
  "wm2max": 0.45350500715307585
}