{
  "bids_meta": {
    "AcquisitionMatrixPE": 225,
    "AcquisitionNumber": 1,
    "AcquisitionTime": "11:24:41.527480",
    "BaseResolution": 256,
    "ConversionSoftware": "dcm2niix",
    "ConversionSoftwareVersion": "v1.0.20190410  GCC6.3.0",
    "DeviceSerialNumber": "18011",
    "EchoTime": 0.00335,
    "FlipAngle": 8,
    "ImageOrientationPatientDICOM": [
      0.999848,
      0.0174524,
      0,
      0,
      1.11022e-16,
      -1
    ],
    "ImageType": [
      "ORIGINAL",
      "PRIMARY",
      "M",
      "ND"
    ],
    "ImagingFrequency": 168.217,
    "InPlanePhaseEncodingDirectionDICOM": "ROW",
    "InversionTime": 0.7,
    "MRAcquisitionType": "3D",
    "MagneticFieldStrength": 3.95064,
    "Manufacturer": "Siemens",
    "ManufacturersModelName": "MedSpec_4T",
    "Modality": "MR",
    "PartialFourier": 0.875,
    "PatientPosition": "HFS",
    "PercentPhaseFOV": 100,
    "PhaseEncodingSteps": 197,
    "PhaseResolution": 0.878906,
    "PixelBandwidth": 200,
    "ProtocolName": "t1_mpr_cor",
    "PulseSequenceDetails": "%SiemensSeq%_tfl",
    "ReceiveCoilName": "Head_4T",
    "ReconMatrixPE": 256,
    "RepetitionTime": 1.5,
    "SAR": 0.00312972,
    "ScanOptions": "IR",
    "ScanningSequence": "IR_GR",
    "SequenceName": "tfl3d1_ns",
    "SequenceVariant": "SP_MP",
    "SeriesDescription": "t1_mpr_cor",
    "SeriesNumber": 8,
    "ShimSetting": [
      11,
      -27,
      -14,
      2080,
      601,
      -4131,
      2940,
      -83
    ],
    "SliceThickness": 0.9,
    "SoftwareVersions": "syngo_MR_2002B_4VA21A",
    "StationName": "wes4T",
    "TxRefAmp": 223.473,
    "dataset": "ds004169",
    "modality": "T1w",
    "session_id": "01",
    "subject_id": "0338"
  },
  "cjv": 0.40865448028395707,
  "cnr": 3.219441942923907,
  "efc": 0.47348753169046276,
  "fber": 1174.816107632215,
  "fwhm_avg": 4.353658114868573,
  "fwhm_x": 4.523658666666666,
  "fwhm_y": 4.61982234460572,
  "fwhm_z": 3.9174933333333333,
  "icvs_csf": 0.22293020116305956,
  "icvs_gm": 0.4080065143931551,
  "icvs_wm": 0.36906328444378533,
  "inu_med": 0.7910510897636414,
  "inu_range": 0.546501138806343,
  "provenance": {
    "md5sum": "b82723fc5d3c3d392fb54d9b0fdba04d",
    "settings": {
      "testing": false
    },
    "software": "mriqc",
    "version": "23.0.1",
    "warnings": {
      "large_rot_frame": true,
      "small_air_mask": false
    },
    "webapi_port": null,
    "webapi_url": "https://mriqc.nimh.nih.gov/api/v1"
  },
  "qi_1": 0.0,
  "qi_2": 0.03644588890725585,
  "rpve_csf": 26.994475889491884,
  "rpve_gm": 14.827548251768278,
  "rpve_wm": 19.212916429946887,
  "size_x": 256,
  "size_y": 256,
  "size_z": 256,
  "snr_csf": 1.7164410068463705,
  "snr_gm": 9.259581620986397,
  "snr_total": 9.187224899894064,
  "snr_wm": 16.585652071849427,
  "snrd_csf": 6.1454668957518335,
  "snrd_gm": 15.638192439189815,
  "snrd_total": 14.921376639685327,
  "snrd_wm": 22.980470584114332,
  "spacing_x": 0.9375,
  "spacing_y": 0.8999999761581421,
  "spacing_z": 0.9375,
  "summary_bg_k": 7.570680657543926,
  "summary_bg_mad": 0.0,
  "summary_bg_mean": 20.689663716701187,
  "summary_bg_median": 0.0,
  "summary_bg_n": 5172587.0,
  "summary_bg_p05": 0.0,
  "summary_bg_p95": 79.05313563346863,
  "summary_bg_stdv": 28.509450301431336,
  "summary_csf_k": 32.448304949640935,
  "summary_csf_mad": 112.3937277887733,
  "summary_csf_mean": 279.1150372657331,
  "summary_csf_median": 267.4311533346772,
  "summary_csf_n": 50693.0,
  "summary_csf_p05": 95.57170128822327,
  "summary_csf_p95": 481.9881478548039,
  "summary_csf_stdv": 155.8040821110015,
  "summary_gm_k": 0.07193823800558441,
  "summary_gm_mad": 72.62406000359209,
  "summary_gm_mean": 679.8926466686208,
  "summary_gm_median": 680.524345997721,
  "summary_gm_n": 32528.0,
  "summary_gm_p05": 557.5384626463056,
  "summary_gm_p95": 798.6062801703811,
  "summary_gm_stdv": 73.49294095338509,
  "summary_wm_k": 0.46883194074177226,
  "summary_wm_mad": 57.946182614834484,
  "summary_wm_mean": 1001.0337194167969,
  "summary_wm_median": 1000.0369144827127,
  "summary_wm_n": 278785.0,
  "summary_wm_p05": 904.3177260011435,
  "summary_wm_p95": 1101.1025137230754,
  "summary_wm_stdv": 60.29519470117559,
  "tpm_overlap_csf": 0.1286142872696972,
  "tpm_overlap_gm": 0.4297757421375841,
  "tpm_overlap_wm": 0.4767628054109298,
  "wm2max": 0.46787882969914435
}