{
  "bids_meta": {
    "AcquisitionMatrixPE": 225,
    "AcquisitionNumber": 1,
    "AcquisitionTime": "08:48:19.555000",
    "BaseResolution": 256,
    "ConversionSoftware": "dcm2niix",
    "ConversionSoftwareVersion": "v1.0.20190410  GCC6.3.0",
    "DeviceSerialNumber": "18011",
    "EchoTime": 0.00335,
    "FlipAngle": 8,
    "ImageOrientationPatientDICOM": [
      0.999391,
      0.0348995,
      0,
      0,
      2.22045e-16,
      -1
    ],
    "ImageType": [
      "ORIGINAL",
      "PRIMARY",
      "M",
      "ND"
    ],
    "ImagingFrequency": 168.217,
    "InPlanePhaseEncodingDirectionDICOM": "ROW",
    "InversionTime": 0.7,
    "MRAcquisitionType": "3D",
    "MagneticFieldStrength": 3.95064,
    "Manufacturer": "Siemens",
    "ManufacturersModelName": "MedSpec_4T",
    "Modality": "MR",
    "PartialFourier": 0.875,
    "PatientPosition": "HFS",
    "PercentPhaseFOV": 100,
    "PhaseEncodingSteps": 197,
    "PhaseResolution": 0.878906,
    "PixelBandwidth": 200,
    "ProtocolName": "t1_mpr_cor",
    "PulseSequenceDetails": "%SiemensSeq%_tfl",
    "ReceiveCoilName": "Head_4T",
    "ReconMatrixPE": 256,
    "RepetitionTime": 1.5,
    "SAR": 0.00511934,
    "ScanOptions": "IR",
    "ScanningSequence": "IR_GR",
    "SequenceName": "tfl3d1_ns",
    "SequenceVariant": "SP_MP",
    "SeriesDescription": "t1_mpr_cor",
    "SeriesNumber": 11,
    "ShimSetting": [
      10,
      -40,
      -37,
      1860,
      200,
      -4994,
      2967,
      -16
    ],
    "SliceThickness": 0.9,
    "SoftwareVersions": "syngo_MR_2002B_4VA21A",
    "StationName": "wes4T",
    "TxRefAmp": 167.409,
    "dataset": "ds004169",
    "modality": "T1w",
    "session_id": "01",
    "subject_id": "0256"
  },
  "cjv": 0.35833828706787646,
  "cnr": 3.654170588756024,
  "efc": 0.45305941415102474,
  "fber": 1324.531010788573,
  "fwhm_avg": 4.3708353007556715,
  "fwhm_x": 4.572938666666667,
  "fwhm_y": 4.699311235600345,
  "fwhm_z": 3.8402559999999997,
  "icvs_csf": 0.22003013355429074,
  "icvs_gm": 0.43133514366263026,
  "icvs_wm": 0.348634722783079,
  "inu_med": 0.7389132380485535,
  "inu_range": 0.48491643071174584,
  "provenance": {
    "md5sum": "7a0d0f516f099149ee4235ca0ea65463",
    "settings": {
      "testing": false
    },
    "software": "mriqc",
    "version": "23.0.1",
    "warnings": {
      "large_rot_frame": true,
      "small_air_mask": false
    },
    "webapi_port": null,
    "webapi_url": "https://mriqc.nimh.nih.gov/api/v1"
  },
  "qi_1": 0.0,
  "qi_2": 0.018586733457074837,
  "rpve_csf": 28.287162626411714,
  "rpve_gm": 15.044289778269805,
  "rpve_wm": 21.50886965132561,
  "size_x": 256,
  "size_y": 256,
  "size_z": 256,
  "snr_csf": 1.6507383372281992,
  "snr_gm": 9.3180652977218,
  "snr_total": 9.640397986760455,
  "snr_wm": 17.952390325331365,
  "snrd_csf": 7.48987224494503,
  "snrd_gm": 18.18277982931653,
  "snrd_total": 17.777515653190818,
  "snrd_wm": 27.659894885310898,
  "spacing_x": 0.9375,
  "spacing_y": 0.8999999761581421,
  "spacing_z": 0.9375,
  "summary_bg_k": 7.465043911435506,
  "summary_bg_mad": 23.68542687772206,
  "summary_bg_mean": 21.19257076743868,
  "summary_bg_median": 15.975577658042312,
  "summary_bg_n": 6056401.0,
  "summary_bg_p05": 0.0,
  "summary_bg_p95": 70.51187244616449,
  "summary_bg_stdv": 26.683699956300618,
  "summary_csf_k": 23.25283840290639,
  "summary_csf_mad": 118.38319111054402,
  "summary_csf_mean": 286.15112445842794,
  "summary_csf_median": 270.7845593392849,
  "summary_csf_n": 41876.0,
  "summary_csf_p05": 90.50357398670167,
  "summary_csf_p95": 493.6720249950886,
  "summary_csf_stdv": 164.03649206051605,
  "summary_gm_k": 0.16070986323101044,
  "summary_gm_mad": 69.43037934471401,
  "summary_gm_mean": 656.0964503350976,
  "summary_gm_median": 657.3698272313923,
  "summary_gm_n": 45980.0,
  "summary_gm_p05": 537.9234859291464,
  "summary_gm_p95": 768.726124151889,
  "summary_gm_stdv": 70.54712086220539,
  "summary_wm_k": 0.5418895980226273,
  "summary_wm_mad": 53.34713957245748,
  "summary_wm_mean": 1000.883729486049,
  "summary_wm_median": 1000.000027095899,
  "summary_wm_n": 253851.0,
  "summary_wm_p05": 911.0525158680975,
  "summary_wm_p95": 1092.8302853982896,
  "summary_wm_stdv": 55.702780482859225,
  "tpm_overlap_csf": 0.13375415747278163,
  "tpm_overlap_gm": 0.4668840123897317,
  "tpm_overlap_wm": 0.5076490106468905,
  "wm2max": 0.5479779113204483
}