{
  "aor": 0.006619666666666667,
  "aqi": 0.018859963333333337,
  "bids_meta": {
    "AcquisitionMatrixPE": 64,
    "AcquisitionNumber": 1,
    "AcquisitionTime": "08:55:36.170010",
    "BaseResolution": 64,
    "ConversionSoftware": "dcm2niix",
    "ConversionSoftwareVersion": "v1.0.20190410  GCC6.3.0",
    "DeviceSerialNumber": "18011",
    "EchoTime": 0.03,
    "FlipAngle": 90,
    "ImageComments": "Fake_MoCo_Reference_Volume_+_DiCo_Applied",
    "ImageOrientationPatientDICOM": [
      1,
      0,
      0,
      0,
      0.978148,
      -0.207912
    ],
    "ImageType": [
      "ORIGINAL",
      "PRIMARY",
      "M",
      "ND",
      "DICO",
      "MOSAIC"
    ],
    "ImagingFrequency": 168.255,
    "InPlanePhaseEncodingDirectionDICOM": "COL",
    "MRAcquisitionType": "2D",
    "MagneticFieldStrength": 3.95064,
    "Manufacturer": "Siemens",
    "ManufacturersModelName": "MedSpec_4T",
    "Modality": "MR",
    "PartialFourier": 1,
    "PatientPosition": "HFS",
    "PercentPhaseFOV": 100,
    "PhaseEncodingDirection": "j-",
    "PhaseEncodingSteps": 64,
    "PhaseResolution": 1,
    "PixelBandwidth": 2790,
    "ProcedureStepDescription": "Research_fMRI",
    "ProtocolName": "mz_bold_dc_REST",
    "PulseSequenceDetails": "%CustomerSeq%_mz_ep2d_bold_dc",
    "ReceiveCoilName": "Head",
    "ReconMatrixPE": 64,
    "RepetitionTime": 2.1,
    "SAR": 0.0748753,
    "ScanOptions": "FS",
    "ScanningSequence": "SE_EP",
    "SequenceName": "epfid2d1_64",
    "SequenceVariant": "SK",
    "SeriesDescription": "mz_bold_dc_REST_DiCo",
    "SeriesNumber": 10,
    "ShimSetting": [
      1,
      -8,
      32,
      2850,
      334,
      -3038,
      2203,
      393
    ],
    "SliceThickness": 3,
    "SoftwareVersions": "syngo_MR_2004A_4VA25A",
    "SpacingBetweenSlices": 3.6,
    "StationName": "WES4T",
    "TaskName": "rest",
    "TxRefAmp": 179.583,
    "dataset": "ds004169",
    "modality": "bold",
    "session_id": "01",
    "subject_id": "0259",
    "task_id": "rest"
  },
  "dummy_trs": 0,
  "dvars_nstd": 40.66919118087249,
  "dvars_std": 1.2935984397315439,
  "dvars_vstd": 0.9556379641610738,
  "efc": 0.48869927426477733,
  "fber": 2771.251708984375,
  "fd_mean": 0.2780640197668328,
  "fd_num": 47,
  "fd_perc": 31.333333333333332,
  "fwhm_avg": 1.7312898305034257,
  "fwhm_x": 1.6133648695652174,
  "fwhm_y": 2.0105016985992235,
  "fwhm_z": 1.5700029233458368,
  "gcor": 0.0242918,
  "gsr_x": -0.027103668078780174,
  "gsr_y": 0.04647350311279297,
  "provenance": {
    "md5sum": "4eba7f2a498cbaa44a295cf4d1351875",
    "settings": {
      "fd_thres": 0.2,
      "testing": false
    },
    "software": "mriqc",
    "version": "23.0.1",
    "webapi_port": null,
    "webapi_url": "https://mriqc.nimh.nih.gov/api/v1"
  },
  "size_t": 150,
  "size_x": 64,
  "size_y": 64,
  "size_z": 36,
  "snr": 5.070259407302509,
  "spacing_tr": 2.0999999046325684,
  "spacing_x": 3.59375,
  "spacing_y": 3.593749761581421,
  "spacing_z": 3.5999996662139893,
  "summary_bg_k": 146.67385367068798,
  "summary_bg_mad": 6.740898020822553,
  "summary_bg_mean": 22.782054901123047,
  "summary_bg_median": 11.053333282470703,
  "summary_bg_n": 91273.0,
  "summary_bg_p05": 5.513333320617676,
  "summary_bg_p95": 67.86266784667964,
  "summary_bg_stdv": 35.762420654296875,
  "summary_fg_k": 2.9259363180106215,
  "summary_fg_mad": 100.01628774623875,
  "summary_fg_mean": 591.0184326171875,
  "summary_fg_median": 580.913330078125,
  "summary_fg_n": 24826.0,
  "summary_fg_p05": 433.37335205078125,
  "summary_fg_p95": 781.7866668701172,
  "summary_fg_stdv": 114.57039642333984,
  "tsnr": 38.098582974867895
}