{
  "aor": 0.0067444094488188985,
  "aqi": 0.02023000834645669,
  "bids_meta": {
    "AcquisitionMatrixPE": 64,
    "AcquisitionNumber": 1,
    "AcquisitionTime": "12:14:16.437520",
    "BaseResolution": 64,
    "ConversionSoftware": "dcm2niix",
    "ConversionSoftwareVersion": "v1.0.20190410  GCC6.3.0",
    "DeviceSerialNumber": "18011",
    "EchoTime": 0.03,
    "FlipAngle": 90,
    "ImageComments": "Fake_MoCo_Reference_Volume_+_DiCo_Applied",
    "ImageOrientationPatientDICOM": [
      1,
      -2.22045e-16,
      0,
      2.22045e-16,
      0.999391,
      -0.0348995
    ],
    "ImageType": [
      "ORIGINAL",
      "PRIMARY",
      "M",
      "ND",
      "MOSAIC"
    ],
    "ImagingFrequency": 168.217,
    "InPlanePhaseEncodingDirectionDICOM": "COL",
    "MRAcquisitionType": "2D",
    "MagneticFieldStrength": 3.95064,
    "Manufacturer": "Siemens",
    "ManufacturersModelName": "MedSpec_4T",
    "Modality": "MR",
    "PartialFourier": 1,
    "PatientPosition": "HFS",
    "PercentPhaseFOV": 100,
    "PhaseEncodingDirection": "j-",
    "PhaseEncodingSteps": 64,
    "PhaseResolution": 1,
    "PixelBandwidth": 2790,
    "ProtocolName": "Nback_dc",
    "PulseSequenceDetails": "%CustomerSeq%_mz_ep2d_bold_dc",
    "ReceiveCoilName": "Head_4T",
    "ReconMatrixPE": 64,
    "RepetitionTime": 2.1,
    "SAR": 0.0563753,
    "ScanOptions": "FS",
    "ScanningSequence": "SE_EP",
    "SequenceName": "epfid2d1_64",
    "SequenceVariant": "SK",
    "SeriesDescription": "Nback_dc_DiCo",
    "SeriesNumber": 7,
    "ShimSetting": [
      20,
      17,
      -7,
      2196,
      1143,
      -1655,
      2734,
      -33
    ],
    "SliceThickness": 3,
    "SoftwareVersions": "syngo_MR_2002B_4VA21A",
    "SpacingBetweenSlices": 3.6,
    "StationName": "wes4T",
    "TaskName": "nback",
    "TxRefAmp": 177.121,
    "dataset": "ds004169",
    "modality": "bold",
    "session_id": "01",
    "subject_id": "0062",
    "task_id": "nback"
  },
  "dummy_trs": 0,
  "dvars_nstd": 32.26039200714284,
  "dvars_std": 1.140522718968254,
  "dvars_vstd": 1.002240125714286,
  "efc": 0.47530696580869025,
  "fber": 2784.602294921875,
  "fd_mean": 0.3719932861737813,
  "fd_num": 85,
  "fd_perc": 66.92913385826772,
  "fwhm_avg": 1.8583746978560791,
  "fwhm_x": 1.6975471304347824,
  "fwhm_y": 2.169104695652174,
  "fwhm_z": 1.7084722674812811,
  "gcor": 0.011169,
  "gsr_x": -0.023672237992286682,
  "gsr_y": 0.044873517006635666,
  "provenance": {
    "md5sum": "d80eedda24de59e62c533c809cec560f",
    "settings": {
      "fd_thres": 0.2,
      "testing": false
    },
    "software": "mriqc",
    "version": "22.0.6",
    "webapi_port": null,
    "webapi_url": "https://mriqc.nimh.nih.gov/api/v1"
  },
  "size_t": 127,
  "size_x": 64,
  "size_y": 64,
  "size_z": 36,
  "snr": 5.776487601664826,
  "spacing_tr": 2.0999999046325684,
  "spacing_x": 3.59375,
  "spacing_y": 3.59375,
  "spacing_z": 3.5999999046325684,
  "summary_bg_k": 88.91306861878891,
  "summary_bg_mad": 8.206846386645404,
  "summary_bg_mean": 29.475143432617188,
  "summary_bg_median": 15.259842872619629,
  "summary_bg_n": 94309.0,
  "summary_bg_p05": 8.869291114807133,
  "summary_bg_p95": 86.18582763671834,
  "summary_bg_stdv": 41.43585968017578,
  "summary_fg_k": 4.69471304306953,
  "summary_fg_mad": 116.57692918950606,
  "summary_fg_mean": 818.9036254882812,
  "summary_fg_median": 816.0787353515625,
  "summary_fg_n": 22668.0,
  "summary_fg_p05": 607.4342254638672,
  "summary_fg_p95": 1027.1547546386714,
  "summary_fg_stdv": 141.2728271484375,
  "tsnr": 37.13549305032939
}