{
  "aor": 0.006587401574803149,
  "aqi": 0.020037832362204723,
  "bids_meta": {
    "AcquisitionMatrixPE": 64,
    "AcquisitionNumber": 1,
    "AcquisitionTime": "09:44:54.032500",
    "BaseResolution": 64,
    "ConversionSoftware": "dcm2niix",
    "ConversionSoftwareVersion": "v1.0.20190410  GCC6.3.0",
    "DeviceSerialNumber": "18011",
    "EchoTime": 0.03,
    "FlipAngle": 90,
    "ImageComments": "Fake_MoCo_Reference_Volume_+_DiCo_Applied",
    "ImageOrientationPatientDICOM": [
      1,
      0,
      0,
      0,
      0.992546,
      -0.121869
    ],
    "ImageType": [
      "ORIGINAL",
      "PRIMARY",
      "M",
      "ND",
      "MOSAIC"
    ],
    "ImagingFrequency": 168.217,
    "InPlanePhaseEncodingDirectionDICOM": "COL",
    "MRAcquisitionType": "2D",
    "MagneticFieldStrength": 3.95064,
    "Manufacturer": "Siemens",
    "ManufacturersModelName": "MedSpec_4T",
    "Modality": "MR",
    "PartialFourier": 1,
    "PatientPosition": "HFS",
    "PercentPhaseFOV": 100,
    "PhaseEncodingDirection": "j-",
    "PhaseEncodingSteps": 64,
    "PhaseResolution": 1,
    "PixelBandwidth": 2790,
    "ProtocolName": "Nback_dc_opt",
    "PulseSequenceDetails": "%CustomerSeq%_kt_ep2d_bold_dc",
    "ReceiveCoilName": "Head_4T",
    "ReconMatrixPE": 64,
    "RepetitionTime": 2.1,
    "SAR": 0.00691216,
    "ScanOptions": "FS",
    "ScanningSequence": "SE_EP",
    "SequenceName": "epfid2d1_64",
    "SequenceVariant": "SK",
    "SeriesDescription": "Nback_dc_opt_DiCo",
    "SeriesNumber": 10,
    "ShimSetting": [
      11,
      -4,
      -7,
      1992,
      587,
      -4144,
      1732,
      -20
    ],
    "SliceThickness": 3,
    "SoftwareVersions": "syngo_MR_2002B_4VA21A",
    "SpacingBetweenSlices": 3.6,
    "StationName": "wes4T",
    "TaskName": "nback",
    "TxRefAmp": 181.213,
    "dataset": "ds004169",
    "modality": "bold",
    "session_id": "01",
    "subject_id": "1241",
    "task_id": "nback"
  },
  "dummy_trs": 0,
  "dvars_nstd": 39.59018126031746,
  "dvars_std": 1.13622617047619,
  "dvars_vstd": 1.0082133238095237,
  "efc": 0.49558283063594444,
  "fber": 2046.4842529296875,
  "fd_mean": 0.4573304336263374,
  "fd_num": 93,
  "fd_perc": 73.22834645669292,
  "fwhm_avg": 1.7919203368275427,
  "fwhm_x": 1.6433335652173913,
  "fwhm_y": 2.051046956521739,
  "fwhm_z": 1.6813804887434978,
  "gcor": 0.0515372,
  "gsr_x": -0.02272179163992405,
  "gsr_y": 0.03887857869267464,
  "provenance": {
    "md5sum": "272e95dba5f781a41520ad85e316220c",
    "settings": {
      "fd_thres": 0.2,
      "testing": false
    },
    "software": "mriqc",
    "version": "23.0.1",
    "webapi_port": null,
    "webapi_url": "https://mriqc.nimh.nih.gov/api/v1"
  },
  "size_t": 127,
  "size_x": 64,
  "size_y": 64,
  "size_z": 36,
  "snr": 5.8045876342976115,
  "spacing_tr": 2.0999999046325684,
  "spacing_x": 3.59375,
  "spacing_y": 3.59375,
  "spacing_z": 3.6000001430511475,
  "summary_bg_k": 63.83565902291936,
  "summary_bg_mad": 10.249800518429751,
  "summary_bg_mean": 31.00625991821289,
  "summary_bg_median": 17.0,
  "summary_bg_n": 91502.0,
  "summary_bg_p05": 9.21259880065918,
  "summary_bg_p95": 91.54330444335938,
  "summary_bg_stdv": 38.26089859008789,
  "summary_fg_k": 1.9302643327951232,
  "summary_fg_mad": 130.41646528538735,
  "summary_fg_mean": 791.3846435546875,
  "summary_fg_median": 784.842529296875,
  "summary_fg_n": 24700.0,
  "summary_fg_p05": 589.5645904541016,
  "summary_fg_p95": 1004.5523315429688,
  "summary_fg_stdv": 135.20799255371094,
  "tsnr": 34.60056980670197
}