{
  "aor": 0.0081132,
  "aqi": 0.011030615866666666,
  "bids_meta": {
    "AcquisitionMatrixPE": 64,
    "AcquisitionNumber": 1,
    "AcquisitionTime": "12:15:51.669990",
    "BaseResolution": 64,
    "ConversionSoftware": "dcm2niix",
    "ConversionSoftwareVersion": "v1.0.20190410  GCC6.3.0",
    "DeviceSerialNumber": "18011",
    "EchoTime": 0.03,
    "FlipAngle": 90,
    "ImageComments": "Fake_MoCo_Reference_Volume_+_DiCo_Applied",
    "ImageOrientationPatientDICOM": [
      1,
      -1.11022e-16,
      0,
      1.11022e-16,
      0.998342,
      -0.057564
    ],
    "ImageType": [
      "ORIGINAL",
      "PRIMARY",
      "M",
      "ND",
      "DICO",
      "MOSAIC"
    ],
    "ImagingFrequency": 168.255,
    "InPlanePhaseEncodingDirectionDICOM": "COL",
    "MRAcquisitionType": "2D",
    "MagneticFieldStrength": 3.95064,
    "Manufacturer": "Siemens",
    "ManufacturersModelName": "MedSpec_4T",
    "Modality": "MR",
    "PartialFourier": 1,
    "PatientPosition": "HFS",
    "PercentPhaseFOV": 100,
    "PhaseEncodingDirection": "j-",
    "PhaseEncodingSteps": 64,
    "PhaseResolution": 1,
    "PixelBandwidth": 2790,
    "ProcedureStepDescription": "Research_fMRI",
    "ProtocolName": "mz_bold_dc_REST",
    "PulseSequenceDetails": "%CustomerSeq%_mz_ep2d_bold_dc",
    "ReceiveCoilName": "Head",
    "ReconMatrixPE": 64,
    "RepetitionTime": 2.1,
    "SAR": 0.0929748,
    "ScanOptions": "FS",
    "ScanningSequence": "SE_EP",
    "SequenceName": "epfid2d1_64",
    "SequenceVariant": "SK",
    "SeriesDescription": "mz_bold_dc_REST_DiCo",
    "SeriesNumber": 10,
    "ShimSetting": [
      -2,
      1,
      11,
      2337,
      509,
      -4148,
      3227,
      -192
    ],
    "SliceThickness": 3,
    "SoftwareVersions": "syngo_MR_2004A_4VA25A",
    "SpacingBetweenSlices": 3.6,
    "StationName": "WES4T",
    "TaskName": "rest",
    "TxRefAmp": 187.651,
    "dataset": "ds004169",
    "modality": "bold",
    "session_id": "01",
    "subject_id": "0621",
    "task_id": "rest"
  },
  "dummy_trs": 0,
  "dvars_nstd": 29.28233484644295,
  "dvars_std": 1.1505431997986575,
  "dvars_vstd": 1.0070495196644296,
  "efc": 0.469986785640064,
  "fber": 2936.340576171875,
  "fd_mean": 0.24761219147196648,
  "fd_num": 43,
  "fd_perc": 28.666666666666668,
  "fwhm_avg": 1.8544594204575,
  "fwhm_x": 1.7338824347826087,
  "fwhm_y": 2.1223542277589367,
  "fwhm_z": 1.7071415988309544,
  "gcor": 0.0299163,
  "gsr_x": -0.023239728063344955,
  "gsr_y": 0.04503213241696358,
  "provenance": {
    "md5sum": "0b6ddfbd05404de17a4772dac2d1c5e5",
    "settings": {
      "fd_thres": 0.2,
      "testing": false
    },
    "software": "mriqc",
    "version": "23.0.1",
    "webapi_port": null,
    "webapi_url": "https://mriqc.nimh.nih.gov/api/v1"
  },
  "size_t": 150,
  "size_x": 64,
  "size_y": 64,
  "size_z": 36,
  "snr": 4.766472885168095,
  "spacing_tr": 2.0999999046325684,
  "spacing_x": 3.59375,
  "spacing_y": 3.593749761581421,
  "spacing_z": 3.6000001430511475,
  "summary_bg_k": 53.627646226610395,
  "summary_bg_mad": 6.760665324590537,
  "summary_bg_mean": 22.437177658081055,
  "summary_bg_median": 11.573333740234375,
  "summary_bg_n": 94352.0,
  "summary_bg_p05": 5.320000171661377,
  "summary_bg_p95": 66.94000244140625,
  "summary_bg_stdv": 31.49893569946289,
  "summary_fg_k": 3.348383595068065,
  "summary_fg_mad": 104.55313740608963,
  "summary_fg_mean": 643.7075805664062,
  "summary_fg_median": 631.0466918945312,
  "summary_fg_n": 23009.0,
  "summary_fg_p05": 465.36400146484374,
  "summary_fg_p95": 872.1040283203125,
  "summary_fg_stdv": 132.38992309570312,
  "tsnr": 44.31659288238734
}