{
  "aor": 0.0024942519685039366,
  "aqi": 0.009078058582677165,
  "bids_meta": {
    "AcquisitionMatrixPE": 64,
    "AcquisitionNumber": 1,
    "AcquisitionTime": "08:48:31.082510",
    "BaseResolution": 64,
    "ConversionSoftware": "dcm2niix",
    "ConversionSoftwareVersion": "v1.0.20190410  GCC6.3.0",
    "DeviceSerialNumber": "18011",
    "EchoTime": 0.03,
    "FlipAngle": 90,
    "ImageComments": "Fake_MoCo_Reference_Volume_+_DiCo_Applied",
    "ImageOrientationPatientDICOM": [
      1,
      0,
      0,
      0,
      1,
      0
    ],
    "ImageType": [
      "ORIGINAL",
      "PRIMARY",
      "M",
      "ND",
      "MOSAIC"
    ],
    "ImagingFrequency": 168.217,
    "InPlanePhaseEncodingDirectionDICOM": "COL",
    "MRAcquisitionType": "2D",
    "MagneticFieldStrength": 3.95064,
    "Manufacturer": "Siemens",
    "ManufacturersModelName": "MedSpec_4T",
    "Modality": "MR",
    "PartialFourier": 1,
    "PatientPosition": "HFS",
    "PercentPhaseFOV": 100,
    "PhaseEncodingDirection": "j-",
    "PhaseEncodingSteps": 64,
    "PhaseResolution": 1,
    "PixelBandwidth": 2790,
    "ProtocolName": "Nback_dc",
    "PulseSequenceDetails": "%CustomerSeq%_mz_ep2d_bold_dc",
    "ReceiveCoilName": "Head_4T",
    "ReconMatrixPE": 64,
    "RepetitionTime": 2.1,
    "SAR": 0.0261292,
    "ScanOptions": "FS",
    "ScanningSequence": "SE_EP",
    "SequenceName": "epfid2d1_64",
    "SequenceVariant": "SK",
    "SeriesDescription": "Nback_dc_DiCo",
    "SeriesNumber": 7,
    "ShimSetting": [
      14,
      -10,
      7,
      1806,
      456,
      -3223,
      1142,
      -230
    ],
    "SliceThickness": 3,
    "SoftwareVersions": "syngo_MR_2002B_4VA21A",
    "SpacingBetweenSlices": 3.6,
    "StationName": "wes4T",
    "TaskName": "nback",
    "TxRefAmp": 203.111,
    "dataset": "ds004169",
    "modality": "bold",
    "session_id": "01",
    "subject_id": "0307",
    "task_id": "nback"
  },
  "dummy_trs": 0,
  "dvars_nstd": 27.933504801031734,
  "dvars_std": 1.1070721180158731,
  "dvars_vstd": 0.9822095042063492,
  "efc": 0.49168243004479745,
  "fber": 1451.6630859375,
  "fd_mean": 0.17120062781867704,
  "fd_num": 27,
  "fd_perc": 21.25984251968504,
  "fwhm_avg": 1.7893145105733508,
  "fwhm_x": 1.6890546086956522,
  "fwhm_y": 2.025594434782609,
  "fwhm_z": 1.6532944882417915,
  "gcor": 0.0209883,
  "gsr_x": -0.007981367409229279,
  "gsr_y": 0.038393307477235794,
  "provenance": {
    "md5sum": "641bd5a9b9fe09256c2ae86e389bd0e2",
    "settings": {
      "fd_thres": 0.2,
      "testing": false
    },
    "software": "mriqc",
    "version": "23.0.1",
    "webapi_port": null,
    "webapi_url": "https://mriqc.nimh.nih.gov/api/v1"
  },
  "size_t": 127,
  "size_x": 64,
  "size_y": 64,
  "size_z": 36,
  "snr": 5.113034701690309,
  "spacing_tr": 2.0999999046325684,
  "spacing_x": 3.59375,
  "spacing_y": 3.59375,
  "spacing_z": 3.5999999046325684,
  "summary_bg_k": 27.978258634876433,
  "summary_bg_mad": 11.895840537954545,
  "summary_bg_mean": 37.856468200683594,
  "summary_bg_median": 19.33070945739746,
  "summary_bg_n": 94904.0,
  "summary_bg_p05": 10.259842872619629,
  "summary_bg_p95": 113.17086334228502,
  "summary_bg_stdv": 53.531288146972656,
  "summary_fg_k": 3.4944436859015875,
  "summary_fg_mad": 125.26237748268815,
  "summary_fg_mean": 766.1044311523438,
  "summary_fg_median": 753.6968994140625,
  "summary_fg_n": 21906.0,
  "summary_fg_p05": 558.5807342529297,
  "summary_fg_p95": 1003.0236206054688,
  "summary_fg_stdv": 147.40359497070312,
  "tsnr": 49.813086124137044
}