{
  "aor": 0.007621259842519684,
  "aqi": 0.016769825433070866,
  "bids_meta": {
    "AcquisitionMatrixPE": 64,
    "AcquisitionNumber": 1,
    "AcquisitionTime": "10:51:32.425020",
    "BaseResolution": 64,
    "ConversionSoftware": "dcm2niix",
    "ConversionSoftwareVersion": "v1.0.20190410  GCC6.3.0",
    "DeviceSerialNumber": "18011",
    "EchoTime": 0.03,
    "FlipAngle": 90,
    "ImageComments": "Fake_MoCo_Reference_Volume_+_DiCo_Applied",
    "ImageOrientationPatientDICOM": [
      1,
      0,
      0,
      0,
      1,
      0
    ],
    "ImageType": [
      "ORIGINAL",
      "PRIMARY",
      "M",
      "ND",
      "MOSAIC"
    ],
    "ImagingFrequency": 168.251,
    "InPlanePhaseEncodingDirectionDICOM": "COL",
    "InstitutionAddress": "StreetNoStreet_City_District_ZIP_Country",
    "InstitutionName": "UQ",
    "MRAcquisitionType": "2D",
    "MagneticFieldStrength": 3.95064,
    "Manufacturer": "Siemens",
    "ManufacturersModelName": "MedSpec_4T",
    "Modality": "MR",
    "PartialFourier": 1,
    "PatientPosition": "HFS",
    "PercentPhaseFOV": 100,
    "PhaseEncodingDirection": "j-",
    "PhaseEncodingSteps": 64,
    "PhaseResolution": 1,
    "PixelBandwidth": 2790,
    "ProtocolName": "Nback_dc",
    "PulseSequenceDetails": "%CustomerSeq%_mz_ep2d_bold_dc",
    "ReceiveCoilName": "Head_4T",
    "ReconMatrixPE": 64,
    "RepetitionTime": 2.1,
    "SAR": 0.178982,
    "ScanOptions": "FS",
    "ScanningSequence": "SE_EP",
    "SequenceName": "epfid2d1_64",
    "SequenceVariant": "SK",
    "SeriesDescription": "Nback_dc_DiCo",
    "SeriesNumber": 7,
    "ShimSetting": [
      -15,
      -8,
      202,
      1217,
      1891,
      -1588,
      1559,
      107
    ],
    "SliceThickness": 3,
    "SoftwareVersions": "syngo_MR_2002B_4VA21A",
    "SpacingBetweenSlices": 3.6,
    "StationName": "wes4T",
    "TaskName": "nback",
    "TxRefAmp": 180.921,
    "dataset": "ds004169",
    "modality": "bold",
    "session_id": "01",
    "subject_id": "0778",
    "task_id": "nback"
  },
  "dummy_trs": 0,
  "dvars_nstd": 39.47063825984127,
  "dvars_std": 1.225894954444444,
  "dvars_vstd": 0.9977309095238094,
  "efc": 0.4692832797042615,
  "fber": 2420.73779296875,
  "fd_mean": 0.3185863658572017,
  "fd_num": 74,
  "fd_perc": 58.267716535433074,
  "fwhm_avg": 1.7384781409226262,
  "fwhm_x": 1.634086956521739,
  "fwhm_y": 2.0289168695652173,
  "fwhm_z": 1.552430596680922,
  "gcor": 0.025063,
  "gsr_x": -0.027322614565491676,
  "gsr_y": 0.03714761137962341,
  "provenance": {
    "md5sum": "46b8849fae02b5e3e5309114c989b3e4",
    "settings": {
      "fd_thres": 0.2,
      "testing": false
    },
    "software": "mriqc",
    "version": "23.0.1",
    "webapi_port": null,
    "webapi_url": "https://mriqc.nimh.nih.gov/api/v1"
  },
  "size_t": 127,
  "size_x": 64,
  "size_y": 64,
  "size_z": 36,
  "snr": 5.209412060389435,
  "spacing_tr": 2.0999999046325684,
  "spacing_x": 3.59375,
  "spacing_y": 3.59375,
  "spacing_z": 3.5999999046325684,
  "summary_bg_k": 67.5602120020374,
  "summary_bg_mad": 9.946275799530616,
  "summary_bg_mean": 29.607025146484375,
  "summary_bg_median": 14.551180839538574,
  "summary_bg_n": 96461.0,
  "summary_bg_p05": 5.858267784118652,
  "summary_bg_p95": 92.31495666503906,
  "summary_bg_stdv": 45.247013092041016,
  "summary_fg_k": 3.48632062455538,
  "summary_fg_mad": 118.7482573287298,
  "summary_fg_mean": 732.7332153320312,
  "summary_fg_median": 720.0236206054688,
  "summary_fg_n": 21186.0,
  "summary_fg_p05": 539.5058746337891,
  "summary_fg_p95": 950.4271392822266,
  "summary_fg_stdv": 138.212646484375,
  "tsnr": 37.84213324030861
}