{
  "aor": 0.01266026845637584,
  "aqi": 0.01894001436241611,
  "bids_meta": {
    "AcquisitionMatrixPE": 64,
    "AcquisitionNumber": 1,
    "AcquisitionTime": "09:52:17.562500",
    "BaseResolution": 64,
    "ConversionSoftware": "dcm2niix",
    "ConversionSoftwareVersion": "v1.0.20190410  GCC6.3.0",
    "DeviceSerialNumber": "18011",
    "EchoTime": 0.03,
    "FlipAngle": 90,
    "ImageComments": "Fake_MoCo_Reference_Volume_+_DiCo_Applied",
    "ImageOrientationPatientDICOM": [
      1,
      0,
      0,
      0,
      1,
      0
    ],
    "ImageType": [
      "ORIGINAL",
      "PRIMARY",
      "M",
      "ND",
      "MOSAIC"
    ],
    "ImagingFrequency": 168.255,
    "InPlanePhaseEncodingDirectionDICOM": "COL",
    "MRAcquisitionType": "2D",
    "MagneticFieldStrength": 3.95064,
    "Manufacturer": "Siemens",
    "ManufacturersModelName": "MedSpec_4T",
    "Modality": "MR",
    "PartialFourier": 1,
    "PatientPosition": "HFS",
    "PercentPhaseFOV": 100,
    "PhaseEncodingDirection": "j-",
    "PhaseEncodingSteps": 64,
    "PhaseResolution": 1,
    "PixelBandwidth": 2790,
    "ProtocolName": "mz_bold_dc_REST",
    "PulseSequenceDetails": "%CustomerSeq%_mz_ep2d_bold_dc",
    "ReceiveCoilName": "Head_4T",
    "ReconMatrixPE": 64,
    "RepetitionTime": 2.1,
    "SAR": 0.0241365,
    "ScanOptions": "FS",
    "ScanningSequence": "SE_EP",
    "SequenceName": "epfid2d1_64",
    "SequenceVariant": "SK",
    "SeriesDescription": "mz_bold_dc_REST_DiCo",
    "SeriesNumber": 10,
    "ShimSetting": [
      8,
      5,
      17,
      1643,
      595,
      -3767,
      1861,
      13
    ],
    "SliceThickness": 3,
    "SoftwareVersions": "syngo_MR_2002B_4VA21A",
    "SpacingBetweenSlices": 3.6,
    "StationName": "wes4T",
    "TaskName": "rest",
    "TxRefAmp": 217.412,
    "dataset": "ds004169",
    "modality": "bold",
    "session_id": "01",
    "subject_id": "0989",
    "task_id": "rest"
  },
  "dummy_trs": 1,
  "dvars_nstd": 28.375750490135136,
  "dvars_std": 1.3011031223648644,
  "dvars_vstd": 1.0852068130405406,
  "efc": 0.47850375362130776,
  "fber": 2239.763671875,
  "fd_mean": 0.09782346332493168,
  "fd_num": 10,
  "fd_perc": 6.7114093959731544,
  "fwhm_avg": 1.715376908106676,
  "fwhm_x": 1.564112695652174,
  "fwhm_y": 1.952759652173913,
  "fwhm_z": 1.6292583764939408,
  "gcor": 0.0571476,
  "gsr_x": -0.01581648737192154,
  "gsr_y": 0.04289839789271355,
  "provenance": {
    "md5sum": "2553513f9e43f7833d28163f242c1ea2",
    "settings": {
      "fd_thres": 0.2,
      "testing": false
    },
    "software": "mriqc",
    "version": "23.0.1",
    "webapi_port": null,
    "webapi_url": "https://mriqc.nimh.nih.gov/api/v1"
  },
  "size_t": 149,
  "size_x": 64,
  "size_y": 64,
  "size_z": 36,
  "snr": 6.051590435213233,
  "spacing_tr": 2.0999999046325684,
  "spacing_x": 3.59375,
  "spacing_y": 3.59375,
  "spacing_z": 3.5999999046325684,
  "summary_bg_k": 50.12544522043992,
  "summary_bg_mad": 8.855812886602083,
  "summary_bg_mean": 30.159221649169922,
  "summary_bg_median": 15.375839233398438,
  "summary_bg_n": 95284.0,
  "summary_bg_p05": 8.718120574951172,
  "summary_bg_p95": 84.57415885925275,
  "summary_bg_stdv": 43.50094985961914,
  "summary_fg_k": 2.9746847112826638,
  "summary_fg_mad": 105.48365489955235,
  "summary_fg_mean": 741.7958374023438,
  "summary_fg_median": 736.3758544921875,
  "summary_fg_n": 22215.0,
  "summary_fg_p05": 564.3161010742188,
  "summary_fg_p95": 930.9476745605468,
  "summary_fg_stdv": 121.68029022216797,
  "tsnr": 39.42510998499347
}