{
  "bids_meta": {
    "AcquisitionMatrixPE": 225,
    "AcquisitionNumber": 1,
    "AcquisitionTime": "08:32:17.292500",
    "BaseResolution": 256,
    "ConversionSoftware": "dcm2niix",
    "ConversionSoftwareVersion": "v1.0.20190410  GCC6.3.0",
    "DeviceSerialNumber": "18011",
    "EchoTime": 0.00335,
    "FlipAngle": 8,
    "ImageOrientationPatientDICOM": [
      1,
      0,
      0,
      0,
      0,
      -1
    ],
    "ImageType": [
      "ORIGINAL",
      "PRIMARY",
      "M",
      "ND"
    ],
    "ImagingFrequency": 168.255,
    "InPlanePhaseEncodingDirectionDICOM": "ROW",
    "InversionTime": 0.7,
    "MRAcquisitionType": "3D",
    "MagneticFieldStrength": 3.95064,
    "Manufacturer": "Siemens",
    "ManufacturersModelName": "MedSpec_4T",
    "Modality": "MR",
    "PartialFourier": 0.875,
    "PatientPosition": "HFS",
    "PercentPhaseFOV": 100,
    "PhaseEncodingSteps": 197,
    "PhaseResolution": 0.878906,
    "PixelBandwidth": 200,
    "ProtocolName": "t1_mpr_cor",
    "PulseSequenceDetails": "%SiemensSeq%_tfl",
    "ReceiveCoilName": "Head_4T",
    "ReconMatrixPE": 256,
    "RepetitionTime": 1.5,
    "SAR": 0.00326162,
    "ScanOptions": "IR",
    "ScanningSequence": "IR_GR",
    "SequenceName": "tfl3d1_ns",
    "SequenceVariant": "SP_MP",
    "SeriesDescription": "t1_mpr_cor",
    "SeriesNumber": 8,
    "ShimSetting": [
      15,
      -18,
      42,
      1207,
      566,
      -4551,
      3152,
      -18
    ],
    "SliceThickness": 0.9,
    "SoftwareVersions": "syngo_MR_2002B_4VA21A",
    "StationName": "wes4T",
    "TxRefAmp": 187.674,
    "dataset": "ds004169",
    "modality": "T1w",
    "session_id": "01",
    "subject_id": "0165"
  },
  "cjv": 0.36093312435529634,
  "cnr": 3.6704659453465682,
  "efc": 0.4491185795337741,
  "fber": -1.0,
  "fwhm_avg": 4.460949375721214,
  "fwhm_x": 4.643573333333333,
  "fwhm_y": 4.80026679383031,
  "fwhm_z": 3.9390080000000003,
  "icvs_csf": 0.18578930726389467,
  "icvs_gm": 0.4432092593287284,
  "icvs_wm": 0.3710014334073769,
  "inu_med": 0.7159284949302673,
  "inu_range": 0.49773756265640257,
  "provenance": {
    "md5sum": "55de75e6630973df801da5761de9fc43",
    "settings": {
      "testing": false
    },
    "software": "mriqc",
    "version": "22.0.6",
    "warnings": {
      "large_rot_frame": true,
      "small_air_mask": false
    },
    "webapi_port": null,
    "webapi_url": "https://mriqc.nimh.nih.gov/api/v1"
  },
  "qi_1": 0.0,
  "qi_2": 0.032343908355238815,
  "rpve_csf": 32.54263082027585,
  "rpve_gm": 14.991238543179593,
  "rpve_wm": 20.483885862490727,
  "size_x": 256,
  "size_y": 256,
  "size_z": 256,
  "snr_csf": 1.4577065537577802,
  "snr_gm": 10.503678859648327,
  "snr_total": 10.307293946409317,
  "snr_wm": 18.960496425821844,
  "snrd_csf": 9.028378375091586,
  "snrd_gm": 20.364797684013332,
  "snrd_total": 19.744664331256384,
  "snrd_wm": 29.84081693466424,
  "spacing_x": 0.9375,
  "spacing_y": 0.8999999761581421,
  "spacing_z": 0.9375,
  "summary_bg_k": 22.938544656047917,
  "summary_bg_mad": 0.0,
  "summary_bg_mean": 12.653004106716697,
  "summary_bg_median": 0.0,
  "summary_bg_n": 4358168.0,
  "summary_bg_p05": 0.0,
  "summary_bg_p95": 54.327808409929276,
  "summary_bg_stdv": 21.955214442483175,
  "summary_csf_k": 19.592848259393726,
  "summary_csf_mad": 123.37953530911739,
  "summary_csf_mean": 329.2718188894427,
  "summary_csf_median": 302.5629216954112,
  "summary_csf_n": 24869.0,
  "summary_csf_p05": 106.48403916731478,
  "summary_csf_p95": 565.82258990556,
  "summary_csf_stdv": 207.55675257153038,
  "summary_gm_k": 0.13090015585816905,
  "summary_gm_mad": 64.16418433779825,
  "summary_gm_mean": 682.1502431552257,
  "summary_gm_median": 682.4739096015692,
  "summary_gm_n": 52050.0,
  "summary_gm_p05": 574.5472676120698,
  "summary_gm_p95": 787.2928167879581,
  "summary_gm_stdv": 64.97412599375612,
  "summary_wm_k": 0.4608600451935927,
  "summary_wm_mad": 50.455347081229654,
  "summary_wm_mean": 1001.4842286573241,
  "summary_wm_median": 1000.0383659638464,
  "summary_wm_n": 274957.0,
  "summary_wm_p05": 917.5107417479157,
  "summary_wm_p95": 1090.2010423503816,
  "summary_wm_stdv": 52.743162677130115,
  "tpm_overlap_csf": 0.12645035266133262,
  "tpm_overlap_gm": 0.4559187098660386,
  "tpm_overlap_wm": 0.49713551284264323,
  "wm2max": 0.4481371318535839
}