{
  "aor": 0.020208859060402685,
  "aqi": 0.03227141973154362,
  "bids_meta": {
    "AcquisitionMatrixPE": 64,
    "AcquisitionNumber": 1,
    "AcquisitionTime": "09:21:19.275020",
    "BaseResolution": 64,
    "ConversionSoftware": "dcm2niix",
    "ConversionSoftwareVersion": "v1.0.20190410  GCC6.3.0",
    "DeviceSerialNumber": "18011",
    "EchoTime": 0.03,
    "FlipAngle": 90,
    "ImageComments": "Fake_MoCo_Reference_Volume_+_DiCo_Applied",
    "ImageOrientationPatientDICOM": [
      0.999391,
      -2.22045e-16,
      -0.0348995,
      2.22045e-16,
      1,
      0
    ],
    "ImageType": [
      "ORIGINAL",
      "PRIMARY",
      "M",
      "ND",
      "MOSAIC"
    ],
    "ImagingFrequency": 168.217,
    "InPlanePhaseEncodingDirectionDICOM": "COL",
    "MRAcquisitionType": "2D",
    "MagneticFieldStrength": 3.95064,
    "Manufacturer": "Siemens",
    "ManufacturersModelName": "MedSpec_4T",
    "Modality": "MR",
    "PartialFourier": 1,
    "PatientPosition": "HFS",
    "PercentPhaseFOV": 100,
    "PhaseEncodingDirection": "j-",
    "PhaseEncodingSteps": 64,
    "PhaseResolution": 1,
    "PixelBandwidth": 2790,
    "ProtocolName": "mz_bold_dc_REST",
    "PulseSequenceDetails": "%CustomerSeq%_mz_ep2d_bold_dc",
    "ReceiveCoilName": "Head_4T",
    "ReconMatrixPE": 64,
    "RepetitionTime": 2.1,
    "SAR": 0.025069,
    "ScanOptions": "FS",
    "ScanningSequence": "SE_EP",
    "SequenceName": "epfid2d1_64",
    "SequenceVariant": "SK",
    "SeriesDescription": "mz_bold_dc_REST_DiCo",
    "SeriesNumber": 10,
    "ShimSetting": [
      -14,
      -4,
      -1,
      1462,
      985,
      -2958,
      1624,
      332
    ],
    "SliceThickness": 3,
    "SoftwareVersions": "syngo_MR_2002B_4VA21A",
    "SpacingBetweenSlices": 3.6,
    "StationName": "wes4T",
    "TaskName": "rest",
    "TxRefAmp": 170.944,
    "dataset": "ds004169",
    "modality": "bold",
    "session_id": "01",
    "subject_id": "0068",
    "task_id": "rest"
  },
  "dummy_trs": 1,
  "dvars_nstd": 37.559294339324325,
  "dvars_std": 1.1009725558783785,
  "dvars_vstd": 0.990343377297297,
  "efc": 0.45191807786677124,
  "fber": 2844.55615234375,
  "fd_mean": 0.38598204757016347,
  "fd_num": 49,
  "fd_perc": 32.88590604026846,
  "fwhm_avg": 1.8182058069059739,
  "fwhm_x": 1.6417864347826088,
  "fwhm_y": 2.1554226086956523,
  "fwhm_z": 1.657408377239661,
  "gcor": 0.0234273,
  "gsr_x": -0.031638357788324356,
  "gsr_y": 0.04363631457090378,
  "provenance": {
    "md5sum": "b07febd29df2f6d0679928d1d90c2685",
    "settings": {
      "fd_thres": 0.2,
      "testing": false
    },
    "software": "mriqc",
    "version": "22.0.6",
    "webapi_port": null,
    "webapi_url": "https://mriqc.nimh.nih.gov/api/v1"
  },
  "size_t": 149,
  "size_x": 64,
  "size_y": 64,
  "size_z": 36,
  "snr": 5.865267249377189,
  "spacing_tr": 2.0999999046325684,
  "spacing_x": 3.59375,
  "spacing_y": 3.59375,
  "spacing_z": 3.5999999046325684,
  "summary_bg_k": 90.34250078369828,
  "summary_bg_mad": 8.587152598611068,
  "summary_bg_mean": 29.95937728881836,
  "summary_bg_median": 15.026845932006836,
  "summary_bg_n": 98616.0,
  "summary_bg_p05": 8.597315788269043,
  "summary_bg_p95": 85.74664306640625,
  "summary_bg_stdv": 46.29668426513672,
  "summary_fg_k": 3.745892641285356,
  "summary_fg_mad": 123.43405494095254,
  "summary_fg_mean": 826.3886108398438,
  "summary_fg_median": 821.1207885742188,
  "summary_fg_n": 19257.0,
  "summary_fg_p05": 625.1060180664062,
  "summary_fg_p95": 1037.441650390625,
  "summary_fg_stdv": 139.9935302734375,
  "tsnr": 27.507283768616617
}