{
  "aor": 0.002302,
  "aqi": 0.0102000502,
  "bids_meta": {
    "AcquisitionMatrixPE": 64,
    "AcquisitionNumber": 1,
    "AcquisitionTime": "09:20:29.750000",
    "BaseResolution": 64,
    "ConversionSoftware": "dcm2niix",
    "ConversionSoftwareVersion": "v1.0.20190410  GCC6.3.0",
    "DeviceSerialNumber": "18011",
    "EchoTime": 0.03,
    "FlipAngle": 90,
    "ImageComments": "Fake_MoCo_Reference_Volume_+_DiCo_Applied",
    "ImageOrientationPatientDICOM": [
      1,
      0,
      0,
      0,
      1,
      0
    ],
    "ImageType": [
      "ORIGINAL",
      "PRIMARY",
      "M",
      "ND",
      "MOSAIC"
    ],
    "ImagingFrequency": 168.255,
    "InPlanePhaseEncodingDirectionDICOM": "COL",
    "MRAcquisitionType": "2D",
    "MagneticFieldStrength": 3.95064,
    "Manufacturer": "Siemens",
    "ManufacturersModelName": "MedSpec_4T",
    "Modality": "MR",
    "PartialFourier": 1,
    "PatientPosition": "HFS",
    "PercentPhaseFOV": 100,
    "PhaseEncodingDirection": "j-",
    "PhaseEncodingSteps": 64,
    "PhaseResolution": 1,
    "PixelBandwidth": 2790,
    "ProtocolName": "mz_bold_dc_REST",
    "PulseSequenceDetails": "%CustomerSeq%_mz_ep2d_bold_dc",
    "ReceiveCoilName": "Head_4T",
    "ReconMatrixPE": 64,
    "RepetitionTime": 2.1,
    "SAR": 0.0271424,
    "ScanOptions": "FS",
    "ScanningSequence": "SE_EP",
    "SequenceName": "epfid2d1_64",
    "SequenceVariant": "SK",
    "SeriesDescription": "mz_bold_dc_REST_DiCo",
    "SeriesNumber": 10,
    "ShimSetting": [
      5,
      -3,
      6,
      2044,
      988,
      -3207,
      2265,
      422
    ],
    "SliceThickness": 3,
    "SoftwareVersions": "syngo_MR_2002B_4VA21A",
    "SpacingBetweenSlices": 3.6,
    "StationName": "wes4T",
    "TaskName": "rest",
    "TxRefAmp": 230.86,
    "dataset": "ds004169",
    "modality": "bold",
    "session_id": "01",
    "subject_id": "0518",
    "task_id": "rest"
  },
  "dummy_trs": 0,
  "dvars_nstd": 33.267774095302016,
  "dvars_std": 1.251793684026845,
  "dvars_vstd": 0.974169304966443,
  "efc": 0.47884004110447864,
  "fber": 2363.696044921875,
  "fd_mean": 0.15131400614863885,
  "fd_num": 10,
  "fd_perc": 6.666666666666667,
  "fwhm_avg": 1.7412681882428835,
  "fwhm_x": 1.622169043478261,
  "fwhm_y": 1.9788354782608695,
  "fwhm_z": 1.6228000429895202,
  "gcor": 0.0472888,
  "gsr_x": -0.020094333216547966,
  "gsr_y": 0.04537183418869972,
  "provenance": {
    "md5sum": "4a5183d0f130f7ec6f37723ebf2cf008",
    "settings": {
      "fd_thres": 0.2,
      "testing": false
    },
    "software": "mriqc",
    "version": "23.0.1",
    "webapi_port": null,
    "webapi_url": "https://mriqc.nimh.nih.gov/api/v1"
  },
  "size_t": 150,
  "size_x": 64,
  "size_y": 64,
  "size_z": 36,
  "snr": 5.152923772819702,
  "spacing_tr": 2.0999999046325684,
  "spacing_x": 3.59375,
  "spacing_y": 3.59375,
  "spacing_z": 3.5999999046325684,
  "summary_bg_k": 57.72300109435515,
  "summary_bg_mad": 10.595663647545152,
  "summary_bg_mean": 33.475921630859375,
  "summary_bg_median": 16.68000030517578,
  "summary_bg_n": 94489.0,
  "summary_bg_p05": 7.900000095367432,
  "summary_bg_p95": 97.16933441162087,
  "summary_bg_stdv": 49.974159240722656,
  "summary_fg_k": 2.551178194960581,
  "summary_fg_mad": 135.41106295075036,
  "summary_fg_mean": 814.6062622070312,
  "summary_fg_median": 799.0,
  "summary_fg_n": 22687.0,
  "summary_fg_p05": 597.42734375,
  "summary_fg_p95": 1072.3040649414063,
  "summary_fg_stdv": 155.05418395996094,
  "tsnr": 46.38172293454409
}