{
  "aor": 0.05772322834645669,
  "aqi": 0.013740732677165354,
  "bids_meta": {
    "AcquisitionMatrixPE": 64,
    "AcquisitionNumber": 1,
    "AcquisitionTime": "09:10:28.352500",
    "BaseResolution": 64,
    "ConversionSoftware": "dcm2niix",
    "ConversionSoftwareVersion": "v1.0.20190410  GCC6.3.0",
    "DeviceSerialNumber": "18011",
    "EchoTime": 0.03,
    "FlipAngle": 90,
    "ImageComments": "Fake_MoCo_Reference_Volume_+_DiCo_Applied",
    "ImageOrientationPatientDICOM": [
      1,
      0,
      0,
      0,
      1,
      0
    ],
    "ImageType": [
      "ORIGINAL",
      "PRIMARY",
      "M",
      "ND",
      "MOSAIC"
    ],
    "ImagingFrequency": 168.255,
    "InPlanePhaseEncodingDirectionDICOM": "COL",
    "MRAcquisitionType": "2D",
    "MagneticFieldStrength": 3.95064,
    "Manufacturer": "Siemens",
    "ManufacturersModelName": "MedSpec_4T",
    "Modality": "MR",
    "PartialFourier": 1,
    "PatientPosition": "HFS",
    "PercentPhaseFOV": 100,
    "PhaseEncodingDirection": "j-",
    "PhaseEncodingSteps": 64,
    "PhaseResolution": 1,
    "PixelBandwidth": 2790,
    "ProtocolName": "Nback_dc_opt",
    "PulseSequenceDetails": "%CustomerSeq%_kt_ep2d_bold_dc",
    "ReceiveCoilName": "Head_4T",
    "ReconMatrixPE": 64,
    "RepetitionTime": 2.1,
    "SAR": 0.0419073,
    "ScanOptions": "FS",
    "ScanningSequence": "SE_EP",
    "SequenceName": "epfid2d1_64",
    "SequenceVariant": "SK",
    "SeriesDescription": "Nback_dc_opt_DiCo",
    "SeriesNumber": 7,
    "ShimSetting": [
      5,
      -3,
      6,
      2044,
      988,
      -3207,
      2265,
      422
    ],
    "SliceThickness": 3,
    "SoftwareVersions": "syngo_MR_2002B_4VA21A",
    "SpacingBetweenSlices": 3.6,
    "StationName": "wes4T",
    "TaskName": "nback",
    "TxRefAmp": 230.86,
    "dataset": "ds004169",
    "modality": "bold",
    "session_id": "01",
    "subject_id": "0518",
    "task_id": "nback"
  },
  "dummy_trs": 0,
  "dvars_nstd": 29.476648103809524,
  "dvars_std": 1.402133294761904,
  "dvars_vstd": 1.3617798590476184,
  "efc": 0.4791605692854199,
  "fber": 2349.96728515625,
  "fd_mean": 0.0843706876446472,
  "fd_num": 3,
  "fd_perc": 2.3622047244094486,
  "fwhm_avg": 1.7548277409890745,
  "fwhm_x": 1.618646260869565,
  "fwhm_y": 1.9764646956521739,
  "fwhm_z": 1.6693722664454849,
  "gcor": 0.511479,
  "gsr_x": -0.020312216132879257,
  "gsr_y": 0.04189677536487579,
  "provenance": {
    "md5sum": "0552781916abcf0ea919f7411996e29e",
    "settings": {
      "fd_thres": 0.2,
      "testing": false
    },
    "software": "mriqc",
    "version": "23.0.1",
    "webapi_port": null,
    "webapi_url": "https://mriqc.nimh.nih.gov/api/v1"
  },
  "size_t": 127,
  "size_x": 64,
  "size_y": 64,
  "size_z": 36,
  "snr": 5.091895642346029,
  "spacing_tr": 2.0999999046325684,
  "spacing_x": 3.59375,
  "spacing_y": 3.59375,
  "spacing_z": 3.5999999046325684,
  "summary_bg_k": 45.21464065088621,
  "summary_bg_mad": 9.304203571822619,
  "summary_bg_mean": 32.3018798828125,
  "summary_bg_median": 16.10236167907715,
  "summary_bg_n": 94510.0,
  "summary_bg_p05": 8.9606294631958,
  "summary_bg_p95": 94.28346252441406,
  "summary_bg_stdv": 44.51797866821289,
  "summary_fg_k": 2.7092672240680074,
  "summary_fg_mad": 134.20472932191134,
  "summary_fg_mean": 801.58935546875,
  "summary_fg_median": 785.5827026367188,
  "summary_fg_n": 22672.0,
  "summary_fg_p05": 586.6141693115235,
  "summary_fg_p95": 1056.7464721679687,
  "summary_fg_stdv": 154.277587890625,
  "tsnr": 26.519762889947742
}