{
  "aor": 0.0006713422818791947,
  "aqi": 0.010535450402684563,
  "bids_meta": {
    "AcquisitionMatrixPE": 64,
    "AcquisitionNumber": 1,
    "AcquisitionTime": "08:37:6.260000",
    "BaseResolution": 64,
    "ConversionSoftware": "dcm2niix",
    "ConversionSoftwareVersion": "v1.0.20190410  GCC6.3.0",
    "DeviceSerialNumber": "18011",
    "EchoTime": 0.03,
    "FlipAngle": 90,
    "ImageComments": "Fake_MoCo_Reference_Volume_+_DiCo_Applied",
    "ImageOrientationPatientDICOM": [
      1,
      0,
      0,
      0,
      1,
      0
    ],
    "ImageType": [
      "ORIGINAL",
      "PRIMARY",
      "M",
      "ND",
      "MOSAIC"
    ],
    "ImagingFrequency": 168.255,
    "InPlanePhaseEncodingDirectionDICOM": "COL",
    "MRAcquisitionType": "2D",
    "MagneticFieldStrength": 3.95064,
    "Manufacturer": "Siemens",
    "ManufacturersModelName": "MedSpec_4T",
    "Modality": "MR",
    "PartialFourier": 1,
    "PatientPosition": "HFS",
    "PercentPhaseFOV": 100,
    "PhaseEncodingDirection": "j-",
    "PhaseEncodingSteps": 64,
    "PhaseResolution": 1,
    "PixelBandwidth": 2790,
    "ProtocolName": "mz_bold_dc_REST",
    "PulseSequenceDetails": "%CustomerSeq%_mz_ep2d_bold_dc",
    "ReceiveCoilName": "Head_4T",
    "ReconMatrixPE": 64,
    "RepetitionTime": 2.1,
    "SAR": 0.0243225,
    "ScanOptions": "FS",
    "ScanningSequence": "SE_EP",
    "SequenceName": "epfid2d1_64",
    "SequenceVariant": "SK",
    "SeriesDescription": "mz_bold_dc_REST_DiCo",
    "SeriesNumber": 10,
    "ShimSetting": [
      12,
      -30,
      14,
      2371,
      -137,
      -3956,
      2330,
      89
    ],
    "SliceThickness": 3,
    "SoftwareVersions": "syngo_MR_2002B_4VA21A",
    "SpacingBetweenSlices": 3.6,
    "StationName": "wes4T",
    "TaskName": "rest",
    "TxRefAmp": 149.991,
    "dataset": "ds004169",
    "modality": "bold",
    "session_id": "01",
    "subject_id": "0767",
    "task_id": "rest"
  },
  "dummy_trs": 1,
  "dvars_nstd": 31.784054124459477,
  "dvars_std": 1.3108637979729734,
  "dvars_vstd": 0.9382560495945945,
  "efc": 0.4253702244375858,
  "fber": 3469.53173828125,
  "fd_mean": 0.10393296070099618,
  "fd_num": 8,
  "fd_perc": 5.369127516778524,
  "fwhm_avg": 1.7556107161541457,
  "fwhm_x": 1.6240027826086958,
  "fwhm_y": 2.0297516521739127,
  "fwhm_z": 1.6130777136798284,
  "gcor": 0.0308985,
  "gsr_x": -0.023063475266098976,
  "gsr_y": 0.03769635036587715,
  "provenance": {
    "md5sum": "89543a245fb4b9b83741076a5397c6f3",
    "settings": {
      "fd_thres": 0.2,
      "testing": false
    },
    "software": "mriqc",
    "version": "23.0.1",
    "webapi_port": null,
    "webapi_url": "https://mriqc.nimh.nih.gov/api/v1"
  },
  "size_t": 149,
  "size_x": 64,
  "size_y": 64,
  "size_z": 36,
  "snr": 5.175707021327679,
  "spacing_tr": 2.0999999046325684,
  "spacing_x": 3.59375,
  "spacing_y": 3.59375,
  "spacing_z": 3.6000001430511475,
  "summary_bg_k": 64.17202545529518,
  "summary_bg_mad": 5.204032393711558,
  "summary_bg_mean": 21.28978729248047,
  "summary_bg_median": 9.704697608947754,
  "summary_bg_n": 102979.0,
  "summary_bg_p05": 5.879194736480713,
  "summary_bg_p95": 65.65771484375,
  "summary_bg_stdv": 32.92299270629883,
  "summary_fg_k": 3.1941687660183096,
  "summary_fg_mad": 96.5283176221971,
  "summary_fg_mean": 589.9520874023438,
  "summary_fg_median": 582.8590698242188,
  "summary_fg_n": 15675.0,
  "summary_fg_p05": 430.45569763183596,
  "summary_fg_p95": 771.9342468261718,
  "summary_fg_stdv": 112.61079406738281,
  "tsnr": 50.22403776808642
}