{
  "bids_meta": {
    "AcquisitionMatrixPE": 225,
    "AcquisitionNumber": 1,
    "AcquisitionTime": "09:15:26.617510",
    "BaseResolution": 256,
    "ConversionSoftware": "dcm2niix",
    "ConversionSoftwareVersion": "v1.0.20190410  GCC6.3.0",
    "DeviceSerialNumber": "18011",
    "EchoTime": 0.00335,
    "FlipAngle": 8,
    "ImageOrientationPatientDICOM": [
      0,
      1,
      0,
      0,
      0,
      -1
    ],
    "ImageType": [
      "ORIGINAL",
      "PRIMARY",
      "M",
      "ND"
    ],
    "ImagingFrequency": 168.255,
    "InPlanePhaseEncodingDirectionDICOM": "ROW",
    "InversionTime": 0.7,
    "MRAcquisitionType": "3D",
    "MagneticFieldStrength": 3.95064,
    "Manufacturer": "Siemens",
    "ManufacturersModelName": "MedSpec_4T",
    "Modality": "MR",
    "PartialFourier": 0.875,
    "PatientPosition": "HFS",
    "PercentPhaseFOV": 100,
    "PhaseEncodingSteps": 197,
    "PhaseResolution": 0.878906,
    "PixelBandwidth": 200,
    "ProcedureStepDescription": "Research_fMRI",
    "ProtocolName": "t1_mpr_sag",
    "PulseSequenceDetails": "%SiemensSeq%_tfl",
    "ReceiveCoilName": "Head",
    "ReconMatrixPE": 256,
    "RepetitionTime": 1.5,
    "SAR": 0.0606099,
    "ScanOptions": "IR",
    "ScanningSequence": "IR_GR",
    "SequenceName": "tfl3d1_ns",
    "SequenceVariant": "SP_MP",
    "SeriesDescription": "t1_mpr_sag",
    "SeriesNumber": 9,
    "ShimSetting": [
      20,
      -6,
      31,
      1672,
      89,
      -5154,
      2490,
      -407
    ],
    "SliceThickness": 0.9,
    "SoftwareVersions": "syngo_MR_2004A_4VA25A",
    "StationName": "WES4T",
    "TxRefAmp": 192.77,
    "dataset": "ds004169",
    "modality": "T1w",
    "session_id": "01",
    "subject_id": "1007"
  },
  "cjv": 0.32125911339576774,
  "cnr": 4.094881578841324,
  "efc": 0.44976161973526163,
  "fber": 16273.56942539247,
  "fwhm_avg": 5.05169278825158,
  "fwhm_x": 5.38042236475474,
  "fwhm_y": 5.338976,
  "fwhm_z": 4.4356800000000005,
  "icvs_csf": 0.20427536839871088,
  "icvs_gm": 0.4415580076729752,
  "icvs_wm": 0.3541666239283139,
  "inu_med": 0.6104418635368347,
  "inu_range": 0.39881064593791915,
  "provenance": {
    "md5sum": "25d34b373fceffbfc07a1157a880f63a",
    "settings": {
      "testing": false
    },
    "software": "mriqc",
    "version": "23.0.1",
    "warnings": {
      "large_rot_frame": true,
      "small_air_mask": false
    },
    "webapi_port": null,
    "webapi_url": "https://mriqc.nimh.nih.gov/api/v1"
  },
  "qi_1": 0.0,
  "qi_2": 0.004604790554809006,
  "rpve_csf": 28.745759251664023,
  "rpve_gm": 14.177927148988049,
  "rpve_wm": 20.355412613048905,
  "size_x": 240,
  "size_y": 256,
  "size_z": 256,
  "snr_csf": 2.0043486719484975,
  "snr_gm": 11.527511157015102,
  "snr_total": 11.666519031129837,
  "snr_wm": 21.46769726442591,
  "snrd_csf": 26.689142696975875,
  "snrd_gm": 64.71416734240216,
  "snrd_total": 62.00895899631761,
  "snrd_wm": 94.62356694957478,
  "spacing_x": 0.8999999761581421,
  "spacing_y": 0.9375,
  "spacing_z": 0.9375,
  "summary_bg_k": 8.801506010026271,
  "summary_bg_mad": 6.923606939226264,
  "summary_bg_mean": 11.702354356524893,
  "summary_bg_median": 4.669901914894581,
  "summary_bg_n": 4875198.0,
  "summary_bg_p05": 0.0,
  "summary_bg_p95": 44.287762604653835,
  "summary_bg_stdv": 16.3948123813272,
  "summary_csf_k": 16.35025811588015,
  "summary_csf_mad": 120.00918694658858,
  "summary_csf_mean": 283.8632936128184,
  "summary_csf_median": 282.0559712126851,
  "summary_csf_n": 38827.0,
  "summary_csf_p05": 81.21966663748026,
  "summary_csf_p95": 480.06591685116274,
  "summary_csf_stdv": 140.72019650192868,
  "summary_gm_k": 0.23589545783347265,
  "summary_gm_mad": 57.74197682648832,
  "summary_gm_mean": 682.803397673442,
  "summary_gm_median": 683.911713771522,
  "summary_gm_n": 61499.0,
  "summary_gm_p05": 582.8831167891622,
  "summary_gm_p95": 778.3200380392373,
  "summary_gm_stdv": 59.328171023671274,
  "summary_wm_k": 0.573444096687969,
  "summary_wm_mad": 43.80425828216355,
  "summary_wm_mean": 1000.5774790461354,
  "summary_wm_median": 999.9999767169356,
  "summary_wm_n": 263940.0,
  "summary_wm_p05": 924.3658790364861,
  "summary_wm_p95": 1077.6485418900847,
  "summary_wm_stdv": 46.58152525759473,
  "tpm_overlap_csf": 0.12498055049924763,
  "tpm_overlap_gm": 0.459561770553172,
  "tpm_overlap_wm": 0.5032065013205679,
  "wm2max": 0.569477542030075
}