{
  "aor": 0.0029902362204724405,
  "aqi": 0.006945095196850393,
  "bids_meta": {
    "AcquisitionMatrixPE": 64,
    "AcquisitionNumber": 1,
    "AcquisitionTime": "09:18:27.137510",
    "BaseResolution": 64,
    "ConversionSoftware": "dcm2niix",
    "ConversionSoftwareVersion": "v1.0.20190410  GCC6.3.0",
    "DeviceSerialNumber": "18011",
    "EchoTime": 0.03,
    "FlipAngle": 90,
    "ImageComments": "Fake_MoCo_Reference_Volume_+_DiCo_Applied",
    "ImageOrientationPatientDICOM": [
      0.999848,
      -0.00333008,
      -0.0171318,
      5.73118e-09,
      0.981627,
      -0.190809
    ],
    "ImageType": [
      "ORIGINAL",
      "PRIMARY",
      "M",
      "ND",
      "MOSAIC"
    ],
    "ImagingFrequency": 168.217,
    "InPlanePhaseEncodingDirectionDICOM": "COL",
    "MRAcquisitionType": "2D",
    "MagneticFieldStrength": 3.95064,
    "Manufacturer": "Siemens",
    "ManufacturersModelName": "MedSpec_4T",
    "Modality": "MR",
    "PartialFourier": 1,
    "PatientPosition": "HFS",
    "PercentPhaseFOV": 100,
    "PhaseEncodingDirection": "j-",
    "PhaseEncodingSteps": 64,
    "PhaseResolution": 1,
    "PixelBandwidth": 2790,
    "ProtocolName": "Nback_dc",
    "PulseSequenceDetails": "%CustomerSeq%_mz_ep2d_bold_dc",
    "ReceiveCoilName": "Head_4T",
    "ReconMatrixPE": 64,
    "RepetitionTime": 2.1,
    "SAR": 0.036057,
    "ScanOptions": "FS",
    "ScanningSequence": "SE_EP",
    "SequenceName": "epfid2d1_64",
    "SequenceVariant": "SK",
    "SeriesDescription": "Nback_dc_DiCo",
    "SeriesNumber": 7,
    "ShimSetting": [
      11,
      -37,
      167,
      944,
      1500,
      -3246,
      3580,
      149
    ],
    "SliceThickness": 3,
    "SoftwareVersions": "syngo_MR_2002B_4VA21A",
    "SpacingBetweenSlices": 3.6,
    "StationName": "wes4T",
    "TaskName": "nback",
    "TxRefAmp": 185.761,
    "dataset": "ds004169",
    "modality": "bold",
    "session_id": "01",
    "subject_id": "0865",
    "task_id": "nback"
  },
  "dummy_trs": 0,
  "dvars_nstd": 25.36277599873016,
  "dvars_std": 1.1266881697619044,
  "dvars_vstd": 0.9778826663492061,
  "efc": 0.46778555835745006,
  "fber": 2517.360595703125,
  "fd_mean": 0.10832259643040963,
  "fd_num": 7,
  "fd_perc": 5.511811023622047,
  "fwhm_avg": 1.9044216896648205,
  "fwhm_x": 1.733039304347826,
  "fwhm_y": 2.1908813913043477,
  "fwhm_z": 1.7893443733422871,
  "gcor": 0.0181603,
  "gsr_x": -0.023059789091348648,
  "gsr_y": 0.042119480669498444,
  "provenance": {
    "md5sum": "57ef451e23372827c86b071893ee97dc",
    "settings": {
      "fd_thres": 0.2,
      "testing": false
    },
    "software": "mriqc",
    "version": "23.0.1",
    "webapi_port": null,
    "webapi_url": "https://mriqc.nimh.nih.gov/api/v1"
  },
  "size_t": 127,
  "size_x": 64,
  "size_y": 64,
  "size_z": 36,
  "snr": 4.454329700739879,
  "spacing_tr": 2.0999999046325684,
  "spacing_x": 3.59375,
  "spacing_y": 3.59375,
  "spacing_z": 3.6000001430511475,
  "summary_bg_k": 30.779825286173946,
  "summary_bg_mad": 8.183496917425813,
  "summary_bg_mean": 28.781879425048828,
  "summary_bg_median": 14.795275688171387,
  "summary_bg_n": 95368.0,
  "summary_bg_p05": 8.44094467163086,
  "summary_bg_p95": 89.02873840332026,
  "summary_bg_stdv": 33.775390625,
  "summary_fg_k": 3.4338578508235544,
  "summary_fg_mad": 141.30247026494757,
  "summary_fg_mean": 772.9920654296875,
  "summary_fg_median": 755.5984497070312,
  "summary_fg_n": 21781.0,
  "summary_fg_p05": 540.8740234375,
  "summary_fg_p95": 1048.0078125,
  "summary_fg_stdv": 169.6284637451172,
  "tsnr": 53.0482186046429
}