{
  "bids_meta": {
    "AcquisitionMatrixPE": 225,
    "AcquisitionNumber": 1,
    "AcquisitionTime": "09:29:39.372480",
    "BaseResolution": 256,
    "ConversionSoftware": "dcm2niix",
    "ConversionSoftwareVersion": "v1.0.20190410  GCC6.3.0",
    "DeviceSerialNumber": "18011",
    "EchoTime": 0.00335,
    "FlipAngle": 8,
    "ImageOrientationPatientDICOM": [
      1,
      0,
      0,
      0,
      0,
      -1
    ],
    "ImageType": [
      "ORIGINAL",
      "PRIMARY",
      "M",
      "ND"
    ],
    "ImagingFrequency": 168.256,
    "InPlanePhaseEncodingDirectionDICOM": "ROW",
    "InversionTime": 0.7,
    "MRAcquisitionType": "3D",
    "MagneticFieldStrength": 3.95064,
    "Manufacturer": "Siemens",
    "ManufacturersModelName": "MedSpec_4T",
    "Modality": "MR",
    "PartialFourier": 0.875,
    "PatientPosition": "HFS",
    "PercentPhaseFOV": 100,
    "PhaseEncodingSteps": 197,
    "PhaseResolution": 0.878906,
    "PixelBandwidth": 200,
    "ProtocolName": "t1_mpr_cor",
    "PulseSequenceDetails": "%SiemensSeq%_tfl",
    "ReceiveCoilName": "Head_4T",
    "ReconMatrixPE": 256,
    "RepetitionTime": 1.5,
    "SAR": 0.00417046,
    "ScanOptions": "IR",
    "ScanningSequence": "IR_GR",
    "SequenceName": "tfl3d1_ns",
    "SequenceVariant": "SP_MP",
    "SeriesDescription": "t1_mpr_cor",
    "SeriesNumber": 2,
    "ShimSetting": [
      7,
      -13,
      -141,
      54,
      495,
      -2969,
      1616,
      -86
    ],
    "SliceThickness": 0.9,
    "SoftwareVersions": "syngo_MR_2002B_4VA21A",
    "StationName": "wes4T",
    "TxRefAmp": 190.7,
    "dataset": "ds004169",
    "modality": "T1w",
    "session_id": "01",
    "subject_id": "0909"
  },
  "cjv": 0.3646139006422572,
  "cnr": 3.631202974676658,
  "efc": 0.42504544037910336,
  "fber": -1.0,
  "fwhm_avg": 4.228122263320583,
  "fwhm_x": 4.3497493333333335,
  "fwhm_y": 4.654233456628415,
  "fwhm_z": 3.6803839999999997,
  "icvs_csf": 0.22236973652108746,
  "icvs_gm": 0.42019745605962466,
  "icvs_wm": 0.35743280741928785,
  "inu_med": 0.7373485267162323,
  "inu_range": 0.48794189989566805,
  "provenance": {
    "md5sum": "70de7178cba45d3507a42f36abd09ebe",
    "settings": {
      "testing": false
    },
    "software": "mriqc",
    "version": "23.0.1",
    "warnings": {
      "large_rot_frame": true,
      "small_air_mask": false
    },
    "webapi_port": null,
    "webapi_url": "https://mriqc.nimh.nih.gov/api/v1"
  },
  "qi_1": 0.0,
  "qi_2": 0.033657599216637885,
  "rpve_csf": 31.227575882330925,
  "rpve_gm": 17.107933416794175,
  "rpve_wm": 23.20123317450698,
  "size_x": 256,
  "size_y": 256,
  "size_z": 256,
  "snr_csf": 2.026867761188066,
  "snr_gm": 10.329815709363654,
  "snr_total": 10.307649469955956,
  "snr_wm": 18.566264939316152,
  "snrd_csf": 8.436123626205642,
  "snrd_gm": 21.735217066969046,
  "snrd_total": 20.683684749196797,
  "snrd_wm": 31.879713554415705,
  "spacing_x": 0.9375,
  "spacing_y": 0.8999999761581421,
  "spacing_z": 0.9375,
  "summary_bg_k": 61.10478711986775,
  "summary_bg_mad": 0.0,
  "summary_bg_mean": 10.842047036175282,
  "summary_bg_median": 0.0,
  "summary_bg_n": 4159798.0,
  "summary_bg_p05": 0.0,
  "summary_bg_p95": 49.2018523812294,
  "summary_bg_stdv": 20.550970146248485,
  "summary_csf_k": 17.506555995151977,
  "summary_csf_mad": 107.93458986513781,
  "summary_csf_mean": 276.91626928349115,
  "summary_csf_median": 264.63271586224437,
  "summary_csf_n": 46933.0,
  "summary_csf_p05": 107.44247202575207,
  "summary_csf_p95": 471.0593639425934,
  "summary_csf_stdv": 130.56100731086056,
  "summary_gm_k": 0.17167268715889872,
  "summary_gm_mad": 64.90418858999982,
  "summary_gm_mean": 681.2472203078619,
  "summary_gm_median": 681.8119052238762,
  "summary_gm_n": 37297.0,
  "summary_gm_p05": 571.349600404501,
  "summary_gm_p95": 788.5495192520319,
  "summary_gm_stdv": 66.00338128391344,
  "summary_wm_k": 0.6584370690695773,
  "summary_wm_mad": 51.124214848318715,
  "summary_wm_mean": 1001.3277013866048,
  "summary_wm_median": 1000.034560021013,
  "summary_wm_n": 242663.0,
  "summary_wm_p05": 915.4516003094614,
  "summary_wm_p95": 1090.5258882418275,
  "summary_wm_stdv": 53.86287994626777,
  "tpm_overlap_csf": 0.15118247643733373,
  "tpm_overlap_gm": 0.4547017760825699,
  "tpm_overlap_wm": 0.5033071951078936,
  "wm2max": 0.4594929273365191
}