{
  "bids_meta": {
    "AcquisitionMatrixPE": 225,
    "AcquisitionNumber": 1,
    "AcquisitionTime": "09:44:8.662520",
    "BaseResolution": 256,
    "ConversionSoftware": "dcm2niix",
    "ConversionSoftwareVersion": "v1.0.20190410  GCC6.3.0",
    "DeviceSerialNumber": "18011",
    "EchoTime": 0.00335,
    "FlipAngle": 8,
    "ImageOrientationPatientDICOM": [
      0.999391,
      -0.0348995,
      0,
      0,
      2.22045e-16,
      -1
    ],
    "ImageType": [
      "ORIGINAL",
      "PRIMARY",
      "M",
      "ND"
    ],
    "ImagingFrequency": 168.217,
    "InPlanePhaseEncodingDirectionDICOM": "ROW",
    "InversionTime": 0.7,
    "MRAcquisitionType": "3D",
    "MagneticFieldStrength": 3.95064,
    "Manufacturer": "Siemens",
    "ManufacturersModelName": "MedSpec_4T",
    "Modality": "MR",
    "PartialFourier": 0.875,
    "PatientPosition": "HFS",
    "PercentPhaseFOV": 100,
    "PhaseEncodingSteps": 197,
    "PhaseResolution": 0.878906,
    "PixelBandwidth": 200,
    "ProtocolName": "t1_mpr_cor",
    "PulseSequenceDetails": "%SiemensSeq%_tfl",
    "ReceiveCoilName": "Head_4T",
    "ReconMatrixPE": 256,
    "RepetitionTime": 1.5,
    "SAR": 0.0036509,
    "ScanOptions": "IR",
    "ScanningSequence": "IR_GR",
    "SequenceName": "tfl3d1_ns",
    "SequenceVariant": "SP_MP",
    "SeriesDescription": "t1_mpr_cor",
    "SeriesNumber": 8,
    "ShimSetting": [
      3,
      7,
      2,
      1592,
      140,
      -4173,
      2255,
      -138
    ],
    "SliceThickness": 0.9,
    "SoftwareVersions": "syngo_MR_2002B_4VA21A",
    "StationName": "wes4T",
    "TxRefAmp": 205.264,
    "dataset": "ds004169",
    "modality": "T1w",
    "session_id": "01",
    "subject_id": "0948"
  },
  "cjv": 0.38875272167000996,
  "cnr": 3.3705442267362424,
  "efc": 0.4673634910634137,
  "fber": -1.0,
  "fwhm_avg": 4.311232041234053,
  "fwhm_x": 4.462368,
  "fwhm_y": 4.669600123702158,
  "fwhm_z": 3.8017279999999998,
  "icvs_csf": 0.2122464064996338,
  "icvs_gm": 0.4340261549290489,
  "icvs_wm": 0.3537274385713173,
  "inu_med": 0.7214125394821167,
  "inu_range": 0.512906801700592,
  "provenance": {
    "md5sum": "383e5c6896f61b23b68bb95bd49370bd",
    "settings": {
      "testing": false
    },
    "software": "mriqc",
    "version": "23.0.1",
    "warnings": {
      "large_rot_frame": true,
      "small_air_mask": false
    },
    "webapi_port": null,
    "webapi_url": "https://mriqc.nimh.nih.gov/api/v1"
  },
  "qi_1": 0.0,
  "qi_2": 0.02674230491426038,
  "rpve_csf": 25.41066491715236,
  "rpve_gm": 13.224242104682904,
  "rpve_wm": 19.10636474263046,
  "size_x": 256,
  "size_y": 256,
  "size_z": 256,
  "snr_csf": 1.7571638499048126,
  "snr_gm": 9.584646607495689,
  "snr_total": 9.724641669778755,
  "snr_wm": 17.832114551935764,
  "snrd_csf": 8.489236852506222,
  "snrd_gm": 19.563012281954077,
  "snrd_total": 18.87906314200006,
  "snrd_wm": 28.584940291539873,
  "spacing_x": 0.9375,
  "spacing_y": 0.8999999761581421,
  "spacing_z": 0.9375,
  "summary_bg_k": 21.899573470232355,
  "summary_bg_mad": 0.0,
  "summary_bg_mean": 13.23107967042468,
  "summary_bg_median": 0.0,
  "summary_bg_n": 4679997.0,
  "summary_bg_p05": 0.0,
  "summary_bg_p95": 59.19474086910486,
  "summary_bg_stdv": 22.91968857918427,
  "summary_csf_k": 20.43540931558825,
  "summary_csf_mad": 119.38785265640077,
  "summary_csf_mean": 311.8770547415527,
  "summary_csf_median": 296.99260327219963,
  "summary_csf_n": 33359.0,
  "summary_csf_p05": 106.98110053017736,
  "summary_csf_p95": 514.2875898540019,
  "summary_csf_stdv": 169.0156281063392,
  "summary_gm_k": 0.0725927928612955,
  "summary_gm_mad": 70.41446819938739,
  "summary_gm_mean": 682.4625553554476,
  "summary_gm_median": 684.4042693600059,
  "summary_gm_n": 40118.0,
  "summary_gm_p05": 561.6713201005011,
  "summary_gm_p95": 797.7419844843448,
  "summary_gm_stdv": 71.40542238473627,
  "summary_wm_k": 0.6905566412085236,
  "summary_wm_mad": 52.28700648992572,
  "summary_wm_mean": 1001.1256580301482,
  "summary_wm_median": 1000.0328626781702,
  "summary_wm_n": 287142.0,
  "summary_wm_p05": 910.4354925453663,
  "summary_wm_p95": 1094.231711834669,
  "summary_wm_stdv": 56.0803441682771,
  "tpm_overlap_csf": 0.14938081262828878,
  "tpm_overlap_gm": 0.45651214684351377,
  "tpm_overlap_wm": 0.5042591837240672,
  "wm2max": 0.5338138933285406
}