{
  "aor": 0.012279999999999998,
  "aqi": 0.02081195825396825,
  "bids_meta": {
    "AcquisitionMatrixPE": 64,
    "AcquisitionNumber": 1,
    "AcquisitionTime": "08:29:6.845010",
    "BaseResolution": 64,
    "ConversionSoftware": "dcm2niix",
    "ConversionSoftwareVersion": "v1.0.20190410  GCC6.3.0",
    "DeviceSerialNumber": "18011",
    "EchoTime": 0.03,
    "FlipAngle": 90,
    "ImageComments": "Fake_MoCo_Reference_Volume_+_DiCo_Applied",
    "ImageOrientationPatientDICOM": [
      1,
      0,
      0,
      0,
      1,
      0
    ],
    "ImageType": [
      "ORIGINAL",
      "PRIMARY",
      "M",
      "ND",
      "MOSAIC"
    ],
    "ImagingFrequency": 168.255,
    "InPlanePhaseEncodingDirectionDICOM": "COL",
    "MRAcquisitionType": "2D",
    "MagneticFieldStrength": 3.95064,
    "Manufacturer": "Siemens",
    "ManufacturersModelName": "MedSpec_4T",
    "Modality": "MR",
    "PartialFourier": 1,
    "PatientPosition": "HFS",
    "PercentPhaseFOV": 100,
    "PhaseEncodingDirection": "j-",
    "PhaseEncodingSteps": 64,
    "PhaseResolution": 1,
    "PixelBandwidth": 2790,
    "ProtocolName": "Nback_dc_opt",
    "PulseSequenceDetails": "%CustomerSeq%_kt_ep2d_bold_dc",
    "ReceiveCoilName": "Head_4T",
    "ReconMatrixPE": 64,
    "RepetitionTime": 2.1,
    "SAR": 0.036059,
    "ScanOptions": "FS",
    "ScanningSequence": "SE_EP",
    "SequenceName": "epfid2d1_64",
    "SequenceVariant": "SK",
    "SeriesDescription": "Nback_dc_opt_DiCo",
    "SeriesNumber": 7,
    "ShimSetting": [
      7,
      -10,
      18,
      1648,
      680,
      -4885,
      2706,
      115
    ],
    "SliceThickness": 3,
    "SoftwareVersions": "syngo_MR_2002B_4VA21A",
    "SpacingBetweenSlices": 3.6,
    "StationName": "wes4T",
    "TaskName": "nback",
    "TxRefAmp": 181.061,
    "dataset": "ds004169",
    "modality": "bold",
    "session_id": "01",
    "subject_id": "0244",
    "task_id": "nback"
  },
  "dummy_trs": 1,
  "dvars_nstd": 36.49405989055999,
  "dvars_std": 1.26099701152,
  "dvars_vstd": 1.0418672105600002,
  "efc": 0.45053414402419395,
  "fber": 2926.970947265625,
  "fd_mean": 0.22724277896444697,
  "fd_num": 33,
  "fd_perc": 26.19047619047619,
  "fwhm_avg": 1.6770390688827133,
  "fwhm_x": 1.5735318260869566,
  "fwhm_y": 1.8571547826086956,
  "fwhm_z": 1.6004305979524875,
  "gcor": 0.0872657,
  "gsr_x": -0.022427674382925034,
  "gsr_y": 0.026703322306275368,
  "provenance": {
    "md5sum": "eadcd3d31149ffdb3950c8c60b0fb0fd",
    "settings": {
      "fd_thres": 0.2,
      "testing": false
    },
    "software": "mriqc",
    "version": "23.0.1",
    "webapi_port": null,
    "webapi_url": "https://mriqc.nimh.nih.gov/api/v1"
  },
  "size_t": 126,
  "size_x": 64,
  "size_y": 64,
  "size_z": 36,
  "snr": 6.103978807495294,
  "spacing_tr": 2.0999999046325684,
  "spacing_x": 3.59375,
  "spacing_y": 3.59375,
  "spacing_z": 3.5999999046325684,
  "summary_bg_k": 78.74631154311137,
  "summary_bg_mad": 6.412842502830207,
  "summary_bg_mean": 24.750782012939453,
  "summary_bg_median": 12.396825790405273,
  "summary_bg_n": 98983.0,
  "summary_bg_p05": 7.611111640930176,
  "summary_bg_p95": 69.01428985595695,
  "summary_bg_stdv": 37.208194732666016,
  "summary_fg_k": 3.430036853129243,
  "summary_fg_mad": 95.6691069248881,
  "summary_fg_mean": 683.7777099609375,
  "summary_fg_median": 679.1865234375,
  "summary_fg_n": 19304.0,
  "summary_fg_p05": 527.1746307373047,
  "summary_fg_p95": 859.0607604980468,
  "summary_fg_stdv": 111.26659393310547,
  "tsnr": 37.38889771793038
}