{
  "aor": 0.006931066666666667,
  "aqi": 0.0120074106,
  "bids_meta": {
    "AcquisitionMatrixPE": 64,
    "AcquisitionNumber": 1,
    "AcquisitionTime": "09:45:33.007510",
    "BaseResolution": 64,
    "ConversionSoftware": "dcm2niix",
    "ConversionSoftwareVersion": "v1.0.20190410  GCC6.3.0",
    "DeviceSerialNumber": "18011",
    "EchoTime": 0.03,
    "FlipAngle": 90,
    "ImageComments": "Fake_MoCo_Reference_Volume_+_DiCo_Applied",
    "ImageOrientationPatientDICOM": [
      1,
      0,
      0,
      0,
      1,
      0
    ],
    "ImageType": [
      "ORIGINAL",
      "PRIMARY",
      "M",
      "ND",
      "MOSAIC"
    ],
    "ImagingFrequency": 168.255,
    "InPlanePhaseEncodingDirectionDICOM": "COL",
    "MRAcquisitionType": "2D",
    "MagneticFieldStrength": 3.95064,
    "Manufacturer": "Siemens",
    "ManufacturersModelName": "MedSpec_4T",
    "Modality": "MR",
    "PartialFourier": 1,
    "PatientPosition": "HFS",
    "PercentPhaseFOV": 100,
    "PhaseEncodingDirection": "j-",
    "PhaseEncodingSteps": 64,
    "PhaseResolution": 1,
    "PixelBandwidth": 2790,
    "ProtocolName": "mz_bold_dc_REST",
    "PulseSequenceDetails": "%CustomerSeq%_mz_ep2d_bold_dc",
    "ReceiveCoilName": "Head_4T",
    "ReconMatrixPE": 64,
    "RepetitionTime": 2.1,
    "SAR": 0.0218547,
    "ScanOptions": "FS",
    "ScanningSequence": "SE_EP",
    "SequenceName": "epfid2d1_64",
    "SequenceVariant": "SK",
    "SeriesDescription": "mz_bold_dc_REST_DiCo",
    "SeriesNumber": 10,
    "ShimSetting": [
      8,
      14,
      -13,
      1374,
      152,
      -3463,
      1965,
      88
    ],
    "SliceThickness": 3,
    "SoftwareVersions": "syngo_MR_2002B_4VA21A",
    "SpacingBetweenSlices": 3.6,
    "StationName": "wes4T",
    "TaskName": "rest",
    "TxRefAmp": 181.842,
    "dataset": "ds004169",
    "modality": "bold",
    "session_id": "01",
    "subject_id": "1084",
    "task_id": "rest"
  },
  "dummy_trs": 0,
  "dvars_nstd": 27.542979515906044,
  "dvars_std": 1.1242323036912745,
  "dvars_vstd": 1.0199332774496643,
  "efc": 0.45211621770395644,
  "fber": 2987.992431640625,
  "fd_mean": 0.25288262320387084,
  "fd_num": 79,
  "fd_perc": 52.666666666666664,
  "fwhm_avg": 1.842796770109084,
  "fwhm_x": 1.7412062608695653,
  "fwhm_y": 2.1140507826086954,
  "fwhm_z": 1.6731332668489907,
  "gcor": 0.164938,
  "gsr_x": -0.019689686596393585,
  "gsr_y": 0.045147985219955444,
  "provenance": {
    "md5sum": "ecd831d00578b199c5f8686a72bef783",
    "settings": {
      "fd_thres": 0.2,
      "testing": false
    },
    "software": "mriqc",
    "version": "23.0.1",
    "webapi_port": null,
    "webapi_url": "https://mriqc.nimh.nih.gov/api/v1"
  },
  "size_t": 150,
  "size_x": 64,
  "size_y": 64,
  "size_z": 36,
  "snr": 5.1621948490345195,
  "spacing_tr": 2.0999999046325684,
  "spacing_x": 3.59375,
  "spacing_y": 3.59375,
  "spacing_z": 3.6000001430511475,
  "summary_bg_k": 67.68762649566347,
  "summary_bg_mad": 7.007766165648023,
  "summary_bg_mean": 25.600374221801758,
  "summary_bg_median": 12.15999984741211,
  "summary_bg_n": 99070.0,
  "summary_bg_p05": 6.626667022705078,
  "summary_bg_p95": 77.5903373718261,
  "summary_bg_stdv": 38.52693176269531,
  "summary_fg_k": 5.708570560231276,
  "summary_fg_mad": 103.54488826555072,
  "summary_fg_mean": 679.0791625976562,
  "summary_fg_median": 666.6799926757812,
  "summary_fg_n": 19185.0,
  "summary_fg_p05": 506.0880126953125,
  "summary_fg_p95": 879.664013671875,
  "summary_fg_stdv": 129.14324951171875,
  "tsnr": 40.36081852944335
}