{
  "bids_meta": {
    "AcquisitionMatrixPE": 225,
    "AcquisitionNumber": 1,
    "AcquisitionTime": "11:30:4.532490",
    "BaseResolution": 256,
    "ConversionSoftware": "dcm2niix",
    "ConversionSoftwareVersion": "v1.0.20190410  GCC6.3.0",
    "DeviceSerialNumber": "18011",
    "EchoTime": 0.00335,
    "FlipAngle": 8,
    "ImageOrientationPatientDICOM": [
      0.999391,
      0.0348995,
      0,
      0,
      2.22045e-16,
      -1
    ],
    "ImageType": [
      "ORIGINAL",
      "PRIMARY",
      "M",
      "ND"
    ],
    "ImagingFrequency": 168.217,
    "InPlanePhaseEncodingDirectionDICOM": "ROW",
    "InversionTime": 0.7,
    "MRAcquisitionType": "3D",
    "MagneticFieldStrength": 3.95064,
    "Manufacturer": "Siemens",
    "ManufacturersModelName": "MedSpec_4T",
    "Modality": "MR",
    "PartialFourier": 0.875,
    "PatientPosition": "HFS",
    "PercentPhaseFOV": 100,
    "PhaseEncodingSteps": 197,
    "PhaseResolution": 0.878906,
    "PixelBandwidth": 200,
    "ProtocolName": "t1_mpr_cor",
    "PulseSequenceDetails": "%SiemensSeq%_tfl",
    "ReceiveCoilName": "Head_4T",
    "ReconMatrixPE": 256,
    "RepetitionTime": 1.5,
    "SAR": 0.00390032,
    "ScanOptions": "IR",
    "ScanningSequence": "IR_GR",
    "SequenceName": "tfl3d1_ns",
    "SequenceVariant": "SP_MP",
    "SeriesDescription": "t1_mpr_cor",
    "SeriesNumber": 9,
    "ShimSetting": [
      -12,
      -8,
      -23,
      1277,
      13,
      -3176,
      1972,
      -36
    ],
    "SliceThickness": 0.9,
    "SoftwareVersions": "syngo_MR_2002B_4VA21A",
    "StationName": "wes4T",
    "TxRefAmp": 187.144,
    "dataset": "ds004169",
    "modality": "T1w",
    "session_id": "01",
    "subject_id": "0257"
  },
  "cjv": 0.39131498405186294,
  "cnr": 3.3535776004023,
  "efc": 0.4416674019455984,
  "fber": -1.0,
  "fwhm_avg": 4.312224337928498,
  "fwhm_x": 4.496405333333333,
  "fwhm_y": 4.714689013785495,
  "fwhm_z": 3.7255786666666664,
  "icvs_csf": 0.18245959240046872,
  "icvs_gm": 0.46909942872608407,
  "icvs_wm": 0.3484409788734472,
  "inu_med": 0.7607771158218384,
  "inu_range": 0.5744409084320068,
  "provenance": {
    "md5sum": "8f16d562a0298ebe746b28c4091257dc",
    "settings": {
      "testing": false
    },
    "software": "mriqc",
    "version": "23.0.1",
    "warnings": {
      "large_rot_frame": true,
      "small_air_mask": false
    },
    "webapi_port": null,
    "webapi_url": "https://mriqc.nimh.nih.gov/api/v1"
  },
  "qi_1": 0.0,
  "qi_2": 0.02983353889506819,
  "rpve_csf": 34.143147363898606,
  "rpve_gm": 14.94245015630177,
  "rpve_wm": 21.953550071591003,
  "size_x": 256,
  "size_y": 256,
  "size_z": 256,
  "snr_csf": 1.4117238857679928,
  "snr_gm": 10.84248065714502,
  "snr_total": 9.818672907196557,
  "snr_wm": 17.20181417867666,
  "snrd_csf": 7.64115066062763,
  "snrd_gm": 17.69549274639066,
  "snrd_total": 16.910827777657868,
  "snrd_wm": 25.39583992595531,
  "spacing_x": 0.9375,
  "spacing_y": 0.8999999761581421,
  "spacing_z": 0.9375,
  "summary_bg_k": 11.103508261248138,
  "summary_bg_mad": 0.0,
  "summary_bg_mean": 15.914158163184904,
  "summary_bg_median": 0.0,
  "summary_bg_n": 5257228.0,
  "summary_bg_p05": 0.0,
  "summary_bg_p95": 69.59845582768321,
  "summary_bg_stdv": 25.799164400997658,
  "summary_csf_k": 22.23963192340228,
  "summary_csf_mad": 99.94861445297107,
  "summary_csf_mean": 338.0047658754285,
  "summary_csf_median": 300.9072646647692,
  "summary_csf_n": 26039.0,
  "summary_csf_p05": 125.42002963274717,
  "summary_csf_p95": 565.528406221792,
  "summary_csf_stdv": 213.1447159261246,
  "summary_gm_k": 0.11543538032115253,
  "summary_gm_mad": 63.36306243358135,
  "summary_gm_mean": 695.320529043157,
  "summary_gm_median": 696.8456134032458,
  "summary_gm_n": 64012.0,
  "summary_gm_p05": 587.071585457772,
  "summary_gm_p95": 797.7990766391158,
  "summary_gm_stdv": 64.26944094541733,
  "summary_wm_k": 0.4971316434300399,
  "summary_wm_mad": 55.29867266930736,
  "summary_wm_mean": 1002.2714880145752,
  "summary_wm_median": 1000.084027312696,
  "summary_wm_n": 231865.0,
  "summary_wm_p05": 910.9963237456977,
  "summary_wm_p95": 1101.2685053385794,
  "summary_wm_stdv": 58.13816265621798,
  "tpm_overlap_csf": 0.14599022876062456,
  "tpm_overlap_gm": 0.4616534497520204,
  "tpm_overlap_wm": 0.4912216479082724,
  "wm2max": 0.44567984426474994
}