{
  "aor": 0.002272953020134228,
  "aqi": 0.009795317181208053,
  "bids_meta": {
    "AcquisitionMatrixPE": 64,
    "AcquisitionNumber": 1,
    "AcquisitionTime": "09:26:23.042510",
    "BaseResolution": 64,
    "ConversionSoftware": "dcm2niix",
    "ConversionSoftwareVersion": "v1.0.20190410  GCC6.3.0",
    "DeviceSerialNumber": "18011",
    "EchoTime": 0.03,
    "FlipAngle": 90,
    "ImageComments": "Fake_MoCo_Reference_Volume_+_DiCo_Applied",
    "ImageOrientationPatientDICOM": [
      1,
      0,
      0,
      0,
      0.994522,
      -0.104528
    ],
    "ImageType": [
      "ORIGINAL",
      "PRIMARY",
      "M",
      "ND",
      "MOSAIC"
    ],
    "ImagingFrequency": 168.217,
    "InPlanePhaseEncodingDirectionDICOM": "COL",
    "MRAcquisitionType": "2D",
    "MagneticFieldStrength": 3.95064,
    "Manufacturer": "Siemens",
    "ManufacturersModelName": "MedSpec_4T",
    "Modality": "MR",
    "PartialFourier": 1,
    "PatientPosition": "HFS",
    "PercentPhaseFOV": 100,
    "PhaseEncodingDirection": "j-",
    "PhaseEncodingSteps": 64,
    "PhaseResolution": 1,
    "PixelBandwidth": 2790,
    "ProtocolName": "mz_bold_dc_REST",
    "PulseSequenceDetails": "%CustomerSeq%_mz_ep2d_bold_dc",
    "ReceiveCoilName": "Head_4T",
    "ReconMatrixPE": 64,
    "RepetitionTime": 2.1,
    "SAR": 0.0324723,
    "ScanOptions": "FS",
    "ScanningSequence": "SE_EP",
    "SequenceName": "epfid2d1_64",
    "SequenceVariant": "SK",
    "SeriesDescription": "mz_bold_dc_REST_DiCo",
    "SeriesNumber": 10,
    "ShimSetting": [
      17,
      2,
      -49,
      1478,
      799,
      -2231,
      752,
      -167
    ],
    "SliceThickness": 3,
    "SoftwareVersions": "syngo_MR_2002B_4VA21A",
    "SpacingBetweenSlices": 3.6,
    "StationName": "wes4T",
    "TaskName": "rest",
    "TxRefAmp": 186.458,
    "dataset": "ds004169",
    "modality": "bold",
    "session_id": "01",
    "subject_id": "1237",
    "task_id": "rest"
  },
  "dummy_trs": 1,
  "dvars_nstd": 27.57051107054054,
  "dvars_std": 1.1644065452027017,
  "dvars_vstd": 0.994417215337838,
  "efc": 0.4714140976297954,
  "fber": 2329.248779296875,
  "fd_mean": 0.12072097963098692,
  "fd_num": 12,
  "fd_perc": 8.053691275167786,
  "fwhm_avg": 1.8888726808401373,
  "fwhm_x": 1.7509481739130435,
  "fwhm_y": 2.128217043478261,
  "fwhm_z": 1.7874528251291069,
  "gcor": 0.0143177,
  "gsr_x": -0.01975165121257305,
  "gsr_y": 0.039223287254571915,
  "provenance": {
    "md5sum": "2b82bb96f022da2e26fd807439cffaf1",
    "settings": {
      "fd_thres": 0.2,
      "testing": false
    },
    "software": "mriqc",
    "version": "23.0.1",
    "webapi_port": null,
    "webapi_url": "https://mriqc.nimh.nih.gov/api/v1"
  },
  "size_t": 149,
  "size_x": 64,
  "size_y": 64,
  "size_z": 36,
  "snr": 4.993927111846866,
  "spacing_tr": 2.0999999046325684,
  "spacing_x": 3.59375,
  "spacing_y": 3.59375,
  "spacing_z": 3.5999999046325684,
  "summary_bg_k": 90.25114227936703,
  "summary_bg_mad": 8.457797330929543,
  "summary_bg_mean": 31.711231231689453,
  "summary_bg_median": 15.751677513122559,
  "summary_bg_n": 95836.0,
  "summary_bg_p05": 9.516778945922852,
  "summary_bg_p95": 95.04026794433594,
  "summary_bg_stdv": 43.54888153076172,
  "summary_fg_k": 3.014383921018017,
  "summary_fg_mad": 137.48402752725954,
  "summary_fg_mean": 789.760986328125,
  "summary_fg_median": 782.8590698242188,
  "summary_fg_n": 21453.0,
  "summary_fg_p05": 550.056396484375,
  "summary_fg_p95": 1032.9019775390625,
  "summary_fg_stdv": 156.75856018066406,
  "tsnr": 47.86977470200509
}