{
  "aor": 0.003958666666666666,
  "aqi": 0.012270851933333334,
  "bids_meta": {
    "AcquisitionMatrixPE": 64,
    "AcquisitionNumber": 1,
    "AcquisitionTime": "12:57:12.337490",
    "BaseResolution": 64,
    "ConversionSoftware": "dcm2niix",
    "ConversionSoftwareVersion": "v1.0.20190410  GCC6.3.0",
    "DeviceSerialNumber": "18011",
    "EchoTime": 0.03,
    "FlipAngle": 90,
    "ImageComments": "Fake_MoCo_Reference_Volume_+_DiCo_Applied",
    "ImageOrientationPatientDICOM": [
      0.999848,
      -1.11022e-16,
      0.0174524,
      1.11022e-16,
      1,
      1.73472e-18
    ],
    "ImageType": [
      "ORIGINAL",
      "PRIMARY",
      "M",
      "ND",
      "MOSAIC"
    ],
    "ImagingFrequency": 168.255,
    "InPlanePhaseEncodingDirectionDICOM": "COL",
    "MRAcquisitionType": "2D",
    "MagneticFieldStrength": 3.95064,
    "Manufacturer": "Siemens",
    "ManufacturersModelName": "MedSpec_4T",
    "Modality": "MR",
    "PartialFourier": 1,
    "PatientPosition": "HFS",
    "PercentPhaseFOV": 100,
    "PhaseEncodingDirection": "j-",
    "PhaseEncodingSteps": 64,
    "PhaseResolution": 1,
    "PixelBandwidth": 2790,
    "ProtocolName": "mz_bold_dc_REST",
    "PulseSequenceDetails": "%CustomerSeq%_mz_ep2d_bold_dc",
    "ReceiveCoilName": "Head_4T",
    "ReconMatrixPE": 64,
    "RepetitionTime": 2.1,
    "SAR": 0.00769004,
    "ScanOptions": "FS",
    "ScanningSequence": "SE_EP",
    "SequenceName": "epfid2d1_64",
    "SequenceVariant": "SK",
    "SeriesDescription": "mz_bold_dc_REST_DiCo",
    "SeriesNumber": 11,
    "ShimSetting": [
      21,
      -26,
      -2,
      2064,
      994,
      -3490,
      2728,
      146
    ],
    "SliceThickness": 3,
    "SoftwareVersions": "syngo_MR_2002B_4VA21A",
    "SpacingBetweenSlices": 3.6,
    "StationName": "wes4T",
    "TaskName": "rest",
    "TxRefAmp": 156.526,
    "dataset": "ds004169",
    "modality": "bold",
    "session_id": "01",
    "subject_id": "1175",
    "task_id": "rest"
  },
  "dummy_trs": 0,
  "dvars_nstd": 25.93448509590604,
  "dvars_std": 1.1080749830201349,
  "dvars_vstd": 0.9521294165771803,
  "efc": 0.4597226719658731,
  "fber": 3396.485107421875,
  "fd_mean": 0.26350626212814593,
  "fd_num": 11,
  "fd_perc": 7.333333333333333,
  "fwhm_avg": 1.8026284742272238,
  "fwhm_x": 1.6915979130434782,
  "fwhm_y": 2.0744431304347826,
  "fwhm_z": 1.6418443792034103,
  "gcor": 0.0367683,
  "gsr_x": -0.020074591040611267,
  "gsr_y": 0.03396705910563469,
  "provenance": {
    "md5sum": "375e755ef119b1b6719e9a9bd4d1e2e5",
    "settings": {
      "fd_thres": 0.2,
      "testing": false
    },
    "software": "mriqc",
    "version": "23.0.1",
    "webapi_port": null,
    "webapi_url": "https://mriqc.nimh.nih.gov/api/v1"
  },
  "size_t": 150,
  "size_x": 64,
  "size_y": 64,
  "size_z": 36,
  "snr": 5.808531143700815,
  "spacing_tr": 2.0999999046325684,
  "spacing_x": 3.59375,
  "spacing_y": 3.59375,
  "spacing_z": 3.6000001430511475,
  "summary_bg_k": 36.00688623670342,
  "summary_bg_mad": 10.076753719419987,
  "summary_bg_mean": 25.74217987060547,
  "summary_bg_median": 12.346667289733887,
  "summary_bg_n": 96502.0,
  "summary_bg_p05": 0.5600000023841858,
  "summary_bg_p95": 82.26000213623047,
  "summary_bg_stdv": 38.073612213134766,
  "summary_fg_k": 3.596504633082107,
  "summary_fg_mad": 103.92544756913503,
  "summary_fg_mean": 715.5051879882812,
  "summary_fg_median": 711.9366455078125,
  "summary_fg_n": 20640.0,
  "summary_fg_p05": 535.5170196533203,
  "summary_fg_p95": 898.835040283203,
  "summary_fg_stdv": 122.56444549560547,
  "tsnr": 44.258119775913656
}