{
  "bids_meta": {
    "AcquisitionMatrixPE": 225,
    "AcquisitionNumber": 1,
    "AcquisitionTime": "12:13:6.092500",
    "BaseResolution": 256,
    "ConversionSoftware": "dcm2niix",
    "ConversionSoftwareVersion": "v1.0.20190410  GCC6.3.0",
    "DeviceSerialNumber": "18011",
    "EchoTime": 0.00335,
    "FlipAngle": 8,
    "ImageOrientationPatientDICOM": [
      1,
      0,
      0,
      0,
      0,
      -1
    ],
    "ImageType": [
      "ORIGINAL",
      "PRIMARY",
      "M",
      "ND"
    ],
    "ImagingFrequency": 168.217,
    "InPlanePhaseEncodingDirectionDICOM": "ROW",
    "InversionTime": 0.7,
    "MRAcquisitionType": "3D",
    "MagneticFieldStrength": 3.95064,
    "Manufacturer": "Siemens",
    "ManufacturersModelName": "MedSpec_4T",
    "Modality": "MR",
    "PartialFourier": 0.875,
    "PatientPosition": "HFS",
    "PercentPhaseFOV": 100,
    "PhaseEncodingSteps": 197,
    "PhaseResolution": 0.878906,
    "PixelBandwidth": 200,
    "ProtocolName": "t1_mpr_cor",
    "PulseSequenceDetails": "%SiemensSeq%_tfl",
    "ReceiveCoilName": "Head_4T",
    "ReconMatrixPE": 256,
    "RepetitionTime": 1.5,
    "SAR": 0.0064644,
    "ScanOptions": "IR",
    "ScanningSequence": "IR_GR",
    "SequenceName": "tfl3d1_ns",
    "SequenceVariant": "SP_MP",
    "SeriesDescription": "t1_mpr_cor",
    "SeriesNumber": 8,
    "ShimSetting": [
      37,
      9,
      -20,
      1007,
      788,
      -3541,
      2275,
      -344
    ],
    "SliceThickness": 0.9,
    "SoftwareVersions": "syngo_MR_2002B_4VA21A",
    "StationName": "wes4T",
    "TxRefAmp": 166.778,
    "dataset": "ds004169",
    "modality": "T1w",
    "session_id": "01",
    "subject_id": "1231"
  },
  "cjv": 0.3360980697603567,
  "cnr": 3.9168704384830986,
  "efc": 0.4189058014346249,
  "fber": -1.0,
  "fwhm_avg": 4.8062521942763565,
  "fwhm_x": 4.802378666666667,
  "fwhm_y": 5.223844582829067,
  "fwhm_z": 4.392533333333334,
  "icvs_csf": 0.22059156240240504,
  "icvs_gm": 0.4255839937145066,
  "icvs_wm": 0.3538244438830883,
  "inu_med": 0.6819830536842346,
  "inu_range": 0.4963760882616043,
  "provenance": {
    "md5sum": "c927ed4dd656b5798e340110b373e425",
    "settings": {
      "testing": false
    },
    "software": "mriqc",
    "version": "23.0.1",
    "warnings": {
      "large_rot_frame": true,
      "small_air_mask": false
    },
    "webapi_port": null,
    "webapi_url": "https://mriqc.nimh.nih.gov/api/v1"
  },
  "qi_1": 0.0,
  "qi_2": 0.045634127734041956,
  "rpve_csf": 27.46302728710783,
  "rpve_gm": 14.951734122295084,
  "rpve_wm": 21.21310126944372,
  "size_x": 256,
  "size_y": 256,
  "size_z": 256,
  "snr_csf": 2.571265166528005,
  "snr_gm": 10.294224424113843,
  "snr_total": 10.926784836093987,
  "snr_wm": 19.91486491764011,
  "snrd_csf": 11.385421595190541,
  "snrd_gm": 26.067330324157727,
  "snrd_total": 25.433456115980693,
  "snrd_wm": 38.84761642859382,
  "spacing_x": 0.9375,
  "spacing_y": 0.8999999761581421,
  "spacing_z": 0.9375,
  "summary_bg_k": 13.331904023297387,
  "summary_bg_mad": 0.0,
  "summary_bg_mean": 9.218578645552688,
  "summary_bg_median": 0.0,
  "summary_bg_n": 5798370.0,
  "summary_bg_p05": 0.0,
  "summary_bg_p95": 43.41810693591833,
  "summary_bg_stdv": 16.864818717926646,
  "summary_csf_k": 16.127523040456207,
  "summary_csf_mad": 98.60897358473109,
  "summary_csf_mean": 298.48882924237404,
  "summary_csf_median": 293.08869302645326,
  "summary_csf_n": 51530.0,
  "summary_csf_p05": 126.13651855662465,
  "summary_csf_p95": 470.66644442509846,
  "summary_csf_stdv": 113.98507355962057,
  "summary_gm_k": 0.24153846301560966,
  "summary_gm_mad": 63.053088111881046,
  "summary_gm_mean": 670.0945072988096,
  "summary_gm_median": 671.0370548442006,
  "summary_gm_n": 45038.0,
  "summary_gm_p05": 561.5315160194411,
  "summary_gm_p95": 776.156310711056,
  "summary_gm_stdv": 65.18505692906282,
  "summary_wm_k": 0.594462171916923,
  "summary_wm_mad": 47.521808468520724,
  "summary_wm_mean": 1001.0402061296963,
  "summary_wm_median": 1000.0329835005105,
  "summary_wm_n": 271220.0,
  "summary_wm_p05": 920.5758712626994,
  "summary_wm_p95": 1084.2025086345147,
  "summary_wm_stdv": 50.21531122866605,
  "tpm_overlap_csf": 0.12646354048200772,
  "tpm_overlap_gm": 0.43437659281557284,
  "tpm_overlap_wm": 0.47256559926118724,
  "wm2max": 0.55265888692676
}