{
  "bids_meta": {
    "AcquisitionMatrixPE": 225,
    "AcquisitionNumber": 1,
    "AcquisitionTime": "11:21:26.184990",
    "BaseResolution": 256,
    "ConversionSoftware": "dcm2niix",
    "ConversionSoftwareVersion": "v1.0.20190410  GCC6.3.0",
    "DeviceSerialNumber": "18011",
    "EchoTime": 0.00335,
    "FlipAngle": 8,
    "ImageOrientationPatientDICOM": [
      0.999391,
      0.0348995,
      0,
      0,
      2.22045e-16,
      -1
    ],
    "ImageType": [
      "ORIGINAL",
      "PRIMARY",
      "M",
      "ND"
    ],
    "ImagingFrequency": 168.255,
    "InPlanePhaseEncodingDirectionDICOM": "ROW",
    "InversionTime": 0.7,
    "MRAcquisitionType": "3D",
    "MagneticFieldStrength": 3.95064,
    "Manufacturer": "Siemens",
    "ManufacturersModelName": "MedSpec_4T",
    "Modality": "MR",
    "PartialFourier": 0.875,
    "PatientPosition": "HFS",
    "PercentPhaseFOV": 100,
    "PhaseEncodingSteps": 197,
    "PhaseResolution": 0.878906,
    "PixelBandwidth": 200,
    "ProtocolName": "t1_mpr_cor",
    "PulseSequenceDetails": "%SiemensSeq%_tfl",
    "ReceiveCoilName": "Head_4T",
    "ReconMatrixPE": 256,
    "RepetitionTime": 1.5,
    "SAR": 0.00408478,
    "ScanOptions": "IR",
    "ScanningSequence": "IR_GR",
    "SequenceName": "tfl3d1_ns",
    "SequenceVariant": "SP_MP",
    "SeriesDescription": "t1_mpr_cor",
    "SeriesNumber": 8,
    "ShimSetting": [
      8,
      -14,
      -19,
      2620,
      568,
      -4214,
      3776,
      -89
    ],
    "SliceThickness": 0.9,
    "SoftwareVersions": "syngo_MR_2002B_4VA21A",
    "StationName": "wes4T",
    "TxRefAmp": 205.643,
    "dataset": "ds004169",
    "modality": "T1w",
    "session_id": "01",
    "subject_id": "0628"
  },
  "cjv": 0.36692936917422425,
  "cnr": 3.5891695171208613,
  "efc": 0.42437560506570515,
  "fber": -1.0,
  "fwhm_avg": 4.334585522588771,
  "fwhm_x": 4.451242666666667,
  "fwhm_y": 4.655244567766311,
  "fwhm_z": 3.8972693333333335,
  "icvs_csf": 0.24573881187161414,
  "icvs_gm": 0.4087882386372793,
  "icvs_wm": 0.3454729494911065,
  "inu_med": 0.7156345844268799,
  "inu_range": 0.43874037861824033,
  "provenance": {
    "md5sum": "610e319e016f0794b401831034d7bccf",
    "settings": {
      "testing": false
    },
    "software": "mriqc",
    "version": "23.0.1",
    "warnings": {
      "large_rot_frame": true,
      "small_air_mask": false
    },
    "webapi_port": null,
    "webapi_url": "https://mriqc.nimh.nih.gov/api/v1"
  },
  "qi_1": 0.0,
  "qi_2": 0.03107713509535259,
  "rpve_csf": 26.1936883560998,
  "rpve_gm": 15.681546371759275,
  "rpve_wm": 22.077469485406986,
  "size_x": 256,
  "size_y": 256,
  "size_z": 256,
  "snr_csf": 2.2568933526368156,
  "snr_gm": 9.028927390006713,
  "snr_total": 10.318208551061621,
  "snr_wm": 19.668804910541336,
  "snrd_csf": 8.985210976462055,
  "snrd_gm": 22.841946861011706,
  "snrd_total": 21.97490734945664,
  "snrd_wm": 34.09756421089616,
  "spacing_x": 0.9375,
  "spacing_y": 0.8999999761581421,
  "spacing_z": 0.9375,
  "summary_bg_k": 23.782665013013116,
  "summary_bg_mad": 0.0,
  "summary_bg_mean": 10.468853243584181,
  "summary_bg_median": 0.0,
  "summary_bg_n": 4408082.0,
  "summary_bg_p05": 0.0,
  "summary_bg_p95": 48.31255621090531,
  "summary_bg_stdv": 19.213583267596167,
  "summary_csf_k": 26.46198998407909,
  "summary_csf_mad": 95.06865391384883,
  "summary_csf_mean": 269.1543214697681,
  "summary_csf_median": 263.5147417746484,
  "summary_csf_n": 55869.0,
  "summary_csf_p05": 105.47278634086251,
  "summary_csf_p95": 447.11461712718005,
  "summary_csf_stdv": 116.75889918734026,
  "summary_gm_k": 0.04466446699237814,
  "summary_gm_mad": 73.34125173913327,
  "summary_gm_mean": 668.0029458545916,
  "summary_gm_median": 669.8996544964612,
  "summary_gm_n": 25296.0,
  "summary_gm_p05": 542.8397599682212,
  "summary_gm_p95": 787.6330061564222,
  "summary_gm_stdv": 74.193354782092,
  "summary_wm_k": 0.9201044823342177,
  "summary_wm_mad": 47.78225374522511,
  "summary_wm_mean": 999.5916036217448,
  "summary_wm_median": 999.999983496964,
  "summary_wm_n": 244035.0,
  "summary_wm_p05": 916.205518476665,
  "summary_wm_p95": 1081.0884588994086,
  "summary_wm_stdv": 50.841824867179795,
  "tpm_overlap_csf": 0.13809301065093493,
  "tpm_overlap_gm": 0.4226210509817695,
  "tpm_overlap_wm": 0.46656221217400284,
  "wm2max": 0.5471999467607227
}