{
  "aor": 0.007447114093959732,
  "aqi": 0.011980752550335571,
  "bids_meta": {
    "AcquisitionMatrixPE": 64,
    "AcquisitionNumber": 1,
    "AcquisitionTime": "10:31:31.940000",
    "BaseResolution": 64,
    "ConversionSoftware": "dcm2niix",
    "ConversionSoftwareVersion": "v1.0.20190410  GCC6.3.0",
    "DeviceSerialNumber": "18011",
    "EchoTime": 0.03,
    "FlipAngle": 90,
    "ImageComments": "Fake_MoCo_Reference_Volume_+_DiCo_Applied",
    "ImageOrientationPatientDICOM": [
      1,
      0,
      6.93889e-18,
      0,
      0.997564,
      -0.0697565
    ],
    "ImageType": [
      "ORIGINAL",
      "PRIMARY",
      "M",
      "ND",
      "MOSAIC"
    ],
    "ImagingFrequency": 168.217,
    "InPlanePhaseEncodingDirectionDICOM": "COL",
    "MRAcquisitionType": "2D",
    "MagneticFieldStrength": 3.95064,
    "Manufacturer": "Siemens",
    "ManufacturersModelName": "MedSpec_4T",
    "Modality": "MR",
    "PartialFourier": 1,
    "PatientPosition": "HFS",
    "PercentPhaseFOV": 100,
    "PhaseEncodingDirection": "j-",
    "PhaseEncodingSteps": 64,
    "PhaseResolution": 1,
    "PixelBandwidth": 2790,
    "ProtocolName": "mz_bold_dc_REST",
    "PulseSequenceDetails": "%CustomerSeq%_mz_ep2d_bold_dc",
    "ReceiveCoilName": "Head_4T",
    "ReconMatrixPE": 64,
    "RepetitionTime": 2.1,
    "SAR": 0.0219446,
    "ScanOptions": "FS",
    "ScanningSequence": "SE_EP",
    "SequenceName": "epfid2d1_64",
    "SequenceVariant": "SK",
    "SeriesDescription": "mz_bold_dc_REST_DiCo",
    "SeriesNumber": 10,
    "ShimSetting": [
      11,
      -35,
      -2,
      2831,
      362,
      -4240,
      3435,
      -110
    ],
    "SliceThickness": 3,
    "SoftwareVersions": "syngo_MR_2002B_4VA21A",
    "SpacingBetweenSlices": 3.6,
    "StationName": "wes4T",
    "TaskName": "rest",
    "TxRefAmp": 164.778,
    "dataset": "ds004169",
    "modality": "bold",
    "session_id": "01",
    "subject_id": "0426",
    "task_id": "rest"
  },
  "dummy_trs": 1,
  "dvars_nstd": 28.7372059562838,
  "dvars_std": 1.2163696365540542,
  "dvars_vstd": 1.014056877567568,
  "efc": 0.4345990587980183,
  "fber": 2556.70361328125,
  "fd_mean": 0.19901791933654797,
  "fd_num": 39,
  "fd_perc": 26.174496644295303,
  "fwhm_avg": 1.843945596553387,
  "fwhm_x": 1.7399290434782608,
  "fwhm_y": 2.0668354782608698,
  "fwhm_z": 1.7250722679210309,
  "gcor": 0.0195246,
  "gsr_x": -0.0211845301091671,
  "gsr_y": 0.034409113228321075,
  "provenance": {
    "md5sum": "614407bf5706505349414205e4e4ac43",
    "settings": {
      "fd_thres": 0.2,
      "testing": false
    },
    "software": "mriqc",
    "version": "23.0.1",
    "webapi_port": null,
    "webapi_url": "https://mriqc.nimh.nih.gov/api/v1"
  },
  "size_t": 149,
  "size_x": 64,
  "size_y": 64,
  "size_z": 36,
  "snr": 5.59027836602047,
  "spacing_tr": 2.0999999046325684,
  "spacing_x": 3.59375,
  "spacing_y": 3.59375,
  "spacing_z": 3.5999999046325684,
  "summary_bg_k": 71.55913853882019,
  "summary_bg_mad": 9.034918331343103,
  "summary_bg_mean": 28.83223533630371,
  "summary_bg_median": 15.020133972167969,
  "summary_bg_n": 102085.0,
  "summary_bg_p05": 8.187919616699219,
  "summary_bg_p95": 85.04563903808585,
  "summary_bg_stdv": 40.56282043457031,
  "summary_fg_k": 3.6896032919721673,
  "summary_fg_mad": 121.68278536485764,
  "summary_fg_mean": 779.8742065429688,
  "summary_fg_median": 771.4228515625,
  "summary_fg_n": 16867.0,
  "summary_fg_p05": 583.149658203125,
  "summary_fg_p95": 1005.606689453125,
  "summary_fg_stdv": 137.9895477294922,
  "tsnr": 46.858943772153
}