{
  "aor": 0.004319763779527559,
  "aqi": 0.018699846850393703,
  "bids_meta": {
    "AcquisitionMatrixPE": 64,
    "AcquisitionNumber": 1,
    "AcquisitionTime": "09:40:27.457480",
    "BaseResolution": 64,
    "ConversionSoftware": "dcm2niix",
    "ConversionSoftwareVersion": "v1.0.20190410  GCC6.3.0",
    "DeviceSerialNumber": "18011",
    "EchoTime": 0.03,
    "FlipAngle": 90,
    "ImageComments": "Fake_MoCo_Reference_Volume_+_DiCo_Applied",
    "ImageOrientationPatientDICOM": [
      1,
      0,
      0,
      0,
      1,
      0
    ],
    "ImageType": [
      "ORIGINAL",
      "PRIMARY",
      "M",
      "ND",
      "MOSAIC"
    ],
    "ImagingFrequency": 168.217,
    "InPlanePhaseEncodingDirectionDICOM": "COL",
    "MRAcquisitionType": "2D",
    "MagneticFieldStrength": 3.95064,
    "Manufacturer": "Siemens",
    "ManufacturersModelName": "MedSpec_4T",
    "Modality": "MR",
    "PartialFourier": 1,
    "PatientPosition": "HFS",
    "PercentPhaseFOV": 100,
    "PhaseEncodingDirection": "j-",
    "PhaseEncodingSteps": 64,
    "PhaseResolution": 1,
    "PixelBandwidth": 2790,
    "ProtocolName": "Nback_dc",
    "PulseSequenceDetails": "%CustomerSeq%_mz_ep2d_bold_dc",
    "ReceiveCoilName": "Head_4T",
    "ReconMatrixPE": 64,
    "RepetitionTime": 2.1,
    "SAR": 0.0335937,
    "ScanOptions": "FS",
    "ScanningSequence": "SE_EP",
    "SequenceName": "epfid2d1_64",
    "SequenceVariant": "SK",
    "SeriesDescription": "Nback_dc_DiCo",
    "SeriesNumber": 7,
    "ShimSetting": [
      16,
      -14,
      -43,
      2300,
      290,
      -3599,
      1705,
      191
    ],
    "SliceThickness": 3,
    "SoftwareVersions": "syngo_MR_2002B_4VA21A",
    "SpacingBetweenSlices": 3.6,
    "StationName": "wes4T",
    "TaskName": "nback",
    "TxRefAmp": 188.205,
    "dataset": "ds004169",
    "modality": "bold",
    "session_id": "01",
    "subject_id": "0884",
    "task_id": "nback"
  },
  "dummy_trs": 0,
  "dvars_nstd": 25.229523461984137,
  "dvars_std": 0.9657905825396823,
  "dvars_vstd": 0.9437828783333336,
  "efc": 0.4842779619582373,
  "fber": 1670.35205078125,
  "fd_mean": 0.19599194600370404,
  "fd_num": 32,
  "fd_perc": 25.19685039370079,
  "fwhm_avg": 1.7870352659101354,
  "fwhm_x": 1.7002657391304348,
  "fwhm_y": 1.9958483478260869,
  "fwhm_z": 1.6649917107738843,
  "gcor": 0.00989734,
  "gsr_x": -0.019021449610590935,
  "gsr_y": 0.034542035311460495,
  "provenance": {
    "md5sum": "ac04f31d34cbb268ca32bcc7b5c653bb",
    "settings": {
      "fd_thres": 0.2,
      "testing": false
    },
    "software": "mriqc",
    "version": "23.0.1",
    "webapi_port": null,
    "webapi_url": "https://mriqc.nimh.nih.gov/api/v1"
  },
  "size_t": 127,
  "size_x": 64,
  "size_y": 64,
  "size_z": 36,
  "snr": 5.342575882823485,
  "spacing_tr": 2.0999999046325684,
  "spacing_x": 3.59375,
  "spacing_y": 3.59375,
  "spacing_z": 3.5999999046325684,
  "summary_bg_k": 37.764993641595176,
  "summary_bg_mad": 10.541653330558406,
  "summary_bg_mean": 35.70600509643555,
  "summary_bg_median": 18.08661460876465,
  "summary_bg_n": 96089.0,
  "summary_bg_p05": 9.905511856079102,
  "summary_bg_p95": 111.19370117187493,
  "summary_bg_stdv": 47.12748718261719,
  "summary_fg_k": 3.3399466313848016,
  "summary_fg_mad": 122.06958853764829,
  "summary_fg_mean": 765.4619750976562,
  "summary_fg_median": 754.6102294921875,
  "summary_fg_n": 21038.0,
  "summary_fg_p05": 562.5441131591797,
  "summary_fg_p95": 994.0838531494139,
  "summary_fg_stdv": 141.2412872314453,
  "tsnr": 37.295830546936486
}