{
  "aor": 0.003211338582677166,
  "aqi": 0.013248874881889765,
  "bids_meta": {
    "AcquisitionMatrixPE": 64,
    "AcquisitionNumber": 1,
    "AcquisitionTime": "09:08:28.152500",
    "BaseResolution": 64,
    "ConversionSoftware": "dcm2niix",
    "ConversionSoftwareVersion": "v1.0.20190410  GCC6.3.0",
    "DeviceSerialNumber": "18011",
    "EchoTime": 0.03,
    "FlipAngle": 90,
    "ImageComments": "Fake_MoCo_Reference_Volume_+_DiCo_Applied",
    "ImageOrientationPatientDICOM": [
      1,
      0,
      1.38778e-17,
      0,
      0.976672,
      -0.214735
    ],
    "ImageType": [
      "ORIGINAL",
      "PRIMARY",
      "M",
      "ND",
      "DICO",
      "MOSAIC"
    ],
    "ImagingFrequency": 168.255,
    "InPlanePhaseEncodingDirectionDICOM": "COL",
    "MRAcquisitionType": "2D",
    "MagneticFieldStrength": 3.95064,
    "Manufacturer": "Siemens",
    "ManufacturersModelName": "MedSpec_4T",
    "Modality": "MR",
    "PartialFourier": 1,
    "PatientPosition": "HFS",
    "PercentPhaseFOV": 100,
    "PhaseEncodingDirection": "j-",
    "PhaseEncodingSteps": 64,
    "PhaseResolution": 1,
    "PixelBandwidth": 2790,
    "ProcedureStepDescription": "Research_fMRI",
    "ProtocolName": "Nback_dc_opt",
    "PulseSequenceDetails": "%CustomerSeq%_kt_ep2d_bold_dc",
    "ReceiveCoilName": "Head",
    "ReconMatrixPE": 64,
    "RepetitionTime": 2.1,
    "SAR": 0.0810441,
    "ScanOptions": "FS",
    "ScanningSequence": "SE_EP",
    "SequenceName": "epfid2d1_64",
    "SequenceVariant": "SK",
    "SeriesDescription": "Nback_dc_opt_DiCo",
    "SeriesNumber": 6,
    "ShimSetting": [
      19,
      -4,
      51,
      1801,
      163,
      -4499,
      3989,
      -220
    ],
    "SliceThickness": 3,
    "SoftwareVersions": "syngo_MR_2004A_4VA25A",
    "SpacingBetweenSlices": 3.6,
    "StationName": "WES4T",
    "TaskName": "nback",
    "TxRefAmp": 198.787,
    "dataset": "ds004169",
    "modality": "bold",
    "session_id": "01",
    "subject_id": "0818",
    "task_id": "nback"
  },
  "dummy_trs": 0,
  "dvars_nstd": 28.901576027380955,
  "dvars_std": 1.1108683363492065,
  "dvars_vstd": 0.9701807562698415,
  "efc": 0.45575634941217913,
  "fber": 2443.688720703125,
  "fd_mean": 0.20407974686417804,
  "fd_num": 29,
  "fd_perc": 22.834645669291337,
  "fwhm_avg": 1.768854213440407,
  "fwhm_x": 1.627934608695652,
  "fwhm_y": 1.937719652173913,
  "fwhm_z": 1.7409083794516558,
  "gcor": 0.0514261,
  "gsr_x": -0.025708958506584167,
  "gsr_y": 0.029592318460345268,
  "provenance": {
    "md5sum": "e6bf9181bcd7623f54b3f306bdb94dcd",
    "settings": {
      "fd_thres": 0.2,
      "testing": false
    },
    "software": "mriqc",
    "version": "23.0.1",
    "webapi_port": null,
    "webapi_url": "https://mriqc.nimh.nih.gov/api/v1"
  },
  "size_t": 127,
  "size_x": 64,
  "size_y": 64,
  "size_z": 36,
  "snr": 5.5431007186407735,
  "spacing_tr": 2.0999999046325684,
  "spacing_x": 3.59375,
  "spacing_y": 3.59375,
  "spacing_z": 3.5999999046325684,
  "summary_bg_k": 32.92862914213997,
  "summary_bg_mad": 7.144507749618946,
  "summary_bg_mean": 24.413738250732422,
  "summary_bg_median": 12.818897247314453,
  "summary_bg_n": 98193.0,
  "summary_bg_p05": 7.3700785636901855,
  "summary_bg_p95": 70.38110198974604,
  "summary_bg_stdv": 32.974151611328125,
  "summary_fg_k": 1.7422304384794387,
  "summary_fg_mad": 106.51972997894565,
  "summary_fg_mean": 667.963623046875,
  "summary_fg_median": 659.5078125,
  "summary_fg_n": 19506.0,
  "summary_fg_p05": 493.33465576171875,
  "summary_fg_p95": 868.0196838378906,
  "summary_fg_stdv": 118.97509002685547,
  "tsnr": 44.078730626031756
}