{
  "aor": 0.0038851333333333334,
  "aqi": 0.009265033466666666,
  "bids_meta": {
    "AcquisitionMatrixPE": 64,
    "AcquisitionNumber": 1,
    "AcquisitionTime": "09:17:19.270000",
    "BaseResolution": 64,
    "ConversionSoftware": "dcm2niix",
    "ConversionSoftwareVersion": "v1.0.20190410  GCC6.3.0",
    "DeviceSerialNumber": "18011",
    "EchoTime": 0.03,
    "FlipAngle": 90,
    "ImageComments": "Fake_MoCo_Reference_Volume_+_DiCo_Applied",
    "ImageOrientationPatientDICOM": [
      1,
      0,
      1.38778e-17,
      0,
      0.976672,
      -0.214735
    ],
    "ImageType": [
      "ORIGINAL",
      "PRIMARY",
      "M",
      "ND",
      "DICO",
      "MOSAIC"
    ],
    "ImagingFrequency": 168.255,
    "InPlanePhaseEncodingDirectionDICOM": "COL",
    "MRAcquisitionType": "2D",
    "MagneticFieldStrength": 3.95064,
    "Manufacturer": "Siemens",
    "ManufacturersModelName": "MedSpec_4T",
    "Modality": "MR",
    "PartialFourier": 1,
    "PatientPosition": "HFS",
    "PercentPhaseFOV": 100,
    "PhaseEncodingDirection": "j-",
    "PhaseEncodingSteps": 64,
    "PhaseResolution": 1,
    "PixelBandwidth": 2790,
    "ProcedureStepDescription": "Research_fMRI",
    "ProtocolName": "mz_bold_dc_REST",
    "PulseSequenceDetails": "%CustomerSeq%_mz_ep2d_bold_dc",
    "ReceiveCoilName": "Head",
    "ReconMatrixPE": 64,
    "RepetitionTime": 2.1,
    "SAR": 0.0810441,
    "ScanOptions": "FS",
    "ScanningSequence": "SE_EP",
    "SequenceName": "epfid2d1_64",
    "SequenceVariant": "SK",
    "SeriesDescription": "mz_bold_dc_REST_DiCo",
    "SeriesNumber": 9,
    "ShimSetting": [
      19,
      -4,
      51,
      1801,
      163,
      -4499,
      3989,
      -220
    ],
    "SliceThickness": 3,
    "SoftwareVersions": "syngo_MR_2004A_4VA25A",
    "SpacingBetweenSlices": 3.6,
    "StationName": "WES4T",
    "TaskName": "rest",
    "TxRefAmp": 198.787,
    "dataset": "ds004169",
    "modality": "bold",
    "session_id": "01",
    "subject_id": "0818",
    "task_id": "rest"
  },
  "dummy_trs": 0,
  "dvars_nstd": 26.401074377785243,
  "dvars_std": 1.127996836241611,
  "dvars_vstd": 1.0078198227516784,
  "efc": 0.45422502602773235,
  "fber": 2286.227783203125,
  "fd_mean": 0.23481997040558017,
  "fd_num": 41,
  "fd_perc": 27.333333333333332,
  "fwhm_avg": 1.7440353386465395,
  "fwhm_x": 1.6133119999999999,
  "fwhm_y": 1.922927304347826,
  "fwhm_z": 1.6958667115917925,
  "gcor": 0.0622602,
  "gsr_x": -0.025714261457324028,
  "gsr_y": 0.032119520008563995,
  "provenance": {
    "md5sum": "fe46b9909778ef9fd443b178f5772eb2",
    "settings": {
      "fd_thres": 0.2,
      "testing": false
    },
    "software": "mriqc",
    "version": "23.0.1",
    "webapi_port": null,
    "webapi_url": "https://mriqc.nimh.nih.gov/api/v1"
  },
  "size_t": 150,
  "size_x": 64,
  "size_y": 64,
  "size_z": 36,
  "snr": 5.5215391283015824,
  "spacing_tr": 2.0999999046325684,
  "spacing_x": 3.59375,
  "spacing_y": 3.59375,
  "spacing_z": 3.5999999046325684,
  "summary_bg_k": 29.712192924914405,
  "summary_bg_mad": 8.8758453003058,
  "summary_bg_mean": 24.990550994873047,
  "summary_bg_median": 13.473333358764648,
  "summary_bg_n": 98493.0,
  "summary_bg_p05": 5.400000095367432,
  "summary_bg_p95": 75.78933563232398,
  "summary_bg_stdv": 33.48794174194336,
  "summary_fg_k": 1.8502031994258479,
  "summary_fg_mad": 106.3173924203166,
  "summary_fg_mean": 669.67333984375,
  "summary_fg_median": 661.5366821289062,
  "summary_fg_n": 19248.0,
  "summary_fg_p05": 491.0690093994141,
  "summary_fg_p95": 870.9483581542968,
  "summary_fg_stdv": 119.80708312988281,
  "tsnr": 48.778607828659005
}