{
  "aor": 0.007165196850393703,
  "aqi": 0.00874546118110236,
  "bids_meta": {
    "AcquisitionMatrixPE": 64,
    "AcquisitionNumber": 1,
    "AcquisitionTime": "09:53:3.164990",
    "BaseResolution": 64,
    "ConversionSoftware": "dcm2niix",
    "ConversionSoftwareVersion": "v1.0.20190410  GCC6.3.0",
    "DeviceSerialNumber": "18011",
    "EchoTime": 0.03,
    "FlipAngle": 90,
    "ImageComments": "Fake_MoCo_Reference_Volume_+_DiCo_Applied",
    "ImageOrientationPatientDICOM": [
      1,
      0,
      -6.93889e-18,
      0,
      0.996493,
      -0.0836778
    ],
    "ImageType": [
      "ORIGINAL",
      "PRIMARY",
      "M",
      "ND",
      "DICO",
      "MOSAIC"
    ],
    "ImagingFrequency": 168.255,
    "InPlanePhaseEncodingDirectionDICOM": "COL",
    "MRAcquisitionType": "2D",
    "MagneticFieldStrength": 3.95064,
    "Manufacturer": "Siemens",
    "ManufacturersModelName": "MedSpec_4T",
    "Modality": "MR",
    "PartialFourier": 1,
    "PatientPosition": "HFS",
    "PercentPhaseFOV": 100,
    "PhaseEncodingDirection": "j-",
    "PhaseEncodingSteps": 64,
    "PhaseResolution": 1,
    "PixelBandwidth": 2790,
    "ProcedureStepDescription": "Research_fMRI",
    "ProtocolName": "Nback_dc_opt",
    "PulseSequenceDetails": "%CustomerSeq%_kt_ep2d_bold_dc",
    "ReceiveCoilName": "Head",
    "ReconMatrixPE": 64,
    "RepetitionTime": 2.1,
    "SAR": 0.0977718,
    "ScanOptions": "FS",
    "ScanningSequence": "SE_EP",
    "SequenceName": "epfid2d1_64",
    "SequenceVariant": "SK",
    "SeriesDescription": "Nback_dc_opt_DiCo",
    "SeriesNumber": 6,
    "ShimSetting": [
      21,
      -15,
      14,
      2078,
      1187,
      -3166,
      3174,
      -105
    ],
    "SliceThickness": 3,
    "SoftwareVersions": "syngo_MR_2004A_4VA25A",
    "SpacingBetweenSlices": 3.6,
    "StationName": "WES4T",
    "TaskName": "nback",
    "TxRefAmp": 176.8,
    "dataset": "ds004169",
    "modality": "bold",
    "session_id": "01",
    "subject_id": "0466",
    "task_id": "nback"
  },
  "dummy_trs": 0,
  "dvars_nstd": 26.41867262230158,
  "dvars_std": 1.1217789653968253,
  "dvars_vstd": 1.018119533888889,
  "efc": 0.4630402454813419,
  "fber": 2794.235595703125,
  "fd_mean": 0.27121750378141857,
  "fd_num": 56,
  "fd_perc": 44.09448818897638,
  "fwhm_avg": 1.79905912898853,
  "fwhm_x": 1.670745043478261,
  "fwhm_y": 2.0666045217391305,
  "fwhm_z": 1.659827821748199,
  "gcor": 0.0394564,
  "gsr_x": -0.023240404203534126,
  "gsr_y": 0.030797306448221207,
  "provenance": {
    "md5sum": "a7d6e7c7506b337438310f871c054be9",
    "settings": {
      "fd_thres": 0.2,
      "testing": false
    },
    "software": "mriqc",
    "version": "23.0.1",
    "webapi_port": null,
    "webapi_url": "https://mriqc.nimh.nih.gov/api/v1"
  },
  "size_t": 127,
  "size_x": 64,
  "size_y": 64,
  "size_z": 36,
  "snr": 5.518506902441686,
  "spacing_tr": 2.0999999046325684,
  "spacing_x": 3.59375,
  "spacing_y": 3.59375,
  "spacing_z": 3.5999999046325684,
  "summary_bg_k": 38.534590738391785,
  "summary_bg_mad": 7.033604840424177,
  "summary_bg_mean": 21.699647903442383,
  "summary_bg_median": 11.688976287841797,
  "summary_bg_n": 95576.0,
  "summary_bg_p05": 5.242125868797302,
  "summary_bg_p95": 65.17322731018066,
  "summary_bg_stdv": 29.770109176635742,
  "summary_fg_k": 2.534157271261824,
  "summary_fg_mad": 104.58761442301166,
  "summary_fg_mean": 637.5991821289062,
  "summary_fg_median": 633.8740234375,
  "summary_fg_n": 21443.0,
  "summary_fg_p05": 464.96220703125,
  "summary_fg_p95": 819.3519470214843,
  "summary_fg_stdv": 114.86064147949219,
  "tsnr": 49.31272032135166
}