{
  "aor": 0.003626771653543307,
  "aqi": 0.028081462992125984,
  "bids_meta": {
    "AcquisitionMatrixPE": 64,
    "AcquisitionNumber": 1,
    "AcquisitionTime": "08:23:57.845000",
    "BaseResolution": 64,
    "ConversionSoftware": "dcm2niix",
    "ConversionSoftwareVersion": "v1.0.20190410  GCC6.3.0",
    "DeviceSerialNumber": "18011",
    "EchoTime": 0.03,
    "FlipAngle": 90,
    "ImageComments": "Fake_MoCo_Reference_Volume_+_DiCo_Applied",
    "ImageOrientationPatientDICOM": [
      1,
      0,
      0,
      0,
      1,
      0
    ],
    "ImageType": [
      "ORIGINAL",
      "PRIMARY",
      "M",
      "ND",
      "MOSAIC"
    ],
    "ImagingFrequency": 168.217,
    "InPlanePhaseEncodingDirectionDICOM": "COL",
    "MRAcquisitionType": "2D",
    "MagneticFieldStrength": 3.95064,
    "Manufacturer": "Siemens",
    "ManufacturersModelName": "MedSpec_4T",
    "Modality": "MR",
    "PartialFourier": 1,
    "PatientPosition": "HFS",
    "PercentPhaseFOV": 100,
    "PhaseEncodingDirection": "j-",
    "PhaseEncodingSteps": 64,
    "PhaseResolution": 1,
    "PixelBandwidth": 2790,
    "ProtocolName": "Nback_dc",
    "PulseSequenceDetails": "%CustomerSeq%_mz_ep2d_bold_dc",
    "ReceiveCoilName": "Head_4T",
    "ReconMatrixPE": 64,
    "RepetitionTime": 2.1,
    "SAR": 0.0327532,
    "ScanOptions": "FS",
    "ScanningSequence": "SE_EP",
    "SequenceName": "epfid2d1_64",
    "SequenceVariant": "SK",
    "SeriesDescription": "Nback_dc_DiCo",
    "SeriesNumber": 7,
    "ShimSetting": [
      -5,
      -33,
      -5,
      2288,
      180,
      -3328,
      1839,
      -200
    ],
    "SliceThickness": 3,
    "SoftwareVersions": "syngo_MR_2002B_4VA21A",
    "SpacingBetweenSlices": 3.6,
    "StationName": "wes4T",
    "TaskName": "nback",
    "TxRefAmp": 208.575,
    "dataset": "ds004169",
    "modality": "bold",
    "session_id": "01",
    "subject_id": "1030",
    "task_id": "nback"
  },
  "dummy_trs": 0,
  "dvars_nstd": 32.143357004523814,
  "dvars_std": 0.9315975633333331,
  "dvars_vstd": 0.9055404248412701,
  "efc": 0.4975203166470073,
  "fber": 1598.18408203125,
  "fd_mean": 0.3327173662520605,
  "fd_num": 74,
  "fd_perc": 58.267716535433074,
  "fwhm_avg": 1.8214745656549391,
  "fwhm_x": 1.6910386086956521,
  "fwhm_y": 2.082585043478261,
  "fwhm_z": 1.6908000447909048,
  "gcor": 0.0960238,
  "gsr_x": -0.012140871956944466,
  "gsr_y": 0.04097763076424599,
  "provenance": {
    "md5sum": "0db4f6dfed11f709ea2104955f63cce0",
    "settings": {
      "fd_thres": 0.2,
      "testing": false
    },
    "software": "mriqc",
    "version": "23.0.1",
    "webapi_port": null,
    "webapi_url": "https://mriqc.nimh.nih.gov/api/v1"
  },
  "size_t": 127,
  "size_x": 64,
  "size_y": 64,
  "size_z": 36,
  "snr": 4.938806855013649,
  "spacing_tr": 2.0999999046325684,
  "spacing_x": 3.59375,
  "spacing_y": 3.59375,
  "spacing_z": 3.5999999046325684,
  "summary_bg_k": 41.04274172762612,
  "summary_bg_mad": 9.82953622999078,
  "summary_bg_mean": 28.97433090209961,
  "summary_bg_median": 15.43307113647461,
  "summary_bg_n": 92482.0,
  "summary_bg_p05": 7.842519760131836,
  "summary_bg_p95": 82.71496238708487,
  "summary_bg_stdv": 38.52766799926758,
  "summary_fg_k": 3.961554962975603,
  "summary_fg_mad": 106.09360852832657,
  "summary_fg_mean": 635.8468017578125,
  "summary_fg_median": 624.8582763671875,
  "summary_fg_n": 23900.0,
  "summary_fg_p05": 460.29016876220703,
  "summary_fg_p95": 838.3322631835936,
  "summary_fg_stdv": 126.51744079589844,
  "tsnr": 27.00614940840751
}