{
  "bids_meta": {
    "AcquisitionMatrixPE": 225,
    "AcquisitionNumber": 1,
    "AcquisitionTime": "09:46:38.427510",
    "BaseResolution": 256,
    "ConversionSoftware": "dcm2niix",
    "ConversionSoftwareVersion": "v1.0.20190410  GCC6.3.0",
    "DeviceSerialNumber": "18011",
    "EchoTime": 0.00335,
    "FlipAngle": 8,
    "ImageOrientationPatientDICOM": [
      1,
      0,
      0,
      0,
      0,
      -1
    ],
    "ImageType": [
      "ORIGINAL",
      "PRIMARY",
      "M",
      "ND"
    ],
    "ImagingFrequency": 168.217,
    "InPlanePhaseEncodingDirectionDICOM": "ROW",
    "InversionTime": 0.7,
    "MRAcquisitionType": "3D",
    "MagneticFieldStrength": 3.95064,
    "Manufacturer": "Siemens",
    "ManufacturersModelName": "MedSpec_4T",
    "Modality": "MR",
    "PartialFourier": 0.875,
    "PatientPosition": "HFS",
    "PercentPhaseFOV": 100,
    "PhaseEncodingSteps": 197,
    "PhaseResolution": 0.878906,
    "PixelBandwidth": 200,
    "ProtocolName": "t1_mpr_cor",
    "PulseSequenceDetails": "%SiemensSeq%_tfl",
    "ReceiveCoilName": "Head_4T",
    "ReconMatrixPE": 256,
    "RepetitionTime": 1.5,
    "SAR": 0.00478208,
    "ScanOptions": "IR",
    "ScanningSequence": "IR_GR",
    "SequenceName": "tfl3d1_ns",
    "SequenceVariant": "SP_MP",
    "SeriesDescription": "t1_mpr_cor",
    "SeriesNumber": 8,
    "ShimSetting": [
      25,
      6,
      -17,
      1711,
      1105,
      -3415,
      2738,
      -108
    ],
    "SliceThickness": 0.9,
    "SoftwareVersions": "syngo_MR_2002B_4VA21A",
    "StationName": "wes4T",
    "TxRefAmp": 196.456,
    "dataset": "ds004169",
    "modality": "T1w",
    "session_id": "01",
    "subject_id": "0097"
  },
  "cjv": 0.34841000322244076,
  "cnr": 3.733005049383661,
  "efc": 0.47059164374260953,
  "fber": -1.0,
  "fwhm_avg": 4.256885819007415,
  "fwhm_x": 4.289045333333333,
  "fwhm_y": 4.669100123688913,
  "fwhm_z": 3.812512,
  "icvs_csf": 0.2002222652488757,
  "icvs_gm": 0.44690050539722415,
  "icvs_wm": 0.35287722935390015,
  "inu_med": 0.7041648328304291,
  "inu_range": 0.5009064570069313,
  "provenance": {
    "md5sum": "c6579a8fff8883b3813057d422ba2820",
    "settings": {
      "testing": false
    },
    "software": "mriqc",
    "version": "22.0.6",
    "warnings": {
      "large_rot_frame": true,
      "small_air_mask": false
    },
    "webapi_port": null,
    "webapi_url": "https://mriqc.nimh.nih.gov/api/v1"
  },
  "qi_1": 0.0,
  "qi_2": 0.041254697465238896,
  "rpve_csf": 26.74159469302392,
  "rpve_gm": 13.046304285303423,
  "rpve_wm": 18.9688866839923,
  "size_x": 256,
  "size_y": 256,
  "size_z": 256,
  "snr_csf": 2.0625207051907406,
  "snr_gm": 10.192526353895989,
  "snr_total": 10.233031646918052,
  "snr_wm": 18.444047881667426,
  "snrd_csf": 8.09487515274067,
  "snrd_gm": 19.128089859021365,
  "snrd_total": 18.58445211287711,
  "snrd_wm": 28.530391326869296,
  "spacing_x": 0.9375,
  "spacing_y": 0.8999999761581421,
  "spacing_z": 0.9375,
  "summary_bg_k": 7.259569577874968,
  "summary_bg_mad": 0.0,
  "summary_bg_mean": 16.047265916453956,
  "summary_bg_median": 0.0,
  "summary_bg_n": 5147828.0,
  "summary_bg_p05": 0.0,
  "summary_bg_p95": 61.78713959082961,
  "summary_bg_stdv": 22.96275667426687,
  "summary_csf_k": 29.602466687819003,
  "summary_csf_mad": 73.69484985933478,
  "summary_csf_mean": 299.5682137092442,
  "summary_csf_median": 283.72816476225853,
  "summary_csf_n": 47363.0,
  "summary_csf_p05": 137.7809344343841,
  "summary_csf_p95": 481.3693978969008,
  "summary_csf_stdv": 137.56233757130397,
  "summary_gm_k": 0.15623629549600215,
  "summary_gm_mad": 64.23909519306576,
  "summary_gm_mean": 670.247401312787,
  "summary_gm_median": 670.4461438506842,
  "summary_gm_n": 49274.0,
  "summary_gm_p05": 560.471109483391,
  "summary_gm_p95": 777.9915364645422,
  "summary_gm_stdv": 65.77754300486536,
  "summary_wm_k": 0.5516049666585512,
  "summary_wm_mad": 50.58078289734384,
  "summary_wm_mean": 1001.1354892594551,
  "summary_wm_median": 1000.0000516846776,
  "summary_wm_n": 274968.0,
  "summary_wm_p05": 913.8827495351434,
  "summary_wm_p95": 1092.0564781203866,
  "summary_wm_stdv": 54.217937391253,
  "tpm_overlap_csf": 0.1380263336817432,
  "tpm_overlap_gm": 0.43144138346818794,
  "tpm_overlap_wm": 0.4616415543441641,
  "wm2max": 0.5503188233494947
}