{
  "aor": 0.03321976377952757,
  "aqi": 0.027349076929133864,
  "bids_meta": {
    "AcquisitionMatrixPE": 64,
    "AcquisitionNumber": 1,
    "AcquisitionTime": "08:40:0.297510",
    "BaseResolution": 64,
    "ConversionSoftware": "dcm2niix",
    "ConversionSoftwareVersion": "v1.0.20190410  GCC6.3.0",
    "DeviceSerialNumber": "18011",
    "EchoTime": 0.03,
    "FlipAngle": 90,
    "ImageComments": "Fake_MoCo_Reference_Volume_+_DiCo_Applied",
    "ImageOrientationPatientDICOM": [
      1,
      0,
      0,
      0,
      0.872922,
      -0.48786
    ],
    "ImageType": [
      "ORIGINAL",
      "PRIMARY",
      "M",
      "ND",
      "DICO",
      "MOSAIC"
    ],
    "ImagingFrequency": 168.255,
    "InPlanePhaseEncodingDirectionDICOM": "COL",
    "MRAcquisitionType": "2D",
    "MagneticFieldStrength": 3.95064,
    "Manufacturer": "Siemens",
    "ManufacturersModelName": "MedSpec_4T",
    "Modality": "MR",
    "PartialFourier": 1,
    "PatientPosition": "HFS",
    "PercentPhaseFOV": 100,
    "PhaseEncodingDirection": "j-",
    "PhaseEncodingSteps": 64,
    "PhaseResolution": 1,
    "PixelBandwidth": 2790,
    "ProcedureStepDescription": "Research_fMRI",
    "ProtocolName": "Nback_dc_opt",
    "PulseSequenceDetails": "%CustomerSeq%_kt_ep2d_bold_dc",
    "ReceiveCoilName": "Head",
    "ReconMatrixPE": 64,
    "RepetitionTime": 2.1,
    "SAR": 0.103572,
    "ScanOptions": "FS",
    "ScanningSequence": "SE_EP",
    "SequenceName": "epfid2d1_64",
    "SequenceVariant": "SK",
    "SeriesDescription": "Nback_dc_opt_DiCo",
    "SeriesNumber": 6,
    "ShimSetting": [
      26,
      25,
      55,
      1789,
      948,
      -1841,
      2798,
      -160
    ],
    "SliceThickness": 3,
    "SoftwareVersions": "syngo_MR_2004A_4VA25A",
    "SpacingBetweenSlices": 3.6,
    "StationName": "WES4T",
    "TaskName": "nback",
    "TxRefAmp": 184.711,
    "dataset": "ds004169",
    "modality": "bold",
    "session_id": "02",
    "subject_id": "1269",
    "task_id": "nback"
  },
  "dummy_trs": 0,
  "dvars_nstd": 37.791016018492066,
  "dvars_std": 1.2100254269841277,
  "dvars_vstd": 1.1196932049206347,
  "efc": 0.49070423145792824,
  "fber": 2325.497314453125,
  "fd_mean": 0.4558403143912798,
  "fd_num": 25,
  "fd_perc": 19.68503937007874,
  "fwhm_avg": 1.819025177200313,
  "fwhm_x": 1.6836257391304348,
  "fwhm_y": 1.9997857391304348,
  "fwhm_z": 1.773664053340069,
  "gcor": 0.0505089,
  "gsr_x": -0.022280946373939514,
  "gsr_y": 0.04200435057282448,
  "provenance": {
    "md5sum": "426b767e712474ba9ab5885b4f521977",
    "settings": {
      "fd_thres": 0.2,
      "testing": false
    },
    "software": "mriqc",
    "version": "23.0.1",
    "webapi_port": null,
    "webapi_url": "https://mriqc.nimh.nih.gov/api/v1"
  },
  "size_t": 127,
  "size_x": 64,
  "size_y": 64,
  "size_z": 36,
  "snr": 6.33387869543893,
  "spacing_tr": 2.0999999046325684,
  "spacing_x": 3.59375,
  "spacing_y": 3.59375,
  "spacing_z": 3.5999996662139893,
  "summary_bg_k": 35.24458461921007,
  "summary_bg_mad": 7.7282098390771115,
  "summary_bg_mean": 25.348480224609375,
  "summary_bg_median": 13.031496047973633,
  "summary_bg_n": 92720.0,
  "summary_bg_p05": 7.267716407775879,
  "summary_bg_p95": 73.03306884765634,
  "summary_bg_stdv": 31.108753204345703,
  "summary_fg_k": 2.8362517279951707,
  "summary_fg_mad": 93.81259648086582,
  "summary_fg_mean": 656.8933715820312,
  "summary_fg_median": 654.716552734375,
  "summary_fg_n": 23733.0,
  "summary_fg_p05": 499.8236328125,
  "summary_fg_p95": 815.0755859374998,
  "summary_fg_stdv": 103.36521911621094,
  "tsnr": 29.226761176250875
}