{
  "aor": 0.0031339333333333325,
  "aqi": 0.008237946599999999,
  "bids_meta": {
    "AcquisitionMatrixPE": 64,
    "AcquisitionNumber": 1,
    "AcquisitionTime": "09:30:23.554980",
    "BaseResolution": 64,
    "ConversionSoftware": "dcm2niix",
    "ConversionSoftwareVersion": "v1.0.20190410  GCC6.3.0",
    "DeviceSerialNumber": "18011",
    "EchoTime": 0.03,
    "FlipAngle": 90,
    "ImageComments": "Fake_MoCo_Reference_Volume_+_DiCo_Applied",
    "ImageOrientationPatientDICOM": [
      1,
      0,
      0,
      0,
      1,
      0
    ],
    "ImageType": [
      "ORIGINAL",
      "PRIMARY",
      "M",
      "ND",
      "MOSAIC"
    ],
    "ImagingFrequency": 168.217,
    "InPlanePhaseEncodingDirectionDICOM": "COL",
    "MRAcquisitionType": "2D",
    "MagneticFieldStrength": 3.95064,
    "Manufacturer": "Siemens",
    "ManufacturersModelName": "MedSpec_4T",
    "Modality": "MR",
    "PartialFourier": 1,
    "PatientPosition": "HFS",
    "PercentPhaseFOV": 100,
    "PhaseEncodingDirection": "j-",
    "PhaseEncodingSteps": 64,
    "PhaseResolution": 1,
    "PixelBandwidth": 2790,
    "ProtocolName": "mz_bold_dc_REST",
    "PulseSequenceDetails": "%CustomerSeq%_mz_ep2d_bold_dc",
    "ReceiveCoilName": "Head_4T",
    "ReconMatrixPE": 64,
    "RepetitionTime": 2.1,
    "SAR": 0.0205269,
    "ScanOptions": "FS",
    "ScanningSequence": "SE_EP",
    "SequenceName": "epfid2d1_64",
    "SequenceVariant": "SK",
    "SeriesDescription": "mz_bold_dc_REST_DiCo",
    "SeriesNumber": 10,
    "ShimSetting": [
      5,
      -7,
      -19,
      1423,
      263,
      -3084,
      2772,
      314
    ],
    "SliceThickness": 3,
    "SoftwareVersions": "syngo_MR_2002B_4VA21A",
    "SpacingBetweenSlices": 3.6,
    "StationName": "wes4T",
    "TaskName": "rest",
    "TxRefAmp": 170.199,
    "dataset": "ds004169",
    "modality": "bold",
    "session_id": "01",
    "subject_id": "0650",
    "task_id": "rest"
  },
  "dummy_trs": 0,
  "dvars_nstd": 21.628533996979865,
  "dvars_std": 1.0608312710738255,
  "dvars_vstd": 0.9491448351006714,
  "efc": 0.44694075600902516,
  "fber": 2929.224609375,
  "fd_mean": 0.16312925226249012,
  "fd_num": 6,
  "fd_perc": 4.0,
  "fwhm_avg": 1.6917062002407788,
  "fwhm_x": 1.5907366956521738,
  "fwhm_y": 1.9464125217391304,
  "fwhm_z": 1.537969383331032,
  "gcor": 0.0208617,
  "gsr_x": -0.02183564007282257,
  "gsr_y": 0.04659513011574745,
  "provenance": {
    "md5sum": "55140053b10847d2bedbfbc27e2d880e",
    "settings": {
      "fd_thres": 0.2,
      "testing": false
    },
    "software": "mriqc",
    "version": "23.0.1",
    "webapi_port": null,
    "webapi_url": "https://mriqc.nimh.nih.gov/api/v1"
  },
  "size_t": 150,
  "size_x": 64,
  "size_y": 64,
  "size_z": 36,
  "snr": 4.994480040439184,
  "spacing_tr": 2.0999999046325684,
  "spacing_x": 3.59375,
  "spacing_y": 3.59375,
  "spacing_z": 3.6000001430511475,
  "summary_bg_k": 71.9262100993011,
  "summary_bg_mad": 9.82471122916046,
  "summary_bg_mean": 28.988481521606445,
  "summary_bg_median": 14.860000610351562,
  "summary_bg_n": 98545.0,
  "summary_bg_p05": 5.960000038146973,
  "summary_bg_p95": 86.06000518798828,
  "summary_bg_stdv": 42.88214874267578,
  "summary_fg_k": 2.135719234990426,
  "summary_fg_mad": 142.25072396659064,
  "summary_fg_mean": 790.9721069335938,
  "summary_fg_median": 775.8400268554688,
  "summary_fg_n": 19325.0,
  "summary_fg_p05": 570.8400390625,
  "summary_fg_p95": 1047.8093261718748,
  "summary_fg_stdv": 155.33547973632812,
  "tsnr": 51.355237525422126
}