{
  "aor": 0.0033568503937007874,
  "aqi": 0.015018352283464568,
  "bids_meta": {
    "AcquisitionMatrixPE": 64,
    "AcquisitionNumber": 1,
    "AcquisitionTime": "06:38:20.627510",
    "BaseResolution": 64,
    "ConversionSoftware": "dcm2niix",
    "ConversionSoftwareVersion": "v1.0.20190410  GCC6.3.0",
    "DeviceSerialNumber": "18011",
    "EchoTime": 0.03,
    "FlipAngle": 90,
    "ImageComments": "Fake_MoCo_Reference_Volume_+_DiCo_Applied",
    "ImageOrientationPatientDICOM": [
      1,
      0,
      -1.38778e-17,
      0,
      0.970296,
      -0.241922
    ],
    "ImageType": [
      "ORIGINAL",
      "PRIMARY",
      "M",
      "ND",
      "MOSAIC"
    ],
    "ImagingFrequency": 168.255,
    "InPlanePhaseEncodingDirectionDICOM": "COL",
    "MRAcquisitionType": "2D",
    "MagneticFieldStrength": 3.95064,
    "Manufacturer": "Siemens",
    "ManufacturersModelName": "MedSpec_4T",
    "Modality": "MR",
    "PartialFourier": 1,
    "PatientPosition": "HFS",
    "PercentPhaseFOV": 100,
    "PhaseEncodingDirection": "j-",
    "PhaseEncodingSteps": 64,
    "PhaseResolution": 1,
    "PixelBandwidth": 2790,
    "ProtocolName": "Nback_dc_opt",
    "PulseSequenceDetails": "%CustomerSeq%_kt_ep2d_bold_dc",
    "ReceiveCoilName": "Head_4T",
    "ReconMatrixPE": 64,
    "RepetitionTime": 2.1,
    "SAR": 0.0312161,
    "ScanOptions": "FS",
    "ScanningSequence": "SE_EP",
    "SequenceName": "epfid2d1_64",
    "SequenceVariant": "SK",
    "SeriesDescription": "Nback_dc_opt_DiCo",
    "SeriesNumber": 7,
    "ShimSetting": [
      8,
      15,
      10,
      1712,
      296,
      -2368,
      2308,
      128
    ],
    "SliceThickness": 3,
    "SoftwareVersions": "syngo_MR_2002B_4VA21A",
    "SpacingBetweenSlices": 3.6,
    "StationName": "wes4T",
    "TaskName": "nback",
    "TxRefAmp": 207.126,
    "dataset": "ds004169",
    "modality": "bold",
    "session_id": "01",
    "subject_id": "0288",
    "task_id": "nback"
  },
  "dummy_trs": 0,
  "dvars_nstd": 28.3060485902381,
  "dvars_std": 1.067208209603175,
  "dvars_vstd": 0.9460774025396822,
  "efc": 0.513306489822454,
  "fber": 1233.8289794921875,
  "fd_mean": 0.1878190812502827,
  "fd_num": 35,
  "fd_perc": 27.559055118110237,
  "fwhm_avg": 1.7627174364140885,
  "fwhm_x": 1.6299325217391305,
  "fwhm_y": 2.0145725217391304,
  "fwhm_z": 1.643647265764005,
  "gcor": 0.0145895,
  "gsr_x": -0.02546130307018757,
  "gsr_y": 0.04476470127701759,
  "provenance": {
    "md5sum": "7bb9d94754a0a416cca7bece3dcf9e17",
    "settings": {
      "fd_thres": 0.2,
      "testing": false
    },
    "software": "mriqc",
    "version": "23.0.1",
    "webapi_port": null,
    "webapi_url": "https://mriqc.nimh.nih.gov/api/v1"
  },
  "size_t": 127,
  "size_x": 64,
  "size_y": 64,
  "size_z": 36,
  "snr": 5.185639015103207,
  "spacing_tr": 2.0999999046325684,
  "spacing_x": 3.59375,
  "spacing_y": 3.59375,
  "spacing_z": 3.5999999046325684,
  "summary_bg_k": 36.81257675409048,
  "summary_bg_mad": 14.732629963856287,
  "summary_bg_mean": 38.782413482666016,
  "summary_bg_median": 20.307086944580078,
  "summary_bg_n": 91180.0,
  "summary_bg_p05": 8.866141319274902,
  "summary_bg_p95": 118.07913665771487,
  "summary_bg_stdv": 50.00906753540039,
  "summary_fg_k": 3.889338722002056,
  "summary_fg_mad": 128.99806633067752,
  "summary_fg_mean": 759.42822265625,
  "summary_fg_median": 750.5432739257812,
  "summary_fg_n": 24005.0,
  "summary_fg_p05": 547.779541015625,
  "summary_fg_p95": 983.7385986328125,
  "summary_fg_stdv": 144.73194885253906,
  "tsnr": 39.09222723450512
}