{
  "bids_meta": {
    "AcquisitionMatrixPE": 225,
    "AcquisitionNumber": 1,
    "AcquisitionTime": "09:57:30.309990",
    "BaseResolution": 256,
    "ConversionSoftware": "dcm2niix",
    "ConversionSoftwareVersion": "v1.0.20190410  GCC6.3.0",
    "DeviceSerialNumber": "18011",
    "EchoTime": 0.00335,
    "FlipAngle": 8,
    "ImageOrientationPatientDICOM": [
      0.999391,
      0.0348995,
      0,
      0,
      2.22045e-16,
      -1
    ],
    "ImageType": [
      "ORIGINAL",
      "PRIMARY",
      "M",
      "ND"
    ],
    "ImagingFrequency": 168.255,
    "InPlanePhaseEncodingDirectionDICOM": "ROW",
    "InversionTime": 0.7,
    "MRAcquisitionType": "3D",
    "MagneticFieldStrength": 3.95064,
    "Manufacturer": "Siemens",
    "ManufacturersModelName": "MedSpec_4T",
    "Modality": "MR",
    "PartialFourier": 0.875,
    "PatientPosition": "HFS",
    "PercentPhaseFOV": 100,
    "PhaseEncodingSteps": 197,
    "PhaseResolution": 0.878906,
    "PixelBandwidth": 200,
    "ProtocolName": "t1_mpr_cor",
    "PulseSequenceDetails": "%SiemensSeq%_tfl",
    "ReceiveCoilName": "Head_4T",
    "ReconMatrixPE": 256,
    "RepetitionTime": 1.5,
    "SAR": 0.00360854,
    "ScanOptions": "IR",
    "ScanningSequence": "IR_GR",
    "SequenceName": "tfl3d1_ns",
    "SequenceVariant": "SP_MP",
    "SeriesDescription": "t1_mpr_cor",
    "SeriesNumber": 8,
    "ShimSetting": [
      11,
      -20,
      28,
      1480,
      545,
      -4809,
      3381,
      -54
    ],
    "SliceThickness": 0.9,
    "SoftwareVersions": "syngo_MR_2002B_4VA21A",
    "StationName": "wes4T",
    "TxRefAmp": 197.866,
    "dataset": "ds004169",
    "modality": "T1w",
    "session_id": "01",
    "subject_id": "0401"
  },
  "cjv": 0.3623705816583994,
  "cnr": 3.6059776774032306,
  "efc": 0.45538009637362,
  "fber": -1.0,
  "fwhm_avg": 4.320028782010311,
  "fwhm_x": 4.526069333333334,
  "fwhm_y": 4.673622346030934,
  "fwhm_z": 3.760394666666667,
  "icvs_csf": 0.2198817096739331,
  "icvs_gm": 0.4428077452407183,
  "icvs_wm": 0.3373105450853486,
  "inu_med": 0.766129732131958,
  "inu_range": 0.5050947546958923,
  "provenance": {
    "md5sum": "f2134921f255cd3b57b0647007754487",
    "settings": {
      "testing": false
    },
    "software": "mriqc",
    "version": "23.0.1",
    "warnings": {
      "large_rot_frame": true,
      "small_air_mask": false
    },
    "webapi_port": null,
    "webapi_url": "https://mriqc.nimh.nih.gov/api/v1"
  },
  "qi_1": 0.0,
  "qi_2": 0.03127334038825158,
  "rpve_csf": 28.05061186575302,
  "rpve_gm": 14.878862588335814,
  "rpve_wm": 22.368480465696823,
  "size_x": 256,
  "size_y": 256,
  "size_z": 256,
  "snr_csf": 2.2448133300707074,
  "snr_gm": 9.43921408846011,
  "snr_total": 9.869759097603385,
  "snr_wm": 17.925249874279334,
  "snrd_csf": 7.230922351404187,
  "snrd_gm": 18.534509528989798,
  "snrd_total": 17.878392048834815,
  "snrd_wm": 27.869744266110462,
  "spacing_x": 0.9375,
  "spacing_y": 0.8999999761581421,
  "spacing_z": 0.9375,
  "summary_bg_k": 23.262470316342682,
  "summary_bg_mad": 0.0,
  "summary_bg_mean": 12.598971059893522,
  "summary_bg_median": 0.0,
  "summary_bg_n": 4377042.0,
  "summary_bg_p05": 0.0,
  "summary_bg_p95": 58.0294895619154,
  "summary_bg_stdv": 23.507944739426442,
  "summary_csf_k": 31.72769600260787,
  "summary_csf_mad": 94.32812917904282,
  "summary_csf_mean": 267.0314286913102,
  "summary_csf_median": 259.4637132845819,
  "summary_csf_n": 38754.0,
  "summary_csf_p05": 108.1230245936662,
  "summary_csf_p95": 444.7710943486541,
  "summary_csf_stdv": 115.5821565267919,
  "summary_gm_k": 0.09985811790680321,
  "summary_gm_mad": 68.90385682896931,
  "summary_gm_mean": 664.0511685543484,
  "summary_gm_median": 665.0649021789432,
  "summary_gm_n": 35603.0,
  "summary_gm_p05": 545.3781629301608,
  "summary_gm_p95": 779.1064211726189,
  "summary_gm_stdv": 70.45666682296269,
  "summary_wm_k": 0.8407729202072409,
  "summary_wm_mad": 52.480048808173144,
  "summary_wm_mean": 1000.7875985404776,
  "summary_wm_median": 1000.0366459712386,
  "summary_wm_n": 233615.0,
  "summary_wm_p05": 910.9382704049349,
  "summary_wm_p95": 1092.2162333726883,
  "summary_wm_stdv": 55.789152878249304,
  "tpm_overlap_csf": 0.14846131311218005,
  "tpm_overlap_gm": 0.44492351321836116,
  "tpm_overlap_wm": 0.4706854594313597,
  "wm2max": 0.4826847491236146
}