{
  "aor": 0.0032112598425196853,
  "aqi": 0.03835505748031496,
  "bids_meta": {
    "AcquisitionMatrixPE": 64,
    "AcquisitionNumber": 1,
    "AcquisitionTime": "08:35:53.859990",
    "BaseResolution": 64,
    "ConversionSoftware": "dcm2niix",
    "ConversionSoftwareVersion": "v1.0.20190410  GCC6.3.0",
    "DeviceSerialNumber": "18011",
    "EchoTime": 0.03,
    "FlipAngle": 90,
    "ImageComments": "Fake_MoCo_Reference_Volume_+_DiCo_Applied",
    "ImageOrientationPatientDICOM": [
      1,
      0,
      0,
      0,
      1,
      0
    ],
    "ImageType": [
      "ORIGINAL",
      "PRIMARY",
      "M",
      "ND",
      "MOSAIC"
    ],
    "ImagingFrequency": 168.256,
    "InPlanePhaseEncodingDirectionDICOM": "COL",
    "MRAcquisitionType": "2D",
    "MagneticFieldStrength": 3.95064,
    "Manufacturer": "Siemens",
    "ManufacturersModelName": "MedSpec_4T",
    "Modality": "MR",
    "PartialFourier": 1,
    "PatientPosition": "HFS",
    "PercentPhaseFOV": 100,
    "PhaseEncodingDirection": "j-",
    "PhaseEncodingSteps": 64,
    "PhaseResolution": 1,
    "PixelBandwidth": 2790,
    "ProtocolName": "Nback_dc_opt",
    "PulseSequenceDetails": "%CustomerSeq%_kt_ep2d_bold_dc",
    "ReceiveCoilName": "Head_4T",
    "ReconMatrixPE": 64,
    "RepetitionTime": 2.1,
    "SAR": 0.0404291,
    "ScanOptions": "FS",
    "ScanningSequence": "SE_EP",
    "SequenceName": "epfid2d1_64",
    "SequenceVariant": "SK",
    "SeriesDescription": "Nback_dc_opt_DiCo",
    "SeriesNumber": 7,
    "ShimSetting": [
      -2,
      -26,
      28,
      2025,
      140,
      -3842,
      2404,
      581
    ],
    "SliceThickness": 3,
    "SoftwareVersions": "syngo_MR_2002B_4VA21A",
    "SpacingBetweenSlices": 3.6,
    "StationName": "wes4T",
    "TaskName": "nback",
    "TxRefAmp": 201.068,
    "dataset": "ds004169",
    "modality": "bold",
    "session_id": "01",
    "subject_id": "0028",
    "task_id": "nback"
  },
  "dummy_trs": 0,
  "dvars_nstd": 47.16093833849206,
  "dvars_std": 1.0592330369047622,
  "dvars_vstd": 0.937265159761905,
  "efc": 0.4909613484804066,
  "fber": 1576.865966796875,
  "fd_mean": 0.6993898983139438,
  "fd_num": 121,
  "fd_perc": 95.2755905511811,
  "fwhm_avg": 1.9487179152434095,
  "fwhm_x": 1.8729210434782608,
  "fwhm_y": 2.2652104347826083,
  "fwhm_z": 1.7080222674693604,
  "gcor": 0.00475526,
  "gsr_x": -0.014321397058665752,
  "gsr_y": 0.04006143659353256,
  "provenance": {
    "md5sum": "1a48adbfe489a001fc50289b54353d18",
    "settings": {
      "fd_thres": 0.2,
      "testing": false
    },
    "software": "mriqc",
    "version": "22.0.6",
    "webapi_port": null,
    "webapi_url": "https://mriqc.nimh.nih.gov/api/v1"
  },
  "size_t": 127,
  "size_x": 64,
  "size_y": 64,
  "size_z": 36,
  "snr": 4.744113075488739,
  "spacing_tr": 2.0999999046325684,
  "spacing_x": 3.59375,
  "spacing_y": 3.59375,
  "spacing_z": 3.5999999046325684,
  "summary_bg_k": 39.307724112104616,
  "summary_bg_mad": 11.113679978446946,
  "summary_bg_mean": 31.53009605407715,
  "summary_bg_median": 16.43307113647461,
  "summary_bg_n": 93744.0,
  "summary_bg_p05": 7.590551376342773,
  "summary_bg_p95": 91.73228454589844,
  "summary_bg_stdv": 43.941036224365234,
  "summary_fg_k": 5.956721741974839,
  "summary_fg_mad": 113.18560330187579,
  "summary_fg_mean": 668.1322021484375,
  "summary_fg_median": 653.4566650390625,
  "summary_fg_n": 22614.0,
  "summary_fg_p05": 484.8862274169922,
  "summary_fg_p95": 879.3204528808593,
  "summary_fg_stdv": 137.73748779296875,
  "tsnr": 22.829407750978135
}