{
  "aor": 0.006203779527559056,
  "aqi": 0.0134452905511811,
  "bids_meta": {
    "AcquisitionMatrixPE": 64,
    "AcquisitionNumber": 1,
    "AcquisitionTime": "09:28:56.450010",
    "BaseResolution": 64,
    "ConversionSoftware": "dcm2niix",
    "ConversionSoftwareVersion": "v1.0.20190410  GCC6.3.0",
    "DeviceSerialNumber": "18011",
    "EchoTime": 0.03,
    "FlipAngle": 90,
    "ImageComments": "Fake_MoCo_Reference_Volume_+_DiCo_Applied",
    "ImageOrientationPatientDICOM": [
      1,
      0,
      0,
      0,
      1,
      0
    ],
    "ImageType": [
      "ORIGINAL",
      "PRIMARY",
      "M",
      "ND",
      "MOSAIC"
    ],
    "ImagingFrequency": 168.255,
    "InPlanePhaseEncodingDirectionDICOM": "COL",
    "MRAcquisitionType": "2D",
    "MagneticFieldStrength": 3.95064,
    "Manufacturer": "Siemens",
    "ManufacturersModelName": "MedSpec_4T",
    "Modality": "MR",
    "PartialFourier": 1,
    "PatientPosition": "HFS",
    "PercentPhaseFOV": 100,
    "PhaseEncodingDirection": "j-",
    "PhaseEncodingSteps": 64,
    "PhaseResolution": 1,
    "PixelBandwidth": 2790,
    "ProtocolName": "Nback_dc_opt",
    "PulseSequenceDetails": "%CustomerSeq%_kt_ep2d_bold_dc",
    "ReceiveCoilName": "Head_4T",
    "ReconMatrixPE": 64,
    "RepetitionTime": 2.1,
    "SAR": 0.047363,
    "ScanOptions": "FS",
    "ScanningSequence": "SE_EP",
    "SequenceName": "epfid2d1_64",
    "SequenceVariant": "SK",
    "SeriesDescription": "Nback_dc_opt_DiCo",
    "SeriesNumber": 7,
    "ShimSetting": [
      17,
      11,
      21,
      1870,
      442,
      -3124,
      2033,
      -467
    ],
    "SliceThickness": 3,
    "SoftwareVersions": "syngo_MR_2002B_4VA21A",
    "SpacingBetweenSlices": 3.6,
    "StationName": "wes4T",
    "TaskName": "nback",
    "TxRefAmp": 234.718,
    "dataset": "ds004169",
    "modality": "bold",
    "session_id": "01",
    "subject_id": "0147",
    "task_id": "nback"
  },
  "dummy_trs": 0,
  "dvars_nstd": 33.96758548825396,
  "dvars_std": 1.2352453273809523,
  "dvars_vstd": 1.0161992630952374,
  "efc": 0.4983348321761425,
  "fber": 1944.936767578125,
  "fd_mean": 0.12118938670992509,
  "fd_num": 19,
  "fd_perc": 14.960629921259843,
  "fwhm_avg": 1.6944156243520998,
  "fwhm_x": 1.5645189565217392,
  "fwhm_y": 1.9280556521739132,
  "fwhm_z": 1.5906722643606468,
  "gcor": 0.222322,
  "gsr_x": -0.01828160136938095,
  "gsr_y": 0.049152374267578125,
  "provenance": {
    "md5sum": "9bee3848529d2793bcf8f598286c9256",
    "settings": {
      "fd_thres": 0.2,
      "testing": false
    },
    "software": "mriqc",
    "version": "22.0.6",
    "webapi_port": null,
    "webapi_url": "https://mriqc.nimh.nih.gov/api/v1"
  },
  "size_t": 127,
  "size_x": 64,
  "size_y": 64,
  "size_z": 36,
  "snr": 4.913843057033809,
  "spacing_tr": 2.0999999046325684,
  "spacing_x": 3.59375,
  "spacing_y": 3.59375,
  "spacing_z": 3.5999999046325684,
  "summary_bg_k": 41.241007523628134,
  "summary_bg_mad": 8.82556914513381,
  "summary_bg_mean": 32.04638671875,
  "summary_bg_median": 16.00787353515625,
  "summary_bg_n": 92081.0,
  "summary_bg_p05": 9.39370059967041,
  "summary_bg_p95": 94.17322540283203,
  "summary_bg_stdv": 41.88284683227539,
  "summary_fg_k": 3.4891801193451375,
  "summary_fg_mad": 121.67844180367061,
  "summary_fg_mean": 731.66064453125,
  "summary_fg_median": 715.9763793945312,
  "summary_fg_n": 24621.0,
  "summary_fg_p05": 535.4330444335938,
  "summary_fg_p95": 973.0708618164062,
  "summary_fg_stdv": 145.70303344726562,
  "tsnr": 35.407508397474885
}