{
  "aor": 0.005862125984251968,
  "aqi": 0.01751300385826772,
  "bids_meta": {
    "AcquisitionMatrixPE": 64,
    "AcquisitionNumber": 1,
    "AcquisitionTime": "10:37:59.625000",
    "BaseResolution": 64,
    "ConversionSoftware": "dcm2niix",
    "ConversionSoftwareVersion": "v1.0.20190410  GCC6.3.0",
    "DeviceSerialNumber": "18011",
    "EchoTime": 0.03,
    "FlipAngle": 90,
    "ImageComments": "Fake_MoCo_Reference_Volume_+_DiCo_Applied",
    "ImageOrientationPatientDICOM": [
      1,
      0,
      0,
      0,
      1,
      0
    ],
    "ImageType": [
      "ORIGINAL",
      "PRIMARY",
      "M",
      "ND",
      "MOSAIC"
    ],
    "ImagingFrequency": 168.216,
    "InPlanePhaseEncodingDirectionDICOM": "COL",
    "MRAcquisitionType": "2D",
    "MagneticFieldStrength": 3.95064,
    "Manufacturer": "Siemens",
    "ManufacturersModelName": "MedSpec_4T",
    "Modality": "MR",
    "PartialFourier": 1,
    "PatientPosition": "HFS",
    "PercentPhaseFOV": 100,
    "PhaseEncodingDirection": "j-",
    "PhaseEncodingSteps": 64,
    "PhaseResolution": 1,
    "PixelBandwidth": 2790,
    "ProtocolName": "Nback_dc",
    "PulseSequenceDetails": "%CustomerSeq%_mz_ep2d_bold_dc",
    "ReceiveCoilName": "Head_4T",
    "ReconMatrixPE": 64,
    "RepetitionTime": 2.1,
    "SAR": 0.0332493,
    "ScanOptions": "FS",
    "ScanningSequence": "SE_EP",
    "SequenceName": "epfid2d1_64",
    "SequenceVariant": "SK",
    "SeriesDescription": "Nback_dc_DiCo",
    "SeriesNumber": 7,
    "ShimSetting": [
      14,
      -13,
      169,
      550,
      1496,
      -3589,
      2469,
      -152
    ],
    "SliceThickness": 3,
    "SoftwareVersions": "syngo_MR_2002B_4VA21A",
    "SpacingBetweenSlices": 3.6,
    "StationName": "wes4T",
    "TaskName": "nback",
    "TxRefAmp": 200.282,
    "dataset": "ds004169",
    "modality": "bold",
    "session_id": "01",
    "subject_id": "0920",
    "task_id": "nback"
  },
  "dummy_trs": 0,
  "dvars_nstd": 30.78251797841269,
  "dvars_std": 1.0483132906349202,
  "dvars_vstd": 0.966850496904762,
  "efc": 0.4850721239478827,
  "fber": 1380.808349609375,
  "fd_mean": 0.2936196362415564,
  "fd_num": 45,
  "fd_perc": 35.43307086614173,
  "fwhm_avg": 1.781287215794495,
  "fwhm_x": 1.6389537391304347,
  "fwhm_y": 2.062130086956522,
  "fwhm_z": 1.642777821296528,
  "gcor": 0.0145574,
  "gsr_x": -0.01996115781366825,
  "gsr_y": 0.03410014137625694,
  "provenance": {
    "md5sum": "57bf951e940cb3d34808bf71748a066e",
    "settings": {
      "fd_thres": 0.2,
      "testing": false
    },
    "software": "mriqc",
    "version": "23.0.1",
    "webapi_port": null,
    "webapi_url": "https://mriqc.nimh.nih.gov/api/v1"
  },
  "size_t": 127,
  "size_x": 64,
  "size_y": 64,
  "size_z": 36,
  "snr": 5.515280960668971,
  "spacing_tr": 2.0999999046325684,
  "spacing_x": 3.59375,
  "spacing_y": 3.59375,
  "spacing_z": 3.5999999046325684,
  "summary_bg_k": 35.33308951124584,
  "summary_bg_mad": 12.479540506533223,
  "summary_bg_mean": 35.628700256347656,
  "summary_bg_median": 19.480314254760742,
  "summary_bg_n": 96557.0,
  "summary_bg_p05": 9.448819160461426,
  "summary_bg_p95": 107.1826736450195,
  "summary_bg_stdv": 45.041255950927734,
  "summary_fg_k": 2.6298338861258292,
  "summary_fg_mad": 115.25191680031733,
  "summary_fg_mean": 739.9971313476562,
  "summary_fg_median": 735.409423828125,
  "summary_fg_n": 20772.0,
  "summary_fg_p05": 544.0885772705078,
  "summary_fg_p95": 955.6405731201172,
  "summary_fg_stdv": 133.33712768554688,
  "tsnr": 37.4023202941753
}