{
  "bids_meta": {
    "AcquisitionMatrixPE": 225,
    "AcquisitionNumber": 1,
    "AcquisitionTime": "10:17:13.122490",
    "BaseResolution": 256,
    "ConversionSoftware": "dcm2niix",
    "ConversionSoftwareVersion": "v1.0.20190410  GCC6.3.0",
    "DeviceSerialNumber": "18011",
    "EchoTime": 0.00335,
    "FlipAngle": 8,
    "ImageOrientationPatientDICOM": [
      0,
      1,
      0,
      0,
      0,
      -1
    ],
    "ImageType": [
      "ORIGINAL",
      "PRIMARY",
      "M",
      "ND"
    ],
    "ImagingFrequency": 168.255,
    "InPlanePhaseEncodingDirectionDICOM": "ROW",
    "InversionTime": 0.7,
    "MRAcquisitionType": "3D",
    "MagneticFieldStrength": 3.95064,
    "Manufacturer": "Siemens",
    "ManufacturersModelName": "MedSpec_4T",
    "Modality": "MR",
    "PartialFourier": 0.875,
    "PatientPosition": "HFS",
    "PercentPhaseFOV": 100,
    "PhaseEncodingSteps": 197,
    "PhaseResolution": 0.878906,
    "PixelBandwidth": 200,
    "ProcedureStepDescription": "Research_fMRI",
    "ProtocolName": "t1_mpr_sag",
    "PulseSequenceDetails": "%SiemensSeq%_tfl",
    "ReceiveCoilName": "Head",
    "ReconMatrixPE": 256,
    "RepetitionTime": 1.5,
    "SAR": 0.0534178,
    "ScanOptions": "IR",
    "ScanningSequence": "IR_GR",
    "SequenceName": "tfl3d1_ns",
    "SequenceVariant": "SP_MP",
    "SeriesDescription": "t1_mpr_sag",
    "SeriesNumber": 8,
    "ShimSetting": [
      -3,
      4,
      22,
      1806,
      488,
      -3729,
      2401,
      31
    ],
    "SliceThickness": 0.9,
    "SoftwareVersions": "syngo_MR_2004A_4VA25A",
    "StationName": "WES4T",
    "TxRefAmp": 206.688,
    "dataset": "ds004169",
    "modality": "T1w",
    "session_id": "01",
    "subject_id": "0606"
  },
  "cjv": 0.3451132212591895,
  "cnr": 3.8349279562173035,
  "efc": 0.48508493206875314,
  "fber": 4161.514801999231,
  "fwhm_avg": 5.096500048457547,
  "fwhm_x": 5.487633478705975,
  "fwhm_y": 5.349653333333333,
  "fwhm_z": 4.452213333333333,
  "icvs_csf": 0.22478199097130291,
  "icvs_gm": 0.4212726601660737,
  "icvs_wm": 0.3539453488626234,
  "inu_med": 0.6479204893112183,
  "inu_range": 0.41734580993652337,
  "provenance": {
    "md5sum": "bd0e8257b1ec7957a8bacd177e62df0a",
    "settings": {
      "testing": false
    },
    "software": "mriqc",
    "version": "23.0.1",
    "warnings": {
      "large_rot_frame": true,
      "small_air_mask": false
    },
    "webapi_port": null,
    "webapi_url": "https://mriqc.nimh.nih.gov/api/v1"
  },
  "qi_1": 0.0,
  "qi_2": 0.004347735423321401,
  "rpve_csf": 22.707431777637442,
  "rpve_gm": 12.307261189999682,
  "rpve_wm": 17.371708115598093,
  "size_x": 240,
  "size_y": 256,
  "size_z": 256,
  "snr_csf": 2.0971152166937586,
  "snr_gm": 9.601928748020068,
  "snr_total": 10.63373617336732,
  "snr_wm": 20.20216455538813,
  "snrd_csf": 21.82752849559746,
  "snrd_gm": 55.61798428023193,
  "snrd_total": 53.69410726814164,
  "snrd_wm": 83.63680902859555,
  "spacing_x": 0.8999999761581421,
  "spacing_y": 0.9375,
  "spacing_z": 0.9375,
  "summary_bg_k": 43.725793637936285,
  "summary_bg_mad": 7.833342296371699,
  "summary_bg_mean": 13.83572804528214,
  "summary_bg_median": 5.283509088680148,
  "summary_bg_n": 3842693.0,
  "summary_bg_p05": 0.0,
  "summary_bg_p95": 51.94958657026291,
  "summary_bg_stdv": 19.61207882381148,
  "summary_csf_k": 19.586168796818235,
  "summary_csf_mad": 111.32973632385253,
  "summary_csf_mean": 263.3388728383174,
  "summary_csf_median": 260.98763889446855,
  "summary_csf_n": 57703.0,
  "summary_csf_p05": 78.25201645251364,
  "summary_csf_p95": 442.0437548160553,
  "summary_csf_stdv": 124.44970850117973,
  "summary_gm_k": 0.03376964411394434,
  "summary_gm_mad": 69.3622767583751,
  "summary_gm_mean": 663.4504369016059,
  "summary_gm_median": 665.0137417204678,
  "summary_gm_n": 50683.0,
  "summary_gm_p05": 547.06456675753,
  "summary_gm_p95": 773.9602894652635,
  "summary_gm_stdv": 69.25766672706543,
  "summary_wm_k": 0.5956352666454463,
  "summary_wm_mad": 46.25610506851891,
  "summary_wm_mean": 1000.1900198706003,
  "summary_wm_median": 1000.029541477561,
  "summary_wm_n": 308451.0,
  "summary_wm_p05": 919.5962327253073,
  "summary_wm_p95": 1082.2338588628918,
  "summary_wm_stdv": 49.5010283518669,
  "tpm_overlap_csf": 0.11845986115811305,
  "tpm_overlap_gm": 0.4417679992388752,
  "tpm_overlap_wm": 0.4895554182887672,
  "wm2max": 0.5830622816528129
}