{
  "bids_meta": {
    "AcquisitionMatrixPE": 225,
    "AcquisitionNumber": 1,
    "AcquisitionTime": "09:42:49.935000",
    "BaseResolution": 256,
    "ConversionSoftware": "dcm2niix",
    "ConversionSoftwareVersion": "v1.0.20190410  GCC6.3.0",
    "DeviceSerialNumber": "18011",
    "EchoTime": 0.00335,
    "FlipAngle": 8,
    "ImageOrientationPatientDICOM": [
      0.999848,
      0.0174524,
      0,
      0,
      1.11022e-16,
      -1
    ],
    "ImageType": [
      "ORIGINAL",
      "PRIMARY",
      "M",
      "ND"
    ],
    "ImagingFrequency": 168.256,
    "InPlanePhaseEncodingDirectionDICOM": "ROW",
    "InversionTime": 0.7,
    "MRAcquisitionType": "3D",
    "MagneticFieldStrength": 3.95064,
    "Manufacturer": "Siemens",
    "ManufacturersModelName": "MedSpec_4T",
    "Modality": "MR",
    "PartialFourier": 0.875,
    "PatientPosition": "HFS",
    "PercentPhaseFOV": 100,
    "PhaseEncodingSteps": 197,
    "PhaseResolution": 0.878906,
    "PixelBandwidth": 200,
    "ProtocolName": "t1_mpr_cor",
    "PulseSequenceDetails": "%SiemensSeq%_tfl",
    "ReceiveCoilName": "Head_4T",
    "ReconMatrixPE": 256,
    "RepetitionTime": 1.5,
    "SAR": 0.00305888,
    "ScanOptions": "IR",
    "ScanningSequence": "IR_GR",
    "SequenceName": "tfl3d1_ns",
    "SequenceVariant": "SP_MP",
    "SeriesDescription": "t1_mpr_cor",
    "SeriesNumber": 8,
    "ShimSetting": [
      14,
      -11,
      5,
      2102,
      544,
      -4074,
      2753,
      -12
    ],
    "SliceThickness": 0.9,
    "SoftwareVersions": "syngo_MR_2002B_4VA21A",
    "StationName": "wes4T",
    "TxRefAmp": 224.84,
    "dataset": "ds004169",
    "modality": "T1w",
    "session_id": "01",
    "subject_id": "1029"
  },
  "cjv": 0.34583584303109766,
  "cnr": 3.786835796076829,
  "efc": 0.46901551052298435,
  "fber": -1.0,
  "fwhm_avg": 4.455364635826516,
  "fwhm_x": 4.525685333333333,
  "fwhm_y": 4.896077907479548,
  "fwhm_z": 3.9443306666666667,
  "icvs_csf": 0.220537298857249,
  "icvs_gm": 0.42918258736426335,
  "icvs_wm": 0.35028011377848767,
  "inu_med": 0.7240628302097321,
  "inu_range": 0.5017754644155501,
  "provenance": {
    "md5sum": "4aabb3775f8f5339d7b8c79ee2b359f8",
    "settings": {
      "testing": false
    },
    "software": "mriqc",
    "version": "23.0.1",
    "warnings": {
      "large_rot_frame": true,
      "small_air_mask": false
    },
    "webapi_port": null,
    "webapi_url": "https://mriqc.nimh.nih.gov/api/v1"
  },
  "qi_1": 0.0,
  "qi_2": 0.031822378259049364,
  "rpve_csf": 23.814662960488576,
  "rpve_gm": 13.032743229001753,
  "rpve_wm": 18.860147714162917,
  "size_x": 256,
  "size_y": 256,
  "size_z": 256,
  "snr_csf": 2.1983436397808465,
  "snr_gm": 9.491114562007233,
  "snr_total": 9.91944732784551,
  "snr_wm": 18.06888378174845,
  "snrd_csf": 7.4996638231509225,
  "snrd_gm": 18.638443320410655,
  "snrd_total": 18.210401036215814,
  "snrd_wm": 28.493095965085857,
  "spacing_x": 0.9375,
  "spacing_y": 0.8999999761581421,
  "spacing_z": 0.9375,
  "summary_bg_k": 14.493137396456692,
  "summary_bg_mad": 0.0,
  "summary_bg_mean": 14.386487597511506,
  "summary_bg_median": 0.0,
  "summary_bg_n": 4279868.0,
  "summary_bg_p05": 0.0,
  "summary_bg_p95": 58.41322607547045,
  "summary_bg_stdv": 22.992812782131242,
  "summary_csf_k": 25.694749367742148,
  "summary_csf_mad": 95.24504796881465,
  "summary_csf_mean": 272.28832041277235,
  "summary_csf_median": 263.20986929535866,
  "summary_csf_n": 40614.0,
  "summary_csf_p05": 104.48928578216582,
  "summary_csf_p95": 453.25032514296464,
  "summary_csf_stdv": 119.72952004818117,
  "summary_gm_k": 0.1720955909562467,
  "summary_gm_mad": 67.66789972201855,
  "summary_gm_mean": 653.7983201316057,
  "summary_gm_median": 654.1389515474439,
  "summary_gm_n": 46557.0,
  "summary_gm_p05": 539.5738620199263,
  "summary_gm_p95": 765.614573828876,
  "summary_gm_stdv": 68.9204541885412,
  "summary_wm_k": 0.6781819810421035,
  "summary_wm_mad": 51.94325868403377,
  "summary_wm_mean": 1000.1559859356373,
  "summary_wm_median": 1000.0000322200358,
  "summary_wm_n": 310506.0,
  "summary_wm_p05": 909.8958792388439,
  "summary_wm_p95": 1090.4545371569693,
  "summary_wm_stdv": 55.343674463939685,
  "tpm_overlap_csf": 0.14614665088929188,
  "tpm_overlap_gm": 0.4463344208718052,
  "tpm_overlap_wm": 0.48840161526800385,
  "wm2max": 0.5356168714452543
}