{
  "aor": 0.007563937007874015,
  "aqi": 0.012861325354330704,
  "bids_meta": {
    "AcquisitionMatrixPE": 64,
    "AcquisitionNumber": 1,
    "AcquisitionTime": "10:04:5.124990",
    "BaseResolution": 64,
    "ConversionSoftware": "dcm2niix",
    "ConversionSoftwareVersion": "v1.0.20190410  GCC6.3.0",
    "DeviceSerialNumber": "18011",
    "EchoTime": 0.03,
    "FlipAngle": 90,
    "ImageComments": "Fake_MoCo_Reference_Volume_+_DiCo_Applied",
    "ImageOrientationPatientDICOM": [
      1,
      2.22045e-16,
      0,
      -2.22045e-16,
      0.985703,
      -0.168489
    ],
    "ImageType": [
      "ORIGINAL",
      "PRIMARY",
      "M",
      "ND",
      "DICO",
      "MOSAIC"
    ],
    "ImagingFrequency": 168.255,
    "InPlanePhaseEncodingDirectionDICOM": "COL",
    "MRAcquisitionType": "2D",
    "MagneticFieldStrength": 3.95064,
    "Manufacturer": "Siemens",
    "ManufacturersModelName": "MedSpec_4T",
    "Modality": "MR",
    "PartialFourier": 1,
    "PatientPosition": "HFS",
    "PercentPhaseFOV": 100,
    "PhaseEncodingDirection": "j-",
    "PhaseEncodingSteps": 64,
    "PhaseResolution": 1,
    "PixelBandwidth": 2790,
    "ProcedureStepDescription": "Research_fMRI",
    "ProtocolName": "Nback_dc_opt",
    "PulseSequenceDetails": "%CustomerSeq%_kt_ep2d_bold_dc",
    "ReceiveCoilName": "Head",
    "ReconMatrixPE": 64,
    "RepetitionTime": 2.1,
    "SAR": 0.0878692,
    "ScanOptions": "FS",
    "ScanningSequence": "SE_EP",
    "SequenceName": "epfid2d1_64",
    "SequenceVariant": "SK",
    "SeriesDescription": "Nback_dc_opt_DiCo",
    "SeriesNumber": 7,
    "ShimSetting": [
      -11,
      22,
      38,
      1965,
      -196,
      -3432,
      2457,
      4
    ],
    "SliceThickness": 3,
    "SoftwareVersions": "syngo_MR_2004A_4VA25A",
    "SpacingBetweenSlices": 3.6,
    "StationName": "WES4T",
    "TaskName": "nback",
    "TxRefAmp": 172.405,
    "dataset": "ds004169",
    "modality": "bold",
    "session_id": "02",
    "subject_id": "0916",
    "task_id": "nback"
  },
  "dummy_trs": 0,
  "dvars_nstd": 35.617732078888885,
  "dvars_std": 1.171185419444444,
  "dvars_vstd": 1.0002006885714287,
  "efc": 0.4553486909873854,
  "fber": 2465.188232421875,
  "fd_mean": 0.40242974883533345,
  "fd_num": 86,
  "fd_perc": 67.71653543307086,
  "fwhm_avg": 1.8399678412565599,
  "fwhm_x": 1.6813634782608695,
  "fwhm_y": 2.1206400000000003,
  "fwhm_z": 1.7179000455088098,
  "gcor": 0.0225295,
  "gsr_x": -0.027298782020807266,
  "gsr_y": 0.03504345566034317,
  "provenance": {
    "md5sum": "c2a542ea24af76a9889907d21ddb6fde",
    "settings": {
      "fd_thres": 0.2,
      "testing": false
    },
    "software": "mriqc",
    "version": "23.0.1",
    "webapi_port": null,
    "webapi_url": "https://mriqc.nimh.nih.gov/api/v1"
  },
  "size_t": 127,
  "size_x": 64,
  "size_y": 64,
  "size_z": 36,
  "snr": 4.28137391715207,
  "spacing_tr": 2.0999999046325684,
  "spacing_x": 3.59375,
  "spacing_y": 3.59375,
  "spacing_z": 3.5999999046325684,
  "summary_bg_k": 39.53925165066743,
  "summary_bg_mad": 6.992745390169379,
  "summary_bg_mean": 23.19462776184082,
  "summary_bg_median": 11.39370059967041,
  "summary_bg_n": 97873.0,
  "summary_bg_p05": 5.69291353225708,
  "summary_bg_p95": 68.337010192871,
  "summary_bg_stdv": 35.35242462158203,
  "summary_fg_k": 4.378289656638118,
  "summary_fg_mad": 111.8255257051876,
  "summary_fg_mean": 596.7518310546875,
  "summary_fg_median": 578.1023559570312,
  "summary_fg_n": 19747.0,
  "summary_fg_p05": 422.8338684082031,
  "summary_fg_p95": 808.1488098144533,
  "summary_fg_stdv": 135.0238800048828,
  "tsnr": 38.986567853949964
}