{
  "bids_meta": {
    "AcquisitionMatrixPE": 225,
    "AcquisitionNumber": 1,
    "AcquisitionTime": "09:26:41.949990",
    "BaseResolution": 256,
    "ConversionSoftware": "dcm2niix",
    "ConversionSoftwareVersion": "v1.0.20190410  GCC6.3.0",
    "DeviceSerialNumber": "18011",
    "EchoTime": 0.00335,
    "FlipAngle": 8,
    "ImageOrientationPatientDICOM": [
      1,
      0,
      0,
      0,
      0,
      -1
    ],
    "ImageType": [
      "ORIGINAL",
      "PRIMARY",
      "M",
      "ND"
    ],
    "ImagingFrequency": 168.255,
    "InPlanePhaseEncodingDirectionDICOM": "ROW",
    "InversionTime": 0.7,
    "MRAcquisitionType": "3D",
    "MagneticFieldStrength": 3.95064,
    "Manufacturer": "Siemens",
    "ManufacturersModelName": "MedSpec_4T",
    "Modality": "MR",
    "PartialFourier": 0.875,
    "PatientPosition": "HFS",
    "PercentPhaseFOV": 100,
    "PhaseEncodingSteps": 197,
    "PhaseResolution": 0.878906,
    "PixelBandwidth": 200,
    "ProtocolName": "t1_mpr_cor",
    "PulseSequenceDetails": "%SiemensSeq%_tfl",
    "ReceiveCoilName": "Head_4T",
    "ReconMatrixPE": 256,
    "RepetitionTime": 1.5,
    "SAR": 0.00284281,
    "ScanOptions": "IR",
    "ScanningSequence": "IR_GR",
    "SequenceName": "tfl3d1_ns",
    "SequenceVariant": "SP_MP",
    "SeriesDescription": "t1_mpr_cor",
    "SeriesNumber": 8,
    "ShimSetting": [
      25,
      2,
      3,
      1421,
      658,
      -4009,
      2054,
      -193
    ],
    "SliceThickness": 0.9,
    "SoftwareVersions": "syngo_MR_2002B_4VA21A",
    "StationName": "wes4T",
    "TxRefAmp": 202.696,
    "dataset": "ds004169",
    "modality": "T1w",
    "session_id": "01",
    "subject_id": "0504"
  },
  "cjv": 0.3932476951306192,
  "cnr": 3.339125906052854,
  "efc": 0.48171949871226516,
  "fber": -1.0,
  "fwhm_avg": 4.34400922658309,
  "fwhm_x": 4.457312,
  "fwhm_y": 4.6881556797492685,
  "fwhm_z": 3.8865600000000002,
  "icvs_csf": 0.20098191726617012,
  "icvs_gm": 0.41641775902548733,
  "icvs_wm": 0.38260032370834257,
  "inu_med": 0.7544580399990082,
  "inu_range": 0.5145120918750762,
  "provenance": {
    "md5sum": "dfc82df6a5801a6c8f971c01379e7935",
    "settings": {
      "testing": false
    },
    "software": "mriqc",
    "version": "23.0.1",
    "warnings": {
      "large_rot_frame": true,
      "small_air_mask": false
    },
    "webapi_port": null,
    "webapi_url": "https://mriqc.nimh.nih.gov/api/v1"
  },
  "qi_1": 0.0,
  "qi_2": 0.035019870467150424,
  "rpve_csf": 25.87312022045517,
  "rpve_gm": 13.25511511716754,
  "rpve_wm": 17.2937515755142,
  "size_x": 256,
  "size_y": 256,
  "size_z": 256,
  "snr_csf": 1.518446887483336,
  "snr_gm": 9.468677009509811,
  "snr_total": 9.472301597728562,
  "snr_wm": 17.429780896192536,
  "snrd_csf": 7.426386395775443,
  "snrd_gm": 16.977684514881393,
  "snrd_total": 16.449457871793584,
  "snrd_wm": 24.944302704723913,
  "spacing_x": 0.9375,
  "spacing_y": 0.8999999761581421,
  "spacing_z": 0.9375,
  "summary_bg_k": 13.935103426255498,
  "summary_bg_mad": 0.0,
  "summary_bg_mean": 15.398247601002419,
  "summary_bg_median": 0.0,
  "summary_bg_n": 3423432.0,
  "summary_bg_p05": 0.0,
  "summary_bg_p95": 67.98679888248444,
  "summary_bg_stdv": 26.26505285744761,
  "summary_csf_k": 23.083200513370155,
  "summary_csf_mad": 118.22896439407124,
  "summary_csf_mean": 323.9322211619389,
  "summary_csf_median": 297.7310239896178,
  "summary_csf_n": 34388.0,
  "summary_csf_p05": 118.60561091452837,
  "summary_csf_p95": 538.310645168647,
  "summary_csf_stdv": 196.07317016907146,
  "summary_gm_k": 0.09793236100013125,
  "summary_gm_mad": 70.8578661409889,
  "summary_gm_mean": 680.4903662414598,
  "summary_gm_median": 680.6518172100186,
  "summary_gm_n": 37962.0,
  "summary_gm_p05": 562.3762392997742,
  "summary_gm_p95": 798.6365535352378,
  "summary_gm_stdv": 71.88362762374366,
  "summary_wm_k": 0.5369335091699572,
  "summary_wm_mad": 54.741294947073854,
  "summary_wm_mean": 1002.2008396381246,
  "summary_wm_median": 1000.0412571057677,
  "summary_wm_n": 340579.0,
  "summary_wm_p05": 912.0462073385715,
  "summary_wm_p95": 1099.5874620229006,
  "summary_wm_stdv": 57.37535055156132,
  "tpm_overlap_csf": 0.13899491883595103,
  "tpm_overlap_gm": 0.4438888601817926,
  "tpm_overlap_wm": 0.5016428423492623,
  "wm2max": 0.4441094422630467
}