{
  "aor": 0.005360800000000001,
  "aqi": 0.015852013666666664,
  "bids_meta": {
    "AcquisitionMatrixPE": 64,
    "AcquisitionNumber": 1,
    "AcquisitionTime": "09:37:53.882500",
    "BaseResolution": 64,
    "ConversionSoftware": "dcm2niix",
    "ConversionSoftwareVersion": "v1.0.20190410  GCC6.3.0",
    "DeviceSerialNumber": "18011",
    "EchoTime": 0.03,
    "FlipAngle": 90,
    "ImageComments": "Fake_MoCo_Reference_Volume_+_DiCo_Applied",
    "ImageOrientationPatientDICOM": [
      0.999848,
      -1.11022e-16,
      -0.0174524,
      1.11022e-16,
      1,
      -1.73472e-18
    ],
    "ImageType": [
      "ORIGINAL",
      "PRIMARY",
      "M",
      "ND",
      "MOSAIC"
    ],
    "ImagingFrequency": 168.255,
    "InPlanePhaseEncodingDirectionDICOM": "COL",
    "MRAcquisitionType": "2D",
    "MagneticFieldStrength": 3.95064,
    "Manufacturer": "Siemens",
    "ManufacturersModelName": "MedSpec_4T",
    "Modality": "MR",
    "PartialFourier": 1,
    "PatientPosition": "HFS",
    "PercentPhaseFOV": 100,
    "PhaseEncodingDirection": "j-",
    "PhaseEncodingSteps": 64,
    "PhaseResolution": 1,
    "PixelBandwidth": 2790,
    "ProtocolName": "mz_bold_dc_REST",
    "PulseSequenceDetails": "%CustomerSeq%_mz_ep2d_bold_dc",
    "ReceiveCoilName": "Head_4T",
    "ReconMatrixPE": 64,
    "RepetitionTime": 2.1,
    "SAR": 0.0301057,
    "ScanOptions": "FS",
    "ScanningSequence": "SE_EP",
    "SequenceName": "epfid2d1_64",
    "SequenceVariant": "SK",
    "SeriesDescription": "mz_bold_dc_REST_DiCo",
    "SeriesNumber": 10,
    "ShimSetting": [
      15,
      -9,
      22,
      2728,
      891,
      -3499,
      2951,
      71
    ],
    "SliceThickness": 3,
    "SoftwareVersions": "syngo_MR_2002B_4VA21A",
    "SpacingBetweenSlices": 3.6,
    "StationName": "wes4T",
    "TaskName": "rest",
    "TxRefAmp": 210.405,
    "dataset": "ds004169",
    "modality": "bold",
    "session_id": "01",
    "subject_id": "0480",
    "task_id": "rest"
  },
  "dummy_trs": 0,
  "dvars_nstd": 31.670370102080522,
  "dvars_std": 1.1629974548993278,
  "dvars_vstd": 0.9621891975838928,
  "efc": 0.4554621579634386,
  "fber": 2742.150390625,
  "fd_mean": 0.28238889031317094,
  "fd_num": 79,
  "fd_perc": 52.666666666666664,
  "fwhm_avg": 1.7150905046086937,
  "fwhm_x": 1.6711707826086957,
  "fwhm_y": 1.9491979130434782,
  "fwhm_z": 1.524902818173907,
  "gcor": 0.237789,
  "gsr_x": -0.01924223080277443,
  "gsr_y": 0.03937516734004021,
  "provenance": {
    "md5sum": "91fca99ab45e74dfb7aeeaaf671be634",
    "settings": {
      "fd_thres": 0.2,
      "testing": false
    },
    "software": "mriqc",
    "version": "23.0.1",
    "webapi_port": null,
    "webapi_url": "https://mriqc.nimh.nih.gov/api/v1"
  },
  "size_t": 150,
  "size_x": 64,
  "size_y": 64,
  "size_z": 36,
  "snr": 5.397860327787797,
  "spacing_tr": 2.0999999046325684,
  "spacing_x": 3.59375,
  "spacing_y": 3.59375,
  "spacing_z": 3.5999999046325684,
  "summary_bg_k": 36.059219706697284,
  "summary_bg_mad": 8.786889958990471,
  "summary_bg_mean": 29.78987693786621,
  "summary_bg_median": 13.766667366027832,
  "summary_bg_n": 98659.0,
  "summary_bg_p05": 5.699333620071415,
  "summary_bg_p95": 93.44133605957019,
  "summary_bg_stdv": 43.8739128112793,
  "summary_fg_k": 2.7851180097914545,
  "summary_fg_mad": 111.5115224277087,
  "summary_fg_mean": 707.8692016601562,
  "summary_fg_median": 697.6000366210938,
  "summary_fg_n": 19015.0,
  "summary_fg_p05": 526.2340026855469,
  "summary_fg_p95": 920.6786743164062,
  "summary_fg_stdv": 129.23300170898438,
  "tsnr": 31.682104960433207
}