{
  "aor": 0.004751338582677166,
  "aqi": 0.0234427237007874,
  "bids_meta": {
    "AcquisitionMatrixPE": 64,
    "AcquisitionNumber": 1,
    "AcquisitionTime": "08:43:5.650000",
    "BaseResolution": 64,
    "ConversionSoftware": "dcm2niix",
    "ConversionSoftwareVersion": "v1.0.20190410  GCC6.3.0",
    "DeviceSerialNumber": "18011",
    "EchoTime": 0.03,
    "FlipAngle": 90,
    "ImageComments": "Fake_MoCo_Reference_Volume_+_DiCo_Applied",
    "ImageOrientationPatientDICOM": [
      1,
      0,
      0,
      0,
      0.978148,
      -0.207912
    ],
    "ImageType": [
      "ORIGINAL",
      "PRIMARY",
      "M",
      "ND",
      "MOSAIC"
    ],
    "ImagingFrequency": 168.255,
    "InPlanePhaseEncodingDirectionDICOM": "COL",
    "MRAcquisitionType": "2D",
    "MagneticFieldStrength": 3.95064,
    "Manufacturer": "Siemens",
    "ManufacturersModelName": "MedSpec_4T",
    "Modality": "MR",
    "PartialFourier": 1,
    "PatientPosition": "HFS",
    "PercentPhaseFOV": 100,
    "PhaseEncodingDirection": "j-",
    "PhaseEncodingSteps": 64,
    "PhaseResolution": 1,
    "PixelBandwidth": 2790,
    "ProtocolName": "Nback_dc_opt",
    "PulseSequenceDetails": "%CustomerSeq%_kt_ep2d_bold_dc",
    "ReceiveCoilName": "Head_4T",
    "ReconMatrixPE": 64,
    "RepetitionTime": 2.1,
    "SAR": 0.0461562,
    "ScanOptions": "FS",
    "ScanningSequence": "SE_EP",
    "SequenceName": "epfid2d1_64",
    "SequenceVariant": "SK",
    "SeriesDescription": "Nback_dc_opt_DiCo",
    "SeriesNumber": 6,
    "ShimSetting": [
      27,
      -16,
      13,
      2188,
      273,
      -3424,
      2018,
      655
    ],
    "SliceThickness": 3,
    "SoftwareVersions": "syngo_MR_2002B_4VA21A",
    "SpacingBetweenSlices": 3.6,
    "StationName": "wes4T",
    "TaskName": "nback",
    "TxRefAmp": 179.123,
    "dataset": "ds004169",
    "modality": "bold",
    "session_id": "01",
    "subject_id": "0709",
    "task_id": "nback"
  },
  "dummy_trs": 0,
  "dvars_nstd": 29.397070340238088,
  "dvars_std": 1.049222816190476,
  "dvars_vstd": 0.9151809198412697,
  "efc": 0.46088709742586914,
  "fber": 1953.2352294921875,
  "fd_mean": 0.20499826133083518,
  "fd_num": 29,
  "fd_perc": 22.834645669291337,
  "fwhm_avg": 1.7188607225604569,
  "fwhm_x": 1.6618657391304348,
  "fwhm_y": 1.884566385896526,
  "fwhm_z": 1.6101500426544095,
  "gcor": 0.0124291,
  "gsr_x": -0.014098994433879852,
  "gsr_y": 0.024530628696084023,
  "provenance": {
    "md5sum": "5145829b3108640bd00947c20b9b3435",
    "settings": {
      "fd_thres": 0.2,
      "testing": false
    },
    "software": "mriqc",
    "version": "23.0.1",
    "webapi_port": null,
    "webapi_url": "https://mriqc.nimh.nih.gov/api/v1"
  },
  "size_t": 127,
  "size_x": 64,
  "size_y": 64,
  "size_z": 36,
  "snr": 5.392876666329582,
  "spacing_tr": 2.0999999046325684,
  "spacing_x": 3.59375,
  "spacing_y": 3.593749761581421,
  "spacing_z": 3.5999999046325684,
  "summary_bg_k": 31.999007050312528,
  "summary_bg_mad": 11.77909884753522,
  "summary_bg_mean": 33.527042388916016,
  "summary_bg_median": 17.78740119934082,
  "summary_bg_n": 98534.0,
  "summary_bg_p05": 8.740157127380371,
  "summary_bg_p95": 95.16023406982416,
  "summary_bg_stdv": 45.88850402832031,
  "summary_fg_k": 3.7133067491340634,
  "summary_fg_mad": 125.48412533037175,
  "summary_fg_mean": 796.2005615234375,
  "summary_fg_median": 783.31494140625,
  "summary_fg_n": 19099.0,
  "summary_fg_p05": 595.2826599121094,
  "summary_fg_p95": 1027.6031127929687,
  "summary_fg_stdv": 145.24612426757812,
  "tsnr": 33.922984941047616
}