{
  "bids_meta": {
    "AcquisitionMatrixPE": 225,
    "AcquisitionNumber": 1,
    "AcquisitionTime": "08:45:6.032490",
    "BaseResolution": 256,
    "ConversionSoftware": "dcm2niix",
    "ConversionSoftwareVersion": "v1.0.20190410  GCC6.3.0",
    "DeviceSerialNumber": "18011",
    "EchoTime": 0.00335,
    "FlipAngle": 8,
    "ImageOrientationPatientDICOM": [
      1,
      0,
      0,
      0,
      0,
      -1
    ],
    "ImageType": [
      "ORIGINAL",
      "PRIMARY",
      "M",
      "ND"
    ],
    "ImagingFrequency": 168.217,
    "InPlanePhaseEncodingDirectionDICOM": "ROW",
    "InversionTime": 0.7,
    "MRAcquisitionType": "3D",
    "MagneticFieldStrength": 3.95064,
    "Manufacturer": "Siemens",
    "ManufacturersModelName": "MedSpec_4T",
    "Modality": "MR",
    "PartialFourier": 0.875,
    "PatientPosition": "HFS",
    "PercentPhaseFOV": 100,
    "PhaseEncodingSteps": 197,
    "PhaseResolution": 0.878906,
    "PixelBandwidth": 200,
    "ProtocolName": "t1_mpr_cor",
    "PulseSequenceDetails": "%SiemensSeq%_tfl",
    "ReceiveCoilName": "Head_4T",
    "ReconMatrixPE": 256,
    "RepetitionTime": 1.5,
    "SAR": 0.00392022,
    "ScanOptions": "IR",
    "ScanningSequence": "IR_GR",
    "SequenceName": "tfl3d1_ns",
    "SequenceVariant": "SP_MP",
    "SeriesDescription": "t1_mpr_cor",
    "SeriesNumber": 10,
    "ShimSetting": [
      11,
      -3,
      -16,
      1344,
      353,
      -2576,
      1943,
      -176
    ],
    "SliceThickness": 0.9,
    "SoftwareVersions": "syngo_MR_2002B_4VA21A",
    "StationName": "wes4T",
    "TxRefAmp": 191.347,
    "dataset": "ds004169",
    "modality": "T1w",
    "session_id": "01",
    "subject_id": "1266"
  },
  "cjv": 0.3701688649728339,
  "cnr": 3.53960429527157,
  "efc": 0.47047843306351994,
  "fber": -1.0,
  "fwhm_avg": 4.4830510058785045,
  "fwhm_x": 4.533706666666666,
  "fwhm_y": 4.860022350968847,
  "fwhm_z": 4.0554239999999995,
  "icvs_csf": 0.20380646587705573,
  "icvs_gm": 0.43749375926904843,
  "icvs_wm": 0.3586997748538958,
  "inu_med": 0.6932296454906464,
  "inu_range": 0.4894198149442672,
  "provenance": {
    "md5sum": "b4658dc95c609347c1a97b7f1188d528",
    "settings": {
      "testing": false
    },
    "software": "mriqc",
    "version": "23.0.1",
    "warnings": {
      "large_rot_frame": true,
      "small_air_mask": false
    },
    "webapi_port": null,
    "webapi_url": "https://mriqc.nimh.nih.gov/api/v1"
  },
  "qi_1": 0.0,
  "qi_2": 0.017492671823444078,
  "rpve_csf": 28.315125600737957,
  "rpve_gm": 14.275261852260199,
  "rpve_wm": 20.22091221843202,
  "size_x": 256,
  "size_y": 256,
  "size_z": 256,
  "snr_csf": 1.7079244894297285,
  "snr_gm": 9.93362879602351,
  "snr_total": 9.934939851433105,
  "snr_wm": 18.163266268846073,
  "snrd_csf": 7.3170223663404945,
  "snrd_gm": 17.64063919719723,
  "snrd_total": 17.00124813488912,
  "snrd_wm": 26.04608284112964,
  "spacing_x": 0.9375,
  "spacing_y": 0.8999999761581421,
  "spacing_z": 0.9375,
  "summary_bg_k": 8.247220138837926,
  "summary_bg_mad": 0.0,
  "summary_bg_mean": 16.509319227950325,
  "summary_bg_median": 0.0,
  "summary_bg_n": 4746453.0,
  "summary_bg_p05": 0.0,
  "summary_bg_p95": 66.2662710994482,
  "summary_bg_stdv": 25.153815522339105,
  "summary_csf_k": 29.32301661458733,
  "summary_csf_mad": 101.82816585004835,
  "summary_csf_mean": 297.3737282690079,
  "summary_csf_median": 280.93543691933155,
  "summary_csf_n": 36500.0,
  "summary_csf_p05": 104.98590494692326,
  "summary_csf_p95": 491.918855964392,
  "summary_csf_stdv": 164.48712469491647,
  "summary_gm_k": 0.16385262344928897,
  "summary_gm_mad": 67.32995724379113,
  "summary_gm_mean": 676.0907712162976,
  "summary_gm_median": 677.3083957210183,
  "summary_gm_n": 49162.0,
  "summary_gm_p05": 562.2399518042803,
  "summary_gm_p95": 785.1613654099403,
  "summary_gm_stdv": 68.18268742046195,
  "summary_wm_k": 0.4309309790610567,
  "summary_wm_mad": 52.132837230508386,
  "summary_wm_mean": 1000.8958382516652,
  "summary_wm_median": 1000.0335241109133,
  "summary_wm_n": 286109.0,
  "summary_wm_p05": 911.7903377860785,
  "summary_wm_p95": 1092.3030155152082,
  "summary_wm_stdv": 55.057926347771506,
  "tpm_overlap_csf": 0.1443573280272742,
  "tpm_overlap_gm": 0.45135385089585184,
  "tpm_overlap_wm": 0.5067837166685154,
  "wm2max": 0.5549102082951948
}