{
  "aor": 0.014257733333333331,
  "aqi": 0.018390537,
  "bids_meta": {
    "AcquisitionMatrixPE": 64,
    "AcquisitionNumber": 1,
    "AcquisitionTime": "09:05:43.667500",
    "BaseResolution": 64,
    "ConversionSoftware": "dcm2niix",
    "ConversionSoftwareVersion": "v1.0.20190410  GCC6.3.0",
    "DeviceSerialNumber": "18011",
    "EchoTime": 0.03,
    "FlipAngle": 90,
    "ImageComments": "Fake_MoCo_Reference_Volume_+_DiCo_Applied",
    "ImageOrientationPatientDICOM": [
      1,
      0,
      6.93889e-18,
      0,
      0.997564,
      -0.0697565
    ],
    "ImageType": [
      "ORIGINAL",
      "PRIMARY",
      "M",
      "ND",
      "MOSAIC"
    ],
    "ImagingFrequency": 168.217,
    "InPlanePhaseEncodingDirectionDICOM": "COL",
    "MRAcquisitionType": "2D",
    "MagneticFieldStrength": 3.95064,
    "Manufacturer": "Siemens",
    "ManufacturersModelName": "MedSpec_4T",
    "Modality": "MR",
    "PartialFourier": 1,
    "PatientPosition": "HFS",
    "PercentPhaseFOV": 100,
    "PhaseEncodingDirection": "j-",
    "PhaseEncodingSteps": 64,
    "PhaseResolution": 1,
    "PixelBandwidth": 2790,
    "ProtocolName": "mz_bold_dc_REST",
    "PulseSequenceDetails": "%CustomerSeq%_mz_ep2d_bold_dc",
    "ReceiveCoilName": "Head_4T",
    "ReconMatrixPE": 64,
    "RepetitionTime": 2.1,
    "SAR": 0.0301396,
    "ScanOptions": "FS",
    "ScanningSequence": "SE_EP",
    "SequenceName": "epfid2d1_64",
    "SequenceVariant": "SK",
    "SeriesDescription": "mz_bold_dc_REST_DiCo",
    "SeriesNumber": 10,
    "ShimSetting": [
      12,
      -19,
      -20,
      1307,
      553,
      -3011,
      2194,
      151
    ],
    "SliceThickness": 3,
    "SoftwareVersions": "syngo_MR_2002B_4VA21A",
    "SpacingBetweenSlices": 3.6,
    "StationName": "wes4T",
    "TaskName": "rest",
    "TxRefAmp": 173.668,
    "dataset": "ds004169",
    "modality": "bold",
    "session_id": "01",
    "subject_id": "1169",
    "task_id": "rest"
  },
  "dummy_trs": 0,
  "dvars_nstd": 25.928920541140936,
  "dvars_std": 1.1290590305369126,
  "dvars_vstd": 1.0291983851006712,
  "efc": 0.4665342697604189,
  "fber": 2777.422607421875,
  "fd_mean": 0.14868085376860316,
  "fd_num": 19,
  "fd_perc": 12.666666666666666,
  "fwhm_avg": 1.8646583641113132,
  "fwhm_x": 1.7476229565217392,
  "fwhm_y": 2.1580688695652173,
  "fwhm_z": 1.6882832662469838,
  "gcor": 0.0222526,
  "gsr_x": -0.018297823145985603,
  "gsr_y": 0.03626151382923126,
  "provenance": {
    "md5sum": "ed7d76b0cd4bde4894cd12c7ada6fffb",
    "settings": {
      "fd_thres": 0.2,
      "testing": false
    },
    "software": "mriqc",
    "version": "23.0.1",
    "webapi_port": null,
    "webapi_url": "https://mriqc.nimh.nih.gov/api/v1"
  },
  "size_t": 150,
  "size_x": 64,
  "size_y": 64,
  "size_z": 36,
  "snr": 5.274962936317391,
  "spacing_tr": 2.0999999046325684,
  "spacing_x": 3.59375,
  "spacing_y": 3.59375,
  "spacing_z": 3.6000001430511475,
  "summary_bg_k": 69.73547369513476,
  "summary_bg_mad": 9.725871175521398,
  "summary_bg_mean": 29.587451934814453,
  "summary_bg_median": 15.386667251586914,
  "summary_bg_n": 95661.0,
  "summary_bg_p05": 7.3466668128967285,
  "summary_bg_p95": 84.50666809082031,
  "summary_bg_stdv": 42.0590934753418,
  "summary_fg_k": 3.3014882079180037,
  "summary_fg_mad": 137.4174262557251,
  "summary_fg_mean": 811.983642578125,
  "summary_fg_median": 803.193359375,
  "summary_fg_n": 21975.0,
  "summary_fg_p05": 587.5173400878906,
  "summary_fg_p95": 1042.5234008789062,
  "summary_fg_stdv": 152.26174926757812,
  "tsnr": 37.13721477938816
}