{
  "aor": 0.003473228346456694,
  "aqi": 0.015847195275590552,
  "bids_meta": {
    "AcquisitionMatrixPE": 64,
    "AcquisitionNumber": 1,
    "AcquisitionTime": "09:29:43.394990",
    "BaseResolution": 64,
    "ConversionSoftware": "dcm2niix",
    "ConversionSoftwareVersion": "v1.0.20190410  GCC6.3.0",
    "DeviceSerialNumber": "18011",
    "EchoTime": 0.03,
    "FlipAngle": 90,
    "ImageComments": "Fake_MoCo_Reference_Volume_+_DiCo_Applied",
    "ImageOrientationPatientDICOM": [
      0.999391,
      -2.22045e-16,
      0.0348995,
      2.22045e-16,
      1,
      0
    ],
    "ImageType": [
      "ORIGINAL",
      "PRIMARY",
      "M",
      "ND",
      "MOSAIC"
    ],
    "ImagingFrequency": 168.217,
    "InPlanePhaseEncodingDirectionDICOM": "COL",
    "MRAcquisitionType": "2D",
    "MagneticFieldStrength": 3.95064,
    "Manufacturer": "Siemens",
    "ManufacturersModelName": "MedSpec_4T",
    "Modality": "MR",
    "PartialFourier": 1,
    "PatientPosition": "HFS",
    "PercentPhaseFOV": 100,
    "PhaseEncodingDirection": "j-",
    "PhaseEncodingSteps": 64,
    "PhaseResolution": 1,
    "PixelBandwidth": 2790,
    "ProtocolName": "Nback_dc",
    "PulseSequenceDetails": "%CustomerSeq%_mz_ep2d_bold_dc",
    "ReceiveCoilName": "Head_4T",
    "ReconMatrixPE": 64,
    "RepetitionTime": 2.1,
    "SAR": 0.0403894,
    "ScanOptions": "FS",
    "ScanningSequence": "SE_EP",
    "SequenceName": "epfid2d1_64",
    "SequenceVariant": "SK",
    "SeriesDescription": "Nback_dc_DiCo",
    "SeriesNumber": 7,
    "ShimSetting": [
      11,
      -3,
      -23,
      1953,
      329,
      -3278,
      2013,
      -119
    ],
    "SliceThickness": 3,
    "SoftwareVersions": "syngo_MR_2002B_4VA21A",
    "SpacingBetweenSlices": 3.6,
    "StationName": "wes4T",
    "TaskName": "nback",
    "TxRefAmp": 169.654,
    "dataset": "ds004169",
    "modality": "bold",
    "session_id": "01",
    "subject_id": "0475",
    "task_id": "nback"
  },
  "dummy_trs": 0,
  "dvars_nstd": 34.57583316936508,
  "dvars_std": 1.0716537710317455,
  "dvars_vstd": 1.0098272512698412,
  "efc": 0.487359145940262,
  "fber": 1298.57666015625,
  "fd_mean": 0.18336475604089594,
  "fd_num": 25,
  "fd_perc": 19.68503937007874,
  "fwhm_avg": 1.7433255925831304,
  "fwhm_x": 1.613832347826087,
  "fwhm_y": 1.9759666086956522,
  "fwhm_z": 1.6401778212276517,
  "gcor": 0.0188007,
  "gsr_x": -0.022339966148138046,
  "gsr_y": 0.04168888181447983,
  "provenance": {
    "md5sum": "c20b713af210e02e432e639f72f30b92",
    "settings": {
      "fd_thres": 0.2,
      "testing": false
    },
    "software": "mriqc",
    "version": "23.0.1",
    "webapi_port": null,
    "webapi_url": "https://mriqc.nimh.nih.gov/api/v1"
  },
  "size_t": 127,
  "size_x": 64,
  "size_y": 64,
  "size_z": 36,
  "snr": 5.914660962950874,
  "spacing_tr": 2.0999999046325684,
  "spacing_x": 3.59375,
  "spacing_y": 3.59375,
  "spacing_z": 3.5999999046325684,
  "summary_bg_k": 38.71692294571345,
  "summary_bg_mad": 8.918961366333544,
  "summary_bg_mean": 27.155563354492188,
  "summary_bg_median": 15.574803352355957,
  "summary_bg_n": 96180.0,
  "summary_bg_p05": 8.346456527709961,
  "summary_bg_p95": 76.29251708984381,
  "summary_bg_stdv": 32.94926452636719,
  "summary_fg_k": 3.3173971951122736,
  "summary_fg_mad": 85.4656292422687,
  "summary_fg_mean": 578.7586669921875,
  "summary_fg_median": 574.716552734375,
  "summary_fg_n": 21348.0,
  "summary_fg_p05": 434.36260681152345,
  "summary_fg_p95": 733.6421478271483,
  "summary_fg_stdv": 97.16585540771484,
  "tsnr": 37.79154435789678
}