{
  "aor": 0.0007808053691275167,
  "aqi": 0.009795567046979866,
  "bids_meta": {
    "AcquisitionMatrixPE": 64,
    "AcquisitionNumber": 1,
    "AcquisitionTime": "08:49:9.039980",
    "BaseResolution": 64,
    "ConversionSoftware": "dcm2niix",
    "ConversionSoftwareVersion": "v1.0.20190410  GCC6.3.0",
    "DeviceSerialNumber": "18011",
    "EchoTime": 0.03,
    "FlipAngle": 90,
    "ImageComments": "Fake_MoCo_Reference_Volume_+_DiCo_Applied",
    "ImageOrientationPatientDICOM": [
      0.996195,
      -1.11022e-16,
      -0.0871557,
      1.11022e-16,
      1,
      0
    ],
    "ImageType": [
      "ORIGINAL",
      "PRIMARY",
      "M",
      "ND",
      "MOSAIC"
    ],
    "ImagingFrequency": 168.217,
    "InPlanePhaseEncodingDirectionDICOM": "COL",
    "MRAcquisitionType": "2D",
    "MagneticFieldStrength": 3.95064,
    "Manufacturer": "Siemens",
    "ManufacturersModelName": "MedSpec_4T",
    "Modality": "MR",
    "PartialFourier": 1,
    "PatientPosition": "HFS",
    "PercentPhaseFOV": 100,
    "PhaseEncodingDirection": "j-",
    "PhaseEncodingSteps": 64,
    "PhaseResolution": 1,
    "PixelBandwidth": 2790,
    "ProtocolName": "mz_bold_dc_REST",
    "PulseSequenceDetails": "%CustomerSeq%_mz_ep2d_bold_dc",
    "ReceiveCoilName": "Head_4T",
    "ReconMatrixPE": 64,
    "RepetitionTime": 2.1,
    "SAR": 0.0211817,
    "ScanOptions": "FS",
    "ScanningSequence": "SE_EP",
    "SequenceName": "epfid2d1_64",
    "SequenceVariant": "SK",
    "SeriesDescription": "mz_bold_dc_REST_DiCo",
    "SeriesNumber": 10,
    "ShimSetting": [
      -7,
      -9,
      -36,
      1998,
      -454,
      -3868,
      1413,
      222
    ],
    "SliceThickness": 3,
    "SoftwareVersions": "syngo_MR_2002B_4VA21A",
    "SpacingBetweenSlices": 3.6,
    "StationName": "wes4T",
    "TaskName": "rest",
    "TxRefAmp": 186.133,
    "dataset": "ds004169",
    "modality": "bold",
    "session_id": "01",
    "subject_id": "1057",
    "task_id": "rest"
  },
  "dummy_trs": 1,
  "dvars_nstd": 25.906229328243263,
  "dvars_std": 1.1269731240540546,
  "dvars_vstd": 0.960431557972973,
  "efc": 0.4851463262217706,
  "fber": 1743.47705078125,
  "fd_mean": 0.10977018191153465,
  "fd_num": 4,
  "fd_perc": 2.684563758389262,
  "fwhm_avg": 1.7906169118764845,
  "fwhm_x": 1.648528695652174,
  "fwhm_y": 2.0318692173913044,
  "fwhm_z": 1.6914528225859753,
  "gcor": 0.0114717,
  "gsr_x": -0.0259355790913105,
  "gsr_y": 0.04255342483520508,
  "provenance": {
    "md5sum": "cf10b1ae541dae6b74808c82d8bbb7ad",
    "settings": {
      "fd_thres": 0.2,
      "testing": false
    },
    "software": "mriqc",
    "version": "23.0.1",
    "webapi_port": null,
    "webapi_url": "https://mriqc.nimh.nih.gov/api/v1"
  },
  "size_t": 149,
  "size_x": 64,
  "size_y": 64,
  "size_z": 36,
  "snr": 5.608875061356608,
  "spacing_tr": 2.0999999046325684,
  "spacing_x": 3.59375,
  "spacing_y": 3.59375,
  "spacing_z": 3.5999999046325684,
  "summary_bg_k": 45.269310295189634,
  "summary_bg_mad": 10.816031509643283,
  "summary_bg_mean": 36.204959869384766,
  "summary_bg_median": 17.543624877929688,
  "summary_bg_n": 96284.0,
  "summary_bg_p05": 9.684563636779785,
  "summary_bg_p95": 114.34027099609364,
  "summary_bg_stdv": 51.397438049316406,
  "summary_fg_k": 3.4004534221890506,
  "summary_fg_mad": 117.29967967285593,
  "summary_fg_mean": 764.1976928710938,
  "summary_fg_median": 756.6342163085938,
  "summary_fg_n": 20656.0,
  "summary_fg_p05": 569.89599609375,
  "summary_fg_p95": 979.474853515625,
  "summary_fg_stdv": 134.8961944580078,
  "tsnr": 51.864615654805675
}