{
  "bids_meta": {
    "AcquisitionMatrixPE": 225,
    "AcquisitionNumber": 1,
    "AcquisitionTime": "11:47:33.287490",
    "BaseResolution": 256,
    "ConversionSoftware": "dcm2niix",
    "ConversionSoftwareVersion": "v1.0.20190410  GCC6.3.0",
    "DeviceSerialNumber": "18011",
    "EchoTime": 0.00335,
    "FlipAngle": 8,
    "ImageOrientationPatientDICOM": [
      0,
      1,
      0,
      0,
      0,
      -1
    ],
    "ImageType": [
      "ORIGINAL",
      "PRIMARY",
      "M",
      "ND"
    ],
    "ImagingFrequency": 168.255,
    "InPlanePhaseEncodingDirectionDICOM": "ROW",
    "InversionTime": 0.7,
    "MRAcquisitionType": "3D",
    "MagneticFieldStrength": 3.95064,
    "Manufacturer": "Siemens",
    "ManufacturersModelName": "MedSpec_4T",
    "Modality": "MR",
    "PartialFourier": 0.875,
    "PatientPosition": "HFS",
    "PercentPhaseFOV": 100,
    "PhaseEncodingSteps": 197,
    "PhaseResolution": 0.878906,
    "PixelBandwidth": 200,
    "ProcedureStepDescription": "Research_fMRI",
    "ProtocolName": "t1_mpr_sag",
    "PulseSequenceDetails": "%SiemensSeq%_tfl",
    "ReceiveCoilName": "Head",
    "ReconMatrixPE": 256,
    "RepetitionTime": 1.5,
    "SAR": 0.0519163,
    "ScanOptions": "IR",
    "ScanningSequence": "IR_GR",
    "SequenceName": "tfl3d1_ns",
    "SequenceVariant": "SP_MP",
    "SeriesDescription": "t1_mpr_sag",
    "SeriesNumber": 2,
    "ShimSetting": [
      11,
      3,
      10,
      1235,
      1050,
      -2953,
      2235,
      -198
    ],
    "SliceThickness": 0.9,
    "SoftwareVersions": "syngo_MR_2004A_4VA25A",
    "StationName": "WES4T",
    "TxRefAmp": 178.812,
    "dataset": "ds004169",
    "modality": "T1w",
    "session_id": "01",
    "subject_id": "0506"
  },
  "cjv": 0.3094890565063761,
  "cnr": 4.204452323936717,
  "efc": 0.43472754392434226,
  "fber": 15163.10353462041,
  "fwhm_avg": 5.324329383283794,
  "fwhm_x": 5.656700149851379,
  "fwhm_y": 5.644202666666667,
  "fwhm_z": 4.672085333333333,
  "icvs_csf": 0.2395884637698798,
  "icvs_gm": 0.4181378032909688,
  "icvs_wm": 0.3422737329391514,
  "inu_med": 0.6216196417808533,
  "inu_range": 0.37742288857698436,
  "provenance": {
    "md5sum": "2a477d63566e785c565102e4f8f509af",
    "settings": {
      "testing": false
    },
    "software": "mriqc",
    "version": "23.0.1",
    "warnings": {
      "large_rot_frame": true,
      "small_air_mask": false
    },
    "webapi_port": null,
    "webapi_url": "https://mriqc.nimh.nih.gov/api/v1"
  },
  "qi_1": 0.0,
  "qi_2": 0.004897480013915166,
  "rpve_csf": 24.801230796588317,
  "rpve_gm": 14.20274925405354,
  "rpve_wm": 20.39741253240205,
  "size_x": 240,
  "size_y": 256,
  "size_z": 256,
  "snr_csf": 2.4443544496591016,
  "snr_gm": 10.168375190852913,
  "snr_total": 11.123687465013035,
  "snr_wm": 20.758332754527085,
  "snrd_csf": 26.272448727941164,
  "snrd_gm": 66.33275909402902,
  "snrd_total": 64.61743350821496,
  "snrd_wm": 101.2470927026747,
  "spacing_x": 0.8999999761581421,
  "spacing_y": 0.9375,
  "spacing_z": 0.9375,
  "summary_bg_k": 7.881392649599173,
  "summary_bg_mad": 6.470668828801247,
  "summary_bg_mean": 11.375727651872495,
  "summary_bg_median": 4.364399801939726,
  "summary_bg_n": 4841631.0,
  "summary_bg_p05": 0.0,
  "summary_bg_p95": 42.953428430482745,
  "summary_bg_stdv": 15.972024171693144,
  "summary_csf_k": 5.519166360899268,
  "summary_csf_mad": 101.85160365334622,
  "summary_csf_mean": 257.59824762063954,
  "summary_csf_median": 259.4884287305176,
  "summary_csf_n": 80647.0,
  "summary_csf_p05": 81.40434314124286,
  "summary_csf_p95": 423.56776305660605,
  "summary_csf_stdv": 106.15760736751649,
  "summary_gm_k": 0.21926969452099954,
  "summary_gm_mad": 63.191405081267874,
  "summary_gm_mean": 653.6269318326083,
  "summary_gm_median": 655.1571803949773,
  "summary_gm_n": 52623.0,
  "summary_gm_p05": 544.4174411166459,
  "summary_gm_p95": 756.1184542942792,
  "summary_gm_stdv": 64.43024997217476,
  "summary_wm_k": 1.22982811413749,
  "summary_wm_mad": 43.53367699377042,
  "summary_wm_mean": 999.989707776352,
  "summary_wm_median": 1000.0000103153288,
  "summary_wm_n": 258078.0,
  "summary_wm_p05": 921.0817176941782,
  "summary_wm_p95": 1077.6752776764333,
  "summary_wm_stdv": 48.17333283650039,
  "tpm_overlap_csf": 0.13048940272715748,
  "tpm_overlap_gm": 0.458240375622628,
  "tpm_overlap_wm": 0.502513488645013,
  "wm2max": 0.6066222058379972
}