{
  "aor": 0.0007866442953020134,
  "aqi": 0.009175723288590603,
  "bids_meta": {
    "AcquisitionMatrixPE": 64,
    "AcquisitionNumber": 1,
    "AcquisitionTime": "09:09:32.285010",
    "BaseResolution": 64,
    "ConversionSoftware": "dcm2niix",
    "ConversionSoftwareVersion": "v1.0.20190410  GCC6.3.0",
    "DeviceSerialNumber": "18011",
    "EchoTime": 0.03,
    "FlipAngle": 90,
    "ImageComments": "Fake_MoCo_Reference_Volume_+_DiCo_Applied",
    "ImageOrientationPatientDICOM": [
      0.999244,
      -0.00967411,
      -0.0376479,
      -1.71736e-08,
      0.968535,
      -0.248878
    ],
    "ImageType": [
      "ORIGINAL",
      "PRIMARY",
      "M",
      "ND",
      "DICO",
      "MOSAIC"
    ],
    "ImagingFrequency": 168.255,
    "InPlanePhaseEncodingDirectionDICOM": "COL",
    "MRAcquisitionType": "2D",
    "MagneticFieldStrength": 3.95064,
    "Manufacturer": "Siemens",
    "ManufacturersModelName": "MedSpec_4T",
    "Modality": "MR",
    "PartialFourier": 1,
    "PatientPosition": "HFS",
    "PercentPhaseFOV": 100,
    "PhaseEncodingDirection": "j-",
    "PhaseEncodingSteps": 64,
    "PhaseResolution": 1,
    "PixelBandwidth": 2790,
    "ProcedureStepDescription": "Research_fMRI",
    "ProtocolName": "mz_bold_dc_REST",
    "PulseSequenceDetails": "%CustomerSeq%_mz_ep2d_bold_dc",
    "ReceiveCoilName": "Head",
    "ReconMatrixPE": 64,
    "RepetitionTime": 2.1,
    "SAR": 0.084088,
    "ScanOptions": "FS",
    "ScanningSequence": "SE_EP",
    "SequenceName": "epfid2d1_64",
    "SequenceVariant": "SK",
    "SeriesDescription": "mz_bold_dc_REST_DiCo",
    "SeriesNumber": 10,
    "ShimSetting": [
      -1,
      5,
      24,
      1921,
      -93,
      -3573,
      3123,
      -136
    ],
    "SliceThickness": 3,
    "SoftwareVersions": "syngo_MR_2004A_4VA25A",
    "SpacingBetweenSlices": 3.6,
    "StationName": "WES4T",
    "TaskName": "rest",
    "TxRefAmp": 206.443,
    "dataset": "ds004169",
    "modality": "bold",
    "session_id": "01",
    "subject_id": "0553",
    "task_id": "rest"
  },
  "dummy_trs": 1,
  "dvars_nstd": 24.70131651162163,
  "dvars_std": 1.093801557567568,
  "dvars_vstd": 0.9668081969594595,
  "efc": 0.5048611598896506,
  "fber": 1658.85888671875,
  "fd_mean": 0.1073040169027647,
  "fd_num": 12,
  "fd_perc": 8.053691275167786,
  "fwhm_avg": 1.8551912888258315,
  "fwhm_x": 1.7748062608695652,
  "fwhm_y": 2.0837147826086957,
  "fwhm_z": 1.7070528229992343,
  "gcor": 0.0113115,
  "gsr_x": -0.021668728440999985,
  "gsr_y": 0.040832605212926865,
  "provenance": {
    "md5sum": "aa4c060b0d0511629315cba6733e06a1",
    "settings": {
      "fd_thres": 0.2,
      "testing": false
    },
    "software": "mriqc",
    "version": "23.0.1",
    "webapi_port": null,
    "webapi_url": "https://mriqc.nimh.nih.gov/api/v1"
  },
  "size_t": 149,
  "size_x": 64,
  "size_y": 64,
  "size_z": 36,
  "snr": 5.16073584041246,
  "spacing_tr": 2.0999999046325684,
  "spacing_x": 3.59375,
  "spacing_y": 3.59375,
  "spacing_z": 3.5999999046325684,
  "summary_bg_k": 22.84979113038012,
  "summary_bg_mad": 9.015017412167511,
  "summary_bg_mean": 28.463274002075195,
  "summary_bg_median": 14.248322486877441,
  "summary_bg_n": 91339.0,
  "summary_bg_p05": 7.6375837326049805,
  "summary_bg_p95": 92.34295578002924,
  "summary_bg_stdv": 36.57252502441406,
  "summary_fg_k": 4.8505475391422275,
  "summary_fg_mad": 94.9362667108642,
  "summary_fg_mean": 611.1826782226562,
  "summary_fg_median": 604.2315673828125,
  "summary_fg_n": 24270.0,
  "summary_fg_p05": 445.0157775878906,
  "summary_fg_p95": 784.1057098388671,
  "summary_fg_stdv": 117.08003234863281,
  "tsnr": 54.03504441352561
}