{
  "bids_meta": {
    "AcquisitionMatrixPE": 225,
    "AcquisitionNumber": 1,
    "AcquisitionTime": "08:15:27.572490",
    "BaseResolution": 256,
    "ConversionSoftware": "dcm2niix",
    "ConversionSoftwareVersion": "v1.0.20190410  GCC6.3.0",
    "DeviceSerialNumber": "18011",
    "EchoTime": 0.00335,
    "FlipAngle": 8,
    "ImageOrientationPatientDICOM": [
      0.996195,
      0.0871557,
      0,
      0,
      1.11022e-16,
      -1
    ],
    "ImageType": [
      "ORIGINAL",
      "PRIMARY",
      "M",
      "ND"
    ],
    "ImagingFrequency": 168.217,
    "InPlanePhaseEncodingDirectionDICOM": "ROW",
    "InversionTime": 0.7,
    "MRAcquisitionType": "3D",
    "MagneticFieldStrength": 3.95064,
    "Manufacturer": "Siemens",
    "ManufacturersModelName": "MedSpec_4T",
    "Modality": "MR",
    "PartialFourier": 0.875,
    "PatientPosition": "HFS",
    "PercentPhaseFOV": 100,
    "PhaseEncodingSteps": 197,
    "PhaseResolution": 0.878906,
    "PixelBandwidth": 200,
    "ProtocolName": "t1_mpr_cor",
    "PulseSequenceDetails": "%SiemensSeq%_tfl",
    "ReceiveCoilName": "Head_4T",
    "ReconMatrixPE": 256,
    "RepetitionTime": 1.5,
    "SAR": 0.0049071,
    "ScanOptions": "IR",
    "ScanningSequence": "IR_GR",
    "SequenceName": "tfl3d1_ns",
    "SequenceVariant": "SP_MP",
    "SeriesDescription": "t1_mpr_cor",
    "SeriesNumber": 8,
    "ShimSetting": [
      20,
      -13,
      -35,
      1352,
      573,
      -3420,
      2554,
      392
    ],
    "SliceThickness": 0.9,
    "SoftwareVersions": "syngo_MR_2002B_4VA21A",
    "StationName": "wes4T",
    "TxRefAmp": 172.463,
    "dataset": "ds004169",
    "modality": "T1w",
    "session_id": "01",
    "subject_id": "0216"
  },
  "cjv": 0.3561877502129432,
  "cnr": 3.7008158366848245,
  "efc": 0.42648055136794255,
  "fber": -1.0,
  "fwhm_avg": 4.541690858590919,
  "fwhm_x": 4.638741333333333,
  "fwhm_y": 4.957477909106093,
  "fwhm_z": 4.028853333333333,
  "icvs_csf": 0.23115944793033402,
  "icvs_gm": 0.42077619598122196,
  "icvs_wm": 0.348064356088444,
  "inu_med": 0.7249778211116791,
  "inu_range": 0.45934580862522134,
  "provenance": {
    "md5sum": "15241fd3e1e7b2207807353672fe4609",
    "settings": {
      "testing": false
    },
    "software": "mriqc",
    "version": "22.0.6",
    "warnings": {
      "large_rot_frame": true,
      "small_air_mask": false
    },
    "webapi_port": null,
    "webapi_url": "https://mriqc.nimh.nih.gov/api/v1"
  },
  "qi_1": 0.0,
  "qi_2": 0.030208091080932836,
  "rpve_csf": 29.001939268713073,
  "rpve_gm": 16.393709642671496,
  "rpve_wm": 23.311630245762533,
  "size_x": 256,
  "size_y": 256,
  "size_z": 256,
  "snr_csf": 1.9732881260320527,
  "snr_gm": 10.251684515196903,
  "snr_total": 10.716624461603288,
  "snr_wm": 19.92490074358091,
  "snrd_csf": 8.884027891503852,
  "snrd_gm": 22.63012692129187,
  "snrd_total": 21.552205126858087,
  "snrd_wm": 33.14246056777854,
  "spacing_x": 0.9375,
  "spacing_y": 0.8999999761581421,
  "spacing_z": 0.9375,
  "summary_bg_k": 48.93160080890931,
  "summary_bg_mad": 0.0,
  "summary_bg_mean": 11.011983715735841,
  "summary_bg_median": 0.0,
  "summary_bg_n": 5505630.0,
  "summary_bg_p05": 0.0,
  "summary_bg_p95": 45.591275822371244,
  "summary_bg_stdv": 19.767902153897833,
  "summary_csf_k": 21.733297208744357,
  "summary_csf_mad": 98.62644793057244,
  "summary_csf_mean": 280.803785194357,
  "summary_csf_median": 268.06416815146804,
  "summary_csf_n": 41285.0,
  "summary_csf_p05": 103.65983414128424,
  "summary_csf_p95": 466.9988017879425,
  "summary_csf_stdv": 135.84479533802408,
  "summary_gm_k": 0.2234336562753212,
  "summary_gm_mad": 65.64256755812475,
  "summary_gm_mean": 680.7172005607838,
  "summary_gm_median": 682.8351083993912,
  "summary_gm_n": 32966.0,
  "summary_gm_p05": 567.9325596429408,
  "summary_gm_p95": 784.9846336096525,
  "summary_gm_stdv": 66.60610269967411,
  "summary_wm_k": 0.6638147496717655,
  "summary_wm_mad": 47.33883675989322,
  "summary_wm_mean": 1000.3274614149449,
  "summary_wm_median": 1000.0313181243837,
  "summary_wm_n": 233456.0,
  "summary_wm_p05": 918.5937058478594,
  "summary_wm_p95": 1082.252285655588,
  "summary_wm_stdv": 50.1899201001533,
  "tpm_overlap_csf": 0.14396311370925852,
  "tpm_overlap_gm": 0.45822037006976407,
  "tpm_overlap_wm": 0.49532765760648273,
  "wm2max": 0.5333923856001604
}