{
  "aor": 0.004946111111111111,
  "aqi": 0.013617398968253968,
  "bids_meta": {
    "AcquisitionMatrixPE": 64,
    "AcquisitionNumber": 1,
    "AcquisitionTime": "08:33:55.302510",
    "BaseResolution": 64,
    "ConversionSoftware": "dcm2niix",
    "ConversionSoftwareVersion": "v1.0.20190410  GCC6.3.0",
    "DeviceSerialNumber": "18011",
    "EchoTime": 0.03,
    "FlipAngle": 90,
    "ImageComments": "Fake_MoCo_Reference_Volume_+_DiCo_Applied",
    "ImageOrientationPatientDICOM": [
      1,
      0,
      0,
      0,
      1,
      0
    ],
    "ImageType": [
      "ORIGINAL",
      "PRIMARY",
      "M",
      "ND",
      "MOSAIC"
    ],
    "ImagingFrequency": 168.217,
    "InPlanePhaseEncodingDirectionDICOM": "COL",
    "MRAcquisitionType": "2D",
    "MagneticFieldStrength": 3.95064,
    "Manufacturer": "Siemens",
    "ManufacturersModelName": "MedSpec_4T",
    "Modality": "MR",
    "PartialFourier": 1,
    "PatientPosition": "HFS",
    "PercentPhaseFOV": 100,
    "PhaseEncodingDirection": "j-",
    "PhaseEncodingSteps": 64,
    "PhaseResolution": 1,
    "PixelBandwidth": 2790,
    "ProtocolName": "Nback_dc",
    "PulseSequenceDetails": "%CustomerSeq%_mz_ep2d_bold_dc",
    "ReceiveCoilName": "Head_4T",
    "ReconMatrixPE": 64,
    "RepetitionTime": 2.1,
    "SAR": 0.0359551,
    "ScanOptions": "FS",
    "ScanningSequence": "SE_EP",
    "SequenceName": "epfid2d1_64",
    "SequenceVariant": "SK",
    "SeriesDescription": "Nback_dc_DiCo",
    "SeriesNumber": 7,
    "ShimSetting": [
      3,
      4,
      -36,
      1972,
      140,
      -3439,
      1340,
      -137
    ],
    "SliceThickness": 3,
    "SoftwareVersions": "syngo_MR_2002B_4VA21A",
    "SpacingBetweenSlices": 3.6,
    "StationName": "wes4T",
    "TaskName": "nback",
    "TxRefAmp": 204.134,
    "dataset": "ds004169",
    "modality": "bold",
    "session_id": "01",
    "subject_id": "0033",
    "task_id": "nback"
  },
  "dummy_trs": 1,
  "dvars_nstd": 36.91780564879999,
  "dvars_std": 1.2403621525600006,
  "dvars_vstd": 1.1959862188000001,
  "efc": 0.49200803325527026,
  "fber": 1709.001708984375,
  "fd_mean": 0.11488069132969214,
  "fd_num": 6,
  "fd_perc": 4.761904761904762,
  "fwhm_avg": 1.8108063161805272,
  "fwhm_x": 1.6709314782608695,
  "fwhm_y": 2.056756869565217,
  "fwhm_z": 1.7047306007154943,
  "gcor": 0.0208252,
  "gsr_x": -0.01955452561378479,
  "gsr_y": 0.04377610236406326,
  "provenance": {
    "md5sum": "4da2f852d16f52ba4e97278e6b01cf2d",
    "settings": {
      "fd_thres": 0.2,
      "testing": false
    },
    "software": "mriqc",
    "version": "22.0.6",
    "webapi_port": null,
    "webapi_url": "https://mriqc.nimh.nih.gov/api/v1"
  },
  "size_t": 126,
  "size_x": 64,
  "size_y": 64,
  "size_z": 36,
  "snr": 5.356402812251557,
  "spacing_tr": 2.0999999046325684,
  "spacing_x": 3.59375,
  "spacing_y": 3.59375,
  "spacing_z": 3.5999999046325684,
  "summary_bg_k": 32.18857534910668,
  "summary_bg_mad": 8.719113720220877,
  "summary_bg_mean": 29.631772994995117,
  "summary_bg_median": 14.865079879760742,
  "summary_bg_n": 94441.0,
  "summary_bg_p05": 8.35714340209961,
  "summary_bg_p95": 91.54762268066406,
  "summary_bg_stdv": 39.037349700927734,
  "summary_fg_k": 2.712332077766506,
  "summary_fg_mad": 100.34042599982072,
  "summary_fg_mean": 630.4082641601562,
  "summary_fg_median": 624.0873413085938,
  "summary_fg_n": 22648.0,
  "summary_fg_p05": 460.75677490234375,
  "summary_fg_p95": 818.326211547851,
  "summary_fg_stdv": 116.50982666015625,
  "tsnr": 37.71717214747332
}