{
  "aor": 0.0012714,
  "aqi": 0.0078714664,
  "bids_meta": {
    "AcquisitionMatrixPE": 64,
    "AcquisitionNumber": 1,
    "AcquisitionTime": "14:31:53.820010",
    "BaseResolution": 64,
    "ConversionSoftware": "dcm2niix",
    "ConversionSoftwareVersion": "v1.0.20190410  GCC6.3.0",
    "DeviceSerialNumber": "18011",
    "EchoTime": 0.03,
    "FlipAngle": 90,
    "ImageComments": "Fake_MoCo_Reference_Volume_+_DiCo_Applied",
    "ImageOrientationPatientDICOM": [
      1,
      0,
      0,
      0,
      0.995056,
      -0.0993197
    ],
    "ImageType": [
      "ORIGINAL",
      "PRIMARY",
      "M",
      "ND",
      "DICO",
      "MOSAIC"
    ],
    "ImagingFrequency": 168.255,
    "InPlanePhaseEncodingDirectionDICOM": "COL",
    "MRAcquisitionType": "2D",
    "MagneticFieldStrength": 3.95064,
    "Manufacturer": "Siemens",
    "ManufacturersModelName": "MedSpec_4T",
    "Modality": "MR",
    "PartialFourier": 1,
    "PatientPosition": "HFS",
    "PercentPhaseFOV": 100,
    "PhaseEncodingDirection": "j-",
    "PhaseEncodingSteps": 64,
    "PhaseResolution": 1,
    "PixelBandwidth": 2790,
    "ProcedureStepDescription": "Research_fMRI",
    "ProtocolName": "mz_bold_dc_REST",
    "PulseSequenceDetails": "%CustomerSeq%_mz_ep2d_bold_dc",
    "ReceiveCoilName": "Head",
    "ReconMatrixPE": 64,
    "RepetitionTime": 2.1,
    "SAR": 0.0962558,
    "ScanOptions": "FS",
    "ScanningSequence": "SE_EP",
    "SequenceName": "epfid2d1_64",
    "SequenceVariant": "SK",
    "SeriesDescription": "mz_bold_dc_REST_DiCo",
    "SeriesNumber": 16,
    "ShimSetting": [
      14,
      15,
      34,
      1821,
      589,
      -2673,
      1865,
      111
    ],
    "SliceThickness": 3,
    "SoftwareVersions": "syngo_MR_2004A_4VA25A",
    "SpacingBetweenSlices": 3.6,
    "StationName": "WES4T",
    "TaskName": "rest",
    "TxRefAmp": 202.613,
    "dataset": "ds004169",
    "modality": "bold",
    "session_id": "01",
    "subject_id": "0975",
    "task_id": "rest"
  },
  "dummy_trs": 0,
  "dvars_nstd": 36.53464060040268,
  "dvars_std": 1.3118826320134231,
  "dvars_vstd": 1.010916027919463,
  "efc": 0.4933453836688841,
  "fber": 1964.1536865234375,
  "fd_mean": 0.14801244571050776,
  "fd_num": 23,
  "fd_perc": 15.333333333333334,
  "fwhm_avg": 1.7671041361760436,
  "fwhm_x": 1.6124438260869565,
  "fwhm_y": 2.044215652173913,
  "fwhm_z": 1.6446529302672612,
  "gcor": 0.0190352,
  "gsr_x": -0.01661859080195427,
  "gsr_y": 0.03831394016742706,
  "provenance": {
    "md5sum": "aa22b6572c10b598150d1e6d8e831ce2",
    "settings": {
      "fd_thres": 0.2,
      "testing": false
    },
    "software": "mriqc",
    "version": "23.0.1",
    "webapi_port": null,
    "webapi_url": "https://mriqc.nimh.nih.gov/api/v1"
  },
  "size_t": 150,
  "size_x": 64,
  "size_y": 64,
  "size_z": 36,
  "snr": 5.022258459755351,
  "spacing_tr": 2.0999999046325684,
  "spacing_x": 3.59375,
  "spacing_y": 3.59375,
  "spacing_z": 3.5999996662139893,
  "summary_bg_k": 32.80756331953717,
  "summary_bg_mad": 7.146142240742711,
  "summary_bg_mean": 25.64403533935547,
  "summary_bg_median": 13.180000305175781,
  "summary_bg_n": 92542.0,
  "summary_bg_p05": 7.973333358764648,
  "summary_bg_p95": 77.15967025756834,
  "summary_bg_stdv": 32.98337173461914,
  "summary_fg_k": 5.662682931434736,
  "summary_fg_mad": 92.82072618563633,
  "summary_fg_mean": 610.008544921875,
  "summary_fg_median": 603.6000366210938,
  "summary_fg_n": 23955.0,
  "summary_fg_p05": 439.3846832275391,
  "summary_fg_p95": 783.6859985351563,
  "summary_fg_stdv": 120.1824722290039,
  "tsnr": 54.615400457405485
}