{
  "aor": 0.0028933070866141728,
  "aqi": 0.006992287086614173,
  "bids_meta": {
    "AcquisitionMatrixPE": 64,
    "AcquisitionNumber": 1,
    "AcquisitionTime": "10:25:18.900020",
    "BaseResolution": 64,
    "ConversionSoftware": "dcm2niix",
    "ConversionSoftwareVersion": "v1.0.20190410  GCC6.3.0",
    "DeviceSerialNumber": "18011",
    "EchoTime": 0.03,
    "FlipAngle": 90,
    "ImageComments": "Fake_MoCo_Reference_Volume_+_DiCo_Applied",
    "ImageOrientationPatientDICOM": [
      1,
      -1.11022e-16,
      1.38778e-17,
      1.11022e-16,
      0.983571,
      -0.180519
    ],
    "ImageType": [
      "ORIGINAL",
      "PRIMARY",
      "M",
      "ND",
      "DICO",
      "MOSAIC"
    ],
    "ImagingFrequency": 168.255,
    "InPlanePhaseEncodingDirectionDICOM": "COL",
    "MRAcquisitionType": "2D",
    "MagneticFieldStrength": 3.95064,
    "Manufacturer": "Siemens",
    "ManufacturersModelName": "MedSpec_4T",
    "Modality": "MR",
    "PartialFourier": 1,
    "PatientPosition": "HFS",
    "PercentPhaseFOV": 100,
    "PhaseEncodingDirection": "j-",
    "PhaseEncodingSteps": 64,
    "PhaseResolution": 1,
    "PixelBandwidth": 2790,
    "ProcedureStepDescription": "Research_fMRI",
    "ProtocolName": "Nback_dc_opt",
    "PulseSequenceDetails": "%CustomerSeq%_kt_ep2d_bold_dc",
    "ReceiveCoilName": "Head",
    "ReconMatrixPE": 64,
    "RepetitionTime": 2.1,
    "SAR": 0.084457,
    "ScanOptions": "FS",
    "ScanningSequence": "SE_EP",
    "SequenceName": "epfid2d1_64",
    "SequenceVariant": "SK",
    "SeriesDescription": "Nback_dc_opt_DiCo",
    "SeriesNumber": 7,
    "ShimSetting": [
      -2,
      -27,
      28,
      1905,
      815,
      -3279,
      3030,
      117
    ],
    "SliceThickness": 3,
    "SoftwareVersions": "syngo_MR_2004A_4VA25A",
    "SpacingBetweenSlices": 3.6,
    "StationName": "WES4T",
    "TaskName": "nback",
    "TxRefAmp": 180.662,
    "dataset": "ds004169",
    "modality": "bold",
    "session_id": "01",
    "subject_id": "0494",
    "task_id": "nback"
  },
  "dummy_trs": 0,
  "dvars_nstd": 23.324162316507934,
  "dvars_std": 1.0408931669841275,
  "dvars_vstd": 0.9659194193650796,
  "efc": 0.47466078099591275,
  "fber": 2001.13818359375,
  "fd_mean": 0.1250218342664251,
  "fd_num": 7,
  "fd_perc": 5.511811023622047,
  "fwhm_avg": 1.7808854025504948,
  "fwhm_x": 1.6752389565217392,
  "fwhm_y": 2.029111652173913,
  "fwhm_z": 1.6383055989558326,
  "gcor": 0.0167352,
  "gsr_x": -0.022926155477762222,
  "gsr_y": 0.035509008914232254,
  "provenance": {
    "md5sum": "19ae5da438439c9467cbe636f833d74c",
    "settings": {
      "fd_thres": 0.2,
      "testing": false
    },
    "software": "mriqc",
    "version": "23.0.1",
    "webapi_port": null,
    "webapi_url": "https://mriqc.nimh.nih.gov/api/v1"
  },
  "size_t": 127,
  "size_x": 64,
  "size_y": 64,
  "size_z": 36,
  "snr": 4.961772554690174,
  "spacing_tr": 2.0999999046325684,
  "spacing_x": 3.59375,
  "spacing_y": 3.59375,
  "spacing_z": 3.5999999046325684,
  "summary_bg_k": 44.02718294887748,
  "summary_bg_mad": 7.599796948847135,
  "summary_bg_mean": 24.14488983154297,
  "summary_bg_median": 12.519684791564941,
  "summary_bg_n": 95265.0,
  "summary_bg_p05": 6.685039520263672,
  "summary_bg_p95": 71.69291687011719,
  "summary_bg_stdv": 33.24942398071289,
  "summary_fg_k": 3.2169133350879076,
  "summary_fg_mad": 104.1673748781667,
  "summary_fg_mean": 591.8535766601562,
  "summary_fg_median": 581.2755737304688,
  "summary_fg_n": 21367.0,
  "summary_fg_p05": 428.0338562011719,
  "summary_fg_p95": 781.8535522460937,
  "summary_fg_stdv": 117.1480484008789,
  "tsnr": 54.20897236466408
}