{
  "aor": 0.0026031496062992126,
  "aqi": 0.021429404173228344,
  "bids_meta": {
    "AcquisitionMatrixPE": 64,
    "AcquisitionNumber": 1,
    "AcquisitionTime": "08:50:49.200010",
    "BaseResolution": 64,
    "ConversionSoftware": "dcm2niix",
    "ConversionSoftwareVersion": "v1.0.20190410  GCC6.3.0",
    "DeviceSerialNumber": "18011",
    "EchoTime": 0.03,
    "FlipAngle": 90,
    "ImageComments": "Fake_MoCo_Reference_Volume_+_DiCo_Applied",
    "ImageOrientationPatientDICOM": [
      0.999391,
      -2.22045e-16,
      -0.0348995,
      2.22045e-16,
      1,
      0
    ],
    "ImageType": [
      "ORIGINAL",
      "PRIMARY",
      "M",
      "ND",
      "MOSAIC"
    ],
    "ImagingFrequency": 168.217,
    "InPlanePhaseEncodingDirectionDICOM": "COL",
    "MRAcquisitionType": "2D",
    "MagneticFieldStrength": 3.95064,
    "Manufacturer": "Siemens",
    "ManufacturersModelName": "MedSpec_4T",
    "Modality": "MR",
    "PartialFourier": 1,
    "PatientPosition": "HFS",
    "PercentPhaseFOV": 100,
    "PhaseEncodingDirection": "j-",
    "PhaseEncodingSteps": 64,
    "PhaseResolution": 1,
    "PixelBandwidth": 2790,
    "ProtocolName": "Nback_dc_opt",
    "PulseSequenceDetails": "%CustomerSeq%_kt_ep2d_bold_dc",
    "ReceiveCoilName": "Head_4T",
    "ReconMatrixPE": 64,
    "RepetitionTime": 2.1,
    "SAR": 0.053156,
    "ScanOptions": "FS",
    "ScanningSequence": "SE_EP",
    "SequenceName": "epfid2d1_64",
    "SequenceVariant": "SK",
    "SeriesDescription": "Nback_dc_opt_DiCo",
    "SeriesNumber": 7,
    "ShimSetting": [
      4,
      -1,
      8,
      1706,
      276,
      -3345,
      2299,
      212
    ],
    "SliceThickness": 3,
    "SoftwareVersions": "syngo_MR_2002B_4VA21A",
    "SpacingBetweenSlices": 3.6,
    "StationName": "wes4T",
    "TaskName": "nback",
    "TxRefAmp": 221.376,
    "dataset": "ds004169",
    "modality": "bold",
    "session_id": "01",
    "subject_id": "1103",
    "task_id": "nback"
  },
  "dummy_trs": 0,
  "dvars_nstd": 29.843537088333342,
  "dvars_std": 0.9328466730158727,
  "dvars_vstd": 0.8169790758730155,
  "efc": 0.5058476387878608,
  "fber": 1942.569091796875,
  "fd_mean": 0.1489846235676282,
  "fd_num": 14,
  "fd_perc": 11.023622047244094,
  "fwhm_avg": 1.7642660027352195,
  "fwhm_x": 1.6405871304347825,
  "fwhm_y": 2.0351026086956523,
  "fwhm_z": 1.6171082690752239,
  "gcor": 0.454435,
  "gsr_x": -0.023771746084094048,
  "gsr_y": 0.04527904838323593,
  "provenance": {
    "md5sum": "54b0f891cb18c3dc203f492b7a5a90d9",
    "settings": {
      "fd_thres": 0.2,
      "testing": false
    },
    "software": "mriqc",
    "version": "23.0.1",
    "webapi_port": null,
    "webapi_url": "https://mriqc.nimh.nih.gov/api/v1"
  },
  "size_t": 127,
  "size_x": 64,
  "size_y": 64,
  "size_z": 36,
  "snr": 5.990888474148269,
  "spacing_tr": 2.0999999046325684,
  "spacing_x": 3.59375,
  "spacing_y": 3.59375,
  "spacing_z": 3.6000001430511475,
  "summary_bg_k": 37.48872869919233,
  "summary_bg_mad": 9.584381649341477,
  "summary_bg_mean": 33.17113494873047,
  "summary_bg_median": 16.13385772705078,
  "summary_bg_n": 91233.0,
  "summary_bg_p05": 8.83464527130127,
  "summary_bg_p95": 102.23464660644522,
  "summary_bg_stdv": 45.548797607421875,
  "summary_fg_k": 2.979842456941495,
  "summary_fg_mad": 109.835134036661,
  "summary_fg_mean": 726.4667358398438,
  "summary_fg_median": 724.1771240234375,
  "summary_fg_n": 24672.0,
  "summary_fg_p05": 542.7283630371094,
  "summary_fg_p95": 912.6374237060544,
  "summary_fg_stdv": 120.87730407714844,
  "tsnr": 23.016516422620043
}