{
  "bids_meta": {
    "AcquisitionMatrixPE": 225,
    "AcquisitionNumber": 1,
    "AcquisitionTime": "11:21:20.669990",
    "BaseResolution": 256,
    "ConversionSoftware": "dcm2niix",
    "ConversionSoftwareVersion": "v1.0.20190410  GCC6.3.0",
    "DeviceSerialNumber": "18011",
    "EchoTime": 0.00335,
    "FlipAngle": 8,
    "ImageOrientationPatientDICOM": [
      0.99863,
      -0.052336,
      0,
      0,
      -2.22045e-16,
      -1
    ],
    "ImageType": [
      "ORIGINAL",
      "PRIMARY",
      "M",
      "ND"
    ],
    "ImagingFrequency": 168.255,
    "InPlanePhaseEncodingDirectionDICOM": "ROW",
    "InversionTime": 0.7,
    "MRAcquisitionType": "3D",
    "MagneticFieldStrength": 3.95064,
    "Manufacturer": "Siemens",
    "ManufacturersModelName": "MedSpec_4T",
    "Modality": "MR",
    "PartialFourier": 0.875,
    "PatientPosition": "HFS",
    "PercentPhaseFOV": 100,
    "PhaseEncodingSteps": 197,
    "PhaseResolution": 0.878906,
    "PixelBandwidth": 200,
    "ProtocolName": "t1_mpr_cor",
    "PulseSequenceDetails": "%SiemensSeq%_tfl",
    "ReceiveCoilName": "Head_4T",
    "ReconMatrixPE": 256,
    "RepetitionTime": 1.5,
    "SAR": 0.0062388,
    "ScanOptions": "IR",
    "ScanningSequence": "IR_GR",
    "SequenceName": "tfl3d1_ns",
    "SequenceVariant": "SP_MP",
    "SeriesDescription": "t1_mpr_cor",
    "SeriesNumber": 8,
    "ShimSetting": [
      34,
      -22,
      30,
      1702,
      1344,
      -4054,
      2101,
      187
    ],
    "SliceThickness": 0.9,
    "SoftwareVersions": "syngo_MR_2002B_4VA21A",
    "StationName": "wes4T",
    "TxRefAmp": 179.222,
    "dataset": "ds004169",
    "modality": "T1w",
    "session_id": "01",
    "subject_id": "1249"
  },
  "cjv": 0.34090842966894996,
  "cnr": 3.898913599473039,
  "efc": 0.4201656831104202,
  "fber": -1.0,
  "fwhm_avg": 4.174910557695893,
  "fwhm_x": 4.316330666666667,
  "fwhm_y": 4.43668900642101,
  "fwhm_z": 3.771712,
  "icvs_csf": 0.18044565460153494,
  "icvs_gm": 0.479462585792661,
  "icvs_wm": 0.34009175960580407,
  "inu_med": 0.6733033061027527,
  "inu_range": 0.513218702375889,
  "provenance": {
    "md5sum": "18cfd226f3053579c55f034fe5d8f488",
    "settings": {
      "testing": false
    },
    "software": "mriqc",
    "version": "23.0.1",
    "warnings": {
      "large_rot_frame": true,
      "small_air_mask": false
    },
    "webapi_port": null,
    "webapi_url": "https://mriqc.nimh.nih.gov/api/v1"
  },
  "qi_1": 0.0,
  "qi_2": 0.029729459535265082,
  "rpve_csf": 33.77967522305386,
  "rpve_gm": 14.489158779257934,
  "rpve_wm": 22.412081755919836,
  "size_x": 256,
  "size_y": 256,
  "size_z": 256,
  "snr_csf": 1.108934362120235,
  "snr_gm": 10.29653094045226,
  "snr_total": 9.643461505726092,
  "snr_wm": 17.524919214605784,
  "snrd_csf": 10.064705262536846,
  "snrd_gm": 23.743671991787245,
  "snrd_total": 23.28990002375407,
  "snrd_wm": 36.06132281693811,
  "spacing_x": 0.9375,
  "spacing_y": 0.8999999761581421,
  "spacing_z": 0.9375,
  "summary_bg_k": 13.90273619990312,
  "summary_bg_mad": 0.0,
  "summary_bg_mean": 10.195995816067818,
  "summary_bg_median": 0.0,
  "summary_bg_n": 5348539.0,
  "summary_bg_p05": 0.0,
  "summary_bg_p95": 46.19623331353068,
  "summary_bg_stdv": 18.167936153597196,
  "summary_csf_k": 12.838610508384976,
  "summary_csf_mad": 131.5699320163924,
  "summary_csf_mean": 327.1129697471362,
  "summary_csf_median": 279.1096977889538,
  "summary_csf_n": 21189.0,
  "summary_csf_p05": 94.36054782941937,
  "summary_csf_p95": 666.4209217540915,
  "summary_csf_stdv": 251.68587163658214,
  "summary_gm_k": 0.18947909200160362,
  "summary_gm_mad": 62.54877009972849,
  "summary_gm_mean": 657.5843139691879,
  "summary_gm_median": 658.4484037198126,
  "summary_gm_n": 59931.0,
  "summary_gm_p05": 551.1343032494187,
  "summary_gm_p95": 760.7170596532524,
  "summary_gm_stdv": 63.948033965753254,
  "summary_wm_k": 0.7273548344109866,
  "summary_wm_mad": 53.90123021316722,
  "summary_wm_mean": 1002.1609546118542,
  "summary_wm_median": 1000.0357338599861,
  "summary_wm_n": 224926.0,
  "summary_wm_p05": 912.5097952969372,
  "summary_wm_p95": 1098.3682273887098,
  "summary_wm_stdv": 57.0635161611071,
  "tpm_overlap_csf": 0.11983713439305725,
  "tpm_overlap_gm": 0.44136623361396293,
  "tpm_overlap_wm": 0.4582147201584544,
  "wm2max": 0.5251182617640402
}