{
  "bids_meta": {
    "AcquisitionMatrixPE": 225,
    "AcquisitionNumber": 1,
    "AcquisitionTime": "08:47:28.815020",
    "BaseResolution": 256,
    "ConversionSoftware": "dcm2niix",
    "ConversionSoftwareVersion": "v1.0.20190410  GCC6.3.0",
    "DeviceSerialNumber": "18011",
    "EchoTime": 0.00335,
    "FlipAngle": 8,
    "ImageOrientationPatientDICOM": [
      0,
      1,
      0,
      0,
      0,
      -1
    ],
    "ImageType": [
      "ORIGINAL",
      "PRIMARY",
      "M",
      "ND"
    ],
    "ImagingFrequency": 168.255,
    "InPlanePhaseEncodingDirectionDICOM": "ROW",
    "InversionTime": 0.7,
    "MRAcquisitionType": "3D",
    "MagneticFieldStrength": 3.95064,
    "Manufacturer": "Siemens",
    "ManufacturersModelName": "MedSpec_4T",
    "Modality": "MR",
    "PartialFourier": 0.875,
    "PatientPosition": "HFS",
    "PercentPhaseFOV": 100,
    "PhaseEncodingSteps": 197,
    "PhaseResolution": 0.878906,
    "PixelBandwidth": 200,
    "ProcedureStepDescription": "Research_fMRI",
    "ProtocolName": "t1_mpr_sag",
    "PulseSequenceDetails": "%SiemensSeq%_tfl",
    "ReceiveCoilName": "Head",
    "ReconMatrixPE": 256,
    "RepetitionTime": 1.5,
    "SAR": 0.0548295,
    "ScanOptions": "IR",
    "ScanningSequence": "IR_GR",
    "SequenceName": "tfl3d1_ns",
    "SequenceVariant": "SP_MP",
    "SeriesDescription": "t1_mpr_sag",
    "SeriesNumber": 2,
    "ShimSetting": [
      27,
      17,
      48,
      1557,
      594,
      -4053,
      2475,
      72
    ],
    "SliceThickness": 0.9,
    "SoftwareVersions": "syngo_MR_2004A_4VA25A",
    "StationName": "WES4T",
    "TxRefAmp": 173.993,
    "dataset": "ds004169",
    "modality": "T1w",
    "session_id": "02",
    "subject_id": "1218"
  },
  "cjv": 0.33120529822173533,
  "cnr": 4.006397363743588,
  "efc": 0.4390692572460117,
  "fber": 17490.0625,
  "fwhm_avg": 4.5919914511741915,
  "fwhm_x": 4.956422353522575,
  "fwhm_y": 4.796704,
  "fwhm_z": 4.022848,
  "icvs_csf": 0.21477759964178617,
  "icvs_gm": 0.4271869035073557,
  "icvs_wm": 0.3580354968508581,
  "inu_med": 0.6107484102249146,
  "inu_range": 0.3884648695588109,
  "provenance": {
    "md5sum": "a154b7aa544a975755c683bbd5481bd2",
    "settings": {
      "testing": false
    },
    "software": "mriqc",
    "version": "23.0.1",
    "warnings": {
      "large_rot_frame": true,
      "small_air_mask": false
    },
    "webapi_port": null,
    "webapi_url": "https://mriqc.nimh.nih.gov/api/v1"
  },
  "qi_1": 0.0,
  "qi_2": 0.005658095243209488,
  "rpve_csf": 26.86583664841865,
  "rpve_gm": 14.07553763099627,
  "rpve_wm": 19.797982868440616,
  "size_x": 240,
  "size_y": 256,
  "size_z": 256,
  "snr_csf": 2.008147155812277,
  "snr_gm": 9.877461156810307,
  "snr_total": 11.131040607921477,
  "snr_wm": 21.50751351114185,
  "snrd_csf": 27.633455701871814,
  "snrd_gm": 69.3093151064995,
  "snrd_total": 66.98416996653619,
  "snrd_wm": 104.00973909123722,
  "spacing_x": 0.8999999761581421,
  "spacing_y": 0.9375,
  "spacing_z": 0.9375,
  "summary_bg_k": 6.720676590816879,
  "summary_bg_mad": 6.298798493793157,
  "summary_bg_mean": 10.026750146612944,
  "summary_bg_median": 4.248475022614002,
  "summary_bg_n": 4401917.0,
  "summary_bg_p05": 0.0,
  "summary_bg_p95": 40.724667716771364,
  "summary_bg_stdv": 14.879094954098221,
  "summary_csf_k": 14.924673140345675,
  "summary_csf_mad": 112.27608315186302,
  "summary_csf_mean": 268.65557844211213,
  "summary_csf_median": 265.6814201641828,
  "summary_csf_n": 41266.0,
  "summary_csf_p05": 79.54510823590681,
  "summary_csf_p95": 457.143498995807,
  "summary_csf_stdv": 132.3001654751733,
  "summary_gm_k": 0.18949676965357387,
  "summary_gm_mad": 67.08220395889713,
  "summary_gm_mean": 664.8706452577703,
  "summary_gm_median": 666.3733072970062,
  "summary_gm_n": 37711.0,
  "summary_gm_p05": 551.5430966857821,
  "summary_gm_p95": 771.5230641067028,
  "summary_gm_stdv": 67.46313262033387,
  "summary_wm_k": 0.7179537218752743,
  "summary_wm_mad": 43.416718189359976,
  "summary_wm_mean": 999.9786344830572,
  "summary_wm_median": 999.9999815728515,
  "summary_wm_n": 254241.0,
  "summary_wm_p05": 922.8294674120843,
  "summary_wm_p95": 1074.7427957206964,
  "summary_wm_stdv": 46.49528707328055,
  "tpm_overlap_csf": 0.13668119103045284,
  "tpm_overlap_gm": 0.446314553219739,
  "tpm_overlap_wm": 0.4963316648733141,
  "wm2max": 0.5682825460879163
}