{
  "bids_meta": {
    "AcquisitionMatrixPE": 225,
    "AcquisitionNumber": 1,
    "AcquisitionTime": "10:05:52.095000",
    "BaseResolution": 256,
    "ConversionSoftware": "dcm2niix",
    "ConversionSoftwareVersion": "v1.0.20190410  GCC6.3.0",
    "DeviceSerialNumber": "18011",
    "EchoTime": 0.00335,
    "FlipAngle": 8,
    "ImageOrientationPatientDICOM": [
      1,
      0,
      0,
      0,
      0,
      -1
    ],
    "ImageType": [
      "ORIGINAL",
      "PRIMARY",
      "M",
      "ND"
    ],
    "ImagingFrequency": 168.217,
    "InPlanePhaseEncodingDirectionDICOM": "ROW",
    "InversionTime": 0.7,
    "MRAcquisitionType": "3D",
    "MagneticFieldStrength": 3.95064,
    "Manufacturer": "Siemens",
    "ManufacturersModelName": "MedSpec_4T",
    "Modality": "MR",
    "PartialFourier": 0.875,
    "PatientPosition": "HFS",
    "PercentPhaseFOV": 100,
    "PhaseEncodingSteps": 197,
    "PhaseResolution": 0.878906,
    "PixelBandwidth": 200,
    "ProtocolName": "t1_mpr_cor",
    "PulseSequenceDetails": "%SiemensSeq%_tfl",
    "ReceiveCoilName": "Head_4T",
    "ReconMatrixPE": 256,
    "RepetitionTime": 1.5,
    "SAR": 0.00483771,
    "ScanOptions": "IR",
    "ScanningSequence": "IR_GR",
    "SequenceName": "tfl3d1_ns",
    "SequenceVariant": "SP_MP",
    "SeriesDescription": "t1_mpr_cor",
    "SeriesNumber": 8,
    "ShimSetting": [
      -6,
      5,
      -13,
      1465,
      428,
      -2871,
      2358,
      55
    ],
    "SliceThickness": 0.9,
    "SoftwareVersions": "syngo_MR_2002B_4VA21A",
    "StationName": "wes4T",
    "TxRefAmp": 170.017,
    "dataset": "ds004169",
    "modality": "T1w",
    "session_id": "01",
    "subject_id": "0598"
  },
  "cjv": 0.3508782032208819,
  "cnr": 3.7922508909127974,
  "efc": 0.4154668659295632,
  "fber": -1.0,
  "fwhm_avg": 4.440262709595846,
  "fwhm_x": 4.5054506666666665,
  "fwhm_y": 4.861566795454205,
  "fwhm_z": 3.9537706666666663,
  "icvs_csf": 0.2358834383790374,
  "icvs_gm": 0.4324694737266888,
  "icvs_wm": 0.3316470878942738,
  "inu_med": 0.7407320737838745,
  "inu_range": 0.47686904370784755,
  "provenance": {
    "md5sum": "1ad02eed1c10f55e9746bd17a592cc34",
    "settings": {
      "testing": false
    },
    "software": "mriqc",
    "version": "23.0.1",
    "warnings": {
      "large_rot_frame": true,
      "small_air_mask": false
    },
    "webapi_port": null,
    "webapi_url": "https://mriqc.nimh.nih.gov/api/v1"
  },
  "qi_1": 0.0,
  "qi_2": 0.030483506784483364,
  "rpve_csf": 27.215112293530066,
  "rpve_gm": 15.36725981483695,
  "rpve_wm": 22.888036719346932,
  "size_x": 256,
  "size_y": 256,
  "size_z": 256,
  "snr_csf": 1.8229173080746899,
  "snr_gm": 10.22097231012477,
  "snr_total": 10.378135826140019,
  "snr_wm": 19.090517860220597,
  "snrd_csf": 9.440066517575591,
  "snrd_gm": 22.955166273959833,
  "snrd_total": 22.17164685517722,
  "snrd_wm": 34.11970777399623,
  "spacing_x": 0.9375,
  "spacing_y": 0.8999999761581421,
  "spacing_z": 0.9375,
  "summary_bg_k": 37.10137522165301,
  "summary_bg_mad": 0.0,
  "summary_bg_mean": 9.721095707457046,
  "summary_bg_median": 0.0,
  "summary_bg_n": 5406729.0,
  "summary_bg_p05": 0.0,
  "summary_bg_p95": 45.53421287983656,
  "summary_bg_stdv": 19.201113881933942,
  "summary_csf_k": 38.29199166325451,
  "summary_csf_mad": 85.91106249360118,
  "summary_csf_mean": 289.57077692424156,
  "summary_csf_median": 276.67489130049944,
  "summary_csf_n": 50764.0,
  "summary_csf_p05": 112.2795712724328,
  "summary_csf_p95": 466.2410091318189,
  "summary_csf_stdv": 151.77439204307507,
  "summary_gm_k": 0.16230703186368656,
  "summary_gm_mad": 64.43329687020088,
  "summary_gm_mean": 670.7784127240692,
  "summary_gm_median": 672.7831972166896,
  "summary_gm_n": 40054.0,
  "summary_gm_p05": 558.5953382324427,
  "summary_gm_p95": 774.6539264246821,
  "summary_gm_stdv": 65.82297439997679,
  "summary_wm_k": 0.46515278371540436,
  "summary_wm_mad": 50.37994405488958,
  "summary_wm_mean": 1000.159747588994,
  "summary_wm_median": 999.9999917373061,
  "summary_wm_n": 234946.0,
  "summary_wm_p05": 914.6904098689556,
  "summary_wm_p95": 1085.738804206252,
  "summary_wm_stdv": 52.38191393802809,
  "tpm_overlap_csf": 0.13592595651970654,
  "tpm_overlap_gm": 0.4530995901006313,
  "tpm_overlap_wm": 0.4771992021099584,
  "wm2max": 0.4580261476457289
}