{
  "aor": 0.00586748031496063,
  "aqi": 0.015054605118110239,
  "bids_meta": {
    "AcquisitionMatrixPE": 64,
    "AcquisitionNumber": 1,
    "AcquisitionTime": "10:29:32.785020",
    "BaseResolution": 64,
    "ConversionSoftware": "dcm2niix",
    "ConversionSoftwareVersion": "v1.0.20190410  GCC6.3.0",
    "DeviceSerialNumber": "18011",
    "EchoTime": 0.03,
    "FlipAngle": 90,
    "ImageComments": "Fake_MoCo_Reference_Volume_+_DiCo_Applied",
    "ImageOrientationPatientDICOM": [
      0.99863,
      2.22045e-16,
      0.052336,
      -2.22045e-16,
      1,
      0
    ],
    "ImageType": [
      "ORIGINAL",
      "PRIMARY",
      "M",
      "ND",
      "MOSAIC"
    ],
    "ImagingFrequency": 168.217,
    "InPlanePhaseEncodingDirectionDICOM": "COL",
    "MRAcquisitionType": "2D",
    "MagneticFieldStrength": 3.95064,
    "Manufacturer": "Siemens",
    "ManufacturersModelName": "MedSpec_4T",
    "Modality": "MR",
    "PartialFourier": 1,
    "PatientPosition": "HFS",
    "PercentPhaseFOV": 100,
    "PhaseEncodingDirection": "j-",
    "PhaseEncodingSteps": 64,
    "PhaseResolution": 1,
    "PixelBandwidth": 2790,
    "ProtocolName": "Nback_dc",
    "PulseSequenceDetails": "%CustomerSeq%_mz_ep2d_bold_dc",
    "ReceiveCoilName": "Head_4T",
    "ReconMatrixPE": 64,
    "RepetitionTime": 2.1,
    "SAR": 0.0430006,
    "ScanOptions": "FS",
    "ScanningSequence": "SE_EP",
    "SequenceName": "epfid2d1_64",
    "SequenceVariant": "SK",
    "SeriesDescription": "Nback_dc_DiCo",
    "SeriesNumber": 7,
    "ShimSetting": [
      9,
      -1,
      -22,
      2032,
      1084,
      -3079,
      1683,
      -37
    ],
    "SliceThickness": 3,
    "SoftwareVersions": "syngo_MR_2002B_4VA21A",
    "SpacingBetweenSlices": 3.6,
    "StationName": "wes4T",
    "TaskName": "nback",
    "TxRefAmp": 171.986,
    "dataset": "ds004169",
    "modality": "bold",
    "session_id": "01",
    "subject_id": "0453",
    "task_id": "nback"
  },
  "dummy_trs": 0,
  "dvars_nstd": 31.90747989174602,
  "dvars_std": 1.0948173756349209,
  "dvars_vstd": 0.9999044905555557,
  "efc": 0.45797760970610196,
  "fber": 3144.010986328125,
  "fd_mean": 0.12364175801080236,
  "fd_num": 3,
  "fd_perc": 2.3622047244094486,
  "fwhm_avg": 1.7630628389709797,
  "fwhm_x": 1.6482059130434783,
  "fwhm_y": 1.9995547826086957,
  "fwhm_z": 1.6414278212607654,
  "gcor": 0.0129763,
  "gsr_x": -0.019550520926713943,
  "gsr_y": 0.03777956962585449,
  "provenance": {
    "md5sum": "e74beee79bc64a454cd950064bd7c941",
    "settings": {
      "fd_thres": 0.2,
      "testing": false
    },
    "software": "mriqc",
    "version": "23.0.1",
    "webapi_port": null,
    "webapi_url": "https://mriqc.nimh.nih.gov/api/v1"
  },
  "size_t": 127,
  "size_x": 64,
  "size_y": 64,
  "size_z": 36,
  "snr": 4.979958849466362,
  "spacing_tr": 2.0999999046325684,
  "spacing_x": 3.59375,
  "spacing_y": 3.59375,
  "spacing_z": 3.5999999046325684,
  "summary_bg_k": 44.83916243258071,
  "summary_bg_mad": 6.6425245606703776,
  "summary_bg_mean": 24.514219284057617,
  "summary_bg_median": 11.881889343261719,
  "summary_bg_n": 96539.0,
  "summary_bg_p05": 6.818897724151611,
  "summary_bg_p95": 71.23779602050767,
  "summary_bg_stdv": 35.29365921020508,
  "summary_fg_k": 1.94346336282943,
  "summary_fg_mad": 116.57692918950606,
  "summary_fg_mean": 679.6671142578125,
  "summary_fg_median": 666.346435546875,
  "summary_fg_n": 20928.0,
  "summary_fg_p05": 490.11337890625,
  "summary_fg_p95": 912.3452545166014,
  "summary_fg_stdv": 133.8024139404297,
  "tsnr": 38.569613084662706
}