{
  "aor": 0.00898959731543624,
  "aqi": 0.007578405503355703,
  "bids_meta": {
    "AcquisitionMatrixPE": 64,
    "AcquisitionNumber": 1,
    "AcquisitionTime": "08:58:3.219990",
    "BaseResolution": 64,
    "ConversionSoftware": "dcm2niix",
    "ConversionSoftwareVersion": "v1.0.20190410  GCC6.3.0",
    "DeviceSerialNumber": "18011",
    "EchoTime": 0.03,
    "FlipAngle": 90,
    "ImageComments": "Fake_MoCo_Reference_Volume_+_DiCo_Applied",
    "ImageOrientationPatientDICOM": [
      0.99148,
      0.0203838,
      0.128654,
      -4.25328e-08,
      0.98768,
      -0.156486
    ],
    "ImageType": [
      "ORIGINAL",
      "PRIMARY",
      "M",
      "ND",
      "DICO",
      "MOSAIC"
    ],
    "ImagingFrequency": 168.255,
    "InPlanePhaseEncodingDirectionDICOM": "COL",
    "MRAcquisitionType": "2D",
    "MagneticFieldStrength": 3.95064,
    "Manufacturer": "Siemens",
    "ManufacturersModelName": "MedSpec_4T",
    "Modality": "MR",
    "PartialFourier": 1,
    "PatientPosition": "HFS",
    "PercentPhaseFOV": 100,
    "PhaseEncodingDirection": "j-",
    "PhaseEncodingSteps": 64,
    "PhaseResolution": 1,
    "PixelBandwidth": 2790,
    "ProcedureStepDescription": "Research_fMRI",
    "ProtocolName": "mz_bold_dc_REST",
    "PulseSequenceDetails": "%CustomerSeq%_mz_ep2d_bold_dc",
    "ReceiveCoilName": "Head",
    "ReconMatrixPE": 64,
    "RepetitionTime": 2.1,
    "SAR": 0.0762537,
    "ScanOptions": "FS",
    "ScanningSequence": "SE_EP",
    "SequenceName": "epfid2d1_64",
    "SequenceVariant": "SK",
    "SeriesDescription": "mz_bold_dc_REST_DiCo",
    "SeriesNumber": 9,
    "ShimSetting": [
      45,
      1,
      28,
      2046,
      1185,
      -3629,
      3297,
      -167
    ],
    "SliceThickness": 3,
    "SoftwareVersions": "syngo_MR_2004A_4VA25A",
    "SpacingBetweenSlices": 3.6,
    "StationName": "WES4T",
    "TaskName": "rest",
    "TxRefAmp": 182.663,
    "dataset": "ds004169",
    "modality": "bold",
    "session_id": "02",
    "subject_id": "1187",
    "task_id": "rest"
  },
  "dummy_trs": 1,
  "dvars_nstd": 23.40043439094595,
  "dvars_std": 1.1982877212837841,
  "dvars_vstd": 1.0726142694594596,
  "efc": 0.4501155342198847,
  "fber": 2932.44189453125,
  "fd_mean": 0.18240440642358016,
  "fd_num": 23,
  "fd_perc": 15.436241610738255,
  "fwhm_avg": 1.78908964229964,
  "fwhm_x": 1.6588660869565217,
  "fwhm_y": 2.0912111304347825,
  "fwhm_z": 1.6171917095076165,
  "gcor": 0.0700794,
  "gsr_x": -0.02252695895731449,
  "gsr_y": 0.03502762317657471,
  "provenance": {
    "md5sum": "e558d4bcdc6c9aa3ddaa54972e16c2ef",
    "settings": {
      "fd_thres": 0.2,
      "testing": false
    },
    "software": "mriqc",
    "version": "23.0.1",
    "webapi_port": null,
    "webapi_url": "https://mriqc.nimh.nih.gov/api/v1"
  },
  "size_t": 149,
  "size_x": 64,
  "size_y": 64,
  "size_z": 36,
  "snr": 5.256121722966362,
  "spacing_tr": 2.0999999046325684,
  "spacing_x": 3.59375,
  "spacing_y": 3.59375,
  "spacing_z": 3.5999999046325684,
  "summary_bg_k": 46.67589251929272,
  "summary_bg_mad": 6.815990586858513,
  "summary_bg_mean": 24.915063858032227,
  "summary_bg_median": 12.060402870178223,
  "summary_bg_n": 98679.0,
  "summary_bg_p05": 6.959731578826904,
  "summary_bg_p95": 76.3892593383789,
  "summary_bg_stdv": 37.94423294067383,
  "summary_fg_k": 4.50122214334273,
  "summary_fg_mad": 109.21006843459023,
  "summary_fg_mean": 679.6741333007812,
  "summary_fg_median": 676.802001953125,
  "summary_fg_n": 18860.0,
  "summary_fg_p05": 495.8547073364258,
  "summary_fg_p95": 865.235595703125,
  "summary_fg_stdv": 128.7611083984375,
  "tsnr": 51.30117102479562
}