{
  "aor": 0.0012082666666666665,
  "aqi": 0.008946048266666668,
  "bids_meta": {
    "AcquisitionMatrixPE": 64,
    "AcquisitionNumber": 1,
    "AcquisitionTime": "22:44:47.307520",
    "BaseResolution": 64,
    "ConversionSoftware": "dcm2niix",
    "ConversionSoftwareVersion": "v1.0.20190410  GCC6.3.0",
    "DeviceSerialNumber": "18011",
    "EchoTime": 0.03,
    "FlipAngle": 90,
    "ImageComments": "Fake_MoCo_Reference_Volume_+_DiCo_Applied",
    "ImageOrientationPatientDICOM": [
      1,
      0,
      0,
      0,
      0.992546,
      -0.121869
    ],
    "ImageType": [
      "ORIGINAL",
      "PRIMARY",
      "M",
      "ND",
      "MOSAIC"
    ],
    "ImagingFrequency": 168.255,
    "InPlanePhaseEncodingDirectionDICOM": "COL",
    "MRAcquisitionType": "2D",
    "MagneticFieldStrength": 3.95064,
    "Manufacturer": "Siemens",
    "ManufacturersModelName": "MedSpec_4T",
    "Modality": "MR",
    "PartialFourier": 1,
    "PatientPosition": "HFS",
    "PercentPhaseFOV": 100,
    "PhaseEncodingDirection": "j-",
    "PhaseEncodingSteps": 64,
    "PhaseResolution": 1,
    "PixelBandwidth": 2790,
    "ProtocolName": "mz_bold_dc_REST",
    "PulseSequenceDetails": "%CustomerSeq%_mz_ep2d_bold_dc",
    "ReceiveCoilName": "Head_4T",
    "ReconMatrixPE": 64,
    "RepetitionTime": 2.1,
    "SAR": 0.0255335,
    "ScanOptions": "FS",
    "ScanningSequence": "SE_EP",
    "SequenceName": "epfid2d1_64",
    "SequenceVariant": "SK",
    "SeriesDescription": "mz_bold_dc_REST_DiCo",
    "SeriesNumber": 10,
    "ShimSetting": [
      3,
      -40,
      8,
      2272,
      875,
      -4368,
      3423,
      -272
    ],
    "SliceThickness": 3,
    "SoftwareVersions": "syngo_MR_2002B_4VA21A",
    "SpacingBetweenSlices": 3.6,
    "StationName": "wes4T",
    "TaskName": "rest",
    "TxRefAmp": 180.373,
    "dataset": "ds004169",
    "modality": "bold",
    "session_id": "01",
    "subject_id": "0672",
    "task_id": "rest"
  },
  "dummy_trs": 0,
  "dvars_nstd": 27.97564690838928,
  "dvars_std": 1.1683381434899325,
  "dvars_vstd": 0.9716025606711403,
  "efc": 0.4620000781128241,
  "fber": 2773.308837890625,
  "fd_mean": 0.19206183972467245,
  "fd_num": 53,
  "fd_perc": 35.333333333333336,
  "fwhm_avg": 1.8686229852943301,
  "fwhm_x": 1.7455693913043477,
  "fwhm_y": 2.1421885217391305,
  "fwhm_z": 1.718111042839512,
  "gcor": 0.0197201,
  "gsr_x": -0.025214603170752525,
  "gsr_y": 0.04077943041920662,
  "provenance": {
    "md5sum": "0307b50a949d8ebe96a3b9ba5b03cd7c",
    "settings": {
      "fd_thres": 0.2,
      "testing": false
    },
    "software": "mriqc",
    "version": "23.0.1",
    "webapi_port": null,
    "webapi_url": "https://mriqc.nimh.nih.gov/api/v1"
  },
  "size_t": 150,
  "size_x": 64,
  "size_y": 64,
  "size_z": 36,
  "snr": 4.900353783001768,
  "spacing_tr": 2.0999999046325684,
  "spacing_x": 3.59375,
  "spacing_y": 3.59375,
  "spacing_z": 3.6000001430511475,
  "summary_bg_k": 52.17591268857244,
  "summary_bg_mad": 7.590923189078323,
  "summary_bg_mean": 29.533267974853516,
  "summary_bg_median": 14.553333282470703,
  "summary_bg_n": 96524.0,
  "summary_bg_p05": 9.020000457763672,
  "summary_bg_p95": 87.92666625976562,
  "summary_bg_stdv": 41.30883026123047,
  "summary_fg_k": 4.659705973269481,
  "summary_fg_mad": 123.233889162917,
  "summary_fg_mean": 785.0316162109375,
  "summary_fg_median": 771.8200073242188,
  "summary_fg_n": 20557.0,
  "summary_fg_p05": 573.3466796875,
  "summary_fg_p95": 1025.5213623046875,
  "summary_fg_stdv": 157.49908447265625,
  "tsnr": 51.3231172808446
}