{
  "bids_meta": {
    "AcquisitionMatrixPE": 225,
    "AcquisitionNumber": 1,
    "AcquisitionTime": "08:23:21.387500",
    "BaseResolution": 256,
    "ConversionSoftware": "dcm2niix",
    "ConversionSoftwareVersion": "v1.0.20190410  GCC6.3.0",
    "DeviceSerialNumber": "18011",
    "EchoTime": 0.00335,
    "FlipAngle": 8,
    "ImageOrientationPatientDICOM": [
      1,
      0,
      0,
      0,
      0,
      -1
    ],
    "ImageType": [
      "ORIGINAL",
      "PRIMARY",
      "M",
      "ND"
    ],
    "ImagingFrequency": 168.255,
    "InPlanePhaseEncodingDirectionDICOM": "ROW",
    "InversionTime": 0.7,
    "MRAcquisitionType": "3D",
    "MagneticFieldStrength": 3.95064,
    "Manufacturer": "Siemens",
    "ManufacturersModelName": "MedSpec_4T",
    "Modality": "MR",
    "PartialFourier": 0.875,
    "PatientPosition": "HFS",
    "PercentPhaseFOV": 100,
    "PhaseEncodingSteps": 197,
    "PhaseResolution": 0.878906,
    "PixelBandwidth": 200,
    "ProtocolName": "t1_mpr_cor",
    "PulseSequenceDetails": "%SiemensSeq%_tfl",
    "ReceiveCoilName": "Head_4T",
    "ReconMatrixPE": 256,
    "RepetitionTime": 1.5,
    "SAR": 0.00313391,
    "ScanOptions": "IR",
    "ScanningSequence": "IR_GR",
    "SequenceName": "tfl3d1_ns",
    "SequenceVariant": "SP_MP",
    "SeriesDescription": "t1_mpr_cor",
    "SeriesNumber": 8,
    "ShimSetting": [
      18,
      3,
      -2,
      1408,
      481,
      -3786,
      2291,
      32
    ],
    "SliceThickness": 0.9,
    "SoftwareVersions": "syngo_MR_2002B_4VA21A",
    "StationName": "wes4T",
    "TxRefAmp": 211.531,
    "dataset": "ds004169",
    "modality": "T1w",
    "session_id": "01",
    "subject_id": "1217"
  },
  "cjv": 0.42672434234926326,
  "cnr": 3.0197870904915147,
  "efc": 0.4850548740495945,
  "fber": 2224.966463524144,
  "fwhm_avg": 4.35548404098651,
  "fwhm_x": 4.482496,
  "fwhm_y": 4.641566789626196,
  "fwhm_z": 3.9423893333333333,
  "icvs_csf": 0.1677487475980564,
  "icvs_gm": 0.4529991878473025,
  "icvs_wm": 0.3792520645546411,
  "inu_med": 0.8428815305233002,
  "inu_range": 0.7369612842798232,
  "provenance": {
    "md5sum": "916d265b91ef348ef00fc7ec77ac4851",
    "settings": {
      "testing": false
    },
    "software": "mriqc",
    "version": "23.0.1",
    "warnings": {
      "large_rot_frame": true,
      "small_air_mask": false
    },
    "webapi_port": null,
    "webapi_url": "https://mriqc.nimh.nih.gov/api/v1"
  },
  "qi_1": 0.0,
  "qi_2": 0.025142273510003352,
  "rpve_csf": 32.75587002878562,
  "rpve_gm": 13.12491726900118,
  "rpve_wm": 17.495427687704346,
  "size_x": 256,
  "size_y": 256,
  "size_z": 256,
  "snr_csf": 1.5535088124575482,
  "snr_gm": 9.898109093471597,
  "snr_total": 8.476362067154389,
  "snr_wm": 13.977468295534024,
  "snrd_csf": 10.262768487068588,
  "snrd_gm": 22.9485547643793,
  "snrd_total": 22.294698685047475,
  "snrd_wm": 33.672772803694535,
  "spacing_x": 0.9375,
  "spacing_y": 0.8999999761581421,
  "spacing_z": 0.9375,
  "summary_bg_k": 15.481276235961921,
  "summary_bg_mad": 19.45691093434982,
  "summary_bg_mean": 23.201899143418345,
  "summary_bg_median": 13.123486995697021,
  "summary_bg_n": 5136659.0,
  "summary_bg_p05": 0.0,
  "summary_bg_p95": 91.76755666732788,
  "summary_bg_stdv": 35.55196617258833,
  "summary_csf_k": 19.76875736495485,
  "summary_csf_mad": 110.99772806090341,
  "summary_csf_mean": 334.13929575641345,
  "summary_csf_median": 304.7941961288452,
  "summary_csf_n": 26743.0,
  "summary_csf_p05": 118.50847740173342,
  "summary_csf_p95": 579.1186578750609,
  "summary_csf_stdv": 196.19360704779152,
  "summary_gm_k": 0.15270206234493866,
  "summary_gm_mad": 66.84274568221285,
  "summary_gm_mean": 681.5022247491175,
  "summary_gm_median": 681.5496530532837,
  "summary_gm_n": 49113.0,
  "summary_gm_p05": 566.6634517669678,
  "summary_gm_p95": 794.3341593742371,
  "summary_gm_stdv": 68.85584994010802,
  "summary_wm_k": 0.36430243358000247,
  "summary_wm_mad": 69.06844398097611,
  "summary_wm_mean": 1004.923547852836,
  "summary_wm_median": 1000.0484499931335,
  "summary_wm_n": 267529.0,
  "summary_wm_p05": 895.8353724479675,
  "summary_wm_p95": 1130.314796924591,
  "summary_wm_stdv": 71.54704699019784,
  "tpm_overlap_csf": 0.1359430612396243,
  "tpm_overlap_gm": 0.4414872364033168,
  "tpm_overlap_wm": 0.4758472747689407,
  "wm2max": 0.4348458480312617
}