{
  "aor": 0.0012232214765100671,
  "aqi": 0.005154538926174497,
  "bids_meta": {
    "AcquisitionMatrixPE": 64,
    "AcquisitionNumber": 1,
    "AcquisitionTime": "12:08:47.700010",
    "BaseResolution": 64,
    "ConversionSoftware": "dcm2niix",
    "ConversionSoftwareVersion": "v1.0.20190410  GCC6.3.0",
    "DeviceSerialNumber": "18011",
    "EchoTime": 0.03,
    "FlipAngle": 90,
    "ImageComments": "Fake_MoCo_Reference_Volume_+_DiCo_Applied",
    "ImageOrientationPatientDICOM": [
      1,
      0,
      0,
      0,
      0.949972,
      -0.312335
    ],
    "ImageType": [
      "ORIGINAL",
      "PRIMARY",
      "M",
      "ND",
      "DICO",
      "MOSAIC"
    ],
    "ImagingFrequency": 168.255,
    "InPlanePhaseEncodingDirectionDICOM": "COL",
    "MRAcquisitionType": "2D",
    "MagneticFieldStrength": 3.95064,
    "Manufacturer": "Siemens",
    "ManufacturersModelName": "MedSpec_4T",
    "Modality": "MR",
    "PartialFourier": 1,
    "PatientPosition": "HFS",
    "PercentPhaseFOV": 100,
    "PhaseEncodingDirection": "j-",
    "PhaseEncodingSteps": 64,
    "PhaseResolution": 1,
    "PixelBandwidth": 2790,
    "ProcedureStepDescription": "Research_fMRI",
    "ProtocolName": "mz_bold_dc_REST",
    "PulseSequenceDetails": "%CustomerSeq%_mz_ep2d_bold_dc",
    "ReceiveCoilName": "Head",
    "ReconMatrixPE": 64,
    "RepetitionTime": 2.1,
    "SAR": 0.0860228,
    "ScanOptions": "FS",
    "ScanningSequence": "SE_EP",
    "SequenceName": "epfid2d1_64",
    "SequenceVariant": "SK",
    "SeriesDescription": "mz_bold_dc_REST_DiCo",
    "SeriesNumber": 9,
    "ShimSetting": [
      31,
      7,
      3,
      2163,
      1388,
      -2693,
      3034,
      -140
    ],
    "SliceThickness": 3,
    "SoftwareVersions": "syngo_MR_2004A_4VA25A",
    "SpacingBetweenSlices": 3.6,
    "StationName": "WES4T",
    "TaskName": "rest",
    "TxRefAmp": 181.89,
    "dataset": "ds004169",
    "modality": "bold",
    "session_id": "01",
    "subject_id": "0722",
    "task_id": "rest"
  },
  "dummy_trs": 1,
  "dvars_nstd": 22.134784311891885,
  "dvars_std": 1.1600450909459457,
  "dvars_vstd": 0.9850612724324325,
  "efc": 0.44919305411513577,
  "fber": 3022.64453125,
  "fd_mean": 0.09756826816031437,
  "fd_num": 0,
  "fd_perc": 0.0,
  "fwhm_avg": 1.7217587815178543,
  "fwhm_x": 1.600456347826087,
  "fwhm_y": 1.9122199529485258,
  "fwhm_z": 1.6526000437789505,
  "gcor": 0.0404252,
  "gsr_x": -0.027147332206368446,
  "gsr_y": 0.03756123408675194,
  "provenance": {
    "md5sum": "392d585a698a35c97e889ca0f284e9e6",
    "settings": {
      "fd_thres": 0.2,
      "testing": false
    },
    "software": "mriqc",
    "version": "23.0.1",
    "webapi_port": null,
    "webapi_url": "https://mriqc.nimh.nih.gov/api/v1"
  },
  "size_t": 149,
  "size_x": 64,
  "size_y": 64,
  "size_z": 36,
  "snr": 5.9415981430184175,
  "spacing_tr": 2.0999999046325684,
  "spacing_x": 3.59375,
  "spacing_y": 3.593749761581421,
  "spacing_z": 3.5999999046325684,
  "summary_bg_k": 53.49568047896005,
  "summary_bg_mad": 6.298571637011902,
  "summary_bg_mean": 23.51317024230957,
  "summary_bg_median": 11.221476554870605,
  "summary_bg_n": 99208.0,
  "summary_bg_p05": 6.590603828430176,
  "summary_bg_p95": 73.6463088989257,
  "summary_bg_stdv": 34.2836799621582,
  "summary_fg_k": 2.096518025072333,
  "summary_fg_mad": 95.89651045120063,
  "summary_fg_mean": 642.6318969726562,
  "summary_fg_median": 641.1241455078125,
  "summary_fg_n": 18000.0,
  "summary_fg_p05": 472.62115478515625,
  "summary_fg_p95": 814.6053466796875,
  "summary_fg_stdv": 107.90132904052734,
  "tsnr": 68.14918306935579
}