{
  "aor": 0.003715590551181102,
  "aqi": 0.008296287795275591,
  "bids_meta": {
    "AcquisitionMatrixPE": 64,
    "AcquisitionNumber": 1,
    "AcquisitionTime": "08:20:58.512520",
    "BaseResolution": 64,
    "ConversionSoftware": "dcm2niix",
    "ConversionSoftwareVersion": "v1.0.20190410  GCC6.3.0",
    "DeviceSerialNumber": "18011",
    "EchoTime": 0.03,
    "FlipAngle": 90,
    "ImageComments": "Fake_MoCo_Reference_Volume_+_DiCo_Applied",
    "ImageOrientationPatientDICOM": [
      1,
      -1.11022e-16,
      0,
      1.11022e-16,
      0.996195,
      -0.0871557
    ],
    "ImageType": [
      "ORIGINAL",
      "PRIMARY",
      "M",
      "ND",
      "MOSAIC"
    ],
    "ImagingFrequency": 168.217,
    "InPlanePhaseEncodingDirectionDICOM": "COL",
    "MRAcquisitionType": "2D",
    "MagneticFieldStrength": 3.95064,
    "Manufacturer": "Siemens",
    "ManufacturersModelName": "MedSpec_4T",
    "Modality": "MR",
    "PartialFourier": 1,
    "PatientPosition": "HFS",
    "PercentPhaseFOV": 100,
    "PhaseEncodingDirection": "j-",
    "PhaseEncodingSteps": 64,
    "PhaseResolution": 1,
    "PixelBandwidth": 2790,
    "ProtocolName": "Nback_dc_opt",
    "PulseSequenceDetails": "%CustomerSeq%_kt_ep2d_bold_dc",
    "ReceiveCoilName": "Head_4T",
    "ReconMatrixPE": 64,
    "RepetitionTime": 2.1,
    "SAR": 0.0466514,
    "ScanOptions": "FS",
    "ScanningSequence": "SE_EP",
    "SequenceName": "epfid2d1_64",
    "SequenceVariant": "SK",
    "SeriesDescription": "Nback_dc_opt_DiCo",
    "SeriesNumber": 7,
    "ShimSetting": [
      22,
      -10,
      -33,
      1810,
      951,
      -3732,
      1952,
      -70
    ],
    "SliceThickness": 3,
    "SoftwareVersions": "syngo_MR_2002B_4VA21A",
    "SpacingBetweenSlices": 3.6,
    "StationName": "wes4T",
    "TaskName": "nback",
    "TxRefAmp": 168.569,
    "dataset": "ds004169",
    "modality": "bold",
    "session_id": "01",
    "subject_id": "0126",
    "task_id": "nback"
  },
  "dummy_trs": 0,
  "dvars_nstd": 22.404128846746037,
  "dvars_std": 1.0329462918253967,
  "dvars_vstd": 0.9756601313492059,
  "efc": 0.459807344827005,
  "fber": 3138.9443359375,
  "fd_mean": 0.21241472706174513,
  "fd_num": 45,
  "fd_perc": 35.43307086614173,
  "fwhm_avg": 1.8611959985069468,
  "fwhm_x": 1.7872946086956523,
  "fwhm_y": 2.1417655652173915,
  "fwhm_z": 1.6545278216077968,
  "gcor": 0.0197386,
  "gsr_x": -0.019750358536839485,
  "gsr_y": 0.033171072602272034,
  "provenance": {
    "md5sum": "1b6bbdf89c38d86cbe2e4a980a21ce46",
    "settings": {
      "fd_thres": 0.2,
      "testing": false
    },
    "software": "mriqc",
    "version": "22.0.6",
    "webapi_port": null,
    "webapi_url": "https://mriqc.nimh.nih.gov/api/v1"
  },
  "size_t": 127,
  "size_x": 64,
  "size_y": 64,
  "size_z": 36,
  "snr": 5.563312143331564,
  "spacing_tr": 2.0999999046325684,
  "spacing_x": 3.59375,
  "spacing_y": 3.59375,
  "spacing_z": 3.5999999046325684,
  "summary_bg_k": 38.300047186083965,
  "summary_bg_mad": 8.02006053032628,
  "summary_bg_mean": 27.885160446166992,
  "summary_bg_median": 13.858267784118652,
  "summary_bg_n": 96716.0,
  "summary_bg_p05": 7.519684791564941,
  "summary_bg_p95": 88.07283782958984,
  "summary_bg_stdv": 36.22786331176758,
  "summary_fg_k": 3.936409954865484,
  "summary_fg_mad": 123.68634345323242,
  "summary_fg_mean": 782.960205078125,
  "summary_fg_median": 776.094482421875,
  "summary_fg_n": 20729.0,
  "summary_fg_p05": 575.8944946289063,
  "summary_fg_p95": 994.6787597656249,
  "summary_fg_stdv": 139.49887084960938,
  "tsnr": 51.826418717973866
}