{
  "aor": 0.002845669291338583,
  "aqi": 0.008130603622047244,
  "bids_meta": {
    "AcquisitionMatrixPE": 64,
    "AcquisitionNumber": 1,
    "AcquisitionTime": "09:54:4.232490",
    "BaseResolution": 64,
    "ConversionSoftware": "dcm2niix",
    "ConversionSoftwareVersion": "v1.0.20190410  GCC6.3.0",
    "DeviceSerialNumber": "18011",
    "EchoTime": 0.03,
    "FlipAngle": 90,
    "ImageComments": "Fake_MoCo_Reference_Volume_+_DiCo_Applied",
    "ImageOrientationPatientDICOM": [
      1,
      0,
      0,
      0,
      0.996345,
      -0.0854169
    ],
    "ImageType": [
      "ORIGINAL",
      "PRIMARY",
      "M",
      "ND",
      "DICO",
      "MOSAIC"
    ],
    "ImagingFrequency": 168.255,
    "InPlanePhaseEncodingDirectionDICOM": "COL",
    "MRAcquisitionType": "2D",
    "MagneticFieldStrength": 3.95064,
    "Manufacturer": "Siemens",
    "ManufacturersModelName": "MedSpec_4T",
    "Modality": "MR",
    "PartialFourier": 1,
    "PatientPosition": "HFS",
    "PercentPhaseFOV": 100,
    "PhaseEncodingDirection": "j-",
    "PhaseEncodingSteps": 64,
    "PhaseResolution": 1,
    "PixelBandwidth": 2790,
    "ProcedureStepDescription": "Research_fMRI",
    "ProtocolName": "Nback_dc_opt",
    "PulseSequenceDetails": "%CustomerSeq%_kt_ep2d_bold_dc",
    "ReceiveCoilName": "Head",
    "ReconMatrixPE": 64,
    "RepetitionTime": 2.1,
    "SAR": 0.099184,
    "ScanOptions": "FS",
    "ScanningSequence": "SE_EP",
    "SequenceName": "epfid2d1_64",
    "SequenceVariant": "SK",
    "SeriesDescription": "Nback_dc_opt_DiCo",
    "SeriesNumber": 6,
    "ShimSetting": [
      9,
      -19,
      19,
      1922,
      -5,
      -4059,
      4020,
      149
    ],
    "SliceThickness": 3,
    "SoftwareVersions": "syngo_MR_2004A_4VA25A",
    "SpacingBetweenSlices": 3.6,
    "StationName": "WES4T",
    "TaskName": "nback",
    "TxRefAmp": 175.743,
    "dataset": "ds004169",
    "modality": "bold",
    "session_id": "02",
    "subject_id": "1196",
    "task_id": "nback"
  },
  "dummy_trs": 0,
  "dvars_nstd": 24.13943837246031,
  "dvars_std": 1.1382832174603177,
  "dvars_vstd": 0.9782908512698412,
  "efc": 0.43082321011584873,
  "fber": 3754.74072265625,
  "fd_mean": 0.17089066241371076,
  "fd_num": 19,
  "fd_perc": 14.960629921259843,
  "fwhm_avg": 1.8159913062002346,
  "fwhm_x": 1.6781245217391305,
  "fwhm_y": 2.0860911304347827,
  "fwhm_z": 1.6837582664267912,
  "gcor": 0.059448,
  "gsr_x": -0.025556977838277817,
  "gsr_y": 0.029464012011885643,
  "provenance": {
    "md5sum": "bed2e366c3993fb93dcf7b2ec9d4a929",
    "settings": {
      "fd_thres": 0.2,
      "testing": false
    },
    "software": "mriqc",
    "version": "23.0.1",
    "webapi_port": null,
    "webapi_url": "https://mriqc.nimh.nih.gov/api/v1"
  },
  "size_t": 127,
  "size_x": 64,
  "size_y": 64,
  "size_z": 36,
  "snr": 5.73125780372216,
  "spacing_tr": 2.0999999046325684,
  "spacing_x": 3.59375,
  "spacing_y": 3.59375,
  "spacing_z": 3.6000001430511475,
  "summary_bg_k": 53.64852014232516,
  "summary_bg_mad": 5.019834010365175,
  "summary_bg_mean": 19.848573684692383,
  "summary_bg_median": 10.236220359802246,
  "summary_bg_n": 100773.0,
  "summary_bg_p05": 6.4803147315979,
  "summary_bg_p95": 57.34645462036133,
  "summary_bg_stdv": 27.912935256958008,
  "summary_fg_k": 3.270699891862119,
  "summary_fg_mad": 98.48219622949524,
  "summary_fg_mean": 649.3330078125,
  "summary_fg_median": 645.2440795898438,
  "summary_fg_n": 17995.0,
  "summary_fg_p05": 481.3873992919922,
  "summary_fg_p95": 822.6118347167968,
  "summary_fg_stdv": 112.5802001953125,
  "tsnr": 55.55431445874274
}