{
  "aor": 0.004980787401574803,
  "aqi": 0.015389004330708661,
  "bids_meta": {
    "AcquisitionMatrixPE": 64,
    "AcquisitionNumber": 1,
    "AcquisitionTime": "08:42:43.025020",
    "BaseResolution": 64,
    "ConversionSoftware": "dcm2niix",
    "ConversionSoftwareVersion": "v1.0.20190410  GCC6.3.0",
    "DeviceSerialNumber": "18011",
    "EchoTime": 0.03,
    "FlipAngle": 90,
    "ImageComments": "Fake_MoCo_Reference_Volume_+_DiCo_Applied",
    "ImageOrientationPatientDICOM": [
      1,
      0,
      0,
      0,
      1,
      0
    ],
    "ImageType": [
      "ORIGINAL",
      "PRIMARY",
      "M",
      "ND",
      "MOSAIC"
    ],
    "ImagingFrequency": 168.217,
    "InPlanePhaseEncodingDirectionDICOM": "COL",
    "MRAcquisitionType": "2D",
    "MagneticFieldStrength": 3.95064,
    "Manufacturer": "Siemens",
    "ManufacturersModelName": "MedSpec_4T",
    "Modality": "MR",
    "PartialFourier": 1,
    "PatientPosition": "HFS",
    "PercentPhaseFOV": 100,
    "PhaseEncodingDirection": "j-",
    "PhaseEncodingSteps": 64,
    "PhaseResolution": 1,
    "PixelBandwidth": 2790,
    "ProtocolName": "Nback_dc",
    "PulseSequenceDetails": "%CustomerSeq%_mz_ep2d_bold_dc",
    "ReceiveCoilName": "Head_4T",
    "ReconMatrixPE": 64,
    "RepetitionTime": 2.1,
    "SAR": 0.0322558,
    "ScanOptions": "FS",
    "ScanningSequence": "SE_EP",
    "SequenceName": "epfid2d1_64",
    "SequenceVariant": "SK",
    "SeriesDescription": "Nback_dc_DiCo",
    "SeriesNumber": 7,
    "ShimSetting": [
      5,
      -10,
      -3,
      887,
      259,
      -3794,
      3325,
      -343
    ],
    "SliceThickness": 3,
    "SoftwareVersions": "syngo_MR_2002B_4VA21A",
    "SpacingBetweenSlices": 3.6,
    "StationName": "wes4T",
    "TaskName": "nback",
    "TxRefAmp": 187.665,
    "dataset": "ds004169",
    "modality": "bold",
    "session_id": "01",
    "subject_id": "0337",
    "task_id": "nback"
  },
  "dummy_trs": 0,
  "dvars_nstd": 32.47984550095237,
  "dvars_std": 1.0751766700793646,
  "dvars_vstd": 1.0268557978571424,
  "efc": 0.4588622140641363,
  "fber": 1900.7548828125,
  "fd_mean": 0.1952300200705662,
  "fd_num": 34,
  "fd_perc": 26.771653543307085,
  "fwhm_avg": 1.6730777017449494,
  "fwhm_x": 1.528968347826087,
  "fwhm_y": 1.8884758260869565,
  "fwhm_z": 1.6017889313218046,
  "gcor": 0.195464,
  "gsr_x": -0.02931988425552845,
  "gsr_y": 0.04139813408255577,
  "provenance": {
    "md5sum": "b2adf9596587ea8d290d6ee0d70c3c88",
    "settings": {
      "fd_thres": 0.2,
      "testing": false
    },
    "software": "mriqc",
    "version": "23.0.1",
    "webapi_port": null,
    "webapi_url": "https://mriqc.nimh.nih.gov/api/v1"
  },
  "size_t": 127,
  "size_x": 64,
  "size_y": 64,
  "size_z": 36,
  "snr": 5.222539525752751,
  "spacing_tr": 2.0999999046325684,
  "spacing_x": 3.59375,
  "spacing_y": 3.59375,
  "spacing_z": 3.5999999046325684,
  "summary_bg_k": 113.8777665056814,
  "summary_bg_mad": 6.537458311820677,
  "summary_bg_mean": 25.072673797607422,
  "summary_bg_median": 14.086613655090332,
  "summary_bg_n": 98993.0,
  "summary_bg_p05": 9.023621559143066,
  "summary_bg_p95": 67.11811065673828,
  "summary_bg_stdv": 34.74143981933594,
  "summary_fg_k": 3.337209910406594,
  "summary_fg_mad": 99.46859182781192,
  "summary_fg_mean": 638.7523803710938,
  "summary_fg_median": 627.287353515625,
  "summary_fg_n": 19294.0,
  "summary_fg_p05": 473.0082672119141,
  "summary_fg_p95": 839.5263671874999,
  "summary_fg_stdv": 120.10844421386719,
  "tsnr": 34.091775310225785
}