{
  "aor": 0.012174295302013423,
  "aqi": 0.02949554067114094,
  "bids_meta": {
    "AcquisitionMatrixPE": 64,
    "AcquisitionNumber": 1,
    "AcquisitionTime": "08:58:35.627490",
    "BaseResolution": 64,
    "ConversionSoftware": "dcm2niix",
    "ConversionSoftwareVersion": "v1.0.20190410  GCC6.3.0",
    "DeviceSerialNumber": "18011",
    "EchoTime": 0.03,
    "FlipAngle": 90,
    "ImageComments": "Fake_MoCo_Reference_Volume_+_DiCo_Applied",
    "ImageOrientationPatientDICOM": [
      1,
      0,
      1.38778e-17,
      0,
      0.976672,
      -0.214735
    ],
    "ImageType": [
      "ORIGINAL",
      "PRIMARY",
      "M",
      "ND",
      "DICO",
      "MOSAIC"
    ],
    "ImagingFrequency": 168.255,
    "InPlanePhaseEncodingDirectionDICOM": "COL",
    "MRAcquisitionType": "2D",
    "MagneticFieldStrength": 3.95064,
    "Manufacturer": "Siemens",
    "ManufacturersModelName": "MedSpec_4T",
    "Modality": "MR",
    "PartialFourier": 1,
    "PatientPosition": "HFS",
    "PercentPhaseFOV": 100,
    "PhaseEncodingDirection": "j-",
    "PhaseEncodingSteps": 64,
    "PhaseResolution": 1,
    "PixelBandwidth": 2790,
    "ProcedureStepDescription": "Research_fMRI",
    "ProtocolName": "mz_bold_dc_REST",
    "PulseSequenceDetails": "%CustomerSeq%_mz_ep2d_bold_dc",
    "ReceiveCoilName": "Head",
    "ReconMatrixPE": 64,
    "RepetitionTime": 2.1,
    "SAR": 0.0869622,
    "ScanOptions": "FS",
    "ScanningSequence": "SE_EP",
    "SequenceName": "epfid2d1_64",
    "SequenceVariant": "SK",
    "SeriesDescription": "mz_bold_dc_REST_DiCo",
    "SeriesNumber": 9,
    "ShimSetting": [
      12,
      26,
      39,
      2218,
      294,
      -3394,
      1841,
      -134
    ],
    "SliceThickness": 3,
    "SoftwareVersions": "syngo_MR_2004A_4VA25A",
    "SpacingBetweenSlices": 3.6,
    "StationName": "WES4T",
    "TaskName": "rest",
    "TxRefAmp": 179.411,
    "dataset": "ds004169",
    "modality": "bold",
    "session_id": "01",
    "subject_id": "0253",
    "task_id": "rest"
  },
  "dummy_trs": 1,
  "dvars_nstd": 32.87898775033784,
  "dvars_std": 1.0087932150000005,
  "dvars_vstd": 0.8670306709459458,
  "efc": 0.4553701663755084,
  "fber": 2582.956787109375,
  "fd_mean": 0.24237180016407742,
  "fd_num": 63,
  "fd_perc": 42.281879194630875,
  "fwhm_avg": 1.843018817578941,
  "fwhm_x": 1.7336069565217391,
  "fwhm_y": 2.0589495652173913,
  "fwhm_z": 1.7364999309976923,
  "gcor": 0.0764487,
  "gsr_x": -0.02342335693538189,
  "gsr_y": 0.03009513020515442,
  "provenance": {
    "md5sum": "c1fa7864dab0a72eca8196206aa35b23",
    "settings": {
      "fd_thres": 0.2,
      "testing": false
    },
    "software": "mriqc",
    "version": "23.0.1",
    "webapi_port": null,
    "webapi_url": "https://mriqc.nimh.nih.gov/api/v1"
  },
  "size_t": 149,
  "size_x": 64,
  "size_y": 64,
  "size_z": 36,
  "snr": 5.092045071206978,
  "spacing_tr": 2.0999999046325684,
  "spacing_x": 3.59375,
  "spacing_y": 3.59375,
  "spacing_z": 3.6000001430511475,
  "summary_bg_k": 75.153235121416,
  "summary_bg_mad": 7.870726577888014,
  "summary_bg_mean": 24.62967300415039,
  "summary_bg_median": 12.402684211730957,
  "summary_bg_n": 98064.0,
  "summary_bg_p05": 6.651006698608398,
  "summary_bg_p95": 69.17349243164057,
  "summary_bg_stdv": 37.61516189575195,
  "summary_fg_k": 4.76235169156978,
  "summary_fg_mad": 99.05572728789909,
  "summary_fg_mean": 661.6390380859375,
  "summary_fg_median": 648.197998046875,
  "summary_fg_n": 19826.0,
  "summary_fg_p05": 491.02852630615234,
  "summary_fg_p95": 854.6459655761719,
  "summary_fg_stdv": 127.2929916381836,
  "tsnr": 32.04202883562539
}