{
  "aor": 0.00559535433070866,
  "aqi": 0.018040053858267714,
  "bids_meta": {
    "AcquisitionMatrixPE": 64,
    "AcquisitionNumber": 1,
    "AcquisitionTime": "08:49:30.274990",
    "BaseResolution": 64,
    "ConversionSoftware": "dcm2niix",
    "ConversionSoftwareVersion": "v1.0.20190410  GCC6.3.0",
    "DeviceSerialNumber": "18011",
    "EchoTime": 0.03,
    "FlipAngle": 90,
    "ImageComments": "Fake_MoCo_Reference_Volume_+_DiCo_Applied",
    "ImageOrientationPatientDICOM": [
      1,
      0,
      1.38778e-17,
      0,
      0.976672,
      -0.214735
    ],
    "ImageType": [
      "ORIGINAL",
      "PRIMARY",
      "M",
      "ND",
      "DICO",
      "MOSAIC"
    ],
    "ImagingFrequency": 168.255,
    "InPlanePhaseEncodingDirectionDICOM": "COL",
    "MRAcquisitionType": "2D",
    "MagneticFieldStrength": 3.95064,
    "Manufacturer": "Siemens",
    "ManufacturersModelName": "MedSpec_4T",
    "Modality": "MR",
    "PartialFourier": 1,
    "PatientPosition": "HFS",
    "PercentPhaseFOV": 100,
    "PhaseEncodingDirection": "j-",
    "PhaseEncodingSteps": 64,
    "PhaseResolution": 1,
    "PixelBandwidth": 2790,
    "ProcedureStepDescription": "Research_fMRI",
    "ProtocolName": "Nback_dc_opt",
    "PulseSequenceDetails": "%CustomerSeq%_kt_ep2d_bold_dc",
    "ReceiveCoilName": "Head",
    "ReconMatrixPE": 64,
    "RepetitionTime": 2.1,
    "SAR": 0.0869622,
    "ScanOptions": "FS",
    "ScanningSequence": "SE_EP",
    "SequenceName": "epfid2d1_64",
    "SequenceVariant": "SK",
    "SeriesDescription": "Nback_dc_opt_DiCo",
    "SeriesNumber": 6,
    "ShimSetting": [
      12,
      26,
      39,
      2218,
      294,
      -3394,
      1841,
      -134
    ],
    "SliceThickness": 3,
    "SoftwareVersions": "syngo_MR_2004A_4VA25A",
    "SpacingBetweenSlices": 3.6,
    "StationName": "WES4T",
    "TaskName": "nback",
    "TxRefAmp": 179.411,
    "dataset": "ds004169",
    "modality": "bold",
    "session_id": "01",
    "subject_id": "0253",
    "task_id": "nback"
  },
  "dummy_trs": 0,
  "dvars_nstd": 30.96715035484126,
  "dvars_std": 1.1674251799206354,
  "dvars_vstd": 0.9235841841269844,
  "efc": 0.452680347302413,
  "fber": 2739.759033203125,
  "fd_mean": 0.19153803796413482,
  "fd_num": 38,
  "fd_perc": 29.921259842519685,
  "fwhm_avg": 1.8344442493855742,
  "fwhm_x": 1.7371603478260869,
  "fwhm_y": 2.0481419130434784,
  "fwhm_z": 1.7180304872871577,
  "gcor": 0.0161845,
  "gsr_x": -0.02224162593483925,
  "gsr_y": 0.026174133643507957,
  "provenance": {
    "md5sum": "ddd927495a0c93a5442130fc1169e4ec",
    "settings": {
      "fd_thres": 0.2,
      "testing": false
    },
    "software": "mriqc",
    "version": "23.0.1",
    "webapi_port": null,
    "webapi_url": "https://mriqc.nimh.nih.gov/api/v1"
  },
  "size_t": 127,
  "size_x": 64,
  "size_y": 64,
  "size_z": 36,
  "snr": 4.976713397890068,
  "spacing_tr": 2.0999999046325684,
  "spacing_x": 3.59375,
  "spacing_y": 3.59375,
  "spacing_z": 3.6000001430511475,
  "summary_bg_k": 52.091889340800805,
  "summary_bg_mad": 7.634817617877378,
  "summary_bg_mean": 23.944293975830078,
  "summary_bg_median": 12.031496047973633,
  "summary_bg_n": 98289.0,
  "summary_bg_p05": 6.089763736724858,
  "summary_bg_p95": 69.53543090820312,
  "summary_bg_stdv": 35.35551452636719,
  "summary_fg_k": 5.155497458578266,
  "summary_fg_mad": 100.67687101009928,
  "summary_fg_mean": 660.372802734375,
  "summary_fg_median": 647.0866088867188,
  "summary_fg_n": 19683.0,
  "summary_fg_p05": 490.1645568847656,
  "summary_fg_p95": 859.8598510742186,
  "summary_fg_stdv": 130.0195770263672,
  "tsnr": 41.35685425787233
}