{
  "bids_meta": {
    "AcquisitionMatrixPE": 225,
    "AcquisitionNumber": 1,
    "AcquisitionTime": "08:59:20.532500",
    "BaseResolution": 256,
    "ConversionSoftware": "dcm2niix",
    "ConversionSoftwareVersion": "v1.0.20190410  GCC6.3.0",
    "DeviceSerialNumber": "18011",
    "EchoTime": 0.00335,
    "FlipAngle": 8,
    "ImageOrientationPatientDICOM": [
      1,
      0,
      0,
      0,
      0,
      -1
    ],
    "ImageType": [
      "ORIGINAL",
      "PRIMARY",
      "M",
      "ND"
    ],
    "ImagingFrequency": 168.217,
    "InPlanePhaseEncodingDirectionDICOM": "ROW",
    "InversionTime": 0.7,
    "MRAcquisitionType": "3D",
    "MagneticFieldStrength": 3.95064,
    "Manufacturer": "Siemens",
    "ManufacturersModelName": "MedSpec_4T",
    "Modality": "MR",
    "PartialFourier": 0.875,
    "PatientPosition": "HFS",
    "PercentPhaseFOV": 100,
    "PhaseEncodingSteps": 197,
    "PhaseResolution": 0.878906,
    "PixelBandwidth": 200,
    "ProtocolName": "t1_mpr_cor",
    "PulseSequenceDetails": "%SiemensSeq%_tfl",
    "ReceiveCoilName": "Head_4T",
    "ReconMatrixPE": 256,
    "RepetitionTime": 1.5,
    "SAR": 0.00351916,
    "ScanOptions": "IR",
    "ScanningSequence": "IR_GR",
    "SequenceName": "tfl3d1_ns",
    "SequenceVariant": "SP_MP",
    "SeriesDescription": "t1_mpr_cor",
    "SeriesNumber": 9,
    "ShimSetting": [
      12,
      -12,
      -35,
      1869,
      19,
      -2027,
      1625,
      8
    ],
    "SliceThickness": 0.9,
    "SoftwareVersions": "syngo_MR_2002B_4VA21A",
    "StationName": "wes4T",
    "TxRefAmp": 192.442,
    "dataset": "ds004169",
    "modality": "T1w",
    "session_id": "01",
    "subject_id": "0699"
  },
  "cjv": 0.34807364261993246,
  "cnr": 3.730077346316644,
  "efc": 0.4524737728150711,
  "fber": -1.0,
  "fwhm_avg": 4.41143263464708,
  "fwhm_x": 4.487594666666666,
  "fwhm_y": 4.762511237274574,
  "fwhm_z": 3.984192,
  "icvs_csf": 0.2295405759894715,
  "icvs_gm": 0.4110999242979373,
  "icvs_wm": 0.35935949971259123,
  "inu_med": 0.7662931084632874,
  "inu_range": 0.5082761764526366,
  "provenance": {
    "md5sum": "c9a32ba32650f8b445a7272137a539b6",
    "settings": {
      "testing": false
    },
    "software": "mriqc",
    "version": "23.0.1",
    "warnings": {
      "large_rot_frame": true,
      "small_air_mask": false
    },
    "webapi_port": null,
    "webapi_url": "https://mriqc.nimh.nih.gov/api/v1"
  },
  "qi_1": 0.0,
  "qi_2": 0.02759315162703074,
  "rpve_csf": 24.36470276738355,
  "rpve_gm": 13.987137793785731,
  "rpve_wm": 19.21042326293348,
  "size_x": 256,
  "size_y": 256,
  "size_z": 256,
  "snr_csf": 1.444208812613144,
  "snr_gm": 8.735129126422304,
  "snr_total": 9.59069200740183,
  "snr_wm": 18.592738083170037,
  "snrd_csf": 6.492632021566784,
  "snrd_gm": 16.78423535163486,
  "snrd_total": 16.417791576177397,
  "snrd_wm": 25.976507355330547,
  "spacing_x": 0.9375,
  "spacing_y": 0.8999999761581421,
  "spacing_z": 0.9375,
  "summary_bg_k": 21.77669308044466,
  "summary_bg_mad": 0.0,
  "summary_bg_mean": 14.108854408576216,
  "summary_bg_median": 0.0,
  "summary_bg_n": 4813075.0,
  "summary_bg_p05": 0.0,
  "summary_bg_p95": 60.10983049869537,
  "summary_bg_stdv": 25.22034278341952,
  "summary_csf_k": 31.888867009833902,
  "summary_csf_mad": 102.86708019057586,
  "summary_csf_mean": 269.872324378678,
  "summary_csf_median": 249.94246259331703,
  "summary_csf_n": 46076.0,
  "summary_csf_p05": 94.86699178814888,
  "summary_csf_p95": 459.4801362231374,
  "summary_csf_stdv": 173.0634435346154,
  "summary_gm_k": 0.19739912038243768,
  "summary_gm_mad": 72.37259741370136,
  "summary_gm_mean": 645.5141333694454,
  "summary_gm_median": 646.1313536018133,
  "summary_gm_n": 35644.0,
  "summary_gm_p05": 521.9821932911873,
  "summary_gm_p95": 765.0143271759152,
  "summary_gm_stdv": 73.96825856959164,
  "summary_wm_k": 0.7384951449071728,
  "summary_wm_mad": 50.799761876104284,
  "summary_wm_mean": 1000.4752622831653,
  "summary_wm_median": 1000.0000302493572,
  "summary_wm_n": 304019.0,
  "summary_wm_p05": 913.9127565920353,
  "summary_wm_p95": 1088.3233369886875,
  "summary_wm_stdv": 53.78435285543507,
  "tpm_overlap_csf": 0.1424425082238077,
  "tpm_overlap_gm": 0.4420288796752711,
  "tpm_overlap_wm": 0.5061440614293108,
  "wm2max": 0.49576955054531224
}