{
  "aor": 0.004474566929133858,
  "aqi": 0.007251212598425197,
  "bids_meta": {
    "AcquisitionMatrixPE": 64,
    "AcquisitionNumber": 1,
    "AcquisitionTime": "09:04:54.249980",
    "BaseResolution": 64,
    "ConversionSoftware": "dcm2niix",
    "ConversionSoftwareVersion": "v1.0.20190410  GCC6.3.0",
    "DeviceSerialNumber": "18011",
    "EchoTime": 0.03,
    "FlipAngle": 90,
    "ImageComments": "Fake_MoCo_Reference_Volume_+_DiCo_Applied",
    "ImageOrientationPatientDICOM": [
      1,
      0,
      0,
      0,
      1,
      0
    ],
    "ImageType": [
      "ORIGINAL",
      "PRIMARY",
      "M",
      "ND",
      "MOSAIC"
    ],
    "ImagingFrequency": 168.217,
    "InPlanePhaseEncodingDirectionDICOM": "COL",
    "MRAcquisitionType": "2D",
    "MagneticFieldStrength": 3.95064,
    "Manufacturer": "Siemens",
    "ManufacturersModelName": "MedSpec_4T",
    "Modality": "MR",
    "PartialFourier": 1,
    "PatientPosition": "HFS",
    "PercentPhaseFOV": 100,
    "PhaseEncodingDirection": "j-",
    "PhaseEncodingSteps": 64,
    "PhaseResolution": 1,
    "PixelBandwidth": 2790,
    "ProtocolName": "Nback_dc",
    "PulseSequenceDetails": "%CustomerSeq%_mz_ep2d_bold_dc",
    "ReceiveCoilName": "Head_4T",
    "ReconMatrixPE": 64,
    "RepetitionTime": 2.1,
    "SAR": 0.0354575,
    "ScanOptions": "FS",
    "ScanningSequence": "SE_EP",
    "SequenceName": "epfid2d1_64",
    "SequenceVariant": "SK",
    "SeriesDescription": "Nback_dc_DiCo",
    "SeriesNumber": 7,
    "ShimSetting": [
      16,
      -43,
      -73,
      1776,
      574,
      -3579,
      2543,
      -21
    ],
    "SliceThickness": 3,
    "SoftwareVersions": "syngo_MR_2002B_4VA21A",
    "SpacingBetweenSlices": 3.6,
    "StationName": "wes4T",
    "TaskName": "nback",
    "TxRefAmp": 166.853,
    "dataset": "ds004169",
    "modality": "bold",
    "session_id": "01",
    "subject_id": "0581",
    "task_id": "nback"
  },
  "dummy_trs": 0,
  "dvars_nstd": 20.61612724087303,
  "dvars_std": 1.0199661311904764,
  "dvars_vstd": 0.9711492137301593,
  "efc": 0.4423602747499661,
  "fber": 3303.380615234375,
  "fd_mean": 0.16103042518415134,
  "fd_num": 9,
  "fd_perc": 7.086614173228346,
  "fwhm_avg": 1.8085160682947619,
  "fwhm_x": 1.6930810434782608,
  "fwhm_y": 2.0162587826086957,
  "fwhm_z": 1.7162083787973292,
  "gcor": 0.0102127,
  "gsr_x": -0.017427992075681686,
  "gsr_y": 0.03044378012418747,
  "provenance": {
    "md5sum": "97774a8220696f8dd04e5dbed997d9a8",
    "settings": {
      "fd_thres": 0.2,
      "testing": false
    },
    "software": "mriqc",
    "version": "23.0.1",
    "webapi_port": null,
    "webapi_url": "https://mriqc.nimh.nih.gov/api/v1"
  },
  "size_t": 127,
  "size_x": 64,
  "size_y": 64,
  "size_z": 36,
  "snr": 4.60048439248937,
  "spacing_tr": 2.0999999046325684,
  "spacing_x": 3.59375,
  "spacing_y": 3.59375,
  "spacing_z": 3.5999999046325684,
  "summary_bg_k": 54.26617006690715,
  "summary_bg_mad": 6.957723307219479,
  "summary_bg_mean": 25.86767578125,
  "summary_bg_median": 12.527559280395508,
  "summary_bg_n": 99302.0,
  "summary_bg_p05": 7.204724311828613,
  "summary_bg_p95": 78.10196990966794,
  "summary_bg_stdv": 35.965728759765625,
  "summary_fg_k": 2.6310566981706334,
  "summary_fg_mad": 128.28594852315007,
  "summary_fg_mean": 735.7163696289062,
  "summary_fg_median": 716.9921264648438,
  "summary_fg_n": 19120.0,
  "summary_fg_p05": 519.3113983154296,
  "summary_fg_p95": 1010.8137908935546,
  "summary_fg_stdv": 155.8473663330078,
  "tsnr": 53.10589144518599
}