{
  "aor": 0.008491342281879196,
  "aqi": 0.029590956711409398,
  "bids_meta": {
    "AcquisitionMatrixPE": 64,
    "AcquisitionNumber": 1,
    "AcquisitionTime": "10:49:25.837490",
    "BaseResolution": 64,
    "ConversionSoftware": "dcm2niix",
    "ConversionSoftwareVersion": "v1.0.20190410  GCC6.3.0",
    "DeviceSerialNumber": "18011",
    "EchoTime": 0.03,
    "FlipAngle": 90,
    "ImageComments": "Fake_MoCo_Reference_Volume_+_DiCo_Applied",
    "ImageOrientationPatientDICOM": [
      0.992966,
      0.0248197,
      0.115773,
      -8.45731e-10,
      0.977783,
      -0.209619
    ],
    "ImageType": [
      "ORIGINAL",
      "PRIMARY",
      "M",
      "ND",
      "MOSAIC"
    ],
    "ImagingFrequency": 168.217,
    "InPlanePhaseEncodingDirectionDICOM": "COL",
    "MRAcquisitionType": "2D",
    "MagneticFieldStrength": 3.95064,
    "Manufacturer": "Siemens",
    "ManufacturersModelName": "MedSpec_4T",
    "Modality": "MR",
    "PartialFourier": 1,
    "PatientPosition": "HFS",
    "PercentPhaseFOV": 100,
    "PhaseEncodingDirection": "j-",
    "PhaseEncodingSteps": 64,
    "PhaseResolution": 1,
    "PixelBandwidth": 2790,
    "ProtocolName": "mz_bold_dc_REST",
    "PulseSequenceDetails": "%CustomerSeq%_mz_ep2d_bold_dc",
    "ReceiveCoilName": "Head_4T",
    "ReconMatrixPE": 64,
    "RepetitionTime": 2.1,
    "SAR": 0.0263524,
    "ScanOptions": "FS",
    "ScanningSequence": "SE_EP",
    "SequenceName": "epfid2d1_64",
    "SequenceVariant": "SK",
    "SeriesDescription": "mz_bold_dc_REST_DiCo",
    "SeriesNumber": 10,
    "ShimSetting": [
      23,
      6,
      -72,
      1335,
      939,
      -2813,
      2656,
      -163
    ],
    "SliceThickness": 3,
    "SoftwareVersions": "syngo_MR_2002B_4VA21A",
    "SpacingBetweenSlices": 3.6,
    "StationName": "wes4T",
    "TaskName": "rest",
    "TxRefAmp": 166.806,
    "dataset": "ds004169",
    "modality": "bold",
    "session_id": "01",
    "subject_id": "1127",
    "task_id": "rest"
  },
  "dummy_trs": 1,
  "dvars_nstd": 31.082338822702702,
  "dvars_std": 0.9539019928378375,
  "dvars_vstd": 0.8877763414189188,
  "efc": 0.44183089574845985,
  "fber": 3499.82861328125,
  "fd_mean": 0.2707752672449412,
  "fd_num": 72,
  "fd_perc": 48.32214765100671,
  "fwhm_avg": 1.7626100111635834,
  "fwhm_x": 1.6388841739130433,
  "fwhm_y": 2.019990260869565,
  "fwhm_z": 1.628955598708142,
  "gcor": 0.0596583,
  "gsr_x": -0.03083641827106476,
  "gsr_y": 0.0446663536131382,
  "provenance": {
    "md5sum": "0f8e97ddc139d60325171d764a05af40",
    "settings": {
      "fd_thres": 0.2,
      "testing": false
    },
    "software": "mriqc",
    "version": "23.0.1",
    "webapi_port": null,
    "webapi_url": "https://mriqc.nimh.nih.gov/api/v1"
  },
  "size_t": 149,
  "size_x": 64,
  "size_y": 64,
  "size_z": 36,
  "snr": 5.9729392221017195,
  "spacing_tr": 2.0999999046325684,
  "spacing_x": 3.59375,
  "spacing_y": 3.59375,
  "spacing_z": 3.5999999046325684,
  "summary_bg_k": 62.102231353067424,
  "summary_bg_mad": 7.4329120117036025,
  "summary_bg_mean": 28.67984390258789,
  "summary_bg_median": 13.389262199401855,
  "summary_bg_n": 100455.0,
  "summary_bg_p05": 7.765100479125977,
  "summary_bg_p95": 86.22147369384766,
  "summary_bg_stdv": 43.096107482910156,
  "summary_fg_k": 3.289770635539103,
  "summary_fg_mad": 117.69277196028197,
  "summary_fg_mean": 805.4188232421875,
  "summary_fg_median": 797.1879272460938,
  "summary_fg_n": 18337.0,
  "summary_fg_p05": 613.1906127929688,
  "summary_fg_p95": 1012.948974609375,
  "summary_fg_stdv": 133.4629669189453,
  "tsnr": 32.336356674320996
}