{
  "aor": 0.0033907936507936495,
  "aqi": 0.01884038071428571,
  "bids_meta": {
    "AcquisitionMatrixPE": 64,
    "AcquisitionNumber": 1,
    "AcquisitionTime": "09:46:50.035010",
    "BaseResolution": 64,
    "ConversionSoftware": "dcm2niix",
    "ConversionSoftwareVersion": "v1.0.20190410  GCC6.3.0",
    "DeviceSerialNumber": "18011",
    "EchoTime": 0.03,
    "FlipAngle": 90,
    "ImageComments": "Fake_MoCo_Reference_Volume_+_DiCo_Applied",
    "ImageOrientationPatientDICOM": [
      1,
      0,
      1.38778e-17,
      0,
      0.990268,
      -0.139173
    ],
    "ImageType": [
      "ORIGINAL",
      "PRIMARY",
      "M",
      "ND",
      "MOSAIC"
    ],
    "ImagingFrequency": 168.255,
    "InPlanePhaseEncodingDirectionDICOM": "COL",
    "MRAcquisitionType": "2D",
    "MagneticFieldStrength": 3.95064,
    "Manufacturer": "Siemens",
    "ManufacturersModelName": "MedSpec_4T",
    "Modality": "MR",
    "PartialFourier": 1,
    "PatientPosition": "HFS",
    "PercentPhaseFOV": 100,
    "PhaseEncodingDirection": "j-",
    "PhaseEncodingSteps": 64,
    "PhaseResolution": 1,
    "PixelBandwidth": 2790,
    "ProtocolName": "Nback_dc_opt",
    "PulseSequenceDetails": "%CustomerSeq%_kt_ep2d_bold_dc",
    "ReceiveCoilName": "Head_4T",
    "ReconMatrixPE": 64,
    "RepetitionTime": 2.1,
    "SAR": 0.0356481,
    "ScanOptions": "FS",
    "ScanningSequence": "SE_EP",
    "SequenceName": "epfid2d1_64",
    "SequenceVariant": "SK",
    "SeriesDescription": "Nback_dc_opt_DiCo",
    "SeriesNumber": 7,
    "ShimSetting": [
      11,
      -19,
      30,
      1968,
      461,
      -4796,
      3780,
      489
    ],
    "SliceThickness": 3,
    "SoftwareVersions": "syngo_MR_2002B_4VA21A",
    "SpacingBetweenSlices": 3.6,
    "StationName": "wes4T",
    "TaskName": "nback",
    "TxRefAmp": 185.778,
    "dataset": "ds004169",
    "modality": "bold",
    "session_id": "01",
    "subject_id": "0376",
    "task_id": "nback"
  },
  "dummy_trs": 1,
  "dvars_nstd": 32.46134237648,
  "dvars_std": 1.0590157917599998,
  "dvars_vstd": 0.9480711637600003,
  "efc": 0.4479544530919336,
  "fber": 2464.993896484375,
  "fd_mean": 0.320403734872266,
  "fd_num": 67,
  "fd_perc": 53.17460317460318,
  "fwhm_avg": 1.7804682193397927,
  "fwhm_x": 1.592520347826087,
  "fwhm_y": 2.069337043478261,
  "fwhm_z": 1.6795472667150302,
  "gcor": 0.0165448,
  "gsr_x": -0.029996512457728386,
  "gsr_y": 0.03699543699622154,
  "provenance": {
    "md5sum": "e24bedc4128a9d1eb2a520f50ea2f200",
    "settings": {
      "fd_thres": 0.2,
      "testing": false
    },
    "software": "mriqc",
    "version": "23.0.1",
    "webapi_port": null,
    "webapi_url": "https://mriqc.nimh.nih.gov/api/v1"
  },
  "size_t": 126,
  "size_x": 64,
  "size_y": 64,
  "size_z": 36,
  "snr": 5.269957235896217,
  "spacing_tr": 2.0999999046325684,
  "spacing_x": 3.59375,
  "spacing_y": 3.59375,
  "spacing_z": 3.5999999046325684,
  "summary_bg_k": 43.77281596207879,
  "summary_bg_mad": 7.65422719997208,
  "summary_bg_mean": 29.551464080810547,
  "summary_bg_median": 15.13888931274414,
  "summary_bg_n": 100052.0,
  "summary_bg_p05": 9.325397491455078,
  "summary_bg_p95": 86.73809814453125,
  "summary_bg_stdv": 39.30126190185547,
  "summary_fg_k": 4.31789519733738,
  "summary_fg_mad": 124.81512641671135,
  "summary_fg_mean": 779.265625,
  "summary_fg_median": 769.3333740234375,
  "summary_fg_n": 17958.0,
  "summary_fg_p05": 573.8536071777344,
  "summary_fg_p95": 1012.3869415283199,
  "summary_fg_stdv": 145.98068237304688,
  "tsnr": 35.05505489127245
}