{
  "aor": 0.003487716535433071,
  "aqi": 0.012104491338582674,
  "bids_meta": {
    "AcquisitionMatrixPE": 64,
    "AcquisitionNumber": 1,
    "AcquisitionTime": "08:25:33.640010",
    "BaseResolution": 64,
    "ConversionSoftware": "dcm2niix",
    "ConversionSoftwareVersion": "v1.0.20190410  GCC6.3.0",
    "DeviceSerialNumber": "18011",
    "EchoTime": 0.03,
    "FlipAngle": 90,
    "ImageComments": "Fake_MoCo_Reference_Volume_+_DiCo_Applied",
    "ImageOrientationPatientDICOM": [
      1,
      0,
      0,
      0,
      1,
      0
    ],
    "ImageType": [
      "ORIGINAL",
      "PRIMARY",
      "M",
      "ND",
      "MOSAIC"
    ],
    "ImagingFrequency": 168.255,
    "InPlanePhaseEncodingDirectionDICOM": "COL",
    "MRAcquisitionType": "2D",
    "MagneticFieldStrength": 3.95064,
    "Manufacturer": "Siemens",
    "ManufacturersModelName": "MedSpec_4T",
    "Modality": "MR",
    "PartialFourier": 1,
    "PatientPosition": "HFS",
    "PercentPhaseFOV": 100,
    "PhaseEncodingDirection": "j-",
    "PhaseEncodingSteps": 64,
    "PhaseResolution": 1,
    "PixelBandwidth": 2790,
    "ProtocolName": "Nback_dc_opt",
    "PulseSequenceDetails": "%CustomerSeq%_kt_ep2d_bold_dc",
    "ReceiveCoilName": "Head_4T",
    "ReconMatrixPE": 64,
    "RepetitionTime": 2.1,
    "SAR": 0.0336785,
    "ScanOptions": "FS",
    "ScanningSequence": "SE_EP",
    "SequenceName": "epfid2d1_64",
    "SequenceVariant": "SK",
    "SeriesDescription": "Nback_dc_opt_DiCo",
    "SeriesNumber": 7,
    "ShimSetting": [
      16,
      -4,
      24,
      1996,
      325,
      -3560,
      2573,
      20
    ],
    "SliceThickness": 3,
    "SoftwareVersions": "syngo_MR_2002B_4VA21A",
    "SpacingBetweenSlices": 3.6,
    "StationName": "wes4T",
    "TaskName": "nback",
    "TxRefAmp": 228.783,
    "dataset": "ds004169",
    "modality": "bold",
    "session_id": "01",
    "subject_id": "0552",
    "task_id": "nback"
  },
  "dummy_trs": 0,
  "dvars_nstd": 27.082561492698424,
  "dvars_std": 1.0379262081746037,
  "dvars_vstd": 0.9649025288888892,
  "efc": 0.4735434197571516,
  "fber": 2562.828369140625,
  "fd_mean": 0.15190620235533803,
  "fd_num": 16,
  "fd_perc": 12.598425196850394,
  "fwhm_avg": 1.7300662205368023,
  "fwhm_x": 1.6452034782608695,
  "fwhm_y": 1.9588619130434781,
  "fwhm_z": 1.5861332703060598,
  "gcor": 0.208362,
  "gsr_x": -0.019699091091752052,
  "gsr_y": 0.04518768563866615,
  "provenance": {
    "md5sum": "3db51c7a1fce8653cd6406ccc891f2ae",
    "settings": {
      "fd_thres": 0.2,
      "testing": false
    },
    "software": "mriqc",
    "version": "23.0.1",
    "webapi_port": null,
    "webapi_url": "https://mriqc.nimh.nih.gov/api/v1"
  },
  "size_t": 127,
  "size_x": 64,
  "size_y": 64,
  "size_z": 36,
  "snr": 4.920137574744716,
  "spacing_tr": 2.0999999046325684,
  "spacing_x": 3.59375,
  "spacing_y": 3.59375,
  "spacing_z": 3.6000001430511475,
  "summary_bg_k": 54.25714783162893,
  "summary_bg_mad": 8.463673581025015,
  "summary_bg_mean": 28.23978042602539,
  "summary_bg_median": 14.724409103393555,
  "summary_bg_n": 94420.0,
  "summary_bg_p05": 7.283464431762695,
  "summary_bg_p95": 79.22874145507815,
  "summary_bg_stdv": 39.196964263916016,
  "summary_fg_k": 3.2877252475061294,
  "summary_fg_mad": 123.92569177280927,
  "summary_fg_mean": 764.1991577148438,
  "summary_fg_median": 746.161376953125,
  "summary_fg_n": 23300.0,
  "summary_fg_p05": 562.0133850097657,
  "summary_fg_p95": 1012.3582458496093,
  "summary_fg_stdv": 151.6513214111328,
  "tsnr": 37.48935931257438
}